{
  "aor": [
    0.0015487755102040815,
    0.001628469387755102,
    0.001822142857142857,
    0.0020044897959183676
  ],
  "aqi": [
    0.0034623603061224493,
    0.004578692448979592,
    0.008046496122448978,
    0.014468239795918367
  ],
  "bids_meta": {
    "AcquisitionDuration": 188.475,
    "AcquisitionMatrixPE": 96,
    "AcquisitionTime": "11:17:11.222500",
    "B0FieldSource": [
      "042pepolarbold",
      "042phasediff"
    ],
    "BandwidthPerPixelPhaseEncode": 37.879,
    "BaseResolution": 96,
    "DerivedVendorReportedEchoSpacing": 0.000549997,
    "DwellTime": 2.3e-06,
    "EchoNumber": 2,
    "EchoTime": 0.03304,
    "EchoTrainLength": 35,
    "EffectiveEchoSpacing": 0.000274998,
    "FlipAngle": 64,
    "ImageOrientationPatientDICOM": [
      0.999255,
      0.0319345,
      0.021683,
      -0.0252938,
      0.966047,
      -0.257125
    ],
    "ImageType": [
      "ORIGINAL",
      "PRIMARY",
      "FMRI",
      "NONE"
    ],
    "ImageTypeText": [
      "ORIGINAL",
      "PRIMARY",
      "M",
      "MB",
      "TE2",
      "DIS2D"
    ],
    "InPlanePhaseEncodingDirectionDICOM": "COL",
    "PercentPhaseFOV": 100,
    "PhaseEchoTime1": 0.0126,
    "PhaseEchoTime2": 0.03304,
    "PhaseEncodingDirection": "j",
    "PixelBandwidth": 2264,
    "ProtocolName": "func-bold_task-qct_dir-PA__cmrr_me4_sms4",
    "PulseSequenceName": "epfid2d4_96",
    "ReceiveCoilActiveElements": "HC1-7",
    "ReconMatrixPE": 96,
    "RefLinesPE": 22,
    "RepetitionTime": 1.6,
    "SequenceVariant": "SK\\SS",
    "SeriesDescription": "func-bold_task-qct_dir-PA__cmrr_me4_sms4",
    "SeriesNumber": 13,
    "ShimSetting": [
      8232,
      -5627,
      -6016,
      715,
      -20,
      -137,
      41,
      37
    ],
    "SliceThickness": 2.2,
    "SliceTiming": [
      0,
      0.8425,
      0.105,
      0.9475,
      0.21,
      1.0525,
      0.315,
      1.1575,
      0.42,
      1.2625,
      0.525,
      1.37,
      0.6325,
      1.475,
      0.7375,
      0,
      0.8425,
      0.105,
      0.9475,
      0.21,
      1.0525,
      0.315,
      1.1575,
      0.42,
      1.2625,
      0.525,
      1.37,
      0.6325,
      1.475,
      0.7375,
      0,
      0.8425,
      0.105,
      0.9475,
      0.21,
      1.0525,
      0.315,
      1.1575,
      0.42,
      1.2625,
      0.525,
      1.37,
      0.6325,
      1.475,
      0.7375,
      0,
      0.8425,
      0.105,
      0.9475,
      0.21,
      1.0525,
      0.315,
      1.1575,
      0.42,
      1.2625,
      0.525,
      1.37,
      0.6325,
      1.475,
      0.7375
    ],
    "SpacingBetweenSlices": 2.2,
    "TotalReadoutTime": 0.0261249,
    "TxRefAmp": 247.545,
    "WipMemBlock": "c6320ca6-ccd5-4f71-b6e8-e1e0622540bc||Sequence: R017 nxva30a/master r/d34922cc2+; Jun 27 2022 13:20:16 by eja",
    "dataset": "<unset>",
    "modality": "bold",
    "session_id": "042",
    "subject_id": "001",
    "task_id": "qct"
  },
  "dummy_trs": 1,
  "dvars_nstd": 40.192134109896905,
  "dvars_std": 1.0840295796907216,
  "dvars_vstd": 1.038538744845361,
  "efc": 0.5238,
  "fber": 600.4291,
  "fd_mean": 0.12269461364149958,
  "fd_num": 11,
  "fd_perc": 11.224489795918368,
  "fwhm_avg": 3.085326620605858,
  "fwhm_x": 2.92060664385879,
  "fwhm_y": 3.342068737382366,
  "fwhm_z": 2.9933044805764184,
  "gcor": [
    0.00961858,
    0.0118748,
    0.0105735,
    0.00816379
  ],
  "gsr_x": 0.012263346463441849,
  "gsr_y": 0.03959845006465912,
  "provenance": {
    "md5sum": "e9b9be8d99707d1df965a50dec85a6e9",
    "settings": {
      "fd_thres": 0.2,
      "testing": false
    },
    "software": "mriqc",
    "version": "24.1.0.dev0+g3fe90466.d20240417"
  },
  "size_t": 98,
  "size_x": 96,
  "size_y": 96,
  "size_z": 60,
  "snr": 2.195556326109841,
  "spacing_tr": 1.600000023841858,
  "spacing_x": 2.197920083999634,
  "spacing_y": 2.197920083999634,
  "spacing_z": 2.200000047683716,
  "summary_bg_k": 36.014,
  "summary_bg_mad": 6.3238,
  "summary_bg_mean": 43.8454,
  "summary_bg_median": 21.0,
  "summary_bg_n": 417767.0,
  "summary_bg_p05": 0.0,
  "summary_bg_p95": 165.0,
  "summary_bg_stdv": 76.561,
  "summary_fg_k": 0.6468,
  "summary_fg_mad": 211.1195,
  "summary_fg_mean": 523.7585,
  "summary_fg_median": 513.0,
  "summary_fg_n": 135193.0,
  "summary_fg_p05": 107.0,
  "summary_fg_p95": 916.0,
  "summary_fg_stdv": 233.6529,
  "tsnr": 37.10355163854547
}