{
  "aor": [
    0.0014141655540720961,
    0.0018667823765020027,
    0.0019366889185580775,
    0.0018067022696929237
  ],
  "aqi": [
    0.003922935487316421,
    0.006063089626168224,
    0.010986838731642188,
    0.0194786567423231
  ],
  "bids_meta": {
    "AcquisitionDuration": 1230.47,
    "AcquisitionMatrixPE": 96,
    "AcquisitionTime": "11:24:26.192500",
    "B0FieldSource": [
      "042pepolarbold",
      "042phasediff"
    ],
    "BandwidthPerPixelPhaseEncode": 37.879,
    "BaseResolution": 96,
    "DerivedVendorReportedEchoSpacing": 0.000549997,
    "DwellTime": 2.3e-06,
    "EchoNumber": 1,
    "EchoTime": 0.0126,
    "EchoTrainLength": 35,
    "EffectiveEchoSpacing": 0.000274998,
    "FlipAngle": 64,
    "ImageOrientationPatientDICOM": [
      0.999255,
      0.0319345,
      0.021683,
      -0.0252938,
      0.966047,
      -0.257125
    ],
    "ImageType": [
      "ORIGINAL",
      "PRIMARY",
      "FMRI",
      "NONE"
    ],
    "ImageTypeText": [
      "ORIGINAL",
      "PRIMARY",
      "M",
      "MB",
      "TE1",
      "DIS2D"
    ],
    "InPlanePhaseEncodingDirectionDICOM": "COL",
    "PercentPhaseFOV": 100,
    "PhaseEchoTime1": 0.0126,
    "PhaseEchoTime2": 0.03304,
    "PhaseEncodingDirection": "j",
    "PixelBandwidth": 2264,
    "ProtocolName": "func-bold_task-rest_dir-PA__cmrr_me4_sms4",
    "PulseSequenceName": "epfid2d4_96",
    "ReconMatrixPE": 96,
    "RefLinesPE": 22,
    "RepetitionTime": 1.6,
    "SequenceVariant": "SK\\SS",
    "SeriesDescription": "func-bold_task-rest_dir-PA__cmrr_me4_sms4_RR",
    "SeriesNumber": 29,
    "SliceThickness": 2.2,
    "SliceTiming": [
      0,
      0.8425,
      0.105,
      0.9475,
      0.21,
      1.0525,
      0.315,
      1.1575,
      0.42,
      1.265,
      0.5275,
      1.37,
      0.6325,
      1.475,
      0.7375,
      0,
      0.8425,
      0.105,
      0.9475,
      0.21,
      1.0525,
      0.315,
      1.1575,
      0.42,
      1.265,
      0.5275,
      1.37,
      0.6325,
      1.475,
      0.7375,
      0,
      0.8425,
      0.105,
      0.9475,
      0.21,
      1.0525,
      0.315,
      1.1575,
      0.42,
      1.265,
      0.5275,
      1.37,
      0.6325,
      1.475,
      0.7375,
      0,
      0.8425,
      0.105,
      0.9475,
      0.21,
      1.0525,
      0.315,
      1.1575,
      0.42,
      1.265,
      0.5275,
      1.37,
      0.6325,
      1.475,
      0.7375
    ],
    "SpacingBetweenSlices": 2.2,
    "TotalReadoutTime": 0.0261249,
    "WipMemBlock": "982592f1-407f-4b61-8332-7d12af2be3ab||Sequence: R017 nxva30a/master r/d34922cc2+; Jun 27 2022 13:20:16 by eja",
    "dataset": "<unset>",
    "modality": "bold",
    "session_id": "042",
    "subject_id": "001",
    "task_id": "rest"
  },
  "dummy_trs": 1,
  "dvars_nstd": 24.338653783623,
  "dvars_std": 1.0370916731016047,
  "dvars_vstd": 1.0139664534625659,
  "efc": 0.5852,
  "fber": 675.6588,
  "fd_mean": 0.10350325943804146,
  "fd_num": 30,
  "fd_perc": 4.005340453938585,
  "fwhm_avg": 3.6134722326128776,
  "fwhm_x": 3.241446334588927,
  "fwhm_y": 3.7333159015809634,
  "fwhm_z": 3.8656544616687416,
  "gcor": [
    0.0117956,
    0.011974,
    0.00984993,
    0.00783554
  ],
  "gsr_x": -0.0007361694006249309,
  "gsr_y": 0.10915179550647736,
  "provenance": {
    "md5sum": "0cc883d47d155e800b4cb201302558d0",
    "settings": {
      "fd_thres": 0.2,
      "testing": false
    },
    "software": "mriqc",
    "version": "24.1.0.dev0+g3fe90466.d20240417"
  },
  "size_t": 749,
  "size_x": 96,
  "size_y": 96,
  "size_z": 60,
  "snr": 2.6687954573098533,
  "spacing_tr": 1.600000023841858,
  "spacing_x": 2.197920083999634,
  "spacing_y": 2.197920083999634,
  "spacing_z": 2.200000047683716,
  "summary_bg_k": 9.3946,
  "summary_bg_mad": 19.7786,
  "summary_bg_mean": 129.9761,
  "summary_bg_median": 30.0,
  "summary_bg_n": 417710.0,
  "summary_bg_p05": 0.0,
  "summary_bg_p95": 655.0,
  "summary_bg_stdv": 232.6447,
  "summary_fg_k": 0.2637,
  "summary_fg_mad": 296.8491,
  "summary_fg_mean": 809.629,
  "summary_fg_median": 788.0,
  "summary_fg_n": 135250.0,
  "summary_fg_p05": 386.0,
  "summary_fg_p95": 1316.0,
  "summary_fg_stdv": 295.2632,
  "tsnr": 51.63337583793327
}