{
  "NumberOfShells": 4,
  "bValues": [
    0.0,
    700.0,
    1000.0,
    2000.0,
    3000.0
  ],
  "bValuesEstimation": [
    700.0,
    1000.0,
    2000.0,
    3000.0
  ],
  "bdiffs_max": 0.3405,
  "bdiffs_mean": 0.1598,
  "bdiffs_median": 0.1671,
  "bdiffs_min": 0.01,
  "bids_meta": {
    "AcquisitionMatrixPE": 104,
    "AcquisitionNumber": 1,
    "AcquisitionTime": "21:32:27.015000",
    "B0FieldSource": [
      "008pepolarb0",
      "008phasediff"
    ],
    "BandwidthPerPixelPhaseEncode": 24.42,
    "BaseResolution": 146,
    "BodyPartExamined": "BRAIN",
    "CoilCombinationMethod": "Adaptive Combine",
    "CoilString": "HeadNeck_64",
    "ConversionSoftware": "dcm2niix",
    "ConversionSoftwareVersion": "v1.0.20220720",
    "Deltas": [
      0.0272,
      0.0469
    ],
    "DerivedVendorReportedEchoSpacing": 0.000787501,
    "DeviceSerialNumber": "67014",
    "DiffusionScheme": "Monopolar",
    "DwellTime": 2.1e-06,
    "EchoTime": 0.098,
    "EchoTrainLength": 46,
    "EffectiveEchoSpacing": 0.00039375,
    "FlipAngle": 90,
    "HeudiconvVersion": "1.0.0",
    "ImageOrientationPatientDICOM": [
      0.997984,
      -0.00164552,
      0.0634379,
      0.00557385,
      0.998073,
      -0.061797
    ],
    "ImageType": [
      "ORIGINAL",
      "PRIMARY",
      "DIFFUSION",
      "NONE",
      "ND",
      "MFSPLIT"
    ],
    "ImageTypeText": [
      "ORIGINAL",
      "PRIMARY",
      "DIFFUSION",
      "NONE"
    ],
    "ImagingFrequency": 123.248,
    "InPlanePhaseEncodingDirectionDICOM": "ROW",
    "InstitutionAddress": "Rue du Bugnon 21,Lausanne,District,CH,1011",
    "InstitutionName": "CHUV",
    "MRAcquisitionType": "2D",
    "MagneticFieldStrength": 3,
    "Manufacturer": "Siemens",
    "ManufacturersModelName": "MAGNETOM Prisma Fit",
    "Modality": "MR",
    "MultibandAccelerationFactor": 3,
    "NonlinearGradientCorrection": false,
    "ParallelReductionFactorInPlane": 2,
    "PartialFourier": 0.875,
    "PatientPosition": "HFS",
    "PercentPhaseFOV": 71.2329,
    "PercentSampling": 100,
    "PhaseEncodingDirection": "i",
    "PhaseEncodingSteps": 104,
    "PhaseResolution": 1,
    "PixelBandwidth": 1631,
    "ProcedureStepDescription": "RESEARCH Oscar",
    "ProtocolName": "dwi-dwi_acq-highres_dir-RL__trigger_monopolar_71fovphase",
    "PulseSequenceDetails": "%CustomerSeq%\\ep2d_diff_trigg",
    "ReceiveCoilActiveElements": "HC1-6",
    "ReceiveCoilName": "HeadNeck_64",
    "ReconMatrixPE": 104,
    "RefLinesPE": 38,
    "RepetitionTime": 7,
    "SAR": 0.183809,
    "ScanOptions": "PFP\\FS\\PER",
    "ScanningSequence": "GR\\EP",
    "SequenceName": "ep_b0",
    "SequenceVariant": "SK",
    "SeriesDescription": "dwi-dwi_acq-highres_dir-RL__trigger_monopolar_71fovphase",
    "SeriesNumber": 10,
    "ShimSetting": [
      8241,
      -5642,
      -6052,
      547,
      -53,
      -327,
      32,
      21
    ],
    "SliceThickness": 1.6,
    "SliceTiming": [
      0,
      5.94,
      0.135,
      6.075,
      0.27,
      6.21,
      0.405,
      6.345,
      0.54,
      6.48,
      0.675,
      6.615,
      0.81,
      6.75,
      0.945,
      6.885,
      1.08,
      7.02,
      1.215,
      7.155,
      1.35,
      7.29,
      1.485,
      7.425,
      1.62,
      7.56,
      1.755,
      7.695,
      1.89,
      7.83,
      2.025,
      7.965,
      2.16,
      8.1,
      2.295,
      8.235,
      2.43,
      8.37,
      2.565,
      8.505,
      2.7,
      8.64,
      2.835,
      8.775,
      2.97,
      8.91,
      3.105,
      9.045,
      3.24,
      9.18,
      3.375,
      9.315,
      3.51,
      9.45,
      3.645,
      9.585,
      3.78,
      9.72,
      3.915,
      9.855,
      4.05,
      9.99,
      4.185,
      10.125,
      4.32,
      10.26,
      4.455,
      10.395,
      4.59,
      10.53,
      4.725,
      10.665,
      4.86,
      10.8,
      4.995,
      10.935,
      5.13,
      11.07,
      5.265,
      11.205,
      5.4,
      11.34,
      5.535,
      11.475,
      5.67,
      11.61,
      5.805
    ],
    "SoftwareVersions": "syngo MR XA30",
    "SpacingBetweenSlices": 1.6,
    "StationName": "LRG10884",
    "TotalReadoutTime": 0.0405563,
    "TxRefAmp": 249.596,
    "acq_id": "highres",
    "dataset": "hcph",
    "modality": "dwi",
    "session_id": "008",
    "subject_id": "001"
  },
  "efc_shell01": 2.5708,
  "efc_shell02": 1.2001,
  "efc_shell03": 0.9555,
  "efc_shell04": 0.6805,
  "efc_shell05": 0.6752,
  "fa_degenerate": 0.0,
  "fa_nans": 0.0,
  "fber_shell01": 9.7656,
  "fber_shell02": 34.3061,
  "fber_shell03": 40.3846,
  "fber_shell04": 25.0,
  "fber_shell05": 14.5785,
  "fd_mean": 15.8291,
  "fd_num": 279,
  "fd_perc": 99.64285714285714,
  "ndc": 0.4349,
  "provenance": {
    "md5sum": "f81d75eebc827a075ad7db437cfd2cee",
    "settings": {
      "testing": false
    },
    "software": "mriqc",
    "version": "24.0.0"
  },
  "sigma_cc": 41.5129,
  "sigma_pca": 18.8782,
  "sigma_piesno": 7.5935,
  "snr_cc_shell0": 4.45,
  "snr_cc_shell1_best": 4.43,
  "snr_cc_shell1_worst": 4.43,
  "snr_cc_shell2_best": 2.85,
  "snr_cc_shell2_worst": 2.06,
  "snr_cc_shell3_best": 2.35,
  "snr_cc_shell3_worst": 1.6,
  "snr_cc_shell4_best": 1.48,
  "snr_cc_shell4_worst": 1.14,
  "spikes_global": 49.19,
  "spikes_slice_i": 323.63,
  "spikes_slice_j": 314.2,
  "spikes_slice_k": 252.62,
  "summary_bg_k": 190.7062,
  "summary_bg_mad": 19.2738,
  "summary_bg_mean": 45.6081,
  "summary_bg_median": 19.0,
  "summary_bg_n": 961284.0,
  "summary_bg_p05": 3.0,
  "summary_bg_p95": 159.0,
  "summary_bg_stdv": 106.7432,
  "summary_fg_k": 11.0198,
  "summary_fg_mad": 176.4297,
  "summary_fg_mean": 402.3721,
  "summary_fg_median": 300.0,
  "summary_fg_n": 359724.0,
  "summary_fg_p05": 101.0,
  "summary_fg_p95": 1101.0,
  "summary_fg_stdv": 347.102,
  "summary_wm_k": 3.5869,
  "summary_wm_mad": 84.5083,
  "summary_wm_mean": 210.3334,
  "summary_wm_median": 206.0,
  "summary_wm_n": 105182.0,
  "summary_wm_p05": 81.0,
  "summary_wm_p95": 356.0,
  "summary_wm_stdv": 86.8592
}