{
  "aor": [
    0.0015282000000000002,
    0.001904333333333333,
    0.0021414666666666666,
    0.002192866666666667
  ],
  "aqi": [
    0.0036698025333333334,
    0.005662862,
    0.010343922266666666,
    0.01970252866666667
  ],
  "bids_meta": {
    "AcquisitionDuration": 265.442,
    "AcquisitionMatrixPE": 108,
    "AcquisitionTime": "19:19:48.402500",
    "B0FieldSource": [
      "pilot002pepolarbold",
      "pilot002phasediff"
    ],
    "BandwidthPerPixelPhaseEncode": 34.294,
    "BaseResolution": 108,
    "DerivedVendorReportedEchoSpacing": 0.000539993,
    "DwellTime": 2e-06,
    "EchoNumber": 4,
    "EchoTime": 0.08088,
    "EchoTrainLength": 40,
    "EffectiveEchoSpacing": 0.000269996,
    "FlipAngle": 90,
    "ImageOrientationPatientDICOM": [
      0.996126,
      -0.00695909,
      0.0876566,
      0.0198223,
      0.988976,
      -0.146745
    ],
    "ImageType": [
      "ORIGINAL",
      "PRIMARY",
      "FMRI",
      "NONE"
    ],
    "ImageTypeText": [
      "ORIGINAL",
      "PRIMARY",
      "M",
      "MB",
      "TE4",
      "DIS2D"
    ],
    "InPlanePhaseEncodingDirectionDICOM": "COL",
    "PercentPhaseFOV": 100,
    "PhaseEncodingDirection": "j-",
    "PixelBandwidth": 2315,
    "ProtocolName": "cmrr_mbep2d_bold_me4_sms4",
    "PulseSequenceName": "epfid2d4_108",
    "ReceiveCoilActiveElements": "HC1-6",
    "ReconMatrixPE": 108,
    "RefLinesPE": 26,
    "RepetitionTime": 1.573,
    "SequenceVariant": "SK\\SS",
    "SeriesDescription": "cmrr_mbep2d_bold_me4_sms4",
    "SeriesNumber": 24,
    "ShimSetting": [
      8242,
      -5626,
      -5995,
      683,
      -40,
      -144,
      -49,
      60
    ],
    "SliceThickness": 2,
    "SliceTiming": [
      0,
      0.335,
      0.6675,
      1,
      1.3325,
      0.1125,
      0.445,
      0.7775,
      1.11,
      1.4425,
      0.2225,
      0.555,
      0.8875,
      1.22,
      0,
      0.335,
      0.6675,
      1,
      1.3325,
      0.1125,
      0.445,
      0.7775,
      1.11,
      1.4425,
      0.2225,
      0.555,
      0.8875,
      1.22,
      0,
      0.335,
      0.6675,
      1,
      1.3325,
      0.1125,
      0.445,
      0.7775,
      1.11,
      1.4425,
      0.2225,
      0.555,
      0.8875,
      1.22,
      0,
      0.335,
      0.6675,
      1,
      1.3325,
      0.1125,
      0.445,
      0.7775,
      1.11,
      1.4425,
      0.2225,
      0.555,
      0.8875,
      1.22
    ],
    "SpacingBetweenSlices": 2,
    "TotalReadoutTime": 0.0288896,
    "TxRefAmp": 249.346,
    "WipMemBlock": "b36dc217-4b4a-4b51-b6a5-bd885c30fa72||Sequence: R017 nxva30a/master r/d34922cc2+; Jun 27 2022 13:20:16 by eja",
    "dataset": "<unset>",
    "modality": "bold",
    "session_id": "pilot002",
    "subject_id": "001",
    "task_id": "qct"
  },
  "dummy_trs": 0,
  "dvars_nstd": 93.84884126442954,
  "dvars_std": 1.0448049197315437,
  "dvars_vstd": 1.0295651161073824,
  "efc": 0.5194,
  "fber": 102.9775,
  "fd_mean": 0.08345399558537665,
  "fd_num": 4,
  "fd_perc": 2.6666666666666665,
  "fwhm_avg": 2.569975,
  "fwhm_x": 2.367175,
  "fwhm_y": 2.825895,
  "fwhm_z": 2.516855,
  "gcor": [
    0.0106183,
    0.0104724,
    0.00804519,
    0.00593011
  ],
  "gsr_x": -0.0018810025649145246,
  "gsr_y": 0.027444135397672653,
  "provenance": {
    "md5sum": "52f6107d3562a9819cdb3c7aed0865c0",
    "settings": {
      "fd_thres": 0.2,
      "testing": false
    },
    "software": "mriqc",
    "version": "24.1.0.dev0+g3fe90466.d20240417"
  },
  "size_t": 150,
  "size_x": 108,
  "size_y": 108,
  "size_z": 56,
  "snr": 1.3930276045163532,
  "spacing_tr": 1.5729999542236328,
  "spacing_x": 2.0,
  "spacing_y": 2.0,
  "spacing_z": 2.0,
  "summary_bg_k": 310.1808,
  "summary_bg_mad": 2.6094,
  "summary_bg_mean": 22.0935,
  "summary_bg_median": 20.0,
  "summary_bg_n": 493196.0,
  "summary_bg_p05": 0.0,
  "summary_bg_p95": 38.0,
  "summary_bg_stdv": 15.5706,
  "summary_fg_k": 7.1643,
  "summary_fg_mad": 116.1767,
  "summary_fg_mean": 220.2759,
  "summary_fg_median": 203.0,
  "summary_fg_n": 159988.0,
  "summary_fg_p05": 31.0,
  "summary_fg_p95": 473.0,
  "summary_fg_stdv": 145.7253,
  "tsnr": 13.314957883558236
}