{
  "aor": [
    0.00045145631067961163,
    0.000555242718446602,
    0.0006375242718446602,
    0.0007709708737864078
  ],
  "aqi": [
    0.005624548155339806,
    0.007822084368932038,
    0.013150557766990293,
    0.02180387184466019
  ],
  "bids_meta": {
    "AcquisitionDuration": 361.475,
    "AcquisitionMatrixPE": 76,
    "AcquisitionTime": "12:44:18.392500",
    "B0FieldSource": [
      "004pepolarbold",
      "004phasediff"
    ],
    "BandwidthPerPixelPhaseEncode": 40.486,
    "BaseResolution": 102,
    "DerivedVendorReportedEchoSpacing": 0.000649997,
    "DwellTime": 2.5e-06,
    "EchoNumber": 3,
    "EchoTime": 0.0518,
    "EchoTrainLength": 28,
    "EffectiveEchoSpacing": 0.000324999,
    "ImageOrientationPatientDICOM": [
      0.999421,
      0.00548478,
      0.0335692,
      0.00697739,
      0.932869,
      -0.360149
    ],
    "ImageType": [
      "ORIGINAL",
      "PRIMARY",
      "FMRI",
      "NONE"
    ],
    "ImageTypeText": [
      "ORIGINAL",
      "PRIMARY",
      "M",
      "MB",
      "TE3",
      "DIS2D"
    ],
    "InPlanePhaseEncodingDirectionDICOM": "ROW",
    "PercentPhaseFOV": 74.5098,
    "PercentSampling": 100,
    "PhaseEchoTime1": 0.0126,
    "PhaseEchoTime2": 0.0322,
    "PhaseEncodingDirection": "i",
    "PhaseResolution": 1,
    "PixelBandwidth": 1961,
    "ProtocolName": "func-bold_task-bht_dir-RL__cmrr_me4_sms4",
    "PulseSequenceName": "epfid2d4_76",
    "ReceiveCoilActiveElements": "HC1-7",
    "ReconMatrixPE": 76,
    "RefLinesPE": 18,
    "RepetitionTime": 1.6,
    "SequenceVariant": "SK\\SS\\OSP",
    "SeriesDescription": "func-bold_task-bht_dir-RL__cmrr_me4_sms4",
    "SeriesNumber": 28,
    "ShimSetting": [
      8236,
      -5620,
      -6016,
      691,
      -56,
      -197,
      21,
      30
    ],
    "SliceThickness": 2.2,
    "SliceTiming": [
      0,
      0.8425,
      0.105,
      0.9475,
      0.2125,
      1.055,
      0.3175,
      1.16,
      0.4225,
      1.265,
      0.5275,
      1.37,
      0.6325,
      1.475,
      0.7375,
      0,
      0.8425,
      0.105,
      0.9475,
      0.2125,
      1.055,
      0.3175,
      1.16,
      0.4225,
      1.265,
      0.5275,
      1.37,
      0.6325,
      1.475,
      0.7375,
      0,
      0.8425,
      0.105,
      0.9475,
      0.2125,
      1.055,
      0.3175,
      1.16,
      0.4225,
      1.265,
      0.5275,
      1.37,
      0.6325,
      1.475,
      0.7375,
      0,
      0.8425,
      0.105,
      0.9475,
      0.2125,
      1.055,
      0.3175,
      1.16,
      0.4225,
      1.265,
      0.5275,
      1.37,
      0.6325,
      1.475,
      0.7375
    ],
    "SpacingBetweenSlices": 2.2,
    "TotalReadoutTime": 0.0243749,
    "TxRefAmp": 249.909,
    "WipMemBlock": "cf9c15b8-48f8-49ca-bc9a-dcffd721f42e||Sequence: R017 nxva30a/master r/d34922cc2+; Jun 27 2022 13:20:16 by eja",
    "dataset": "<unset>",
    "modality": "bold",
    "session_id": "004",
    "subject_id": "001",
    "task_id": "bht"
  },
  "dummy_trs": 1,
  "dvars_nstd": 72.27511948365854,
  "dvars_std": 1.0400812882926829,
  "dvars_vstd": 1.0103346211707314,
  "efc": 0.5676,
  "fber": 147.5917,
  "fd_mean": 0.18594546320349462,
  "fd_num": 88,
  "fd_perc": 42.71844660194175,
  "fwhm_avg": 2.88819741771141,
  "fwhm_x": 3.0212105626527856,
  "fwhm_y": 2.890245386517703,
  "fwhm_z": 2.7531363039637413,
  "gcor": [
    0.0130767,
    0.0198627,
    0.0207776,
    0.0174969
  ],
  "gsr_x": 0.06378144025802612,
  "gsr_y": -0.009629722684621811,
  "provenance": {
    "md5sum": "586b41cf97d6f90ed09adde131788860",
    "settings": {
      "fd_thres": 0.2,
      "testing": false
    },
    "software": "mriqc",
    "version": "24.1.0.dev0+g3fe90466.d20240417"
  },
  "size_t": 206,
  "size_x": 76,
  "size_y": 102,
  "size_z": 60,
  "snr": 1.8443280101265291,
  "spacing_tr": 1.600000023841858,
  "spacing_x": 2.196079969406128,
  "spacing_y": 2.196079969406128,
  "spacing_z": 2.200000047683716,
  "summary_bg_k": 46.9326,
  "summary_bg_mad": 8.543,
  "summary_bg_mean": 35.9494,
  "summary_bg_median": 28.0,
  "summary_bg_n": 330564.0,
  "summary_bg_p05": 0.0,
  "summary_bg_p95": 90.0,
  "summary_bg_stdv": 34.3367,
  "summary_fg_k": 1.4344,
  "summary_fg_mad": 166.0011,
  "summary_fg_mean": 343.8012,
  "summary_fg_median": 338.0,
  "summary_fg_n": 134556.0,
  "summary_fg_p05": 51.0,
  "summary_fg_p95": 653.0,
  "summary_fg_stdv": 183.2639,
  "tsnr": 18.180267300456762
}