{
  "aor": [
    0.00047662216288384503,
    0.000767076101468625,
    0.0009498397863818424,
    0.0010235781041388519
  ],
  "aqi": [
    0.007280824699599467,
    0.008807102296395194,
    0.014929007810413885,
    0.02472614245660881
  ],
  "bids_meta": {
    "AcquisitionDuration": 1230.47,
    "AcquisitionMatrixPE": 76,
    "AcquisitionTime": "12:22:8.282500",
    "B0FieldSource": [
      "004pepolarbold",
      "004phasediff"
    ],
    "BandwidthPerPixelPhaseEncode": 40.486,
    "BaseResolution": 102,
    "DerivedVendorReportedEchoSpacing": 0.000649997,
    "DwellTime": 2.5e-06,
    "EchoNumber": 4,
    "EchoTime": 0.0714,
    "EchoTrainLength": 28,
    "EffectiveEchoSpacing": 0.000324999,
    "FlipAngle": 64,
    "ImageOrientationPatientDICOM": [
      0.999421,
      0.00548478,
      0.0335692,
      0.00697739,
      0.932869,
      -0.360149
    ],
    "ImageType": [
      "ORIGINAL",
      "PRIMARY",
      "FMRI",
      "NONE"
    ],
    "ImageTypeText": [
      "ORIGINAL",
      "PRIMARY",
      "M",
      "MB",
      "TE4",
      "DIS2D"
    ],
    "InPlanePhaseEncodingDirectionDICOM": "ROW",
    "PercentPhaseFOV": 74.5098,
    "PhaseEchoTime1": 0.0126,
    "PhaseEchoTime2": 0.0322,
    "PhaseEncodingDirection": "i",
    "PixelBandwidth": 1961,
    "ProtocolName": "func-bold_task-rest_dir-RL__cmrr_me4_sms4",
    "PulseSequenceName": "epfid2d4_76",
    "ReceiveCoilActiveElements": "HC1-7",
    "ReconMatrixPE": 76,
    "RefLinesPE": 18,
    "RepetitionTime": 1.6,
    "SequenceVariant": "SK\\SS\\OSP",
    "SeriesDescription": "func-bold_task-rest_dir-RL__cmrr_me4_sms4",
    "SeriesNumber": 26,
    "ShimSetting": [
      8236,
      -5617,
      -6016,
      682,
      -57,
      -165,
      27,
      27
    ],
    "SliceThickness": 2.2,
    "SliceTiming": [
      0,
      0.8425,
      0.105,
      0.9475,
      0.2125,
      1.055,
      0.3175,
      1.16,
      0.4225,
      1.265,
      0.5275,
      1.37,
      0.6325,
      1.475,
      0.7375,
      0,
      0.8425,
      0.105,
      0.9475,
      0.2125,
      1.055,
      0.3175,
      1.16,
      0.4225,
      1.265,
      0.5275,
      1.37,
      0.6325,
      1.475,
      0.7375,
      0,
      0.8425,
      0.105,
      0.9475,
      0.2125,
      1.055,
      0.3175,
      1.16,
      0.4225,
      1.265,
      0.5275,
      1.37,
      0.6325,
      1.475,
      0.7375,
      0,
      0.8425,
      0.105,
      0.9475,
      0.2125,
      1.055,
      0.3175,
      1.16,
      0.4225,
      1.265,
      0.5275,
      1.37,
      0.6325,
      1.475,
      0.7375
    ],
    "SpacingBetweenSlices": 2.2,
    "TotalReadoutTime": 0.0243749,
    "TxRefAmp": 249.909,
    "WipMemBlock": "d52b645e-5d7c-4d85-b95d-28e311e982ae||Sequence: R017 nxva30a/master r/d34922cc2+; Jun 27 2022 13:20:16 by eja",
    "dataset": "<unset>",
    "modality": "bold",
    "session_id": "004",
    "subject_id": "001",
    "task_id": "rest"
  },
  "dummy_trs": 1,
  "dvars_nstd": 89.80525662438504,
  "dvars_std": 1.022442983061497,
  "dvars_vstd": 0.9994238263368997,
  "efc": 0.5732,
  "fber": 70.0645,
  "fd_mean": 0.1468818918572106,
  "fd_num": 167,
  "fd_perc": 22.296395193591454,
  "fwhm_avg": 2.7731441892820445,
  "fwhm_x": 2.847013809652279,
  "fwhm_y": 2.7911506344905948,
  "fwhm_z": 2.6812681237032603,
  "gcor": [
    0.0127173,
    0.0138524,
    0.0126532,
    0.010934
  ],
  "gsr_x": 0.04207628592848778,
  "gsr_y": -0.005064019933342934,
  "provenance": {
    "md5sum": "765955fb0cf3c3611b4d1d395589c249",
    "settings": {
      "fd_thres": 0.2,
      "testing": false
    },
    "software": "mriqc",
    "version": "24.1.0.dev0+g3fe90466.d20240417"
  },
  "size_t": 749,
  "size_x": 76,
  "size_y": 102,
  "size_z": 60,
  "snr": 1.5522817312665234,
  "spacing_tr": 1.600000023841858,
  "spacing_x": 2.196079969406128,
  "spacing_y": 2.196079969406128,
  "spacing_z": 2.200000047683716,
  "summary_bg_k": 85.3073,
  "summary_bg_mad": 5.5266,
  "summary_bg_mean": 28.2331,
  "summary_bg_median": 26.0,
  "summary_bg_n": 331123.0,
  "summary_bg_p05": 0.0,
  "summary_bg_p95": 51.0,
  "summary_bg_stdv": 18.5679,
  "summary_fg_k": 3.562,
  "summary_fg_mad": 127.482,
  "summary_fg_mean": 227.588,
  "summary_fg_median": 218.0,
  "summary_fg_n": 133997.0,
  "summary_fg_p05": 37.0,
  "summary_fg_p95": 469.0,
  "summary_fg_stdv": 140.4379,
  "tsnr": 12.3154166364111
}