{
  "aor": [
    0.00045145631067961163,
    0.000555242718446602,
    0.0006375242718446602,
    0.0007709708737864078
  ],
  "aqi": [
    0.005624548155339806,
    0.007822084368932038,
    0.013150557766990293,
    0.02180387184466019
  ],
  "bids_meta": {
    "AcquisitionDuration": 361.475,
    "AcquisitionMatrixPE": 76,
    "AcquisitionTime": "12:44:18.412500",
    "B0FieldSource": [
      "004pepolarbold",
      "004phasediff"
    ],
    "BandwidthPerPixelPhaseEncode": 40.486,
    "BaseResolution": 102,
    "DerivedVendorReportedEchoSpacing": 0.000649997,
    "DwellTime": 2.5e-06,
    "EchoNumber": 4,
    "EchoTime": 0.0714,
    "EchoTrainLength": 28,
    "EffectiveEchoSpacing": 0.000324999,
    "ImageOrientationPatientDICOM": [
      0.999421,
      0.00548478,
      0.0335692,
      0.00697739,
      0.932869,
      -0.360149
    ],
    "ImageType": [
      "ORIGINAL",
      "PRIMARY",
      "FMRI",
      "NONE"
    ],
    "ImageTypeText": [
      "ORIGINAL",
      "PRIMARY",
      "M",
      "MB",
      "TE4",
      "DIS2D"
    ],
    "InPlanePhaseEncodingDirectionDICOM": "ROW",
    "PercentPhaseFOV": 74.5098,
    "PercentSampling": 100,
    "PhaseEchoTime1": 0.0126,
    "PhaseEchoTime2": 0.0322,
    "PhaseEncodingDirection": "i",
    "PhaseResolution": 1,
    "PixelBandwidth": 1961,
    "ProtocolName": "func-bold_task-bht_dir-RL__cmrr_me4_sms4",
    "PulseSequenceName": "epfid2d4_76",
    "ReceiveCoilActiveElements": "HC1-7",
    "ReconMatrixPE": 76,
    "RefLinesPE": 18,
    "RepetitionTime": 1.6,
    "SequenceVariant": "SK\\SS\\OSP",
    "SeriesDescription": "func-bold_task-bht_dir-RL__cmrr_me4_sms4",
    "SeriesNumber": 28,
    "ShimSetting": [
      8236,
      -5620,
      -6016,
      691,
      -56,
      -197,
      21,
      30
    ],
    "SliceThickness": 2.2,
    "SliceTiming": [
      0,
      0.8425,
      0.105,
      0.9475,
      0.21,
      1.0525,
      0.3175,
      1.16,
      0.4225,
      1.265,
      0.5275,
      1.37,
      0.6325,
      1.475,
      0.7375,
      0,
      0.8425,
      0.105,
      0.9475,
      0.21,
      1.0525,
      0.3175,
      1.16,
      0.4225,
      1.265,
      0.5275,
      1.37,
      0.6325,
      1.475,
      0.7375,
      0,
      0.8425,
      0.105,
      0.9475,
      0.21,
      1.0525,
      0.3175,
      1.16,
      0.4225,
      1.265,
      0.5275,
      1.37,
      0.6325,
      1.475,
      0.7375,
      0,
      0.8425,
      0.105,
      0.9475,
      0.21,
      1.0525,
      0.3175,
      1.16,
      0.4225,
      1.265,
      0.5275,
      1.37,
      0.6325,
      1.475,
      0.7375
    ],
    "SpacingBetweenSlices": 2.2,
    "TotalReadoutTime": 0.0243749,
    "TxRefAmp": 249.909,
    "WipMemBlock": "cf9c15b8-48f8-49ca-bc9a-dcffd721f42e||Sequence: R017 nxva30a/master r/d34922cc2+; Jun 27 2022 13:20:16 by eja",
    "dataset": "<unset>",
    "modality": "bold",
    "session_id": "004",
    "subject_id": "001",
    "task_id": "bht"
  },
  "dummy_trs": 1,
  "dvars_nstd": 103.19461714600001,
  "dvars_std": 1.047577756878049,
  "dvars_vstd": 1.0111702762439025,
  "efc": 0.5717,
  "fber": 68.3719,
  "fd_mean": 0.18594546320349462,
  "fd_num": 88,
  "fd_perc": 42.71844660194175,
  "fwhm_avg": 2.5844346774662594,
  "fwhm_x": 2.7205748803472183,
  "fwhm_y": 2.5597382965612847,
  "fwhm_z": 2.4729908554902758,
  "gcor": [
    0.0130767,
    0.0198627,
    0.0207776,
    0.0174969
  ],
  "gsr_x": 0.042108628898859024,
  "gsr_y": -0.004448654595762491,
  "provenance": {
    "md5sum": "b4eb0125a267098809c4fd25320dd72e",
    "settings": {
      "fd_thres": 0.2,
      "testing": false
    },
    "software": "mriqc",
    "version": "24.1.0.dev0+g3fe90466.d20240417"
  },
  "size_t": 206,
  "size_x": 76,
  "size_y": 102,
  "size_z": 60,
  "snr": 1.5098217992189003,
  "spacing_tr": 1.600000023841858,
  "spacing_x": 2.196079969406128,
  "spacing_y": 2.196079969406128,
  "spacing_z": 2.200000047683716,
  "summary_bg_k": 99.1181,
  "summary_bg_mad": 5.5058,
  "summary_bg_mean": 27.8978,
  "summary_bg_median": 26.0,
  "summary_bg_n": 330564.0,
  "summary_bg_p05": 0.0,
  "summary_bg_p95": 50.0,
  "summary_bg_stdv": 18.3853,
  "summary_fg_k": 3.8771,
  "summary_fg_mad": 127.6261,
  "summary_fg_mean": 222.7602,
  "summary_fg_median": 212.0,
  "summary_fg_n": 134556.0,
  "summary_fg_p05": 36.0,
  "summary_fg_p95": 464.0,
  "summary_fg_stdv": 140.4134,
  "tsnr": 12.47476345533505
}