{
  "aor": [
    0.0068926262626262625,
    0.007915858585858587,
    0.008266666666666669,
    0.007835252525252525
  ],
  "aqi": [
    0.007146104848484849,
    0.008759762727272725,
    0.01449540191919192,
    0.023517151515151515
  ],
  "bids_meta": {
    "AcquisitionDuration": 188.475,
    "AcquisitionMatrixPE": 76,
    "AcquisitionTime": "12:15:7.472500",
    "B0FieldSource": [
      "004pepolarbold",
      "004phasediff"
    ],
    "BandwidthPerPixelPhaseEncode": 40.486,
    "BaseResolution": 102,
    "DerivedVendorReportedEchoSpacing": 0.000649997,
    "DwellTime": 2.5e-06,
    "EchoNumber": 4,
    "EchoTime": 0.0714,
    "EchoTrainLength": 28,
    "EffectiveEchoSpacing": 0.000324999,
    "FlipAngle": 64,
    "ImageOrientationPatientDICOM": [
      0.999421,
      0.00548476,
      0.0335692,
      0.00697739,
      0.932869,
      -0.360149
    ],
    "ImageType": [
      "ORIGINAL",
      "PRIMARY",
      "FMRI",
      "NONE"
    ],
    "ImageTypeText": [
      "ORIGINAL",
      "PRIMARY",
      "M",
      "MB",
      "TE4",
      "DIS2D"
    ],
    "InPlanePhaseEncodingDirectionDICOM": "ROW",
    "PercentPhaseFOV": 74.5098,
    "PhaseEchoTime1": 0.0126,
    "PhaseEchoTime2": 0.0322,
    "PhaseEncodingDirection": "i",
    "PixelBandwidth": 1961,
    "ProtocolName": "func-bold_task-qct_dir-RL__cmrr_me4_sms4",
    "PulseSequenceName": "epfid2d4_76",
    "ReceiveCoilActiveElements": "HC1-7",
    "ReconMatrixPE": 76,
    "RefLinesPE": 18,
    "RepetitionTime": 1.6,
    "SequenceVariant": "SK\\SS\\OSP",
    "SeriesDescription": "func-bold_task-qct_dir-RL__cmrr_me4_sms4",
    "SeriesNumber": 16,
    "ShimSetting": [
      8235,
      -5616,
      -6015,
      684,
      -60,
      -158,
      24,
      29
    ],
    "SliceThickness": 2.2,
    "SliceTiming": [
      0,
      0.8425,
      0.105,
      0.9475,
      0.21,
      1.055,
      0.3175,
      1.16,
      0.4225,
      1.265,
      0.5275,
      1.37,
      0.6325,
      1.475,
      0.7375,
      0,
      0.8425,
      0.105,
      0.9475,
      0.21,
      1.055,
      0.3175,
      1.16,
      0.4225,
      1.265,
      0.5275,
      1.37,
      0.6325,
      1.475,
      0.7375,
      0,
      0.8425,
      0.105,
      0.9475,
      0.21,
      1.055,
      0.3175,
      1.16,
      0.4225,
      1.265,
      0.5275,
      1.37,
      0.6325,
      1.475,
      0.7375,
      0,
      0.8425,
      0.105,
      0.9475,
      0.21,
      1.055,
      0.3175,
      1.16,
      0.4225,
      1.265,
      0.5275,
      1.37,
      0.6325,
      1.475,
      0.7375
    ],
    "SpacingBetweenSlices": 2.2,
    "TotalReadoutTime": 0.0243749,
    "TxRefAmp": 249.909,
    "WipMemBlock": "55b747fc-307a-4fd3-b943-7c204817084f||Sequence: R017 nxva30a/master r/d34922cc2+; Jun 27 2022 13:20:16 by eja",
    "dataset": "<unset>",
    "modality": "bold",
    "session_id": "004",
    "subject_id": "001",
    "task_id": "qct"
  },
  "dummy_trs": 0,
  "dvars_nstd": 92.87974711877548,
  "dvars_std": 1.0862873394897958,
  "dvars_vstd": 1.066706043061225,
  "efc": 0.5697,
  "fber": 73.7876,
  "fd_mean": 0.1968420164951309,
  "fd_num": 20,
  "fd_perc": 20.2020202020202,
  "fwhm_avg": 2.785562931476927,
  "fwhm_x": 2.860574335869388,
  "fwhm_y": 2.798941789748309,
  "fwhm_z": 2.6971726688130837,
  "gcor": [
    0.0148773,
    0.0109698,
    0.00706948,
    0.00461978
  ],
  "gsr_x": 0.0421568863093853,
  "gsr_y": -0.004101125057786703,
  "provenance": {
    "md5sum": "1536485706ea3385157cdf8048525605",
    "settings": {
      "fd_thres": 0.2,
      "testing": false
    },
    "software": "mriqc",
    "version": "24.1.0.dev0+g3fe90466.d20240417"
  },
  "size_t": 99,
  "size_x": 76,
  "size_y": 102,
  "size_z": 60,
  "snr": 1.5417381829619385,
  "spacing_tr": 1.600000023841858,
  "spacing_x": 2.196079969406128,
  "spacing_y": 2.196079969406128,
  "spacing_z": 2.200000047683716,
  "summary_bg_k": 88.4706,
  "summary_bg_mad": 5.6159,
  "summary_bg_mean": 28.3398,
  "summary_bg_median": 26.0,
  "summary_bg_n": 330909.0,
  "summary_bg_p05": 0.0,
  "summary_bg_p95": 52.0,
  "summary_bg_stdv": 19.2037,
  "summary_fg_k": 3.4476,
  "summary_fg_mad": 131.5772,
  "summary_fg_mean": 233.2703,
  "summary_fg_median": 223.0,
  "summary_fg_n": 134211.0,
  "summary_fg_p05": 36.0,
  "summary_fg_p95": 483.0,
  "summary_fg_stdv": 144.6414,
  "tsnr": 12.732864336110651
}