{
  "aor": [
    0.00045145631067961163,
    0.000555242718446602,
    0.0006375242718446602,
    0.0007709708737864078
  ],
  "aqi": [
    0.005624548155339806,
    0.007822084368932038,
    0.013150557766990293,
    0.02180387184466019
  ],
  "bids_meta": {
    "AcquisitionDuration": 361.475,
    "AcquisitionMatrixPE": 76,
    "AcquisitionTime": "12:44:18.352500",
    "B0FieldSource": [
      "004pepolarbold",
      "004phasediff"
    ],
    "BandwidthPerPixelPhaseEncode": 40.486,
    "BaseResolution": 102,
    "DerivedVendorReportedEchoSpacing": 0.000649997,
    "DwellTime": 2.5e-06,
    "EchoNumber": 1,
    "EchoTime": 0.0126,
    "EchoTrainLength": 28,
    "EffectiveEchoSpacing": 0.000324999,
    "ImageOrientationPatientDICOM": [
      0.999421,
      0.00548478,
      0.0335692,
      0.00697739,
      0.932869,
      -0.360149
    ],
    "ImageType": [
      "ORIGINAL",
      "PRIMARY",
      "FMRI",
      "NONE"
    ],
    "ImageTypeText": [
      "ORIGINAL",
      "PRIMARY",
      "M",
      "MB",
      "TE1",
      "DIS2D"
    ],
    "InPlanePhaseEncodingDirectionDICOM": "ROW",
    "PercentPhaseFOV": 74.5098,
    "PercentSampling": 100,
    "PhaseEchoTime1": 0.0126,
    "PhaseEchoTime2": 0.0322,
    "PhaseEncodingDirection": "i",
    "PhaseResolution": 1,
    "PixelBandwidth": 1961,
    "ProtocolName": "func-bold_task-bht_dir-RL__cmrr_me4_sms4",
    "PulseSequenceName": "epfid2d4_76",
    "ReceiveCoilActiveElements": "HC1-7",
    "ReconMatrixPE": 76,
    "RefLinesPE": 18,
    "RepetitionTime": 1.6,
    "SequenceVariant": "SK\\SS\\OSP",
    "SeriesDescription": "func-bold_task-bht_dir-RL__cmrr_me4_sms4",
    "SeriesNumber": 28,
    "ShimSetting": [
      8236,
      -5620,
      -6016,
      691,
      -56,
      -197,
      21,
      30
    ],
    "SliceThickness": 2.2,
    "SliceTiming": [
      0,
      0.8425,
      0.105,
      0.9475,
      0.21,
      1.0525,
      0.315,
      1.16,
      0.4225,
      1.265,
      0.5275,
      1.37,
      0.6325,
      1.475,
      0.7375,
      0,
      0.8425,
      0.105,
      0.9475,
      0.21,
      1.0525,
      0.315,
      1.16,
      0.4225,
      1.265,
      0.5275,
      1.37,
      0.6325,
      1.475,
      0.7375,
      0,
      0.8425,
      0.105,
      0.9475,
      0.21,
      1.0525,
      0.315,
      1.16,
      0.4225,
      1.265,
      0.5275,
      1.37,
      0.6325,
      1.475,
      0.7375,
      0,
      0.8425,
      0.105,
      0.9475,
      0.21,
      1.0525,
      0.315,
      1.16,
      0.4225,
      1.265,
      0.5275,
      1.37,
      0.6325,
      1.475,
      0.7375
    ],
    "SpacingBetweenSlices": 2.2,
    "TotalReadoutTime": 0.0243749,
    "TxRefAmp": 249.909,
    "WipMemBlock": "cf9c15b8-48f8-49ca-bc9a-dcffd721f42e||Sequence: R017 nxva30a/master r/d34922cc2+; Jun 27 2022 13:20:16 by eja",
    "dataset": "<unset>",
    "modality": "bold",
    "session_id": "004",
    "subject_id": "001",
    "task_id": "bht"
  },
  "dummy_trs": 1,
  "dvars_nstd": 40.26654750560974,
  "dvars_std": 1.040728528243903,
  "dvars_vstd": 1.013100831951219,
  "efc": 0.6571,
  "fber": 132.6289,
  "fd_mean": 0.18594546320349462,
  "fd_num": 88,
  "fd_perc": 42.71844660194175,
  "fwhm_avg": 3.643786530921563,
  "fwhm_x": 3.477719439363276,
  "fwhm_y": 3.650103872204478,
  "fwhm_z": 3.803536281196935,
  "gcor": [
    0.0130767,
    0.0198627,
    0.0207776,
    0.0174969
  ],
  "gsr_x": 0.15514089167118073,
  "gsr_y": 0.013247345574200153,
  "provenance": {
    "md5sum": "7185489bc749a10c77eaceababc2488d",
    "settings": {
      "fd_thres": 0.2,
      "testing": false
    },
    "software": "mriqc",
    "version": "24.1.0.dev0+g3fe90466.d20240417"
  },
  "size_t": 206,
  "size_x": 76,
  "size_y": 102,
  "size_z": 60,
  "snr": 2.619687610954957,
  "spacing_tr": 1.600000023841858,
  "spacing_x": 2.196079969406128,
  "spacing_y": 2.196079969406128,
  "spacing_z": 2.200000047683716,
  "summary_bg_k": 4.9144,
  "summary_bg_mad": 64.8674,
  "summary_bg_mean": 175.5594,
  "summary_bg_median": 69.0,
  "summary_bg_n": 330564.0,
  "summary_bg_p05": 0.0,
  "summary_bg_p95": 757.0,
  "summary_bg_stdv": 247.1226,
  "summary_fg_k": 0.5622,
  "summary_fg_mad": 294.1958,
  "summary_fg_mean": 819.4056,
  "summary_fg_median": 792.0,
  "summary_fg_n": 134556.0,
  "summary_fg_p05": 384.0,
  "summary_fg_p95": 1346.0,
  "summary_fg_stdv": 302.325,
  "tsnr": 35.73645493760705
}