{
  "NumberOfShells": 4,
  "bValues": [
    0.0,
    700.0,
    1000.0,
    1950.0,
    2000.0,
    2950.0,
    3000.0
  ],
  "bValuesEstimation": [
    700.0,
    1000.0,
    2000.0,
    3000.0
  ],
  "bdiffs_max": 0.2462,
  "bdiffs_mean": 0.1432,
  "bdiffs_median": 0.1492,
  "bdiffs_min": 0.0181,
  "bids_meta": {
    "AcquisitionMatrixPE": 120,
    "AcquisitionNumber": 1,
    "AcquisitionTime": "14:44:24.662500",
    "B0FieldSource": [
      "pilot004pepolarb0",
      "pilot004phasediff"
    ],
    "BandwidthPerPixelPhaseEncode": 35.714,
    "BaseResolution": 120,
    "BodyPartExamined": "BRAIN",
    "CoilCombinationMethod": "Adaptive Combine",
    "CoilString": "HeadNeck_64",
    "ConversionSoftware": "dcm2niix",
    "ConversionSoftwareVersion": "v1.0.20220720",
    "DerivedVendorReportedEchoSpacing": 0.000700006,
    "DeviceSerialNumber": "67014",
    "DiffusionScheme": "Bipolar",
    "DwellTime": 2.4e-06,
    "EchoTime": 0.087,
    "EchoTrainLength": 35,
    "EffectiveEchoSpacing": 0.000233335,
    "FlipAngle": 90,
    "HeudiconvVersion": "1.0.0",
    "ImageOrientationPatientDICOM": [
      0.998577,
      0.0133867,
      0.0516175,
      -0.0172559,
      0.997015,
      0.0752564
    ],
    "ImageType": [
      "ORIGINAL",
      "PRIMARY",
      "DIFFUSION",
      "NONE",
      "ND",
      "NORM",
      "MFSPLIT"
    ],
    "ImageTypeText": [
      "ORIGINAL",
      "PRIMARY",
      "DIFFUSION",
      "NONE"
    ],
    "ImagingFrequency": 123.248,
    "InPlanePhaseEncodingDirectionDICOM": "COL",
    "InstitutionAddress": "Rue du Bugnon 21,Lausanne,District,CH,1011",
    "InstitutionName": "CHUV",
    "MRAcquisitionType": "2D",
    "MagneticFieldStrength": 3,
    "Manufacturer": "Siemens",
    "ManufacturersModelName": "MAGNETOM Prisma Fit",
    "Modality": "MR",
    "MultibandAccelerationFactor": 3,
    "NonlinearGradientCorrection": false,
    "ParallelReductionFactorInPlane": 3,
    "PartialFourier": 0.875,
    "PatientPosition": "HFS",
    "PercentPhaseFOV": 100,
    "PercentSampling": 100,
    "PhaseEncodingDirection": "j-",
    "PhaseEncodingSteps": 120,
    "PhaseResolution": 1,
    "PixelBandwidth": 1736,
    "ProcedureStepDescription": "RESEARCH Oscar",
    "ProtocolName": "micro_struct_137dir_BIPOLAR_b3000_2mm-iso",
    "PulseSequenceDetails": "%SiemensSeq%\\ep2d_diff",
    "ReceiveCoilActiveElements": "HC1-7",
    "ReceiveCoilName": "HeadNeck_64",
    "ReconMatrixPE": 120,
    "RefLinesPE": 90,
    "RepetitionTime": 7.8,
    "SAR": 0.224365,
    "ScanOptions": "PFP\\FS\\PER",
    "ScanningSequence": "GR\\EP",
    "SequenceName": "*ep_b0",
    "SequenceVariant": "SK",
    "SeriesDescription": "micro_struct_137dir_BIPOLAR_b3000_2mm-iso",
    "SeriesNumber": 29,
    "ShimSetting": [
      8229,
      -5660,
      -6073,
      562,
      -69,
      -351,
      10,
      15
    ],
    "SliceThickness": 2,
    "SliceTiming": [
      6.0975,
      0,
      6.2675,
      0.17,
      6.435,
      0.34,
      6.605,
      0.51,
      6.775,
      0.6775,
      6.945,
      0.8475,
      7.1125,
      1.0175,
      7.2825,
      1.1875,
      7.4525,
      1.355,
      7.6225,
      1.525,
      7.79,
      1.695,
      7.96,
      1.865,
      8.13,
      2.0325,
      8.3,
      2.2025,
      8.4675,
      2.3725,
      8.6375,
      2.5425,
      8.8075,
      2.71,
      8.975,
      2.88,
      9.145,
      3.05,
      9.315,
      3.2175,
      9.485,
      3.3875,
      9.6525,
      3.5575,
      9.8225,
      3.7275,
      9.9925,
      3.895,
      10.1625,
      4.065,
      10.33,
      4.235,
      10.5,
      4.405,
      10.67,
      4.5725,
      10.84,
      4.7425,
      11.0075,
      4.9125,
      11.1775,
      5.0825,
      11.3475,
      5.25,
      11.5175,
      5.42,
      11.685,
      5.59,
      11.855,
      5.76,
      12.025,
      5.9275
    ],
    "SoftwareVersions": "syngo MR XA30",
    "SpacingBetweenSlices": 2,
    "StationName": "LRG10884",
    "TotalReadoutTime": 0.0277669,
    "TxRefAmp": 251.192,
    "VendorReportedEchoSpacing": 0.0007,
    "acq_id": "lowres",
    "dataset": "hcph",
    "modality": "dwi",
    "session_id": "pilot004",
    "subject_id": "001"
  },
  "efc_shell01": 2.4617,
  "efc_shell02": 0.625,
  "efc_shell03": 0.4618,
  "efc_shell04": 0.4292,
  "efc_shell05": 0.4373,
  "fa_degenerate": 0.0,
  "fa_nans": 0.0,
  "fber_shell01": -1.0,
  "fber_shell02": 14884.0,
  "fber_shell03": 12769.0,
  "fber_shell04": -1.0,
  "fber_shell05": -1.0,
  "fd_mean": 8.9365,
  "fd_num": 139,
  "fd_perc": 94.5578231292517,
  "ndc": 0.806,
  "provenance": {
    "md5sum": "9353ff50a0f4aabdd627d8257ea7851f",
    "settings": {
      "testing": false
    },
    "software": "mriqc",
    "version": "24.0.0"
  },
  "sigma_cc": 40.0303,
  "sigma_pca": 11.2892,
  "sigma_piesno": 1.3206,
  "snr_cc_shell0": 6.21,
  "snr_cc_shell1_best": 6.22,
  "snr_cc_shell1_worst": 6.22,
  "snr_cc_shell2_best": 3.85,
  "snr_cc_shell2_worst": 2.31,
  "snr_cc_shell3_best": 2.72,
  "snr_cc_shell3_worst": 1.85,
  "snr_cc_shell4_best": 2.1,
  "snr_cc_shell4_worst": 1.27,
  "spikes_global": 46.86,
  "spikes_slice_i": 211.01,
  "spikes_slice_j": 206.29,
  "spikes_slice_k": 320.77,
  "summary_bg_k": 119.7116,
  "summary_bg_mad": 0.0,
  "summary_bg_mean": 11.9656,
  "summary_bg_median": 0.0,
  "summary_bg_n": 851101.0,
  "summary_bg_p05": 0.0,
  "summary_bg_p95": 63.0,
  "summary_bg_stdv": 34.5744,
  "summary_fg_k": 5.9797,
  "summary_fg_mad": 91.9213,
  "summary_fg_mean": 331.1343,
  "summary_fg_median": 284.0,
  "summary_fg_n": 185699.0,
  "summary_fg_p05": 128.0,
  "summary_fg_p95": 688.0,
  "summary_fg_stdv": 177.6626,
  "summary_wm_k": 24.3516,
  "summary_wm_mad": 47.4433,
  "summary_wm_mean": 256.2099,
  "summary_wm_median": 251.0,
  "summary_wm_n": 58787.0,
  "summary_wm_p05": 134.0,
  "summary_wm_p95": 372.0,
  "summary_wm_stdv": 95.3793
}