{
  "NumberOfShells": 4,
  "bValues": [
    0.0,
    700.0,
    1000.0,
    2000.0,
    3000.0
  ],
  "bValuesEstimation": [
    700.0,
    1000.0,
    2000.0,
    3000.0
  ],
  "bdiffs_max": 0.3575,
  "bdiffs_mean": 0.2399,
  "bdiffs_median": 0.2737,
  "bdiffs_min": 0.0101,
  "bids_meta": {
    "AcquisitionMatrixPE": 104,
    "AcquisitionNumber": 1,
    "AcquisitionTime": "11:22:53.520000",
    "B0FieldSource": [
      "044pepolarb0",
      "044phasediff"
    ],
    "BandwidthPerPixelPhaseEncode": 24.42,
    "BaseResolution": 146,
    "BodyPartExamined": "BRAIN",
    "CoilCombinationMethod": "Adaptive Combine",
    "CoilString": "HeadNeck_64",
    "ConversionSoftware": "dcm2niix",
    "ConversionSoftwareVersion": "v1.0.20220720",
    "Deltas": [
      0.0272,
      0.0469
    ],
    "DerivedVendorReportedEchoSpacing": 0.000787501,
    "DeviceSerialNumber": "67014",
    "DiffusionScheme": "Monopolar",
    "DwellTime": 2.1e-06,
    "EchoTime": 0.098,
    "EchoTrainLength": 46,
    "EffectiveEchoSpacing": 0.00039375,
    "FlipAngle": 90,
    "HeudiconvVersion": "1.0.0",
    "ImageOrientationPatientDICOM": [
      0.999642,
      -0.0101548,
      0.0247616,
      0.0101196,
      0.999948,
      0.00154713
    ],
    "ImageType": [
      "ORIGINAL",
      "PRIMARY",
      "DIFFUSION",
      "NONE",
      "ND",
      "MFSPLIT"
    ],
    "ImageTypeText": [
      "ORIGINAL",
      "PRIMARY",
      "DIFFUSION",
      "NONE"
    ],
    "ImagingFrequency": 123.248,
    "InPlanePhaseEncodingDirectionDICOM": "ROW",
    "InstitutionAddress": "Rue du Bugnon 21,Lausanne,District,CH,1011",
    "InstitutionName": "CHUV",
    "MRAcquisitionType": "2D",
    "MagneticFieldStrength": 3,
    "Manufacturer": "Siemens",
    "ManufacturersModelName": "MAGNETOM Prisma Fit",
    "Modality": "MR",
    "MultibandAccelerationFactor": 3,
    "NonlinearGradientCorrection": false,
    "ParallelReductionFactorInPlane": 2,
    "PartialFourier": 0.875,
    "PatientPosition": "HFS",
    "PercentPhaseFOV": 71.2329,
    "PercentSampling": 100,
    "PhaseEncodingDirection": "i-",
    "PhaseEncodingSteps": 104,
    "PhaseResolution": 1,
    "PixelBandwidth": 1631,
    "ProcedureStepDescription": "RESEARCH Oscar",
    "ProtocolName": "dwi-dwi_acq-highres_dir-LR__trigger_monopolar_71fovphase",
    "PulseSequenceDetails": "%CustomerSeq%\\ep2d_diff_trigg",
    "ReceiveCoilActiveElements": "HC1-6",
    "ReceiveCoilName": "HeadNeck_64",
    "ReconMatrixPE": 104,
    "RefLinesPE": 38,
    "RepetitionTime": 7,
    "SAR": 0.165504,
    "ScanOptions": "PFP\\FS\\PER",
    "ScanningSequence": "GR\\EP",
    "SequenceName": "ep_b0",
    "SequenceVariant": "SK",
    "SeriesDescription": "dwi-dwi_acq-highres_dir-LR__trigger_monopolar_71fovphase",
    "SeriesNumber": 10,
    "ShimSetting": [
      8231,
      -5634,
      -6055,
      583,
      -37,
      -261,
      73,
      26
    ],
    "SliceThickness": 1.6,
    "SliceTiming": [
      0,
      5.94,
      0.135,
      6.075,
      0.27,
      6.21,
      0.405,
      6.345,
      0.54,
      6.48,
      0.675,
      6.615,
      0.81,
      6.75,
      0.945,
      6.885,
      1.08,
      7.02,
      1.215,
      7.155,
      1.35,
      7.29,
      1.485,
      7.425,
      1.62,
      7.56,
      1.755,
      7.695,
      1.89,
      7.83,
      2.025,
      7.965,
      2.16,
      8.1,
      2.295,
      8.235,
      2.43,
      8.37,
      2.565,
      8.505,
      2.7,
      8.64,
      2.835,
      8.775,
      2.97,
      8.91,
      3.105,
      9.045,
      3.24,
      9.18,
      3.375,
      9.315,
      3.51,
      9.45,
      3.645,
      9.585,
      3.78,
      9.72,
      3.915,
      9.855,
      4.05,
      9.99,
      4.185,
      10.125,
      4.32,
      10.26,
      4.455,
      10.395,
      4.59,
      10.53,
      4.725,
      10.665,
      4.86,
      10.8,
      4.995,
      10.935,
      5.13,
      11.07,
      5.265,
      11.205,
      5.4,
      11.34,
      5.535,
      11.475,
      5.67,
      11.61,
      5.805
    ],
    "SoftwareVersions": "syngo MR XA30",
    "SpacingBetweenSlices": 1.6,
    "StationName": "LRG10884",
    "TotalReadoutTime": 0.0405563,
    "TxRefAmp": 244.324,
    "acq_id": "highres",
    "dataset": "hcph",
    "modality": "dwi",
    "session_id": "044",
    "subject_id": "001"
  },
  "efc_shell01": 2.5162,
  "efc_shell02": 1.1388,
  "efc_shell03": 0.8769,
  "efc_shell04": 0.6473,
  "efc_shell05": 0.663,
  "fa_degenerate": 0.0,
  "fa_nans": 0.0,
  "fber_shell01": 9.1733,
  "fber_shell02": 47.8403,
  "fber_shell03": 67.24,
  "fber_shell04": 44.4444,
  "fber_shell05": 21.7778,
  "fd_mean": 16.7426,
  "fd_num": 279,
  "fd_perc": 99.64285714285714,
  "ndc": 0.7863,
  "provenance": {
    "md5sum": "33d99005b1a3816a35e208414736625b",
    "settings": {
      "testing": false
    },
    "software": "mriqc",
    "version": "24.0.0"
  },
  "sigma_cc": 37.0651,
  "sigma_pca": 18.9362,
  "sigma_piesno": 7.2633,
  "snr_cc_shell0": 4.56,
  "snr_cc_shell1_best": 4.62,
  "snr_cc_shell1_worst": 4.62,
  "snr_cc_shell2_best": 2.97,
  "snr_cc_shell2_worst": 2.04,
  "snr_cc_shell3_best": 2.45,
  "snr_cc_shell3_worst": 1.56,
  "snr_cc_shell4_best": 1.89,
  "snr_cc_shell4_worst": 1.11,
  "spikes_global": 50.59,
  "spikes_slice_i": 318.29,
  "spikes_slice_j": 318.14,
  "spikes_slice_k": 284.13,
  "summary_bg_k": 223.9837,
  "summary_bg_mad": 17.7912,
  "summary_bg_mean": 40.7563,
  "summary_bg_median": 17.0,
  "summary_bg_n": 957399.0,
  "summary_bg_p05": 2.0,
  "summary_bg_p95": 141.0,
  "summary_bg_stdv": 104.7485,
  "summary_fg_k": 8.6383,
  "summary_fg_mad": 160.121,
  "summary_fg_mean": 376.1621,
  "summary_fg_median": 289.0,
  "summary_fg_n": 363609.0,
  "summary_fg_p05": 95.0,
  "summary_fg_p95": 1003.0,
  "summary_fg_stdv": 302.7487,
  "summary_wm_k": 11.8513,
  "summary_wm_mad": 78.5779,
  "summary_wm_mean": 208.8784,
  "summary_wm_median": 205.0,
  "summary_wm_n": 105170.0,
  "summary_wm_p05": 81.0,
  "summary_wm_p95": 346.0,
  "summary_wm_stdv": 87.7147
}