{
  "NumberOfShells": 4,
  "bValues": [
    0.0,
    700.0,
    1000.0,
    2000.0,
    3000.0
  ],
  "bValuesEstimation": [
    700.0,
    1000.0,
    2000.0,
    3000.0
  ],
  "bdiffs_max": 0.3229,
  "bdiffs_mean": 0.2358,
  "bdiffs_median": 0.2664,
  "bdiffs_min": 0.0027,
  "bids_meta": {
    "AcquisitionMatrixPE": 146,
    "AcquisitionNumber": 1,
    "AcquisitionTime": "21:00:28.770000",
    "B0FieldSource": [
      "048pepolarb0",
      "048phasediff"
    ],
    "BandwidthPerPixelPhaseEncode": 19.569,
    "BaseResolution": 146,
    "BodyPartExamined": "BRAIN",
    "CoilCombinationMethod": "Adaptive Combine",
    "CoilString": "HeadNeck_64",
    "ConversionSoftware": "dcm2niix",
    "ConversionSoftwareVersion": "v1.0.20220720",
    "Deltas": [
      0.0233,
      0.0475
    ],
    "DerivedVendorReportedEchoSpacing": 0.000700017,
    "DeviceSerialNumber": "67014",
    "DiffusionScheme": "Monopolar",
    "DwellTime": 2.1e-06,
    "EchoTime": 0.098,
    "EchoTrainLength": 64,
    "EffectiveEchoSpacing": 0.000350008,
    "FlipAngle": 90,
    "HeudiconvVersion": "1.0.0",
    "ImageOrientationPatientDICOM": [
      0.999092,
      -0.00851044,
      0.0417512,
      0.0102884,
      0.999041,
      -0.0425571
    ],
    "ImageType": [
      "ORIGINAL",
      "PRIMARY",
      "DIFFUSION",
      "NONE",
      "ND",
      "MFSPLIT"
    ],
    "ImageTypeText": [
      "ORIGINAL",
      "PRIMARY",
      "DIFFUSION",
      "NONE"
    ],
    "ImagingFrequency": 123.248,
    "InPlanePhaseEncodingDirectionDICOM": "COL",
    "InstitutionAddress": "Rue du Bugnon 21,Lausanne,District,CH,1011",
    "InstitutionName": "CHUV",
    "MRAcquisitionType": "2D",
    "MagneticFieldStrength": 3,
    "Manufacturer": "Siemens",
    "ManufacturersModelName": "MAGNETOM Prisma Fit",
    "Modality": "MR",
    "MultibandAccelerationFactor": 3,
    "NonlinearGradientCorrection": false,
    "ParallelReductionFactorInPlane": 2,
    "PartialFourier": 0.875,
    "PatientPosition": "HFS",
    "PercentPhaseFOV": 100,
    "PercentSampling": 100,
    "PhaseEncodingDirection": "j",
    "PhaseEncodingSteps": 146,
    "PhaseResolution": 1,
    "PixelBandwidth": 1631,
    "ProcedureStepDescription": "RESEARCH Oscar",
    "ProtocolName": "dwi-dwi_acq-highres_dir-PA__trigger_monopolar",
    "PulseSequenceDetails": "%CustomerSeq%\\ep2d_diff_trigg",
    "ReceiveCoilActiveElements": "HC1-7",
    "ReceiveCoilName": "HeadNeck_64",
    "ReconMatrixPE": 146,
    "RefLinesPE": 54,
    "RepetitionTime": 7,
    "SAR": 0.163787,
    "ScanOptions": "PFP\\FS\\PER",
    "ScanningSequence": "GR\\EP",
    "SequenceName": "ep_b0",
    "SequenceVariant": "SK",
    "SeriesDescription": "dwi-dwi_acq-highres_dir-PA__trigger_monopolar",
    "SeriesNumber": 10,
    "ShimSetting": [
      8237,
      -5635,
      -6051,
      556,
      -58,
      -337,
      58,
      31
    ],
    "SliceThickness": 1.6,
    "SliceTiming": [
      0,
      6.145,
      0.14,
      6.285,
      0.28,
      6.425,
      0.42,
      6.5625,
      0.56,
      6.7025,
      0.7,
      6.8425,
      0.8375,
      6.9825,
      0.9775,
      7.1225,
      1.1175,
      7.2625,
      1.2575,
      7.4025,
      1.3975,
      7.54,
      1.5375,
      7.68,
      1.6775,
      7.82,
      1.815,
      7.96,
      1.955,
      8.1,
      2.095,
      8.24,
      2.235,
      8.38,
      2.375,
      8.5175,
      2.515,
      8.6575,
      2.655,
      8.7975,
      2.7925,
      8.9375,
      2.9325,
      9.0775,
      3.0725,
      9.2175,
      3.2125,
      9.3575,
      3.3525,
      9.495,
      3.4925,
      9.635,
      3.6325,
      9.775,
      3.77,
      9.915,
      3.91,
      10.055,
      4.05,
      10.195,
      4.19,
      10.335,
      4.33,
      10.4725,
      4.47,
      10.6125,
      4.61,
      10.7525,
      4.7475,
      10.8925,
      4.8875,
      11.0325,
      5.0275,
      11.1725,
      5.1675,
      11.3125,
      5.3075,
      11.45,
      5.4475,
      11.59,
      5.585,
      11.73,
      5.725,
      11.87,
      5.865,
      12.01,
      6.005
    ],
    "SoftwareVersions": "syngo MR XA30",
    "SpacingBetweenSlices": 1.6,
    "StationName": "LRG10884",
    "TotalReadoutTime": 0.0507512,
    "TxRefAmp": 248.399,
    "acq_id": "highres",
    "dataset": "hcph",
    "modality": "dwi",
    "session_id": "048",
    "subject_id": "001"
  },
  "efc_shell01": 2.1879,
  "efc_shell02": 1.047,
  "efc_shell03": 0.7992,
  "efc_shell04": 0.5667,
  "efc_shell05": 0.591,
  "fa_degenerate": 0.0,
  "fa_nans": 0.0,
  "fber_shell01": 31.6406,
  "fber_shell02": 133.898,
  "fber_shell03": 177.7778,
  "fber_shell04": 106.7778,
  "fber_shell05": 70.56,
  "fd_mean": 4.8531,
  "fd_num": 279,
  "fd_perc": 99.64285714285714,
  "ndc": 0.656,
  "provenance": {
    "md5sum": "765b5ede60870aca5e7830fd38ad088e",
    "settings": {
      "testing": false
    },
    "software": "mriqc",
    "version": "24.0.0"
  },
  "sigma_cc": 34.0999,
  "sigma_pca": 15.608,
  "sigma_piesno": 1.6508,
  "snr_cc_shell0": 4.64,
  "snr_cc_shell1_best": 4.66,
  "snr_cc_shell1_worst": 4.66,
  "snr_cc_shell2_best": 2.96,
  "snr_cc_shell2_worst": 1.84,
  "snr_cc_shell3_best": 2.66,
  "snr_cc_shell3_worst": 1.67,
  "snr_cc_shell4_best": 1.87,
  "snr_cc_shell4_worst": 1.19,
  "spikes_global": 34.95,
  "spikes_slice_i": 195.98,
  "spikes_slice_j": 192.04,
  "spikes_slice_k": 196.7,
  "summary_bg_k": 656.1138,
  "summary_bg_mad": 8.8956,
  "summary_bg_mean": 28.6583,
  "summary_bg_median": 8.0,
  "summary_bg_n": 1499454.0,
  "summary_bg_p05": 1.0,
  "summary_bg_p95": 113.0,
  "summary_bg_stdv": 104.4954,
  "summary_fg_k": 8.7176,
  "summary_fg_mad": 173.4645,
  "summary_fg_mean": 401.1387,
  "summary_fg_median": 308.0,
  "summary_fg_n": 355038.0,
  "summary_fg_p05": 104.0,
  "summary_fg_p95": 1074.0,
  "summary_fg_stdv": 325.8683,
  "summary_wm_k": 11.3472,
  "summary_wm_mad": 80.0605,
  "summary_wm_mean": 215.8501,
  "summary_wm_median": 212.0,
  "summary_wm_n": 104728.0,
  "summary_wm_p05": 82.0,
  "summary_wm_p95": 359.0,
  "summary_wm_stdv": 89.2614
}