{
  "aor": [
    0.0005833495145631068,
    0.0005860194174757283,
    0.0006831553398058253,
    0.0008369902912621359
  ],
  "aqi": [
    0.0043730569902912615,
    0.005077269466019416,
    0.00856806995145631,
    0.015145132524271843
  ],
  "bids_meta": {
    "AcquisitionDuration": 361.475,
    "AcquisitionMatrixPE": 96,
    "AcquisitionTime": "21:01:15.460000",
    "B0FieldSource": [
      "pilot013pepolarbold",
      "pilot013phasediff"
    ],
    "BandwidthPerPixelPhaseEncode": 37.879,
    "BaseResolution": 96,
    "DerivedVendorReportedEchoSpacing": 0.000549997,
    "DwellTime": 2.3e-06,
    "EchoNumber": 2,
    "EchoTime": 0.03304,
    "EchoTrainLength": 35,
    "EffectiveEchoSpacing": 0.000274998,
    "ImageOrientationPatientDICOM": [
      0.998114,
      0.0335193,
      0.0514293,
      -0.00836199,
      0.904199,
      -0.42703
    ],
    "ImageType": [
      "ORIGINAL",
      "PRIMARY",
      "FMRI",
      "NONE"
    ],
    "ImageTypeText": [
      "ORIGINAL",
      "PRIMARY",
      "M",
      "MB",
      "TE2",
      "DIS2D"
    ],
    "InPlanePhaseEncodingDirectionDICOM": "COL",
    "PercentPhaseFOV": 100,
    "PercentSampling": 100,
    "PhaseEncodingDirection": "j-",
    "PhaseResolution": 1,
    "PixelBandwidth": 2264,
    "ProtocolName": "func-bold_task-bht_dir-AP__cmrr_me4_sms4",
    "PulseSequenceName": "epfid2d4_96",
    "ReceiveCoilActiveElements": "HC1-7;NC1",
    "ReconMatrixPE": 96,
    "RefLinesPE": 22,
    "RepetitionTime": 1.6,
    "SequenceVariant": "SK\\SS",
    "SeriesDescription": "func-bold_task-bht_dir-AP__cmrr_me4_sms4",
    "SeriesNumber": 16,
    "ShimSetting": [
      8233,
      -5621,
      -6034,
      621,
      9,
      -249,
      -48,
      34
    ],
    "SliceThickness": 2.2,
    "SliceTiming": [
      0,
      0.8425,
      0.105,
      0.9475,
      0.2125,
      1.055,
      0.3175,
      1.16,
      0.4225,
      1.265,
      0.5275,
      1.37,
      0.6325,
      1.475,
      0.7375,
      0,
      0.8425,
      0.105,
      0.9475,
      0.2125,
      1.055,
      0.3175,
      1.16,
      0.4225,
      1.265,
      0.5275,
      1.37,
      0.6325,
      1.475,
      0.7375,
      0,
      0.8425,
      0.105,
      0.9475,
      0.2125,
      1.055,
      0.3175,
      1.16,
      0.4225,
      1.265,
      0.5275,
      1.37,
      0.6325,
      1.475,
      0.7375,
      0,
      0.8425,
      0.105,
      0.9475,
      0.2125,
      1.055,
      0.3175,
      1.16,
      0.4225,
      1.265,
      0.5275,
      1.37,
      0.6325,
      1.475,
      0.7375
    ],
    "SpacingBetweenSlices": 2.2,
    "TotalReadoutTime": 0.0261249,
    "TxRefAmp": 249.087,
    "WipMemBlock": "33b9ddc3-25d2-493a-8168-37415c3bd784||Sequence: R017 nxva30a/master r/d34922cc2+; Jun 27 2022 13:20:16 by eja",
    "dataset": "<unset>",
    "modality": "bold",
    "session_id": "pilot013",
    "subject_id": "001",
    "task_id": "bht"
  },
  "dummy_trs": 1,
  "dvars_nstd": 41.45876170834145,
  "dvars_std": 1.0514868122439027,
  "dvars_vstd": 1.0092656551707322,
  "efc": 0.5256,
  "fber": 477.1129,
  "fd_mean": 0.12240357837557993,
  "fd_num": 30,
  "fd_perc": 14.563106796116505,
  "fwhm_avg": 3.1339444660771516,
  "fwhm_x": 2.947932478149683,
  "fwhm_y": 3.3329100786365173,
  "fwhm_z": 3.1209908414452543,
  "gcor": [
    0.013249,
    0.0195215,
    0.0197551,
    0.0161205
  ],
  "gsr_x": 0.021273687481880188,
  "gsr_y": 0.030410313978791237,
  "provenance": {
    "md5sum": "12ebe1c44590e7a5e2c8449b51f960e4",
    "settings": {
      "fd_thres": 0.2,
      "testing": false
    },
    "software": "mriqc",
    "version": "24.1.0.dev0+g3fe90466.d20240417"
  },
  "size_t": 206,
  "size_x": 96,
  "size_y": 96,
  "size_z": 60,
  "snr": 2.1556261282090627,
  "spacing_tr": 1.600000023841858,
  "spacing_x": 2.197920083999634,
  "spacing_y": 2.197920083999634,
  "spacing_z": 2.200000047683716,
  "summary_bg_k": 32.9797,
  "summary_bg_mad": 5.9088,
  "summary_bg_mean": 42.3429,
  "summary_bg_median": 22.0,
  "summary_bg_n": 418134.0,
  "summary_bg_p05": 0.0,
  "summary_bg_p95": 151.0,
  "summary_bg_stdv": 70.5113,
  "summary_fg_k": 0.5685,
  "summary_fg_mad": 196.8118,
  "summary_fg_mean": 498.8844,
  "summary_fg_median": 486.0,
  "summary_fg_n": 134826.0,
  "summary_fg_p05": 95.0,
  "summary_fg_p95": 887.0,
  "summary_fg_stdv": 225.4557,
  "tsnr": 34.75880718458211
}