{
  "aor": [
    0.0012413131313131313,
    0.0011777777777777778,
    0.0012467676767676766,
    0.0014554545454545454
  ],
  "aqi": [
    0.00346437808080808,
    0.004750300505050505,
    0.007691894747474749,
    0.01380986363636364
  ],
  "bids_meta": {
    "AcquisitionDuration": 188.475,
    "AcquisitionMatrixPE": 96,
    "AcquisitionTime": "20:34:31.337500",
    "B0FieldSource": [
      "pilot013pepolarbold",
      "pilot013phasediff"
    ],
    "BandwidthPerPixelPhaseEncode": 37.879,
    "BaseResolution": 96,
    "DerivedVendorReportedEchoSpacing": 0.000549997,
    "DwellTime": 2.3e-06,
    "EchoNumber": 1,
    "EchoTime": 0.0126,
    "EchoTrainLength": 35,
    "EffectiveEchoSpacing": 0.000274998,
    "FlipAngle": 64,
    "ImageOrientationPatientDICOM": [
      0.998114,
      0.0335193,
      0.0514293,
      -0.00836199,
      0.904199,
      -0.42703
    ],
    "ImageType": [
      "ORIGINAL",
      "PRIMARY",
      "FMRI",
      "NONE"
    ],
    "ImageTypeText": [
      "ORIGINAL",
      "PRIMARY",
      "M",
      "MB",
      "TE1",
      "DIS2D"
    ],
    "InPlanePhaseEncodingDirectionDICOM": "COL",
    "PercentPhaseFOV": 100,
    "PhaseEncodingDirection": "j-",
    "PixelBandwidth": 2264,
    "ProtocolName": "func-bold_task-qc_dir-AP__cmrr_me4_sms4",
    "PulseSequenceName": "epfid2d4_96",
    "ReceiveCoilActiveElements": "HC1-7;NC1",
    "ReconMatrixPE": 96,
    "RefLinesPE": 22,
    "RepetitionTime": 1.6,
    "SequenceVariant": "SK\\SS",
    "SeriesDescription": "func-bold_task-qc_dir-AP__cmrr_me4_sms4",
    "SeriesNumber": 12,
    "ShimSetting": [
      8233,
      -5622,
      -6036,
      624,
      6,
      -264,
      -52,
      35
    ],
    "SliceThickness": 2.2,
    "SliceTiming": [
      0,
      0.8425,
      0.1075,
      0.95,
      0.2125,
      1.055,
      0.3175,
      1.16,
      0.4225,
      1.265,
      0.5275,
      1.37,
      0.6325,
      1.475,
      0.7375,
      0,
      0.8425,
      0.1075,
      0.95,
      0.2125,
      1.055,
      0.3175,
      1.16,
      0.4225,
      1.265,
      0.5275,
      1.37,
      0.6325,
      1.475,
      0.7375,
      0,
      0.8425,
      0.1075,
      0.95,
      0.2125,
      1.055,
      0.3175,
      1.16,
      0.4225,
      1.265,
      0.5275,
      1.37,
      0.6325,
      1.475,
      0.7375,
      0,
      0.8425,
      0.1075,
      0.95,
      0.2125,
      1.055,
      0.3175,
      1.16,
      0.4225,
      1.265,
      0.5275,
      1.37,
      0.6325,
      1.475,
      0.7375
    ],
    "SpacingBetweenSlices": 2.2,
    "TotalReadoutTime": 0.0261249,
    "TxRefAmp": 249.087,
    "WipMemBlock": "b53c3a5b-ed71-48cf-80d7-4f204b73618e||Sequence: R017 nxva30a/master r/d34922cc2+; Jun 27 2022 13:20:16 by eja",
    "dataset": "<unset>",
    "modality": "bold",
    "session_id": "pilot013",
    "subject_id": "001",
    "task_id": "qct"
  },
  "dummy_trs": 0,
  "dvars_nstd": 28.417352111836756,
  "dvars_std": 1.0559869524489793,
  "dvars_vstd": 1.0215305990816328,
  "efc": 0.5865,
  "fber": 573.6906,
  "fd_mean": 0.07263537788457787,
  "fd_num": 0,
  "fd_perc": 0.0,
  "fwhm_avg": 3.5892685119644283,
  "fwhm_x": 3.2106626857690497,
  "fwhm_y": 3.598442935926745,
  "fwhm_z": 3.95869991419749,
  "gcor": [
    0.00824347,
    0.00892845,
    0.00777756,
    0.00614889
  ],
  "gsr_x": 0.01151378732174635,
  "gsr_y": 0.11253930628299713,
  "provenance": {
    "md5sum": "371d74b8f912c2d5096c0d3c9ac67efa",
    "settings": {
      "fd_thres": 0.2,
      "testing": false
    },
    "software": "mriqc",
    "version": "24.1.0.dev0+g3fe90466.d20240417"
  },
  "size_t": 99,
  "size_x": 96,
  "size_y": 96,
  "size_z": 60,
  "snr": 2.6495054926502184,
  "spacing_tr": 1.600000023841858,
  "spacing_x": 2.197920083999634,
  "spacing_y": 2.197920083999634,
  "spacing_z": 2.200000047683716,
  "summary_bg_k": 9.3997,
  "summary_bg_mad": 20.2922,
  "summary_bg_mean": 123.1068,
  "summary_bg_median": 32.0,
  "summary_bg_n": 418934.0,
  "summary_bg_p05": 0.0,
  "summary_bg_p95": 611.0,
  "summary_bg_stdv": 213.9043,
  "summary_fg_k": 0.982,
  "summary_fg_mad": 259.1858,
  "summary_fg_mean": 788.8996,
  "summary_fg_median": 756.0,
  "summary_fg_n": 134026.0,
  "summary_fg_p05": 380.0,
  "summary_fg_p95": 1300.0,
  "summary_fg_stdv": 285.3352,
  "tsnr": 51.744193246471696
}