{
  "aor": [
    0.0012413131313131313,
    0.0011777777777777778,
    0.0012467676767676766,
    0.0014554545454545454
  ],
  "aqi": [
    0.00346437808080808,
    0.004750300505050505,
    0.007691894747474749,
    0.01380986363636364
  ],
  "bids_meta": {
    "AcquisitionDuration": 188.475,
    "AcquisitionMatrixPE": 96,
    "AcquisitionTime": "20:34:31.377500",
    "B0FieldSource": [
      "pilot013pepolarbold",
      "pilot013phasediff"
    ],
    "BandwidthPerPixelPhaseEncode": 37.879,
    "BaseResolution": 96,
    "DerivedVendorReportedEchoSpacing": 0.000549997,
    "DwellTime": 2.3e-06,
    "EchoNumber": 3,
    "EchoTime": 0.05348,
    "EchoTrainLength": 35,
    "EffectiveEchoSpacing": 0.000274998,
    "FlipAngle": 64,
    "ImageOrientationPatientDICOM": [
      0.998114,
      0.0335193,
      0.0514293,
      -0.00836199,
      0.904199,
      -0.42703
    ],
    "ImageType": [
      "ORIGINAL",
      "PRIMARY",
      "FMRI",
      "NONE"
    ],
    "ImageTypeText": [
      "ORIGINAL",
      "PRIMARY",
      "M",
      "MB",
      "TE3",
      "DIS2D"
    ],
    "InPlanePhaseEncodingDirectionDICOM": "COL",
    "PercentPhaseFOV": 100,
    "PhaseEncodingDirection": "j-",
    "PixelBandwidth": 2264,
    "ProtocolName": "func-bold_task-qc_dir-AP__cmrr_me4_sms4",
    "PulseSequenceName": "epfid2d4_96",
    "ReceiveCoilActiveElements": "HC1-7;NC1",
    "ReconMatrixPE": 96,
    "RefLinesPE": 22,
    "RepetitionTime": 1.6,
    "SequenceVariant": "SK\\SS",
    "SeriesDescription": "func-bold_task-qc_dir-AP__cmrr_me4_sms4",
    "SeriesNumber": 12,
    "ShimSetting": [
      8233,
      -5622,
      -6036,
      624,
      6,
      -264,
      -52,
      35
    ],
    "SliceThickness": 2.2,
    "SliceTiming": [
      0,
      0.8425,
      0.1075,
      0.95,
      0.2125,
      1.055,
      0.3175,
      1.16,
      0.4225,
      1.265,
      0.5275,
      1.37,
      0.6325,
      1.475,
      0.7375,
      0,
      0.8425,
      0.1075,
      0.95,
      0.2125,
      1.055,
      0.3175,
      1.16,
      0.4225,
      1.265,
      0.5275,
      1.37,
      0.6325,
      1.475,
      0.7375,
      0,
      0.8425,
      0.1075,
      0.95,
      0.2125,
      1.055,
      0.3175,
      1.16,
      0.4225,
      1.265,
      0.5275,
      1.37,
      0.6325,
      1.475,
      0.7375,
      0,
      0.8425,
      0.1075,
      0.95,
      0.2125,
      1.055,
      0.3175,
      1.16,
      0.4225,
      1.265,
      0.5275,
      1.37,
      0.6325,
      1.475,
      0.7375
    ],
    "SpacingBetweenSlices": 2.2,
    "TotalReadoutTime": 0.0261249,
    "TxRefAmp": 249.087,
    "WipMemBlock": "b53c3a5b-ed71-48cf-80d7-4f204b73618e||Sequence: R017 nxva30a/master r/d34922cc2+; Jun 27 2022 13:20:16 by eja",
    "dataset": "<unset>",
    "modality": "bold",
    "session_id": "pilot013",
    "subject_id": "001",
    "task_id": "qct"
  },
  "dummy_trs": 0,
  "dvars_nstd": 54.03586006132654,
  "dvars_std": 1.0279429786734702,
  "dvars_vstd": 1.0141504246938775,
  "efc": 0.5108,
  "fber": 247.2233,
  "fd_mean": 0.07263537788457787,
  "fd_num": 0,
  "fd_perc": 0.0,
  "fwhm_avg": 2.8743199979071723,
  "fwhm_x": 2.710694553169656,
  "fwhm_y": 3.0645973204552246,
  "fwhm_z": 2.8476681200966376,
  "gcor": [
    0.00824347,
    0.00892845,
    0.00777756,
    0.00614889
  ],
  "gsr_x": 0.009545646607875824,
  "gsr_y": 0.023107262328267097,
  "provenance": {
    "md5sum": "9f676385d036e9ec5cd1fc1a05080fc4",
    "settings": {
      "fd_thres": 0.2,
      "testing": false
    },
    "software": "mriqc",
    "version": "24.1.0.dev0+g3fe90466.d20240417"
  },
  "size_t": 99,
  "size_x": 96,
  "size_y": 96,
  "size_z": 60,
  "snr": 1.8102880561170496,
  "spacing_tr": 1.600000023841858,
  "spacing_x": 2.197920083999634,
  "spacing_y": 2.197920083999634,
  "spacing_z": 2.200000047683716,
  "summary_bg_k": 72.2487,
  "summary_bg_mad": 2.9353,
  "summary_bg_mean": 25.2061,
  "summary_bg_median": 20.0,
  "summary_bg_n": 418934.0,
  "summary_bg_p05": 0.0,
  "summary_bg_p95": 58.0,
  "summary_bg_stdv": 25.4214,
  "summary_fg_k": 1.1623,
  "summary_fg_mad": 151.9742,
  "summary_fg_mean": 326.8629,
  "summary_fg_median": 317.0,
  "summary_fg_n": 134026.0,
  "summary_fg_p05": 42.0,
  "summary_fg_p95": 630.0,
  "summary_fg_stdv": 175.1096,
  "tsnr": 24.696952667087317
}