{
  "aor": [
    0.000513596256684492,
    0.0006891443850267379,
    0.0007444919786096255,
    0.0007834358288770054
  ],
  "aqi": [
    0.0056087347593582896,
    0.007549010120320857,
    0.01258818070855615,
    0.020814569518716578
  ],
  "bids_meta": {
    "AcquisitionDuration": 1230.47,
    "AcquisitionMatrixPE": 76,
    "AcquisitionTime": "20:20:50.387500",
    "B0FieldSource": [
      "025pepolarbold",
      "025phasediff"
    ],
    "BandwidthPerPixelPhaseEncode": 40.486,
    "BaseResolution": 102,
    "DerivedVendorReportedEchoSpacing": 0.000649997,
    "DwellTime": 2.5e-06,
    "EchoNumber": 2,
    "EchoTime": 0.0322,
    "EchoTrainLength": 28,
    "EffectiveEchoSpacing": 0.000324999,
    "FlipAngle": 64,
    "ImageOrientationPatientDICOM": [
      0.998899,
      0.0365258,
      0.0294489,
      -0.0240637,
      0.93765,
      -0.346746
    ],
    "ImageType": [
      "ORIGINAL",
      "PRIMARY",
      "FMRI",
      "NONE"
    ],
    "ImageTypeText": [
      "ORIGINAL",
      "PRIMARY",
      "M",
      "MB",
      "TE2",
      "DIS2D"
    ],
    "InPlanePhaseEncodingDirectionDICOM": "ROW",
    "PercentPhaseFOV": 74.5098,
    "PhaseEchoTime1": 0.0126,
    "PhaseEchoTime2": 0.0322,
    "PhaseEncodingDirection": "i",
    "PixelBandwidth": 1961,
    "ProtocolName": "func-bold_task-rest_dir-RL__cmrr_me4_sms4",
    "PulseSequenceName": "epfid2d4_76",
    "ReceiveCoilActiveElements": "HC1-7",
    "ReconMatrixPE": 76,
    "RefLinesPE": 18,
    "RepetitionTime": 1.6,
    "SequenceVariant": "SK\\SS\\OSP",
    "SeriesDescription": "func-bold_task-rest_dir-RL__cmrr_me4_sms4",
    "SeriesNumber": 23,
    "ShimSetting": [
      8232,
      -5616,
      -6007,
      662,
      -16,
      -135,
      12,
      28
    ],
    "SliceThickness": 2.2,
    "SliceTiming": [
      0,
      0.8425,
      0.105,
      0.9475,
      0.2125,
      1.055,
      0.3175,
      1.16,
      0.4225,
      1.265,
      0.5275,
      1.37,
      0.6325,
      1.475,
      0.7375,
      0,
      0.8425,
      0.105,
      0.9475,
      0.2125,
      1.055,
      0.3175,
      1.16,
      0.4225,
      1.265,
      0.5275,
      1.37,
      0.6325,
      1.475,
      0.7375,
      0,
      0.8425,
      0.105,
      0.9475,
      0.2125,
      1.055,
      0.3175,
      1.16,
      0.4225,
      1.265,
      0.5275,
      1.37,
      0.6325,
      1.475,
      0.7375,
      0,
      0.8425,
      0.105,
      0.9475,
      0.2125,
      1.055,
      0.3175,
      1.16,
      0.4225,
      1.265,
      0.5275,
      1.37,
      0.6325,
      1.475,
      0.7375
    ],
    "SpacingBetweenSlices": 2.2,
    "TotalReadoutTime": 0.0243749,
    "TxRefAmp": 244.279,
    "WipMemBlock": "46248083-36dc-45b3-8271-c4e8e78fb4b2||Sequence: R017 nxva30a/master r/d34922cc2+; Jun 27 2022 13:20:16 by eja",
    "dataset": "<unset>",
    "modality": "bold",
    "session_id": "025",
    "subject_id": "001",
    "task_id": "rest"
  },
  "dummy_trs": 2,
  "dvars_nstd": 50.72136381817944,
  "dvars_std": 1.0372345343775096,
  "dvars_vstd": 1.0063141079518076,
  "efc": 0.5791,
  "fber": 234.6617,
  "fd_mean": 0.14070282703179826,
  "fd_num": 116,
  "fd_perc": 15.508021390374331,
  "fwhm_avg": 3.2711104318254027,
  "fwhm_x": 3.36825165888668,
  "fwhm_y": 3.2717478871878236,
  "fwhm_z": 3.173331749401705,
  "gcor": [
    0.012969,
    0.0141239,
    0.0118476,
    0.00905728
  ],
  "gsr_x": 0.09354547411203384,
  "gsr_y": -0.006072039250284433,
  "provenance": {
    "md5sum": "5763dbcae171cfeb3a15d18762379c5c",
    "settings": {
      "fd_thres": 0.2,
      "testing": false
    },
    "software": "mriqc",
    "version": "24.1.0.dev0+g3fe90466.d20240417"
  },
  "size_t": 748,
  "size_x": 76,
  "size_y": 102,
  "size_z": 60,
  "snr": 2.1077557906933277,
  "spacing_tr": 1.600000023841858,
  "spacing_x": 2.196079969406128,
  "spacing_y": 2.196079969406128,
  "spacing_z": 2.200000047683716,
  "summary_bg_k": 32.7439,
  "summary_bg_mad": 18.3799,
  "summary_bg_mean": 60.2079,
  "summary_bg_median": 35.0,
  "summary_bg_n": 331917.0,
  "summary_bg_p05": 0.0,
  "summary_bg_p95": 207.0,
  "summary_bg_stdv": 80.9532,
  "summary_fg_k": 1.1304,
  "summary_fg_mad": 227.4902,
  "summary_fg_mean": 545.8668,
  "summary_fg_median": 529.0,
  "summary_fg_n": 133203.0,
  "summary_fg_p05": 121.0,
  "summary_fg_p95": 973.0,
  "summary_fg_stdv": 250.9769,
  "tsnr": 26.21078409580514
}