{
  "aor": [
    0.0004909268292682927,
    0.0005320487804878048,
    0.0005970731707317072,
    0.0007559512195121951
  ],
  "aqi": [
    0.005786550146341464,
    0.007805992390243903,
    0.01291510926829268,
    0.02146412487804878
  ],
  "bids_meta": {
    "AcquisitionDuration": 361.475,
    "AcquisitionMatrixPE": 76,
    "AcquisitionTime": "20:42:43.290000",
    "B0FieldSource": [
      "025pepolarbold",
      "025phasediff"
    ],
    "BandwidthPerPixelPhaseEncode": 40.486,
    "BaseResolution": 102,
    "DerivedVendorReportedEchoSpacing": 0.000649997,
    "DwellTime": 2.5e-06,
    "EchoNumber": 4,
    "EchoTime": 0.0714,
    "EchoTrainLength": 28,
    "EffectiveEchoSpacing": 0.000324999,
    "ImageOrientationPatientDICOM": [
      0.998899,
      0.0365258,
      0.0294489,
      -0.0240637,
      0.93765,
      -0.346746
    ],
    "ImageType": [
      "ORIGINAL",
      "PRIMARY",
      "FMRI",
      "NONE"
    ],
    "ImageTypeText": [
      "ORIGINAL",
      "PRIMARY",
      "M",
      "MB",
      "TE4",
      "DIS2D"
    ],
    "InPlanePhaseEncodingDirectionDICOM": "ROW",
    "PercentPhaseFOV": 74.5098,
    "PercentSampling": 100,
    "PhaseEchoTime1": 0.0126,
    "PhaseEchoTime2": 0.0322,
    "PhaseEncodingDirection": "i",
    "PhaseResolution": 1,
    "PixelBandwidth": 1961,
    "ProtocolName": "func-bold_task-bht_dir-RL__cmrr_me4_sms4",
    "PulseSequenceName": "epfid2d4_76",
    "ReceiveCoilActiveElements": "HC1-7",
    "ReconMatrixPE": 76,
    "RefLinesPE": 18,
    "RepetitionTime": 1.6,
    "SequenceVariant": "SK\\SS\\OSP",
    "SeriesDescription": "func-bold_task-bht_dir-RL__cmrr_me4_sms4",
    "SeriesNumber": 25,
    "ShimSetting": [
      8232,
      -5616,
      -6008,
      674,
      -15,
      -149,
      0,
      28
    ],
    "SliceThickness": 2.2,
    "SliceTiming": [
      0,
      0.8425,
      0.105,
      0.9475,
      0.21,
      1.0525,
      0.315,
      1.1575,
      0.42,
      1.2625,
      0.525,
      1.3675,
      0.63,
      1.4725,
      0.7375,
      0,
      0.8425,
      0.105,
      0.9475,
      0.21,
      1.0525,
      0.315,
      1.1575,
      0.42,
      1.2625,
      0.525,
      1.3675,
      0.63,
      1.4725,
      0.7375,
      0,
      0.8425,
      0.105,
      0.9475,
      0.21,
      1.0525,
      0.315,
      1.1575,
      0.42,
      1.2625,
      0.525,
      1.3675,
      0.63,
      1.4725,
      0.7375,
      0,
      0.8425,
      0.105,
      0.9475,
      0.21,
      1.0525,
      0.315,
      1.1575,
      0.42,
      1.2625,
      0.525,
      1.3675,
      0.63,
      1.4725,
      0.7375
    ],
    "SpacingBetweenSlices": 2.2,
    "TotalReadoutTime": 0.0243749,
    "TxRefAmp": 244.279,
    "WipMemBlock": "8db81a61-fbe7-4d69-9bb1-97a4c2bff266||Sequence: R017 nxva30a/master r/d34922cc2+; Jun 27 2022 13:20:16 by eja",
    "dataset": "<unset>",
    "modality": "bold",
    "session_id": "025",
    "subject_id": "001",
    "task_id": "bht"
  },
  "dummy_trs": 2,
  "dvars_nstd": 110.797294354902,
  "dvars_std": 1.0743073190686283,
  "dvars_vstd": 1.0045346075490196,
  "efc": 0.5653,
  "fber": 67.8348,
  "fd_mean": 0.241033489259102,
  "fd_num": 109,
  "fd_perc": 53.170731707317074,
  "fwhm_avg": 2.5962783255184267,
  "fwhm_x": 2.7523223581127274,
  "fwhm_y": 2.5708672173385225,
  "fwhm_z": 2.4656454011040294,
  "gcor": [
    0.0146018,
    0.0234299,
    0.0242477,
    0.020357
  ],
  "gsr_x": 0.04239572957158089,
  "gsr_y": -0.0029482317622750998,
  "provenance": {
    "md5sum": "7988e60c90224c6d0070d00cfc2f01d3",
    "settings": {
      "fd_thres": 0.2,
      "testing": false
    },
    "software": "mriqc",
    "version": "24.1.0.dev0+g3fe90466.d20240417"
  },
  "size_t": 205,
  "size_x": 76,
  "size_y": 102,
  "size_z": 60,
  "snr": 1.4473751248419235,
  "spacing_tr": 1.600000023841858,
  "spacing_x": 2.196079969406128,
  "spacing_y": 2.196079969406128,
  "spacing_z": 2.200000047683716,
  "summary_bg_k": 118.0693,
  "summary_bg_mad": 5.3591,
  "summary_bg_mean": 28.1853,
  "summary_bg_median": 26.0,
  "summary_bg_n": 331686.0,
  "summary_bg_p05": 0.0,
  "summary_bg_p95": 50.0,
  "summary_bg_stdv": 20.1141,
  "summary_fg_k": 4.7298,
  "summary_fg_mad": 130.4979,
  "summary_fg_mean": 225.4549,
  "summary_fg_median": 212.0,
  "summary_fg_n": 133434.0,
  "summary_fg_p05": 36.0,
  "summary_fg_p95": 481.0,
  "summary_fg_stdv": 146.4715,
  "tsnr": 12.436753315618262
}