{
  "aor": [
    0.0009438775510204082,
    0.0009602040816326531,
    0.0010445918367346938,
    0.0012483673469387755
  ],
  "aqi": [
    0.0040304948979591835,
    0.006005440102040816,
    0.009502723163265307,
    0.01537970306122449
  ],
  "bids_meta": {
    "AcquisitionDuration": 188.472,
    "AcquisitionMatrixPE": 76,
    "AcquisitionTime": "20:14:57.060000",
    "B0FieldSource": [
      "025pepolarbold",
      "025phasediff"
    ],
    "BandwidthPerPixelPhaseEncode": 40.486,
    "BaseResolution": 102,
    "DerivedVendorReportedEchoSpacing": 0.000649997,
    "DwellTime": 2.5e-06,
    "EchoNumber": 2,
    "EchoTime": 0.0322,
    "EchoTrainLength": 28,
    "EffectiveEchoSpacing": 0.000324999,
    "FlipAngle": 64,
    "ImageOrientationPatientDICOM": [
      0.998899,
      0.0365258,
      0.029449,
      -0.0240637,
      0.937651,
      -0.346745
    ],
    "ImageType": [
      "ORIGINAL",
      "PRIMARY",
      "FMRI",
      "NONE"
    ],
    "ImageTypeText": [
      "ORIGINAL",
      "PRIMARY",
      "M",
      "MB",
      "TE2",
      "DIS2D"
    ],
    "InPlanePhaseEncodingDirectionDICOM": "ROW",
    "PercentPhaseFOV": 74.5098,
    "PhaseEchoTime1": 0.0126,
    "PhaseEchoTime2": 0.0322,
    "PhaseEncodingDirection": "i",
    "PixelBandwidth": 1961,
    "ProtocolName": "func-bold_task-qct_dir-RL__cmrr_me4_sms4",
    "PulseSequenceName": "epfid2d4_76",
    "ReceiveCoilActiveElements": "HC1-7",
    "ReconMatrixPE": 76,
    "RefLinesPE": 18,
    "RepetitionTime": 1.6,
    "SequenceVariant": "SK\\SS\\OSP",
    "SeriesDescription": "func-bold_task-qct_dir-RL__cmrr_me4_sms4",
    "SeriesNumber": 13,
    "ShimSetting": [
      8232,
      -5616,
      -6007,
      662,
      -16,
      -135,
      12,
      28
    ],
    "SliceThickness": 2.2,
    "SliceTiming": [
      0,
      0.8425,
      0.105,
      0.9475,
      0.21,
      1.0525,
      0.315,
      1.1575,
      0.42,
      1.265,
      0.5275,
      1.37,
      0.6325,
      1.475,
      0.7375,
      0,
      0.8425,
      0.105,
      0.9475,
      0.21,
      1.0525,
      0.315,
      1.1575,
      0.42,
      1.265,
      0.5275,
      1.37,
      0.6325,
      1.475,
      0.7375,
      0,
      0.8425,
      0.105,
      0.9475,
      0.21,
      1.0525,
      0.315,
      1.1575,
      0.42,
      1.265,
      0.5275,
      1.37,
      0.6325,
      1.475,
      0.7375,
      0,
      0.8425,
      0.105,
      0.9475,
      0.21,
      1.0525,
      0.315,
      1.1575,
      0.42,
      1.265,
      0.5275,
      1.37,
      0.6325,
      1.475,
      0.7375
    ],
    "SpacingBetweenSlices": 2.2,
    "TotalReadoutTime": 0.0243749,
    "TxRefAmp": 244.279,
    "WipMemBlock": "bca9f137-55a3-4d36-aa43-5dcf3cf7b2e2||Sequence: R017 nxva30a/master r/d34922cc2+; Jun 27 2022 13:20:16 by eja",
    "dataset": "<unset>",
    "modality": "bold",
    "session_id": "025",
    "subject_id": "001",
    "task_id": "qct"
  },
  "dummy_trs": 1,
  "dvars_nstd": 48.74900204371132,
  "dvars_std": 1.0434385805154633,
  "dvars_vstd": 1.0308400735051548,
  "efc": 0.5776,
  "fber": 244.6649,
  "fd_mean": 0.08778170856766278,
  "fd_num": 4,
  "fd_perc": 4.081632653061225,
  "fwhm_avg": 3.2460540833069444,
  "fwhm_x": 3.3509162245990596,
  "fwhm_y": 3.2605370021822755,
  "fwhm_z": 3.126709023139498,
  "gcor": [
    0.00784673,
    0.0127782,
    0.0118282,
    0.00961404
  ],
  "gsr_x": 0.09454549103975296,
  "gsr_y": -0.00514168431982398,
  "provenance": {
    "md5sum": "ae17d6244a6298eedff11197f151559e",
    "settings": {
      "fd_thres": 0.2,
      "testing": false
    },
    "software": "mriqc",
    "version": "24.1.0.dev0+g3fe90466.d20240417"
  },
  "size_t": 98,
  "size_x": 76,
  "size_y": 102,
  "size_z": 60,
  "snr": 2.1111421383297384,
  "spacing_tr": 1.600000023841858,
  "spacing_x": 2.196079969406128,
  "spacing_y": 2.196079969406128,
  "spacing_z": 2.200000047683716,
  "summary_bg_k": 34.6195,
  "summary_bg_mad": 17.3828,
  "summary_bg_mean": 60.213,
  "summary_bg_median": 34.0,
  "summary_bg_n": 332115.0,
  "summary_bg_p05": 0.0,
  "summary_bg_p95": 208.0,
  "summary_bg_stdv": 81.9907,
  "summary_fg_k": 1.1915,
  "summary_fg_mad": 229.2285,
  "summary_fg_mean": 552.8786,
  "summary_fg_median": 534.0,
  "summary_fg_n": 133005.0,
  "summary_fg_p05": 126.0,
  "summary_fg_p95": 984.0,
  "summary_fg_stdv": 252.9427,
  "tsnr": 28.680286376271397
}