{
  "aor": [
    0.000513596256684492,
    0.0006891443850267379,
    0.0007444919786096255,
    0.0007834358288770054
  ],
  "aqi": [
    0.0056087347593582896,
    0.007549010120320857,
    0.01258818070855615,
    0.020814569518716578
  ],
  "bids_meta": {
    "AcquisitionDuration": 1230.47,
    "AcquisitionMatrixPE": 76,
    "AcquisitionTime": "20:20:50.367500",
    "B0FieldSource": [
      "025pepolarbold",
      "025phasediff"
    ],
    "BandwidthPerPixelPhaseEncode": 40.486,
    "BaseResolution": 102,
    "DerivedVendorReportedEchoSpacing": 0.000649997,
    "DwellTime": 2.5e-06,
    "EchoNumber": 1,
    "EchoTime": 0.0126,
    "EchoTrainLength": 28,
    "EffectiveEchoSpacing": 0.000324999,
    "FlipAngle": 64,
    "ImageOrientationPatientDICOM": [
      0.998899,
      0.0365258,
      0.0294489,
      -0.0240637,
      0.93765,
      -0.346746
    ],
    "ImageType": [
      "ORIGINAL",
      "PRIMARY",
      "FMRI",
      "NONE"
    ],
    "ImageTypeText": [
      "ORIGINAL",
      "PRIMARY",
      "M",
      "MB",
      "TE1",
      "DIS2D"
    ],
    "InPlanePhaseEncodingDirectionDICOM": "ROW",
    "PercentPhaseFOV": 74.5098,
    "PhaseEchoTime1": 0.0126,
    "PhaseEchoTime2": 0.0322,
    "PhaseEncodingDirection": "i",
    "PixelBandwidth": 1961,
    "ProtocolName": "func-bold_task-rest_dir-RL__cmrr_me4_sms4",
    "PulseSequenceName": "epfid2d4_76",
    "ReceiveCoilActiveElements": "HC1-7",
    "ReconMatrixPE": 76,
    "RefLinesPE": 18,
    "RepetitionTime": 1.6,
    "SequenceVariant": "SK\\SS\\OSP",
    "SeriesDescription": "func-bold_task-rest_dir-RL__cmrr_me4_sms4",
    "SeriesNumber": 23,
    "ShimSetting": [
      8232,
      -5616,
      -6007,
      662,
      -16,
      -135,
      12,
      28
    ],
    "SliceThickness": 2.2,
    "SliceTiming": [
      0,
      0.8425,
      0.105,
      0.9475,
      0.21,
      1.0525,
      0.315,
      1.1575,
      0.42,
      1.265,
      0.5275,
      1.37,
      0.6325,
      1.475,
      0.7375,
      0,
      0.8425,
      0.105,
      0.9475,
      0.21,
      1.0525,
      0.315,
      1.1575,
      0.42,
      1.265,
      0.5275,
      1.37,
      0.6325,
      1.475,
      0.7375,
      0,
      0.8425,
      0.105,
      0.9475,
      0.21,
      1.0525,
      0.315,
      1.1575,
      0.42,
      1.265,
      0.5275,
      1.37,
      0.6325,
      1.475,
      0.7375,
      0,
      0.8425,
      0.105,
      0.9475,
      0.21,
      1.0525,
      0.315,
      1.1575,
      0.42,
      1.265,
      0.5275,
      1.37,
      0.6325,
      1.475,
      0.7375
    ],
    "SpacingBetweenSlices": 2.2,
    "TotalReadoutTime": 0.0243749,
    "TxRefAmp": 244.279,
    "WipMemBlock": "46248083-36dc-45b3-8271-c4e8e78fb4b2||Sequence: R017 nxva30a/master r/d34922cc2+; Jun 27 2022 13:20:16 by eja",
    "dataset": "<unset>",
    "modality": "bold",
    "session_id": "025",
    "subject_id": "001",
    "task_id": "rest"
  },
  "dummy_trs": 2,
  "dvars_nstd": 38.659339858661355,
  "dvars_std": 1.037402979518073,
  "dvars_vstd": 1.0050321146854069,
  "efc": 0.6504,
  "fber": 132.4158,
  "fd_mean": 0.14070282703179826,
  "fd_num": 116,
  "fd_perc": 15.508021390374331,
  "fwhm_avg": 3.796111655107269,
  "fwhm_x": 3.6257787106692883,
  "fwhm_y": 3.7637336140519397,
  "fwhm_z": 3.9988226406005802,
  "gcor": [
    0.012969,
    0.0141239,
    0.0118476,
    0.00905728
  ],
  "gsr_x": 0.14058654010295868,
  "gsr_y": 0.02218344807624817,
  "provenance": {
    "md5sum": "ee947ae4b3ea62bc779178dd84e85728",
    "settings": {
      "fd_thres": 0.2,
      "testing": false
    },
    "software": "mriqc",
    "version": "24.1.0.dev0+g3fe90466.d20240417"
  },
  "size_t": 748,
  "size_x": 76,
  "size_y": 102,
  "size_z": 60,
  "snr": 2.555747509377063,
  "spacing_tr": 1.600000023841858,
  "spacing_x": 2.196079969406128,
  "spacing_y": 2.196079969406128,
  "spacing_z": 2.200000047683716,
  "summary_bg_k": 6.0436,
  "summary_bg_mad": 65.2305,
  "summary_bg_mean": 170.7741,
  "summary_bg_median": 70.0,
  "summary_bg_n": 331917.0,
  "summary_bg_p05": 0.0,
  "summary_bg_p95": 722.0,
  "summary_bg_stdv": 240.0977,
  "summary_fg_k": 1.0244,
  "summary_fg_mad": 305.7689,
  "summary_fg_mean": 843.1046,
  "summary_fg_median": 811.0,
  "summary_fg_n": 133203.0,
  "summary_fg_p05": 396.0,
  "summary_fg_p95": 1391.0,
  "summary_fg_stdv": 317.3228,
  "tsnr": 36.353067505639046
}