{
  "aor": [
    0.0009438775510204082,
    0.0009602040816326531,
    0.0010445918367346938,
    0.0012483673469387755
  ],
  "aqi": [
    0.0040304948979591835,
    0.006005440102040816,
    0.009502723163265307,
    0.01537970306122449
  ],
  "bids_meta": {
    "AcquisitionDuration": 188.475,
    "AcquisitionMatrixPE": 76,
    "AcquisitionTime": "20:14:57.097500",
    "B0FieldSource": [
      "025pepolarbold",
      "025phasediff"
    ],
    "BandwidthPerPixelPhaseEncode": 40.486,
    "BaseResolution": 102,
    "DerivedVendorReportedEchoSpacing": 0.000649997,
    "DwellTime": 2.5e-06,
    "EchoNumber": 4,
    "EchoTime": 0.0714,
    "EchoTrainLength": 28,
    "EffectiveEchoSpacing": 0.000324999,
    "FlipAngle": 64,
    "ImageOrientationPatientDICOM": [
      0.998899,
      0.0365258,
      0.029449,
      -0.0240637,
      0.937651,
      -0.346745
    ],
    "ImageType": [
      "ORIGINAL",
      "PRIMARY",
      "FMRI",
      "NONE"
    ],
    "ImageTypeText": [
      "ORIGINAL",
      "PRIMARY",
      "M",
      "MB",
      "TE4",
      "DIS2D"
    ],
    "InPlanePhaseEncodingDirectionDICOM": "ROW",
    "PercentPhaseFOV": 74.5098,
    "PhaseEchoTime1": 0.0126,
    "PhaseEchoTime2": 0.0322,
    "PhaseEncodingDirection": "i",
    "PixelBandwidth": 1961,
    "ProtocolName": "func-bold_task-qct_dir-RL__cmrr_me4_sms4",
    "PulseSequenceName": "epfid2d4_76",
    "ReceiveCoilActiveElements": "HC1-7",
    "ReconMatrixPE": 76,
    "RefLinesPE": 18,
    "RepetitionTime": 1.6,
    "SequenceVariant": "SK\\SS\\OSP",
    "SeriesDescription": "func-bold_task-qct_dir-RL__cmrr_me4_sms4",
    "SeriesNumber": 13,
    "ShimSetting": [
      8232,
      -5616,
      -6007,
      662,
      -16,
      -135,
      12,
      28
    ],
    "SliceThickness": 2.2,
    "SliceTiming": [
      0,
      0.8425,
      0.105,
      0.9475,
      0.21,
      1.0525,
      0.315,
      1.1575,
      0.42,
      1.2625,
      0.525,
      1.3675,
      0.63,
      1.4725,
      0.7375,
      0,
      0.8425,
      0.105,
      0.9475,
      0.21,
      1.0525,
      0.315,
      1.1575,
      0.42,
      1.2625,
      0.525,
      1.3675,
      0.63,
      1.4725,
      0.7375,
      0,
      0.8425,
      0.105,
      0.9475,
      0.21,
      1.0525,
      0.315,
      1.1575,
      0.42,
      1.2625,
      0.525,
      1.3675,
      0.63,
      1.4725,
      0.7375,
      0,
      0.8425,
      0.105,
      0.9475,
      0.21,
      1.0525,
      0.315,
      1.1575,
      0.42,
      1.2625,
      0.525,
      1.3675,
      0.63,
      1.4725,
      0.7375
    ],
    "SpacingBetweenSlices": 2.2,
    "TotalReadoutTime": 0.0243749,
    "TxRefAmp": 244.279,
    "WipMemBlock": "bca9f137-55a3-4d36-aa43-5dcf3cf7b2e2||Sequence: R017 nxva30a/master r/d34922cc2+; Jun 27 2022 13:20:16 by eja",
    "dataset": "<unset>",
    "modality": "bold",
    "session_id": "025",
    "subject_id": "001",
    "task_id": "qct"
  },
  "dummy_trs": 1,
  "dvars_nstd": 92.49881170195877,
  "dvars_std": 1.0492330447422686,
  "dvars_vstd": 1.0321989513402061,
  "efc": 0.5608,
  "fber": 72.7552,
  "fd_mean": 0.08778170856766278,
  "fd_num": 4,
  "fd_perc": 4.081632653061225,
  "fwhm_avg": 2.582189583475116,
  "fwhm_x": 2.7345998705247525,
  "fwhm_y": 2.5667280238088543,
  "fwhm_z": 2.4452408560917407,
  "gcor": [
    0.00784673,
    0.0127782,
    0.0118282,
    0.00961404
  ],
  "gsr_x": 0.04354580491781235,
  "gsr_y": -0.001806369749829173,
  "provenance": {
    "md5sum": "6ae4bc550f88e1b2e12be022e591bd2d",
    "settings": {
      "fd_thres": 0.2,
      "testing": false
    },
    "software": "mriqc",
    "version": "24.1.0.dev0+g3fe90466.d20240417"
  },
  "size_t": 98,
  "size_x": 76,
  "size_y": 102,
  "size_z": 60,
  "snr": 1.4535352496281972,
  "spacing_tr": 1.600000023841858,
  "spacing_x": 2.196079969406128,
  "spacing_y": 2.196079969406128,
  "spacing_z": 2.200000047683716,
  "summary_bg_k": 123.4736,
  "summary_bg_mad": 5.3404,
  "summary_bg_mean": 28.4895,
  "summary_bg_median": 26.0,
  "summary_bg_n": 332115.0,
  "summary_bg_p05": 0.0,
  "summary_bg_p95": 51.0,
  "summary_bg_stdv": 20.7891,
  "summary_fg_k": 4.5879,
  "summary_fg_mad": 134.9622,
  "summary_fg_mean": 235.6038,
  "summary_fg_median": 222.0,
  "summary_fg_n": 133005.0,
  "summary_fg_p05": 36.0,
  "summary_fg_p95": 502.0,
  "summary_fg_stdv": 152.7305,
  "tsnr": 14.277750546578318
}