{
  "aor": [
    0.0011083673469387755,
    0.0010351020408163266,
    0.0011521428571428572,
    0.0013820408163265304
  ],
  "aqi": [
    0.0032612821428571427,
    0.004444985204081632,
    0.007753748367346939,
    0.01401462755102041
  ],
  "bids_meta": {
    "AcquisitionDuration": 188.475,
    "AcquisitionMatrixPE": 96,
    "AcquisitionTime": "21:12:14.245000",
    "B0FieldSource": [
      "038pepolarbold",
      "038phasediff"
    ],
    "BandwidthPerPixelPhaseEncode": 37.879,
    "BaseResolution": 96,
    "DerivedVendorReportedEchoSpacing": 0.000549997,
    "DwellTime": 2.3e-06,
    "EchoNumber": 3,
    "EchoTime": 0.05348,
    "EchoTrainLength": 35,
    "EffectiveEchoSpacing": 0.000274998,
    "FlipAngle": 64,
    "ImageOrientationPatientDICOM": [
      0.99885,
      0.0351661,
      0.0325943,
      -0.0244113,
      0.95805,
      -0.285559
    ],
    "ImageType": [
      "ORIGINAL",
      "PRIMARY",
      "FMRI",
      "NONE"
    ],
    "ImageTypeText": [
      "ORIGINAL",
      "PRIMARY",
      "M",
      "MB",
      "TE3",
      "DIS2D"
    ],
    "InPlanePhaseEncodingDirectionDICOM": "COL",
    "PercentPhaseFOV": 100,
    "PhaseEchoTime1": 0.0126,
    "PhaseEchoTime2": 0.03304,
    "PhaseEncodingDirection": "j",
    "PixelBandwidth": 2264,
    "ProtocolName": "func-bold_task-qct_dir-PA__cmrr_me4_sms4",
    "PulseSequenceName": "epfid2d4_96",
    "ReceiveCoilActiveElements": "HC1-7",
    "ReconMatrixPE": 96,
    "RefLinesPE": 22,
    "RepetitionTime": 1.6,
    "SequenceVariant": "SK\\SS",
    "SeriesDescription": "func-bold_task-qct_dir-PA__cmrr_me4_sms4",
    "SeriesNumber": 13,
    "ShimSetting": [
      8236,
      -5617,
      -6015,
      672,
      -69,
      -114,
      44,
      60
    ],
    "SliceThickness": 2.2,
    "SliceTiming": [
      0,
      0.8425,
      0.105,
      0.9475,
      0.21,
      1.0525,
      0.315,
      1.1575,
      0.42,
      1.2625,
      0.525,
      1.3675,
      0.6325,
      1.475,
      0.7375,
      0,
      0.8425,
      0.105,
      0.9475,
      0.21,
      1.0525,
      0.315,
      1.1575,
      0.42,
      1.2625,
      0.525,
      1.3675,
      0.6325,
      1.475,
      0.7375,
      0,
      0.8425,
      0.105,
      0.9475,
      0.21,
      1.0525,
      0.315,
      1.1575,
      0.42,
      1.2625,
      0.525,
      1.3675,
      0.6325,
      1.475,
      0.7375,
      0,
      0.8425,
      0.105,
      0.9475,
      0.21,
      1.0525,
      0.315,
      1.1575,
      0.42,
      1.2625,
      0.525,
      1.3675,
      0.6325,
      1.475,
      0.7375
    ],
    "SpacingBetweenSlices": 2.2,
    "TotalReadoutTime": 0.0261249,
    "TxRefAmp": 248.062,
    "WipMemBlock": "0cbfd942-9599-4550-8aeb-b5e24c0573a4||Sequence: R017 nxva30a/master r/d34922cc2+; Jun 27 2022 13:20:16 by eja",
    "dataset": "<unset>",
    "modality": "bold",
    "session_id": "038",
    "subject_id": "001",
    "task_id": "qct"
  },
  "dummy_trs": 1,
  "dvars_nstd": 61.274080571649456,
  "dvars_std": 1.0834171049484533,
  "dvars_vstd": 1.029894447010309,
  "efc": 0.5037,
  "fber": 313.3551,
  "fd_mean": 0.1896891729349845,
  "fd_num": 40,
  "fd_perc": 40.816326530612244,
  "fwhm_avg": 2.8267081337794147,
  "fwhm_x": 2.718652076342279,
  "fwhm_y": 3.0670678379410647,
  "fwhm_z": 2.694404487054901,
  "gcor": [
    0.0078146,
    0.00964223,
    0.0090965,
    0.00722019
  ],
  "gsr_x": 0.0039408826269209385,
  "gsr_y": 0.02972371131181717,
  "provenance": {
    "md5sum": "4e1db6ff0e316b3ec1fededefb86ea0c",
    "settings": {
      "fd_thres": 0.2,
      "testing": false
    },
    "software": "mriqc",
    "version": "24.1.0.dev0+g3fe90466.d20240417"
  },
  "size_t": 98,
  "size_x": 96,
  "size_y": 96,
  "size_z": 60,
  "snr": 1.7919926720174661,
  "spacing_tr": 1.600000023841858,
  "spacing_x": 2.197920083999634,
  "spacing_y": 2.197920083999634,
  "spacing_z": 2.200000047683716,
  "summary_bg_k": 93.2523,
  "summary_bg_mad": 3.3434,
  "summary_bg_mean": 25.2182,
  "summary_bg_median": 19.0,
  "summary_bg_n": 418045.0,
  "summary_bg_p05": 0.0,
  "summary_bg_p95": 63.0,
  "summary_bg_stdv": 28.574,
  "summary_fg_k": 1.8245,
  "summary_fg_mad": 163.1619,
  "summary_fg_mean": 340.225,
  "summary_fg_median": 334.0,
  "summary_fg_n": 134915.0,
  "summary_fg_p05": 40.0,
  "summary_fg_p95": 652.0,
  "summary_fg_stdv": 186.384,
  "tsnr": 24.843955386430025
}