{
  "aor": [
    0.0005823529411764707,
    0.0006218627450980392,
    0.0007325490196078431,
    0.0009075980392156862
  ],
  "aqi": [
    0.0032938253431372545,
    0.005128308480392157,
    0.009255635245098039,
    0.01648547450980392
  ],
  "bids_meta": {
    "AcquisitionDuration": 361.475,
    "AcquisitionMatrixPE": 96,
    "AcquisitionTime": "21:40:12.342500",
    "B0FieldSource": [
      "038pepolarbold",
      "038phasediff"
    ],
    "BandwidthPerPixelPhaseEncode": 37.879,
    "BaseResolution": 96,
    "DerivedVendorReportedEchoSpacing": 0.000549997,
    "DwellTime": 2.3e-06,
    "EchoNumber": 3,
    "EchoTime": 0.05348,
    "EchoTrainLength": 35,
    "EffectiveEchoSpacing": 0.000274998,
    "ImageOrientationPatientDICOM": [
      0.99885,
      0.0351661,
      0.0325943,
      -0.0244113,
      0.95805,
      -0.285559
    ],
    "ImageType": [
      "ORIGINAL",
      "PRIMARY",
      "FMRI",
      "NONE"
    ],
    "ImageTypeText": [
      "ORIGINAL",
      "PRIMARY",
      "M",
      "MB",
      "TE3",
      "DIS2D"
    ],
    "InPlanePhaseEncodingDirectionDICOM": "COL",
    "PercentPhaseFOV": 100,
    "PercentSampling": 100,
    "PhaseEchoTime1": 0.0126,
    "PhaseEchoTime2": 0.03304,
    "PhaseEncodingDirection": "j",
    "PhaseResolution": 1,
    "PixelBandwidth": 2264,
    "ProtocolName": "func-bold_task-bht_dir-PA__cmrr_me4_sms4",
    "PulseSequenceName": "epfid2d4_96",
    "ReceiveCoilActiveElements": "HC1-7",
    "ReconMatrixPE": 96,
    "RefLinesPE": 22,
    "RepetitionTime": 1.6,
    "SequenceVariant": "SK\\SS",
    "SeriesDescription": "func-bold_task-bht_dir-PA__cmrr_me4_sms4",
    "SeriesNumber": 25,
    "ShimSetting": [
      8236,
      -5616,
      -6014,
      673,
      -71,
      -110,
      51,
      61
    ],
    "SliceThickness": 2.2,
    "SliceTiming": [
      0,
      0.845,
      0.1075,
      0.95,
      0.2125,
      1.055,
      0.3175,
      1.16,
      0.4225,
      1.265,
      0.5275,
      1.37,
      0.6325,
      1.475,
      0.7375,
      0,
      0.845,
      0.1075,
      0.95,
      0.2125,
      1.055,
      0.3175,
      1.16,
      0.4225,
      1.265,
      0.5275,
      1.37,
      0.6325,
      1.475,
      0.7375,
      0,
      0.845,
      0.1075,
      0.95,
      0.2125,
      1.055,
      0.3175,
      1.16,
      0.4225,
      1.265,
      0.5275,
      1.37,
      0.6325,
      1.475,
      0.7375,
      0,
      0.845,
      0.1075,
      0.95,
      0.2125,
      1.055,
      0.3175,
      1.16,
      0.4225,
      1.265,
      0.5275,
      1.37,
      0.6325,
      1.475,
      0.7375
    ],
    "SpacingBetweenSlices": 2.2,
    "TotalReadoutTime": 0.0261249,
    "TxRefAmp": 248.062,
    "WipMemBlock": "aeff5c86-6b0a-443d-912a-53e9b3b0a525||Sequence: R017 nxva30a/master r/d34922cc2+; Jun 27 2022 13:20:16 by eja",
    "dataset": "<unset>",
    "modality": "bold",
    "session_id": "038",
    "subject_id": "001",
    "task_id": "bht"
  },
  "dummy_trs": 3,
  "dvars_nstd": 57.31313438600986,
  "dvars_std": 1.0364103250246306,
  "dvars_vstd": 0.9966896400985218,
  "efc": 0.5055,
  "fber": 314.9884,
  "fd_mean": 0.16808424389000765,
  "fd_num": 76,
  "fd_perc": 37.254901960784316,
  "fwhm_avg": 2.889768821550982,
  "fwhm_x": 2.7728396698162276,
  "fwhm_y": 3.128530491193758,
  "fwhm_z": 2.76793630364296,
  "gcor": [
    0.0253586,
    0.0325847,
    0.0304045,
    0.0242758
  ],
  "gsr_x": 0.005492248572409153,
  "gsr_y": 0.029600515961647034,
  "provenance": {
    "md5sum": "e8b100635ecf3293f27e1fc646c37123",
    "settings": {
      "fd_thres": 0.2,
      "testing": false
    },
    "software": "mriqc",
    "version": "24.1.0.dev0+g3fe90466.d20240417"
  },
  "size_t": 204,
  "size_x": 96,
  "size_y": 96,
  "size_z": 60,
  "snr": 1.819595780536134,
  "spacing_tr": 1.600000023841858,
  "spacing_x": 2.197920083999634,
  "spacing_y": 2.197920083999634,
  "spacing_z": 2.200000047683716,
  "summary_bg_k": 77.0413,
  "summary_bg_mad": 3.3649,
  "summary_bg_mean": 25.3106,
  "summary_bg_median": 19.0,
  "summary_bg_n": 418141.0,
  "summary_bg_p05": 0.0,
  "summary_bg_p95": 65.0,
  "summary_bg_stdv": 29.3749,
  "summary_fg_k": 1.6278,
  "summary_fg_mad": 160.1283,
  "summary_fg_mean": 338.4508,
  "summary_fg_median": 333.0,
  "summary_fg_n": 134819.0,
  "summary_fg_p05": 40.0,
  "summary_fg_p95": 644.0,
  "summary_fg_stdv": 183.007,
  "tsnr": 23.32962815091014
}