{
  "aor": [
    0.0005729347826086956,
    0.00056125,
    0.000661304347826087,
    0.0008403804347826086
  ],
  "aqi": [
    0.0042533686956521734,
    0.00655781,
    0.011119753586956523,
    0.020128623369565214
  ],
  "bids_meta": {
    "AcquisitionDuration": 359.64,
    "AcquisitionMatrixPE": 102,
    "AcquisitionTime": "17:26:27.375000",
    "B0FieldSource": [
      "pilot012pepolarbold",
      "pilot012phasediff"
    ],
    "BandwidthPerPixelPhaseEncode": 39.216,
    "BaseResolution": 94,
    "DerivedVendorReportedEchoSpacing": 0.000520404,
    "DwellTime": 2.2e-06,
    "EchoNumber": 2,
    "EchoTime": 0.03382,
    "EchoTrainLength": 39,
    "EffectiveEchoSpacing": 0.000260202,
    "ImageOrientationPatientDICOM": [
      0.999961,
      -0.00872388,
      0.00140951,
      0.00872653,
      0.949675,
      -0.313116
    ],
    "ImageType": [
      "ORIGINAL",
      "PRIMARY",
      "FMRI",
      "NONE"
    ],
    "ImageTypeText": [
      "ORIGINAL",
      "PRIMARY",
      "M",
      "MB",
      "TE2",
      "DIS2D"
    ],
    "InPlanePhaseEncodingDirectionDICOM": "COL",
    "PercentPhaseFOV": 104.255,
    "PercentSampling": 104,
    "PhaseEncodingDirection": "j",
    "PhaseResolution": 1.04,
    "PixelBandwidth": 2418,
    "ProtocolName": "func-bold_task-bht_dir-AP__cmrr_me4_sms4",
    "PulseSequenceName": "epfid2d4_102",
    "ReceiveCoilActiveElements": "HC1-7",
    "ReconMatrixPE": 98,
    "RefLinesPE": 20,
    "RepetitionTime": 1.77,
    "SequenceVariant": "SK\\SS\\OSP",
    "SeriesDescription": "func-bold_task-bht_dir-AP__cmrr_me4_sms4",
    "SeriesNumber": 17,
    "ShimSetting": [
      8246,
      -5616,
      -5987,
      690,
      -46,
      -172,
      23,
      30
    ],
    "SliceThickness": 2.1,
    "SliceTiming": [
      0,
      0.765,
      1.53,
      0.5475,
      1.3125,
      0.3275,
      1.0925,
      0.11,
      0.875,
      1.64,
      0.655,
      1.4225,
      0.4375,
      1.2025,
      0.2175,
      0.985,
      0,
      0.765,
      1.53,
      0.5475,
      1.3125,
      0.3275,
      1.0925,
      0.11,
      0.875,
      1.64,
      0.655,
      1.4225,
      0.4375,
      1.2025,
      0.2175,
      0.985,
      0,
      0.765,
      1.53,
      0.5475,
      1.3125,
      0.3275,
      1.0925,
      0.11,
      0.875,
      1.64,
      0.655,
      1.4225,
      0.4375,
      1.2025,
      0.2175,
      0.985,
      0,
      0.765,
      1.53,
      0.5475,
      1.3125,
      0.3275,
      1.0925,
      0.11,
      0.875,
      1.64,
      0.655,
      1.4225,
      0.4375,
      1.2025,
      0.2175,
      0.985
    ],
    "SpacingBetweenSlices": 2.1,
    "TotalReadoutTime": 0.0252396,
    "TxRefAmp": 247.841,
    "WipMemBlock": "91864cd8-c7c2-46a8-a15e-a801aaf5dff5||Sequence: R017 nxva30a/master r/d34922cc2+; Jun 27 2022 13:20:16 by eja",
    "dataset": "<unset>",
    "modality": "bold",
    "session_id": "pilot012",
    "subject_id": "001",
    "task_id": "bht"
  },
  "dummy_trs": 0,
  "dvars_nstd": 45.206463610273204,
  "dvars_std": 1.040688884754098,
  "dvars_vstd": 0.9864687502732228,
  "efc": 0.5294,
  "fber": 483.1573,
  "fd_mean": 0.18289436254328056,
  "fd_num": 75,
  "fd_perc": 40.76086956521739,
  "fwhm_avg": 3.2098155439441105,
  "fwhm_x": 3.064636395303478,
  "fwhm_y": 3.433152951453562,
  "fwhm_z": 3.1316572850752915,
  "gcor": [
    0.0189088,
    0.0248624,
    0.0236383,
    0.0185962
  ],
  "gsr_x": 0.02218673937022686,
  "gsr_y": 0.03657577931880951,
  "provenance": {
    "md5sum": "70f140512eb64e753ca33a14a901cdb4",
    "settings": {
      "fd_thres": 0.2,
      "testing": false
    },
    "software": "mriqc",
    "version": "24.1.0.dev0+g3fe90466.d20240417"
  },
  "size_t": 184,
  "size_x": 94,
  "size_y": 98,
  "size_z": 64,
  "snr": 2.0115663874368437,
  "spacing_tr": 1.7699999809265137,
  "spacing_x": 2.148940086364746,
  "spacing_y": 2.148940086364746,
  "spacing_z": 2.0999999046325684,
  "summary_bg_k": 31.7613,
  "summary_bg_mad": 8.6942,
  "summary_bg_mean": 52.0579,
  "summary_bg_median": 26.0,
  "summary_bg_n": 441481.0,
  "summary_bg_p05": 0.0,
  "summary_bg_p95": 196.0,
  "summary_bg_stdv": 86.3112,
  "summary_fg_k": 0.8402,
  "summary_fg_mad": 247.2078,
  "summary_fg_mean": 585.9751,
  "summary_fg_median": 561.0,
  "summary_fg_n": 148087.0,
  "summary_fg_p05": 119.0,
  "summary_fg_p95": 1082.0,
  "summary_fg_stdv": 278.8862,
  "tsnr": 31.560705853509717
}