{
  "aor": [
    0.0005729347826086956,
    0.00056125,
    0.000661304347826087,
    0.0008403804347826086
  ],
  "aqi": [
    0.0042533686956521734,
    0.00655781,
    0.011119753586956523,
    0.020128623369565214
  ],
  "bids_meta": {
    "AcquisitionDuration": 359.64,
    "AcquisitionMatrixPE": 102,
    "AcquisitionTime": "17:26:27.417500",
    "B0FieldSource": [
      "pilot012pepolarbold",
      "pilot012phasediff"
    ],
    "BandwidthPerPixelPhaseEncode": 39.216,
    "BaseResolution": 94,
    "DerivedVendorReportedEchoSpacing": 0.000520404,
    "DwellTime": 2.2e-06,
    "EchoNumber": 4,
    "EchoTime": 0.07664,
    "EchoTrainLength": 39,
    "EffectiveEchoSpacing": 0.000260202,
    "ImageOrientationPatientDICOM": [
      0.999961,
      -0.00872388,
      0.00140951,
      0.00872653,
      0.949675,
      -0.313116
    ],
    "ImageType": [
      "ORIGINAL",
      "PRIMARY",
      "FMRI",
      "NONE"
    ],
    "ImageTypeText": [
      "ORIGINAL",
      "PRIMARY",
      "M",
      "MB",
      "TE4",
      "DIS2D"
    ],
    "InPlanePhaseEncodingDirectionDICOM": "COL",
    "PercentPhaseFOV": 104.255,
    "PercentSampling": 104,
    "PhaseEncodingDirection": "j",
    "PhaseResolution": 1.04,
    "PixelBandwidth": 2418,
    "ProtocolName": "func-bold_task-bht_dir-AP__cmrr_me4_sms4",
    "PulseSequenceName": "epfid2d4_102",
    "ReceiveCoilActiveElements": "HC1-7",
    "ReconMatrixPE": 98,
    "RefLinesPE": 20,
    "RepetitionTime": 1.77,
    "SequenceVariant": "SK\\SS\\OSP",
    "SeriesDescription": "func-bold_task-bht_dir-AP__cmrr_me4_sms4",
    "SeriesNumber": 17,
    "ShimSetting": [
      8246,
      -5616,
      -5987,
      690,
      -46,
      -172,
      23,
      30
    ],
    "SliceThickness": 2.1,
    "SliceTiming": [
      0,
      0.765,
      1.53,
      0.5475,
      1.3125,
      0.3275,
      1.0925,
      0.11,
      0.875,
      1.64,
      0.655,
      1.4225,
      0.4375,
      1.2025,
      0.2175,
      0.985,
      0,
      0.765,
      1.53,
      0.5475,
      1.3125,
      0.3275,
      1.0925,
      0.11,
      0.875,
      1.64,
      0.655,
      1.4225,
      0.4375,
      1.2025,
      0.2175,
      0.985,
      0,
      0.765,
      1.53,
      0.5475,
      1.3125,
      0.3275,
      1.0925,
      0.11,
      0.875,
      1.64,
      0.655,
      1.4225,
      0.4375,
      1.2025,
      0.2175,
      0.985,
      0,
      0.765,
      1.53,
      0.5475,
      1.3125,
      0.3275,
      1.0925,
      0.11,
      0.875,
      1.64,
      0.655,
      1.4225,
      0.4375,
      1.2025,
      0.2175,
      0.985
    ],
    "SpacingBetweenSlices": 2.1,
    "TotalReadoutTime": 0.0252396,
    "TxRefAmp": 247.841,
    "WipMemBlock": "91864cd8-c7c2-46a8-a15e-a801aaf5dff5||Sequence: R017 nxva30a/master r/d34922cc2+; Jun 27 2022 13:20:16 by eja",
    "dataset": "<unset>",
    "modality": "bold",
    "session_id": "pilot012",
    "subject_id": "001",
    "task_id": "bht"
  },
  "dummy_trs": 0,
  "dvars_nstd": 96.12021824546447,
  "dvars_std": 1.048269963606557,
  "dvars_vstd": 0.9896966011475409,
  "efc": 0.5199,
  "fber": 103.2248,
  "fd_mean": 0.18289436254328056,
  "fd_num": 75,
  "fd_perc": 40.76086956521739,
  "fwhm_avg": 2.5813868819555026,
  "fwhm_x": 2.4252328080567094,
  "fwhm_y": 2.8343182011665418,
  "fwhm_z": 2.4846096366432566,
  "gcor": [
    0.0189088,
    0.0248624,
    0.0236383,
    0.0185962
  ],
  "gsr_x": 0.004905412904918194,
  "gsr_y": 0.02937166392803192,
  "provenance": {
    "md5sum": "3f4e9dc1bd5589c3cb3766076e363456",
    "settings": {
      "fd_thres": 0.2,
      "testing": false
    },
    "software": "mriqc",
    "version": "24.1.0.dev0+g3fe90466.d20240417"
  },
  "size_t": 184,
  "size_x": 94,
  "size_y": 98,
  "size_z": 64,
  "snr": 1.3947772912813077,
  "spacing_tr": 1.7699999809265137,
  "spacing_x": 2.148940086364746,
  "spacing_y": 2.148940086364746,
  "spacing_z": 2.0999999046325684,
  "summary_bg_k": 138.3714,
  "summary_bg_mad": 2.9169,
  "summary_bg_mean": 23.7886,
  "summary_bg_median": 22.0,
  "summary_bg_n": 441481.0,
  "summary_bg_p05": 0.0,
  "summary_bg_p95": 42.0,
  "summary_bg_stdv": 16.4121,
  "summary_fg_k": 6.3432,
  "summary_fg_mad": 132.6446,
  "summary_fg_mean": 236.2182,
  "summary_fg_median": 221.0,
  "summary_fg_n": 148087.0,
  "summary_fg_p05": 30.0,
  "summary_fg_p95": 509.0,
  "summary_fg_stdv": 158.4477,
  "tsnr": 13.65869139204733
}