{
  "aor": [
    0.000616813725490196,
    0.0007024509803921568,
    0.0008281372549019607,
    0.0009255392156862744
  ],
  "aqi": [
    0.003934758529411765,
    0.005754618921568627,
    0.010321242254901958,
    0.018433232352941174
  ],
  "bids_meta": {
    "AcquisitionDuration": 361.475,
    "AcquisitionMatrixPE": 96,
    "AcquisitionTime": "10:56:36.335000",
    "B0FieldSource": [
      "005pepolarbold",
      "005phasediff"
    ],
    "BandwidthPerPixelPhaseEncode": 37.879,
    "BaseResolution": 96,
    "DerivedVendorReportedEchoSpacing": 0.000549997,
    "DwellTime": 2.3e-06,
    "EchoNumber": 4,
    "EchoTime": 0.07392,
    "EchoTrainLength": 35,
    "EffectiveEchoSpacing": 0.000274998,
    "ImageOrientationPatientDICOM": [
      0.998823,
      -0.0108809,
      0.0472612,
      0.0278997,
      0.926022,
      -0.376438
    ],
    "ImageType": [
      "ORIGINAL",
      "PRIMARY",
      "FMRI",
      "NONE"
    ],
    "ImageTypeText": [
      "ORIGINAL",
      "PRIMARY",
      "M",
      "MB",
      "TE4",
      "DIS2D"
    ],
    "InPlanePhaseEncodingDirectionDICOM": "COL",
    "PercentPhaseFOV": 100,
    "PercentSampling": 100,
    "PhaseEchoTime1": 0.0126,
    "PhaseEchoTime2": 0.03304,
    "PhaseEncodingDirection": "j",
    "PhaseResolution": 1,
    "PixelBandwidth": 2264,
    "ProtocolName": "func-bold_task-bht_dir-PA__cmrr_me4_sms4",
    "PulseSequenceName": "epfid2d4_96",
    "ReceiveCoilActiveElements": "HC1-7",
    "ReconMatrixPE": 96,
    "RefLinesPE": 22,
    "RepetitionTime": 1.6,
    "SequenceVariant": "SK\\SS",
    "SeriesDescription": "func-bold_task-bht_dir-PA__cmrr_me4_sms4",
    "SeriesNumber": 23,
    "ShimSetting": [
      8233,
      -5614,
      -6010,
      701,
      -76,
      -186,
      -11,
      59
    ],
    "SliceThickness": 2.2,
    "SliceTiming": [
      0,
      0.8425,
      0.105,
      0.9475,
      0.21,
      1.0525,
      0.315,
      1.1575,
      0.42,
      1.2625,
      0.525,
      1.37,
      0.6325,
      1.475,
      0.7375,
      0,
      0.8425,
      0.105,
      0.9475,
      0.21,
      1.0525,
      0.315,
      1.1575,
      0.42,
      1.2625,
      0.525,
      1.37,
      0.6325,
      1.475,
      0.7375,
      0,
      0.8425,
      0.105,
      0.9475,
      0.21,
      1.0525,
      0.315,
      1.1575,
      0.42,
      1.2625,
      0.525,
      1.37,
      0.6325,
      1.475,
      0.7375,
      0,
      0.8425,
      0.105,
      0.9475,
      0.21,
      1.0525,
      0.315,
      1.1575,
      0.42,
      1.2625,
      0.525,
      1.37,
      0.6325,
      1.475,
      0.7375
    ],
    "SpacingBetweenSlices": 2.2,
    "TotalReadoutTime": 0.0261249,
    "TxRefAmp": 240.229,
    "WipMemBlock": "fdb7fd53-d49c-4cda-84cc-48897d957509||Sequence: R017 nxva30a/master r/d34922cc2+; Jun 27 2022 13:20:16 by eja",
    "dataset": "<unset>",
    "modality": "bold",
    "session_id": "005",
    "subject_id": "001",
    "task_id": "bht"
  },
  "dummy_trs": 3,
  "dvars_nstd": 81.34663116729065,
  "dvars_std": 1.027665474876847,
  "dvars_vstd": 0.9929154996059111,
  "efc": 0.5165,
  "fber": 129.2983,
  "fd_mean": 0.16098191194204373,
  "fd_num": 74,
  "fd_perc": 36.27450980392157,
  "fwhm_avg": 2.6551847176754455,
  "fwhm_x": 2.506010132077631,
  "fwhm_y": 2.878466804164775,
  "fwhm_z": 2.581077216783931,
  "gcor": [
    0.0208429,
    0.0244914,
    0.022808,
    0.0182667
  ],
  "gsr_x": 0.002853821497410536,
  "gsr_y": 0.02835734933614731,
  "provenance": {
    "md5sum": "033e454428725791a6693d89784c1e64",
    "settings": {
      "fd_thres": 0.2,
      "testing": false
    },
    "software": "mriqc",
    "version": "24.1.0.dev0+g3fe90466.d20240417"
  },
  "size_t": 204,
  "size_x": 96,
  "size_y": 96,
  "size_z": 60,
  "snr": 1.521246782127029,
  "spacing_tr": 1.600000023841858,
  "spacing_x": 2.197920083999634,
  "spacing_y": 2.197920083999634,
  "spacing_z": 2.200000047683716,
  "summary_bg_k": 135.5478,
  "summary_bg_mad": 2.1294,
  "summary_bg_mean": 20.3203,
  "summary_bg_median": 18.0,
  "summary_bg_n": 417701.0,
  "summary_bg_p05": 0.0,
  "summary_bg_p95": 36.0,
  "summary_bg_stdv": 14.1232,
  "summary_fg_k": 4.2183,
  "summary_fg_mad": 119.7274,
  "summary_fg_mean": 217.5968,
  "summary_fg_median": 209.0,
  "summary_fg_n": 135259.0,
  "summary_fg_p05": 27.0,
  "summary_fg_p95": 453.0,
  "summary_fg_stdv": 137.3868,
  "tsnr": 15.02965261391364
}