{
  "aor": [
    0.000616813725490196,
    0.0007024509803921568,
    0.0008281372549019607,
    0.0009255392156862744
  ],
  "aqi": [
    0.003934758529411765,
    0.005754618921568627,
    0.010321242254901958,
    0.018433232352941174
  ],
  "bids_meta": {
    "AcquisitionDuration": 361.475,
    "AcquisitionMatrixPE": 96,
    "AcquisitionTime": "10:56:36.275000",
    "B0FieldSource": [
      "005pepolarbold",
      "005phasediff"
    ],
    "BandwidthPerPixelPhaseEncode": 37.879,
    "BaseResolution": 96,
    "DerivedVendorReportedEchoSpacing": 0.000549997,
    "DwellTime": 2.3e-06,
    "EchoNumber": 1,
    "EchoTime": 0.0126,
    "EchoTrainLength": 35,
    "EffectiveEchoSpacing": 0.000274998,
    "ImageOrientationPatientDICOM": [
      0.998823,
      -0.0108809,
      0.0472612,
      0.0278997,
      0.926022,
      -0.376438
    ],
    "ImageType": [
      "ORIGINAL",
      "PRIMARY",
      "FMRI",
      "NONE"
    ],
    "ImageTypeText": [
      "ORIGINAL",
      "PRIMARY",
      "M",
      "MB",
      "TE1",
      "DIS2D"
    ],
    "InPlanePhaseEncodingDirectionDICOM": "COL",
    "PercentPhaseFOV": 100,
    "PercentSampling": 100,
    "PhaseEchoTime1": 0.0126,
    "PhaseEchoTime2": 0.03304,
    "PhaseEncodingDirection": "j",
    "PhaseResolution": 1,
    "PixelBandwidth": 2264,
    "ProtocolName": "func-bold_task-bht_dir-PA__cmrr_me4_sms4",
    "PulseSequenceName": "epfid2d4_96",
    "ReceiveCoilActiveElements": "HC1-7",
    "ReconMatrixPE": 96,
    "RefLinesPE": 22,
    "RepetitionTime": 1.6,
    "SequenceVariant": "SK\\SS",
    "SeriesDescription": "func-bold_task-bht_dir-PA__cmrr_me4_sms4",
    "SeriesNumber": 23,
    "ShimSetting": [
      8233,
      -5614,
      -6010,
      701,
      -76,
      -186,
      -11,
      59
    ],
    "SliceThickness": 2.2,
    "SliceTiming": [
      0,
      0.8425,
      0.105,
      0.9475,
      0.21,
      1.0525,
      0.315,
      1.1575,
      0.42,
      1.2625,
      0.525,
      1.3675,
      0.63,
      1.4725,
      0.7375,
      0,
      0.8425,
      0.105,
      0.9475,
      0.21,
      1.0525,
      0.315,
      1.1575,
      0.42,
      1.2625,
      0.525,
      1.3675,
      0.63,
      1.4725,
      0.7375,
      0,
      0.8425,
      0.105,
      0.9475,
      0.21,
      1.0525,
      0.315,
      1.1575,
      0.42,
      1.2625,
      0.525,
      1.3675,
      0.63,
      1.4725,
      0.7375,
      0,
      0.8425,
      0.105,
      0.9475,
      0.21,
      1.0525,
      0.315,
      1.1575,
      0.42,
      1.2625,
      0.525,
      1.3675,
      0.63,
      1.4725,
      0.7375
    ],
    "SpacingBetweenSlices": 2.2,
    "TotalReadoutTime": 0.0261249,
    "TxRefAmp": 240.229,
    "WipMemBlock": "fdb7fd53-d49c-4cda-84cc-48897d957509||Sequence: R017 nxva30a/master r/d34922cc2+; Jun 27 2022 13:20:16 by eja",
    "dataset": "<unset>",
    "modality": "bold",
    "session_id": "005",
    "subject_id": "001",
    "task_id": "bht"
  },
  "dummy_trs": 3,
  "dvars_nstd": 28.0813922131527,
  "dvars_std": 1.035133867093596,
  "dvars_vstd": 0.9938259973399017,
  "efc": 0.5795,
  "fber": 685.4109,
  "fd_mean": 0.16098191194204373,
  "fd_num": 74,
  "fd_perc": 36.27450980392157,
  "fwhm_avg": 3.5591069295797695,
  "fwhm_x": 3.222269113220943,
  "fwhm_y": 3.660660848668664,
  "fwhm_z": 3.7943908268497024,
  "gcor": [
    0.0208429,
    0.0244914,
    0.022808,
    0.0182667
  ],
  "gsr_x": 0.000678675773087889,
  "gsr_y": 0.11249341070652008,
  "provenance": {
    "md5sum": "f79e33dbcb4a83deaa36db19d24f6cae",
    "settings": {
      "fd_thres": 0.2,
      "testing": false
    },
    "software": "mriqc",
    "version": "24.1.0.dev0+g3fe90466.d20240417"
  },
  "size_t": 204,
  "size_x": 96,
  "size_y": 96,
  "size_z": 60,
  "snr": 2.551879239526189,
  "spacing_tr": 1.600000023841858,
  "spacing_x": 2.197920083999634,
  "spacing_y": 2.197920083999634,
  "spacing_z": 2.200000047683716,
  "summary_bg_k": 10.7843,
  "summary_bg_mad": 19.1067,
  "summary_bg_mean": 125.7421,
  "summary_bg_median": 30.0,
  "summary_bg_n": 417701.0,
  "summary_bg_p05": 1.0,
  "summary_bg_p95": 631.0,
  "summary_bg_stdv": 227.6172,
  "summary_fg_k": 0.7421,
  "summary_fg_mad": 304.7184,
  "summary_fg_mean": 814.359,
  "summary_fg_median": 788.0,
  "summary_fg_n": 135259.0,
  "summary_fg_p05": 380.0,
  "summary_fg_p95": 1344.0,
  "summary_fg_stdv": 308.7909,
  "tsnr": 49.23011290002614
}