{
  "aor": [
    0.001337142857142857,
    0.0012073469387755102,
    0.001236530612244898,
    0.0013812244897959184
  ],
  "aqi": [
    0.003372990408163266,
    0.004154237959183673,
    0.007073225102040816,
    0.012608230612244897
  ],
  "bids_meta": {
    "AcquisitionDuration": 188.475,
    "AcquisitionMatrixPE": 96,
    "AcquisitionTime": "10:26:48.442500",
    "B0FieldSource": [
      "005pepolarbold",
      "005phasediff"
    ],
    "BandwidthPerPixelPhaseEncode": 37.879,
    "BaseResolution": 96,
    "DerivedVendorReportedEchoSpacing": 0.000549997,
    "DwellTime": 2.3e-06,
    "EchoNumber": 2,
    "EchoTime": 0.03304,
    "EchoTrainLength": 35,
    "EffectiveEchoSpacing": 0.000274998,
    "FlipAngle": 64,
    "ImageOrientationPatientDICOM": [
      0.998823,
      -0.0108809,
      0.0472612,
      0.0278997,
      0.926022,
      -0.376438
    ],
    "ImageType": [
      "ORIGINAL",
      "PRIMARY",
      "FMRI",
      "NONE"
    ],
    "ImageTypeText": [
      "ORIGINAL",
      "PRIMARY",
      "M",
      "MB",
      "TE2",
      "DIS2D"
    ],
    "InPlanePhaseEncodingDirectionDICOM": "COL",
    "PercentPhaseFOV": 100,
    "PhaseEchoTime1": 0.0126,
    "PhaseEchoTime2": 0.03304,
    "PhaseEncodingDirection": "j",
    "PixelBandwidth": 2264,
    "ProtocolName": "func-bold_task-qct_dir-PA__cmrr_me4_sms4",
    "PulseSequenceName": "epfid2d4_96",
    "ReceiveCoilActiveElements": "HC1-7;NC1",
    "ReconMatrixPE": 96,
    "RefLinesPE": 22,
    "RepetitionTime": 1.6,
    "SequenceVariant": "SK\\SS",
    "SeriesDescription": "func-bold_task-qct_dir-PA__cmrr_me4_sms4",
    "SeriesNumber": 11,
    "ShimSetting": [
      8235,
      -5616,
      -6013,
      703,
      -71,
      -212,
      -27,
      66
    ],
    "SliceThickness": 2.2,
    "SliceTiming": [
      0,
      0.8425,
      0.105,
      0.95,
      0.2125,
      1.055,
      0.3175,
      1.16,
      0.4225,
      1.265,
      0.5275,
      1.37,
      0.6325,
      1.475,
      0.7375,
      0,
      0.8425,
      0.105,
      0.95,
      0.2125,
      1.055,
      0.3175,
      1.16,
      0.4225,
      1.265,
      0.5275,
      1.37,
      0.6325,
      1.475,
      0.7375,
      0,
      0.8425,
      0.105,
      0.95,
      0.2125,
      1.055,
      0.3175,
      1.16,
      0.4225,
      1.265,
      0.5275,
      1.37,
      0.6325,
      1.475,
      0.7375,
      0,
      0.8425,
      0.105,
      0.95,
      0.2125,
      1.055,
      0.3175,
      1.16,
      0.4225,
      1.265,
      0.5275,
      1.37,
      0.6325,
      1.475,
      0.7375
    ],
    "SpacingBetweenSlices": 2.2,
    "TotalReadoutTime": 0.0261249,
    "TxRefAmp": 240.229,
    "WipMemBlock": "60922f24-c888-4845-b784-eb8ab674df0d||Sequence: R017 nxva30a/master r/d34922cc2+; Jun 27 2022 13:20:16 by eja",
    "dataset": "<unset>",
    "modality": "bold",
    "session_id": "005",
    "subject_id": "001",
    "task_id": "qct"
  },
  "dummy_trs": 1,
  "dvars_nstd": 38.36311572350516,
  "dvars_std": 1.052899770103093,
  "dvars_vstd": 1.0339258624742267,
  "efc": 0.5252,
  "fber": 505.0424,
  "fd_mean": 0.07709129840230029,
  "fd_num": 1,
  "fd_perc": 1.0204081632653061,
  "fwhm_avg": 3.1692403464518417,
  "fwhm_x": 2.9953409352444393,
  "fwhm_y": 3.4118574440403764,
  "fwhm_z": 3.1005226600707085,
  "gcor": [
    0.00636085,
    0.0106539,
    0.00960506,
    0.00770057
  ],
  "gsr_x": 0.00957556813955307,
  "gsr_y": 0.04214901849627495,
  "provenance": {
    "md5sum": "816ec59a3bb053fa3c12c07285cb0d4a",
    "settings": {
      "fd_thres": 0.2,
      "testing": false
    },
    "software": "mriqc",
    "version": "24.1.0.dev0+g3fe90466.d20240417"
  },
  "size_t": 98,
  "size_x": 96,
  "size_y": 96,
  "size_z": 60,
  "snr": 2.1391897498984362,
  "spacing_tr": 1.600000023841858,
  "spacing_x": 2.197920083999634,
  "spacing_y": 2.197920083999634,
  "spacing_z": 2.200000047683716,
  "summary_bg_k": 42.6171,
  "summary_bg_mad": 6.5356,
  "summary_bg_mean": 44.5713,
  "summary_bg_median": 23.0,
  "summary_bg_n": 417247.0,
  "summary_bg_p05": 0.0,
  "summary_bg_p95": 162.0,
  "summary_bg_stdv": 73.6444,
  "summary_fg_k": 0.9785,
  "summary_fg_mad": 214.9168,
  "summary_fg_mean": 531.6646,
  "summary_fg_median": 517.0,
  "summary_fg_n": 135713.0,
  "summary_fg_p05": 107.0,
  "summary_fg_p95": 941.0,
  "summary_fg_stdv": 241.6794,
  "tsnr": 37.42904237797484
}