{
  "aor": [
    0.000616813725490196,
    0.0007024509803921568,
    0.0008281372549019607,
    0.0009255392156862744
  ],
  "aqi": [
    0.003934758529411765,
    0.005754618921568627,
    0.010321242254901958,
    0.018433232352941174
  ],
  "bids_meta": {
    "AcquisitionDuration": 361.475,
    "AcquisitionMatrixPE": 96,
    "AcquisitionTime": "10:56:36.315000",
    "B0FieldSource": [
      "005pepolarbold",
      "005phasediff"
    ],
    "BandwidthPerPixelPhaseEncode": 37.879,
    "BaseResolution": 96,
    "DerivedVendorReportedEchoSpacing": 0.000549997,
    "DwellTime": 2.3e-06,
    "EchoNumber": 3,
    "EchoTime": 0.05348,
    "EchoTrainLength": 35,
    "EffectiveEchoSpacing": 0.000274998,
    "ImageOrientationPatientDICOM": [
      0.998823,
      -0.0108809,
      0.0472612,
      0.0278997,
      0.926022,
      -0.376438
    ],
    "ImageType": [
      "ORIGINAL",
      "PRIMARY",
      "FMRI",
      "NONE"
    ],
    "ImageTypeText": [
      "ORIGINAL",
      "PRIMARY",
      "M",
      "MB",
      "TE3",
      "DIS2D"
    ],
    "InPlanePhaseEncodingDirectionDICOM": "COL",
    "PercentPhaseFOV": 100,
    "PercentSampling": 100,
    "PhaseEchoTime1": 0.0126,
    "PhaseEchoTime2": 0.03304,
    "PhaseEncodingDirection": "j",
    "PhaseResolution": 1,
    "PixelBandwidth": 2264,
    "ProtocolName": "func-bold_task-bht_dir-PA__cmrr_me4_sms4",
    "PulseSequenceName": "epfid2d4_96",
    "ReceiveCoilActiveElements": "HC1-7",
    "ReconMatrixPE": 96,
    "RefLinesPE": 22,
    "RepetitionTime": 1.6,
    "SequenceVariant": "SK\\SS",
    "SeriesDescription": "func-bold_task-bht_dir-PA__cmrr_me4_sms4",
    "SeriesNumber": 23,
    "ShimSetting": [
      8233,
      -5614,
      -6010,
      701,
      -76,
      -186,
      -11,
      59
    ],
    "SliceThickness": 2.2,
    "SliceTiming": [
      0,
      0.8425,
      0.105,
      0.9475,
      0.21,
      1.0525,
      0.315,
      1.1575,
      0.42,
      1.2625,
      0.525,
      1.3675,
      0.63,
      1.475,
      0.7375,
      0,
      0.8425,
      0.105,
      0.9475,
      0.21,
      1.0525,
      0.315,
      1.1575,
      0.42,
      1.2625,
      0.525,
      1.3675,
      0.63,
      1.475,
      0.7375,
      0,
      0.8425,
      0.105,
      0.9475,
      0.21,
      1.0525,
      0.315,
      1.1575,
      0.42,
      1.2625,
      0.525,
      1.3675,
      0.63,
      1.475,
      0.7375,
      0,
      0.8425,
      0.105,
      0.9475,
      0.21,
      1.0525,
      0.315,
      1.1575,
      0.42,
      1.2625,
      0.525,
      1.3675,
      0.63,
      1.475,
      0.7375
    ],
    "SpacingBetweenSlices": 2.2,
    "TotalReadoutTime": 0.0261249,
    "TxRefAmp": 240.229,
    "WipMemBlock": "fdb7fd53-d49c-4cda-84cc-48897d957509||Sequence: R017 nxva30a/master r/d34922cc2+; Jun 27 2022 13:20:16 by eja",
    "dataset": "<unset>",
    "modality": "bold",
    "session_id": "005",
    "subject_id": "001",
    "task_id": "bht"
  },
  "dummy_trs": 3,
  "dvars_nstd": 55.493176183152656,
  "dvars_std": 1.0204771067487686,
  "dvars_vstd": 0.9903696666995071,
  "efc": 0.5073,
  "fber": 300.1065,
  "fd_mean": 0.16098191194204373,
  "fd_num": 74,
  "fd_perc": 36.27450980392157,
  "fwhm_avg": 2.942162347953321,
  "fwhm_x": 2.792794899453234,
  "fwhm_y": 3.169769479207853,
  "fwhm_z": 2.863922665198875,
  "gcor": [
    0.0208429,
    0.0244914,
    0.022808,
    0.0182667
  ],
  "gsr_x": 0.007234228774905205,
  "gsr_y": 0.028333427384495735,
  "provenance": {
    "md5sum": "04728e80f952f44ef6a3f4f7d49ee56b",
    "settings": {
      "fd_thres": 0.2,
      "testing": false
    },
    "software": "mriqc",
    "version": "24.1.0.dev0+g3fe90466.d20240417"
  },
  "size_t": 204,
  "size_x": 96,
  "size_y": 96,
  "size_z": 60,
  "snr": 1.8153859542316502,
  "spacing_tr": 1.600000023841858,
  "spacing_x": 2.197920083999634,
  "spacing_y": 2.197920083999634,
  "spacing_z": 2.200000047683716,
  "summary_bg_k": 67.7732,
  "summary_bg_mad": 3.2632,
  "summary_bg_mean": 25.3646,
  "summary_bg_median": 19.0,
  "summary_bg_n": 417701.0,
  "summary_bg_p05": 0.0,
  "summary_bg_p95": 63.0,
  "summary_bg_stdv": 27.9733,
  "summary_fg_k": 1.7891,
  "summary_fg_mad": 159.5833,
  "summary_fg_mean": 337.9004,
  "summary_fg_median": 331.0,
  "summary_fg_n": 135259.0,
  "summary_fg_p05": 41.0,
  "summary_fg_p95": 644.0,
  "summary_fg_stdv": 182.3297,
  "tsnr": 22.58831005799584
}