{
  "NumberOfShells": 4,
  "bValues": [
    0.0,
    700.0,
    1000.0,
    2000.0,
    3000.0
  ],
  "bValuesEstimation": [
    700.0,
    1000.0,
    2000.0,
    3000.0
  ],
  "bdiffs_max": 0.3303,
  "bdiffs_mean": 0.2491,
  "bdiffs_median": 0.2752,
  "bdiffs_min": 0.0044,
  "bids_meta": {
    "AcquisitionMatrixPE": 146,
    "AcquisitionNumber": 1,
    "AcquisitionTime": "11:34:20.785000",
    "B0FieldSource": [
      "006pepolarb0",
      "006phasediff"
    ],
    "BandwidthPerPixelPhaseEncode": 19.569,
    "BaseResolution": 146,
    "BodyPartExamined": "BRAIN",
    "CoilCombinationMethod": "Adaptive Combine",
    "CoilString": "HeadNeck_64",
    "ConversionSoftware": "dcm2niix",
    "ConversionSoftwareVersion": "v1.0.20220720",
    "Deltas": [
      0.0233,
      0.0475
    ],
    "DerivedVendorReportedEchoSpacing": 0.000700017,
    "DeviceSerialNumber": "67014",
    "DiffusionScheme": "Monopolar",
    "DwellTime": 2.1e-06,
    "EchoTime": 0.098,
    "EchoTrainLength": 64,
    "EffectiveEchoSpacing": 0.000350008,
    "FlipAngle": 90,
    "HeudiconvVersion": "1.0.0",
    "ImageOrientationPatientDICOM": [
      0.999222,
      -0.0261329,
      0.0295338,
      0.0275617,
      0.998416,
      -0.0490552
    ],
    "ImageType": [
      "ORIGINAL",
      "PRIMARY",
      "DIFFUSION",
      "NONE",
      "ND",
      "MFSPLIT"
    ],
    "ImageTypeText": [
      "ORIGINAL",
      "PRIMARY",
      "DIFFUSION",
      "NONE"
    ],
    "ImagingFrequency": 123.248,
    "InPlanePhaseEncodingDirectionDICOM": "COL",
    "InstitutionAddress": "Rue du Bugnon 21,Lausanne,District,CH,1011",
    "InstitutionName": "CHUV",
    "MRAcquisitionType": "2D",
    "MagneticFieldStrength": 3,
    "Manufacturer": "Siemens",
    "ManufacturersModelName": "MAGNETOM Prisma Fit",
    "Modality": "MR",
    "MultibandAccelerationFactor": 3,
    "NonlinearGradientCorrection": false,
    "ParallelReductionFactorInPlane": 2,
    "PartialFourier": 0.875,
    "PatientPosition": "HFS",
    "PercentPhaseFOV": 100,
    "PercentSampling": 100,
    "PhaseEncodingDirection": "j",
    "PhaseEncodingSteps": 146,
    "PhaseResolution": 1,
    "PixelBandwidth": 1631,
    "ProcedureStepDescription": "RESEARCH Oscar",
    "ProtocolName": "dwi-dwi_acq-highres_dir-PA__trigger_monopolar",
    "PulseSequenceDetails": "%CustomerSeq%\\ep2d_diff_trigg",
    "ReceiveCoilActiveElements": "HC1-6",
    "ReceiveCoilName": "HeadNeck_64",
    "ReconMatrixPE": 146,
    "RefLinesPE": 54,
    "RepetitionTime": 7,
    "SAR": 0.172882,
    "ScanOptions": "PFP\\FS\\PER",
    "ScanningSequence": "GR\\EP",
    "SequenceName": "ep_b0",
    "SequenceVariant": "SK",
    "SeriesDescription": "dwi-dwi_acq-highres_dir-PA__trigger_monopolar",
    "SeriesNumber": 8,
    "ShimSetting": [
      8248,
      -5634,
      -6115,
      464,
      -80,
      -298,
      70,
      12
    ],
    "SliceThickness": 1.6,
    "SliceTiming": [
      0,
      6.1425,
      0.14,
      6.2825,
      0.28,
      6.4225,
      0.4175,
      6.5625,
      0.5575,
      6.7025,
      0.6975,
      6.8425,
      0.8375,
      6.9825,
      0.9775,
      7.12,
      1.1175,
      7.26,
      1.2575,
      7.4,
      1.395,
      7.54,
      1.535,
      7.68,
      1.675,
      7.82,
      1.815,
      7.96,
      1.955,
      8.0975,
      2.095,
      8.2375,
      2.235,
      8.3775,
      2.3725,
      8.5175,
      2.5125,
      8.6575,
      2.6525,
      8.7975,
      2.7925,
      8.9375,
      2.9325,
      9.075,
      3.0725,
      9.215,
      3.2125,
      9.355,
      3.35,
      9.495,
      3.49,
      9.635,
      3.63,
      9.775,
      3.77,
      9.915,
      3.91,
      10.0525,
      4.05,
      10.1925,
      4.19,
      10.3325,
      4.3275,
      10.4725,
      4.4675,
      10.6125,
      4.6075,
      10.7525,
      4.7475,
      10.8925,
      4.8875,
      11.03,
      5.0275,
      11.17,
      5.1675,
      11.31,
      5.305,
      11.45,
      5.445,
      11.59,
      5.585,
      11.73,
      5.725,
      11.87,
      5.865,
      12.0075,
      6.005
    ],
    "SoftwareVersions": "syngo MR XA30",
    "SpacingBetweenSlices": 1.6,
    "StationName": "LRG10884",
    "TotalReadoutTime": 0.0507512,
    "TxRefAmp": 250.135,
    "acq_id": "highres",
    "dataset": "hcph",
    "modality": "dwi",
    "session_id": "006",
    "subject_id": "001"
  },
  "efc_shell01": 2.1838,
  "efc_shell02": 1.0704,
  "efc_shell03": 0.8328,
  "efc_shell04": 0.5793,
  "efc_shell05": 0.6044,
  "fa_degenerate": 0.0,
  "fa_nans": 0.0,
  "fber_shell01": 25.7901,
  "fber_shell02": 117.4082,
  "fber_shell03": 164.6944,
  "fber_shell04": 106.7778,
  "fber_shell05": 51.3611,
  "fd_mean": 4.2453,
  "fd_num": 279,
  "fd_perc": 99.64285714285714,
  "ndc": 0.6474,
  "provenance": {
    "md5sum": "3226d0049c5849c381fcd5d6bb5a5b03",
    "settings": {
      "testing": false
    },
    "software": "mriqc",
    "version": "24.0.0"
  },
  "sigma_cc": 42.9955,
  "sigma_pca": 15.6885,
  "sigma_piesno": 1.6508,
  "snr_cc_shell0": 3.97,
  "snr_cc_shell1_best": 3.98,
  "snr_cc_shell1_worst": 3.98,
  "snr_cc_shell2_best": 2.51,
  "snr_cc_shell2_worst": 1.61,
  "snr_cc_shell3_best": 2.23,
  "snr_cc_shell3_worst": 1.43,
  "snr_cc_shell4_best": 1.55,
  "snr_cc_shell4_worst": 0.98,
  "spikes_global": 34.39,
  "spikes_slice_i": 198.23,
  "spikes_slice_j": 199.07,
  "spikes_slice_k": 190.0,
  "summary_bg_k": 599.8584,
  "summary_bg_mad": 8.8956,
  "summary_bg_mean": 29.0489,
  "summary_bg_median": 9.0,
  "summary_bg_n": 1498926.0,
  "summary_bg_p05": 2.0,
  "summary_bg_p95": 111.0,
  "summary_bg_stdv": 103.2536,
  "summary_fg_k": 9.2486,
  "summary_fg_mad": 176.4297,
  "summary_fg_mean": 403.6646,
  "summary_fg_median": 312.0,
  "summary_fg_n": 355566.0,
  "summary_fg_p05": 104.0,
  "summary_fg_p95": 1070.0,
  "summary_fg_stdv": 327.7996,
  "summary_wm_k": 9.2308,
  "summary_wm_mad": 87.4735,
  "summary_wm_mean": 222.6692,
  "summary_wm_median": 219.0,
  "summary_wm_n": 104227.0,
  "summary_wm_p05": 92.0,
  "summary_wm_p95": 369.0,
  "summary_wm_stdv": 91.2356
}