{
  "aor": [
    0.0013240404040404039,
    0.001170707070707071,
    0.0012253535353535354,
    0.0014291919191919192
  ],
  "aqi": [
    0.002879962121212121,
    0.0037946642424242427,
    0.006565745050505049,
    0.012053037676767676
  ],
  "bids_meta": {
    "AcquisitionDuration": 188.475,
    "AcquisitionMatrixPE": 96,
    "AcquisitionTime": "20:03:8.337500",
    "B0FieldSource": [
      "015pepolarbold",
      "015phasediff"
    ],
    "BandwidthPerPixelPhaseEncode": 37.879,
    "BaseResolution": 96,
    "DerivedVendorReportedEchoSpacing": 0.000549997,
    "DwellTime": 2.3e-06,
    "EchoNumber": 1,
    "EchoTime": 0.0126,
    "EchoTrainLength": 35,
    "EffectiveEchoSpacing": 0.000274998,
    "FlipAngle": 64,
    "ImageOrientationPatientDICOM": [
      0.998095,
      -0.0431683,
      0.0440703,
      0.0565012,
      0.926459,
      -0.372132
    ],
    "ImageType": [
      "ORIGINAL",
      "PRIMARY",
      "FMRI",
      "NONE"
    ],
    "ImageTypeText": [
      "ORIGINAL",
      "PRIMARY",
      "M",
      "MB",
      "TE1",
      "DIS2D"
    ],
    "InPlanePhaseEncodingDirectionDICOM": "COL",
    "PercentPhaseFOV": 100,
    "PhaseEchoTime1": 0.0126,
    "PhaseEchoTime2": 0.03304,
    "PhaseEncodingDirection": "j-",
    "PixelBandwidth": 2264,
    "ProtocolName": "func-bold_task-qct_dir-AP__cmrr_me4_sms4",
    "PulseSequenceName": "epfid2d4_96",
    "ReceiveCoilActiveElements": "HC1-7",
    "ReconMatrixPE": 96,
    "RefLinesPE": 22,
    "RepetitionTime": 1.6,
    "SequenceVariant": "SK\\SS",
    "SeriesDescription": "func-bold_task-qct_dir-AP__cmrr_me4_sms4",
    "SeriesNumber": 13,
    "ShimSetting": [
      8234,
      -5612,
      -6012,
      696,
      -27,
      -248,
      36,
      12
    ],
    "SliceThickness": 2.2,
    "SliceTiming": [
      0,
      0.8425,
      0.105,
      0.9475,
      0.21,
      1.0525,
      0.315,
      1.1575,
      0.4225,
      1.265,
      0.5275,
      1.37,
      0.6325,
      1.475,
      0.7375,
      0,
      0.8425,
      0.105,
      0.9475,
      0.21,
      1.0525,
      0.315,
      1.1575,
      0.4225,
      1.265,
      0.5275,
      1.37,
      0.6325,
      1.475,
      0.7375,
      0,
      0.8425,
      0.105,
      0.9475,
      0.21,
      1.0525,
      0.315,
      1.1575,
      0.4225,
      1.265,
      0.5275,
      1.37,
      0.6325,
      1.475,
      0.7375,
      0,
      0.8425,
      0.105,
      0.9475,
      0.21,
      1.0525,
      0.315,
      1.1575,
      0.4225,
      1.265,
      0.5275,
      1.37,
      0.6325,
      1.475,
      0.7375
    ],
    "SpacingBetweenSlices": 2.2,
    "TotalReadoutTime": 0.0261249,
    "TxRefAmp": 242.728,
    "WipMemBlock": "81deb13a-90e1-4035-b421-b7257d9a3ba7||Sequence: R017 nxva30a/master r/d34922cc2+; Jun 27 2022 13:20:16 by eja",
    "dataset": "<unset>",
    "modality": "bold",
    "session_id": "015",
    "subject_id": "001",
    "task_id": "qct"
  },
  "dummy_trs": 0,
  "dvars_nstd": 26.640462797448983,
  "dvars_std": 1.0392529556122445,
  "dvars_vstd": 1.0146302090816326,
  "efc": 0.5734,
  "fber": 714.041,
  "fd_mean": 0.11507390985988977,
  "fd_num": 10,
  "fd_perc": 10.1010101010101,
  "fwhm_avg": 3.6185676810877028,
  "fwhm_x": 3.3254666778872832,
  "fwhm_y": 3.6300455408192764,
  "fwhm_z": 3.9001908245565495,
  "gcor": [
    0.0337085,
    0.0290472,
    0.023173,
    0.0163757
  ],
  "gsr_x": 0.0017149625346064568,
  "gsr_y": 0.10598769783973694,
  "provenance": {
    "md5sum": "1091528418d09495e96dd16344805a38",
    "settings": {
      "fd_thres": 0.2,
      "testing": false
    },
    "software": "mriqc",
    "version": "24.1.0.dev0+g3fe90466.d20240417"
  },
  "size_t": 99,
  "size_x": 96,
  "size_y": 96,
  "size_z": 60,
  "snr": 2.4624931670311145,
  "spacing_tr": 1.600000023841858,
  "spacing_x": 2.197920083999634,
  "spacing_y": 2.197920083999634,
  "spacing_z": 2.200000047683716,
  "summary_bg_k": 10.7518,
  "summary_bg_mad": 20.5168,
  "summary_bg_mean": 124.8998,
  "summary_bg_median": 31.0,
  "summary_bg_n": 418562.0,
  "summary_bg_p05": 0.0,
  "summary_bg_p95": 638.0,
  "summary_bg_stdv": 225.235,
  "summary_fg_k": 0.7258,
  "summary_fg_mad": 310.373,
  "summary_fg_mean": 859.1757,
  "summary_fg_median": 821.0,
  "summary_fg_n": 134398.0,
  "summary_fg_p05": 379.0,
  "summary_fg_p95": 1451.0,
  "summary_fg_stdv": 333.4007,
  "tsnr": 53.41724119335413
}