{
  "aor": [
    0.0009985180240320427,
    0.0012069158878504672,
    0.0012869826435246998,
    0.001304138851802403
  ],
  "aqi": [
    0.004051444672897197,
    0.005191044098798398,
    0.008970405847797062,
    0.016220319492656874
  ],
  "bids_meta": {
    "AcquisitionDuration": 1230.47,
    "AcquisitionMatrixPE": 96,
    "AcquisitionTime": "20:10:56.275000",
    "B0FieldSource": [
      "015pepolarbold",
      "015phasediff"
    ],
    "BandwidthPerPixelPhaseEncode": 37.879,
    "BaseResolution": 96,
    "DerivedVendorReportedEchoSpacing": 0.000549997,
    "DwellTime": 2.3e-06,
    "EchoNumber": 4,
    "EchoTime": 0.07392,
    "EchoTrainLength": 35,
    "EffectiveEchoSpacing": 0.000274998,
    "FlipAngle": 64,
    "ImageOrientationPatientDICOM": [
      0.998095,
      -0.0431683,
      0.0440703,
      0.0565012,
      0.926459,
      -0.372132
    ],
    "ImageType": [
      "ORIGINAL",
      "PRIMARY",
      "FMRI",
      "NONE"
    ],
    "ImageTypeText": [
      "ORIGINAL",
      "PRIMARY",
      "M",
      "MB",
      "TE4",
      "DIS2D"
    ],
    "InPlanePhaseEncodingDirectionDICOM": "COL",
    "PercentPhaseFOV": 100,
    "PhaseEchoTime1": 0.0126,
    "PhaseEchoTime2": 0.03304,
    "PhaseEncodingDirection": "j-",
    "PixelBandwidth": 2264,
    "ProtocolName": "func-bold_task-rest_dir-AP__cmrr_me4_sms4",
    "PulseSequenceName": "epfid2d4_96",
    "ReceiveCoilActiveElements": "HC1-7",
    "ReconMatrixPE": 96,
    "RefLinesPE": 22,
    "RepetitionTime": 1.6,
    "SequenceVariant": "SK\\SS",
    "SeriesDescription": "func-bold_task-rest_dir-AP__cmrr_me4_sms4",
    "SeriesNumber": 23,
    "ShimSetting": [
      8234,
      -5609,
      -6012,
      696,
      -27,
      -225,
      40,
      17
    ],
    "SliceThickness": 2.2,
    "SliceTiming": [
      0,
      0.8425,
      0.105,
      0.9475,
      0.21,
      1.0525,
      0.315,
      1.1575,
      0.42,
      1.2625,
      0.525,
      1.3675,
      0.63,
      1.4725,
      0.7375,
      0,
      0.8425,
      0.105,
      0.9475,
      0.21,
      1.0525,
      0.315,
      1.1575,
      0.42,
      1.2625,
      0.525,
      1.3675,
      0.63,
      1.4725,
      0.7375,
      0,
      0.8425,
      0.105,
      0.9475,
      0.21,
      1.0525,
      0.315,
      1.1575,
      0.42,
      1.2625,
      0.525,
      1.3675,
      0.63,
      1.4725,
      0.7375,
      0,
      0.8425,
      0.105,
      0.9475,
      0.21,
      1.0525,
      0.315,
      1.1575,
      0.42,
      1.2625,
      0.525,
      1.3675,
      0.63,
      1.4725,
      0.7375
    ],
    "SpacingBetweenSlices": 2.2,
    "TotalReadoutTime": 0.0261249,
    "TxRefAmp": 242.728,
    "WipMemBlock": "c2477b06-7e42-4454-925c-78d4194587da||Sequence: R017 nxva30a/master r/d34922cc2+; Jun 27 2022 13:20:16 by eja",
    "dataset": "<unset>",
    "modality": "bold",
    "session_id": "015",
    "subject_id": "001",
    "task_id": "rest"
  },
  "dummy_trs": 1,
  "dvars_nstd": 77.7674096254812,
  "dvars_std": 1.0493954831149732,
  "dvars_vstd": 1.015465568622994,
  "efc": 0.4975,
  "fber": 136.6016,
  "fd_mean": 0.10005778014112503,
  "fd_num": 42,
  "fd_perc": 5.607476635514018,
  "fwhm_avg": 2.6082907408939406,
  "fwhm_x": 2.4554395945912377,
  "fwhm_y": 2.832759955798756,
  "fwhm_z": 2.536672672291828,
  "gcor": [
    0.012213,
    0.0171965,
    0.0167732,
    0.013177
  ],
  "gsr_x": -6.181721983011812e-05,
  "gsr_y": 0.025039484724402428,
  "provenance": {
    "md5sum": "1c3cd73841348be573216da6d4ebac7e",
    "settings": {
      "fd_thres": 0.2,
      "testing": false
    },
    "software": "mriqc",
    "version": "24.1.0.dev0+g3fe90466.d20240417"
  },
  "size_t": 749,
  "size_x": 96,
  "size_y": 96,
  "size_z": 60,
  "snr": 1.3736265621818138,
  "spacing_tr": 1.600000023841858,
  "spacing_x": 2.197920083999634,
  "spacing_y": 2.197920083999634,
  "spacing_z": 2.200000047683716,
  "summary_bg_k": 679.9697,
  "summary_bg_mad": 2.219,
  "summary_bg_mean": 20.1375,
  "summary_bg_median": 18.0,
  "summary_bg_n": 418987.0,
  "summary_bg_p05": 1.0,
  "summary_bg_p95": 35.0,
  "summary_bg_stdv": 16.189,
  "summary_fg_k": 4.6859,
  "summary_fg_mad": 133.0977,
  "summary_fg_mean": 227.8811,
  "summary_fg_median": 213.0,
  "summary_fg_n": 133973.0,
  "summary_fg_p05": 27.0,
  "summary_fg_p95": 503.0,
  "summary_fg_stdv": 155.0634,
  "tsnr": 15.468425313942134
}