{
  "aor": [
    0.0013240404040404039,
    0.001170707070707071,
    0.0012253535353535354,
    0.0014291919191919192
  ],
  "aqi": [
    0.002879962121212121,
    0.0037946642424242427,
    0.006565745050505049,
    0.012053037676767676
  ],
  "bids_meta": {
    "AcquisitionDuration": 188.472,
    "AcquisitionMatrixPE": 96,
    "AcquisitionTime": "20:03:8.380000",
    "B0FieldSource": [
      "015pepolarbold",
      "015phasediff"
    ],
    "BandwidthPerPixelPhaseEncode": 37.879,
    "BaseResolution": 96,
    "DerivedVendorReportedEchoSpacing": 0.000549997,
    "DwellTime": 2.3e-06,
    "EchoNumber": 3,
    "EchoTime": 0.05348,
    "EchoTrainLength": 35,
    "EffectiveEchoSpacing": 0.000274998,
    "FlipAngle": 64,
    "ImageOrientationPatientDICOM": [
      0.998095,
      -0.0431683,
      0.0440703,
      0.0565012,
      0.926459,
      -0.372132
    ],
    "ImageType": [
      "ORIGINAL",
      "PRIMARY",
      "FMRI",
      "NONE"
    ],
    "ImageTypeText": [
      "ORIGINAL",
      "PRIMARY",
      "M",
      "MB",
      "TE3",
      "DIS2D"
    ],
    "InPlanePhaseEncodingDirectionDICOM": "COL",
    "PercentPhaseFOV": 100,
    "PhaseEchoTime1": 0.0126,
    "PhaseEchoTime2": 0.03304,
    "PhaseEncodingDirection": "j-",
    "PixelBandwidth": 2264,
    "ProtocolName": "func-bold_task-qct_dir-AP__cmrr_me4_sms4",
    "PulseSequenceName": "epfid2d4_96",
    "ReceiveCoilActiveElements": "HC1-7",
    "ReconMatrixPE": 96,
    "RefLinesPE": 22,
    "RepetitionTime": 1.6,
    "SequenceVariant": "SK\\SS",
    "SeriesDescription": "func-bold_task-qct_dir-AP__cmrr_me4_sms4",
    "SeriesNumber": 13,
    "ShimSetting": [
      8234,
      -5612,
      -6012,
      696,
      -27,
      -248,
      36,
      12
    ],
    "SliceThickness": 2.2,
    "SliceTiming": [
      0,
      0.8425,
      0.105,
      0.9475,
      0.21,
      1.0525,
      0.315,
      1.16,
      0.4225,
      1.265,
      0.5275,
      1.37,
      0.6325,
      1.475,
      0.7375,
      0,
      0.8425,
      0.105,
      0.9475,
      0.21,
      1.0525,
      0.315,
      1.16,
      0.4225,
      1.265,
      0.5275,
      1.37,
      0.6325,
      1.475,
      0.7375,
      0,
      0.8425,
      0.105,
      0.9475,
      0.21,
      1.0525,
      0.315,
      1.16,
      0.4225,
      1.265,
      0.5275,
      1.37,
      0.6325,
      1.475,
      0.7375,
      0,
      0.8425,
      0.105,
      0.9475,
      0.21,
      1.0525,
      0.315,
      1.16,
      0.4225,
      1.265,
      0.5275,
      1.37,
      0.6325,
      1.475,
      0.7375
    ],
    "SpacingBetweenSlices": 2.2,
    "TotalReadoutTime": 0.0261249,
    "TxRefAmp": 242.728,
    "WipMemBlock": "81deb13a-90e1-4035-b421-b7257d9a3ba7||Sequence: R017 nxva30a/master r/d34922cc2+; Jun 27 2022 13:20:16 by eja",
    "dataset": "<unset>",
    "modality": "bold",
    "session_id": "015",
    "subject_id": "001",
    "task_id": "qct"
  },
  "dummy_trs": 0,
  "dvars_nstd": 53.90101335489796,
  "dvars_std": 1.034864463367347,
  "dvars_vstd": 1.0123885831632653,
  "efc": 0.4925,
  "fber": 317.1015,
  "fd_mean": 0.11507390985988977,
  "fd_num": 10,
  "fd_perc": 10.1010101010101,
  "fwhm_avg": 2.8888474516926124,
  "fwhm_x": 2.7571703102927785,
  "fwhm_y": 3.11004483273157,
  "fwhm_z": 2.7993272120534893,
  "gcor": [
    0.0337085,
    0.0290472,
    0.023173,
    0.0163757
  ],
  "gsr_x": 0.005243479274213314,
  "gsr_y": 0.023093825206160545,
  "provenance": {
    "md5sum": "302c7f12bed7a98434dcb17aafea8cc6",
    "settings": {
      "fd_thres": 0.2,
      "testing": false
    },
    "software": "mriqc",
    "version": "24.1.0.dev0+g3fe90466.d20240417"
  },
  "size_t": 99,
  "size_x": 96,
  "size_y": 96,
  "size_z": 60,
  "snr": 1.670889596490884,
  "spacing_tr": 1.600000023841858,
  "spacing_x": 2.197920083999634,
  "spacing_y": 2.197920083999634,
  "spacing_z": 2.200000047683716,
  "summary_bg_k": 174.5192,
  "summary_bg_mad": 3.2647,
  "summary_bg_mean": 24.6128,
  "summary_bg_median": 19.0,
  "summary_bg_n": 418562.0,
  "summary_bg_p05": 0.0,
  "summary_bg_p95": 58.0,
  "summary_bg_stdv": 27.0163,
  "summary_fg_k": 1.8646,
  "summary_fg_mad": 176.9763,
  "summary_fg_mean": 349.4988,
  "summary_fg_median": 338.0,
  "summary_fg_n": 134398.0,
  "summary_fg_p05": 39.0,
  "summary_fg_p95": 698.0,
  "summary_fg_stdv": 202.2867,
  "tsnr": 25.023682062514126
}