{
  "aor": [
    0.0004765024630541872,
    0.0005295073891625616,
    0.0005819211822660098,
    0.0006938916256157636
  ],
  "aqi": [
    0.007405821133004926,
    0.009999902266009853,
    0.017660746798029554,
    0.02928821477832512
  ],
  "bids_meta": {
    "AcquisitionDuration": 361.472,
    "AcquisitionMatrixPE": 76,
    "AcquisitionTime": "22:23:8.262500",
    "B0FieldSource": [
      "016pepolarbold",
      "016phasediff"
    ],
    "BandwidthPerPixelPhaseEncode": 40.486,
    "BaseResolution": 102,
    "DerivedVendorReportedEchoSpacing": 0.000649997,
    "DwellTime": 2.5e-06,
    "EchoNumber": 3,
    "EchoTime": 0.0518,
    "EchoTrainLength": 28,
    "EffectiveEchoSpacing": 0.000324999,
    "ImageOrientationPatientDICOM": [
      0.997393,
      -0.04706,
      0.0546977,
      0.0634498,
      0.932986,
      -0.354276
    ],
    "ImageType": [
      "ORIGINAL",
      "PRIMARY",
      "FMRI",
      "NONE"
    ],
    "ImageTypeText": [
      "ORIGINAL",
      "PRIMARY",
      "M",
      "MB",
      "TE3",
      "DIS2D"
    ],
    "InPlanePhaseEncodingDirectionDICOM": "ROW",
    "PercentPhaseFOV": 74.5098,
    "PercentSampling": 100,
    "PhaseEchoTime1": 0.0126,
    "PhaseEchoTime2": 0.0322,
    "PhaseEncodingDirection": "i",
    "PhaseResolution": 1,
    "PixelBandwidth": 1961,
    "ProtocolName": "func-bold_task-bht_dir-RL__cmrr_me4_sms4",
    "PulseSequenceName": "epfid2d4_76",
    "ReceiveCoilActiveElements": "HC1-7",
    "ReconMatrixPE": 76,
    "RefLinesPE": 18,
    "RepetitionTime": 1.6,
    "SequenceVariant": "SK\\SS\\OSP",
    "SeriesDescription": "func-bold_task-bht_dir-RL__cmrr_me4_sms4",
    "SeriesNumber": 25,
    "ShimSetting": [
      8234,
      -5627,
      -6010,
      651,
      -15,
      -248,
      27,
      24
    ],
    "SliceThickness": 2.2,
    "SliceTiming": [
      0,
      0.8425,
      0.105,
      0.9475,
      0.21,
      1.0525,
      0.315,
      1.1575,
      0.42,
      1.2625,
      0.5275,
      1.37,
      0.6325,
      1.475,
      0.7375,
      0,
      0.8425,
      0.105,
      0.9475,
      0.21,
      1.0525,
      0.315,
      1.1575,
      0.42,
      1.2625,
      0.5275,
      1.37,
      0.6325,
      1.475,
      0.7375,
      0,
      0.8425,
      0.105,
      0.9475,
      0.21,
      1.0525,
      0.315,
      1.1575,
      0.42,
      1.2625,
      0.5275,
      1.37,
      0.6325,
      1.475,
      0.7375,
      0,
      0.8425,
      0.105,
      0.9475,
      0.21,
      1.0525,
      0.315,
      1.1575,
      0.42,
      1.2625,
      0.5275,
      1.37,
      0.6325,
      1.475,
      0.7375
    ],
    "SpacingBetweenSlices": 2.2,
    "TotalReadoutTime": 0.0243749,
    "TxRefAmp": 244.928,
    "WipMemBlock": "431a53fc-f82c-4361-8362-2155505c0565||Sequence: R017 nxva30a/master r/d34922cc2+; Jun 27 2022 13:20:16 by eja",
    "dataset": "<unset>",
    "modality": "bold",
    "session_id": "016",
    "subject_id": "001",
    "task_id": "bht"
  },
  "dummy_trs": 4,
  "dvars_nstd": 67.1726382227228,
  "dvars_std": 1.002360961881188,
  "dvars_vstd": 0.9717676741584157,
  "efc": 0.5653,
  "fber": 145.1438,
  "fd_mean": 0.19439533446411988,
  "fd_num": 97,
  "fd_perc": 47.783251231527096,
  "fwhm_avg": 3.0799725152248496,
  "fwhm_x": 3.1638829627315177,
  "fwhm_y": 3.075543738886011,
  "fwhm_z": 3.0004908440570213,
  "gcor": [
    0.0176602,
    0.0174272,
    0.0162305,
    0.0132048
  ],
  "gsr_x": 0.06151113659143448,
  "gsr_y": -0.006839360110461712,
  "provenance": {
    "md5sum": "b813d0d2b43e5f2c4aa3b5b47a0c1481",
    "settings": {
      "fd_thres": 0.2,
      "testing": false
    },
    "software": "mriqc",
    "version": "24.1.0.dev0+g3fe90466.d20240417"
  },
  "size_t": 203,
  "size_x": 76,
  "size_y": 102,
  "size_z": 60,
  "snr": 1.8380999451955216,
  "spacing_tr": 1.600000023841858,
  "spacing_x": 2.196079969406128,
  "spacing_y": 2.196079969406128,
  "spacing_z": 2.200000047683716,
  "summary_bg_k": 62.8539,
  "summary_bg_mad": 8.4355,
  "summary_bg_mean": 35.045,
  "summary_bg_median": 28.0,
  "summary_bg_n": 331358.0,
  "summary_bg_p05": 0.0,
  "summary_bg_p95": 83.0,
  "summary_bg_stdv": 33.2451,
  "summary_fg_k": 1.4686,
  "summary_fg_mad": 164.4009,
  "summary_fg_mean": 341.2572,
  "summary_fg_median": 334.0,
  "summary_fg_n": 133762.0,
  "summary_fg_p05": 53.0,
  "summary_fg_p95": 649.0,
  "summary_fg_stdv": 181.7087,
  "tsnr": 16.745126502937637
}