{
  "aor": [
    0.0004765024630541872,
    0.0005295073891625616,
    0.0005819211822660098,
    0.0006938916256157636
  ],
  "aqi": [
    0.007405821133004926,
    0.009999902266009853,
    0.017660746798029554,
    0.02928821477832512
  ],
  "bids_meta": {
    "AcquisitionDuration": 361.475,
    "AcquisitionMatrixPE": 76,
    "AcquisitionTime": "22:23:8.242500",
    "B0FieldSource": [
      "016pepolarbold",
      "016phasediff"
    ],
    "BandwidthPerPixelPhaseEncode": 40.486,
    "BaseResolution": 102,
    "DerivedVendorReportedEchoSpacing": 0.000649997,
    "DwellTime": 2.5e-06,
    "EchoNumber": 2,
    "EchoTime": 0.0322,
    "EchoTrainLength": 28,
    "EffectiveEchoSpacing": 0.000324999,
    "ImageOrientationPatientDICOM": [
      0.997393,
      -0.04706,
      0.0546977,
      0.0634498,
      0.932986,
      -0.354276
    ],
    "ImageType": [
      "ORIGINAL",
      "PRIMARY",
      "FMRI",
      "NONE"
    ],
    "ImageTypeText": [
      "ORIGINAL",
      "PRIMARY",
      "M",
      "MB",
      "TE2",
      "DIS2D"
    ],
    "InPlanePhaseEncodingDirectionDICOM": "ROW",
    "PercentPhaseFOV": 74.5098,
    "PercentSampling": 100,
    "PhaseEchoTime1": 0.0126,
    "PhaseEchoTime2": 0.0322,
    "PhaseEncodingDirection": "i",
    "PhaseResolution": 1,
    "PixelBandwidth": 1961,
    "ProtocolName": "func-bold_task-bht_dir-RL__cmrr_me4_sms4",
    "PulseSequenceName": "epfid2d4_76",
    "ReceiveCoilActiveElements": "HC1-7",
    "ReconMatrixPE": 76,
    "RefLinesPE": 18,
    "RepetitionTime": 1.6,
    "SequenceVariant": "SK\\SS\\OSP",
    "SeriesDescription": "func-bold_task-bht_dir-RL__cmrr_me4_sms4",
    "SeriesNumber": 25,
    "ShimSetting": [
      8234,
      -5627,
      -6010,
      651,
      -15,
      -248,
      27,
      24
    ],
    "SliceThickness": 2.2,
    "SliceTiming": [
      0,
      0.8425,
      0.105,
      0.9475,
      0.21,
      1.0525,
      0.315,
      1.16,
      0.4225,
      1.265,
      0.5275,
      1.37,
      0.6325,
      1.475,
      0.7375,
      0,
      0.8425,
      0.105,
      0.9475,
      0.21,
      1.0525,
      0.315,
      1.16,
      0.4225,
      1.265,
      0.5275,
      1.37,
      0.6325,
      1.475,
      0.7375,
      0,
      0.8425,
      0.105,
      0.9475,
      0.21,
      1.0525,
      0.315,
      1.16,
      0.4225,
      1.265,
      0.5275,
      1.37,
      0.6325,
      1.475,
      0.7375,
      0,
      0.8425,
      0.105,
      0.9475,
      0.21,
      1.0525,
      0.315,
      1.16,
      0.4225,
      1.265,
      0.5275,
      1.37,
      0.6325,
      1.475,
      0.7375
    ],
    "SpacingBetweenSlices": 2.2,
    "TotalReadoutTime": 0.0243749,
    "TxRefAmp": 244.928,
    "WipMemBlock": "431a53fc-f82c-4361-8362-2155505c0565||Sequence: R017 nxva30a/master r/d34922cc2+; Jun 27 2022 13:20:16 by eja",
    "dataset": "<unset>",
    "modality": "bold",
    "session_id": "016",
    "subject_id": "001",
    "task_id": "bht"
  },
  "dummy_trs": 4,
  "dvars_nstd": 49.14698353425741,
  "dvars_std": 1.0041712816336632,
  "dvars_vstd": 0.973852068415842,
  "efc": 0.5817,
  "fber": 236.1605,
  "fd_mean": 0.19439533446411988,
  "fd_num": 97,
  "fd_perc": 47.783251231527096,
  "fwhm_avg": 3.371517749196835,
  "fwhm_x": 3.3921487850073615,
  "fwhm_y": 3.387722716678607,
  "fwhm_z": 3.3346817459045375,
  "gcor": [
    0.0176602,
    0.0174272,
    0.0162305,
    0.0132048
  ],
  "gsr_x": 0.0960521250963211,
  "gsr_y": -0.0095973527058959,
  "provenance": {
    "md5sum": "69ef9f1ef70a1653eab082a63c2fe717",
    "settings": {
      "fd_thres": 0.2,
      "testing": false
    },
    "software": "mriqc",
    "version": "24.1.0.dev0+g3fe90466.d20240417"
  },
  "size_t": 203,
  "size_x": 76,
  "size_y": 102,
  "size_z": 60,
  "snr": 2.173409545589262,
  "spacing_tr": 1.600000023841858,
  "spacing_x": 2.196079969406128,
  "spacing_y": 2.196079969406128,
  "spacing_z": 2.200000047683716,
  "summary_bg_k": 32.2782,
  "summary_bg_mad": 17.521,
  "summary_bg_mean": 58.079,
  "summary_bg_median": 34.0,
  "summary_bg_n": 331358.0,
  "summary_bg_p05": 0.0,
  "summary_bg_p95": 199.0,
  "summary_bg_stdv": 77.4924,
  "summary_fg_k": 0.6822,
  "summary_fg_mad": 216.7448,
  "summary_fg_mean": 528.4917,
  "summary_fg_median": 516.0,
  "summary_fg_n": 133762.0,
  "summary_fg_p05": 117.0,
  "summary_fg_p95": 934.0,
  "summary_fg_stdv": 237.4141,
  "tsnr": 24.1146714995848
}