{
  "aor": [
    0.0004765024630541872,
    0.0005295073891625616,
    0.0005819211822660098,
    0.0006938916256157636
  ],
  "aqi": [
    0.007405821133004926,
    0.009999902266009853,
    0.017660746798029554,
    0.02928821477832512
  ],
  "bids_meta": {
    "AcquisitionDuration": 361.475,
    "AcquisitionMatrixPE": 76,
    "AcquisitionTime": "22:23:8.280000",
    "B0FieldSource": [
      "016pepolarbold",
      "016phasediff"
    ],
    "BandwidthPerPixelPhaseEncode": 40.486,
    "BaseResolution": 102,
    "DerivedVendorReportedEchoSpacing": 0.000649997,
    "DwellTime": 2.5e-06,
    "EchoNumber": 4,
    "EchoTime": 0.0714,
    "EchoTrainLength": 28,
    "EffectiveEchoSpacing": 0.000324999,
    "ImageOrientationPatientDICOM": [
      0.997393,
      -0.04706,
      0.0546977,
      0.0634498,
      0.932986,
      -0.354276
    ],
    "ImageType": [
      "ORIGINAL",
      "PRIMARY",
      "FMRI",
      "NONE"
    ],
    "ImageTypeText": [
      "ORIGINAL",
      "PRIMARY",
      "M",
      "MB",
      "TE4",
      "DIS2D"
    ],
    "InPlanePhaseEncodingDirectionDICOM": "ROW",
    "PercentPhaseFOV": 74.5098,
    "PercentSampling": 100,
    "PhaseEchoTime1": 0.0126,
    "PhaseEchoTime2": 0.0322,
    "PhaseEncodingDirection": "i",
    "PhaseResolution": 1,
    "PixelBandwidth": 1961,
    "ProtocolName": "func-bold_task-bht_dir-RL__cmrr_me4_sms4",
    "PulseSequenceName": "epfid2d4_76",
    "ReceiveCoilActiveElements": "HC1-7",
    "ReconMatrixPE": 76,
    "RefLinesPE": 18,
    "RepetitionTime": 1.6,
    "SequenceVariant": "SK\\SS\\OSP",
    "SeriesDescription": "func-bold_task-bht_dir-RL__cmrr_me4_sms4",
    "SeriesNumber": 25,
    "ShimSetting": [
      8234,
      -5627,
      -6010,
      651,
      -15,
      -248,
      27,
      24
    ],
    "SliceThickness": 2.2,
    "SliceTiming": [
      0,
      0.8425,
      0.105,
      0.9475,
      0.21,
      1.0525,
      0.315,
      1.1575,
      0.42,
      1.2625,
      0.525,
      1.3675,
      0.6325,
      1.475,
      0.7375,
      0,
      0.8425,
      0.105,
      0.9475,
      0.21,
      1.0525,
      0.315,
      1.1575,
      0.42,
      1.2625,
      0.525,
      1.3675,
      0.6325,
      1.475,
      0.7375,
      0,
      0.8425,
      0.105,
      0.9475,
      0.21,
      1.0525,
      0.315,
      1.1575,
      0.42,
      1.2625,
      0.525,
      1.3675,
      0.6325,
      1.475,
      0.7375,
      0,
      0.8425,
      0.105,
      0.9475,
      0.21,
      1.0525,
      0.315,
      1.1575,
      0.42,
      1.2625,
      0.525,
      1.3675,
      0.6325,
      1.475,
      0.7375
    ],
    "SpacingBetweenSlices": 2.2,
    "TotalReadoutTime": 0.0243749,
    "TxRefAmp": 244.928,
    "WipMemBlock": "431a53fc-f82c-4361-8362-2155505c0565||Sequence: R017 nxva30a/master r/d34922cc2+; Jun 27 2022 13:20:16 by eja",
    "dataset": "<unset>",
    "modality": "bold",
    "session_id": "016",
    "subject_id": "001",
    "task_id": "bht"
  },
  "dummy_trs": 4,
  "dvars_nstd": 95.71852164683169,
  "dvars_std": 1.0118394638118813,
  "dvars_vstd": 0.9751965277722768,
  "efc": 0.5718,
  "fber": 65.9211,
  "fd_mean": 0.19439533446411988,
  "fd_num": 97,
  "fd_perc": 47.783251231527096,
  "fwhm_avg": 2.775756241054474,
  "fwhm_x": 2.8625050488029187,
  "fwhm_y": 2.7474819150741823,
  "fwhm_z": 2.717281759286322,
  "gcor": [
    0.0176602,
    0.0174272,
    0.0162305,
    0.0132048
  ],
  "gsr_x": 0.04206416755914688,
  "gsr_y": -0.0025600565131753683,
  "provenance": {
    "md5sum": "23ef535ffc11ba02fe16bc80701e6ff7",
    "settings": {
      "fd_thres": 0.2,
      "testing": false
    },
    "software": "mriqc",
    "version": "24.1.0.dev0+g3fe90466.d20240417"
  },
  "size_t": 203,
  "size_x": 76,
  "size_y": 102,
  "size_z": 60,
  "snr": 1.5110607543835797,
  "spacing_tr": 1.600000023841858,
  "spacing_x": 2.196079969406128,
  "spacing_y": 2.196079969406128,
  "spacing_z": 2.200000047683716,
  "summary_bg_k": 89.5815,
  "summary_bg_mad": 5.4082,
  "summary_bg_mean": 27.7279,
  "summary_bg_median": 26.0,
  "summary_bg_n": 331358.0,
  "summary_bg_p05": 0.0,
  "summary_bg_p95": 48.0,
  "summary_bg_stdv": 18.1526,
  "summary_fg_k": 3.8315,
  "summary_fg_mad": 125.0644,
  "summary_fg_mean": 221.159,
  "summary_fg_median": 210.0,
  "summary_fg_n": 133762.0,
  "summary_fg_p05": 36.0,
  "summary_fg_p95": 462.0,
  "summary_fg_stdv": 138.9747,
  "tsnr": 11.517074000148568
}