{
  "aor": [
    0.0009195918367346938,
    0.0009496938775510205,
    0.0010409183673469387,
    0.0012276530612244899
  ],
  "aqi": [
    0.0056104493877551015,
    0.006916353163265306,
    0.011212951326530616,
    0.01850505306122449
  ],
  "bids_meta": {
    "AcquisitionDuration": 188.475,
    "AcquisitionMatrixPE": 76,
    "AcquisitionTime": "21:54:32.237500",
    "B0FieldSource": [
      "016pepolarbold",
      "016phasediff"
    ],
    "BandwidthPerPixelPhaseEncode": 40.486,
    "BaseResolution": 102,
    "DerivedVendorReportedEchoSpacing": 0.000649997,
    "DwellTime": 2.5e-06,
    "EchoNumber": 2,
    "EchoTime": 0.0322,
    "EchoTrainLength": 28,
    "EffectiveEchoSpacing": 0.000324999,
    "FlipAngle": 64,
    "ImageOrientationPatientDICOM": [
      0.997393,
      -0.04706,
      0.0546977,
      0.0634498,
      0.932986,
      -0.354276
    ],
    "ImageType": [
      "ORIGINAL",
      "PRIMARY",
      "FMRI",
      "NONE"
    ],
    "ImageTypeText": [
      "ORIGINAL",
      "PRIMARY",
      "M",
      "MB",
      "TE2",
      "DIS2D"
    ],
    "InPlanePhaseEncodingDirectionDICOM": "ROW",
    "PercentPhaseFOV": 74.5098,
    "PhaseEchoTime1": 0.0126,
    "PhaseEchoTime2": 0.0322,
    "PhaseEncodingDirection": "i",
    "PixelBandwidth": 1961,
    "ProtocolName": "func-bold_task-qct_dir-RL__cmrr_me4_sms4",
    "PulseSequenceName": "epfid2d4_76",
    "ReceiveCoilActiveElements": "HC1-7",
    "ReconMatrixPE": 76,
    "RefLinesPE": 18,
    "RepetitionTime": 1.6,
    "SequenceVariant": "SK\\SS\\OSP",
    "SeriesDescription": "func-bold_task-qct_dir-RL__cmrr_me4_sms4",
    "SeriesNumber": 13,
    "ShimSetting": [
      8234,
      -5624,
      -6010,
      648,
      -19,
      -233,
      38,
      26
    ],
    "SliceThickness": 2.2,
    "SliceTiming": [
      0,
      0.8425,
      0.105,
      0.9475,
      0.2125,
      1.055,
      0.3175,
      1.16,
      0.4225,
      1.265,
      0.5275,
      1.37,
      0.6325,
      1.475,
      0.7375,
      0,
      0.8425,
      0.105,
      0.9475,
      0.2125,
      1.055,
      0.3175,
      1.16,
      0.4225,
      1.265,
      0.5275,
      1.37,
      0.6325,
      1.475,
      0.7375,
      0,
      0.8425,
      0.105,
      0.9475,
      0.2125,
      1.055,
      0.3175,
      1.16,
      0.4225,
      1.265,
      0.5275,
      1.37,
      0.6325,
      1.475,
      0.7375,
      0,
      0.8425,
      0.105,
      0.9475,
      0.2125,
      1.055,
      0.3175,
      1.16,
      0.4225,
      1.265,
      0.5275,
      1.37,
      0.6325,
      1.475,
      0.7375
    ],
    "SpacingBetweenSlices": 2.2,
    "TotalReadoutTime": 0.0243749,
    "TxRefAmp": 244.928,
    "WipMemBlock": "3d1a2417-7b8c-43c1-ad21-3a046cf01307||Sequence: R017 nxva30a/master r/d34922cc2+; Jun 27 2022 13:20:16 by eja",
    "dataset": "<unset>",
    "modality": "bold",
    "session_id": "016",
    "subject_id": "001",
    "task_id": "qct"
  },
  "dummy_trs": 1,
  "dvars_nstd": 55.24442641237114,
  "dvars_std": 1.0729537660824742,
  "dvars_vstd": 1.0280117521649488,
  "efc": 0.58,
  "fber": 236.3249,
  "fd_mean": 0.23027634523118337,
  "fd_num": 56,
  "fd_perc": 57.142857142857146,
  "fwhm_avg": 3.1866936777664736,
  "fwhm_x": 3.2833685933349233,
  "fwhm_y": 3.2008715975406434,
  "fwhm_z": 3.075840842423854,
  "gcor": [
    0.00427551,
    0.00502057,
    0.00505444,
    0.00393896
  ],
  "gsr_x": 0.09738738089799881,
  "gsr_y": -0.011180685833096504,
  "provenance": {
    "md5sum": "25caf24fe73c255db370e0749215e524",
    "settings": {
      "fd_thres": 0.2,
      "testing": false
    },
    "software": "mriqc",
    "version": "24.1.0.dev0+g3fe90466.d20240417"
  },
  "size_t": 98,
  "size_x": 76,
  "size_y": 102,
  "size_z": 60,
  "snr": 2.1370733005766605,
  "spacing_tr": 1.600000023841858,
  "spacing_x": 2.196079969406128,
  "spacing_y": 2.196079969406128,
  "spacing_z": 2.200000047683716,
  "summary_bg_k": 31.9838,
  "summary_bg_mad": 17.1558,
  "summary_bg_mean": 59.2796,
  "summary_bg_median": 34.0,
  "summary_bg_n": 331587.0,
  "summary_bg_p05": 0.0,
  "summary_bg_p95": 204.0,
  "summary_bg_stdv": 80.4273,
  "summary_fg_k": 0.7791,
  "summary_fg_mad": 223.525,
  "summary_fg_mean": 536.6545,
  "summary_fg_median": 523.0,
  "summary_fg_n": 133533.0,
  "summary_fg_p05": 116.0,
  "summary_fg_p95": 955.0,
  "summary_fg_stdv": 244.7263,
  "tsnr": 27.480845285695978
}