{
  "aor": [
    0.0009195918367346938,
    0.0009496938775510205,
    0.0010409183673469387,
    0.0012276530612244899
  ],
  "aqi": [
    0.0056104493877551015,
    0.006916353163265306,
    0.011212951326530616,
    0.01850505306122449
  ],
  "bids_meta": {
    "AcquisitionDuration": 188.475,
    "AcquisitionMatrixPE": 76,
    "AcquisitionTime": "21:54:32.257500",
    "B0FieldSource": [
      "016pepolarbold",
      "016phasediff"
    ],
    "BandwidthPerPixelPhaseEncode": 40.486,
    "BaseResolution": 102,
    "DerivedVendorReportedEchoSpacing": 0.000649997,
    "DwellTime": 2.5e-06,
    "EchoNumber": 3,
    "EchoTime": 0.0518,
    "EchoTrainLength": 28,
    "EffectiveEchoSpacing": 0.000324999,
    "FlipAngle": 64,
    "ImageOrientationPatientDICOM": [
      0.997393,
      -0.04706,
      0.0546977,
      0.0634498,
      0.932986,
      -0.354276
    ],
    "ImageType": [
      "ORIGINAL",
      "PRIMARY",
      "FMRI",
      "NONE"
    ],
    "ImageTypeText": [
      "ORIGINAL",
      "PRIMARY",
      "M",
      "MB",
      "TE3",
      "DIS2D"
    ],
    "InPlanePhaseEncodingDirectionDICOM": "ROW",
    "PercentPhaseFOV": 74.5098,
    "PhaseEchoTime1": 0.0126,
    "PhaseEchoTime2": 0.0322,
    "PhaseEncodingDirection": "i",
    "PixelBandwidth": 1961,
    "ProtocolName": "func-bold_task-qct_dir-RL__cmrr_me4_sms4",
    "PulseSequenceName": "epfid2d4_76",
    "ReceiveCoilActiveElements": "HC1-7",
    "ReconMatrixPE": 76,
    "RefLinesPE": 18,
    "RepetitionTime": 1.6,
    "SequenceVariant": "SK\\SS\\OSP",
    "SeriesDescription": "func-bold_task-qct_dir-RL__cmrr_me4_sms4",
    "SeriesNumber": 13,
    "ShimSetting": [
      8234,
      -5624,
      -6010,
      648,
      -19,
      -233,
      38,
      26
    ],
    "SliceThickness": 2.2,
    "SliceTiming": [
      0,
      0.8425,
      0.105,
      0.9475,
      0.21,
      1.0525,
      0.3175,
      1.16,
      0.4225,
      1.265,
      0.5275,
      1.37,
      0.6325,
      1.475,
      0.7375,
      0,
      0.8425,
      0.105,
      0.9475,
      0.21,
      1.0525,
      0.3175,
      1.16,
      0.4225,
      1.265,
      0.5275,
      1.37,
      0.6325,
      1.475,
      0.7375,
      0,
      0.8425,
      0.105,
      0.9475,
      0.21,
      1.0525,
      0.3175,
      1.16,
      0.4225,
      1.265,
      0.5275,
      1.37,
      0.6325,
      1.475,
      0.7375,
      0,
      0.8425,
      0.105,
      0.9475,
      0.21,
      1.0525,
      0.3175,
      1.16,
      0.4225,
      1.265,
      0.5275,
      1.37,
      0.6325,
      1.475,
      0.7375
    ],
    "SpacingBetweenSlices": 2.2,
    "TotalReadoutTime": 0.0243749,
    "TxRefAmp": 244.928,
    "WipMemBlock": "3d1a2417-7b8c-43c1-ad21-3a046cf01307||Sequence: R017 nxva30a/master r/d34922cc2+; Jun 27 2022 13:20:16 by eja",
    "dataset": "<unset>",
    "modality": "bold",
    "session_id": "016",
    "subject_id": "001",
    "task_id": "qct"
  },
  "dummy_trs": 1,
  "dvars_nstd": 75.91653733422676,
  "dvars_std": 1.0761051572164946,
  "dvars_vstd": 1.0278156234020621,
  "efc": 0.5622,
  "fber": 148.2349,
  "fd_mean": 0.23027634523118337,
  "fd_num": 56,
  "fd_perc": 57.142857142857146,
  "fwhm_avg": 2.862589415901622,
  "fwhm_x": 3.0026502185087502,
  "fwhm_y": 2.8570680883250046,
  "fwhm_z": 2.72804994087111,
  "gcor": [
    0.00427551,
    0.00502057,
    0.00505444,
    0.00393896
  ],
  "gsr_x": 0.06257026642560959,
  "gsr_y": -0.00758275855332613,
  "provenance": {
    "md5sum": "55ca0cb5a37a19f6f286a4dcc596509a",
    "settings": {
      "fd_thres": 0.2,
      "testing": false
    },
    "software": "mriqc",
    "version": "24.1.0.dev0+g3fe90466.d20240417"
  },
  "size_t": 98,
  "size_x": 76,
  "size_y": 102,
  "size_z": 60,
  "snr": 1.7926649729607496,
  "spacing_tr": 1.600000023841858,
  "spacing_x": 2.196079969406128,
  "spacing_y": 2.196079969406128,
  "spacing_z": 2.200000047683716,
  "summary_bg_k": 69.479,
  "summary_bg_mad": 8.1997,
  "summary_bg_mean": 35.7092,
  "summary_bg_median": 28.0,
  "summary_bg_n": 331587.0,
  "summary_bg_p05": 0.0,
  "summary_bg_p95": 86.0,
  "summary_bg_stdv": 35.4984,
  "summary_fg_k": 1.6871,
  "summary_fg_mad": 169.3344,
  "summary_fg_mean": 347.5054,
  "summary_fg_median": 338.0,
  "summary_fg_n": 133533.0,
  "summary_fg_p05": 52.0,
  "summary_fg_p95": 668.0,
  "summary_fg_stdv": 188.5454,
  "tsnr": 19.449145900201984
}