{
  "aor": [
    0.0004010547396528705,
    0.0004134979973297731,
    0.00048603471295060083,
    0.000566275033377837
  ],
  "aqi": [
    0.004174456395193591,
    0.006003747783711617,
    0.01087795608811749,
    0.01961738865153538
  ],
  "bids_meta": {
    "AcquisitionDuration": 1230.47,
    "AcquisitionMatrixPE": 96,
    "AcquisitionTime": "22:05:13.225000",
    "B0FieldSource": [
      "026pepolarbold",
      "026phasediff"
    ],
    "BandwidthPerPixelPhaseEncode": 37.879,
    "BaseResolution": 96,
    "DerivedVendorReportedEchoSpacing": 0.000549997,
    "DwellTime": 2.3e-06,
    "EchoNumber": 1,
    "EchoTime": 0.0126,
    "EchoTrainLength": 35,
    "EffectiveEchoSpacing": 0.000274998,
    "FlipAngle": 64,
    "ImageOrientationPatientDICOM": [
      0.999692,
      -0.00476391,
      0.0243411,
      0.0116906,
      0.956033,
      -0.293025
    ],
    "ImageType": [
      "ORIGINAL",
      "PRIMARY",
      "FMRI",
      "NONE"
    ],
    "ImageTypeText": [
      "ORIGINAL",
      "PRIMARY",
      "M",
      "MB",
      "TE1",
      "DIS2D"
    ],
    "InPlanePhaseEncodingDirectionDICOM": "COL",
    "PercentPhaseFOV": 100,
    "PhaseEchoTime1": 0.0126,
    "PhaseEchoTime2": 0.03304,
    "PhaseEncodingDirection": "j",
    "PixelBandwidth": 2264,
    "ProtocolName": "func-bold_task-rest_dir-PA__cmrr_me4_sms4",
    "PulseSequenceName": "epfid2d4_96",
    "ReceiveCoilActiveElements": "HC1-7",
    "ReconMatrixPE": 96,
    "RefLinesPE": 22,
    "RepetitionTime": 1.6,
    "SequenceVariant": "SK\\SS",
    "SeriesDescription": "func-bold_task-rest_dir-PA__cmrr_me4_sms4",
    "SeriesNumber": 23,
    "ShimSetting": [
      8220,
      -5623,
      -6021,
      710,
      -70,
      -159,
      45,
      84
    ],
    "SliceThickness": 2.2,
    "SliceTiming": [
      0,
      0.8425,
      0.105,
      0.95,
      0.2125,
      1.055,
      0.3175,
      1.16,
      0.4225,
      1.265,
      0.5275,
      1.37,
      0.6325,
      1.475,
      0.7375,
      0,
      0.8425,
      0.105,
      0.95,
      0.2125,
      1.055,
      0.3175,
      1.16,
      0.4225,
      1.265,
      0.5275,
      1.37,
      0.6325,
      1.475,
      0.7375,
      0,
      0.8425,
      0.105,
      0.95,
      0.2125,
      1.055,
      0.3175,
      1.16,
      0.4225,
      1.265,
      0.5275,
      1.37,
      0.6325,
      1.475,
      0.7375,
      0,
      0.8425,
      0.105,
      0.95,
      0.2125,
      1.055,
      0.3175,
      1.16,
      0.4225,
      1.265,
      0.5275,
      1.37,
      0.6325,
      1.475,
      0.7375
    ],
    "SpacingBetweenSlices": 2.2,
    "TotalReadoutTime": 0.0261249,
    "TxRefAmp": 238.965,
    "WipMemBlock": "944bb404-ea1d-4ad2-85c6-01390a400033||Sequence: R017 nxva30a/master r/d34922cc2+; Jun 27 2022 13:20:16 by eja",
    "dataset": "<unset>",
    "modality": "bold",
    "session_id": "026",
    "subject_id": "001",
    "task_id": "rest"
  },
  "dummy_trs": 1,
  "dvars_nstd": 25.381955238409105,
  "dvars_std": 1.0265547890508024,
  "dvars_vstd": 0.9922984141577544,
  "efc": 0.579,
  "fber": 748.7002,
  "fd_mean": 0.11475616658080849,
  "fd_num": 50,
  "fd_perc": 6.675567423230975,
  "fwhm_avg": 3.662403596781534,
  "fwhm_x": 3.305415903375134,
  "fwhm_y": 3.802526789232157,
  "fwhm_z": 3.8792680977373104,
  "gcor": [
    0.00874961,
    0.0122248,
    0.0118958,
    0.00982983
  ],
  "gsr_x": -0.005116875283420086,
  "gsr_y": 0.11464288085699081,
  "provenance": {
    "md5sum": "d7b50fc3578d43454fe8694d28b08f21",
    "settings": {
      "fd_thres": 0.2,
      "testing": false
    },
    "software": "mriqc",
    "version": "24.1.0.dev0+g3fe90466.d20240417"
  },
  "size_t": 749,
  "size_x": 96,
  "size_y": 96,
  "size_z": 60,
  "snr": 2.6289683103772847,
  "spacing_tr": 1.600000023841858,
  "spacing_x": 2.197920083999634,
  "spacing_y": 2.197920083999634,
  "spacing_z": 2.200000047683716,
  "summary_bg_k": 10.3948,
  "summary_bg_mad": 18.2742,
  "summary_bg_mean": 123.6002,
  "summary_bg_median": 29.0,
  "summary_bg_n": 418120.0,
  "summary_bg_p05": 0.0,
  "summary_bg_p95": 622.0,
  "summary_bg_stdv": 222.6755,
  "summary_fg_k": 0.4349,
  "summary_fg_mad": 302.4182,
  "summary_fg_mean": 821.2332,
  "summary_fg_median": 798.0,
  "summary_fg_n": 134840.0,
  "summary_fg_p05": 388.0,
  "summary_fg_p95": 1341.0,
  "summary_fg_stdv": 303.54,
  "tsnr": 50.385370632167906
}