{
  "aor": [
    0.001321578947368421,
    0.001339894736842105,
    0.0014561052631578949,
    0.001703473684210526
  ],
  "aqi": [
    0.0030905104210526314,
    0.004479638315789474,
    0.007905080315789473,
    0.014116018947368424
  ],
  "bids_meta": {
    "AcquisitionDuration": 188.475,
    "AcquisitionMatrixPE": 96,
    "AcquisitionTime": "21:58:43.265000",
    "B0FieldSource": [
      "026pepolarbold",
      "026phasediff"
    ],
    "BandwidthPerPixelPhaseEncode": 37.879,
    "BaseResolution": 96,
    "DerivedVendorReportedEchoSpacing": 0.000549997,
    "DwellTime": 2.3e-06,
    "EchoNumber": 3,
    "EchoTime": 0.05348,
    "EchoTrainLength": 35,
    "EffectiveEchoSpacing": 0.000274998,
    "FlipAngle": 64,
    "ImageOrientationPatientDICOM": [
      0.999692,
      -0.00476391,
      0.0243411,
      0.0116906,
      0.956033,
      -0.293025
    ],
    "ImageType": [
      "ORIGINAL",
      "PRIMARY",
      "FMRI",
      "NONE"
    ],
    "ImageTypeText": [
      "ORIGINAL",
      "PRIMARY",
      "M",
      "MB",
      "TE3",
      "DIS2D"
    ],
    "InPlanePhaseEncodingDirectionDICOM": "COL",
    "PercentPhaseFOV": 100,
    "PhaseEchoTime1": 0.0126,
    "PhaseEchoTime2": 0.03304,
    "PhaseEncodingDirection": "j",
    "PixelBandwidth": 2264,
    "ProtocolName": "func-bold_task-qct_dir-PA__cmrr_me4_sms4",
    "PulseSequenceName": "epfid2d4_96",
    "ReceiveCoilActiveElements": "HC1-7",
    "ReconMatrixPE": 96,
    "RefLinesPE": 22,
    "RepetitionTime": 1.6,
    "SequenceVariant": "SK\\SS",
    "SeriesDescription": "func-bold_task-qct_dir-PA__cmrr_me4_sms4",
    "SeriesNumber": 13,
    "ShimSetting": [
      8220,
      -5624,
      -6020,
      709,
      -74,
      -161,
      46,
      81
    ],
    "SliceThickness": 2.2,
    "SliceTiming": [
      0,
      0.8425,
      0.105,
      0.9475,
      0.21,
      1.0525,
      0.315,
      1.1575,
      0.42,
      1.2625,
      0.525,
      1.3675,
      0.6325,
      1.475,
      0.7375,
      0,
      0.8425,
      0.105,
      0.9475,
      0.21,
      1.0525,
      0.315,
      1.1575,
      0.42,
      1.2625,
      0.525,
      1.3675,
      0.6325,
      1.475,
      0.7375,
      0,
      0.8425,
      0.105,
      0.9475,
      0.21,
      1.0525,
      0.315,
      1.1575,
      0.42,
      1.2625,
      0.525,
      1.3675,
      0.6325,
      1.475,
      0.7375,
      0,
      0.8425,
      0.105,
      0.9475,
      0.21,
      1.0525,
      0.315,
      1.1575,
      0.42,
      1.2625,
      0.525,
      1.3675,
      0.6325,
      1.475,
      0.7375
    ],
    "SpacingBetweenSlices": 2.2,
    "TotalReadoutTime": 0.0261249,
    "TxRefAmp": 238.965,
    "WipMemBlock": "041bbc0d-8151-4112-ace2-9e58754d7944||Sequence: R017 nxva30a/master r/d34922cc2+; Jun 27 2022 13:20:16 by eja",
    "dataset": "<unset>",
    "modality": "bold",
    "session_id": "026",
    "subject_id": "001",
    "task_id": "qct"
  },
  "dummy_trs": 4,
  "dvars_nstd": 58.77970817297875,
  "dvars_std": 1.0748545853191493,
  "dvars_vstd": 1.0190747720212767,
  "efc": 0.5041,
  "fber": 320.9071,
  "fd_mean": 0.1514255304883267,
  "fd_num": 22,
  "fd_perc": 23.157894736842106,
  "fwhm_avg": 2.819514329511948,
  "fwhm_x": 2.6915673791172225,
  "fwhm_y": 3.0801574858356533,
  "fwhm_z": 2.686818123582967,
  "gcor": [
    0.0118553,
    0.0158468,
    0.0151717,
    0.0121274
  ],
  "gsr_x": 0.005507905501872301,
  "gsr_y": 0.029143450781702995,
  "provenance": {
    "md5sum": "50fc4a8f247e33a9246bd6e3c1950008",
    "settings": {
      "fd_thres": 0.2,
      "testing": false
    },
    "software": "mriqc",
    "version": "24.1.0.dev0+g3fe90466.d20240417"
  },
  "size_t": 95,
  "size_x": 96,
  "size_y": 96,
  "size_z": 60,
  "snr": 1.8209788942028238,
  "spacing_tr": 1.600000023841858,
  "spacing_x": 2.197920083999634,
  "spacing_y": 2.197920083999634,
  "spacing_z": 2.200000047683716,
  "summary_bg_k": 115.2379,
  "summary_bg_mad": 3.3085,
  "summary_bg_mean": 24.626,
  "summary_bg_median": 19.0,
  "summary_bg_n": 417767.0,
  "summary_bg_p05": 0.0,
  "summary_bg_p95": 60.0,
  "summary_bg_stdv": 27.3962,
  "summary_fg_k": 1.6711,
  "summary_fg_mad": 159.2783,
  "summary_fg_mean": 338.6341,
  "summary_fg_median": 333.0,
  "summary_fg_n": 135193.0,
  "summary_fg_p05": 40.0,
  "summary_fg_p95": 644.0,
  "summary_fg_stdv": 182.868,
  "tsnr": 25.23330610850826
}