{
  "aor": [
    0.0004010547396528705,
    0.0004134979973297731,
    0.00048603471295060083,
    0.000566275033377837
  ],
  "aqi": [
    0.004174456395193591,
    0.006003747783711617,
    0.01087795608811749,
    0.01961738865153538
  ],
  "bids_meta": {
    "AcquisitionDuration": 1230.47,
    "AcquisitionMatrixPE": 96,
    "AcquisitionTime": "22:05:13.265000",
    "B0FieldSource": [
      "026pepolarbold",
      "026phasediff"
    ],
    "BandwidthPerPixelPhaseEncode": 37.879,
    "BaseResolution": 96,
    "DerivedVendorReportedEchoSpacing": 0.000549997,
    "DwellTime": 2.3e-06,
    "EchoNumber": 3,
    "EchoTime": 0.05348,
    "EchoTrainLength": 35,
    "EffectiveEchoSpacing": 0.000274998,
    "FlipAngle": 64,
    "ImageOrientationPatientDICOM": [
      0.999692,
      -0.00476391,
      0.0243411,
      0.0116906,
      0.956033,
      -0.293025
    ],
    "ImageType": [
      "ORIGINAL",
      "PRIMARY",
      "FMRI",
      "NONE"
    ],
    "ImageTypeText": [
      "ORIGINAL",
      "PRIMARY",
      "M",
      "MB",
      "TE3",
      "DIS2D"
    ],
    "InPlanePhaseEncodingDirectionDICOM": "COL",
    "PercentPhaseFOV": 100,
    "PhaseEchoTime1": 0.0126,
    "PhaseEchoTime2": 0.03304,
    "PhaseEncodingDirection": "j",
    "PixelBandwidth": 2264,
    "ProtocolName": "func-bold_task-rest_dir-PA__cmrr_me4_sms4",
    "PulseSequenceName": "epfid2d4_96",
    "ReceiveCoilActiveElements": "HC1-7",
    "ReconMatrixPE": 96,
    "RefLinesPE": 22,
    "RepetitionTime": 1.6,
    "SequenceVariant": "SK\\SS",
    "SeriesDescription": "func-bold_task-rest_dir-PA__cmrr_me4_sms4",
    "SeriesNumber": 23,
    "ShimSetting": [
      8220,
      -5623,
      -6021,
      710,
      -70,
      -159,
      45,
      84
    ],
    "SliceThickness": 2.2,
    "SliceTiming": [
      0,
      0.8425,
      0.1075,
      0.95,
      0.2125,
      1.055,
      0.3175,
      1.16,
      0.4225,
      1.265,
      0.5275,
      1.37,
      0.6325,
      1.475,
      0.7375,
      0,
      0.8425,
      0.1075,
      0.95,
      0.2125,
      1.055,
      0.3175,
      1.16,
      0.4225,
      1.265,
      0.5275,
      1.37,
      0.6325,
      1.475,
      0.7375,
      0,
      0.8425,
      0.1075,
      0.95,
      0.2125,
      1.055,
      0.3175,
      1.16,
      0.4225,
      1.265,
      0.5275,
      1.37,
      0.6325,
      1.475,
      0.7375,
      0,
      0.8425,
      0.1075,
      0.95,
      0.2125,
      1.055,
      0.3175,
      1.16,
      0.4225,
      1.265,
      0.5275,
      1.37,
      0.6325,
      1.475,
      0.7375
    ],
    "SpacingBetweenSlices": 2.2,
    "TotalReadoutTime": 0.0261249,
    "TxRefAmp": 238.965,
    "WipMemBlock": "944bb404-ea1d-4ad2-85c6-01390a400033||Sequence: R017 nxva30a/master r/d34922cc2+; Jun 27 2022 13:20:16 by eja",
    "dataset": "<unset>",
    "modality": "bold",
    "session_id": "026",
    "subject_id": "001",
    "task_id": "rest"
  },
  "dummy_trs": 1,
  "dvars_nstd": 50.01197749156416,
  "dvars_std": 1.005360003783423,
  "dvars_vstd": 0.986327198475934,
  "efc": 0.5041,
  "fber": 323.9457,
  "fd_mean": 0.11475616658080849,
  "fd_num": 50,
  "fd_perc": 6.675567423230975,
  "fwhm_avg": 2.991991701862409,
  "fwhm_x": 2.810971174510196,
  "fwhm_y": 3.2783949027335066,
  "fwhm_z": 2.886609028343525,
  "gcor": [
    0.00874961,
    0.0122248,
    0.0118958,
    0.00982983
  ],
  "gsr_x": 0.005615368951112032,
  "gsr_y": 0.030618952587246895,
  "provenance": {
    "md5sum": "70e44263ac4c892a64416fb6b374c65b",
    "settings": {
      "fd_thres": 0.2,
      "testing": false
    },
    "software": "mriqc",
    "version": "24.1.0.dev0+g3fe90466.d20240417"
  },
  "size_t": 749,
  "size_x": 96,
  "size_y": 96,
  "size_z": 60,
  "snr": 1.841340488669963,
  "spacing_tr": 1.600000023841858,
  "spacing_x": 2.197920083999634,
  "spacing_y": 2.197920083999634,
  "spacing_z": 2.200000047683716,
  "summary_bg_k": 158.0927,
  "summary_bg_mad": 3.3453,
  "summary_bg_mean": 24.7167,
  "summary_bg_median": 19.0,
  "summary_bg_n": 418120.0,
  "summary_bg_p05": 0.0,
  "summary_bg_p95": 61.0,
  "summary_bg_stdv": 28.6517,
  "summary_fg_k": 1.6173,
  "summary_fg_mad": 158.6553,
  "summary_fg_mean": 340.0244,
  "summary_fg_median": 335.0,
  "summary_fg_n": 134840.0,
  "summary_fg_p05": 41.0,
  "summary_fg_p95": 642.0,
  "summary_fg_stdv": 181.932,
  "tsnr": 22.71983696753159
}