{
  "aor": [
    0.0004010547396528705,
    0.0004134979973297731,
    0.00048603471295060083,
    0.000566275033377837
  ],
  "aqi": [
    0.004174456395193591,
    0.006003747783711617,
    0.01087795608811749,
    0.01961738865153538
  ],
  "bids_meta": {
    "AcquisitionDuration": 1230.47,
    "AcquisitionMatrixPE": 96,
    "AcquisitionTime": "22:05:13.285000",
    "B0FieldSource": [
      "026pepolarbold",
      "026phasediff"
    ],
    "BandwidthPerPixelPhaseEncode": 37.879,
    "BaseResolution": 96,
    "DerivedVendorReportedEchoSpacing": 0.000549997,
    "DwellTime": 2.3e-06,
    "EchoNumber": 4,
    "EchoTime": 0.07392,
    "EchoTrainLength": 35,
    "EffectiveEchoSpacing": 0.000274998,
    "FlipAngle": 64,
    "ImageOrientationPatientDICOM": [
      0.999692,
      -0.00476391,
      0.0243411,
      0.0116906,
      0.956033,
      -0.293025
    ],
    "ImageType": [
      "ORIGINAL",
      "PRIMARY",
      "FMRI",
      "NONE"
    ],
    "ImageTypeText": [
      "ORIGINAL",
      "PRIMARY",
      "M",
      "MB",
      "TE4",
      "DIS2D"
    ],
    "InPlanePhaseEncodingDirectionDICOM": "COL",
    "PercentPhaseFOV": 100,
    "PhaseEchoTime1": 0.0126,
    "PhaseEchoTime2": 0.03304,
    "PhaseEncodingDirection": "j",
    "PixelBandwidth": 2264,
    "ProtocolName": "func-bold_task-rest_dir-PA__cmrr_me4_sms4",
    "PulseSequenceName": "epfid2d4_96",
    "ReceiveCoilActiveElements": "HC1-7",
    "ReconMatrixPE": 96,
    "RefLinesPE": 22,
    "RepetitionTime": 1.6,
    "SequenceVariant": "SK\\SS",
    "SeriesDescription": "func-bold_task-rest_dir-PA__cmrr_me4_sms4",
    "SeriesNumber": 23,
    "ShimSetting": [
      8220,
      -5623,
      -6021,
      710,
      -70,
      -159,
      45,
      84
    ],
    "SliceThickness": 2.2,
    "SliceTiming": [
      0,
      0.8425,
      0.105,
      0.9475,
      0.21,
      1.0525,
      0.315,
      1.1575,
      0.42,
      1.2625,
      0.525,
      1.3675,
      0.63,
      1.4725,
      0.735,
      0,
      0.8425,
      0.105,
      0.9475,
      0.21,
      1.0525,
      0.315,
      1.1575,
      0.42,
      1.2625,
      0.525,
      1.3675,
      0.63,
      1.4725,
      0.735,
      0,
      0.8425,
      0.105,
      0.9475,
      0.21,
      1.0525,
      0.315,
      1.1575,
      0.42,
      1.2625,
      0.525,
      1.3675,
      0.63,
      1.4725,
      0.735,
      0,
      0.8425,
      0.105,
      0.9475,
      0.21,
      1.0525,
      0.315,
      1.1575,
      0.42,
      1.2625,
      0.525,
      1.3675,
      0.63,
      1.4725,
      0.735
    ],
    "SpacingBetweenSlices": 2.2,
    "TotalReadoutTime": 0.0261249,
    "TxRefAmp": 238.965,
    "WipMemBlock": "944bb404-ea1d-4ad2-85c6-01390a400033||Sequence: R017 nxva30a/master r/d34922cc2+; Jun 27 2022 13:20:16 by eja",
    "dataset": "<unset>",
    "modality": "bold",
    "session_id": "026",
    "subject_id": "001",
    "task_id": "rest"
  },
  "dummy_trs": 1,
  "dvars_nstd": 73.62377216741986,
  "dvars_std": 1.0151171286898393,
  "dvars_vstd": 0.9889646965909092,
  "efc": 0.5119,
  "fber": 140.4969,
  "fd_mean": 0.11475616658080849,
  "fd_num": 50,
  "fd_perc": 6.675567423230975,
  "fwhm_avg": 2.699674960002002,
  "fwhm_x": 2.512607278218456,
  "fwhm_y": 2.980335840091032,
  "fwhm_z": 2.6060817616965175,
  "gcor": [
    0.00874961,
    0.0122248,
    0.0118958,
    0.00982983
  ],
  "gsr_x": 0.0020906860008835793,
  "gsr_y": 0.031113039702177048,
  "provenance": {
    "md5sum": "2d3d7a5a393bc2b08817cc82bee18212",
    "settings": {
      "fd_thres": 0.2,
      "testing": false
    },
    "software": "mriqc",
    "version": "24.1.0.dev0+g3fe90466.d20240417"
  },
  "size_t": 749,
  "size_x": 96,
  "size_y": 96,
  "size_z": 60,
  "snr": 1.537985939821621,
  "spacing_tr": 1.600000023841858,
  "spacing_x": 2.197920083999634,
  "spacing_y": 2.197920083999634,
  "spacing_z": 2.200000047683716,
  "summary_bg_k": 382.5827,
  "summary_bg_mad": 2.0942,
  "summary_bg_mean": 19.9192,
  "summary_bg_median": 18.0,
  "summary_bg_n": 418120.0,
  "summary_bg_p05": 0.0,
  "summary_bg_p95": 35.0,
  "summary_bg_stdv": 15.6729,
  "summary_fg_k": 4.2447,
  "summary_fg_mad": 120.8974,
  "summary_fg_mean": 219.612,
  "summary_fg_median": 213.0,
  "summary_fg_n": 134840.0,
  "summary_fg_p05": 26.0,
  "summary_fg_p95": 455.0,
  "summary_fg_stdv": 138.4923,
  "tsnr": 15.08493932033889
}