{
  "aor": [
    0.0009280769230769232,
    0.0007591025641025641,
    0.0008130769230769231,
    0.0010646153846153848
  ],
  "aqi": [
    0.004404740128205129,
    0.006061344679487179,
    0.010236250512820514,
    0.019732457051282053
  ],
  "bids_meta": {
    "AcquisitionDuration": 275.442,
    "AcquisitionMatrixPE": 108,
    "AcquisitionTime": "18:17:38.872500",
    "B0FieldSource": [
      "pilot008pepolarbold",
      "pilot008phasediff"
    ],
    "BandwidthPerPixelPhaseEncode": 34.294,
    "BaseResolution": 108,
    "DerivedVendorReportedEchoSpacing": 0.000539993,
    "DwellTime": 2e-06,
    "EchoNumber": 3,
    "EchoTime": 0.05812,
    "EchoTrainLength": 40,
    "EffectiveEchoSpacing": 0.000269996,
    "ImageOrientationPatientDICOM": [
      0.997239,
      0.0607052,
      0.0427635,
      -0.0597709,
      0.997952,
      -0.0228
    ],
    "ImageType": [
      "ORIGINAL",
      "PRIMARY",
      "FMRI",
      "NONE"
    ],
    "ImageTypeText": [
      "ORIGINAL",
      "PRIMARY",
      "M",
      "MB",
      "TE3",
      "DIS2D"
    ],
    "InPlanePhaseEncodingDirectionDICOM": "COL",
    "PercentPhaseFOV": 100,
    "PercentSampling": 100,
    "PhaseEncodingDirection": "j-",
    "PhaseResolution": 1,
    "PixelBandwidth": 2315,
    "ProtocolName": "func-bold_task-bht_dir-AP__cmrr_me4_sms4",
    "PulseSequenceName": "epfid2d4_108",
    "ReceiveCoilActiveElements": "HC1-6",
    "ReconMatrixPE": 108,
    "RefLinesPE": 26,
    "RepetitionTime": 1.573,
    "SequenceVariant": "SK\\SS",
    "SeriesDescription": "func-bold_task-bht_dir-AP__cmrr_me4_sms4",
    "SeriesNumber": 24,
    "ShimSetting": [
      8231,
      -5635,
      -6006,
      695,
      -36,
      -128,
      -25,
      63
    ],
    "SliceThickness": 2,
    "SliceTiming": [
      0,
      0.3325,
      0.665,
      1,
      1.3325,
      0.1125,
      0.445,
      0.7775,
      1.11,
      1.4425,
      0.2225,
      0.555,
      0.8875,
      1.22,
      0,
      0.3325,
      0.665,
      1,
      1.3325,
      0.1125,
      0.445,
      0.7775,
      1.11,
      1.4425,
      0.2225,
      0.555,
      0.8875,
      1.22,
      0,
      0.3325,
      0.665,
      1,
      1.3325,
      0.1125,
      0.445,
      0.7775,
      1.11,
      1.4425,
      0.2225,
      0.555,
      0.8875,
      1.22,
      0,
      0.3325,
      0.665,
      1,
      1.3325,
      0.1125,
      0.445,
      0.7775,
      1.11,
      1.4425,
      0.2225,
      0.555,
      0.8875,
      1.22
    ],
    "SpacingBetweenSlices": 2,
    "TotalReadoutTime": 0.0288896,
    "TxRefAmp": 244.677,
    "WipMemBlock": "3c4cbc74-f09c-4033-9d8f-5cd41e5708f1||Sequence: R017 nxva30a/master r/d34922cc2+; Jun 27 2022 13:20:16 by eja",
    "dataset": "<unset>",
    "modality": "bold",
    "session_id": "pilot008",
    "subject_id": "001",
    "task_id": "bht"
  },
  "dummy_trs": 0,
  "dvars_nstd": 70.23522855690325,
  "dvars_std": 1.0169048549032258,
  "dvars_vstd": 1.0028880694838707,
  "efc": 0.511,
  "fber": 253.8018,
  "fd_mean": 0.1046306174849197,
  "fd_num": 9,
  "fd_perc": 5.769230769230769,
  "fwhm_avg": 2.790036666666667,
  "fwhm_x": 2.6339,
  "fwhm_y": 3.09006,
  "fwhm_z": 2.64615,
  "gcor": [
    0.0107588,
    0.0188091,
    0.0168796,
    0.0132398
  ],
  "gsr_x": 0.010131921619176865,
  "gsr_y": 0.017459286376833916,
  "provenance": {
    "md5sum": "2892dd992ac6be054be6aae07633ad70",
    "settings": {
      "fd_thres": 0.2,
      "testing": false
    },
    "software": "mriqc",
    "version": "24.1.0.dev0+g3fe90466.d20240417"
  },
  "size_t": 156,
  "size_x": 108,
  "size_y": 108,
  "size_z": 56,
  "snr": 1.7234706444657675,
  "spacing_tr": 1.5729999542236328,
  "spacing_x": 2.0,
  "spacing_y": 2.0,
  "spacing_z": 2.0,
  "summary_bg_k": 57.2114,
  "summary_bg_mad": 3.4784,
  "summary_bg_mean": 25.4318,
  "summary_bg_median": 20.0,
  "summary_bg_n": 489952.0,
  "summary_bg_p05": 0.0,
  "summary_bg_p95": 59.0,
  "summary_bg_stdv": 26.3315,
  "summary_fg_k": 2.0986,
  "summary_fg_mad": 156.9087,
  "summary_fg_mean": 331.7273,
  "summary_fg_median": 316.0,
  "summary_fg_n": 163232.0,
  "summary_fg_p05": 45.0,
  "summary_fg_p95": 651.0,
  "summary_fg_stdv": 183.3504,
  "tsnr": 19.50752347963862
}