{
  "aor": [
    0.0009280769230769232,
    0.0007591025641025641,
    0.0008130769230769231,
    0.0010646153846153848
  ],
  "aqi": [
    0.004404740128205129,
    0.006061344679487179,
    0.010236250512820514,
    0.019732457051282053
  ],
  "bids_meta": {
    "AcquisitionDuration": 275.442,
    "AcquisitionMatrixPE": 108,
    "AcquisitionTime": "18:17:38.850000",
    "B0FieldSource": [
      "pilot008pepolarbold",
      "pilot008phasediff"
    ],
    "BandwidthPerPixelPhaseEncode": 34.294,
    "BaseResolution": 108,
    "DerivedVendorReportedEchoSpacing": 0.000539993,
    "DwellTime": 2e-06,
    "EchoNumber": 2,
    "EchoTime": 0.03536,
    "EchoTrainLength": 40,
    "EffectiveEchoSpacing": 0.000269996,
    "ImageOrientationPatientDICOM": [
      0.997239,
      0.0607052,
      0.0427635,
      -0.0597709,
      0.997952,
      -0.0228
    ],
    "ImageType": [
      "ORIGINAL",
      "PRIMARY",
      "FMRI",
      "NONE"
    ],
    "ImageTypeText": [
      "ORIGINAL",
      "PRIMARY",
      "M",
      "MB",
      "TE2",
      "DIS2D"
    ],
    "InPlanePhaseEncodingDirectionDICOM": "COL",
    "PercentPhaseFOV": 100,
    "PercentSampling": 100,
    "PhaseEncodingDirection": "j-",
    "PhaseResolution": 1,
    "PixelBandwidth": 2315,
    "ProtocolName": "func-bold_task-bht_dir-AP__cmrr_me4_sms4",
    "PulseSequenceName": "epfid2d4_108",
    "ReceiveCoilActiveElements": "HC1-6",
    "ReconMatrixPE": 108,
    "RefLinesPE": 26,
    "RepetitionTime": 1.573,
    "SequenceVariant": "SK\\SS",
    "SeriesDescription": "func-bold_task-bht_dir-AP__cmrr_me4_sms4",
    "SeriesNumber": 24,
    "ShimSetting": [
      8231,
      -5635,
      -6006,
      695,
      -36,
      -128,
      -25,
      63
    ],
    "SliceThickness": 2,
    "SliceTiming": [
      0,
      0.3325,
      0.665,
      0.9975,
      1.3325,
      0.11,
      0.445,
      0.7775,
      1.11,
      1.4425,
      0.2225,
      0.555,
      0.8875,
      1.22,
      0,
      0.3325,
      0.665,
      0.9975,
      1.3325,
      0.11,
      0.445,
      0.7775,
      1.11,
      1.4425,
      0.2225,
      0.555,
      0.8875,
      1.22,
      0,
      0.3325,
      0.665,
      0.9975,
      1.3325,
      0.11,
      0.445,
      0.7775,
      1.11,
      1.4425,
      0.2225,
      0.555,
      0.8875,
      1.22,
      0,
      0.3325,
      0.665,
      0.9975,
      1.3325,
      0.11,
      0.445,
      0.7775,
      1.11,
      1.4425,
      0.2225,
      0.555,
      0.8875,
      1.22
    ],
    "SpacingBetweenSlices": 2,
    "TotalReadoutTime": 0.0288896,
    "TxRefAmp": 244.677,
    "WipMemBlock": "3c4cbc74-f09c-4033-9d8f-5cd41e5708f1||Sequence: R017 nxva30a/master r/d34922cc2+; Jun 27 2022 13:20:16 by eja",
    "dataset": "<unset>",
    "modality": "bold",
    "session_id": "pilot008",
    "subject_id": "001",
    "task_id": "bht"
  },
  "dummy_trs": 0,
  "dvars_nstd": 48.303693439161314,
  "dvars_std": 1.0206736683870963,
  "dvars_vstd": 1.0033112340000006,
  "efc": 0.522,
  "fber": 529.8899,
  "fd_mean": 0.1046306174849197,
  "fd_num": 9,
  "fd_perc": 5.769230769230769,
  "fwhm_avg": 3.1780716666666673,
  "fwhm_x": 2.982915,
  "fwhm_y": 3.461695,
  "fwhm_z": 3.089605,
  "gcor": [
    0.0107588,
    0.0188091,
    0.0168796,
    0.0132398
  ],
  "gsr_x": 0.020310336723923683,
  "gsr_y": 0.02213858813047409,
  "provenance": {
    "md5sum": "70fbf0e142d34d6b8992a7df692d1903",
    "settings": {
      "fd_thres": 0.2,
      "testing": false
    },
    "software": "mriqc",
    "version": "24.1.0.dev0+g3fe90466.d20240417"
  },
  "size_t": 156,
  "size_x": 108,
  "size_y": 108,
  "size_z": 56,
  "snr": 2.086088501619644,
  "spacing_tr": 1.5729999542236328,
  "spacing_x": 2.0,
  "spacing_y": 2.0,
  "spacing_z": 2.0,
  "summary_bg_k": 31.3069,
  "summary_bg_mad": 6.4626,
  "summary_bg_mean": 42.1122,
  "summary_bg_median": 22.0,
  "summary_bg_n": 489952.0,
  "summary_bg_p05": 0.0,
  "summary_bg_p95": 146.0,
  "summary_bg_stdv": 70.3275,
  "summary_fg_k": 0.74,
  "summary_fg_mad": 213.0956,
  "summary_fg_mean": 534.6887,
  "summary_fg_median": 511.0,
  "summary_fg_n": 163232.0,
  "summary_fg_p05": 126.0,
  "summary_fg_p95": 976.0,
  "summary_fg_stdv": 244.9553,
  "tsnr": 29.371071882313117
}