{
  "aor": [
    0.00045957276368491316,
    0.0007743391188251002,
    0.001008838451268358,
    0.0011199465954606141
  ],
  "aqi": [
    0.00612753862483311,
    0.007803706568758345,
    0.013212321041388518,
    0.021791421228304405
  ],
  "bids_meta": {
    "AcquisitionDuration": 1230.47,
    "AcquisitionMatrixPE": 76,
    "AcquisitionTime": "20:06:47.362500",
    "B0FieldSource": [
      "020pepolarbold",
      "020phasediff"
    ],
    "BandwidthPerPixelPhaseEncode": 40.486,
    "BaseResolution": 102,
    "DerivedVendorReportedEchoSpacing": 0.000649997,
    "DwellTime": 2.5e-06,
    "EchoNumber": 1,
    "EchoTime": 0.0126,
    "EchoTrainLength": 28,
    "EffectiveEchoSpacing": 0.000324999,
    "FlipAngle": 64,
    "ImageOrientationPatientDICOM": [
      0.998212,
      0.00105713,
      0.0597608,
      0.0212582,
      0.928188,
      -0.371504
    ],
    "ImageType": [
      "ORIGINAL",
      "PRIMARY",
      "FMRI",
      "NONE"
    ],
    "ImageTypeText": [
      "ORIGINAL",
      "PRIMARY",
      "M",
      "MB",
      "TE1",
      "DIS2D"
    ],
    "InPlanePhaseEncodingDirectionDICOM": "ROW",
    "PercentPhaseFOV": 74.5098,
    "PhaseEchoTime1": 0.0126,
    "PhaseEchoTime2": 0.0322,
    "PhaseEncodingDirection": "i",
    "PixelBandwidth": 1961,
    "ProtocolName": "func-bold_task-rest_dir-RL__cmrr_me4_sms4",
    "PulseSequenceName": "epfid2d4_76",
    "ReceiveCoilActiveElements": "HC1-7",
    "ReconMatrixPE": 76,
    "RefLinesPE": 18,
    "RepetitionTime": 1.6,
    "SequenceVariant": "SK\\SS\\OSP",
    "SeriesDescription": "func-bold_task-rest_dir-RL__cmrr_me4_sms4",
    "SeriesNumber": 23,
    "ShimSetting": [
      8247,
      -5615,
      -6003,
      663,
      -88,
      -199,
      17,
      16
    ],
    "SliceThickness": 2.2,
    "SliceTiming": [
      0,
      0.8425,
      0.105,
      0.9475,
      0.21,
      1.0525,
      0.315,
      1.1575,
      0.42,
      1.2625,
      0.525,
      1.3675,
      0.63,
      1.475,
      0.7375,
      0,
      0.8425,
      0.105,
      0.9475,
      0.21,
      1.0525,
      0.315,
      1.1575,
      0.42,
      1.2625,
      0.525,
      1.3675,
      0.63,
      1.475,
      0.7375,
      0,
      0.8425,
      0.105,
      0.9475,
      0.21,
      1.0525,
      0.315,
      1.1575,
      0.42,
      1.2625,
      0.525,
      1.3675,
      0.63,
      1.475,
      0.7375,
      0,
      0.8425,
      0.105,
      0.9475,
      0.21,
      1.0525,
      0.315,
      1.1575,
      0.42,
      1.2625,
      0.525,
      1.3675,
      0.63,
      1.475,
      0.7375
    ],
    "SpacingBetweenSlices": 2.2,
    "TotalReadoutTime": 0.0243749,
    "TxRefAmp": 249.067,
    "WipMemBlock": "1ea8891a-c342-44e7-b7c9-88a3daff2444||Sequence: R017 nxva30a/master r/d34922cc2+; Jun 27 2022 13:20:16 by eja",
    "dataset": "<unset>",
    "modality": "bold",
    "session_id": "020",
    "subject_id": "001",
    "task_id": "rest"
  },
  "dummy_trs": 1,
  "dvars_nstd": 36.14000639179147,
  "dvars_std": 1.0288446862165777,
  "dvars_vstd": 1.0059517068983952,
  "efc": 0.6582,
  "fber": 122.5706,
  "fd_mean": 0.1005814488106819,
  "fd_num": 32,
  "fd_perc": 4.2723631508678235,
  "fwhm_avg": 3.879069705443263,
  "fwhm_x": 3.6817876000146343,
  "fwhm_y": 3.874339786588401,
  "fwhm_z": 4.081081729726754,
  "gcor": [
    0.00562882,
    0.0081462,
    0.00751883,
    0.00616582
  ],
  "gsr_x": 0.1497892439365387,
  "gsr_y": 0.015926169231534004,
  "provenance": {
    "md5sum": "5e861f4d18d32a212e8dae82cfafb1d5",
    "settings": {
      "fd_thres": 0.2,
      "testing": false
    },
    "software": "mriqc",
    "version": "24.1.0.dev0+g3fe90466.d20240417"
  },
  "size_t": 749,
  "size_x": 76,
  "size_y": 102,
  "size_z": 60,
  "snr": 2.6090958231805206,
  "spacing_tr": 1.600000023841858,
  "spacing_x": 2.196079969406128,
  "spacing_y": 2.196079969406128,
  "spacing_z": 2.200000047683716,
  "summary_bg_k": 5.5019,
  "summary_bg_mad": 69.3656,
  "summary_bg_mean": 180.888,
  "summary_bg_median": 73.0,
  "summary_bg_n": 331029.0,
  "summary_bg_p05": 1.0,
  "summary_bg_p95": 767.0,
  "summary_bg_stdv": 253.4156,
  "summary_fg_k": 0.7472,
  "summary_fg_mad": 301.5443,
  "summary_fg_mean": 837.5092,
  "summary_fg_median": 807.0,
  "summary_fg_n": 134091.0,
  "summary_fg_p05": 398.0,
  "summary_fg_p95": 1376.0,
  "summary_fg_stdv": 309.3014,
  "tsnr": 36.957737451652065
}