{
  "aor": [
    0.0009839795918367346,
    0.0009978571428571428,
    0.0010731632653061226,
    0.001271734693877551
  ],
  "aqi": [
    0.004149518775510203,
    0.005888685510204082,
    0.009368835918367346,
    0.015444555102040819
  ],
  "bids_meta": {
    "AcquisitionDuration": 188.475,
    "AcquisitionMatrixPE": 76,
    "AcquisitionTime": "20:00:46.047500",
    "B0FieldSource": [
      "020pepolarbold",
      "020phasediff"
    ],
    "BandwidthPerPixelPhaseEncode": 40.486,
    "BaseResolution": 102,
    "DerivedVendorReportedEchoSpacing": 0.000649997,
    "DwellTime": 2.5e-06,
    "EchoNumber": 2,
    "EchoTime": 0.0322,
    "EchoTrainLength": 28,
    "EffectiveEchoSpacing": 0.000324999,
    "FlipAngle": 64,
    "ImageOrientationPatientDICOM": [
      0.998212,
      0.00105708,
      0.0597608,
      0.0212582,
      0.928188,
      -0.371503
    ],
    "ImageType": [
      "ORIGINAL",
      "PRIMARY",
      "FMRI",
      "NONE"
    ],
    "ImageTypeText": [
      "ORIGINAL",
      "PRIMARY",
      "M",
      "MB",
      "TE2",
      "DIS2D"
    ],
    "InPlanePhaseEncodingDirectionDICOM": "ROW",
    "PercentPhaseFOV": 74.5098,
    "PhaseEchoTime1": 0.0126,
    "PhaseEchoTime2": 0.0322,
    "PhaseEncodingDirection": "i",
    "PixelBandwidth": 1961,
    "ProtocolName": "func-bold_task-qct_dir-RL__cmrr_me4_sms4",
    "PulseSequenceName": "epfid2d4_76",
    "ReceiveCoilActiveElements": "HC1-7",
    "ReconMatrixPE": 76,
    "RefLinesPE": 18,
    "RepetitionTime": 1.6,
    "SequenceVariant": "SK\\SS\\OSP",
    "SeriesDescription": "func-bold_task-qct_dir-RL__cmrr_me4_sms4",
    "SeriesNumber": 13,
    "ShimSetting": [
      8247,
      -5615,
      -6003,
      663,
      -88,
      -199,
      17,
      16
    ],
    "SliceThickness": 2.2,
    "SliceTiming": [
      0,
      0.8425,
      0.105,
      0.9475,
      0.21,
      1.0525,
      0.315,
      1.1575,
      0.42,
      1.2625,
      0.525,
      1.3675,
      0.63,
      1.4725,
      0.7375,
      0,
      0.8425,
      0.105,
      0.9475,
      0.21,
      1.0525,
      0.315,
      1.1575,
      0.42,
      1.2625,
      0.525,
      1.3675,
      0.63,
      1.4725,
      0.7375,
      0,
      0.8425,
      0.105,
      0.9475,
      0.21,
      1.0525,
      0.315,
      1.1575,
      0.42,
      1.2625,
      0.525,
      1.3675,
      0.63,
      1.4725,
      0.7375,
      0,
      0.8425,
      0.105,
      0.9475,
      0.21,
      1.0525,
      0.315,
      1.1575,
      0.42,
      1.2625,
      0.525,
      1.3675,
      0.63,
      1.4725,
      0.7375
    ],
    "SpacingBetweenSlices": 2.2,
    "TotalReadoutTime": 0.0243749,
    "TxRefAmp": 249.067,
    "WipMemBlock": "a998417e-09ec-4bac-bd2b-66deb79ecc51||Sequence: R017 nxva30a/master r/d34922cc2+; Jun 27 2022 13:20:16 by eja",
    "dataset": "<unset>",
    "modality": "bold",
    "session_id": "020",
    "subject_id": "001",
    "task_id": "qct"
  },
  "dummy_trs": 1,
  "dvars_nstd": 48.828543436907204,
  "dvars_std": 1.0433134172164948,
  "dvars_vstd": 1.0337889556701023,
  "efc": 0.5867,
  "fber": 223.9124,
  "fd_mean": 0.05935421341731189,
  "fd_num": 0,
  "fd_perc": 0.0,
  "fwhm_avg": 3.287861800782869,
  "fwhm_x": 3.3637527334660944,
  "fwhm_y": 3.2989600109868316,
  "fwhm_z": 3.200872657895681,
  "gcor": [
    0.00378321,
    0.00463755,
    0.00403586,
    0.00322388
  ],
  "gsr_x": 0.10276845097541809,
  "gsr_y": -0.013512923382222652,
  "provenance": {
    "md5sum": "4f1faa52d84962081bbfc69691e6b0bd",
    "settings": {
      "fd_thres": 0.2,
      "testing": false
    },
    "software": "mriqc",
    "version": "24.1.0.dev0+g3fe90466.d20240417"
  },
  "size_t": 98,
  "size_x": 76,
  "size_y": 102,
  "size_z": 60,
  "snr": 2.151371748751541,
  "spacing_tr": 1.600000023841858,
  "spacing_x": 2.196079969406128,
  "spacing_y": 2.196079969406128,
  "spacing_z": 2.200000047683716,
  "summary_bg_k": 24.851,
  "summary_bg_mad": 19.3041,
  "summary_bg_mean": 64.6889,
  "summary_bg_median": 36.0,
  "summary_bg_n": 331245.0,
  "summary_bg_p05": 0.0,
  "summary_bg_p95": 236.0,
  "summary_bg_stdv": 89.3481,
  "summary_fg_k": 0.7961,
  "summary_fg_mad": 228.9108,
  "summary_fg_mean": 549.1945,
  "summary_fg_median": 534.0,
  "summary_fg_n": 133875.0,
  "summary_fg_p05": 123.0,
  "summary_fg_p95": 972.0,
  "summary_fg_stdv": 248.2128,
  "tsnr": 28.96945719141513
}