{
  "aor": [
    0.0005127053140096618,
    0.00056512077294686,
    0.0006226570048309179,
    0.0007512077294685989
  ],
  "aqi": [
    0.0052382613526570036,
    0.007731205120772948,
    0.012673267729468599,
    0.021167636714975843
  ],
  "bids_meta": {
    "AcquisitionDuration": 361.475,
    "AcquisitionMatrixPE": 76,
    "AcquisitionTime": "20:28:16.257500",
    "B0FieldSource": [
      "020pepolarbold",
      "020phasediff"
    ],
    "BandwidthPerPixelPhaseEncode": 40.486,
    "BaseResolution": 102,
    "DerivedVendorReportedEchoSpacing": 0.000649997,
    "DwellTime": 2.5e-06,
    "EchoNumber": 1,
    "EchoTime": 0.0126,
    "EchoTrainLength": 28,
    "EffectiveEchoSpacing": 0.000324999,
    "ImageOrientationPatientDICOM": [
      0.998212,
      0.00105713,
      0.0597608,
      0.0212582,
      0.928188,
      -0.371504
    ],
    "ImageType": [
      "ORIGINAL",
      "PRIMARY",
      "FMRI",
      "NONE"
    ],
    "ImageTypeText": [
      "ORIGINAL",
      "PRIMARY",
      "M",
      "MB",
      "TE1",
      "DIS2D"
    ],
    "InPlanePhaseEncodingDirectionDICOM": "ROW",
    "PercentPhaseFOV": 74.5098,
    "PercentSampling": 100,
    "PhaseEchoTime1": 0.0126,
    "PhaseEchoTime2": 0.0322,
    "PhaseEncodingDirection": "i",
    "PhaseResolution": 1,
    "PixelBandwidth": 1961,
    "ProtocolName": "func-bold_task-bht_dir-RL__cmrr_me4_sms4",
    "PulseSequenceName": "epfid2d4_76",
    "ReceiveCoilActiveElements": "HC1-7",
    "ReconMatrixPE": 76,
    "RefLinesPE": 18,
    "RepetitionTime": 1.6,
    "SequenceVariant": "SK\\SS\\OSP",
    "SeriesDescription": "func-bold_task-bht_dir-RL__cmrr_me4_sms4",
    "SeriesNumber": 25,
    "ShimSetting": [
      8246,
      -5616,
      -6003,
      674,
      -90,
      -213,
      10,
      11
    ],
    "SliceThickness": 2.2,
    "SliceTiming": [
      0,
      0.8425,
      0.105,
      0.9475,
      0.21,
      1.0525,
      0.315,
      1.1575,
      0.42,
      1.2625,
      0.525,
      1.3675,
      0.63,
      1.475,
      0.7375,
      0,
      0.8425,
      0.105,
      0.9475,
      0.21,
      1.0525,
      0.315,
      1.1575,
      0.42,
      1.2625,
      0.525,
      1.3675,
      0.63,
      1.475,
      0.7375,
      0,
      0.8425,
      0.105,
      0.9475,
      0.21,
      1.0525,
      0.315,
      1.1575,
      0.42,
      1.2625,
      0.525,
      1.3675,
      0.63,
      1.475,
      0.7375,
      0,
      0.8425,
      0.105,
      0.9475,
      0.21,
      1.0525,
      0.315,
      1.1575,
      0.42,
      1.2625,
      0.525,
      1.3675,
      0.63,
      1.475,
      0.7375
    ],
    "SpacingBetweenSlices": 2.2,
    "TotalReadoutTime": 0.0243749,
    "TxRefAmp": 249.067,
    "WipMemBlock": "ef37d65e-95e4-4b50-a8b5-c27771c084db||Sequence: R017 nxva30a/master r/d34922cc2+; Jun 27 2022 13:20:16 by eja",
    "dataset": "<unset>",
    "modality": "bold",
    "session_id": "020",
    "subject_id": "001",
    "task_id": "bht"
  },
  "dummy_trs": 0,
  "dvars_nstd": 41.243987574368944,
  "dvars_std": 1.0452071151456306,
  "dvars_vstd": 1.0065225681067957,
  "efc": 0.6576,
  "fber": 121.5328,
  "fd_mean": 0.193260473959033,
  "fd_num": 97,
  "fd_perc": 46.85990338164251,
  "fwhm_avg": 3.8108115828134963,
  "fwhm_x": 3.6317757600406555,
  "fwhm_y": 3.8366954379527924,
  "fwhm_z": 3.96396355044704,
  "gcor": [
    0.0173342,
    0.0262709,
    0.0266476,
    0.0222337
  ],
  "gsr_x": 0.15095233917236328,
  "gsr_y": 0.016790684312582016,
  "provenance": {
    "md5sum": "778175b554690e0a6ef084b664584ecc",
    "settings": {
      "fd_thres": 0.2,
      "testing": false
    },
    "software": "mriqc",
    "version": "24.1.0.dev0+g3fe90466.d20240417"
  },
  "size_t": 207,
  "size_x": 76,
  "size_y": 102,
  "size_z": 60,
  "snr": 2.586317054026926,
  "spacing_tr": 1.600000023841858,
  "spacing_x": 2.196079969406128,
  "spacing_y": 2.196079969406128,
  "spacing_z": 2.200000047683716,
  "summary_bg_k": 5.5209,
  "summary_bg_mad": 69.317,
  "summary_bg_mean": 180.9094,
  "summary_bg_median": 73.0,
  "summary_bg_n": 330995.0,
  "summary_bg_p05": 0.0,
  "summary_bg_p95": 770.0,
  "summary_bg_stdv": 254.4991,
  "summary_fg_k": 0.737,
  "summary_fg_mad": 302.9952,
  "summary_fg_mean": 832.4671,
  "summary_fg_median": 804.0,
  "summary_fg_n": 134125.0,
  "summary_fg_p05": 389.0,
  "summary_fg_p95": 1372.0,
  "summary_fg_stdv": 310.8656,
  "tsnr": 35.96830843016505
}