{
  "aor": [
    0.0005127053140096618,
    0.00056512077294686,
    0.0006226570048309179,
    0.0007512077294685989
  ],
  "aqi": [
    0.0052382613526570036,
    0.007731205120772948,
    0.012673267729468599,
    0.021167636714975843
  ],
  "bids_meta": {
    "AcquisitionDuration": 361.475,
    "AcquisitionMatrixPE": 76,
    "AcquisitionTime": "20:28:16.315000",
    "B0FieldSource": [
      "020pepolarbold",
      "020phasediff"
    ],
    "BandwidthPerPixelPhaseEncode": 40.486,
    "BaseResolution": 102,
    "DerivedVendorReportedEchoSpacing": 0.000649997,
    "DwellTime": 2.5e-06,
    "EchoNumber": 4,
    "EchoTime": 0.0714,
    "EchoTrainLength": 28,
    "EffectiveEchoSpacing": 0.000324999,
    "ImageOrientationPatientDICOM": [
      0.998212,
      0.00105713,
      0.0597608,
      0.0212582,
      0.928188,
      -0.371504
    ],
    "ImageType": [
      "ORIGINAL",
      "PRIMARY",
      "FMRI",
      "NONE"
    ],
    "ImageTypeText": [
      "ORIGINAL",
      "PRIMARY",
      "M",
      "MB",
      "TE4",
      "DIS2D"
    ],
    "InPlanePhaseEncodingDirectionDICOM": "ROW",
    "PercentPhaseFOV": 74.5098,
    "PercentSampling": 100,
    "PhaseEchoTime1": 0.0126,
    "PhaseEchoTime2": 0.0322,
    "PhaseEncodingDirection": "i",
    "PhaseResolution": 1,
    "PixelBandwidth": 1961,
    "ProtocolName": "func-bold_task-bht_dir-RL__cmrr_me4_sms4",
    "PulseSequenceName": "epfid2d4_76",
    "ReceiveCoilActiveElements": "HC1-7",
    "ReconMatrixPE": 76,
    "RefLinesPE": 18,
    "RepetitionTime": 1.6,
    "SequenceVariant": "SK\\SS\\OSP",
    "SeriesDescription": "func-bold_task-bht_dir-RL__cmrr_me4_sms4",
    "SeriesNumber": 25,
    "ShimSetting": [
      8246,
      -5616,
      -6003,
      674,
      -90,
      -213,
      10,
      11
    ],
    "SliceThickness": 2.2,
    "SliceTiming": [
      0,
      0.8425,
      0.105,
      0.9475,
      0.21,
      1.0525,
      0.315,
      1.1575,
      0.42,
      1.2625,
      0.525,
      1.3675,
      0.63,
      1.475,
      0.7375,
      0,
      0.8425,
      0.105,
      0.9475,
      0.21,
      1.0525,
      0.315,
      1.1575,
      0.42,
      1.2625,
      0.525,
      1.3675,
      0.63,
      1.475,
      0.7375,
      0,
      0.8425,
      0.105,
      0.9475,
      0.21,
      1.0525,
      0.315,
      1.1575,
      0.42,
      1.2625,
      0.525,
      1.3675,
      0.63,
      1.475,
      0.7375,
      0,
      0.8425,
      0.105,
      0.9475,
      0.21,
      1.0525,
      0.315,
      1.1575,
      0.42,
      1.2625,
      0.525,
      1.3675,
      0.63,
      1.475,
      0.7375
    ],
    "SpacingBetweenSlices": 2.2,
    "TotalReadoutTime": 0.0243749,
    "TxRefAmp": 249.067,
    "WipMemBlock": "ef37d65e-95e4-4b50-a8b5-c27771c084db||Sequence: R017 nxva30a/master r/d34922cc2+; Jun 27 2022 13:20:16 by eja",
    "dataset": "<unset>",
    "modality": "bold",
    "session_id": "020",
    "subject_id": "001",
    "task_id": "bht"
  },
  "dummy_trs": 0,
  "dvars_nstd": 106.7677510459224,
  "dvars_std": 1.0545873721844659,
  "dvars_vstd": 1.003556849563107,
  "efc": 0.5726,
  "fber": 65.6324,
  "fd_mean": 0.193260473959033,
  "fd_num": 97,
  "fd_perc": 46.85990338164251,
  "fwhm_avg": 2.5861401909499766,
  "fwhm_x": 2.7280746072376076,
  "fwhm_y": 2.566623291739347,
  "fwhm_z": 2.4637226738729763,
  "gcor": [
    0.0173342,
    0.0262709,
    0.0266476,
    0.0222337
  ],
  "gsr_x": 0.04665689915418625,
  "gsr_y": -0.006165266502648592,
  "provenance": {
    "md5sum": "013303bd742f6a1eb593b3e8945843b9",
    "settings": {
      "fd_thres": 0.2,
      "testing": false
    },
    "software": "mriqc",
    "version": "24.1.0.dev0+g3fe90466.d20240417"
  },
  "size_t": 207,
  "size_x": 76,
  "size_y": 102,
  "size_z": 60,
  "snr": 1.486354170534265,
  "spacing_tr": 1.600000023841858,
  "spacing_x": 2.196079969406128,
  "spacing_y": 2.196079969406128,
  "spacing_z": 2.200000047683716,
  "summary_bg_k": 96.782,
  "summary_bg_mad": 5.9805,
  "summary_bg_mean": 29.2301,
  "summary_bg_median": 27.0,
  "summary_bg_n": 330995.0,
  "summary_bg_p05": 0.0,
  "summary_bg_p95": 54.0,
  "summary_bg_stdv": 20.6419,
  "summary_fg_k": 4.4876,
  "summary_fg_mad": 130.2613,
  "summary_fg_mean": 226.9963,
  "summary_fg_median": 215.0,
  "summary_fg_n": 134125.0,
  "summary_fg_p05": 37.0,
  "summary_fg_p95": 476.0,
  "summary_fg_stdv": 144.6487,
  "tsnr": 12.366457842290401
}