{
  "aor": [
    0.00045957276368491316,
    0.0007743391188251002,
    0.001008838451268358,
    0.0011199465954606141
  ],
  "aqi": [
    0.00612753862483311,
    0.007803706568758345,
    0.013212321041388518,
    0.021791421228304405
  ],
  "bids_meta": {
    "AcquisitionDuration": 1230.47,
    "AcquisitionMatrixPE": 76,
    "AcquisitionTime": "20:06:47.420000",
    "B0FieldSource": [
      "020pepolarbold",
      "020phasediff"
    ],
    "BandwidthPerPixelPhaseEncode": 40.486,
    "BaseResolution": 102,
    "DerivedVendorReportedEchoSpacing": 0.000649997,
    "DwellTime": 2.5e-06,
    "EchoNumber": 4,
    "EchoTime": 0.0714,
    "EchoTrainLength": 28,
    "EffectiveEchoSpacing": 0.000324999,
    "FlipAngle": 64,
    "ImageOrientationPatientDICOM": [
      0.998212,
      0.00105713,
      0.0597608,
      0.0212582,
      0.928188,
      -0.371504
    ],
    "ImageType": [
      "ORIGINAL",
      "PRIMARY",
      "FMRI",
      "NONE"
    ],
    "ImageTypeText": [
      "ORIGINAL",
      "PRIMARY",
      "M",
      "MB",
      "TE4",
      "DIS2D"
    ],
    "InPlanePhaseEncodingDirectionDICOM": "ROW",
    "PercentPhaseFOV": 74.5098,
    "PhaseEchoTime1": 0.0126,
    "PhaseEchoTime2": 0.0322,
    "PhaseEncodingDirection": "i",
    "PixelBandwidth": 1961,
    "ProtocolName": "func-bold_task-rest_dir-RL__cmrr_me4_sms4",
    "PulseSequenceName": "epfid2d4_76",
    "ReceiveCoilActiveElements": "HC1-7",
    "ReconMatrixPE": 76,
    "RefLinesPE": 18,
    "RepetitionTime": 1.6,
    "SequenceVariant": "SK\\SS\\OSP",
    "SeriesDescription": "func-bold_task-rest_dir-RL__cmrr_me4_sms4",
    "SeriesNumber": 23,
    "ShimSetting": [
      8247,
      -5615,
      -6003,
      663,
      -88,
      -199,
      17,
      16
    ],
    "SliceThickness": 2.2,
    "SliceTiming": [
      0,
      0.8425,
      0.105,
      0.9475,
      0.21,
      1.0525,
      0.315,
      1.1575,
      0.42,
      1.2625,
      0.525,
      1.3675,
      0.6325,
      1.475,
      0.7375,
      0,
      0.8425,
      0.105,
      0.9475,
      0.21,
      1.0525,
      0.315,
      1.1575,
      0.42,
      1.2625,
      0.525,
      1.3675,
      0.6325,
      1.475,
      0.7375,
      0,
      0.8425,
      0.105,
      0.9475,
      0.21,
      1.0525,
      0.315,
      1.1575,
      0.42,
      1.2625,
      0.525,
      1.3675,
      0.6325,
      1.475,
      0.7375,
      0,
      0.8425,
      0.105,
      0.9475,
      0.21,
      1.0525,
      0.315,
      1.1575,
      0.42,
      1.2625,
      0.525,
      1.3675,
      0.6325,
      1.475,
      0.7375
    ],
    "SpacingBetweenSlices": 2.2,
    "TotalReadoutTime": 0.0243749,
    "TxRefAmp": 249.067,
    "WipMemBlock": "1ea8891a-c342-44e7-b7c9-88a3daff2444||Sequence: R017 nxva30a/master r/d34922cc2+; Jun 27 2022 13:20:16 by eja",
    "dataset": "<unset>",
    "modality": "bold",
    "session_id": "020",
    "subject_id": "001",
    "task_id": "rest"
  },
  "dummy_trs": 1,
  "dvars_nstd": 90.19295631243311,
  "dvars_std": 1.034293428489305,
  "dvars_vstd": 1.0054539231417112,
  "efc": 0.5724,
  "fber": 67.6341,
  "fd_mean": 0.1005814488106819,
  "fd_num": 32,
  "fd_perc": 4.2723631508678235,
  "fwhm_avg": 2.7181848368883927,
  "fwhm_x": 2.821645880990252,
  "fwhm_y": 2.6859768688638086,
  "fwhm_z": 2.646931760811117,
  "gcor": [
    0.00562882,
    0.0081462,
    0.00751883,
    0.00616582
  ],
  "gsr_x": 0.04686412587761879,
  "gsr_y": -0.00613732123747468,
  "provenance": {
    "md5sum": "d3b97518064f9ce14bbe0be6cc0ba9ba",
    "settings": {
      "fd_thres": 0.2,
      "testing": false
    },
    "software": "mriqc",
    "version": "24.1.0.dev0+g3fe90466.d20240417"
  },
  "size_t": 749,
  "size_x": 76,
  "size_y": 102,
  "size_z": 60,
  "snr": 1.507259741285051,
  "spacing_tr": 1.600000023841858,
  "spacing_x": 2.196079969406128,
  "spacing_y": 2.196079969406128,
  "spacing_z": 2.200000047683716,
  "summary_bg_k": 89.0856,
  "summary_bg_mad": 6.0531,
  "summary_bg_mean": 29.364,
  "summary_bg_median": 27.0,
  "summary_bg_n": 331029.0,
  "summary_bg_p05": 1.0,
  "summary_bg_p95": 54.0,
  "summary_bg_stdv": 20.4367,
  "summary_fg_k": 4.0182,
  "summary_fg_mad": 131.3023,
  "summary_fg_mean": 231.7104,
  "summary_fg_median": 220.0,
  "summary_fg_n": 134091.0,
  "summary_fg_p05": 37.0,
  "summary_fg_p95": 485.0,
  "summary_fg_stdv": 145.9597,
  "tsnr": 12.743072194163688
}