{
  "aor": [
    0.0009839795918367346,
    0.0009978571428571428,
    0.0010731632653061226,
    0.001271734693877551
  ],
  "aqi": [
    0.004149518775510203,
    0.005888685510204082,
    0.009368835918367346,
    0.015444555102040819
  ],
  "bids_meta": {
    "AcquisitionDuration": 188.475,
    "AcquisitionMatrixPE": 76,
    "AcquisitionTime": "20:00:46.087500",
    "B0FieldSource": [
      "020pepolarbold",
      "020phasediff"
    ],
    "BandwidthPerPixelPhaseEncode": 40.486,
    "BaseResolution": 102,
    "DerivedVendorReportedEchoSpacing": 0.000649997,
    "DwellTime": 2.5e-06,
    "EchoNumber": 4,
    "EchoTime": 0.0714,
    "EchoTrainLength": 28,
    "EffectiveEchoSpacing": 0.000324999,
    "FlipAngle": 64,
    "ImageOrientationPatientDICOM": [
      0.998212,
      0.00105708,
      0.0597608,
      0.0212582,
      0.928188,
      -0.371503
    ],
    "ImageType": [
      "ORIGINAL",
      "PRIMARY",
      "FMRI",
      "NONE"
    ],
    "ImageTypeText": [
      "ORIGINAL",
      "PRIMARY",
      "M",
      "MB",
      "TE4",
      "DIS2D"
    ],
    "InPlanePhaseEncodingDirectionDICOM": "ROW",
    "PercentPhaseFOV": 74.5098,
    "PhaseEchoTime1": 0.0126,
    "PhaseEchoTime2": 0.0322,
    "PhaseEncodingDirection": "i",
    "PixelBandwidth": 1961,
    "ProtocolName": "func-bold_task-qct_dir-RL__cmrr_me4_sms4",
    "PulseSequenceName": "epfid2d4_76",
    "ReceiveCoilActiveElements": "HC1-7",
    "ReconMatrixPE": 76,
    "RefLinesPE": 18,
    "RepetitionTime": 1.6,
    "SequenceVariant": "SK\\SS\\OSP",
    "SeriesDescription": "func-bold_task-qct_dir-RL__cmrr_me4_sms4",
    "SeriesNumber": 13,
    "ShimSetting": [
      8247,
      -5615,
      -6003,
      663,
      -88,
      -199,
      17,
      16
    ],
    "SliceThickness": 2.2,
    "SliceTiming": [
      0,
      0.8425,
      0.105,
      0.9475,
      0.2125,
      1.055,
      0.3175,
      1.16,
      0.4225,
      1.265,
      0.5275,
      1.37,
      0.6325,
      1.475,
      0.7375,
      0,
      0.8425,
      0.105,
      0.9475,
      0.2125,
      1.055,
      0.3175,
      1.16,
      0.4225,
      1.265,
      0.5275,
      1.37,
      0.6325,
      1.475,
      0.7375,
      0,
      0.8425,
      0.105,
      0.9475,
      0.2125,
      1.055,
      0.3175,
      1.16,
      0.4225,
      1.265,
      0.5275,
      1.37,
      0.6325,
      1.475,
      0.7375,
      0,
      0.8425,
      0.105,
      0.9475,
      0.2125,
      1.055,
      0.3175,
      1.16,
      0.4225,
      1.265,
      0.5275,
      1.37,
      0.6325,
      1.475,
      0.7375
    ],
    "SpacingBetweenSlices": 2.2,
    "TotalReadoutTime": 0.0243749,
    "TxRefAmp": 249.067,
    "WipMemBlock": "a998417e-09ec-4bac-bd2b-66deb79ecc51||Sequence: R017 nxva30a/master r/d34922cc2+; Jun 27 2022 13:20:16 by eja",
    "dataset": "<unset>",
    "modality": "bold",
    "session_id": "020",
    "subject_id": "001",
    "task_id": "qct"
  },
  "dummy_trs": 1,
  "dvars_nstd": 93.17966563453605,
  "dvars_std": 1.0488318495876288,
  "dvars_vstd": 1.0333640581443302,
  "efc": 0.5685,
  "fber": 69.2462,
  "fd_mean": 0.05935421341731189,
  "fd_num": 0,
  "fd_perc": 0.0,
  "fwhm_avg": 2.594533536701373,
  "fwhm_x": 2.7277558574608456,
  "fwhm_y": 2.5710448064998612,
  "fwhm_z": 2.484799946143412,
  "gcor": [
    0.00378321,
    0.00463755,
    0.00403586,
    0.00322388
  ],
  "gsr_x": 0.04709145054221153,
  "gsr_y": -0.0067785452120006084,
  "provenance": {
    "md5sum": "40e7696ba787c71eb28d16f17e1bd622",
    "settings": {
      "fd_thres": 0.2,
      "testing": false
    },
    "software": "mriqc",
    "version": "24.1.0.dev0+g3fe90466.d20240417"
  },
  "size_t": 98,
  "size_x": 76,
  "size_y": 102,
  "size_z": 60,
  "snr": 1.477951849363597,
  "spacing_tr": 1.600000023841858,
  "spacing_x": 2.196079969406128,
  "spacing_y": 2.196079969406128,
  "spacing_z": 2.200000047683716,
  "summary_bg_k": 147.2126,
  "summary_bg_mad": 6.0212,
  "summary_bg_mean": 29.4943,
  "summary_bg_median": 27.0,
  "summary_bg_n": 331245.0,
  "summary_bg_p05": 0.0,
  "summary_bg_p95": 55.0,
  "summary_bg_stdv": 22.0411,
  "summary_fg_k": 4.2473,
  "summary_fg_mad": 133.8275,
  "summary_fg_mean": 233.4097,
  "summary_fg_median": 221.0,
  "summary_fg_n": 133875.0,
  "summary_fg_p05": 36.0,
  "summary_fg_p95": 492.0,
  "summary_fg_stdv": 149.5307,
  "tsnr": 14.270921394228935
}