{
  "aor": [
    0.0002403070761014686,
    0.0002900934579439252,
    0.000340173564753004,
    0.00041515353805073437
  ],
  "aqi": [
    0.006061967209612817,
    0.00869252228304406,
    0.014402707570093458,
    0.024290741388518028
  ],
  "bids_meta": {
    "AcquisitionDuration": 1230.47,
    "AcquisitionMatrixPE": 76,
    "AcquisitionTime": "12:07:39.397500",
    "B0FieldSource": [
      "044pepolarbold",
      "044phasediff"
    ],
    "BandwidthPerPixelPhaseEncode": 40.486,
    "BaseResolution": 102,
    "DerivedVendorReportedEchoSpacing": 0.000649997,
    "DwellTime": 2.5e-06,
    "EchoNumber": 2,
    "EchoTime": 0.0322,
    "EchoTrainLength": 28,
    "EffectiveEchoSpacing": 0.000324999,
    "FlipAngle": 64,
    "ImageOrientationPatientDICOM": [
      0.99968,
      -0.00917212,
      0.0235891,
      0.0155297,
      0.958241,
      -0.28554
    ],
    "ImageType": [
      "ORIGINAL",
      "PRIMARY",
      "FMRI",
      "NONE"
    ],
    "ImageTypeText": [
      "ORIGINAL",
      "PRIMARY",
      "M",
      "MB",
      "TE2",
      "DIS2D"
    ],
    "InPlanePhaseEncodingDirectionDICOM": "ROW",
    "PercentPhaseFOV": 74.5098,
    "PhaseEchoTime1": 0.0126,
    "PhaseEchoTime2": 0.0322,
    "PhaseEncodingDirection": "i-",
    "PixelBandwidth": 1961,
    "ProtocolName": "func-bold_task-rest_dir-LR__cmrr_me4_sms4",
    "PulseSequenceName": "epfid2d4_76",
    "ReceiveCoilActiveElements": "HC1-7",
    "ReconMatrixPE": 76,
    "RefLinesPE": 18,
    "RepetitionTime": 1.6,
    "SequenceVariant": "SK\\SS\\OSP",
    "SeriesDescription": "func-bold_task-rest_dir-LR__cmrr_me4_sms4",
    "SeriesNumber": 23,
    "ShimSetting": [
      8227,
      -5626,
      -6023,
      682,
      -44,
      -124,
      82,
      32
    ],
    "SliceThickness": 2.2,
    "SliceTiming": [
      0,
      0.8425,
      0.105,
      0.9475,
      0.21,
      1.0525,
      0.315,
      1.1575,
      0.42,
      1.2625,
      0.525,
      1.3675,
      0.63,
      1.475,
      0.7375,
      0,
      0.8425,
      0.105,
      0.9475,
      0.21,
      1.0525,
      0.315,
      1.1575,
      0.42,
      1.2625,
      0.525,
      1.3675,
      0.63,
      1.475,
      0.7375,
      0,
      0.8425,
      0.105,
      0.9475,
      0.21,
      1.0525,
      0.315,
      1.1575,
      0.42,
      1.2625,
      0.525,
      1.3675,
      0.63,
      1.475,
      0.7375,
      0,
      0.8425,
      0.105,
      0.9475,
      0.21,
      1.0525,
      0.315,
      1.1575,
      0.42,
      1.2625,
      0.525,
      1.3675,
      0.63,
      1.475,
      0.7375
    ],
    "SpacingBetweenSlices": 2.2,
    "TotalReadoutTime": 0.0243749,
    "TxRefAmp": 244.324,
    "WipMemBlock": "3b48103d-025b-4a9b-b4ba-0cd7796bbff6||Sequence: R017 nxva30a/master r/d34922cc2+; Jun 27 2022 13:20:16 by eja",
    "dataset": "<unset>",
    "modality": "bold",
    "session_id": "044",
    "subject_id": "001",
    "task_id": "rest"
  },
  "dummy_trs": 1,
  "dvars_nstd": 47.03798010508017,
  "dvars_std": 1.0086847524598928,
  "dvars_vstd": 0.9935240160160431,
  "efc": 0.5827,
  "fber": 257.702,
  "fd_mean": 0.12519453029343952,
  "fd_num": 56,
  "fd_perc": 7.4766355140186915,
  "fwhm_avg": 3.2296272539801145,
  "fwhm_x": 3.236571572538003,
  "fwhm_y": 3.2582829859037434,
  "fwhm_z": 3.1940272034985977,
  "gcor": [
    0.0181829,
    0.0173813,
    0.0150034,
    0.0114034
  ],
  "gsr_x": 0.091051384806633,
  "gsr_y": -0.005259715020656586,
  "provenance": {
    "md5sum": "af1156ed4de8da9f6225f3b4f73f4a5c",
    "settings": {
      "fd_thres": 0.2,
      "testing": false
    },
    "software": "mriqc",
    "version": "24.1.0.dev0+g3fe90466.d20240417"
  },
  "size_t": 749,
  "size_x": 76,
  "size_y": 102,
  "size_z": 60,
  "snr": 2.2271891426204293,
  "spacing_tr": 1.600000023841858,
  "spacing_x": 2.196079969406128,
  "spacing_y": 2.196079969406128,
  "spacing_z": 2.200000047683716,
  "summary_bg_k": 28.2924,
  "summary_bg_mad": 16.6095,
  "summary_bg_mean": 58.2021,
  "summary_bg_median": 32.0,
  "summary_bg_n": 330215.0,
  "summary_bg_p05": 0.0,
  "summary_bg_p95": 215.0,
  "summary_bg_stdv": 82.3803,
  "summary_fg_k": 0.4895,
  "summary_fg_mad": 211.6717,
  "summary_fg_mean": 525.513,
  "summary_fg_median": 517.0,
  "summary_fg_n": 134905.0,
  "summary_fg_p05": 110.0,
  "summary_fg_p95": 919.0,
  "summary_fg_stdv": 232.1303,
  "tsnr": 26.060571863199584
}