{
  "aor": [
    0.001213838383838384,
    0.0012463636363636362,
    0.001326565656565657,
    0.0014651515151515152
  ],
  "aqi": [
    0.006014284545454544,
    0.007261702323232323,
    0.011306391515151516,
    0.018792081818181816
  ],
  "bids_meta": {
    "AcquisitionDuration": 188.475,
    "AcquisitionMatrixPE": 76,
    "AcquisitionTime": "12:01:8.090000",
    "B0FieldSource": [
      "044pepolarbold",
      "044phasediff"
    ],
    "BandwidthPerPixelPhaseEncode": 40.486,
    "BaseResolution": 102,
    "DerivedVendorReportedEchoSpacing": 0.000649997,
    "DwellTime": 2.5e-06,
    "EchoNumber": 4,
    "EchoTime": 0.0714,
    "EchoTrainLength": 28,
    "EffectiveEchoSpacing": 0.000324999,
    "FlipAngle": 64,
    "ImageOrientationPatientDICOM": [
      0.99968,
      -0.00917212,
      0.0235891,
      0.0155297,
      0.958241,
      -0.28554
    ],
    "ImageType": [
      "ORIGINAL",
      "PRIMARY",
      "FMRI",
      "NONE"
    ],
    "ImageTypeText": [
      "ORIGINAL",
      "PRIMARY",
      "M",
      "MB",
      "TE4",
      "DIS2D"
    ],
    "InPlanePhaseEncodingDirectionDICOM": "ROW",
    "PercentPhaseFOV": 74.5098,
    "PhaseEchoTime1": 0.0126,
    "PhaseEchoTime2": 0.0322,
    "PhaseEncodingDirection": "i-",
    "PixelBandwidth": 1961,
    "ProtocolName": "func-bold_task-qct_dir-LR__cmrr_me4_sms4",
    "PulseSequenceName": "epfid2d4_76",
    "ReceiveCoilActiveElements": "HC1-7",
    "ReconMatrixPE": 76,
    "RefLinesPE": 18,
    "RepetitionTime": 1.6,
    "SequenceVariant": "SK\\SS\\OSP",
    "SeriesDescription": "func-bold_task-qct_dir-LR__cmrr_me4_sms4",
    "SeriesNumber": 13,
    "ShimSetting": [
      8227,
      -5626,
      -6023,
      682,
      -44,
      -124,
      82,
      32
    ],
    "SliceThickness": 2.2,
    "SliceTiming": [
      0,
      0.8425,
      0.1075,
      0.95,
      0.2125,
      1.055,
      0.3175,
      1.16,
      0.4225,
      1.265,
      0.5275,
      1.37,
      0.6325,
      1.475,
      0.7375,
      0,
      0.8425,
      0.1075,
      0.95,
      0.2125,
      1.055,
      0.3175,
      1.16,
      0.4225,
      1.265,
      0.5275,
      1.37,
      0.6325,
      1.475,
      0.7375,
      0,
      0.8425,
      0.1075,
      0.95,
      0.2125,
      1.055,
      0.3175,
      1.16,
      0.4225,
      1.265,
      0.5275,
      1.37,
      0.6325,
      1.475,
      0.7375,
      0,
      0.8425,
      0.1075,
      0.95,
      0.2125,
      1.055,
      0.3175,
      1.16,
      0.4225,
      1.265,
      0.5275,
      1.37,
      0.6325,
      1.475,
      0.7375
    ],
    "SpacingBetweenSlices": 2.2,
    "TotalReadoutTime": 0.0243749,
    "TxRefAmp": 244.324,
    "WipMemBlock": "e87c35b5-7ddc-4a26-8cab-75d5498003fe||Sequence: R017 nxva30a/master r/d34922cc2+; Jun 27 2022 13:20:16 by eja",
    "dataset": "<unset>",
    "modality": "bold",
    "session_id": "044",
    "subject_id": "001",
    "task_id": "qct"
  },
  "dummy_trs": 0,
  "dvars_nstd": 94.21628578377545,
  "dvars_std": 1.0451906753061224,
  "dvars_vstd": 1.0218176068367344,
  "efc": 0.5664,
  "fber": 77.4187,
  "fd_mean": 0.109567207920435,
  "fd_num": 7,
  "fd_perc": 7.070707070707071,
  "fwhm_avg": 2.528867826427982,
  "fwhm_x": 2.6633000990313023,
  "fwhm_y": 2.5044579781342517,
  "fwhm_z": 2.4188454021183925,
  "gcor": [
    0.00733123,
    0.00962547,
    0.00876365,
    0.00718883
  ],
  "gsr_x": 0.0330982469022274,
  "gsr_y": 0.0002478073874954134,
  "provenance": {
    "md5sum": "5f8643c38b57673dea4d6d1ec1ae2b79",
    "settings": {
      "fd_thres": 0.2,
      "testing": false
    },
    "software": "mriqc",
    "version": "24.1.0.dev0+g3fe90466.d20240417"
  },
  "size_t": 99,
  "size_x": 76,
  "size_y": 102,
  "size_z": 60,
  "snr": 1.5591367509967913,
  "spacing_tr": 1.600000023841858,
  "spacing_x": 2.196079969406128,
  "spacing_y": 2.196079969406128,
  "spacing_z": 2.200000047683716,
  "summary_bg_k": 103.0191,
  "summary_bg_mad": 5.4811,
  "summary_bg_mean": 26.8493,
  "summary_bg_median": 25.0,
  "summary_bg_n": 330183.0,
  "summary_bg_p05": 0.0,
  "summary_bg_p95": 49.0,
  "summary_bg_stdv": 18.1591,
  "summary_fg_k": 3.1024,
  "summary_fg_mad": 129.0912,
  "summary_fg_mean": 226.8164,
  "summary_fg_median": 220.0,
  "summary_fg_n": 134937.0,
  "summary_fg_p05": 35.0,
  "summary_fg_p95": 468.0,
  "summary_fg_stdv": 141.1032,
  "tsnr": 14.157965120393783
}