{
  "aor": [
    0.0008262621359223301,
    0.0006949514563106796,
    0.0007281067961165048,
    0.000864126213592233
  ],
  "aqi": [
    0.003408072961165049,
    0.0053590950970873776,
    0.009048128106796116,
    0.01614207087378641
  ],
  "bids_meta": {
    "AcquisitionDuration": 361.472,
    "AcquisitionMatrixPE": 96,
    "AcquisitionTime": "20:28:50.297500",
    "B0FieldSource": [
      "excl029pepolarbold",
      "excl029phasediff"
    ],
    "BandwidthPerPixelPhaseEncode": 37.879,
    "BaseResolution": 96,
    "DerivedVendorReportedEchoSpacing": 0.000549997,
    "DwellTime": 2.3e-06,
    "EchoNumber": 2,
    "EchoTime": 0.03304,
    "EchoTrainLength": 35,
    "EffectiveEchoSpacing": 0.000274998,
    "ImageOrientationPatientDICOM": [
      0.999756,
      0.0215097,
      -0.00508235,
      -0.0219893,
      0.944813,
      -0.326871
    ],
    "ImageType": [
      "ORIGINAL",
      "PRIMARY",
      "FMRI",
      "NONE"
    ],
    "ImageTypeText": [
      "ORIGINAL",
      "PRIMARY",
      "M",
      "MB",
      "TE2",
      "DIS2D"
    ],
    "InPlanePhaseEncodingDirectionDICOM": "COL",
    "PercentPhaseFOV": 100,
    "PercentSampling": 100,
    "PhaseEchoTime1": 0.0126,
    "PhaseEchoTime2": 0.03304,
    "PhaseEncodingDirection": "j",
    "PhaseResolution": 1,
    "PixelBandwidth": 2264,
    "ProtocolName": "func-bold_task-bht_dir-PA__cmrr_me4_sms4",
    "PulseSequenceName": "epfid2d4_96",
    "ReceiveCoilActiveElements": "HC1-7",
    "ReconMatrixPE": 96,
    "RefLinesPE": 22,
    "RepetitionTime": 1.6,
    "SequenceVariant": "SK\\SS",
    "SeriesDescription": "func-bold_task-bht_dir-PA__cmrr_me4_sms4",
    "SeriesNumber": 25,
    "ShimSetting": [
      8225,
      -5626,
      -6027,
      668,
      -33,
      -213,
      19,
      12
    ],
    "SliceThickness": 2.2,
    "SliceTiming": [
      0,
      0.8425,
      0.105,
      0.9475,
      0.21,
      1.0525,
      0.315,
      1.1575,
      0.4225,
      1.265,
      0.5275,
      1.37,
      0.6325,
      1.475,
      0.7375,
      0,
      0.8425,
      0.105,
      0.9475,
      0.21,
      1.0525,
      0.315,
      1.1575,
      0.4225,
      1.265,
      0.5275,
      1.37,
      0.6325,
      1.475,
      0.7375,
      0,
      0.8425,
      0.105,
      0.9475,
      0.21,
      1.0525,
      0.315,
      1.1575,
      0.4225,
      1.265,
      0.5275,
      1.37,
      0.6325,
      1.475,
      0.7375,
      0,
      0.8425,
      0.105,
      0.9475,
      0.21,
      1.0525,
      0.315,
      1.1575,
      0.4225,
      1.265,
      0.5275,
      1.37,
      0.6325,
      1.475,
      0.7375
    ],
    "SpacingBetweenSlices": 2.2,
    "TotalReadoutTime": 0.0261249,
    "TxRefAmp": 243.011,
    "WipMemBlock": "e21c6c22-e8ab-47a9-bf83-a02113ce158b||Sequence: R017 nxva30a/master r/d34922cc2+; Jun 27 2022 13:20:16 by eja",
    "dataset": "<unset>",
    "modality": "bold",
    "session_id": "excl029",
    "subject_id": "001",
    "task_id": "bht"
  },
  "dummy_trs": 1,
  "dvars_nstd": 38.3713662680488,
  "dvars_std": 1.0327013935609766,
  "dvars_vstd": 1.0042236353170735,
  "efc": 0.5219,
  "fber": 602.8032,
  "fd_mean": 0.1266894444433524,
  "fd_num": 34,
  "fd_perc": 16.50485436893204,
  "fwhm_avg": 3.2738236373561524,
  "fwhm_x": 3.0905400289345244,
  "fwhm_y": 3.4992264077246955,
  "fwhm_z": 3.2317044754092374,
  "gcor": [
    0.029451,
    0.0384503,
    0.0338088,
    0.026842
  ],
  "gsr_x": 0.006554549094289541,
  "gsr_y": 0.04264085739850998,
  "provenance": {
    "md5sum": "2676eb0f844b5989965e88d2150a5eee",
    "settings": {
      "fd_thres": 0.2,
      "testing": false
    },
    "software": "mriqc",
    "version": "24.1.0.dev0+g3fe90466.d20240417"
  },
  "size_t": 206,
  "size_x": 96,
  "size_y": 96,
  "size_z": 60,
  "snr": 2.1437667915115948,
  "spacing_tr": 1.600000023841858,
  "spacing_x": 2.197920083999634,
  "spacing_y": 2.197920083999634,
  "spacing_z": 2.200000047683716,
  "summary_bg_k": 42.9163,
  "summary_bg_mad": 6.5062,
  "summary_bg_mean": 44.0729,
  "summary_bg_median": 21.0,
  "summary_bg_n": 417860.0,
  "summary_bg_p05": 0.0,
  "summary_bg_p95": 170.0,
  "summary_bg_stdv": 74.8242,
  "summary_fg_k": 1.2578,
  "summary_fg_mad": 214.1065,
  "summary_fg_mean": 533.7715,
  "summary_fg_median": 520.0,
  "summary_fg_n": 135100.0,
  "summary_fg_p05": 107.0,
  "summary_fg_p95": 942.0,
  "summary_fg_stdv": 242.5628,
  "tsnr": 34.978812218876556
}