{
  "aor": [
    0.001389090909090909,
    0.001207878787878788,
    0.0012353535353535356,
    0.0014335353535353537
  ],
  "aqi": [
    0.0027127222222222223,
    0.004002204343434343,
    0.006779733434343436,
    0.012389872727272726
  ],
  "bids_meta": {
    "AcquisitionDuration": 188.475,
    "AcquisitionMatrixPE": 96,
    "AcquisitionTime": "20:01:4.370000",
    "B0FieldSource": [
      "excl029pepolarbold",
      "excl029phasediff"
    ],
    "BandwidthPerPixelPhaseEncode": 37.879,
    "BaseResolution": 96,
    "DerivedVendorReportedEchoSpacing": 0.000549997,
    "DwellTime": 2.3e-06,
    "EchoNumber": 1,
    "EchoTime": 0.0126,
    "EchoTrainLength": 35,
    "EffectiveEchoSpacing": 0.000274998,
    "FlipAngle": 64,
    "ImageOrientationPatientDICOM": [
      0.999756,
      0.020712,
      -0.00771419,
      -0.0219893,
      0.896908,
      -0.441669
    ],
    "ImageType": [
      "ORIGINAL",
      "PRIMARY",
      "FMRI",
      "NONE"
    ],
    "ImageTypeText": [
      "ORIGINAL",
      "PRIMARY",
      "M",
      "MB",
      "TE1",
      "DIS2D"
    ],
    "InPlanePhaseEncodingDirectionDICOM": "COL",
    "PercentPhaseFOV": 100,
    "PhaseEchoTime1": 0.0126,
    "PhaseEchoTime2": 0.03304,
    "PhaseEncodingDirection": "j",
    "PixelBandwidth": 2264,
    "ProtocolName": "func-bold_task-qct_dir-PA__cmrr_me4_sms4",
    "PulseSequenceName": "epfid2d4_96",
    "ReceiveCoilActiveElements": "HC1-7;NC1",
    "ReconMatrixPE": 96,
    "RefLinesPE": 22,
    "RepetitionTime": 1.6,
    "SequenceVariant": "SK\\SS",
    "SeriesDescription": "func-bold_task-qct_dir-PA__cmrr_me4_sms4",
    "SeriesNumber": 13,
    "ShimSetting": [
      8228,
      -5628,
      -6009,
      726,
      -38,
      -182,
      62,
      19
    ],
    "SliceThickness": 2.2,
    "SliceTiming": [
      0,
      0.8425,
      0.1075,
      0.95,
      0.2125,
      1.055,
      0.3175,
      1.16,
      0.4225,
      1.265,
      0.5275,
      1.37,
      0.6325,
      1.475,
      0.7375,
      0,
      0.8425,
      0.1075,
      0.95,
      0.2125,
      1.055,
      0.3175,
      1.16,
      0.4225,
      1.265,
      0.5275,
      1.37,
      0.6325,
      1.475,
      0.7375,
      0,
      0.8425,
      0.1075,
      0.95,
      0.2125,
      1.055,
      0.3175,
      1.16,
      0.4225,
      1.265,
      0.5275,
      1.37,
      0.6325,
      1.475,
      0.7375,
      0,
      0.8425,
      0.1075,
      0.95,
      0.2125,
      1.055,
      0.3175,
      1.16,
      0.4225,
      1.265,
      0.5275,
      1.37,
      0.6325,
      1.475,
      0.7375
    ],
    "SpacingBetweenSlices": 2.2,
    "TotalReadoutTime": 0.0261249,
    "TxRefAmp": 243.011,
    "WipMemBlock": "7ae7b3d7-ebd1-4588-a4a8-882a774efb78||Sequence: R017 nxva30a/master r/d34922cc2+; Jun 27 2022 13:20:16 by eja",
    "dataset": "<unset>",
    "modality": "bold",
    "session_id": "excl029",
    "subject_id": "001",
    "task_id": "qct"
  },
  "dummy_trs": 0,
  "dvars_nstd": 27.34721668438776,
  "dvars_std": 1.0890253112244899,
  "dvars_vstd": 1.0287972163265309,
  "efc": 0.5824,
  "fber": 683.65,
  "fd_mean": 0.07688924402462331,
  "fd_num": 1,
  "fd_perc": 1.0101010101010102,
  "fwhm_avg": 3.570894818338846,
  "fwhm_x": 3.231982842193813,
  "fwhm_y": 3.636556241596877,
  "fwhm_z": 3.8441453712258475,
  "gcor": [
    0.00865466,
    0.0138265,
    0.0124807,
    0.00989546
  ],
  "gsr_x": -0.0021422747522592545,
  "gsr_y": 0.09478098154067993,
  "provenance": {
    "md5sum": "2568dbaccca389f6dc5406a2fa26dc71",
    "settings": {
      "fd_thres": 0.2,
      "testing": false
    },
    "software": "mriqc",
    "version": "24.1.0.dev0+g3fe90466.d20240417"
  },
  "size_t": 99,
  "size_x": 96,
  "size_y": 96,
  "size_z": 60,
  "snr": 2.5388606125626807,
  "spacing_tr": 1.600000023841858,
  "spacing_x": 2.197920083999634,
  "spacing_y": 2.197920083999634,
  "spacing_z": 2.200000047683716,
  "summary_bg_k": 9.9925,
  "summary_bg_mad": 19.1241,
  "summary_bg_mean": 129.6409,
  "summary_bg_median": 31.0,
  "summary_bg_n": 416879.0,
  "summary_bg_p05": 0.0,
  "summary_bg_p95": 650.0,
  "summary_bg_stdv": 230.9701,
  "summary_fg_k": 1.0761,
  "summary_fg_mad": 305.5508,
  "summary_fg_mean": 830.8206,
  "summary_fg_median": 805.0,
  "summary_fg_n": 136081.0,
  "summary_fg_p05": 379.0,
  "summary_fg_p95": 1363.0,
  "summary_fg_stdv": 317.0702,
  "tsnr": 56.18188424431719
}