{
  "aor": [
    0.00043543391188251,
    0.0003992122830440588,
    0.00043008010680907873,
    0.0005583177570093457
  ],
  "aqi": [
    0.003591960173564753,
    0.00451331655540721,
    0.007308294112149532,
    0.013181721094793057
  ],
  "bids_meta": {
    "AcquisitionDuration": 1230.47,
    "AcquisitionMatrixPE": 96,
    "AcquisitionTime": "20:07:25.187500",
    "B0FieldSource": [
      "excl029pepolarbold",
      "excl029phasediff"
    ],
    "BandwidthPerPixelPhaseEncode": 37.879,
    "BaseResolution": 96,
    "DerivedVendorReportedEchoSpacing": 0.000549997,
    "DwellTime": 2.3e-06,
    "EchoNumber": 1,
    "EchoTime": 0.0126,
    "EchoTrainLength": 35,
    "EffectiveEchoSpacing": 0.000274998,
    "FlipAngle": 64,
    "ImageOrientationPatientDICOM": [
      0.999756,
      0.0215097,
      -0.00508235,
      -0.0219893,
      0.944813,
      -0.326871
    ],
    "ImageType": [
      "ORIGINAL",
      "PRIMARY",
      "FMRI",
      "NONE"
    ],
    "ImageTypeText": [
      "ORIGINAL",
      "PRIMARY",
      "M",
      "MB",
      "TE1",
      "DIS2D"
    ],
    "InPlanePhaseEncodingDirectionDICOM": "COL",
    "PercentPhaseFOV": 100,
    "PhaseEchoTime1": 0.0126,
    "PhaseEchoTime2": 0.03304,
    "PhaseEncodingDirection": "j",
    "PixelBandwidth": 2264,
    "ProtocolName": "func-bold_task-rest_dir-PA__cmrr_me4_sms4",
    "PulseSequenceName": "epfid2d4_96",
    "ReceiveCoilActiveElements": "HC1-7",
    "ReconMatrixPE": 96,
    "RefLinesPE": 22,
    "RepetitionTime": 1.6,
    "SequenceVariant": "SK\\SS",
    "SeriesDescription": "func-bold_task-rest_dir-PA__cmrr_me4_sms4",
    "SeriesNumber": 23,
    "ShimSetting": [
      8225,
      -5626,
      -6025,
      671,
      -38,
      -210,
      21,
      13
    ],
    "SliceThickness": 2.2,
    "SliceTiming": [
      0,
      0.8425,
      0.105,
      0.9475,
      0.21,
      1.0525,
      0.315,
      1.1575,
      0.42,
      1.2625,
      0.525,
      1.3675,
      0.63,
      1.4725,
      0.735,
      0,
      0.8425,
      0.105,
      0.9475,
      0.21,
      1.0525,
      0.315,
      1.1575,
      0.42,
      1.2625,
      0.525,
      1.3675,
      0.63,
      1.4725,
      0.735,
      0,
      0.8425,
      0.105,
      0.9475,
      0.21,
      1.0525,
      0.315,
      1.1575,
      0.42,
      1.2625,
      0.525,
      1.3675,
      0.63,
      1.4725,
      0.735,
      0,
      0.8425,
      0.105,
      0.9475,
      0.21,
      1.0525,
      0.315,
      1.1575,
      0.42,
      1.2625,
      0.525,
      1.3675,
      0.63,
      1.4725,
      0.735
    ],
    "SpacingBetweenSlices": 2.2,
    "TotalReadoutTime": 0.0261249,
    "TxRefAmp": 243.011,
    "WipMemBlock": "f6c96697-60ce-4036-b66f-e459ba289ddd||Sequence: R017 nxva30a/master r/d34922cc2+; Jun 27 2022 13:20:16 by eja",
    "dataset": "<unset>",
    "modality": "bold",
    "session_id": "excl029",
    "subject_id": "001",
    "task_id": "rest"
  },
  "dummy_trs": 1,
  "dvars_nstd": 25.85455189915776,
  "dvars_std": 1.0525191737834216,
  "dvars_vstd": 1.0093350777941177,
  "efc": 0.584,
  "fber": 665.7476,
  "fd_mean": 0.0779965146296334,
  "fd_num": 24,
  "fd_perc": 3.2042723631508676,
  "fwhm_avg": 3.768457750973015,
  "fwhm_x": 3.4603578425653385,
  "fwhm_y": 3.857892769499536,
  "fwhm_z": 3.9871226408541713,
  "gcor": [
    0.0118109,
    0.0154451,
    0.0130694,
    0.0102678
  ],
  "gsr_x": -0.004893757402896881,
  "gsr_y": 0.11212968081235886,
  "provenance": {
    "md5sum": "bef6211b1ade785980c7b4dca214b50f",
    "settings": {
      "fd_thres": 0.2,
      "testing": false
    },
    "software": "mriqc",
    "version": "24.1.0.dev0+g3fe90466.d20240417"
  },
  "size_t": 749,
  "size_x": 96,
  "size_y": 96,
  "size_z": 60,
  "snr": 2.592494788010774,
  "spacing_tr": 1.600000023841858,
  "spacing_x": 2.197920083999634,
  "spacing_y": 2.197920083999634,
  "spacing_z": 2.200000047683716,
  "summary_bg_k": 9.7172,
  "summary_bg_mad": 21.4987,
  "summary_bg_mean": 132.3233,
  "summary_bg_median": 31.0,
  "summary_bg_n": 418069.0,
  "summary_bg_p05": 0.0,
  "summary_bg_p95": 658.0,
  "summary_bg_stdv": 234.2668,
  "summary_fg_k": 0.9032,
  "summary_fg_mad": 307.6786,
  "summary_fg_mean": 835.6785,
  "summary_fg_median": 810.0,
  "summary_fg_n": 134891.0,
  "summary_fg_p05": 398.0,
  "summary_fg_p95": 1365.0,
  "summary_fg_stdv": 312.4392,
  "tsnr": 54.29560745507479
}