{
  "aor": [
    0.0008262621359223301,
    0.0006949514563106796,
    0.0007281067961165048,
    0.000864126213592233
  ],
  "aqi": [
    0.003408072961165049,
    0.0053590950970873776,
    0.009048128106796116,
    0.01614207087378641
  ],
  "bids_meta": {
    "AcquisitionDuration": 361.475,
    "AcquisitionMatrixPE": 96,
    "AcquisitionTime": "20:28:50.317500",
    "B0FieldSource": [
      "excl029pepolarbold",
      "excl029phasediff"
    ],
    "BandwidthPerPixelPhaseEncode": 37.879,
    "BaseResolution": 96,
    "DerivedVendorReportedEchoSpacing": 0.000549997,
    "DwellTime": 2.3e-06,
    "EchoNumber": 3,
    "EchoTime": 0.05348,
    "EchoTrainLength": 35,
    "EffectiveEchoSpacing": 0.000274998,
    "ImageOrientationPatientDICOM": [
      0.999756,
      0.0215097,
      -0.00508235,
      -0.0219893,
      0.944813,
      -0.326871
    ],
    "ImageType": [
      "ORIGINAL",
      "PRIMARY",
      "FMRI",
      "NONE"
    ],
    "ImageTypeText": [
      "ORIGINAL",
      "PRIMARY",
      "M",
      "MB",
      "TE3",
      "DIS2D"
    ],
    "InPlanePhaseEncodingDirectionDICOM": "COL",
    "PercentPhaseFOV": 100,
    "PercentSampling": 100,
    "PhaseEchoTime1": 0.0126,
    "PhaseEchoTime2": 0.03304,
    "PhaseEncodingDirection": "j",
    "PhaseResolution": 1,
    "PixelBandwidth": 2264,
    "ProtocolName": "func-bold_task-bht_dir-PA__cmrr_me4_sms4",
    "PulseSequenceName": "epfid2d4_96",
    "ReceiveCoilActiveElements": "HC1-7",
    "ReconMatrixPE": 96,
    "RefLinesPE": 22,
    "RepetitionTime": 1.6,
    "SequenceVariant": "SK\\SS",
    "SeriesDescription": "func-bold_task-bht_dir-PA__cmrr_me4_sms4",
    "SeriesNumber": 25,
    "ShimSetting": [
      8225,
      -5626,
      -6027,
      668,
      -33,
      -213,
      19,
      12
    ],
    "SliceThickness": 2.2,
    "SliceTiming": [
      0,
      0.8425,
      0.105,
      0.9475,
      0.21,
      1.0525,
      0.3175,
      1.16,
      0.4225,
      1.265,
      0.5275,
      1.37,
      0.6325,
      1.475,
      0.7375,
      0,
      0.8425,
      0.105,
      0.9475,
      0.21,
      1.0525,
      0.3175,
      1.16,
      0.4225,
      1.265,
      0.5275,
      1.37,
      0.6325,
      1.475,
      0.7375,
      0,
      0.8425,
      0.105,
      0.9475,
      0.21,
      1.0525,
      0.3175,
      1.16,
      0.4225,
      1.265,
      0.5275,
      1.37,
      0.6325,
      1.475,
      0.7375,
      0,
      0.8425,
      0.105,
      0.9475,
      0.21,
      1.0525,
      0.3175,
      1.16,
      0.4225,
      1.265,
      0.5275,
      1.37,
      0.6325,
      1.475,
      0.7375
    ],
    "SpacingBetweenSlices": 2.2,
    "TotalReadoutTime": 0.0261249,
    "TxRefAmp": 243.011,
    "WipMemBlock": "e21c6c22-e8ab-47a9-bf83-a02113ce158b||Sequence: R017 nxva30a/master r/d34922cc2+; Jun 27 2022 13:20:16 by eja",
    "dataset": "<unset>",
    "modality": "bold",
    "session_id": "excl029",
    "subject_id": "001",
    "task_id": "bht"
  },
  "dummy_trs": 1,
  "dvars_nstd": 53.66976791004878,
  "dvars_std": 1.0239206006341461,
  "dvars_vstd": 1.0011417443902437,
  "efc": 0.5043,
  "fber": 323.4247,
  "fd_mean": 0.1266894444433524,
  "fd_num": 34,
  "fd_perc": 16.50485436893204,
  "fwhm_avg": 2.957405962814777,
  "fwhm_x": 2.8162761899586113,
  "fwhm_y": 3.1933372150764554,
  "fwhm_z": 2.862604483409264,
  "gcor": [
    0.029451,
    0.0384503,
    0.0338088,
    0.026842
  ],
  "gsr_x": 0.0023923448752611876,
  "gsr_y": 0.03064056672155857,
  "provenance": {
    "md5sum": "8a1641060edb7bb52226c6644634de87",
    "settings": {
      "fd_thres": 0.2,
      "testing": false
    },
    "software": "mriqc",
    "version": "24.1.0.dev0+g3fe90466.d20240417"
  },
  "size_t": 206,
  "size_x": 96,
  "size_y": 96,
  "size_z": 60,
  "snr": 1.8121511081504098,
  "spacing_tr": 1.600000023841858,
  "spacing_x": 2.197920083999634,
  "spacing_y": 2.197920083999634,
  "spacing_z": 2.200000047683716,
  "summary_bg_k": 143.4992,
  "summary_bg_mad": 3.3538,
  "summary_bg_mean": 25.5079,
  "summary_bg_median": 19.0,
  "summary_bg_n": 417860.0,
  "summary_bg_p05": 0.0,
  "summary_bg_p95": 65.0,
  "summary_bg_stdv": 30.1899,
  "summary_fg_k": 2.1557,
  "summary_fg_mad": 160.9703,
  "summary_fg_mean": 345.8899,
  "summary_fg_median": 339.0,
  "summary_fg_n": 135100.0,
  "summary_fg_p05": 41.0,
  "summary_fg_p95": 657.0,
  "summary_fg_stdv": 187.0698,
  "tsnr": 23.865783174172975
}