{
  "aor": [
    0.00043543391188251,
    0.0003992122830440588,
    0.00043008010680907873,
    0.0005583177570093457
  ],
  "aqi": [
    0.003591960173564753,
    0.00451331655540721,
    0.007308294112149532,
    0.013181721094793057
  ],
  "bids_meta": {
    "AcquisitionDuration": 1230.47,
    "AcquisitionMatrixPE": 96,
    "AcquisitionTime": "20:07:25.247500",
    "B0FieldSource": [
      "excl029pepolarbold",
      "excl029phasediff"
    ],
    "BandwidthPerPixelPhaseEncode": 37.879,
    "BaseResolution": 96,
    "DerivedVendorReportedEchoSpacing": 0.000549997,
    "DwellTime": 2.3e-06,
    "EchoNumber": 4,
    "EchoTime": 0.07392,
    "EchoTrainLength": 35,
    "EffectiveEchoSpacing": 0.000274998,
    "FlipAngle": 64,
    "ImageOrientationPatientDICOM": [
      0.999756,
      0.0215097,
      -0.00508235,
      -0.0219893,
      0.944813,
      -0.326871
    ],
    "ImageType": [
      "ORIGINAL",
      "PRIMARY",
      "FMRI",
      "NONE"
    ],
    "ImageTypeText": [
      "ORIGINAL",
      "PRIMARY",
      "M",
      "MB",
      "TE4",
      "DIS2D"
    ],
    "InPlanePhaseEncodingDirectionDICOM": "COL",
    "PercentPhaseFOV": 100,
    "PhaseEchoTime1": 0.0126,
    "PhaseEchoTime2": 0.03304,
    "PhaseEncodingDirection": "j",
    "PixelBandwidth": 2264,
    "ProtocolName": "func-bold_task-rest_dir-PA__cmrr_me4_sms4",
    "PulseSequenceName": "epfid2d4_96",
    "ReceiveCoilActiveElements": "HC1-7",
    "ReconMatrixPE": 96,
    "RefLinesPE": 22,
    "RepetitionTime": 1.6,
    "SequenceVariant": "SK\\SS",
    "SeriesDescription": "func-bold_task-rest_dir-PA__cmrr_me4_sms4",
    "SeriesNumber": 23,
    "ShimSetting": [
      8225,
      -5626,
      -6025,
      671,
      -38,
      -210,
      21,
      13
    ],
    "SliceThickness": 2.2,
    "SliceTiming": [
      0,
      0.8425,
      0.105,
      0.9475,
      0.21,
      1.0525,
      0.315,
      1.1575,
      0.42,
      1.2625,
      0.525,
      1.37,
      0.6325,
      1.475,
      0.7375,
      0,
      0.8425,
      0.105,
      0.9475,
      0.21,
      1.0525,
      0.315,
      1.1575,
      0.42,
      1.2625,
      0.525,
      1.37,
      0.6325,
      1.475,
      0.7375,
      0,
      0.8425,
      0.105,
      0.9475,
      0.21,
      1.0525,
      0.315,
      1.1575,
      0.42,
      1.2625,
      0.525,
      1.37,
      0.6325,
      1.475,
      0.7375,
      0,
      0.8425,
      0.105,
      0.9475,
      0.21,
      1.0525,
      0.315,
      1.1575,
      0.42,
      1.2625,
      0.525,
      1.37,
      0.6325,
      1.475,
      0.7375
    ],
    "SpacingBetweenSlices": 2.2,
    "TotalReadoutTime": 0.0261249,
    "TxRefAmp": 243.011,
    "WipMemBlock": "f6c96697-60ce-4036-b66f-e459ba289ddd||Sequence: R017 nxva30a/master r/d34922cc2+; Jun 27 2022 13:20:16 by eja",
    "dataset": "<unset>",
    "modality": "bold",
    "session_id": "excl029",
    "subject_id": "001",
    "task_id": "rest"
  },
  "dummy_trs": 1,
  "dvars_nstd": 72.11798359891708,
  "dvars_std": 1.034563831617648,
  "dvars_vstd": 1.0076756027272729,
  "efc": 0.5077,
  "fber": 147.6999,
  "fd_mean": 0.0779965146296334,
  "fd_num": 24,
  "fd_perc": 3.2042723631508676,
  "fwhm_avg": 2.705228607788939,
  "fwhm_x": 2.5643926005459527,
  "fwhm_y": 2.9593569153632084,
  "fwhm_z": 2.591936307457657,
  "gcor": [
    0.0118109,
    0.0154451,
    0.0130694,
    0.0102678
  ],
  "gsr_x": 0.001424618880264461,
  "gsr_y": 0.030587492510676384,
  "provenance": {
    "md5sum": "cee7d8663ae2c288be0d7cd9ca07010e",
    "settings": {
      "fd_thres": 0.2,
      "testing": false
    },
    "software": "mriqc",
    "version": "24.1.0.dev0+g3fe90466.d20240417"
  },
  "size_t": 749,
  "size_x": 96,
  "size_y": 96,
  "size_z": 60,
  "snr": 1.5133602873515568,
  "spacing_tr": 1.600000023841858,
  "spacing_x": 2.197920083999634,
  "spacing_y": 2.197920083999634,
  "spacing_z": 2.200000047683716,
  "summary_bg_k": 299.7931,
  "summary_bg_mad": 2.1418,
  "summary_bg_mean": 20.2638,
  "summary_bg_median": 18.0,
  "summary_bg_n": 418069.0,
  "summary_bg_p05": 0.0,
  "summary_bg_p95": 37.0,
  "summary_bg_stdv": 16.0077,
  "summary_fg_k": 4.8323,
  "summary_fg_mad": 124.8672,
  "summary_fg_mean": 229.3569,
  "summary_fg_median": 221.0,
  "summary_fg_n": 134891.0,
  "summary_fg_p05": 28.0,
  "summary_fg_p95": 477.0,
  "summary_fg_stdv": 146.0321,
  "tsnr": 17.238580853212625
}