{
  "aor": [
    0.0008262621359223301,
    0.0006949514563106796,
    0.0007281067961165048,
    0.000864126213592233
  ],
  "aqi": [
    0.003408072961165049,
    0.0053590950970873776,
    0.009048128106796116,
    0.01614207087378641
  ],
  "bids_meta": {
    "AcquisitionDuration": 361.475,
    "AcquisitionMatrixPE": 96,
    "AcquisitionTime": "20:28:50.337500",
    "B0FieldSource": [
      "excl029pepolarbold",
      "excl029phasediff"
    ],
    "BandwidthPerPixelPhaseEncode": 37.879,
    "BaseResolution": 96,
    "DerivedVendorReportedEchoSpacing": 0.000549997,
    "DwellTime": 2.3e-06,
    "EchoNumber": 4,
    "EchoTime": 0.07392,
    "EchoTrainLength": 35,
    "EffectiveEchoSpacing": 0.000274998,
    "ImageOrientationPatientDICOM": [
      0.999756,
      0.0215097,
      -0.00508235,
      -0.0219893,
      0.944813,
      -0.326871
    ],
    "ImageType": [
      "ORIGINAL",
      "PRIMARY",
      "FMRI",
      "NONE"
    ],
    "ImageTypeText": [
      "ORIGINAL",
      "PRIMARY",
      "M",
      "MB",
      "TE4",
      "DIS2D"
    ],
    "InPlanePhaseEncodingDirectionDICOM": "COL",
    "PercentPhaseFOV": 100,
    "PercentSampling": 100,
    "PhaseEchoTime1": 0.0126,
    "PhaseEchoTime2": 0.03304,
    "PhaseEncodingDirection": "j",
    "PhaseResolution": 1,
    "PixelBandwidth": 2264,
    "ProtocolName": "func-bold_task-bht_dir-PA__cmrr_me4_sms4",
    "PulseSequenceName": "epfid2d4_96",
    "ReceiveCoilActiveElements": "HC1-7",
    "ReconMatrixPE": 96,
    "RefLinesPE": 22,
    "RepetitionTime": 1.6,
    "SequenceVariant": "SK\\SS",
    "SeriesDescription": "func-bold_task-bht_dir-PA__cmrr_me4_sms4",
    "SeriesNumber": 25,
    "ShimSetting": [
      8225,
      -5626,
      -6027,
      668,
      -33,
      -213,
      19,
      12
    ],
    "SliceThickness": 2.2,
    "SliceTiming": [
      0,
      0.8425,
      0.105,
      0.95,
      0.2125,
      1.055,
      0.3175,
      1.16,
      0.4225,
      1.265,
      0.5275,
      1.37,
      0.6325,
      1.475,
      0.7375,
      0,
      0.8425,
      0.105,
      0.95,
      0.2125,
      1.055,
      0.3175,
      1.16,
      0.4225,
      1.265,
      0.5275,
      1.37,
      0.6325,
      1.475,
      0.7375,
      0,
      0.8425,
      0.105,
      0.95,
      0.2125,
      1.055,
      0.3175,
      1.16,
      0.4225,
      1.265,
      0.5275,
      1.37,
      0.6325,
      1.475,
      0.7375,
      0,
      0.8425,
      0.105,
      0.95,
      0.2125,
      1.055,
      0.3175,
      1.16,
      0.4225,
      1.265,
      0.5275,
      1.37,
      0.6325,
      1.475,
      0.7375
    ],
    "SpacingBetweenSlices": 2.2,
    "TotalReadoutTime": 0.0261249,
    "TxRefAmp": 243.011,
    "WipMemBlock": "e21c6c22-e8ab-47a9-bf83-a02113ce158b||Sequence: R017 nxva30a/master r/d34922cc2+; Jun 27 2022 13:20:16 by eja",
    "dataset": "<unset>",
    "modality": "bold",
    "session_id": "excl029",
    "subject_id": "001",
    "task_id": "bht"
  },
  "dummy_trs": 1,
  "dvars_nstd": 77.9847654762927,
  "dvars_std": 1.0295745460487804,
  "dvars_vstd": 1.0032867286341467,
  "efc": 0.5097,
  "fber": 143.0359,
  "fd_mean": 0.1266894444433524,
  "fd_num": 34,
  "fd_perc": 16.50485436893204,
  "fwhm_avg": 2.652621576870622,
  "fwhm_x": 2.5131714479573954,
  "fwhm_y": 2.882493338188658,
  "fwhm_z": 2.562199944465812,
  "gcor": [
    0.029451,
    0.0384503,
    0.0338088,
    0.026842
  ],
  "gsr_x": 0.0010180985555052757,
  "gsr_y": 0.029993964359164238,
  "provenance": {
    "md5sum": "696816fc0e6607a41ba18adf19411a9b",
    "settings": {
      "fd_thres": 0.2,
      "testing": false
    },
    "software": "mriqc",
    "version": "24.1.0.dev0+g3fe90466.d20240417"
  },
  "size_t": 206,
  "size_x": 96,
  "size_y": 96,
  "size_z": 60,
  "snr": 1.5099105765480285,
  "spacing_tr": 1.600000023841858,
  "spacing_x": 2.197920083999634,
  "spacing_y": 2.197920083999634,
  "spacing_z": 2.200000047683716,
  "summary_bg_k": 374.2076,
  "summary_bg_mad": 2.1016,
  "summary_bg_mean": 20.2144,
  "summary_bg_median": 18.0,
  "summary_bg_n": 417860.0,
  "summary_bg_p05": 0.0,
  "summary_bg_p95": 36.0,
  "summary_bg_stdv": 16.3007,
  "summary_fg_k": 4.9062,
  "summary_fg_mad": 122.3399,
  "summary_fg_mean": 224.3674,
  "summary_fg_median": 216.0,
  "summary_fg_n": 135100.0,
  "summary_fg_p05": 26.0,
  "summary_fg_p95": 467.0,
  "summary_fg_stdv": 143.0543,
  "tsnr": 15.952991981524974
}