{
  "NumberOfShells": 4,
  "bValues": [
    0.0,
    700.0,
    1000.0,
    2000.0,
    3000.0
  ],
  "bValuesEstimation": [
    700.0,
    1000.0,
    2000.0,
    3000.0
  ],
  "bdiffs_max": 0.3411,
  "bdiffs_mean": 0.1621,
  "bdiffs_median": 0.1519,
  "bdiffs_min": 0.0024,
  "bids_meta": {
    "AcquisitionMatrixPE": 104,
    "AcquisitionNumber": 1,
    "AcquisitionTime": "21:37:14.987500",
    "B0FieldSource": [
      "010pepolarb0",
      "010phasediff"
    ],
    "BandwidthPerPixelPhaseEncode": 24.42,
    "BaseResolution": 146,
    "BodyPartExamined": "BRAIN",
    "CoilCombinationMethod": "Adaptive Combine",
    "CoilString": "HeadNeck_64",
    "ConversionSoftware": "dcm2niix",
    "ConversionSoftwareVersion": "v1.0.20220720",
    "Deltas": [
      0.0272,
      0.0469
    ],
    "DerivedVendorReportedEchoSpacing": 0.000787501,
    "DeviceSerialNumber": "67014",
    "DiffusionScheme": "Monopolar",
    "DwellTime": 2.1e-06,
    "EchoTime": 0.098,
    "EchoTrainLength": 46,
    "EffectiveEchoSpacing": 0.00039375,
    "FlipAngle": 90,
    "HeudiconvVersion": "1.0.0",
    "ImageOrientationPatientDICOM": [
      0.997751,
      -0.0249494,
      0.0622209,
      0.029264,
      0.997158,
      -0.0694243
    ],
    "ImageType": [
      "ORIGINAL",
      "PRIMARY",
      "DIFFUSION",
      "NONE",
      "ND",
      "MFSPLIT"
    ],
    "ImageTypeText": [
      "ORIGINAL",
      "PRIMARY",
      "DIFFUSION",
      "NONE"
    ],
    "ImagingFrequency": 123.248,
    "InPlanePhaseEncodingDirectionDICOM": "ROW",
    "InstitutionAddress": "Rue du Bugnon 21,Lausanne,District,CH,1011",
    "InstitutionName": "CHUV",
    "MRAcquisitionType": "2D",
    "MagneticFieldStrength": 3,
    "Manufacturer": "Siemens",
    "ManufacturersModelName": "MAGNETOM Prisma Fit",
    "Modality": "MR",
    "MultibandAccelerationFactor": 3,
    "NonlinearGradientCorrection": false,
    "ParallelReductionFactorInPlane": 2,
    "PartialFourier": 0.875,
    "PatientPosition": "HFS",
    "PercentPhaseFOV": 71.2329,
    "PercentSampling": 100,
    "PhaseEncodingDirection": "i",
    "PhaseEncodingSteps": 104,
    "PhaseResolution": 1,
    "PixelBandwidth": 1631,
    "ProcedureStepDescription": "RESEARCH Oscar",
    "ProtocolName": "dwi-dwi_acq-highres_dir-RL__trigger_monopolar_71fovphase",
    "PulseSequenceDetails": "%CustomerSeq%\\ep2d_diff_trigg",
    "ReceiveCoilActiveElements": "HC1-6",
    "ReceiveCoilName": "HeadNeck_64",
    "ReconMatrixPE": 104,
    "RefLinesPE": 38,
    "RepetitionTime": 7,
    "SAR": 0.151083,
    "ScanOptions": "PFP\\FS\\PER",
    "ScanningSequence": "GR\\EP",
    "SequenceName": "ep_b0",
    "SequenceVariant": "SK",
    "SeriesDescription": "dwi-dwi_acq-highres_dir-RL__trigger_monopolar_71fovphase",
    "SeriesNumber": 10,
    "ShimSetting": [
      8238,
      -5628,
      -6038,
      571,
      -63,
      -296,
      35,
      -13
    ],
    "SliceThickness": 1.6,
    "SliceTiming": [
      0,
      5.94,
      0.135,
      6.075,
      0.27,
      6.21,
      0.405,
      6.345,
      0.54,
      6.48,
      0.675,
      6.615,
      0.81,
      6.75,
      0.945,
      6.885,
      1.08,
      7.02,
      1.215,
      7.155,
      1.35,
      7.29,
      1.485,
      7.425,
      1.62,
      7.56,
      1.755,
      7.695,
      1.89,
      7.83,
      2.025,
      7.965,
      2.16,
      8.1,
      2.295,
      8.235,
      2.43,
      8.37,
      2.565,
      8.505,
      2.7,
      8.64,
      2.835,
      8.775,
      2.97,
      8.91,
      3.105,
      9.045,
      3.24,
      9.18,
      3.375,
      9.315,
      3.51,
      9.45,
      3.645,
      9.585,
      3.78,
      9.72,
      3.915,
      9.855,
      4.05,
      9.99,
      4.185,
      10.125,
      4.32,
      10.26,
      4.455,
      10.395,
      4.59,
      10.53,
      4.725,
      10.665,
      4.86,
      10.8,
      4.995,
      10.935,
      5.13,
      11.07,
      5.265,
      11.205,
      5.4,
      11.34,
      5.535,
      11.475,
      5.67,
      11.61,
      5.805
    ],
    "SoftwareVersions": "syngo MR XA30",
    "SpacingBetweenSlices": 1.6,
    "StationName": "LRG10884",
    "TotalReadoutTime": 0.0405563,
    "TxRefAmp": 232.907,
    "acq_id": "highres",
    "dataset": "hcph",
    "modality": "dwi",
    "session_id": "010",
    "subject_id": "001"
  },
  "efc_shell01": 2.6751,
  "efc_shell02": 1.209,
  "efc_shell03": 0.9492,
  "efc_shell04": 0.6716,
  "efc_shell05": 0.6608,
  "fa_degenerate": 0.0,
  "fa_nans": 0.0,
  "fber_shell01": 8.2178,
  "fber_shell02": 40.7633,
  "fber_shell03": 51.3611,
  "fber_shell04": 33.8512,
  "fber_shell05": 22.8272,
  "fd_mean": 18.4857,
  "fd_num": 279,
  "fd_perc": 99.64285714285714,
  "ndc": 0.4712,
  "provenance": {
    "md5sum": "e7befb8f56b6748ccce9766c7d4454dd",
    "settings": {
      "testing": false
    },
    "software": "mriqc",
    "version": "24.0.0"
  },
  "sigma_cc": 44.4781,
  "sigma_pca": 19.0153,
  "sigma_piesno": 7.5935,
  "snr_cc_shell0": 4.15,
  "snr_cc_shell1_best": 4.2,
  "snr_cc_shell1_worst": 4.2,
  "snr_cc_shell2_best": 2.73,
  "snr_cc_shell2_worst": 1.86,
  "snr_cc_shell3_best": 2.3,
  "snr_cc_shell3_worst": 1.49,
  "snr_cc_shell4_best": 1.38,
  "snr_cc_shell4_worst": 1.07,
  "spikes_global": 49.14,
  "spikes_slice_i": 325.31,
  "spikes_slice_j": 316.96,
  "spikes_slice_k": 256.14,
  "summary_bg_k": 167.5001,
  "summary_bg_mad": 19.2738,
  "summary_bg_mean": 42.8659,
  "summary_bg_median": 18.0,
  "summary_bg_n": 960355.0,
  "summary_bg_p05": 2.0,
  "summary_bg_p95": 150.0,
  "summary_bg_stdv": 102.1265,
  "summary_fg_k": 9.9267,
  "summary_fg_mad": 173.4645,
  "summary_fg_mean": 405.659,
  "summary_fg_median": 309.0,
  "summary_fg_n": 360653.0,
  "summary_fg_p05": 108.0,
  "summary_fg_p95": 1083.0,
  "summary_fg_stdv": 332.8756,
  "summary_wm_k": 7.6663,
  "summary_wm_mad": 80.0605,
  "summary_wm_mean": 222.1297,
  "summary_wm_median": 217.0,
  "summary_wm_n": 103749.0,
  "summary_wm_p05": 101.0,
  "summary_wm_p95": 362.0,
  "summary_wm_stdv": 84.8654
}