{
  "NumberOfShells": 4,
  "bValues": [
    0.0,
    700.0,
    1000.0,
    2000.0,
    3000.0
  ],
  "bValuesEstimation": [
    700.0,
    1000.0,
    2000.0,
    3000.0
  ],
  "bdiffs_max": 0.3671,
  "bdiffs_mean": 0.2649,
  "bdiffs_median": 0.2956,
  "bdiffs_min": 0.0106,
  "bids_meta": {
    "AcquisitionMatrixPE": 104,
    "AcquisitionNumber": 1,
    "AcquisitionTime": "18:47:28.555000",
    "B0FieldSource": [
      "037pepolarb0",
      "037phasediff"
    ],
    "BandwidthPerPixelPhaseEncode": 24.42,
    "BaseResolution": 146,
    "BodyPartExamined": "BRAIN",
    "CoilCombinationMethod": "Adaptive Combine",
    "CoilString": "HeadNeck_64",
    "ConversionSoftware": "dcm2niix",
    "ConversionSoftwareVersion": "v1.0.20220720",
    "Deltas": [
      0.0272,
      0.0469
    ],
    "DerivedVendorReportedEchoSpacing": 0.000787501,
    "DeviceSerialNumber": "67014",
    "DiffusionScheme": "Monopolar",
    "DwellTime": 2.1e-06,
    "EchoTime": 0.098,
    "EchoTrainLength": 46,
    "EffectiveEchoSpacing": 0.00039375,
    "FlipAngle": 90,
    "HeudiconvVersion": "1.0.0",
    "ImageOrientationPatientDICOM": [
      0.999884,
      0.0114168,
      0.0100946,
      -0.0102966,
      0.99444,
      -0.104803
    ],
    "ImageType": [
      "ORIGINAL",
      "PRIMARY",
      "DIFFUSION",
      "NONE",
      "ND",
      "MFSPLIT"
    ],
    "ImageTypeText": [
      "ORIGINAL",
      "PRIMARY",
      "DIFFUSION",
      "NONE"
    ],
    "ImagingFrequency": 123.248,
    "InPlanePhaseEncodingDirectionDICOM": "ROW",
    "InstitutionAddress": "Rue du Bugnon 21,Lausanne,District,CH,1011",
    "InstitutionName": "CHUV",
    "MRAcquisitionType": "2D",
    "MagneticFieldStrength": 3,
    "Manufacturer": "Siemens",
    "ManufacturersModelName": "MAGNETOM Prisma Fit",
    "Modality": "MR",
    "MultibandAccelerationFactor": 3,
    "NonlinearGradientCorrection": false,
    "ParallelReductionFactorInPlane": 2,
    "PartialFourier": 0.875,
    "PatientPosition": "HFS",
    "PercentPhaseFOV": 71.2329,
    "PercentSampling": 100,
    "PhaseEncodingDirection": "i-",
    "PhaseEncodingSteps": 104,
    "PhaseResolution": 1,
    "PixelBandwidth": 1631,
    "ProcedureStepDescription": "RESEARCH Oscar",
    "ProtocolName": "dwi-dwi_acq-highres_dir-LR__trigger_monopolar_71fovphase",
    "PulseSequenceDetails": "%CustomerSeq%\\ep2d_diff_trigg",
    "ReceiveCoilActiveElements": "HC1-7",
    "ReceiveCoilName": "HeadNeck_64",
    "ReconMatrixPE": 104,
    "RefLinesPE": 38,
    "RepetitionTime": 7,
    "SAR": 0.17023,
    "ScanOptions": "PFP\\FS\\PER",
    "ScanningSequence": "GR\\EP",
    "SequenceName": "ep_b0",
    "SequenceVariant": "SK",
    "SeriesDescription": "dwi-dwi_acq-highres_dir-LR__trigger_monopolar_71fovphase",
    "SeriesNumber": 10,
    "ShimSetting": [
      8227,
      -5627,
      -6056,
      589,
      -60,
      -282,
      40,
      54
    ],
    "SliceThickness": 1.6,
    "SliceTiming": [
      0,
      5.94,
      0.135,
      6.075,
      0.27,
      6.21,
      0.405,
      6.345,
      0.54,
      6.48,
      0.675,
      6.615,
      0.81,
      6.75,
      0.945,
      6.885,
      1.08,
      7.02,
      1.215,
      7.155,
      1.35,
      7.29,
      1.485,
      7.425,
      1.62,
      7.56,
      1.755,
      7.695,
      1.89,
      7.83,
      2.025,
      7.965,
      2.16,
      8.1,
      2.295,
      8.235,
      2.43,
      8.37,
      2.565,
      8.505,
      2.7,
      8.64,
      2.835,
      8.775,
      2.97,
      8.91,
      3.105,
      9.045,
      3.24,
      9.18,
      3.375,
      9.315,
      3.51,
      9.45,
      3.645,
      9.585,
      3.78,
      9.72,
      3.915,
      9.855,
      4.05,
      9.99,
      4.185,
      10.125,
      4.32,
      10.26,
      4.455,
      10.395,
      4.59,
      10.53,
      4.725,
      10.665,
      4.86,
      10.8,
      4.995,
      10.935,
      5.13,
      11.07,
      5.265,
      11.205,
      5.4,
      11.34,
      5.535,
      11.475,
      5.67,
      11.61,
      5.805
    ],
    "SoftwareVersions": "syngo MR XA30",
    "SpacingBetweenSlices": 1.6,
    "StationName": "LRG10884",
    "TotalReadoutTime": 0.0405563,
    "TxRefAmp": 247.006,
    "acq_id": "highres",
    "dataset": "hcph",
    "modality": "dwi",
    "session_id": "037",
    "subject_id": "001"
  },
  "efc_shell01": 2.6181,
  "efc_shell02": 1.2083,
  "efc_shell03": 0.9209,
  "efc_shell04": 0.6592,
  "efc_shell05": 0.6706,
  "fa_degenerate": 0.0,
  "fa_nans": 0.0,
  "fber_shell01": 8.2656,
  "fber_shell02": 38.8225,
  "fber_shell03": 49.0,
  "fber_shell04": 36.0,
  "fber_shell05": 18.49,
  "fd_mean": 12.6357,
  "fd_num": 279,
  "fd_perc": 99.64285714285714,
  "ndc": 0.8113,
  "provenance": {
    "md5sum": "3688c8941e3c24e7047fa9a7d0a3d083",
    "settings": {
      "testing": false
    },
    "software": "mriqc",
    "version": "24.0.0"
  },
  "sigma_cc": 42.9955,
  "sigma_pca": 19.124,
  "sigma_piesno": 7.5935,
  "snr_cc_shell0": 3.8,
  "snr_cc_shell1_best": 3.84,
  "snr_cc_shell1_worst": 3.84,
  "snr_cc_shell2_best": 2.57,
  "snr_cc_shell2_worst": 1.74,
  "snr_cc_shell3_best": 2.09,
  "snr_cc_shell3_worst": 1.44,
  "snr_cc_shell4_best": 1.41,
  "snr_cc_shell4_worst": 0.99,
  "spikes_global": 51.57,
  "spikes_slice_i": 344.15,
  "spikes_slice_j": 325.64,
  "spikes_slice_k": 294.25,
  "summary_bg_k": 246.7538,
  "summary_bg_mad": 17.7912,
  "summary_bg_mean": 42.0198,
  "summary_bg_median": 18.0,
  "summary_bg_n": 960023.0,
  "summary_bg_p05": 3.0,
  "summary_bg_p95": 136.0,
  "summary_bg_stdv": 108.1177,
  "summary_fg_k": 8.5016,
  "summary_fg_mad": 179.3949,
  "summary_fg_mean": 406.1523,
  "summary_fg_median": 305.0,
  "summary_fg_n": 360985.0,
  "summary_fg_p05": 100.0,
  "summary_fg_p95": 1113.0,
  "summary_fg_stdv": 340.1821,
  "summary_wm_k": 7.8426,
  "summary_wm_mad": 83.0257,
  "summary_wm_mean": 214.5444,
  "summary_wm_median": 210.0,
  "summary_wm_n": 106803.0,
  "summary_wm_p05": 84.0,
  "summary_wm_p95": 361.0,
  "summary_wm_stdv": 89.6317
}