{
  "aor": [
    0.001321578947368421,
    0.001339894736842105,
    0.0014561052631578949,
    0.001703473684210526
  ],
  "aqi": [
    0.0030905104210526314,
    0.004479638315789474,
    0.007905080315789473,
    0.014116018947368424
  ],
  "bids_meta": {
    "AcquisitionDuration": 188.475,
    "AcquisitionMatrixPE": 96,
    "AcquisitionTime": "21:58:43.245000",
    "B0FieldSource": [
      "026pepolarbold",
      "026phasediff"
    ],
    "BandwidthPerPixelPhaseEncode": 37.879,
    "BaseResolution": 96,
    "DerivedVendorReportedEchoSpacing": 0.000549997,
    "DwellTime": 2.3e-06,
    "EchoNumber": 2,
    "EchoTime": 0.03304,
    "EchoTrainLength": 35,
    "EffectiveEchoSpacing": 0.000274998,
    "FlipAngle": 64,
    "ImageOrientationPatientDICOM": [
      0.999692,
      -0.00476391,
      0.0243411,
      0.0116906,
      0.956033,
      -0.293025
    ],
    "ImageType": [
      "ORIGINAL",
      "PRIMARY",
      "FMRI",
      "NONE"
    ],
    "ImageTypeText": [
      "ORIGINAL",
      "PRIMARY",
      "M",
      "MB",
      "TE2",
      "DIS2D"
    ],
    "InPlanePhaseEncodingDirectionDICOM": "COL",
    "PercentPhaseFOV": 100,
    "PhaseEchoTime1": 0.0126,
    "PhaseEchoTime2": 0.03304,
    "PhaseEncodingDirection": "j",
    "PixelBandwidth": 2264,
    "ProtocolName": "func-bold_task-qct_dir-PA__cmrr_me4_sms4",
    "PulseSequenceName": "epfid2d4_96",
    "ReceiveCoilActiveElements": "HC1-7",
    "ReconMatrixPE": 96,
    "RefLinesPE": 22,
    "RepetitionTime": 1.6,
    "SequenceVariant": "SK\\SS",
    "SeriesDescription": "func-bold_task-qct_dir-PA__cmrr_me4_sms4",
    "SeriesNumber": 13,
    "ShimSetting": [
      8220,
      -5624,
      -6020,
      709,
      -74,
      -161,
      46,
      81
    ],
    "SliceThickness": 2.2,
    "SliceTiming": [
      0,
      0.8425,
      0.105,
      0.9475,
      0.21,
      1.0525,
      0.315,
      1.1575,
      0.42,
      1.2625,
      0.525,
      1.3675,
      0.63,
      1.4725,
      0.735,
      0,
      0.8425,
      0.105,
      0.9475,
      0.21,
      1.0525,
      0.315,
      1.1575,
      0.42,
      1.2625,
      0.525,
      1.3675,
      0.63,
      1.4725,
      0.735,
      0,
      0.8425,
      0.105,
      0.9475,
      0.21,
      1.0525,
      0.315,
      1.1575,
      0.42,
      1.2625,
      0.525,
      1.3675,
      0.63,
      1.4725,
      0.735,
      0,
      0.8425,
      0.105,
      0.9475,
      0.21,
      1.0525,
      0.315,
      1.1575,
      0.42,
      1.2625,
      0.525,
      1.3675,
      0.63,
      1.4725,
      0.735
    ],
    "SpacingBetweenSlices": 2.2,
    "TotalReadoutTime": 0.0261249,
    "TxRefAmp": 238.965,
    "WipMemBlock": "041bbc0d-8151-4112-ace2-9e58754d7944||Sequence: R017 nxva30a/master r/d34922cc2+; Jun 27 2022 13:20:16 by eja",
    "dataset": "<unset>",
    "modality": "bold",
    "session_id": "026",
    "subject_id": "001",
    "task_id": "qct"
  },
  "dummy_trs": 4,
  "dvars_nstd": 41.50419365063828,
  "dvars_std": 1.0835902802127657,
  "dvars_vstd": 1.0194633611702129,
  "efc": 0.5177,
  "fber": 625.6901,
  "fd_mean": 0.1514255304883267,
  "fd_num": 22,
  "fd_perc": 23.157894736842106,
  "fwhm_avg": 3.1275192797926454,
  "fwhm_x": 2.9678604092509335,
  "fwhm_y": 3.3869111321161394,
  "fwhm_z": 3.027786298010863,
  "gcor": [
    0.0118553,
    0.0158468,
    0.0151717,
    0.0121274
  ],
  "gsr_x": 0.010852579027414322,
  "gsr_y": 0.038562674075365067,
  "provenance": {
    "md5sum": "6906396edcfa98cf86f129c6e67b361c",
    "settings": {
      "fd_thres": 0.2,
      "testing": false
    },
    "software": "mriqc",
    "version": "24.1.0.dev0+g3fe90466.d20240417"
  },
  "size_t": 95,
  "size_x": 96,
  "size_y": 96,
  "size_z": 60,
  "snr": 2.1605241631905048,
  "spacing_tr": 1.600000023841858,
  "spacing_x": 2.197920083999634,
  "spacing_y": 2.197920083999634,
  "spacing_z": 2.200000047683716,
  "summary_bg_k": 41.1838,
  "summary_bg_mad": 6.2737,
  "summary_bg_mean": 40.8929,
  "summary_bg_median": 21.0,
  "summary_bg_n": 417767.0,
  "summary_bg_p05": 0.0,
  "summary_bg_p95": 146.0,
  "summary_bg_stdv": 68.9301,
  "summary_fg_k": 0.791,
  "summary_fg_mad": 213.8537,
  "summary_fg_mean": 526.7331,
  "summary_fg_median": 515.0,
  "summary_fg_n": 135193.0,
  "summary_fg_p05": 103.0,
  "summary_fg_p95": 928.0,
  "summary_fg_stdv": 238.3672,
  "tsnr": 37.34650066494942
}