{
  "aor": [
    0.0004010547396528705,
    0.0004134979973297731,
    0.00048603471295060083,
    0.000566275033377837
  ],
  "aqi": [
    0.004174456395193591,
    0.006003747783711617,
    0.01087795608811749,
    0.01961738865153538
  ],
  "bids_meta": {
    "AcquisitionDuration": 1230.47,
    "AcquisitionMatrixPE": 96,
    "AcquisitionTime": "22:05:13.245000",
    "B0FieldSource": [
      "026pepolarbold",
      "026phasediff"
    ],
    "BandwidthPerPixelPhaseEncode": 37.879,
    "BaseResolution": 96,
    "DerivedVendorReportedEchoSpacing": 0.000549997,
    "DwellTime": 2.3e-06,
    "EchoNumber": 2,
    "EchoTime": 0.03304,
    "EchoTrainLength": 35,
    "EffectiveEchoSpacing": 0.000274998,
    "FlipAngle": 64,
    "ImageOrientationPatientDICOM": [
      0.999692,
      -0.00476391,
      0.0243411,
      0.0116906,
      0.956033,
      -0.293025
    ],
    "ImageType": [
      "ORIGINAL",
      "PRIMARY",
      "FMRI",
      "NONE"
    ],
    "ImageTypeText": [
      "ORIGINAL",
      "PRIMARY",
      "M",
      "MB",
      "TE2",
      "DIS2D"
    ],
    "InPlanePhaseEncodingDirectionDICOM": "COL",
    "PercentPhaseFOV": 100,
    "PhaseEchoTime1": 0.0126,
    "PhaseEchoTime2": 0.03304,
    "PhaseEncodingDirection": "j",
    "PixelBandwidth": 2264,
    "ProtocolName": "func-bold_task-rest_dir-PA__cmrr_me4_sms4",
    "PulseSequenceName": "epfid2d4_96",
    "ReceiveCoilActiveElements": "HC1-7",
    "ReconMatrixPE": 96,
    "RefLinesPE": 22,
    "RepetitionTime": 1.6,
    "SequenceVariant": "SK\\SS",
    "SeriesDescription": "func-bold_task-rest_dir-PA__cmrr_me4_sms4",
    "SeriesNumber": 23,
    "ShimSetting": [
      8220,
      -5623,
      -6021,
      710,
      -70,
      -159,
      45,
      84
    ],
    "SliceThickness": 2.2,
    "SliceTiming": [
      0,
      0.8425,
      0.105,
      0.9475,
      0.21,
      1.055,
      0.3175,
      1.16,
      0.4225,
      1.265,
      0.5275,
      1.37,
      0.6325,
      1.475,
      0.7375,
      0,
      0.8425,
      0.105,
      0.9475,
      0.21,
      1.055,
      0.3175,
      1.16,
      0.4225,
      1.265,
      0.5275,
      1.37,
      0.6325,
      1.475,
      0.7375,
      0,
      0.8425,
      0.105,
      0.9475,
      0.21,
      1.055,
      0.3175,
      1.16,
      0.4225,
      1.265,
      0.5275,
      1.37,
      0.6325,
      1.475,
      0.7375,
      0,
      0.8425,
      0.105,
      0.9475,
      0.21,
      1.055,
      0.3175,
      1.16,
      0.4225,
      1.265,
      0.5275,
      1.37,
      0.6325,
      1.475,
      0.7375
    ],
    "SpacingBetweenSlices": 2.2,
    "TotalReadoutTime": 0.0261249,
    "TxRefAmp": 238.965,
    "WipMemBlock": "944bb404-ea1d-4ad2-85c6-01390a400033||Sequence: R017 nxva30a/master r/d34922cc2+; Jun 27 2022 13:20:16 by eja",
    "dataset": "<unset>",
    "modality": "bold",
    "session_id": "026",
    "subject_id": "001",
    "task_id": "rest"
  },
  "dummy_trs": 1,
  "dvars_nstd": 35.185614606229905,
  "dvars_std": 1.0062744483021397,
  "dvars_vstd": 0.9866012626604289,
  "efc": 0.5176,
  "fber": 635.6639,
  "fd_mean": 0.11475616658080849,
  "fd_num": 50,
  "fd_perc": 6.675567423230975,
  "fwhm_avg": 3.285905638652471,
  "fwhm_x": 3.0750981572090343,
  "fwhm_y": 3.563327919433719,
  "fwhm_z": 3.2192908393146595,
  "gcor": [
    0.00874961,
    0.0122248,
    0.0118958,
    0.00982983
  ],
  "gsr_x": 0.010846498422324657,
  "gsr_y": 0.0407133586704731,
  "provenance": {
    "md5sum": "37f30d68025e58e1eb4ac2d67d441a99",
    "settings": {
      "fd_thres": 0.2,
      "testing": false
    },
    "software": "mriqc",
    "version": "24.1.0.dev0+g3fe90466.d20240417"
  },
  "size_t": 749,
  "size_x": 96,
  "size_y": 96,
  "size_z": 60,
  "snr": 2.178993760171251,
  "spacing_tr": 1.600000023841858,
  "spacing_x": 2.197920083999634,
  "spacing_y": 2.197920083999634,
  "spacing_z": 2.200000047683716,
  "summary_bg_k": 46.0881,
  "summary_bg_mad": 6.2986,
  "summary_bg_mean": 41.1591,
  "summary_bg_median": 21.0,
  "summary_bg_n": 418120.0,
  "summary_bg_p05": 0.0,
  "summary_bg_p95": 149.0,
  "summary_bg_stdv": 70.3569,
  "summary_fg_k": 0.7307,
  "summary_fg_mad": 212.5941,
  "summary_fg_mean": 528.4318,
  "summary_fg_median": 517.0,
  "summary_fg_n": 134840.0,
  "summary_fg_p05": 106.0,
  "summary_fg_p95": 928.0,
  "summary_fg_stdv": 237.2646,
  "tsnr": 33.80722902901471
}