{
  "aor": [
    0.0006104390243902438,
    0.0006904878048780488,
    0.000779170731707317,
    0.0009558536585365854
  ],
  "aqi": [
    0.004804635707317073,
    0.00615276643902439,
    0.010386291170731707,
    0.01838669219512195
  ],
  "bids_meta": {
    "AcquisitionDuration": 361.475,
    "AcquisitionMatrixPE": 96,
    "AcquisitionTime": "22:27:9.542500",
    "B0FieldSource": [
      "026pepolarbold",
      "026phasediff"
    ],
    "BandwidthPerPixelPhaseEncode": 37.879,
    "BaseResolution": 96,
    "DerivedVendorReportedEchoSpacing": 0.000549997,
    "DwellTime": 2.3e-06,
    "EchoNumber": 4,
    "EchoTime": 0.07392,
    "EchoTrainLength": 35,
    "EffectiveEchoSpacing": 0.000274998,
    "ImageOrientationPatientDICOM": [
      0.999692,
      -0.00476391,
      0.0243411,
      0.0116906,
      0.956033,
      -0.293025
    ],
    "ImageType": [
      "ORIGINAL",
      "PRIMARY",
      "FMRI",
      "NONE"
    ],
    "ImageTypeText": [
      "ORIGINAL",
      "PRIMARY",
      "M",
      "MB",
      "TE4",
      "DIS2D"
    ],
    "InPlanePhaseEncodingDirectionDICOM": "COL",
    "PercentPhaseFOV": 100,
    "PercentSampling": 100,
    "PhaseEchoTime1": 0.0126,
    "PhaseEchoTime2": 0.03304,
    "PhaseEncodingDirection": "j",
    "PhaseResolution": 1,
    "PixelBandwidth": 2264,
    "ProtocolName": "func-bold_task-bht_dir-PA__cmrr_me4_sms4",
    "PulseSequenceName": "epfid2d4_96",
    "ReceiveCoilActiveElements": "HC1-7",
    "ReconMatrixPE": 96,
    "RefLinesPE": 22,
    "RepetitionTime": 1.6,
    "SequenceVariant": "SK\\SS",
    "SeriesDescription": "func-bold_task-bht_dir-PA__cmrr_me4_sms4",
    "SeriesNumber": 25,
    "ShimSetting": [
      8220,
      -5623,
      -6020,
      712,
      -75,
      -160,
      43,
      78
    ],
    "SliceThickness": 2.2,
    "SliceTiming": [
      0,
      0.8425,
      0.105,
      0.9475,
      0.2125,
      1.055,
      0.3175,
      1.16,
      0.4225,
      1.265,
      0.5275,
      1.37,
      0.6325,
      1.475,
      0.7375,
      0,
      0.8425,
      0.105,
      0.9475,
      0.2125,
      1.055,
      0.3175,
      1.16,
      0.4225,
      1.265,
      0.5275,
      1.37,
      0.6325,
      1.475,
      0.7375,
      0,
      0.8425,
      0.105,
      0.9475,
      0.2125,
      1.055,
      0.3175,
      1.16,
      0.4225,
      1.265,
      0.5275,
      1.37,
      0.6325,
      1.475,
      0.7375,
      0,
      0.8425,
      0.105,
      0.9475,
      0.2125,
      1.055,
      0.3175,
      1.16,
      0.4225,
      1.265,
      0.5275,
      1.37,
      0.6325,
      1.475,
      0.7375
    ],
    "SpacingBetweenSlices": 2.2,
    "TotalReadoutTime": 0.0261249,
    "TxRefAmp": 238.965,
    "WipMemBlock": "37364d36-1be5-43b9-838c-aba71bb8c94a||Sequence: R017 nxva30a/master r/d34922cc2+; Jun 27 2022 13:20:16 by eja",
    "dataset": "<unset>",
    "modality": "bold",
    "session_id": "026",
    "subject_id": "001",
    "task_id": "bht"
  },
  "dummy_trs": 2,
  "dvars_nstd": 98.17790928985308,
  "dvars_std": 1.093485986911765,
  "dvars_vstd": 1.006785701519607,
  "efc": 0.5146,
  "fber": 133.4208,
  "fd_mean": 0.24844047542380224,
  "fd_num": 122,
  "fd_perc": 59.51219512195122,
  "fwhm_avg": 2.5274659210360064,
  "fwhm_x": 2.3932125823374006,
  "fwhm_y": 2.7777625057640707,
  "fwhm_z": 2.4114226750065484,
  "gcor": [
    0.0215388,
    0.0300813,
    0.029989,
    0.0241264
  ],
  "gsr_x": 0.0033425188157707453,
  "gsr_y": 0.02899319678544998,
  "provenance": {
    "md5sum": "5b8bc4a29db84b3e31c363b58cf00d33",
    "settings": {
      "fd_thres": 0.2,
      "testing": false
    },
    "software": "mriqc",
    "version": "24.1.0.dev0+g3fe90466.d20240417"
  },
  "size_t": 205,
  "size_x": 96,
  "size_y": 96,
  "size_z": 60,
  "snr": 1.5240970102965254,
  "spacing_tr": 1.600000023841858,
  "spacing_x": 2.197920083999634,
  "spacing_y": 2.197920083999634,
  "spacing_z": 2.200000047683716,
  "summary_bg_k": 184.964,
  "summary_bg_mad": 2.0829,
  "summary_bg_mean": 19.7403,
  "summary_bg_median": 18.0,
  "summary_bg_n": 417779.0,
  "summary_bg_p05": 0.0,
  "summary_bg_p95": 34.0,
  "summary_bg_stdv": 14.1462,
  "summary_fg_k": 4.292,
  "summary_fg_mad": 119.5701,
  "summary_fg_mean": 212.6503,
  "summary_fg_median": 206.0,
  "summary_fg_n": 135181.0,
  "summary_fg_p05": 26.0,
  "summary_fg_p95": 442.0,
  "summary_fg_stdv": 135.1615,
  "tsnr": 14.71180063241627
}