{
  "aor": [
    0.00016516688918558075,
    0.000251415220293725,
    0.0003324833110814419,
    0.00043809078771695593
  ],
  "aqi": [
    0.006356143351134846,
    0.008503953351134847,
    0.013589856742323098,
    0.022507435781041387
  ],
  "bids_meta": {
    "AcquisitionDuration": 1230.47,
    "AcquisitionMatrixPE": 76,
    "AcquisitionTime": "22:04:34.217500",
    "B0FieldSource": [
      "028pepolarbold",
      "028phasediff"
    ],
    "BandwidthPerPixelPhaseEncode": 40.486,
    "BaseResolution": 102,
    "DerivedVendorReportedEchoSpacing": 0.000649997,
    "DwellTime": 2.5e-06,
    "EchoNumber": 1,
    "EchoTime": 0.0126,
    "EchoTrainLength": 28,
    "EffectiveEchoSpacing": 0.000324999,
    "FlipAngle": 64,
    "ImageOrientationPatientDICOM": [
      0.999774,
      0.00456376,
      0.0207726,
      0.0027919,
      0.940091,
      -0.340911
    ],
    "ImageType": [
      "ORIGINAL",
      "PRIMARY",
      "FMRI",
      "NONE"
    ],
    "ImageTypeText": [
      "ORIGINAL",
      "PRIMARY",
      "M",
      "MB",
      "TE1",
      "DIS2D"
    ],
    "InPlanePhaseEncodingDirectionDICOM": "ROW",
    "PercentPhaseFOV": 74.5098,
    "PhaseEchoTime1": 0.0126,
    "PhaseEchoTime2": 0.0322,
    "PhaseEncodingDirection": "i",
    "PixelBandwidth": 1961,
    "ProtocolName": "func-bold_task-rest_dir-RL__cmrr_me4_sms4",
    "PulseSequenceName": "epfid2d4_76",
    "ReceiveCoilActiveElements": "HC1-7",
    "ReconMatrixPE": 76,
    "RefLinesPE": 18,
    "RepetitionTime": 1.6,
    "SequenceVariant": "SK\\SS\\OSP",
    "SeriesDescription": "func-bold_task-rest_dir-RL__cmrr_me4_sms4",
    "SeriesNumber": 23,
    "ShimSetting": [
      8236,
      -5628,
      -6017,
      656,
      -45,
      -194,
      22,
      13
    ],
    "SliceThickness": 2.2,
    "SliceTiming": [
      0,
      0.8425,
      0.1075,
      0.95,
      0.2125,
      1.055,
      0.3175,
      1.16,
      0.4225,
      1.265,
      0.5275,
      1.37,
      0.6325,
      1.475,
      0.7375,
      0,
      0.8425,
      0.1075,
      0.95,
      0.2125,
      1.055,
      0.3175,
      1.16,
      0.4225,
      1.265,
      0.5275,
      1.37,
      0.6325,
      1.475,
      0.7375,
      0,
      0.8425,
      0.1075,
      0.95,
      0.2125,
      1.055,
      0.3175,
      1.16,
      0.4225,
      1.265,
      0.5275,
      1.37,
      0.6325,
      1.475,
      0.7375,
      0,
      0.8425,
      0.1075,
      0.95,
      0.2125,
      1.055,
      0.3175,
      1.16,
      0.4225,
      1.265,
      0.5275,
      1.37,
      0.6325,
      1.475,
      0.7375
    ],
    "SpacingBetweenSlices": 2.2,
    "TotalReadoutTime": 0.0243749,
    "TxRefAmp": 246.718,
    "WipMemBlock": "3ceae5dc-01a2-4226-92eb-271d999a2168||Sequence: R017 nxva30a/master r/d34922cc2+; Jun 27 2022 13:20:16 by eja",
    "dataset": "<unset>",
    "modality": "bold",
    "session_id": "028",
    "subject_id": "001",
    "task_id": "rest"
  },
  "dummy_trs": 1,
  "dvars_nstd": 37.66876472644388,
  "dvars_std": 1.0272064799465248,
  "dvars_vstd": 0.9984444208957223,
  "efc": 0.6554,
  "fber": 132.6953,
  "fd_mean": 0.11462226499516003,
  "fd_num": 55,
  "fd_perc": 7.343124165554072,
  "fwhm_avg": 3.7925369377252998,
  "fwhm_x": 3.6064214920833475,
  "fwhm_y": 3.7899439528382666,
  "fwhm_z": 3.9812453682542848,
  "gcor": [
    0.00827708,
    0.0129525,
    0.013184,
    0.011057
  ],
  "gsr_x": 0.14859110116958618,
  "gsr_y": 0.019930114969611168,
  "provenance": {
    "md5sum": "62cdf492e99f70505c25a9309cf336eb",
    "settings": {
      "fd_thres": 0.2,
      "testing": false
    },
    "software": "mriqc",
    "version": "24.1.0.dev0+g3fe90466.d20240417"
  },
  "size_t": 749,
  "size_x": 76,
  "size_y": 102,
  "size_z": 60,
  "snr": 2.6477377801897024,
  "spacing_tr": 1.600000023841858,
  "spacing_x": 2.196079969406128,
  "spacing_y": 2.196079969406128,
  "spacing_z": 2.200000047683716,
  "summary_bg_k": 5.4368,
  "summary_bg_mad": 63.0947,
  "summary_bg_mean": 168.9897,
  "summary_bg_median": 68.0,
  "summary_bg_n": 331585.0,
  "summary_bg_p05": 1.0,
  "summary_bg_p95": 716.0,
  "summary_bg_stdv": 236.2186,
  "summary_fg_k": 1.1335,
  "summary_fg_mad": 282.6505,
  "summary_fg_mean": 814.1675,
  "summary_fg_median": 785.0,
  "summary_fg_n": 133535.0,
  "summary_fg_p05": 398.0,
  "summary_fg_p95": 1327.0,
  "summary_fg_stdv": 296.4784,
  "tsnr": 36.32321435818449
}