{
  "aor": [
    0.0010876767676767677,
    0.0010273737373737374,
    0.0010957575757575759,
    0.00127010101010101
  ],
  "aqi": [
    0.004903325454545455,
    0.006896288888888888,
    0.010791913535353534,
    0.0176726797979798
  ],
  "bids_meta": {
    "AcquisitionDuration": 188.475,
    "AcquisitionMatrixPE": 76,
    "AcquisitionTime": "21:58:24.335000",
    "B0FieldSource": [
      "028pepolarbold",
      "028phasediff"
    ],
    "BandwidthPerPixelPhaseEncode": 40.486,
    "BaseResolution": 102,
    "DerivedVendorReportedEchoSpacing": 0.000649997,
    "DwellTime": 2.5e-06,
    "EchoNumber": 2,
    "EchoTime": 0.0322,
    "EchoTrainLength": 28,
    "EffectiveEchoSpacing": 0.000324999,
    "FlipAngle": 64,
    "ImageOrientationPatientDICOM": [
      0.999774,
      0.00472783,
      0.0207131,
      0.00261741,
      0.940091,
      -0.340915
    ],
    "ImageType": [
      "ORIGINAL",
      "PRIMARY",
      "FMRI",
      "NONE"
    ],
    "ImageTypeText": [
      "ORIGINAL",
      "PRIMARY",
      "M",
      "MB",
      "TE2",
      "DIS2D"
    ],
    "InPlanePhaseEncodingDirectionDICOM": "ROW",
    "PercentPhaseFOV": 74.5098,
    "PhaseEchoTime1": 0.0126,
    "PhaseEchoTime2": 0.0322,
    "PhaseEncodingDirection": "i",
    "PixelBandwidth": 1961,
    "ProtocolName": "func-bold_task-qct_dir-RL__cmrr_me4_sms4",
    "PulseSequenceName": "epfid2d4_76",
    "ReceiveCoilActiveElements": "HC1-7",
    "ReconMatrixPE": 76,
    "RefLinesPE": 18,
    "RepetitionTime": 1.6,
    "SequenceVariant": "SK\\SS\\OSP",
    "SeriesDescription": "func-bold_task-qct_dir-RL__cmrr_me4_sms4",
    "SeriesNumber": 13,
    "ShimSetting": [
      8236,
      -5628,
      -6017,
      656,
      -45,
      -194,
      22,
      13
    ],
    "SliceThickness": 2.2,
    "SliceTiming": [
      0,
      0.8425,
      0.1075,
      0.95,
      0.2125,
      1.055,
      0.3175,
      1.16,
      0.4225,
      1.265,
      0.5275,
      1.37,
      0.6325,
      1.475,
      0.7375,
      0,
      0.8425,
      0.1075,
      0.95,
      0.2125,
      1.055,
      0.3175,
      1.16,
      0.4225,
      1.265,
      0.5275,
      1.37,
      0.6325,
      1.475,
      0.7375,
      0,
      0.8425,
      0.1075,
      0.95,
      0.2125,
      1.055,
      0.3175,
      1.16,
      0.4225,
      1.265,
      0.5275,
      1.37,
      0.6325,
      1.475,
      0.7375,
      0,
      0.8425,
      0.1075,
      0.95,
      0.2125,
      1.055,
      0.3175,
      1.16,
      0.4225,
      1.265,
      0.5275,
      1.37,
      0.6325,
      1.475,
      0.7375
    ],
    "SpacingBetweenSlices": 2.2,
    "TotalReadoutTime": 0.0243749,
    "TxRefAmp": 246.718,
    "WipMemBlock": "0fe79437-ef4a-4233-94b3-6be78bd03c41||Sequence: R017 nxva30a/master r/d34922cc2+; Jun 27 2022 13:20:16 by eja",
    "dataset": "<unset>",
    "modality": "bold",
    "session_id": "028",
    "subject_id": "001",
    "task_id": "qct"
  },
  "dummy_trs": 0,
  "dvars_nstd": 50.87610634030611,
  "dvars_std": 1.0318405375510207,
  "dvars_vstd": 1.0156975037755096,
  "efc": 0.5831,
  "fber": 238.2029,
  "fd_mean": 0.11573542382973723,
  "fd_num": 10,
  "fd_perc": 10.1010101010101,
  "fwhm_avg": 3.2278845504827487,
  "fwhm_x": 3.303668400546432,
  "fwhm_y": 3.241735318921549,
  "fwhm_z": 3.1382499319802646,
  "gcor": [
    0.00847493,
    0.0136116,
    0.0131629,
    0.0105126
  ],
  "gsr_x": 0.09855713695287704,
  "gsr_y": -0.00914839468896389,
  "provenance": {
    "md5sum": "07b77c6d063b80d5801333d5b66926ba",
    "settings": {
      "fd_thres": 0.2,
      "testing": false
    },
    "software": "mriqc",
    "version": "24.1.0.dev0+g3fe90466.d20240417"
  },
  "size_t": 99,
  "size_x": 76,
  "size_y": 102,
  "size_z": 60,
  "snr": 2.177467431415763,
  "spacing_tr": 1.600000023841858,
  "spacing_x": 2.196079969406128,
  "spacing_y": 2.196079969406128,
  "spacing_z": 2.200000047683716,
  "summary_bg_k": 26.3404,
  "summary_bg_mad": 17.7313,
  "summary_bg_mean": 60.0416,
  "summary_bg_median": 34.0,
  "summary_bg_n": 331646.0,
  "summary_bg_p05": 0.0,
  "summary_bg_p95": 214.0,
  "summary_bg_stdv": 82.4899,
  "summary_fg_k": 1.1529,
  "summary_fg_mad": 213.959,
  "summary_fg_mean": 534.3302,
  "summary_fg_median": 519.0,
  "summary_fg_n": 133474.0,
  "summary_fg_p05": 123.0,
  "summary_fg_p95": 937.0,
  "summary_fg_stdv": 238.3494,
  "tsnr": 28.007381852716208
}