{
  "aor": [
    0.001051919191919192,
    0.0010185858585858585,
    0.0010824242424242424,
    0.0012603030303030304
  ],
  "aqi": [
    0.004905208080808081,
    0.006545695858585859,
    0.010004367575757575,
    0.01634460606060606
  ],
  "bids_meta": {
    "AcquisitionDuration": 188.475,
    "AcquisitionMatrixPE": 76,
    "AcquisitionTime": "10:05:56.382500",
    "B0FieldSource": [
      "003pepolarbold",
      "003phasediff"
    ],
    "BandwidthPerPixelPhaseEncode": 40.486,
    "BaseResolution": 102,
    "DerivedVendorReportedEchoSpacing": 0.000649997,
    "DwellTime": 2.5e-06,
    "EchoNumber": 1,
    "EchoTime": 0.0126,
    "EchoTrainLength": 28,
    "EffectiveEchoSpacing": 0.000324999,
    "FlipAngle": 64,
    "ImageOrientationPatientDICOM": [
      0.998371,
      0.0143984,
      0.0552065,
      0.012198,
      0.891389,
      -0.453076
    ],
    "ImageType": [
      "ORIGINAL",
      "PRIMARY",
      "FMRI",
      "NONE"
    ],
    "ImageTypeText": [
      "ORIGINAL",
      "PRIMARY",
      "M",
      "MB",
      "TE1",
      "DIS2D"
    ],
    "InPlanePhaseEncodingDirectionDICOM": "ROW",
    "PercentPhaseFOV": 74.5098,
    "PhaseEchoTime1": 0.0126,
    "PhaseEchoTime2": 0.0322,
    "PhaseEncodingDirection": "i-",
    "PixelBandwidth": 1961,
    "ProtocolName": "func-bold_task-qct_dir-LR__cmrr_me4_sms4",
    "PulseSequenceName": "epfid2d4_76",
    "ReceiveCoilActiveElements": "HC1-7;NC1",
    "ReconMatrixPE": 76,
    "RefLinesPE": 18,
    "RepetitionTime": 1.6,
    "SequenceVariant": "SK\\SS\\OSP",
    "SeriesDescription": "func-bold_task-qct_dir-LR__cmrr_me4_sms4",
    "SeriesNumber": 11,
    "ShimSetting": [
      8237,
      -5609,
      -6017,
      681,
      -44,
      -239,
      -27,
      3
    ],
    "SliceThickness": 2.2,
    "SliceTiming": [
      0,
      0.8425,
      0.105,
      0.9475,
      0.21,
      1.0525,
      0.3175,
      1.16,
      0.4225,
      1.265,
      0.5275,
      1.37,
      0.6325,
      1.475,
      0.7375,
      0,
      0.8425,
      0.105,
      0.9475,
      0.21,
      1.0525,
      0.3175,
      1.16,
      0.4225,
      1.265,
      0.5275,
      1.37,
      0.6325,
      1.475,
      0.7375,
      0,
      0.8425,
      0.105,
      0.9475,
      0.21,
      1.0525,
      0.3175,
      1.16,
      0.4225,
      1.265,
      0.5275,
      1.37,
      0.6325,
      1.475,
      0.7375,
      0,
      0.8425,
      0.105,
      0.9475,
      0.21,
      1.0525,
      0.3175,
      1.16,
      0.4225,
      1.265,
      0.5275,
      1.37,
      0.6325,
      1.475,
      0.7375
    ],
    "SpacingBetweenSlices": 2.2,
    "TotalReadoutTime": 0.0243749,
    "TxRefAmp": 250.232,
    "WipMemBlock": "303d952c-eca5-495b-b256-1636157a0fe8||Sequence: R017 nxva30a/master r/d34922cc2+; Jun 27 2022 13:20:16 by eja",
    "dataset": "<unset>",
    "modality": "bold",
    "session_id": "003",
    "subject_id": "001",
    "task_id": "qct"
  },
  "dummy_trs": 0,
  "dvars_nstd": 38.930883018571414,
  "dvars_std": 1.0294070618367337,
  "dvars_vstd": 1.0187420814285717,
  "efc": 0.6536,
  "fber": 122.826,
  "fd_mean": 0.06578417471922206,
  "fd_num": 1,
  "fd_perc": 1.0101010101010102,
  "fwhm_avg": 3.8200271658155422,
  "fwhm_x": 3.64234459192444,
  "fwhm_y": 3.7477733573726355,
  "fwhm_z": 4.069963548149552,
  "gcor": [
    0.00404175,
    0.00648565,
    0.00605408,
    0.00516216
  ],
  "gsr_x": 0.15461303293704987,
  "gsr_y": 0.026394253596663475,
  "provenance": {
    "md5sum": "b04de682fa3931fe55e7353582d67a7a",
    "settings": {
      "fd_thres": 0.2,
      "testing": false
    },
    "software": "mriqc",
    "version": "24.1.0.dev0+g3fe90466.d20240417"
  },
  "size_t": 99,
  "size_x": 76,
  "size_y": 102,
  "size_z": 60,
  "snr": 2.5283538713463236,
  "spacing_tr": 1.600000023841858,
  "spacing_x": 2.196079969406128,
  "spacing_y": 2.196079969406128,
  "spacing_z": 2.200000047683716,
  "summary_bg_k": 5.927,
  "summary_bg_mad": 67.7055,
  "summary_bg_mean": 178.8585,
  "summary_bg_median": 72.0,
  "summary_bg_n": 332389.0,
  "summary_bg_p05": 0.0,
  "summary_bg_p95": 760.0,
  "summary_bg_stdv": 253.0099,
  "summary_fg_k": 1.2505,
  "summary_fg_mad": 300.1595,
  "summary_fg_mean": 836.7435,
  "summary_fg_median": 799.0,
  "summary_fg_n": 132731.0,
  "summary_fg_p05": 404.0,
  "summary_fg_p95": 1396.0,
  "summary_fg_stdv": 316.0147,
  "tsnr": 37.027139900485054
}