{
  "aor": [
    0.00033472,
    0.0003708933333333333,
    0.00040916,
    0.0004772933333333334
  ],
  "aqi": [
    0.005899816733333334,
    0.0079496312,
    0.012346190746666668,
    0.0200767196
  ],
  "bids_meta": {
    "AcquisitionDuration": 1230.47,
    "AcquisitionMatrixPE": 76,
    "AcquisitionTime": "10:12:32.207500",
    "B0FieldSource": [
      "003pepolarbold",
      "003phasediff"
    ],
    "BandwidthPerPixelPhaseEncode": 40.486,
    "BaseResolution": 102,
    "DerivedVendorReportedEchoSpacing": 0.000649997,
    "DwellTime": 2.5e-06,
    "EchoNumber": 1,
    "EchoTime": 0.0126,
    "EchoTrainLength": 28,
    "EffectiveEchoSpacing": 0.000324999,
    "FlipAngle": 64,
    "ImageOrientationPatientDICOM": [
      0.998371,
      0.0143984,
      0.0552065,
      0.012198,
      0.891389,
      -0.453076
    ],
    "ImageType": [
      "ORIGINAL",
      "PRIMARY",
      "FMRI",
      "NONE"
    ],
    "ImageTypeText": [
      "ORIGINAL",
      "PRIMARY",
      "M",
      "MB",
      "TE1",
      "DIS2D"
    ],
    "InPlanePhaseEncodingDirectionDICOM": "ROW",
    "PercentPhaseFOV": 74.5098,
    "PhaseEchoTime1": 0.0126,
    "PhaseEchoTime2": 0.0322,
    "PhaseEncodingDirection": "i-",
    "PixelBandwidth": 1961,
    "ProtocolName": "func-bold_task-rest_dir-LR__cmrr_me4_sms4",
    "PulseSequenceName": "epfid2d4_76",
    "ReceiveCoilActiveElements": "HC1-7;NC1",
    "ReconMatrixPE": 76,
    "RefLinesPE": 18,
    "RepetitionTime": 1.6,
    "SequenceVariant": "SK\\SS\\OSP",
    "SeriesDescription": "func-bold_task-rest_dir-LR__cmrr_me4_sms4",
    "SeriesNumber": 21,
    "ShimSetting": [
      8238,
      -5609,
      -6017,
      683,
      -42,
      -245,
      -31,
      6
    ],
    "SliceThickness": 2.2,
    "SliceTiming": [
      0,
      0.8425,
      0.105,
      0.9475,
      0.21,
      1.0525,
      0.315,
      1.1575,
      0.42,
      1.265,
      0.5275,
      1.37,
      0.6325,
      1.475,
      0.7375,
      0,
      0.8425,
      0.105,
      0.9475,
      0.21,
      1.0525,
      0.315,
      1.1575,
      0.42,
      1.265,
      0.5275,
      1.37,
      0.6325,
      1.475,
      0.7375,
      0,
      0.8425,
      0.105,
      0.9475,
      0.21,
      1.0525,
      0.315,
      1.1575,
      0.42,
      1.265,
      0.5275,
      1.37,
      0.6325,
      1.475,
      0.7375,
      0,
      0.8425,
      0.105,
      0.9475,
      0.21,
      1.0525,
      0.315,
      1.1575,
      0.42,
      1.265,
      0.5275,
      1.37,
      0.6325,
      1.475,
      0.7375
    ],
    "SpacingBetweenSlices": 2.2,
    "TotalReadoutTime": 0.0243749,
    "TxRefAmp": 250.232,
    "WipMemBlock": "721ca4ab-b2c2-4b98-8a2e-382916ef14e2||Sequence: R017 nxva30a/master r/d34922cc2+; Jun 27 2022 13:20:16 by eja",
    "dataset": "<unset>",
    "modality": "bold",
    "session_id": "003",
    "subject_id": "001",
    "task_id": "rest"
  },
  "dummy_trs": 0,
  "dvars_nstd": 38.69258948883841,
  "dvars_std": 1.0299787792923896,
  "dvars_vstd": 1.0111717005607481,
  "efc": 0.6574,
  "fber": 111.7729,
  "fd_mean": 0.09603517668104457,
  "fd_num": 23,
  "fd_perc": 3.066666666666667,
  "fwhm_avg": 3.907533975796417,
  "fwhm_x": 3.7042776735493232,
  "fwhm_y": 3.8452652533794547,
  "fwhm_z": 4.173059000460473,
  "gcor": [
    0.00889237,
    0.0125658,
    0.0115268,
    0.00954981
  ],
  "gsr_x": 0.15524345636367798,
  "gsr_y": 0.023053474724292755,
  "provenance": {
    "md5sum": "36b30d1676de2a2e0b09502320156441",
    "settings": {
      "fd_thres": 0.2,
      "testing": false
    },
    "software": "mriqc",
    "version": "24.1.0.dev0+g3fe90466.d20240417"
  },
  "size_t": 750,
  "size_x": 76,
  "size_y": 102,
  "size_z": 60,
  "snr": 2.5372972572176544,
  "spacing_tr": 1.600000023841858,
  "spacing_x": 2.196079969406128,
  "spacing_y": 2.196079969406128,
  "spacing_z": 2.200000047683716,
  "summary_bg_k": 5.7148,
  "summary_bg_mad": 72.4261,
  "summary_bg_mean": 182.9963,
  "summary_bg_median": 76.0,
  "summary_bg_n": 332681.0,
  "summary_bg_p05": 1.0,
  "summary_bg_p95": 764.0,
  "summary_bg_stdv": 254.9426,
  "summary_fg_k": 1.2216,
  "summary_fg_mad": 299.2049,
  "summary_fg_mean": 836.1516,
  "summary_fg_median": 798.0,
  "summary_fg_n": 132439.0,
  "summary_fg_p05": 406.0,
  "summary_fg_p95": 1392.0,
  "summary_fg_stdv": 314.5067,
  "tsnr": 35.87363107339479
}