{
  "aor": [
    0.00063992,
    0.00073532,
    0.0007576533333333333,
    0.0008126933333333334
  ],
  "aqi": [
    0.0045386537600000006,
    0.00501305524,
    0.008373034733333333,
    0.01525062888
  ],
  "bids_meta": {
    "AcquisitionDuration": 1230.47,
    "AcquisitionMatrixPE": 96,
    "AcquisitionTime": "20:25:28.252500",
    "B0FieldSource": [
      "009pepolarbold",
      "009phasediff"
    ],
    "BandwidthPerPixelPhaseEncode": 37.879,
    "BaseResolution": 96,
    "DerivedVendorReportedEchoSpacing": 0.000549997,
    "DwellTime": 2.3e-06,
    "EchoNumber": 3,
    "EchoTime": 0.05348,
    "EchoTrainLength": 35,
    "EffectiveEchoSpacing": 0.000274998,
    "FlipAngle": 64,
    "ImageOrientationPatientDICOM": [
      0.997499,
      0.0305743,
      0.0637244,
      -0.0076604,
      0.943053,
      -0.332556
    ],
    "ImageType": [
      "ORIGINAL",
      "PRIMARY",
      "FMRI",
      "NONE"
    ],
    "ImageTypeText": [
      "ORIGINAL",
      "PRIMARY",
      "M",
      "MB",
      "TE3",
      "DIS2D"
    ],
    "InPlanePhaseEncodingDirectionDICOM": "COL",
    "PercentPhaseFOV": 100,
    "PhaseEchoTime1": 0.0126,
    "PhaseEchoTime2": 0.03304,
    "PhaseEncodingDirection": "j-",
    "PixelBandwidth": 2264,
    "ProtocolName": "func-bold_task-rest_dir-AP__cmrr_me4_sms4",
    "PulseSequenceName": "epfid2d4_96",
    "ReceiveCoilActiveElements": "HC1-7",
    "ReconMatrixPE": 96,
    "RefLinesPE": 22,
    "RepetitionTime": 1.6,
    "SequenceVariant": "SK\\SS",
    "SeriesDescription": "func-bold_task-rest_dir-AP__cmrr_me4_sms4",
    "SeriesNumber": 23,
    "ShimSetting": [
      8253,
      -5624,
      -5989,
      704,
      -32,
      -231,
      27,
      55
    ],
    "SliceThickness": 2.2,
    "SliceTiming": [
      0,
      0.8425,
      0.105,
      0.9475,
      0.21,
      1.0525,
      0.315,
      1.1575,
      0.4225,
      1.265,
      0.5275,
      1.37,
      0.6325,
      1.475,
      0.7375,
      0,
      0.8425,
      0.105,
      0.9475,
      0.21,
      1.0525,
      0.315,
      1.1575,
      0.4225,
      1.265,
      0.5275,
      1.37,
      0.6325,
      1.475,
      0.7375,
      0,
      0.8425,
      0.105,
      0.9475,
      0.21,
      1.0525,
      0.315,
      1.1575,
      0.4225,
      1.265,
      0.5275,
      1.37,
      0.6325,
      1.475,
      0.7375,
      0,
      0.8425,
      0.105,
      0.9475,
      0.21,
      1.0525,
      0.315,
      1.1575,
      0.4225,
      1.265,
      0.5275,
      1.37,
      0.6325,
      1.475,
      0.7375
    ],
    "SpacingBetweenSlices": 2.2,
    "TotalReadoutTime": 0.0261249,
    "TxRefAmp": 249.094,
    "WipMemBlock": "f2699602-41f3-4494-a2cc-6b6b46bd6476||Sequence: R017 nxva30a/master r/d34922cc2+; Jun 27 2022 13:20:16 by eja",
    "dataset": "<unset>",
    "modality": "bold",
    "session_id": "009",
    "subject_id": "001",
    "task_id": "rest"
  },
  "dummy_trs": 0,
  "dvars_nstd": 51.97952343329772,
  "dvars_std": 1.0274620241655534,
  "dvars_vstd": 1.0011781230440584,
  "efc": 0.493,
  "fber": 322.4966,
  "fd_mean": 0.13526386982196018,
  "fd_num": 97,
  "fd_perc": 12.933333333333334,
  "fwhm_avg": 3.054569939365138,
  "fwhm_x": 2.8969115148233304,
  "fwhm_y": 3.3253301852085073,
  "fwhm_z": 2.9414681180635776,
  "gcor": [
    0.0173623,
    0.0152782,
    0.0128675,
    0.009796
  ],
  "gsr_x": 0.007053592707961798,
  "gsr_y": 0.02532867342233658,
  "provenance": {
    "md5sum": "008bdde45753e1a9141017deab9b4bea",
    "settings": {
      "fd_thres": 0.2,
      "testing": false
    },
    "software": "mriqc",
    "version": "24.1.0.dev0+g3fe90466.d20240417"
  },
  "size_t": 750,
  "size_x": 96,
  "size_y": 96,
  "size_z": 60,
  "snr": 1.6709734980808137,
  "spacing_tr": 1.600000023841858,
  "spacing_x": 2.197920083999634,
  "spacing_y": 2.197920083999634,
  "spacing_z": 2.200000047683716,
  "summary_bg_k": 128.335,
  "summary_bg_mad": 3.3724,
  "summary_bg_mean": 25.3973,
  "summary_bg_median": 19.0,
  "summary_bg_n": 418931.0,
  "summary_bg_p05": 1.0,
  "summary_bg_p95": 62.0,
  "summary_bg_stdv": 28.6698,
  "summary_fg_k": 2.0262,
  "summary_fg_mad": 177.4319,
  "summary_fg_mean": 357.8042,
  "summary_fg_median": 345.0,
  "summary_fg_n": 134029.0,
  "summary_fg_p05": 42.0,
  "summary_fg_p95": 719.0,
  "summary_fg_stdv": 206.4657,
  "tsnr": 23.62107774335891
}