{
  "aor": [
    0.0013887755102040815,
    0.0012726530612244898,
    0.001288265306122449,
    0.0014981632653061226
  ],
  "aqi": [
    0.003731935408163265,
    0.003975764897959183,
    0.006695011530612245,
    0.01200550163265306
  ],
  "bids_meta": {
    "AcquisitionDuration": 188.475,
    "AcquisitionMatrixPE": 96,
    "AcquisitionTime": "20:19:17.330000",
    "B0FieldSource": [
      "009pepolarbold",
      "009phasediff"
    ],
    "BandwidthPerPixelPhaseEncode": 37.879,
    "BaseResolution": 96,
    "DerivedVendorReportedEchoSpacing": 0.000549997,
    "DwellTime": 2.3e-06,
    "EchoNumber": 4,
    "EchoTime": 0.07392,
    "EchoTrainLength": 35,
    "EffectiveEchoSpacing": 0.000274998,
    "FlipAngle": 64,
    "ImageOrientationPatientDICOM": [
      0.997499,
      0.0305743,
      0.0637244,
      -0.0076604,
      0.943053,
      -0.332556
    ],
    "ImageType": [
      "ORIGINAL",
      "PRIMARY",
      "FMRI",
      "NONE"
    ],
    "ImageTypeText": [
      "ORIGINAL",
      "PRIMARY",
      "M",
      "MB",
      "TE4",
      "DIS2D"
    ],
    "InPlanePhaseEncodingDirectionDICOM": "COL",
    "PercentPhaseFOV": 100,
    "PhaseEchoTime1": 0.0126,
    "PhaseEchoTime2": 0.03304,
    "PhaseEncodingDirection": "j-",
    "PixelBandwidth": 2264,
    "ProtocolName": "func-bold_task-qct_dir-AP__cmrr_me4_sms4",
    "PulseSequenceName": "epfid2d4_96",
    "ReceiveCoilActiveElements": "HC1-7",
    "ReconMatrixPE": 96,
    "RefLinesPE": 22,
    "RepetitionTime": 1.6,
    "SequenceVariant": "SK\\SS",
    "SeriesDescription": "func-bold_task-qct_dir-AP__cmrr_me4_sms4",
    "SeriesNumber": 13,
    "ShimSetting": [
      8253,
      -5625,
      -5992,
      699,
      -41,
      -242,
      19,
      50
    ],
    "SliceThickness": 2.2,
    "SliceTiming": [
      0,
      0.8425,
      0.105,
      0.9475,
      0.2125,
      1.055,
      0.3175,
      1.16,
      0.4225,
      1.265,
      0.5275,
      1.37,
      0.6325,
      1.475,
      0.7375,
      0,
      0.8425,
      0.105,
      0.9475,
      0.2125,
      1.055,
      0.3175,
      1.16,
      0.4225,
      1.265,
      0.5275,
      1.37,
      0.6325,
      1.475,
      0.7375,
      0,
      0.8425,
      0.105,
      0.9475,
      0.2125,
      1.055,
      0.3175,
      1.16,
      0.4225,
      1.265,
      0.5275,
      1.37,
      0.6325,
      1.475,
      0.7375,
      0,
      0.8425,
      0.105,
      0.9475,
      0.2125,
      1.055,
      0.3175,
      1.16,
      0.4225,
      1.265,
      0.5275,
      1.37,
      0.6325,
      1.475,
      0.7375
    ],
    "SpacingBetweenSlices": 2.2,
    "TotalReadoutTime": 0.0261249,
    "TxRefAmp": 249.094,
    "WipMemBlock": "5453a020-bcc6-4783-a9f5-ed287280b8fa||Sequence: R017 nxva30a/master r/d34922cc2+; Jun 27 2022 13:20:16 by eja",
    "dataset": "<unset>",
    "modality": "bold",
    "session_id": "009",
    "subject_id": "001",
    "task_id": "qct"
  },
  "dummy_trs": 1,
  "dvars_nstd": 79.93156881402065,
  "dvars_std": 1.0773648759793815,
  "dvars_vstd": 1.0359774026804127,
  "efc": 0.4957,
  "fber": 139.162,
  "fd_mean": 0.11400402304052314,
  "fd_num": 9,
  "fd_perc": 9.183673469387756,
  "fwhm_avg": 2.607712395099299,
  "fwhm_x": 2.4819874206131094,
  "fwhm_y": 2.8460770914913036,
  "fwhm_z": 2.4950726731934836,
  "gcor": [
    0.00560254,
    0.0087361,
    0.00856637,
    0.00684629
  ],
  "gsr_x": 0.0005053069326095283,
  "gsr_y": 0.026959404349327087,
  "provenance": {
    "md5sum": "785df49b03335d0026cc3378b731480f",
    "settings": {
      "fd_thres": 0.2,
      "testing": false
    },
    "software": "mriqc",
    "version": "24.1.0.dev0+g3fe90466.d20240417"
  },
  "size_t": 98,
  "size_x": 96,
  "size_y": 96,
  "size_z": 60,
  "snr": 1.3603608441115922,
  "spacing_tr": 1.600000023841858,
  "spacing_x": 2.197920083999634,
  "spacing_y": 2.197920083999634,
  "spacing_z": 2.200000047683716,
  "summary_bg_k": 192.0572,
  "summary_bg_mad": 2.6172,
  "summary_bg_mean": 20.4588,
  "summary_bg_median": 19.0,
  "summary_bg_n": 419114.0,
  "summary_bg_p05": 0.0,
  "summary_bg_p95": 36.0,
  "summary_bg_stdv": 14.8995,
  "summary_fg_k": 4.8192,
  "summary_fg_mad": 135.7262,
  "summary_fg_mean": 234.2217,
  "summary_fg_median": 218.0,
  "summary_fg_n": 133846.0,
  "summary_fg_p05": 27.0,
  "summary_fg_p95": 524.0,
  "summary_fg_stdv": 160.251,
  "tsnr": 17.178199934307486
}