{
  "aor": [
    0.00016516688918558075,
    0.000251415220293725,
    0.0003324833110814419,
    0.00043809078771695593
  ],
  "aqi": [
    0.006356143351134846,
    0.008503953351134847,
    0.013589856742323098,
    0.022507435781041387
  ],
  "bids_meta": {
    "AcquisitionDuration": 1230.47,
    "AcquisitionMatrixPE": 76,
    "AcquisitionTime": "22:04:34.255000",
    "B0FieldSource": [
      "028pepolarbold",
      "028phasediff"
    ],
    "BandwidthPerPixelPhaseEncode": 40.486,
    "BaseResolution": 102,
    "DerivedVendorReportedEchoSpacing": 0.000649997,
    "DwellTime": 2.5e-06,
    "EchoNumber": 3,
    "EchoTime": 0.0518,
    "EchoTrainLength": 28,
    "EffectiveEchoSpacing": 0.000324999,
    "FlipAngle": 64,
    "ImageOrientationPatientDICOM": [
      0.999774,
      0.00456376,
      0.0207726,
      0.0027919,
      0.940091,
      -0.340911
    ],
    "ImageType": [
      "ORIGINAL",
      "PRIMARY",
      "FMRI",
      "NONE"
    ],
    "ImageTypeText": [
      "ORIGINAL",
      "PRIMARY",
      "M",
      "MB",
      "TE3",
      "DIS2D"
    ],
    "InPlanePhaseEncodingDirectionDICOM": "ROW",
    "PercentPhaseFOV": 74.5098,
    "PhaseEchoTime1": 0.0126,
    "PhaseEchoTime2": 0.0322,
    "PhaseEncodingDirection": "i",
    "PixelBandwidth": 1961,
    "ProtocolName": "func-bold_task-rest_dir-RL__cmrr_me4_sms4",
    "PulseSequenceName": "epfid2d4_76",
    "ReceiveCoilActiveElements": "HC1-7",
    "ReconMatrixPE": 76,
    "RefLinesPE": 18,
    "RepetitionTime": 1.6,
    "SequenceVariant": "SK\\SS\\OSP",
    "SeriesDescription": "func-bold_task-rest_dir-RL__cmrr_me4_sms4",
    "SeriesNumber": 23,
    "ShimSetting": [
      8236,
      -5628,
      -6017,
      656,
      -45,
      -194,
      22,
      13
    ],
    "SliceThickness": 2.2,
    "SliceTiming": [
      0,
      0.8425,
      0.105,
      0.9475,
      0.21,
      1.0525,
      0.315,
      1.1575,
      0.42,
      1.2625,
      0.525,
      1.3675,
      0.63,
      1.4725,
      0.7375,
      0,
      0.8425,
      0.105,
      0.9475,
      0.21,
      1.0525,
      0.315,
      1.1575,
      0.42,
      1.2625,
      0.525,
      1.3675,
      0.63,
      1.4725,
      0.7375,
      0,
      0.8425,
      0.105,
      0.9475,
      0.21,
      1.0525,
      0.315,
      1.1575,
      0.42,
      1.2625,
      0.525,
      1.3675,
      0.63,
      1.4725,
      0.7375,
      0,
      0.8425,
      0.105,
      0.9475,
      0.21,
      1.0525,
      0.315,
      1.1575,
      0.42,
      1.2625,
      0.525,
      1.3675,
      0.63,
      1.4725,
      0.7375
    ],
    "SpacingBetweenSlices": 2.2,
    "TotalReadoutTime": 0.0243749,
    "TxRefAmp": 246.718,
    "WipMemBlock": "3ceae5dc-01a2-4226-92eb-271d999a2168||Sequence: R017 nxva30a/master r/d34922cc2+; Jun 27 2022 13:20:16 by eja",
    "dataset": "<unset>",
    "modality": "bold",
    "session_id": "028",
    "subject_id": "001",
    "task_id": "rest"
  },
  "dummy_trs": 1,
  "dvars_nstd": 65.56475378741979,
  "dvars_std": 1.014385007366311,
  "dvars_vstd": 0.9943099811631028,
  "efc": 0.566,
  "fber": 150.1876,
  "fd_mean": 0.11462226499516003,
  "fd_num": 55,
  "fd_perc": 7.343124165554072,
  "fwhm_avg": 2.9812511569173594,
  "fwhm_x": 3.1007295248184596,
  "fwhm_y": 2.993042189523492,
  "fwhm_z": 2.849981756410127,
  "gcor": [
    0.00827708,
    0.0129525,
    0.013184,
    0.011057
  ],
  "gsr_x": 0.0650230199098587,
  "gsr_y": -0.008010994642972946,
  "provenance": {
    "md5sum": "c7e8956c17bbb5a68f2c0ee099839c0b",
    "settings": {
      "fd_thres": 0.2,
      "testing": false
    },
    "software": "mriqc",
    "version": "24.1.0.dev0+g3fe90466.d20240417"
  },
  "size_t": 749,
  "size_x": 76,
  "size_y": 102,
  "size_z": 60,
  "snr": 1.8415805200280706,
  "spacing_tr": 1.600000023841858,
  "spacing_x": 2.196079969406128,
  "spacing_y": 2.196079969406128,
  "spacing_z": 2.200000047683716,
  "summary_bg_k": 42.3066,
  "summary_bg_mad": 7.9118,
  "summary_bg_mean": 35.7321,
  "summary_bg_median": 27.0,
  "summary_bg_n": 331585.0,
  "summary_bg_p05": 0.0,
  "summary_bg_p95": 90.0,
  "summary_bg_stdv": 34.7877,
  "summary_fg_k": 1.8574,
  "summary_fg_mad": 161.7382,
  "summary_fg_mean": 345.6411,
  "summary_fg_median": 337.0,
  "summary_fg_n": 133535.0,
  "summary_fg_p05": 54.0,
  "summary_fg_p95": 654.0,
  "summary_fg_stdv": 182.9943,
  "tsnr": 18.395313132554293
}