{
  "aor": [
    0.00016516688918558075,
    0.000251415220293725,
    0.0003324833110814419,
    0.00043809078771695593
  ],
  "aqi": [
    0.006356143351134846,
    0.008503953351134847,
    0.013589856742323098,
    0.022507435781041387
  ],
  "bids_meta": {
    "AcquisitionDuration": 1230.47,
    "AcquisitionMatrixPE": 76,
    "AcquisitionTime": "22:04:34.235000",
    "B0FieldSource": [
      "028pepolarbold",
      "028phasediff"
    ],
    "BandwidthPerPixelPhaseEncode": 40.486,
    "BaseResolution": 102,
    "DerivedVendorReportedEchoSpacing": 0.000649997,
    "DwellTime": 2.5e-06,
    "EchoNumber": 2,
    "EchoTime": 0.0322,
    "EchoTrainLength": 28,
    "EffectiveEchoSpacing": 0.000324999,
    "FlipAngle": 64,
    "ImageOrientationPatientDICOM": [
      0.999774,
      0.00456376,
      0.0207726,
      0.0027919,
      0.940091,
      -0.340911
    ],
    "ImageType": [
      "ORIGINAL",
      "PRIMARY",
      "FMRI",
      "NONE"
    ],
    "ImageTypeText": [
      "ORIGINAL",
      "PRIMARY",
      "M",
      "MB",
      "TE2",
      "DIS2D"
    ],
    "InPlanePhaseEncodingDirectionDICOM": "ROW",
    "PercentPhaseFOV": 74.5098,
    "PhaseEchoTime1": 0.0126,
    "PhaseEchoTime2": 0.0322,
    "PhaseEncodingDirection": "i",
    "PixelBandwidth": 1961,
    "ProtocolName": "func-bold_task-rest_dir-RL__cmrr_me4_sms4",
    "PulseSequenceName": "epfid2d4_76",
    "ReceiveCoilActiveElements": "HC1-7",
    "ReconMatrixPE": 76,
    "RefLinesPE": 18,
    "RepetitionTime": 1.6,
    "SequenceVariant": "SK\\SS\\OSP",
    "SeriesDescription": "func-bold_task-rest_dir-RL__cmrr_me4_sms4",
    "SeriesNumber": 23,
    "ShimSetting": [
      8236,
      -5628,
      -6017,
      656,
      -45,
      -194,
      22,
      13
    ],
    "SliceThickness": 2.2,
    "SliceTiming": [
      0,
      0.8425,
      0.105,
      0.9475,
      0.21,
      1.0525,
      0.315,
      1.1575,
      0.42,
      1.2625,
      0.525,
      1.3675,
      0.6325,
      1.475,
      0.7375,
      0,
      0.8425,
      0.105,
      0.9475,
      0.21,
      1.0525,
      0.315,
      1.1575,
      0.42,
      1.2625,
      0.525,
      1.3675,
      0.6325,
      1.475,
      0.7375,
      0,
      0.8425,
      0.105,
      0.9475,
      0.21,
      1.0525,
      0.315,
      1.1575,
      0.42,
      1.2625,
      0.525,
      1.3675,
      0.6325,
      1.475,
      0.7375,
      0,
      0.8425,
      0.105,
      0.9475,
      0.21,
      1.0525,
      0.315,
      1.1575,
      0.42,
      1.2625,
      0.525,
      1.3675,
      0.6325,
      1.475,
      0.7375
    ],
    "SpacingBetweenSlices": 2.2,
    "TotalReadoutTime": 0.0243749,
    "TxRefAmp": 246.718,
    "WipMemBlock": "3ceae5dc-01a2-4226-92eb-271d999a2168||Sequence: R017 nxva30a/master r/d34922cc2+; Jun 27 2022 13:20:16 by eja",
    "dataset": "<unset>",
    "modality": "bold",
    "session_id": "028",
    "subject_id": "001",
    "task_id": "rest"
  },
  "dummy_trs": 1,
  "dvars_nstd": 48.6415548019118,
  "dvars_std": 1.0164994221925134,
  "dvars_vstd": 0.9951356812299458,
  "efc": 0.5847,
  "fber": 232.8356,
  "fd_mean": 0.11462226499516003,
  "fd_num": 55,
  "fd_perc": 7.343124165554072,
  "fwhm_avg": 3.3132127067081782,
  "fwhm_x": 3.372140406163178,
  "fwhm_y": 3.3380159657766715,
  "fwhm_z": 3.2294817481846865,
  "gcor": [
    0.00827708,
    0.0129525,
    0.013184,
    0.011057
  ],
  "gsr_x": 0.09845216572284698,
  "gsr_y": -0.007800477556884289,
  "provenance": {
    "md5sum": "5425fdb6e359f45d3974921a83fad795",
    "settings": {
      "fd_thres": 0.2,
      "testing": false
    },
    "software": "mriqc",
    "version": "24.1.0.dev0+g3fe90466.d20240417"
  },
  "size_t": 749,
  "size_x": 76,
  "size_y": 102,
  "size_z": 60,
  "snr": 2.191390046884245,
  "spacing_tr": 1.600000023841858,
  "spacing_x": 2.196079969406128,
  "spacing_y": 2.196079969406128,
  "spacing_z": 2.200000047683716,
  "summary_bg_k": 26.1691,
  "summary_bg_mad": 17.809,
  "summary_bg_mean": 59.9438,
  "summary_bg_median": 34.0,
  "summary_bg_n": 331585.0,
  "summary_bg_p05": 0.0,
  "summary_bg_p95": 212.0,
  "summary_bg_stdv": 81.3198,
  "summary_fg_k": 1.1114,
  "summary_fg_mad": 211.543,
  "summary_fg_mean": 530.3164,
  "summary_fg_median": 516.0,
  "summary_fg_n": 133535.0,
  "summary_fg_p05": 123.0,
  "summary_fg_p95": 928.0,
  "summary_fg_stdv": 235.4661,
  "tsnr": 26.108760957606137
}