{
  "aor": [
    0.0003773300970873786,
    0.0004299514563106796,
    0.000529368932038835,
    0.0006669417475728156
  ],
  "aqi": [
    0.005845911456310681,
    0.007803243058252427,
    0.012878751165048543,
    0.021287844174757282
  ],
  "bids_meta": {
    "AcquisitionDuration": 361.475,
    "AcquisitionMatrixPE": 76,
    "AcquisitionTime": "22:26:1.230000",
    "B0FieldSource": [
      "028pepolarbold",
      "028phasediff"
    ],
    "BandwidthPerPixelPhaseEncode": 40.486,
    "BaseResolution": 102,
    "DerivedVendorReportedEchoSpacing": 0.000649997,
    "DwellTime": 2.5e-06,
    "EchoNumber": 1,
    "EchoTime": 0.0126,
    "EchoTrainLength": 28,
    "EffectiveEchoSpacing": 0.000324999,
    "ImageOrientationPatientDICOM": [
      0.999774,
      0.00456376,
      0.0207726,
      0.0027919,
      0.940091,
      -0.340911
    ],
    "ImageType": [
      "ORIGINAL",
      "PRIMARY",
      "FMRI",
      "NONE"
    ],
    "ImageTypeText": [
      "ORIGINAL",
      "PRIMARY",
      "M",
      "MB",
      "TE1",
      "DIS2D"
    ],
    "InPlanePhaseEncodingDirectionDICOM": "ROW",
    "PercentPhaseFOV": 74.5098,
    "PercentSampling": 100,
    "PhaseEchoTime1": 0.0126,
    "PhaseEchoTime2": 0.0322,
    "PhaseEncodingDirection": "i",
    "PhaseResolution": 1,
    "PixelBandwidth": 1961,
    "ProtocolName": "func-bold_task-bht_dir-RL__cmrr_me4_sms4",
    "PulseSequenceName": "epfid2d4_76",
    "ReceiveCoilActiveElements": "HC1-7",
    "ReconMatrixPE": 76,
    "RefLinesPE": 18,
    "RepetitionTime": 1.6,
    "SequenceVariant": "SK\\SS\\OSP",
    "SeriesDescription": "func-bold_task-bht_dir-RL__cmrr_me4_sms4",
    "SeriesNumber": 25,
    "ShimSetting": [
      8236,
      -5629,
      -6019,
      658,
      -48,
      -207,
      16,
      7
    ],
    "SliceThickness": 2.2,
    "SliceTiming": [
      0,
      0.8425,
      0.105,
      0.9475,
      0.21,
      1.0525,
      0.315,
      1.1575,
      0.42,
      1.2625,
      0.525,
      1.3675,
      0.63,
      1.4725,
      0.7375,
      0,
      0.8425,
      0.105,
      0.9475,
      0.21,
      1.0525,
      0.315,
      1.1575,
      0.42,
      1.2625,
      0.525,
      1.3675,
      0.63,
      1.4725,
      0.7375,
      0,
      0.8425,
      0.105,
      0.9475,
      0.21,
      1.0525,
      0.315,
      1.1575,
      0.42,
      1.2625,
      0.525,
      1.3675,
      0.63,
      1.4725,
      0.7375,
      0,
      0.8425,
      0.105,
      0.9475,
      0.21,
      1.0525,
      0.315,
      1.1575,
      0.42,
      1.2625,
      0.525,
      1.3675,
      0.63,
      1.4725,
      0.7375
    ],
    "SpacingBetweenSlices": 2.2,
    "TotalReadoutTime": 0.0243749,
    "TxRefAmp": 246.718,
    "WipMemBlock": "4e205caf-ef8c-47d5-8f00-56825646cc3e||Sequence: R017 nxva30a/master r/d34922cc2+; Jun 27 2022 13:20:16 by eja",
    "dataset": "<unset>",
    "modality": "bold",
    "session_id": "028",
    "subject_id": "001",
    "task_id": "bht"
  },
  "dummy_trs": 1,
  "dvars_nstd": 41.27460961702438,
  "dvars_std": 1.0564651406341468,
  "dvars_vstd": 1.011824005268293,
  "efc": 0.6554,
  "fber": 132.1827,
  "fd_mean": 0.14630134138531217,
  "fd_num": 52,
  "fd_perc": 25.24271844660194,
  "fwhm_avg": 3.6761441767319334,
  "fwhm_x": 3.5276447615407056,
  "fwhm_y": 3.64621512492798,
  "fwhm_z": 3.8545726437271153,
  "gcor": [
    0.0137207,
    0.0204421,
    0.0202807,
    0.0167566
  ],
  "gsr_x": 0.14910916984081268,
  "gsr_y": 0.020609155297279358,
  "provenance": {
    "md5sum": "c3156e3c783da004977c5e8ee775b695",
    "settings": {
      "fd_thres": 0.2,
      "testing": false
    },
    "software": "mriqc",
    "version": "24.1.0.dev0+g3fe90466.d20240417"
  },
  "size_t": 206,
  "size_x": 76,
  "size_y": 102,
  "size_z": 60,
  "snr": 2.629353524913207,
  "spacing_tr": 1.600000023841858,
  "spacing_x": 2.196079969406128,
  "spacing_y": 2.196079969406128,
  "spacing_z": 2.200000047683716,
  "summary_bg_k": 5.5748,
  "summary_bg_mad": 63.0898,
  "summary_bg_mean": 169.031,
  "summary_bg_median": 68.0,
  "summary_bg_n": 331051.0,
  "summary_bg_p05": 0.0,
  "summary_bg_p95": 718.0,
  "summary_bg_stdv": 237.2431,
  "summary_fg_k": 1.0279,
  "summary_fg_mad": 283.6809,
  "summary_fg_mean": 809.2137,
  "summary_fg_median": 782.0,
  "summary_fg_n": 134069.0,
  "summary_fg_p05": 387.0,
  "summary_fg_p95": 1323.0,
  "summary_fg_stdv": 297.4104,
  "tsnr": 36.0829639834119
}