{
  "aor": [
    0.0003773300970873786,
    0.0004299514563106796,
    0.000529368932038835,
    0.0006669417475728156
  ],
  "aqi": [
    0.005845911456310681,
    0.007803243058252427,
    0.012878751165048543,
    0.021287844174757282
  ],
  "bids_meta": {
    "AcquisitionDuration": 361.475,
    "AcquisitionMatrixPE": 76,
    "AcquisitionTime": "22:26:1.267500",
    "B0FieldSource": [
      "028pepolarbold",
      "028phasediff"
    ],
    "BandwidthPerPixelPhaseEncode": 40.486,
    "BaseResolution": 102,
    "DerivedVendorReportedEchoSpacing": 0.000649997,
    "DwellTime": 2.5e-06,
    "EchoNumber": 3,
    "EchoTime": 0.0518,
    "EchoTrainLength": 28,
    "EffectiveEchoSpacing": 0.000324999,
    "ImageOrientationPatientDICOM": [
      0.999774,
      0.00456376,
      0.0207726,
      0.0027919,
      0.940091,
      -0.340911
    ],
    "ImageType": [
      "ORIGINAL",
      "PRIMARY",
      "FMRI",
      "NONE"
    ],
    "ImageTypeText": [
      "ORIGINAL",
      "PRIMARY",
      "M",
      "MB",
      "TE3",
      "DIS2D"
    ],
    "InPlanePhaseEncodingDirectionDICOM": "ROW",
    "PercentPhaseFOV": 74.5098,
    "PercentSampling": 100,
    "PhaseEchoTime1": 0.0126,
    "PhaseEchoTime2": 0.0322,
    "PhaseEncodingDirection": "i",
    "PhaseResolution": 1,
    "PixelBandwidth": 1961,
    "ProtocolName": "func-bold_task-bht_dir-RL__cmrr_me4_sms4",
    "PulseSequenceName": "epfid2d4_76",
    "ReceiveCoilActiveElements": "HC1-7",
    "ReconMatrixPE": 76,
    "RefLinesPE": 18,
    "RepetitionTime": 1.6,
    "SequenceVariant": "SK\\SS\\OSP",
    "SeriesDescription": "func-bold_task-bht_dir-RL__cmrr_me4_sms4",
    "SeriesNumber": 25,
    "ShimSetting": [
      8236,
      -5629,
      -6019,
      658,
      -48,
      -207,
      16,
      7
    ],
    "SliceThickness": 2.2,
    "SliceTiming": [
      0,
      0.8425,
      0.105,
      0.9475,
      0.21,
      1.0525,
      0.315,
      1.1575,
      0.42,
      1.2625,
      0.525,
      1.37,
      0.6325,
      1.475,
      0.7375,
      0,
      0.8425,
      0.105,
      0.9475,
      0.21,
      1.0525,
      0.315,
      1.1575,
      0.42,
      1.2625,
      0.525,
      1.37,
      0.6325,
      1.475,
      0.7375,
      0,
      0.8425,
      0.105,
      0.9475,
      0.21,
      1.0525,
      0.315,
      1.1575,
      0.42,
      1.2625,
      0.525,
      1.37,
      0.6325,
      1.475,
      0.7375,
      0,
      0.8425,
      0.105,
      0.9475,
      0.21,
      1.0525,
      0.315,
      1.1575,
      0.42,
      1.2625,
      0.525,
      1.37,
      0.6325,
      1.475,
      0.7375
    ],
    "SpacingBetweenSlices": 2.2,
    "TotalReadoutTime": 0.0243749,
    "TxRefAmp": 246.718,
    "WipMemBlock": "4e205caf-ef8c-47d5-8f00-56825646cc3e||Sequence: R017 nxva30a/master r/d34922cc2+; Jun 27 2022 13:20:16 by eja",
    "dataset": "<unset>",
    "modality": "bold",
    "session_id": "028",
    "subject_id": "001",
    "task_id": "bht"
  },
  "dummy_trs": 1,
  "dvars_nstd": 72.94419871985367,
  "dvars_std": 1.049852194829268,
  "dvars_vstd": 1.008330822536586,
  "efc": 0.5662,
  "fber": 148.8253,
  "fd_mean": 0.14630134138531217,
  "fd_num": 52,
  "fd_perc": 25.24271844660194,
  "fwhm_avg": 2.869128437258995,
  "fwhm_x": 3.007991554053636,
  "fwhm_y": 2.8715074532123293,
  "fwhm_z": 2.7278863045110207,
  "gcor": [
    0.0137207,
    0.0204421,
    0.0202807,
    0.0167566
  ],
  "gsr_x": 0.06486573070287704,
  "gsr_y": -0.00861472450196743,
  "provenance": {
    "md5sum": "42ecdff0e5409fa01df44b79ca01e378",
    "settings": {
      "fd_thres": 0.2,
      "testing": false
    },
    "software": "mriqc",
    "version": "24.1.0.dev0+g3fe90466.d20240417"
  },
  "size_t": 206,
  "size_x": 76,
  "size_y": 102,
  "size_z": 60,
  "snr": 1.8285120530074792,
  "spacing_tr": 1.600000023841858,
  "spacing_x": 2.196079969406128,
  "spacing_y": 2.196079969406128,
  "spacing_z": 2.200000047683716,
  "summary_bg_k": 45.5205,
  "summary_bg_mad": 7.9096,
  "summary_bg_mean": 35.558,
  "summary_bg_median": 27.0,
  "summary_bg_n": 331051.0,
  "summary_bg_p05": 0.0,
  "summary_bg_p95": 89.0,
  "summary_bg_stdv": 34.4818,
  "summary_fg_k": 1.8346,
  "summary_fg_mad": 162.3737,
  "summary_fg_mean": 342.0053,
  "summary_fg_median": 334.0,
  "summary_fg_n": 134069.0,
  "summary_fg_p05": 52.0,
  "summary_fg_p95": 649.0,
  "summary_fg_stdv": 182.6615,
  "tsnr": 18.662647659424692
}