{
  "aor": [
    0.0010876767676767677,
    0.0010273737373737374,
    0.0010957575757575759,
    0.00127010101010101
  ],
  "aqi": [
    0.004903325454545455,
    0.006896288888888888,
    0.010791913535353534,
    0.0176726797979798
  ],
  "bids_meta": {
    "AcquisitionDuration": 188.475,
    "AcquisitionMatrixPE": 76,
    "AcquisitionTime": "21:58:24.315000",
    "B0FieldSource": [
      "028pepolarbold",
      "028phasediff"
    ],
    "BandwidthPerPixelPhaseEncode": 40.486,
    "BaseResolution": 102,
    "DerivedVendorReportedEchoSpacing": 0.000649997,
    "DwellTime": 2.5e-06,
    "EchoNumber": 1,
    "EchoTime": 0.0126,
    "EchoTrainLength": 28,
    "EffectiveEchoSpacing": 0.000324999,
    "FlipAngle": 64,
    "ImageOrientationPatientDICOM": [
      0.999774,
      0.00472783,
      0.0207131,
      0.00261741,
      0.940091,
      -0.340915
    ],
    "ImageType": [
      "ORIGINAL",
      "PRIMARY",
      "FMRI",
      "NONE"
    ],
    "ImageTypeText": [
      "ORIGINAL",
      "PRIMARY",
      "M",
      "MB",
      "TE1",
      "DIS2D"
    ],
    "InPlanePhaseEncodingDirectionDICOM": "ROW",
    "PercentPhaseFOV": 74.5098,
    "PhaseEchoTime1": 0.0126,
    "PhaseEchoTime2": 0.0322,
    "PhaseEncodingDirection": "i",
    "PixelBandwidth": 1961,
    "ProtocolName": "func-bold_task-qct_dir-RL__cmrr_me4_sms4",
    "PulseSequenceName": "epfid2d4_76",
    "ReceiveCoilActiveElements": "HC1-7",
    "ReconMatrixPE": 76,
    "RefLinesPE": 18,
    "RepetitionTime": 1.6,
    "SequenceVariant": "SK\\SS\\OSP",
    "SeriesDescription": "func-bold_task-qct_dir-RL__cmrr_me4_sms4",
    "SeriesNumber": 13,
    "ShimSetting": [
      8236,
      -5628,
      -6017,
      656,
      -45,
      -194,
      22,
      13
    ],
    "SliceThickness": 2.2,
    "SliceTiming": [
      0,
      0.8425,
      0.105,
      0.9475,
      0.21,
      1.0525,
      0.315,
      1.1575,
      0.4225,
      1.265,
      0.5275,
      1.37,
      0.6325,
      1.475,
      0.7375,
      0,
      0.8425,
      0.105,
      0.9475,
      0.21,
      1.0525,
      0.315,
      1.1575,
      0.4225,
      1.265,
      0.5275,
      1.37,
      0.6325,
      1.475,
      0.7375,
      0,
      0.8425,
      0.105,
      0.9475,
      0.21,
      1.0525,
      0.315,
      1.1575,
      0.4225,
      1.265,
      0.5275,
      1.37,
      0.6325,
      1.475,
      0.7375,
      0,
      0.8425,
      0.105,
      0.9475,
      0.21,
      1.0525,
      0.315,
      1.1575,
      0.4225,
      1.265,
      0.5275,
      1.37,
      0.6325,
      1.475,
      0.7375
    ],
    "SpacingBetweenSlices": 2.2,
    "TotalReadoutTime": 0.0243749,
    "TxRefAmp": 246.718,
    "WipMemBlock": "0fe79437-ef4a-4233-94b3-6be78bd03c41||Sequence: R017 nxva30a/master r/d34922cc2+; Jun 27 2022 13:20:16 by eja",
    "dataset": "<unset>",
    "modality": "bold",
    "session_id": "028",
    "subject_id": "001",
    "task_id": "qct"
  },
  "dummy_trs": 0,
  "dvars_nstd": 39.38288544612243,
  "dvars_std": 1.0411715177551017,
  "dvars_vstd": 1.0186785325510206,
  "efc": 0.6536,
  "fber": 135.3223,
  "fd_mean": 0.11573542382973723,
  "fd_num": 10,
  "fd_perc": 10.1010101010101,
  "fwhm_avg": 3.7509846917870022,
  "fwhm_x": 3.5806027601656147,
  "fwhm_y": 3.7252468552920317,
  "fwhm_z": 3.9471044599033607,
  "gcor": [
    0.00847493,
    0.0136116,
    0.0131629,
    0.0105126
  ],
  "gsr_x": 0.1486920863389969,
  "gsr_y": 0.018391603603959084,
  "provenance": {
    "md5sum": "518de66074c59b6d514f71e32a921850",
    "settings": {
      "fd_thres": 0.2,
      "testing": false
    },
    "software": "mriqc",
    "version": "24.1.0.dev0+g3fe90466.d20240417"
  },
  "size_t": 99,
  "size_x": 76,
  "size_y": 102,
  "size_z": 60,
  "snr": 2.638426184963722,
  "spacing_tr": 1.600000023841858,
  "spacing_x": 2.196079969406128,
  "spacing_y": 2.196079969406128,
  "spacing_z": 2.200000047683716,
  "summary_bg_k": 5.5408,
  "summary_bg_mad": 63.4075,
  "summary_bg_mean": 168.5662,
  "summary_bg_median": 68.0,
  "summary_bg_n": 331646.0,
  "summary_bg_p05": 0.0,
  "summary_bg_p95": 714.0,
  "summary_bg_stdv": 237.0085,
  "summary_fg_k": 1.1707,
  "summary_fg_mad": 285.0191,
  "summary_fg_mean": 818.8037,
  "summary_fg_median": 790.0,
  "summary_fg_n": 133474.0,
  "summary_fg_p05": 401.0,
  "summary_fg_p95": 1337.0,
  "summary_fg_stdv": 299.4198,
  "tsnr": 37.727543328888714
}