{
  "NumberOfShells": 4,
  "bValues": [
    0.0,
    700.0,
    1000.0,
    2000.0,
    3000.0
  ],
  "bValuesEstimation": [
    700.0,
    1000.0,
    2000.0,
    3000.0
  ],
  "bdiffs_max": 0.3754,
  "bdiffs_mean": 0.2445,
  "bdiffs_median": 0.2606,
  "bdiffs_min": 0.0073,
  "bids_meta": {
    "AcquisitionMatrixPE": 146,
    "AcquisitionNumber": 1,
    "AcquisitionTime": "17:45:42.565000",
    "B0FieldSource": [
      "pilot006pepolarb0",
      "pilot006phasediff"
    ],
    "BandwidthPerPixelPhaseEncode": 19.569,
    "BaseResolution": 146,
    "BodyPartExamined": "BRAIN",
    "CoilCombinationMethod": "Adaptive Combine",
    "CoilString": "HeadNeck_64",
    "ConversionSoftware": "dcm2niix",
    "ConversionSoftwareVersion": "v1.0.20220720",
    "Deltas": [
      0.0233,
      0.0475
    ],
    "DerivedVendorReportedEchoSpacing": 0.000700017,
    "DeviceSerialNumber": "67014",
    "DiffusionScheme": "Monopolar",
    "DwellTime": 2.1e-06,
    "EchoTime": 0.098,
    "EchoTrainLength": 64,
    "EffectiveEchoSpacing": 0.000350008,
    "FlipAngle": 90,
    "HeudiconvVersion": "1.0.0",
    "ImageOrientationPatientDICOM": [
      0.997886,
      0.0278888,
      0.0587084,
      -0.0313598,
      0.997762,
      0.0590568
    ],
    "ImageType": [
      "ORIGINAL",
      "PRIMARY",
      "DIFFUSION",
      "NONE",
      "ND",
      "MFSPLIT"
    ],
    "ImageTypeText": [
      "ORIGINAL",
      "PRIMARY",
      "DIFFUSION",
      "NONE"
    ],
    "ImagingFrequency": 123.248,
    "InPlanePhaseEncodingDirectionDICOM": "COL",
    "InstitutionAddress": "Rue du Bugnon 21,Lausanne,District,CH,1011",
    "InstitutionName": "CHUV",
    "MRAcquisitionType": "2D",
    "MagneticFieldStrength": 3,
    "Manufacturer": "Siemens",
    "ManufacturersModelName": "MAGNETOM Prisma Fit",
    "Modality": "MR",
    "MultibandAccelerationFactor": 3,
    "NonlinearGradientCorrection": false,
    "ParallelReductionFactorInPlane": 2,
    "PartialFourier": 0.875,
    "PatientPosition": "HFS",
    "PercentPhaseFOV": 100,
    "PercentSampling": 100,
    "PhaseEncodingDirection": "j",
    "PhaseEncodingSteps": 146,
    "PhaseResolution": 1,
    "PixelBandwidth": 1631,
    "ProcedureStepDescription": "RESEARCH Oscar",
    "ProtocolName": "dwi-dwi_acq-highres_dir-PA__137dir_monopolar",
    "PulseSequenceDetails": "%SiemensSeq%\\ep2d_diff",
    "ReceiveCoilActiveElements": "HC1-6",
    "ReceiveCoilName": "HeadNeck_64",
    "ReconMatrixPE": 146,
    "RefLinesPE": 54,
    "RepetitionTime": 7.8,
    "SAR": 0.164305,
    "ScanOptions": "PFP\\FS\\PER",
    "ScanningSequence": "GR\\EP",
    "SequenceName": "*ep_b0",
    "SequenceVariant": "SK",
    "SeriesDescription": "dwi-dwi_acq-highres_dir-PA__137dir_monopolar",
    "SeriesNumber": 7,
    "ShimSetting": [
      8225,
      -5645,
      -6044,
      579,
      -101,
      -350,
      56,
      11
    ],
    "SliceThickness": 1.6,
    "SliceTiming": [
      0,
      6.1425,
      0.14,
      6.2825,
      0.2775,
      6.4225,
      0.4175,
      6.5625,
      0.5575,
      6.7025,
      0.6975,
      6.8425,
      0.8375,
      6.9825,
      0.9775,
      7.12,
      1.1175,
      7.26,
      1.255,
      7.4,
      1.395,
      7.54,
      1.535,
      7.68,
      1.675,
      7.82,
      1.815,
      7.96,
      1.955,
      8.0975,
      2.095,
      8.2375,
      2.2325,
      8.3775,
      2.3725,
      8.5175,
      2.5125,
      8.6575,
      2.6525,
      8.7975,
      2.7925,
      8.9375,
      2.9325,
      9.075,
      3.0725,
      9.215,
      3.21,
      9.355,
      3.35,
      9.495,
      3.49,
      9.635,
      3.63,
      9.775,
      3.77,
      9.915,
      3.91,
      10.0525,
      4.05,
      10.1925,
      4.1875,
      10.3325,
      4.3275,
      10.4725,
      4.4675,
      10.6125,
      4.6075,
      10.7525,
      4.7475,
      10.8925,
      4.8875,
      11.03,
      5.0275,
      11.17,
      5.165,
      11.31,
      5.305,
      11.45,
      5.445,
      11.59,
      5.585,
      11.73,
      5.725,
      11.87,
      5.865,
      12.0075,
      6.005
    ],
    "SoftwareVersions": "syngo MR XA30",
    "SpacingBetweenSlices": 1.6,
    "StationName": "LRG10884",
    "TotalReadoutTime": 0.0507512,
    "TxRefAmp": 250.613,
    "VendorReportedEchoSpacing": 0.0007,
    "acq_id": "highres",
    "dataset": "hcph",
    "modality": "dwi",
    "session_id": "pilot006",
    "subject_id": "001"
  },
  "efc_shell01": 2.3542,
  "efc_shell02": 1.0965,
  "efc_shell03": 0.8628,
  "efc_shell04": 0.5786,
  "efc_shell05": 0.5864,
  "fa_degenerate": 0.0,
  "fa_nans": 0.0,
  "fber_shell01": 26.2656,
  "fber_shell02": 128.3265,
  "fber_shell03": 160.4444,
  "fber_shell04": 117.3611,
  "fber_shell05": 53.7778,
  "fd_mean": 8.0082,
  "fd_num": 139,
  "fd_perc": 94.5578231292517,
  "ndc": 0.8239,
  "provenance": {
    "md5sum": "634c450ebaec3c024d1e99a6c771e58e",
    "settings": {
      "testing": false
    },
    "software": "mriqc",
    "version": "24.0.0"
  },
  "sigma_cc": 56.3389,
  "sigma_pca": 15.6249,
  "sigma_piesno": 1.3206,
  "snr_cc_shell0": 3.64,
  "snr_cc_shell1_best": 3.51,
  "snr_cc_shell1_worst": 3.51,
  "snr_cc_shell2_best": 2.39,
  "snr_cc_shell2_worst": 1.53,
  "snr_cc_shell3_best": 1.67,
  "snr_cc_shell3_worst": 1.19,
  "snr_cc_shell4_best": 1.35,
  "snr_cc_shell4_worst": 1.12,
  "spikes_global": 62.41,
  "spikes_slice_i": 368.47,
  "spikes_slice_j": 348.65,
  "spikes_slice_k": 340.2,
  "summary_bg_k": 591.7147,
  "summary_bg_mad": 8.8956,
  "summary_bg_mean": 31.3993,
  "summary_bg_median": 9.0,
  "summary_bg_n": 1514951.0,
  "summary_bg_p05": 2.0,
  "summary_bg_p95": 125.0,
  "summary_bg_stdv": 112.9284,
  "summary_fg_k": 9.8782,
  "summary_fg_mad": 197.1861,
  "summary_fg_mean": 450.6701,
  "summary_fg_median": 341.0,
  "summary_fg_n": 339541.0,
  "summary_fg_p05": 116.0,
  "summary_fg_p95": 1218.0,
  "summary_fg_stdv": 379.4107,
  "summary_wm_k": 13.8746,
  "summary_wm_mad": 103.7822,
  "summary_wm_mean": 251.056,
  "summary_wm_median": 241.0,
  "summary_wm_n": 129299.0,
  "summary_wm_p05": 93.0,
  "summary_wm_p95": 437.0,
  "summary_wm_stdv": 118.9586
}