{
  "aor": [
    0.0009212000000000002,
    0.0008650666666666666,
    0.0007616000000000002,
    0.0009750666666666667
  ],
  "aqi": [
    0.006528717666666666,
    0.007993035199999998,
    0.012994370000000002,
    0.02463494
  ],
  "bids_meta": {
    "AcquisitionDuration": 265.442,
    "AcquisitionMatrixPE": 108,
    "AcquisitionTime": "15:14:21.880000",
    "B0FieldSource": [
      "pilot004pepolarbold",
      "pilot004phasediff"
    ],
    "BandwidthPerPixelPhaseEncode": 34.294,
    "BaseResolution": 108,
    "DerivedVendorReportedEchoSpacing": 0.000539993,
    "DwellTime": 2e-06,
    "EchoNumber": 4,
    "EchoTime": 0.08088,
    "EchoTrainLength": 40,
    "EffectiveEchoSpacing": 0.000269996,
    "FlipAngle": 90,
    "ImageOrientationPatientDICOM": [
      0.999066,
      0.0111462,
      0.0417531,
      -0.0108114,
      0.999908,
      -0.0082351
    ],
    "ImageType": [
      "ORIGINAL",
      "PRIMARY",
      "FMRI",
      "NONE"
    ],
    "ImageTypeText": [
      "ORIGINAL",
      "PRIMARY",
      "M",
      "MB",
      "TE4",
      "DIS2D"
    ],
    "InPlanePhaseEncodingDirectionDICOM": "COL",
    "PercentPhaseFOV": 100,
    "PhaseEncodingDirection": "j-",
    "PixelBandwidth": 2315,
    "ProtocolName": "cmrr_mbep2d_bold_me4_sms4",
    "PulseSequenceName": "epfid2d4_108",
    "ReceiveCoilActiveElements": "HC1-6",
    "ReconMatrixPE": 108,
    "RefLinesPE": 26,
    "RepetitionTime": 1.573,
    "SequenceVariant": "SK\\SS",
    "SeriesDescription": "cmrr_mbep2d_bold_me4_sms4",
    "SeriesNumber": 37,
    "ShimSetting": [
      8223,
      -5655,
      -6043,
      646,
      -100,
      -141,
      -6,
      42
    ],
    "SliceThickness": 2,
    "SliceTiming": [
      0,
      0.3325,
      0.665,
      0.9975,
      1.33,
      0.11,
      0.445,
      0.7775,
      1.11,
      1.4425,
      0.2225,
      0.555,
      0.8875,
      1.22,
      0,
      0.3325,
      0.665,
      0.9975,
      1.33,
      0.11,
      0.445,
      0.7775,
      1.11,
      1.4425,
      0.2225,
      0.555,
      0.8875,
      1.22,
      0,
      0.3325,
      0.665,
      0.9975,
      1.33,
      0.11,
      0.445,
      0.7775,
      1.11,
      1.4425,
      0.2225,
      0.555,
      0.8875,
      1.22,
      0,
      0.3325,
      0.665,
      0.9975,
      1.33,
      0.11,
      0.445,
      0.7775,
      1.11,
      1.4425,
      0.2225,
      0.555,
      0.8875,
      1.22
    ],
    "SpacingBetweenSlices": 2,
    "TotalReadoutTime": 0.0288896,
    "TxRefAmp": 251.192,
    "WipMemBlock": "85ca4343-ac91-417e-bf52-d9ac1f4f1e72||Sequence: R017 nxva30a/master r/d34922cc2+; Jun 27 2022 13:20:16 by eja",
    "dataset": "<unset>",
    "modality": "bold",
    "session_id": "pilot004",
    "subject_id": "001",
    "task_id": "qct"
  },
  "dummy_trs": 0,
  "dvars_nstd": 108.02077135912758,
  "dvars_std": 1.0226035667785234,
  "dvars_vstd": 1.0116051028187918,
  "efc": 0.5275,
  "fber": 92.3885,
  "fd_mean": 0.10295666612783164,
  "fd_num": 18,
  "fd_perc": 12.0,
  "fwhm_avg": 2.496236666666667,
  "fwhm_x": 2.334675,
  "fwhm_y": 2.81246,
  "fwhm_z": 2.341575,
  "gcor": [
    0.00488234,
    0.005902,
    0.00501779,
    0.00363065
  ],
  "gsr_x": 0.0019292973447591066,
  "gsr_y": 0.024146752431988716,
  "provenance": {
    "md5sum": "56c6a418b32ca1822a588d9ad5cba03e",
    "settings": {
      "fd_thres": 0.2,
      "testing": false
    },
    "software": "mriqc",
    "version": "24.1.0.dev0+g3fe90466.d20240417"
  },
  "size_t": 150,
  "size_x": 108,
  "size_y": 108,
  "size_z": 56,
  "snr": 1.414373351618224,
  "spacing_tr": 1.5729999542236328,
  "spacing_x": 2.0,
  "spacing_y": 2.0,
  "spacing_z": 2.0,
  "summary_bg_k": 105.8021,
  "summary_bg_mad": 2.2437,
  "summary_bg_mean": 20.3418,
  "summary_bg_median": 19.0,
  "summary_bg_n": 490298.0,
  "summary_bg_p05": 1.0,
  "summary_bg_p95": 34.0,
  "summary_bg_stdv": 11.8881,
  "summary_fg_k": 5.6528,
  "summary_fg_mad": 107.1032,
  "summary_fg_mean": 195.057,
  "summary_fg_median": 182.0,
  "summary_fg_n": 162886.0,
  "summary_fg_p05": 28.0,
  "summary_fg_p95": 420.0,
  "summary_fg_stdv": 128.6785,
  "tsnr": 11.591228115139529
}