{
  "aor": [
    0.0009136266666666667,
    0.0008873866666666667,
    0.0007719733333333334,
    0.0006397066666666668
  ],
  "aqi": [
    0.008183920906666666,
    0.010300086093333334,
    0.0165592596,
    0.03005008053333333
  ],
  "bids_meta": {
    "AcquisitionDuration": 1209.44,
    "AcquisitionMatrixPE": 108,
    "AcquisitionTime": "15:20:6.142500",
    "B0FieldSource": [
      "pilot004pepolarbold",
      "pilot004phasediff"
    ],
    "BandwidthPerPixelPhaseEncode": 34.294,
    "BaseResolution": 108,
    "DerivedVendorReportedEchoSpacing": 0.000539993,
    "DwellTime": 2e-06,
    "EchoNumber": 1,
    "EchoTime": 0.0126,
    "EchoTrainLength": 40,
    "EffectiveEchoSpacing": 0.000269996,
    "FlipAngle": 90,
    "ImageOrientationPatientDICOM": [
      0.999066,
      0.0111462,
      0.0417541,
      -0.0108114,
      0.999908,
      -0.00823511
    ],
    "ImageType": [
      "ORIGINAL",
      "PRIMARY",
      "FMRI",
      "NONE"
    ],
    "ImageTypeText": [
      "ORIGINAL",
      "PRIMARY",
      "M",
      "MB",
      "TE1",
      "DIS2D"
    ],
    "InPlanePhaseEncodingDirectionDICOM": "COL",
    "PercentPhaseFOV": 100,
    "PhaseEncodingDirection": "j-",
    "PixelBandwidth": 2315,
    "ProtocolName": "cmrr_mbep2d_bold_me4_sms4_fa75_750meas",
    "PulseSequenceName": "epfid2d4_108",
    "ReceiveCoilActiveElements": "HC1-6",
    "ReconMatrixPE": 108,
    "RefLinesPE": 26,
    "RepetitionTime": 1.573,
    "SequenceVariant": "SK\\SS",
    "SeriesDescription": "cmrr_mbep2d_bold_me4_sms4_fa75_750meas",
    "SeriesNumber": 38,
    "ShimSetting": [
      8223,
      -5655,
      -6043,
      646,
      -100,
      -141,
      -6,
      42
    ],
    "SliceThickness": 2,
    "SliceTiming": [
      0,
      0.3325,
      0.665,
      1,
      1.3325,
      0.1125,
      0.445,
      0.7775,
      1.11,
      1.4425,
      0.2225,
      0.555,
      0.8875,
      1.22,
      0,
      0.3325,
      0.665,
      1,
      1.3325,
      0.1125,
      0.445,
      0.7775,
      1.11,
      1.4425,
      0.2225,
      0.555,
      0.8875,
      1.22,
      0,
      0.3325,
      0.665,
      1,
      1.3325,
      0.1125,
      0.445,
      0.7775,
      1.11,
      1.4425,
      0.2225,
      0.555,
      0.8875,
      1.22,
      0,
      0.3325,
      0.665,
      1,
      1.3325,
      0.1125,
      0.445,
      0.7775,
      1.11,
      1.4425,
      0.2225,
      0.555,
      0.8875,
      1.22
    ],
    "SpacingBetweenSlices": 2,
    "TotalReadoutTime": 0.0288896,
    "TxRefAmp": 251.192,
    "WipMemBlock": "16656b11-ec70-4d76-9555-55f2993d520a||Sequence: R017 nxva30a/master r/d34922cc2+; Jun 27 2022 13:20:16 by eja",
    "dataset": "<unset>",
    "modality": "bold",
    "session_id": "pilot004",
    "subject_id": "001",
    "task_id": "rest"
  },
  "dummy_trs": 0,
  "dvars_nstd": 33.052092808050716,
  "dvars_std": 1.041120312122832,
  "dvars_vstd": 1.0391616461548712,
  "efc": 0.5848,
  "fber": 659.754,
  "fd_mean": 0.10127899762344116,
  "fd_num": 36,
  "fd_perc": 4.8,
  "fwhm_avg": 3.703208333333334,
  "fwhm_x": 3.29286,
  "fwhm_y": 3.888755,
  "fwhm_z": 3.92801,
  "gcor": [
    0.00892993,
    0.00618876,
    0.00519781,
    0.00356085
  ],
  "gsr_x": 0.0037079534959048033,
  "gsr_y": 0.1071210652589798,
  "provenance": {
    "md5sum": "8fa17440e0628e595895cc3dd82a383c",
    "settings": {
      "fd_thres": 0.2,
      "testing": false
    },
    "software": "mriqc",
    "version": "24.1.0.dev0+g3fe90466.d20240417"
  },
  "size_t": 750,
  "size_x": 108,
  "size_y": 108,
  "size_z": 56,
  "snr": 2.7190195946112605,
  "spacing_tr": 1.5729999542236328,
  "spacing_x": 2.0,
  "spacing_y": 2.0,
  "spacing_z": 2.0,
  "summary_bg_k": 9.1364,
  "summary_bg_mad": 19.8056,
  "summary_bg_mean": 130.2938,
  "summary_bg_median": 31.0,
  "summary_bg_n": 489358.0,
  "summary_bg_p05": 1.0,
  "summary_bg_p95": 703.0,
  "summary_bg_stdv": 241.92,
  "summary_fg_k": 0.2929,
  "summary_fg_mad": 286.3755,
  "summary_fg_mean": 829.2301,
  "summary_fg_median": 800.0,
  "summary_fg_n": 163826.0,
  "summary_fg_p05": 405.0,
  "summary_fg_p95": 1354.0,
  "summary_fg_stdv": 294.2228,
  "tsnr": 39.10118751123082
}