{
  "aor": [
    0.0012481333333333336,
    0.0012772666666666665,
    0.0013374666666666664,
    0.0014619333333333333
  ],
  "aqi": [
    0.005037978466666666,
    0.007377684866666666,
    0.013355368,
    0.025007841333333333
  ],
  "bids_meta": {
    "AcquisitionDuration": 265.442,
    "AcquisitionMatrixPE": 108,
    "AcquisitionTime": "19:05:16.735000",
    "B0FieldSource": [
      "pilot011pepolarbold",
      "pilot011phasediff"
    ],
    "BandwidthPerPixelPhaseEncode": 34.294,
    "BaseResolution": 108,
    "DerivedVendorReportedEchoSpacing": 0.000539993,
    "DwellTime": 2e-06,
    "EchoNumber": 2,
    "EchoTime": 0.03536,
    "EchoTrainLength": 40,
    "EffectiveEchoSpacing": 0.000269996,
    "FlipAngle": 64,
    "ImageOrientationPatientDICOM": [
      0.998786,
      0.0377326,
      0.0316556,
      -0.0202241,
      0.90023,
      -0.434945
    ],
    "ImageType": [
      "ORIGINAL",
      "PRIMARY",
      "FMRI",
      "NONE"
    ],
    "ImageTypeText": [
      "ORIGINAL",
      "PRIMARY",
      "M",
      "MB",
      "TE2",
      "DIS2D"
    ],
    "InPlanePhaseEncodingDirectionDICOM": "COL",
    "PercentPhaseFOV": 100,
    "PhaseEncodingDirection": "j-",
    "PixelBandwidth": 2315,
    "ProtocolName": "func-bold_task-qc_dir-AP__cmrr_me4_sms4",
    "PulseSequenceName": "epfid2d4_108",
    "ReceiveCoilActiveElements": "HC1-7",
    "ReconMatrixPE": 108,
    "RefLinesPE": 26,
    "RepetitionTime": 1.573,
    "SequenceVariant": "SK\\SS",
    "SeriesDescription": "func-bold_task-qc_dir-AP__cmrr_me4_sms4",
    "SeriesNumber": 18,
    "ShimSetting": [
      8227,
      -5627,
      -6021,
      775,
      -66,
      -100,
      146,
      23
    ],
    "SliceThickness": 2,
    "SliceTiming": [
      0,
      0.3325,
      0.665,
      0.9975,
      1.33,
      0.11,
      0.4425,
      0.7775,
      1.11,
      1.4425,
      0.2225,
      0.555,
      0.8875,
      1.22,
      0,
      0.3325,
      0.665,
      0.9975,
      1.33,
      0.11,
      0.4425,
      0.7775,
      1.11,
      1.4425,
      0.2225,
      0.555,
      0.8875,
      1.22,
      0,
      0.3325,
      0.665,
      0.9975,
      1.33,
      0.11,
      0.4425,
      0.7775,
      1.11,
      1.4425,
      0.2225,
      0.555,
      0.8875,
      1.22,
      0,
      0.3325,
      0.665,
      0.9975,
      1.33,
      0.11,
      0.4425,
      0.7775,
      1.11,
      1.4425,
      0.2225,
      0.555,
      0.8875,
      1.22
    ],
    "SpacingBetweenSlices": 2,
    "TotalReadoutTime": 0.0288896,
    "TxRefAmp": 248.655,
    "WipMemBlock": "ceb9f2f0-eeb8-4519-b5f0-97975684d722||Sequence: R017 nxva30a/master r/d34922cc2+; Jun 27 2022 13:20:16 by eja",
    "dataset": "<unset>",
    "modality": "bold",
    "session_id": "pilot011",
    "subject_id": "001",
    "task_id": "qct"
  },
  "dummy_trs": 0,
  "dvars_nstd": 48.39807021369127,
  "dvars_std": 1.041754434630872,
  "dvars_vstd": 1.038111318926174,
  "efc": 0.5422,
  "fber": 428.4877,
  "fd_mean": 0.08604268532185412,
  "fd_num": 0,
  "fd_perc": 0.0,
  "fwhm_avg": 3.103431666666667,
  "fwhm_x": 2.87142,
  "fwhm_y": 3.31955,
  "fwhm_z": 3.119325,
  "gcor": [
    0.00469184,
    0.00533408,
    0.00456399,
    0.00335238
  ],
  "gsr_x": 0.01211005263030529,
  "gsr_y": 0.02379104308784008,
  "provenance": {
    "md5sum": "13a084cc8281327d96c0030b3c25294f",
    "settings": {
      "fd_thres": 0.2,
      "testing": false
    },
    "software": "mriqc",
    "version": "24.1.0.dev0+g3fe90466.d20240417"
  },
  "size_t": 150,
  "size_x": 108,
  "size_y": 108,
  "size_z": 56,
  "snr": 2.2368630596620913,
  "spacing_tr": 1.5729999542236328,
  "spacing_x": 2.0,
  "spacing_y": 2.0,
  "spacing_z": 2.0,
  "summary_bg_k": 30.0704,
  "summary_bg_mad": 5.713,
  "summary_bg_mean": 40.8228,
  "summary_bg_median": 24.0,
  "summary_bg_n": 477882.0,
  "summary_bg_p05": 0.0,
  "summary_bg_p95": 133.0,
  "summary_bg_stdv": 62.5133,
  "summary_fg_k": 0.4534,
  "summary_fg_mad": 194.3395,
  "summary_fg_mean": 506.4944,
  "summary_fg_median": 491.0,
  "summary_fg_n": 175302.0,
  "summary_fg_p05": 123.0,
  "summary_fg_p95": 891.0,
  "summary_fg_stdv": 219.5032,
  "tsnr": 28.213339828769676
}