{
  "aor": [
    0.0006060869565217391,
    0.000532608695652174,
    0.0006245652173913043,
    0.0008065760869565217
  ],
  "aqi": [
    0.005383858206521739,
    0.0069693927717391305,
    0.01145335983695652,
    0.02020685652173913
  ],
  "bids_meta": {
    "AcquisitionDuration": 359.642,
    "AcquisitionMatrixPE": 102,
    "AcquisitionTime": "18:54:59.440000",
    "B0FieldSource": [
      "pilot011pepolarbold",
      "pilot011phasediff"
    ],
    "BandwidthPerPixelPhaseEncode": 39.216,
    "BaseResolution": 94,
    "DerivedVendorReportedEchoSpacing": 0.000520404,
    "DwellTime": 2.2e-06,
    "EchoNumber": 2,
    "EchoTime": 0.03382,
    "EchoTrainLength": 39,
    "EffectiveEchoSpacing": 0.000260202,
    "ImageOrientationPatientDICOM": [
      0.999355,
      0.0216112,
      0.0286831,
      -0.0115123,
      0.949304,
      -0.31415
    ],
    "ImageType": [
      "ORIGINAL",
      "PRIMARY",
      "FMRI",
      "NONE"
    ],
    "ImageTypeText": [
      "ORIGINAL",
      "PRIMARY",
      "M",
      "MB",
      "TE2",
      "DIS2D"
    ],
    "InPlanePhaseEncodingDirectionDICOM": "COL",
    "PercentPhaseFOV": 104.255,
    "PercentSampling": 104,
    "PhaseEncodingDirection": "j-",
    "PhaseResolution": 1.04,
    "PixelBandwidth": 2418,
    "ProtocolName": "func-bold_task-bht_dir-AP__cmrr_me4_sms4",
    "PulseSequenceName": "epfid2d4_102",
    "ReceiveCoilActiveElements": "HC1-7;NC1",
    "ReconMatrixPE": 98,
    "RefLinesPE": 20,
    "RepetitionTime": 1.77,
    "SequenceVariant": "SK\\SS\\OSP",
    "SeriesDescription": "func-bold_task-bht_dir-AP__cmrr_me4_sms4",
    "SeriesNumber": 17,
    "ShimSetting": [
      8227,
      -5620,
      -6039,
      674,
      -57,
      -166,
      66,
      37
    ],
    "SliceThickness": 2.1,
    "SliceTiming": [
      0,
      0.765,
      1.53,
      0.5475,
      1.3125,
      0.3275,
      1.0925,
      0.11,
      0.875,
      1.64,
      0.655,
      1.4225,
      0.4375,
      1.2025,
      0.22,
      0.985,
      0,
      0.765,
      1.53,
      0.5475,
      1.3125,
      0.3275,
      1.0925,
      0.11,
      0.875,
      1.64,
      0.655,
      1.4225,
      0.4375,
      1.2025,
      0.22,
      0.985,
      0,
      0.765,
      1.53,
      0.5475,
      1.3125,
      0.3275,
      1.0925,
      0.11,
      0.875,
      1.64,
      0.655,
      1.4225,
      0.4375,
      1.2025,
      0.22,
      0.985,
      0,
      0.765,
      1.53,
      0.5475,
      1.3125,
      0.3275,
      1.0925,
      0.11,
      0.875,
      1.64,
      0.655,
      1.4225,
      0.4375,
      1.2025,
      0.22,
      0.985
    ],
    "SpacingBetweenSlices": 2.1,
    "TotalReadoutTime": 0.0252396,
    "TxRefAmp": 248.655,
    "WipMemBlock": "82bc9073-9020-4ef7-a38b-e1abb1357510||Sequence: R017 nxva30a/master r/d34922cc2+; Jun 27 2022 13:20:16 by eja",
    "dataset": "<unset>",
    "modality": "bold",
    "session_id": "pilot011",
    "subject_id": "001",
    "task_id": "bht"
  },
  "dummy_trs": 0,
  "dvars_nstd": 44.650804967704914,
  "dvars_std": 1.0377382806010926,
  "dvars_vstd": 0.991936274043716,
  "efc": 0.5387,
  "fber": 388.1837,
  "fd_mean": 0.12582989979290082,
  "fd_num": 30,
  "fd_perc": 16.304347826086957,
  "fwhm_avg": 3.038788963447258,
  "fwhm_x": 2.834676517345241,
  "fwhm_y": 3.242137854008761,
  "fwhm_z": 3.03955251898777,
  "gcor": [
    0.0123267,
    0.0164855,
    0.015451,
    0.0122624
  ],
  "gsr_x": 0.024307388812303543,
  "gsr_y": 0.02495502308011055,
  "provenance": {
    "md5sum": "b1f55df27285648385931a397f119320",
    "settings": {
      "fd_thres": 0.2,
      "testing": false
    },
    "software": "mriqc",
    "version": "24.1.0.dev0+g3fe90466.d20240417"
  },
  "size_t": 184,
  "size_x": 94,
  "size_y": 98,
  "size_z": 64,
  "snr": 2.182935371445834,
  "spacing_tr": 1.7699999809265137,
  "spacing_x": 2.148940086364746,
  "spacing_y": 2.148940086364746,
  "spacing_z": 2.0999999046325684,
  "summary_bg_k": 26.4708,
  "summary_bg_mad": 7.0907,
  "summary_bg_mean": 46.1702,
  "summary_bg_median": 26.0,
  "summary_bg_n": 441202.0,
  "summary_bg_p05": 0.0,
  "summary_bg_p95": 164.0,
  "summary_bg_stdv": 70.6148,
  "summary_fg_k": 0.4914,
  "summary_fg_mad": 200.7596,
  "summary_fg_mean": 518.8674,
  "summary_fg_median": 504.0,
  "summary_fg_n": 148366.0,
  "summary_fg_p05": 106.0,
  "summary_fg_p95": 920.0,
  "summary_fg_stdv": 230.881,
  "tsnr": 31.663553565740585
}