{
  "aor": [
    0.0004911165048543689,
    0.00046485436893203884,
    0.0005160194174757282,
    0.0006120388349514563
  ],
  "aqi": [
    0.0069289603398058255,
    0.00961128859223301,
    0.015491931553398057,
    0.02535581893203883
  ],
  "bids_meta": {
    "AcquisitionDuration": 361.475,
    "AcquisitionMatrixPE": 76,
    "AcquisitionTime": "14:04:47.217500",
    "B0FieldSource": [
      "pilot014pepolarbold",
      "pilot014phasediff"
    ],
    "BandwidthPerPixelPhaseEncode": 40.486,
    "BaseResolution": 102,
    "DerivedVendorReportedEchoSpacing": 0.000649997,
    "DwellTime": 2.5e-06,
    "EchoNumber": 2,
    "EchoTime": 0.0322,
    "EchoTrainLength": 28,
    "EffectiveEchoSpacing": 0.000324999,
    "ImageOrientationPatientDICOM": [
      0.996088,
      0.0348895,
      0.0811878,
      -0.00695412,
      0.946857,
      -0.321581
    ],
    "ImageType": [
      "ORIGINAL",
      "PRIMARY",
      "FMRI",
      "NONE"
    ],
    "ImageTypeText": [
      "ORIGINAL",
      "PRIMARY",
      "M",
      "MB",
      "TE2",
      "DIS2D"
    ],
    "InPlanePhaseEncodingDirectionDICOM": "ROW",
    "PercentPhaseFOV": 74.5098,
    "PercentSampling": 100,
    "PhaseEncodingDirection": "i-",
    "PhaseResolution": 1,
    "PixelBandwidth": 1961,
    "ProtocolName": "func-bold_task-bht_dir-LR__cmrr_me4_sms4",
    "PulseSequenceName": "epfid2d4_76",
    "ReceiveCoilActiveElements": "HC1-7",
    "ReconMatrixPE": 76,
    "RefLinesPE": 18,
    "RepetitionTime": 1.6,
    "SequenceVariant": "SK\\SS\\OSP",
    "SeriesDescription": "func-bold_task-bht_dir-LR__cmrr_me4_sms4",
    "SeriesNumber": 21,
    "ShimSetting": [
      8257,
      -5623,
      -5997,
      718,
      -10,
      -186,
      50,
      56
    ],
    "SliceThickness": 2.2,
    "SliceTiming": [
      0,
      0.8425,
      0.105,
      0.9475,
      0.21,
      1.0525,
      0.315,
      1.1575,
      0.42,
      1.2625,
      0.525,
      1.3675,
      0.63,
      1.4725,
      0.735,
      0,
      0.8425,
      0.105,
      0.9475,
      0.21,
      1.0525,
      0.315,
      1.1575,
      0.42,
      1.2625,
      0.525,
      1.3675,
      0.63,
      1.4725,
      0.735,
      0,
      0.8425,
      0.105,
      0.9475,
      0.21,
      1.0525,
      0.315,
      1.1575,
      0.42,
      1.2625,
      0.525,
      1.3675,
      0.63,
      1.4725,
      0.735,
      0,
      0.8425,
      0.105,
      0.9475,
      0.21,
      1.0525,
      0.315,
      1.1575,
      0.42,
      1.2625,
      0.525,
      1.3675,
      0.63,
      1.4725,
      0.735
    ],
    "SpacingBetweenSlices": 2.2,
    "TotalReadoutTime": 0.0243749,
    "TxRefAmp": 252.739,
    "WipMemBlock": "77715380-a6e2-44fd-bb94-54db932d603d||Sequence: R017 nxva30a/master r/d34922cc2+; Jun 27 2022 13:20:16 by eja",
    "dataset": "<unset>",
    "modality": "bold",
    "session_id": "pilot014",
    "subject_id": "001",
    "task_id": "bht"
  },
  "dummy_trs": 1,
  "dvars_nstd": 45.79559674151218,
  "dvars_std": 0.9971365839512197,
  "dvars_vstd": 0.9820708861951216,
  "efc": 0.5667,
  "fber": 261.0644,
  "fd_mean": 0.13613265689633058,
  "fd_num": 38,
  "fd_perc": 18.446601941747574,
  "fwhm_avg": 3.528878296901072,
  "fwhm_x": 3.5314424374524145,
  "fwhm_y": 3.539147074913579,
  "fwhm_z": 3.516045378337223,
  "gcor": [
    0.0221723,
    0.0192604,
    0.0138111,
    0.00941079
  ],
  "gsr_x": 0.0775715559720993,
  "gsr_y": 0.001866317237727344,
  "provenance": {
    "md5sum": "4f0cf5359a7bb7797ec776382a48d06e",
    "settings": {
      "fd_thres": 0.2,
      "testing": false
    },
    "software": "mriqc",
    "version": "24.1.0.dev0+g3fe90466.d20240417"
  },
  "size_t": 206,
  "size_x": 76,
  "size_y": 102,
  "size_z": 60,
  "snr": 2.02831881185747,
  "spacing_tr": 1.600000023841858,
  "spacing_x": 2.196079969406128,
  "spacing_y": 2.196079969406128,
  "spacing_z": 2.200000047683716,
  "summary_bg_k": 45.5544,
  "summary_bg_mad": 19.0435,
  "summary_bg_mean": 59.2372,
  "summary_bg_median": 35.0,
  "summary_bg_n": 331964.0,
  "summary_bg_p05": 0.0,
  "summary_bg_p95": 204.0,
  "summary_bg_stdv": 83.176,
  "summary_fg_k": 1.2014,
  "summary_fg_mad": 249.4514,
  "summary_fg_mean": 585.4796,
  "summary_fg_median": 561.0,
  "summary_fg_n": 133156.0,
  "summary_fg_p05": 136.0,
  "summary_fg_p95": 1072.0,
  "summary_fg_stdv": 276.5827,
  "tsnr": 25.278085134807043
}