{
  "aor": [
    0.0004911165048543689,
    0.00046485436893203884,
    0.0005160194174757282,
    0.0006120388349514563
  ],
  "aqi": [
    0.0069289603398058255,
    0.00961128859223301,
    0.015491931553398057,
    0.02535581893203883
  ],
  "bids_meta": {
    "AcquisitionDuration": 361.475,
    "AcquisitionMatrixPE": 76,
    "AcquisitionTime": "14:04:47.237500",
    "B0FieldSource": [
      "pilot014pepolarbold",
      "pilot014phasediff"
    ],
    "BandwidthPerPixelPhaseEncode": 40.486,
    "BaseResolution": 102,
    "DerivedVendorReportedEchoSpacing": 0.000649997,
    "DwellTime": 2.5e-06,
    "EchoNumber": 3,
    "EchoTime": 0.0518,
    "EchoTrainLength": 28,
    "EffectiveEchoSpacing": 0.000324999,
    "ImageOrientationPatientDICOM": [
      0.996088,
      0.0348895,
      0.0811878,
      -0.00695412,
      0.946857,
      -0.321581
    ],
    "ImageType": [
      "ORIGINAL",
      "PRIMARY",
      "FMRI",
      "NONE"
    ],
    "ImageTypeText": [
      "ORIGINAL",
      "PRIMARY",
      "M",
      "MB",
      "TE3",
      "DIS2D"
    ],
    "InPlanePhaseEncodingDirectionDICOM": "ROW",
    "PercentPhaseFOV": 74.5098,
    "PercentSampling": 100,
    "PhaseEncodingDirection": "i-",
    "PhaseResolution": 1,
    "PixelBandwidth": 1961,
    "ProtocolName": "func-bold_task-bht_dir-LR__cmrr_me4_sms4",
    "PulseSequenceName": "epfid2d4_76",
    "ReceiveCoilActiveElements": "HC1-7",
    "ReconMatrixPE": 76,
    "RefLinesPE": 18,
    "RepetitionTime": 1.6,
    "SequenceVariant": "SK\\SS\\OSP",
    "SeriesDescription": "func-bold_task-bht_dir-LR__cmrr_me4_sms4",
    "SeriesNumber": 21,
    "ShimSetting": [
      8257,
      -5623,
      -5997,
      718,
      -10,
      -186,
      50,
      56
    ],
    "SliceThickness": 2.2,
    "SliceTiming": [
      0,
      0.8425,
      0.105,
      0.95,
      0.2125,
      1.055,
      0.3175,
      1.16,
      0.4225,
      1.265,
      0.5275,
      1.37,
      0.6325,
      1.475,
      0.7375,
      0,
      0.8425,
      0.105,
      0.95,
      0.2125,
      1.055,
      0.3175,
      1.16,
      0.4225,
      1.265,
      0.5275,
      1.37,
      0.6325,
      1.475,
      0.7375,
      0,
      0.8425,
      0.105,
      0.95,
      0.2125,
      1.055,
      0.3175,
      1.16,
      0.4225,
      1.265,
      0.5275,
      1.37,
      0.6325,
      1.475,
      0.7375,
      0,
      0.8425,
      0.105,
      0.95,
      0.2125,
      1.055,
      0.3175,
      1.16,
      0.4225,
      1.265,
      0.5275,
      1.37,
      0.6325,
      1.475,
      0.7375
    ],
    "SpacingBetweenSlices": 2.2,
    "TotalReadoutTime": 0.0243749,
    "TxRefAmp": 252.739,
    "WipMemBlock": "77715380-a6e2-44fd-bb94-54db932d603d||Sequence: R017 nxva30a/master r/d34922cc2+; Jun 27 2022 13:20:16 by eja",
    "dataset": "<unset>",
    "modality": "bold",
    "session_id": "pilot014",
    "subject_id": "001",
    "task_id": "bht"
  },
  "dummy_trs": 1,
  "dvars_nstd": 61.14348652541463,
  "dvars_std": 0.9909599184390243,
  "dvars_vstd": 0.9765628398048787,
  "efc": 0.547,
  "fber": 168.0434,
  "fd_mean": 0.13613265689633058,
  "fd_num": 38,
  "fd_perc": 18.446601941747574,
  "fwhm_avg": 3.1748970051790355,
  "fwhm_x": 3.256671022746975,
  "fwhm_y": 3.159192787444874,
  "fwhm_z": 3.1088272053452575,
  "gcor": [
    0.0221723,
    0.0192604,
    0.0138111,
    0.00941079
  ],
  "gsr_x": 0.04947242513298988,
  "gsr_y": -0.0010379725135862827,
  "provenance": {
    "md5sum": "178375c6b58843a462b7a50b2eecc928",
    "settings": {
      "fd_thres": 0.2,
      "testing": false
    },
    "software": "mriqc",
    "version": "24.1.0.dev0+g3fe90466.d20240417"
  },
  "size_t": 206,
  "size_x": 76,
  "size_y": 102,
  "size_z": 60,
  "snr": 1.7040688879823391,
  "spacing_tr": 1.600000023841858,
  "spacing_x": 2.196079969406128,
  "spacing_y": 2.196079969406128,
  "spacing_z": 2.200000047683716,
  "summary_bg_k": 118.2194,
  "summary_bg_mad": 8.874,
  "summary_bg_mean": 35.999,
  "summary_bg_median": 28.0,
  "summary_bg_n": 331964.0,
  "summary_bg_p05": 0.0,
  "summary_bg_p95": 88.0,
  "summary_bg_stdv": 37.8814,
  "summary_fg_k": 1.9628,
  "summary_fg_mad": 189.3305,
  "summary_fg_mean": 384.5773,
  "summary_fg_median": 368.0,
  "summary_fg_n": 133156.0,
  "summary_fg_p05": 55.0,
  "summary_fg_p95": 761.0,
  "summary_fg_stdv": 215.9529,
  "tsnr": 17.998134260997176
}