{
  "aor": [
    0.0006083689839572192,
    0.0007590641711229947,
    0.0008212700534759358,
    0.0009070721925133689
  ],
  "aqi": [
    0.005920030561497326,
    0.006579752259358288,
    0.010506597794117648,
    0.018440951604278073
  ],
  "bids_meta": {
    "AcquisitionDuration": 1230.47,
    "AcquisitionMatrixPE": 96,
    "AcquisitionTime": "19:18:59.440000",
    "B0FieldSource": [
      "pilot014pepolarbold",
      "pilot014phasediff"
    ],
    "BandwidthPerPixelPhaseEncode": 37.879,
    "BaseResolution": 96,
    "DerivedVendorReportedEchoSpacing": 0.000549997,
    "DwellTime": 2.3e-06,
    "EchoNumber": 4,
    "EchoTime": 0.07392,
    "EchoTrainLength": 35,
    "EffectiveEchoSpacing": 0.000274998,
    "FlipAngle": 64,
    "ImageOrientationPatientDICOM": [
      0.99738,
      0.0550401,
      0.0469541,
      -0.0395358,
      0.958188,
      -0.283395
    ],
    "ImageType": [
      "ORIGINAL",
      "PRIMARY",
      "FMRI",
      "NONE"
    ],
    "ImageTypeText": [
      "ORIGINAL",
      "PRIMARY",
      "M",
      "MB",
      "TE4",
      "DIS2D"
    ],
    "InPlanePhaseEncodingDirectionDICOM": "COL",
    "PercentPhaseFOV": 100,
    "PhaseEncodingDirection": "j-",
    "PixelBandwidth": 2264,
    "ProtocolName": "func-bold_task-rest_dir-AP__cmrr_me4_sms4",
    "PulseSequenceName": "epfid2d4_96",
    "ReceiveCoilActiveElements": "HC1-7",
    "ReconMatrixPE": 96,
    "RefLinesPE": 22,
    "RepetitionTime": 1.6,
    "SequenceVariant": "SK\\SS",
    "SeriesDescription": "func-bold_task-rest_dir-AP__cmrr_me4_sms4",
    "SeriesNumber": 14,
    "ShimSetting": [
      8248,
      -5629,
      -6031,
      686,
      7,
      -236,
      46,
      5
    ],
    "SliceThickness": 2.2,
    "SliceTiming": [
      0,
      0.8425,
      0.105,
      0.9475,
      0.21,
      1.0525,
      0.315,
      1.1575,
      0.42,
      1.2625,
      0.525,
      1.3675,
      0.6325,
      1.475,
      0.7375,
      0,
      0.8425,
      0.105,
      0.9475,
      0.21,
      1.0525,
      0.315,
      1.1575,
      0.42,
      1.2625,
      0.525,
      1.3675,
      0.6325,
      1.475,
      0.7375,
      0,
      0.8425,
      0.105,
      0.9475,
      0.21,
      1.0525,
      0.315,
      1.1575,
      0.42,
      1.2625,
      0.525,
      1.3675,
      0.6325,
      1.475,
      0.7375,
      0,
      0.8425,
      0.105,
      0.9475,
      0.21,
      1.0525,
      0.315,
      1.1575,
      0.42,
      1.2625,
      0.525,
      1.3675,
      0.6325,
      1.475,
      0.7375
    ],
    "SpacingBetweenSlices": 2.2,
    "TotalReadoutTime": 0.0261249,
    "TxRefAmp": 246.09,
    "WipMemBlock": "e3b2d54d-1e87-435b-85be-38accfa2de26||Sequence: R017 nxva30a/master r/d34922cc2+; Jun 27 2022 13:20:16 by eja",
    "dataset": "<unset>",
    "modality": "bold",
    "session_id": "pilot014",
    "subject_id": "001",
    "task_id": "rest"
  },
  "dummy_trs": 2,
  "dvars_nstd": 82.93617097397593,
  "dvars_std": 1.0561797617001345,
  "dvars_vstd": 1.0001990126238294,
  "efc": 0.5082,
  "fber": 123.4386,
  "fd_mean": 0.14530317058975342,
  "fd_num": 87,
  "fd_perc": 11.631016042780749,
  "fwhm_avg": 2.761281771797801,
  "fwhm_x": 2.6239079582481133,
  "fwhm_y": 3.0348874140417164,
  "fwhm_z": 2.6250499431035745,
  "gcor": [
    0.0119513,
    0.0112516,
    0.00902737,
    0.00675135
  ],
  "gsr_x": 0.0028692884370684624,
  "gsr_y": 0.02603704296052456,
  "provenance": {
    "md5sum": "d69c05d06ca2387295e43d5debe3997a",
    "settings": {
      "fd_thres": 0.2,
      "testing": false
    },
    "software": "mriqc",
    "version": "24.1.0.dev0+g3fe90466.d20240417"
  },
  "size_t": 748,
  "size_x": 96,
  "size_y": 96,
  "size_z": 60,
  "snr": 1.4232242088724443,
  "spacing_tr": 1.600000023841858,
  "spacing_x": 2.197920083999634,
  "spacing_y": 2.197920083999634,
  "spacing_z": 2.200000047683716,
  "summary_bg_k": 168.4571,
  "summary_bg_mad": 2.1367,
  "summary_bg_mean": 19.7756,
  "summary_bg_median": 18.0,
  "summary_bg_n": 418800.0,
  "summary_bg_p05": 1.0,
  "summary_bg_p95": 35.0,
  "summary_bg_stdv": 13.5967,
  "summary_fg_k": 4.1113,
  "summary_fg_mad": 120.2355,
  "summary_fg_mean": 213.4135,
  "summary_fg_median": 201.0,
  "summary_fg_n": 134160.0,
  "summary_fg_p05": 27.0,
  "summary_fg_p95": 469.0,
  "summary_fg_stdv": 141.2281,
  "tsnr": 14.836491608060896
}