{
  "aor": [
    0.0004911165048543689,
    0.00046485436893203884,
    0.0005160194174757282,
    0.0006120388349514563
  ],
  "aqi": [
    0.0069289603398058255,
    0.00961128859223301,
    0.015491931553398057,
    0.02535581893203883
  ],
  "bids_meta": {
    "AcquisitionDuration": 361.475,
    "AcquisitionMatrixPE": 76,
    "AcquisitionTime": "14:04:47.257500",
    "B0FieldSource": [
      "pilot014pepolarbold",
      "pilot014phasediff"
    ],
    "BandwidthPerPixelPhaseEncode": 40.486,
    "BaseResolution": 102,
    "DerivedVendorReportedEchoSpacing": 0.000649997,
    "DwellTime": 2.5e-06,
    "EchoNumber": 4,
    "EchoTime": 0.0714,
    "EchoTrainLength": 28,
    "EffectiveEchoSpacing": 0.000324999,
    "ImageOrientationPatientDICOM": [
      0.996088,
      0.0348895,
      0.0811878,
      -0.00695412,
      0.946857,
      -0.321581
    ],
    "ImageType": [
      "ORIGINAL",
      "PRIMARY",
      "FMRI",
      "NONE"
    ],
    "ImageTypeText": [
      "ORIGINAL",
      "PRIMARY",
      "M",
      "MB",
      "TE4",
      "DIS2D"
    ],
    "InPlanePhaseEncodingDirectionDICOM": "ROW",
    "PercentPhaseFOV": 74.5098,
    "PercentSampling": 100,
    "PhaseEncodingDirection": "i-",
    "PhaseResolution": 1,
    "PixelBandwidth": 1961,
    "ProtocolName": "func-bold_task-bht_dir-LR__cmrr_me4_sms4",
    "PulseSequenceName": "epfid2d4_76",
    "ReceiveCoilActiveElements": "HC1-7",
    "ReconMatrixPE": 76,
    "RefLinesPE": 18,
    "RepetitionTime": 1.6,
    "SequenceVariant": "SK\\SS\\OSP",
    "SeriesDescription": "func-bold_task-bht_dir-LR__cmrr_me4_sms4",
    "SeriesNumber": 21,
    "ShimSetting": [
      8257,
      -5623,
      -5997,
      718,
      -10,
      -186,
      50,
      56
    ],
    "SliceThickness": 2.2,
    "SliceTiming": [
      0,
      0.8425,
      0.105,
      0.9475,
      0.21,
      1.055,
      0.3175,
      1.16,
      0.4225,
      1.265,
      0.5275,
      1.37,
      0.6325,
      1.475,
      0.7375,
      0,
      0.8425,
      0.105,
      0.9475,
      0.21,
      1.055,
      0.3175,
      1.16,
      0.4225,
      1.265,
      0.5275,
      1.37,
      0.6325,
      1.475,
      0.7375,
      0,
      0.8425,
      0.105,
      0.9475,
      0.21,
      1.055,
      0.3175,
      1.16,
      0.4225,
      1.265,
      0.5275,
      1.37,
      0.6325,
      1.475,
      0.7375,
      0,
      0.8425,
      0.105,
      0.9475,
      0.21,
      1.055,
      0.3175,
      1.16,
      0.4225,
      1.265,
      0.5275,
      1.37,
      0.6325,
      1.475,
      0.7375
    ],
    "SpacingBetweenSlices": 2.2,
    "TotalReadoutTime": 0.0243749,
    "TxRefAmp": 252.739,
    "WipMemBlock": "77715380-a6e2-44fd-bb94-54db932d603d||Sequence: R017 nxva30a/master r/d34922cc2+; Jun 27 2022 13:20:16 by eja",
    "dataset": "<unset>",
    "modality": "bold",
    "session_id": "pilot014",
    "subject_id": "001",
    "task_id": "bht"
  },
  "dummy_trs": 1,
  "dvars_nstd": 85.32476814078044,
  "dvars_std": 0.998687762,
  "dvars_vstd": 0.9783081660487808,
  "efc": 0.5476,
  "fber": 81.7291,
  "fd_mean": 0.13613265689633058,
  "fd_num": 38,
  "fd_perc": 18.446601941747574,
  "fwhm_avg": 2.8342904545333467,
  "fwhm_x": 2.9253306298027355,
  "fwhm_y": 2.7830771580020337,
  "fwhm_z": 2.7944635757952696,
  "gcor": [
    0.0221723,
    0.0192604,
    0.0138111,
    0.00941079
  ],
  "gsr_x": 0.03420195356011391,
  "gsr_y": -0.0012684048851951957,
  "provenance": {
    "md5sum": "4356730e154e2b38930ecb168d966ba7",
    "settings": {
      "fd_thres": 0.2,
      "testing": false
    },
    "software": "mriqc",
    "version": "24.1.0.dev0+g3fe90466.d20240417"
  },
  "size_t": 206,
  "size_x": 76,
  "size_y": 102,
  "size_z": 60,
  "snr": 1.4146641536767823,
  "spacing_tr": 1.600000023841858,
  "spacing_x": 2.196079969406128,
  "spacing_y": 2.196079969406128,
  "spacing_z": 2.200000047683716,
  "summary_bg_k": 208.9442,
  "summary_bg_mad": 5.7001,
  "summary_bg_mean": 28.3428,
  "summary_bg_median": 26.0,
  "summary_bg_n": 331964.0,
  "summary_bg_p05": 0.0,
  "summary_bg_p95": 52.0,
  "summary_bg_stdv": 22.2376,
  "summary_fg_k": 4.3525,
  "summary_fg_mad": 144.3666,
  "summary_fg_mean": 253.9985,
  "summary_fg_median": 237.0,
  "summary_fg_n": 133156.0,
  "summary_fg_p05": 36.0,
  "summary_fg_p95": 551.0,
  "summary_fg_stdv": 167.5303,
  "tsnr": 12.545633519766852
}