{
  "aor": [
    0.0006060869565217391,
    0.000532608695652174,
    0.0006245652173913043,
    0.0008065760869565217
  ],
  "aqi": [
    0.005383858206521739,
    0.0069693927717391305,
    0.01145335983695652,
    0.02020685652173913
  ],
  "bids_meta": {
    "AcquisitionDuration": 359.642,
    "AcquisitionMatrixPE": 102,
    "AcquisitionTime": "18:54:59.482500",
    "B0FieldSource": [
      "pilot011pepolarbold",
      "pilot011phasediff"
    ],
    "BandwidthPerPixelPhaseEncode": 39.216,
    "BaseResolution": 94,
    "DerivedVendorReportedEchoSpacing": 0.000520404,
    "DwellTime": 2.2e-06,
    "EchoNumber": 4,
    "EchoTime": 0.07664,
    "EchoTrainLength": 39,
    "EffectiveEchoSpacing": 0.000260202,
    "ImageOrientationPatientDICOM": [
      0.999355,
      0.0216112,
      0.0286831,
      -0.0115123,
      0.949304,
      -0.31415
    ],
    "ImageType": [
      "ORIGINAL",
      "PRIMARY",
      "FMRI",
      "NONE"
    ],
    "ImageTypeText": [
      "ORIGINAL",
      "PRIMARY",
      "M",
      "MB",
      "TE4",
      "DIS2D"
    ],
    "InPlanePhaseEncodingDirectionDICOM": "COL",
    "PercentPhaseFOV": 104.255,
    "PercentSampling": 104,
    "PhaseEncodingDirection": "j-",
    "PhaseResolution": 1.04,
    "PixelBandwidth": 2418,
    "ProtocolName": "func-bold_task-bht_dir-AP__cmrr_me4_sms4",
    "PulseSequenceName": "epfid2d4_102",
    "ReceiveCoilActiveElements": "HC1-7;NC1",
    "ReconMatrixPE": 98,
    "RefLinesPE": 20,
    "RepetitionTime": 1.77,
    "SequenceVariant": "SK\\SS\\OSP",
    "SeriesDescription": "func-bold_task-bht_dir-AP__cmrr_me4_sms4",
    "SeriesNumber": 17,
    "ShimSetting": [
      8227,
      -5620,
      -6039,
      674,
      -57,
      -166,
      66,
      37
    ],
    "SliceThickness": 2.1,
    "SliceTiming": [
      0,
      0.765,
      1.5325,
      0.5475,
      1.3125,
      0.3275,
      1.095,
      0.11,
      0.875,
      1.64,
      0.6575,
      1.4225,
      0.4375,
      1.2025,
      0.22,
      0.985,
      0,
      0.765,
      1.5325,
      0.5475,
      1.3125,
      0.3275,
      1.095,
      0.11,
      0.875,
      1.64,
      0.6575,
      1.4225,
      0.4375,
      1.2025,
      0.22,
      0.985,
      0,
      0.765,
      1.5325,
      0.5475,
      1.3125,
      0.3275,
      1.095,
      0.11,
      0.875,
      1.64,
      0.6575,
      1.4225,
      0.4375,
      1.2025,
      0.22,
      0.985,
      0,
      0.765,
      1.5325,
      0.5475,
      1.3125,
      0.3275,
      1.095,
      0.11,
      0.875,
      1.64,
      0.6575,
      1.4225,
      0.4375,
      1.2025,
      0.22,
      0.985
    ],
    "SpacingBetweenSlices": 2.1,
    "TotalReadoutTime": 0.0252396,
    "TxRefAmp": 248.655,
    "WipMemBlock": "82bc9073-9020-4ef7-a38b-e1abb1357510||Sequence: R017 nxva30a/master r/d34922cc2+; Jun 27 2022 13:20:16 by eja",
    "dataset": "<unset>",
    "modality": "bold",
    "session_id": "pilot011",
    "subject_id": "001",
    "task_id": "bht"
  },
  "dummy_trs": 0,
  "dvars_nstd": 95.40289239912572,
  "dvars_std": 1.0376885227322412,
  "dvars_vstd": 0.9954914065027317,
  "efc": 0.5384,
  "fber": 76.9033,
  "fd_mean": 0.12582989979290082,
  "fd_num": 30,
  "fd_perc": 16.304347826086957,
  "fwhm_avg": 2.485880782824802,
  "fwhm_x": 2.3282919946195113,
  "fwhm_y": 2.691750243156009,
  "fwhm_z": 2.4376001106988867,
  "gcor": [
    0.0123267,
    0.0164855,
    0.015451,
    0.0122624
  ],
  "gsr_x": 0.006605630740523338,
  "gsr_y": 0.02442621812224388,
  "provenance": {
    "md5sum": "cb3aad92d95480505e663422a4916861",
    "settings": {
      "fd_thres": 0.2,
      "testing": false
    },
    "software": "mriqc",
    "version": "24.1.0.dev0+g3fe90466.d20240417"
  },
  "size_t": 184,
  "size_x": 94,
  "size_y": 98,
  "size_z": 64,
  "snr": 1.4314679578997633,
  "spacing_tr": 1.7699999809265137,
  "spacing_x": 2.148940086364746,
  "spacing_y": 2.148940086364746,
  "spacing_z": 2.0999999046325684,
  "summary_bg_k": 104.6013,
  "summary_bg_mad": 2.095,
  "summary_bg_mean": 23.4601,
  "summary_bg_median": 22.0,
  "summary_bg_n": 441202.0,
  "summary_bg_p05": 0.0,
  "summary_bg_p95": 37.0,
  "summary_bg_stdv": 13.0393,
  "summary_fg_k": 4.3634,
  "summary_fg_mad": 117.4156,
  "summary_fg_mean": 209.8385,
  "summary_fg_median": 197.0,
  "summary_fg_n": 148366.0,
  "summary_fg_p05": 30.0,
  "summary_fg_p95": 454.0,
  "summary_fg_stdv": 137.6205,
  "tsnr": 13.571324529941194
}