{
  "NumberOfShells": 4,
  "bValues": [
    0.0,
    700.0,
    1000.0,
    2000.0,
    3000.0
  ],
  "bValuesEstimation": [
    700.0,
    1000.0,
    2000.0,
    3000.0
  ],
  "bdiffs_max": 0.3015,
  "bdiffs_mean": 0.0929,
  "bdiffs_median": 0.1061,
  "bdiffs_min": 0.0049,
  "bids_meta": {
    "AcquisitionMatrixPE": 146,
    "AcquisitionNumber": 1,
    "AcquisitionTime": "19:42:3.617500",
    "B0FieldSource": [
      "excl027pepolarb0",
      "excl027phasediff"
    ],
    "BandwidthPerPixelPhaseEncode": 19.569,
    "BaseResolution": 146,
    "BodyPartExamined": "BRAIN",
    "CoilCombinationMethod": "Adaptive Combine",
    "CoilString": "HeadNeck_64",
    "ConversionSoftware": "dcm2niix",
    "ConversionSoftwareVersion": "v1.0.20220720",
    "Deltas": [
      0.0233,
      0.0475
    ],
    "DerivedVendorReportedEchoSpacing": 0.000700017,
    "DeviceSerialNumber": "67014",
    "DiffusionScheme": "Monopolar",
    "DwellTime": 2.1e-06,
    "EchoTime": 0.098,
    "EchoTrainLength": 64,
    "EffectiveEchoSpacing": 0.000350008,
    "FlipAngle": 90,
    "HeudiconvVersion": "1.0.0",
    "ImageOrientationPatientDICOM": [
      0.999016,
      -0.022845,
      0.0380111,
      0.0256367,
      0.99688,
      -0.0746559
    ],
    "ImageType": [
      "ORIGINAL",
      "PRIMARY",
      "DIFFUSION",
      "NONE",
      "ND",
      "MFSPLIT"
    ],
    "ImageTypeText": [
      "ORIGINAL",
      "PRIMARY",
      "DIFFUSION",
      "NONE"
    ],
    "ImagingFrequency": 123.248,
    "InPlanePhaseEncodingDirectionDICOM": "COL",
    "InstitutionAddress": "Rue du Bugnon 21,Lausanne,District,CH,1011",
    "InstitutionName": "CHUV",
    "MRAcquisitionType": "2D",
    "MagneticFieldStrength": 3,
    "Manufacturer": "Siemens",
    "ManufacturersModelName": "MAGNETOM Prisma Fit",
    "Modality": "MR",
    "MultibandAccelerationFactor": 3,
    "NonlinearGradientCorrection": false,
    "ParallelReductionFactorInPlane": 2,
    "PartialFourier": 0.875,
    "PatientPosition": "HFS",
    "PercentPhaseFOV": 100,
    "PercentSampling": 100,
    "PhaseEncodingDirection": "j-",
    "PhaseEncodingSteps": 146,
    "PhaseResolution": 1,
    "PixelBandwidth": 1631,
    "ProcedureStepDescription": "RESEARCH Oscar",
    "ProtocolName": "dwi-dwi_acq-highres_dir-AP__trigger_monopolar",
    "PulseSequenceDetails": "%CustomerSeq%\\ep2d_diff_trigg",
    "ReceiveCoilActiveElements": "HC1-7",
    "ReceiveCoilName": "HeadNeck_64",
    "ReconMatrixPE": 146,
    "RefLinesPE": 54,
    "RepetitionTime": 7,
    "SAR": 0.170744,
    "ScanOptions": "PFP\\FS\\PER",
    "ScanningSequence": "GR\\EP",
    "SequenceName": "ep_b0",
    "SequenceVariant": "SK",
    "SeriesDescription": "dwi-dwi_acq-highres_dir-AP__trigger_monopolar",
    "SeriesNumber": 10,
    "ShimSetting": [
      8228,
      -5633,
      -6044,
      553,
      -24,
      -308,
      67,
      30
    ],
    "SliceThickness": 1.6,
    "SliceTiming": [
      0,
      6.145,
      0.14,
      6.285,
      0.28,
      6.425,
      0.42,
      6.565,
      0.56,
      6.7025,
      0.7,
      6.8425,
      0.8375,
      6.9825,
      0.9775,
      7.1225,
      1.1175,
      7.2625,
      1.2575,
      7.4025,
      1.3975,
      7.5425,
      1.5375,
      7.68,
      1.6775,
      7.82,
      1.815,
      7.96,
      1.955,
      8.1,
      2.095,
      8.24,
      2.235,
      8.38,
      2.375,
      8.52,
      2.515,
      8.6575,
      2.655,
      8.7975,
      2.7925,
      8.9375,
      2.9325,
      9.0775,
      3.0725,
      9.2175,
      3.2125,
      9.3575,
      3.3525,
      9.4975,
      3.4925,
      9.635,
      3.6325,
      9.775,
      3.77,
      9.915,
      3.91,
      10.055,
      4.05,
      10.195,
      4.19,
      10.335,
      4.33,
      10.475,
      4.47,
      10.6125,
      4.61,
      10.7525,
      4.7475,
      10.8925,
      4.8875,
      11.0325,
      5.0275,
      11.1725,
      5.1675,
      11.3125,
      5.3075,
      11.4525,
      5.4475,
      11.59,
      5.5875,
      11.73,
      5.725,
      11.87,
      5.865,
      12.01,
      6.005
    ],
    "SoftwareVersions": "syngo MR XA30",
    "SpacingBetweenSlices": 1.6,
    "StationName": "LRG10884",
    "TotalReadoutTime": 0.0507512,
    "TxRefAmp": 244.634,
    "acq_id": "highres",
    "dataset": "hcph",
    "modality": "dwi",
    "session_id": "excl027",
    "subject_id": "001"
  },
  "efc_shell01": 2.3007,
  "efc_shell02": 1.0578,
  "efc_shell03": 0.8383,
  "efc_shell04": 0.6016,
  "efc_shell05": 0.6236,
  "fa_degenerate": 0.0,
  "fa_nans": 0.0,
  "fber_shell01": 22.8272,
  "fber_shell02": 107.6406,
  "fber_shell03": 112.8906,
  "fber_shell04": 73.4694,
  "fber_shell05": 32.6531,
  "fd_mean": 7.841,
  "fd_num": 279,
  "fd_perc": 99.64285714285714,
  "ndc": 0.604,
  "provenance": {
    "md5sum": "d470cda22cb9cc5836329c3d736c2f6a",
    "settings": {
      "testing": false
    },
    "software": "mriqc",
    "version": "24.0.0"
  },
  "sigma_cc": 42.9955,
  "sigma_pca": 15.8731,
  "sigma_piesno": 1.6508,
  "snr_cc_shell0": 3.84,
  "snr_cc_shell1_best": 3.68,
  "snr_cc_shell1_worst": 3.68,
  "snr_cc_shell2_best": 2.43,
  "snr_cc_shell2_worst": 1.51,
  "snr_cc_shell3_best": 2.03,
  "snr_cc_shell3_worst": 1.18,
  "snr_cc_shell4_best": 0.91,
  "snr_cc_shell4_worst": 0.83,
  "spikes_global": 33.53,
  "spikes_slice_i": 196.54,
  "spikes_slice_j": 206.66,
  "spikes_slice_k": 183.3,
  "summary_bg_k": 187.2243,
  "summary_bg_mad": 8.8956,
  "summary_bg_mean": 29.5401,
  "summary_bg_median": 10.0,
  "summary_bg_n": 1497026.0,
  "summary_bg_p05": 3.0,
  "summary_bg_p95": 112.0,
  "summary_bg_stdv": 80.9869,
  "summary_fg_k": 9.5676,
  "summary_fg_mad": 177.9123,
  "summary_fg_mean": 416.3955,
  "summary_fg_median": 315.0,
  "summary_fg_n": 357466.0,
  "summary_fg_p05": 106.0,
  "summary_fg_p95": 1112.0,
  "summary_fg_stdv": 341.1655,
  "summary_wm_k": 11.0704,
  "summary_wm_mad": 84.5083,
  "summary_wm_mean": 226.1349,
  "summary_wm_median": 225.0,
  "summary_wm_n": 103923.0,
  "summary_wm_p05": 90.0,
  "summary_wm_p95": 370.0,
  "summary_wm_stdv": 91.647
}