{
  "aor": [
    0.001282448979591837,
    0.0014260204081632654,
    0.0015834693877551022,
    0.0017909183673469385
  ],
  "aqi": [
    0.0030494272448979595,
    0.0036594669387755106,
    0.006317086326530612,
    0.011625488775510204
  ],
  "bids_meta": {
    "AcquisitionDuration": 188.475,
    "AcquisitionMatrixPE": 96,
    "AcquisitionTime": "21:45:59.227500",
    "B0FieldSource": [
      "022pepolarbold",
      "022phasediff"
    ],
    "BandwidthPerPixelPhaseEncode": 37.879,
    "BaseResolution": 96,
    "DerivedVendorReportedEchoSpacing": 0.000549997,
    "DwellTime": 2.3e-06,
    "EchoNumber": 1,
    "EchoTime": 0.0126,
    "EchoTrainLength": 35,
    "EffectiveEchoSpacing": 0.000274998,
    "FlipAngle": 64,
    "ImageOrientationPatientDICOM": [
      0.999002,
      0.0331436,
      0.0299534,
      -0.0216239,
      0.945475,
      -0.324976
    ],
    "ImageType": [
      "ORIGINAL",
      "PRIMARY",
      "FMRI",
      "NONE"
    ],
    "ImageTypeText": [
      "ORIGINAL",
      "PRIMARY",
      "M",
      "MB",
      "TE1",
      "DIS2D"
    ],
    "InPlanePhaseEncodingDirectionDICOM": "COL",
    "PercentPhaseFOV": 100,
    "PhaseEchoTime1": 0.0126,
    "PhaseEchoTime2": 0.03304,
    "PhaseEncodingDirection": "j-",
    "PixelBandwidth": 2264,
    "ProtocolName": "func-bold_task-qct_dir-AP__cmrr_me4_sms4",
    "PulseSequenceName": "epfid2d4_96",
    "ReceiveCoilActiveElements": "HC1-7",
    "ReconMatrixPE": 96,
    "RefLinesPE": 22,
    "RepetitionTime": 1.6,
    "SequenceVariant": "SK\\SS",
    "SeriesDescription": "func-bold_task-qct_dir-AP__cmrr_me4_sms4",
    "SeriesNumber": 13,
    "ShimSetting": [
      8240,
      -5627,
      -6005,
      652,
      -41,
      -221,
      39,
      35
    ],
    "SliceThickness": 2.2,
    "SliceTiming": [
      0,
      0.8425,
      0.105,
      0.9475,
      0.21,
      1.0525,
      0.315,
      1.1575,
      0.42,
      1.265,
      0.5275,
      1.37,
      0.6325,
      1.475,
      0.7375,
      0,
      0.8425,
      0.105,
      0.9475,
      0.21,
      1.0525,
      0.315,
      1.1575,
      0.42,
      1.265,
      0.5275,
      1.37,
      0.6325,
      1.475,
      0.7375,
      0,
      0.8425,
      0.105,
      0.9475,
      0.21,
      1.0525,
      0.315,
      1.1575,
      0.42,
      1.265,
      0.5275,
      1.37,
      0.6325,
      1.475,
      0.7375,
      0,
      0.8425,
      0.105,
      0.9475,
      0.21,
      1.0525,
      0.315,
      1.1575,
      0.42,
      1.265,
      0.5275,
      1.37,
      0.6325,
      1.475,
      0.7375
    ],
    "SpacingBetweenSlices": 2.2,
    "TotalReadoutTime": 0.0261249,
    "TxRefAmp": 247.75,
    "WipMemBlock": "b1ce2891-540a-4825-b58c-df4efa10a294||Sequence: R017 nxva30a/master r/d34922cc2+; Jun 27 2022 13:20:16 by eja",
    "dataset": "<unset>",
    "modality": "bold",
    "session_id": "022",
    "subject_id": "001",
    "task_id": "qct"
  },
  "dummy_trs": 1,
  "dvars_nstd": 27.81112132082474,
  "dvars_std": 1.076963604329897,
  "dvars_vstd": 1.0356111554639176,
  "efc": 0.5778,
  "fber": 643.6091,
  "fd_mean": 0.128928717389598,
  "fd_num": 10,
  "fd_perc": 10.204081632653061,
  "fwhm_avg": 3.7102608933373653,
  "fwhm_x": 3.395869601599784,
  "fwhm_y": 3.7111904383514243,
  "fwhm_z": 4.023722640060888,
  "gcor": [
    0.0144062,
    0.0159308,
    0.0144624,
    0.0112415
  ],
  "gsr_x": 0.005175665020942688,
  "gsr_y": 0.11967705935239792,
  "provenance": {
    "md5sum": "81153c156f6d8c8fcfa1e91201bbe6ba",
    "settings": {
      "fd_thres": 0.2,
      "testing": false
    },
    "software": "mriqc",
    "version": "24.1.0.dev0+g3fe90466.d20240417"
  },
  "size_t": 98,
  "size_x": 96,
  "size_y": 96,
  "size_z": 60,
  "snr": 2.400526136765338,
  "spacing_tr": 1.600000023841858,
  "spacing_x": 2.197920083999634,
  "spacing_y": 2.197920083999634,
  "spacing_z": 2.200000047683716,
  "summary_bg_k": 10.1486,
  "summary_bg_mad": 21.8911,
  "summary_bg_mean": 132.3835,
  "summary_bg_median": 32.0,
  "summary_bg_n": 418985.0,
  "summary_bg_p05": 0.0,
  "summary_bg_p95": 664.0,
  "summary_bg_stdv": 237.0939,
  "summary_fg_k": 1.9241,
  "summary_fg_mad": 299.0621,
  "summary_fg_mean": 849.8274,
  "summary_fg_median": 805.0,
  "summary_fg_n": 133975.0,
  "summary_fg_p05": 389.0,
  "summary_fg_p95": 1434.0,
  "summary_fg_stdv": 335.3419,
  "tsnr": 53.88380594458431
}