{
  "aor": [
    0.001282448979591837,
    0.0014260204081632654,
    0.0015834693877551022,
    0.0017909183673469385
  ],
  "aqi": [
    0.0030494272448979595,
    0.0036594669387755106,
    0.006317086326530612,
    0.011625488775510204
  ],
  "bids_meta": {
    "AcquisitionDuration": 188.472,
    "AcquisitionMatrixPE": 96,
    "AcquisitionTime": "21:45:59.270000",
    "B0FieldSource": [
      "022pepolarbold",
      "022phasediff"
    ],
    "BandwidthPerPixelPhaseEncode": 37.879,
    "BaseResolution": 96,
    "DerivedVendorReportedEchoSpacing": 0.000549997,
    "DwellTime": 2.3e-06,
    "EchoNumber": 3,
    "EchoTime": 0.05348,
    "EchoTrainLength": 35,
    "EffectiveEchoSpacing": 0.000274998,
    "FlipAngle": 64,
    "ImageOrientationPatientDICOM": [
      0.999002,
      0.0331436,
      0.0299534,
      -0.0216239,
      0.945475,
      -0.324976
    ],
    "ImageType": [
      "ORIGINAL",
      "PRIMARY",
      "FMRI",
      "NONE"
    ],
    "ImageTypeText": [
      "ORIGINAL",
      "PRIMARY",
      "M",
      "MB",
      "TE3",
      "DIS2D"
    ],
    "InPlanePhaseEncodingDirectionDICOM": "COL",
    "PercentPhaseFOV": 100,
    "PhaseEchoTime1": 0.0126,
    "PhaseEchoTime2": 0.03304,
    "PhaseEncodingDirection": "j-",
    "PixelBandwidth": 2264,
    "ProtocolName": "func-bold_task-qct_dir-AP__cmrr_me4_sms4",
    "PulseSequenceName": "epfid2d4_96",
    "ReceiveCoilActiveElements": "HC1-7",
    "ReconMatrixPE": 96,
    "RefLinesPE": 22,
    "RepetitionTime": 1.6,
    "SequenceVariant": "SK\\SS",
    "SeriesDescription": "func-bold_task-qct_dir-AP__cmrr_me4_sms4",
    "SeriesNumber": 13,
    "ShimSetting": [
      8240,
      -5627,
      -6005,
      652,
      -41,
      -221,
      39,
      35
    ],
    "SliceThickness": 2.2,
    "SliceTiming": [
      0,
      0.8425,
      0.105,
      0.9475,
      0.21,
      1.0525,
      0.315,
      1.1575,
      0.4225,
      1.265,
      0.5275,
      1.37,
      0.6325,
      1.475,
      0.7375,
      0,
      0.8425,
      0.105,
      0.9475,
      0.21,
      1.0525,
      0.315,
      1.1575,
      0.4225,
      1.265,
      0.5275,
      1.37,
      0.6325,
      1.475,
      0.7375,
      0,
      0.8425,
      0.105,
      0.9475,
      0.21,
      1.0525,
      0.315,
      1.1575,
      0.4225,
      1.265,
      0.5275,
      1.37,
      0.6325,
      1.475,
      0.7375,
      0,
      0.8425,
      0.105,
      0.9475,
      0.21,
      1.0525,
      0.315,
      1.1575,
      0.4225,
      1.265,
      0.5275,
      1.37,
      0.6325,
      1.475,
      0.7375
    ],
    "SpacingBetweenSlices": 2.2,
    "TotalReadoutTime": 0.0261249,
    "TxRefAmp": 247.75,
    "WipMemBlock": "b1ce2891-540a-4825-b58c-df4efa10a294||Sequence: R017 nxva30a/master r/d34922cc2+; Jun 27 2022 13:20:16 by eja",
    "dataset": "<unset>",
    "modality": "bold",
    "session_id": "022",
    "subject_id": "001",
    "task_id": "qct"
  },
  "dummy_trs": 1,
  "dvars_nstd": 54.92426516350514,
  "dvars_std": 1.0708366152577318,
  "dvars_vstd": 1.0364386189690722,
  "efc": 0.4953,
  "fber": 313.3929,
  "fd_mean": 0.128928717389598,
  "fd_num": 10,
  "fd_perc": 10.204081632653061,
  "fwhm_avg": 2.9401254221069952,
  "fwhm_x": 2.8110712691412987,
  "fwhm_y": 3.164132331574417,
  "fwhm_z": 2.8451726656052707,
  "gcor": [
    0.0144062,
    0.0159308,
    0.0144624,
    0.0112415
  ],
  "gsr_x": 0.009510491974651814,
  "gsr_y": 0.022916154935956,
  "provenance": {
    "md5sum": "3d28ef573bfed0528ea1669f64946c5e",
    "settings": {
      "fd_thres": 0.2,
      "testing": false
    },
    "software": "mriqc",
    "version": "24.1.0.dev0+g3fe90466.d20240417"
  },
  "size_t": 98,
  "size_x": 96,
  "size_y": 96,
  "size_z": 60,
  "snr": 1.6741384309994194,
  "spacing_tr": 1.600000023841858,
  "spacing_x": 2.197920083999634,
  "spacing_y": 2.197920083999634,
  "spacing_z": 2.200000047683716,
  "summary_bg_k": 66.7516,
  "summary_bg_mad": 3.2224,
  "summary_bg_mean": 25.4006,
  "summary_bg_median": 19.0,
  "summary_bg_n": 418985.0,
  "summary_bg_p05": 0.0,
  "summary_bg_p95": 63.0,
  "summary_bg_stdv": 29.172,
  "summary_fg_k": 2.3373,
  "summary_fg_mad": 170.1059,
  "summary_fg_mean": 348.709,
  "summary_fg_median": 336.0,
  "summary_fg_n": 133975.0,
  "summary_fg_p05": 41.0,
  "summary_fg_p95": 697.0,
  "summary_fg_stdv": 200.6995,
  "tsnr": 25.77159598376602
}