{
  "aor": [
    0.0005871219512195122,
    0.0005993658536585366,
    0.0006850243902439024,
    0.0008780487804878049
  ],
  "aqi": [
    0.005068292,
    0.005485952780487805,
    0.009383165853658537,
    0.016600384878048782
  ],
  "bids_meta": {
    "AcquisitionDuration": 361.475,
    "AcquisitionMatrixPE": 96,
    "AcquisitionTime": "22:14:14.390000",
    "B0FieldSource": [
      "022pepolarbold",
      "022phasediff"
    ],
    "BandwidthPerPixelPhaseEncode": 37.879,
    "BaseResolution": 96,
    "DerivedVendorReportedEchoSpacing": 0.000549997,
    "DwellTime": 2.3e-06,
    "EchoNumber": 2,
    "EchoTime": 0.03304,
    "EchoTrainLength": 35,
    "EffectiveEchoSpacing": 0.000274998,
    "ImageOrientationPatientDICOM": [
      0.999002,
      0.0331436,
      0.0299534,
      -0.0216239,
      0.945475,
      -0.324976
    ],
    "ImageType": [
      "ORIGINAL",
      "PRIMARY",
      "FMRI",
      "NONE"
    ],
    "ImageTypeText": [
      "ORIGINAL",
      "PRIMARY",
      "M",
      "MB",
      "TE2",
      "DIS2D"
    ],
    "InPlanePhaseEncodingDirectionDICOM": "COL",
    "PercentPhaseFOV": 100,
    "PercentSampling": 100,
    "PhaseEchoTime1": 0.0126,
    "PhaseEchoTime2": 0.03304,
    "PhaseEncodingDirection": "j-",
    "PhaseResolution": 1,
    "PixelBandwidth": 2264,
    "ProtocolName": "func-bold_task-bht_dir-AP__cmrr_me4_sms4",
    "PulseSequenceName": "epfid2d4_96",
    "ReceiveCoilActiveElements": "HC1-7",
    "ReconMatrixPE": 96,
    "RefLinesPE": 22,
    "RepetitionTime": 1.6,
    "SequenceVariant": "SK\\SS",
    "SeriesDescription": "func-bold_task-bht_dir-AP__cmrr_me4_sms4",
    "SeriesNumber": 25,
    "ShimSetting": [
      8241,
      -5625,
      -6004,
      655,
      -36,
      -215,
      46,
      35
    ],
    "SliceThickness": 2.2,
    "SliceTiming": [
      0,
      0.8425,
      0.105,
      0.9475,
      0.21,
      1.0525,
      0.315,
      1.1575,
      0.42,
      1.2625,
      0.525,
      1.3675,
      0.63,
      1.4725,
      0.735,
      0,
      0.8425,
      0.105,
      0.9475,
      0.21,
      1.0525,
      0.315,
      1.1575,
      0.42,
      1.2625,
      0.525,
      1.3675,
      0.63,
      1.4725,
      0.735,
      0,
      0.8425,
      0.105,
      0.9475,
      0.21,
      1.0525,
      0.315,
      1.1575,
      0.42,
      1.2625,
      0.525,
      1.3675,
      0.63,
      1.4725,
      0.735,
      0,
      0.8425,
      0.105,
      0.9475,
      0.21,
      1.0525,
      0.315,
      1.1575,
      0.42,
      1.2625,
      0.525,
      1.3675,
      0.63,
      1.4725,
      0.735
    ],
    "SpacingBetweenSlices": 2.2,
    "TotalReadoutTime": 0.0261249,
    "TxRefAmp": 247.75,
    "WipMemBlock": "e1190006-d859-4eaf-b561-f8a5490efcf5||Sequence: R017 nxva30a/master r/d34922cc2+; Jun 27 2022 13:20:16 by eja",
    "dataset": "<unset>",
    "modality": "bold",
    "session_id": "022",
    "subject_id": "001",
    "task_id": "bht"
  },
  "dummy_trs": 2,
  "dvars_nstd": 44.001006893284305,
  "dvars_std": 1.0909627746568629,
  "dvars_vstd": 1.0025393221078431,
  "efc": 0.5134,
  "fber": 601.6219,
  "fd_mean": 0.187970949251579,
  "fd_num": 101,
  "fd_perc": 49.26829268292683,
  "fwhm_avg": 3.2774853232418315,
  "fwhm_x": 3.145942407249577,
  "fwhm_y": 3.4664818140864075,
  "fwhm_z": 3.2200317483895096,
  "gcor": [
    0.0228643,
    0.0298618,
    0.029097,
    0.0229766
  ],
  "gsr_x": 0.016344284638762474,
  "gsr_y": 0.03330249711871147,
  "provenance": {
    "md5sum": "cb322b4dd559f1fd57b849dd0a278347",
    "settings": {
      "fd_thres": 0.2,
      "testing": false
    },
    "software": "mriqc",
    "version": "24.1.0.dev0+g3fe90466.d20240417"
  },
  "size_t": 205,
  "size_x": 96,
  "size_y": 96,
  "size_z": 60,
  "snr": 1.9694939795754656,
  "spacing_tr": 1.600000023841858,
  "spacing_x": 2.197920083999634,
  "spacing_y": 2.197920083999634,
  "spacing_z": 2.200000047683716,
  "summary_bg_k": 30.2242,
  "summary_bg_mad": 6.2125,
  "summary_bg_mean": 43.694,
  "summary_bg_median": 21.0,
  "summary_bg_n": 418456.0,
  "summary_bg_p05": 0.0,
  "summary_bg_p95": 166.0,
  "summary_bg_stdv": 74.7832,
  "summary_fg_k": 1.4157,
  "summary_fg_mad": 226.1439,
  "summary_fg_mean": 537.5482,
  "summary_fg_median": 517.0,
  "summary_fg_n": 134504.0,
  "summary_fg_p05": 96.0,
  "summary_fg_p95": 991.0,
  "summary_fg_stdv": 262.503,
  "tsnr": 34.28962932527065
}