{
  "NumberOfShells": 4,
  "bValues": [
    0.0,
    700.0,
    1000.0,
    1950.0,
    2000.0,
    2950.0,
    3000.0
  ],
  "bValuesEstimation": [
    700.0,
    1000.0,
    2000.0,
    3000.0
  ],
  "bdiffs_max": 0.3137,
  "bdiffs_mean": 0.2066,
  "bdiffs_median": 0.2327,
  "bdiffs_min": 0.0073,
  "bids_meta": {
    "AcquisitionMatrixPE": 120,
    "AcquisitionNumber": 1,
    "AcquisitionTime": "17:32:22.687500",
    "B0FieldSource": [
      "pilot005pepolarb0",
      "pilot005phasediff"
    ],
    "BandwidthPerPixelPhaseEncode": 23.81,
    "BaseResolution": 120,
    "BodyPartExamined": "BRAIN",
    "CoilCombinationMethod": "Adaptive Combine",
    "CoilString": "HeadNeck_64",
    "ConversionSoftware": "dcm2niix",
    "ConversionSoftwareVersion": "v1.0.20220720",
    "DerivedVendorReportedEchoSpacing": 0.000699986,
    "DeviceSerialNumber": "67014",
    "DiffusionScheme": "Bipolar",
    "DwellTime": 2.4e-06,
    "EchoTime": 0.092,
    "EchoTrainLength": 51,
    "EffectiveEchoSpacing": 0.000349993,
    "FlipAngle": 90,
    "HeudiconvVersion": "1.0.0",
    "ImageOrientationPatientDICOM": [
      0.998587,
      -0.0141405,
      0.0512236,
      0.0135951,
      0.999847,
      0.0109789
    ],
    "ImageType": [
      "ORIGINAL",
      "PRIMARY",
      "DIFFUSION",
      "NONE",
      "ND",
      "MFSPLIT"
    ],
    "ImageTypeText": [
      "ORIGINAL",
      "PRIMARY",
      "DIFFUSION",
      "NONE"
    ],
    "ImagingFrequency": 123.248,
    "InPlanePhaseEncodingDirectionDICOM": "COL",
    "InstitutionAddress": "Rue du Bugnon 21,Lausanne,District,CH,1011",
    "InstitutionName": "CHUV",
    "MRAcquisitionType": "2D",
    "MagneticFieldStrength": 3,
    "Manufacturer": "Siemens",
    "ManufacturersModelName": "MAGNETOM Prisma Fit",
    "Modality": "MR",
    "MultibandAccelerationFactor": 3,
    "NonlinearGradientCorrection": false,
    "ParallelReductionFactorInPlane": 2,
    "PartialFourier": 0.875,
    "PatientPosition": "HFS",
    "PercentPhaseFOV": 100,
    "PercentSampling": 100,
    "PhaseEncodingDirection": "j",
    "PhaseEncodingSteps": 120,
    "PhaseResolution": 1,
    "PixelBandwidth": 1736,
    "ProcedureStepDescription": "RESEARCH Oscar",
    "ProtocolName": "micro_struct_137dir_BIPOLAR_b3000_2mm-iso_PA",
    "PulseSequenceDetails": "%SiemensSeq%\\ep2d_diff",
    "ReceiveCoilActiveElements": "HC1-6",
    "ReceiveCoilName": "HeadNeck_64",
    "ReconMatrixPE": 120,
    "RefLinesPE": 42,
    "RepetitionTime": 7.8,
    "SAR": 0.197092,
    "ScanOptions": "PFP\\FS\\PER",
    "ScanningSequence": "GR\\EP",
    "SequenceName": "*ep_b0",
    "SequenceVariant": "SK",
    "SeriesDescription": "micro_struct_137dir_BIPOLAR_b3000_2mm-iso_PA",
    "SeriesNumber": 24,
    "ShimSetting": [
      8235,
      -5641,
      -6050,
      573,
      -94,
      -388,
      30,
      1
    ],
    "SliceThickness": 2,
    "SliceTiming": [
      6.4,
      0,
      6.58,
      0.1775,
      6.7575,
      0.3575,
      6.935,
      0.535,
      7.1125,
      0.7125,
      7.29,
      0.89,
      7.4675,
      1.0675,
      7.645,
      1.245,
      7.8225,
      1.4225,
      8,
      1.6,
      8.18,
      1.78,
      8.3575,
      1.9575,
      8.535,
      2.135,
      8.7125,
      2.3125,
      8.89,
      2.49,
      9.0675,
      2.6675,
      9.245,
      2.845,
      9.4225,
      3.0225,
      9.6,
      3.2,
      9.78,
      3.38,
      9.9575,
      3.5575,
      10.135,
      3.735,
      10.3125,
      3.9125,
      10.49,
      4.09,
      10.6675,
      4.2675,
      10.845,
      4.445,
      11.0225,
      4.6225,
      11.2,
      4.8,
      11.38,
      4.98,
      11.5575,
      5.1575,
      11.735,
      5.335,
      11.9125,
      5.5125,
      12.09,
      5.69,
      12.2675,
      5.8675,
      12.445,
      6.045,
      12.6225,
      6.2225
    ],
    "SoftwareVersions": "syngo MR XA30",
    "SpacingBetweenSlices": 2,
    "StationName": "LRG10884",
    "TotalReadoutTime": 0.0416492,
    "TxRefAmp": 246.554,
    "VendorReportedEchoSpacing": 0.0007,
    "acq_id": "lowres",
    "dataset": "hcph",
    "modality": "dwi",
    "session_id": "pilot005",
    "subject_id": "001"
  },
  "efc_shell01": 2.0717,
  "efc_shell02": 0.9838,
  "efc_shell03": 0.7121,
  "efc_shell04": 0.5006,
  "efc_shell05": 0.5244,
  "fa_degenerate": 0.0,
  "fa_nans": 0.0,
  "fber_shell01": 53.48,
  "fber_shell02": 400.0,
  "fber_shell03": 473.0625,
  "fber_shell04": 455.1111,
  "fber_shell05": 186.7778,
  "fd_mean": 1.668,
  "fd_num": 140,
  "fd_perc": 95.23809523809524,
  "ndc": 0.8074,
  "provenance": {
    "md5sum": "c086232e8ddb71bf4efbd32ab195fae4",
    "settings": {
      "testing": false
    },
    "software": "mriqc",
    "version": "24.0.0"
  },
  "sigma_cc": 26.6868,
  "sigma_pca": 9.8757,
  "sigma_piesno": 0.8254,
  "snr_cc_shell0": 6.32,
  "snr_cc_shell1_best": 6.19,
  "snr_cc_shell1_worst": 6.19,
  "snr_cc_shell2_best": 4.12,
  "snr_cc_shell2_worst": 2.25,
  "snr_cc_shell3_best": 2.87,
  "snr_cc_shell3_worst": 1.72,
  "snr_cc_shell4_best": 2.09,
  "snr_cc_shell4_worst": 1.08,
  "spikes_global": 58.01,
  "spikes_slice_i": 275.57,
  "spikes_slice_j": 251.17,
  "spikes_slice_k": 368.95,
  "summary_bg_k": 629.3804,
  "summary_bg_mad": 5.9304,
  "summary_bg_mean": 28.6032,
  "summary_bg_median": 5.0,
  "summary_bg_n": 853236.0,
  "summary_bg_p05": 0.0,
  "summary_bg_p95": 135.0,
  "summary_bg_stdv": 96.7399,
  "summary_fg_k": 6.0338,
  "summary_fg_mad": 164.5688,
  "summary_fg_mean": 392.1723,
  "summary_fg_median": 317.0,
  "summary_fg_n": 183564.0,
  "summary_fg_p05": 117.0,
  "summary_fg_p95": 945.0,
  "summary_fg_stdv": 270.307,
  "summary_wm_k": 15.7458,
  "summary_wm_mad": 77.0953,
  "summary_wm_mean": 236.6147,
  "summary_wm_median": 233.0,
  "summary_wm_n": 52819.0,
  "summary_wm_p05": 108.0,
  "summary_wm_p95": 381.0,
  "summary_wm_stdv": 95.9518
}