{
  "NumberOfShells": 4,
  "bValues": [
    0.0,
    700.0,
    1000.0,
    1950.0,
    2000.0,
    2950.0,
    3000.0
  ],
  "bValuesEstimation": [
    700.0,
    1000.0,
    2000.0,
    3000.0
  ],
  "bdiffs_max": 0.3724,
  "bdiffs_mean": 0.2479,
  "bdiffs_median": 0.281,
  "bdiffs_min": 0.0101,
  "bids_meta": {
    "AcquisitionMatrixPE": 146,
    "AcquisitionNumber": 1,
    "AcquisitionTime": "17:11:20.987500",
    "B0FieldSource": [
      "pilot005pepolarb0",
      "pilot005phasediff"
    ],
    "BandwidthPerPixelPhaseEncode": 19.569,
    "BaseResolution": 146,
    "BodyPartExamined": "BRAIN",
    "CoilCombinationMethod": "Adaptive Combine",
    "CoilString": "HeadNeck_64",
    "ConversionSoftware": "dcm2niix",
    "ConversionSoftwareVersion": "v1.0.20220720",
    "DerivedVendorReportedEchoSpacing": 0.000700017,
    "DeviceSerialNumber": "67014",
    "DiffusionScheme": "Bipolar",
    "DwellTime": 2.1e-06,
    "EchoTime": 0.098,
    "EchoTrainLength": 64,
    "EffectiveEchoSpacing": 0.000350008,
    "FlipAngle": 90,
    "HeudiconvVersion": "1.0.0",
    "ImageOrientationPatientDICOM": [
      0.998587,
      -0.0141405,
      0.0512236,
      0.0135951,
      0.999847,
      0.0109789
    ],
    "ImageType": [
      "ORIGINAL",
      "PRIMARY",
      "DIFFUSION",
      "NONE",
      "ND",
      "MFSPLIT"
    ],
    "ImageTypeText": [
      "ORIGINAL",
      "PRIMARY",
      "DIFFUSION",
      "NONE"
    ],
    "ImagingFrequency": 123.248,
    "InPlanePhaseEncodingDirectionDICOM": "COL",
    "InstitutionAddress": "Rue du Bugnon 21,Lausanne,District,CH,1011",
    "InstitutionName": "CHUV",
    "MRAcquisitionType": "2D",
    "MagneticFieldStrength": 3,
    "Manufacturer": "Siemens",
    "ManufacturersModelName": "MAGNETOM Prisma Fit",
    "Modality": "MR",
    "MultibandAccelerationFactor": 3,
    "NonlinearGradientCorrection": false,
    "ParallelReductionFactorInPlane": 2,
    "PartialFourier": 0.875,
    "PatientPosition": "HFS",
    "PercentPhaseFOV": 100,
    "PercentSampling": 100,
    "PhaseEncodingDirection": "j",
    "PhaseEncodingSteps": 146,
    "PhaseResolution": 1,
    "PixelBandwidth": 1631,
    "ProcedureStepDescription": "RESEARCH Oscar",
    "ProtocolName": "micro_struct_137dir_BIPOLAR_b3000_1.6mm-iso_PA",
    "PulseSequenceDetails": "%SiemensSeq%\\ep2d_diff",
    "ReceiveCoilActiveElements": "HC1-6",
    "ReceiveCoilName": "HeadNeck_64",
    "ReconMatrixPE": 146,
    "RefLinesPE": 54,
    "RepetitionTime": 7.8,
    "SAR": 0.244407,
    "ScanOptions": "PFP\\FS\\PER",
    "ScanningSequence": "GR\\EP",
    "SequenceName": "*ep_b0",
    "SequenceVariant": "SK",
    "SeriesDescription": "micro_struct_137dir_BIPOLAR_b3000_1.6mm-iso_PA",
    "SeriesNumber": 15,
    "ShimSetting": [
      8237,
      -5633,
      -6049,
      586,
      -76,
      -322,
      36,
      -1
    ],
    "SliceThickness": 1.6,
    "SliceTiming": [
      0,
      8.58,
      0.195,
      8.775,
      0.39,
      8.97,
      0.585,
      9.165,
      0.78,
      9.36,
      0.975,
      9.555,
      1.17,
      9.75,
      1.365,
      9.945,
      1.56,
      10.14,
      1.755,
      10.335,
      1.95,
      10.53,
      2.145,
      10.725,
      2.34,
      10.92,
      2.535,
      11.115,
      2.73,
      11.31,
      2.925,
      11.505,
      3.12,
      11.7,
      3.315,
      11.895,
      3.51,
      12.09,
      3.705,
      12.285,
      3.9,
      12.48,
      4.095,
      12.675,
      4.29,
      12.87,
      4.485,
      13.065,
      4.68,
      13.26,
      4.875,
      13.455,
      5.07,
      13.65,
      5.265,
      13.845,
      5.46,
      14.04,
      5.655,
      14.235,
      5.85,
      14.43,
      6.045,
      14.625,
      6.24,
      14.82,
      6.435,
      15.015,
      6.63,
      15.21,
      6.825,
      15.405,
      7.02,
      15.6,
      7.215,
      15.795,
      7.41,
      15.99,
      7.605,
      16.185,
      7.8,
      16.38,
      7.995,
      16.575,
      8.19,
      16.77,
      8.385
    ],
    "SoftwareVersions": "syngo MR XA30",
    "SpacingBetweenSlices": 1.6,
    "StationName": "LRG10884",
    "TotalReadoutTime": 0.0507512,
    "TxRefAmp": 246.554,
    "VendorReportedEchoSpacing": 0.0007,
    "acq_id": "highres",
    "dataset": "hcph",
    "modality": "dwi",
    "session_id": "pilot005",
    "subject_id": "001"
  },
  "efc_shell01": 2.0357,
  "efc_shell02": 0.8672,
  "efc_shell03": 0.6506,
  "efc_shell04": 0.5654,
  "efc_shell05": 0.6028,
  "fa_degenerate": 0.0,
  "fa_nans": 0.0,
  "fber_shell01": 32.0625,
  "fber_shell02": 158.0408,
  "fber_shell03": 196.0,
  "fber_shell04": 81.0,
  "fber_shell05": 38.0278,
  "fd_mean": 8.5158,
  "fd_num": 136,
  "fd_perc": 92.51700680272108,
  "ndc": 0.7392,
  "provenance": {
    "md5sum": "27806280af72853a6abe3b62541e9e89",
    "settings": {
      "testing": false
    },
    "software": "mriqc",
    "version": "24.0.0"
  },
  "sigma_cc": 40.0303,
  "sigma_pca": 15.1509,
  "sigma_piesno": 1.3206,
  "snr_cc_shell0": 4.27,
  "snr_cc_shell1_best": 4.05,
  "snr_cc_shell1_worst": 4.05,
  "snr_cc_shell2_best": 2.5,
  "snr_cc_shell2_worst": 1.64,
  "snr_cc_shell3_best": 1.82,
  "snr_cc_shell3_worst": 1.41,
  "snr_cc_shell4_best": 1.41,
  "snr_cc_shell4_worst": 0.95,
  "spikes_global": 63.08,
  "spikes_slice_i": 318.66,
  "spikes_slice_j": 309.02,
  "spikes_slice_k": 363.5,
  "summary_bg_k": 925.36,
  "summary_bg_mad": 7.413,
  "summary_bg_mean": 25.2561,
  "summary_bg_median": 8.0,
  "summary_bg_n": 1510748.0,
  "summary_bg_p05": 2.0,
  "summary_bg_p95": 98.0,
  "summary_bg_stdv": 89.398,
  "summary_fg_k": 8.1992,
  "summary_fg_mad": 145.295,
  "summary_fg_mean": 354.7204,
  "summary_fg_median": 275.0,
  "summary_fg_n": 343744.0,
  "summary_fg_p05": 100.0,
  "summary_fg_p95": 919.0,
  "summary_fg_stdv": 271.5369,
  "summary_wm_k": 15.9591,
  "summary_wm_mad": 78.5779,
  "summary_wm_mean": 220.3265,
  "summary_wm_median": 212.0,
  "summary_wm_n": 151230.0,
  "summary_wm_p05": 82.0,
  "summary_wm_p95": 378.0,
  "summary_wm_stdv": 102.4275
}