{
  "aor": [
    0.0010846938775510204,
    0.001050204081632653,
    0.0011287755102040815,
    0.0012895918367346936
  ],
  "aqi": [
    0.005846569591836735,
    0.006516676734693878,
    0.010159927857142858,
    0.01677160918367347
  ],
  "bids_meta": {
    "AcquisitionDuration": 188.475,
    "AcquisitionMatrixPE": 76,
    "AcquisitionTime": "18:30:47.410000",
    "B0FieldSource": [
      "pilot016pepolarbold",
      "pilot016phasediff"
    ],
    "BandwidthPerPixelPhaseEncode": 40.486,
    "BaseResolution": 102,
    "DerivedVendorReportedEchoSpacing": 0.000649997,
    "DwellTime": 2.5e-06,
    "EchoNumber": 3,
    "EchoTime": 0.0518,
    "EchoTrainLength": 28,
    "EffectiveEchoSpacing": 0.000324999,
    "FlipAngle": 64,
    "ImageOrientationPatientDICOM": [
      0.994786,
      0.0100614,
      0.101482,
      0.0194483,
      0.95814,
      -0.285637
    ],
    "ImageType": [
      "ORIGINAL",
      "PRIMARY",
      "FMRI",
      "NONE"
    ],
    "ImageTypeText": [
      "ORIGINAL",
      "PRIMARY",
      "M",
      "MB",
      "TE3",
      "DIS2D"
    ],
    "InPlanePhaseEncodingDirectionDICOM": "ROW",
    "PercentPhaseFOV": 74.5098,
    "PhaseEchoTime1": 0.0126,
    "PhaseEchoTime2": 0.0322,
    "PhaseEncodingDirection": "i",
    "PixelBandwidth": 1961,
    "ProtocolName": "func-bold_task-qct_dir-RL__cmrr_me4_sms4",
    "PulseSequenceName": "epfid2d4_76",
    "ReceiveCoilActiveElements": "HC1-7",
    "ReconMatrixPE": 76,
    "RefLinesPE": 18,
    "RepetitionTime": 1.6,
    "SequenceVariant": "SK\\SS\\OSP",
    "SeriesDescription": "func-bold_task-qct_dir-RL__cmrr_me4_sms4",
    "SeriesNumber": 16,
    "ShimSetting": [
      8249,
      -5623,
      -6026,
      663,
      -13,
      -188,
      48,
      28
    ],
    "SliceThickness": 2.2,
    "SliceTiming": [
      0,
      0.8425,
      0.105,
      0.9475,
      0.21,
      1.0525,
      0.315,
      1.1575,
      0.42,
      1.2625,
      0.525,
      1.3675,
      0.6325,
      1.475,
      0.7375,
      0,
      0.8425,
      0.105,
      0.9475,
      0.21,
      1.0525,
      0.315,
      1.1575,
      0.42,
      1.2625,
      0.525,
      1.3675,
      0.6325,
      1.475,
      0.7375,
      0,
      0.8425,
      0.105,
      0.9475,
      0.21,
      1.0525,
      0.315,
      1.1575,
      0.42,
      1.2625,
      0.525,
      1.3675,
      0.6325,
      1.475,
      0.7375,
      0,
      0.8425,
      0.105,
      0.9475,
      0.21,
      1.0525,
      0.315,
      1.1575,
      0.42,
      1.2625,
      0.525,
      1.3675,
      0.6325,
      1.475,
      0.7375
    ],
    "SpacingBetweenSlices": 2.2,
    "TotalReadoutTime": 0.0243749,
    "TxRefAmp": 248.2,
    "WipMemBlock": "fe178b66-e078-4a75-a40d-e74a24c28560||Sequence: R017 nxva30a/master r/d34922cc2+; Jun 27 2022 13:20:16 by eja",
    "dataset": "<unset>",
    "modality": "bold",
    "session_id": "pilot016",
    "subject_id": "001",
    "task_id": "qct"
  },
  "dummy_trs": 1,
  "dvars_nstd": 64.54643961360824,
  "dvars_std": 1.0365805416494844,
  "dvars_vstd": 1.024807166804124,
  "efc": 0.5555,
  "fber": 154.9472,
  "fd_mean": 0.07266503508159707,
  "fd_num": 2,
  "fd_perc": 2.0408163265306123,
  "fwhm_avg": 3.0285100398143983,
  "fwhm_x": 3.1465293141709387,
  "fwhm_y": 3.048932686094613,
  "fwhm_z": 2.8900681191776423,
  "gcor": [
    0.00500667,
    0.0066295,
    0.00578783,
    0.00463031
  ],
  "gsr_x": 0.05796131491661072,
  "gsr_y": -0.003248787485063076,
  "provenance": {
    "md5sum": "48d44bab7714211c096bdfb3fac1ac37",
    "settings": {
      "fd_thres": 0.2,
      "testing": false
    },
    "software": "mriqc",
    "version": "24.1.0.dev0+g3fe90466.d20240417"
  },
  "size_t": 98,
  "size_x": 76,
  "size_y": 102,
  "size_z": 60,
  "snr": 1.7160911061076871,
  "spacing_tr": 1.600000023841858,
  "spacing_x": 2.196079969406128,
  "spacing_y": 2.196079969406128,
  "spacing_z": 2.200000047683716,
  "summary_bg_k": 75.689,
  "summary_bg_mad": 8.3056,
  "summary_bg_mean": 36.1272,
  "summary_bg_median": 28.0,
  "summary_bg_n": 330630.0,
  "summary_bg_p05": 0.0,
  "summary_bg_p95": 89.0,
  "summary_bg_stdv": 36.6003,
  "summary_fg_k": 2.1808,
  "summary_fg_mad": 176.3389,
  "summary_fg_mean": 363.3854,
  "summary_fg_median": 349.0,
  "summary_fg_n": 134490.0,
  "summary_fg_p05": 51.0,
  "summary_fg_p95": 717.0,
  "summary_fg_stdv": 203.3684,
  "tsnr": 20.346894960850477
}