{
  "aor": [
    0.0007509078771695594,
    0.0010157276368491324,
    0.0013187182910547395,
    0.0014951268357810416
  ],
  "aqi": [
    0.0072220561014686244,
    0.008849351522029373,
    0.013588795420560748,
    0.022169143791722298
  ],
  "bids_meta": {
    "AcquisitionDuration": 1230.47,
    "AcquisitionMatrixPE": 76,
    "AcquisitionTime": "18:39:23.412500",
    "B0FieldSource": [
      "pilot016pepolarbold",
      "pilot016phasediff"
    ],
    "BandwidthPerPixelPhaseEncode": 40.486,
    "BaseResolution": 102,
    "DerivedVendorReportedEchoSpacing": 0.000649997,
    "DwellTime": 2.5e-06,
    "EchoNumber": 3,
    "EchoTime": 0.0518,
    "EchoTrainLength": 28,
    "EffectiveEchoSpacing": 0.000324999,
    "FlipAngle": 64,
    "ImageOrientationPatientDICOM": [
      0.994786,
      0.0100614,
      0.101482,
      0.0194483,
      0.95814,
      -0.285637
    ],
    "ImageType": [
      "ORIGINAL",
      "PRIMARY",
      "FMRI",
      "NONE"
    ],
    "ImageTypeText": [
      "ORIGINAL",
      "PRIMARY",
      "M",
      "MB",
      "TE3",
      "DIS2D"
    ],
    "InPlanePhaseEncodingDirectionDICOM": "ROW",
    "PercentPhaseFOV": 74.5098,
    "PhaseEchoTime1": 0.0126,
    "PhaseEchoTime2": 0.0322,
    "PhaseEncodingDirection": "i",
    "PixelBandwidth": 1961,
    "ProtocolName": "func-bold_task-rest_dir-RL__cmrr_me4_sms4",
    "PulseSequenceName": "epfid2d4_76",
    "ReceiveCoilActiveElements": "HC1-7",
    "ReconMatrixPE": 76,
    "RefLinesPE": 18,
    "RepetitionTime": 1.6,
    "SequenceVariant": "SK\\SS\\OSP",
    "SeriesDescription": "func-bold_task-rest_dir-RL__cmrr_me4_sms4",
    "SeriesNumber": 26,
    "ShimSetting": [
      8249,
      -5623,
      -6026,
      663,
      -13,
      -188,
      48,
      28
    ],
    "SliceThickness": 2.2,
    "SliceTiming": [
      0,
      0.8425,
      0.105,
      0.9475,
      0.2125,
      1.055,
      0.3175,
      1.16,
      0.4225,
      1.265,
      0.5275,
      1.37,
      0.6325,
      1.475,
      0.7375,
      0,
      0.8425,
      0.105,
      0.9475,
      0.2125,
      1.055,
      0.3175,
      1.16,
      0.4225,
      1.265,
      0.5275,
      1.37,
      0.6325,
      1.475,
      0.7375,
      0,
      0.8425,
      0.105,
      0.9475,
      0.2125,
      1.055,
      0.3175,
      1.16,
      0.4225,
      1.265,
      0.5275,
      1.37,
      0.6325,
      1.475,
      0.7375,
      0,
      0.8425,
      0.105,
      0.9475,
      0.2125,
      1.055,
      0.3175,
      1.16,
      0.4225,
      1.265,
      0.5275,
      1.37,
      0.6325,
      1.475,
      0.7375
    ],
    "SpacingBetweenSlices": 2.2,
    "TotalReadoutTime": 0.0243749,
    "TxRefAmp": 248.2,
    "WipMemBlock": "6d40421e-28f8-4415-8e2e-87a515bf8090||Sequence: R017 nxva30a/master r/d34922cc2+; Jun 27 2022 13:20:16 by eja",
    "dataset": "<unset>",
    "modality": "bold",
    "session_id": "pilot016",
    "subject_id": "001",
    "task_id": "rest"
  },
  "dummy_trs": 1,
  "dvars_nstd": 62.40849903959888,
  "dvars_std": 1.0419063549064165,
  "dvars_vstd": 1.0180430247994658,
  "efc": 0.5599,
  "fber": 148.7734,
  "fd_mean": 0.13822788277388728,
  "fd_num": 135,
  "fd_perc": 18.024032042723633,
  "fwhm_avg": 3.1967788303187112,
  "fwhm_x": 3.238033267942869,
  "fwhm_y": 3.264576017210676,
  "fwhm_z": 3.087727205802588,
  "gcor": [
    0.0189699,
    0.0228362,
    0.0216271,
    0.0191587
  ],
  "gsr_x": 0.06382109969854355,
  "gsr_y": -0.005144847556948662,
  "provenance": {
    "md5sum": "cfbd17dcf7eaf8794a05a4af8fcad895",
    "settings": {
      "fd_thres": 0.2,
      "testing": false
    },
    "software": "mriqc",
    "version": "24.1.0.dev0+g3fe90466.d20240417"
  },
  "size_t": 749,
  "size_x": 76,
  "size_y": 102,
  "size_z": 60,
  "snr": 1.7587575208733435,
  "spacing_tr": 1.600000023841858,
  "spacing_x": 2.196079969406128,
  "spacing_y": 2.196079969406128,
  "spacing_z": 2.200000047683716,
  "summary_bg_k": 62.8379,
  "summary_bg_mad": 9.3153,
  "summary_bg_mean": 37.0136,
  "summary_bg_median": 29.0,
  "summary_bg_n": 331208.0,
  "summary_bg_p05": 0.0,
  "summary_bg_p95": 93.0,
  "summary_bg_stdv": 38.615,
  "summary_fg_k": 2.0655,
  "summary_fg_mad": 173.8613,
  "summary_fg_mean": 361.8534,
  "summary_fg_median": 349.0,
  "summary_fg_n": 133912.0,
  "summary_fg_p05": 54.0,
  "summary_fg_p95": 705.0,
  "summary_fg_stdv": 198.4348,
  "tsnr": 18.484204279375263
}