{
  "aor": [
    0.0007509078771695594,
    0.0010157276368491324,
    0.0013187182910547395,
    0.0014951268357810416
  ],
  "aqi": [
    0.0072220561014686244,
    0.008849351522029373,
    0.013588795420560748,
    0.022169143791722298
  ],
  "bids_meta": {
    "AcquisitionDuration": 1230.47,
    "AcquisitionMatrixPE": 76,
    "AcquisitionTime": "18:39:23.392500",
    "B0FieldSource": [
      "pilot016pepolarbold",
      "pilot016phasediff"
    ],
    "BandwidthPerPixelPhaseEncode": 40.486,
    "BaseResolution": 102,
    "DerivedVendorReportedEchoSpacing": 0.000649997,
    "DwellTime": 2.5e-06,
    "EchoNumber": 2,
    "EchoTime": 0.0322,
    "EchoTrainLength": 28,
    "EffectiveEchoSpacing": 0.000324999,
    "FlipAngle": 64,
    "ImageOrientationPatientDICOM": [
      0.994786,
      0.0100614,
      0.101482,
      0.0194483,
      0.95814,
      -0.285637
    ],
    "ImageType": [
      "ORIGINAL",
      "PRIMARY",
      "FMRI",
      "NONE"
    ],
    "ImageTypeText": [
      "ORIGINAL",
      "PRIMARY",
      "M",
      "MB",
      "TE2",
      "DIS2D"
    ],
    "InPlanePhaseEncodingDirectionDICOM": "ROW",
    "PercentPhaseFOV": 74.5098,
    "PhaseEchoTime1": 0.0126,
    "PhaseEchoTime2": 0.0322,
    "PhaseEncodingDirection": "i",
    "PixelBandwidth": 1961,
    "ProtocolName": "func-bold_task-rest_dir-RL__cmrr_me4_sms4",
    "PulseSequenceName": "epfid2d4_76",
    "ReceiveCoilActiveElements": "HC1-7",
    "ReconMatrixPE": 76,
    "RefLinesPE": 18,
    "RepetitionTime": 1.6,
    "SequenceVariant": "SK\\SS\\OSP",
    "SeriesDescription": "func-bold_task-rest_dir-RL__cmrr_me4_sms4",
    "SeriesNumber": 26,
    "ShimSetting": [
      8249,
      -5623,
      -6026,
      663,
      -13,
      -188,
      48,
      28
    ],
    "SliceThickness": 2.2,
    "SliceTiming": [
      0,
      0.8425,
      0.1075,
      0.95,
      0.2125,
      1.055,
      0.3175,
      1.16,
      0.4225,
      1.265,
      0.5275,
      1.37,
      0.6325,
      1.475,
      0.7375,
      0,
      0.8425,
      0.1075,
      0.95,
      0.2125,
      1.055,
      0.3175,
      1.16,
      0.4225,
      1.265,
      0.5275,
      1.37,
      0.6325,
      1.475,
      0.7375,
      0,
      0.8425,
      0.1075,
      0.95,
      0.2125,
      1.055,
      0.3175,
      1.16,
      0.4225,
      1.265,
      0.5275,
      1.37,
      0.6325,
      1.475,
      0.7375,
      0,
      0.8425,
      0.1075,
      0.95,
      0.2125,
      1.055,
      0.3175,
      1.16,
      0.4225,
      1.265,
      0.5275,
      1.37,
      0.6325,
      1.475,
      0.7375
    ],
    "SpacingBetweenSlices": 2.2,
    "TotalReadoutTime": 0.0243749,
    "TxRefAmp": 248.2,
    "WipMemBlock": "6d40421e-28f8-4415-8e2e-87a515bf8090||Sequence: R017 nxva30a/master r/d34922cc2+; Jun 27 2022 13:20:16 by eja",
    "dataset": "<unset>",
    "modality": "bold",
    "session_id": "pilot016",
    "subject_id": "001",
    "task_id": "rest"
  },
  "dummy_trs": 1,
  "dvars_nstd": 46.530302511617705,
  "dvars_std": 1.0391494020187166,
  "dvars_vstd": 1.0153376060828856,
  "efc": 0.5799,
  "fber": 228.1503,
  "fd_mean": 0.13822788277388728,
  "fd_num": 135,
  "fd_perc": 18.024032042723633,
  "fwhm_avg": 3.5216253782581277,
  "fwhm_x": 3.502431654198821,
  "fwhm_y": 3.6015081919529712,
  "fwhm_z": 3.46093628862259,
  "gcor": [
    0.0189699,
    0.0228362,
    0.0216271,
    0.0191587
  ],
  "gsr_x": 0.098212331533432,
  "gsr_y": -0.008246345445513725,
  "provenance": {
    "md5sum": "ccea0890f3ce0a781d577eb0a11f7836",
    "settings": {
      "fd_thres": 0.2,
      "testing": false
    },
    "software": "mriqc",
    "version": "24.1.0.dev0+g3fe90466.d20240417"
  },
  "size_t": 749,
  "size_x": 76,
  "size_y": 102,
  "size_z": 60,
  "snr": 2.099927905146374,
  "spacing_tr": 1.600000023841858,
  "spacing_x": 2.196079969406128,
  "spacing_y": 2.196079969406128,
  "spacing_z": 2.200000047683716,
  "summary_bg_k": 28.2917,
  "summary_bg_mad": 18.6919,
  "summary_bg_mean": 62.0176,
  "summary_bg_median": 35.0,
  "summary_bg_n": 331208.0,
  "summary_bg_p05": 0.0,
  "summary_bg_p95": 221.0,
  "summary_bg_stdv": 86.431,
  "summary_fg_k": 1.2769,
  "summary_fg_mad": 225.7158,
  "summary_fg_mean": 554.3064,
  "summary_fg_median": 535.0,
  "summary_fg_n": 133912.0,
  "summary_fg_p05": 125.0,
  "summary_fg_p95": 992.0,
  "summary_fg_stdv": 254.7697,
  "tsnr": 26.080469987820834
}