{
  "NumberOfShells": 4,
  "bValues": [
    0.0,
    700.0,
    1000.0,
    2000.0,
    3000.0
  ],
  "bValuesEstimation": [
    700.0,
    1000.0,
    2000.0,
    3000.0
  ],
  "bdiffs_max": 0.338,
  "bdiffs_mean": 0.2416,
  "bdiffs_median": 0.2719,
  "bdiffs_min": 0.0025,
  "bids_meta": {
    "AcquisitionMatrixPE": 146,
    "AcquisitionNumber": 1,
    "AcquisitionTime": "16:54:45.362500",
    "B0FieldSource": [
      "pilot008pepolarb0",
      "pilot008phasediff"
    ],
    "BandwidthPerPixelPhaseEncode": 19.569,
    "BaseResolution": 146,
    "BodyPartExamined": "BRAIN",
    "CoilCombinationMethod": "Adaptive Combine",
    "CoilString": "HeadNeck_64",
    "ConversionSoftware": "dcm2niix",
    "ConversionSoftwareVersion": "v1.0.20220720",
    "Deltas": [
      0.0233,
      0.0475
    ],
    "DerivedVendorReportedEchoSpacing": 0.000700017,
    "DeviceSerialNumber": "67014",
    "DiffusionScheme": "Monopolar",
    "DwellTime": 2.1e-06,
    "EchoTime": 0.098,
    "EchoTrainLength": 64,
    "EffectiveEchoSpacing": 0.000350008,
    "FlipAngle": 90,
    "HeudiconvVersion": "1.0.0",
    "ImageOrientationPatientDICOM": [
      0.996624,
      0.0630334,
      0.0525998,
      -0.0661957,
      0.995958,
      0.0607171
    ],
    "ImageType": [
      "ORIGINAL",
      "PRIMARY",
      "DIFFUSION",
      "NONE",
      "ND",
      "MFSPLIT"
    ],
    "ImageTypeText": [
      "ORIGINAL",
      "PRIMARY",
      "DIFFUSION",
      "NONE"
    ],
    "ImagingFrequency": 123.248,
    "InPlanePhaseEncodingDirectionDICOM": "COL",
    "InstitutionAddress": "Rue du Bugnon 21,Lausanne,District,CH,1011",
    "InstitutionName": "CHUV",
    "MRAcquisitionType": "2D",
    "MagneticFieldStrength": 3,
    "Manufacturer": "Siemens",
    "ManufacturersModelName": "MAGNETOM Prisma Fit",
    "Modality": "MR",
    "MultibandAccelerationFactor": 3,
    "NonlinearGradientCorrection": false,
    "ParallelReductionFactorInPlane": 2,
    "PartialFourier": 0.875,
    "PatientPosition": "HFS",
    "PercentPhaseFOV": 100,
    "PercentSampling": 100,
    "PhaseEncodingDirection": "j",
    "PhaseEncodingSteps": 146,
    "PhaseResolution": 1,
    "PixelBandwidth": 1631,
    "ProcedureStepDescription": "RESEARCH Oscar",
    "ProtocolName": "dwi-dwi_acq-highres_dir-PA__279dir_monopolar",
    "PulseSequenceDetails": "%SiemensSeq%\\ep2d_diff",
    "ReceiveCoilActiveElements": "HC1-7",
    "ReceiveCoilName": "HeadNeck_64",
    "ReconMatrixPE": 146,
    "RefLinesPE": 54,
    "RepetitionTime": 7.8,
    "SAR": 0.148411,
    "ScanOptions": "PFP\\FS\\PER",
    "ScanningSequence": "GR\\EP",
    "SequenceName": "*ep_b0",
    "SequenceVariant": "SK",
    "SeriesDescription": "dwi-dwi_acq-highres_dir-PA__279dir_monopolar",
    "SeriesNumber": 7,
    "ShimSetting": [
      8235,
      -5644,
      -6051,
      589,
      -36,
      -348,
      12,
      27
    ],
    "SliceThickness": 1.6,
    "SliceTiming": [
      0,
      6.145,
      0.14,
      6.2825,
      0.28,
      6.4225,
      0.4175,
      6.5625,
      0.5575,
      6.7025,
      0.6975,
      6.8425,
      0.8375,
      6.9825,
      0.9775,
      7.1225,
      1.1175,
      7.26,
      1.2575,
      7.4,
      1.395,
      7.54,
      1.535,
      7.68,
      1.675,
      7.82,
      1.815,
      7.96,
      1.955,
      8.1,
      2.095,
      8.2375,
      2.235,
      8.3775,
      2.3725,
      8.5175,
      2.5125,
      8.6575,
      2.6525,
      8.7975,
      2.7925,
      8.9375,
      2.9325,
      9.0775,
      3.0725,
      9.215,
      3.2125,
      9.355,
      3.35,
      9.495,
      3.49,
      9.635,
      3.63,
      9.775,
      3.77,
      9.915,
      3.91,
      10.055,
      4.05,
      10.1925,
      4.19,
      10.3325,
      4.3275,
      10.4725,
      4.4675,
      10.6125,
      4.6075,
      10.7525,
      4.7475,
      10.8925,
      4.8875,
      11.0325,
      5.0275,
      11.17,
      5.1675,
      11.31,
      5.305,
      11.45,
      5.445,
      11.59,
      5.585,
      11.73,
      5.725,
      11.87,
      5.865,
      12.01,
      6.005
    ],
    "SoftwareVersions": "syngo MR XA30",
    "SpacingBetweenSlices": 1.6,
    "StationName": "LRG10884",
    "TotalReadoutTime": 0.0507512,
    "TxRefAmp": 244.677,
    "VendorReportedEchoSpacing": 0.0007,
    "acq_id": "highres",
    "dataset": "hcph",
    "modality": "dwi",
    "session_id": "pilot008",
    "subject_id": "001"
  },
  "efc_shell01": 2.3011,
  "efc_shell02": 1.085,
  "efc_shell03": 0.8324,
  "efc_shell04": 0.5725,
  "efc_shell05": 0.5874,
  "fa_degenerate": 0.0,
  "fa_nans": 0.0,
  "fber_shell01": 22.25,
  "fber_shell02": 133.898,
  "fber_shell03": 173.3611,
  "fber_shell04": 110.25,
  "fber_shell05": 51.3611,
  "fd_mean": 6.9965,
  "fd_num": 278,
  "fd_perc": 99.28571428571429,
  "ndc": 0.5782,
  "provenance": {
    "md5sum": "f076f2d8ab76363d0fb9708f45f8ec4b",
    "settings": {
      "testing": false
    },
    "software": "mriqc",
    "version": "24.0.0"
  },
  "sigma_cc": 37.0651,
  "sigma_pca": 15.0559,
  "sigma_piesno": 1.3206,
  "snr_cc_shell0": 4.38,
  "snr_cc_shell1_best": 4.37,
  "snr_cc_shell1_worst": 4.37,
  "snr_cc_shell2_best": 3.17,
  "snr_cc_shell2_worst": 1.77,
  "snr_cc_shell3_best": 2.57,
  "snr_cc_shell3_worst": 2.49,
  "snr_cc_shell4_best": 1.82,
  "snr_cc_shell4_worst": 1.45,
  "spikes_global": 33.28,
  "spikes_slice_i": 186.7,
  "spikes_slice_j": 160.83,
  "spikes_slice_k": 199.88,
  "summary_bg_k": 772.5892,
  "summary_bg_mad": 7.413,
  "summary_bg_mean": 27.5124,
  "summary_bg_median": 8.0,
  "summary_bg_n": 1513341.0,
  "summary_bg_p05": 2.0,
  "summary_bg_p95": 110.0,
  "summary_bg_stdv": 104.2599,
  "summary_fg_k": 8.3127,
  "summary_fg_mad": 183.8427,
  "summary_fg_mean": 429.1588,
  "summary_fg_median": 326.0,
  "summary_fg_n": 341151.0,
  "summary_fg_p05": 115.0,
  "summary_fg_p95": 1148.0,
  "summary_fg_stdv": 345.4942,
  "summary_wm_k": 16.6577,
  "summary_wm_mad": 75.6127,
  "summary_wm_mean": 232.0861,
  "summary_wm_median": 224.0,
  "summary_wm_n": 93551.0,
  "summary_wm_p05": 106.0,
  "summary_wm_p95": 388.0,
  "summary_wm_stdv": 93.4124
}