{
  "NumberOfShells": 4,
  "bValues": [
    0.0,
    700.0,
    1000.0,
    2000.0,
    3000.0
  ],
  "bValuesEstimation": [
    700.0,
    1000.0,
    2000.0,
    3000.0
  ],
  "bdiffs_max": 0.3257,
  "bdiffs_mean": 0.2293,
  "bdiffs_median": 0.2602,
  "bdiffs_min": 0.0011,
  "bids_meta": {
    "AcquisitionMatrixPE": 120,
    "AcquisitionNumber": 1,
    "AcquisitionTime": "17:33:41.605000",
    "B0FieldSource": [
      "pilot008pepolarb0",
      "pilot008phasediff"
    ],
    "BandwidthPerPixelPhaseEncode": 23.81,
    "BaseResolution": 120,
    "BodyPartExamined": "BRAIN",
    "CoilCombinationMethod": "Adaptive Combine",
    "CoilString": "HeadNeck_64",
    "ConversionSoftware": "dcm2niix",
    "ConversionSoftwareVersion": "v1.0.20220720",
    "Deltas": [
      0.0233,
      0.0475
    ],
    "DerivedVendorReportedEchoSpacing": 0.000699986,
    "DeviceSerialNumber": "67014",
    "DiffusionScheme": "Monopolar",
    "DwellTime": 2.4e-06,
    "EchoTime": 0.092,
    "EchoTrainLength": 51,
    "EffectiveEchoSpacing": 0.000349993,
    "FlipAngle": 90,
    "HeudiconvVersion": "1.0.0",
    "ImageOrientationPatientDICOM": [
      0.996624,
      0.0630334,
      0.0525998,
      -0.0661957,
      0.995958,
      0.0607171
    ],
    "ImageType": [
      "ORIGINAL",
      "PRIMARY",
      "DIFFUSION",
      "NONE",
      "ND",
      "MFSPLIT"
    ],
    "ImageTypeText": [
      "ORIGINAL",
      "PRIMARY",
      "DIFFUSION",
      "NONE"
    ],
    "ImagingFrequency": 123.248,
    "InPlanePhaseEncodingDirectionDICOM": "COL",
    "InstitutionAddress": "Rue du Bugnon 21,Lausanne,District,CH,1011",
    "InstitutionName": "CHUV",
    "MRAcquisitionType": "2D",
    "MagneticFieldStrength": 3,
    "Manufacturer": "Siemens",
    "ManufacturersModelName": "MAGNETOM Prisma Fit",
    "Modality": "MR",
    "MultibandAccelerationFactor": 3,
    "NonlinearGradientCorrection": false,
    "ParallelReductionFactorInPlane": 2,
    "PartialFourier": 0.875,
    "PatientPosition": "HFS",
    "PercentPhaseFOV": 100,
    "PercentSampling": 100,
    "PhaseEncodingDirection": "j",
    "PhaseEncodingSteps": 120,
    "PhaseResolution": 1,
    "PixelBandwidth": 1736,
    "ProcedureStepDescription": "RESEARCH Oscar",
    "ProtocolName": "dwi-dwi_acq-lowres_dir-PA__279dir_monopolar",
    "PulseSequenceDetails": "%SiemensSeq%\\ep2d_diff",
    "ReceiveCoilActiveElements": "HC1-7",
    "ReceiveCoilName": "HeadNeck_64",
    "ReconMatrixPE": 120,
    "RefLinesPE": 42,
    "RepetitionTime": 7.8,
    "SAR": 0.122109,
    "ScanOptions": "PFP\\FS\\PER",
    "ScanningSequence": "GR\\EP",
    "SequenceName": "*ep_b0",
    "SequenceVariant": "SK",
    "SeriesDescription": "dwi-dwi_acq-lowres_dir-PA__279dir_monopolar",
    "SeriesNumber": 15,
    "ShimSetting": [
      8233,
      -5646,
      -6054,
      568,
      -42,
      -379,
      18,
      26
    ],
    "SliceThickness": 2,
    "SliceTiming": [
      4.635,
      0,
      4.7625,
      0.13,
      4.89,
      0.2575,
      5.02,
      0.3875,
      5.1475,
      0.515,
      5.2775,
      0.645,
      5.405,
      0.7725,
      5.535,
      0.9,
      5.6625,
      1.03,
      5.7925,
      1.1575,
      5.92,
      1.2875,
      6.05,
      1.415,
      6.1775,
      1.545,
      6.3075,
      1.6725,
      6.435,
      1.8025,
      6.565,
      1.93,
      6.6925,
      2.06,
      6.8225,
      2.1875,
      6.95,
      2.3175,
      7.08,
      2.445,
      7.2075,
      2.575,
      7.3375,
      2.7025,
      7.465,
      2.8325,
      7.595,
      2.96,
      7.7225,
      3.09,
      7.8525,
      3.2175,
      7.98,
      3.3475,
      8.11,
      3.475,
      8.2375,
      3.605,
      8.3675,
      3.7325,
      8.495,
      3.8625,
      8.625,
      3.99,
      8.7525,
      4.12,
      8.88,
      4.2475,
      9.01,
      4.3775,
      9.1375,
      4.505
    ],
    "SoftwareVersions": "syngo MR XA30",
    "SpacingBetweenSlices": 2,
    "StationName": "LRG10884",
    "TotalReadoutTime": 0.0416492,
    "TxRefAmp": 244.677,
    "VendorReportedEchoSpacing": 0.0007,
    "acq_id": "lowres",
    "dataset": "hcph",
    "modality": "dwi",
    "session_id": "pilot008",
    "subject_id": "001"
  },
  "efc_shell01": 2.3451,
  "efc_shell02": 1.1387,
  "efc_shell03": 0.8933,
  "efc_shell04": 0.5428,
  "efc_shell05": 0.538,
  "fa_degenerate": 0.0,
  "fa_nans": 0.0,
  "fber_shell01": 36.0,
  "fber_shell02": 219.04,
  "fber_shell03": 361.0,
  "fber_shell04": 324.0,
  "fber_shell05": 144.0,
  "fd_mean": 6.7877,
  "fd_num": 276,
  "fd_perc": 98.57142857142857,
  "ndc": 0.7568,
  "provenance": {
    "md5sum": "f72b880d0a3fcf09f837e377937ff5f9",
    "settings": {
      "testing": false
    },
    "software": "mriqc",
    "version": "24.0.0"
  },
  "sigma_cc": 38.5477,
  "sigma_pca": 9.736,
  "sigma_piesno": 0.9905,
  "snr_cc_shell0": 4.43,
  "snr_cc_shell1_best": 4.5,
  "snr_cc_shell1_worst": 4.5,
  "snr_cc_shell2_best": 2.86,
  "snr_cc_shell2_worst": 2.67,
  "snr_cc_shell3_best": 2.73,
  "snr_cc_shell3_worst": 2.28,
  "snr_cc_shell4_best": 1.79,
  "snr_cc_shell4_worst": 1.05,
  "spikes_global": 29.61,
  "spikes_slice_i": 147.16,
  "spikes_slice_j": 114.91,
  "spikes_slice_k": 191.72,
  "summary_bg_k": 564.1562,
  "summary_bg_mad": 7.413,
  "summary_bg_mean": 31.9125,
  "summary_bg_median": 7.0,
  "summary_bg_n": 853242.0,
  "summary_bg_p05": 1.0,
  "summary_bg_p95": 150.0,
  "summary_bg_stdv": 110.5438,
  "summary_fg_k": 6.9925,
  "summary_fg_mad": 203.1165,
  "summary_fg_mean": 462.4297,
  "summary_fg_median": 366.0,
  "summary_fg_n": 183558.0,
  "summary_fg_p05": 129.0,
  "summary_fg_p95": 1153.0,
  "summary_fg_stdv": 338.9023,
  "summary_wm_k": 19.3704,
  "summary_wm_mad": 84.5083,
  "summary_wm_mean": 268.8563,
  "summary_wm_median": 257.0,
  "summary_wm_n": 47450.0,
  "summary_wm_p05": 127.0,
  "summary_wm_p95": 455.0,
  "summary_wm_stdv": 112.593
}