{
  "aor": [
    0.0004909268292682927,
    0.0005320487804878048,
    0.0005970731707317072,
    0.0007559512195121951
  ],
  "aqi": [
    0.005786550146341464,
    0.007805992390243903,
    0.01291510926829268,
    0.02146412487804878
  ],
  "bids_meta": {
    "AcquisitionDuration": 361.472,
    "AcquisitionMatrixPE": 76,
    "AcquisitionTime": "20:42:43.252500",
    "B0FieldSource": [
      "025pepolarbold",
      "025phasediff"
    ],
    "BandwidthPerPixelPhaseEncode": 40.486,
    "BaseResolution": 102,
    "DerivedVendorReportedEchoSpacing": 0.000649997,
    "DwellTime": 2.5e-06,
    "EchoNumber": 2,
    "EchoTime": 0.0322,
    "EchoTrainLength": 28,
    "EffectiveEchoSpacing": 0.000324999,
    "ImageOrientationPatientDICOM": [
      0.998899,
      0.0365258,
      0.0294489,
      -0.0240637,
      0.93765,
      -0.346746
    ],
    "ImageType": [
      "ORIGINAL",
      "PRIMARY",
      "FMRI",
      "NONE"
    ],
    "ImageTypeText": [
      "ORIGINAL",
      "PRIMARY",
      "M",
      "MB",
      "TE2",
      "DIS2D"
    ],
    "InPlanePhaseEncodingDirectionDICOM": "ROW",
    "PercentPhaseFOV": 74.5098,
    "PercentSampling": 100,
    "PhaseEchoTime1": 0.0126,
    "PhaseEchoTime2": 0.0322,
    "PhaseEncodingDirection": "i",
    "PhaseResolution": 1,
    "PixelBandwidth": 1961,
    "ProtocolName": "func-bold_task-bht_dir-RL__cmrr_me4_sms4",
    "PulseSequenceName": "epfid2d4_76",
    "ReceiveCoilActiveElements": "HC1-7",
    "ReconMatrixPE": 76,
    "RefLinesPE": 18,
    "RepetitionTime": 1.6,
    "SequenceVariant": "SK\\SS\\OSP",
    "SeriesDescription": "func-bold_task-bht_dir-RL__cmrr_me4_sms4",
    "SeriesNumber": 25,
    "ShimSetting": [
      8232,
      -5616,
      -6008,
      674,
      -15,
      -149,
      0,
      28
    ],
    "SliceThickness": 2.2,
    "SliceTiming": [
      0,
      0.8425,
      0.105,
      0.9475,
      0.21,
      1.0525,
      0.315,
      1.1575,
      0.42,
      1.265,
      0.5275,
      1.37,
      0.6325,
      1.475,
      0.7375,
      0,
      0.8425,
      0.105,
      0.9475,
      0.21,
      1.0525,
      0.315,
      1.1575,
      0.42,
      1.265,
      0.5275,
      1.37,
      0.6325,
      1.475,
      0.7375,
      0,
      0.8425,
      0.105,
      0.9475,
      0.21,
      1.0525,
      0.315,
      1.1575,
      0.42,
      1.265,
      0.5275,
      1.37,
      0.6325,
      1.475,
      0.7375,
      0,
      0.8425,
      0.105,
      0.9475,
      0.21,
      1.0525,
      0.315,
      1.1575,
      0.42,
      1.265,
      0.5275,
      1.37,
      0.6325,
      1.475,
      0.7375
    ],
    "SpacingBetweenSlices": 2.2,
    "TotalReadoutTime": 0.0243749,
    "TxRefAmp": 244.279,
    "WipMemBlock": "8db81a61-fbe7-4d69-9bb1-97a4c2bff266||Sequence: R017 nxva30a/master r/d34922cc2+; Jun 27 2022 13:20:16 by eja",
    "dataset": "<unset>",
    "modality": "bold",
    "session_id": "025",
    "subject_id": "001",
    "task_id": "bht"
  },
  "dummy_trs": 2,
  "dvars_nstd": 57.127660863186264,
  "dvars_std": 1.0705896492647056,
  "dvars_vstd": 1.004830496666667,
  "efc": 0.5791,
  "fber": 235.155,
  "fd_mean": 0.241033489259102,
  "fd_num": 109,
  "fd_perc": 53.170731707317074,
  "fwhm_avg": 3.264657430259055,
  "fwhm_x": 3.373032905538112,
  "fwhm_y": 3.27211672621522,
  "fwhm_z": 3.148822659023834,
  "gcor": [
    0.0146018,
    0.0234299,
    0.0242477,
    0.020357
  ],
  "gsr_x": 0.09462922811508179,
  "gsr_y": -0.007664790377020836,
  "provenance": {
    "md5sum": "0c446a947a4b701fe3750aa26e32496a",
    "settings": {
      "fd_thres": 0.2,
      "testing": false
    },
    "software": "mriqc",
    "version": "24.1.0.dev0+g3fe90466.d20240417"
  },
  "size_t": 205,
  "size_x": 76,
  "size_y": 102,
  "size_z": 60,
  "snr": 2.099568242951686,
  "spacing_tr": 1.600000023841858,
  "spacing_x": 2.196079969406128,
  "spacing_y": 2.196079969406128,
  "spacing_z": 2.200000047683716,
  "summary_bg_k": 30.2456,
  "summary_bg_mad": 17.4224,
  "summary_bg_mean": 59.5821,
  "summary_bg_median": 34.0,
  "summary_bg_n": 331686.0,
  "summary_bg_p05": 0.0,
  "summary_bg_p95": 207.0,
  "summary_bg_stdv": 79.7787,
  "summary_fg_k": 1.1631,
  "summary_fg_mad": 225.7895,
  "summary_fg_mean": 538.6211,
  "summary_fg_median": 523.0,
  "summary_fg_n": 133434.0,
  "summary_fg_p05": 114.0,
  "summary_fg_p95": 961.0,
  "summary_fg_stdv": 249.0979,
  "tsnr": 26.078096815675963
}