{
  "NumberOfShells": 4,
  "bValues": [
    0.0,
    700.0,
    1000.0,
    2000.0,
    3000.0
  ],
  "bValuesEstimation": [
    700.0,
    1000.0,
    2000.0,
    3000.0
  ],
  "bdiffs_max": 0.4102,
  "bdiffs_mean": 0.2514,
  "bdiffs_median": 0.2839,
  "bdiffs_min": 0.0131,
  "bids_meta": {
    "AcquisitionMatrixPE": 146,
    "AcquisitionNumber": 1,
    "AcquisitionTime": "17:34:29.607500",
    "B0FieldSource": [
      "017pepolarb0",
      "017phasediff"
    ],
    "BandwidthPerPixelPhaseEncode": 19.569,
    "BaseResolution": 146,
    "BodyPartExamined": "BRAIN",
    "CoilCombinationMethod": "Adaptive Combine",
    "CoilString": "HeadNeck_64",
    "ConversionSoftware": "dcm2niix",
    "ConversionSoftwareVersion": "v1.0.20220720",
    "Deltas": [
      0.0233,
      0.0475
    ],
    "DerivedVendorReportedEchoSpacing": 0.000700017,
    "DeviceSerialNumber": "67014",
    "DiffusionScheme": "Monopolar",
    "DwellTime": 2.1e-06,
    "EchoTime": 0.098,
    "EchoTrainLength": 64,
    "EffectiveEchoSpacing": 0.000350008,
    "FlipAngle": 90,
    "HeudiconvVersion": "1.0.0",
    "ImageOrientationPatientDICOM": [
      0.999393,
      -0.0284491,
      0.020097,
      0.0293121,
      0.9986,
      -0.0440406
    ],
    "ImageType": [
      "ORIGINAL",
      "PRIMARY",
      "DIFFUSION",
      "NONE",
      "ND",
      "MFSPLIT"
    ],
    "ImageTypeText": [
      "ORIGINAL",
      "PRIMARY",
      "DIFFUSION",
      "NONE"
    ],
    "ImagingFrequency": 123.248,
    "InPlanePhaseEncodingDirectionDICOM": "COL",
    "InstitutionAddress": "Rue du Bugnon 21,Lausanne,District,CH,1011",
    "InstitutionName": "CHUV",
    "MRAcquisitionType": "2D",
    "MagneticFieldStrength": 3,
    "Manufacturer": "Siemens",
    "ManufacturersModelName": "MAGNETOM Prisma Fit",
    "Modality": "MR",
    "MultibandAccelerationFactor": 3,
    "NonlinearGradientCorrection": false,
    "ParallelReductionFactorInPlane": 2,
    "PartialFourier": 0.875,
    "PatientPosition": "HFS",
    "PercentPhaseFOV": 100,
    "PercentSampling": 100,
    "PhaseEncodingDirection": "j",
    "PhaseEncodingSteps": 146,
    "PhaseResolution": 1,
    "PixelBandwidth": 1631,
    "ProcedureStepDescription": "RESEARCH Oscar",
    "ProtocolName": "dwi-dwi_acq-highres_dir-PA__trigger_monopolar",
    "PulseSequenceDetails": "%CustomerSeq%\\ep2d_diff_trigg",
    "ReceiveCoilActiveElements": "HC1-7",
    "ReceiveCoilName": "HeadNeck_64",
    "ReconMatrixPE": 146,
    "RefLinesPE": 54,
    "RepetitionTime": 7,
    "SAR": 0.169371,
    "ScanOptions": "PFP\\FS\\PER",
    "ScanningSequence": "GR\\EP",
    "SequenceName": "ep_b0",
    "SequenceVariant": "SK",
    "SeriesDescription": "dwi-dwi_acq-highres_dir-PA__trigger_monopolar",
    "SeriesNumber": 10,
    "ShimSetting": [
      8230,
      -5640,
      -6045,
      566,
      -24,
      -336,
      31,
      1
    ],
    "SliceThickness": 1.6,
    "SliceTiming": [
      0,
      6.145,
      0.14,
      6.285,
      0.28,
      6.425,
      0.42,
      6.565,
      0.56,
      6.705,
      0.7,
      6.8425,
      0.84,
      6.9825,
      0.9775,
      7.1225,
      1.1175,
      7.2625,
      1.2575,
      7.4025,
      1.3975,
      7.5425,
      1.5375,
      7.6825,
      1.6775,
      7.82,
      1.8175,
      7.96,
      1.955,
      8.1,
      2.095,
      8.24,
      2.235,
      8.38,
      2.375,
      8.52,
      2.515,
      8.66,
      2.655,
      8.7975,
      2.795,
      8.9375,
      2.9325,
      9.0775,
      3.0725,
      9.2175,
      3.2125,
      9.3575,
      3.3525,
      9.4975,
      3.4925,
      9.6375,
      3.6325,
      9.775,
      3.7725,
      9.915,
      3.91,
      10.055,
      4.05,
      10.195,
      4.19,
      10.335,
      4.33,
      10.475,
      4.47,
      10.615,
      4.61,
      10.7525,
      4.75,
      10.8925,
      4.8875,
      11.0325,
      5.0275,
      11.1725,
      5.1675,
      11.3125,
      5.3075,
      11.4525,
      5.4475,
      11.59,
      5.5875,
      11.73,
      5.7275,
      11.87,
      5.865,
      12.01,
      6.005
    ],
    "SoftwareVersions": "syngo MR XA30",
    "SpacingBetweenSlices": 1.6,
    "StationName": "LRG10884",
    "TotalReadoutTime": 0.0507512,
    "TxRefAmp": 244.756,
    "acq_id": "highres",
    "dataset": "hcph",
    "modality": "dwi",
    "session_id": "017",
    "subject_id": "001"
  },
  "efc_shell01": 2.2183,
  "efc_shell02": 1.0795,
  "efc_shell03": 0.815,
  "efc_shell04": 0.578,
  "efc_shell05": 0.6062,
  "fa_degenerate": 0.0,
  "fa_nans": 0.0,
  "fber_shell01": 28.0625,
  "fber_shell02": 100.0,
  "fber_shell03": 173.3611,
  "fber_shell04": 106.7778,
  "fber_shell05": 51.3611,
  "fd_mean": 6.4398,
  "fd_num": 279,
  "fd_perc": 99.64285714285714,
  "ndc": 0.6507,
  "provenance": {
    "md5sum": "2bd90c029476bf02705066093c34d5e2",
    "settings": {
      "testing": false
    },
    "software": "mriqc",
    "version": "24.0.0"
  },
  "sigma_cc": 38.5477,
  "sigma_pca": 16.0265,
  "sigma_piesno": 1.6508,
  "snr_cc_shell0": 4.13,
  "snr_cc_shell1_best": 3.93,
  "snr_cc_shell1_worst": 3.93,
  "snr_cc_shell2_best": 2.56,
  "snr_cc_shell2_worst": 1.67,
  "snr_cc_shell3_best": 2.24,
  "snr_cc_shell3_worst": 2.21,
  "snr_cc_shell4_best": 1.64,
  "snr_cc_shell4_worst": 1.0,
  "spikes_global": 35.51,
  "spikes_slice_i": 198.79,
  "spikes_slice_j": 194.01,
  "spikes_slice_k": 197.2,
  "summary_bg_k": 728.4799,
  "summary_bg_mad": 8.8956,
  "summary_bg_mean": 28.3211,
  "summary_bg_median": 9.0,
  "summary_bg_n": 1497706.0,
  "summary_bg_p05": 2.0,
  "summary_bg_p95": 104.0,
  "summary_bg_stdv": 106.9765,
  "summary_fg_k": 8.1046,
  "summary_fg_mad": 177.9123,
  "summary_fg_mean": 409.4075,
  "summary_fg_median": 314.0,
  "summary_fg_n": 356786.0,
  "summary_fg_p05": 108.0,
  "summary_fg_p95": 1082.0,
  "summary_fg_stdv": 324.8582,
  "summary_wm_k": 11.7219,
  "summary_wm_mad": 81.5431,
  "summary_wm_mean": 219.9051,
  "summary_wm_median": 216.0,
  "summary_wm_n": 103957.0,
  "summary_wm_p05": 89.0,
  "summary_wm_p95": 360.0,
  "summary_wm_stdv": 89.334
}