{
  "aor": [
    0.0009509866666666667,
    0.0015992133333333335,
    0.0017676133333333333,
    0.001755893333333333
  ],
  "aqi": [
    0.0050244355466666675,
    0.00645750904,
    0.010519159213333332,
    0.018258174533333334
  ],
  "bids_meta": {
    "AcquisitionDuration": 1230.47,
    "AcquisitionMatrixPE": 96,
    "AcquisitionTime": "20:39:37.207500",
    "B0FieldSource": [
      "pilot013pepolarbold",
      "pilot013phasediff"
    ],
    "BandwidthPerPixelPhaseEncode": 37.879,
    "BaseResolution": 96,
    "DerivedVendorReportedEchoSpacing": 0.000549997,
    "DwellTime": 2.3e-06,
    "EchoNumber": 1,
    "EchoTime": 0.0126,
    "EchoTrainLength": 35,
    "EffectiveEchoSpacing": 0.000274998,
    "FlipAngle": 64,
    "ImageOrientationPatientDICOM": [
      0.998114,
      0.0335193,
      0.0514293,
      -0.00836199,
      0.904199,
      -0.42703
    ],
    "ImageType": [
      "ORIGINAL",
      "PRIMARY",
      "FMRI",
      "NONE"
    ],
    "ImageTypeText": [
      "ORIGINAL",
      "PRIMARY",
      "M",
      "MB",
      "TE1",
      "DIS2D"
    ],
    "InPlanePhaseEncodingDirectionDICOM": "COL",
    "PercentPhaseFOV": 100,
    "PhaseEncodingDirection": "j-",
    "PixelBandwidth": 2264,
    "ProtocolName": "func-bold_task-rest_dir-AP__cmrr_me4_sms4",
    "PulseSequenceName": "epfid2d4_96",
    "ReceiveCoilActiveElements": "HC1-7;NC1",
    "ReconMatrixPE": 96,
    "RefLinesPE": 22,
    "RepetitionTime": 1.6,
    "SequenceVariant": "SK\\SS",
    "SeriesDescription": "func-bold_task-rest_dir-AP__cmrr_me4_sms4",
    "SeriesNumber": 15,
    "ShimSetting": [
      8233,
      -5621,
      -6034,
      621,
      9,
      -249,
      -48,
      34
    ],
    "SliceThickness": 2.2,
    "SliceTiming": [
      0,
      0.8425,
      0.105,
      0.9475,
      0.21,
      1.0525,
      0.315,
      1.16,
      0.4225,
      1.265,
      0.5275,
      1.37,
      0.6325,
      1.475,
      0.7375,
      0,
      0.8425,
      0.105,
      0.9475,
      0.21,
      1.0525,
      0.315,
      1.16,
      0.4225,
      1.265,
      0.5275,
      1.37,
      0.6325,
      1.475,
      0.7375,
      0,
      0.8425,
      0.105,
      0.9475,
      0.21,
      1.0525,
      0.315,
      1.16,
      0.4225,
      1.265,
      0.5275,
      1.37,
      0.6325,
      1.475,
      0.7375,
      0,
      0.8425,
      0.105,
      0.9475,
      0.21,
      1.0525,
      0.315,
      1.16,
      0.4225,
      1.265,
      0.5275,
      1.37,
      0.6325,
      1.475,
      0.7375
    ],
    "SpacingBetweenSlices": 2.2,
    "TotalReadoutTime": 0.0261249,
    "TxRefAmp": 249.087,
    "WipMemBlock": "d8e52a46-53fc-4089-8d2a-dc78583b7966||Sequence: R017 nxva30a/master r/d34922cc2+; Jun 27 2022 13:20:16 by eja",
    "dataset": "<unset>",
    "modality": "bold",
    "session_id": "pilot013",
    "subject_id": "001",
    "task_id": "rest"
  },
  "dummy_trs": 0,
  "dvars_nstd": 28.972385599986648,
  "dvars_std": 1.0785300734312429,
  "dvars_vstd": 1.0120524055273696,
  "efc": 0.5872,
  "fber": 572.7881,
  "fd_mean": 0.13934889465522773,
  "fd_num": 69,
  "fd_perc": 9.2,
  "fwhm_avg": 3.5527461340606252,
  "fwhm_x": 3.1810255754508887,
  "fwhm_y": 3.581108365722232,
  "fwhm_z": 3.8961044610087554,
  "gcor": [
    0.0194084,
    0.0216995,
    0.0197555,
    0.0150351
  ],
  "gsr_x": 0.015559806488454342,
  "gsr_y": 0.1097988560795784,
  "provenance": {
    "md5sum": "c2ad489bbb1784f6f7213959c63ceb97",
    "settings": {
      "fd_thres": 0.2,
      "testing": false
    },
    "software": "mriqc",
    "version": "24.1.0.dev0+g3fe90466.d20240417"
  },
  "size_t": 750,
  "size_x": 96,
  "size_y": 96,
  "size_z": 60,
  "snr": 2.646036249531556,
  "spacing_tr": 1.600000023841858,
  "spacing_x": 2.197920083999634,
  "spacing_y": 2.197920083999634,
  "spacing_z": 2.200000047683716,
  "summary_bg_k": 9.6917,
  "summary_bg_mad": 19.347,
  "summary_bg_mean": 124.0373,
  "summary_bg_median": 31.0,
  "summary_bg_n": 418153.0,
  "summary_bg_p05": 0.0,
  "summary_bg_p95": 616.0,
  "summary_bg_stdv": 217.4988,
  "summary_fg_k": 0.8646,
  "summary_fg_mad": 258.5915,
  "summary_fg_mean": 782.0189,
  "summary_fg_median": 751.0,
  "summary_fg_n": 134807.0,
  "summary_fg_p05": 369.0,
  "summary_fg_p95": 1288.0,
  "summary_fg_stdv": 283.8197,
  "tsnr": 48.816483445465565
}