{
  "aor": [
    0.0001480614973262032,
    0.00017763368983957217,
    0.0002286764705882353,
    0.0003119251336898396
  ],
  "aqi": [
    0.00642483537433155,
    0.008941752446524065,
    0.014533333422459894,
    0.024322452005347592
  ],
  "bids_meta": {
    "AcquisitionDuration": 1230.47,
    "AcquisitionMatrixPE": 76,
    "AcquisitionTime": "21:11:59.395000",
    "B0FieldSource": [
      "046pepolarbold",
      "046phasediff"
    ],
    "BandwidthPerPixelPhaseEncode": 40.486,
    "BaseResolution": 102,
    "DerivedVendorReportedEchoSpacing": 0.000649997,
    "DwellTime": 2.5e-06,
    "EchoNumber": 1,
    "EchoTime": 0.0126,
    "EchoTrainLength": 28,
    "EffectiveEchoSpacing": 0.000324999,
    "FlipAngle": 64,
    "ImageOrientationPatientDICOM": [
      0.998916,
      0.0102628,
      0.0454101,
      0.00418427,
      0.951661,
      -0.307121
    ],
    "ImageType": [
      "ORIGINAL",
      "PRIMARY",
      "FMRI",
      "NONE"
    ],
    "ImageTypeText": [
      "ORIGINAL",
      "PRIMARY",
      "M",
      "MB",
      "TE1",
      "DIS2D"
    ],
    "InPlanePhaseEncodingDirectionDICOM": "ROW",
    "PercentPhaseFOV": 74.5098,
    "PhaseEchoTime1": 0.0126,
    "PhaseEchoTime2": 0.0322,
    "PhaseEncodingDirection": "i-",
    "PixelBandwidth": 1961,
    "ProtocolName": "func-bold_task-rest_dir-LR__cmrr_me4_sms4",
    "PulseSequenceName": "epfid2d4_76",
    "ReceiveCoilActiveElements": "HC1-7",
    "ReconMatrixPE": 76,
    "RefLinesPE": 18,
    "RepetitionTime": 1.6,
    "SequenceVariant": "SK\\SS\\OSP",
    "SeriesDescription": "func-bold_task-rest_dir-LR__cmrr_me4_sms4",
    "SeriesNumber": 23,
    "ShimSetting": [
      8235,
      -5632,
      -6038,
      627,
      -35,
      -194,
      47,
      44
    ],
    "SliceThickness": 2.2,
    "SliceTiming": [
      0,
      0.8425,
      0.105,
      0.9475,
      0.21,
      1.0525,
      0.315,
      1.1575,
      0.42,
      1.2625,
      0.525,
      1.3675,
      0.6325,
      1.475,
      0.7375,
      0,
      0.8425,
      0.105,
      0.9475,
      0.21,
      1.0525,
      0.315,
      1.1575,
      0.42,
      1.2625,
      0.525,
      1.3675,
      0.6325,
      1.475,
      0.7375,
      0,
      0.8425,
      0.105,
      0.9475,
      0.21,
      1.0525,
      0.315,
      1.1575,
      0.42,
      1.2625,
      0.525,
      1.3675,
      0.6325,
      1.475,
      0.7375,
      0,
      0.8425,
      0.105,
      0.9475,
      0.21,
      1.0525,
      0.315,
      1.1575,
      0.42,
      1.2625,
      0.525,
      1.3675,
      0.6325,
      1.475,
      0.7375
    ],
    "SpacingBetweenSlices": 2.2,
    "TotalReadoutTime": 0.0243749,
    "TxRefAmp": 245.785,
    "WipMemBlock": "7b4ba6f9-29d4-4778-8772-1258cdf92ea5||Sequence: R017 nxva30a/master r/d34922cc2+; Jun 27 2022 13:20:16 by eja",
    "dataset": "<unset>",
    "modality": "bold",
    "session_id": "046",
    "subject_id": "001",
    "task_id": "rest"
  },
  "dummy_trs": 2,
  "dvars_nstd": 39.57712274575634,
  "dvars_std": 1.0180605386746984,
  "dvars_vstd": 0.9944616379116462,
  "efc": 0.6521,
  "fber": 156.9889,
  "fd_mean": 0.12601031681774383,
  "fd_num": 68,
  "fd_perc": 9.090909090909092,
  "fwhm_avg": 3.4821177922384288,
  "fwhm_x": 3.3028715261045267,
  "fwhm_y": 3.515341020157687,
  "fwhm_z": 3.6281408304530745,
  "gcor": [
    0.00378421,
    0.00420228,
    0.00440161,
    0.00356858
  ],
  "gsr_x": 0.14315514266490936,
  "gsr_y": 0.02161557413637638,
  "provenance": {
    "md5sum": "13646c659b3d30d978d82e0b751500ff",
    "settings": {
      "fd_thres": 0.2,
      "testing": false
    },
    "software": "mriqc",
    "version": "24.1.0.dev0+g3fe90466.d20240417"
  },
  "size_t": 748,
  "size_x": 76,
  "size_y": 102,
  "size_z": 60,
  "snr": 2.692595579296,
  "spacing_tr": 1.600000023841858,
  "spacing_x": 2.196079969406128,
  "spacing_y": 2.196079969406128,
  "spacing_z": 2.200000047683716,
  "summary_bg_k": 5.5415,
  "summary_bg_mad": 57.6917,
  "summary_bg_mean": 164.222,
  "summary_bg_median": 62.0,
  "summary_bg_n": 330084.0,
  "summary_bg_p05": 1.0,
  "summary_bg_p95": 721.0,
  "summary_bg_stdv": 238.0014,
  "summary_fg_k": 0.5363,
  "summary_fg_mad": 279.0543,
  "summary_fg_mean": 799.172,
  "summary_fg_median": 775.0,
  "summary_fg_n": 135036.0,
  "summary_fg_p05": 382.0,
  "summary_fg_p95": 1300.0,
  "summary_fg_stdv": 287.8253,
  "tsnr": 34.92479113582522
}