{
  "NumberOfShells": 4,
  "bValues": [
    0.0,
    700.0,
    1000.0,
    2000.0,
    3000.0
  ],
  "bValuesEstimation": [
    700.0,
    1000.0,
    2000.0,
    3000.0
  ],
  "bdiffs_max": 0.3467,
  "bdiffs_mean": 0.1699,
  "bdiffs_median": 0.1641,
  "bdiffs_min": 0.0094,
  "bids_meta": {
    "AcquisitionMatrixPE": 104,
    "AcquisitionNumber": 1,
    "AcquisitionTime": "19:20:39.132500",
    "B0FieldSource": [
      "021pepolarb0",
      "021phasediff"
    ],
    "BandwidthPerPixelPhaseEncode": 24.42,
    "BaseResolution": 146,
    "BodyPartExamined": "BRAIN",
    "CoilCombinationMethod": "Adaptive Combine",
    "CoilString": "HeadNeck_64",
    "ConversionSoftware": "dcm2niix",
    "ConversionSoftwareVersion": "v1.0.20220720",
    "Deltas": [
      0.0272,
      0.0469
    ],
    "DerivedVendorReportedEchoSpacing": 0.000787501,
    "DeviceSerialNumber": "67014",
    "DiffusionScheme": "Monopolar",
    "DwellTime": 2.1e-06,
    "EchoTime": 0.098,
    "EchoTrainLength": 46,
    "EffectiveEchoSpacing": 0.00039375,
    "FlipAngle": 90,
    "HeudiconvVersion": "1.0.0",
    "ImageOrientationPatientDICOM": [
      0.999815,
      0.00422346,
      0.0187525,
      -0.00383903,
      0.999783,
      -0.0204888
    ],
    "ImageType": [
      "ORIGINAL",
      "PRIMARY",
      "DIFFUSION",
      "NONE",
      "ND",
      "MFSPLIT"
    ],
    "ImageTypeText": [
      "ORIGINAL",
      "PRIMARY",
      "DIFFUSION",
      "NONE"
    ],
    "ImagingFrequency": 123.248,
    "InPlanePhaseEncodingDirectionDICOM": "ROW",
    "InstitutionAddress": "Rue du Bugnon 21,Lausanne,District,CH,1011",
    "InstitutionName": "CHUV",
    "MRAcquisitionType": "2D",
    "MagneticFieldStrength": 3,
    "Manufacturer": "Siemens",
    "ManufacturersModelName": "MAGNETOM Prisma Fit",
    "Modality": "MR",
    "MultibandAccelerationFactor": 3,
    "NonlinearGradientCorrection": false,
    "ParallelReductionFactorInPlane": 2,
    "PartialFourier": 0.875,
    "PatientPosition": "HFS",
    "PercentPhaseFOV": 71.2329,
    "PercentSampling": 100,
    "PhaseEncodingDirection": "i",
    "PhaseEncodingSteps": 104,
    "PhaseResolution": 1,
    "PixelBandwidth": 1631,
    "ProcedureStepDescription": "RESEARCH Oscar",
    "ProtocolName": "dwi-dwi_acq-highres_dir-RL__trigger_monopolar_71fovphase",
    "PulseSequenceDetails": "%CustomerSeq%\\ep2d_diff_trigg",
    "ReceiveCoilActiveElements": "HC1-6",
    "ReceiveCoilName": "HeadNeck_64",
    "ReconMatrixPE": 104,
    "RefLinesPE": 38,
    "RepetitionTime": 7,
    "SAR": 0.167298,
    "ScanOptions": "PFP\\FS\\PER",
    "ScanningSequence": "GR\\EP",
    "SequenceName": "ep_b0",
    "SequenceVariant": "SK",
    "SeriesDescription": "dwi-dwi_acq-highres_dir-RL__trigger_monopolar_71fovphase",
    "SeriesNumber": 10,
    "ShimSetting": [
      8215,
      -5630,
      -6039,
      618,
      -94,
      -312,
      46,
      59
    ],
    "SliceThickness": 1.6,
    "SliceTiming": [
      0,
      5.94,
      0.135,
      6.075,
      0.27,
      6.21,
      0.405,
      6.345,
      0.54,
      6.48,
      0.675,
      6.615,
      0.81,
      6.75,
      0.945,
      6.885,
      1.08,
      7.02,
      1.215,
      7.155,
      1.35,
      7.29,
      1.485,
      7.425,
      1.62,
      7.56,
      1.755,
      7.695,
      1.89,
      7.83,
      2.025,
      7.965,
      2.16,
      8.1,
      2.295,
      8.235,
      2.43,
      8.37,
      2.565,
      8.505,
      2.7,
      8.64,
      2.835,
      8.775,
      2.97,
      8.91,
      3.105,
      9.045,
      3.24,
      9.18,
      3.375,
      9.315,
      3.51,
      9.45,
      3.645,
      9.585,
      3.78,
      9.72,
      3.915,
      9.855,
      4.05,
      9.99,
      4.185,
      10.125,
      4.32,
      10.26,
      4.455,
      10.395,
      4.59,
      10.53,
      4.725,
      10.665,
      4.86,
      10.8,
      4.995,
      10.935,
      5.13,
      11.07,
      5.265,
      11.205,
      5.4,
      11.34,
      5.535,
      11.475,
      5.67,
      11.61,
      5.805
    ],
    "SoftwareVersions": "syngo MR XA30",
    "SpacingBetweenSlices": 1.6,
    "StationName": "LRG10884",
    "TotalReadoutTime": 0.0405563,
    "TxRefAmp": 248.137,
    "acq_id": "highres",
    "dataset": "hcph",
    "modality": "dwi",
    "session_id": "021",
    "subject_id": "001"
  },
  "efc_shell01": 2.6179,
  "efc_shell02": 1.2029,
  "efc_shell03": 0.9435,
  "efc_shell04": 0.676,
  "efc_shell05": 0.6683,
  "fa_degenerate": 0.0,
  "fa_nans": 0.0,
  "fber_shell01": 7.0156,
  "fber_shell02": 40.7633,
  "fber_shell03": 43.7633,
  "fber_shell04": 34.9174,
  "fber_shell05": 18.49,
  "fd_mean": 19.7228,
  "fd_num": 279,
  "fd_perc": 99.64285714285714,
  "ndc": 0.4816,
  "provenance": {
    "md5sum": "0997b96a9744aaf0e6f4de2754132421",
    "settings": {
      "testing": false
    },
    "software": "mriqc",
    "version": "24.0.0"
  },
  "sigma_cc": 40.0303,
  "sigma_pca": 19.1495,
  "sigma_piesno": 7.2633,
  "snr_cc_shell0": 4.74,
  "snr_cc_shell1_best": 4.57,
  "snr_cc_shell1_worst": 4.57,
  "snr_cc_shell2_best": 2.99,
  "snr_cc_shell2_worst": 2.21,
  "snr_cc_shell3_best": 2.55,
  "snr_cc_shell3_worst": 1.68,
  "snr_cc_shell4_best": 1.79,
  "snr_cc_shell4_worst": 1.21,
  "spikes_global": 50.02,
  "spikes_slice_i": 323.06,
  "spikes_slice_j": 335.12,
  "spikes_slice_k": 270.73,
  "summary_bg_k": 210.7127,
  "summary_bg_mad": 17.7912,
  "summary_bg_mean": 41.7982,
  "summary_bg_median": 18.0,
  "summary_bg_n": 960508.0,
  "summary_bg_p05": 3.0,
  "summary_bg_p95": 139.0,
  "summary_bg_stdv": 101.7446,
  "summary_fg_k": 9.3552,
  "summary_fg_mad": 169.0167,
  "summary_fg_mean": 396.3298,
  "summary_fg_median": 307.0,
  "summary_fg_n": 360500.0,
  "summary_fg_p05": 109.0,
  "summary_fg_p95": 1027.0,
  "summary_fg_stdv": 310.897,
  "summary_wm_k": 7.3938,
  "summary_wm_mad": 77.0953,
  "summary_wm_mean": 217.581,
  "summary_wm_median": 214.0,
  "summary_wm_n": 98645.0,
  "summary_wm_p05": 98.0,
  "summary_wm_p95": 351.0,
  "summary_wm_stdv": 80.9627
}