{
  "NumberOfShells": 4,
  "bValues": [
    0.0,
    700.0,
    1000.0,
    2000.0,
    3000.0
  ],
  "bValuesEstimation": [
    700.0,
    1000.0,
    2000.0,
    3000.0
  ],
  "bdiffs_max": 0.2974,
  "bdiffs_mean": 0.0884,
  "bdiffs_median": 0.1017,
  "bdiffs_min": 0.0044,
  "bids_meta": {
    "AcquisitionMatrixPE": 146,
    "AcquisitionNumber": 1,
    "AcquisitionTime": "21:08:55.857500",
    "B0FieldSource": [
      "022pepolarb0",
      "022phasediff"
    ],
    "BandwidthPerPixelPhaseEncode": 19.569,
    "BaseResolution": 146,
    "BodyPartExamined": "BRAIN",
    "CoilCombinationMethod": "Adaptive Combine",
    "CoilString": "HeadNeck_64",
    "ConversionSoftware": "dcm2niix",
    "ConversionSoftwareVersion": "v1.0.20220720",
    "Deltas": [
      0.0233,
      0.0475
    ],
    "DerivedVendorReportedEchoSpacing": 0.000700017,
    "DeviceSerialNumber": "67014",
    "DiffusionScheme": "Monopolar",
    "DwellTime": 2.1e-06,
    "EchoTime": 0.098,
    "EchoTrainLength": 64,
    "EffectiveEchoSpacing": 0.000350008,
    "FlipAngle": 90,
    "HeudiconvVersion": "1.0.0",
    "ImageOrientationPatientDICOM": [
      0.998993,
      0.0322981,
      0.0311349,
      -0.0310456,
      0.998721,
      -0.0399068
    ],
    "ImageType": [
      "ORIGINAL",
      "PRIMARY",
      "DIFFUSION",
      "NONE",
      "ND",
      "MFSPLIT"
    ],
    "ImageTypeText": [
      "ORIGINAL",
      "PRIMARY",
      "DIFFUSION",
      "NONE"
    ],
    "ImagingFrequency": 123.248,
    "InPlanePhaseEncodingDirectionDICOM": "COL",
    "InstitutionAddress": "Rue du Bugnon 21,Lausanne,District,CH,1011",
    "InstitutionName": "CHUV",
    "MRAcquisitionType": "2D",
    "MagneticFieldStrength": 3,
    "Manufacturer": "Siemens",
    "ManufacturersModelName": "MAGNETOM Prisma Fit",
    "Modality": "MR",
    "MultibandAccelerationFactor": 3,
    "NonlinearGradientCorrection": false,
    "ParallelReductionFactorInPlane": 2,
    "PartialFourier": 0.875,
    "PatientPosition": "HFS",
    "PercentPhaseFOV": 100,
    "PercentSampling": 100,
    "PhaseEncodingDirection": "j-",
    "PhaseEncodingSteps": 146,
    "PhaseResolution": 1,
    "PixelBandwidth": 1631,
    "ProcedureStepDescription": "RESEARCH Oscar",
    "ProtocolName": "dwi-dwi_acq-highres_dir-AP__trigger_monopolar",
    "PulseSequenceDetails": "%CustomerSeq%\\ep2d_diff_trigg",
    "ReceiveCoilActiveElements": "HC1-6",
    "ReceiveCoilName": "HeadNeck_64",
    "ReconMatrixPE": 146,
    "RefLinesPE": 54,
    "RepetitionTime": 7,
    "SAR": 0.171365,
    "ScanOptions": "PFP\\FS\\PER",
    "ScanningSequence": "GR\\EP",
    "SequenceName": "ep_b0",
    "SequenceVariant": "SK",
    "SeriesDescription": "dwi-dwi_acq-highres_dir-AP__trigger_monopolar",
    "SeriesNumber": 10,
    "ShimSetting": [
      8233,
      -5639,
      -6041,
      558,
      -71,
      -321,
      36,
      23
    ],
    "SliceThickness": 1.6,
    "SliceTiming": [
      0,
      6.145,
      0.14,
      6.285,
      0.28,
      6.425,
      0.42,
      6.5625,
      0.56,
      6.7025,
      0.6975,
      6.8425,
      0.8375,
      6.9825,
      0.9775,
      7.1225,
      1.1175,
      7.2625,
      1.2575,
      7.4025,
      1.3975,
      7.54,
      1.5375,
      7.68,
      1.675,
      7.82,
      1.815,
      7.96,
      1.955,
      8.1,
      2.095,
      8.24,
      2.235,
      8.38,
      2.375,
      8.5175,
      2.515,
      8.6575,
      2.6525,
      8.7975,
      2.7925,
      8.9375,
      2.9325,
      9.0775,
      3.0725,
      9.2175,
      3.2125,
      9.3575,
      3.3525,
      9.495,
      3.4925,
      9.635,
      3.63,
      9.775,
      3.77,
      9.915,
      3.91,
      10.055,
      4.05,
      10.195,
      4.19,
      10.335,
      4.33,
      10.4725,
      4.47,
      10.6125,
      4.6075,
      10.7525,
      4.7475,
      10.8925,
      4.8875,
      11.0325,
      5.0275,
      11.1725,
      5.1675,
      11.3125,
      5.3075,
      11.45,
      5.4475,
      11.59,
      5.585,
      11.73,
      5.725,
      11.87,
      5.865,
      12.01,
      6.005
    ],
    "SoftwareVersions": "syngo MR XA30",
    "SpacingBetweenSlices": 1.6,
    "StationName": "LRG10884",
    "TotalReadoutTime": 0.0507512,
    "TxRefAmp": 247.75,
    "acq_id": "highres",
    "dataset": "hcph",
    "modality": "dwi",
    "session_id": "022",
    "subject_id": "001"
  },
  "efc_shell01": 2.1734,
  "efc_shell02": 0.9887,
  "efc_shell03": 0.7774,
  "efc_shell04": 0.5863,
  "efc_shell05": 0.6064,
  "fa_degenerate": 0.0,
  "fa_nans": 0.0,
  "fber_shell01": 32.25,
  "fber_shell02": 147.449,
  "fber_shell03": 150.9388,
  "fber_shell04": 93.4444,
  "fber_shell05": 40.1111,
  "fd_mean": 7.7038,
  "fd_num": 279,
  "fd_perc": 99.64285714285714,
  "ndc": 0.598,
  "provenance": {
    "md5sum": "44a528d4c57ee5c783d4e5e568c6056e",
    "settings": {
      "testing": false
    },
    "software": "mriqc",
    "version": "24.0.0"
  },
  "sigma_cc": 42.9955,
  "sigma_pca": 15.177,
  "sigma_piesno": 1.6508,
  "snr_cc_shell0": 4.07,
  "snr_cc_shell1_best": 4.15,
  "snr_cc_shell1_worst": 4.15,
  "snr_cc_shell2_best": 2.59,
  "snr_cc_shell2_worst": 1.71,
  "snr_cc_shell3_best": 1.96,
  "snr_cc_shell3_worst": 1.2,
  "snr_cc_shell4_best": 0.97,
  "snr_cc_shell4_worst": 0.88,
  "spikes_global": 33.51,
  "spikes_slice_i": 202.44,
  "spikes_slice_j": 211.72,
  "spikes_slice_k": 179.11,
  "summary_bg_k": 199.6281,
  "summary_bg_mad": 8.8956,
  "summary_bg_mean": 28.8837,
  "summary_bg_median": 9.0,
  "summary_bg_n": 1498129.0,
  "summary_bg_p05": 1.0,
  "summary_bg_p95": 118.0,
  "summary_bg_stdv": 81.3133,
  "summary_fg_k": 11.8978,
  "summary_fg_mad": 166.0514,
  "summary_fg_mean": 393.2909,
  "summary_fg_median": 295.0,
  "summary_fg_n": 356363.0,
  "summary_fg_p05": 100.0,
  "summary_fg_p95": 1061.0,
  "summary_fg_stdv": 334.3826,
  "summary_wm_k": 7.5076,
  "summary_wm_mad": 83.0257,
  "summary_wm_mean": 213.6735,
  "summary_wm_median": 212.0,
  "summary_wm_n": 106518.0,
  "summary_wm_p05": 83.0,
  "summary_wm_p95": 351.0,
  "summary_wm_stdv": 88.0781
}