{
  "aor": [
    0.0010946464646464647,
    0.0010403030303030303,
    0.0010724242424242423,
    0.001257070707070707
  ],
  "aqi": [
    0.004599475555555555,
    0.006225278787878788,
    0.010158051212121212,
    0.01695263232323232
  ],
  "bids_meta": {
    "AcquisitionDuration": 188.475,
    "AcquisitionMatrixPE": 76,
    "AcquisitionTime": "20:26:34.320000",
    "B0FieldSource": [
      "007pepolarbold",
      "007phasediff"
    ],
    "BandwidthPerPixelPhaseEncode": 40.486,
    "BaseResolution": 102,
    "DerivedVendorReportedEchoSpacing": 0.000649997,
    "DwellTime": 2.5e-06,
    "EchoNumber": 4,
    "EchoTime": 0.0714,
    "EchoTrainLength": 28,
    "EffectiveEchoSpacing": 0.000324999,
    "FlipAngle": 64,
    "ImageOrientationPatientDICOM": [
      0.999164,
      0.0141201,
      0.0383739,
      -0.000871936,
      0.945628,
      -0.32525
    ],
    "ImageType": [
      "ORIGINAL",
      "PRIMARY",
      "FMRI",
      "NONE"
    ],
    "ImageTypeText": [
      "ORIGINAL",
      "PRIMARY",
      "M",
      "MB",
      "TE4",
      "DIS2D"
    ],
    "InPlanePhaseEncodingDirectionDICOM": "ROW",
    "PercentPhaseFOV": 74.5098,
    "PhaseEchoTime1": 0.0126,
    "PhaseEchoTime2": 0.0322,
    "PhaseEncodingDirection": "i-",
    "PixelBandwidth": 1961,
    "ProtocolName": "func-bold_task-qct_dir-LR__cmrr_me4_sms4",
    "PulseSequenceName": "epfid2d4_76",
    "ReceiveCoilActiveElements": "HC1-7",
    "ReconMatrixPE": 76,
    "RefLinesPE": 18,
    "RepetitionTime": 1.6,
    "SequenceVariant": "SK\\SS\\OSP",
    "SeriesDescription": "func-bold_task-qct_dir-LR__cmrr_me4_sms4",
    "SeriesNumber": 13,
    "ShimSetting": [
      8228,
      -5628,
      -6009,
      676,
      -47,
      -190,
      67,
      74
    ],
    "SliceThickness": 2.2,
    "SliceTiming": [
      0,
      0.8425,
      0.105,
      0.9475,
      0.21,
      1.0525,
      0.315,
      1.16,
      0.4225,
      1.265,
      0.5275,
      1.37,
      0.6325,
      1.475,
      0.7375,
      0,
      0.8425,
      0.105,
      0.9475,
      0.21,
      1.0525,
      0.315,
      1.16,
      0.4225,
      1.265,
      0.5275,
      1.37,
      0.6325,
      1.475,
      0.7375,
      0,
      0.8425,
      0.105,
      0.9475,
      0.21,
      1.0525,
      0.315,
      1.16,
      0.4225,
      1.265,
      0.5275,
      1.37,
      0.6325,
      1.475,
      0.7375,
      0,
      0.8425,
      0.105,
      0.9475,
      0.21,
      1.0525,
      0.315,
      1.16,
      0.4225,
      1.265,
      0.5275,
      1.37,
      0.6325,
      1.475,
      0.7375
    ],
    "SpacingBetweenSlices": 2.2,
    "TotalReadoutTime": 0.0243749,
    "TxRefAmp": 247.09,
    "WipMemBlock": "4ab13854-a597-4e9f-927c-3a41d8a97be6||Sequence: R017 nxva30a/master r/d34922cc2+; Jun 27 2022 13:20:16 by eja",
    "dataset": "<unset>",
    "modality": "bold",
    "session_id": "007",
    "subject_id": "001",
    "task_id": "qct"
  },
  "dummy_trs": 0,
  "dvars_nstd": 89.49881845622451,
  "dvars_std": 1.026581073265306,
  "dvars_vstd": 1.0105303809183674,
  "efc": 0.5589,
  "fber": 76.7044,
  "fd_mean": 0.07114900932027633,
  "fd_num": 2,
  "fd_perc": 2.0202020202020203,
  "fwhm_avg": 2.6270116350355153,
  "fwhm_x": 2.757850389955431,
  "fwhm_y": 2.5959118426555476,
  "fwhm_z": 2.527272672495567,
  "gcor": [
    0.00816,
    0.0111378,
    0.0104781,
    0.00866609
  ],
  "gsr_x": 0.03752993792295456,
  "gsr_y": -0.0026444944087415934,
  "provenance": {
    "md5sum": "fabfc444bab7ba664deaece05cbfe5a6",
    "settings": {
      "fd_thres": 0.2,
      "testing": false
    },
    "software": "mriqc",
    "version": "24.1.0.dev0+g3fe90466.d20240417"
  },
  "size_t": 99,
  "size_x": 76,
  "size_y": 102,
  "size_z": 60,
  "snr": 1.4762751680264172,
  "spacing_tr": 1.600000023841858,
  "spacing_x": 2.196079969406128,
  "spacing_y": 2.196079969406128,
  "spacing_z": 2.200000047683716,
  "summary_bg_k": 96.0218,
  "summary_bg_mad": 5.6459,
  "summary_bg_mean": 27.9758,
  "summary_bg_median": 26.0,
  "summary_bg_n": 330648.0,
  "summary_bg_p05": 0.0,
  "summary_bg_p95": 51.0,
  "summary_bg_stdv": 19.6747,
  "summary_fg_k": 3.7477,
  "summary_fg_mad": 138.8255,
  "summary_fg_mean": 237.971,
  "summary_fg_median": 227.0,
  "summary_fg_n": 134472.0,
  "summary_fg_p05": 35.0,
  "summary_fg_p95": 504.0,
  "summary_fg_stdv": 153.7648,
  "tsnr": 14.121238018444274
}