{
  "aor": [
    0.0008341522029372497,
    0.0013930841121495327,
    0.0018101735647530043,
    0.0019655807743658212
  ],
  "aqi": [
    0.005540429906542056,
    0.007299574566088118,
    0.011739825794392523,
    0.01982220360480641
  ],
  "bids_meta": {
    "AcquisitionDuration": 1230.47,
    "AcquisitionMatrixPE": 76,
    "AcquisitionTime": "20:33:3.260000",
    "B0FieldSource": [
      "007pepolarbold",
      "007phasediff"
    ],
    "BandwidthPerPixelPhaseEncode": 40.486,
    "BaseResolution": 102,
    "DerivedVendorReportedEchoSpacing": 0.000649997,
    "DwellTime": 2.5e-06,
    "EchoNumber": 2,
    "EchoTime": 0.0322,
    "EchoTrainLength": 28,
    "EffectiveEchoSpacing": 0.000324999,
    "FlipAngle": 64,
    "ImageOrientationPatientDICOM": [
      0.999164,
      0.0141201,
      0.0383739,
      -0.000871936,
      0.945628,
      -0.32525
    ],
    "ImageType": [
      "ORIGINAL",
      "PRIMARY",
      "FMRI",
      "NONE"
    ],
    "ImageTypeText": [
      "ORIGINAL",
      "PRIMARY",
      "M",
      "MB",
      "TE2",
      "DIS2D"
    ],
    "InPlanePhaseEncodingDirectionDICOM": "ROW",
    "PercentPhaseFOV": 74.5098,
    "PhaseEchoTime1": 0.0126,
    "PhaseEchoTime2": 0.0322,
    "PhaseEncodingDirection": "i-",
    "PixelBandwidth": 1961,
    "ProtocolName": "func-bold_task-rest_dir-LR__cmrr_me4_sms4",
    "PulseSequenceName": "epfid2d4_76",
    "ReceiveCoilActiveElements": "HC1-7",
    "ReconMatrixPE": 76,
    "RefLinesPE": 18,
    "RepetitionTime": 1.6,
    "SequenceVariant": "SK\\SS\\OSP",
    "SeriesDescription": "func-bold_task-rest_dir-LR__cmrr_me4_sms4",
    "SeriesNumber": 23,
    "ShimSetting": [
      8231,
      -5627,
      -6006,
      679,
      -40,
      -171,
      75,
      83
    ],
    "SliceThickness": 2.2,
    "SliceTiming": [
      0,
      0.8425,
      0.105,
      0.9475,
      0.21,
      1.0525,
      0.3175,
      1.16,
      0.4225,
      1.265,
      0.5275,
      1.37,
      0.6325,
      1.475,
      0.7375,
      0,
      0.8425,
      0.105,
      0.9475,
      0.21,
      1.0525,
      0.3175,
      1.16,
      0.4225,
      1.265,
      0.5275,
      1.37,
      0.6325,
      1.475,
      0.7375,
      0,
      0.8425,
      0.105,
      0.9475,
      0.21,
      1.0525,
      0.3175,
      1.16,
      0.4225,
      1.265,
      0.5275,
      1.37,
      0.6325,
      1.475,
      0.7375,
      0,
      0.8425,
      0.105,
      0.9475,
      0.21,
      1.0525,
      0.3175,
      1.16,
      0.4225,
      1.265,
      0.5275,
      1.37,
      0.6325,
      1.475,
      0.7375
    ],
    "SpacingBetweenSlices": 2.2,
    "TotalReadoutTime": 0.0243749,
    "TxRefAmp": 247.09,
    "WipMemBlock": "ac6b11a3-5fe9-4429-bfd3-6632c7dddd13||Sequence: R017 nxva30a/master r/d34922cc2+; Jun 27 2022 13:20:16 by eja",
    "dataset": "<unset>",
    "modality": "bold",
    "session_id": "007",
    "subject_id": "001",
    "task_id": "rest"
  },
  "dummy_trs": 1,
  "dvars_nstd": 45.20057044303478,
  "dvars_std": 1.0321251032352947,
  "dvars_vstd": 1.0221354553074888,
  "efc": 0.5756,
  "fber": 261.0586,
  "fd_mean": 0.10104041566643969,
  "fd_num": 53,
  "fd_perc": 7.076101468624833,
  "fwhm_avg": 3.39673801463436,
  "fwhm_x": 3.4078722561382135,
  "fwhm_y": 3.4520373144927268,
  "fwhm_z": 3.33030447327214,
  "gcor": [
    0.0054397,
    0.00809184,
    0.00775439,
    0.00672131
  ],
  "gsr_x": 0.08913803100585938,
  "gsr_y": -0.005717340391129255,
  "provenance": {
    "md5sum": "5fb9785d5154b8fed3a5908051163832",
    "settings": {
      "fd_thres": 0.2,
      "testing": false
    },
    "software": "mriqc",
    "version": "24.1.0.dev0+g3fe90466.d20240417"
  },
  "size_t": 749,
  "size_x": 76,
  "size_y": 102,
  "size_z": 60,
  "snr": 2.1262466908668656,
  "spacing_tr": 1.600000023841858,
  "spacing_x": 2.196079969406128,
  "spacing_y": 2.196079969406128,
  "spacing_z": 2.200000047683716,
  "summary_bg_k": 25.508,
  "summary_bg_mad": 17.6289,
  "summary_bg_mean": 59.2035,
  "summary_bg_median": 33.0,
  "summary_bg_n": 331343.0,
  "summary_bg_p05": 0.0,
  "summary_bg_p95": 213.0,
  "summary_bg_stdv": 81.6851,
  "summary_fg_k": 0.8377,
  "summary_fg_mad": 234.0116,
  "summary_fg_mean": 554.5576,
  "summary_fg_median": 540.0,
  "summary_fg_n": 133777.0,
  "summary_fg_p05": 124.0,
  "summary_fg_p95": 989.0,
  "summary_fg_stdv": 253.9677,
  "tsnr": 27.272861617500894
}