{
  "aor": [
    0.00044231884057971014,
    0.0004436231884057971,
    0.0005130434782608696,
    0.0006709178743961353
  ],
  "aqi": [
    0.0055806767149758464,
    0.0073689160869565215,
    0.011972897826086957,
    0.020495355072463778
  ],
  "bids_meta": {
    "AcquisitionDuration": 361.475,
    "AcquisitionMatrixPE": 76,
    "AcquisitionTime": "20:55:14.275000",
    "B0FieldSource": [
      "007pepolarbold",
      "007phasediff"
    ],
    "BandwidthPerPixelPhaseEncode": 40.486,
    "BaseResolution": 102,
    "DerivedVendorReportedEchoSpacing": 0.000649997,
    "DwellTime": 2.5e-06,
    "EchoNumber": 2,
    "EchoTime": 0.0322,
    "EchoTrainLength": 28,
    "EffectiveEchoSpacing": 0.000324999,
    "ImageOrientationPatientDICOM": [
      0.999164,
      0.0141201,
      0.0383739,
      -0.000871936,
      0.945628,
      -0.32525
    ],
    "ImageType": [
      "ORIGINAL",
      "PRIMARY",
      "FMRI",
      "NONE"
    ],
    "ImageTypeText": [
      "ORIGINAL",
      "PRIMARY",
      "M",
      "MB",
      "TE2",
      "DIS2D"
    ],
    "InPlanePhaseEncodingDirectionDICOM": "ROW",
    "PercentPhaseFOV": 74.5098,
    "PercentSampling": 100,
    "PhaseEchoTime1": 0.0126,
    "PhaseEchoTime2": 0.0322,
    "PhaseEncodingDirection": "i-",
    "PhaseResolution": 1,
    "PixelBandwidth": 1961,
    "ProtocolName": "func-bold_task-bht_dir-LR__cmrr_me4_sms4",
    "PulseSequenceName": "epfid2d4_76",
    "ReceiveCoilActiveElements": "HC1-7",
    "ReconMatrixPE": 76,
    "RefLinesPE": 18,
    "RepetitionTime": 1.6,
    "SequenceVariant": "SK\\SS\\OSP",
    "SeriesDescription": "func-bold_task-bht_dir-LR__cmrr_me4_sms4",
    "SeriesNumber": 25,
    "ShimSetting": [
      8228,
      -5630,
      -6011,
      682,
      -48,
      -203,
      57,
      68
    ],
    "SliceThickness": 2.2,
    "SliceTiming": [
      0,
      0.8425,
      0.105,
      0.9475,
      0.21,
      1.0525,
      0.315,
      1.1575,
      0.42,
      1.2625,
      0.525,
      1.3675,
      0.63,
      1.475,
      0.7375,
      0,
      0.8425,
      0.105,
      0.9475,
      0.21,
      1.0525,
      0.315,
      1.1575,
      0.42,
      1.2625,
      0.525,
      1.3675,
      0.63,
      1.475,
      0.7375,
      0,
      0.8425,
      0.105,
      0.9475,
      0.21,
      1.0525,
      0.315,
      1.1575,
      0.42,
      1.2625,
      0.525,
      1.3675,
      0.63,
      1.475,
      0.7375,
      0,
      0.8425,
      0.105,
      0.9475,
      0.21,
      1.0525,
      0.315,
      1.1575,
      0.42,
      1.2625,
      0.525,
      1.3675,
      0.63,
      1.475,
      0.7375
    ],
    "SpacingBetweenSlices": 2.2,
    "TotalReadoutTime": 0.0243749,
    "TxRefAmp": 247.09,
    "WipMemBlock": "720ad0da-311e-4f22-b9bb-eeebfad104f7||Sequence: R017 nxva30a/master r/d34922cc2+; Jun 27 2022 13:20:16 by eja",
    "dataset": "<unset>",
    "modality": "bold",
    "session_id": "007",
    "subject_id": "001",
    "task_id": "bht"
  },
  "dummy_trs": 0,
  "dvars_nstd": 50.702053126213606,
  "dvars_std": 1.0166941847572817,
  "dvars_vstd": 0.995112202815534,
  "efc": 0.5776,
  "fber": 248.2711,
  "fd_mean": 0.16234737077551406,
  "fd_num": 70,
  "fd_perc": 33.81642512077295,
  "fwhm_avg": 3.244398598201665,
  "fwhm_x": 3.3117054484890773,
  "fwhm_y": 3.267554050839282,
  "fwhm_z": 3.1539362952766354,
  "gcor": [
    0.0287075,
    0.0361206,
    0.0344648,
    0.0280303
  ],
  "gsr_x": 0.09201143682003021,
  "gsr_y": -0.009074816480278969,
  "provenance": {
    "md5sum": "0a2d6e375f97f330bb794ffbcb58526d",
    "settings": {
      "fd_thres": 0.2,
      "testing": false
    },
    "software": "mriqc",
    "version": "24.1.0.dev0+g3fe90466.d20240417"
  },
  "size_t": 207,
  "size_x": 76,
  "size_y": 102,
  "size_z": 60,
  "snr": 2.0921008639793257,
  "spacing_tr": 1.600000023841858,
  "spacing_x": 2.196079969406128,
  "spacing_y": 2.196079969406128,
  "spacing_z": 2.200000047683716,
  "summary_bg_k": 24.3163,
  "summary_bg_mad": 18.0491,
  "summary_bg_mean": 59.7594,
  "summary_bg_median": 34.0,
  "summary_bg_n": 330273.0,
  "summary_bg_p05": 0.0,
  "summary_bg_p95": 216.0,
  "summary_bg_stdv": 82.2215,
  "summary_fg_k": 0.7625,
  "summary_fg_mad": 234.0721,
  "summary_fg_mean": 544.5972,
  "summary_fg_median": 532.0,
  "summary_fg_n": 134847.0,
  "summary_fg_p05": 110.0,
  "summary_fg_p95": 979.0,
  "summary_fg_stdv": 254.2889,
  "tsnr": 26.16538214997854
}