{
  "aor": [
    0.0008341522029372497,
    0.0013930841121495327,
    0.0018101735647530043,
    0.0019655807743658212
  ],
  "aqi": [
    0.005540429906542056,
    0.007299574566088118,
    0.011739825794392523,
    0.01982220360480641
  ],
  "bids_meta": {
    "AcquisitionDuration": 1230.47,
    "AcquisitionMatrixPE": 76,
    "AcquisitionTime": "20:33:3.280000",
    "B0FieldSource": [
      "007pepolarbold",
      "007phasediff"
    ],
    "BandwidthPerPixelPhaseEncode": 40.486,
    "BaseResolution": 102,
    "DerivedVendorReportedEchoSpacing": 0.000649997,
    "DwellTime": 2.5e-06,
    "EchoNumber": 3,
    "EchoTime": 0.0518,
    "EchoTrainLength": 28,
    "EffectiveEchoSpacing": 0.000324999,
    "FlipAngle": 64,
    "ImageOrientationPatientDICOM": [
      0.999164,
      0.0141201,
      0.0383739,
      -0.000871936,
      0.945628,
      -0.32525
    ],
    "ImageType": [
      "ORIGINAL",
      "PRIMARY",
      "FMRI",
      "NONE"
    ],
    "ImageTypeText": [
      "ORIGINAL",
      "PRIMARY",
      "M",
      "MB",
      "TE3",
      "DIS2D"
    ],
    "InPlanePhaseEncodingDirectionDICOM": "ROW",
    "PercentPhaseFOV": 74.5098,
    "PhaseEchoTime1": 0.0126,
    "PhaseEchoTime2": 0.0322,
    "PhaseEncodingDirection": "i-",
    "PixelBandwidth": 1961,
    "ProtocolName": "func-bold_task-rest_dir-LR__cmrr_me4_sms4",
    "PulseSequenceName": "epfid2d4_76",
    "ReceiveCoilActiveElements": "HC1-7",
    "ReconMatrixPE": 76,
    "RefLinesPE": 18,
    "RepetitionTime": 1.6,
    "SequenceVariant": "SK\\SS\\OSP",
    "SeriesDescription": "func-bold_task-rest_dir-LR__cmrr_me4_sms4",
    "SeriesNumber": 23,
    "ShimSetting": [
      8231,
      -5627,
      -6006,
      679,
      -40,
      -171,
      75,
      83
    ],
    "SliceThickness": 2.2,
    "SliceTiming": [
      0,
      0.8425,
      0.105,
      0.9475,
      0.21,
      1.0525,
      0.315,
      1.1575,
      0.4225,
      1.265,
      0.5275,
      1.37,
      0.6325,
      1.475,
      0.7375,
      0,
      0.8425,
      0.105,
      0.9475,
      0.21,
      1.0525,
      0.315,
      1.1575,
      0.4225,
      1.265,
      0.5275,
      1.37,
      0.6325,
      1.475,
      0.7375,
      0,
      0.8425,
      0.105,
      0.9475,
      0.21,
      1.0525,
      0.315,
      1.1575,
      0.4225,
      1.265,
      0.5275,
      1.37,
      0.6325,
      1.475,
      0.7375,
      0,
      0.8425,
      0.105,
      0.9475,
      0.21,
      1.0525,
      0.315,
      1.1575,
      0.4225,
      1.265,
      0.5275,
      1.37,
      0.6325,
      1.475,
      0.7375
    ],
    "SpacingBetweenSlices": 2.2,
    "TotalReadoutTime": 0.0243749,
    "TxRefAmp": 247.09,
    "WipMemBlock": "ac6b11a3-5fe9-4429-bfd3-6632c7dddd13||Sequence: R017 nxva30a/master r/d34922cc2+; Jun 27 2022 13:20:16 by eja",
    "dataset": "<unset>",
    "modality": "bold",
    "session_id": "007",
    "subject_id": "001",
    "task_id": "rest"
  },
  "dummy_trs": 1,
  "dvars_nstd": 60.160005829639125,
  "dvars_std": 1.0352581694251344,
  "dvars_vstd": 1.026533315802139,
  "efc": 0.5566,
  "fber": 162.7785,
  "fd_mean": 0.10104041566643969,
  "fd_num": 53,
  "fd_perc": 7.076101468624833,
  "fwhm_avg": 3.0762736605410517,
  "fwhm_x": 3.1441250301405046,
  "fwhm_y": 3.127841470116199,
  "fwhm_z": 2.9568544813664506,
  "gcor": [
    0.0054397,
    0.00809184,
    0.00775439,
    0.00672131
  ],
  "gsr_x": 0.05761057883501053,
  "gsr_y": -0.00550495320931077,
  "provenance": {
    "md5sum": "e4c41e5586f935d1e2e88711cb2a43e4",
    "settings": {
      "fd_thres": 0.2,
      "testing": false
    },
    "software": "mriqc",
    "version": "24.1.0.dev0+g3fe90466.d20240417"
  },
  "size_t": 749,
  "size_x": 76,
  "size_y": 102,
  "size_z": 60,
  "snr": 1.8034106084758776,
  "spacing_tr": 1.600000023841858,
  "spacing_x": 2.196079969406128,
  "spacing_y": 2.196079969406128,
  "spacing_z": 2.200000047683716,
  "summary_bg_k": 52.173,
  "summary_bg_mad": 8.8798,
  "summary_bg_mean": 35.481,
  "summary_bg_median": 28.0,
  "summary_bg_n": 331343.0,
  "summary_bg_p05": 0.0,
  "summary_bg_p95": 89.0,
  "summary_bg_stdv": 35.6629,
  "summary_fg_k": 1.4359,
  "summary_fg_mad": 179.6087,
  "summary_fg_mean": 363.0352,
  "summary_fg_median": 355.0,
  "summary_fg_n": 133777.0,
  "summary_fg_p05": 53.0,
  "summary_fg_p95": 697.0,
  "summary_fg_stdv": 196.8485,
  "tsnr": 19.406328218174167
}