{
  "aor": [
    0.0005076699029126213,
    0.0005903398058252427,
    0.0006941262135922331,
    0.0007720873786407768
  ],
  "aqi": [
    0.006089214951456311,
    0.008241189174757283,
    0.013908286553398057,
    0.023539347572815533
  ],
  "bids_meta": {
    "AcquisitionDuration": 361.475,
    "AcquisitionMatrixPE": 76,
    "AcquisitionTime": "22:37:53.265000",
    "B0FieldSource": [
      "008pepolarbold",
      "008phasediff"
    ],
    "BandwidthPerPixelPhaseEncode": 40.486,
    "BaseResolution": 102,
    "DerivedVendorReportedEchoSpacing": 0.000649997,
    "DwellTime": 2.5e-06,
    "EchoNumber": 4,
    "EchoTime": 0.0714,
    "EchoTrainLength": 28,
    "EffectiveEchoSpacing": 0.000324999,
    "ImageOrientationPatientDICOM": [
      0.998061,
      -0.000822929,
      0.0622358,
      0.0223006,
      0.938256,
      -0.345223
    ],
    "ImageType": [
      "ORIGINAL",
      "PRIMARY",
      "FMRI",
      "NONE"
    ],
    "ImageTypeText": [
      "ORIGINAL",
      "PRIMARY",
      "M",
      "MB",
      "TE4",
      "DIS2D"
    ],
    "InPlanePhaseEncodingDirectionDICOM": "ROW",
    "PercentPhaseFOV": 74.5098,
    "PercentSampling": 100,
    "PhaseEchoTime1": 0.0126,
    "PhaseEchoTime2": 0.0322,
    "PhaseEncodingDirection": "i",
    "PhaseResolution": 1,
    "PixelBandwidth": 1961,
    "ProtocolName": "func-bold_task-bht_dir-RL__cmrr_me4_sms4",
    "PulseSequenceName": "epfid2d4_76",
    "ReceiveCoilActiveElements": "HC1-7",
    "ReconMatrixPE": 76,
    "RefLinesPE": 18,
    "RepetitionTime": 1.6,
    "SequenceVariant": "SK\\SS\\OSP",
    "SeriesDescription": "func-bold_task-bht_dir-RL__cmrr_me4_sms4",
    "SeriesNumber": 25,
    "ShimSetting": [
      8243,
      -5630,
      -6013,
      650,
      -48,
      -274,
      31,
      43
    ],
    "SliceThickness": 2.2,
    "SliceTiming": [
      0,
      0.8425,
      0.1075,
      0.95,
      0.2125,
      1.055,
      0.3175,
      1.16,
      0.4225,
      1.265,
      0.5275,
      1.37,
      0.6325,
      1.475,
      0.7375,
      0,
      0.8425,
      0.1075,
      0.95,
      0.2125,
      1.055,
      0.3175,
      1.16,
      0.4225,
      1.265,
      0.5275,
      1.37,
      0.6325,
      1.475,
      0.7375,
      0,
      0.8425,
      0.1075,
      0.95,
      0.2125,
      1.055,
      0.3175,
      1.16,
      0.4225,
      1.265,
      0.5275,
      1.37,
      0.6325,
      1.475,
      0.7375,
      0,
      0.8425,
      0.1075,
      0.95,
      0.2125,
      1.055,
      0.3175,
      1.16,
      0.4225,
      1.265,
      0.5275,
      1.37,
      0.6325,
      1.475,
      0.7375
    ],
    "SpacingBetweenSlices": 2.2,
    "TotalReadoutTime": 0.0243749,
    "TxRefAmp": 249.596,
    "WipMemBlock": "1ea6e576-9633-4ba0-af15-853be61e9a92||Sequence: R017 nxva30a/master r/d34922cc2+; Jun 27 2022 13:20:16 by eja",
    "dataset": "<unset>",
    "modality": "bold",
    "session_id": "008",
    "subject_id": "001",
    "task_id": "bht"
  },
  "dummy_trs": 1,
  "dvars_nstd": 95.76023265585367,
  "dvars_std": 1.0358713386341465,
  "dvars_vstd": 0.9992516785853662,
  "efc": 0.566,
  "fber": 67.4574,
  "fd_mean": 0.20041675851991875,
  "fd_num": 100,
  "fd_perc": 48.54368932038835,
  "fwhm_avg": 2.7849157867518106,
  "fwhm_x": 2.895245204444629,
  "fwhm_y": 2.748670396384681,
  "fwhm_z": 2.710831759426122,
  "gcor": [
    0.0255925,
    0.0269077,
    0.0253925,
    0.0204058
  ],
  "gsr_x": 0.04776225984096527,
  "gsr_y": -0.002694310387596488,
  "provenance": {
    "md5sum": "3945dd4e2d9db64f9c75fd3cd71bb426",
    "settings": {
      "fd_thres": 0.2,
      "testing": false
    },
    "software": "mriqc",
    "version": "24.1.0.dev0+g3fe90466.d20240417"
  },
  "size_t": 206,
  "size_x": 76,
  "size_y": 102,
  "size_z": 60,
  "snr": 1.4486126555362737,
  "spacing_tr": 1.600000023841858,
  "spacing_x": 2.196079969406128,
  "spacing_y": 2.196079969406128,
  "spacing_z": 2.200000047683716,
  "summary_bg_k": 153.3297,
  "summary_bg_mad": 5.7505,
  "summary_bg_mean": 29.9475,
  "summary_bg_median": 27.0,
  "summary_bg_n": 332161.0,
  "summary_bg_p05": 0.0,
  "summary_bg_p95": 56.0,
  "summary_bg_stdv": 23.1198,
  "summary_fg_k": 5.1721,
  "summary_fg_mad": 134.6865,
  "summary_fg_mean": 235.8842,
  "summary_fg_median": 222.0,
  "summary_fg_n": 132959.0,
  "summary_fg_p05": 37.0,
  "summary_fg_p95": 502.0,
  "summary_fg_stdv": 153.2495,
  "tsnr": 12.19808459340129
}