{
  "aor": [
    0.0011738584779706275,
    0.00170283044058745,
    0.002062096128170894,
    0.0021467823765020026
  ],
  "aqi": [
    0.006123644005340455,
    0.0073330532710280385,
    0.011840820186915887,
    0.0195380782376502
  ],
  "bids_meta": {
    "AcquisitionDuration": 1230.47,
    "AcquisitionMatrixPE": 76,
    "AcquisitionTime": "22:16:9.217500",
    "B0FieldSource": [
      "008pepolarbold",
      "008phasediff"
    ],
    "BandwidthPerPixelPhaseEncode": 40.486,
    "BaseResolution": 102,
    "DerivedVendorReportedEchoSpacing": 0.000649997,
    "DwellTime": 2.5e-06,
    "EchoNumber": 1,
    "EchoTime": 0.0126,
    "EchoTrainLength": 28,
    "EffectiveEchoSpacing": 0.000324999,
    "FlipAngle": 64,
    "ImageOrientationPatientDICOM": [
      0.998061,
      -0.000822929,
      0.0622358,
      0.0223006,
      0.938256,
      -0.345223
    ],
    "ImageType": [
      "ORIGINAL",
      "PRIMARY",
      "FMRI",
      "NONE"
    ],
    "ImageTypeText": [
      "ORIGINAL",
      "PRIMARY",
      "M",
      "MB",
      "TE1",
      "DIS2D"
    ],
    "InPlanePhaseEncodingDirectionDICOM": "ROW",
    "PercentPhaseFOV": 74.5098,
    "PhaseEchoTime1": 0.0126,
    "PhaseEchoTime2": 0.0322,
    "PhaseEncodingDirection": "i",
    "PixelBandwidth": 1961,
    "ProtocolName": "func-bold_task-rest_dir-RL__cmrr_me4_sms4",
    "PulseSequenceName": "epfid2d4_76",
    "ReceiveCoilActiveElements": "HC1-7",
    "ReconMatrixPE": 76,
    "RefLinesPE": 18,
    "RepetitionTime": 1.6,
    "SequenceVariant": "SK\\SS\\OSP",
    "SeriesDescription": "func-bold_task-rest_dir-RL__cmrr_me4_sms4",
    "SeriesNumber": 23,
    "ShimSetting": [
      8244,
      -5627,
      -6012,
      643,
      -47,
      -259,
      38,
      40
    ],
    "SliceThickness": 2.2,
    "SliceTiming": [
      0,
      0.8425,
      0.105,
      0.9475,
      0.2125,
      1.055,
      0.3175,
      1.16,
      0.4225,
      1.265,
      0.5275,
      1.37,
      0.6325,
      1.475,
      0.7375,
      0,
      0.8425,
      0.105,
      0.9475,
      0.2125,
      1.055,
      0.3175,
      1.16,
      0.4225,
      1.265,
      0.5275,
      1.37,
      0.6325,
      1.475,
      0.7375,
      0,
      0.8425,
      0.105,
      0.9475,
      0.2125,
      1.055,
      0.3175,
      1.16,
      0.4225,
      1.265,
      0.5275,
      1.37,
      0.6325,
      1.475,
      0.7375,
      0,
      0.8425,
      0.105,
      0.9475,
      0.2125,
      1.055,
      0.3175,
      1.16,
      0.4225,
      1.265,
      0.5275,
      1.37,
      0.6325,
      1.475,
      0.7375
    ],
    "SpacingBetweenSlices": 2.2,
    "TotalReadoutTime": 0.0243749,
    "TxRefAmp": 249.596,
    "WipMemBlock": "be46ad1d-04d1-404a-8e65-ffe384e21ebe||Sequence: R017 nxva30a/master r/d34922cc2+; Jun 27 2022 13:20:16 by eja",
    "dataset": "<unset>",
    "modality": "bold",
    "session_id": "008",
    "subject_id": "001",
    "task_id": "rest"
  },
  "dummy_trs": 1,
  "dvars_nstd": 33.405730627246,
  "dvars_std": 1.0421801921657758,
  "dvars_vstd": 1.022308727914437,
  "efc": 0.6529,
  "fber": 124.6197,
  "fd_mean": 0.1069714331022462,
  "fd_num": 54,
  "fd_perc": 7.209612817089453,
  "fwhm_avg": 4.186942207031329,
  "fwhm_x": 3.982537121526188,
  "fwhm_y": 4.182903231198867,
  "fwhm_z": 4.395386268368932,
  "gcor": [
    0.00446798,
    0.00782037,
    0.00723248,
    0.00593805
  ],
  "gsr_x": 0.14836344122886658,
  "gsr_y": 0.024746477603912354,
  "provenance": {
    "md5sum": "926af3145bc3e6d2ee824886c24de834",
    "settings": {
      "fd_thres": 0.2,
      "testing": false
    },
    "software": "mriqc",
    "version": "24.1.0.dev0+g3fe90466.d20240417"
  },
  "size_t": 749,
  "size_x": 76,
  "size_y": 102,
  "size_z": 60,
  "snr": 2.46617440711675,
  "spacing_tr": 1.600000023841858,
  "spacing_x": 2.196079969406128,
  "spacing_y": 2.196079969406128,
  "spacing_z": 2.200000047683716,
  "summary_bg_k": 5.6868,
  "summary_bg_mad": 70.189,
  "summary_bg_mean": 184.2576,
  "summary_bg_median": 74.0,
  "summary_bg_n": 332190.0,
  "summary_bg_p05": 1.0,
  "summary_bg_p95": 772.0,
  "summary_bg_stdv": 257.8593,
  "summary_fg_k": 1.6892,
  "summary_fg_mad": 317.8776,
  "summary_fg_mean": 866.0001,
  "summary_fg_median": 829.0,
  "summary_fg_n": 132930.0,
  "summary_fg_p05": 402.0,
  "summary_fg_p95": 1444.0,
  "summary_fg_stdv": 336.1469,
  "tsnr": 38.386799197411165
}