{
  "aor": [
    0.001075959595959596,
    0.001005050505050505,
    0.001091010101010101,
    0.0012438383838383838
  ],
  "aqi": [
    0.004278053030303031,
    0.006278496363636363,
    0.010400430707070705,
    0.01757919797979798
  ],
  "bids_meta": {
    "AcquisitionDuration": 188.475,
    "AcquisitionMatrixPE": 76,
    "AcquisitionTime": "22:09:48.102500",
    "B0FieldSource": [
      "008pepolarbold",
      "008phasediff"
    ],
    "BandwidthPerPixelPhaseEncode": 40.486,
    "BaseResolution": 102,
    "DerivedVendorReportedEchoSpacing": 0.000649997,
    "DwellTime": 2.5e-06,
    "EchoNumber": 4,
    "EchoTime": 0.0714,
    "EchoTrainLength": 28,
    "EffectiveEchoSpacing": 0.000324999,
    "FlipAngle": 64,
    "ImageOrientationPatientDICOM": [
      0.998061,
      -0.000822986,
      0.0622358,
      0.0223006,
      0.938256,
      -0.345222
    ],
    "ImageType": [
      "ORIGINAL",
      "PRIMARY",
      "FMRI",
      "NONE"
    ],
    "ImageTypeText": [
      "ORIGINAL",
      "PRIMARY",
      "M",
      "MB",
      "TE4",
      "DIS2D"
    ],
    "InPlanePhaseEncodingDirectionDICOM": "ROW",
    "PercentPhaseFOV": 74.5098,
    "PhaseEchoTime1": 0.0126,
    "PhaseEchoTime2": 0.0322,
    "PhaseEncodingDirection": "i",
    "PixelBandwidth": 1961,
    "ProtocolName": "func-bold_task-qct_dir-RL__cmrr_me4_sms4",
    "PulseSequenceName": "epfid2d4_76",
    "ReceiveCoilActiveElements": "HC1-7",
    "ReconMatrixPE": 76,
    "RefLinesPE": 18,
    "RepetitionTime": 1.6,
    "SequenceVariant": "SK\\SS\\OSP",
    "SeriesDescription": "func-bold_task-qct_dir-RL__cmrr_me4_sms4",
    "SeriesNumber": 13,
    "ShimSetting": [
      8243,
      -5623,
      -6012,
      644,
      -49,
      -229,
      52,
      39
    ],
    "SliceThickness": 2.2,
    "SliceTiming": [
      0,
      0.8425,
      0.105,
      0.9475,
      0.21,
      1.0525,
      0.315,
      1.1575,
      0.42,
      1.2625,
      0.525,
      1.3675,
      0.63,
      1.4725,
      0.7375,
      0,
      0.8425,
      0.105,
      0.9475,
      0.21,
      1.0525,
      0.315,
      1.1575,
      0.42,
      1.2625,
      0.525,
      1.3675,
      0.63,
      1.4725,
      0.7375,
      0,
      0.8425,
      0.105,
      0.9475,
      0.21,
      1.0525,
      0.315,
      1.1575,
      0.42,
      1.2625,
      0.525,
      1.3675,
      0.63,
      1.4725,
      0.7375,
      0,
      0.8425,
      0.105,
      0.9475,
      0.21,
      1.0525,
      0.315,
      1.1575,
      0.42,
      1.2625,
      0.525,
      1.3675,
      0.63,
      1.4725,
      0.7375
    ],
    "SpacingBetweenSlices": 2.2,
    "TotalReadoutTime": 0.0243749,
    "TxRefAmp": 249.596,
    "WipMemBlock": "2487fce8-5b20-4049-ad8a-cc01b182220c||Sequence: R017 nxva30a/master r/d34922cc2+; Jun 27 2022 13:20:16 by eja",
    "dataset": "<unset>",
    "modality": "bold",
    "session_id": "008",
    "subject_id": "001",
    "task_id": "qct"
  },
  "dummy_trs": 0,
  "dvars_nstd": 87.48995597989799,
  "dvars_std": 1.0151419032653064,
  "dvars_vstd": 1.0066948491836736,
  "efc": 0.5587,
  "fber": 74.2485,
  "fd_mean": 0.08585651823801624,
  "fd_num": 4,
  "fd_perc": 4.040404040404041,
  "fwhm_avg": 2.7411464803351246,
  "fwhm_x": 2.8670267420647013,
  "fwhm_y": 2.7290763922502888,
  "fwhm_z": 2.627336306690383,
  "gcor": [
    0.00675382,
    0.00790135,
    0.00685229,
    0.00540335
  ],
  "gsr_x": 0.0486605204641819,
  "gsr_y": -0.0007185679860413074,
  "provenance": {
    "md5sum": "693ea44e0bf709c1184bfe095a1be2c1",
    "settings": {
      "fd_thres": 0.2,
      "testing": false
    },
    "software": "mriqc",
    "version": "24.1.0.dev0+g3fe90466.d20240417"
  },
  "size_t": 99,
  "size_x": 76,
  "size_y": 102,
  "size_z": 60,
  "snr": 1.4365769703014162,
  "spacing_tr": 1.600000023841858,
  "spacing_x": 2.196079969406128,
  "spacing_y": 2.196079969406128,
  "spacing_z": 2.200000047683716,
  "summary_bg_k": 126.2342,
  "summary_bg_mad": 5.9304,
  "summary_bg_mean": 29.6425,
  "summary_bg_median": 27.0,
  "summary_bg_n": 332415.0,
  "summary_bg_p05": 0.0,
  "summary_bg_p95": 55.0,
  "summary_bg_stdv": 22.8197,
  "summary_fg_k": 5.0081,
  "summary_fg_mad": 139.11,
  "summary_fg_mean": 244.8931,
  "summary_fg_median": 230.0,
  "summary_fg_n": 132705.0,
  "summary_fg_p05": 37.0,
  "summary_fg_p95": 525.0,
  "summary_fg_stdv": 160.1022,
  "tsnr": 13.866907656309195
}