{
  "aor": [
    0.00041536715620827763,
    0.0005261148197596796,
    0.0006731775700934579,
    0.0007640987983978638
  ],
  "aqi": [
    0.006642972296395195,
    0.008454055514018692,
    0.014363413084112148,
    0.024243485046728974
  ],
  "bids_meta": {
    "AcquisitionDuration": 1230.47,
    "AcquisitionMatrixPE": 76,
    "AcquisitionTime": "19:09:23.407500",
    "B0FieldSource": [
      "039pepolarbold",
      "039phasediff"
    ],
    "BandwidthPerPixelPhaseEncode": 40.486,
    "BaseResolution": 102,
    "DerivedVendorReportedEchoSpacing": 0.000649997,
    "DwellTime": 2.5e-06,
    "EchoNumber": 3,
    "EchoTime": 0.0518,
    "EchoTrainLength": 28,
    "EffectiveEchoSpacing": 0.000324999,
    "FlipAngle": 64,
    "ImageOrientationPatientDICOM": [
      0.999305,
      0.0336275,
      0.0160832,
      -0.0265168,
      0.944544,
      -0.327313
    ],
    "ImageType": [
      "ORIGINAL",
      "PRIMARY",
      "FMRI",
      "NONE"
    ],
    "ImageTypeText": [
      "ORIGINAL",
      "PRIMARY",
      "M",
      "MB",
      "TE3",
      "DIS2D"
    ],
    "InPlanePhaseEncodingDirectionDICOM": "ROW",
    "PercentPhaseFOV": 74.5098,
    "PhaseEchoTime1": 0.0126,
    "PhaseEchoTime2": 0.0322,
    "PhaseEncodingDirection": "i-",
    "PixelBandwidth": 1961,
    "ProtocolName": "func-bold_task-rest_dir-LR__cmrr_me4_sms4",
    "PulseSequenceName": "epfid2d4_76",
    "ReceiveCoilActiveElements": "HC1-7",
    "ReconMatrixPE": 76,
    "RefLinesPE": 18,
    "RepetitionTime": 1.6,
    "SequenceVariant": "SK\\SS\\OSP",
    "SeriesDescription": "func-bold_task-rest_dir-LR__cmrr_me4_sms4",
    "SeriesNumber": 23,
    "ShimSetting": [
      8233,
      -5614,
      -6012,
      692,
      -69,
      -200,
      14,
      42
    ],
    "SliceThickness": 2.2,
    "SliceTiming": [
      0,
      0.8425,
      0.105,
      0.9475,
      0.21,
      1.0525,
      0.315,
      1.1575,
      0.4225,
      1.265,
      0.5275,
      1.37,
      0.6325,
      1.475,
      0.7375,
      0,
      0.8425,
      0.105,
      0.9475,
      0.21,
      1.0525,
      0.315,
      1.1575,
      0.4225,
      1.265,
      0.5275,
      1.37,
      0.6325,
      1.475,
      0.7375,
      0,
      0.8425,
      0.105,
      0.9475,
      0.21,
      1.0525,
      0.315,
      1.1575,
      0.4225,
      1.265,
      0.5275,
      1.37,
      0.6325,
      1.475,
      0.7375,
      0,
      0.8425,
      0.105,
      0.9475,
      0.21,
      1.0525,
      0.315,
      1.1575,
      0.4225,
      1.265,
      0.5275,
      1.37,
      0.6325,
      1.475,
      0.7375
    ],
    "SpacingBetweenSlices": 2.2,
    "TotalReadoutTime": 0.0243749,
    "TxRefAmp": 242.37,
    "WipMemBlock": "ed1ce7fc-a576-477d-9c5f-eb66396ba330||Sequence: R017 nxva30a/master r/d34922cc2+; Jun 27 2022 13:20:16 by eja",
    "dataset": "<unset>",
    "modality": "bold",
    "session_id": "039",
    "subject_id": "001",
    "task_id": "rest"
  },
  "dummy_trs": 1,
  "dvars_nstd": 61.74809171318178,
  "dvars_std": 1.0017508174331544,
  "dvars_vstd": 0.988456244304814,
  "efc": 0.5557,
  "fber": 153.0502,
  "fd_mean": 0.12951402597605574,
  "fd_num": 92,
  "fd_perc": 12.283044058744993,
  "fwhm_avg": 3.067033650333475,
  "fwhm_x": 3.1492842229558113,
  "fwhm_y": 3.1088895191035704,
  "fwhm_z": 2.9429272089410436,
  "gcor": [
    0.0229139,
    0.0210286,
    0.016589,
    0.0122889
  ],
  "gsr_x": 0.052142392843961716,
  "gsr_y": -0.0007548251305706799,
  "provenance": {
    "md5sum": "0f5fb98422f5f2ad8ebbdf26a694bc47",
    "settings": {
      "fd_thres": 0.2,
      "testing": false
    },
    "software": "mriqc",
    "version": "24.1.0.dev0+g3fe90466.d20240417"
  },
  "size_t": 749,
  "size_x": 76,
  "size_y": 102,
  "size_z": 60,
  "snr": 1.7505254115926214,
  "spacing_tr": 1.600000023841858,
  "spacing_x": 2.196079969406128,
  "spacing_y": 2.196079969406128,
  "spacing_z": 2.200000047683716,
  "summary_bg_k": 78.1705,
  "summary_bg_mad": 8.8639,
  "summary_bg_mean": 34.5965,
  "summary_bg_median": 28.0,
  "summary_bg_n": 330268.0,
  "summary_bg_p05": 1.0,
  "summary_bg_p95": 84.0,
  "summary_bg_stdv": 32.9781,
  "summary_fg_k": 1.8602,
  "summary_fg_mad": 175.2172,
  "summary_fg_mean": 354.1752,
  "summary_fg_median": 344.0,
  "summary_fg_n": 134852.0,
  "summary_fg_p05": 51.0,
  "summary_fg_p95": 688.0,
  "summary_fg_stdv": 196.5117,
  "tsnr": 17.78161043918226
}