{
  "aor": [
    0.00041536715620827763,
    0.0005261148197596796,
    0.0006731775700934579,
    0.0007640987983978638
  ],
  "aqi": [
    0.006642972296395195,
    0.008454055514018692,
    0.014363413084112148,
    0.024243485046728974
  ],
  "bids_meta": {
    "AcquisitionDuration": 1230.47,
    "AcquisitionMatrixPE": 76,
    "AcquisitionTime": "19:09:23.425000",
    "B0FieldSource": [
      "039pepolarbold",
      "039phasediff"
    ],
    "BandwidthPerPixelPhaseEncode": 40.486,
    "BaseResolution": 102,
    "DerivedVendorReportedEchoSpacing": 0.000649997,
    "DwellTime": 2.5e-06,
    "EchoNumber": 4,
    "EchoTime": 0.0714,
    "EchoTrainLength": 28,
    "EffectiveEchoSpacing": 0.000324999,
    "FlipAngle": 64,
    "ImageOrientationPatientDICOM": [
      0.999305,
      0.0336275,
      0.0160832,
      -0.0265168,
      0.944544,
      -0.327313
    ],
    "ImageType": [
      "ORIGINAL",
      "PRIMARY",
      "FMRI",
      "NONE"
    ],
    "ImageTypeText": [
      "ORIGINAL",
      "PRIMARY",
      "M",
      "MB",
      "TE4",
      "DIS2D"
    ],
    "InPlanePhaseEncodingDirectionDICOM": "ROW",
    "PercentPhaseFOV": 74.5098,
    "PhaseEchoTime1": 0.0126,
    "PhaseEchoTime2": 0.0322,
    "PhaseEncodingDirection": "i-",
    "PixelBandwidth": 1961,
    "ProtocolName": "func-bold_task-rest_dir-LR__cmrr_me4_sms4",
    "PulseSequenceName": "epfid2d4_76",
    "ReceiveCoilActiveElements": "HC1-7",
    "ReconMatrixPE": 76,
    "RefLinesPE": 18,
    "RepetitionTime": 1.6,
    "SequenceVariant": "SK\\SS\\OSP",
    "SeriesDescription": "func-bold_task-rest_dir-LR__cmrr_me4_sms4",
    "SeriesNumber": 23,
    "ShimSetting": [
      8233,
      -5614,
      -6012,
      692,
      -69,
      -200,
      14,
      42
    ],
    "SliceThickness": 2.2,
    "SliceTiming": [
      0,
      0.8425,
      0.105,
      0.9475,
      0.21,
      1.0525,
      0.315,
      1.1575,
      0.42,
      1.2625,
      0.5275,
      1.37,
      0.6325,
      1.475,
      0.7375,
      0,
      0.8425,
      0.105,
      0.9475,
      0.21,
      1.0525,
      0.315,
      1.1575,
      0.42,
      1.2625,
      0.5275,
      1.37,
      0.6325,
      1.475,
      0.7375,
      0,
      0.8425,
      0.105,
      0.9475,
      0.21,
      1.0525,
      0.315,
      1.1575,
      0.42,
      1.2625,
      0.5275,
      1.37,
      0.6325,
      1.475,
      0.7375,
      0,
      0.8425,
      0.105,
      0.9475,
      0.21,
      1.0525,
      0.315,
      1.1575,
      0.42,
      1.2625,
      0.5275,
      1.37,
      0.6325,
      1.475,
      0.7375
    ],
    "SpacingBetweenSlices": 2.2,
    "TotalReadoutTime": 0.0243749,
    "TxRefAmp": 242.37,
    "WipMemBlock": "ed1ce7fc-a576-477d-9c5f-eb66396ba330||Sequence: R017 nxva30a/master r/d34922cc2+; Jun 27 2022 13:20:16 by eja",
    "dataset": "<unset>",
    "modality": "bold",
    "session_id": "039",
    "subject_id": "001",
    "task_id": "rest"
  },
  "dummy_trs": 1,
  "dvars_nstd": 86.73770233406412,
  "dvars_std": 1.0092604620588241,
  "dvars_vstd": 0.9905940915374314,
  "efc": 0.5602,
  "fber": 72.0722,
  "fd_mean": 0.12951402597605574,
  "fd_num": 92,
  "fd_perc": 12.283044058744993,
  "fwhm_avg": 2.747302388773418,
  "fwhm_x": 2.841044081690348,
  "fwhm_y": 2.7573540510173293,
  "fwhm_z": 2.6435090336125757,
  "gcor": [
    0.0229139,
    0.0210286,
    0.016589,
    0.0122889
  ],
  "gsr_x": 0.03468795865774155,
  "gsr_y": 0.0011934213107451797,
  "provenance": {
    "md5sum": "38fce489aa07000d6809b375d0729a83",
    "settings": {
      "fd_thres": 0.2,
      "testing": false
    },
    "software": "mriqc",
    "version": "24.1.0.dev0+g3fe90466.d20240417"
  },
  "size_t": 749,
  "size_x": 76,
  "size_y": 102,
  "size_z": 60,
  "snr": 1.4655640096741849,
  "spacing_tr": 1.600000023841858,
  "spacing_x": 2.196079969406128,
  "spacing_y": 2.196079969406128,
  "spacing_z": 2.200000047683716,
  "summary_bg_k": 87.1131,
  "summary_bg_mad": 5.7206,
  "summary_bg_mean": 27.3854,
  "summary_bg_median": 26.0,
  "summary_bg_n": 330268.0,
  "summary_bg_p05": 1.0,
  "summary_bg_p95": 49.0,
  "summary_bg_stdv": 18.217,
  "summary_fg_k": 4.0288,
  "summary_fg_mad": 133.551,
  "summary_fg_mean": 232.2708,
  "summary_fg_median": 220.0,
  "summary_fg_n": 134852.0,
  "summary_fg_p05": 35.0,
  "summary_fg_p95": 495.0,
  "summary_fg_stdv": 150.1123,
  "tsnr": 12.284096552641131
}