{
  "aor": [
    0.0004563684913217623,
    0.00048404539385847795,
    0.0005236315086782376,
    0.0006233377837116154
  ],
  "aqi": [
    0.005013924192256341,
    0.0062884990520694255,
    0.011252692323097464,
    0.020213082376502003
  ],
  "bids_meta": {
    "AcquisitionDuration": 1230.47,
    "AcquisitionMatrixPE": 96,
    "AcquisitionTime": "21:01:25.230000",
    "B0FieldSource": [
      "040pepolarbold",
      "040phasediff"
    ],
    "BandwidthPerPixelPhaseEncode": 37.879,
    "BaseResolution": 96,
    "DerivedVendorReportedEchoSpacing": 0.000549997,
    "DwellTime": 2.3e-06,
    "EchoNumber": 2,
    "EchoTime": 0.03304,
    "EchoTrainLength": 35,
    "EffectiveEchoSpacing": 0.000274998,
    "FlipAngle": 64,
    "ImageOrientationPatientDICOM": [
      0.998979,
      0.00644586,
      0.0447055,
      0.0101129,
      0.932718,
      -0.360466
    ],
    "ImageType": [
      "ORIGINAL",
      "PRIMARY",
      "FMRI",
      "NONE"
    ],
    "ImageTypeText": [
      "ORIGINAL",
      "PRIMARY",
      "M",
      "MB",
      "TE2",
      "DIS2D"
    ],
    "InPlanePhaseEncodingDirectionDICOM": "COL",
    "PercentPhaseFOV": 100,
    "PhaseEchoTime1": 0.0126,
    "PhaseEchoTime2": 0.03304,
    "PhaseEncodingDirection": "j-",
    "PixelBandwidth": 2264,
    "ProtocolName": "func-bold_task-rest_dir-AP__cmrr_me4_sms4",
    "PulseSequenceName": "epfid2d4_96",
    "ReceiveCoilActiveElements": "HC1-7",
    "ReconMatrixPE": 96,
    "RefLinesPE": 22,
    "RepetitionTime": 1.6,
    "SequenceVariant": "SK\\SS",
    "SeriesDescription": "func-bold_task-rest_dir-AP__cmrr_me4_sms4",
    "SeriesNumber": 23,
    "ShimSetting": [
      8235,
      -5623,
      -6013,
      640,
      -52,
      -218,
      61,
      11
    ],
    "SliceThickness": 2.2,
    "SliceTiming": [
      0,
      0.845,
      0.1075,
      0.95,
      0.2125,
      1.055,
      0.3175,
      1.16,
      0.4225,
      1.265,
      0.5275,
      1.37,
      0.6325,
      1.475,
      0.7375,
      0,
      0.845,
      0.1075,
      0.95,
      0.2125,
      1.055,
      0.3175,
      1.16,
      0.4225,
      1.265,
      0.5275,
      1.37,
      0.6325,
      1.475,
      0.7375,
      0,
      0.845,
      0.1075,
      0.95,
      0.2125,
      1.055,
      0.3175,
      1.16,
      0.4225,
      1.265,
      0.5275,
      1.37,
      0.6325,
      1.475,
      0.7375,
      0,
      0.845,
      0.1075,
      0.95,
      0.2125,
      1.055,
      0.3175,
      1.16,
      0.4225,
      1.265,
      0.5275,
      1.37,
      0.6325,
      1.475,
      0.7375
    ],
    "SpacingBetweenSlices": 2.2,
    "TotalReadoutTime": 0.0261249,
    "TxRefAmp": 240.69,
    "WipMemBlock": "25581e36-a037-4553-853a-49c0a7cdb3b4||Sequence: R017 nxva30a/master r/d34922cc2+; Jun 27 2022 13:20:16 by eja",
    "dataset": "<unset>",
    "modality": "bold",
    "session_id": "040",
    "subject_id": "001",
    "task_id": "rest"
  },
  "dummy_trs": 1,
  "dvars_nstd": 34.04833836475933,
  "dvars_std": 0.9872541816310152,
  "dvars_vstd": 0.9794377376604282,
  "efc": 0.5163,
  "fber": 614.4409,
  "fd_mean": 0.10014611190721456,
  "fd_num": 32,
  "fd_perc": 4.2723631508678235,
  "fwhm_avg": 3.2327904399675482,
  "fwhm_x": 2.999617705846078,
  "fwhm_y": 3.4607673206016654,
  "fwhm_z": 3.2379862934549006,
  "gcor": [
    0.0278753,
    0.0202986,
    0.0152954,
    0.0110226
  ],
  "gsr_x": 0.011557677760720253,
  "gsr_y": 0.03086894378066063,
  "provenance": {
    "md5sum": "3b08a5ef9dc709129828808adf9bec32",
    "settings": {
      "fd_thres": 0.2,
      "testing": false
    },
    "software": "mriqc",
    "version": "24.1.0.dev0+g3fe90466.d20240417"
  },
  "size_t": 749,
  "size_x": 96,
  "size_y": 96,
  "size_z": 60,
  "snr": 2.150013186144759,
  "spacing_tr": 1.600000023841858,
  "spacing_x": 2.197920083999634,
  "spacing_y": 2.197920083999634,
  "spacing_z": 2.200000047683716,
  "summary_bg_k": 27.1673,
  "summary_bg_mad": 6.2926,
  "summary_bg_mean": 40.1639,
  "summary_bg_median": 21.0,
  "summary_bg_n": 418579.0,
  "summary_bg_p05": 0.0,
  "summary_bg_p95": 146.0,
  "summary_bg_stdv": 64.588,
  "summary_fg_k": 0.5226,
  "summary_fg_mad": 212.1249,
  "summary_fg_mean": 527.4586,
  "summary_fg_median": 513.0,
  "summary_fg_n": 134381.0,
  "summary_fg_p05": 108.0,
  "summary_fg_p95": 941.0,
  "summary_fg_stdv": 238.6023,
  "tsnr": 33.24659920670092
}