{
  "aor": [
    0.0005544660194174758,
    0.0005234951456310679,
    0.0006085922330097087,
    0.0007798543689320387
  ],
  "aqi": [
    0.003930528737864078,
    0.0053088547087378635,
    0.009415773883495144,
    0.01678580339805825
  ],
  "bids_meta": {
    "AcquisitionDuration": 361.475,
    "AcquisitionMatrixPE": 96,
    "AcquisitionTime": "20:37:35.302500",
    "B0FieldSource": [
      "013pepolarbold",
      "013phasediff"
    ],
    "BandwidthPerPixelPhaseEncode": 37.879,
    "BaseResolution": 96,
    "DerivedVendorReportedEchoSpacing": 0.000549997,
    "DwellTime": 2.3e-06,
    "EchoNumber": 1,
    "EchoTime": 0.0126,
    "EchoTrainLength": 35,
    "EffectiveEchoSpacing": 0.000274998,
    "ImageOrientationPatientDICOM": [
      0.999176,
      0.0386127,
      0.0124868,
      -0.0317495,
      0.935434,
      -0.352071
    ],
    "ImageType": [
      "ORIGINAL",
      "PRIMARY",
      "FMRI",
      "NONE"
    ],
    "ImageTypeText": [
      "ORIGINAL",
      "PRIMARY",
      "M",
      "MB",
      "TE1",
      "DIS2D"
    ],
    "InPlanePhaseEncodingDirectionDICOM": "COL",
    "PercentPhaseFOV": 100,
    "PercentSampling": 100,
    "PhaseEchoTime1": 0.0126,
    "PhaseEchoTime2": 0.03304,
    "PhaseEncodingDirection": "j",
    "PhaseResolution": 1,
    "PixelBandwidth": 2264,
    "ProtocolName": "func-bold_task-bht_dir-PA__cmrr_me4_sms4",
    "PulseSequenceName": "epfid2d4_96",
    "ReceiveCoilActiveElements": "HC1-7",
    "ReconMatrixPE": 96,
    "RefLinesPE": 22,
    "RepetitionTime": 1.6,
    "SequenceVariant": "SK\\SS",
    "SeriesDescription": "func-bold_task-bht_dir-PA__cmrr_me4_sms4",
    "SeriesNumber": 25,
    "ShimSetting": [
      8226,
      -5603,
      -6012,
      718,
      -34,
      -115,
      23,
      66
    ],
    "SliceThickness": 2.2,
    "SliceTiming": [
      0,
      0.8425,
      0.105,
      0.9475,
      0.21,
      1.0525,
      0.315,
      1.1575,
      0.42,
      1.2625,
      0.525,
      1.3675,
      0.6325,
      1.475,
      0.7375,
      0,
      0.8425,
      0.105,
      0.9475,
      0.21,
      1.0525,
      0.315,
      1.1575,
      0.42,
      1.2625,
      0.525,
      1.3675,
      0.6325,
      1.475,
      0.7375,
      0,
      0.8425,
      0.105,
      0.9475,
      0.21,
      1.0525,
      0.315,
      1.1575,
      0.42,
      1.2625,
      0.525,
      1.3675,
      0.6325,
      1.475,
      0.7375,
      0,
      0.8425,
      0.105,
      0.9475,
      0.21,
      1.0525,
      0.315,
      1.1575,
      0.42,
      1.2625,
      0.525,
      1.3675,
      0.6325,
      1.475,
      0.7375
    ],
    "SpacingBetweenSlices": 2.2,
    "TotalReadoutTime": 0.0261249,
    "TxRefAmp": 245.254,
    "WipMemBlock": "d966c2f4-505e-4f24-975c-453062900951||Sequence: R017 nxva30a/master r/d34922cc2+; Jun 27 2022 13:20:16 by eja",
    "dataset": "<unset>",
    "modality": "bold",
    "session_id": "013",
    "subject_id": "001",
    "task_id": "bht"
  },
  "dummy_trs": 1,
  "dvars_nstd": 28.730694244975613,
  "dvars_std": 1.0646893762926823,
  "dvars_vstd": 1.0075066195121956,
  "efc": 0.5788,
  "fber": 699.3396,
  "fd_mean": 0.1690018987454677,
  "fd_num": 77,
  "fd_perc": 37.37864077669903,
  "fwhm_avg": 3.5363761442535915,
  "fwhm_x": 3.251583190866002,
  "fwhm_y": 3.6346225953142213,
  "fwhm_z": 3.722922646580552,
  "gcor": [
    0.030476,
    0.0392463,
    0.036289,
    0.0296413
  ],
  "gsr_x": 0.003284296952188015,
  "gsr_y": 0.10665518045425415,
  "provenance": {
    "md5sum": "8157290b84223f1889203d15cac1cfeb",
    "settings": {
      "fd_thres": 0.2,
      "testing": false
    },
    "software": "mriqc",
    "version": "24.1.0.dev0+g3fe90466.d20240417"
  },
  "size_t": 206,
  "size_x": 96,
  "size_y": 96,
  "size_z": 60,
  "snr": 2.565085784331507,
  "spacing_tr": 1.600000023841858,
  "spacing_x": 2.197920083999634,
  "spacing_y": 2.197920083999634,
  "spacing_z": 2.200000047683716,
  "summary_bg_k": 10.8215,
  "summary_bg_mad": 19.4178,
  "summary_bg_mean": 126.9835,
  "summary_bg_median": 30.0,
  "summary_bg_n": 417708.0,
  "summary_bg_p05": 0.0,
  "summary_bg_p95": 642.0,
  "summary_bg_stdv": 230.3023,
  "summary_fg_k": 0.8095,
  "summary_fg_mad": 309.065,
  "summary_fg_mean": 830.8418,
  "summary_fg_median": 805.0,
  "summary_fg_n": 135252.0,
  "summary_fg_p05": 384.0,
  "summary_fg_p95": 1363.0,
  "summary_fg_stdv": 313.8285,
  "tsnr": 50.90344502474181
}