{
  "aor": [
    0.0005544660194174758,
    0.0005234951456310679,
    0.0006085922330097087,
    0.0007798543689320387
  ],
  "aqi": [
    0.003930528737864078,
    0.0053088547087378635,
    0.009415773883495144,
    0.01678580339805825
  ],
  "bids_meta": {
    "AcquisitionDuration": 361.475,
    "AcquisitionMatrixPE": 96,
    "AcquisitionTime": "20:37:35.322500",
    "B0FieldSource": [
      "013pepolarbold",
      "013phasediff"
    ],
    "BandwidthPerPixelPhaseEncode": 37.879,
    "BaseResolution": 96,
    "DerivedVendorReportedEchoSpacing": 0.000549997,
    "DwellTime": 2.3e-06,
    "EchoNumber": 2,
    "EchoTime": 0.03304,
    "EchoTrainLength": 35,
    "EffectiveEchoSpacing": 0.000274998,
    "ImageOrientationPatientDICOM": [
      0.999176,
      0.0386127,
      0.0124868,
      -0.0317495,
      0.935434,
      -0.352071
    ],
    "ImageType": [
      "ORIGINAL",
      "PRIMARY",
      "FMRI",
      "NONE"
    ],
    "ImageTypeText": [
      "ORIGINAL",
      "PRIMARY",
      "M",
      "MB",
      "TE2",
      "DIS2D"
    ],
    "InPlanePhaseEncodingDirectionDICOM": "COL",
    "PercentPhaseFOV": 100,
    "PercentSampling": 100,
    "PhaseEchoTime1": 0.0126,
    "PhaseEchoTime2": 0.03304,
    "PhaseEncodingDirection": "j",
    "PhaseResolution": 1,
    "PixelBandwidth": 2264,
    "ProtocolName": "func-bold_task-bht_dir-PA__cmrr_me4_sms4",
    "PulseSequenceName": "epfid2d4_96",
    "ReceiveCoilActiveElements": "HC1-7",
    "ReconMatrixPE": 96,
    "RefLinesPE": 22,
    "RepetitionTime": 1.6,
    "SequenceVariant": "SK\\SS",
    "SeriesDescription": "func-bold_task-bht_dir-PA__cmrr_me4_sms4",
    "SeriesNumber": 25,
    "ShimSetting": [
      8226,
      -5603,
      -6012,
      718,
      -34,
      -115,
      23,
      66
    ],
    "SliceThickness": 2.2,
    "SliceTiming": [
      0,
      0.8425,
      0.105,
      0.9475,
      0.21,
      1.0525,
      0.315,
      1.1575,
      0.42,
      1.2625,
      0.525,
      1.3675,
      0.63,
      1.4725,
      0.7375,
      0,
      0.8425,
      0.105,
      0.9475,
      0.21,
      1.0525,
      0.315,
      1.1575,
      0.42,
      1.2625,
      0.525,
      1.3675,
      0.63,
      1.4725,
      0.7375,
      0,
      0.8425,
      0.105,
      0.9475,
      0.21,
      1.0525,
      0.315,
      1.1575,
      0.42,
      1.2625,
      0.525,
      1.3675,
      0.63,
      1.4725,
      0.7375,
      0,
      0.8425,
      0.105,
      0.9475,
      0.21,
      1.0525,
      0.315,
      1.1575,
      0.42,
      1.2625,
      0.525,
      1.3675,
      0.63,
      1.4725,
      0.7375
    ],
    "SpacingBetweenSlices": 2.2,
    "TotalReadoutTime": 0.0261249,
    "TxRefAmp": 245.254,
    "WipMemBlock": "d966c2f4-505e-4f24-975c-453062900951||Sequence: R017 nxva30a/master r/d34922cc2+; Jun 27 2022 13:20:16 by eja",
    "dataset": "<unset>",
    "modality": "bold",
    "session_id": "013",
    "subject_id": "001",
    "task_id": "bht"
  },
  "dummy_trs": 1,
  "dvars_nstd": 39.92346505858538,
  "dvars_std": 1.0392954471219507,
  "dvars_vstd": 1.0036489222926828,
  "efc": 0.5187,
  "fber": 619.4665,
  "fd_mean": 0.1690018987454677,
  "fd_num": 77,
  "fd_perc": 37.37864077669903,
  "fwhm_avg": 3.1556044202066125,
  "fwhm_x": 2.9995722082864855,
  "fwhm_y": 3.389782028126388,
  "fwhm_z": 3.077459024206963,
  "gcor": [
    0.030476,
    0.0392463,
    0.036289,
    0.0296413
  ],
  "gsr_x": 0.012696313671767712,
  "gsr_y": 0.03832228481769562,
  "provenance": {
    "md5sum": "a1863de96aecc6a913bdb30c7a3aa498",
    "settings": {
      "fd_thres": 0.2,
      "testing": false
    },
    "software": "mriqc",
    "version": "24.1.0.dev0+g3fe90466.d20240417"
  },
  "size_t": 206,
  "size_x": 96,
  "size_y": 96,
  "size_z": 60,
  "snr": 2.1305720921020397,
  "spacing_tr": 1.600000023841858,
  "spacing_x": 2.197920083999634,
  "spacing_y": 2.197920083999634,
  "spacing_z": 2.200000047683716,
  "summary_bg_k": 38.6528,
  "summary_bg_mad": 6.2759,
  "summary_bg_mean": 42.728,
  "summary_bg_median": 21.0,
  "summary_bg_n": 417708.0,
  "summary_bg_p05": 0.0,
  "summary_bg_p95": 156.0,
  "summary_bg_stdv": 73.49,
  "summary_fg_k": 1.0767,
  "summary_fg_mad": 216.8342,
  "summary_fg_mean": 532.6451,
  "summary_fg_median": 520.0,
  "summary_fg_n": 135252.0,
  "summary_fg_p05": 103.0,
  "summary_fg_p95": 942.0,
  "summary_fg_stdv": 244.065,
  "tsnr": 34.28775354649406
}