{
  "aor": [
    0.0005544660194174758,
    0.0005234951456310679,
    0.0006085922330097087,
    0.0007798543689320387
  ],
  "aqi": [
    0.003930528737864078,
    0.0053088547087378635,
    0.009415773883495144,
    0.01678580339805825
  ],
  "bids_meta": {
    "AcquisitionDuration": 361.472,
    "AcquisitionMatrixPE": 96,
    "AcquisitionTime": "20:37:35.365000",
    "B0FieldSource": [
      "013pepolarbold",
      "013phasediff"
    ],
    "BandwidthPerPixelPhaseEncode": 37.879,
    "BaseResolution": 96,
    "DerivedVendorReportedEchoSpacing": 0.000549997,
    "DwellTime": 2.3e-06,
    "EchoNumber": 4,
    "EchoTime": 0.07392,
    "EchoTrainLength": 35,
    "EffectiveEchoSpacing": 0.000274998,
    "ImageOrientationPatientDICOM": [
      0.999176,
      0.0386127,
      0.0124868,
      -0.0317495,
      0.935434,
      -0.352071
    ],
    "ImageType": [
      "ORIGINAL",
      "PRIMARY",
      "FMRI",
      "NONE"
    ],
    "ImageTypeText": [
      "ORIGINAL",
      "PRIMARY",
      "M",
      "MB",
      "TE4",
      "DIS2D"
    ],
    "InPlanePhaseEncodingDirectionDICOM": "COL",
    "PercentPhaseFOV": 100,
    "PercentSampling": 100,
    "PhaseEchoTime1": 0.0126,
    "PhaseEchoTime2": 0.03304,
    "PhaseEncodingDirection": "j",
    "PhaseResolution": 1,
    "PixelBandwidth": 2264,
    "ProtocolName": "func-bold_task-bht_dir-PA__cmrr_me4_sms4",
    "PulseSequenceName": "epfid2d4_96",
    "ReceiveCoilActiveElements": "HC1-7",
    "ReconMatrixPE": 96,
    "RefLinesPE": 22,
    "RepetitionTime": 1.6,
    "SequenceVariant": "SK\\SS",
    "SeriesDescription": "func-bold_task-bht_dir-PA__cmrr_me4_sms4",
    "SeriesNumber": 25,
    "ShimSetting": [
      8226,
      -5603,
      -6012,
      718,
      -34,
      -115,
      23,
      66
    ],
    "SliceThickness": 2.2,
    "SliceTiming": [
      0,
      0.8425,
      0.105,
      0.9475,
      0.21,
      1.0525,
      0.315,
      1.1575,
      0.42,
      1.265,
      0.5275,
      1.37,
      0.6325,
      1.475,
      0.7375,
      0,
      0.8425,
      0.105,
      0.9475,
      0.21,
      1.0525,
      0.315,
      1.1575,
      0.42,
      1.265,
      0.5275,
      1.37,
      0.6325,
      1.475,
      0.7375,
      0,
      0.8425,
      0.105,
      0.9475,
      0.21,
      1.0525,
      0.315,
      1.1575,
      0.42,
      1.265,
      0.5275,
      1.37,
      0.6325,
      1.475,
      0.7375,
      0,
      0.8425,
      0.105,
      0.9475,
      0.21,
      1.0525,
      0.315,
      1.1575,
      0.42,
      1.265,
      0.5275,
      1.37,
      0.6325,
      1.475,
      0.7375
    ],
    "SpacingBetweenSlices": 2.2,
    "TotalReadoutTime": 0.0261249,
    "TxRefAmp": 245.254,
    "WipMemBlock": "d966c2f4-505e-4f24-975c-453062900951||Sequence: R017 nxva30a/master r/d34922cc2+; Jun 27 2022 13:20:16 by eja",
    "dataset": "<unset>",
    "modality": "bold",
    "session_id": "013",
    "subject_id": "001",
    "task_id": "bht"
  },
  "dummy_trs": 1,
  "dvars_nstd": 83.34683421082924,
  "dvars_std": 1.0466814583902433,
  "dvars_vstd": 1.0071447375121945,
  "efc": 0.5124,
  "fber": 138.781,
  "fd_mean": 0.1690018987454677,
  "fd_num": 77,
  "fd_perc": 37.37864077669903,
  "fwhm_avg": 2.5698180197407603,
  "fwhm_x": 2.443783119823794,
  "fwhm_y": 2.805970992711047,
  "fwhm_z": 2.4596999466874396,
  "gcor": [
    0.030476,
    0.0392463,
    0.036289,
    0.0296413
  ],
  "gsr_x": 0.002611313248053193,
  "gsr_y": 0.028408879414200783,
  "provenance": {
    "md5sum": "2a5ac399b678cc952ab8a043eec4a503",
    "settings": {
      "fd_thres": 0.2,
      "testing": false
    },
    "software": "mriqc",
    "version": "24.1.0.dev0+g3fe90466.d20240417"
  },
  "size_t": 206,
  "size_x": 96,
  "size_y": 96,
  "size_z": 60,
  "snr": 1.517269962356639,
  "spacing_tr": 1.600000023841858,
  "spacing_x": 2.197920083999634,
  "spacing_y": 2.197920083999634,
  "spacing_z": 2.200000047683716,
  "summary_bg_k": 209.7647,
  "summary_bg_mad": 2.1088,
  "summary_bg_mean": 20.1379,
  "summary_bg_median": 18.0,
  "summary_bg_n": 417708.0,
  "summary_bg_p05": 0.0,
  "summary_bg_p95": 36.0,
  "summary_bg_stdv": 14.7691,
  "summary_fg_k": 4.7577,
  "summary_fg_mad": 122.0268,
  "summary_fg_mean": 220.3199,
  "summary_fg_median": 213.0,
  "summary_fg_n": 135252.0,
  "summary_fg_p05": 27.0,
  "summary_fg_p95": 459.0,
  "summary_fg_stdv": 140.3832,
  "tsnr": 15.358455436071381
}