{
  "aor": [
    0.00027805073431241655,
    0.0002475166889185581,
    0.0002937650200267023,
    0.0004225500667556743
  ],
  "aqi": [
    0.004392453524699599,
    0.0046954969959946595,
    0.007983755020026701,
    0.014476389052069424
  ],
  "bids_meta": {
    "AcquisitionDuration": 1230.47,
    "AcquisitionMatrixPE": 96,
    "AcquisitionTime": "20:15:23.272500",
    "B0FieldSource": [
      "013pepolarbold",
      "013phasediff"
    ],
    "BandwidthPerPixelPhaseEncode": 37.879,
    "BaseResolution": 96,
    "DerivedVendorReportedEchoSpacing": 0.000549997,
    "DwellTime": 2.3e-06,
    "EchoNumber": 3,
    "EchoTime": 0.05348,
    "EchoTrainLength": 35,
    "EffectiveEchoSpacing": 0.000274998,
    "FlipAngle": 64,
    "ImageOrientationPatientDICOM": [
      0.999176,
      0.0386127,
      0.0124868,
      -0.0317495,
      0.935434,
      -0.352071
    ],
    "ImageType": [
      "ORIGINAL",
      "PRIMARY",
      "FMRI",
      "NONE"
    ],
    "ImageTypeText": [
      "ORIGINAL",
      "PRIMARY",
      "M",
      "MB",
      "TE3",
      "DIS2D"
    ],
    "InPlanePhaseEncodingDirectionDICOM": "COL",
    "PercentPhaseFOV": 100,
    "PhaseEchoTime1": 0.0126,
    "PhaseEchoTime2": 0.03304,
    "PhaseEncodingDirection": "j",
    "PixelBandwidth": 2264,
    "ProtocolName": "func-bold_task-rest_dir-PA__cmrr_me4_sms4",
    "PulseSequenceName": "epfid2d4_96",
    "ReceiveCoilActiveElements": "HC1-7",
    "ReconMatrixPE": 96,
    "RefLinesPE": 22,
    "RepetitionTime": 1.6,
    "SequenceVariant": "SK\\SS",
    "SeriesDescription": "func-bold_task-rest_dir-PA__cmrr_me4_sms4",
    "SeriesNumber": 23,
    "ShimSetting": [
      8226,
      -5604,
      -6013,
      719,
      -29,
      -118,
      22,
      69
    ],
    "SliceThickness": 2.2,
    "SliceTiming": [
      0,
      0.8425,
      0.105,
      0.9475,
      0.21,
      1.0525,
      0.315,
      1.1575,
      0.42,
      1.2625,
      0.525,
      1.3675,
      0.63,
      1.4725,
      0.7375,
      0,
      0.8425,
      0.105,
      0.9475,
      0.21,
      1.0525,
      0.315,
      1.1575,
      0.42,
      1.2625,
      0.525,
      1.3675,
      0.63,
      1.4725,
      0.7375,
      0,
      0.8425,
      0.105,
      0.9475,
      0.21,
      1.0525,
      0.315,
      1.1575,
      0.42,
      1.2625,
      0.525,
      1.3675,
      0.63,
      1.4725,
      0.7375,
      0,
      0.8425,
      0.105,
      0.9475,
      0.21,
      1.0525,
      0.315,
      1.1575,
      0.42,
      1.2625,
      0.525,
      1.3675,
      0.63,
      1.4725,
      0.7375
    ],
    "SpacingBetweenSlices": 2.2,
    "TotalReadoutTime": 0.0261249,
    "TxRefAmp": 245.254,
    "WipMemBlock": "bc5b565a-92bc-46ab-8848-0a41355e3202||Sequence: R017 nxva30a/master r/d34922cc2+; Jun 27 2022 13:20:16 by eja",
    "dataset": "<unset>",
    "modality": "bold",
    "session_id": "013",
    "subject_id": "001",
    "task_id": "rest"
  },
  "dummy_trs": 1,
  "dvars_nstd": 52.73012613100263,
  "dvars_std": 1.0209935192112305,
  "dvars_vstd": 0.9989362941577538,
  "efc": 0.5043,
  "fber": 324.4874,
  "fd_mean": 0.11460838333889095,
  "fd_num": 54,
  "fd_perc": 7.209612817089453,
  "fwhm_avg": 2.863710338289426,
  "fwhm_x": 2.758239502943188,
  "fwhm_y": 3.101787025665641,
  "fwhm_z": 2.73110448625945,
  "gcor": [
    0.0110002,
    0.0177075,
    0.0162149,
    0.0132869
  ],
  "gsr_x": 0.005883821286261082,
  "gsr_y": 0.027768608182668686,
  "provenance": {
    "md5sum": "4273ac83a08abe46191197f189ab5401",
    "settings": {
      "fd_thres": 0.2,
      "testing": false
    },
    "software": "mriqc",
    "version": "24.1.0.dev0+g3fe90466.d20240417"
  },
  "size_t": 749,
  "size_x": 96,
  "size_y": 96,
  "size_z": 60,
  "snr": 1.8099605874330933,
  "spacing_tr": 1.600000023841858,
  "spacing_x": 2.197920083999634,
  "spacing_y": 2.197920083999634,
  "spacing_z": 2.200000047683716,
  "summary_bg_k": 75.4734,
  "summary_bg_mad": 3.3967,
  "summary_bg_mean": 25.4767,
  "summary_bg_median": 19.0,
  "summary_bg_n": 417674.0,
  "summary_bg_p05": 1.0,
  "summary_bg_p95": 65.0,
  "summary_bg_stdv": 29.2636,
  "summary_fg_k": 1.9207,
  "summary_fg_mad": 162.7805,
  "summary_fg_mean": 346.1079,
  "summary_fg_median": 340.0,
  "summary_fg_n": 135286.0,
  "summary_fg_p05": 40.0,
  "summary_fg_p95": 660.0,
  "summary_fg_stdv": 187.8487,
  "tsnr": 24.75263723358512
}