{
  "aor": [
    0.0014736363636363636,
    0.0012271717171717172,
    0.0012204040404040404,
    0.0014063636363636366
  ],
  "aqi": [
    0.0034645174747474747,
    0.004145007474747475,
    0.0070050962626262625,
    0.012535477777777778
  ],
  "bids_meta": {
    "AcquisitionDuration": 188.475,
    "AcquisitionMatrixPE": 96,
    "AcquisitionTime": "20:09:1.435000",
    "B0FieldSource": [
      "013pepolarbold",
      "013phasediff"
    ],
    "BandwidthPerPixelPhaseEncode": 37.879,
    "BaseResolution": 96,
    "DerivedVendorReportedEchoSpacing": 0.000549997,
    "DwellTime": 2.3e-06,
    "EchoNumber": 4,
    "EchoTime": 0.07392,
    "EchoTrainLength": 35,
    "EffectiveEchoSpacing": 0.000274998,
    "FlipAngle": 64,
    "ImageOrientationPatientDICOM": [
      0.999176,
      0.0386127,
      0.0124868,
      -0.0317495,
      0.935434,
      -0.352071
    ],
    "ImageType": [
      "ORIGINAL",
      "PRIMARY",
      "FMRI",
      "NONE"
    ],
    "ImageTypeText": [
      "ORIGINAL",
      "PRIMARY",
      "M",
      "MB",
      "TE4",
      "DIS2D"
    ],
    "InPlanePhaseEncodingDirectionDICOM": "COL",
    "PercentPhaseFOV": 100,
    "PhaseEchoTime1": 0.0126,
    "PhaseEchoTime2": 0.03304,
    "PhaseEncodingDirection": "j",
    "PixelBandwidth": 2264,
    "ProtocolName": "func-bold_task-qct_dir-PA__cmrr_me4_sms4",
    "PulseSequenceName": "epfid2d4_96",
    "ReceiveCoilActiveElements": "HC1-7",
    "ReconMatrixPE": 96,
    "RefLinesPE": 22,
    "RepetitionTime": 1.6,
    "SequenceVariant": "SK\\SS",
    "SeriesDescription": "func-bold_task-qct_dir-PA__cmrr_me4_sms4",
    "SeriesNumber": 13,
    "ShimSetting": [
      8226,
      -5603,
      -6013,
      717,
      -33,
      -117,
      22,
      65
    ],
    "SliceThickness": 2.2,
    "SliceTiming": [
      0,
      0.8425,
      0.105,
      0.9475,
      0.21,
      1.0525,
      0.315,
      1.1575,
      0.42,
      1.2625,
      0.525,
      1.3675,
      0.63,
      1.475,
      0.7375,
      0,
      0.8425,
      0.105,
      0.9475,
      0.21,
      1.0525,
      0.315,
      1.1575,
      0.42,
      1.2625,
      0.525,
      1.3675,
      0.63,
      1.475,
      0.7375,
      0,
      0.8425,
      0.105,
      0.9475,
      0.21,
      1.0525,
      0.315,
      1.1575,
      0.42,
      1.2625,
      0.525,
      1.3675,
      0.63,
      1.475,
      0.7375,
      0,
      0.8425,
      0.105,
      0.9475,
      0.21,
      1.0525,
      0.315,
      1.1575,
      0.42,
      1.2625,
      0.525,
      1.3675,
      0.63,
      1.475,
      0.7375
    ],
    "SpacingBetweenSlices": 2.2,
    "TotalReadoutTime": 0.0261249,
    "TxRefAmp": 245.254,
    "WipMemBlock": "8e697691-d428-4c18-a21e-fd25eb4365e8||Sequence: R017 nxva30a/master r/d34922cc2+; Jun 27 2022 13:20:16 by eja",
    "dataset": "<unset>",
    "modality": "bold",
    "session_id": "013",
    "subject_id": "001",
    "task_id": "qct"
  },
  "dummy_trs": 0,
  "dvars_nstd": 75.26622001551021,
  "dvars_std": 1.0286221619387752,
  "dvars_vstd": 1.0153449339795917,
  "efc": 0.5081,
  "fber": 146.2504,
  "fd_mean": 0.06661784272649073,
  "fd_num": 0,
  "fd_perc": 0.0,
  "fwhm_avg": 2.570396443637137,
  "fwhm_x": 2.4556261345855646,
  "fwhm_y": 2.812204158375137,
  "fwhm_z": 2.44335903795071,
  "gcor": [
    0.0112737,
    0.0134057,
    0.0111751,
    0.00855311
  ],
  "gsr_x": 0.0019405443454161286,
  "gsr_y": 0.029457690194249153,
  "provenance": {
    "md5sum": "c2f1320f5bfec6419c4079db4f04bcc9",
    "settings": {
      "fd_thres": 0.2,
      "testing": false
    },
    "software": "mriqc",
    "version": "24.1.0.dev0+g3fe90466.d20240417"
  },
  "size_t": 99,
  "size_x": 96,
  "size_y": 96,
  "size_z": 60,
  "snr": 1.4996720396909693,
  "spacing_tr": 1.600000023841858,
  "spacing_x": 2.197920083999634,
  "spacing_y": 2.197920083999634,
  "spacing_z": 2.200000047683716,
  "summary_bg_k": 188.5657,
  "summary_bg_mad": 2.1715,
  "summary_bg_mean": 20.3237,
  "summary_bg_median": 18.0,
  "summary_bg_n": 417356.0,
  "summary_bg_p05": 0.0,
  "summary_bg_p95": 36.0,
  "summary_bg_stdv": 15.2281,
  "summary_fg_k": 4.7142,
  "summary_fg_mad": 127.7734,
  "summary_fg_mean": 228.3084,
  "summary_fg_median": 220.0,
  "summary_fg_n": 135604.0,
  "summary_fg_p05": 27.0,
  "summary_fg_p95": 477.0,
  "summary_fg_stdv": 146.6982,
  "tsnr": 17.375532943522558
}