{
  "aor": [
    0.001337142857142857,
    0.0012073469387755102,
    0.001236530612244898,
    0.0013812244897959184
  ],
  "aqi": [
    0.003372990408163266,
    0.004154237959183673,
    0.007073225102040816,
    0.012608230612244897
  ],
  "bids_meta": {
    "AcquisitionDuration": 188.475,
    "AcquisitionMatrixPE": 96,
    "AcquisitionTime": "10:26:48.422500",
    "B0FieldSource": [
      "005pepolarbold",
      "005phasediff"
    ],
    "BandwidthPerPixelPhaseEncode": 37.879,
    "BaseResolution": 96,
    "DerivedVendorReportedEchoSpacing": 0.000549997,
    "DwellTime": 2.3e-06,
    "EchoNumber": 1,
    "EchoTime": 0.0126,
    "EchoTrainLength": 35,
    "EffectiveEchoSpacing": 0.000274998,
    "FlipAngle": 64,
    "ImageOrientationPatientDICOM": [
      0.998823,
      -0.0108809,
      0.0472612,
      0.0278997,
      0.926022,
      -0.376438
    ],
    "ImageType": [
      "ORIGINAL",
      "PRIMARY",
      "FMRI",
      "NONE"
    ],
    "ImageTypeText": [
      "ORIGINAL",
      "PRIMARY",
      "M",
      "MB",
      "TE1",
      "DIS2D"
    ],
    "InPlanePhaseEncodingDirectionDICOM": "COL",
    "PercentPhaseFOV": 100,
    "PhaseEchoTime1": 0.0126,
    "PhaseEchoTime2": 0.03304,
    "PhaseEncodingDirection": "j",
    "PixelBandwidth": 2264,
    "ProtocolName": "func-bold_task-qct_dir-PA__cmrr_me4_sms4",
    "PulseSequenceName": "epfid2d4_96",
    "ReceiveCoilActiveElements": "HC1-7;NC1",
    "ReconMatrixPE": 96,
    "RefLinesPE": 22,
    "RepetitionTime": 1.6,
    "SequenceVariant": "SK\\SS",
    "SeriesDescription": "func-bold_task-qct_dir-PA__cmrr_me4_sms4",
    "SeriesNumber": 11,
    "ShimSetting": [
      8235,
      -5616,
      -6013,
      703,
      -71,
      -212,
      -27,
      66
    ],
    "SliceThickness": 2.2,
    "SliceTiming": [
      0,
      0.845,
      0.1075,
      0.95,
      0.2125,
      1.055,
      0.3175,
      1.16,
      0.4225,
      1.265,
      0.5275,
      1.37,
      0.6325,
      1.475,
      0.7375,
      0,
      0.845,
      0.1075,
      0.95,
      0.2125,
      1.055,
      0.3175,
      1.16,
      0.4225,
      1.265,
      0.5275,
      1.37,
      0.6325,
      1.475,
      0.7375,
      0,
      0.845,
      0.1075,
      0.95,
      0.2125,
      1.055,
      0.3175,
      1.16,
      0.4225,
      1.265,
      0.5275,
      1.37,
      0.6325,
      1.475,
      0.7375,
      0,
      0.845,
      0.1075,
      0.95,
      0.2125,
      1.055,
      0.3175,
      1.16,
      0.4225,
      1.265,
      0.5275,
      1.37,
      0.6325,
      1.475,
      0.7375
    ],
    "SpacingBetweenSlices": 2.2,
    "TotalReadoutTime": 0.0261249,
    "TxRefAmp": 240.229,
    "WipMemBlock": "60922f24-c888-4845-b784-eb8ab674df0d||Sequence: R017 nxva30a/master r/d34922cc2+; Jun 27 2022 13:20:16 by eja",
    "dataset": "<unset>",
    "modality": "bold",
    "session_id": "005",
    "subject_id": "001",
    "task_id": "qct"
  },
  "dummy_trs": 1,
  "dvars_nstd": 29.05519977030926,
  "dvars_std": 1.107518355876289,
  "dvars_vstd": 1.0620892177319587,
  "efc": 0.5845,
  "fber": 589.555,
  "fd_mean": 0.07709129840230029,
  "fd_num": 1,
  "fd_perc": 1.0204081632653061,
  "fwhm_avg": 3.581146423480108,
  "fwhm_x": 3.2649594733860194,
  "fwhm_y": 3.685598061080982,
  "fwhm_z": 3.792881735973321,
  "gcor": [
    0.00636085,
    0.0106539,
    0.00960506,
    0.00770057
  ],
  "gsr_x": -0.004600245039910078,
  "gsr_y": 0.11225330829620361,
  "provenance": {
    "md5sum": "133b4173eb1d7cb856347a6666a384f1",
    "settings": {
      "fd_thres": 0.2,
      "testing": false
    },
    "software": "mriqc",
    "version": "24.1.0.dev0+g3fe90466.d20240417"
  },
  "size_t": 98,
  "size_x": 96,
  "size_y": 96,
  "size_z": 60,
  "snr": 2.5744976284051497,
  "spacing_tr": 1.600000023841858,
  "spacing_x": 2.197920083999634,
  "spacing_y": 2.197920083999634,
  "spacing_z": 2.200000047683716,
  "summary_bg_k": 10.8128,
  "summary_bg_mad": 20.7262,
  "summary_bg_mean": 128.246,
  "summary_bg_median": 33.0,
  "summary_bg_n": 417247.0,
  "summary_bg_p05": 0.0,
  "summary_bg_p95": 630.0,
  "summary_bg_stdv": 226.685,
  "summary_fg_k": 0.6986,
  "summary_fg_mad": 301.9667,
  "summary_fg_mean": 819.3385,
  "summary_fg_median": 792.0,
  "summary_fg_n": 135713.0,
  "summary_fg_p05": 387.0,
  "summary_fg_p95": 1349.0,
  "summary_fg_stdv": 307.6317,
  "tsnr": 53.36740185320377
}