{
  "aor": [
    0.00016045333333333334,
    0.00015069333333333335,
    0.00020738666666666664,
    0.0003160666666666667
  ],
  "aqi": [
    0.006999677760000001,
    0.00721888016,
    0.012554546186666665,
    0.021748077066666666
  ],
  "bids_meta": {
    "AcquisitionDuration": 1230.47,
    "AcquisitionMatrixPE": 96,
    "AcquisitionTime": "10:33:53.400000",
    "B0FieldSource": [
      "005pepolarbold",
      "005phasediff"
    ],
    "BandwidthPerPixelPhaseEncode": 37.879,
    "BaseResolution": 96,
    "DerivedVendorReportedEchoSpacing": 0.000549997,
    "DwellTime": 2.3e-06,
    "EchoNumber": 2,
    "EchoTime": 0.03304,
    "EchoTrainLength": 35,
    "EffectiveEchoSpacing": 0.000274998,
    "FlipAngle": 64,
    "ImageOrientationPatientDICOM": [
      0.998823,
      -0.0108809,
      0.0472612,
      0.0278997,
      0.926022,
      -0.376438
    ],
    "ImageType": [
      "ORIGINAL",
      "PRIMARY",
      "FMRI",
      "NONE"
    ],
    "ImageTypeText": [
      "ORIGINAL",
      "PRIMARY",
      "M",
      "MB",
      "TE2",
      "DIS2D"
    ],
    "InPlanePhaseEncodingDirectionDICOM": "COL",
    "PercentPhaseFOV": 100,
    "PhaseEchoTime1": 0.0126,
    "PhaseEchoTime2": 0.03304,
    "PhaseEncodingDirection": "j",
    "PixelBandwidth": 2264,
    "ProtocolName": "func-bold_task-rest_dir-PA__cmrr_me4_sms4",
    "PulseSequenceName": "epfid2d4_96",
    "ReceiveCoilActiveElements": "HC1-7;NC1",
    "ReconMatrixPE": 96,
    "RefLinesPE": 22,
    "RepetitionTime": 1.6,
    "SequenceVariant": "SK\\SS",
    "SeriesDescription": "func-bold_task-rest_dir-PA__cmrr_me4_sms4",
    "SeriesNumber": 21,
    "ShimSetting": [
      8235,
      -5616,
      -6013,
      703,
      -71,
      -212,
      -27,
      66
    ],
    "SliceThickness": 2.2,
    "SliceTiming": [
      0,
      0.8425,
      0.105,
      0.9475,
      0.21,
      1.0525,
      0.315,
      1.1575,
      0.42,
      1.2625,
      0.525,
      1.3675,
      0.63,
      1.4725,
      0.735,
      0,
      0.8425,
      0.105,
      0.9475,
      0.21,
      1.0525,
      0.315,
      1.1575,
      0.42,
      1.2625,
      0.525,
      1.3675,
      0.63,
      1.4725,
      0.735,
      0,
      0.8425,
      0.105,
      0.9475,
      0.21,
      1.0525,
      0.315,
      1.1575,
      0.42,
      1.2625,
      0.525,
      1.3675,
      0.63,
      1.4725,
      0.735,
      0,
      0.8425,
      0.105,
      0.9475,
      0.21,
      1.0525,
      0.315,
      1.1575,
      0.42,
      1.2625,
      0.525,
      1.3675,
      0.63,
      1.4725,
      0.735
    ],
    "SpacingBetweenSlices": 2.2,
    "TotalReadoutTime": 0.0261249,
    "TxRefAmp": 240.229,
    "WipMemBlock": "1ee21371-eec5-41f6-beec-8865d43bc45d||Sequence: R017 nxva30a/master r/d34922cc2+; Jun 27 2022 13:20:16 by eja",
    "dataset": "<unset>",
    "modality": "bold",
    "session_id": "005",
    "subject_id": "001",
    "task_id": "rest"
  },
  "dummy_trs": 0,
  "dvars_nstd": 36.68536785911878,
  "dvars_std": 0.9778017195460613,
  "dvars_vstd": 0.9679063970627508,
  "efc": 0.5267,
  "fber": 496.7689,
  "fd_mean": 0.11229281412431537,
  "fd_num": 58,
  "fd_perc": 7.733333333333333,
  "fwhm_avg": 3.265277374691273,
  "fwhm_x": 3.04620720686818,
  "fwhm_y": 3.5121477146487945,
  "fwhm_z": 3.237477202556844,
  "gcor": [
    0.00952644,
    0.0176884,
    0.0156646,
    0.01368
  ],
  "gsr_x": 0.01143445260822773,
  "gsr_y": 0.04054514318704605,
  "provenance": {
    "md5sum": "52862ffb7921056def28095f9d00be0b",
    "settings": {
      "fd_thres": 0.2,
      "testing": false
    },
    "software": "mriqc",
    "version": "24.1.0.dev0+g3fe90466.d20240417"
  },
  "size_t": 750,
  "size_x": 96,
  "size_y": 96,
  "size_z": 60,
  "snr": 2.160183207454504,
  "spacing_tr": 1.600000023841858,
  "spacing_x": 2.197920083999634,
  "spacing_y": 2.197920083999634,
  "spacing_z": 2.200000047683716,
  "summary_bg_k": 40.389,
  "summary_bg_mad": 6.6262,
  "summary_bg_mean": 45.1037,
  "summary_bg_median": 23.0,
  "summary_bg_n": 417929.0,
  "summary_bg_p05": 0.0,
  "summary_bg_p95": 164.0,
  "summary_bg_stdv": 75.0854,
  "summary_fg_k": 0.938,
  "summary_fg_mad": 212.2987,
  "summary_fg_mean": 529.2442,
  "summary_fg_median": 514.0,
  "summary_fg_n": 135031.0,
  "summary_fg_p05": 112.0,
  "summary_fg_p95": 933.0,
  "summary_fg_stdv": 237.9419,
  "tsnr": 31.87837367458269
}