{
  "NumberOfShells": 4,
  "bValues": [
    0.0,
    700.0,
    1000.0,
    2000.0,
    3000.0
  ],
  "bValuesEstimation": [
    700.0,
    1000.0,
    2000.0,
    3000.0
  ],
  "bdiffs_max": 0.2408,
  "bdiffs_mean": 0.079,
  "bdiffs_median": 0.0363,
  "bdiffs_min": 0.006,
  "bids_meta": {
    "AcquisitionMatrixPE": 146,
    "AcquisitionNumber": 1,
    "AcquisitionTime": "17:28:56.442500",
    "B0FieldSource": [
      "pilot021pepolarb0",
      "pilot021phasediff"
    ],
    "BandwidthPerPixelPhaseEncode": 17.562,
    "BaseResolution": 146,
    "BodyPartExamined": "BRAIN",
    "CoilCombinationMethod": "Adaptive Combine",
    "CoilString": "HeadNeck_64",
    "ConversionSoftware": "dcm2niix",
    "ConversionSoftwareVersion": "v1.0.20220720",
    "Deltas": [
      0.0272,
      0.0469
    ],
    "DerivedVendorReportedEchoSpacing": 0.000780015,
    "DeviceSerialNumber": "67014",
    "DiffusionScheme": "Monopolar",
    "DwellTime": 2.1e-06,
    "EchoTime": 0.098,
    "EchoTrainLength": 64,
    "EffectiveEchoSpacing": 0.000390008,
    "FlipAngle": 90,
    "HeudiconvVersion": "1.0.0",
    "ImageOrientationPatientDICOM": [
      0.997972,
      0.00969453,
      0.0629079,
      -0.00557379,
      0.997847,
      -0.0653522
    ],
    "ImageType": [
      "ORIGINAL",
      "PRIMARY",
      "DIFFUSION",
      "NONE",
      "ND",
      "MFSPLIT"
    ],
    "ImageTypeText": [
      "ORIGINAL",
      "PRIMARY",
      "DIFFUSION",
      "NONE"
    ],
    "ImagingFrequency": 123.248,
    "InPlanePhaseEncodingDirectionDICOM": "ROW",
    "InstitutionAddress": "Rue du Bugnon 21,Lausanne,District,CH,1011",
    "InstitutionName": "CHUV",
    "MRAcquisitionType": "2D",
    "MagneticFieldStrength": 3,
    "Manufacturer": "Siemens",
    "ManufacturersModelName": "MAGNETOM Prisma Fit",
    "Modality": "MR",
    "MultibandAccelerationFactor": 3,
    "NonlinearGradientCorrection": false,
    "ParallelReductionFactorInPlane": 2,
    "PartialFourier": 0.875,
    "PatientPosition": "HFS",
    "PercentPhaseFOV": 100,
    "PercentSampling": 100,
    "PhaseEncodingDirection": "i",
    "PhaseEncodingSteps": 146,
    "PhaseResolution": 1,
    "PixelBandwidth": 1631,
    "ProcedureStepDescription": "RESEARCH Oscar",
    "ProtocolName": "dwi-dwi_acq-highres_dir-RL__trigger_monopolar",
    "PulseSequenceDetails": "%CustomerSeq%\\ep2d_diff_trigg",
    "ReceiveCoilActiveElements": "HC1-7",
    "ReceiveCoilName": "HeadNeck_64",
    "ReconMatrixPE": 146,
    "RefLinesPE": 54,
    "RepetitionTime": 7,
    "SAR": 0.175667,
    "ScanOptions": "PFP\\FS\\PER",
    "ScanningSequence": "GR\\EP",
    "SequenceName": "ep_b0",
    "SequenceVariant": "SK",
    "SeriesDescription": "dwi-dwi_acq-highres_dir-RL__trigger_monopolar",
    "SeriesNumber": 10,
    "ShimSetting": [
      8230,
      -5642,
      -6041,
      554,
      -76,
      -287,
      21,
      -7
    ],
    "SliceThickness": 1.6,
    "SliceTiming": [
      0,
      6.285,
      0.145,
      6.4275,
      0.2875,
      6.57,
      0.43,
      6.7125,
      0.5725,
      6.855,
      0.715,
      6.9975,
      0.8575,
      7.14,
      1,
      7.285,
      1.1425,
      7.4275,
      1.2875,
      7.57,
      1.43,
      7.7125,
      1.5725,
      7.855,
      1.715,
      7.9975,
      1.8575,
      8.14,
      2,
      8.2825,
      2.1425,
      8.4275,
      2.285,
      8.57,
      2.4275,
      8.7125,
      2.5725,
      8.855,
      2.715,
      8.9975,
      2.8575,
      9.14,
      3,
      9.2825,
      3.1425,
      9.425,
      3.285,
      9.5675,
      3.4275,
      9.7125,
      3.57,
      9.855,
      3.715,
      9.9975,
      3.8575,
      10.14,
      4,
      10.2825,
      4.1425,
      10.425,
      4.285,
      10.5675,
      4.4275,
      10.71,
      4.57,
      10.855,
      4.7125,
      10.9975,
      4.8575,
      11.14,
      5,
      11.2825,
      5.1425,
      11.425,
      5.285,
      11.5675,
      5.4275,
      11.71,
      5.57,
      11.8525,
      5.7125,
      11.9975,
      5.855,
      12.14,
      5.9975,
      12.2825,
      6.1425
    ],
    "SoftwareVersions": "syngo MR XA30",
    "SpacingBetweenSlices": 1.6,
    "StationName": "LRG10884",
    "TotalReadoutTime": 0.0565511,
    "TxRefAmp": 247.681,
    "acq_id": "highres",
    "dataset": "hcph",
    "modality": "dwi",
    "session_id": "pilot021",
    "subject_id": "001"
  },
  "efc_shell01": 2.328,
  "efc_shell02": 1.1115,
  "efc_shell03": 0.88,
  "efc_shell04": 0.6119,
  "efc_shell05": 0.6145,
  "fa_degenerate": 0.0,
  "fa_nans": 0.0,
  "fber_shell01": 25.0,
  "fber_shell02": 100.0,
  "fber_shell03": 107.6406,
  "fber_shell04": 94.3673,
  "fber_shell05": 41.3265,
  "fd_mean": 12.3637,
  "fd_num": 279,
  "fd_perc": 99.64285714285714,
  "ndc": 0.5321,
  "provenance": {
    "md5sum": "7dc7eb3c3a91e95778db2554ff6d80a9",
    "settings": {
      "testing": false
    },
    "software": "mriqc",
    "version": "24.0.0"
  },
  "sigma_cc": 56.3389,
  "sigma_pca": 15.8529,
  "sigma_piesno": 1.6508,
  "snr_cc_shell0": 3.41,
  "snr_cc_shell1_best": 3.36,
  "snr_cc_shell1_worst": 3.36,
  "snr_cc_shell2_best": 2.17,
  "snr_cc_shell2_worst": 1.49,
  "snr_cc_shell3_best": 1.78,
  "snr_cc_shell3_worst": 1.11,
  "snr_cc_shell4_best": 1.13,
  "snr_cc_shell4_worst": 0.67,
  "spikes_global": 34.26,
  "spikes_slice_i": 210.88,
  "spikes_slice_j": 215.66,
  "spikes_slice_k": 186.48,
  "summary_bg_k": 297.4587,
  "summary_bg_mad": 10.3782,
  "summary_bg_mean": 31.7793,
  "summary_bg_median": 11.0,
  "summary_bg_n": 1497517.0,
  "summary_bg_p05": 2.0,
  "summary_bg_p95": 121.0,
  "summary_bg_stdv": 91.3787,
  "summary_fg_k": 9.7983,
  "summary_fg_mad": 188.2905,
  "summary_fg_mean": 429.5918,
  "summary_fg_median": 327.0,
  "summary_fg_n": 356975.0,
  "summary_fg_p05": 107.0,
  "summary_fg_p95": 1151.0,
  "summary_fg_stdv": 355.138,
  "summary_wm_k": 7.8902,
  "summary_wm_mad": 91.9213,
  "summary_wm_mean": 231.533,
  "summary_wm_median": 227.0,
  "summary_wm_n": 104431.0,
  "summary_wm_p05": 90.0,
  "summary_wm_p95": 386.0,
  "summary_wm_stdv": 97.0655
}