{
  "aor": [
    0.0013257575757575758,
    0.0011435353535353535,
    0.0011880808080808082,
    0.00136020202020202
  ],
  "aqi": [
    0.0030760594949494954,
    0.004361129191919192,
    0.007252388888888889,
    0.013105486868686872
  ],
  "bids_meta": {
    "AcquisitionDuration": 188.475,
    "AcquisitionMatrixPE": 96,
    "AcquisitionTime": "21:15:54.240000",
    "B0FieldSource": [
      "011pepolarbold",
      "011phasediff"
    ],
    "BandwidthPerPixelPhaseEncode": 37.879,
    "BaseResolution": 96,
    "DerivedVendorReportedEchoSpacing": 0.000549997,
    "DwellTime": 2.3e-06,
    "EchoNumber": 1,
    "EchoTime": 0.0126,
    "EchoTrainLength": 35,
    "EffectiveEchoSpacing": 0.000274998,
    "FlipAngle": 64,
    "ImageOrientationPatientDICOM": [
      0.998428,
      0.0269782,
      0.0491372,
      -0.00697046,
      0.929519,
      -0.368708
    ],
    "ImageType": [
      "ORIGINAL",
      "PRIMARY",
      "FMRI",
      "NONE"
    ],
    "ImageTypeText": [
      "ORIGINAL",
      "PRIMARY",
      "M",
      "MB",
      "TE1",
      "DIS2D"
    ],
    "InPlanePhaseEncodingDirectionDICOM": "COL",
    "PercentPhaseFOV": 100,
    "PhaseEchoTime1": 0.0126,
    "PhaseEchoTime2": 0.03304,
    "PhaseEncodingDirection": "j-",
    "PixelBandwidth": 2264,
    "ProtocolName": "func-bold_task-qct_dir-AP__cmrr_me4_sms4",
    "PulseSequenceName": "epfid2d4_96",
    "ReceiveCoilActiveElements": "HC1-7",
    "ReconMatrixPE": 96,
    "RefLinesPE": 22,
    "RepetitionTime": 1.6,
    "SequenceVariant": "SK\\SS",
    "SeriesDescription": "func-bold_task-qct_dir-AP__cmrr_me4_sms4",
    "SeriesNumber": 20,
    "ShimSetting": [
      8244,
      -5608,
      -6011,
      701,
      -69,
      -144,
      15,
      45
    ],
    "SliceThickness": 2.2,
    "SliceTiming": [
      0,
      0.8425,
      0.105,
      0.9475,
      0.21,
      1.0525,
      0.315,
      1.1575,
      0.42,
      1.2625,
      0.525,
      1.3675,
      0.63,
      1.4725,
      0.7375,
      0,
      0.8425,
      0.105,
      0.9475,
      0.21,
      1.0525,
      0.315,
      1.1575,
      0.42,
      1.2625,
      0.525,
      1.3675,
      0.63,
      1.4725,
      0.7375,
      0,
      0.8425,
      0.105,
      0.9475,
      0.21,
      1.0525,
      0.315,
      1.1575,
      0.42,
      1.2625,
      0.525,
      1.3675,
      0.63,
      1.4725,
      0.7375,
      0,
      0.8425,
      0.105,
      0.9475,
      0.21,
      1.0525,
      0.315,
      1.1575,
      0.42,
      1.2625,
      0.525,
      1.3675,
      0.63,
      1.4725,
      0.7375
    ],
    "SpacingBetweenSlices": 2.2,
    "TotalReadoutTime": 0.0261249,
    "TxRefAmp": 242.543,
    "WipMemBlock": "e95b4bce-80e8-4b20-a2e8-e8ea735bf194||Sequence: R017 nxva30a/master r/d34922cc2+; Jun 27 2022 13:20:16 by eja",
    "dataset": "<unset>",
    "modality": "bold",
    "session_id": "011",
    "subject_id": "001",
    "task_id": "qct"
  },
  "dummy_trs": 0,
  "dvars_nstd": 26.24569083244898,
  "dvars_std": 1.0500952173469391,
  "dvars_vstd": 1.017974493163265,
  "efc": 0.5778,
  "fber": 682.7328,
  "fd_mean": 0.06528251003392335,
  "fd_num": 1,
  "fd_perc": 1.0101010101010102,
  "fwhm_avg": 3.601430368362543,
  "fwhm_x": 3.2653007050829586,
  "fwhm_y": 3.6343132119089967,
  "fwhm_z": 3.9046771880956737,
  "gcor": [
    0.0121235,
    0.0136639,
    0.0115015,
    0.00879373
  ],
  "gsr_x": -0.003865940263494849,
  "gsr_y": 0.10987801849842072,
  "provenance": {
    "md5sum": "d5ed9439f1824876c72353b8a7405205",
    "settings": {
      "fd_thres": 0.2,
      "testing": false
    },
    "software": "mriqc",
    "version": "24.1.0.dev0+g3fe90466.d20240417"
  },
  "size_t": 99,
  "size_x": 96,
  "size_y": 96,
  "size_z": 60,
  "snr": 2.5796503881035555,
  "spacing_tr": 1.600000023841858,
  "spacing_x": 2.197920083999634,
  "spacing_y": 2.197920083999634,
  "spacing_z": 2.200000047683716,
  "summary_bg_k": 10.3163,
  "summary_bg_mad": 20.9361,
  "summary_bg_mean": 125.7861,
  "summary_bg_median": 31.0,
  "summary_bg_n": 419158.0,
  "summary_bg_p05": 0.0,
  "summary_bg_p95": 632.0,
  "summary_bg_stdv": 223.6265,
  "summary_fg_k": 0.7713,
  "summary_fg_mad": 293.2033,
  "summary_fg_mean": 855.6127,
  "summary_fg_median": 817.0,
  "summary_fg_n": 133802.0,
  "summary_fg_p05": 406.0,
  "summary_fg_p95": 1421.0,
  "summary_fg_stdv": 316.7084,
  "tsnr": 54.12483750237152
}