{
  "aor": [
    0.0004603883495145631,
    0.000485631067961165,
    0.0005855339805825243,
    0.0007727184466019417
  ],
  "aqi": [
    0.005307853640776698,
    0.004818349660194175,
    0.00849013859223301,
    0.015421483980582525
  ],
  "bids_meta": {
    "AcquisitionDuration": 361.475,
    "AcquisitionMatrixPE": 96,
    "AcquisitionTime": "21:48:37.347500",
    "B0FieldSource": [
      "011pepolarbold",
      "011phasediff"
    ],
    "BandwidthPerPixelPhaseEncode": 37.879,
    "BaseResolution": 96,
    "DerivedVendorReportedEchoSpacing": 0.000549997,
    "DwellTime": 2.3e-06,
    "EchoNumber": 2,
    "EchoTime": 0.03304,
    "EchoTrainLength": 35,
    "EffectiveEchoSpacing": 0.000274998,
    "ImageOrientationPatientDICOM": [
      0.998429,
      0.026816,
      0.0492014,
      -0.00679622,
      0.929524,
      -0.3687
    ],
    "ImageType": [
      "ORIGINAL",
      "PRIMARY",
      "FMRI",
      "NONE"
    ],
    "ImageTypeText": [
      "ORIGINAL",
      "PRIMARY",
      "M",
      "MB",
      "TE2",
      "DIS2D"
    ],
    "InPlanePhaseEncodingDirectionDICOM": "COL",
    "PercentPhaseFOV": 100,
    "PercentSampling": 100,
    "PhaseEchoTime1": 0.0126,
    "PhaseEchoTime2": 0.03304,
    "PhaseEncodingDirection": "j-",
    "PhaseResolution": 1,
    "PixelBandwidth": 2264,
    "ProtocolName": "func-bold_task-bht_dir-AP__cmrr_me4_sms4",
    "PulseSequenceName": "epfid2d4_96",
    "ReceiveCoilActiveElements": "HC1-7",
    "ReconMatrixPE": 96,
    "RefLinesPE": 22,
    "RepetitionTime": 1.6,
    "SequenceVariant": "SK\\SS",
    "SeriesDescription": "func-bold_task-bht_dir-AP__cmrr_me4_sms4",
    "SeriesNumber": 32,
    "ShimSetting": [
      8244,
      -5607,
      -6010,
      699,
      -71,
      -136,
      17,
      43
    ],
    "SliceThickness": 2.2,
    "SliceTiming": [
      0,
      0.8425,
      0.105,
      0.9475,
      0.21,
      1.0525,
      0.315,
      1.16,
      0.4225,
      1.265,
      0.5275,
      1.37,
      0.6325,
      1.475,
      0.7375,
      0,
      0.8425,
      0.105,
      0.9475,
      0.21,
      1.0525,
      0.315,
      1.16,
      0.4225,
      1.265,
      0.5275,
      1.37,
      0.6325,
      1.475,
      0.7375,
      0,
      0.8425,
      0.105,
      0.9475,
      0.21,
      1.0525,
      0.315,
      1.16,
      0.4225,
      1.265,
      0.5275,
      1.37,
      0.6325,
      1.475,
      0.7375,
      0,
      0.8425,
      0.105,
      0.9475,
      0.21,
      1.0525,
      0.315,
      1.16,
      0.4225,
      1.265,
      0.5275,
      1.37,
      0.6325,
      1.475,
      0.7375
    ],
    "SpacingBetweenSlices": 2.2,
    "TotalReadoutTime": 0.0261249,
    "TxRefAmp": 242.543,
    "WipMemBlock": "c5da1caf-af53-47a7-ba79-bb687ae85d97||Sequence: R017 nxva30a/master r/d34922cc2+; Jun 27 2022 13:20:16 by eja",
    "dataset": "<unset>",
    "modality": "bold",
    "session_id": "011",
    "subject_id": "001",
    "task_id": "bht"
  },
  "dummy_trs": 1,
  "dvars_nstd": 40.48236476634145,
  "dvars_std": 1.058832282926829,
  "dvars_vstd": 1.0019532210731708,
  "efc": 0.5139,
  "fber": 617.6318,
  "fd_mean": 0.14235705453257427,
  "fd_num": 41,
  "fd_perc": 19.902912621359224,
  "fwhm_avg": 3.143560101036787,
  "fwhm_x": 2.9626964362372536,
  "fwhm_y": 3.3581430251861835,
  "fwhm_z": 3.109840841686924,
  "gcor": [
    0.0463638,
    0.0506622,
    0.0435912,
    0.0328446
  ],
  "gsr_x": 0.012189080007374287,
  "gsr_y": 0.030820874497294426,
  "provenance": {
    "md5sum": "5bf443a19a6866a945e2098ee74978fd",
    "settings": {
      "fd_thres": 0.2,
      "testing": false
    },
    "software": "mriqc",
    "version": "24.1.0.dev0+g3fe90466.d20240417"
  },
  "size_t": 206,
  "size_x": 96,
  "size_y": 96,
  "size_z": 60,
  "snr": 2.083543861672994,
  "spacing_tr": 1.600000023841858,
  "spacing_x": 2.197920083999634,
  "spacing_y": 2.197920083999634,
  "spacing_z": 2.200000047683716,
  "summary_bg_k": 30.4534,
  "summary_bg_mad": 6.3622,
  "summary_bg_mean": 41.1141,
  "summary_bg_median": 21.0,
  "summary_bg_n": 418676.0,
  "summary_bg_p05": 0.0,
  "summary_bg_p95": 150.0,
  "summary_bg_stdv": 66.8746,
  "summary_fg_k": 0.6733,
  "summary_fg_mad": 221.5483,
  "summary_fg_mean": 536.6243,
  "summary_fg_median": 521.0,
  "summary_fg_n": 134284.0,
  "summary_fg_p05": 101.0,
  "summary_fg_p95": 970.0,
  "summary_fg_stdv": 250.0538,
  "tsnr": 34.4482766345609
}