{
  "aor": [
    0.00026645333333333337,
    0.00030497333333333337,
    0.00035470666666666663,
    0.00048155999999999996
  ],
  "aqi": [
    0.004954220386666667,
    0.00518272572,
    0.008994669226666667,
    0.015951769600000002
  ],
  "bids_meta": {
    "AcquisitionDuration": 1230.47,
    "AcquisitionMatrixPE": 96,
    "AcquisitionTime": "21:24:52.285000",
    "B0FieldSource": [
      "011pepolarbold",
      "011phasediff"
    ],
    "BandwidthPerPixelPhaseEncode": 37.879,
    "BaseResolution": 96,
    "DerivedVendorReportedEchoSpacing": 0.000549997,
    "DwellTime": 2.3e-06,
    "EchoNumber": 3,
    "EchoTime": 0.05348,
    "EchoTrainLength": 35,
    "EffectiveEchoSpacing": 0.000274998,
    "FlipAngle": 64,
    "ImageOrientationPatientDICOM": [
      0.998428,
      0.0269782,
      0.0491372,
      -0.00697046,
      0.929519,
      -0.368708
    ],
    "ImageType": [
      "ORIGINAL",
      "PRIMARY",
      "FMRI",
      "NONE"
    ],
    "ImageTypeText": [
      "ORIGINAL",
      "PRIMARY",
      "M",
      "MB",
      "TE3",
      "DIS2D"
    ],
    "InPlanePhaseEncodingDirectionDICOM": "COL",
    "PercentPhaseFOV": 100,
    "PhaseEchoTime1": 0.0126,
    "PhaseEchoTime2": 0.03304,
    "PhaseEncodingDirection": "j-",
    "PixelBandwidth": 2264,
    "ProtocolName": "func-bold_task-rest_dir-AP__cmrr_me4_sms4",
    "PulseSequenceName": "epfid2d4_96",
    "ReceiveCoilActiveElements": "HC1-7",
    "ReconMatrixPE": 96,
    "RefLinesPE": 22,
    "RepetitionTime": 1.6,
    "SequenceVariant": "SK\\SS",
    "SeriesDescription": "func-bold_task-rest_dir-AP__cmrr_me4_sms4",
    "SeriesNumber": 30,
    "ShimSetting": [
      8244,
      -5608,
      -6011,
      700,
      -68,
      -145,
      16,
      46
    ],
    "SliceThickness": 2.2,
    "SliceTiming": [
      0,
      0.8425,
      0.105,
      0.9475,
      0.21,
      1.0525,
      0.315,
      1.1575,
      0.42,
      1.265,
      0.5275,
      1.37,
      0.6325,
      1.475,
      0.7375,
      0,
      0.8425,
      0.105,
      0.9475,
      0.21,
      1.0525,
      0.315,
      1.1575,
      0.42,
      1.265,
      0.5275,
      1.37,
      0.6325,
      1.475,
      0.7375,
      0,
      0.8425,
      0.105,
      0.9475,
      0.21,
      1.0525,
      0.315,
      1.1575,
      0.42,
      1.265,
      0.5275,
      1.37,
      0.6325,
      1.475,
      0.7375,
      0,
      0.8425,
      0.105,
      0.9475,
      0.21,
      1.0525,
      0.315,
      1.1575,
      0.42,
      1.265,
      0.5275,
      1.37,
      0.6325,
      1.475,
      0.7375
    ],
    "SpacingBetweenSlices": 2.2,
    "TotalReadoutTime": 0.0261249,
    "TxRefAmp": 242.543,
    "WipMemBlock": "6c254e19-4ca9-4d5b-93d8-e948b9f3db6b||Sequence: R017 nxva30a/master r/d34922cc2+; Jun 27 2022 13:20:16 by eja",
    "dataset": "<unset>",
    "modality": "bold",
    "session_id": "011",
    "subject_id": "001",
    "task_id": "rest"
  },
  "dummy_trs": 0,
  "dvars_nstd": 52.710352165780975,
  "dvars_std": 1.0331650701335102,
  "dvars_vstd": 1.0013707169158874,
  "efc": 0.4982,
  "fber": 318.3056,
  "fd_mean": 0.09892544763504706,
  "fd_num": 13,
  "fd_perc": 1.7333333333333334,
  "fwhm_avg": 2.886706867524701,
  "fwhm_x": 2.7544313572053465,
  "fwhm_y": 3.1234302147635065,
  "fwhm_z": 2.7822590306052506,
  "gcor": [
    0.0267599,
    0.0277024,
    0.0236533,
    0.0175805
  ],
  "gsr_x": 0.006565815303474665,
  "gsr_y": 0.022629793733358383,
  "provenance": {
    "md5sum": "24470404d79b33bb36a71a1e933d045e",
    "settings": {
      "fd_thres": 0.2,
      "testing": false
    },
    "software": "mriqc",
    "version": "24.1.0.dev0+g3fe90466.d20240417"
  },
  "size_t": 750,
  "size_x": 96,
  "size_y": 96,
  "size_z": 60,
  "snr": 1.7484399971125546,
  "spacing_tr": 1.600000023841858,
  "spacing_x": 2.197920083999634,
  "spacing_y": 2.197920083999634,
  "spacing_z": 2.200000047683716,
  "summary_bg_k": 55.1256,
  "summary_bg_mad": 3.3784,
  "summary_bg_mean": 24.8056,
  "summary_bg_median": 19.0,
  "summary_bg_n": 418792.0,
  "summary_bg_p05": 1.0,
  "summary_bg_p95": 60.0,
  "summary_bg_stdv": 26.1704,
  "summary_fg_k": 1.5497,
  "summary_fg_mad": 170.5368,
  "summary_fg_mean": 347.6199,
  "summary_fg_median": 339.0,
  "summary_fg_n": 134168.0,
  "summary_fg_p05": 41.0,
  "summary_fg_p95": 680.0,
  "summary_fg_stdv": 193.8864,
  "tsnr": 23.646047554095276
}