{
  "aor": [
    0.0013257575757575758,
    0.0011435353535353535,
    0.0011880808080808082,
    0.00136020202020202
  ],
  "aqi": [
    0.0030760594949494954,
    0.004361129191919192,
    0.007252388888888889,
    0.013105486868686872
  ],
  "bids_meta": {
    "AcquisitionDuration": 188.475,
    "AcquisitionMatrixPE": 96,
    "AcquisitionTime": "21:15:54.280000",
    "B0FieldSource": [
      "011pepolarbold",
      "011phasediff"
    ],
    "BandwidthPerPixelPhaseEncode": 37.879,
    "BaseResolution": 96,
    "DerivedVendorReportedEchoSpacing": 0.000549997,
    "DwellTime": 2.3e-06,
    "EchoNumber": 3,
    "EchoTime": 0.05348,
    "EchoTrainLength": 35,
    "EffectiveEchoSpacing": 0.000274998,
    "FlipAngle": 64,
    "ImageOrientationPatientDICOM": [
      0.998428,
      0.0269782,
      0.0491372,
      -0.00697046,
      0.929519,
      -0.368708
    ],
    "ImageType": [
      "ORIGINAL",
      "PRIMARY",
      "FMRI",
      "NONE"
    ],
    "ImageTypeText": [
      "ORIGINAL",
      "PRIMARY",
      "M",
      "MB",
      "TE3",
      "DIS2D"
    ],
    "InPlanePhaseEncodingDirectionDICOM": "COL",
    "PercentPhaseFOV": 100,
    "PhaseEchoTime1": 0.0126,
    "PhaseEchoTime2": 0.03304,
    "PhaseEncodingDirection": "j-",
    "PixelBandwidth": 2264,
    "ProtocolName": "func-bold_task-qct_dir-AP__cmrr_me4_sms4",
    "PulseSequenceName": "epfid2d4_96",
    "ReceiveCoilActiveElements": "HC1-7",
    "ReconMatrixPE": 96,
    "RefLinesPE": 22,
    "RepetitionTime": 1.6,
    "SequenceVariant": "SK\\SS",
    "SeriesDescription": "func-bold_task-qct_dir-AP__cmrr_me4_sms4",
    "SeriesNumber": 20,
    "ShimSetting": [
      8244,
      -5608,
      -6011,
      701,
      -69,
      -144,
      15,
      45
    ],
    "SliceThickness": 2.2,
    "SliceTiming": [
      0,
      0.8425,
      0.105,
      0.9475,
      0.21,
      1.0525,
      0.315,
      1.1575,
      0.42,
      1.2625,
      0.525,
      1.3675,
      0.63,
      1.475,
      0.7375,
      0,
      0.8425,
      0.105,
      0.9475,
      0.21,
      1.0525,
      0.315,
      1.1575,
      0.42,
      1.2625,
      0.525,
      1.3675,
      0.63,
      1.475,
      0.7375,
      0,
      0.8425,
      0.105,
      0.9475,
      0.21,
      1.0525,
      0.315,
      1.1575,
      0.42,
      1.2625,
      0.525,
      1.3675,
      0.63,
      1.475,
      0.7375,
      0,
      0.8425,
      0.105,
      0.9475,
      0.21,
      1.0525,
      0.315,
      1.1575,
      0.42,
      1.2625,
      0.525,
      1.3675,
      0.63,
      1.475,
      0.7375
    ],
    "SpacingBetweenSlices": 2.2,
    "TotalReadoutTime": 0.0261249,
    "TxRefAmp": 242.543,
    "WipMemBlock": "e95b4bce-80e8-4b20-a2e8-e8ea735bf194||Sequence: R017 nxva30a/master r/d34922cc2+; Jun 27 2022 13:20:16 by eja",
    "dataset": "<unset>",
    "modality": "bold",
    "session_id": "011",
    "subject_id": "001",
    "task_id": "qct"
  },
  "dummy_trs": 0,
  "dvars_nstd": 51.51290414816325,
  "dvars_std": 1.0239307018367347,
  "dvars_vstd": 1.0076341572448975,
  "efc": 0.4974,
  "fber": 323.2332,
  "fd_mean": 0.06528251003392335,
  "fd_num": 1,
  "fd_perc": 1.0101010101010102,
  "fwhm_avg": 2.8745310548626786,
  "fwhm_x": 2.729216609679517,
  "fwhm_y": 3.1051993426350335,
  "fwhm_z": 2.7891772122734846,
  "gcor": [
    0.0121235,
    0.0136639,
    0.0115015,
    0.00879373
  ],
  "gsr_x": 0.006046968046575785,
  "gsr_y": 0.023376131430268288,
  "provenance": {
    "md5sum": "c19968ea61ecff40e8c82d5f7a799887",
    "settings": {
      "fd_thres": 0.2,
      "testing": false
    },
    "software": "mriqc",
    "version": "24.1.0.dev0+g3fe90466.d20240417"
  },
  "size_t": 99,
  "size_x": 96,
  "size_y": 96,
  "size_z": 60,
  "snr": 1.7502651108583127,
  "spacing_tr": 1.600000023841858,
  "spacing_x": 2.197920083999634,
  "spacing_y": 2.197920083999634,
  "spacing_z": 2.200000047683716,
  "summary_bg_k": 56.2621,
  "summary_bg_mad": 3.3246,
  "summary_bg_mean": 24.8514,
  "summary_bg_median": 19.0,
  "summary_bg_n": 419158.0,
  "summary_bg_p05": 0.0,
  "summary_bg_p95": 61.0,
  "summary_bg_stdv": 26.5743,
  "summary_fg_k": 1.5624,
  "summary_fg_mad": 170.8587,
  "summary_fg_mean": 350.8652,
  "summary_fg_median": 341.0,
  "summary_fg_n": 133802.0,
  "summary_fg_p05": 42.0,
  "summary_fg_p95": 685.0,
  "summary_fg_stdv": 194.8269,
  "tsnr": 25.509456458035856
}