{
  "aor": [
    0.0013257575757575758,
    0.0011435353535353535,
    0.0011880808080808082,
    0.00136020202020202
  ],
  "aqi": [
    0.0030760594949494954,
    0.004361129191919192,
    0.007252388888888889,
    0.013105486868686872
  ],
  "bids_meta": {
    "AcquisitionDuration": 188.475,
    "AcquisitionMatrixPE": 96,
    "AcquisitionTime": "21:15:54.260000",
    "B0FieldSource": [
      "011pepolarbold",
      "011phasediff"
    ],
    "BandwidthPerPixelPhaseEncode": 37.879,
    "BaseResolution": 96,
    "DerivedVendorReportedEchoSpacing": 0.000549997,
    "DwellTime": 2.3e-06,
    "EchoNumber": 2,
    "EchoTime": 0.03304,
    "EchoTrainLength": 35,
    "EffectiveEchoSpacing": 0.000274998,
    "FlipAngle": 64,
    "ImageOrientationPatientDICOM": [
      0.998428,
      0.0269782,
      0.0491372,
      -0.00697046,
      0.929519,
      -0.368708
    ],
    "ImageType": [
      "ORIGINAL",
      "PRIMARY",
      "FMRI",
      "NONE"
    ],
    "ImageTypeText": [
      "ORIGINAL",
      "PRIMARY",
      "M",
      "MB",
      "TE2",
      "DIS2D"
    ],
    "InPlanePhaseEncodingDirectionDICOM": "COL",
    "PercentPhaseFOV": 100,
    "PhaseEchoTime1": 0.0126,
    "PhaseEchoTime2": 0.03304,
    "PhaseEncodingDirection": "j-",
    "PixelBandwidth": 2264,
    "ProtocolName": "func-bold_task-qct_dir-AP__cmrr_me4_sms4",
    "PulseSequenceName": "epfid2d4_96",
    "ReceiveCoilActiveElements": "HC1-7",
    "ReconMatrixPE": 96,
    "RefLinesPE": 22,
    "RepetitionTime": 1.6,
    "SequenceVariant": "SK\\SS",
    "SeriesDescription": "func-bold_task-qct_dir-AP__cmrr_me4_sms4",
    "SeriesNumber": 20,
    "ShimSetting": [
      8244,
      -5608,
      -6011,
      701,
      -69,
      -144,
      15,
      45
    ],
    "SliceThickness": 2.2,
    "SliceTiming": [
      0,
      0.845,
      0.1075,
      0.95,
      0.2125,
      1.055,
      0.3175,
      1.16,
      0.4225,
      1.265,
      0.5275,
      1.37,
      0.6325,
      1.475,
      0.7375,
      0,
      0.845,
      0.1075,
      0.95,
      0.2125,
      1.055,
      0.3175,
      1.16,
      0.4225,
      1.265,
      0.5275,
      1.37,
      0.6325,
      1.475,
      0.7375,
      0,
      0.845,
      0.1075,
      0.95,
      0.2125,
      1.055,
      0.3175,
      1.16,
      0.4225,
      1.265,
      0.5275,
      1.37,
      0.6325,
      1.475,
      0.7375,
      0,
      0.845,
      0.1075,
      0.95,
      0.2125,
      1.055,
      0.3175,
      1.16,
      0.4225,
      1.265,
      0.5275,
      1.37,
      0.6325,
      1.475,
      0.7375
    ],
    "SpacingBetweenSlices": 2.2,
    "TotalReadoutTime": 0.0261249,
    "TxRefAmp": 242.543,
    "WipMemBlock": "e95b4bce-80e8-4b20-a2e8-e8ea735bf194||Sequence: R017 nxva30a/master r/d34922cc2+; Jun 27 2022 13:20:16 by eja",
    "dataset": "<unset>",
    "modality": "bold",
    "session_id": "011",
    "subject_id": "001",
    "task_id": "qct"
  },
  "dummy_trs": 0,
  "dvars_nstd": 36.27572184163264,
  "dvars_std": 1.028586903673469,
  "dvars_vstd": 1.0099081905102039,
  "efc": 0.5131,
  "fber": 627.6981,
  "fd_mean": 0.06528251003392335,
  "fd_num": 1,
  "fd_perc": 1.0101010101010102,
  "fwhm_avg": 3.1801285635791934,
  "fwhm_x": 2.9964601752104003,
  "fwhm_y": 3.3973892200901536,
  "fwhm_z": 3.146536295437026,
  "gcor": [
    0.0121235,
    0.0136639,
    0.0115015,
    0.00879373
  ],
  "gsr_x": 0.010601194575428963,
  "gsr_y": 0.032108649611473083,
  "provenance": {
    "md5sum": "175b175064e024f99b2b36e22d9a9ffb",
    "settings": {
      "fd_thres": 0.2,
      "testing": false
    },
    "software": "mriqc",
    "version": "24.1.0.dev0+g3fe90466.d20240417"
  },
  "size_t": 99,
  "size_x": 96,
  "size_y": 96,
  "size_z": 60,
  "snr": 2.0968211870738265,
  "spacing_tr": 1.600000023841858,
  "spacing_x": 2.197920083999634,
  "spacing_y": 2.197920083999634,
  "spacing_z": 2.200000047683716,
  "summary_bg_k": 29.5328,
  "summary_bg_mad": 6.3497,
  "summary_bg_mean": 41.3382,
  "summary_bg_median": 21.0,
  "summary_bg_n": 419158.0,
  "summary_bg_p05": 0.0,
  "summary_bg_p95": 152.0,
  "summary_bg_stdv": 67.4546,
  "summary_fg_k": 0.7251,
  "summary_fg_mad": 222.3828,
  "summary_fg_mean": 545.6046,
  "summary_fg_median": 528.0,
  "summary_fg_n": 133802.0,
  "summary_fg_p05": 108.0,
  "summary_fg_p95": 983.0,
  "summary_fg_stdv": 251.8088,
  "tsnr": 37.53059245820623
}