{
  "aor": [
    0.0013257575757575758,
    0.0011435353535353535,
    0.0011880808080808082,
    0.00136020202020202
  ],
  "aqi": [
    0.0030760594949494954,
    0.004361129191919192,
    0.007252388888888889,
    0.013105486868686872
  ],
  "bids_meta": {
    "AcquisitionDuration": 188.475,
    "AcquisitionMatrixPE": 96,
    "AcquisitionTime": "21:15:54.300000",
    "B0FieldSource": [
      "011pepolarbold",
      "011phasediff"
    ],
    "BandwidthPerPixelPhaseEncode": 37.879,
    "BaseResolution": 96,
    "DerivedVendorReportedEchoSpacing": 0.000549997,
    "DwellTime": 2.3e-06,
    "EchoNumber": 4,
    "EchoTime": 0.07392,
    "EchoTrainLength": 35,
    "EffectiveEchoSpacing": 0.000274998,
    "FlipAngle": 64,
    "ImageOrientationPatientDICOM": [
      0.998428,
      0.0269782,
      0.0491372,
      -0.00697046,
      0.929519,
      -0.368708
    ],
    "ImageType": [
      "ORIGINAL",
      "PRIMARY",
      "FMRI",
      "NONE"
    ],
    "ImageTypeText": [
      "ORIGINAL",
      "PRIMARY",
      "M",
      "MB",
      "TE4",
      "DIS2D"
    ],
    "InPlanePhaseEncodingDirectionDICOM": "COL",
    "PercentPhaseFOV": 100,
    "PhaseEchoTime1": 0.0126,
    "PhaseEchoTime2": 0.03304,
    "PhaseEncodingDirection": "j-",
    "PixelBandwidth": 2264,
    "ProtocolName": "func-bold_task-qct_dir-AP__cmrr_me4_sms4",
    "PulseSequenceName": "epfid2d4_96",
    "ReceiveCoilActiveElements": "HC1-7",
    "ReconMatrixPE": 96,
    "RefLinesPE": 22,
    "RepetitionTime": 1.6,
    "SequenceVariant": "SK\\SS",
    "SeriesDescription": "func-bold_task-qct_dir-AP__cmrr_me4_sms4",
    "SeriesNumber": 20,
    "ShimSetting": [
      8244,
      -5608,
      -6011,
      701,
      -69,
      -144,
      15,
      45
    ],
    "SliceThickness": 2.2,
    "SliceTiming": [
      0,
      0.8425,
      0.105,
      0.9475,
      0.21,
      1.0525,
      0.315,
      1.1575,
      0.42,
      1.2625,
      0.525,
      1.37,
      0.6325,
      1.475,
      0.7375,
      0,
      0.8425,
      0.105,
      0.9475,
      0.21,
      1.0525,
      0.315,
      1.1575,
      0.42,
      1.2625,
      0.525,
      1.37,
      0.6325,
      1.475,
      0.7375,
      0,
      0.8425,
      0.105,
      0.9475,
      0.21,
      1.0525,
      0.315,
      1.1575,
      0.42,
      1.2625,
      0.525,
      1.37,
      0.6325,
      1.475,
      0.7375,
      0,
      0.8425,
      0.105,
      0.9475,
      0.21,
      1.0525,
      0.315,
      1.1575,
      0.42,
      1.2625,
      0.525,
      1.37,
      0.6325,
      1.475,
      0.7375
    ],
    "SpacingBetweenSlices": 2.2,
    "TotalReadoutTime": 0.0261249,
    "TxRefAmp": 242.543,
    "WipMemBlock": "e95b4bce-80e8-4b20-a2e8-e8ea735bf194||Sequence: R017 nxva30a/master r/d34922cc2+; Jun 27 2022 13:20:16 by eja",
    "dataset": "<unset>",
    "modality": "bold",
    "session_id": "011",
    "subject_id": "001",
    "task_id": "qct"
  },
  "dummy_trs": 0,
  "dvars_nstd": 75.5397862802041,
  "dvars_std": 1.0286439753061227,
  "dvars_vstd": 1.0099800525510203,
  "efc": 0.5027,
  "fber": 139.4698,
  "fd_mean": 0.06528251003392335,
  "fd_num": 1,
  "fd_perc": 1.0101010101010102,
  "fwhm_avg": 2.5779765146011404,
  "fwhm_x": 2.4241827711516044,
  "fwhm_y": 2.8140650085624452,
  "fwhm_z": 2.4956817640893725,
  "gcor": [
    0.0121235,
    0.0136639,
    0.0115015,
    0.00879373
  ],
  "gsr_x": 0.0016993856988847256,
  "gsr_y": 0.024879466742277145,
  "provenance": {
    "md5sum": "83f31e6e8786d9ef6b7a1fb9816f582b",
    "settings": {
      "fd_thres": 0.2,
      "testing": false
    },
    "software": "mriqc",
    "version": "24.1.0.dev0+g3fe90466.d20240417"
  },
  "size_t": 99,
  "size_x": 96,
  "size_y": 96,
  "size_z": 60,
  "snr": 1.4433634291480928,
  "spacing_tr": 1.600000023841858,
  "spacing_x": 2.197920083999634,
  "spacing_y": 2.197920083999634,
  "spacing_z": 2.200000047683716,
  "summary_bg_k": 129.5362,
  "summary_bg_mad": 2.1715,
  "summary_bg_mean": 20.072,
  "summary_bg_median": 18.0,
  "summary_bg_n": 419158.0,
  "summary_bg_p05": 0.0,
  "summary_bg_p95": 35.0,
  "summary_bg_stdv": 14.0448,
  "summary_fg_k": 4.0862,
  "summary_fg_mad": 130.9782,
  "summary_fg_mean": 227.2606,
  "summary_fg_median": 216.0,
  "summary_fg_n": 133802.0,
  "summary_fg_p05": 27.0,
  "summary_fg_p95": 490.0,
  "summary_fg_stdv": 149.6499,
  "tsnr": 16.86704197153449
}