{
  "aor": [
    0.0013961224489795914,
    0.0013083673469387752,
    0.0013839795918367346,
    0.001580816326530612
  ],
  "aqi": [
    0.004584622857142857,
    0.005237595204081632,
    0.008694165714285714,
    0.015489644897959185
  ],
  "bids_meta": {
    "AcquisitionDuration": 188.475,
    "AcquisitionMatrixPE": 96,
    "AcquisitionTime": "18:06:56.395000",
    "B0FieldSource": [
      "019pepolarbold",
      "019phasediff"
    ],
    "BandwidthPerPixelPhaseEncode": 37.879,
    "BaseResolution": 96,
    "DerivedVendorReportedEchoSpacing": 0.000549997,
    "DwellTime": 2.3e-06,
    "EchoNumber": 2,
    "EchoTime": 0.03304,
    "EchoTrainLength": 35,
    "EffectiveEchoSpacing": 0.000274998,
    "FlipAngle": 64,
    "ImageOrientationPatientDICOM": [
      0.997853,
      -0.0120281,
      0.0643822,
      0.0301385,
      0.957062,
      -0.288313
    ],
    "ImageType": [
      "ORIGINAL",
      "PRIMARY",
      "FMRI",
      "NONE"
    ],
    "ImageTypeText": [
      "ORIGINAL",
      "PRIMARY",
      "M",
      "MB",
      "TE2",
      "DIS2D"
    ],
    "InPlanePhaseEncodingDirectionDICOM": "COL",
    "PercentPhaseFOV": 100,
    "PhaseEchoTime1": 0.0126,
    "PhaseEchoTime2": 0.03304,
    "PhaseEncodingDirection": "j",
    "PixelBandwidth": 2264,
    "ProtocolName": "func-bold_task-qct_dir-PA__cmrr_me4_sms4",
    "PulseSequenceName": "epfid2d4_96",
    "ReceiveCoilActiveElements": "HC1-7;NC1",
    "ReconMatrixPE": 96,
    "RefLinesPE": 22,
    "RepetitionTime": 1.6,
    "SequenceVariant": "SK\\SS",
    "SeriesDescription": "func-bold_task-qct_dir-PA__cmrr_me4_sms4",
    "SeriesNumber": 13,
    "ShimSetting": [
      8244,
      -5619,
      -6035,
      731,
      -60,
      -138,
      -7,
      22
    ],
    "SliceThickness": 2.2,
    "SliceTiming": [
      0,
      0.8425,
      0.105,
      0.9475,
      0.2125,
      1.055,
      0.3175,
      1.16,
      0.4225,
      1.265,
      0.5275,
      1.37,
      0.6325,
      1.475,
      0.7375,
      0,
      0.8425,
      0.105,
      0.9475,
      0.2125,
      1.055,
      0.3175,
      1.16,
      0.4225,
      1.265,
      0.5275,
      1.37,
      0.6325,
      1.475,
      0.7375,
      0,
      0.8425,
      0.105,
      0.9475,
      0.2125,
      1.055,
      0.3175,
      1.16,
      0.4225,
      1.265,
      0.5275,
      1.37,
      0.6325,
      1.475,
      0.7375,
      0,
      0.8425,
      0.105,
      0.9475,
      0.2125,
      1.055,
      0.3175,
      1.16,
      0.4225,
      1.265,
      0.5275,
      1.37,
      0.6325,
      1.475,
      0.7375
    ],
    "SpacingBetweenSlices": 2.2,
    "TotalReadoutTime": 0.0261249,
    "TxRefAmp": 246.931,
    "WipMemBlock": "259b8e4e-8686-4e09-9c43-9c10e036fa02||Sequence: R017 nxva30a/master r/d34922cc2+; Jun 27 2022 13:20:16 by eja",
    "dataset": "<unset>",
    "modality": "bold",
    "session_id": "019",
    "subject_id": "001",
    "task_id": "qct"
  },
  "dummy_trs": 1,
  "dvars_nstd": 39.43823069144331,
  "dvars_std": 1.0438834678350513,
  "dvars_vstd": 1.0497925031958761,
  "efc": 0.5322,
  "fber": 466.0554,
  "fd_mean": 0.07465591997387068,
  "fd_num": 2,
  "fd_perc": 2.0408163265306123,
  "fwhm_avg": 3.083898167221818,
  "fwhm_x": 2.8932080134725497,
  "fwhm_y": 3.341682008125835,
  "fwhm_z": 3.0168044800670692,
  "gcor": [
    0.00657395,
    0.00798392,
    0.00756412,
    0.00600659
  ],
  "gsr_x": 0.008598195388913155,
  "gsr_y": 0.04237370565533638,
  "provenance": {
    "md5sum": "e53d36a8022fb40f4654f8c39e11cb98",
    "settings": {
      "fd_thres": 0.2,
      "testing": false
    },
    "software": "mriqc",
    "version": "24.1.0.dev0+g3fe90466.d20240417"
  },
  "size_t": 98,
  "size_x": 96,
  "size_y": 96,
  "size_z": 60,
  "snr": 2.2330166179902746,
  "spacing_tr": 1.600000023841858,
  "spacing_x": 2.197920083999634,
  "spacing_y": 2.197920083999634,
  "spacing_z": 2.200000047683716,
  "summary_bg_k": 50.9401,
  "summary_bg_mad": 6.6415,
  "summary_bg_mean": 43.4256,
  "summary_bg_median": 23.0,
  "summary_bg_n": 416436.0,
  "summary_bg_p05": 0.0,
  "summary_bg_p95": 152.0,
  "summary_bg_stdv": 71.9489,
  "summary_fg_k": 0.3976,
  "summary_fg_mad": 196.059,
  "summary_fg_mean": 498.9398,
  "summary_fg_median": 490.0,
  "summary_fg_n": 136524.0,
  "summary_fg_p05": 98.0,
  "summary_fg_p95": 869.0,
  "summary_fg_stdv": 219.4333,
  "tsnr": 35.24568908876972
}