{
  "aor": [
    0.0005909708737864077,
    0.0006197572815533981,
    0.0007244660194174757,
    0.0008952427184466021
  ],
  "aqi": [
    0.004811057912621358,
    0.006874633786407769,
    0.012131674708737864,
    0.021422188349514565
  ],
  "bids_meta": {
    "AcquisitionDuration": 361.475,
    "AcquisitionMatrixPE": 96,
    "AcquisitionTime": "18:34:55.260000",
    "B0FieldSource": [
      "019pepolarbold",
      "019phasediff"
    ],
    "BandwidthPerPixelPhaseEncode": 37.879,
    "BaseResolution": 96,
    "DerivedVendorReportedEchoSpacing": 0.000549997,
    "DwellTime": 2.3e-06,
    "EchoNumber": 2,
    "EchoTime": 0.03304,
    "EchoTrainLength": 35,
    "EffectiveEchoSpacing": 0.000274998,
    "ImageOrientationPatientDICOM": [
      0.997853,
      -0.0120281,
      0.0643822,
      0.0301385,
      0.957062,
      -0.288313
    ],
    "ImageType": [
      "ORIGINAL",
      "PRIMARY",
      "FMRI",
      "NONE"
    ],
    "ImageTypeText": [
      "ORIGINAL",
      "PRIMARY",
      "M",
      "MB",
      "TE2",
      "DIS2D"
    ],
    "InPlanePhaseEncodingDirectionDICOM": "COL",
    "PercentPhaseFOV": 100,
    "PercentSampling": 100,
    "PhaseEchoTime1": 0.0126,
    "PhaseEchoTime2": 0.03304,
    "PhaseEncodingDirection": "j",
    "PhaseResolution": 1,
    "PixelBandwidth": 2264,
    "ProtocolName": "func-bold_task-bht_dir-PA__cmrr_me4_sms4",
    "PulseSequenceName": "epfid2d4_96",
    "ReceiveCoilActiveElements": "HC1-7;NC1",
    "ReconMatrixPE": 96,
    "RefLinesPE": 22,
    "RepetitionTime": 1.6,
    "SequenceVariant": "SK\\SS",
    "SeriesDescription": "func-bold_task-bht_dir-PA__cmrr_me4_sms4",
    "SeriesNumber": 25,
    "ShimSetting": [
      8244,
      -5618,
      -6035,
      730,
      -57,
      -132,
      -4,
      23
    ],
    "SliceThickness": 2.2,
    "SliceTiming": [
      0,
      0.8425,
      0.1075,
      0.95,
      0.2125,
      1.055,
      0.3175,
      1.16,
      0.4225,
      1.265,
      0.5275,
      1.37,
      0.6325,
      1.475,
      0.7375,
      0,
      0.8425,
      0.1075,
      0.95,
      0.2125,
      1.055,
      0.3175,
      1.16,
      0.4225,
      1.265,
      0.5275,
      1.37,
      0.6325,
      1.475,
      0.7375,
      0,
      0.8425,
      0.1075,
      0.95,
      0.2125,
      1.055,
      0.3175,
      1.16,
      0.4225,
      1.265,
      0.5275,
      1.37,
      0.6325,
      1.475,
      0.7375,
      0,
      0.8425,
      0.1075,
      0.95,
      0.2125,
      1.055,
      0.3175,
      1.16,
      0.4225,
      1.265,
      0.5275,
      1.37,
      0.6325,
      1.475,
      0.7375
    ],
    "SpacingBetweenSlices": 2.2,
    "TotalReadoutTime": 0.0261249,
    "TxRefAmp": 246.931,
    "WipMemBlock": "d0922483-cbb4-47cf-b99a-aa0dfa58cdfe||Sequence: R017 nxva30a/master r/d34922cc2+; Jun 27 2022 13:20:16 by eja",
    "dataset": "<unset>",
    "modality": "bold",
    "session_id": "019",
    "subject_id": "001",
    "task_id": "bht"
  },
  "dummy_trs": 1,
  "dvars_nstd": 45.535175062926854,
  "dvars_std": 1.0559212735121946,
  "dvars_vstd": 1.0060302760000004,
  "efc": 0.5335,
  "fber": 458.513,
  "fd_mean": 0.2332837431868804,
  "fd_num": 110,
  "fd_perc": 53.398058252427184,
  "fwhm_avg": 3.1235686858198917,
  "fwhm_x": 2.947841483030499,
  "fwhm_y": 3.36658282249048,
  "fwhm_z": 3.056281751938695,
  "gcor": [
    0.0233135,
    0.0255138,
    0.0244574,
    0.0198516
  ],
  "gsr_x": 0.011328022927045822,
  "gsr_y": 0.0385623574256897,
  "provenance": {
    "md5sum": "92d8a797c716e67c1e7258a5abf2ff5d",
    "settings": {
      "fd_thres": 0.2,
      "testing": false
    },
    "software": "mriqc",
    "version": "24.1.0.dev0+g3fe90466.d20240417"
  },
  "size_t": 206,
  "size_x": 96,
  "size_y": 96,
  "size_z": 60,
  "snr": 2.249130462469866,
  "spacing_tr": 1.600000023841858,
  "spacing_x": 2.197920083999634,
  "spacing_y": 2.197920083999634,
  "spacing_z": 2.200000047683716,
  "summary_bg_k": 45.8804,
  "summary_bg_mad": 6.7221,
  "summary_bg_mean": 43.6955,
  "summary_bg_median": 23.0,
  "summary_bg_n": 416756.0,
  "summary_bg_p05": 0.0,
  "summary_bg_p95": 155.0,
  "summary_bg_stdv": 72.9568,
  "summary_fg_k": 0.3563,
  "summary_fg_mad": 193.5408,
  "summary_fg_mean": 493.2108,
  "summary_fg_median": 485.0,
  "summary_fg_n": 136204.0,
  "summary_fg_p05": 97.0,
  "summary_fg_p95": 856.0,
  "summary_fg_stdv": 215.6381,
  "tsnr": 31.79060737043619
}