{
  "aor": [
    0.00028469959946595465,
    0.0002985981308411215,
    0.0003737383177570094,
    0.0004660881174899866
  ],
  "aqi": [
    0.004939998851802403,
    0.006625926275033378,
    0.010934175246995994,
    0.019274562082777037
  ],
  "bids_meta": {
    "AcquisitionDuration": 1230.47,
    "AcquisitionMatrixPE": 96,
    "AcquisitionTime": "18:13:14.210000",
    "B0FieldSource": [
      "019pepolarbold",
      "019phasediff"
    ],
    "BandwidthPerPixelPhaseEncode": 37.879,
    "BaseResolution": 96,
    "DerivedVendorReportedEchoSpacing": 0.000549997,
    "DwellTime": 2.3e-06,
    "EchoNumber": 2,
    "EchoTime": 0.03304,
    "EchoTrainLength": 35,
    "EffectiveEchoSpacing": 0.000274998,
    "FlipAngle": 64,
    "ImageOrientationPatientDICOM": [
      0.997853,
      -0.0120281,
      0.0643822,
      0.0301385,
      0.957062,
      -0.288313
    ],
    "ImageType": [
      "ORIGINAL",
      "PRIMARY",
      "FMRI",
      "NONE"
    ],
    "ImageTypeText": [
      "ORIGINAL",
      "PRIMARY",
      "M",
      "MB",
      "TE2",
      "DIS2D"
    ],
    "InPlanePhaseEncodingDirectionDICOM": "COL",
    "PercentPhaseFOV": 100,
    "PhaseEchoTime1": 0.0126,
    "PhaseEchoTime2": 0.03304,
    "PhaseEncodingDirection": "j",
    "PixelBandwidth": 2264,
    "ProtocolName": "func-bold_task-rest_dir-PA__cmrr_me4_sms4",
    "PulseSequenceName": "epfid2d4_96",
    "ReceiveCoilActiveElements": "HC1-7;NC1",
    "ReconMatrixPE": 96,
    "RefLinesPE": 22,
    "RepetitionTime": 1.6,
    "SequenceVariant": "SK\\SS",
    "SeriesDescription": "func-bold_task-rest_dir-PA__cmrr_me4_sms4",
    "SeriesNumber": 23,
    "ShimSetting": [
      8243,
      -5620,
      -6038,
      735,
      -54,
      -152,
      -10,
      21
    ],
    "SliceThickness": 2.2,
    "SliceTiming": [
      0,
      0.8425,
      0.105,
      0.9475,
      0.21,
      1.0525,
      0.315,
      1.1575,
      0.42,
      1.2625,
      0.525,
      1.3675,
      0.6325,
      1.475,
      0.7375,
      0,
      0.8425,
      0.105,
      0.9475,
      0.21,
      1.0525,
      0.315,
      1.1575,
      0.42,
      1.2625,
      0.525,
      1.3675,
      0.6325,
      1.475,
      0.7375,
      0,
      0.8425,
      0.105,
      0.9475,
      0.21,
      1.0525,
      0.315,
      1.1575,
      0.42,
      1.2625,
      0.525,
      1.3675,
      0.6325,
      1.475,
      0.7375,
      0,
      0.8425,
      0.105,
      0.9475,
      0.21,
      1.0525,
      0.315,
      1.1575,
      0.42,
      1.2625,
      0.525,
      1.3675,
      0.6325,
      1.475,
      0.7375
    ],
    "SpacingBetweenSlices": 2.2,
    "TotalReadoutTime": 0.0261249,
    "TxRefAmp": 246.931,
    "WipMemBlock": "a85c43ab-4cab-4779-bd36-6832eedf566f||Sequence: R017 nxva30a/master r/d34922cc2+; Jun 27 2022 13:20:16 by eja",
    "dataset": "<unset>",
    "modality": "bold",
    "session_id": "019",
    "subject_id": "001",
    "task_id": "rest"
  },
  "dummy_trs": 1,
  "dvars_nstd": 39.73249245715238,
  "dvars_std": 1.0192356679278076,
  "dvars_vstd": 0.998104820414438,
  "efc": 0.534,
  "fber": 453.3752,
  "fd_mean": 0.12425227570699195,
  "fd_num": 82,
  "fd_perc": 10.947930574098798,
  "fwhm_avg": 3.140742275475867,
  "fwhm_x": 2.9571684827468383,
  "fwhm_y": 3.35518568381271,
  "fwhm_z": 3.1098726598680524,
  "gcor": [
    0.0117558,
    0.0169296,
    0.0135368,
    0.0103685
  ],
  "gsr_x": 0.009318073280155659,
  "gsr_y": 0.03898724541068077,
  "provenance": {
    "md5sum": "0482875f7f41229bb46046f0aeaeef2b",
    "settings": {
      "fd_thres": 0.2,
      "testing": false
    },
    "software": "mriqc",
    "version": "24.1.0.dev0+g3fe90466.d20240417"
  },
  "size_t": 749,
  "size_x": 96,
  "size_y": 96,
  "size_z": 60,
  "snr": 2.2666469199147454,
  "spacing_tr": 1.600000023841858,
  "spacing_x": 2.197920083999634,
  "spacing_y": 2.197920083999634,
  "spacing_z": 2.200000047683716,
  "summary_bg_k": 45.6983,
  "summary_bg_mad": 6.7875,
  "summary_bg_mean": 44.0475,
  "summary_bg_median": 23.0,
  "summary_bg_n": 417257.0,
  "summary_bg_p05": 0.0,
  "summary_bg_p95": 158.0,
  "summary_bg_stdv": 72.9659,
  "summary_fg_k": 0.3906,
  "summary_fg_mad": 193.1065,
  "summary_fg_mean": 496.9019,
  "summary_fg_median": 488.0,
  "summary_fg_n": 135703.0,
  "summary_fg_p05": 104.0,
  "summary_fg_p95": 860.0,
  "summary_fg_stdv": 215.2952,
  "tsnr": 32.89873902546242
}