{
  "aor": [
    0.0009985180240320427,
    0.0012069158878504672,
    0.0012869826435246998,
    0.001304138851802403
  ],
  "aqi": [
    0.004051444672897197,
    0.005191044098798398,
    0.008970405847797062,
    0.016220319492656874
  ],
  "bids_meta": {
    "AcquisitionDuration": 1230.47,
    "AcquisitionMatrixPE": 96,
    "AcquisitionTime": "20:10:56.215000",
    "B0FieldSource": [
      "015pepolarbold",
      "015phasediff"
    ],
    "BandwidthPerPixelPhaseEncode": 37.879,
    "BaseResolution": 96,
    "DerivedVendorReportedEchoSpacing": 0.000549997,
    "DwellTime": 2.3e-06,
    "EchoNumber": 1,
    "EchoTime": 0.0126,
    "EchoTrainLength": 35,
    "EffectiveEchoSpacing": 0.000274998,
    "FlipAngle": 64,
    "ImageOrientationPatientDICOM": [
      0.998095,
      -0.0431683,
      0.0440703,
      0.0565012,
      0.926459,
      -0.372132
    ],
    "ImageType": [
      "ORIGINAL",
      "PRIMARY",
      "FMRI",
      "NONE"
    ],
    "ImageTypeText": [
      "ORIGINAL",
      "PRIMARY",
      "M",
      "MB",
      "TE1",
      "DIS2D"
    ],
    "InPlanePhaseEncodingDirectionDICOM": "COL",
    "PercentPhaseFOV": 100,
    "PhaseEchoTime1": 0.0126,
    "PhaseEchoTime2": 0.03304,
    "PhaseEncodingDirection": "j-",
    "PixelBandwidth": 2264,
    "ProtocolName": "func-bold_task-rest_dir-AP__cmrr_me4_sms4",
    "PulseSequenceName": "epfid2d4_96",
    "ReceiveCoilActiveElements": "HC1-7",
    "ReconMatrixPE": 96,
    "RefLinesPE": 22,
    "RepetitionTime": 1.6,
    "SequenceVariant": "SK\\SS",
    "SeriesDescription": "func-bold_task-rest_dir-AP__cmrr_me4_sms4",
    "SeriesNumber": 23,
    "ShimSetting": [
      8234,
      -5609,
      -6012,
      696,
      -27,
      -225,
      40,
      17
    ],
    "SliceThickness": 2.2,
    "SliceTiming": [
      0,
      0.8425,
      0.1075,
      0.95,
      0.2125,
      1.055,
      0.3175,
      1.16,
      0.4225,
      1.265,
      0.5275,
      1.37,
      0.6325,
      1.475,
      0.7375,
      0,
      0.8425,
      0.1075,
      0.95,
      0.2125,
      1.055,
      0.3175,
      1.16,
      0.4225,
      1.265,
      0.5275,
      1.37,
      0.6325,
      1.475,
      0.7375,
      0,
      0.8425,
      0.1075,
      0.95,
      0.2125,
      1.055,
      0.3175,
      1.16,
      0.4225,
      1.265,
      0.5275,
      1.37,
      0.6325,
      1.475,
      0.7375,
      0,
      0.8425,
      0.1075,
      0.95,
      0.2125,
      1.055,
      0.3175,
      1.16,
      0.4225,
      1.265,
      0.5275,
      1.37,
      0.6325,
      1.475,
      0.7375
    ],
    "SpacingBetweenSlices": 2.2,
    "TotalReadoutTime": 0.0261249,
    "TxRefAmp": 242.728,
    "WipMemBlock": "c2477b06-7e42-4454-925c-78d4194587da||Sequence: R017 nxva30a/master r/d34922cc2+; Jun 27 2022 13:20:16 by eja",
    "dataset": "<unset>",
    "modality": "bold",
    "session_id": "015",
    "subject_id": "001",
    "task_id": "rest"
  },
  "dummy_trs": 1,
  "dvars_nstd": 26.178120523863647,
  "dvars_std": 1.050946398569518,
  "dvars_vstd": 1.01313123090909,
  "efc": 0.5748,
  "fber": 706.606,
  "fd_mean": 0.10005778014112503,
  "fd_num": 42,
  "fd_perc": 5.607476635514018,
  "fwhm_avg": 3.6411857970986348,
  "fwhm_x": 3.3177593912924155,
  "fwhm_y": 3.661584449128379,
  "fwhm_z": 3.94421355087511,
  "gcor": [
    0.012213,
    0.0171965,
    0.0167732,
    0.013177
  ],
  "gsr_x": 0.0016651342157274485,
  "gsr_y": 0.1059594377875328,
  "provenance": {
    "md5sum": "a9ae9591a49ed8aba2662ffd6244668e",
    "settings": {
      "fd_thres": 0.2,
      "testing": false
    },
    "software": "mriqc",
    "version": "24.1.0.dev0+g3fe90466.d20240417"
  },
  "size_t": 749,
  "size_x": 96,
  "size_y": 96,
  "size_z": 60,
  "snr": 2.499877522189484,
  "spacing_tr": 1.600000023841858,
  "spacing_x": 2.197920083999634,
  "spacing_y": 2.197920083999634,
  "spacing_z": 2.200000047683716,
  "summary_bg_k": 10.7082,
  "summary_bg_mad": 20.7802,
  "summary_bg_mean": 125.9902,
  "summary_bg_median": 31.0,
  "summary_bg_n": 418987.0,
  "summary_bg_p05": 1.0,
  "summary_bg_p95": 639.0,
  "summary_bg_stdv": 226.2441,
  "summary_fg_k": 0.6764,
  "summary_fg_mad": 306.8432,
  "summary_fg_mean": 861.5001,
  "summary_fg_median": 823.0,
  "summary_fg_n": 133973.0,
  "summary_fg_p05": 387.0,
  "summary_fg_p95": 1450.0,
  "summary_fg_stdv": 329.2149,
  "tsnr": 51.11649435549043
}