{
  "aor": [
    0.0007086893203883495,
    0.0008393203883495145,
    0.0009574757281553398,
    0.0011321844660194173
  ],
  "aqi": [
    0.005936674077669902,
    0.006098938495145631,
    0.010742426796116504,
    0.01908690388349515
  ],
  "bids_meta": {
    "AcquisitionDuration": 361.472,
    "AcquisitionMatrixPE": 96,
    "AcquisitionTime": "20:32:45.252500",
    "B0FieldSource": [
      "015pepolarbold",
      "015phasediff"
    ],
    "BandwidthPerPixelPhaseEncode": 37.879,
    "BaseResolution": 96,
    "DerivedVendorReportedEchoSpacing": 0.000549997,
    "DwellTime": 2.3e-06,
    "EchoNumber": 3,
    "EchoTime": 0.05348,
    "EchoTrainLength": 35,
    "EffectiveEchoSpacing": 0.000274998,
    "ImageOrientationPatientDICOM": [
      0.998085,
      -0.04333,
      0.0441352,
      0.0566754,
      0.926451,
      -0.372124
    ],
    "ImageType": [
      "ORIGINAL",
      "PRIMARY",
      "FMRI",
      "NONE"
    ],
    "ImageTypeText": [
      "ORIGINAL",
      "PRIMARY",
      "M",
      "MB",
      "TE3",
      "DIS2D"
    ],
    "InPlanePhaseEncodingDirectionDICOM": "COL",
    "PercentPhaseFOV": 100,
    "PercentSampling": 100,
    "PhaseEchoTime1": 0.0126,
    "PhaseEchoTime2": 0.03304,
    "PhaseEncodingDirection": "j-",
    "PhaseResolution": 1,
    "PixelBandwidth": 2264,
    "ProtocolName": "func-bold_task-bht_dir-AP__cmrr_me4_sms4",
    "PulseSequenceName": "epfid2d4_96",
    "ReceiveCoilActiveElements": "HC1-7",
    "ReconMatrixPE": 96,
    "RefLinesPE": 22,
    "RepetitionTime": 1.6,
    "SequenceVariant": "SK\\SS",
    "SeriesDescription": "func-bold_task-bht_dir-AP__cmrr_me4_sms4",
    "SeriesNumber": 25,
    "ShimSetting": [
      8234,
      -5611,
      -6012,
      698,
      -28,
      -237,
      37,
      15
    ],
    "SliceThickness": 2.2,
    "SliceTiming": [
      0,
      0.8425,
      0.105,
      0.9475,
      0.21,
      1.0525,
      0.315,
      1.1575,
      0.42,
      1.265,
      0.5275,
      1.37,
      0.6325,
      1.475,
      0.7375,
      0,
      0.8425,
      0.105,
      0.9475,
      0.21,
      1.0525,
      0.315,
      1.1575,
      0.42,
      1.265,
      0.5275,
      1.37,
      0.6325,
      1.475,
      0.7375,
      0,
      0.8425,
      0.105,
      0.9475,
      0.21,
      1.0525,
      0.315,
      1.1575,
      0.42,
      1.265,
      0.5275,
      1.37,
      0.6325,
      1.475,
      0.7375,
      0,
      0.8425,
      0.105,
      0.9475,
      0.21,
      1.0525,
      0.315,
      1.1575,
      0.42,
      1.265,
      0.5275,
      1.37,
      0.6325,
      1.475,
      0.7375
    ],
    "SpacingBetweenSlices": 2.2,
    "TotalReadoutTime": 0.0261249,
    "TxRefAmp": 242.728,
    "WipMemBlock": "51b0617a-1a85-4127-ac8d-7175c8276535||Sequence: R017 nxva30a/master r/d34922cc2+; Jun 27 2022 13:20:16 by eja",
    "dataset": "<unset>",
    "modality": "bold",
    "session_id": "015",
    "subject_id": "001",
    "task_id": "bht"
  },
  "dummy_trs": 1,
  "dvars_nstd": 61.95957092643908,
  "dvars_std": 1.0811445536585367,
  "dvars_vstd": 1.0032314562439029,
  "efc": 0.4964,
  "fber": 310.5068,
  "fd_mean": 0.16114539581066742,
  "fd_num": 61,
  "fd_perc": 29.611650485436893,
  "fwhm_avg": 2.884897138976831,
  "fwhm_x": 2.7430387682835353,
  "fwhm_y": 3.1039527095022152,
  "fwhm_z": 2.807699939144743,
  "gcor": [
    0.0536095,
    0.0583306,
    0.0521052,
    0.0400999
  ],
  "gsr_x": 0.005978812929242849,
  "gsr_y": 0.021694878116250038,
  "provenance": {
    "md5sum": "b38fa318f3b6983f07aa977e1e23e96c",
    "settings": {
      "fd_thres": 0.2,
      "testing": false
    },
    "software": "mriqc",
    "version": "24.1.0.dev0+g3fe90466.d20240417"
  },
  "size_t": 206,
  "size_x": 96,
  "size_y": 96,
  "size_z": 60,
  "snr": 1.6990437912050522,
  "spacing_tr": 1.600000023841858,
  "spacing_x": 2.197920083999634,
  "spacing_y": 2.197920083999634,
  "spacing_z": 2.200000047683716,
  "summary_bg_k": 218.6391,
  "summary_bg_mad": 3.3179,
  "summary_bg_mean": 24.7524,
  "summary_bg_median": 19.0,
  "summary_bg_n": 418694.0,
  "summary_bg_p05": 0.0,
  "summary_bg_p95": 59.0,
  "summary_bg_stdv": 27.936,
  "summary_fg_k": 1.6936,
  "summary_fg_mad": 172.3921,
  "summary_fg_mean": 342.3286,
  "summary_fg_median": 332.0,
  "summary_fg_n": 134266.0,
  "summary_fg_p05": 40.0,
  "summary_fg_p95": 677.0,
  "summary_fg_stdv": 195.4033,
  "tsnr": 21.564577270299196
}