{
  "aor": [
    0.0015487755102040815,
    0.001628469387755102,
    0.001822142857142857,
    0.0020044897959183676
  ],
  "aqi": [
    0.0034623603061224493,
    0.004578692448979592,
    0.008046496122448978,
    0.014468239795918367
  ],
  "bids_meta": {
    "AcquisitionDuration": 188.472,
    "AcquisitionMatrixPE": 96,
    "AcquisitionTime": "11:17:11.245000",
    "B0FieldSource": [
      "042pepolarbold",
      "042phasediff"
    ],
    "BandwidthPerPixelPhaseEncode": 37.879,
    "BaseResolution": 96,
    "DerivedVendorReportedEchoSpacing": 0.000549997,
    "DwellTime": 2.3e-06,
    "EchoNumber": 3,
    "EchoTime": 0.05348,
    "EchoTrainLength": 35,
    "EffectiveEchoSpacing": 0.000274998,
    "FlipAngle": 64,
    "ImageOrientationPatientDICOM": [
      0.999255,
      0.0319345,
      0.021683,
      -0.0252938,
      0.966047,
      -0.257125
    ],
    "ImageType": [
      "ORIGINAL",
      "PRIMARY",
      "FMRI",
      "NONE"
    ],
    "ImageTypeText": [
      "ORIGINAL",
      "PRIMARY",
      "M",
      "MB",
      "TE3",
      "DIS2D"
    ],
    "InPlanePhaseEncodingDirectionDICOM": "COL",
    "PercentPhaseFOV": 100,
    "PhaseEchoTime1": 0.0126,
    "PhaseEchoTime2": 0.03304,
    "PhaseEncodingDirection": "j",
    "PixelBandwidth": 2264,
    "ProtocolName": "func-bold_task-qct_dir-PA__cmrr_me4_sms4",
    "PulseSequenceName": "epfid2d4_96",
    "ReceiveCoilActiveElements": "HC1-7",
    "ReconMatrixPE": 96,
    "RefLinesPE": 22,
    "RepetitionTime": 1.6,
    "SequenceVariant": "SK\\SS",
    "SeriesDescription": "func-bold_task-qct_dir-PA__cmrr_me4_sms4",
    "SeriesNumber": 13,
    "ShimSetting": [
      8232,
      -5627,
      -6016,
      715,
      -20,
      -137,
      41,
      37
    ],
    "SliceThickness": 2.2,
    "SliceTiming": [
      0,
      0.8425,
      0.105,
      0.9475,
      0.21,
      1.0525,
      0.315,
      1.1575,
      0.4225,
      1.265,
      0.5275,
      1.37,
      0.6325,
      1.475,
      0.7375,
      0,
      0.8425,
      0.105,
      0.9475,
      0.21,
      1.0525,
      0.315,
      1.1575,
      0.4225,
      1.265,
      0.5275,
      1.37,
      0.6325,
      1.475,
      0.7375,
      0,
      0.8425,
      0.105,
      0.9475,
      0.21,
      1.0525,
      0.315,
      1.1575,
      0.4225,
      1.265,
      0.5275,
      1.37,
      0.6325,
      1.475,
      0.7375,
      0,
      0.8425,
      0.105,
      0.9475,
      0.21,
      1.0525,
      0.315,
      1.1575,
      0.4225,
      1.265,
      0.5275,
      1.37,
      0.6325,
      1.475,
      0.7375
    ],
    "SpacingBetweenSlices": 2.2,
    "TotalReadoutTime": 0.0261249,
    "TxRefAmp": 247.545,
    "WipMemBlock": "c6320ca6-ccd5-4f71-b6e8-e1e0622540bc||Sequence: R017 nxva30a/master r/d34922cc2+; Jun 27 2022 13:20:16 by eja",
    "dataset": "<unset>",
    "modality": "bold",
    "session_id": "042",
    "subject_id": "001",
    "task_id": "qct"
  },
  "dummy_trs": 1,
  "dvars_nstd": 56.86228797360826,
  "dvars_std": 1.0800420654639173,
  "dvars_vstd": 1.0397296804123706,
  "efc": 0.509,
  "fber": 313.0443,
  "fd_mean": 0.12269461364149958,
  "fd_num": 11,
  "fd_perc": 11.224489795918368,
  "fwhm_avg": 2.799375989429889,
  "fwhm_x": 2.6825179145143943,
  "fwhm_y": 3.0540873841894967,
  "fwhm_z": 2.6615226695857768,
  "gcor": [
    0.00961858,
    0.0118748,
    0.0105735,
    0.00816379
  ],
  "gsr_x": 0.005421401001513004,
  "gsr_y": 0.029870061203837395,
  "provenance": {
    "md5sum": "ce80e33555b3a667006231e4e1902f13",
    "settings": {
      "fd_thres": 0.2,
      "testing": false
    },
    "software": "mriqc",
    "version": "24.1.0.dev0+g3fe90466.d20240417"
  },
  "size_t": 98,
  "size_x": 96,
  "size_y": 96,
  "size_z": 60,
  "snr": 1.847193633343921,
  "spacing_tr": 1.600000023841858,
  "spacing_x": 2.197920083999634,
  "spacing_y": 2.197920083999634,
  "spacing_z": 2.200000047683716,
  "summary_bg_k": 88.5081,
  "summary_bg_mad": 3.3737,
  "summary_bg_mean": 25.7539,
  "summary_bg_median": 19.0,
  "summary_bg_n": 417767.0,
  "summary_bg_p05": 0.0,
  "summary_bg_p95": 66.0,
  "summary_bg_stdv": 30.3948,
  "summary_fg_k": 1.5107,
  "summary_fg_mad": 158.4418,
  "summary_fg_mean": 338.1412,
  "summary_fg_median": 333.0,
  "summary_fg_n": 135193.0,
  "summary_fg_p05": 41.0,
  "summary_fg_p95": 638.0,
  "summary_fg_stdv": 180.2728,
  "tsnr": 25.317511963890865
}