{
  "aor": [
    0.0006014077669902912,
    0.000581504854368932,
    0.0006581553398058252,
    0.0008354854368932038
  ],
  "aqi": [
    0.0043893532038834955,
    0.005235388300970874,
    0.009418777281553397,
    0.017230022330097086
  ],
  "bids_meta": {
    "AcquisitionDuration": 361.475,
    "AcquisitionMatrixPE": 96,
    "AcquisitionTime": "11:48:6.407500",
    "B0FieldSource": [
      "042pepolarbold",
      "042phasediff"
    ],
    "BandwidthPerPixelPhaseEncode": 37.879,
    "BaseResolution": 96,
    "DerivedVendorReportedEchoSpacing": 0.000549997,
    "DwellTime": 2.3e-06,
    "EchoNumber": 2,
    "EchoTime": 0.03304,
    "EchoTrainLength": 35,
    "EffectiveEchoSpacing": 0.000274998,
    "ImageOrientationPatientDICOM": [
      0.999255,
      0.0319345,
      0.021683,
      -0.0252938,
      0.966047,
      -0.257125
    ],
    "ImageType": [
      "ORIGINAL",
      "PRIMARY",
      "FMRI",
      "NONE"
    ],
    "ImageTypeText": [
      "ORIGINAL",
      "PRIMARY",
      "M",
      "MB",
      "TE2",
      "DIS2D"
    ],
    "InPlanePhaseEncodingDirectionDICOM": "COL",
    "PercentPhaseFOV": 100,
    "PercentSampling": 100,
    "PhaseEchoTime1": 0.0126,
    "PhaseEchoTime2": 0.03304,
    "PhaseEncodingDirection": "j",
    "PhaseResolution": 1,
    "PixelBandwidth": 2264,
    "ProtocolName": "func-bold_task-bht_dir-PA__cmrr_me4_sms4",
    "PulseSequenceName": "epfid2d4_96",
    "ReceiveCoilActiveElements": "HC1-7",
    "ReconMatrixPE": 96,
    "RefLinesPE": 22,
    "RepetitionTime": 1.6,
    "SequenceVariant": "SK\\SS",
    "SeriesDescription": "func-bold_task-bht_dir-PA__cmrr_me4_sms4",
    "SeriesNumber": 25,
    "ShimSetting": [
      8234,
      -5628,
      -6018,
      712,
      -7,
      -149,
      23,
      45
    ],
    "SliceThickness": 2.2,
    "SliceTiming": [
      0,
      0.8425,
      0.1075,
      0.95,
      0.2125,
      1.055,
      0.3175,
      1.16,
      0.4225,
      1.265,
      0.5275,
      1.37,
      0.6325,
      1.475,
      0.7375,
      0,
      0.8425,
      0.1075,
      0.95,
      0.2125,
      1.055,
      0.3175,
      1.16,
      0.4225,
      1.265,
      0.5275,
      1.37,
      0.6325,
      1.475,
      0.7375,
      0,
      0.8425,
      0.1075,
      0.95,
      0.2125,
      1.055,
      0.3175,
      1.16,
      0.4225,
      1.265,
      0.5275,
      1.37,
      0.6325,
      1.475,
      0.7375,
      0,
      0.8425,
      0.1075,
      0.95,
      0.2125,
      1.055,
      0.3175,
      1.16,
      0.4225,
      1.265,
      0.5275,
      1.37,
      0.6325,
      1.475,
      0.7375
    ],
    "SpacingBetweenSlices": 2.2,
    "TotalReadoutTime": 0.0261249,
    "TxRefAmp": 247.545,
    "WipMemBlock": "4099d97a-d164-4bce-b1d9-072b32cc2686||Sequence: R017 nxva30a/master r/d34922cc2+; Jun 27 2022 13:20:16 by eja",
    "dataset": "<unset>",
    "modality": "bold",
    "session_id": "042",
    "subject_id": "001",
    "task_id": "bht"
  },
  "dummy_trs": 1,
  "dvars_nstd": 41.545728394585346,
  "dvars_std": 1.0456985919512196,
  "dvars_vstd": 1.0082342802926827,
  "efc": 0.526,
  "fber": 576.8856,
  "fd_mean": 0.1660963270398736,
  "fd_num": 79,
  "fd_perc": 38.349514563106794,
  "fwhm_avg": 3.08868571287598,
  "fwhm_x": 2.9348200814752983,
  "fwhm_y": 3.327859849521817,
  "fwhm_z": 3.003377207630825,
  "gcor": [
    0.017478,
    0.0223696,
    0.0219366,
    0.0178311
  ],
  "gsr_x": 0.01000939216464758,
  "gsr_y": 0.03773299232125282,
  "provenance": {
    "md5sum": "e9b625fce3c25db7ea6e0d168db0a364",
    "settings": {
      "fd_thres": 0.2,
      "testing": false
    },
    "software": "mriqc",
    "version": "24.1.0.dev0+g3fe90466.d20240417"
  },
  "size_t": 206,
  "size_x": 96,
  "size_y": 96,
  "size_z": 60,
  "snr": 2.196426027440796,
  "spacing_tr": 1.600000023841858,
  "spacing_x": 2.197920083999634,
  "spacing_y": 2.197920083999634,
  "spacing_z": 2.200000047683716,
  "summary_bg_k": 34.4135,
  "summary_bg_mad": 6.4558,
  "summary_bg_mean": 43.7712,
  "summary_bg_median": 21.0,
  "summary_bg_n": 417536.0,
  "summary_bg_p05": 0.0,
  "summary_bg_p95": 165.0,
  "summary_bg_stdv": 74.4483,
  "summary_fg_k": 0.6087,
  "summary_fg_mad": 207.9926,
  "summary_fg_mean": 515.4295,
  "summary_fg_median": 506.0,
  "summary_fg_n": 135424.0,
  "summary_fg_p05": 102.0,
  "summary_fg_p95": 902.0,
  "summary_fg_stdv": 230.3734,
  "tsnr": 34.40890215092804
}