{
  "aor": [
    0.0006045126835781043,
    0.000751441922563418,
    0.0008249933244325768,
    0.0008581842456608812
  ],
  "aqi": [
    0.004843519038718291,
    0.006647012403204273,
    0.012234199546061414,
    0.021806137917222967
  ],
  "bids_meta": {
    "AcquisitionDuration": 1230.47,
    "AcquisitionMatrixPE": 96,
    "AcquisitionTime": "21:43:24.410000",
    "B0FieldSource": [
      "048pepolarbold",
      "048phasediff"
    ],
    "BandwidthPerPixelPhaseEncode": 37.879,
    "BaseResolution": 96,
    "DerivedVendorReportedEchoSpacing": 0.000549997,
    "DwellTime": 2.3e-06,
    "EchoNumber": 2,
    "EchoTime": 0.03304,
    "EchoTrainLength": 35,
    "EffectiveEchoSpacing": 0.000274998,
    "FlipAngle": 64,
    "ImageOrientationPatientDICOM": [
      0.999147,
      -0.0077052,
      0.0405757,
      0.0205802,
      0.944667,
      -0.327383
    ],
    "ImageType": [
      "ORIGINAL",
      "PRIMARY",
      "FMRI",
      "NONE"
    ],
    "ImageTypeText": [
      "ORIGINAL",
      "PRIMARY",
      "M",
      "MB",
      "TE2",
      "DIS2D"
    ],
    "InPlanePhaseEncodingDirectionDICOM": "COL",
    "PercentPhaseFOV": 100,
    "PhaseEchoTime1": 0.0126,
    "PhaseEchoTime2": 0.03304,
    "PhaseEncodingDirection": "j",
    "PixelBandwidth": 2264,
    "ProtocolName": "func-bold_task-rest_dir-PA__cmrr_me4_sms4",
    "PulseSequenceName": "epfid2d4_96",
    "ReceiveCoilActiveElements": "HC1-7",
    "ReconMatrixPE": 96,
    "RefLinesPE": 22,
    "RepetitionTime": 1.6,
    "SequenceVariant": "SK\\SS",
    "SeriesDescription": "func-bold_task-rest_dir-PA__cmrr_me4_sms4",
    "SeriesNumber": 23,
    "ShimSetting": [
      8240,
      -5623,
      -6019,
      635,
      -52,
      -228,
      70,
      40
    ],
    "SliceThickness": 2.2,
    "SliceTiming": [
      0,
      0.8425,
      0.105,
      0.9475,
      0.21,
      1.0525,
      0.315,
      1.1575,
      0.4225,
      1.265,
      0.5275,
      1.37,
      0.6325,
      1.475,
      0.7375,
      0,
      0.8425,
      0.105,
      0.9475,
      0.21,
      1.0525,
      0.315,
      1.1575,
      0.4225,
      1.265,
      0.5275,
      1.37,
      0.6325,
      1.475,
      0.7375,
      0,
      0.8425,
      0.105,
      0.9475,
      0.21,
      1.0525,
      0.315,
      1.1575,
      0.4225,
      1.265,
      0.5275,
      1.37,
      0.6325,
      1.475,
      0.7375,
      0,
      0.8425,
      0.105,
      0.9475,
      0.21,
      1.0525,
      0.315,
      1.1575,
      0.4225,
      1.265,
      0.5275,
      1.37,
      0.6325,
      1.475,
      0.7375
    ],
    "SpacingBetweenSlices": 2.2,
    "TotalReadoutTime": 0.0261249,
    "TxRefAmp": 248.399,
    "WipMemBlock": "e4d9bac6-987c-4459-8c62-c0d6c4b9882a||Sequence: R017 nxva30a/master r/d34922cc2+; Jun 27 2022 13:20:16 by eja",
    "dataset": "<unset>",
    "modality": "bold",
    "session_id": "048",
    "subject_id": "001",
    "task_id": "rest"
  },
  "dummy_trs": 1,
  "dvars_nstd": 35.624880846858346,
  "dvars_std": 1.0056713042513368,
  "dvars_vstd": 0.9846853009759362,
  "efc": 0.522,
  "fber": 586.3438,
  "fd_mean": 0.15585616671489616,
  "fd_num": 184,
  "fd_perc": 24.566088117489986,
  "fwhm_avg": 3.33323919837054,
  "fwhm_x": 3.1161824535205174,
  "fwhm_y": 3.5662352134916415,
  "fwhm_z": 3.3172999280994606,
  "gcor": [
    0.0102135,
    0.00713707,
    0.00489562,
    0.00364524
  ],
  "gsr_x": 0.01036423072218895,
  "gsr_y": 0.03735795244574547,
  "provenance": {
    "md5sum": "1f42a84060dce6c310c961a82b06eae3",
    "settings": {
      "fd_thres": 0.2,
      "testing": false
    },
    "software": "mriqc",
    "version": "24.1.0.dev0+g3fe90466.d20240417"
  },
  "size_t": 749,
  "size_x": 96,
  "size_y": 96,
  "size_z": 60,
  "snr": 2.155707037513398,
  "spacing_tr": 1.600000023841858,
  "spacing_x": 2.197920083999634,
  "spacing_y": 2.197920083999634,
  "spacing_z": 2.200000047683716,
  "summary_bg_k": 34.67,
  "summary_bg_mad": 6.354,
  "summary_bg_mean": 43.7078,
  "summary_bg_median": 21.0,
  "summary_bg_n": 418232.0,
  "summary_bg_p05": 0.0,
  "summary_bg_p95": 164.0,
  "summary_bg_stdv": 73.342,
  "summary_fg_k": 0.7439,
  "summary_fg_mad": 217.9148,
  "summary_fg_mean": 530.6713,
  "summary_fg_median": 518.0,
  "summary_fg_n": 134728.0,
  "summary_fg_p05": 108.0,
  "summary_fg_p95": 936.0,
  "summary_fg_stdv": 240.2915,
  "tsnr": 32.75479257956613
}