{
  "aor": [
    0.0005061650485436893,
    0.000492766990291262,
    0.0005880582524271845,
    0.0007669902912621358
  ],
  "aqi": [
    0.004370454417475728,
    0.004504133155339806,
    0.007900983398058253,
    0.014466621359223301
  ],
  "bids_meta": {
    "AcquisitionDuration": 361.475,
    "AcquisitionMatrixPE": 96,
    "AcquisitionTime": "22:05:10.310000",
    "B0FieldSource": [
      "048pepolarbold",
      "048phasediff"
    ],
    "BandwidthPerPixelPhaseEncode": 37.879,
    "BaseResolution": 96,
    "DerivedVendorReportedEchoSpacing": 0.000549997,
    "DwellTime": 2.3e-06,
    "EchoNumber": 4,
    "EchoTime": 0.07392,
    "EchoTrainLength": 35,
    "EffectiveEchoSpacing": 0.000274998,
    "ImageOrientationPatientDICOM": [
      0.999147,
      -0.0077052,
      0.0405757,
      0.0205802,
      0.944667,
      -0.327383
    ],
    "ImageType": [
      "ORIGINAL",
      "PRIMARY",
      "FMRI",
      "NONE"
    ],
    "ImageTypeText": [
      "ORIGINAL",
      "PRIMARY",
      "M",
      "MB",
      "TE4",
      "DIS2D"
    ],
    "InPlanePhaseEncodingDirectionDICOM": "COL",
    "PercentPhaseFOV": 100,
    "PercentSampling": 100,
    "PhaseEchoTime1": 0.0126,
    "PhaseEchoTime2": 0.03304,
    "PhaseEncodingDirection": "j",
    "PhaseResolution": 1,
    "PixelBandwidth": 2264,
    "ProtocolName": "func-bold_task-bht_dir-PA__cmrr_me4_sms4",
    "PulseSequenceName": "epfid2d4_96",
    "ReceiveCoilActiveElements": "HC1-7",
    "ReconMatrixPE": 96,
    "RefLinesPE": 22,
    "RepetitionTime": 1.6,
    "SequenceVariant": "SK\\SS",
    "SeriesDescription": "func-bold_task-bht_dir-PA__cmrr_me4_sms4",
    "SeriesNumber": 25,
    "ShimSetting": [
      8239,
      -5623,
      -6019,
      621,
      -56,
      -220,
      74,
      46
    ],
    "SliceThickness": 2.2,
    "SliceTiming": [
      0,
      0.8425,
      0.105,
      0.9475,
      0.21,
      1.0525,
      0.315,
      1.1575,
      0.42,
      1.2625,
      0.525,
      1.3675,
      0.63,
      1.4725,
      0.735,
      0,
      0.8425,
      0.105,
      0.9475,
      0.21,
      1.0525,
      0.315,
      1.1575,
      0.42,
      1.2625,
      0.525,
      1.3675,
      0.63,
      1.4725,
      0.735,
      0,
      0.8425,
      0.105,
      0.9475,
      0.21,
      1.0525,
      0.315,
      1.1575,
      0.42,
      1.2625,
      0.525,
      1.3675,
      0.63,
      1.4725,
      0.735,
      0,
      0.8425,
      0.105,
      0.9475,
      0.21,
      1.0525,
      0.315,
      1.1575,
      0.42,
      1.2625,
      0.525,
      1.3675,
      0.63,
      1.4725,
      0.735
    ],
    "SpacingBetweenSlices": 2.2,
    "TotalReadoutTime": 0.0261249,
    "TxRefAmp": 248.399,
    "WipMemBlock": "4e29228b-7219-4300-9bcf-d618785dce70||Sequence: R017 nxva30a/master r/d34922cc2+; Jun 27 2022 13:20:16 by eja",
    "dataset": "<unset>",
    "modality": "bold",
    "session_id": "048",
    "subject_id": "001",
    "task_id": "bht"
  },
  "dummy_trs": 1,
  "dvars_nstd": 84.01632973224389,
  "dvars_std": 1.0579181405365854,
  "dvars_vstd": 1.012483563365854,
  "efc": 0.5121,
  "fber": 133.6483,
  "fd_mean": 0.15649965292806436,
  "fd_num": 65,
  "fd_perc": 31.553398058252426,
  "fwhm_avg": 2.5676892050798705,
  "fwhm_x": 2.4399522253061563,
  "fwhm_y": 2.8145245339143234,
  "fwhm_z": 2.4485908560191314,
  "gcor": [
    0.0159225,
    0.0199297,
    0.019435,
    0.0159227
  ],
  "gsr_x": 0.0022832003887742758,
  "gsr_y": 0.026563795283436775,
  "provenance": {
    "md5sum": "2278ca6eb64828b557df616809738b11",
    "settings": {
      "fd_thres": 0.2,
      "testing": false
    },
    "software": "mriqc",
    "version": "24.1.0.dev0+g3fe90466.d20240417"
  },
  "size_t": 206,
  "size_x": 96,
  "size_y": 96,
  "size_z": 60,
  "snr": 1.513166463188113,
  "spacing_tr": 1.600000023841858,
  "spacing_x": 2.197920083999634,
  "spacing_y": 2.197920083999634,
  "spacing_z": 2.200000047683716,
  "summary_bg_k": 239.2144,
  "summary_bg_mad": 2.1879,
  "summary_bg_mean": 20.1589,
  "summary_bg_median": 18.0,
  "summary_bg_n": 417686.0,
  "summary_bg_p05": 1.0,
  "summary_bg_p95": 35.0,
  "summary_bg_stdv": 14.5685,
  "summary_fg_k": 4.3065,
  "summary_fg_mad": 124.9201,
  "summary_fg_mean": 220.1762,
  "summary_fg_median": 213.0,
  "summary_fg_n": 135274.0,
  "summary_fg_p05": 27.0,
  "summary_fg_p95": 457.0,
  "summary_fg_stdv": 140.7639,
  "tsnr": 16.13163133757189
}