{
  "aor": [
    0.0010293877551020409,
    0.0010146938775510205,
    0.0010970408163265308,
    0.0013541836734693878
  ],
  "aqi": [
    0.0030497555102040816,
    0.00424544387755102,
    0.006932766632653061,
    0.01248466836734694
  ],
  "bids_meta": {
    "AcquisitionDuration": 188.475,
    "AcquisitionMatrixPE": 96,
    "AcquisitionTime": "20:17:50.357500",
    "B0FieldSource": [
      "023pepolarbold",
      "023phasediff"
    ],
    "BandwidthPerPixelPhaseEncode": 37.879,
    "BaseResolution": 96,
    "DerivedVendorReportedEchoSpacing": 0.000549997,
    "DwellTime": 2.3e-06,
    "EchoNumber": 2,
    "EchoTime": 0.03304,
    "EchoTrainLength": 35,
    "EffectiveEchoSpacing": 0.000274998,
    "FlipAngle": 64,
    "ImageOrientationPatientDICOM": [
      0.998852,
      -0.00202927,
      0.0478582,
      0.0212718,
      0.913976,
      -0.40521
    ],
    "ImageType": [
      "ORIGINAL",
      "PRIMARY",
      "FMRI",
      "NONE"
    ],
    "ImageTypeText": [
      "ORIGINAL",
      "PRIMARY",
      "M",
      "MB",
      "TE2",
      "DIS2D"
    ],
    "InPlanePhaseEncodingDirectionDICOM": "COL",
    "PercentPhaseFOV": 100,
    "PhaseEchoTime1": 0.0126,
    "PhaseEchoTime2": 0.03304,
    "PhaseEncodingDirection": "j-",
    "PixelBandwidth": 2264,
    "ProtocolName": "func-bold_task-qct_dir-AP__cmrr_me4_sms4",
    "PulseSequenceName": "epfid2d4_96",
    "ReceiveCoilActiveElements": "HC1-7;NC1",
    "ReconMatrixPE": 96,
    "RefLinesPE": 22,
    "RepetitionTime": 1.6,
    "SequenceVariant": "SK\\SS",
    "SeriesDescription": "func-bold_task-qct_dir-AP__cmrr_me4_sms4",
    "SeriesNumber": 13,
    "ShimSetting": [
      8239,
      -5621,
      -6013,
      697,
      -20,
      -244,
      -22,
      56
    ],
    "SliceThickness": 2.2,
    "SliceTiming": [
      0,
      0.8425,
      0.105,
      0.9475,
      0.21,
      1.055,
      0.3175,
      1.16,
      0.4225,
      1.265,
      0.5275,
      1.37,
      0.6325,
      1.475,
      0.7375,
      0,
      0.8425,
      0.105,
      0.9475,
      0.21,
      1.055,
      0.3175,
      1.16,
      0.4225,
      1.265,
      0.5275,
      1.37,
      0.6325,
      1.475,
      0.7375,
      0,
      0.8425,
      0.105,
      0.9475,
      0.21,
      1.055,
      0.3175,
      1.16,
      0.4225,
      1.265,
      0.5275,
      1.37,
      0.6325,
      1.475,
      0.7375,
      0,
      0.8425,
      0.105,
      0.9475,
      0.21,
      1.055,
      0.3175,
      1.16,
      0.4225,
      1.265,
      0.5275,
      1.37,
      0.6325,
      1.475,
      0.7375
    ],
    "SpacingBetweenSlices": 2.2,
    "TotalReadoutTime": 0.0261249,
    "TxRefAmp": 247.278,
    "WipMemBlock": "7458b186-68d0-4e9b-8924-3070523d809b||Sequence: R017 nxva30a/master r/d34922cc2+; Jun 27 2022 13:20:16 by eja",
    "dataset": "<unset>",
    "modality": "bold",
    "session_id": "023",
    "subject_id": "001",
    "task_id": "qct"
  },
  "dummy_trs": 1,
  "dvars_nstd": 39.667415697938154,
  "dvars_std": 1.0786260177319584,
  "dvars_vstd": 1.0341481907216497,
  "efc": 0.5201,
  "fber": 516.0956,
  "fd_mean": 0.11042948513273403,
  "fd_num": 6,
  "fd_perc": 6.122448979591836,
  "fwhm_avg": 3.153318564957573,
  "fwhm_x": 2.9937849187063965,
  "fwhm_y": 3.3394890257535055,
  "fwhm_z": 3.1266817504128164,
  "gcor": [
    0.0126257,
    0.0155737,
    0.0134633,
    0.0101159
  ],
  "gsr_x": 0.01321035623550415,
  "gsr_y": 0.030848056077957153,
  "provenance": {
    "md5sum": "a01d736efdfe662e5c13246573360938",
    "settings": {
      "fd_thres": 0.2,
      "testing": false
    },
    "software": "mriqc",
    "version": "24.1.0.dev0+g3fe90466.d20240417"
  },
  "size_t": 98,
  "size_x": 96,
  "size_y": 96,
  "size_z": 60,
  "snr": 2.089170541629294,
  "spacing_tr": 1.600000023841858,
  "spacing_x": 2.197920083999634,
  "spacing_y": 2.197920083999634,
  "spacing_z": 2.200000047683716,
  "summary_bg_k": 30.1032,
  "summary_bg_mad": 5.9304,
  "summary_bg_mean": 42.5981,
  "summary_bg_median": 22.0,
  "summary_bg_n": 418374.0,
  "summary_bg_p05": 0.0,
  "summary_bg_p95": 153.0,
  "summary_bg_stdv": 68.7632,
  "summary_fg_k": 0.8881,
  "summary_fg_mad": 210.2194,
  "summary_fg_mean": 524.2734,
  "summary_fg_median": 508.0,
  "summary_fg_n": 134586.0,
  "summary_fg_p05": 99.0,
  "summary_fg_p95": 941.0,
  "summary_fg_stdv": 243.1578,
  "tsnr": 37.04144674073905
}