{
  "aor": [
    0.0005474757281553399,
    0.0006175728155339806,
    0.0007116990291262137,
    0.0008635436893203885
  ],
  "aqi": [
    0.0067268544174757285,
    0.006953534611650485,
    0.011224444368932038,
    0.019502331067961162
  ],
  "bids_meta": {
    "AcquisitionDuration": 361.475,
    "AcquisitionMatrixPE": 96,
    "AcquisitionTime": "20:45:56.485000",
    "B0FieldSource": [
      "023pepolarbold",
      "023phasediff"
    ],
    "BandwidthPerPixelPhaseEncode": 37.879,
    "BaseResolution": 96,
    "DerivedVendorReportedEchoSpacing": 0.000549997,
    "DwellTime": 2.3e-06,
    "EchoNumber": 3,
    "EchoTime": 0.05348,
    "EchoTrainLength": 35,
    "EffectiveEchoSpacing": 0.000274998,
    "ImageOrientationPatientDICOM": [
      0.998852,
      -0.00202939,
      0.0478582,
      0.0212718,
      0.913976,
      -0.405209
    ],
    "ImageType": [
      "ORIGINAL",
      "PRIMARY",
      "FMRI",
      "NONE"
    ],
    "ImageTypeText": [
      "ORIGINAL",
      "PRIMARY",
      "M",
      "MB",
      "TE3",
      "DIS2D"
    ],
    "InPlanePhaseEncodingDirectionDICOM": "COL",
    "PercentPhaseFOV": 100,
    "PercentSampling": 100,
    "PhaseEchoTime1": 0.0126,
    "PhaseEchoTime2": 0.03304,
    "PhaseEncodingDirection": "j-",
    "PhaseResolution": 1,
    "PixelBandwidth": 2264,
    "ProtocolName": "func-bold_task-bht_dir-AP__cmrr_me4_sms4",
    "PulseSequenceName": "epfid2d4_96",
    "ReceiveCoilActiveElements": "HC1-7;NC1",
    "ReconMatrixPE": 96,
    "RefLinesPE": 22,
    "RepetitionTime": 1.6,
    "SequenceVariant": "SK\\SS",
    "SeriesDescription": "func-bold_task-bht_dir-AP__cmrr_me4_sms4",
    "SeriesNumber": 25,
    "ShimSetting": [
      8239,
      -5621,
      -6013,
      709,
      -19,
      -249,
      -27,
      56
    ],
    "SliceThickness": 2.2,
    "SliceTiming": [
      0,
      0.8425,
      0.105,
      0.9475,
      0.21,
      1.0525,
      0.315,
      1.1575,
      0.42,
      1.2625,
      0.525,
      1.3675,
      0.63,
      1.4725,
      0.7375,
      0,
      0.8425,
      0.105,
      0.9475,
      0.21,
      1.0525,
      0.315,
      1.1575,
      0.42,
      1.2625,
      0.525,
      1.3675,
      0.63,
      1.4725,
      0.7375,
      0,
      0.8425,
      0.105,
      0.9475,
      0.21,
      1.0525,
      0.315,
      1.1575,
      0.42,
      1.2625,
      0.525,
      1.3675,
      0.63,
      1.4725,
      0.7375,
      0,
      0.8425,
      0.105,
      0.9475,
      0.21,
      1.0525,
      0.315,
      1.1575,
      0.42,
      1.2625,
      0.525,
      1.3675,
      0.63,
      1.4725,
      0.7375
    ],
    "SpacingBetweenSlices": 2.2,
    "TotalReadoutTime": 0.0261249,
    "TxRefAmp": 247.278,
    "WipMemBlock": "174b615f-d67a-40f9-a47b-9105d794d1de||Sequence: R017 nxva30a/master r/d34922cc2+; Jun 27 2022 13:20:16 by eja",
    "dataset": "<unset>",
    "modality": "bold",
    "session_id": "023",
    "subject_id": "001",
    "task_id": "bht"
  },
  "dummy_trs": 1,
  "dvars_nstd": 66.33055563190244,
  "dvars_std": 1.0976047074634143,
  "dvars_vstd": 1.0066050465853662,
  "efc": 0.5094,
  "fber": 245.7256,
  "fd_mean": 0.18809980368991058,
  "fd_num": 86,
  "fd_perc": 41.74757281553398,
  "fwhm_avg": 2.888032614170516,
  "fwhm_x": 2.746792316949867,
  "fwhm_y": 3.0877646777994188,
  "fwhm_z": 2.829540847762263,
  "gcor": [
    0.0155726,
    0.0218081,
    0.021876,
    0.0177018
  ],
  "gsr_x": 0.008004364557564259,
  "gsr_y": 0.021402791142463684,
  "provenance": {
    "md5sum": "a36e1e4202ce1c509e4f2310c814d7c6",
    "settings": {
      "fd_thres": 0.2,
      "testing": false
    },
    "software": "mriqc",
    "version": "24.1.0.dev0+g3fe90466.d20240417"
  },
  "size_t": 206,
  "size_x": 96,
  "size_y": 96,
  "size_z": 60,
  "snr": 1.7546228231291434,
  "spacing_tr": 1.600000023841858,
  "spacing_x": 2.197920083999634,
  "spacing_y": 2.197920083999634,
  "spacing_z": 2.200000047683716,
  "summary_bg_k": 62.0835,
  "summary_bg_mad": 3.1811,
  "summary_bg_mean": 25.8459,
  "summary_bg_median": 20.0,
  "summary_bg_n": 418395.0,
  "summary_bg_p05": 1.0,
  "summary_bg_p95": 59.0,
  "summary_bg_stdv": 25.9649,
  "summary_fg_k": 1.5597,
  "summary_fg_mad": 159.7828,
  "summary_fg_mean": 327.9441,
  "summary_fg_median": 320.0,
  "summary_fg_n": 134565.0,
  "summary_fg_p05": 41.0,
  "summary_fg_p95": 639.0,
  "summary_fg_stdv": 182.3747,
  "tsnr": 21.92938326415606
}