{
  "aor": [
    0.00039009345794392523,
    0.0004000934579439252,
    0.0004331642189586115,
    0.0005553938584779706
  ],
  "aqi": [
    0.005057065380507343,
    0.006610960307076102,
    0.011333377850467287,
    0.020430497863818422
  ],
  "bids_meta": {
    "AcquisitionDuration": 1230.47,
    "AcquisitionMatrixPE": 96,
    "AcquisitionTime": "20:24:27.222500",
    "B0FieldSource": [
      "023pepolarbold",
      "023phasediff"
    ],
    "BandwidthPerPixelPhaseEncode": 37.879,
    "BaseResolution": 96,
    "DerivedVendorReportedEchoSpacing": 0.000549997,
    "DwellTime": 2.3e-06,
    "EchoNumber": 2,
    "EchoTime": 0.03304,
    "EchoTrainLength": 35,
    "EffectiveEchoSpacing": 0.000274998,
    "FlipAngle": 64,
    "ImageOrientationPatientDICOM": [
      0.998852,
      -0.00202927,
      0.0478582,
      0.0212718,
      0.913976,
      -0.40521
    ],
    "ImageType": [
      "ORIGINAL",
      "PRIMARY",
      "FMRI",
      "NONE"
    ],
    "ImageTypeText": [
      "ORIGINAL",
      "PRIMARY",
      "M",
      "MB",
      "TE2",
      "DIS2D"
    ],
    "InPlanePhaseEncodingDirectionDICOM": "COL",
    "PercentPhaseFOV": 100,
    "PhaseEchoTime1": 0.0126,
    "PhaseEchoTime2": 0.03304,
    "PhaseEncodingDirection": "j-",
    "PixelBandwidth": 2264,
    "ProtocolName": "func-bold_task-rest_dir-AP__cmrr_me4_sms4",
    "PulseSequenceName": "epfid2d4_96",
    "ReceiveCoilActiveElements": "HC1-7;NC1",
    "ReconMatrixPE": 96,
    "RefLinesPE": 22,
    "RepetitionTime": 1.6,
    "SequenceVariant": "SK\\SS",
    "SeriesDescription": "func-bold_task-rest_dir-AP__cmrr_me4_sms4",
    "SeriesNumber": 23,
    "ShimSetting": [
      8238,
      -5618,
      -6012,
      705,
      -21,
      -224,
      -25,
      56
    ],
    "SliceThickness": 2.2,
    "SliceTiming": [
      0,
      0.8425,
      0.105,
      0.9475,
      0.21,
      1.0525,
      0.315,
      1.1575,
      0.42,
      1.2625,
      0.525,
      1.37,
      0.6325,
      1.475,
      0.7375,
      0,
      0.8425,
      0.105,
      0.9475,
      0.21,
      1.0525,
      0.315,
      1.1575,
      0.42,
      1.2625,
      0.525,
      1.37,
      0.6325,
      1.475,
      0.7375,
      0,
      0.8425,
      0.105,
      0.9475,
      0.21,
      1.0525,
      0.315,
      1.1575,
      0.42,
      1.2625,
      0.525,
      1.37,
      0.6325,
      1.475,
      0.7375,
      0,
      0.8425,
      0.105,
      0.9475,
      0.21,
      1.0525,
      0.315,
      1.1575,
      0.42,
      1.2625,
      0.525,
      1.37,
      0.6325,
      1.475,
      0.7375
    ],
    "SpacingBetweenSlices": 2.2,
    "TotalReadoutTime": 0.0261249,
    "TxRefAmp": 247.278,
    "WipMemBlock": "9f2332a7-97df-4f02-b438-e8505d20ff5f||Sequence: R017 nxva30a/master r/d34922cc2+; Jun 27 2022 13:20:16 by eja",
    "dataset": "<unset>",
    "modality": "bold",
    "session_id": "023",
    "subject_id": "001",
    "task_id": "rest"
  },
  "dummy_trs": 1,
  "dvars_nstd": 39.83157226240644,
  "dvars_std": 1.0297025086764713,
  "dvars_vstd": 0.9849103677941172,
  "efc": 0.5211,
  "fber": 505.0239,
  "fd_mean": 0.15294189945966755,
  "fd_num": 103,
  "fd_perc": 13.751668891855807,
  "fwhm_avg": 3.2123623970728232,
  "fwhm_x": 3.022985252452476,
  "fwhm_y": 3.4109156445568245,
  "fwhm_z": 3.2031862942091704,
  "gcor": [
    0.0318022,
    0.0240041,
    0.0191352,
    0.013123
  ],
  "gsr_x": 0.014289193786680698,
  "gsr_y": 0.030070066452026367,
  "provenance": {
    "md5sum": "9cd46b6632c1d971b4dad8d6c0026378",
    "settings": {
      "fd_thres": 0.2,
      "testing": false
    },
    "software": "mriqc",
    "version": "24.1.0.dev0+g3fe90466.d20240417"
  },
  "size_t": 749,
  "size_x": 96,
  "size_y": 96,
  "size_z": 60,
  "snr": 2.09502281360605,
  "spacing_tr": 1.600000023841858,
  "spacing_x": 2.197920083999634,
  "spacing_y": 2.197920083999634,
  "spacing_z": 2.200000047683716,
  "summary_bg_k": 30.4104,
  "summary_bg_mad": 5.9957,
  "summary_bg_mean": 42.0517,
  "summary_bg_median": 22.0,
  "summary_bg_n": 418211.0,
  "summary_bg_p05": 1.0,
  "summary_bg_p95": 149.0,
  "summary_bg_stdv": 67.4211,
  "summary_fg_k": 0.8713,
  "summary_fg_mad": 207.2219,
  "summary_fg_mean": 513.7456,
  "summary_fg_median": 500.0,
  "summary_fg_n": 134749.0,
  "summary_fg_p05": 95.0,
  "summary_fg_p95": 920.0,
  "summary_fg_stdv": 238.66,
  "tsnr": 32.12061689211987
}