{
  "aor": [
    0.00044231884057971014,
    0.0004436231884057971,
    0.0005130434782608696,
    0.0006709178743961353
  ],
  "aqi": [
    0.0055806767149758464,
    0.0073689160869565215,
    0.011972897826086957,
    0.020495355072463778
  ],
  "bids_meta": {
    "AcquisitionDuration": 361.472,
    "AcquisitionMatrixPE": 76,
    "AcquisitionTime": "20:55:14.257500",
    "B0FieldSource": [
      "007pepolarbold",
      "007phasediff"
    ],
    "BandwidthPerPixelPhaseEncode": 40.486,
    "BaseResolution": 102,
    "DerivedVendorReportedEchoSpacing": 0.000649997,
    "DwellTime": 2.5e-06,
    "EchoNumber": 1,
    "EchoTime": 0.0126,
    "EchoTrainLength": 28,
    "EffectiveEchoSpacing": 0.000324999,
    "ImageOrientationPatientDICOM": [
      0.999164,
      0.0141201,
      0.0383739,
      -0.000871936,
      0.945628,
      -0.32525
    ],
    "ImageType": [
      "ORIGINAL",
      "PRIMARY",
      "FMRI",
      "NONE"
    ],
    "ImageTypeText": [
      "ORIGINAL",
      "PRIMARY",
      "M",
      "MB",
      "TE1",
      "DIS2D"
    ],
    "InPlanePhaseEncodingDirectionDICOM": "ROW",
    "PercentPhaseFOV": 74.5098,
    "PercentSampling": 100,
    "PhaseEchoTime1": 0.0126,
    "PhaseEchoTime2": 0.0322,
    "PhaseEncodingDirection": "i-",
    "PhaseResolution": 1,
    "PixelBandwidth": 1961,
    "ProtocolName": "func-bold_task-bht_dir-LR__cmrr_me4_sms4",
    "PulseSequenceName": "epfid2d4_76",
    "ReceiveCoilActiveElements": "HC1-7",
    "ReconMatrixPE": 76,
    "RefLinesPE": 18,
    "RepetitionTime": 1.6,
    "SequenceVariant": "SK\\SS\\OSP",
    "SeriesDescription": "func-bold_task-bht_dir-LR__cmrr_me4_sms4",
    "SeriesNumber": 25,
    "ShimSetting": [
      8228,
      -5630,
      -6011,
      682,
      -48,
      -203,
      57,
      68
    ],
    "SliceThickness": 2.2,
    "SliceTiming": [
      0,
      0.8425,
      0.105,
      0.95,
      0.2125,
      1.055,
      0.3175,
      1.16,
      0.4225,
      1.265,
      0.5275,
      1.37,
      0.6325,
      1.475,
      0.7375,
      0,
      0.8425,
      0.105,
      0.95,
      0.2125,
      1.055,
      0.3175,
      1.16,
      0.4225,
      1.265,
      0.5275,
      1.37,
      0.6325,
      1.475,
      0.7375,
      0,
      0.8425,
      0.105,
      0.95,
      0.2125,
      1.055,
      0.3175,
      1.16,
      0.4225,
      1.265,
      0.5275,
      1.37,
      0.6325,
      1.475,
      0.7375,
      0,
      0.8425,
      0.105,
      0.95,
      0.2125,
      1.055,
      0.3175,
      1.16,
      0.4225,
      1.265,
      0.5275,
      1.37,
      0.6325,
      1.475,
      0.7375
    ],
    "SpacingBetweenSlices": 2.2,
    "TotalReadoutTime": 0.0243749,
    "TxRefAmp": 247.09,
    "WipMemBlock": "720ad0da-311e-4f22-b9bb-eeebfad104f7||Sequence: R017 nxva30a/master r/d34922cc2+; Jun 27 2022 13:20:16 by eja",
    "dataset": "<unset>",
    "modality": "bold",
    "session_id": "007",
    "subject_id": "001",
    "task_id": "bht"
  },
  "dummy_trs": 0,
  "dvars_nstd": 38.89551992330097,
  "dvars_std": 1.0266647155825244,
  "dvars_vstd": 1.0001625106310676,
  "efc": 0.6477,
  "fber": 149.6714,
  "fd_mean": 0.16234737077551406,
  "fd_num": 70,
  "fd_perc": 33.81642512077295,
  "fwhm_avg": 3.6712738763829584,
  "fwhm_x": 3.525199495396116,
  "fwhm_y": 3.67315403463262,
  "fwhm_z": 3.8154680991201384,
  "gcor": [
    0.0287075,
    0.0361206,
    0.0344648,
    0.0280303
  ],
  "gsr_x": 0.1356200873851776,
  "gsr_y": 0.021617667749524117,
  "provenance": {
    "md5sum": "307ca92d6c6bc174d37e2ddedf82c54a",
    "settings": {
      "fd_thres": 0.2,
      "testing": false
    },
    "software": "mriqc",
    "version": "24.1.0.dev0+g3fe90466.d20240417"
  },
  "size_t": 207,
  "size_x": 76,
  "size_y": 102,
  "size_z": 60,
  "snr": 2.52627441946921,
  "spacing_tr": 1.600000023841858,
  "spacing_x": 2.196079969406128,
  "spacing_y": 2.196079969406128,
  "spacing_z": 2.200000047683716,
  "summary_bg_k": 5.7642,
  "summary_bg_mad": 61.7536,
  "summary_bg_mean": 169.7618,
  "summary_bg_median": 66.0,
  "summary_bg_n": 330273.0,
  "summary_bg_p05": 0.0,
  "summary_bg_p95": 737.0,
  "summary_bg_stdv": 244.5094,
  "summary_fg_k": 0.7557,
  "summary_fg_mad": 314.4406,
  "summary_fg_mean": 839.7035,
  "summary_fg_median": 811.0,
  "summary_fg_n": 134847.0,
  "summary_fg_p05": 378.0,
  "summary_fg_p95": 1393.0,
  "summary_fg_stdv": 321.0249,
  "tsnr": 36.30912685813382
}