{
  "aor": [
    0.00044231884057971014,
    0.0004436231884057971,
    0.0005130434782608696,
    0.0006709178743961353
  ],
  "aqi": [
    0.0055806767149758464,
    0.0073689160869565215,
    0.011972897826086957,
    0.020495355072463778
  ],
  "bids_meta": {
    "AcquisitionDuration": 361.475,
    "AcquisitionMatrixPE": 76,
    "AcquisitionTime": "20:55:14.295000",
    "B0FieldSource": [
      "007pepolarbold",
      "007phasediff"
    ],
    "BandwidthPerPixelPhaseEncode": 40.486,
    "BaseResolution": 102,
    "DerivedVendorReportedEchoSpacing": 0.000649997,
    "DwellTime": 2.5e-06,
    "EchoNumber": 3,
    "EchoTime": 0.0518,
    "EchoTrainLength": 28,
    "EffectiveEchoSpacing": 0.000324999,
    "ImageOrientationPatientDICOM": [
      0.999164,
      0.0141201,
      0.0383739,
      -0.000871936,
      0.945628,
      -0.32525
    ],
    "ImageType": [
      "ORIGINAL",
      "PRIMARY",
      "FMRI",
      "NONE"
    ],
    "ImageTypeText": [
      "ORIGINAL",
      "PRIMARY",
      "M",
      "MB",
      "TE3",
      "DIS2D"
    ],
    "InPlanePhaseEncodingDirectionDICOM": "ROW",
    "PercentPhaseFOV": 74.5098,
    "PercentSampling": 100,
    "PhaseEchoTime1": 0.0126,
    "PhaseEchoTime2": 0.0322,
    "PhaseEncodingDirection": "i-",
    "PhaseResolution": 1,
    "PixelBandwidth": 1961,
    "ProtocolName": "func-bold_task-bht_dir-LR__cmrr_me4_sms4",
    "PulseSequenceName": "epfid2d4_76",
    "ReceiveCoilActiveElements": "HC1-7",
    "ReconMatrixPE": 76,
    "RefLinesPE": 18,
    "RepetitionTime": 1.6,
    "SequenceVariant": "SK\\SS\\OSP",
    "SeriesDescription": "func-bold_task-bht_dir-LR__cmrr_me4_sms4",
    "SeriesNumber": 25,
    "ShimSetting": [
      8228,
      -5630,
      -6011,
      682,
      -48,
      -203,
      57,
      68
    ],
    "SliceThickness": 2.2,
    "SliceTiming": [
      0,
      0.8425,
      0.105,
      0.9475,
      0.21,
      1.0525,
      0.315,
      1.1575,
      0.42,
      1.2625,
      0.525,
      1.3675,
      0.63,
      1.4725,
      0.735,
      0,
      0.8425,
      0.105,
      0.9475,
      0.21,
      1.0525,
      0.315,
      1.1575,
      0.42,
      1.2625,
      0.525,
      1.3675,
      0.63,
      1.4725,
      0.735,
      0,
      0.8425,
      0.105,
      0.9475,
      0.21,
      1.0525,
      0.315,
      1.1575,
      0.42,
      1.2625,
      0.525,
      1.3675,
      0.63,
      1.4725,
      0.735,
      0,
      0.8425,
      0.105,
      0.9475,
      0.21,
      1.0525,
      0.315,
      1.1575,
      0.42,
      1.2625,
      0.525,
      1.3675,
      0.63,
      1.4725,
      0.735
    ],
    "SpacingBetweenSlices": 2.2,
    "TotalReadoutTime": 0.0243749,
    "TxRefAmp": 247.09,
    "WipMemBlock": "720ad0da-311e-4f22-b9bb-eeebfad104f7||Sequence: R017 nxva30a/master r/d34922cc2+; Jun 27 2022 13:20:16 by eja",
    "dataset": "<unset>",
    "modality": "bold",
    "session_id": "007",
    "subject_id": "001",
    "task_id": "bht"
  },
  "dummy_trs": 0,
  "dvars_nstd": 68.64875113859226,
  "dvars_std": 1.0179651218932042,
  "dvars_vstd": 0.9942028018446608,
  "efc": 0.5586,
  "fber": 155.4288,
  "fd_mean": 0.16234737077551406,
  "fd_num": 70,
  "fd_perc": 33.81642512077295,
  "fwhm_avg": 2.9190683326692497,
  "fwhm_x": 3.037480461972373,
  "fwhm_y": 2.9168427786043836,
  "fwhm_z": 2.8028817574309923,
  "gcor": [
    0.0287075,
    0.0361206,
    0.0344648,
    0.0280303
  ],
  "gsr_x": 0.06019221618771553,
  "gsr_y": -0.00824663508683443,
  "provenance": {
    "md5sum": "1a5092a272ddb0a62b9e2e88e2287265",
    "settings": {
      "fd_thres": 0.2,
      "testing": false
    },
    "software": "mriqc",
    "version": "24.1.0.dev0+g3fe90466.d20240417"
  },
  "size_t": 207,
  "size_x": 76,
  "size_y": 102,
  "size_z": 60,
  "snr": 1.7743985219473126,
  "spacing_tr": 1.600000023841858,
  "spacing_x": 2.196079969406128,
  "spacing_y": 2.196079969406128,
  "spacing_z": 2.200000047683716,
  "summary_bg_k": 50.2109,
  "summary_bg_mad": 8.8168,
  "summary_bg_mean": 35.5914,
  "summary_bg_median": 28.0,
  "summary_bg_n": 330273.0,
  "summary_bg_p05": 0.0,
  "summary_bg_p95": 90.0,
  "summary_bg_stdv": 35.4323,
  "summary_fg_k": 1.4465,
  "summary_fg_mad": 179.6025,
  "summary_fg_mean": 354.5671,
  "summary_fg_median": 347.0,
  "summary_fg_n": 134847.0,
  "summary_fg_p05": 50.0,
  "summary_fg_p95": 687.0,
  "summary_fg_stdv": 195.5585,
  "tsnr": 18.51860005466733
}