{
  "aor": [
    0.0008341522029372497,
    0.0013930841121495327,
    0.0018101735647530043,
    0.0019655807743658212
  ],
  "aqi": [
    0.005540429906542056,
    0.007299574566088118,
    0.011739825794392523,
    0.01982220360480641
  ],
  "bids_meta": {
    "AcquisitionDuration": 1230.47,
    "AcquisitionMatrixPE": 76,
    "AcquisitionTime": "20:33:3.297500",
    "B0FieldSource": [
      "007pepolarbold",
      "007phasediff"
    ],
    "BandwidthPerPixelPhaseEncode": 40.486,
    "BaseResolution": 102,
    "DerivedVendorReportedEchoSpacing": 0.000649997,
    "DwellTime": 2.5e-06,
    "EchoNumber": 4,
    "EchoTime": 0.0714,
    "EchoTrainLength": 28,
    "EffectiveEchoSpacing": 0.000324999,
    "FlipAngle": 64,
    "ImageOrientationPatientDICOM": [
      0.999164,
      0.0141201,
      0.0383739,
      -0.000871936,
      0.945628,
      -0.32525
    ],
    "ImageType": [
      "ORIGINAL",
      "PRIMARY",
      "FMRI",
      "NONE"
    ],
    "ImageTypeText": [
      "ORIGINAL",
      "PRIMARY",
      "M",
      "MB",
      "TE4",
      "DIS2D"
    ],
    "InPlanePhaseEncodingDirectionDICOM": "ROW",
    "PercentPhaseFOV": 74.5098,
    "PhaseEchoTime1": 0.0126,
    "PhaseEchoTime2": 0.0322,
    "PhaseEncodingDirection": "i-",
    "PixelBandwidth": 1961,
    "ProtocolName": "func-bold_task-rest_dir-LR__cmrr_me4_sms4",
    "PulseSequenceName": "epfid2d4_76",
    "ReceiveCoilActiveElements": "HC1-7",
    "ReconMatrixPE": 76,
    "RefLinesPE": 18,
    "RepetitionTime": 1.6,
    "SequenceVariant": "SK\\SS\\OSP",
    "SeriesDescription": "func-bold_task-rest_dir-LR__cmrr_me4_sms4",
    "SeriesNumber": 23,
    "ShimSetting": [
      8231,
      -5627,
      -6006,
      679,
      -40,
      -171,
      75,
      83
    ],
    "SliceThickness": 2.2,
    "SliceTiming": [
      0,
      0.8425,
      0.105,
      0.9475,
      0.21,
      1.0525,
      0.315,
      1.1575,
      0.42,
      1.2625,
      0.525,
      1.37,
      0.6325,
      1.475,
      0.7375,
      0,
      0.8425,
      0.105,
      0.9475,
      0.21,
      1.0525,
      0.315,
      1.1575,
      0.42,
      1.2625,
      0.525,
      1.37,
      0.6325,
      1.475,
      0.7375,
      0,
      0.8425,
      0.105,
      0.9475,
      0.21,
      1.0525,
      0.315,
      1.1575,
      0.42,
      1.2625,
      0.525,
      1.37,
      0.6325,
      1.475,
      0.7375,
      0,
      0.8425,
      0.105,
      0.9475,
      0.21,
      1.0525,
      0.315,
      1.1575,
      0.42,
      1.2625,
      0.525,
      1.37,
      0.6325,
      1.475,
      0.7375
    ],
    "SpacingBetweenSlices": 2.2,
    "TotalReadoutTime": 0.0243749,
    "TxRefAmp": 247.09,
    "WipMemBlock": "ac6b11a3-5fe9-4429-bfd3-6632c7dddd13||Sequence: R017 nxva30a/master r/d34922cc2+; Jun 27 2022 13:20:16 by eja",
    "dataset": "<unset>",
    "modality": "bold",
    "session_id": "007",
    "subject_id": "001",
    "task_id": "rest"
  },
  "dummy_trs": 1,
  "dvars_nstd": 84.2634822825668,
  "dvars_std": 1.0422318642914443,
  "dvars_vstd": 1.0280881464705878,
  "efc": 0.5608,
  "fber": 77.6393,
  "fd_mean": 0.10104041566643969,
  "fd_num": 53,
  "fd_perc": 7.076101468624833,
  "fwhm_avg": 2.757497925606868,
  "fwhm_x": 2.8268870380338695,
  "fwhm_y": 2.78950679635615,
  "fwhm_z": 2.656099942430584,
  "gcor": [
    0.0054397,
    0.00809184,
    0.00775439,
    0.00672131
  ],
  "gsr_x": 0.0373503603041172,
  "gsr_y": -0.0022000365424901247,
  "provenance": {
    "md5sum": "3dc2e49d876b11def98800f3f5b41d8a",
    "settings": {
      "fd_thres": 0.2,
      "testing": false
    },
    "software": "mriqc",
    "version": "24.1.0.dev0+g3fe90466.d20240417"
  },
  "size_t": 749,
  "size_x": 76,
  "size_y": 102,
  "size_z": 60,
  "snr": 1.5122596150487946,
  "spacing_tr": 1.600000023841858,
  "spacing_x": 2.196079969406128,
  "spacing_y": 2.196079969406128,
  "spacing_z": 2.200000047683716,
  "summary_bg_k": 90.862,
  "summary_bg_mad": 5.776,
  "summary_bg_mean": 27.8157,
  "summary_bg_median": 26.0,
  "summary_bg_n": 331343.0,
  "summary_bg_p05": 0.0,
  "summary_bg_p95": 51.0,
  "summary_bg_stdv": 19.5199,
  "summary_fg_k": 3.4604,
  "summary_fg_mad": 135.9065,
  "summary_fg_mean": 238.8504,
  "summary_fg_median": 228.0,
  "summary_fg_n": 133777.0,
  "summary_fg_p05": 36.0,
  "summary_fg_p95": 502.0,
  "summary_fg_stdv": 150.7672,
  "tsnr": 13.520462766638957
}