{
  "aor": [
    0.0010946464646464647,
    0.0010403030303030303,
    0.0010724242424242423,
    0.001257070707070707
  ],
  "aqi": [
    0.004599475555555555,
    0.006225278787878788,
    0.010158051212121212,
    0.01695263232323232
  ],
  "bids_meta": {
    "AcquisitionDuration": 188.475,
    "AcquisitionMatrixPE": 76,
    "AcquisitionTime": "20:26:34.260000",
    "B0FieldSource": [
      "007pepolarbold",
      "007phasediff"
    ],
    "BandwidthPerPixelPhaseEncode": 40.486,
    "BaseResolution": 102,
    "DerivedVendorReportedEchoSpacing": 0.000649997,
    "DwellTime": 2.5e-06,
    "EchoNumber": 1,
    "EchoTime": 0.0126,
    "EchoTrainLength": 28,
    "EffectiveEchoSpacing": 0.000324999,
    "FlipAngle": 64,
    "ImageOrientationPatientDICOM": [
      0.999164,
      0.0141201,
      0.0383739,
      -0.000871936,
      0.945628,
      -0.32525
    ],
    "ImageType": [
      "ORIGINAL",
      "PRIMARY",
      "FMRI",
      "NONE"
    ],
    "ImageTypeText": [
      "ORIGINAL",
      "PRIMARY",
      "M",
      "MB",
      "TE1",
      "DIS2D"
    ],
    "InPlanePhaseEncodingDirectionDICOM": "ROW",
    "PercentPhaseFOV": 74.5098,
    "PhaseEchoTime1": 0.0126,
    "PhaseEchoTime2": 0.0322,
    "PhaseEncodingDirection": "i-",
    "PixelBandwidth": 1961,
    "ProtocolName": "func-bold_task-qct_dir-LR__cmrr_me4_sms4",
    "PulseSequenceName": "epfid2d4_76",
    "ReceiveCoilActiveElements": "HC1-7",
    "ReconMatrixPE": 76,
    "RefLinesPE": 18,
    "RepetitionTime": 1.6,
    "SequenceVariant": "SK\\SS\\OSP",
    "SeriesDescription": "func-bold_task-qct_dir-LR__cmrr_me4_sms4",
    "SeriesNumber": 13,
    "ShimSetting": [
      8228,
      -5628,
      -6009,
      676,
      -47,
      -190,
      67,
      74
    ],
    "SliceThickness": 2.2,
    "SliceTiming": [
      0,
      0.8425,
      0.105,
      0.9475,
      0.21,
      1.0525,
      0.315,
      1.1575,
      0.4225,
      1.265,
      0.5275,
      1.37,
      0.6325,
      1.475,
      0.7375,
      0,
      0.8425,
      0.105,
      0.9475,
      0.21,
      1.0525,
      0.315,
      1.1575,
      0.4225,
      1.265,
      0.5275,
      1.37,
      0.6325,
      1.475,
      0.7375,
      0,
      0.8425,
      0.105,
      0.9475,
      0.21,
      1.0525,
      0.315,
      1.1575,
      0.4225,
      1.265,
      0.5275,
      1.37,
      0.6325,
      1.475,
      0.7375,
      0,
      0.8425,
      0.105,
      0.9475,
      0.21,
      1.0525,
      0.315,
      1.1575,
      0.4225,
      1.265,
      0.5275,
      1.37,
      0.6325,
      1.475,
      0.7375
    ],
    "SpacingBetweenSlices": 2.2,
    "TotalReadoutTime": 0.0243749,
    "TxRefAmp": 247.09,
    "WipMemBlock": "4ab13854-a597-4e9f-927c-3a41d8a97be6||Sequence: R017 nxva30a/master r/d34922cc2+; Jun 27 2022 13:20:16 by eja",
    "dataset": "<unset>",
    "modality": "bold",
    "session_id": "007",
    "subject_id": "001",
    "task_id": "qct"
  },
  "dummy_trs": 0,
  "dvars_nstd": 37.0914034162245,
  "dvars_std": 1.0360739629591835,
  "dvars_vstd": 1.0163472535714282,
  "efc": 0.6464,
  "fber": 152.8806,
  "fd_mean": 0.07114900932027633,
  "fd_num": 2,
  "fd_perc": 2.0202020202020203,
  "fwhm_avg": 3.7775942883511866,
  "fwhm_x": 3.6024917626926944,
  "fwhm_y": 3.7858411878545137,
  "fwhm_z": 3.9444499145063503,
  "gcor": [
    0.00816,
    0.0111378,
    0.0104781,
    0.00866609
  ],
  "gsr_x": 0.1324925571680069,
  "gsr_y": 0.02140536904335022,
  "provenance": {
    "md5sum": "5f3088af8c526daf41855d6fc7b9343a",
    "settings": {
      "fd_thres": 0.2,
      "testing": false
    },
    "software": "mriqc",
    "version": "24.1.0.dev0+g3fe90466.d20240417"
  },
  "size_t": 99,
  "size_x": 76,
  "size_y": 102,
  "size_z": 60,
  "snr": 2.541074770264188,
  "spacing_tr": 1.600000023841858,
  "spacing_x": 2.196079969406128,
  "spacing_y": 2.196079969406128,
  "spacing_z": 2.200000047683716,
  "summary_bg_k": 5.8516,
  "summary_bg_mad": 61.4157,
  "summary_bg_mean": 168.0367,
  "summary_bg_median": 66.0,
  "summary_bg_n": 330648.0,
  "summary_bg_p05": 0.0,
  "summary_bg_p95": 723.0,
  "summary_bg_stdv": 240.8165,
  "summary_fg_k": 0.7862,
  "summary_fg_mad": 316.1462,
  "summary_fg_mean": 849.0476,
  "summary_fg_median": 820.0,
  "summary_fg_n": 134472.0,
  "summary_fg_p05": 387.0,
  "summary_fg_p95": 1406.0,
  "summary_fg_stdv": 322.6969,
  "tsnr": 38.593396466225386
}