{
  "aor": [
    0.0006423645320197045,
    0.0007592610837438423,
    0.0008504433497536945,
    0.0009879802955665025
  ],
  "aqi": [
    0.0038431135467980287,
    0.005845908078817734,
    0.009943209507389163,
    0.01743086896551724
  ],
  "bids_meta": {
    "AcquisitionDuration": 361.475,
    "AcquisitionMatrixPE": 96,
    "AcquisitionTime": "22:59:7.322500",
    "B0FieldSource": [
      "024pepolarbold",
      "024phasediff"
    ],
    "BandwidthPerPixelPhaseEncode": 37.879,
    "BaseResolution": 96,
    "DerivedVendorReportedEchoSpacing": 0.000549997,
    "DwellTime": 2.3e-06,
    "EchoNumber": 2,
    "EchoTime": 0.03304,
    "EchoTrainLength": 35,
    "EffectiveEchoSpacing": 0.000274998,
    "ImageOrientationPatientDICOM": [
      0.99975,
      -0.00953843,
      0.0202179,
      0.0167525,
      0.918503,
      -0.395059
    ],
    "ImageType": [
      "ORIGINAL",
      "PRIMARY",
      "FMRI",
      "NONE"
    ],
    "ImageTypeText": [
      "ORIGINAL",
      "PRIMARY",
      "M",
      "MB",
      "TE2",
      "DIS2D"
    ],
    "InPlanePhaseEncodingDirectionDICOM": "COL",
    "PercentPhaseFOV": 100,
    "PercentSampling": 100,
    "PhaseEchoTime1": 0.0126,
    "PhaseEchoTime2": 0.03304,
    "PhaseEncodingDirection": "j-",
    "PhaseResolution": 1,
    "PixelBandwidth": 2264,
    "ProtocolName": "func-bold_task-bht_dir-AP__cmrr_me4_sms4",
    "PulseSequenceName": "epfid2d4_96",
    "ReceiveCoilActiveElements": "HC1-7",
    "ReconMatrixPE": 96,
    "RefLinesPE": 22,
    "RepetitionTime": 1.6,
    "SequenceVariant": "SK\\SS",
    "SeriesDescription": "func-bold_task-bht_dir-AP__cmrr_me4_sms4",
    "SeriesNumber": 25,
    "ShimSetting": [
      8242,
      -5621,
      -6001,
      673,
      -22,
      -253,
      6,
      40
    ],
    "SliceThickness": 2.2,
    "SliceTiming": [
      0,
      0.8425,
      0.1075,
      0.95,
      0.2125,
      1.055,
      0.3175,
      1.16,
      0.4225,
      1.265,
      0.5275,
      1.37,
      0.6325,
      1.475,
      0.7375,
      0,
      0.8425,
      0.1075,
      0.95,
      0.2125,
      1.055,
      0.3175,
      1.16,
      0.4225,
      1.265,
      0.5275,
      1.37,
      0.6325,
      1.475,
      0.7375,
      0,
      0.8425,
      0.1075,
      0.95,
      0.2125,
      1.055,
      0.3175,
      1.16,
      0.4225,
      1.265,
      0.5275,
      1.37,
      0.6325,
      1.475,
      0.7375,
      0,
      0.8425,
      0.1075,
      0.95,
      0.2125,
      1.055,
      0.3175,
      1.16,
      0.4225,
      1.265,
      0.5275,
      1.37,
      0.6325,
      1.475,
      0.7375
    ],
    "SpacingBetweenSlices": 2.2,
    "TotalReadoutTime": 0.0261249,
    "TxRefAmp": 245.933,
    "WipMemBlock": "93c89b1f-514c-4126-b127-e7b7ca3b4487||Sequence: R017 nxva30a/master r/d34922cc2+; Jun 27 2022 13:20:16 by eja",
    "dataset": "<unset>",
    "modality": "bold",
    "session_id": "024",
    "subject_id": "001",
    "task_id": "bht"
  },
  "dummy_trs": 4,
  "dvars_nstd": 45.047303190495086,
  "dvars_std": 1.0921053182673268,
  "dvars_vstd": 0.9999808529207914,
  "efc": 0.5142,
  "fber": 609.2183,
  "fd_mean": 0.20142577655222674,
  "fd_num": 110,
  "fd_perc": 54.1871921182266,
  "fwhm_avg": 3.2423085187928113,
  "fwhm_x": 3.0779736029752423,
  "fwhm_y": 3.4205474779224287,
  "fwhm_z": 3.228404475480763,
  "gcor": [
    0.0413176,
    0.0506737,
    0.0472716,
    0.0365302
  ],
  "gsr_x": 0.017851922661066055,
  "gsr_y": 0.033418651670217514,
  "provenance": {
    "md5sum": "4b9627928f96ae3133aa12840cc52f81",
    "settings": {
      "fd_thres": 0.2,
      "testing": false
    },
    "software": "mriqc",
    "version": "24.1.0.dev0+g3fe90466.d20240417"
  },
  "size_t": 203,
  "size_x": 96,
  "size_y": 96,
  "size_z": 60,
  "snr": 2.0334879300603945,
  "spacing_tr": 1.600000023841858,
  "spacing_x": 2.197920083999634,
  "spacing_y": 2.197920083999634,
  "spacing_z": 2.200000047683716,
  "summary_bg_k": 31.1147,
  "summary_bg_mad": 6.2299,
  "summary_bg_mean": 42.004,
  "summary_bg_median": 21.0,
  "summary_bg_n": 418351.0,
  "summary_bg_p05": 0.0,
  "summary_bg_p95": 156.0,
  "summary_bg_stdv": 71.2232,
  "summary_fg_k": 1.1657,
  "summary_fg_mad": 218.5268,
  "summary_fg_mean": 528.5816,
  "summary_fg_median": 512.0,
  "summary_fg_n": 134609.0,
  "summary_fg_p05": 97.0,
  "summary_fg_p95": 958.0,
  "summary_fg_stdv": 251.7832,
  "tsnr": 33.302411182783544
}