{
  "aor": [
    0.00026375166889185575,
    0.0003180106809078772,
    0.00038078771695594123,
    0.000491909212283044
  ],
  "aqi": [
    0.006776860614152202,
    0.006219394646194926,
    0.010386483644859813,
    0.018426538451268355
  ],
  "bids_meta": {
    "AcquisitionDuration": 1230.47,
    "AcquisitionMatrixPE": 96,
    "AcquisitionTime": "22:37:40.317500",
    "B0FieldSource": [
      "024pepolarbold",
      "024phasediff"
    ],
    "BandwidthPerPixelPhaseEncode": 37.879,
    "BaseResolution": 96,
    "DerivedVendorReportedEchoSpacing": 0.000549997,
    "DwellTime": 2.3e-06,
    "EchoNumber": 2,
    "EchoTime": 0.03304,
    "EchoTrainLength": 35,
    "EffectiveEchoSpacing": 0.000274998,
    "FlipAngle": 64,
    "ImageOrientationPatientDICOM": [
      0.999753,
      -0.00937819,
      0.020149,
      0.0165781,
      0.918505,
      -0.395063
    ],
    "ImageType": [
      "ORIGINAL",
      "PRIMARY",
      "FMRI",
      "NONE"
    ],
    "ImageTypeText": [
      "ORIGINAL",
      "PRIMARY",
      "M",
      "MB",
      "TE2",
      "DIS2D"
    ],
    "InPlanePhaseEncodingDirectionDICOM": "COL",
    "PercentPhaseFOV": 100,
    "PhaseEchoTime1": 0.0126,
    "PhaseEchoTime2": 0.03304,
    "PhaseEncodingDirection": "j-",
    "PixelBandwidth": 2264,
    "ProtocolName": "func-bold_task-rest_dir-AP__cmrr_me4_sms4",
    "PulseSequenceName": "epfid2d4_96",
    "ReceiveCoilActiveElements": "HC1-7",
    "ReconMatrixPE": 96,
    "RefLinesPE": 22,
    "RepetitionTime": 1.6,
    "SequenceVariant": "SK\\SS",
    "SeriesDescription": "func-bold_task-rest_dir-AP__cmrr_me4_sms4",
    "SeriesNumber": 23,
    "ShimSetting": [
      8243,
      -5624,
      -6003,
      672,
      -16,
      -275,
      6,
      36
    ],
    "SliceThickness": 2.2,
    "SliceTiming": [
      0,
      0.8425,
      0.105,
      0.9475,
      0.21,
      1.0525,
      0.315,
      1.16,
      0.4225,
      1.265,
      0.5275,
      1.37,
      0.6325,
      1.475,
      0.7375,
      0,
      0.8425,
      0.105,
      0.9475,
      0.21,
      1.0525,
      0.315,
      1.16,
      0.4225,
      1.265,
      0.5275,
      1.37,
      0.6325,
      1.475,
      0.7375,
      0,
      0.8425,
      0.105,
      0.9475,
      0.21,
      1.0525,
      0.315,
      1.16,
      0.4225,
      1.265,
      0.5275,
      1.37,
      0.6325,
      1.475,
      0.7375,
      0,
      0.8425,
      0.105,
      0.9475,
      0.21,
      1.0525,
      0.315,
      1.16,
      0.4225,
      1.265,
      0.5275,
      1.37,
      0.6325,
      1.475,
      0.7375
    ],
    "SpacingBetweenSlices": 2.2,
    "TotalReadoutTime": 0.0261249,
    "TxRefAmp": 245.933,
    "WipMemBlock": "e0a02894-1161-4f96-b627-a0610236ac0e||Sequence: R017 nxva30a/master r/d34922cc2+; Jun 27 2022 13:20:16 by eja",
    "dataset": "<unset>",
    "modality": "bold",
    "session_id": "024",
    "subject_id": "001",
    "task_id": "rest"
  },
  "dummy_trs": 1,
  "dvars_nstd": 35.60065357684492,
  "dvars_std": 1.0128922783556147,
  "dvars_vstd": 0.9890314336898396,
  "efc": 0.5139,
  "fber": 623.0435,
  "fd_mean": 0.10083255940809453,
  "fd_num": 35,
  "fd_perc": 4.672897196261682,
  "fwhm_avg": 3.3659420051854667,
  "fwhm_x": 3.1578764171305314,
  "fwhm_y": 3.6007587617099723,
  "fwhm_z": 3.339190836715897,
  "gcor": [
    0.0347385,
    0.0243473,
    0.0185611,
    0.0136047
  ],
  "gsr_x": 0.01520994957536459,
  "gsr_y": 0.033849284052848816,
  "provenance": {
    "md5sum": "e591ad943d072a4a320d2a65baafbe0b",
    "settings": {
      "fd_thres": 0.2,
      "testing": false
    },
    "software": "mriqc",
    "version": "24.1.0.dev0+g3fe90466.d20240417"
  },
  "size_t": 749,
  "size_x": 96,
  "size_y": 96,
  "size_z": 60,
  "snr": 2.0447482574635636,
  "spacing_tr": 1.600000023841858,
  "spacing_x": 2.197920083999634,
  "spacing_y": 2.197920083999634,
  "spacing_z": 2.200000047683716,
  "summary_bg_k": 30.8564,
  "summary_bg_mad": 6.4827,
  "summary_bg_mean": 42.1079,
  "summary_bg_median": 21.0,
  "summary_bg_n": 418607.0,
  "summary_bg_p05": 3.0,
  "summary_bg_p95": 155.0,
  "summary_bg_stdv": 69.7509,
  "summary_fg_k": 1.1741,
  "summary_fg_mad": 223.0139,
  "summary_fg_mean": 540.6771,
  "summary_fg_median": 522.0,
  "summary_fg_n": 134353.0,
  "summary_fg_p05": 106.0,
  "summary_fg_p95": 978.0,
  "summary_fg_stdv": 255.2872,
  "tsnr": 33.075110068777576
}