{
  "aor": [
    0.0019485714285714284,
    0.002408469387755102,
    0.00227234693877551,
    0.00235704081632653
  ],
  "aqi": [
    0.002838638163265306,
    0.00441576387755102,
    0.007139961020408163,
    0.012727182653061221
  ],
  "bids_meta": {
    "AcquisitionDuration": 188.475,
    "AcquisitionMatrixPE": 96,
    "AcquisitionTime": "22:30:49.130000",
    "B0FieldSource": [
      "024pepolarbold",
      "024phasediff"
    ],
    "BandwidthPerPixelPhaseEncode": 37.879,
    "BaseResolution": 96,
    "DerivedVendorReportedEchoSpacing": 0.000549997,
    "DwellTime": 2.3e-06,
    "EchoNumber": 3,
    "EchoTime": 0.05348,
    "EchoTrainLength": 35,
    "EffectiveEchoSpacing": 0.000274998,
    "FlipAngle": 64,
    "ImageOrientationPatientDICOM": [
      0.999753,
      -0.00937819,
      0.020149,
      0.0165781,
      0.918505,
      -0.395063
    ],
    "ImageType": [
      "ORIGINAL",
      "PRIMARY",
      "FMRI",
      "NONE"
    ],
    "ImageTypeText": [
      "ORIGINAL",
      "PRIMARY",
      "M",
      "MB",
      "TE3",
      "DIS2D"
    ],
    "InPlanePhaseEncodingDirectionDICOM": "COL",
    "PercentPhaseFOV": 100,
    "PhaseEchoTime1": 0.0126,
    "PhaseEchoTime2": 0.03304,
    "PhaseEncodingDirection": "j-",
    "PixelBandwidth": 2264,
    "ProtocolName": "func-bold_task-qct_dir-AP__cmrr_me4_sms4",
    "PulseSequenceName": "epfid2d4_96",
    "ReceiveCoilActiveElements": "HC1-7",
    "ReconMatrixPE": 96,
    "RefLinesPE": 22,
    "RepetitionTime": 1.6,
    "SequenceVariant": "SK\\SS",
    "SeriesDescription": "func-bold_task-qct_dir-AP__cmrr_me4_sms4",
    "SeriesNumber": 13,
    "ShimSetting": [
      8241,
      -5621,
      -6002,
      670,
      -25,
      -256,
      5,
      39
    ],
    "SliceThickness": 2.2,
    "SliceTiming": [
      0,
      0.8425,
      0.105,
      0.9475,
      0.21,
      1.055,
      0.3175,
      1.16,
      0.4225,
      1.265,
      0.5275,
      1.37,
      0.6325,
      1.475,
      0.7375,
      0,
      0.8425,
      0.105,
      0.9475,
      0.21,
      1.055,
      0.3175,
      1.16,
      0.4225,
      1.265,
      0.5275,
      1.37,
      0.6325,
      1.475,
      0.7375,
      0,
      0.8425,
      0.105,
      0.9475,
      0.21,
      1.055,
      0.3175,
      1.16,
      0.4225,
      1.265,
      0.5275,
      1.37,
      0.6325,
      1.475,
      0.7375,
      0,
      0.8425,
      0.105,
      0.9475,
      0.21,
      1.055,
      0.3175,
      1.16,
      0.4225,
      1.265,
      0.5275,
      1.37,
      0.6325,
      1.475,
      0.7375
    ],
    "SpacingBetweenSlices": 2.2,
    "TotalReadoutTime": 0.0261249,
    "TxRefAmp": 245.933,
    "WipMemBlock": "30d81d99-0e93-49d2-8a57-0f61782e2818||Sequence: R017 nxva30a/master r/d34922cc2+; Jun 27 2022 13:20:16 by eja",
    "dataset": "<unset>",
    "modality": "bold",
    "session_id": "024",
    "subject_id": "001",
    "task_id": "qct"
  },
  "dummy_trs": 1,
  "dvars_nstd": 56.07134246835051,
  "dvars_std": 1.0854700743298968,
  "dvars_vstd": 1.0441515326804125,
  "efc": 0.4964,
  "fber": 316.3824,
  "fd_mean": 0.12543745105820153,
  "fd_num": 11,
  "fd_perc": 11.224489795918368,
  "fwhm_avg": 2.9057965623810396,
  "fwhm_x": 2.774427534645985,
  "fwhm_y": 3.1236213045137924,
  "fwhm_z": 2.8193408479833417,
  "gcor": [
    0.0220251,
    0.0335523,
    0.0307082,
    0.0240589
  ],
  "gsr_x": 0.008711766451597214,
  "gsr_y": 0.023408515378832817,
  "provenance": {
    "md5sum": "04042ce76875fa18c47ba6e00352e7eb",
    "settings": {
      "fd_thres": 0.2,
      "testing": false
    },
    "software": "mriqc",
    "version": "24.1.0.dev0+g3fe90466.d20240417"
  },
  "size_t": 98,
  "size_x": 96,
  "size_y": 96,
  "size_z": 60,
  "snr": 1.7102480319009872,
  "spacing_tr": 1.600000023841858,
  "spacing_x": 2.197920083999634,
  "spacing_y": 2.197920083999634,
  "spacing_z": 2.200000047683716,
  "summary_bg_k": 58.8835,
  "summary_bg_mad": 3.2678,
  "summary_bg_mean": 24.8779,
  "summary_bg_median": 19.0,
  "summary_bg_n": 418684.0,
  "summary_bg_p05": 0.0,
  "summary_bg_p95": 61.0,
  "summary_bg_stdv": 27.573,
  "summary_fg_k": 1.9883,
  "summary_fg_mad": 169.758,
  "summary_fg_mean": 346.6123,
  "summary_fg_median": 336.0,
  "summary_fg_n": 134276.0,
  "summary_fg_p05": 41.0,
  "summary_fg_p95": 683.0,
  "summary_fg_stdv": 196.462,
  "tsnr": 24.879296911414713
}