{
  "aor": [
    0.0006423645320197045,
    0.0007592610837438423,
    0.0008504433497536945,
    0.0009879802955665025
  ],
  "aqi": [
    0.0038431135467980287,
    0.005845908078817734,
    0.009943209507389163,
    0.01743086896551724
  ],
  "bids_meta": {
    "AcquisitionDuration": 361.475,
    "AcquisitionMatrixPE": 96,
    "AcquisitionTime": "22:59:7.302500",
    "B0FieldSource": [
      "024pepolarbold",
      "024phasediff"
    ],
    "BandwidthPerPixelPhaseEncode": 37.879,
    "BaseResolution": 96,
    "DerivedVendorReportedEchoSpacing": 0.000549997,
    "DwellTime": 2.3e-06,
    "EchoNumber": 1,
    "EchoTime": 0.0126,
    "EchoTrainLength": 35,
    "EffectiveEchoSpacing": 0.000274998,
    "ImageOrientationPatientDICOM": [
      0.99975,
      -0.00953843,
      0.0202179,
      0.0167525,
      0.918503,
      -0.395059
    ],
    "ImageType": [
      "ORIGINAL",
      "PRIMARY",
      "FMRI",
      "NONE"
    ],
    "ImageTypeText": [
      "ORIGINAL",
      "PRIMARY",
      "M",
      "MB",
      "TE1",
      "DIS2D"
    ],
    "InPlanePhaseEncodingDirectionDICOM": "COL",
    "PercentPhaseFOV": 100,
    "PercentSampling": 100,
    "PhaseEchoTime1": 0.0126,
    "PhaseEchoTime2": 0.03304,
    "PhaseEncodingDirection": "j-",
    "PhaseResolution": 1,
    "PixelBandwidth": 2264,
    "ProtocolName": "func-bold_task-bht_dir-AP__cmrr_me4_sms4",
    "PulseSequenceName": "epfid2d4_96",
    "ReceiveCoilActiveElements": "HC1-7",
    "ReconMatrixPE": 96,
    "RefLinesPE": 22,
    "RepetitionTime": 1.6,
    "SequenceVariant": "SK\\SS",
    "SeriesDescription": "func-bold_task-bht_dir-AP__cmrr_me4_sms4",
    "SeriesNumber": 25,
    "ShimSetting": [
      8242,
      -5621,
      -6001,
      673,
      -22,
      -253,
      6,
      40
    ],
    "SliceThickness": 2.2,
    "SliceTiming": [
      0,
      0.8425,
      0.105,
      0.9475,
      0.21,
      1.0525,
      0.315,
      1.1575,
      0.42,
      1.2625,
      0.525,
      1.3675,
      0.63,
      1.4725,
      0.735,
      0,
      0.8425,
      0.105,
      0.9475,
      0.21,
      1.0525,
      0.315,
      1.1575,
      0.42,
      1.2625,
      0.525,
      1.3675,
      0.63,
      1.4725,
      0.735,
      0,
      0.8425,
      0.105,
      0.9475,
      0.21,
      1.0525,
      0.315,
      1.1575,
      0.42,
      1.2625,
      0.525,
      1.3675,
      0.63,
      1.4725,
      0.735,
      0,
      0.8425,
      0.105,
      0.9475,
      0.21,
      1.0525,
      0.315,
      1.1575,
      0.42,
      1.2625,
      0.525,
      1.3675,
      0.63,
      1.4725,
      0.735
    ],
    "SpacingBetweenSlices": 2.2,
    "TotalReadoutTime": 0.0261249,
    "TxRefAmp": 245.933,
    "WipMemBlock": "93c89b1f-514c-4126-b127-e7b7ca3b4487||Sequence: R017 nxva30a/master r/d34922cc2+; Jun 27 2022 13:20:16 by eja",
    "dataset": "<unset>",
    "modality": "bold",
    "session_id": "024",
    "subject_id": "001",
    "task_id": "bht"
  },
  "dummy_trs": 4,
  "dvars_nstd": 31.509951100693076,
  "dvars_std": 1.0872317215841583,
  "dvars_vstd": 1.0018485781188122,
  "efc": 0.5766,
  "fber": 709.5087,
  "fd_mean": 0.20142577655222674,
  "fd_num": 110,
  "fd_perc": 54.1871921182266,
  "fwhm_avg": 3.593266092459521,
  "fwhm_x": 3.298800558210472,
  "fwhm_y": 3.579552349184189,
  "fwhm_z": 3.901445369983904,
  "gcor": [
    0.0413176,
    0.0506737,
    0.0472716,
    0.0365302
  ],
  "gsr_x": 0.009031993336975574,
  "gsr_y": 0.11679458618164062,
  "provenance": {
    "md5sum": "43a2846b9c128e5e9474d2e8e885668d",
    "settings": {
      "fd_thres": 0.2,
      "testing": false
    },
    "software": "mriqc",
    "version": "24.1.0.dev0+g3fe90466.d20240417"
  },
  "size_t": 203,
  "size_x": 96,
  "size_y": 96,
  "size_z": 60,
  "snr": 2.470470760761477,
  "spacing_tr": 1.600000023841858,
  "spacing_x": 2.197920083999634,
  "spacing_y": 2.197920083999634,
  "spacing_z": 2.200000047683716,
  "summary_bg_k": 10.2805,
  "summary_bg_mad": 19.4418,
  "summary_bg_mean": 126.6679,
  "summary_bg_median": 30.0,
  "summary_bg_n": 418351.0,
  "summary_bg_p05": 0.0,
  "summary_bg_p95": 649.0,
  "summary_bg_stdv": 229.1719,
  "summary_fg_k": 1.5162,
  "summary_fg_mad": 292.3063,
  "summary_fg_mean": 835.011,
  "summary_fg_median": 796.0,
  "summary_fg_n": 134609.0,
  "summary_fg_p05": 380.0,
  "summary_fg_p95": 1398.0,
  "summary_fg_stdv": 322.2046,
  "tsnr": 49.30355397146195
}