{
  "aor": [
    0.001358686868686869,
    0.001223030303030303,
    0.0012535353535353536,
    0.0014804040404040406
  ],
  "aqi": [
    0.0032637581818181823,
    0.004197140404040405,
    0.006838053131313131,
    0.012327934343434346
  ],
  "bids_meta": {
    "AcquisitionDuration": 188.472,
    "AcquisitionMatrixPE": 96,
    "AcquisitionTime": "19:13:12.332500",
    "B0FieldSource": [
      "pilot014pepolarbold",
      "pilot014phasediff"
    ],
    "BandwidthPerPixelPhaseEncode": 37.879,
    "BaseResolution": 96,
    "DerivedVendorReportedEchoSpacing": 0.000549997,
    "DwellTime": 2.3e-06,
    "EchoNumber": 3,
    "EchoTime": 0.05348,
    "EchoTrainLength": 35,
    "EffectiveEchoSpacing": 0.000274998,
    "FlipAngle": 64,
    "ImageOrientationPatientDICOM": [
      0.99738,
      0.0550401,
      0.0469541,
      -0.0395358,
      0.958188,
      -0.283395
    ],
    "ImageType": [
      "ORIGINAL",
      "PRIMARY",
      "FMRI",
      "NONE"
    ],
    "ImageTypeText": [
      "ORIGINAL",
      "PRIMARY",
      "M",
      "MB",
      "TE3",
      "DIS2D"
    ],
    "InPlanePhaseEncodingDirectionDICOM": "COL",
    "PercentPhaseFOV": 100,
    "PhaseEncodingDirection": "j-",
    "PixelBandwidth": 2264,
    "ProtocolName": "func-bold_task-qc_dir-AP__cmrr_me4_sms4",
    "PulseSequenceName": "epfid2d4_96",
    "ReceiveCoilActiveElements": "HC1-7",
    "ReconMatrixPE": 96,
    "RefLinesPE": 22,
    "RepetitionTime": 1.6,
    "SequenceVariant": "SK\\SS",
    "SeriesDescription": "func-bold_task-qc_dir-AP__cmrr_me4_sms4",
    "SeriesNumber": 11,
    "ShimSetting": [
      8248,
      -5629,
      -6031,
      686,
      7,
      -236,
      46,
      5
    ],
    "SliceThickness": 2.2,
    "SliceTiming": [
      0,
      0.8425,
      0.105,
      0.9475,
      0.21,
      1.0525,
      0.315,
      1.16,
      0.4225,
      1.265,
      0.5275,
      1.37,
      0.6325,
      1.475,
      0.7375,
      0,
      0.8425,
      0.105,
      0.9475,
      0.21,
      1.0525,
      0.315,
      1.16,
      0.4225,
      1.265,
      0.5275,
      1.37,
      0.6325,
      1.475,
      0.7375,
      0,
      0.8425,
      0.105,
      0.9475,
      0.21,
      1.0525,
      0.315,
      1.16,
      0.4225,
      1.265,
      0.5275,
      1.37,
      0.6325,
      1.475,
      0.7375,
      0,
      0.8425,
      0.105,
      0.9475,
      0.21,
      1.0525,
      0.315,
      1.16,
      0.4225,
      1.265,
      0.5275,
      1.37,
      0.6325,
      1.475,
      0.7375
    ],
    "SpacingBetweenSlices": 2.2,
    "TotalReadoutTime": 0.0261249,
    "TxRefAmp": 246.09,
    "WipMemBlock": "88a02803-1de6-4367-ab7d-6aa2b0df9bff||Sequence: R017 nxva30a/master r/d34922cc2+; Jun 27 2022 13:20:16 by eja",
    "dataset": "<unset>",
    "modality": "bold",
    "session_id": "pilot014",
    "subject_id": "001",
    "task_id": "qct"
  },
  "dummy_trs": 0,
  "dvars_nstd": 57.425247853877565,
  "dvars_std": 1.0518098259183672,
  "dvars_vstd": 1.0189468566326536,
  "efc": 0.4967,
  "fber": 300.119,
  "fd_mean": 0.11904335856232891,
  "fd_num": 12,
  "fd_perc": 12.121212121212121,
  "fwhm_avg": 2.904559862269357,
  "fwhm_x": 2.7694592011385497,
  "fwhm_y": 3.1659840822498073,
  "fwhm_z": 2.7782363034197135,
  "gcor": [
    0.0203865,
    0.021871,
    0.0196452,
    0.0153609
  ],
  "gsr_x": 0.006808944046497345,
  "gsr_y": 0.02670137956738472,
  "provenance": {
    "md5sum": "2795e8df2acc1bfff9c4360db33d5b78",
    "settings": {
      "fd_thres": 0.2,
      "testing": false
    },
    "software": "mriqc",
    "version": "24.1.0.dev0+g3fe90466.d20240417"
  },
  "size_t": 99,
  "size_x": 96,
  "size_y": 96,
  "size_z": 60,
  "snr": 1.6918168383696968,
  "spacing_tr": 1.600000023841858,
  "spacing_x": 2.197920083999634,
  "spacing_y": 2.197920083999634,
  "spacing_z": 2.200000047683716,
  "summary_bg_k": 60.5472,
  "summary_bg_mad": 3.2947,
  "summary_bg_mean": 24.214,
  "summary_bg_median": 19.0,
  "summary_bg_n": 418969.0,
  "summary_bg_p05": 0.0,
  "summary_bg_p95": 59.0,
  "summary_bg_stdv": 25.9787,
  "summary_fg_k": 2.0444,
  "summary_fg_mad": 161.364,
  "summary_fg_mean": 336.0925,
  "summary_fg_median": 323.0,
  "summary_fg_n": 133991.0,
  "summary_fg_p05": 41.0,
  "summary_fg_p95": 671.0,
  "summary_fg_stdv": 190.9183,
  "tsnr": 24.854557222337462
}