{
  "aor": [
    0.0006693236714975843,
    0.0005595169082125604,
    0.0006470048309178744,
    0.0007651690821256037
  ],
  "aqi": [
    0.0032397148792270535,
    0.005081954830917874,
    0.008217125458937198,
    0.014167586473429953
  ],
  "bids_meta": {
    "AcquisitionDuration": 361.475,
    "AcquisitionMatrixPE": 96,
    "AcquisitionTime": "14:10:49.377500",
    "B0FieldSource": [
      "pilot014pepolarbold",
      "pilot014phasediff"
    ],
    "BandwidthPerPixelPhaseEncode": 37.879,
    "BaseResolution": 96,
    "DerivedVendorReportedEchoSpacing": 0.000549997,
    "DwellTime": 2.3e-06,
    "EchoNumber": 4,
    "EchoTime": 0.07392,
    "EchoTrainLength": 35,
    "EffectiveEchoSpacing": 0.000274998,
    "ImageOrientationPatientDICOM": [
      0.996088,
      0.0348894,
      0.0811878,
      -0.00695407,
      0.946857,
      -0.321581
    ],
    "ImageType": [
      "ORIGINAL",
      "PRIMARY",
      "FMRI",
      "NONE"
    ],
    "ImageTypeText": [
      "ORIGINAL",
      "PRIMARY",
      "M",
      "MB",
      "TE4",
      "DIS2D"
    ],
    "InPlanePhaseEncodingDirectionDICOM": "COL",
    "PercentPhaseFOV": 100,
    "PercentSampling": 100,
    "PhaseEncodingDirection": "j-",
    "PhaseResolution": 1,
    "PixelBandwidth": 2264,
    "ProtocolName": "func-bold_task-bht_dir-AP__cmrr_me4_sms4",
    "PulseSequenceName": "epfid2d4_96",
    "ReceiveCoilActiveElements": "HC1-7",
    "ReconMatrixPE": 96,
    "RefLinesPE": 22,
    "RepetitionTime": 1.6,
    "SequenceVariant": "SK\\SS",
    "SeriesDescription": "func-bold_task-bht_dir-AP__cmrr_me4_sms4",
    "SeriesNumber": 23,
    "ShimSetting": [
      8257,
      -5623,
      -5997,
      718,
      -10,
      -186,
      50,
      56
    ],
    "SliceThickness": 2.2,
    "SliceTiming": [
      0,
      0.8425,
      0.105,
      0.9475,
      0.2125,
      1.055,
      0.3175,
      1.16,
      0.4225,
      1.265,
      0.5275,
      1.37,
      0.6325,
      1.475,
      0.7375,
      0,
      0.8425,
      0.105,
      0.9475,
      0.2125,
      1.055,
      0.3175,
      1.16,
      0.4225,
      1.265,
      0.5275,
      1.37,
      0.6325,
      1.475,
      0.7375,
      0,
      0.8425,
      0.105,
      0.9475,
      0.2125,
      1.055,
      0.3175,
      1.16,
      0.4225,
      1.265,
      0.5275,
      1.37,
      0.6325,
      1.475,
      0.7375,
      0,
      0.8425,
      0.105,
      0.9475,
      0.2125,
      1.055,
      0.3175,
      1.16,
      0.4225,
      1.265,
      0.5275,
      1.37,
      0.6325,
      1.475,
      0.7375
    ],
    "SpacingBetweenSlices": 2.2,
    "TotalReadoutTime": 0.0261249,
    "TxRefAmp": 252.739,
    "WipMemBlock": "62aeffe6-2d5f-4f53-8955-d5a099d6e644||Sequence: R017 nxva30a/master r/d34922cc2+; Jun 27 2022 13:20:16 by eja",
    "dataset": "<unset>",
    "modality": "bold",
    "run_id": 2,
    "session_id": "pilot014",
    "subject_id": "001",
    "task_id": "bht"
  },
  "dummy_trs": 0,
  "dvars_nstd": 81.85774456878639,
  "dvars_std": 1.0727544030097094,
  "dvars_vstd": 1.0024726370388348,
  "efc": 0.4904,
  "fber": 155.8147,
  "fd_mean": 0.18410174128171405,
  "fd_num": 93,
  "fd_perc": 44.927536231884055,
  "fwhm_avg": 2.7209593891551567,
  "fwhm_x": 2.5288544567487223,
  "fwhm_y": 2.9771828592113136,
  "fwhm_z": 2.6568408515054345,
  "gcor": [
    0.0186864,
    0.0295263,
    0.0262525,
    0.021908
  ],
  "gsr_x": -0.0032215823885053396,
  "gsr_y": 0.02755773812532425,
  "provenance": {
    "md5sum": "8a620ebab317cfd29c739e1a90dfd750",
    "settings": {
      "fd_thres": 0.2,
      "testing": false
    },
    "software": "mriqc",
    "version": "24.1.0.dev0+g3fe90466.d20240417"
  },
  "size_t": 207,
  "size_x": 96,
  "size_y": 96,
  "size_z": 60,
  "snr": 1.3809364886986926,
  "spacing_tr": 1.600000023841858,
  "spacing_x": 2.197920083999634,
  "spacing_y": 2.197920083999634,
  "spacing_z": 2.200000047683716,
  "summary_bg_k": 510.8877,
  "summary_bg_mad": 2.6859,
  "summary_bg_mean": 20.7677,
  "summary_bg_median": 19.0,
  "summary_bg_n": 420340.0,
  "summary_bg_p05": 0.0,
  "summary_bg_p95": 37.0,
  "summary_bg_stdv": 18.2099,
  "summary_fg_k": 4.9009,
  "summary_fg_mad": 140.6753,
  "summary_fg_mean": 248.709,
  "summary_fg_median": 232.0,
  "summary_fg_n": 132620.0,
  "summary_fg_p05": 29.0,
  "summary_fg_p95": 547.0,
  "summary_fg_stdv": 168.0013,
  "tsnr": 16.340484597953036
}