{
  "aor": [
    0.0005302912621359224,
    0.0005496116504854369,
    0.0006184951456310678,
    0.0007718932038834953
  ],
  "aqi": [
    0.004155014029126213,
    0.005928383495145631,
    0.010123443932038836,
    0.018073932524271846
  ],
  "bids_meta": {
    "AcquisitionDuration": 361.475,
    "AcquisitionMatrixPE": 96,
    "AcquisitionTime": "19:41:2.452500",
    "B0FieldSource": [
      "pilot014pepolarbold",
      "pilot014phasediff"
    ],
    "BandwidthPerPixelPhaseEncode": 37.879,
    "BaseResolution": 96,
    "DerivedVendorReportedEchoSpacing": 0.000549997,
    "DwellTime": 2.3e-06,
    "EchoNumber": 2,
    "EchoTime": 0.03304,
    "EchoTrainLength": 35,
    "EffectiveEchoSpacing": 0.000274998,
    "ImageOrientationPatientDICOM": [
      0.99738,
      0.0550401,
      0.0469541,
      -0.0395358,
      0.958188,
      -0.283395
    ],
    "ImageType": [
      "ORIGINAL",
      "PRIMARY",
      "FMRI",
      "NONE"
    ],
    "ImageTypeText": [
      "ORIGINAL",
      "PRIMARY",
      "M",
      "MB",
      "TE2",
      "DIS2D"
    ],
    "InPlanePhaseEncodingDirectionDICOM": "COL",
    "PercentPhaseFOV": 100,
    "PercentSampling": 100,
    "PhaseEncodingDirection": "j-",
    "PhaseResolution": 1,
    "PixelBandwidth": 2264,
    "ProtocolName": "func-bold_task-bht_dir-AP__cmrr_me4_sms4",
    "PulseSequenceName": "epfid2d4_96",
    "ReceiveCoilActiveElements": "HC1-7",
    "ReconMatrixPE": 96,
    "RefLinesPE": 22,
    "RepetitionTime": 1.6,
    "SequenceVariant": "SK\\SS",
    "SeriesDescription": "func-bold_task-bht_dir-AP__cmrr_me4_sms4",
    "SeriesNumber": 15,
    "ShimSetting": [
      8248,
      -5629,
      -6031,
      686,
      7,
      -236,
      46,
      5
    ],
    "SliceThickness": 2.2,
    "SliceTiming": [
      0,
      0.845,
      0.1075,
      0.95,
      0.2125,
      1.055,
      0.3175,
      1.16,
      0.4225,
      1.265,
      0.5275,
      1.37,
      0.6325,
      1.475,
      0.7375,
      0,
      0.845,
      0.1075,
      0.95,
      0.2125,
      1.055,
      0.3175,
      1.16,
      0.4225,
      1.265,
      0.5275,
      1.37,
      0.6325,
      1.475,
      0.7375,
      0,
      0.845,
      0.1075,
      0.95,
      0.2125,
      1.055,
      0.3175,
      1.16,
      0.4225,
      1.265,
      0.5275,
      1.37,
      0.6325,
      1.475,
      0.7375,
      0,
      0.845,
      0.1075,
      0.95,
      0.2125,
      1.055,
      0.3175,
      1.16,
      0.4225,
      1.265,
      0.5275,
      1.37,
      0.6325,
      1.475,
      0.7375
    ],
    "SpacingBetweenSlices": 2.2,
    "TotalReadoutTime": 0.0261249,
    "TxRefAmp": 246.09,
    "WipMemBlock": "40a34079-c3d8-43ff-b705-4feccc3cf479||Sequence: R017 nxva30a/master r/d34922cc2+; Jun 27 2022 13:20:16 by eja",
    "dataset": "<unset>",
    "modality": "bold",
    "run_id": 1,
    "session_id": "pilot014",
    "subject_id": "001",
    "task_id": "bht"
  },
  "dummy_trs": 1,
  "dvars_nstd": 42.2209783975122,
  "dvars_std": 1.0523604800975612,
  "dvars_vstd": 0.9941157190731706,
  "efc": 0.5136,
  "fber": 577.0476,
  "fd_mean": 0.1404863749695485,
  "fd_num": 34,
  "fd_perc": 16.50485436893204,
  "fwhm_avg": 3.2721343759709165,
  "fwhm_x": 3.066403573571023,
  "fwhm_y": 3.5141678062946746,
  "fwhm_z": 3.2358317480470538,
  "gcor": [
    0.0334103,
    0.0337149,
    0.0305782,
    0.023825
  ],
  "gsr_x": 0.017160899937152863,
  "gsr_y": 0.035589300096035004,
  "provenance": {
    "md5sum": "4208a4c08d6c5504837f2e77d5fcf22c",
    "settings": {
      "fd_thres": 0.2,
      "testing": false
    },
    "software": "mriqc",
    "version": "24.1.0.dev0+g3fe90466.d20240417"
  },
  "size_t": 206,
  "size_x": 96,
  "size_y": 96,
  "size_z": 60,
  "snr": 2.0263679457534107,
  "spacing_tr": 1.600000023841858,
  "spacing_x": 2.197920083999634,
  "spacing_y": 2.197920083999634,
  "spacing_z": 2.200000047683716,
  "summary_bg_k": 31.713,
  "summary_bg_mad": 6.3119,
  "summary_bg_mean": 40.5444,
  "summary_bg_median": 21.0,
  "summary_bg_n": 418824.0,
  "summary_bg_p05": 0.0,
  "summary_bg_p95": 147.0,
  "summary_bg_stdv": 67.6532,
  "summary_fg_k": 1.3105,
  "summary_fg_mad": 209.3384,
  "summary_fg_mean": 516.7377,
  "summary_fg_median": 497.0,
  "summary_fg_n": 134136.0,
  "summary_fg_p05": 100.0,
  "summary_fg_p95": 944.0,
  "summary_fg_stdv": 245.2655,
  "tsnr": 32.947182028205134
}