{
  "aor": [
    0.0006693236714975843,
    0.0005595169082125604,
    0.0006470048309178744,
    0.0007651690821256037
  ],
  "aqi": [
    0.0032397148792270535,
    0.005081954830917874,
    0.008217125458937198,
    0.014167586473429953
  ],
  "bids_meta": {
    "AcquisitionDuration": 361.475,
    "AcquisitionMatrixPE": 96,
    "AcquisitionTime": "14:10:49.335000",
    "B0FieldSource": [
      "pilot014pepolarbold",
      "pilot014phasediff"
    ],
    "BandwidthPerPixelPhaseEncode": 37.879,
    "BaseResolution": 96,
    "DerivedVendorReportedEchoSpacing": 0.000549997,
    "DwellTime": 2.3e-06,
    "EchoNumber": 2,
    "EchoTime": 0.03304,
    "EchoTrainLength": 35,
    "EffectiveEchoSpacing": 0.000274998,
    "ImageOrientationPatientDICOM": [
      0.996088,
      0.0348894,
      0.0811878,
      -0.00695407,
      0.946857,
      -0.321581
    ],
    "ImageType": [
      "ORIGINAL",
      "PRIMARY",
      "FMRI",
      "NONE"
    ],
    "ImageTypeText": [
      "ORIGINAL",
      "PRIMARY",
      "M",
      "MB",
      "TE2",
      "DIS2D"
    ],
    "InPlanePhaseEncodingDirectionDICOM": "COL",
    "PercentPhaseFOV": 100,
    "PercentSampling": 100,
    "PhaseEncodingDirection": "j-",
    "PhaseResolution": 1,
    "PixelBandwidth": 2264,
    "ProtocolName": "func-bold_task-bht_dir-AP__cmrr_me4_sms4",
    "PulseSequenceName": "epfid2d4_96",
    "ReceiveCoilActiveElements": "HC1-7",
    "ReconMatrixPE": 96,
    "RefLinesPE": 22,
    "RepetitionTime": 1.6,
    "SequenceVariant": "SK\\SS",
    "SeriesDescription": "func-bold_task-bht_dir-AP__cmrr_me4_sms4",
    "SeriesNumber": 23,
    "ShimSetting": [
      8257,
      -5623,
      -5997,
      718,
      -10,
      -186,
      50,
      56
    ],
    "SliceThickness": 2.2,
    "SliceTiming": [
      0,
      0.8425,
      0.105,
      0.9475,
      0.21,
      1.0525,
      0.315,
      1.1575,
      0.42,
      1.2625,
      0.5275,
      1.37,
      0.6325,
      1.475,
      0.7375,
      0,
      0.8425,
      0.105,
      0.9475,
      0.21,
      1.0525,
      0.315,
      1.1575,
      0.42,
      1.2625,
      0.5275,
      1.37,
      0.6325,
      1.475,
      0.7375,
      0,
      0.8425,
      0.105,
      0.9475,
      0.21,
      1.0525,
      0.315,
      1.1575,
      0.42,
      1.2625,
      0.5275,
      1.37,
      0.6325,
      1.475,
      0.7375,
      0,
      0.8425,
      0.105,
      0.9475,
      0.21,
      1.0525,
      0.315,
      1.1575,
      0.42,
      1.2625,
      0.5275,
      1.37,
      0.6325,
      1.475,
      0.7375
    ],
    "SpacingBetweenSlices": 2.2,
    "TotalReadoutTime": 0.0261249,
    "TxRefAmp": 252.739,
    "WipMemBlock": "62aeffe6-2d5f-4f53-8955-d5a099d6e644||Sequence: R017 nxva30a/master r/d34922cc2+; Jun 27 2022 13:20:16 by eja",
    "dataset": "<unset>",
    "modality": "bold",
    "run_id": 2,
    "session_id": "pilot014",
    "subject_id": "001",
    "task_id": "bht"
  },
  "dummy_trs": 0,
  "dvars_nstd": 40.045495783203876,
  "dvars_std": 1.0712274706796119,
  "dvars_vstd": 1.0019984476699035,
  "efc": 0.5045,
  "fber": 687.4911,
  "fd_mean": 0.18410174128171405,
  "fd_num": 93,
  "fd_perc": 44.927536231884055,
  "fwhm_avg": 3.421313042492398,
  "fwhm_x": 3.194520151625845,
  "fwhm_y": 3.64529632279448,
  "fwhm_z": 3.424122653056868,
  "gcor": [
    0.0186864,
    0.0295263,
    0.0262525,
    0.021908
  ],
  "gsr_x": 0.006861002650111914,
  "gsr_y": 0.03374951705336571,
  "provenance": {
    "md5sum": "bf605a24d6821ce05d63e5fe749080d8",
    "settings": {
      "fd_thres": 0.2,
      "testing": false
    },
    "software": "mriqc",
    "version": "24.1.0.dev0+g3fe90466.d20240417"
  },
  "size_t": 207,
  "size_x": 96,
  "size_y": 96,
  "size_z": 60,
  "snr": 2.022587653141486,
  "spacing_tr": 1.600000023841858,
  "spacing_x": 2.197920083999634,
  "spacing_y": 2.197920083999634,
  "spacing_z": 2.200000047683716,
  "summary_bg_k": 44.2357,
  "summary_bg_mad": 7.3844,
  "summary_bg_mean": 42.3717,
  "summary_bg_median": 22.0,
  "summary_bg_n": 420340.0,
  "summary_bg_p05": 0.0,
  "summary_bg_p95": 154.0,
  "summary_bg_stdv": 70.2451,
  "summary_fg_k": 0.9034,
  "summary_fg_mad": 248.4684,
  "summary_fg_mean": 591.2358,
  "summary_fg_median": 567.0,
  "summary_fg_n": 132620.0,
  "summary_fg_p05": 126.0,
  "summary_fg_p95": 1089.0,
  "summary_fg_stdv": 280.3329,
  "tsnr": 36.00981720618438
}