{
  "aor": [
    0.0006083689839572192,
    0.0007590641711229947,
    0.0008212700534759358,
    0.0009070721925133689
  ],
  "aqi": [
    0.005920030561497326,
    0.006579752259358288,
    0.010506597794117648,
    0.018440951604278073
  ],
  "bids_meta": {
    "AcquisitionDuration": 1230.47,
    "AcquisitionMatrixPE": 96,
    "AcquisitionTime": "19:18:59.400000",
    "B0FieldSource": [
      "pilot014pepolarbold",
      "pilot014phasediff"
    ],
    "BandwidthPerPixelPhaseEncode": 37.879,
    "BaseResolution": 96,
    "DerivedVendorReportedEchoSpacing": 0.000549997,
    "DwellTime": 2.3e-06,
    "EchoNumber": 2,
    "EchoTime": 0.03304,
    "EchoTrainLength": 35,
    "EffectiveEchoSpacing": 0.000274998,
    "FlipAngle": 64,
    "ImageOrientationPatientDICOM": [
      0.99738,
      0.0550401,
      0.0469541,
      -0.0395358,
      0.958188,
      -0.283395
    ],
    "ImageType": [
      "ORIGINAL",
      "PRIMARY",
      "FMRI",
      "NONE"
    ],
    "ImageTypeText": [
      "ORIGINAL",
      "PRIMARY",
      "M",
      "MB",
      "TE2",
      "DIS2D"
    ],
    "InPlanePhaseEncodingDirectionDICOM": "COL",
    "PercentPhaseFOV": 100,
    "PhaseEncodingDirection": "j-",
    "PixelBandwidth": 2264,
    "ProtocolName": "func-bold_task-rest_dir-AP__cmrr_me4_sms4",
    "PulseSequenceName": "epfid2d4_96",
    "ReceiveCoilActiveElements": "HC1-7",
    "ReconMatrixPE": 96,
    "RefLinesPE": 22,
    "RepetitionTime": 1.6,
    "SequenceVariant": "SK\\SS",
    "SeriesDescription": "func-bold_task-rest_dir-AP__cmrr_me4_sms4",
    "SeriesNumber": 14,
    "ShimSetting": [
      8248,
      -5629,
      -6031,
      686,
      7,
      -236,
      46,
      5
    ],
    "SliceThickness": 2.2,
    "SliceTiming": [
      0,
      0.8425,
      0.105,
      0.95,
      0.2125,
      1.055,
      0.3175,
      1.16,
      0.4225,
      1.265,
      0.5275,
      1.37,
      0.6325,
      1.475,
      0.7375,
      0,
      0.8425,
      0.105,
      0.95,
      0.2125,
      1.055,
      0.3175,
      1.16,
      0.4225,
      1.265,
      0.5275,
      1.37,
      0.6325,
      1.475,
      0.7375,
      0,
      0.8425,
      0.105,
      0.95,
      0.2125,
      1.055,
      0.3175,
      1.16,
      0.4225,
      1.265,
      0.5275,
      1.37,
      0.6325,
      1.475,
      0.7375,
      0,
      0.8425,
      0.105,
      0.95,
      0.2125,
      1.055,
      0.3175,
      1.16,
      0.4225,
      1.265,
      0.5275,
      1.37,
      0.6325,
      1.475,
      0.7375
    ],
    "SpacingBetweenSlices": 2.2,
    "TotalReadoutTime": 0.0261249,
    "TxRefAmp": 246.09,
    "WipMemBlock": "e3b2d54d-1e87-435b-85be-38accfa2de26||Sequence: R017 nxva30a/master r/d34922cc2+; Jun 27 2022 13:20:16 by eja",
    "dataset": "<unset>",
    "modality": "bold",
    "session_id": "pilot014",
    "subject_id": "001",
    "task_id": "rest"
  },
  "dummy_trs": 2,
  "dvars_nstd": 39.505718123788455,
  "dvars_std": 1.0502040347925032,
  "dvars_vstd": 0.9981772262248991,
  "efc": 0.5148,
  "fber": 572.5061,
  "fd_mean": 0.14530317058975342,
  "fd_num": 87,
  "fd_perc": 11.631016042780749,
  "fwhm_avg": 3.351610891553293,
  "fwhm_x": 3.1703745967504253,
  "fwhm_y": 3.609726330705535,
  "fwhm_z": 3.2747317472039192,
  "gcor": [
    0.0119513,
    0.0112516,
    0.00902737,
    0.00675135
  ],
  "gsr_x": 0.016877641901373863,
  "gsr_y": 0.03378608450293541,
  "provenance": {
    "md5sum": "baac969b4ab7ed55d5d38386a9fcea2f",
    "settings": {
      "fd_thres": 0.2,
      "testing": false
    },
    "software": "mriqc",
    "version": "24.1.0.dev0+g3fe90466.d20240417"
  },
  "size_t": 748,
  "size_x": 96,
  "size_y": 96,
  "size_z": 60,
  "snr": 2.046055666084115,
  "spacing_tr": 1.600000023841858,
  "spacing_x": 2.197920083999634,
  "spacing_y": 2.197920083999634,
  "spacing_z": 2.200000047683716,
  "summary_bg_k": 30.0331,
  "summary_bg_mad": 6.313,
  "summary_bg_mean": 40.421,
  "summary_bg_median": 21.0,
  "summary_bg_n": 418800.0,
  "summary_bg_p05": 1.0,
  "summary_bg_p95": 148.0,
  "summary_bg_stdv": 66.828,
  "summary_fg_k": 1.1711,
  "summary_fg_mad": 208.2263,
  "summary_fg_mean": 513.9264,
  "summary_fg_median": 495.0,
  "summary_fg_n": 134160.0,
  "summary_fg_p05": 100.0,
  "summary_fg_p95": 933.0,
  "summary_fg_stdv": 241.928,
  "tsnr": 33.563000901951455
}