{
  "aor": [
    0.0002476470588235294,
    0.00041385026737967916,
    0.0005396256684491979,
    0.0006196657754010696
  ],
  "aqi": [
    0.005150570922459894,
    0.007292770655080214,
    0.012111679318181818,
    0.019964657219251336
  ],
  "bids_meta": {
    "AcquisitionDuration": 1230.47,
    "AcquisitionMatrixPE": 76,
    "AcquisitionTime": "22:01:7.475000",
    "B0FieldSource": [
      "016pepolarbold",
      "016phasediff"
    ],
    "BandwidthPerPixelPhaseEncode": 40.486,
    "BaseResolution": 102,
    "DerivedVendorReportedEchoSpacing": 0.000649997,
    "DwellTime": 2.5e-06,
    "EchoNumber": 3,
    "EchoTime": 0.0518,
    "EchoTrainLength": 28,
    "EffectiveEchoSpacing": 0.000324999,
    "FlipAngle": 64,
    "ImageOrientationPatientDICOM": [
      0.997393,
      -0.04706,
      0.0546977,
      0.0634498,
      0.932986,
      -0.354276
    ],
    "ImageType": [
      "ORIGINAL",
      "PRIMARY",
      "FMRI",
      "NONE"
    ],
    "ImageTypeText": [
      "ORIGINAL",
      "PRIMARY",
      "M",
      "MB",
      "TE3",
      "DIS2D"
    ],
    "InPlanePhaseEncodingDirectionDICOM": "ROW",
    "PercentPhaseFOV": 74.5098,
    "PhaseEchoTime1": 0.0126,
    "PhaseEchoTime2": 0.0322,
    "PhaseEncodingDirection": "i",
    "PixelBandwidth": 1961,
    "ProtocolName": "func-bold_task-rest_dir-RL__cmrr_me4_sms4",
    "PulseSequenceName": "epfid2d4_76",
    "ReceiveCoilActiveElements": "HC1-7",
    "ReconMatrixPE": 76,
    "RefLinesPE": 18,
    "RepetitionTime": 1.6,
    "SequenceVariant": "SK\\SS\\OSP",
    "SeriesDescription": "func-bold_task-rest_dir-RL__cmrr_me4_sms4",
    "SeriesNumber": 23,
    "ShimSetting": [
      8234,
      -5624,
      -6010,
      648,
      -19,
      -233,
      38,
      26
    ],
    "SliceThickness": 2.2,
    "SliceTiming": [
      0,
      0.8425,
      0.105,
      0.9475,
      0.21,
      1.0525,
      0.315,
      1.1575,
      0.42,
      1.2625,
      0.525,
      1.3675,
      0.6325,
      1.475,
      0.7375,
      0,
      0.8425,
      0.105,
      0.9475,
      0.21,
      1.0525,
      0.315,
      1.1575,
      0.42,
      1.2625,
      0.525,
      1.3675,
      0.6325,
      1.475,
      0.7375,
      0,
      0.8425,
      0.105,
      0.9475,
      0.21,
      1.0525,
      0.315,
      1.1575,
      0.42,
      1.2625,
      0.525,
      1.3675,
      0.6325,
      1.475,
      0.7375,
      0,
      0.8425,
      0.105,
      0.9475,
      0.21,
      1.0525,
      0.315,
      1.1575,
      0.42,
      1.2625,
      0.525,
      1.3675,
      0.6325,
      1.475,
      0.7375
    ],
    "SpacingBetweenSlices": 2.2,
    "TotalReadoutTime": 0.0243749,
    "TxRefAmp": 244.928,
    "WipMemBlock": "ea6345c9-1bad-436b-b46d-c56df46f34ef||Sequence: R017 nxva30a/master r/d34922cc2+; Jun 27 2022 13:20:16 by eja",
    "dataset": "<unset>",
    "modality": "bold",
    "session_id": "016",
    "subject_id": "001",
    "task_id": "rest"
  },
  "dummy_trs": 2,
  "dvars_nstd": 68.65774863483261,
  "dvars_std": 1.0340268101606414,
  "dvars_vstd": 1.0018915272021418,
  "efc": 0.563,
  "fber": 146.0889,
  "fd_mean": 0.14396256682162986,
  "fd_num": 131,
  "fd_perc": 17.513368983957218,
  "fwhm_avg": 2.91690625459776,
  "fwhm_x": 3.034648142527429,
  "fwhm_y": 2.932502499779883,
  "fwhm_z": 2.7835681214859678,
  "gcor": [
    0.00606607,
    0.00533589,
    0.00504695,
    0.00378374
  ],
  "gsr_x": 0.06174656003713608,
  "gsr_y": -0.006968247704207897,
  "provenance": {
    "md5sum": "2e83266dc82f2ebdb1c5268b19ab8575",
    "settings": {
      "fd_thres": 0.2,
      "testing": false
    },
    "software": "mriqc",
    "version": "24.1.0.dev0+g3fe90466.d20240417"
  },
  "size_t": 748,
  "size_x": 76,
  "size_y": 102,
  "size_z": 60,
  "snr": 1.7934060306371287,
  "spacing_tr": 1.600000023841858,
  "spacing_x": 2.196079969406128,
  "spacing_y": 2.196079969406128,
  "spacing_z": 2.200000047683716,
  "summary_bg_k": 68.2736,
  "summary_bg_mad": 8.2891,
  "summary_bg_mean": 35.5567,
  "summary_bg_median": 28.0,
  "summary_bg_n": 331290.0,
  "summary_bg_p05": 0.0,
  "summary_bg_p95": 85.0,
  "summary_bg_stdv": 34.691,
  "summary_fg_k": 1.6983,
  "summary_fg_mad": 168.0078,
  "summary_fg_mean": 345.4559,
  "summary_fg_median": 336.0,
  "summary_fg_n": 133830.0,
  "summary_fg_p05": 52.0,
  "summary_fg_p95": 665.0,
  "summary_fg_stdv": 187.3523,
  "tsnr": 18.808964553056285
}