{
  "aor": [
    0.0002476470588235294,
    0.00041385026737967916,
    0.0005396256684491979,
    0.0006196657754010696
  ],
  "aqi": [
    0.005150570922459894,
    0.007292770655080214,
    0.012111679318181818,
    0.019964657219251336
  ],
  "bids_meta": {
    "AcquisitionDuration": 1230.47,
    "AcquisitionMatrixPE": 76,
    "AcquisitionTime": "22:01:7.437500",
    "B0FieldSource": [
      "016pepolarbold",
      "016phasediff"
    ],
    "BandwidthPerPixelPhaseEncode": 40.486,
    "BaseResolution": 102,
    "DerivedVendorReportedEchoSpacing": 0.000649997,
    "DwellTime": 2.5e-06,
    "EchoNumber": 1,
    "EchoTime": 0.0126,
    "EchoTrainLength": 28,
    "EffectiveEchoSpacing": 0.000324999,
    "FlipAngle": 64,
    "ImageOrientationPatientDICOM": [
      0.997393,
      -0.04706,
      0.0546977,
      0.0634498,
      0.932986,
      -0.354276
    ],
    "ImageType": [
      "ORIGINAL",
      "PRIMARY",
      "FMRI",
      "NONE"
    ],
    "ImageTypeText": [
      "ORIGINAL",
      "PRIMARY",
      "M",
      "MB",
      "TE1",
      "DIS2D"
    ],
    "InPlanePhaseEncodingDirectionDICOM": "ROW",
    "PercentPhaseFOV": 74.5098,
    "PhaseEchoTime1": 0.0126,
    "PhaseEchoTime2": 0.0322,
    "PhaseEncodingDirection": "i",
    "PixelBandwidth": 1961,
    "ProtocolName": "func-bold_task-rest_dir-RL__cmrr_me4_sms4",
    "PulseSequenceName": "epfid2d4_76",
    "ReceiveCoilActiveElements": "HC1-7",
    "ReconMatrixPE": 76,
    "RefLinesPE": 18,
    "RepetitionTime": 1.6,
    "SequenceVariant": "SK\\SS\\OSP",
    "SeriesDescription": "func-bold_task-rest_dir-RL__cmrr_me4_sms4",
    "SeriesNumber": 23,
    "ShimSetting": [
      8234,
      -5624,
      -6010,
      648,
      -19,
      -233,
      38,
      26
    ],
    "SliceThickness": 2.2,
    "SliceTiming": [
      0,
      0.8425,
      0.105,
      0.9475,
      0.21,
      1.0525,
      0.315,
      1.1575,
      0.42,
      1.2625,
      0.525,
      1.3675,
      0.63,
      1.4725,
      0.735,
      0,
      0.8425,
      0.105,
      0.9475,
      0.21,
      1.0525,
      0.315,
      1.1575,
      0.42,
      1.2625,
      0.525,
      1.3675,
      0.63,
      1.4725,
      0.735,
      0,
      0.8425,
      0.105,
      0.9475,
      0.21,
      1.0525,
      0.315,
      1.1575,
      0.42,
      1.2625,
      0.525,
      1.3675,
      0.63,
      1.4725,
      0.735,
      0,
      0.8425,
      0.105,
      0.9475,
      0.21,
      1.0525,
      0.315,
      1.1575,
      0.42,
      1.2625,
      0.525,
      1.3675,
      0.63,
      1.4725,
      0.735
    ],
    "SpacingBetweenSlices": 2.2,
    "TotalReadoutTime": 0.0243749,
    "TxRefAmp": 244.928,
    "WipMemBlock": "ea6345c9-1bad-436b-b46d-c56df46f34ef||Sequence: R017 nxva30a/master r/d34922cc2+; Jun 27 2022 13:20:16 by eja",
    "dataset": "<unset>",
    "modality": "bold",
    "session_id": "016",
    "subject_id": "001",
    "task_id": "rest"
  },
  "dummy_trs": 2,
  "dvars_nstd": 38.19516119393575,
  "dvars_std": 1.030762204364123,
  "dvars_vstd": 1.0013886947255677,
  "efc": 0.6516,
  "fber": 134.8043,
  "fd_mean": 0.14396256682162986,
  "fd_num": 131,
  "fd_perc": 17.513368983957218,
  "fwhm_avg": 3.690772985788145,
  "fwhm_x": 3.5374531475285003,
  "fwhm_y": 3.6849113478269033,
  "fwhm_z": 3.84995446200903,
  "gcor": [
    0.00606607,
    0.00533589,
    0.00504695,
    0.00378374
  ],
  "gsr_x": 0.14545030891895294,
  "gsr_y": 0.015329345129430294,
  "provenance": {
    "md5sum": "00f694742066e1275ab9c66290759914",
    "settings": {
      "fd_thres": 0.2,
      "testing": false
    },
    "software": "mriqc",
    "version": "24.1.0.dev0+g3fe90466.d20240417"
  },
  "size_t": 748,
  "size_x": 76,
  "size_y": 102,
  "size_z": 60,
  "snr": 2.5792950954104357,
  "spacing_tr": 1.600000023841858,
  "spacing_x": 2.196079969406128,
  "spacing_y": 2.196079969406128,
  "spacing_z": 2.200000047683716,
  "summary_bg_k": 5.8803,
  "summary_bg_mad": 63.8966,
  "summary_bg_mean": 169.1845,
  "summary_bg_median": 69.0,
  "summary_bg_n": 331290.0,
  "summary_bg_p05": 0.0,
  "summary_bg_p95": 720.0,
  "summary_bg_stdv": 238.9692,
  "summary_fg_k": 0.7304,
  "summary_fg_mad": 299.3598,
  "summary_fg_mean": 826.8823,
  "summary_fg_median": 798.0,
  "summary_fg_n": 133830.0,
  "summary_fg_p05": 384.0,
  "summary_fg_p95": 1366.0,
  "summary_fg_stdv": 309.3857,
  "tsnr": 36.859811060188804
}