{
  "aor": [
    0.0003702406417112299,
    0.0005414438502673797,
    0.0006341978609625668,
    0.0007039438502673797
  ],
  "aqi": [
    0.006739882072192513,
    0.009191237446524064,
    0.015474606176470588,
    0.026217075
  ],
  "bids_meta": {
    "AcquisitionDuration": 1230.47,
    "AcquisitionMatrixPE": 76,
    "AcquisitionTime": "19:31:54.397500",
    "B0FieldSource": [
      "037pepolarbold",
      "037phasediff"
    ],
    "BandwidthPerPixelPhaseEncode": 40.486,
    "BaseResolution": 102,
    "DerivedVendorReportedEchoSpacing": 0.000649997,
    "DwellTime": 2.5e-06,
    "EchoNumber": 2,
    "EchoTime": 0.0322,
    "EchoTrainLength": 28,
    "EffectiveEchoSpacing": 0.000324999,
    "FlipAngle": 64,
    "ImageOrientationPatientDICOM": [
      0.999886,
      0.0122095,
      0.00883945,
      -0.00785325,
      0.922512,
      -0.385888
    ],
    "ImageType": [
      "ORIGINAL",
      "PRIMARY",
      "FMRI",
      "NONE"
    ],
    "ImageTypeText": [
      "ORIGINAL",
      "PRIMARY",
      "M",
      "MB",
      "TE2",
      "DIS2D"
    ],
    "InPlanePhaseEncodingDirectionDICOM": "ROW",
    "PercentPhaseFOV": 74.5098,
    "PhaseEchoTime1": 0.0126,
    "PhaseEchoTime2": 0.0322,
    "PhaseEncodingDirection": "i-",
    "PixelBandwidth": 1961,
    "ProtocolName": "func-bold_task-rest_dir-LR__cmrr_me4_sms4",
    "PulseSequenceName": "epfid2d4_76",
    "ReceiveCoilActiveElements": "HC1-7",
    "ReconMatrixPE": 76,
    "RefLinesPE": 18,
    "RepetitionTime": 1.6,
    "SequenceVariant": "SK\\SS\\OSP",
    "SeriesDescription": "func-bold_task-rest_dir-LR__cmrr_me4_sms4",
    "SeriesNumber": 23,
    "ShimSetting": [
      8226,
      -5615,
      -6023,
      672,
      -69,
      -169,
      28,
      53
    ],
    "SliceThickness": 2.2,
    "SliceTiming": [
      0,
      0.8425,
      0.105,
      0.9475,
      0.21,
      1.0525,
      0.315,
      1.1575,
      0.42,
      1.2625,
      0.525,
      1.3675,
      0.63,
      1.4725,
      0.7375,
      0,
      0.8425,
      0.105,
      0.9475,
      0.21,
      1.0525,
      0.315,
      1.1575,
      0.42,
      1.2625,
      0.525,
      1.3675,
      0.63,
      1.4725,
      0.7375,
      0,
      0.8425,
      0.105,
      0.9475,
      0.21,
      1.0525,
      0.315,
      1.1575,
      0.42,
      1.2625,
      0.525,
      1.3675,
      0.63,
      1.4725,
      0.7375,
      0,
      0.8425,
      0.105,
      0.9475,
      0.21,
      1.0525,
      0.315,
      1.1575,
      0.42,
      1.2625,
      0.525,
      1.3675,
      0.63,
      1.4725,
      0.7375
    ],
    "SpacingBetweenSlices": 2.2,
    "TotalReadoutTime": 0.0243749,
    "TxRefAmp": 247.006,
    "WipMemBlock": "7db1d716-0c4e-457d-aa9a-1d91cfba1a07||Sequence: R017 nxva30a/master r/d34922cc2+; Jun 27 2022 13:20:16 by eja",
    "dataset": "<unset>",
    "modality": "bold",
    "session_id": "037",
    "subject_id": "001",
    "task_id": "rest"
  },
  "dummy_trs": 2,
  "dvars_nstd": 46.78202860160647,
  "dvars_std": 0.9946858545515398,
  "dvars_vstd": 0.9816140815394915,
  "efc": 0.5786,
  "fber": 240.6465,
  "fd_mean": 0.1415568917458563,
  "fd_num": 92,
  "fd_perc": 12.29946524064171,
  "fwhm_avg": 3.3403593135804788,
  "fwhm_x": 3.346836227456504,
  "fwhm_y": 3.3499554217005336,
  "fwhm_z": 3.3242862915843987,
  "gcor": [
    0.0275335,
    0.0226676,
    0.0174484,
    0.0125881
  ],
  "gsr_x": 0.08672303706407547,
  "gsr_y": -0.003940060269087553,
  "provenance": {
    "md5sum": "750605cbf63a6d45318cc13cbc043f0d",
    "settings": {
      "fd_thres": 0.2,
      "testing": false
    },
    "software": "mriqc",
    "version": "24.1.0.dev0+g3fe90466.d20240417"
  },
  "size_t": 748,
  "size_x": 76,
  "size_y": 102,
  "size_z": 60,
  "snr": 2.1221270721856738,
  "spacing_tr": 1.600000023841858,
  "spacing_x": 2.196079969406128,
  "spacing_y": 2.196079969406128,
  "spacing_z": 2.200000047683716,
  "summary_bg_k": 29.702,
  "summary_bg_mad": 18.5603,
  "summary_bg_mean": 57.8671,
  "summary_bg_median": 34.0,
  "summary_bg_n": 330691.0,
  "summary_bg_p05": 1.0,
  "summary_bg_p95": 201.0,
  "summary_bg_stdv": 76.7026,
  "summary_fg_k": 0.7696,
  "summary_fg_mad": 224.5092,
  "summary_fg_mean": 536.3126,
  "summary_fg_median": 522.0,
  "summary_fg_n": 134429.0,
  "summary_fg_p05": 116.0,
  "summary_fg_p95": 960.0,
  "summary_fg_stdv": 245.9787,
  "tsnr": 24.56611208477989
}