{
  "aor": [
    0.0010491836734693879,
    0.0010641836734693877,
    0.0011398979591836734,
    0.001323673469387755
  ],
  "aqi": [
    0.004203566326530612,
    0.006071589489795919,
    0.009424869795918367,
    0.015324114285714287
  ],
  "bids_meta": {
    "AcquisitionDuration": 188.475,
    "AcquisitionMatrixPE": 76,
    "AcquisitionTime": "19:25:40.327500",
    "B0FieldSource": [
      "037pepolarbold",
      "037phasediff"
    ],
    "BandwidthPerPixelPhaseEncode": 40.486,
    "BaseResolution": 102,
    "DerivedVendorReportedEchoSpacing": 0.000649997,
    "DwellTime": 2.5e-06,
    "EchoNumber": 2,
    "EchoTime": 0.0322,
    "EchoTrainLength": 28,
    "EffectiveEchoSpacing": 0.000324999,
    "FlipAngle": 64,
    "ImageOrientationPatientDICOM": [
      0.999886,
      0.0122095,
      0.00883945,
      -0.00785325,
      0.922512,
      -0.385888
    ],
    "ImageType": [
      "ORIGINAL",
      "PRIMARY",
      "FMRI",
      "NONE"
    ],
    "ImageTypeText": [
      "ORIGINAL",
      "PRIMARY",
      "M",
      "MB",
      "TE2",
      "DIS2D"
    ],
    "InPlanePhaseEncodingDirectionDICOM": "ROW",
    "PercentPhaseFOV": 74.5098,
    "PhaseEchoTime1": 0.0126,
    "PhaseEchoTime2": 0.0322,
    "PhaseEncodingDirection": "i-",
    "PixelBandwidth": 1961,
    "ProtocolName": "func-bold_task-qct_dir-LR__cmrr_me4_sms4",
    "PulseSequenceName": "epfid2d4_76",
    "ReceiveCoilActiveElements": "HC1-7",
    "ReconMatrixPE": 76,
    "RefLinesPE": 18,
    "RepetitionTime": 1.6,
    "SequenceVariant": "SK\\SS\\OSP",
    "SeriesDescription": "func-bold_task-qct_dir-LR__cmrr_me4_sms4",
    "SeriesNumber": 13,
    "ShimSetting": [
      8226,
      -5615,
      -6023,
      672,
      -69,
      -169,
      28,
      53
    ],
    "SliceThickness": 2.2,
    "SliceTiming": [
      0,
      0.8425,
      0.105,
      0.9475,
      0.21,
      1.0525,
      0.315,
      1.1575,
      0.42,
      1.2625,
      0.525,
      1.3675,
      0.63,
      1.4725,
      0.735,
      0,
      0.8425,
      0.105,
      0.9475,
      0.21,
      1.0525,
      0.315,
      1.1575,
      0.42,
      1.2625,
      0.525,
      1.3675,
      0.63,
      1.4725,
      0.735,
      0,
      0.8425,
      0.105,
      0.9475,
      0.21,
      1.0525,
      0.315,
      1.1575,
      0.42,
      1.2625,
      0.525,
      1.3675,
      0.63,
      1.4725,
      0.735,
      0,
      0.8425,
      0.105,
      0.9475,
      0.21,
      1.0525,
      0.315,
      1.1575,
      0.42,
      1.2625,
      0.525,
      1.3675,
      0.63,
      1.4725,
      0.735
    ],
    "SpacingBetweenSlices": 2.2,
    "TotalReadoutTime": 0.0243749,
    "TxRefAmp": 247.006,
    "WipMemBlock": "95e4a5f6-ece4-408d-91aa-1f9c5685d84d||Sequence: R017 nxva30a/master r/d34922cc2+; Jun 27 2022 13:20:16 by eja",
    "dataset": "<unset>",
    "modality": "bold",
    "session_id": "037",
    "subject_id": "001",
    "task_id": "qct"
  },
  "dummy_trs": 1,
  "dvars_nstd": 49.59225861061855,
  "dvars_std": 1.0403362279381443,
  "dvars_vstd": 1.0329007237113401,
  "efc": 0.5772,
  "fber": 241.6451,
  "fd_mean": 0.09320896043166732,
  "fd_num": 3,
  "fd_perc": 3.061224489795918,
  "fwhm_avg": 3.190895114932969,
  "fwhm_x": 3.252399775738362,
  "fwhm_y": 3.1934447277420857,
  "fwhm_z": 3.1268408413184594,
  "gcor": [
    0.00403871,
    0.00622447,
    0.00586328,
    0.00484723
  ],
  "gsr_x": 0.08425269275903702,
  "gsr_y": -0.0027879143599420786,
  "provenance": {
    "md5sum": "e09c79bb5dde10c9ea931d1caa1a53cd",
    "settings": {
      "fd_thres": 0.2,
      "testing": false
    },
    "software": "mriqc",
    "version": "24.1.0.dev0+g3fe90466.d20240417"
  },
  "size_t": 98,
  "size_x": 76,
  "size_y": 102,
  "size_z": 60,
  "snr": 2.105379561159106,
  "spacing_tr": 1.600000023841858,
  "spacing_x": 2.196079969406128,
  "spacing_y": 2.196079969406128,
  "spacing_z": 2.200000047683716,
  "summary_bg_k": 31.6189,
  "summary_bg_mad": 18.1997,
  "summary_bg_mean": 58.3633,
  "summary_bg_median": 34.0,
  "summary_bg_n": 330815.0,
  "summary_bg_p05": 0.0,
  "summary_bg_p95": 203.0,
  "summary_bg_stdv": 77.8667,
  "summary_fg_k": 0.883,
  "summary_fg_mad": 227.3071,
  "summary_fg_mean": 543.6954,
  "summary_fg_median": 528.0,
  "summary_fg_n": 134305.0,
  "summary_fg_p05": 117.0,
  "summary_fg_p95": 976.0,
  "summary_fg_stdv": 250.7852,
  "tsnr": 28.1881044046022
}