{
  "aor": [
    0.0003702406417112299,
    0.0005414438502673797,
    0.0006341978609625668,
    0.0007039438502673797
  ],
  "aqi": [
    0.006739882072192513,
    0.009191237446524064,
    0.015474606176470588,
    0.026217075
  ],
  "bids_meta": {
    "AcquisitionDuration": 1230.47,
    "AcquisitionMatrixPE": 76,
    "AcquisitionTime": "19:31:54.417500",
    "B0FieldSource": [
      "037pepolarbold",
      "037phasediff"
    ],
    "BandwidthPerPixelPhaseEncode": 40.486,
    "BaseResolution": 102,
    "DerivedVendorReportedEchoSpacing": 0.000649997,
    "DwellTime": 2.5e-06,
    "EchoNumber": 3,
    "EchoTime": 0.0518,
    "EchoTrainLength": 28,
    "EffectiveEchoSpacing": 0.000324999,
    "FlipAngle": 64,
    "ImageOrientationPatientDICOM": [
      0.999886,
      0.0122095,
      0.00883945,
      -0.00785325,
      0.922512,
      -0.385888
    ],
    "ImageType": [
      "ORIGINAL",
      "PRIMARY",
      "FMRI",
      "NONE"
    ],
    "ImageTypeText": [
      "ORIGINAL",
      "PRIMARY",
      "M",
      "MB",
      "TE3",
      "DIS2D"
    ],
    "InPlanePhaseEncodingDirectionDICOM": "ROW",
    "PercentPhaseFOV": 74.5098,
    "PhaseEchoTime1": 0.0126,
    "PhaseEchoTime2": 0.0322,
    "PhaseEncodingDirection": "i-",
    "PixelBandwidth": 1961,
    "ProtocolName": "func-bold_task-rest_dir-LR__cmrr_me4_sms4",
    "PulseSequenceName": "epfid2d4_76",
    "ReceiveCoilActiveElements": "HC1-7",
    "ReconMatrixPE": 76,
    "RefLinesPE": 18,
    "RepetitionTime": 1.6,
    "SequenceVariant": "SK\\SS\\OSP",
    "SeriesDescription": "func-bold_task-rest_dir-LR__cmrr_me4_sms4",
    "SeriesNumber": 23,
    "ShimSetting": [
      8226,
      -5615,
      -6023,
      672,
      -69,
      -169,
      28,
      53
    ],
    "SliceThickness": 2.2,
    "SliceTiming": [
      0,
      0.845,
      0.1075,
      0.95,
      0.2125,
      1.055,
      0.3175,
      1.16,
      0.4225,
      1.265,
      0.5275,
      1.37,
      0.6325,
      1.475,
      0.7375,
      0,
      0.845,
      0.1075,
      0.95,
      0.2125,
      1.055,
      0.3175,
      1.16,
      0.4225,
      1.265,
      0.5275,
      1.37,
      0.6325,
      1.475,
      0.7375,
      0,
      0.845,
      0.1075,
      0.95,
      0.2125,
      1.055,
      0.3175,
      1.16,
      0.4225,
      1.265,
      0.5275,
      1.37,
      0.6325,
      1.475,
      0.7375,
      0,
      0.845,
      0.1075,
      0.95,
      0.2125,
      1.055,
      0.3175,
      1.16,
      0.4225,
      1.265,
      0.5275,
      1.37,
      0.6325,
      1.475,
      0.7375
    ],
    "SpacingBetweenSlices": 2.2,
    "TotalReadoutTime": 0.0243749,
    "TxRefAmp": 247.006,
    "WipMemBlock": "7db1d716-0c4e-457d-aa9a-1d91cfba1a07||Sequence: R017 nxva30a/master r/d34922cc2+; Jun 27 2022 13:20:16 by eja",
    "dataset": "<unset>",
    "modality": "bold",
    "session_id": "037",
    "subject_id": "001",
    "task_id": "rest"
  },
  "dummy_trs": 2,
  "dvars_nstd": 63.00889485277107,
  "dvars_std": 0.9942445583266393,
  "dvars_vstd": 0.9809379789692111,
  "efc": 0.56,
  "fber": 148.7699,
  "fd_mean": 0.1415568917458563,
  "fd_num": 92,
  "fd_perc": 12.29946524064171,
  "fwhm_avg": 3.0420876008076463,
  "fwhm_x": 3.1088895191035704,
  "fwhm_y": 3.03093698441227,
  "fwhm_z": 2.9864362989071,
  "gcor": [
    0.0275335,
    0.0226676,
    0.0174484,
    0.0125881
  ],
  "gsr_x": 0.054863784462213516,
  "gsr_y": -0.0048008994199335575,
  "provenance": {
    "md5sum": "f73d289718940bec4d3ed5038567c2a5",
    "settings": {
      "fd_thres": 0.2,
      "testing": false
    },
    "software": "mriqc",
    "version": "24.1.0.dev0+g3fe90466.d20240417"
  },
  "size_t": 748,
  "size_x": 76,
  "size_y": 102,
  "size_z": 60,
  "snr": 1.792115586559321,
  "spacing_tr": 1.600000023841858,
  "spacing_x": 2.196079969406128,
  "spacing_y": 2.196079969406128,
  "spacing_z": 2.200000047683716,
  "summary_bg_k": 63.1878,
  "summary_bg_mad": 8.9234,
  "summary_bg_mean": 34.7712,
  "summary_bg_median": 28.0,
  "summary_bg_n": 330691.0,
  "summary_bg_p05": 0.0,
  "summary_bg_p95": 83.0,
  "summary_bg_stdv": 32.8304,
  "summary_fg_k": 1.3935,
  "summary_fg_mad": 171.6885,
  "summary_fg_mean": 348.4843,
  "summary_fg_median": 340.0,
  "summary_fg_n": 134429.0,
  "summary_fg_p05": 52.0,
  "summary_fg_p95": 673.0,
  "summary_fg_stdv": 189.7192,
  "tsnr": 17.29036794602871
}