{
  "NumberOfShells": 4,
  "bValues": [
    0.0,
    700.0,
    1000.0,
    1950.0,
    2000.0,
    2950.0,
    3000.0
  ],
  "bValuesEstimation": [
    700.0,
    1000.0,
    2000.0,
    3000.0
  ],
  "bdiffs_max": 0.289,
  "bdiffs_mean": 0.1444,
  "bdiffs_median": 0.1377,
  "bdiffs_min": 0.0053,
  "bids_meta": {
    "AcquisitionMatrixPE": 120,
    "AcquisitionNumber": 1,
    "AcquisitionTime": "16:17:1.140000",
    "B0FieldSource": [
      "pilot001pepolarb0",
      "pilot001phasediff"
    ],
    "BandwidthPerPixelPhaseEncode": 35.714,
    "BaseResolution": 120,
    "BodyPartExamined": "BRAIN",
    "CoilCombinationMethod": "Adaptive Combine",
    "CoilString": "HeadNeck_64",
    "ConversionSoftware": "dcm2niix",
    "ConversionSoftwareVersion": "v1.0.20220720",
    "DerivedVendorReportedEchoSpacing": 0.000700006,
    "DeviceSerialNumber": "67014",
    "DiffusionScheme": "Bipolar",
    "DwellTime": 2.4e-06,
    "EchoTime": 0.087,
    "EchoTrainLength": 35,
    "EffectiveEchoSpacing": 0.000233335,
    "FlipAngle": 90,
    "HeudiconvVersion": "1.0.0",
    "ImageOrientationPatientDICOM": [
      0.99604,
      0.0560113,
      0.0690431,
      -0.0598735,
      0.996679,
      0.0551988
    ],
    "ImageType": [
      "ORIGINAL",
      "PRIMARY",
      "DIFFUSION",
      "NONE",
      "ND",
      "NORM",
      "MFSPLIT"
    ],
    "ImageTypeText": [
      "ORIGINAL",
      "PRIMARY",
      "DIFFUSION",
      "NONE"
    ],
    "ImagingFrequency": 123.248,
    "InPlanePhaseEncodingDirectionDICOM": "COL",
    "InstitutionAddress": "Rue du Bugnon 21,Lausanne,District,CH,1011",
    "InstitutionName": "CHUV",
    "MRAcquisitionType": "2D",
    "MagneticFieldStrength": 3,
    "Manufacturer": "Siemens",
    "ManufacturersModelName": "MAGNETOM Prisma Fit",
    "Modality": "MR",
    "MultibandAccelerationFactor": 2,
    "NonlinearGradientCorrection": false,
    "ParallelReductionFactorInPlane": 3,
    "PartialFourier": 0.875,
    "PatientPosition": "HFS",
    "PercentPhaseFOV": 100,
    "PercentSampling": 100,
    "PhaseEncodingDirection": "j-",
    "PhaseEncodingSteps": 120,
    "PhaseResolution": 1,
    "PixelBandwidth": 1736,
    "ProcedureStepDescription": "RESEARCH Oscar",
    "ProtocolName": "micro_struct_137dir_BIPOLAR_b3000_2mm-iso",
    "PulseSequenceDetails": "%SiemensSeq%\\ep2d_diff",
    "ReceiveCoilActiveElements": "HC1-7",
    "ReceiveCoilName": "HeadNeck_64",
    "ReconMatrixPE": 120,
    "RefLinesPE": 90,
    "RepetitionTime": 7.8,
    "SAR": 0.226048,
    "ScanOptions": "PFP\\FS\\PER",
    "ScanningSequence": "GR\\EP",
    "SequenceName": "*ep_b0",
    "SequenceVariant": "SK",
    "SeriesDescription": "micro_struct_137dir_BIPOLAR_b3000_2mm-iso",
    "SeriesNumber": 14,
    "ShimSetting": [
      8242,
      -5652,
      -6028,
      581,
      -53,
      -355,
      21,
      19
    ],
    "SliceThickness": 2,
    "SliceTiming": [
      5.8825,
      0,
      6.05,
      0.1675,
      6.22,
      0.335,
      6.3875,
      0.505,
      6.555,
      0.6725,
      6.7225,
      0.84,
      6.8925,
      1.0075,
      7.06,
      1.1775,
      7.2275,
      1.345,
      7.395,
      1.5125,
      7.565,
      1.68,
      7.7325,
      1.8475,
      7.9,
      2.0175,
      8.0675,
      2.185,
      8.235,
      2.3525,
      8.405,
      2.52,
      8.5725,
      2.69,
      8.74,
      2.8575,
      8.9075,
      3.025,
      9.0775,
      3.1925,
      9.245,
      3.3625,
      9.4125,
      3.53,
      9.58,
      3.6975,
      9.75,
      3.865,
      9.9175,
      4.035,
      10.085,
      4.2025,
      10.2525,
      4.37,
      10.4225,
      4.5375,
      10.59,
      4.7075,
      10.7575,
      4.875,
      10.925,
      5.0425,
      11.0925,
      5.21,
      11.2625,
      5.3775,
      11.43,
      5.5475,
      11.5975,
      5.715
    ],
    "SoftwareVersions": "syngo MR XA30",
    "SpacingBetweenSlices": 2,
    "StationName": "LRG10884",
    "TotalReadoutTime": 0.0277669,
    "TxRefAmp": 245.506,
    "VendorReportedEchoSpacing": 0.0007,
    "acq_id": "lowres",
    "dataset": "hcph",
    "modality": "dwi",
    "session_id": "pilot001",
    "subject_id": "001"
  },
  "efc_shell01": 3.2885,
  "efc_shell02": 0.6007,
  "efc_shell03": 0.4589,
  "efc_shell04": 0.4339,
  "efc_shell05": 0.4452,
  "fa_degenerate": 0.0,
  "fa_nans": 0.0,
  "fber_shell01": -2535.0,
  "fber_shell02": 15376.0,
  "fber_shell03": 12100.0,
  "fber_shell04": 3721.0,
  "fber_shell05": 1444.0,
  "fd_mean": 12.5048,
  "fd_num": 138,
  "fd_perc": 93.87755102040816,
  "ndc": 0.8953,
  "provenance": {
    "md5sum": "92e185fb349f783aa4bf1367d6161e46",
    "settings": {
      "testing": false
    },
    "software": "mriqc",
    "version": "24.0.0"
  },
  "sigma_cc": 34.8412,
  "sigma_pca": 9.4615,
  "sigma_piesno": 0.9905,
  "snr_cc_shell0": 6.72,
  "snr_cc_shell1_best": 6.75,
  "snr_cc_shell1_worst": 6.75,
  "snr_cc_shell2_best": 4.71,
  "snr_cc_shell2_worst": 3.15,
  "snr_cc_shell3_best": 3.61,
  "snr_cc_shell3_worst": 2.3,
  "snr_cc_shell4_best": 2.25,
  "snr_cc_shell4_worst": 1.3,
  "spikes_global": 50.77,
  "spikes_slice_i": 234.05,
  "spikes_slice_j": 242.14,
  "spikes_slice_k": 341.55,
  "summary_bg_k": 125.098,
  "summary_bg_mad": 1.4826,
  "summary_bg_mean": 12.9703,
  "summary_bg_median": 1.0,
  "summary_bg_n": 824499.0,
  "summary_bg_p05": 0.0,
  "summary_bg_p95": 67.0,
  "summary_bg_stdv": 40.5524,
  "summary_fg_k": 6.2779,
  "summary_fg_mad": 96.3691,
  "summary_fg_mean": 327.8927,
  "summary_fg_median": 276.0,
  "summary_fg_n": 183501.0,
  "summary_fg_p05": 137.0,
  "summary_fg_p95": 701.0,
  "summary_fg_stdv": 185.133,
  "summary_wm_k": 28.6889,
  "summary_wm_mad": 47.4433,
  "summary_wm_mean": 249.9757,
  "summary_wm_median": 239.0,
  "summary_wm_n": 59851.0,
  "summary_wm_p05": 138.0,
  "summary_wm_p95": 376.0,
  "summary_wm_stdv": 104.9014
}