{
  "NumberOfShells": 4,
  "bValues": [
    0.0,
    700.0,
    1000.0,
    1950.0,
    2000.0,
    2950.0,
    3000.0
  ],
  "bValuesEstimation": [
    700.0,
    1000.0,
    2000.0,
    3000.0
  ],
  "bdiffs_max": 0.2856,
  "bdiffs_mean": 0.1232,
  "bdiffs_median": 0.1324,
  "bdiffs_min": 0.0028,
  "bids_meta": {
    "AcquisitionMatrixPE": 146,
    "AcquisitionNumber": 1,
    "AcquisitionTime": "15:56:8.322500",
    "B0FieldSource": [
      "pilot001pepolarb0",
      "pilot001phasediff"
    ],
    "BandwidthPerPixelPhaseEncode": 29.354,
    "BaseResolution": 146,
    "BodyPartExamined": "BRAIN",
    "CoilCombinationMethod": "Adaptive Combine",
    "CoilString": "HeadNeck_64",
    "ConversionSoftware": "dcm2niix",
    "ConversionSoftwareVersion": "v1.0.20220720",
    "DerivedVendorReportedEchoSpacing": 0.000700005,
    "DeviceSerialNumber": "67014",
    "DiffusionScheme": "Bipolar",
    "DwellTime": 2.1e-06,
    "EchoTime": 0.091,
    "EchoTrainLength": 43,
    "EffectiveEchoSpacing": 0.000233335,
    "FlipAngle": 90,
    "HeudiconvVersion": "1.0.0",
    "ImageOrientationPatientDICOM": [
      0.99604,
      0.0560113,
      0.0690431,
      -0.0598735,
      0.996679,
      0.0551988
    ],
    "ImageType": [
      "ORIGINAL",
      "PRIMARY",
      "DIFFUSION",
      "NONE",
      "ND",
      "NORM",
      "MFSPLIT"
    ],
    "ImageTypeText": [
      "ORIGINAL",
      "PRIMARY",
      "DIFFUSION",
      "NONE"
    ],
    "ImagingFrequency": 123.248,
    "InPlanePhaseEncodingDirectionDICOM": "COL",
    "InstitutionAddress": "Rue du Bugnon 21,Lausanne,District,CH,1011",
    "InstitutionName": "CHUV",
    "MRAcquisitionType": "2D",
    "MagneticFieldStrength": 3,
    "Manufacturer": "Siemens",
    "ManufacturersModelName": "MAGNETOM Prisma Fit",
    "Modality": "MR",
    "MultibandAccelerationFactor": 2,
    "NonlinearGradientCorrection": false,
    "ParallelReductionFactorInPlane": 3,
    "PartialFourier": 0.875,
    "PatientPosition": "HFS",
    "PercentPhaseFOV": 100,
    "PercentSampling": 100,
    "PhaseEncodingDirection": "j-",
    "PhaseEncodingSteps": 146,
    "PhaseResolution": 1,
    "PixelBandwidth": 1631,
    "ProcedureStepDescription": "RESEARCH Oscar",
    "ProtocolName": "micro_struct_137dir_BIPOLAR_b3000_1.6mm-iso",
    "PulseSequenceDetails": "%SiemensSeq%\\ep2d_diff",
    "ReceiveCoilActiveElements": "HC1-6",
    "ReceiveCoilName": "HeadNeck_64",
    "ReconMatrixPE": 146,
    "RefLinesPE": 108,
    "RepetitionTime": 7.8,
    "SAR": 0.279493,
    "ScanOptions": "PFP\\FS\\PER",
    "ScanningSequence": "GR\\EP",
    "SequenceName": "*ep_b0",
    "SequenceVariant": "SK",
    "SeriesDescription": "micro_struct_137dir_BIPOLAR_b3000_1.6mm-iso",
    "SeriesNumber": 6,
    "ShimSetting": [
      8242,
      -5651,
      -6027,
      588,
      -56,
      -343,
      30,
      14
    ],
    "SliceThickness": 1.6,
    "SliceTiming": [
      7.7825,
      0,
      7.965,
      0.1825,
      8.145,
      0.3625,
      8.3275,
      0.5425,
      8.5075,
      0.725,
      8.6875,
      0.905,
      8.87,
      1.0875,
      9.05,
      1.2675,
      9.2325,
      1.4475,
      9.4125,
      1.63,
      9.5925,
      1.81,
      9.775,
      1.9925,
      9.955,
      2.1725,
      10.1375,
      2.3525,
      10.3175,
      2.535,
      10.4975,
      2.715,
      10.68,
      2.8975,
      10.86,
      3.0775,
      11.0425,
      3.2575,
      11.2225,
      3.44,
      11.4025,
      3.62,
      11.585,
      3.8025,
      11.765,
      3.9825,
      11.9475,
      4.1625,
      12.1275,
      4.345,
      12.3075,
      4.525,
      12.49,
      4.7075,
      12.67,
      4.8875,
      12.8525,
      5.0675,
      13.0325,
      5.25,
      13.2125,
      5.43,
      13.395,
      5.6125,
      13.575,
      5.7925,
      13.7575,
      5.9725,
      13.9375,
      6.155,
      14.1175,
      6.335,
      14.3,
      6.5175,
      14.48,
      6.6975,
      14.6625,
      6.8775,
      14.8425,
      7.06,
      15.0225,
      7.24,
      15.205,
      7.4225,
      15.385,
      7.6025
    ],
    "SoftwareVersions": "syngo MR XA30",
    "SpacingBetweenSlices": 1.6,
    "StationName": "LRG10884",
    "TotalReadoutTime": 0.0338336,
    "TxRefAmp": 245.506,
    "VendorReportedEchoSpacing": 0.0007,
    "acq_id": "highres",
    "dataset": "hcph",
    "modality": "dwi",
    "session_id": "pilot001",
    "subject_id": "001"
  },
  "efc_shell01": 3.3275,
  "efc_shell02": 0.5424,
  "efc_shell03": 0.4794,
  "efc_shell04": 0.4785,
  "efc_shell05": 0.489,
  "fa_degenerate": 0.0,
  "fa_nans": 0.0,
  "fber_shell01": -633.75,
  "fber_shell02": 3481.0,
  "fber_shell03": 2401.0,
  "fber_shell04": 756.25,
  "fber_shell05": 1444.0,
  "fd_mean": 11.4479,
  "fd_num": 140,
  "fd_perc": 95.23809523809524,
  "ndc": 0.8949,
  "provenance": {
    "md5sum": "996b7df3171759ecd888c3985c17326f",
    "settings": {
      "testing": false
    },
    "software": "mriqc",
    "version": "24.0.0"
  },
  "sigma_cc": 35.5825,
  "sigma_pca": 15.9949,
  "sigma_piesno": 1.6508,
  "snr_cc_shell0": 6.07,
  "snr_cc_shell1_best": 6.13,
  "snr_cc_shell1_worst": 6.13,
  "snr_cc_shell2_best": 4.13,
  "snr_cc_shell2_worst": 2.74,
  "snr_cc_shell3_best": 3.11,
  "snr_cc_shell3_worst": 2.19,
  "snr_cc_shell4_best": 1.66,
  "snr_cc_shell4_worst": 1.69,
  "spikes_global": 59.21,
  "spikes_slice_i": 314.24,
  "spikes_slice_j": 298.53,
  "spikes_slice_k": 386.79,
  "summary_bg_k": 149.1699,
  "summary_bg_mad": 2.9652,
  "summary_bg_mean": 12.3379,
  "summary_bg_median": 2.0,
  "summary_bg_n": 1492223.0,
  "summary_bg_p05": 0.0,
  "summary_bg_p95": 58.0,
  "summary_bg_stdv": 35.3081,
  "summary_fg_k": 6.239,
  "summary_fg_mad": 85.9909,
  "summary_fg_mean": 298.8448,
  "summary_fg_median": 241.0,
  "summary_fg_n": 340953.0,
  "summary_fg_p05": 120.0,
  "summary_fg_p95": 694.0,
  "summary_fg_stdv": 185.5275,
  "summary_wm_k": 23.7082,
  "summary_wm_mad": 44.4781,
  "summary_wm_mean": 216.1812,
  "summary_wm_median": 209.0,
  "summary_wm_n": 134712.0,
  "summary_wm_p05": 121.0,
  "summary_wm_p95": 328.0,
  "summary_wm_stdv": 79.7711
}