{
  "aor": [
    0.0010634343434343435,
    0.0010126262626262627,
    0.001086060606060606,
    0.001261010101010101
  ],
  "aqi": [
    0.005329768383838384,
    0.00685387595959596,
    0.010928638989898988,
    0.018687446464646467
  ],
  "bids_meta": {
    "AcquisitionDuration": 188.475,
    "AcquisitionMatrixPE": 76,
    "AcquisitionTime": "19:42:39.347500",
    "B0FieldSource": [
      "001pepolarbold",
      "001phasediff"
    ],
    "BandwidthPerPixelPhaseEncode": 40.486,
    "BaseResolution": 102,
    "DerivedVendorReportedEchoSpacing": 0.000649997,
    "DwellTime": 2.5e-06,
    "EchoNumber": 3,
    "EchoTime": 0.0518,
    "EchoTrainLength": 28,
    "EffectiveEchoSpacing": 0.000324999,
    "FlipAngle": 64,
    "ImageOrientationPatientDICOM": [
      0.996853,
      -0.0157379,
      0.0776887,
      0.0372498,
      0.958139,
      -0.28387
    ],
    "ImageType": [
      "ORIGINAL",
      "PRIMARY",
      "FMRI",
      "NONE"
    ],
    "ImageTypeText": [
      "ORIGINAL",
      "PRIMARY",
      "M",
      "MB",
      "TE3",
      "DIS2D"
    ],
    "InPlanePhaseEncodingDirectionDICOM": "ROW",
    "PercentPhaseFOV": 74.5098,
    "PhaseEchoTime1": 0.0126,
    "PhaseEchoTime2": 0.0322,
    "PhaseEncodingDirection": "i-",
    "PixelBandwidth": 1961,
    "ProtocolName": "func-bold_task-qct_dir-LR__cmrr_me4_sms4",
    "PulseSequenceName": "epfid2d4_76",
    "ReceiveCoilActiveElements": "HC1-7",
    "ReconMatrixPE": 76,
    "RefLinesPE": 18,
    "RepetitionTime": 1.6,
    "SequenceVariant": "SK\\SS\\OSP",
    "SeriesDescription": "func-bold_task-qct_dir-LR__cmrr_me4_sms4",
    "SeriesNumber": 12,
    "ShimSetting": [
      8232,
      -5627,
      -6010,
      735,
      -103,
      -139,
      37,
      12
    ],
    "SliceThickness": 2.2,
    "SliceTiming": [
      0,
      0.845,
      0.1075,
      0.95,
      0.2125,
      1.055,
      0.3175,
      1.16,
      0.4225,
      1.265,
      0.5275,
      1.37,
      0.6325,
      1.475,
      0.7375,
      0,
      0.845,
      0.1075,
      0.95,
      0.2125,
      1.055,
      0.3175,
      1.16,
      0.4225,
      1.265,
      0.5275,
      1.37,
      0.6325,
      1.475,
      0.7375,
      0,
      0.845,
      0.1075,
      0.95,
      0.2125,
      1.055,
      0.3175,
      1.16,
      0.4225,
      1.265,
      0.5275,
      1.37,
      0.6325,
      1.475,
      0.7375,
      0,
      0.845,
      0.1075,
      0.95,
      0.2125,
      1.055,
      0.3175,
      1.16,
      0.4225,
      1.265,
      0.5275,
      1.37,
      0.6325,
      1.475,
      0.7375
    ],
    "SpacingBetweenSlices": 2.2,
    "TotalReadoutTime": 0.0243749,
    "TxRefAmp": 243.222,
    "WipMemBlock": "545301fd-9f70-4e90-818e-2ce9c07a8fc3||Sequence: R017 nxva30a/master r/d34922cc2+; Jun 27 2022 13:20:16 by eja",
    "dataset": "<unset>",
    "modality": "bold",
    "session_id": "001",
    "subject_id": "001",
    "task_id": "qct"
  },
  "dummy_trs": 0,
  "dvars_nstd": 63.97579298265304,
  "dvars_std": 1.0066313743877546,
  "dvars_vstd": 1.0044111753061227,
  "efc": 0.5565,
  "fber": 162.0641,
  "fd_mean": 0.08489961961577518,
  "fd_num": 4,
  "fd_perc": 4.040404040404041,
  "fwhm_avg": 2.948667022103537,
  "fwhm_x": 3.044820813974381,
  "fwhm_y": 2.9710712227681015,
  "fwhm_z": 2.8301090295681295,
  "gcor": [
    0.010184,
    0.0113395,
    0.00936657,
    0.00717866
  ],
  "gsr_x": 0.05810526758432388,
  "gsr_y": -0.002882986096665263,
  "provenance": {
    "md5sum": "d56620e7fed9c24b6e2570e6a4b468dd",
    "settings": {
      "fd_thres": 0.2,
      "testing": false
    },
    "software": "mriqc",
    "version": "24.1.0.dev0+g3fe90466.d20240417"
  },
  "size_t": 99,
  "size_x": 76,
  "size_y": 102,
  "size_z": 60,
  "snr": 1.7726591140604984,
  "spacing_tr": 1.600000023841858,
  "spacing_x": 2.196079969406128,
  "spacing_y": 2.196079969406128,
  "spacing_z": 2.200000047683716,
  "summary_bg_k": 51.9654,
  "summary_bg_mad": 8.2517,
  "summary_bg_mean": 34.6503,
  "summary_bg_median": 27.0,
  "summary_bg_n": 330573.0,
  "summary_bg_p05": 0.0,
  "summary_bg_p95": 89.0,
  "summary_bg_stdv": 34.7471,
  "summary_fg_k": 1.4429,
  "summary_fg_mad": 174.3031,
  "summary_fg_mean": 352.7219,
  "summary_fg_median": 343.0,
  "summary_fg_n": 134547.0,
  "summary_fg_p05": 50.0,
  "summary_fg_p95": 684.0,
  "summary_fg_stdv": 193.4939,
  "tsnr": 19.797343497164547
}