{
  "aor": [
    0.0011354081632653063,
    0.0011511224489795919,
    0.0012174489795918368,
    0.0013622448979591837
  ],
  "aqi": [
    0.004813688673469388,
    0.006156406530612245,
    0.009683339387755101,
    0.01583231734693878
  ],
  "bids_meta": {
    "AcquisitionDuration": 188.475,
    "AcquisitionMatrixPE": 76,
    "AcquisitionTime": "19:03:4.312500",
    "B0FieldSource": [
      "039pepolarbold",
      "039phasediff"
    ],
    "BandwidthPerPixelPhaseEncode": 40.486,
    "BaseResolution": 102,
    "DerivedVendorReportedEchoSpacing": 0.000649997,
    "DwellTime": 2.5e-06,
    "EchoNumber": 2,
    "EchoTime": 0.0322,
    "EchoTrainLength": 28,
    "EffectiveEchoSpacing": 0.000324999,
    "FlipAngle": 64,
    "ImageOrientationPatientDICOM": [
      0.999305,
      0.0336275,
      0.0160832,
      -0.0265168,
      0.944544,
      -0.327313
    ],
    "ImageType": [
      "ORIGINAL",
      "PRIMARY",
      "FMRI",
      "NONE"
    ],
    "ImageTypeText": [
      "ORIGINAL",
      "PRIMARY",
      "M",
      "MB",
      "TE2",
      "DIS2D"
    ],
    "InPlanePhaseEncodingDirectionDICOM": "ROW",
    "PercentPhaseFOV": 74.5098,
    "PhaseEchoTime1": 0.0126,
    "PhaseEchoTime2": 0.0322,
    "PhaseEncodingDirection": "i-",
    "PixelBandwidth": 1961,
    "ProtocolName": "func-bold_task-qct_dir-LR__cmrr_me4_sms4",
    "PulseSequenceName": "epfid2d4_76",
    "ReceiveCoilActiveElements": "HC1-7",
    "ReconMatrixPE": 76,
    "RefLinesPE": 18,
    "RepetitionTime": 1.6,
    "SequenceVariant": "SK\\SS\\OSP",
    "SeriesDescription": "func-bold_task-qct_dir-LR__cmrr_me4_sms4",
    "SeriesNumber": 13,
    "ShimSetting": [
      8233,
      -5614,
      -6012,
      692,
      -69,
      -200,
      14,
      42
    ],
    "SliceThickness": 2.2,
    "SliceTiming": [
      0,
      0.8425,
      0.105,
      0.9475,
      0.21,
      1.0525,
      0.3175,
      1.16,
      0.4225,
      1.265,
      0.5275,
      1.37,
      0.6325,
      1.475,
      0.7375,
      0,
      0.8425,
      0.105,
      0.9475,
      0.21,
      1.0525,
      0.3175,
      1.16,
      0.4225,
      1.265,
      0.5275,
      1.37,
      0.6325,
      1.475,
      0.7375,
      0,
      0.8425,
      0.105,
      0.9475,
      0.21,
      1.0525,
      0.3175,
      1.16,
      0.4225,
      1.265,
      0.5275,
      1.37,
      0.6325,
      1.475,
      0.7375,
      0,
      0.8425,
      0.105,
      0.9475,
      0.21,
      1.0525,
      0.3175,
      1.16,
      0.4225,
      1.265,
      0.5275,
      1.37,
      0.6325,
      1.475,
      0.7375
    ],
    "SpacingBetweenSlices": 2.2,
    "TotalReadoutTime": 0.0243749,
    "TxRefAmp": 242.37,
    "WipMemBlock": "b0b72bae-8fb1-46dd-b8eb-7333328bfb7a||Sequence: R017 nxva30a/master r/d34922cc2+; Jun 27 2022 13:20:16 by eja",
    "dataset": "<unset>",
    "modality": "bold",
    "session_id": "039",
    "subject_id": "001",
    "task_id": "qct"
  },
  "dummy_trs": 1,
  "dvars_nstd": 50.27899582824744,
  "dvars_std": 1.0609285938144333,
  "dvars_vstd": 1.0332369253608245,
  "efc": 0.5723,
  "fber": 251.2791,
  "fd_mean": 0.1096336379683739,
  "fd_num": 12,
  "fd_perc": 12.244897959183673,
  "fwhm_avg": 3.2159283042752693,
  "fwhm_x": 3.2873985012268445,
  "fwhm_y": 3.2423864791797916,
  "fwhm_z": 3.117999932419172,
  "gcor": [
    0.00746528,
    0.0108894,
    0.0105806,
    0.0088425
  ],
  "gsr_x": 0.08041927963495255,
  "gsr_y": 0.0009066588245332241,
  "provenance": {
    "md5sum": "a1f4fa793a6bbef546ec7c79c8b18c0a",
    "settings": {
      "fd_thres": 0.2,
      "testing": false
    },
    "software": "mriqc",
    "version": "24.1.0.dev0+g3fe90466.d20240417"
  },
  "size_t": 98,
  "size_x": 76,
  "size_y": 102,
  "size_z": 60,
  "snr": 2.0395133827156444,
  "spacing_tr": 1.600000023841858,
  "spacing_x": 2.196079969406128,
  "spacing_y": 2.196079969406128,
  "spacing_z": 2.200000047683716,
  "summary_bg_k": 33.0862,
  "summary_bg_mad": 18.0333,
  "summary_bg_mean": 57.9649,
  "summary_bg_median": 34.0,
  "summary_bg_n": 330545.0,
  "summary_bg_p05": 0.0,
  "summary_bg_p95": 202.0,
  "summary_bg_stdv": 78.0543,
  "summary_fg_k": 1.4644,
  "summary_fg_mad": 233.6309,
  "summary_fg_mean": 552.5247,
  "summary_fg_median": 535.0,
  "summary_fg_n": 134575.0,
  "summary_fg_p05": 114.0,
  "summary_fg_p95": 1003.0,
  "summary_fg_stdv": 262.3165,
  "tsnr": 28.702979792491533
}