{
  "aor": [
    0.00041536715620827763,
    0.0005261148197596796,
    0.0006731775700934579,
    0.0007640987983978638
  ],
  "aqi": [
    0.006642972296395195,
    0.008454055514018692,
    0.014363413084112148,
    0.024243485046728974
  ],
  "bids_meta": {
    "AcquisitionDuration": 1230.47,
    "AcquisitionMatrixPE": 76,
    "AcquisitionTime": "19:09:23.367500",
    "B0FieldSource": [
      "039pepolarbold",
      "039phasediff"
    ],
    "BandwidthPerPixelPhaseEncode": 40.486,
    "BaseResolution": 102,
    "DerivedVendorReportedEchoSpacing": 0.000649997,
    "DwellTime": 2.5e-06,
    "EchoNumber": 1,
    "EchoTime": 0.0126,
    "EchoTrainLength": 28,
    "EffectiveEchoSpacing": 0.000324999,
    "FlipAngle": 64,
    "ImageOrientationPatientDICOM": [
      0.999305,
      0.0336275,
      0.0160832,
      -0.0265168,
      0.944544,
      -0.327313
    ],
    "ImageType": [
      "ORIGINAL",
      "PRIMARY",
      "FMRI",
      "NONE"
    ],
    "ImageTypeText": [
      "ORIGINAL",
      "PRIMARY",
      "M",
      "MB",
      "TE1",
      "DIS2D"
    ],
    "InPlanePhaseEncodingDirectionDICOM": "ROW",
    "PercentPhaseFOV": 74.5098,
    "PhaseEchoTime1": 0.0126,
    "PhaseEchoTime2": 0.0322,
    "PhaseEncodingDirection": "i-",
    "PixelBandwidth": 1961,
    "ProtocolName": "func-bold_task-rest_dir-LR__cmrr_me4_sms4",
    "PulseSequenceName": "epfid2d4_76",
    "ReceiveCoilActiveElements": "HC1-7",
    "ReconMatrixPE": 76,
    "RefLinesPE": 18,
    "RepetitionTime": 1.6,
    "SequenceVariant": "SK\\SS\\OSP",
    "SeriesDescription": "func-bold_task-rest_dir-LR__cmrr_me4_sms4",
    "SeriesNumber": 23,
    "ShimSetting": [
      8233,
      -5614,
      -6012,
      692,
      -69,
      -200,
      14,
      42
    ],
    "SliceThickness": 2.2,
    "SliceTiming": [
      0,
      0.8425,
      0.105,
      0.9475,
      0.21,
      1.0525,
      0.315,
      1.1575,
      0.42,
      1.2625,
      0.525,
      1.37,
      0.6325,
      1.475,
      0.7375,
      0,
      0.8425,
      0.105,
      0.9475,
      0.21,
      1.0525,
      0.315,
      1.1575,
      0.42,
      1.2625,
      0.525,
      1.37,
      0.6325,
      1.475,
      0.7375,
      0,
      0.8425,
      0.105,
      0.9475,
      0.21,
      1.0525,
      0.315,
      1.1575,
      0.42,
      1.2625,
      0.525,
      1.37,
      0.6325,
      1.475,
      0.7375,
      0,
      0.8425,
      0.105,
      0.9475,
      0.21,
      1.0525,
      0.315,
      1.1575,
      0.42,
      1.2625,
      0.525,
      1.37,
      0.6325,
      1.475,
      0.7375
    ],
    "SpacingBetweenSlices": 2.2,
    "TotalReadoutTime": 0.0243749,
    "TxRefAmp": 242.37,
    "WipMemBlock": "ed1ce7fc-a576-477d-9c5f-eb66396ba330||Sequence: R017 nxva30a/master r/d34922cc2+; Jun 27 2022 13:20:16 by eja",
    "dataset": "<unset>",
    "modality": "bold",
    "session_id": "039",
    "subject_id": "001",
    "task_id": "rest"
  },
  "dummy_trs": 1,
  "dvars_nstd": 35.486991795708526,
  "dvars_std": 1.0136475754278083,
  "dvars_vstd": 0.9940770338636358,
  "efc": 0.6467,
  "fber": 150.9093,
  "fd_mean": 0.12951402597605574,
  "fd_num": 92,
  "fd_perc": 12.283044058744993,
  "fwhm_avg": 3.781890085890337,
  "fwhm_x": 3.5504581384203955,
  "fwhm_y": 3.8282485688685965,
  "fwhm_z": 3.966963550382017,
  "gcor": [
    0.0229139,
    0.0210286,
    0.016589,
    0.0122889
  ],
  "gsr_x": 0.1318318396806717,
  "gsr_y": 0.031069543212652206,
  "provenance": {
    "md5sum": "ca9663b22decdaf182feb2974a257d89",
    "settings": {
      "fd_thres": 0.2,
      "testing": false
    },
    "software": "mriqc",
    "version": "24.1.0.dev0+g3fe90466.d20240417"
  },
  "size_t": 749,
  "size_x": 76,
  "size_y": 102,
  "size_z": 60,
  "snr": 2.5067057858504764,
  "spacing_tr": 1.600000023841858,
  "spacing_x": 2.196079969406128,
  "spacing_y": 2.196079969406128,
  "spacing_z": 2.200000047683716,
  "summary_bg_k": 6.082,
  "summary_bg_mad": 62.0763,
  "summary_bg_mean": 166.576,
  "summary_bg_median": 66.0,
  "summary_bg_n": 330268.0,
  "summary_bg_p05": 2.0,
  "summary_bg_p95": 709.0,
  "summary_bg_stdv": 238.0426,
  "summary_fg_k": 1.3941,
  "summary_fg_mad": 304.6114,
  "summary_fg_mean": 840.4746,
  "summary_fg_median": 808.0,
  "summary_fg_n": 134852.0,
  "summary_fg_p05": 387.0,
  "summary_fg_p95": 1395.0,
  "summary_fg_stdv": 322.3342,
  "tsnr": 35.52974126301706
}