{
  "aor": [
    0.00037606796116504854,
    0.00040669902912621354,
    0.00048053398058252436,
    0.0006228155339805825
  ],
  "aqi": [
    0.005604039854368932,
    0.0071101523786407765,
    0.011919492961165047,
    0.020402429126213588
  ],
  "bids_meta": {
    "AcquisitionDuration": 361.472,
    "AcquisitionMatrixPE": 76,
    "AcquisitionTime": "19:31:27.307500",
    "B0FieldSource": [
      "039pepolarbold",
      "039phasediff"
    ],
    "BandwidthPerPixelPhaseEncode": 40.486,
    "BaseResolution": 102,
    "DerivedVendorReportedEchoSpacing": 0.000649997,
    "DwellTime": 2.5e-06,
    "EchoNumber": 3,
    "EchoTime": 0.0518,
    "EchoTrainLength": 28,
    "EffectiveEchoSpacing": 0.000324999,
    "ImageOrientationPatientDICOM": [
      0.999305,
      0.0336275,
      0.0160832,
      -0.0265168,
      0.944544,
      -0.327313
    ],
    "ImageType": [
      "ORIGINAL",
      "PRIMARY",
      "FMRI",
      "NONE"
    ],
    "ImageTypeText": [
      "ORIGINAL",
      "PRIMARY",
      "M",
      "MB",
      "TE3",
      "DIS2D"
    ],
    "InPlanePhaseEncodingDirectionDICOM": "ROW",
    "PercentPhaseFOV": 74.5098,
    "PercentSampling": 100,
    "PhaseEchoTime1": 0.0126,
    "PhaseEchoTime2": 0.0322,
    "PhaseEncodingDirection": "i-",
    "PhaseResolution": 1,
    "PixelBandwidth": 1961,
    "ProtocolName": "func-bold_task-bht_dir-LR__cmrr_me4_sms4",
    "PulseSequenceName": "epfid2d4_76",
    "ReceiveCoilActiveElements": "HC1-7",
    "ReconMatrixPE": 76,
    "RefLinesPE": 18,
    "RepetitionTime": 1.6,
    "SequenceVariant": "SK\\SS\\OSP",
    "SeriesDescription": "func-bold_task-bht_dir-LR__cmrr_me4_sms4",
    "SeriesNumber": 25,
    "ShimSetting": [
      8235,
      -5616,
      -6013,
      702,
      -62,
      -213,
      11,
      41
    ],
    "SliceThickness": 2.2,
    "SliceTiming": [
      0,
      0.8425,
      0.105,
      0.9475,
      0.21,
      1.0525,
      0.315,
      1.1575,
      0.42,
      1.2625,
      0.5275,
      1.37,
      0.6325,
      1.475,
      0.7375,
      0,
      0.8425,
      0.105,
      0.9475,
      0.21,
      1.0525,
      0.315,
      1.1575,
      0.42,
      1.2625,
      0.5275,
      1.37,
      0.6325,
      1.475,
      0.7375,
      0,
      0.8425,
      0.105,
      0.9475,
      0.21,
      1.0525,
      0.315,
      1.1575,
      0.42,
      1.2625,
      0.5275,
      1.37,
      0.6325,
      1.475,
      0.7375,
      0,
      0.8425,
      0.105,
      0.9475,
      0.21,
      1.0525,
      0.315,
      1.1575,
      0.42,
      1.2625,
      0.5275,
      1.37,
      0.6325,
      1.475,
      0.7375
    ],
    "SpacingBetweenSlices": 2.2,
    "TotalReadoutTime": 0.0243749,
    "TxRefAmp": 242.37,
    "WipMemBlock": "19c87258-4add-48d8-9a05-511182c51c69||Sequence: R017 nxva30a/master r/d34922cc2+; Jun 27 2022 13:20:16 by eja",
    "dataset": "<unset>",
    "modality": "bold",
    "session_id": "039",
    "subject_id": "001",
    "task_id": "bht"
  },
  "dummy_trs": 1,
  "dvars_nstd": 68.52277227263409,
  "dvars_std": 1.0293718760487809,
  "dvars_vstd": 1.0032790576097568,
  "efc": 0.5563,
  "fber": 151.8455,
  "fd_mean": 0.1670780826693801,
  "fd_num": 76,
  "fd_perc": 36.89320388349515,
  "fwhm_avg": 2.900040740777285,
  "fwhm_x": 3.0140796747897927,
  "fwhm_y": 2.893788062608002,
  "fwhm_z": 2.7922544849340594,
  "gcor": [
    0.0167651,
    0.0180562,
    0.016827,
    0.0139466
  ],
  "gsr_x": 0.05304674059152603,
  "gsr_y": -0.0022651320323348045,
  "provenance": {
    "md5sum": "e120fdd35d0cfc33e32029f604a999d8",
    "settings": {
      "fd_thres": 0.2,
      "testing": false
    },
    "software": "mriqc",
    "version": "24.1.0.dev0+g3fe90466.d20240417"
  },
  "size_t": 206,
  "size_x": 76,
  "size_y": 102,
  "size_z": 60,
  "snr": 1.7596319864498104,
  "spacing_tr": 1.600000023841858,
  "spacing_x": 2.196079969406128,
  "spacing_y": 2.196079969406128,
  "spacing_z": 2.200000047683716,
  "summary_bg_k": 74.5265,
  "summary_bg_mad": 8.6077,
  "summary_bg_mean": 34.3673,
  "summary_bg_median": 28.0,
  "summary_bg_n": 330518.0,
  "summary_bg_p05": 0.0,
  "summary_bg_p95": 82.0,
  "summary_bg_stdv": 31.8945,
  "summary_fg_k": 1.7896,
  "summary_fg_mad": 174.5764,
  "summary_fg_mean": 350.583,
  "summary_fg_median": 342.0,
  "summary_fg_n": 134602.0,
  "summary_fg_p05": 50.0,
  "summary_fg_p95": 681.0,
  "summary_fg_stdv": 194.3581,
  "tsnr": 18.723388405283913
}