{
  "aor": [
    0.00041592233009708735,
    0.00042398058252427184,
    0.00051,
    0.0006805339805825243
  ],
  "aqi": [
    0.003876880436893204,
    0.005333508932038836,
    0.009374403058252427,
    0.01697395436893204
  ],
  "bids_meta": {
    "AcquisitionDuration": 361.475,
    "AcquisitionMatrixPE": 96,
    "AcquisitionTime": "10:37:50.260000",
    "B0FieldSource": [
      "043pepolarbold",
      "043phasediff"
    ],
    "BandwidthPerPixelPhaseEncode": 37.879,
    "BaseResolution": 96,
    "DerivedVendorReportedEchoSpacing": 0.000549997,
    "DwellTime": 2.3e-06,
    "EchoNumber": 3,
    "EchoTime": 0.05348,
    "EchoTrainLength": 35,
    "EffectiveEchoSpacing": 0.000274998,
    "ImageOrientationPatientDICOM": [
      0.999316,
      0.0352555,
      -0.0112063,
      -0.0369926,
      0.950025,
      -0.309975
    ],
    "ImageType": [
      "ORIGINAL",
      "PRIMARY",
      "FMRI",
      "NONE"
    ],
    "ImageTypeText": [
      "ORIGINAL",
      "PRIMARY",
      "M",
      "MB",
      "TE3",
      "DIS2D"
    ],
    "InPlanePhaseEncodingDirectionDICOM": "COL",
    "PercentPhaseFOV": 100,
    "PercentSampling": 100,
    "PhaseEchoTime1": 0.0126,
    "PhaseEchoTime2": 0.03304,
    "PhaseEncodingDirection": "j-",
    "PhaseResolution": 1,
    "PixelBandwidth": 2264,
    "ProtocolName": "func-bold_task-bht_dir-AP__cmrr_me4_sms4",
    "PulseSequenceName": "epfid2d4_96",
    "ReceiveCoilActiveElements": "HC1-7",
    "ReconMatrixPE": 96,
    "RefLinesPE": 22,
    "RepetitionTime": 1.6,
    "SequenceVariant": "SK\\SS",
    "SeriesDescription": "func-bold_task-bht_dir-AP__cmrr_me4_sms4",
    "SeriesNumber": 25,
    "ShimSetting": [
      8233,
      -5616,
      -6008,
      687,
      -46,
      -183,
      31,
      30
    ],
    "SliceThickness": 2.2,
    "SliceTiming": [
      0,
      0.8425,
      0.105,
      0.9475,
      0.21,
      1.0525,
      0.315,
      1.1575,
      0.42,
      1.2625,
      0.525,
      1.3675,
      0.63,
      1.4725,
      0.735,
      0,
      0.8425,
      0.105,
      0.9475,
      0.21,
      1.0525,
      0.315,
      1.1575,
      0.42,
      1.2625,
      0.525,
      1.3675,
      0.63,
      1.4725,
      0.735,
      0,
      0.8425,
      0.105,
      0.9475,
      0.21,
      1.0525,
      0.315,
      1.1575,
      0.42,
      1.2625,
      0.525,
      1.3675,
      0.63,
      1.4725,
      0.735,
      0,
      0.8425,
      0.105,
      0.9475,
      0.21,
      1.0525,
      0.315,
      1.1575,
      0.42,
      1.2625,
      0.525,
      1.3675,
      0.63,
      1.4725,
      0.735
    ],
    "SpacingBetweenSlices": 2.2,
    "TotalReadoutTime": 0.0261249,
    "TxRefAmp": 241.688,
    "WipMemBlock": "3abbf140-4118-4940-af2d-233d40aafe0b||Sequence: R017 nxva30a/master r/d34922cc2+; Jun 27 2022 13:20:16 by eja",
    "dataset": "<unset>",
    "modality": "bold",
    "session_id": "043",
    "subject_id": "001",
    "task_id": "bht"
  },
  "dummy_trs": 1,
  "dvars_nstd": 53.17443389912203,
  "dvars_std": 1.0191625846341459,
  "dvars_vstd": 0.9959663608292683,
  "efc": 0.5031,
  "fber": 315.7628,
  "fd_mean": 0.09973821838811449,
  "fd_num": 6,
  "fd_perc": 2.912621359223301,
  "fwhm_avg": 2.904556931470666,
  "fwhm_x": 2.7624252784256424,
  "fwhm_y": 3.1300637589520046,
  "fwhm_z": 2.8211817570343505,
  "gcor": [
    0.024649,
    0.0284359,
    0.0253462,
    0.0198502
  ],
  "gsr_x": 0.007669900078326464,
  "gsr_y": 0.023415379226207733,
  "provenance": {
    "md5sum": "2aa8fce484a7f5745257bf71f40f6d21",
    "settings": {
      "fd_thres": 0.2,
      "testing": false
    },
    "software": "mriqc",
    "version": "24.1.0.dev0+g3fe90466.d20240417"
  },
  "size_t": 206,
  "size_x": 96,
  "size_y": 96,
  "size_z": 60,
  "snr": 1.7951019303464288,
  "spacing_tr": 1.600000023841858,
  "spacing_x": 2.197920083999634,
  "spacing_y": 2.197920083999634,
  "spacing_z": 2.200000047683716,
  "summary_bg_k": 46.0916,
  "summary_bg_mad": 3.2747,
  "summary_bg_mean": 25.4957,
  "summary_bg_median": 19.0,
  "summary_bg_n": 419378.0,
  "summary_bg_p05": 0.0,
  "summary_bg_p95": 66.0,
  "summary_bg_stdv": 28.5372,
  "summary_fg_k": 1.5935,
  "summary_fg_mad": 162.1578,
  "summary_fg_mean": 343.3152,
  "summary_fg_median": 336.0,
  "summary_fg_n": 133582.0,
  "summary_fg_p05": 42.0,
  "summary_fg_p95": 661.0,
  "summary_fg_stdv": 187.1753,
  "tsnr": 23.691677495487966
}