{
  "aor": [
    0.0002997196261682243,
    0.0003309612817089453,
    0.00037188251001335113,
    0.00046546061415220295
  ],
  "aqi": [
    0.003922382990654206,
    0.00498258873164219,
    0.007833572029372496,
    0.013973775433911883
  ],
  "bids_meta": {
    "AcquisitionDuration": 1230.47,
    "AcquisitionMatrixPE": 96,
    "AcquisitionTime": "10:16:21.192500",
    "B0FieldSource": [
      "043pepolarbold",
      "043phasediff"
    ],
    "BandwidthPerPixelPhaseEncode": 37.879,
    "BaseResolution": 96,
    "DerivedVendorReportedEchoSpacing": 0.000549997,
    "DwellTime": 2.3e-06,
    "EchoNumber": 1,
    "EchoTime": 0.0126,
    "EchoTrainLength": 35,
    "EffectiveEchoSpacing": 0.000274998,
    "FlipAngle": 64,
    "ImageOrientationPatientDICOM": [
      0.999316,
      0.0352555,
      -0.0112063,
      -0.0369926,
      0.950025,
      -0.309975
    ],
    "ImageType": [
      "ORIGINAL",
      "PRIMARY",
      "FMRI",
      "NONE"
    ],
    "ImageTypeText": [
      "ORIGINAL",
      "PRIMARY",
      "M",
      "MB",
      "TE1",
      "DIS2D"
    ],
    "InPlanePhaseEncodingDirectionDICOM": "COL",
    "PercentPhaseFOV": 100,
    "PhaseEchoTime1": 0.0126,
    "PhaseEchoTime2": 0.03304,
    "PhaseEncodingDirection": "j-",
    "PixelBandwidth": 2264,
    "ProtocolName": "func-bold_task-rest_dir-AP__cmrr_me4_sms4",
    "PulseSequenceName": "epfid2d4_96",
    "ReceiveCoilActiveElements": "HC1-7",
    "ReconMatrixPE": 96,
    "RefLinesPE": 22,
    "RepetitionTime": 1.6,
    "SequenceVariant": "SK\\SS",
    "SeriesDescription": "func-bold_task-rest_dir-AP__cmrr_me4_sms4",
    "SeriesNumber": 23,
    "ShimSetting": [
      8233,
      -5615,
      -6011,
      676,
      -44,
      -185,
      28,
      30
    ],
    "SliceThickness": 2.2,
    "SliceTiming": [
      0,
      0.8425,
      0.105,
      0.95,
      0.2125,
      1.055,
      0.3175,
      1.16,
      0.4225,
      1.265,
      0.5275,
      1.37,
      0.6325,
      1.475,
      0.7375,
      0,
      0.8425,
      0.105,
      0.95,
      0.2125,
      1.055,
      0.3175,
      1.16,
      0.4225,
      1.265,
      0.5275,
      1.37,
      0.6325,
      1.475,
      0.7375,
      0,
      0.8425,
      0.105,
      0.95,
      0.2125,
      1.055,
      0.3175,
      1.16,
      0.4225,
      1.265,
      0.5275,
      1.37,
      0.6325,
      1.475,
      0.7375,
      0,
      0.8425,
      0.105,
      0.95,
      0.2125,
      1.055,
      0.3175,
      1.16,
      0.4225,
      1.265,
      0.5275,
      1.37,
      0.6325,
      1.475,
      0.7375
    ],
    "SpacingBetweenSlices": 2.2,
    "TotalReadoutTime": 0.0261249,
    "TxRefAmp": 241.688,
    "WipMemBlock": "48060c57-b840-48d1-931b-ec07b38cafce||Sequence: R017 nxva30a/master r/d34922cc2+; Jun 27 2022 13:20:16 by eja",
    "dataset": "<unset>",
    "modality": "bold",
    "session_id": "043",
    "subject_id": "001",
    "task_id": "rest"
  },
  "dummy_trs": 1,
  "dvars_nstd": 26.505748810000007,
  "dvars_std": 1.0489751886497327,
  "dvars_vstd": 1.007417552366308,
  "efc": 0.584,
  "fber": 657.9888,
  "fd_mean": 0.10504926801318924,
  "fd_num": 39,
  "fd_perc": 5.2069425901201605,
  "fwhm_avg": 3.6030821303231364,
  "fwhm_x": 3.24070017461162,
  "fwhm_y": 3.6789281188448104,
  "fwhm_z": 3.88961809751298,
  "gcor": [
    0.00961056,
    0.0137441,
    0.0122888,
    0.00964639
  ],
  "gsr_x": 0.0006883754977025092,
  "gsr_y": 0.11085300147533417,
  "provenance": {
    "md5sum": "de2cf6f949de4a06959ab43dd6aa5e49",
    "settings": {
      "fd_thres": 0.2,
      "testing": false
    },
    "software": "mriqc",
    "version": "24.1.0.dev0+g3fe90466.d20240417"
  },
  "size_t": 749,
  "size_x": 96,
  "size_y": 96,
  "size_z": 60,
  "snr": 2.6504156465783386,
  "spacing_tr": 1.600000023841858,
  "spacing_x": 2.197920083999634,
  "spacing_y": 2.197920083999634,
  "spacing_z": 2.200000047683716,
  "summary_bg_k": 9.1615,
  "summary_bg_mad": 22.0431,
  "summary_bg_mean": 131.7741,
  "summary_bg_median": 32.0,
  "summary_bg_n": 419730.0,
  "summary_bg_p05": 0.0,
  "summary_bg_p95": 660.0,
  "summary_bg_stdv": 231.7868,
  "summary_fg_k": 0.8721,
  "summary_fg_mad": 282.8801,
  "summary_fg_mean": 843.9916,
  "summary_fg_median": 808.0,
  "summary_fg_n": 133230.0,
  "summary_fg_p05": 411.0,
  "summary_fg_p95": 1385.0,
  "summary_fg_stdv": 304.8567,
  "tsnr": 53.23921905644238
}