{
  "aor": [
    0.00041592233009708735,
    0.00042398058252427184,
    0.00051,
    0.0006805339805825243
  ],
  "aqi": [
    0.003876880436893204,
    0.005333508932038836,
    0.009374403058252427,
    0.01697395436893204
  ],
  "bids_meta": {
    "AcquisitionDuration": 361.475,
    "AcquisitionMatrixPE": 96,
    "AcquisitionTime": "10:37:50.240000",
    "B0FieldSource": [
      "043pepolarbold",
      "043phasediff"
    ],
    "BandwidthPerPixelPhaseEncode": 37.879,
    "BaseResolution": 96,
    "DerivedVendorReportedEchoSpacing": 0.000549997,
    "DwellTime": 2.3e-06,
    "EchoNumber": 2,
    "EchoTime": 0.03304,
    "EchoTrainLength": 35,
    "EffectiveEchoSpacing": 0.000274998,
    "ImageOrientationPatientDICOM": [
      0.999316,
      0.0352555,
      -0.0112063,
      -0.0369926,
      0.950025,
      -0.309975
    ],
    "ImageType": [
      "ORIGINAL",
      "PRIMARY",
      "FMRI",
      "NONE"
    ],
    "ImageTypeText": [
      "ORIGINAL",
      "PRIMARY",
      "M",
      "MB",
      "TE2",
      "DIS2D"
    ],
    "InPlanePhaseEncodingDirectionDICOM": "COL",
    "PercentPhaseFOV": 100,
    "PercentSampling": 100,
    "PhaseEchoTime1": 0.0126,
    "PhaseEchoTime2": 0.03304,
    "PhaseEncodingDirection": "j-",
    "PhaseResolution": 1,
    "PixelBandwidth": 2264,
    "ProtocolName": "func-bold_task-bht_dir-AP__cmrr_me4_sms4",
    "PulseSequenceName": "epfid2d4_96",
    "ReceiveCoilActiveElements": "HC1-7",
    "ReconMatrixPE": 96,
    "RefLinesPE": 22,
    "RepetitionTime": 1.6,
    "SequenceVariant": "SK\\SS",
    "SeriesDescription": "func-bold_task-bht_dir-AP__cmrr_me4_sms4",
    "SeriesNumber": 25,
    "ShimSetting": [
      8233,
      -5616,
      -6008,
      687,
      -46,
      -183,
      31,
      30
    ],
    "SliceThickness": 2.2,
    "SliceTiming": [
      0,
      0.8425,
      0.1075,
      0.95,
      0.2125,
      1.055,
      0.3175,
      1.16,
      0.4225,
      1.265,
      0.5275,
      1.37,
      0.6325,
      1.475,
      0.7375,
      0,
      0.8425,
      0.1075,
      0.95,
      0.2125,
      1.055,
      0.3175,
      1.16,
      0.4225,
      1.265,
      0.5275,
      1.37,
      0.6325,
      1.475,
      0.7375,
      0,
      0.8425,
      0.1075,
      0.95,
      0.2125,
      1.055,
      0.3175,
      1.16,
      0.4225,
      1.265,
      0.5275,
      1.37,
      0.6325,
      1.475,
      0.7375,
      0,
      0.8425,
      0.1075,
      0.95,
      0.2125,
      1.055,
      0.3175,
      1.16,
      0.4225,
      1.265,
      0.5275,
      1.37,
      0.6325,
      1.475,
      0.7375
    ],
    "SpacingBetweenSlices": 2.2,
    "TotalReadoutTime": 0.0261249,
    "TxRefAmp": 241.688,
    "WipMemBlock": "3abbf140-4118-4940-af2d-233d40aafe0b||Sequence: R017 nxva30a/master r/d34922cc2+; Jun 27 2022 13:20:16 by eja",
    "dataset": "<unset>",
    "modality": "bold",
    "session_id": "043",
    "subject_id": "001",
    "task_id": "bht"
  },
  "dummy_trs": 1,
  "dvars_nstd": 37.35247464073168,
  "dvars_std": 1.0226831732682922,
  "dvars_vstd": 0.9971701019024387,
  "efc": 0.5192,
  "fber": 610.6883,
  "fd_mean": 0.09973821838811449,
  "fd_num": 6,
  "fd_perc": 2.912621359223301,
  "fwhm_avg": 3.18415581165411,
  "fwhm_x": 3.0038444291321653,
  "fwhm_y": 3.4043503467077136,
  "fwhm_z": 3.1442726591224526,
  "gcor": [
    0.024649,
    0.0284359,
    0.0253462,
    0.0198502
  ],
  "gsr_x": 0.013785640709102154,
  "gsr_y": 0.03201724588871002,
  "provenance": {
    "md5sum": "31dfd3b666987f73c56ef789b68957bd",
    "settings": {
      "fd_thres": 0.2,
      "testing": false
    },
    "software": "mriqc",
    "version": "24.1.0.dev0+g3fe90466.d20240417"
  },
  "size_t": 206,
  "size_x": 96,
  "size_y": 96,
  "size_z": 60,
  "snr": 2.140613056424807,
  "spacing_tr": 1.600000023841858,
  "spacing_x": 2.197920083999634,
  "spacing_y": 2.197920083999634,
  "spacing_z": 2.200000047683716,
  "summary_bg_k": 27.0478,
  "summary_bg_mad": 6.2039,
  "summary_bg_mean": 43.4276,
  "summary_bg_median": 21.0,
  "summary_bg_n": 419378.0,
  "summary_bg_p05": 0.0,
  "summary_bg_p95": 166.0,
  "summary_bg_stdv": 73.2825,
  "summary_fg_k": 0.8009,
  "summary_fg_mad": 211.7386,
  "summary_fg_mean": 533.6095,
  "summary_fg_median": 519.0,
  "summary_fg_n": 133582.0,
  "summary_fg_p05": 108.0,
  "summary_fg_p95": 949.0,
  "summary_fg_stdv": 242.453,
  "tsnr": 35.21776861976832
}