{
  "aor": [
    0.0004563684913217623,
    0.00048404539385847795,
    0.0005236315086782376,
    0.0006233377837116154
  ],
  "aqi": [
    0.005013924192256341,
    0.0062884990520694255,
    0.011252692323097464,
    0.020213082376502003
  ],
  "bids_meta": {
    "AcquisitionDuration": 1230.47,
    "AcquisitionMatrixPE": 96,
    "AcquisitionTime": "21:01:25.250000",
    "B0FieldSource": [
      "040pepolarbold",
      "040phasediff"
    ],
    "BandwidthPerPixelPhaseEncode": 37.879,
    "BaseResolution": 96,
    "DerivedVendorReportedEchoSpacing": 0.000549997,
    "DwellTime": 2.3e-06,
    "EchoNumber": 3,
    "EchoTime": 0.05348,
    "EchoTrainLength": 35,
    "EffectiveEchoSpacing": 0.000274998,
    "FlipAngle": 64,
    "ImageOrientationPatientDICOM": [
      0.998979,
      0.00644586,
      0.0447055,
      0.0101129,
      0.932718,
      -0.360466
    ],
    "ImageType": [
      "ORIGINAL",
      "PRIMARY",
      "FMRI",
      "NONE"
    ],
    "ImageTypeText": [
      "ORIGINAL",
      "PRIMARY",
      "M",
      "MB",
      "TE3",
      "DIS2D"
    ],
    "InPlanePhaseEncodingDirectionDICOM": "COL",
    "PercentPhaseFOV": 100,
    "PhaseEchoTime1": 0.0126,
    "PhaseEchoTime2": 0.03304,
    "PhaseEncodingDirection": "j-",
    "PixelBandwidth": 2264,
    "ProtocolName": "func-bold_task-rest_dir-AP__cmrr_me4_sms4",
    "PulseSequenceName": "epfid2d4_96",
    "ReceiveCoilActiveElements": "HC1-7",
    "ReconMatrixPE": 96,
    "RefLinesPE": 22,
    "RepetitionTime": 1.6,
    "SequenceVariant": "SK\\SS",
    "SeriesDescription": "func-bold_task-rest_dir-AP__cmrr_me4_sms4",
    "SeriesNumber": 23,
    "ShimSetting": [
      8235,
      -5623,
      -6013,
      640,
      -52,
      -218,
      61,
      11
    ],
    "SliceThickness": 2.2,
    "SliceTiming": [
      0,
      0.8425,
      0.105,
      0.9475,
      0.21,
      1.0525,
      0.315,
      1.1575,
      0.42,
      1.2625,
      0.525,
      1.3675,
      0.63,
      1.4725,
      0.7375,
      0,
      0.8425,
      0.105,
      0.9475,
      0.21,
      1.0525,
      0.315,
      1.1575,
      0.42,
      1.2625,
      0.525,
      1.3675,
      0.63,
      1.4725,
      0.7375,
      0,
      0.8425,
      0.105,
      0.9475,
      0.21,
      1.0525,
      0.315,
      1.1575,
      0.42,
      1.2625,
      0.525,
      1.3675,
      0.63,
      1.4725,
      0.7375,
      0,
      0.8425,
      0.105,
      0.9475,
      0.21,
      1.0525,
      0.315,
      1.1575,
      0.42,
      1.2625,
      0.525,
      1.3675,
      0.63,
      1.4725,
      0.7375
    ],
    "SpacingBetweenSlices": 2.2,
    "TotalReadoutTime": 0.0261249,
    "TxRefAmp": 240.69,
    "WipMemBlock": "25581e36-a037-4553-853a-49c0a7cdb3b4||Sequence: R017 nxva30a/master r/d34922cc2+; Jun 27 2022 13:20:16 by eja",
    "dataset": "<unset>",
    "modality": "bold",
    "session_id": "040",
    "subject_id": "001",
    "task_id": "rest"
  },
  "dummy_trs": 1,
  "dvars_nstd": 48.68036910685831,
  "dvars_std": 0.9891701030080216,
  "dvars_vstd": 0.9798410480080216,
  "efc": 0.501,
  "fber": 312.1967,
  "fd_mean": 0.10014611190721456,
  "fd_num": 32,
  "fd_perc": 4.2723631508678235,
  "fwhm_avg": 2.97490117258916,
  "fwhm_x": 2.785387896751673,
  "fwhm_y": 3.199411139281974,
  "fwhm_z": 2.939904481733832,
  "gcor": [
    0.0278753,
    0.0202986,
    0.0152954,
    0.0110226
  ],
  "gsr_x": 0.005627512466162443,
  "gsr_y": 0.02349957637488842,
  "provenance": {
    "md5sum": "0982b8c35efc1058e8e74bbf99cad8bf",
    "settings": {
      "fd_thres": 0.2,
      "testing": false
    },
    "software": "mriqc",
    "version": "24.1.0.dev0+g3fe90466.d20240417"
  },
  "size_t": 749,
  "size_x": 96,
  "size_y": 96,
  "size_z": 60,
  "snr": 1.792641846291454,
  "spacing_tr": 1.600000023841858,
  "spacing_x": 2.197920083999634,
  "spacing_y": 2.197920083999634,
  "spacing_z": 2.200000047683716,
  "summary_bg_k": 52.7832,
  "summary_bg_mad": 3.3354,
  "summary_bg_mean": 24.1384,
  "summary_bg_median": 19.0,
  "summary_bg_n": 418579.0,
  "summary_bg_p05": 0.0,
  "summary_bg_p95": 58.0,
  "summary_bg_stdv": 24.8572,
  "summary_fg_k": 1.2246,
  "summary_fg_mad": 163.6761,
  "summary_fg_mean": 338.9207,
  "summary_fg_median": 331.0,
  "summary_fg_n": 134381.0,
  "summary_fg_p05": 43.0,
  "summary_fg_p95": 655.0,
  "summary_fg_stdv": 184.643,
  "tsnr": 22.351921761175618
}