{
  "aor": [
    0.000547219512195122,
    0.0005769756097560976,
    0.000657512195121951,
    0.0007952195121951219
  ],
  "aqi": [
    0.004502645170731707,
    0.005761531804878048,
    0.010497611121951219,
    0.018684501951219512
  ],
  "bids_meta": {
    "AcquisitionDuration": 361.475,
    "AcquisitionMatrixPE": 96,
    "AcquisitionTime": "21:23:16.297500",
    "B0FieldSource": [
      "040pepolarbold",
      "040phasediff"
    ],
    "BandwidthPerPixelPhaseEncode": 37.879,
    "BaseResolution": 96,
    "DerivedVendorReportedEchoSpacing": 0.000549997,
    "DwellTime": 2.3e-06,
    "EchoNumber": 1,
    "EchoTime": 0.0126,
    "EchoTrainLength": 35,
    "EffectiveEchoSpacing": 0.000274998,
    "ImageOrientationPatientDICOM": [
      0.998978,
      0.00628303,
      0.0447683,
      0.0102873,
      0.932719,
      -0.360457
    ],
    "ImageType": [
      "ORIGINAL",
      "PRIMARY",
      "FMRI",
      "NONE"
    ],
    "ImageTypeText": [
      "ORIGINAL",
      "PRIMARY",
      "M",
      "MB",
      "TE1",
      "DIS2D"
    ],
    "InPlanePhaseEncodingDirectionDICOM": "COL",
    "PercentPhaseFOV": 100,
    "PercentSampling": 100,
    "PhaseEchoTime1": 0.0126,
    "PhaseEchoTime2": 0.03304,
    "PhaseEncodingDirection": "j-",
    "PhaseResolution": 1,
    "PixelBandwidth": 2264,
    "ProtocolName": "func-bold_task-bht_dir-AP__cmrr_me4_sms4",
    "PulseSequenceName": "epfid2d4_96",
    "ReceiveCoilActiveElements": "HC1-7;NC1",
    "ReconMatrixPE": 96,
    "RefLinesPE": 22,
    "RepetitionTime": 1.6,
    "SequenceVariant": "SK\\SS",
    "SeriesDescription": "func-bold_task-bht_dir-AP__cmrr_me4_sms4",
    "SeriesNumber": 25,
    "ShimSetting": [
      8234,
      -5621,
      -6012,
      658,
      -54,
      -213,
      51,
      7
    ],
    "SliceThickness": 2.2,
    "SliceTiming": [
      0,
      0.8425,
      0.105,
      0.9475,
      0.21,
      1.0525,
      0.315,
      1.1575,
      0.42,
      1.2625,
      0.525,
      1.3675,
      0.63,
      1.475,
      0.7375,
      0,
      0.8425,
      0.105,
      0.9475,
      0.21,
      1.0525,
      0.315,
      1.1575,
      0.42,
      1.2625,
      0.525,
      1.3675,
      0.63,
      1.475,
      0.7375,
      0,
      0.8425,
      0.105,
      0.9475,
      0.21,
      1.0525,
      0.315,
      1.1575,
      0.42,
      1.2625,
      0.525,
      1.3675,
      0.63,
      1.475,
      0.7375,
      0,
      0.8425,
      0.105,
      0.9475,
      0.21,
      1.0525,
      0.315,
      1.1575,
      0.42,
      1.2625,
      0.525,
      1.3675,
      0.63,
      1.475,
      0.7375
    ],
    "SpacingBetweenSlices": 2.2,
    "TotalReadoutTime": 0.0261249,
    "TxRefAmp": 240.69,
    "WipMemBlock": "0f08d066-df84-45ac-81ac-050ab883c0e9||Sequence: R017 nxva30a/master r/d34922cc2+; Jun 27 2022 13:20:16 by eja",
    "dataset": "<unset>",
    "modality": "bold",
    "session_id": "040",
    "subject_id": "001",
    "task_id": "bht"
  },
  "dummy_trs": 2,
  "dvars_nstd": 27.276548516813712,
  "dvars_std": 1.0278475014215689,
  "dvars_vstd": 0.9950082124019607,
  "efc": 0.5832,
  "fber": 634.6511,
  "fd_mean": 0.13950595273052172,
  "fd_num": 43,
  "fd_perc": 20.975609756097562,
  "fwhm_avg": 3.390913169428592,
  "fwhm_x": 3.042603800148502,
  "fwhm_y": 3.4995312413739614,
  "fwhm_z": 3.630604466763313,
  "gcor": [
    0.0289364,
    0.0327895,
    0.0303085,
    0.0236936
  ],
  "gsr_x": 0.0010555960470810533,
  "gsr_y": 0.10445059835910797,
  "provenance": {
    "md5sum": "6b66a71cdb881cbb36d1c0b7cc47a095",
    "settings": {
      "fd_thres": 0.2,
      "testing": false
    },
    "software": "mriqc",
    "version": "24.1.0.dev0+g3fe90466.d20240417"
  },
  "size_t": 205,
  "size_x": 96,
  "size_y": 96,
  "size_z": 60,
  "snr": 2.6715120689404412,
  "spacing_tr": 1.600000023841858,
  "spacing_x": 2.197920083999634,
  "spacing_y": 2.197920083999634,
  "spacing_z": 2.200000047683716,
  "summary_bg_k": 9.8377,
  "summary_bg_mad": 18.9339,
  "summary_bg_mean": 123.021,
  "summary_bg_median": 31.0,
  "summary_bg_n": 418275.0,
  "summary_bg_p05": 0.0,
  "summary_bg_p95": 620.0,
  "summary_bg_stdv": 217.6634,
  "summary_fg_k": 0.5324,
  "summary_fg_mad": 270.5135,
  "summary_fg_mean": 811.3749,
  "summary_fg_median": 780.0,
  "summary_fg_n": 134685.0,
  "summary_fg_p05": 387.0,
  "summary_fg_p95": 1335.0,
  "summary_fg_stdv": 291.9684,
  "tsnr": 49.45610545389354
}