{
  "aor": [
    0.0010555102040816326,
    0.0009953061224489796,
    0.0011026530612244898,
    0.0013448979591836737
  ],
  "aqi": [
    0.0031253833673469387,
    0.003973356020408163,
    0.0064879392857142846,
    0.011860862244897961
  ],
  "bids_meta": {
    "AcquisitionDuration": 188.475,
    "AcquisitionMatrixPE": 96,
    "AcquisitionTime": "20:54:58.037500",
    "B0FieldSource": [
      "040pepolarbold",
      "040phasediff"
    ],
    "BandwidthPerPixelPhaseEncode": 37.879,
    "BaseResolution": 96,
    "DerivedVendorReportedEchoSpacing": 0.000549997,
    "DwellTime": 2.3e-06,
    "EchoNumber": 1,
    "EchoTime": 0.0126,
    "EchoTrainLength": 35,
    "EffectiveEchoSpacing": 0.000274998,
    "FlipAngle": 64,
    "ImageOrientationPatientDICOM": [
      0.998979,
      0.00644586,
      0.0447055,
      0.0101129,
      0.932718,
      -0.360466
    ],
    "ImageType": [
      "ORIGINAL",
      "PRIMARY",
      "FMRI",
      "NONE"
    ],
    "ImageTypeText": [
      "ORIGINAL",
      "PRIMARY",
      "M",
      "MB",
      "TE1",
      "DIS2D"
    ],
    "InPlanePhaseEncodingDirectionDICOM": "COL",
    "PercentPhaseFOV": 100,
    "PhaseEchoTime1": 0.0126,
    "PhaseEchoTime2": 0.03304,
    "PhaseEncodingDirection": "j-",
    "PixelBandwidth": 2264,
    "ProtocolName": "func-bold_task-qct_dir-AP__cmrr_me4_sms4",
    "PulseSequenceName": "epfid2d4_96",
    "ReceiveCoilActiveElements": "HC1-7",
    "ReconMatrixPE": 96,
    "RefLinesPE": 22,
    "RepetitionTime": 1.6,
    "SequenceVariant": "SK\\SS",
    "SeriesDescription": "func-bold_task-qct_dir-AP__cmrr_me4_sms4",
    "SeriesNumber": 13,
    "ShimSetting": [
      8235,
      -5621,
      -6011,
      645,
      -59,
      -196,
      61,
      8
    ],
    "SliceThickness": 2.2,
    "SliceTiming": [
      0,
      0.8425,
      0.1075,
      0.95,
      0.2125,
      1.055,
      0.3175,
      1.16,
      0.4225,
      1.265,
      0.5275,
      1.37,
      0.6325,
      1.475,
      0.7375,
      0,
      0.8425,
      0.1075,
      0.95,
      0.2125,
      1.055,
      0.3175,
      1.16,
      0.4225,
      1.265,
      0.5275,
      1.37,
      0.6325,
      1.475,
      0.7375,
      0,
      0.8425,
      0.1075,
      0.95,
      0.2125,
      1.055,
      0.3175,
      1.16,
      0.4225,
      1.265,
      0.5275,
      1.37,
      0.6325,
      1.475,
      0.7375,
      0,
      0.8425,
      0.1075,
      0.95,
      0.2125,
      1.055,
      0.3175,
      1.16,
      0.4225,
      1.265,
      0.5275,
      1.37,
      0.6325,
      1.475,
      0.7375
    ],
    "SpacingBetweenSlices": 2.2,
    "TotalReadoutTime": 0.0261249,
    "TxRefAmp": 240.69,
    "WipMemBlock": "497673ab-a2ec-4aa2-ad11-61ac69397d68||Sequence: R017 nxva30a/master r/d34922cc2+; Jun 27 2022 13:20:16 by eja",
    "dataset": "<unset>",
    "modality": "bold",
    "session_id": "040",
    "subject_id": "001",
    "task_id": "qct"
  },
  "dummy_trs": 1,
  "dvars_nstd": 27.433572532680426,
  "dvars_std": 1.0569523340206182,
  "dvars_vstd": 1.0325159821649488,
  "efc": 0.5768,
  "fber": 736.871,
  "fd_mean": 0.09812701752484479,
  "fd_num": 6,
  "fd_perc": 6.122448979591836,
  "fwhm_avg": 3.47040107327206,
  "fwhm_x": 3.12576878932653,
  "fwhm_y": 3.56068451122143,
  "fwhm_z": 3.7247499192682194,
  "gcor": [
    0.012953,
    0.0193876,
    0.017824,
    0.0140417
  ],
  "gsr_x": 0.00229817652143538,
  "gsr_y": 0.10611706972122192,
  "provenance": {
    "md5sum": "f387b0a4de6e00eb57c37e1337a79512",
    "settings": {
      "fd_thres": 0.2,
      "testing": false
    },
    "software": "mriqc",
    "version": "24.1.0.dev0+g3fe90466.d20240417"
  },
  "size_t": 98,
  "size_x": 96,
  "size_y": 96,
  "size_z": 60,
  "snr": 2.6106774220488287,
  "spacing_tr": 1.600000023841858,
  "spacing_x": 2.197920083999634,
  "spacing_y": 2.197920083999634,
  "spacing_z": 2.200000047683716,
  "summary_bg_k": 10.1667,
  "summary_bg_mad": 19.5613,
  "summary_bg_mean": 122.6937,
  "summary_bg_median": 30.0,
  "summary_bg_n": 418457.0,
  "summary_bg_p05": 0.0,
  "summary_bg_p95": 629.0,
  "summary_bg_stdv": 221.7345,
  "summary_fg_k": 0.6684,
  "summary_fg_mad": 285.8397,
  "summary_fg_mean": 837.4996,
  "summary_fg_median": 804.0,
  "summary_fg_n": 134503.0,
  "summary_fg_p05": 393.0,
  "summary_fg_p95": 1385.0,
  "summary_fg_stdv": 307.9649,
  "tsnr": 53.431563588557765
}