{
  "aor": [
    0.0010555102040816326,
    0.0009953061224489796,
    0.0011026530612244898,
    0.0013448979591836737
  ],
  "aqi": [
    0.0031253833673469387,
    0.003973356020408163,
    0.0064879392857142846,
    0.011860862244897961
  ],
  "bids_meta": {
    "AcquisitionDuration": 188.475,
    "AcquisitionMatrixPE": 96,
    "AcquisitionTime": "20:54:58.077500",
    "B0FieldSource": [
      "040pepolarbold",
      "040phasediff"
    ],
    "BandwidthPerPixelPhaseEncode": 37.879,
    "BaseResolution": 96,
    "DerivedVendorReportedEchoSpacing": 0.000549997,
    "DwellTime": 2.3e-06,
    "EchoNumber": 3,
    "EchoTime": 0.05348,
    "EchoTrainLength": 35,
    "EffectiveEchoSpacing": 0.000274998,
    "FlipAngle": 64,
    "ImageOrientationPatientDICOM": [
      0.998979,
      0.00644586,
      0.0447055,
      0.0101129,
      0.932718,
      -0.360466
    ],
    "ImageType": [
      "ORIGINAL",
      "PRIMARY",
      "FMRI",
      "NONE"
    ],
    "ImageTypeText": [
      "ORIGINAL",
      "PRIMARY",
      "M",
      "MB",
      "TE3",
      "DIS2D"
    ],
    "InPlanePhaseEncodingDirectionDICOM": "COL",
    "PercentPhaseFOV": 100,
    "PhaseEchoTime1": 0.0126,
    "PhaseEchoTime2": 0.03304,
    "PhaseEncodingDirection": "j-",
    "PixelBandwidth": 2264,
    "ProtocolName": "func-bold_task-qct_dir-AP__cmrr_me4_sms4",
    "PulseSequenceName": "epfid2d4_96",
    "ReceiveCoilActiveElements": "HC1-7",
    "ReconMatrixPE": 96,
    "RefLinesPE": 22,
    "RepetitionTime": 1.6,
    "SequenceVariant": "SK\\SS",
    "SeriesDescription": "func-bold_task-qct_dir-AP__cmrr_me4_sms4",
    "SeriesNumber": 13,
    "ShimSetting": [
      8235,
      -5621,
      -6011,
      645,
      -59,
      -196,
      61,
      8
    ],
    "SliceThickness": 2.2,
    "SliceTiming": [
      0,
      0.845,
      0.1075,
      0.95,
      0.2125,
      1.055,
      0.3175,
      1.16,
      0.4225,
      1.265,
      0.5275,
      1.37,
      0.6325,
      1.475,
      0.7375,
      0,
      0.845,
      0.1075,
      0.95,
      0.2125,
      1.055,
      0.3175,
      1.16,
      0.4225,
      1.265,
      0.5275,
      1.37,
      0.6325,
      1.475,
      0.7375,
      0,
      0.845,
      0.1075,
      0.95,
      0.2125,
      1.055,
      0.3175,
      1.16,
      0.4225,
      1.265,
      0.5275,
      1.37,
      0.6325,
      1.475,
      0.7375,
      0,
      0.845,
      0.1075,
      0.95,
      0.2125,
      1.055,
      0.3175,
      1.16,
      0.4225,
      1.265,
      0.5275,
      1.37,
      0.6325,
      1.475,
      0.7375
    ],
    "SpacingBetweenSlices": 2.2,
    "TotalReadoutTime": 0.0261249,
    "TxRefAmp": 240.69,
    "WipMemBlock": "497673ab-a2ec-4aa2-ad11-61ac69397d68||Sequence: R017 nxva30a/master r/d34922cc2+; Jun 27 2022 13:20:16 by eja",
    "dataset": "<unset>",
    "modality": "bold",
    "session_id": "040",
    "subject_id": "001",
    "task_id": "qct"
  },
  "dummy_trs": 1,
  "dvars_nstd": 54.25654963824741,
  "dvars_std": 1.0477326920618555,
  "dvars_vstd": 1.0302037625773197,
  "efc": 0.4982,
  "fber": 319.6842,
  "fd_mean": 0.09812701752484479,
  "fd_num": 6,
  "fd_perc": 6.122448979591836,
  "fwhm_avg": 2.8281296731644154,
  "fwhm_x": 2.693232589798286,
  "fwhm_y": 3.06467921606249,
  "fwhm_z": 2.7264772136324704,
  "gcor": [
    0.012953,
    0.0193876,
    0.017824,
    0.0140417
  ],
  "gsr_x": 0.005876307841390371,
  "gsr_y": 0.02384839951992035,
  "provenance": {
    "md5sum": "433bbdea7e4c32ac43037b542fa07d58",
    "settings": {
      "fd_thres": 0.2,
      "testing": false
    },
    "software": "mriqc",
    "version": "24.1.0.dev0+g3fe90466.d20240417"
  },
  "size_t": 98,
  "size_x": 96,
  "size_y": 96,
  "size_z": 60,
  "snr": 1.7607888700316747,
  "spacing_tr": 1.600000023841858,
  "spacing_x": 2.197920083999634,
  "spacing_y": 2.197920083999634,
  "spacing_z": 2.200000047683716,
  "summary_bg_k": 60.9439,
  "summary_bg_mad": 3.3283,
  "summary_bg_mean": 24.1353,
  "summary_bg_median": 19.0,
  "summary_bg_n": 418457.0,
  "summary_bg_p05": 0.0,
  "summary_bg_p95": 57.0,
  "summary_bg_stdv": 25.2298,
  "summary_fg_k": 1.3836,
  "summary_fg_mad": 167.4282,
  "summary_fg_mean": 342.5807,
  "summary_fg_median": 334.0,
  "summary_fg_n": 134503.0,
  "summary_fg_p05": 40.0,
  "summary_fg_p95": 666.0,
  "summary_fg_stdv": 189.687,
  "tsnr": 25.612230899743736
}