{
  "aor": [
    0.001222857142857143,
    0.0012261224489795916,
    0.0012566326530612246,
    0.0014325510204081634
  ],
  "aqi": [
    0.004953191632653061,
    0.006169856326530612,
    0.009723497551020407,
    0.015767492857142854
  ],
  "bids_meta": {
    "AcquisitionDuration": 188.475,
    "AcquisitionMatrixPE": 76,
    "AcquisitionTime": "18:55:33.412500",
    "B0FieldSource": [
      "pilot020pepolarbold",
      "pilot020phasediff"
    ],
    "BandwidthPerPixelPhaseEncode": 40.486,
    "BaseResolution": 102,
    "DerivedVendorReportedEchoSpacing": 0.000649997,
    "DwellTime": 2.5e-06,
    "EchoNumber": 4,
    "EchoTime": 0.0714,
    "EchoTrainLength": 28,
    "EffectiveEchoSpacing": 0.000324999,
    "FlipAngle": 64,
    "ImageOrientationPatientDICOM": [
      0.998991,
      0.032011,
      0.0315146,
      -0.0183095,
      0.930802,
      -0.365066
    ],
    "ImageType": [
      "ORIGINAL",
      "PRIMARY",
      "FMRI",
      "NONE"
    ],
    "ImageTypeText": [
      "ORIGINAL",
      "PRIMARY",
      "M",
      "MB",
      "TE4",
      "DIS2D"
    ],
    "InPlanePhaseEncodingDirectionDICOM": "ROW",
    "PercentPhaseFOV": 74.5098,
    "PhaseEchoTime1": 0.0126,
    "PhaseEchoTime2": 0.0322,
    "PhaseEncodingDirection": "i",
    "PixelBandwidth": 1961,
    "ProtocolName": "func-bold_task-qct_dir-RL__cmrr_me4_sms4",
    "PulseSequenceName": "epfid2d4_76",
    "ReceiveCoilActiveElements": "HC1-7",
    "ReconMatrixPE": 76,
    "RefLinesPE": 18,
    "RepetitionTime": 1.6,
    "SequenceVariant": "SK\\SS\\OSP",
    "SeriesDescription": "func-bold_task-qct_dir-RL__cmrr_me4_sms4",
    "SeriesNumber": 22,
    "ShimSetting": [
      8230,
      -5612,
      -6007,
      689,
      -58,
      -229,
      8,
      8
    ],
    "SliceThickness": 2.2,
    "SliceTiming": [
      0,
      0.8425,
      0.105,
      0.9475,
      0.21,
      1.055,
      0.3175,
      1.16,
      0.4225,
      1.265,
      0.5275,
      1.37,
      0.6325,
      1.475,
      0.7375,
      0,
      0.8425,
      0.105,
      0.9475,
      0.21,
      1.055,
      0.3175,
      1.16,
      0.4225,
      1.265,
      0.5275,
      1.37,
      0.6325,
      1.475,
      0.7375,
      0,
      0.8425,
      0.105,
      0.9475,
      0.21,
      1.055,
      0.3175,
      1.16,
      0.4225,
      1.265,
      0.5275,
      1.37,
      0.6325,
      1.475,
      0.7375,
      0,
      0.8425,
      0.105,
      0.9475,
      0.21,
      1.055,
      0.3175,
      1.16,
      0.4225,
      1.265,
      0.5275,
      1.37,
      0.6325,
      1.475,
      0.7375
    ],
    "SpacingBetweenSlices": 2.2,
    "TotalReadoutTime": 0.0243749,
    "TxRefAmp": 247.631,
    "WipMemBlock": "448fba87-96ac-4825-94de-9efd4c2b288f||Sequence: R017 nxva30a/master r/d34922cc2+; Jun 27 2022 13:20:16 by eja",
    "dataset": "<unset>",
    "modality": "bold",
    "session_id": "pilot020",
    "subject_id": "001",
    "task_id": "qct"
  },
  "dummy_trs": 1,
  "dvars_nstd": 89.4708099368041,
  "dvars_std": 1.0474636418556693,
  "dvars_vstd": 1.0330872507216495,
  "efc": 0.559,
  "fber": 74.0739,
  "fd_mean": 0.07983622697035836,
  "fd_num": 4,
  "fd_perc": 4.081632653061225,
  "fwhm_avg": 2.636591283383078,
  "fwhm_x": 2.7824715334261856,
  "fwhm_y": 2.605902371372921,
  "fwhm_z": 2.521399945350128,
  "gcor": [
    0.00493669,
    0.00657315,
    0.0057946,
    0.00484142
  ],
  "gsr_x": 0.041516467928886414,
  "gsr_y": -0.0012379365507513285,
  "provenance": {
    "md5sum": "63ffdaf6a15674d37fd4de400621df6d",
    "settings": {
      "fd_thres": 0.2,
      "testing": false
    },
    "software": "mriqc",
    "version": "24.1.0.dev0+g3fe90466.d20240417"
  },
  "size_t": 98,
  "size_x": 76,
  "size_y": 102,
  "size_z": 60,
  "snr": 1.4241001439648717,
  "spacing_tr": 1.600000023841858,
  "spacing_x": 2.196079969406128,
  "spacing_y": 2.196079969406128,
  "spacing_z": 2.200000047683716,
  "summary_bg_k": 167.266,
  "summary_bg_mad": 5.9002,
  "summary_bg_mean": 29.6838,
  "summary_bg_median": 27.0,
  "summary_bg_n": 331771.0,
  "summary_bg_p05": 0.0,
  "summary_bg_p95": 55.0,
  "summary_bg_stdv": 24.0627,
  "summary_fg_k": 4.602,
  "summary_fg_mad": 138.5477,
  "summary_fg_mean": 245.1806,
  "summary_fg_median": 228.0,
  "summary_fg_n": 133349.0,
  "summary_fg_p05": 36.0,
  "summary_fg_p95": 529.0,
  "summary_fg_stdv": 160.1005,
  "tsnr": 14.36947874026373
}