{
  "aor": [
    0.001222857142857143,
    0.0012261224489795916,
    0.0012566326530612246,
    0.0014325510204081634
  ],
  "aqi": [
    0.004953191632653061,
    0.006169856326530612,
    0.009723497551020407,
    0.015767492857142854
  ],
  "bids_meta": {
    "AcquisitionDuration": 188.475,
    "AcquisitionMatrixPE": 76,
    "AcquisitionTime": "18:55:33.352500",
    "B0FieldSource": [
      "pilot020pepolarbold",
      "pilot020phasediff"
    ],
    "BandwidthPerPixelPhaseEncode": 40.486,
    "BaseResolution": 102,
    "DerivedVendorReportedEchoSpacing": 0.000649997,
    "DwellTime": 2.5e-06,
    "EchoNumber": 1,
    "EchoTime": 0.0126,
    "EchoTrainLength": 28,
    "EffectiveEchoSpacing": 0.000324999,
    "FlipAngle": 64,
    "ImageOrientationPatientDICOM": [
      0.998991,
      0.032011,
      0.0315146,
      -0.0183095,
      0.930802,
      -0.365066
    ],
    "ImageType": [
      "ORIGINAL",
      "PRIMARY",
      "FMRI",
      "NONE"
    ],
    "ImageTypeText": [
      "ORIGINAL",
      "PRIMARY",
      "M",
      "MB",
      "TE1",
      "DIS2D"
    ],
    "InPlanePhaseEncodingDirectionDICOM": "ROW",
    "PercentPhaseFOV": 74.5098,
    "PhaseEchoTime1": 0.0126,
    "PhaseEchoTime2": 0.0322,
    "PhaseEncodingDirection": "i",
    "PixelBandwidth": 1961,
    "ProtocolName": "func-bold_task-qct_dir-RL__cmrr_me4_sms4",
    "PulseSequenceName": "epfid2d4_76",
    "ReceiveCoilActiveElements": "HC1-7",
    "ReconMatrixPE": 76,
    "RefLinesPE": 18,
    "RepetitionTime": 1.6,
    "SequenceVariant": "SK\\SS\\OSP",
    "SeriesDescription": "func-bold_task-qct_dir-RL__cmrr_me4_sms4",
    "SeriesNumber": 22,
    "ShimSetting": [
      8230,
      -5612,
      -6007,
      689,
      -58,
      -229,
      8,
      8
    ],
    "SliceThickness": 2.2,
    "SliceTiming": [
      0,
      0.8425,
      0.105,
      0.9475,
      0.21,
      1.0525,
      0.3175,
      1.16,
      0.4225,
      1.265,
      0.5275,
      1.37,
      0.6325,
      1.475,
      0.7375,
      0,
      0.8425,
      0.105,
      0.9475,
      0.21,
      1.0525,
      0.3175,
      1.16,
      0.4225,
      1.265,
      0.5275,
      1.37,
      0.6325,
      1.475,
      0.7375,
      0,
      0.8425,
      0.105,
      0.9475,
      0.21,
      1.0525,
      0.3175,
      1.16,
      0.4225,
      1.265,
      0.5275,
      1.37,
      0.6325,
      1.475,
      0.7375,
      0,
      0.8425,
      0.105,
      0.9475,
      0.21,
      1.0525,
      0.3175,
      1.16,
      0.4225,
      1.265,
      0.5275,
      1.37,
      0.6325,
      1.475,
      0.7375
    ],
    "SpacingBetweenSlices": 2.2,
    "TotalReadoutTime": 0.0243749,
    "TxRefAmp": 247.631,
    "WipMemBlock": "448fba87-96ac-4825-94de-9efd4c2b288f||Sequence: R017 nxva30a/master r/d34922cc2+; Jun 27 2022 13:20:16 by eja",
    "dataset": "<unset>",
    "modality": "bold",
    "session_id": "pilot020",
    "subject_id": "001",
    "task_id": "qct"
  },
  "dummy_trs": 1,
  "dvars_nstd": 36.95531031030927,
  "dvars_std": 1.0506211729896908,
  "dvars_vstd": 1.0386642114432987,
  "efc": 0.6542,
  "fber": 124.945,
  "fd_mean": 0.07983622697035836,
  "fd_num": 4,
  "fd_perc": 4.081632653061225,
  "fwhm_avg": 3.8874606954902298,
  "fwhm_x": 3.7551774593299965,
  "fwhm_y": 3.8010865343202234,
  "fwhm_z": 4.106118092820469,
  "gcor": [
    0.00493669,
    0.00657315,
    0.0057946,
    0.00484142
  ],
  "gsr_x": 0.156078040599823,
  "gsr_y": 0.012624275870621204,
  "provenance": {
    "md5sum": "f35106e0f15513d01ebcdeeda629fe3d",
    "settings": {
      "fd_thres": 0.2,
      "testing": false
    },
    "software": "mriqc",
    "version": "24.1.0.dev0+g3fe90466.d20240417"
  },
  "size_t": 98,
  "size_x": 76,
  "size_y": 102,
  "size_z": 60,
  "snr": 2.5226687162543464,
  "spacing_tr": 1.600000023841858,
  "spacing_x": 2.196079969406128,
  "spacing_y": 2.196079969406128,
  "spacing_z": 2.200000047683716,
  "summary_bg_k": 5.5222,
  "summary_bg_mad": 70.3177,
  "summary_bg_mean": 181.9177,
  "summary_bg_median": 74.0,
  "summary_bg_n": 331771.0,
  "summary_bg_p05": 0.0,
  "summary_bg_p95": 766.0,
  "summary_bg_stdv": 253.633,
  "summary_fg_k": 0.8882,
  "summary_fg_mad": 315.9305,
  "summary_fg_mean": 863.3832,
  "summary_fg_median": 827.0,
  "summary_fg_n": 133349.0,
  "summary_fg_p05": 405.0,
  "summary_fg_p95": 1440.0,
  "summary_fg_stdv": 327.8262,
  "tsnr": 38.24773983214982
}