{
  "aor": [
    0.000405219512195122,
    0.00046800000000000005,
    0.0005310731707317073,
    0.0006612195121951219
  ],
  "aqi": [
    0.004724860390243902,
    0.006633918585365853,
    0.011251543999999999,
    0.018948411219512195
  ],
  "bids_meta": {
    "AcquisitionDuration": 361.472,
    "AcquisitionMatrixPE": 76,
    "AcquisitionTime": "20:11:21.455000",
    "B0FieldSource": [
      "047pepolarbold",
      "047phasediff"
    ],
    "BandwidthPerPixelPhaseEncode": 40.486,
    "BaseResolution": 102,
    "DerivedVendorReportedEchoSpacing": 0.000649997,
    "DwellTime": 2.5e-06,
    "EchoNumber": 1,
    "EchoTime": 0.0126,
    "EchoTrainLength": 28,
    "EffectiveEchoSpacing": 0.000324999,
    "ImageOrientationPatientDICOM": [
      0.99925,
      0.0178623,
      0.0343614,
      -0.00418567,
      0.931893,
      -0.362709
    ],
    "ImageType": [
      "ORIGINAL",
      "PRIMARY",
      "FMRI",
      "NONE"
    ],
    "ImageTypeText": [
      "ORIGINAL",
      "PRIMARY",
      "M",
      "MB",
      "TE1",
      "DIS2D"
    ],
    "InPlanePhaseEncodingDirectionDICOM": "ROW",
    "PercentPhaseFOV": 74.5098,
    "PercentSampling": 100,
    "PhaseEchoTime1": 0.0126,
    "PhaseEchoTime2": 0.0322,
    "PhaseEncodingDirection": "i",
    "PhaseResolution": 1,
    "PixelBandwidth": 1961,
    "ProtocolName": "func-bold_task-bht_dir-RL__cmrr_me4_sms4",
    "PulseSequenceName": "epfid2d4_76",
    "ReceiveCoilActiveElements": "HC1-7",
    "ReconMatrixPE": 76,
    "RefLinesPE": 18,
    "RepetitionTime": 1.6,
    "SequenceVariant": "SK\\SS\\OSP",
    "SeriesDescription": "func-bold_task-bht_dir-RL__cmrr_me4_sms4",
    "SeriesNumber": 47,
    "ShimSetting": [
      8242,
      -5617,
      -5995,
      690,
      -25,
      -228,
      33,
      27
    ],
    "SliceThickness": 2.2,
    "SliceTiming": [
      0,
      0.8425,
      0.1075,
      0.95,
      0.2125,
      1.055,
      0.3175,
      1.16,
      0.4225,
      1.265,
      0.5275,
      1.37,
      0.6325,
      1.475,
      0.7375,
      0,
      0.8425,
      0.1075,
      0.95,
      0.2125,
      1.055,
      0.3175,
      1.16,
      0.4225,
      1.265,
      0.5275,
      1.37,
      0.6325,
      1.475,
      0.7375,
      0,
      0.8425,
      0.1075,
      0.95,
      0.2125,
      1.055,
      0.3175,
      1.16,
      0.4225,
      1.265,
      0.5275,
      1.37,
      0.6325,
      1.475,
      0.7375,
      0,
      0.8425,
      0.1075,
      0.95,
      0.2125,
      1.055,
      0.3175,
      1.16,
      0.4225,
      1.265,
      0.5275,
      1.37,
      0.6325,
      1.475,
      0.7375
    ],
    "SpacingBetweenSlices": 2.2,
    "TotalReadoutTime": 0.0243749,
    "TxRefAmp": 244.361,
    "WipMemBlock": "5c86900b-b7ee-48e5-ba9a-ad751bef88ac||Sequence: R017 nxva30a/master r/d34922cc2+; Jun 27 2022 13:20:16 by eja",
    "dataset": "<unset>",
    "modality": "bold",
    "session_id": "047",
    "subject_id": "001",
    "task_id": "bht"
  },
  "dummy_trs": 2,
  "dvars_nstd": 37.407000803529385,
  "dvars_std": 1.0280064375490188,
  "dvars_vstd": 1.0042337804901966,
  "efc": 0.6553,
  "fber": 122.787,
  "fd_mean": 0.1454293711596127,
  "fd_num": 50,
  "fd_perc": 24.390243902439025,
  "fwhm_avg": 3.878698557483768,
  "fwhm_x": 3.729285870320432,
  "fwhm_y": 3.842255344773173,
  "fwhm_z": 4.0645544573576995,
  "gcor": [
    0.00901824,
    0.014018,
    0.0149514,
    0.0126779
  ],
  "gsr_x": 0.1635442078113556,
  "gsr_y": 0.018079906702041626,
  "provenance": {
    "md5sum": "3ba59a57ffe9f48318677d74e6bcd0a8",
    "settings": {
      "fd_thres": 0.2,
      "testing": false
    },
    "software": "mriqc",
    "version": "24.1.0.dev0+g3fe90466.d20240417"
  },
  "size_t": 205,
  "size_x": 76,
  "size_y": 102,
  "size_z": 60,
  "snr": 2.488185845160846,
  "spacing_tr": 1.600000023841858,
  "spacing_x": 2.196079969406128,
  "spacing_y": 2.196079969406128,
  "spacing_z": 2.200000047683716,
  "summary_bg_k": 5.3316,
  "summary_bg_mad": 70.5285,
  "summary_bg_mean": 182.8169,
  "summary_bg_median": 74.0,
  "summary_bg_n": 330922.0,
  "summary_bg_p05": 1.0,
  "summary_bg_p95": 771.0,
  "summary_bg_stdv": 255.1051,
  "summary_fg_k": 1.3916,
  "summary_fg_mad": 315.1253,
  "summary_fg_mean": 851.845,
  "summary_fg_median": 819.5,
  "summary_fg_n": 134198.0,
  "summary_fg_p05": 390.0,
  "summary_fg_p95": 1416.0,
  "summary_fg_stdv": 329.3552,
  "tsnr": 37.452506428118795
}