{
  "aor": [
    0.0009744897959183674,
    0.0009946938775510206,
    0.001067857142857143,
    0.0012429591836734693
  ],
  "aqi": [
    0.004316009081632653,
    0.006091776836734694,
    0.00998166030612245,
    0.016626711224489797
  ],
  "bids_meta": {
    "AcquisitionDuration": 188.475,
    "AcquisitionMatrixPE": 76,
    "AcquisitionTime": "19:43:31.450000",
    "B0FieldSource": [
      "047pepolarbold",
      "047phasediff"
    ],
    "BandwidthPerPixelPhaseEncode": 40.486,
    "BaseResolution": 102,
    "DerivedVendorReportedEchoSpacing": 0.000649997,
    "DwellTime": 2.5e-06,
    "EchoNumber": 4,
    "EchoTime": 0.0714,
    "EchoTrainLength": 28,
    "EffectiveEchoSpacing": 0.000324999,
    "FlipAngle": 64,
    "ImageOrientationPatientDICOM": [
      0.99925,
      0.0178623,
      0.0343614,
      -0.00418567,
      0.931893,
      -0.362709
    ],
    "ImageType": [
      "ORIGINAL",
      "PRIMARY",
      "FMRI",
      "NONE"
    ],
    "ImageTypeText": [
      "ORIGINAL",
      "PRIMARY",
      "M",
      "MB",
      "TE4",
      "DIS2D"
    ],
    "InPlanePhaseEncodingDirectionDICOM": "ROW",
    "PercentPhaseFOV": 74.5098,
    "PhaseEchoTime1": 0.0126,
    "PhaseEchoTime2": 0.0322,
    "PhaseEncodingDirection": "i",
    "PixelBandwidth": 1961,
    "ProtocolName": "func-bold_task-qct_dir-RL__cmrr_me4_sms4",
    "PulseSequenceName": "epfid2d4_76",
    "ReceiveCoilActiveElements": "HC1-7",
    "ReconMatrixPE": 76,
    "RefLinesPE": 18,
    "RepetitionTime": 1.6,
    "SequenceVariant": "SK\\SS\\OSP",
    "SeriesDescription": "func-bold_task-qct_dir-RL__cmrr_me4_sms4",
    "SeriesNumber": 35,
    "ShimSetting": [
      8242,
      -5617,
      -5995,
      690,
      -25,
      -228,
      33,
      27
    ],
    "SliceThickness": 2.2,
    "SliceTiming": [
      0,
      0.8425,
      0.105,
      0.9475,
      0.21,
      1.055,
      0.3175,
      1.16,
      0.4225,
      1.265,
      0.5275,
      1.37,
      0.6325,
      1.475,
      0.7375,
      0,
      0.8425,
      0.105,
      0.9475,
      0.21,
      1.055,
      0.3175,
      1.16,
      0.4225,
      1.265,
      0.5275,
      1.37,
      0.6325,
      1.475,
      0.7375,
      0,
      0.8425,
      0.105,
      0.9475,
      0.21,
      1.055,
      0.3175,
      1.16,
      0.4225,
      1.265,
      0.5275,
      1.37,
      0.6325,
      1.475,
      0.7375,
      0,
      0.8425,
      0.105,
      0.9475,
      0.21,
      1.055,
      0.3175,
      1.16,
      0.4225,
      1.265,
      0.5275,
      1.37,
      0.6325,
      1.475,
      0.7375
    ],
    "SpacingBetweenSlices": 2.2,
    "TotalReadoutTime": 0.0243749,
    "TxRefAmp": 244.361,
    "WipMemBlock": "8cd1965d-8d27-4d46-b729-bf29261df5ee||Sequence: R017 nxva30a/master r/d34922cc2+; Jun 27 2022 13:20:16 by eja",
    "dataset": "<unset>",
    "modality": "bold",
    "session_id": "047",
    "subject_id": "001",
    "task_id": "qct"
  },
  "dummy_trs": 1,
  "dvars_nstd": 93.58943239144325,
  "dvars_std": 1.0535221781443305,
  "dvars_vstd": 1.028785531752578,
  "efc": 0.5619,
  "fber": 71.5418,
  "fd_mean": 0.10611066555777061,
  "fd_num": 10,
  "fd_perc": 10.204081632653061,
  "fwhm_avg": 2.671334850018271,
  "fwhm_x": 2.8043969644991815,
  "fwhm_y": 2.649675822858841,
  "fwhm_z": 2.5599317626967917,
  "gcor": [
    0.00392883,
    0.00559935,
    0.00567267,
    0.00473153
  ],
  "gsr_x": 0.04174410179257393,
  "gsr_y": -0.0012311367318034172,
  "provenance": {
    "md5sum": "19ed83cc70a78df2b6404ff69d1a1571",
    "settings": {
      "fd_thres": 0.2,
      "testing": false
    },
    "software": "mriqc",
    "version": "24.1.0.dev0+g3fe90466.d20240417"
  },
  "size_t": 98,
  "size_x": 76,
  "size_y": 102,
  "size_z": 60,
  "snr": 1.4460961745433156,
  "spacing_tr": 1.600000023841858,
  "spacing_x": 2.196079969406128,
  "spacing_y": 2.196079969406128,
  "spacing_z": 2.200000047683716,
  "summary_bg_k": 101.6063,
  "summary_bg_mad": 5.2496,
  "summary_bg_mean": 28.8604,
  "summary_bg_median": 26.0,
  "summary_bg_n": 331578.0,
  "summary_bg_p05": 0.0,
  "summary_bg_p95": 52.0,
  "summary_bg_stdv": 20.2629,
  "summary_fg_k": 4.9927,
  "summary_fg_mad": 135.8548,
  "summary_fg_mean": 237.284,
  "summary_fg_median": 223.0,
  "summary_fg_n": 133542.0,
  "summary_fg_p05": 37.0,
  "summary_fg_p95": 506.0,
  "summary_fg_stdv": 154.2077,
  "tsnr": 14.010099677368999
}