{
  "aor": [
    0.0002045187165775401,
    0.0002755748663101605,
    0.0003288368983957219,
    0.00037639037433155083
  ],
  "aqi": [
    0.006634029973262033,
    0.008829618208556149,
    0.015408548128342244,
    0.02586069411764706
  ],
  "bids_meta": {
    "AcquisitionDuration": 1230.47,
    "AcquisitionMatrixPE": 76,
    "AcquisitionTime": "19:49:59.402500",
    "B0FieldSource": [
      "047pepolarbold",
      "047phasediff"
    ],
    "BandwidthPerPixelPhaseEncode": 40.486,
    "BaseResolution": 102,
    "DerivedVendorReportedEchoSpacing": 0.000649997,
    "DwellTime": 2.5e-06,
    "EchoNumber": 1,
    "EchoTime": 0.0126,
    "EchoTrainLength": 28,
    "EffectiveEchoSpacing": 0.000324999,
    "FlipAngle": 64,
    "ImageOrientationPatientDICOM": [
      0.99925,
      0.0178623,
      0.0343614,
      -0.00418567,
      0.931893,
      -0.362709
    ],
    "ImageType": [
      "ORIGINAL",
      "PRIMARY",
      "FMRI",
      "NONE"
    ],
    "ImageTypeText": [
      "ORIGINAL",
      "PRIMARY",
      "M",
      "MB",
      "TE1",
      "DIS2D"
    ],
    "InPlanePhaseEncodingDirectionDICOM": "ROW",
    "PercentPhaseFOV": 74.5098,
    "PhaseEchoTime1": 0.0126,
    "PhaseEchoTime2": 0.0322,
    "PhaseEncodingDirection": "i",
    "PixelBandwidth": 1961,
    "ProtocolName": "func-bold_task-rest_dir-RL__cmrr_me4_sms4",
    "PulseSequenceName": "epfid2d4_76",
    "ReceiveCoilActiveElements": "HC1-7",
    "ReconMatrixPE": 76,
    "RefLinesPE": 18,
    "RepetitionTime": 1.6,
    "SequenceVariant": "SK\\SS\\OSP",
    "SeriesDescription": "func-bold_task-rest_dir-RL__cmrr_me4_sms4",
    "SeriesNumber": 45,
    "ShimSetting": [
      8242,
      -5617,
      -5995,
      690,
      -25,
      -228,
      33,
      27
    ],
    "SliceThickness": 2.2,
    "SliceTiming": [
      0,
      0.8425,
      0.105,
      0.95,
      0.2125,
      1.055,
      0.3175,
      1.16,
      0.4225,
      1.265,
      0.5275,
      1.37,
      0.6325,
      1.475,
      0.7375,
      0,
      0.8425,
      0.105,
      0.95,
      0.2125,
      1.055,
      0.3175,
      1.16,
      0.4225,
      1.265,
      0.5275,
      1.37,
      0.6325,
      1.475,
      0.7375,
      0,
      0.8425,
      0.105,
      0.95,
      0.2125,
      1.055,
      0.3175,
      1.16,
      0.4225,
      1.265,
      0.5275,
      1.37,
      0.6325,
      1.475,
      0.7375,
      0,
      0.8425,
      0.105,
      0.95,
      0.2125,
      1.055,
      0.3175,
      1.16,
      0.4225,
      1.265,
      0.5275,
      1.37,
      0.6325,
      1.475,
      0.7375
    ],
    "SpacingBetweenSlices": 2.2,
    "TotalReadoutTime": 0.0243749,
    "TxRefAmp": 244.361,
    "WipMemBlock": "4c745908-2074-4994-a429-4e26dfa06a40||Sequence: R017 nxva30a/master r/d34922cc2+; Jun 27 2022 13:20:16 by eja",
    "dataset": "<unset>",
    "modality": "bold",
    "session_id": "047",
    "subject_id": "001",
    "task_id": "rest"
  },
  "dummy_trs": 2,
  "dvars_nstd": 35.806580424672056,
  "dvars_std": 1.0100980112583668,
  "dvars_vstd": 0.9882020431860782,
  "efc": 0.6546,
  "fber": 125.7798,
  "fd_mean": 0.14937258679761772,
  "fd_num": 148,
  "fd_perc": 19.78609625668449,
  "fwhm_avg": 4.010735890984695,
  "fwhm_x": 3.814724471197403,
  "fwhm_y": 3.977837839103066,
  "fwhm_z": 4.239645362653616,
  "gcor": [
    0.0177671,
    0.0114268,
    0.00812496,
    0.00624409
  ],
  "gsr_x": 0.16205397248268127,
  "gsr_y": 0.016203895211219788,
  "provenance": {
    "md5sum": "2c40ad91973e07ef06f726da23c342e6",
    "settings": {
      "fd_thres": 0.2,
      "testing": false
    },
    "software": "mriqc",
    "version": "24.1.0.dev0+g3fe90466.d20240417"
  },
  "size_t": 748,
  "size_x": 76,
  "size_y": 102,
  "size_z": 60,
  "snr": 2.4965911560855623,
  "spacing_tr": 1.600000023841858,
  "spacing_x": 2.196079969406128,
  "spacing_y": 2.196079969406128,
  "spacing_z": 2.200000047683716,
  "summary_bg_k": 5.3081,
  "summary_bg_mad": 68.7884,
  "summary_bg_mean": 180.1248,
  "summary_bg_median": 73.0,
  "summary_bg_n": 331351.0,
  "summary_bg_p05": 1.0,
  "summary_bg_p95": 758.0,
  "summary_bg_stdv": 250.7074,
  "summary_fg_k": 1.4595,
  "summary_fg_mad": 311.8043,
  "summary_fg_mean": 847.8887,
  "summary_fg_median": 815.0,
  "summary_fg_n": 133769.0,
  "summary_fg_p05": 394.0,
  "summary_fg_p95": 1406.0,
  "summary_fg_stdv": 326.4439,
  "tsnr": 35.01046240888536
}