{
  "aor": [
    0.0014736363636363636,
    0.0012271717171717172,
    0.0012204040404040404,
    0.0014063636363636366
  ],
  "aqi": [
    0.0034645174747474747,
    0.004145007474747475,
    0.0070050962626262625,
    0.012535477777777778
  ],
  "bids_meta": {
    "AcquisitionDuration": 188.475,
    "AcquisitionMatrixPE": 96,
    "AcquisitionTime": "20:09:1.375000",
    "B0FieldSource": [
      "013pepolarbold",
      "013phasediff"
    ],
    "BandwidthPerPixelPhaseEncode": 37.879,
    "BaseResolution": 96,
    "DerivedVendorReportedEchoSpacing": 0.000549997,
    "DwellTime": 2.3e-06,
    "EchoNumber": 1,
    "EchoTime": 0.0126,
    "EchoTrainLength": 35,
    "EffectiveEchoSpacing": 0.000274998,
    "FlipAngle": 64,
    "ImageOrientationPatientDICOM": [
      0.999176,
      0.0386127,
      0.0124868,
      -0.0317495,
      0.935434,
      -0.352071
    ],
    "ImageType": [
      "ORIGINAL",
      "PRIMARY",
      "FMRI",
      "NONE"
    ],
    "ImageTypeText": [
      "ORIGINAL",
      "PRIMARY",
      "M",
      "MB",
      "TE1",
      "DIS2D"
    ],
    "InPlanePhaseEncodingDirectionDICOM": "COL",
    "PercentPhaseFOV": 100,
    "PhaseEchoTime1": 0.0126,
    "PhaseEchoTime2": 0.03304,
    "PhaseEncodingDirection": "j",
    "PixelBandwidth": 2264,
    "ProtocolName": "func-bold_task-qct_dir-PA__cmrr_me4_sms4",
    "PulseSequenceName": "epfid2d4_96",
    "ReceiveCoilActiveElements": "HC1-7",
    "ReconMatrixPE": 96,
    "RefLinesPE": 22,
    "RepetitionTime": 1.6,
    "SequenceVariant": "SK\\SS",
    "SeriesDescription": "func-bold_task-qct_dir-PA__cmrr_me4_sms4",
    "SeriesNumber": 13,
    "ShimSetting": [
      8226,
      -5603,
      -6013,
      717,
      -33,
      -117,
      22,
      65
    ],
    "SliceThickness": 2.2,
    "SliceTiming": [
      0,
      0.845,
      0.1075,
      0.95,
      0.2125,
      1.055,
      0.3175,
      1.16,
      0.4225,
      1.265,
      0.5275,
      1.37,
      0.6325,
      1.475,
      0.7375,
      0,
      0.845,
      0.1075,
      0.95,
      0.2125,
      1.055,
      0.3175,
      1.16,
      0.4225,
      1.265,
      0.5275,
      1.37,
      0.6325,
      1.475,
      0.7375,
      0,
      0.845,
      0.1075,
      0.95,
      0.2125,
      1.055,
      0.3175,
      1.16,
      0.4225,
      1.265,
      0.5275,
      1.37,
      0.6325,
      1.475,
      0.7375,
      0,
      0.845,
      0.1075,
      0.95,
      0.2125,
      1.055,
      0.3175,
      1.16,
      0.4225,
      1.265,
      0.5275,
      1.37,
      0.6325,
      1.475,
      0.7375
    ],
    "SpacingBetweenSlices": 2.2,
    "TotalReadoutTime": 0.0261249,
    "TxRefAmp": 245.254,
    "WipMemBlock": "8e697691-d428-4c18-a21e-fd25eb4365e8||Sequence: R017 nxva30a/master r/d34922cc2+; Jun 27 2022 13:20:16 by eja",
    "dataset": "<unset>",
    "modality": "bold",
    "session_id": "013",
    "subject_id": "001",
    "task_id": "qct"
  },
  "dummy_trs": 0,
  "dvars_nstd": 27.547866062244903,
  "dvars_std": 1.0877272623469387,
  "dvars_vstd": 1.0311543020408165,
  "efc": 0.5788,
  "fber": 701.4703,
  "fd_mean": 0.06661784272649073,
  "fd_num": 0,
  "fd_perc": 0.0,
  "fwhm_avg": 3.595178039411556,
  "fwhm_x": 3.294046063233119,
  "fwhm_y": 3.6751017740831315,
  "fwhm_z": 3.816386280918419,
  "gcor": [
    0.0112737,
    0.0134057,
    0.0111751,
    0.00855311
  ],
  "gsr_x": 0.0018870068015530705,
  "gsr_y": 0.10605092346668243,
  "provenance": {
    "md5sum": "e81bffd9c0c64ad01d05d06359a47cb3",
    "settings": {
      "fd_thres": 0.2,
      "testing": false
    },
    "software": "mriqc",
    "version": "24.1.0.dev0+g3fe90466.d20240417"
  },
  "size_t": 99,
  "size_x": 96,
  "size_y": 96,
  "size_z": 60,
  "snr": 2.567850468490733,
  "spacing_tr": 1.600000023841858,
  "spacing_x": 2.197920083999634,
  "spacing_y": 2.197920083999634,
  "spacing_z": 2.200000047683716,
  "summary_bg_k": 10.8808,
  "summary_bg_mad": 20.6067,
  "summary_bg_mean": 127.7601,
  "summary_bg_median": 31.0,
  "summary_bg_n": 417356.0,
  "summary_bg_p05": 0.0,
  "summary_bg_p95": 640.0,
  "summary_bg_stdv": 231.0252,
  "summary_fg_k": 0.834,
  "summary_fg_mad": 315.2402,
  "summary_fg_mean": 844.1136,
  "summary_fg_median": 818.0,
  "summary_fg_n": 135604.0,
  "summary_fg_p05": 395.0,
  "summary_fg_p95": 1385.0,
  "summary_fg_stdv": 318.5532,
  "tsnr": 55.326562499278225
}