{
  "aor": [
    0.00027805073431241655,
    0.0002475166889185581,
    0.0002937650200267023,
    0.0004225500667556743
  ],
  "aqi": [
    0.004392453524699599,
    0.0046954969959946595,
    0.007983755020026701,
    0.014476389052069424
  ],
  "bids_meta": {
    "AcquisitionDuration": 1230.47,
    "AcquisitionMatrixPE": 96,
    "AcquisitionTime": "20:15:23.292500",
    "B0FieldSource": [
      "013pepolarbold",
      "013phasediff"
    ],
    "BandwidthPerPixelPhaseEncode": 37.879,
    "BaseResolution": 96,
    "DerivedVendorReportedEchoSpacing": 0.000549997,
    "DwellTime": 2.3e-06,
    "EchoNumber": 4,
    "EchoTime": 0.07392,
    "EchoTrainLength": 35,
    "EffectiveEchoSpacing": 0.000274998,
    "FlipAngle": 64,
    "ImageOrientationPatientDICOM": [
      0.999176,
      0.0386127,
      0.0124868,
      -0.0317495,
      0.935434,
      -0.352071
    ],
    "ImageType": [
      "ORIGINAL",
      "PRIMARY",
      "FMRI",
      "NONE"
    ],
    "ImageTypeText": [
      "ORIGINAL",
      "PRIMARY",
      "M",
      "MB",
      "TE4",
      "DIS2D"
    ],
    "InPlanePhaseEncodingDirectionDICOM": "COL",
    "PercentPhaseFOV": 100,
    "PhaseEchoTime1": 0.0126,
    "PhaseEchoTime2": 0.03304,
    "PhaseEncodingDirection": "j",
    "PixelBandwidth": 2264,
    "ProtocolName": "func-bold_task-rest_dir-PA__cmrr_me4_sms4",
    "PulseSequenceName": "epfid2d4_96",
    "ReceiveCoilActiveElements": "HC1-7",
    "ReconMatrixPE": 96,
    "RefLinesPE": 22,
    "RepetitionTime": 1.6,
    "SequenceVariant": "SK\\SS",
    "SeriesDescription": "func-bold_task-rest_dir-PA__cmrr_me4_sms4",
    "SeriesNumber": 23,
    "ShimSetting": [
      8226,
      -5604,
      -6013,
      719,
      -29,
      -118,
      22,
      69
    ],
    "SliceThickness": 2.2,
    "SliceTiming": [
      0,
      0.8425,
      0.105,
      0.9475,
      0.21,
      1.0525,
      0.315,
      1.1575,
      0.42,
      1.2625,
      0.525,
      1.3675,
      0.6325,
      1.475,
      0.7375,
      0,
      0.8425,
      0.105,
      0.9475,
      0.21,
      1.0525,
      0.315,
      1.1575,
      0.42,
      1.2625,
      0.525,
      1.3675,
      0.6325,
      1.475,
      0.7375,
      0,
      0.8425,
      0.105,
      0.9475,
      0.21,
      1.0525,
      0.315,
      1.1575,
      0.42,
      1.2625,
      0.525,
      1.3675,
      0.6325,
      1.475,
      0.7375,
      0,
      0.8425,
      0.105,
      0.9475,
      0.21,
      1.0525,
      0.315,
      1.1575,
      0.42,
      1.2625,
      0.525,
      1.3675,
      0.6325,
      1.475,
      0.7375
    ],
    "SpacingBetweenSlices": 2.2,
    "TotalReadoutTime": 0.0261249,
    "TxRefAmp": 245.254,
    "WipMemBlock": "bc5b565a-92bc-46ab-8848-0a41355e3202||Sequence: R017 nxva30a/master r/d34922cc2+; Jun 27 2022 13:20:16 by eja",
    "dataset": "<unset>",
    "modality": "bold",
    "session_id": "013",
    "subject_id": "001",
    "task_id": "rest"
  },
  "dummy_trs": 1,
  "dvars_nstd": 77.06064467012031,
  "dvars_std": 1.0261002615374344,
  "dvars_vstd": 1.0004694529010705,
  "efc": 0.5107,
  "fber": 141.0622,
  "fd_mean": 0.11460838333889095,
  "fd_num": 54,
  "fd_perc": 7.209612817089453,
  "fwhm_avg": 2.570419658414094,
  "fwhm_x": 2.4642843201759024,
  "fwhm_y": 2.8050928898109233,
  "fwhm_z": 2.4418817652554563,
  "gcor": [
    0.0110002,
    0.0177075,
    0.0162149,
    0.0132869
  ],
  "gsr_x": 0.002536163665354252,
  "gsr_y": 0.027684370055794716,
  "provenance": {
    "md5sum": "b83293a321f46bc0db53b886246b0c8a",
    "settings": {
      "fd_thres": 0.2,
      "testing": false
    },
    "software": "mriqc",
    "version": "24.1.0.dev0+g3fe90466.d20240417"
  },
  "size_t": 749,
  "size_x": 96,
  "size_y": 96,
  "size_z": 60,
  "snr": 1.513098519818208,
  "spacing_tr": 1.600000023841858,
  "spacing_x": 2.197920083999634,
  "spacing_y": 2.197920083999634,
  "spacing_z": 2.200000047683716,
  "summary_bg_k": 170.3937,
  "summary_bg_mad": 2.1893,
  "summary_bg_mean": 20.2262,
  "summary_bg_median": 18.0,
  "summary_bg_n": 417674.0,
  "summary_bg_p05": 1.0,
  "summary_bg_p95": 36.0,
  "summary_bg_stdv": 15.1032,
  "summary_fg_k": 4.6418,
  "summary_fg_mad": 123.7824,
  "summary_fg_mean": 223.6022,
  "summary_fg_median": 216.0,
  "summary_fg_n": 135286.0,
  "summary_fg_p05": 27.0,
  "summary_fg_p95": 466.0,
  "summary_fg_stdv": 142.7529,
  "tsnr": 16.43760861735791
}