{
  "aor": [
    0.0014736363636363636,
    0.0012271717171717172,
    0.0012204040404040404,
    0.0014063636363636366
  ],
  "aqi": [
    0.0034645174747474747,
    0.004145007474747475,
    0.0070050962626262625,
    0.012535477777777778
  ],
  "bids_meta": {
    "AcquisitionDuration": 188.475,
    "AcquisitionMatrixPE": 96,
    "AcquisitionTime": "20:09:1.415000",
    "B0FieldSource": [
      "013pepolarbold",
      "013phasediff"
    ],
    "BandwidthPerPixelPhaseEncode": 37.879,
    "BaseResolution": 96,
    "DerivedVendorReportedEchoSpacing": 0.000549997,
    "DwellTime": 2.3e-06,
    "EchoNumber": 3,
    "EchoTime": 0.05348,
    "EchoTrainLength": 35,
    "EffectiveEchoSpacing": 0.000274998,
    "FlipAngle": 64,
    "ImageOrientationPatientDICOM": [
      0.999176,
      0.0386127,
      0.0124868,
      -0.0317495,
      0.935434,
      -0.352071
    ],
    "ImageType": [
      "ORIGINAL",
      "PRIMARY",
      "FMRI",
      "NONE"
    ],
    "ImageTypeText": [
      "ORIGINAL",
      "PRIMARY",
      "M",
      "MB",
      "TE3",
      "DIS2D"
    ],
    "InPlanePhaseEncodingDirectionDICOM": "COL",
    "PercentPhaseFOV": 100,
    "PhaseEchoTime1": 0.0126,
    "PhaseEchoTime2": 0.03304,
    "PhaseEncodingDirection": "j",
    "PixelBandwidth": 2264,
    "ProtocolName": "func-bold_task-qct_dir-PA__cmrr_me4_sms4",
    "PulseSequenceName": "epfid2d4_96",
    "ReceiveCoilActiveElements": "HC1-7",
    "ReconMatrixPE": 96,
    "RefLinesPE": 22,
    "RepetitionTime": 1.6,
    "SequenceVariant": "SK\\SS",
    "SeriesDescription": "func-bold_task-qct_dir-PA__cmrr_me4_sms4",
    "SeriesNumber": 13,
    "ShimSetting": [
      8226,
      -5603,
      -6013,
      717,
      -33,
      -117,
      22,
      65
    ],
    "SliceThickness": 2.2,
    "SliceTiming": [
      0,
      0.8425,
      0.105,
      0.9475,
      0.21,
      1.0525,
      0.315,
      1.1575,
      0.42,
      1.2625,
      0.525,
      1.3675,
      0.63,
      1.4725,
      0.735,
      0,
      0.8425,
      0.105,
      0.9475,
      0.21,
      1.0525,
      0.315,
      1.1575,
      0.42,
      1.2625,
      0.525,
      1.3675,
      0.63,
      1.4725,
      0.735,
      0,
      0.8425,
      0.105,
      0.9475,
      0.21,
      1.0525,
      0.315,
      1.1575,
      0.42,
      1.2625,
      0.525,
      1.3675,
      0.63,
      1.4725,
      0.735,
      0,
      0.8425,
      0.105,
      0.9475,
      0.21,
      1.0525,
      0.315,
      1.1575,
      0.42,
      1.2625,
      0.525,
      1.3675,
      0.63,
      1.4725,
      0.735
    ],
    "SpacingBetweenSlices": 2.2,
    "TotalReadoutTime": 0.0261249,
    "TxRefAmp": 245.254,
    "WipMemBlock": "8e697691-d428-4c18-a21e-fd25eb4365e8||Sequence: R017 nxva30a/master r/d34922cc2+; Jun 27 2022 13:20:16 by eja",
    "dataset": "<unset>",
    "modality": "bold",
    "session_id": "013",
    "subject_id": "001",
    "task_id": "qct"
  },
  "dummy_trs": 0,
  "dvars_nstd": 51.68478047112245,
  "dvars_std": 1.0242545129591836,
  "dvars_vstd": 1.013486052346939,
  "efc": 0.5026,
  "fber": 333.7161,
  "fd_mean": 0.06661784272649073,
  "fd_num": 0,
  "fd_perc": 0.0,
  "fwhm_avg": 2.8605589356500367,
  "fwhm_x": 2.7471062501110506,
  "fwhm_y": 3.103661525120827,
  "fwhm_z": 2.7309090317182316,
  "gcor": [
    0.0112737,
    0.0134057,
    0.0111751,
    0.00855311
  ],
  "gsr_x": 0.005066562443971634,
  "gsr_y": 0.02967139147222042,
  "provenance": {
    "md5sum": "9b8cf353a48481268e57103b52125289",
    "settings": {
      "fd_thres": 0.2,
      "testing": false
    },
    "software": "mriqc",
    "version": "24.1.0.dev0+g3fe90466.d20240417"
  },
  "size_t": 99,
  "size_x": 96,
  "size_y": 96,
  "size_z": 60,
  "snr": 1.7950592913458865,
  "spacing_tr": 1.600000023841858,
  "spacing_x": 2.197920083999634,
  "spacing_y": 2.197920083999634,
  "spacing_z": 2.200000047683716,
  "summary_bg_k": 86.6301,
  "summary_bg_mad": 3.3246,
  "summary_bg_mean": 25.5537,
  "summary_bg_median": 19.0,
  "summary_bg_n": 417356.0,
  "summary_bg_p05": 0.0,
  "summary_bg_p95": 64.0,
  "summary_bg_stdv": 29.362,
  "summary_fg_k": 1.9637,
  "summary_fg_mad": 166.7104,
  "summary_fg_mean": 352.0707,
  "summary_fg_median": 345.0,
  "summary_fg_n": 135604.0,
  "summary_fg_p05": 41.0,
  "summary_fg_p95": 673.0,
  "summary_fg_stdv": 192.1935,
  "tsnr": 26.124203744111583
}