{
  "aor": [
    0.00027805073431241655,
    0.0002475166889185581,
    0.0002937650200267023,
    0.0004225500667556743
  ],
  "aqi": [
    0.004392453524699599,
    0.0046954969959946595,
    0.007983755020026701,
    0.014476389052069424
  ],
  "bids_meta": {
    "AcquisitionDuration": 1230.47,
    "AcquisitionMatrixPE": 96,
    "AcquisitionTime": "20:15:23.252500",
    "B0FieldSource": [
      "013pepolarbold",
      "013phasediff"
    ],
    "BandwidthPerPixelPhaseEncode": 37.879,
    "BaseResolution": 96,
    "DerivedVendorReportedEchoSpacing": 0.000549997,
    "DwellTime": 2.3e-06,
    "EchoNumber": 2,
    "EchoTime": 0.03304,
    "EchoTrainLength": 35,
    "EffectiveEchoSpacing": 0.000274998,
    "FlipAngle": 64,
    "ImageOrientationPatientDICOM": [
      0.999176,
      0.0386127,
      0.0124868,
      -0.0317495,
      0.935434,
      -0.352071
    ],
    "ImageType": [
      "ORIGINAL",
      "PRIMARY",
      "FMRI",
      "NONE"
    ],
    "ImageTypeText": [
      "ORIGINAL",
      "PRIMARY",
      "M",
      "MB",
      "TE2",
      "DIS2D"
    ],
    "InPlanePhaseEncodingDirectionDICOM": "COL",
    "PercentPhaseFOV": 100,
    "PhaseEchoTime1": 0.0126,
    "PhaseEchoTime2": 0.03304,
    "PhaseEncodingDirection": "j",
    "PixelBandwidth": 2264,
    "ProtocolName": "func-bold_task-rest_dir-PA__cmrr_me4_sms4",
    "PulseSequenceName": "epfid2d4_96",
    "ReceiveCoilActiveElements": "HC1-7",
    "ReconMatrixPE": 96,
    "RefLinesPE": 22,
    "RepetitionTime": 1.6,
    "SequenceVariant": "SK\\SS",
    "SeriesDescription": "func-bold_task-rest_dir-PA__cmrr_me4_sms4",
    "SeriesNumber": 23,
    "ShimSetting": [
      8226,
      -5604,
      -6013,
      719,
      -29,
      -118,
      22,
      69
    ],
    "SliceThickness": 2.2,
    "SliceTiming": [
      0,
      0.8425,
      0.1075,
      0.95,
      0.2125,
      1.055,
      0.3175,
      1.16,
      0.4225,
      1.265,
      0.5275,
      1.37,
      0.6325,
      1.475,
      0.7375,
      0,
      0.8425,
      0.1075,
      0.95,
      0.2125,
      1.055,
      0.3175,
      1.16,
      0.4225,
      1.265,
      0.5275,
      1.37,
      0.6325,
      1.475,
      0.7375,
      0,
      0.8425,
      0.1075,
      0.95,
      0.2125,
      1.055,
      0.3175,
      1.16,
      0.4225,
      1.265,
      0.5275,
      1.37,
      0.6325,
      1.475,
      0.7375,
      0,
      0.8425,
      0.1075,
      0.95,
      0.2125,
      1.055,
      0.3175,
      1.16,
      0.4225,
      1.265,
      0.5275,
      1.37,
      0.6325,
      1.475,
      0.7375
    ],
    "SpacingBetweenSlices": 2.2,
    "TotalReadoutTime": 0.0261249,
    "TxRefAmp": 245.254,
    "WipMemBlock": "bc5b565a-92bc-46ab-8848-0a41355e3202||Sequence: R017 nxva30a/master r/d34922cc2+; Jun 27 2022 13:20:16 by eja",
    "dataset": "<unset>",
    "modality": "bold",
    "session_id": "013",
    "subject_id": "001",
    "task_id": "rest"
  },
  "dummy_trs": 1,
  "dvars_nstd": 37.508027658128356,
  "dvars_std": 1.0327784672860958,
  "dvars_vstd": 0.9997989613502688,
  "efc": 0.5192,
  "fber": 623.2977,
  "fd_mean": 0.11460838333889095,
  "fd_num": 54,
  "fd_perc": 7.209612817089453,
  "fwhm_avg": 3.1609999178750847,
  "fwhm_x": 3.0224483812492915,
  "fwhm_y": 3.386274166281853,
  "fwhm_z": 3.074277206094109,
  "gcor": [
    0.0110002,
    0.0177075,
    0.0162149,
    0.0132869
  ],
  "gsr_x": 0.011972897686064243,
  "gsr_y": 0.037838660180568695,
  "provenance": {
    "md5sum": "ecfa41b999d96ace4c3b8800c42611fc",
    "settings": {
      "fd_thres": 0.2,
      "testing": false
    },
    "software": "mriqc",
    "version": "24.1.0.dev0+g3fe90466.d20240417"
  },
  "size_t": 749,
  "size_x": 96,
  "size_y": 96,
  "size_z": 60,
  "snr": 2.138116570866519,
  "spacing_tr": 1.600000023841858,
  "spacing_x": 2.197920083999634,
  "spacing_y": 2.197920083999634,
  "spacing_z": 2.200000047683716,
  "summary_bg_k": 38.7038,
  "summary_bg_mad": 6.4154,
  "summary_bg_mean": 43.2172,
  "summary_bg_median": 21.0,
  "summary_bg_n": 417674.0,
  "summary_bg_p05": 1.0,
  "summary_bg_p95": 162.0,
  "summary_bg_stdv": 74.4214,
  "summary_fg_k": 1.0507,
  "summary_fg_mad": 217.5338,
  "summary_fg_mean": 536.661,
  "summary_fg_median": 524.0,
  "summary_fg_n": 135286.0,
  "summary_fg_p05": 105.0,
  "summary_fg_p95": 948.0,
  "summary_fg_stdv": 245.0746,
  "tsnr": 36.3740306571126
}