{
  "aor": [
    0.0034701020408163265,
    0.0033510204081632655,
    0.0032961224489795916,
    0.003277142857142857
  ],
  "aqi": [
    0.006925814489795919,
    0.008827427448979592,
    0.013703917551020408,
    0.022552336734693874
  ],
  "bids_meta": {
    "AcquisitionDuration": 188.475,
    "AcquisitionMatrixPE": 76,
    "AcquisitionTime": "17:34:6.377500",
    "B0FieldSource": [
      "pilot015pepolarbold",
      "pilot015phasediff"
    ],
    "BandwidthPerPixelPhaseEncode": 40.486,
    "BaseResolution": 102,
    "DerivedVendorReportedEchoSpacing": 0.000649997,
    "DwellTime": 2.5e-06,
    "EchoNumber": 1,
    "EchoTime": 0.0126,
    "EchoTrainLength": 28,
    "EffectiveEchoSpacing": 0.000324999,
    "FlipAngle": 64,
    "ImageOrientationPatientDICOM": [
      0.998418,
      0.0539953,
      0.0157086,
      -0.0469095,
      0.953764,
      -0.296872
    ],
    "ImageType": [
      "ORIGINAL",
      "PRIMARY",
      "FMRI",
      "NONE"
    ],
    "ImageTypeText": [
      "ORIGINAL",
      "PRIMARY",
      "M",
      "MB",
      "TE1",
      "DIS2D"
    ],
    "InPlanePhaseEncodingDirectionDICOM": "ROW",
    "PercentPhaseFOV": 74.5098,
    "PhaseEchoTime1": 0.0126,
    "PhaseEchoTime2": 0.0322,
    "PhaseEncodingDirection": "i-",
    "PixelBandwidth": 1961,
    "ProtocolName": "func-bold_task-qct_dir-LR__cmrr_me4_sms4",
    "PulseSequenceName": "epfid2d4_76",
    "ReceiveCoilActiveElements": "HC1-7",
    "ReconMatrixPE": 76,
    "RefLinesPE": 18,
    "RepetitionTime": 1.6,
    "SequenceVariant": "SK\\SS\\OSP",
    "SeriesDescription": "func-bold_task-qct_dir-LR__cmrr_me4_sms4",
    "SeriesNumber": 13,
    "ShimSetting": [
      8224,
      -5627,
      -6023,
      688,
      -75,
      -214,
      13,
      56
    ],
    "SliceThickness": 2.2,
    "SliceTiming": [
      0,
      0.8425,
      0.105,
      0.9475,
      0.21,
      1.0525,
      0.315,
      1.1575,
      0.42,
      1.2625,
      0.525,
      1.37,
      0.6325,
      1.475,
      0.7375,
      0,
      0.8425,
      0.105,
      0.9475,
      0.21,
      1.0525,
      0.315,
      1.1575,
      0.42,
      1.2625,
      0.525,
      1.37,
      0.6325,
      1.475,
      0.7375,
      0,
      0.8425,
      0.105,
      0.9475,
      0.21,
      1.0525,
      0.315,
      1.1575,
      0.42,
      1.2625,
      0.525,
      1.37,
      0.6325,
      1.475,
      0.7375,
      0,
      0.8425,
      0.105,
      0.9475,
      0.21,
      1.0525,
      0.315,
      1.1575,
      0.42,
      1.2625,
      0.525,
      1.37,
      0.6325,
      1.475,
      0.7375
    ],
    "SpacingBetweenSlices": 2.2,
    "TotalReadoutTime": 0.0243749,
    "TxRefAmp": 254.186,
    "WipMemBlock": "b1be1d78-fed5-46ed-9cbc-29b76b843c56||Sequence: R017 nxva30a/master r/d34922cc2+; Jun 27 2022 13:20:16 by eja",
    "dataset": "<unset>",
    "modality": "bold",
    "session_id": "pilot015",
    "subject_id": "001",
    "task_id": "qct"
  },
  "dummy_trs": 1,
  "dvars_nstd": 43.50286357845361,
  "dvars_std": 1.105920952474227,
  "dvars_vstd": 1.0777735055670106,
  "efc": 0.6543,
  "fber": 146.0473,
  "fd_mean": 0.15511114245436958,
  "fd_num": 23,
  "fd_perc": 23.46938775510204,
  "fwhm_avg": 3.597420225540482,
  "fwhm_x": 3.3670267490302654,
  "fwhm_y": 3.5675294657501273,
  "fwhm_z": 3.857704461841053,
  "gcor": [
    0.0118945,
    0.00926639,
    0.00639932,
    0.00433907
  ],
  "gsr_x": 0.1414632946252823,
  "gsr_y": 0.0245065875351429,
  "provenance": {
    "md5sum": "059d6abe988f492477adab1daaf61f00",
    "settings": {
      "fd_thres": 0.2,
      "testing": false
    },
    "software": "mriqc",
    "version": "24.1.0.dev0+g3fe90466.d20240417"
  },
  "size_t": 98,
  "size_x": 76,
  "size_y": 102,
  "size_z": 60,
  "snr": 2.642472487096532,
  "spacing_tr": 1.600000023841858,
  "spacing_x": 2.196079969406128,
  "spacing_y": 2.196079969406128,
  "spacing_z": 2.200000047683716,
  "summary_bg_k": 5.4543,
  "summary_bg_mad": 60.8321,
  "summary_bg_mean": 168.4253,
  "summary_bg_median": 65.0,
  "summary_bg_n": 330104.0,
  "summary_bg_p05": 0.0,
  "summary_bg_p95": 721.0,
  "summary_bg_stdv": 239.897,
  "summary_fg_k": 0.7521,
  "summary_fg_mad": 286.2028,
  "summary_fg_mean": 807.7038,
  "summary_fg_median": 783.0,
  "summary_fg_n": 135016.0,
  "summary_fg_p05": 379.0,
  "summary_fg_p95": 1317.0,
  "summary_fg_stdv": 296.3123,
  "tsnr": 34.199327983835246
}