{
  "aor": [
    0.0007704368932038836,
    0.0006371844660194174,
    0.0006421359223300971,
    0.0007006796116504853
  ],
  "aqi": [
    0.008183002621359223,
    0.00987570567961165,
    0.015612638834951457,
    0.02599414805825243
  ],
  "bids_meta": {
    "AcquisitionDuration": 361.475,
    "AcquisitionMatrixPE": 76,
    "AcquisitionTime": "18:05:26.482500",
    "B0FieldSource": [
      "pilot015pepolarbold",
      "pilot015phasediff"
    ],
    "BandwidthPerPixelPhaseEncode": 40.486,
    "BaseResolution": 102,
    "DerivedVendorReportedEchoSpacing": 0.000649997,
    "DwellTime": 2.5e-06,
    "EchoNumber": 1,
    "EchoTime": 0.0126,
    "EchoTrainLength": 28,
    "EffectiveEchoSpacing": 0.000324999,
    "ImageOrientationPatientDICOM": [
      0.998418,
      0.0539953,
      0.0157086,
      -0.0469095,
      0.953764,
      -0.296872
    ],
    "ImageType": [
      "ORIGINAL",
      "PRIMARY",
      "FMRI",
      "NONE"
    ],
    "ImageTypeText": [
      "ORIGINAL",
      "PRIMARY",
      "M",
      "MB",
      "TE1",
      "DIS2D"
    ],
    "InPlanePhaseEncodingDirectionDICOM": "ROW",
    "PercentPhaseFOV": 74.5098,
    "PercentSampling": 100,
    "PhaseEchoTime1": 0.0126,
    "PhaseEchoTime2": 0.0322,
    "PhaseEncodingDirection": "i-",
    "PhaseResolution": 1,
    "PixelBandwidth": 1961,
    "ProtocolName": "func-bold_task-bht_dir-LR__cmrr_me4_sms4",
    "PulseSequenceName": "epfid2d4_76",
    "ReceiveCoilActiveElements": "HC1-7",
    "ReconMatrixPE": 76,
    "RefLinesPE": 18,
    "RepetitionTime": 1.6,
    "SequenceVariant": "SK\\SS\\OSP",
    "SeriesDescription": "func-bold_task-bht_dir-LR__cmrr_me4_sms4",
    "SeriesNumber": 19,
    "ShimSetting": [
      8224,
      -5627,
      -6023,
      688,
      -75,
      -214,
      13,
      56
    ],
    "SliceThickness": 2.2,
    "SliceTiming": [
      0,
      0.8425,
      0.105,
      0.9475,
      0.21,
      1.055,
      0.3175,
      1.16,
      0.4225,
      1.265,
      0.5275,
      1.37,
      0.6325,
      1.475,
      0.7375,
      0,
      0.8425,
      0.105,
      0.9475,
      0.21,
      1.055,
      0.3175,
      1.16,
      0.4225,
      1.265,
      0.5275,
      1.37,
      0.6325,
      1.475,
      0.7375,
      0,
      0.8425,
      0.105,
      0.9475,
      0.21,
      1.055,
      0.3175,
      1.16,
      0.4225,
      1.265,
      0.5275,
      1.37,
      0.6325,
      1.475,
      0.7375,
      0,
      0.8425,
      0.105,
      0.9475,
      0.21,
      1.055,
      0.3175,
      1.16,
      0.4225,
      1.265,
      0.5275,
      1.37,
      0.6325,
      1.475,
      0.7375
    ],
    "SpacingBetweenSlices": 2.2,
    "TotalReadoutTime": 0.0243749,
    "TxRefAmp": 254.186,
    "WipMemBlock": "2b0415bb-5195-4e17-8580-78b56d6a5a93||Sequence: R017 nxva30a/master r/d34922cc2+; Jun 27 2022 13:20:16 by eja",
    "dataset": "<unset>",
    "modality": "bold",
    "session_id": "pilot015",
    "subject_id": "001",
    "task_id": "bht"
  },
  "dummy_trs": 1,
  "dvars_nstd": 43.659438324097565,
  "dvars_std": 1.0970527448292677,
  "dvars_vstd": 1.0151332104390247,
  "efc": 0.6581,
  "fber": 131.771,
  "fd_mean": 0.17022528597269948,
  "fd_num": 77,
  "fd_perc": 37.37864077669903,
  "fwhm_avg": 3.572244618596804,
  "fwhm_x": 3.354832293284994,
  "fwhm_y": 3.5621198266816503,
  "fwhm_z": 3.799781735823767,
  "gcor": [
    0.0198248,
    0.0212153,
    0.0195397,
    0.0161004
  ],
  "gsr_x": 0.14576387405395508,
  "gsr_y": 0.023183833807706833,
  "provenance": {
    "md5sum": "2fa99ac54d9130e5d91693ad4261e1ca",
    "settings": {
      "fd_thres": 0.2,
      "testing": false
    },
    "software": "mriqc",
    "version": "24.1.0.dev0+g3fe90466.d20240417"
  },
  "size_t": 206,
  "size_x": 76,
  "size_y": 102,
  "size_z": 60,
  "snr": 2.639542573194153,
  "spacing_tr": 1.600000023841858,
  "spacing_x": 2.196079969406128,
  "spacing_y": 2.196079969406128,
  "spacing_z": 2.200000047683716,
  "summary_bg_k": 5.3743,
  "summary_bg_mad": 64.7019,
  "summary_bg_mean": 174.0777,
  "summary_bg_median": 68.0,
  "summary_bg_n": 330179.0,
  "summary_bg_p05": 0.0,
  "summary_bg_p95": 742.0,
  "summary_bg_stdv": 246.2317,
  "summary_fg_k": 0.6469,
  "summary_fg_mad": 285.768,
  "summary_fg_mean": 803.9826,
  "summary_fg_median": 779.0,
  "summary_fg_n": 134941.0,
  "summary_fg_p05": 374.0,
  "summary_fg_p95": 1314.0,
  "summary_fg_stdv": 295.1258,
  "tsnr": 34.03667811304331
}