{
  "aor": [
    0.00026623497997329767,
    0.0003532443257676903,
    0.0003605073431241656,
    0.0004216421895861149
  ],
  "aqi": [
    0.007539430013351135,
    0.00934264300400534,
    0.014997641655540721,
    0.024733617890520695
  ],
  "bids_meta": {
    "AcquisitionDuration": 1230.47,
    "AcquisitionMatrixPE": 76,
    "AcquisitionTime": "17:43:14.382500",
    "B0FieldSource": [
      "pilot015pepolarbold",
      "pilot015phasediff"
    ],
    "BandwidthPerPixelPhaseEncode": 40.486,
    "BaseResolution": 102,
    "DerivedVendorReportedEchoSpacing": 0.000649997,
    "DwellTime": 2.5e-06,
    "EchoNumber": 1,
    "EchoTime": 0.0126,
    "EchoTrainLength": 28,
    "EffectiveEchoSpacing": 0.000324999,
    "FlipAngle": 64,
    "ImageOrientationPatientDICOM": [
      0.998418,
      0.0539953,
      0.0157086,
      -0.0469095,
      0.953764,
      -0.296872
    ],
    "ImageType": [
      "ORIGINAL",
      "PRIMARY",
      "FMRI",
      "NONE"
    ],
    "ImageTypeText": [
      "ORIGINAL",
      "PRIMARY",
      "M",
      "MB",
      "TE1",
      "DIS2D"
    ],
    "InPlanePhaseEncodingDirectionDICOM": "ROW",
    "PercentPhaseFOV": 74.5098,
    "PhaseEchoTime1": 0.0126,
    "PhaseEchoTime2": 0.0322,
    "PhaseEncodingDirection": "i-",
    "PixelBandwidth": 1961,
    "ProtocolName": "func-bold_task-rest_dir-LR__cmrr_me4_sms4",
    "PulseSequenceName": "epfid2d4_76",
    "ReceiveCoilActiveElements": "HC1-7",
    "ReconMatrixPE": 76,
    "RefLinesPE": 18,
    "RepetitionTime": 1.6,
    "SequenceVariant": "SK\\SS\\OSP",
    "SeriesDescription": "func-bold_task-rest_dir-LR__cmrr_me4_sms4",
    "SeriesNumber": 17,
    "ShimSetting": [
      8224,
      -5627,
      -6023,
      688,
      -75,
      -214,
      13,
      56
    ],
    "SliceThickness": 2.2,
    "SliceTiming": [
      0,
      0.8425,
      0.105,
      0.9475,
      0.21,
      1.0525,
      0.315,
      1.1575,
      0.42,
      1.2625,
      0.525,
      1.3675,
      0.6325,
      1.475,
      0.7375,
      0,
      0.8425,
      0.105,
      0.9475,
      0.21,
      1.0525,
      0.315,
      1.1575,
      0.42,
      1.2625,
      0.525,
      1.3675,
      0.6325,
      1.475,
      0.7375,
      0,
      0.8425,
      0.105,
      0.9475,
      0.21,
      1.0525,
      0.315,
      1.1575,
      0.42,
      1.2625,
      0.525,
      1.3675,
      0.6325,
      1.475,
      0.7375,
      0,
      0.8425,
      0.105,
      0.9475,
      0.21,
      1.0525,
      0.315,
      1.1575,
      0.42,
      1.2625,
      0.525,
      1.3675,
      0.6325,
      1.475,
      0.7375
    ],
    "SpacingBetweenSlices": 2.2,
    "TotalReadoutTime": 0.0243749,
    "TxRefAmp": 254.186,
    "WipMemBlock": "7bc2c658-812e-4cd8-b774-849ff71eda6d||Sequence: R017 nxva30a/master r/d34922cc2+; Jun 27 2022 13:20:16 by eja",
    "dataset": "<unset>",
    "modality": "bold",
    "session_id": "pilot015",
    "subject_id": "001",
    "task_id": "rest"
  },
  "dummy_trs": 1,
  "dvars_nstd": 42.12003548255341,
  "dvars_std": 1.0526200241042785,
  "dvars_vstd": 0.999123494518717,
  "efc": 0.6568,
  "fber": 136.3355,
  "fd_mean": 0.21157824705491346,
  "fd_num": 382,
  "fd_perc": 51.00133511348464,
  "fwhm_avg": 3.5718292294831566,
  "fwhm_x": 3.3596909505964967,
  "fwhm_y": 3.567065001789703,
  "fwhm_z": 3.7887317360632693,
  "gcor": [
    0.0191807,
    0.0189374,
    0.0156708,
    0.0120821
  ],
  "gsr_x": 0.14327633380889893,
  "gsr_y": 0.021230097860097885,
  "provenance": {
    "md5sum": "350f97fe437b7f33f5516857e2649b1c",
    "settings": {
      "fd_thres": 0.2,
      "testing": false
    },
    "software": "mriqc",
    "version": "24.1.0.dev0+g3fe90466.d20240417"
  },
  "size_t": 749,
  "size_x": 76,
  "size_y": 102,
  "size_z": 60,
  "snr": 2.6335105671409456,
  "spacing_tr": 1.600000023841858,
  "spacing_x": 2.196079969406128,
  "spacing_y": 2.196079969406128,
  "spacing_z": 2.200000047683716,
  "summary_bg_k": 5.3119,
  "summary_bg_mad": 63.2986,
  "summary_bg_mean": 171.4835,
  "summary_bg_median": 66.0,
  "summary_bg_n": 330249.0,
  "summary_bg_p05": 1.0,
  "summary_bg_p95": 729.0,
  "summary_bg_stdv": 242.7631,
  "summary_fg_k": 0.6685,
  "summary_fg_mad": 284.24,
  "summary_fg_mean": 800.3833,
  "summary_fg_median": 775.0,
  "summary_fg_n": 134871.0,
  "summary_fg_p05": 370.0,
  "summary_fg_p95": 1306.0,
  "summary_fg_stdv": 294.2829,
  "tsnr": 34.300752751063555
}