{
  "aor": [
    0.0009212000000000002,
    0.0008650666666666666,
    0.0007616000000000002,
    0.0009750666666666667
  ],
  "aqi": [
    0.006528717666666666,
    0.007993035199999998,
    0.012994370000000002,
    0.02463494
  ],
  "bids_meta": {
    "AcquisitionDuration": 265.442,
    "AcquisitionMatrixPE": 108,
    "AcquisitionTime": "15:14:21.812500",
    "B0FieldSource": [
      "pilot004pepolarbold",
      "pilot004phasediff"
    ],
    "BandwidthPerPixelPhaseEncode": 34.294,
    "BaseResolution": 108,
    "DerivedVendorReportedEchoSpacing": 0.000539993,
    "DwellTime": 2e-06,
    "EchoNumber": 1,
    "EchoTime": 0.0126,
    "EchoTrainLength": 40,
    "EffectiveEchoSpacing": 0.000269996,
    "FlipAngle": 90,
    "ImageOrientationPatientDICOM": [
      0.999066,
      0.0111462,
      0.0417531,
      -0.0108114,
      0.999908,
      -0.0082351
    ],
    "ImageType": [
      "ORIGINAL",
      "PRIMARY",
      "FMRI",
      "NONE"
    ],
    "ImageTypeText": [
      "ORIGINAL",
      "PRIMARY",
      "M",
      "MB",
      "TE1",
      "DIS2D"
    ],
    "InPlanePhaseEncodingDirectionDICOM": "COL",
    "PercentPhaseFOV": 100,
    "PhaseEncodingDirection": "j-",
    "PixelBandwidth": 2315,
    "ProtocolName": "cmrr_mbep2d_bold_me4_sms4",
    "PulseSequenceName": "epfid2d4_108",
    "ReceiveCoilActiveElements": "HC1-6",
    "ReconMatrixPE": 108,
    "RefLinesPE": 26,
    "RepetitionTime": 1.573,
    "SequenceVariant": "SK\\SS",
    "SeriesDescription": "cmrr_mbep2d_bold_me4_sms4",
    "SeriesNumber": 37,
    "ShimSetting": [
      8223,
      -5655,
      -6043,
      646,
      -100,
      -141,
      -6,
      42
    ],
    "SliceThickness": 2,
    "SliceTiming": [
      0,
      0.3325,
      0.665,
      0.9975,
      1.33,
      0.11,
      0.445,
      0.7775,
      1.11,
      1.4425,
      0.2225,
      0.555,
      0.8875,
      1.22,
      0,
      0.3325,
      0.665,
      0.9975,
      1.33,
      0.11,
      0.445,
      0.7775,
      1.11,
      1.4425,
      0.2225,
      0.555,
      0.8875,
      1.22,
      0,
      0.3325,
      0.665,
      0.9975,
      1.33,
      0.11,
      0.445,
      0.7775,
      1.11,
      1.4425,
      0.2225,
      0.555,
      0.8875,
      1.22,
      0,
      0.3325,
      0.665,
      0.9975,
      1.33,
      0.11,
      0.445,
      0.7775,
      1.11,
      1.4425,
      0.2225,
      0.555,
      0.8875,
      1.22
    ],
    "SpacingBetweenSlices": 2,
    "TotalReadoutTime": 0.0288896,
    "TxRefAmp": 251.192,
    "WipMemBlock": "85ca4343-ac91-417e-bf52-d9ac1f4f1e72||Sequence: R017 nxva30a/master r/d34922cc2+; Jun 27 2022 13:20:16 by eja",
    "dataset": "<unset>",
    "modality": "bold",
    "session_id": "pilot004",
    "subject_id": "001",
    "task_id": "qct"
  },
  "dummy_trs": 0,
  "dvars_nstd": 35.76570619677855,
  "dvars_std": 1.052228031812081,
  "dvars_vstd": 1.014340993825503,
  "efc": 0.5817,
  "fber": 695.4005,
  "fd_mean": 0.10295666612783164,
  "fd_num": 18,
  "fd_perc": 12.0,
  "fwhm_avg": 3.52462,
  "fwhm_x": 3.14532,
  "fwhm_y": 3.71908,
  "fwhm_z": 3.70946,
  "gcor": [
    0.00488234,
    0.005902,
    0.00501779,
    0.00363065
  ],
  "gsr_x": 0.0014519119868054986,
  "gsr_y": 0.10899196565151215,
  "provenance": {
    "md5sum": "cfdafc19a19fccd6c728b36dc58586d1",
    "settings": {
      "fd_thres": 0.2,
      "testing": false
    },
    "software": "mriqc",
    "version": "24.1.0.dev0+g3fe90466.d20240417"
  },
  "size_t": 150,
  "size_x": 108,
  "size_y": 108,
  "size_z": 56,
  "snr": 2.723118952829157,
  "spacing_tr": 1.5729999542236328,
  "spacing_x": 2.0,
  "spacing_y": 2.0,
  "spacing_z": 2.0,
  "summary_bg_k": 9.3907,
  "summary_bg_mad": 18.3052,
  "summary_bg_mean": 127.3077,
  "summary_bg_median": 30.0,
  "summary_bg_n": 490298.0,
  "summary_bg_p05": 1.0,
  "summary_bg_p95": 695.0,
  "summary_bg_stdv": 238.8683,
  "summary_fg_k": 0.3127,
  "summary_fg_mad": 283.9282,
  "summary_fg_mean": 825.2263,
  "summary_fg_median": 797.0,
  "summary_fg_n": 162886.0,
  "summary_fg_p05": 403.0,
  "summary_fg_p95": 1346.0,
  "summary_fg_stdv": 292.6782,
  "tsnr": 39.74854335235432
}