{
  "aor": [
    0.0009136266666666667,
    0.0008873866666666667,
    0.0007719733333333334,
    0.0006397066666666668
  ],
  "aqi": [
    0.008183920906666666,
    0.010300086093333334,
    0.0165592596,
    0.03005008053333333
  ],
  "bids_meta": {
    "AcquisitionDuration": 1209.44,
    "AcquisitionMatrixPE": 108,
    "AcquisitionTime": "15:20:6.210000",
    "B0FieldSource": [
      "pilot004pepolarbold",
      "pilot004phasediff"
    ],
    "BandwidthPerPixelPhaseEncode": 34.294,
    "BaseResolution": 108,
    "DerivedVendorReportedEchoSpacing": 0.000539993,
    "DwellTime": 2e-06,
    "EchoNumber": 4,
    "EchoTime": 0.08088,
    "EchoTrainLength": 40,
    "EffectiveEchoSpacing": 0.000269996,
    "FlipAngle": 90,
    "ImageOrientationPatientDICOM": [
      0.999066,
      0.0111462,
      0.0417541,
      -0.0108114,
      0.999908,
      -0.00823511
    ],
    "ImageType": [
      "ORIGINAL",
      "PRIMARY",
      "FMRI",
      "NONE"
    ],
    "ImageTypeText": [
      "ORIGINAL",
      "PRIMARY",
      "M",
      "MB",
      "TE4",
      "DIS2D"
    ],
    "InPlanePhaseEncodingDirectionDICOM": "COL",
    "PercentPhaseFOV": 100,
    "PhaseEncodingDirection": "j-",
    "PixelBandwidth": 2315,
    "ProtocolName": "cmrr_mbep2d_bold_me4_sms4_fa75_750meas",
    "PulseSequenceName": "epfid2d4_108",
    "ReceiveCoilActiveElements": "HC1-6",
    "ReconMatrixPE": 108,
    "RefLinesPE": 26,
    "RepetitionTime": 1.573,
    "SequenceVariant": "SK\\SS",
    "SeriesDescription": "cmrr_mbep2d_bold_me4_sms4_fa75_750meas",
    "SeriesNumber": 38,
    "ShimSetting": [
      8223,
      -5655,
      -6043,
      646,
      -100,
      -141,
      -6,
      42
    ],
    "SliceThickness": 2,
    "SliceTiming": [
      0,
      0.3325,
      0.665,
      1,
      1.3325,
      0.1125,
      0.445,
      0.7775,
      1.11,
      1.4425,
      0.2225,
      0.555,
      0.8875,
      1.22,
      0,
      0.3325,
      0.665,
      1,
      1.3325,
      0.1125,
      0.445,
      0.7775,
      1.11,
      1.4425,
      0.2225,
      0.555,
      0.8875,
      1.22,
      0,
      0.3325,
      0.665,
      1,
      1.3325,
      0.1125,
      0.445,
      0.7775,
      1.11,
      1.4425,
      0.2225,
      0.555,
      0.8875,
      1.22,
      0,
      0.3325,
      0.665,
      1,
      1.3325,
      0.1125,
      0.445,
      0.7775,
      1.11,
      1.4425,
      0.2225,
      0.555,
      0.8875,
      1.22
    ],
    "SpacingBetweenSlices": 2,
    "TotalReadoutTime": 0.0288896,
    "TxRefAmp": 251.192,
    "WipMemBlock": "16656b11-ec70-4d76-9555-55f2993d520a||Sequence: R017 nxva30a/master r/d34922cc2+; Jun 27 2022 13:20:16 by eja",
    "dataset": "<unset>",
    "modality": "bold",
    "session_id": "pilot004",
    "subject_id": "001",
    "task_id": "rest"
  },
  "dummy_trs": 0,
  "dvars_nstd": 98.63185162399202,
  "dvars_std": 1.0043428502136194,
  "dvars_vstd": 0.992736600787717,
  "efc": 0.532,
  "fber": 92.9517,
  "fd_mean": 0.10127899762344116,
  "fd_num": 36,
  "fd_perc": 4.8,
  "fwhm_avg": 2.6865383333333335,
  "fwhm_x": 2.46916,
  "fwhm_y": 3.031115,
  "fwhm_z": 2.55934,
  "gcor": [
    0.00892993,
    0.00618876,
    0.00519781,
    0.00356085
  ],
  "gsr_x": 0.003989553079009056,
  "gsr_y": 0.022378308698534966,
  "provenance": {
    "md5sum": "a0cec3d6efe653c79d85a8e858edadfb",
    "settings": {
      "fd_thres": 0.2,
      "testing": false
    },
    "software": "mriqc",
    "version": "24.1.0.dev0+g3fe90466.d20240417"
  },
  "size_t": 750,
  "size_x": 108,
  "size_y": 108,
  "size_z": 56,
  "snr": 1.456360026180682,
  "spacing_tr": 1.5729999542236328,
  "spacing_x": 2.0,
  "spacing_y": 2.0,
  "spacing_z": 2.0,
  "summary_bg_k": 94.0228,
  "summary_bg_mad": 2.1943,
  "summary_bg_mean": 20.5261,
  "summary_bg_median": 19.0,
  "summary_bg_n": 489358.0,
  "summary_bg_p05": 0.0,
  "summary_bg_p95": 35.0,
  "summary_bg_stdv": 12.1885,
  "summary_fg_k": 5.4182,
  "summary_fg_mad": 106.5467,
  "summary_fg_mean": 195.5398,
  "summary_fg_median": 184.0,
  "summary_fg_n": 163826.0,
  "summary_fg_p05": 29.0,
  "summary_fg_p95": 415.0,
  "summary_fg_stdv": 126.342,
  "tsnr": 11.216007891460322
}