{
  "aor": [
    0.0006378536585365856,
    0.0006799512195121952,
    0.0006934634146341462,
    0.0007845365853658536
  ],
  "aqi": [
    0.006512590585365853,
    0.008959851219512194,
    0.015165824878048783,
    0.02545882682926829
  ],
  "bids_meta": {
    "AcquisitionDuration": 361.475,
    "AcquisitionMatrixPE": 76,
    "AcquisitionTime": "20:26:25.305000",
    "B0FieldSource": [
      "021pepolarbold",
      "021phasediff"
    ],
    "BandwidthPerPixelPhaseEncode": 40.486,
    "BaseResolution": 102,
    "DerivedVendorReportedEchoSpacing": 0.000649997,
    "DwellTime": 2.5e-06,
    "EchoNumber": 3,
    "EchoTime": 0.0518,
    "EchoTrainLength": 28,
    "EffectiveEchoSpacing": 0.000324999,
    "ImageOrientationPatientDICOM": [
      0.999833,
      0.00493759,
      0.017604,
      0.000698016,
      0.951833,
      -0.306616
    ],
    "ImageType": [
      "ORIGINAL",
      "PRIMARY",
      "FMRI",
      "NONE"
    ],
    "ImageTypeText": [
      "ORIGINAL",
      "PRIMARY",
      "M",
      "MB",
      "TE3",
      "DIS2D"
    ],
    "InPlanePhaseEncodingDirectionDICOM": "ROW",
    "PercentPhaseFOV": 74.5098,
    "PercentSampling": 100,
    "PhaseEchoTime1": 0.0126,
    "PhaseEchoTime2": 0.0322,
    "PhaseEncodingDirection": "i",
    "PhaseResolution": 1,
    "PixelBandwidth": 1961,
    "ProtocolName": "func-bold_task-bht_dir-RL__cmrr_me4_sms4",
    "PulseSequenceName": "epfid2d4_76",
    "ReceiveCoilActiveElements": "HC1-7",
    "ReconMatrixPE": 76,
    "RefLinesPE": 18,
    "RepetitionTime": 1.6,
    "SequenceVariant": "SK\\SS\\OSP",
    "SeriesDescription": "func-bold_task-bht_dir-RL__cmrr_me4_sms4",
    "SeriesNumber": 25,
    "ShimSetting": [
      8214,
      -5617,
      -6008,
      718,
      -85,
      -181,
      35,
      71
    ],
    "SliceThickness": 2.2,
    "SliceTiming": [
      0,
      0.8425,
      0.105,
      0.9475,
      0.21,
      1.0525,
      0.315,
      1.16,
      0.4225,
      1.265,
      0.5275,
      1.37,
      0.6325,
      1.475,
      0.7375,
      0,
      0.8425,
      0.105,
      0.9475,
      0.21,
      1.0525,
      0.315,
      1.16,
      0.4225,
      1.265,
      0.5275,
      1.37,
      0.6325,
      1.475,
      0.7375,
      0,
      0.8425,
      0.105,
      0.9475,
      0.21,
      1.0525,
      0.315,
      1.16,
      0.4225,
      1.265,
      0.5275,
      1.37,
      0.6325,
      1.475,
      0.7375,
      0,
      0.8425,
      0.105,
      0.9475,
      0.21,
      1.0525,
      0.315,
      1.16,
      0.4225,
      1.265,
      0.5275,
      1.37,
      0.6325,
      1.475,
      0.7375
    ],
    "SpacingBetweenSlices": 2.2,
    "TotalReadoutTime": 0.0243749,
    "TxRefAmp": 248.137,
    "WipMemBlock": "8b771d0d-c57e-4960-b2a8-a4da15b422ef||Sequence: R017 nxva30a/master r/d34922cc2+; Jun 27 2022 13:20:16 by eja",
    "dataset": "<unset>",
    "modality": "bold",
    "session_id": "021",
    "subject_id": "001",
    "task_id": "bht"
  },
  "dummy_trs": 2,
  "dvars_nstd": 74.81307557068625,
  "dvars_std": 1.0503687760294116,
  "dvars_vstd": 0.9958059471078434,
  "efc": 0.5652,
  "fber": 148.0751,
  "fd_mean": 0.22918758816294316,
  "fd_num": 116,
  "fd_perc": 56.58536585365854,
  "fwhm_avg": 2.9467520721411624,
  "fwhm_x": 3.052261344477657,
  "fwhm_y": 2.981826750949704,
  "fwhm_z": 2.8061681209961256,
  "gcor": [
    0.0125977,
    0.0178716,
    0.0178212,
    0.0146919
  ],
  "gsr_x": 0.059311848133802414,
  "gsr_y": -0.005791469942778349,
  "provenance": {
    "md5sum": "1d8281af38276d32a31abe548f5e091f",
    "settings": {
      "fd_thres": 0.2,
      "testing": false
    },
    "software": "mriqc",
    "version": "24.1.0.dev0+g3fe90466.d20240417"
  },
  "size_t": 205,
  "size_x": 76,
  "size_y": 102,
  "size_z": 60,
  "snr": 1.8208400885025804,
  "spacing_tr": 1.600000023841858,
  "spacing_x": 2.196079969406128,
  "spacing_y": 2.196079969406128,
  "spacing_z": 2.200000047683716,
  "summary_bg_k": 56.9783,
  "summary_bg_mad": 8.5123,
  "summary_bg_mean": 36.0421,
  "summary_bg_median": 28.0,
  "summary_bg_n": 330985.0,
  "summary_bg_p05": 0.0,
  "summary_bg_p95": 91.0,
  "summary_bg_stdv": 34.9191,
  "summary_fg_k": 1.8235,
  "summary_fg_mad": 166.4203,
  "summary_fg_mean": 347.4364,
  "summary_fg_median": 340.0,
  "summary_fg_n": 134135.0,
  "summary_fg_p05": 52.0,
  "summary_fg_p95": 661.0,
  "summary_fg_stdv": 186.7263,
  "tsnr": 17.896767909638584
}