{
  "aor": [
    0.0009898979591836732,
    0.00098,
    0.001071734693877551,
    0.0012368367346938776
  ],
  "aqi": [
    0.0044574503061224485,
    0.006093296020408163,
    0.009758406326530612,
    0.015940151020408164
  ],
  "bids_meta": {
    "AcquisitionDuration": 188.475,
    "AcquisitionMatrixPE": 76,
    "AcquisitionTime": "19:57:40.307500",
    "B0FieldSource": [
      "021pepolarbold",
      "021phasediff"
    ],
    "BandwidthPerPixelPhaseEncode": 40.486,
    "BaseResolution": 102,
    "DerivedVendorReportedEchoSpacing": 0.000649997,
    "DwellTime": 2.5e-06,
    "EchoNumber": 2,
    "EchoTime": 0.0322,
    "EchoTrainLength": 28,
    "EffectiveEchoSpacing": 0.000324999,
    "FlipAngle": 64,
    "ImageOrientationPatientDICOM": [
      0.999833,
      0.0051037,
      0.0175505,
      0.000523512,
      0.951833,
      -0.306618
    ],
    "ImageType": [
      "ORIGINAL",
      "PRIMARY",
      "FMRI",
      "NONE"
    ],
    "ImageTypeText": [
      "ORIGINAL",
      "PRIMARY",
      "M",
      "MB",
      "TE2",
      "DIS2D"
    ],
    "InPlanePhaseEncodingDirectionDICOM": "ROW",
    "PercentPhaseFOV": 74.5098,
    "PhaseEchoTime1": 0.0126,
    "PhaseEchoTime2": 0.0322,
    "PhaseEncodingDirection": "i",
    "PixelBandwidth": 1961,
    "ProtocolName": "func-bold_task-qct_dir-RL__cmrr_me4_sms4",
    "PulseSequenceName": "epfid2d4_76",
    "ReceiveCoilActiveElements": "HC1-7",
    "ReconMatrixPE": 76,
    "RefLinesPE": 18,
    "RepetitionTime": 1.6,
    "SequenceVariant": "SK\\SS\\OSP",
    "SeriesDescription": "func-bold_task-qct_dir-RL__cmrr_me4_sms4",
    "SeriesNumber": 13,
    "ShimSetting": [
      8214,
      -5616,
      -6005,
      711,
      -78,
      -163,
      46,
      77
    ],
    "SliceThickness": 2.2,
    "SliceTiming": [
      0,
      0.8425,
      0.105,
      0.9475,
      0.21,
      1.0525,
      0.315,
      1.1575,
      0.4225,
      1.265,
      0.5275,
      1.37,
      0.6325,
      1.475,
      0.7375,
      0,
      0.8425,
      0.105,
      0.9475,
      0.21,
      1.0525,
      0.315,
      1.1575,
      0.4225,
      1.265,
      0.5275,
      1.37,
      0.6325,
      1.475,
      0.7375,
      0,
      0.8425,
      0.105,
      0.9475,
      0.21,
      1.0525,
      0.315,
      1.1575,
      0.4225,
      1.265,
      0.5275,
      1.37,
      0.6325,
      1.475,
      0.7375,
      0,
      0.8425,
      0.105,
      0.9475,
      0.21,
      1.0525,
      0.315,
      1.1575,
      0.4225,
      1.265,
      0.5275,
      1.37,
      0.6325,
      1.475,
      0.7375
    ],
    "SpacingBetweenSlices": 2.2,
    "TotalReadoutTime": 0.0243749,
    "TxRefAmp": 248.137,
    "WipMemBlock": "fb1ec1e2-b287-49e7-889a-3ab7c5542844||Sequence: R017 nxva30a/master r/d34922cc2+; Jun 27 2022 13:20:16 by eja",
    "dataset": "<unset>",
    "modality": "bold",
    "session_id": "021",
    "subject_id": "001",
    "task_id": "qct"
  },
  "dummy_trs": 1,
  "dvars_nstd": 48.332743144020604,
  "dvars_std": 1.0465872141237114,
  "dvars_vstd": 1.0307668298969077,
  "efc": 0.5828,
  "fber": 234.5612,
  "fd_mean": 0.08833635445072917,
  "fd_num": 2,
  "fd_perc": 2.0408163265306123,
  "fwhm_avg": 3.2374936555007285,
  "fwhm_x": 3.3142372324302167,
  "fwhm_y": 3.2515983477282173,
  "fwhm_z": 3.1466453863437525,
  "gcor": [
    0.00425917,
    0.00825603,
    0.0080316,
    0.00669028
  ],
  "gsr_x": 0.09073657542467117,
  "gsr_y": -0.007038764655590057,
  "provenance": {
    "md5sum": "4e516eff5ab3936abc09b4049c6c7e86",
    "settings": {
      "fd_thres": 0.2,
      "testing": false
    },
    "software": "mriqc",
    "version": "24.1.0.dev0+g3fe90466.d20240417"
  },
  "size_t": 98,
  "size_x": 76,
  "size_y": 102,
  "size_z": 60,
  "snr": 2.165922306020728,
  "spacing_tr": 1.600000023841858,
  "spacing_x": 2.196079969406128,
  "spacing_y": 2.196079969406128,
  "spacing_z": 2.200000047683716,
  "summary_bg_k": 28.9095,
  "summary_bg_mad": 18.5325,
  "summary_bg_mean": 62.3405,
  "summary_bg_median": 35.0,
  "summary_bg_n": 331955.0,
  "summary_bg_p05": 0.0,
  "summary_bg_p95": 225.0,
  "summary_bg_stdv": 85.0795,
  "summary_fg_k": 1.0413,
  "summary_fg_mad": 224.5386,
  "summary_fg_mean": 551.8267,
  "summary_fg_median": 537.0,
  "summary_fg_n": 133165.0,
  "summary_fg_p05": 124.0,
  "summary_fg_p95": 970.0,
  "summary_fg_stdv": 247.9304,
  "tsnr": 29.46921537152957
}