{
  "aor": [
    0.0006378536585365856,
    0.0006799512195121952,
    0.0006934634146341462,
    0.0007845365853658536
  ],
  "aqi": [
    0.006512590585365853,
    0.008959851219512194,
    0.015165824878048783,
    0.02545882682926829
  ],
  "bids_meta": {
    "AcquisitionDuration": 361.475,
    "AcquisitionMatrixPE": 76,
    "AcquisitionTime": "20:26:25.265000",
    "B0FieldSource": [
      "021pepolarbold",
      "021phasediff"
    ],
    "BandwidthPerPixelPhaseEncode": 40.486,
    "BaseResolution": 102,
    "DerivedVendorReportedEchoSpacing": 0.000649997,
    "DwellTime": 2.5e-06,
    "EchoNumber": 1,
    "EchoTime": 0.0126,
    "EchoTrainLength": 28,
    "EffectiveEchoSpacing": 0.000324999,
    "ImageOrientationPatientDICOM": [
      0.999833,
      0.00493759,
      0.017604,
      0.000698016,
      0.951833,
      -0.306616
    ],
    "ImageType": [
      "ORIGINAL",
      "PRIMARY",
      "FMRI",
      "NONE"
    ],
    "ImageTypeText": [
      "ORIGINAL",
      "PRIMARY",
      "M",
      "MB",
      "TE1",
      "DIS2D"
    ],
    "InPlanePhaseEncodingDirectionDICOM": "ROW",
    "PercentPhaseFOV": 74.5098,
    "PercentSampling": 100,
    "PhaseEchoTime1": 0.0126,
    "PhaseEchoTime2": 0.0322,
    "PhaseEncodingDirection": "i",
    "PhaseResolution": 1,
    "PixelBandwidth": 1961,
    "ProtocolName": "func-bold_task-bht_dir-RL__cmrr_me4_sms4",
    "PulseSequenceName": "epfid2d4_76",
    "ReceiveCoilActiveElements": "HC1-7",
    "ReconMatrixPE": 76,
    "RefLinesPE": 18,
    "RepetitionTime": 1.6,
    "SequenceVariant": "SK\\SS\\OSP",
    "SeriesDescription": "func-bold_task-bht_dir-RL__cmrr_me4_sms4",
    "SeriesNumber": 25,
    "ShimSetting": [
      8214,
      -5617,
      -6008,
      718,
      -85,
      -181,
      35,
      71
    ],
    "SliceThickness": 2.2,
    "SliceTiming": [
      0,
      0.8425,
      0.105,
      0.9475,
      0.21,
      1.0525,
      0.315,
      1.1575,
      0.42,
      1.2625,
      0.5275,
      1.37,
      0.6325,
      1.475,
      0.7375,
      0,
      0.8425,
      0.105,
      0.9475,
      0.21,
      1.0525,
      0.315,
      1.1575,
      0.42,
      1.2625,
      0.5275,
      1.37,
      0.6325,
      1.475,
      0.7375,
      0,
      0.8425,
      0.105,
      0.9475,
      0.21,
      1.0525,
      0.315,
      1.1575,
      0.42,
      1.2625,
      0.5275,
      1.37,
      0.6325,
      1.475,
      0.7375,
      0,
      0.8425,
      0.105,
      0.9475,
      0.21,
      1.0525,
      0.315,
      1.1575,
      0.42,
      1.2625,
      0.5275,
      1.37,
      0.6325,
      1.475,
      0.7375
    ],
    "SpacingBetweenSlices": 2.2,
    "TotalReadoutTime": 0.0243749,
    "TxRefAmp": 248.137,
    "WipMemBlock": "8b771d0d-c57e-4960-b2a8-a4da15b422ef||Sequence: R017 nxva30a/master r/d34922cc2+; Jun 27 2022 13:20:16 by eja",
    "dataset": "<unset>",
    "modality": "bold",
    "session_id": "021",
    "subject_id": "001",
    "task_id": "bht"
  },
  "dummy_trs": 2,
  "dvars_nstd": 42.14038970465687,
  "dvars_std": 1.0749928683333332,
  "dvars_vstd": 1.008149805637255,
  "efc": 0.6548,
  "fber": 133.1603,
  "fd_mean": 0.22918758816294316,
  "fd_num": 116,
  "fd_perc": 56.58536585365854,
  "fwhm_avg": 3.6531813108821374,
  "fwhm_x": 3.472041139768671,
  "fwhm_y": 3.682707420799005,
  "fwhm_z": 3.8047953720787357,
  "gcor": [
    0.0125977,
    0.0178716,
    0.0178212,
    0.0146919
  ],
  "gsr_x": 0.1403055489063263,
  "gsr_y": 0.02169608883559704,
  "provenance": {
    "md5sum": "5ad419d6e07f57c01ab1d2aace8e0f69",
    "settings": {
      "fd_thres": 0.2,
      "testing": false
    },
    "software": "mriqc",
    "version": "24.1.0.dev0+g3fe90466.d20240417"
  },
  "size_t": 205,
  "size_x": 76,
  "size_y": 102,
  "size_z": 60,
  "snr": 2.6117829812082816,
  "spacing_tr": 1.600000023841858,
  "spacing_x": 2.196079969406128,
  "spacing_y": 2.196079969406128,
  "spacing_z": 2.200000047683716,
  "summary_bg_k": 5.3417,
  "summary_bg_mad": 64.1352,
  "summary_bg_mean": 173.5985,
  "summary_bg_median": 69.0,
  "summary_bg_n": 330985.0,
  "summary_bg_p05": 0.0,
  "summary_bg_p95": 741.0,
  "summary_bg_stdv": 244.5826,
  "summary_fg_k": 0.8392,
  "summary_fg_mad": 296.9182,
  "summary_fg_mean": 827.5044,
  "summary_fg_median": 801.0,
  "summary_fg_n": 134135.0,
  "summary_fg_p05": 389.0,
  "summary_fg_p95": 1355.0,
  "summary_fg_stdv": 306.6859,
  "tsnr": 35.81608333485201
}