{
  "aor": [
    0.00028818424566088115,
    0.0004556208277703605,
    0.0005424966622162884,
    0.0006059546061415221
  ],
  "aqi": [
    0.005473063698264352,
    0.0073655549399198935,
    0.012471447316421894,
    0.02096430173564753
  ],
  "bids_meta": {
    "AcquisitionDuration": 1230.47,
    "AcquisitionMatrixPE": 76,
    "AcquisitionTime": "20:04:16.197500",
    "B0FieldSource": [
      "021pepolarbold",
      "021phasediff"
    ],
    "BandwidthPerPixelPhaseEncode": 40.486,
    "BaseResolution": 102,
    "DerivedVendorReportedEchoSpacing": 0.000649997,
    "DwellTime": 2.5e-06,
    "EchoNumber": 1,
    "EchoTime": 0.0126,
    "EchoTrainLength": 28,
    "EffectiveEchoSpacing": 0.000324999,
    "FlipAngle": 64,
    "ImageOrientationPatientDICOM": [
      0.999833,
      0.00493759,
      0.017604,
      0.000698016,
      0.951833,
      -0.306616
    ],
    "ImageType": [
      "ORIGINAL",
      "PRIMARY",
      "FMRI",
      "NONE"
    ],
    "ImageTypeText": [
      "ORIGINAL",
      "PRIMARY",
      "M",
      "MB",
      "TE1",
      "DIS2D"
    ],
    "InPlanePhaseEncodingDirectionDICOM": "ROW",
    "PercentPhaseFOV": 74.5098,
    "PhaseEchoTime1": 0.0126,
    "PhaseEchoTime2": 0.0322,
    "PhaseEncodingDirection": "i",
    "PixelBandwidth": 1961,
    "ProtocolName": "func-bold_task-rest_dir-RL__cmrr_me4_sms4",
    "PulseSequenceName": "epfid2d4_76",
    "ReceiveCoilActiveElements": "HC1-7",
    "ReconMatrixPE": 76,
    "RefLinesPE": 18,
    "RepetitionTime": 1.6,
    "SequenceVariant": "SK\\SS\\OSP",
    "SeriesDescription": "func-bold_task-rest_dir-RL__cmrr_me4_sms4",
    "SeriesNumber": 23,
    "ShimSetting": [
      8214,
      -5616,
      -6005,
      711,
      -78,
      -163,
      46,
      77
    ],
    "SliceThickness": 2.2,
    "SliceTiming": [
      0,
      0.8425,
      0.105,
      0.9475,
      0.21,
      1.0525,
      0.315,
      1.16,
      0.4225,
      1.265,
      0.5275,
      1.37,
      0.6325,
      1.475,
      0.7375,
      0,
      0.8425,
      0.105,
      0.9475,
      0.21,
      1.0525,
      0.315,
      1.16,
      0.4225,
      1.265,
      0.5275,
      1.37,
      0.6325,
      1.475,
      0.7375,
      0,
      0.8425,
      0.105,
      0.9475,
      0.21,
      1.0525,
      0.315,
      1.16,
      0.4225,
      1.265,
      0.5275,
      1.37,
      0.6325,
      1.475,
      0.7375,
      0,
      0.8425,
      0.105,
      0.9475,
      0.21,
      1.0525,
      0.315,
      1.16,
      0.4225,
      1.265,
      0.5275,
      1.37,
      0.6325,
      1.475,
      0.7375
    ],
    "SpacingBetweenSlices": 2.2,
    "TotalReadoutTime": 0.0243749,
    "TxRefAmp": 248.137,
    "WipMemBlock": "4ae80283-be0a-476c-9a13-f55b8488ce44||Sequence: R017 nxva30a/master r/d34922cc2+; Jun 27 2022 13:20:16 by eja",
    "dataset": "<unset>",
    "modality": "bold",
    "session_id": "021",
    "subject_id": "001",
    "task_id": "rest"
  },
  "dummy_trs": 1,
  "dvars_nstd": 35.981454089478646,
  "dvars_std": 1.0293572092513388,
  "dvars_vstd": 1.0017140326737972,
  "efc": 0.655,
  "fber": 133.6233,
  "fd_mean": 0.12018593205202292,
  "fd_num": 41,
  "fd_perc": 5.473965287049399,
  "fwhm_avg": 3.705196940275954,
  "fwhm_x": 3.515896555482901,
  "fwhm_y": 3.734044349130667,
  "fwhm_z": 3.865649916214294,
  "gcor": [
    0.0213597,
    0.0174096,
    0.0140606,
    0.0109979
  ],
  "gsr_x": 0.14163799583911896,
  "gsr_y": 0.019400374963879585,
  "provenance": {
    "md5sum": "bc6c4f6b43fc32624a3b655c394d8118",
    "settings": {
      "fd_thres": 0.2,
      "testing": false
    },
    "software": "mriqc",
    "version": "24.1.0.dev0+g3fe90466.d20240417"
  },
  "size_t": 749,
  "size_x": 76,
  "size_y": 102,
  "size_z": 60,
  "snr": 2.626835106063181,
  "spacing_tr": 1.600000023841858,
  "spacing_x": 2.196079969406128,
  "spacing_y": 2.196079969406128,
  "spacing_z": 2.200000047683716,
  "summary_bg_k": 5.31,
  "summary_bg_mad": 65.7373,
  "summary_bg_mean": 174.337,
  "summary_bg_median": 70.0,
  "summary_bg_n": 331253.0,
  "summary_bg_p05": 0.0,
  "summary_bg_p95": 740.0,
  "summary_bg_stdv": 245.3072,
  "summary_fg_k": 0.8371,
  "summary_fg_mad": 296.6531,
  "summary_fg_mean": 831.0734,
  "summary_fg_median": 804.0,
  "summary_fg_n": 133867.0,
  "summary_fg_p05": 396.0,
  "summary_fg_p95": 1358.0,
  "summary_fg_stdv": 306.0706,
  "tsnr": 37.436864741146564
}