{
  "aor": [
    0.000405219512195122,
    0.00046800000000000005,
    0.0005310731707317073,
    0.0006612195121951219
  ],
  "aqi": [
    0.004724860390243902,
    0.006633918585365853,
    0.011251543999999999,
    0.018948411219512195
  ],
  "bids_meta": {
    "AcquisitionDuration": 361.475,
    "AcquisitionMatrixPE": 76,
    "AcquisitionTime": "20:11:21.512500",
    "B0FieldSource": [
      "047pepolarbold",
      "047phasediff"
    ],
    "BandwidthPerPixelPhaseEncode": 40.486,
    "BaseResolution": 102,
    "DerivedVendorReportedEchoSpacing": 0.000649997,
    "DwellTime": 2.5e-06,
    "EchoNumber": 4,
    "EchoTime": 0.0714,
    "EchoTrainLength": 28,
    "EffectiveEchoSpacing": 0.000324999,
    "ImageOrientationPatientDICOM": [
      0.99925,
      0.0178623,
      0.0343614,
      -0.00418567,
      0.931893,
      -0.362709
    ],
    "ImageType": [
      "ORIGINAL",
      "PRIMARY",
      "FMRI",
      "NONE"
    ],
    "ImageTypeText": [
      "ORIGINAL",
      "PRIMARY",
      "M",
      "MB",
      "TE4",
      "DIS2D"
    ],
    "InPlanePhaseEncodingDirectionDICOM": "ROW",
    "PercentPhaseFOV": 74.5098,
    "PercentSampling": 100,
    "PhaseEchoTime1": 0.0126,
    "PhaseEchoTime2": 0.0322,
    "PhaseEncodingDirection": "i",
    "PhaseResolution": 1,
    "PixelBandwidth": 1961,
    "ProtocolName": "func-bold_task-bht_dir-RL__cmrr_me4_sms4",
    "PulseSequenceName": "epfid2d4_76",
    "ReceiveCoilActiveElements": "HC1-7",
    "ReconMatrixPE": 76,
    "RefLinesPE": 18,
    "RepetitionTime": 1.6,
    "SequenceVariant": "SK\\SS\\OSP",
    "SeriesDescription": "func-bold_task-bht_dir-RL__cmrr_me4_sms4",
    "SeriesNumber": 47,
    "ShimSetting": [
      8242,
      -5617,
      -5995,
      690,
      -25,
      -228,
      33,
      27
    ],
    "SliceThickness": 2.2,
    "SliceTiming": [
      0,
      0.845,
      0.1075,
      0.95,
      0.2125,
      1.055,
      0.3175,
      1.16,
      0.4225,
      1.265,
      0.5275,
      1.37,
      0.6325,
      1.475,
      0.7375,
      0,
      0.845,
      0.1075,
      0.95,
      0.2125,
      1.055,
      0.3175,
      1.16,
      0.4225,
      1.265,
      0.5275,
      1.37,
      0.6325,
      1.475,
      0.7375,
      0,
      0.845,
      0.1075,
      0.95,
      0.2125,
      1.055,
      0.3175,
      1.16,
      0.4225,
      1.265,
      0.5275,
      1.37,
      0.6325,
      1.475,
      0.7375,
      0,
      0.845,
      0.1075,
      0.95,
      0.2125,
      1.055,
      0.3175,
      1.16,
      0.4225,
      1.265,
      0.5275,
      1.37,
      0.6325,
      1.475,
      0.7375
    ],
    "SpacingBetweenSlices": 2.2,
    "TotalReadoutTime": 0.0243749,
    "TxRefAmp": 244.361,
    "WipMemBlock": "5c86900b-b7ee-48e5-ba9a-ad751bef88ac||Sequence: R017 nxva30a/master r/d34922cc2+; Jun 27 2022 13:20:16 by eja",
    "dataset": "<unset>",
    "modality": "bold",
    "session_id": "047",
    "subject_id": "001",
    "task_id": "bht"
  },
  "dummy_trs": 2,
  "dvars_nstd": 94.63561039357845,
  "dvars_std": 1.0305445763235295,
  "dvars_vstd": 1.0007805138725487,
  "efc": 0.5663,
  "fber": 67.4244,
  "fd_mean": 0.1454293711596127,
  "fd_num": 50,
  "fd_perc": 24.390243902439025,
  "fwhm_avg": 2.7140231930044085,
  "fwhm_x": 2.8512850566608914,
  "fwhm_y": 2.7234663961792753,
  "fwhm_z": 2.56731812617306,
  "gcor": [
    0.00901824,
    0.014018,
    0.0149514,
    0.0126779
  ],
  "gsr_x": 0.045405611395835876,
  "gsr_y": -0.001966307172551751,
  "provenance": {
    "md5sum": "2e396f870e04478bc9e65b6163e8989f",
    "settings": {
      "fd_thres": 0.2,
      "testing": false
    },
    "software": "mriqc",
    "version": "24.1.0.dev0+g3fe90466.d20240417"
  },
  "size_t": 205,
  "size_x": 76,
  "size_y": 102,
  "size_z": 60,
  "snr": 1.4523775529864031,
  "spacing_tr": 1.600000023841858,
  "spacing_x": 2.196079969406128,
  "spacing_y": 2.196079969406128,
  "spacing_z": 2.200000047683716,
  "summary_bg_k": 116.5449,
  "summary_bg_mad": 6.0244,
  "summary_bg_mean": 29.1544,
  "summary_bg_median": 27.0,
  "summary_bg_n": 330922.0,
  "summary_bg_p05": 0.0,
  "summary_bg_p95": 53.0,
  "summary_bg_stdv": 19.709,
  "summary_fg_k": 4.9763,
  "summary_fg_mad": 134.4033,
  "summary_fg_mean": 232.8039,
  "summary_fg_median": 220.0,
  "summary_fg_n": 134198.0,
  "summary_fg_p05": 36.0,
  "summary_fg_p95": 496.0,
  "summary_fg_stdv": 151.4752,
  "tsnr": 13.068618199788034
}