{
  "aor": [
    0.0004661165048543689,
    0.0005951456310679611,
    0.0006848058252427186,
    0.0008475242718446603
  ],
  "aqi": [
    0.005819205048543689,
    0.007508957621359223,
    0.012632621019417475,
    0.020932440291262133
  ],
  "bids_meta": {
    "AcquisitionDuration": 361.475,
    "AcquisitionMatrixPE": 76,
    "AcquisitionTime": "22:42:0.340000",
    "B0FieldSource": [
      "010pepolarbold",
      "010phasediff"
    ],
    "BandwidthPerPixelPhaseEncode": 40.486,
    "BaseResolution": 102,
    "DerivedVendorReportedEchoSpacing": 0.000649997,
    "DwellTime": 2.5e-06,
    "EchoNumber": 3,
    "EchoTime": 0.0518,
    "EchoTrainLength": 28,
    "EffectiveEchoSpacing": 0.000324999,
    "ImageOrientationPatientDICOM": [
      0.997842,
      -0.0242437,
      0.0610273,
      0.0442647,
      0.934802,
      -0.3524
    ],
    "ImageType": [
      "ORIGINAL",
      "PRIMARY",
      "FMRI",
      "NONE"
    ],
    "ImageTypeText": [
      "ORIGINAL",
      "PRIMARY",
      "M",
      "MB",
      "TE3",
      "DIS2D"
    ],
    "InPlanePhaseEncodingDirectionDICOM": "ROW",
    "PercentPhaseFOV": 74.5098,
    "PercentSampling": 100,
    "PhaseEchoTime1": 0.0126,
    "PhaseEchoTime2": 0.0322,
    "PhaseEncodingDirection": "i",
    "PhaseResolution": 1,
    "PixelBandwidth": 1961,
    "ProtocolName": "func-bold_task-bht_dir-RL__cmrr_me4_sms4",
    "PulseSequenceName": "epfid2d4_76",
    "ReceiveCoilActiveElements": "HC1-7",
    "ReconMatrixPE": 76,
    "RefLinesPE": 18,
    "RepetitionTime": 1.6,
    "SequenceVariant": "SK\\SS\\OSP",
    "SeriesDescription": "func-bold_task-bht_dir-RL__cmrr_me4_sms4",
    "SeriesNumber": 25,
    "ShimSetting": [
      8242,
      -5614,
      -6000,
      678,
      -60,
      -182,
      9,
      6
    ],
    "SliceThickness": 2.2,
    "SliceTiming": [
      0,
      0.8425,
      0.105,
      0.9475,
      0.21,
      1.0525,
      0.315,
      1.1575,
      0.42,
      1.2625,
      0.525,
      1.3675,
      0.63,
      1.4725,
      0.735,
      0,
      0.8425,
      0.105,
      0.9475,
      0.21,
      1.0525,
      0.315,
      1.1575,
      0.42,
      1.2625,
      0.525,
      1.3675,
      0.63,
      1.4725,
      0.735,
      0,
      0.8425,
      0.105,
      0.9475,
      0.21,
      1.0525,
      0.315,
      1.1575,
      0.42,
      1.2625,
      0.525,
      1.3675,
      0.63,
      1.4725,
      0.735,
      0,
      0.8425,
      0.105,
      0.9475,
      0.21,
      1.0525,
      0.315,
      1.1575,
      0.42,
      1.2625,
      0.525,
      1.3675,
      0.63,
      1.4725,
      0.735
    ],
    "SpacingBetweenSlices": 2.2,
    "TotalReadoutTime": 0.0243749,
    "TxRefAmp": 232.907,
    "WipMemBlock": "8a796acb-71fb-4e21-84b4-ad7f9c473244||Sequence: R017 nxva30a/master r/d34922cc2+; Jun 27 2022 13:20:16 by eja",
    "dataset": "<unset>",
    "modality": "bold",
    "session_id": "010",
    "subject_id": "001",
    "task_id": "bht"
  },
  "dummy_trs": 1,
  "dvars_nstd": 69.53455157385368,
  "dvars_std": 1.0386479290243904,
  "dvars_vstd": 1.007053033219512,
  "efc": 0.5633,
  "fber": 150.1565,
  "fd_mean": 0.17206188747693493,
  "fd_num": 72,
  "fd_perc": 34.95145631067961,
  "fwhm_avg": 2.8998040227014834,
  "fwhm_x": 3.0479764367643263,
  "fwhm_y": 2.907762963534902,
  "fwhm_z": 2.7436726678052237,
  "gcor": [
    0.024384,
    0.0315233,
    0.0297095,
    0.0241905
  ],
  "gsr_x": 0.06595836579799652,
  "gsr_y": -0.008603282272815704,
  "provenance": {
    "md5sum": "656de488adb2ac42d62c1ab7c0df56fc",
    "settings": {
      "fd_thres": 0.2,
      "testing": false
    },
    "software": "mriqc",
    "version": "24.1.0.dev0+g3fe90466.d20240417"
  },
  "size_t": 206,
  "size_x": 76,
  "size_y": 102,
  "size_z": 60,
  "snr": 1.789776366514523,
  "spacing_tr": 1.600000023841858,
  "spacing_x": 2.196079969406128,
  "spacing_y": 2.196079969406128,
  "spacing_z": 2.200000047683716,
  "summary_bg_k": 59.4162,
  "summary_bg_mad": 8.3126,
  "summary_bg_mean": 37.2437,
  "summary_bg_median": 28.0,
  "summary_bg_n": 331359.0,
  "summary_bg_p05": 0.0,
  "summary_bg_p95": 93.0,
  "summary_bg_stdv": 36.9636,
  "summary_fg_k": 2.1642,
  "summary_fg_mad": 172.5216,
  "summary_fg_mean": 358.4358,
  "summary_fg_median": 349.0,
  "summary_fg_n": 133761.0,
  "summary_fg_p05": 54.0,
  "summary_fg_p95": 687.0,
  "summary_fg_stdv": 194.9957,
  "tsnr": 18.212998579256237
}