{
  "aor": [
    0.0010263265306122448,
    0.0010131632653061226,
    0.0010744897959183673,
    0.001266938775510204
  ],
  "aqi": [
    0.0055274052040816335,
    0.0056640120408163255,
    0.009049156836734695,
    0.015054461224489796
  ],
  "bids_meta": {
    "AcquisitionDuration": 188.475,
    "AcquisitionMatrixPE": 76,
    "AcquisitionTime": "22:14:23.102500",
    "B0FieldSource": [
      "010pepolarbold",
      "010phasediff"
    ],
    "BandwidthPerPixelPhaseEncode": 40.486,
    "BaseResolution": 102,
    "DerivedVendorReportedEchoSpacing": 0.000649997,
    "DwellTime": 2.5e-06,
    "EchoNumber": 4,
    "EchoTime": 0.0714,
    "EchoTrainLength": 28,
    "EffectiveEchoSpacing": 0.000324999,
    "FlipAngle": 64,
    "ImageOrientationPatientDICOM": [
      0.997842,
      -0.0242438,
      0.0610273,
      0.0442647,
      0.934802,
      -0.352399
    ],
    "ImageType": [
      "ORIGINAL",
      "PRIMARY",
      "FMRI",
      "NONE"
    ],
    "ImageTypeText": [
      "ORIGINAL",
      "PRIMARY",
      "M",
      "MB",
      "TE4",
      "DIS2D"
    ],
    "InPlanePhaseEncodingDirectionDICOM": "ROW",
    "PercentPhaseFOV": 74.5098,
    "PhaseEchoTime1": 0.0126,
    "PhaseEchoTime2": 0.0322,
    "PhaseEncodingDirection": "i",
    "PixelBandwidth": 1961,
    "ProtocolName": "func-bold_task-qct_dir-RL__cmrr_me4_sms4",
    "PulseSequenceName": "epfid2d4_76",
    "ReceiveCoilActiveElements": "HC1-7",
    "ReconMatrixPE": 76,
    "RefLinesPE": 18,
    "RepetitionTime": 1.6,
    "SequenceVariant": "SK\\SS\\OSP",
    "SeriesDescription": "func-bold_task-qct_dir-RL__cmrr_me4_sms4",
    "SeriesNumber": 13,
    "ShimSetting": [
      8241,
      -5610,
      -5999,
      672,
      -57,
      -161,
      22,
      12
    ],
    "SliceThickness": 2.2,
    "SliceTiming": [
      0,
      0.8425,
      0.105,
      0.95,
      0.2125,
      1.055,
      0.3175,
      1.16,
      0.4225,
      1.265,
      0.5275,
      1.37,
      0.6325,
      1.475,
      0.7375,
      0,
      0.8425,
      0.105,
      0.95,
      0.2125,
      1.055,
      0.3175,
      1.16,
      0.4225,
      1.265,
      0.5275,
      1.37,
      0.6325,
      1.475,
      0.7375,
      0,
      0.8425,
      0.105,
      0.95,
      0.2125,
      1.055,
      0.3175,
      1.16,
      0.4225,
      1.265,
      0.5275,
      1.37,
      0.6325,
      1.475,
      0.7375,
      0,
      0.8425,
      0.105,
      0.95,
      0.2125,
      1.055,
      0.3175,
      1.16,
      0.4225,
      1.265,
      0.5275,
      1.37,
      0.6325,
      1.475,
      0.7375
    ],
    "SpacingBetweenSlices": 2.2,
    "TotalReadoutTime": 0.0243749,
    "TxRefAmp": 232.907,
    "WipMemBlock": "b65d4312-0a67-435c-a992-c959a295ca63||Sequence: R017 nxva30a/master r/d34922cc2+; Jun 27 2022 13:20:16 by eja",
    "dataset": "<unset>",
    "modality": "bold",
    "session_id": "010",
    "subject_id": "001",
    "task_id": "qct"
  },
  "dummy_trs": 1,
  "dvars_nstd": 90.38262113587629,
  "dvars_std": 1.0499243081443297,
  "dvars_vstd": 1.0322470935051549,
  "efc": 0.5606,
  "fber": 74.7728,
  "fd_mean": 0.08375292271753179,
  "fd_num": 5,
  "fd_perc": 5.1020408163265305,
  "fwhm_avg": 2.5806762224363546,
  "fwhm_x": 2.730519873382197,
  "fwhm_y": 2.5738224831259315,
  "fwhm_z": 2.437686310800936,
  "gcor": [
    0.00480001,
    0.00628889,
    0.0057106,
    0.00481288
  ],
  "gsr_x": 0.045291513204574585,
  "gsr_y": -0.0025568141136318445,
  "provenance": {
    "md5sum": "a73708c92e0489ad3c2e04f752c5ee7f",
    "settings": {
      "fd_thres": 0.2,
      "testing": false
    },
    "software": "mriqc",
    "version": "24.1.0.dev0+g3fe90466.d20240417"
  },
  "size_t": 98,
  "size_x": 76,
  "size_y": 102,
  "size_z": 60,
  "snr": 1.4478438261986266,
  "spacing_tr": 1.600000023841858,
  "spacing_x": 2.196079969406128,
  "spacing_y": 2.196079969406128,
  "spacing_z": 2.200000047683716,
  "summary_bg_k": 148.8574,
  "summary_bg_mad": 5.3404,
  "summary_bg_mean": 28.9366,
  "summary_bg_median": 26.0,
  "summary_bg_n": 331381.0,
  "summary_bg_p05": 0.0,
  "summary_bg_p95": 53.0,
  "summary_bg_stdv": 21.0971,
  "summary_fg_k": 5.0543,
  "summary_fg_mad": 135.8699,
  "summary_fg_mean": 239.8192,
  "summary_fg_median": 226.0,
  "summary_fg_n": 133739.0,
  "summary_fg_p05": 36.0,
  "summary_fg_p95": 510.0,
  "summary_fg_stdv": 156.0936,
  "tsnr": 14.524048013379797
}