{
  "aor": [
    0.0004661165048543689,
    0.0005951456310679611,
    0.0006848058252427186,
    0.0008475242718446603
  ],
  "aqi": [
    0.005819205048543689,
    0.007508957621359223,
    0.012632621019417475,
    0.020932440291262133
  ],
  "bids_meta": {
    "AcquisitionDuration": 361.475,
    "AcquisitionMatrixPE": 76,
    "AcquisitionTime": "22:42:0.320000",
    "B0FieldSource": [
      "010pepolarbold",
      "010phasediff"
    ],
    "BandwidthPerPixelPhaseEncode": 40.486,
    "BaseResolution": 102,
    "DerivedVendorReportedEchoSpacing": 0.000649997,
    "DwellTime": 2.5e-06,
    "EchoNumber": 2,
    "EchoTime": 0.0322,
    "EchoTrainLength": 28,
    "EffectiveEchoSpacing": 0.000324999,
    "ImageOrientationPatientDICOM": [
      0.997842,
      -0.0242437,
      0.0610273,
      0.0442647,
      0.934802,
      -0.3524
    ],
    "ImageType": [
      "ORIGINAL",
      "PRIMARY",
      "FMRI",
      "NONE"
    ],
    "ImageTypeText": [
      "ORIGINAL",
      "PRIMARY",
      "M",
      "MB",
      "TE2",
      "DIS2D"
    ],
    "InPlanePhaseEncodingDirectionDICOM": "ROW",
    "PercentPhaseFOV": 74.5098,
    "PercentSampling": 100,
    "PhaseEchoTime1": 0.0126,
    "PhaseEchoTime2": 0.0322,
    "PhaseEncodingDirection": "i",
    "PhaseResolution": 1,
    "PixelBandwidth": 1961,
    "ProtocolName": "func-bold_task-bht_dir-RL__cmrr_me4_sms4",
    "PulseSequenceName": "epfid2d4_76",
    "ReceiveCoilActiveElements": "HC1-7",
    "ReconMatrixPE": 76,
    "RefLinesPE": 18,
    "RepetitionTime": 1.6,
    "SequenceVariant": "SK\\SS\\OSP",
    "SeriesDescription": "func-bold_task-bht_dir-RL__cmrr_me4_sms4",
    "SeriesNumber": 25,
    "ShimSetting": [
      8242,
      -5614,
      -6000,
      678,
      -60,
      -182,
      9,
      6
    ],
    "SliceThickness": 2.2,
    "SliceTiming": [
      0,
      0.8425,
      0.105,
      0.9475,
      0.21,
      1.0525,
      0.315,
      1.1575,
      0.42,
      1.2625,
      0.525,
      1.3675,
      0.6325,
      1.475,
      0.7375,
      0,
      0.8425,
      0.105,
      0.9475,
      0.21,
      1.0525,
      0.315,
      1.1575,
      0.42,
      1.2625,
      0.525,
      1.3675,
      0.6325,
      1.475,
      0.7375,
      0,
      0.8425,
      0.105,
      0.9475,
      0.21,
      1.0525,
      0.315,
      1.1575,
      0.42,
      1.2625,
      0.525,
      1.3675,
      0.6325,
      1.475,
      0.7375,
      0,
      0.8425,
      0.105,
      0.9475,
      0.21,
      1.0525,
      0.315,
      1.1575,
      0.42,
      1.2625,
      0.525,
      1.3675,
      0.6325,
      1.475,
      0.7375
    ],
    "SpacingBetweenSlices": 2.2,
    "TotalReadoutTime": 0.0243749,
    "TxRefAmp": 232.907,
    "WipMemBlock": "8a796acb-71fb-4e21-84b4-ad7f9c473244||Sequence: R017 nxva30a/master r/d34922cc2+; Jun 27 2022 13:20:16 by eja",
    "dataset": "<unset>",
    "modality": "bold",
    "session_id": "010",
    "subject_id": "001",
    "task_id": "bht"
  },
  "dummy_trs": 1,
  "dvars_nstd": 50.58615337473167,
  "dvars_std": 1.0365038030243903,
  "dvars_vstd": 1.0075271432195116,
  "efc": 0.5818,
  "fber": 237.4923,
  "fd_mean": 0.17206188747693493,
  "fd_num": 72,
  "fd_perc": 34.95145631067961,
  "fwhm_avg": 3.2251706551509502,
  "fwhm_x": 3.3287266865681753,
  "fwhm_y": 3.2494035278367983,
  "fwhm_z": 3.0973817510478767,
  "gcor": [
    0.024384,
    0.0315233,
    0.0297095,
    0.0241905
  ],
  "gsr_x": 0.10018693655729294,
  "gsr_y": -0.010357022285461426,
  "provenance": {
    "md5sum": "7b38cb72d9bce1ff1681785d34fc731b",
    "settings": {
      "fd_thres": 0.2,
      "testing": false
    },
    "software": "mriqc",
    "version": "24.1.0.dev0+g3fe90466.d20240417"
  },
  "size_t": 206,
  "size_x": 76,
  "size_y": 102,
  "size_z": 60,
  "snr": 2.122929894700243,
  "spacing_tr": 1.600000023841858,
  "spacing_x": 2.196079969406128,
  "spacing_y": 2.196079969406128,
  "spacing_z": 2.200000047683716,
  "summary_bg_k": 28.671,
  "summary_bg_mad": 18.2806,
  "summary_bg_mean": 62.4087,
  "summary_bg_median": 35.0,
  "summary_bg_n": 331359.0,
  "summary_bg_p05": 0.0,
  "summary_bg_p95": 219.0,
  "summary_bg_stdv": 84.7884,
  "summary_fg_k": 1.118,
  "summary_fg_mad": 228.3207,
  "summary_fg_mean": 553.7641,
  "summary_fg_median": 538.0,
  "summary_fg_n": 133761.0,
  "summary_fg_p05": 122.0,
  "summary_fg_p95": 984.0,
  "summary_fg_stdv": 253.4224,
  "tsnr": 26.044575413456187
}