{
  "aor": [
    0.0003665420560747664,
    0.0003554072096128171,
    0.00040152202937249664,
    0.0004582910547396529
  ],
  "aqi": [
    0.005695191375166889,
    0.007535637596795728,
    0.012585198731642188,
    0.020936277970627505
  ],
  "bids_meta": {
    "AcquisitionDuration": 1230.47,
    "AcquisitionMatrixPE": 76,
    "AcquisitionTime": "22:20:31.222500",
    "B0FieldSource": [
      "010pepolarbold",
      "010phasediff"
    ],
    "BandwidthPerPixelPhaseEncode": 40.486,
    "BaseResolution": 102,
    "DerivedVendorReportedEchoSpacing": 0.000649997,
    "DwellTime": 2.5e-06,
    "EchoNumber": 2,
    "EchoTime": 0.0322,
    "EchoTrainLength": 28,
    "EffectiveEchoSpacing": 0.000324999,
    "FlipAngle": 64,
    "ImageOrientationPatientDICOM": [
      0.997842,
      -0.0242437,
      0.0610273,
      0.0442647,
      0.934802,
      -0.3524
    ],
    "ImageType": [
      "ORIGINAL",
      "PRIMARY",
      "FMRI",
      "NONE"
    ],
    "ImageTypeText": [
      "ORIGINAL",
      "PRIMARY",
      "M",
      "MB",
      "TE2",
      "DIS2D"
    ],
    "InPlanePhaseEncodingDirectionDICOM": "ROW",
    "PercentPhaseFOV": 74.5098,
    "PhaseEchoTime1": 0.0126,
    "PhaseEchoTime2": 0.0322,
    "PhaseEncodingDirection": "i",
    "PixelBandwidth": 1961,
    "ProtocolName": "func-bold_task-rest_dir-RL__cmrr_me4_sms4",
    "PulseSequenceName": "epfid2d4_76",
    "ReceiveCoilActiveElements": "HC1-7",
    "ReconMatrixPE": 76,
    "RefLinesPE": 18,
    "RepetitionTime": 1.6,
    "SequenceVariant": "SK\\SS\\OSP",
    "SeriesDescription": "func-bold_task-rest_dir-RL__cmrr_me4_sms4",
    "SeriesNumber": 23,
    "ShimSetting": [
      8241,
      -5611,
      -5999,
      673,
      -62,
      -169,
      19,
      10
    ],
    "SliceThickness": 2.2,
    "SliceTiming": [
      0,
      0.8425,
      0.1075,
      0.95,
      0.2125,
      1.055,
      0.3175,
      1.16,
      0.4225,
      1.265,
      0.5275,
      1.37,
      0.6325,
      1.475,
      0.7375,
      0,
      0.8425,
      0.1075,
      0.95,
      0.2125,
      1.055,
      0.3175,
      1.16,
      0.4225,
      1.265,
      0.5275,
      1.37,
      0.6325,
      1.475,
      0.7375,
      0,
      0.8425,
      0.1075,
      0.95,
      0.2125,
      1.055,
      0.3175,
      1.16,
      0.4225,
      1.265,
      0.5275,
      1.37,
      0.6325,
      1.475,
      0.7375,
      0,
      0.8425,
      0.1075,
      0.95,
      0.2125,
      1.055,
      0.3175,
      1.16,
      0.4225,
      1.265,
      0.5275,
      1.37,
      0.6325,
      1.475,
      0.7375
    ],
    "SpacingBetweenSlices": 2.2,
    "TotalReadoutTime": 0.0243749,
    "TxRefAmp": 232.907,
    "WipMemBlock": "11371b67-3aee-4619-a406-a456ff1f527e||Sequence: R017 nxva30a/master r/d34922cc2+; Jun 27 2022 13:20:16 by eja",
    "dataset": "<unset>",
    "modality": "bold",
    "session_id": "010",
    "subject_id": "001",
    "task_id": "rest"
  },
  "dummy_trs": 1,
  "dvars_nstd": 48.09278689596259,
  "dvars_std": 1.0205769891176466,
  "dvars_vstd": 0.9977073979144382,
  "efc": 0.5811,
  "fber": 239.8135,
  "fd_mean": 0.10478587014314329,
  "fd_num": 65,
  "fd_perc": 8.678237650200266,
  "fwhm_avg": 3.257289122241161,
  "fwhm_x": 3.3411306064524617,
  "fwhm_y": 3.288500464740794,
  "fwhm_z": 3.142236295530226,
  "gcor": [
    0.00844875,
    0.0124274,
    0.0121914,
    0.0102689
  ],
  "gsr_x": 0.09832561016082764,
  "gsr_y": -0.00963483564555645,
  "provenance": {
    "md5sum": "35658e678ceda08c9d5b5d663a92d4f8",
    "settings": {
      "fd_thres": 0.2,
      "testing": false
    },
    "software": "mriqc",
    "version": "24.1.0.dev0+g3fe90466.d20240417"
  },
  "size_t": 749,
  "size_x": 76,
  "size_y": 102,
  "size_z": 60,
  "snr": 2.1341917618595865,
  "spacing_tr": 1.600000023841858,
  "spacing_x": 2.196079969406128,
  "spacing_y": 2.196079969406128,
  "spacing_z": 2.200000047683716,
  "summary_bg_k": 30.4125,
  "summary_bg_mad": 18.393,
  "summary_bg_mean": 61.9613,
  "summary_bg_median": 35.0,
  "summary_bg_n": 331403.0,
  "summary_bg_p05": 0.0,
  "summary_bg_p95": 216.0,
  "summary_bg_stdv": 84.0326,
  "summary_fg_k": 1.1421,
  "summary_fg_mad": 227.626,
  "summary_fg_mean": 556.9587,
  "summary_fg_median": 541.0,
  "summary_fg_n": 133717.0,
  "summary_fg_p05": 124.0,
  "summary_fg_p95": 989.0,
  "summary_fg_stdv": 253.4908,
  "tsnr": 26.842017016373575
}