{
  "aor": [
    0.0068926262626262625,
    0.007915858585858587,
    0.008266666666666669,
    0.007835252525252525
  ],
  "aqi": [
    0.007146104848484849,
    0.008759762727272725,
    0.01449540191919192,
    0.023517151515151515
  ],
  "bids_meta": {
    "AcquisitionDuration": 188.475,
    "AcquisitionMatrixPE": 76,
    "AcquisitionTime": "12:15:7.432500",
    "B0FieldSource": [
      "004pepolarbold",
      "004phasediff"
    ],
    "BandwidthPerPixelPhaseEncode": 40.486,
    "BaseResolution": 102,
    "DerivedVendorReportedEchoSpacing": 0.000649997,
    "DwellTime": 2.5e-06,
    "EchoNumber": 2,
    "EchoTime": 0.0322,
    "EchoTrainLength": 28,
    "EffectiveEchoSpacing": 0.000324999,
    "FlipAngle": 64,
    "ImageOrientationPatientDICOM": [
      0.999421,
      0.00548476,
      0.0335692,
      0.00697739,
      0.932869,
      -0.360149
    ],
    "ImageType": [
      "ORIGINAL",
      "PRIMARY",
      "FMRI",
      "NONE"
    ],
    "ImageTypeText": [
      "ORIGINAL",
      "PRIMARY",
      "M",
      "MB",
      "TE2",
      "DIS2D"
    ],
    "InPlanePhaseEncodingDirectionDICOM": "ROW",
    "PercentPhaseFOV": 74.5098,
    "PhaseEchoTime1": 0.0126,
    "PhaseEchoTime2": 0.0322,
    "PhaseEncodingDirection": "i",
    "PixelBandwidth": 1961,
    "ProtocolName": "func-bold_task-qct_dir-RL__cmrr_me4_sms4",
    "PulseSequenceName": "epfid2d4_76",
    "ReceiveCoilActiveElements": "HC1-7",
    "ReconMatrixPE": 76,
    "RefLinesPE": 18,
    "RepetitionTime": 1.6,
    "SequenceVariant": "SK\\SS\\OSP",
    "SeriesDescription": "func-bold_task-qct_dir-RL__cmrr_me4_sms4",
    "SeriesNumber": 16,
    "ShimSetting": [
      8235,
      -5616,
      -6015,
      684,
      -60,
      -158,
      24,
      29
    ],
    "SliceThickness": 2.2,
    "SliceTiming": [
      0,
      0.8425,
      0.105,
      0.9475,
      0.21,
      1.0525,
      0.315,
      1.1575,
      0.42,
      1.2625,
      0.525,
      1.3675,
      0.63,
      1.4725,
      0.735,
      0,
      0.8425,
      0.105,
      0.9475,
      0.21,
      1.0525,
      0.315,
      1.1575,
      0.42,
      1.2625,
      0.525,
      1.3675,
      0.63,
      1.4725,
      0.735,
      0,
      0.8425,
      0.105,
      0.9475,
      0.21,
      1.0525,
      0.315,
      1.1575,
      0.42,
      1.2625,
      0.525,
      1.3675,
      0.63,
      1.4725,
      0.735,
      0,
      0.8425,
      0.105,
      0.9475,
      0.21,
      1.0525,
      0.315,
      1.1575,
      0.42,
      1.2625,
      0.525,
      1.3675,
      0.63,
      1.4725,
      0.735
    ],
    "SpacingBetweenSlices": 2.2,
    "TotalReadoutTime": 0.0243749,
    "TxRefAmp": 249.909,
    "WipMemBlock": "55b747fc-307a-4fd3-b943-7c204817084f||Sequence: R017 nxva30a/master r/d34922cc2+; Jun 27 2022 13:20:16 by eja",
    "dataset": "<unset>",
    "modality": "bold",
    "session_id": "004",
    "subject_id": "001",
    "task_id": "qct"
  },
  "dummy_trs": 0,
  "dvars_nstd": 49.60682814479594,
  "dvars_std": 1.083158866836735,
  "dvars_vstd": 1.071946963265306,
  "efc": 0.5869,
  "fber": 239.064,
  "fd_mean": 0.1968420164951309,
  "fd_num": 20,
  "fd_perc": 20.2020202020202,
  "fwhm_avg": 3.404368656945021,
  "fwhm_x": 3.429064562724656,
  "fwhm_y": 3.4492732985713754,
  "fwhm_z": 3.33476810953903,
  "gcor": [
    0.0148773,
    0.0109698,
    0.00706948,
    0.00461978
  ],
  "gsr_x": 0.09717406332492828,
  "gsr_y": -0.01189296692609787,
  "provenance": {
    "md5sum": "ad58ef622f5ae9323458066d024f9bcf",
    "settings": {
      "fd_thres": 0.2,
      "testing": false
    },
    "software": "mriqc",
    "version": "24.1.0.dev0+g3fe90466.d20240417"
  },
  "size_t": 99,
  "size_x": 76,
  "size_y": 102,
  "size_z": 60,
  "snr": 2.223138169349434,
  "spacing_tr": 1.600000023841858,
  "spacing_x": 2.196079969406128,
  "spacing_y": 2.196079969406128,
  "spacing_z": 2.200000047683716,
  "summary_bg_k": 23.6313,
  "summary_bg_mad": 18.8545,
  "summary_bg_mean": 61.9835,
  "summary_bg_median": 35.0,
  "summary_bg_n": 330909.0,
  "summary_bg_p05": 1.0,
  "summary_bg_p95": 225.0,
  "summary_bg_stdv": 82.7383,
  "summary_fg_k": 0.5481,
  "summary_fg_mad": 222.1657,
  "summary_fg_mean": 546.0084,
  "summary_fg_median": 534.0,
  "summary_fg_n": 134211.0,
  "summary_fg_p05": 125.0,
  "summary_fg_p95": 953.0,
  "summary_fg_stdv": 240.2001,
  "tsnr": 25.477949092746712
}