{
  "aor": [
    0.00047662216288384503,
    0.000767076101468625,
    0.0009498397863818424,
    0.0010235781041388519
  ],
  "aqi": [
    0.007280824699599467,
    0.008807102296395194,
    0.014929007810413885,
    0.02472614245660881
  ],
  "bids_meta": {
    "AcquisitionDuration": 1230.47,
    "AcquisitionMatrixPE": 76,
    "AcquisitionTime": "12:22:8.222500",
    "B0FieldSource": [
      "004pepolarbold",
      "004phasediff"
    ],
    "BandwidthPerPixelPhaseEncode": 40.486,
    "BaseResolution": 102,
    "DerivedVendorReportedEchoSpacing": 0.000649997,
    "DwellTime": 2.5e-06,
    "EchoNumber": 1,
    "EchoTime": 0.0126,
    "EchoTrainLength": 28,
    "EffectiveEchoSpacing": 0.000324999,
    "FlipAngle": 64,
    "ImageOrientationPatientDICOM": [
      0.999421,
      0.00548478,
      0.0335692,
      0.00697739,
      0.932869,
      -0.360149
    ],
    "ImageType": [
      "ORIGINAL",
      "PRIMARY",
      "FMRI",
      "NONE"
    ],
    "ImageTypeText": [
      "ORIGINAL",
      "PRIMARY",
      "M",
      "MB",
      "TE1",
      "DIS2D"
    ],
    "InPlanePhaseEncodingDirectionDICOM": "ROW",
    "PercentPhaseFOV": 74.5098,
    "PhaseEchoTime1": 0.0126,
    "PhaseEchoTime2": 0.0322,
    "PhaseEncodingDirection": "i",
    "PixelBandwidth": 1961,
    "ProtocolName": "func-bold_task-rest_dir-RL__cmrr_me4_sms4",
    "PulseSequenceName": "epfid2d4_76",
    "ReceiveCoilActiveElements": "HC1-7",
    "ReconMatrixPE": 76,
    "RefLinesPE": 18,
    "RepetitionTime": 1.6,
    "SequenceVariant": "SK\\SS\\OSP",
    "SeriesDescription": "func-bold_task-rest_dir-RL__cmrr_me4_sms4",
    "SeriesNumber": 26,
    "ShimSetting": [
      8236,
      -5617,
      -6016,
      682,
      -57,
      -165,
      27,
      27
    ],
    "SliceThickness": 2.2,
    "SliceTiming": [
      0,
      0.8425,
      0.105,
      0.9475,
      0.21,
      1.055,
      0.3175,
      1.16,
      0.4225,
      1.265,
      0.5275,
      1.37,
      0.6325,
      1.475,
      0.7375,
      0,
      0.8425,
      0.105,
      0.9475,
      0.21,
      1.055,
      0.3175,
      1.16,
      0.4225,
      1.265,
      0.5275,
      1.37,
      0.6325,
      1.475,
      0.7375,
      0,
      0.8425,
      0.105,
      0.9475,
      0.21,
      1.055,
      0.3175,
      1.16,
      0.4225,
      1.265,
      0.5275,
      1.37,
      0.6325,
      1.475,
      0.7375,
      0,
      0.8425,
      0.105,
      0.9475,
      0.21,
      1.055,
      0.3175,
      1.16,
      0.4225,
      1.265,
      0.5275,
      1.37,
      0.6325,
      1.475,
      0.7375
    ],
    "SpacingBetweenSlices": 2.2,
    "TotalReadoutTime": 0.0243749,
    "TxRefAmp": 249.909,
    "WipMemBlock": "d52b645e-5d7c-4d85-b95d-28e311e982ae||Sequence: R017 nxva30a/master r/d34922cc2+; Jun 27 2022 13:20:16 by eja",
    "dataset": "<unset>",
    "modality": "bold",
    "session_id": "004",
    "subject_id": "001",
    "task_id": "rest"
  },
  "dummy_trs": 1,
  "dvars_nstd": 36.27539720910429,
  "dvars_std": 1.0249537829144402,
  "dvars_vstd": 1.000124688836899,
  "efc": 0.659,
  "fber": 128.231,
  "fd_mean": 0.1468818918572106,
  "fd_num": 167,
  "fd_perc": 22.296395193591454,
  "fwhm_avg": 3.8055527434709524,
  "fwhm_x": 3.5836673115907707,
  "fwhm_y": 3.8138000968447927,
  "fwhm_z": 4.019190821977293,
  "gcor": [
    0.0127173,
    0.0138524,
    0.0126532,
    0.010934
  ],
  "gsr_x": 0.15335655212402344,
  "gsr_y": 0.011171866208314896,
  "provenance": {
    "md5sum": "1c77928257b16a2d9831b3a9900475ca",
    "settings": {
      "fd_thres": 0.2,
      "testing": false
    },
    "software": "mriqc",
    "version": "24.1.0.dev0+g3fe90466.d20240417"
  },
  "size_t": 749,
  "size_x": 76,
  "size_y": 102,
  "size_z": 60,
  "snr": 2.654957666762585,
  "spacing_tr": 1.600000023841858,
  "spacing_x": 2.196079969406128,
  "spacing_y": 2.196079969406128,
  "spacing_z": 2.200000047683716,
  "summary_bg_k": 4.7842,
  "summary_bg_mad": 67.3188,
  "summary_bg_mean": 177.913,
  "summary_bg_median": 71.0,
  "summary_bg_n": 331123.0,
  "summary_bg_p05": 0.0,
  "summary_bg_p95": 755.0,
  "summary_bg_stdv": 247.2993,
  "summary_fg_k": 0.5703,
  "summary_fg_mad": 295.9643,
  "summary_fg_mean": 828.8526,
  "summary_fg_median": 801.0,
  "summary_fg_n": 133997.0,
  "summary_fg_p05": 397.0,
  "summary_fg_p95": 1355.0,
  "summary_fg_stdv": 301.6986,
  "tsnr": 36.15583689301275
}