{
  "aor": [
    0.00045145631067961163,
    0.000555242718446602,
    0.0006375242718446602,
    0.0007709708737864078
  ],
  "aqi": [
    0.005624548155339806,
    0.007822084368932038,
    0.013150557766990293,
    0.02180387184466019
  ],
  "bids_meta": {
    "AcquisitionDuration": 361.475,
    "AcquisitionMatrixPE": 76,
    "AcquisitionTime": "12:44:18.372500",
    "B0FieldSource": [
      "004pepolarbold",
      "004phasediff"
    ],
    "BandwidthPerPixelPhaseEncode": 40.486,
    "BaseResolution": 102,
    "DerivedVendorReportedEchoSpacing": 0.000649997,
    "DwellTime": 2.5e-06,
    "EchoNumber": 2,
    "EchoTime": 0.0322,
    "EchoTrainLength": 28,
    "EffectiveEchoSpacing": 0.000324999,
    "ImageOrientationPatientDICOM": [
      0.999421,
      0.00548478,
      0.0335692,
      0.00697739,
      0.932869,
      -0.360149
    ],
    "ImageType": [
      "ORIGINAL",
      "PRIMARY",
      "FMRI",
      "NONE"
    ],
    "ImageTypeText": [
      "ORIGINAL",
      "PRIMARY",
      "M",
      "MB",
      "TE2",
      "DIS2D"
    ],
    "InPlanePhaseEncodingDirectionDICOM": "ROW",
    "PercentPhaseFOV": 74.5098,
    "PercentSampling": 100,
    "PhaseEchoTime1": 0.0126,
    "PhaseEchoTime2": 0.0322,
    "PhaseEncodingDirection": "i",
    "PhaseResolution": 1,
    "PixelBandwidth": 1961,
    "ProtocolName": "func-bold_task-bht_dir-RL__cmrr_me4_sms4",
    "PulseSequenceName": "epfid2d4_76",
    "ReceiveCoilActiveElements": "HC1-7",
    "ReconMatrixPE": 76,
    "RefLinesPE": 18,
    "RepetitionTime": 1.6,
    "SequenceVariant": "SK\\SS\\OSP",
    "SeriesDescription": "func-bold_task-bht_dir-RL__cmrr_me4_sms4",
    "SeriesNumber": 28,
    "ShimSetting": [
      8236,
      -5620,
      -6016,
      691,
      -56,
      -197,
      21,
      30
    ],
    "SliceThickness": 2.2,
    "SliceTiming": [
      0,
      0.8425,
      0.1075,
      0.95,
      0.2125,
      1.055,
      0.3175,
      1.16,
      0.4225,
      1.265,
      0.5275,
      1.37,
      0.6325,
      1.475,
      0.7375,
      0,
      0.8425,
      0.1075,
      0.95,
      0.2125,
      1.055,
      0.3175,
      1.16,
      0.4225,
      1.265,
      0.5275,
      1.37,
      0.6325,
      1.475,
      0.7375,
      0,
      0.8425,
      0.1075,
      0.95,
      0.2125,
      1.055,
      0.3175,
      1.16,
      0.4225,
      1.265,
      0.5275,
      1.37,
      0.6325,
      1.475,
      0.7375,
      0,
      0.8425,
      0.1075,
      0.95,
      0.2125,
      1.055,
      0.3175,
      1.16,
      0.4225,
      1.265,
      0.5275,
      1.37,
      0.6325,
      1.475,
      0.7375
    ],
    "SpacingBetweenSlices": 2.2,
    "TotalReadoutTime": 0.0243749,
    "TxRefAmp": 249.909,
    "WipMemBlock": "cf9c15b8-48f8-49ca-bc9a-dcffd721f42e||Sequence: R017 nxva30a/master r/d34922cc2+; Jun 27 2022 13:20:16 by eja",
    "dataset": "<unset>",
    "modality": "bold",
    "session_id": "004",
    "subject_id": "001",
    "task_id": "bht"
  },
  "dummy_trs": 1,
  "dvars_nstd": 52.9874989575122,
  "dvars_std": 1.0387004273170726,
  "dvars_vstd": 1.0113042297560977,
  "efc": 0.5864,
  "fber": 233.4,
  "fd_mean": 0.18594546320349462,
  "fd_num": 88,
  "fd_perc": 42.71844660194175,
  "fwhm_avg": 3.2129559524291498,
  "fwhm_x": 3.294793496047726,
  "fwhm_y": 3.2381744285582923,
  "fwhm_z": 3.105899932681432,
  "gcor": [
    0.0130767,
    0.0198627,
    0.0207776,
    0.0174969
  ],
  "gsr_x": 0.09898000210523605,
  "gsr_y": -0.012066297233104706,
  "provenance": {
    "md5sum": "e570ca7fa64d0d20389f131395539b9f",
    "settings": {
      "fd_thres": 0.2,
      "testing": false
    },
    "software": "mriqc",
    "version": "24.1.0.dev0+g3fe90466.d20240417"
  },
  "size_t": 206,
  "size_x": 76,
  "size_y": 102,
  "size_z": 60,
  "snr": 2.179860394998151,
  "spacing_tr": 1.600000023841858,
  "spacing_x": 2.196079969406128,
  "spacing_y": 2.196079969406128,
  "spacing_z": 2.200000047683716,
  "summary_bg_k": 24.8321,
  "summary_bg_mad": 17.6113,
  "summary_bg_mean": 61.0651,
  "summary_bg_median": 34.0,
  "summary_bg_n": 330564.0,
  "summary_bg_p05": 0.0,
  "summary_bg_p95": 221.0,
  "summary_bg_stdv": 82.1886,
  "summary_fg_k": 0.598,
  "summary_fg_mad": 218.5615,
  "summary_fg_mean": 531.2539,
  "summary_fg_median": 520.0,
  "summary_fg_n": 134556.0,
  "summary_fg_p05": 111.0,
  "summary_fg_p95": 935.0,
  "summary_fg_stdv": 238.5465,
  "tsnr": 25.86160703888163
}