{
  "aor": [
    0.0003774133333333333,
    0.0005188266666666667,
    0.0006288933333333334,
    0.00068976
  ],
  "aqi": [
    0.005768170840000001,
    0.007895883173333333,
    0.013415592399999999,
    0.022620859599999998
  ],
  "bids_meta": {
    "AcquisitionDuration": 1230.47,
    "AcquisitionMatrixPE": 76,
    "AcquisitionTime": "19:32:27.380000",
    "B0FieldSource": [
      "pilot019pepolarbold",
      "pilot019phasediff"
    ],
    "BandwidthPerPixelPhaseEncode": 40.486,
    "BaseResolution": 102,
    "DerivedVendorReportedEchoSpacing": 0.000649997,
    "DwellTime": 2.5e-06,
    "EchoNumber": 1,
    "EchoTime": 0.0126,
    "EchoTrainLength": 28,
    "EffectiveEchoSpacing": 0.000324999,
    "FlipAngle": 64,
    "ImageOrientationPatientDICOM": [
      0.998355,
      0.0470003,
      0.0328234,
      -0.0320723,
      0.932498,
      -0.359747
    ],
    "ImageType": [
      "ORIGINAL",
      "PRIMARY",
      "FMRI",
      "NONE"
    ],
    "ImageTypeText": [
      "ORIGINAL",
      "PRIMARY",
      "M",
      "MB",
      "TE1",
      "DIS2D"
    ],
    "InPlanePhaseEncodingDirectionDICOM": "ROW",
    "PercentPhaseFOV": 74.5098,
    "PhaseEchoTime1": 0.0126,
    "PhaseEchoTime2": 0.0322,
    "PhaseEncodingDirection": "i",
    "PixelBandwidth": 1961,
    "ProtocolName": "func-bold_task-rest_dir-RL__cmrr_me4_sms4",
    "PulseSequenceName": "epfid2d4_76",
    "ReceiveCoilActiveElements": "HC1-7",
    "ReconMatrixPE": 76,
    "RefLinesPE": 18,
    "RepetitionTime": 1.6,
    "SequenceVariant": "SK\\SS\\OSP",
    "SeriesDescription": "func-bold_task-rest_dir-RL__cmrr_me4_sms4",
    "SeriesNumber": 29,
    "ShimSetting": [
      8225,
      -5613,
      -5993,
      688,
      -109,
      -204,
      37,
      36
    ],
    "SliceThickness": 2.2,
    "SliceTiming": [
      0,
      0.8425,
      0.105,
      0.9475,
      0.21,
      1.0525,
      0.315,
      1.1575,
      0.42,
      1.2625,
      0.5275,
      1.37,
      0.6325,
      1.475,
      0.7375,
      0,
      0.8425,
      0.105,
      0.9475,
      0.21,
      1.0525,
      0.315,
      1.1575,
      0.42,
      1.2625,
      0.5275,
      1.37,
      0.6325,
      1.475,
      0.7375,
      0,
      0.8425,
      0.105,
      0.9475,
      0.21,
      1.0525,
      0.315,
      1.1575,
      0.42,
      1.2625,
      0.5275,
      1.37,
      0.6325,
      1.475,
      0.7375,
      0,
      0.8425,
      0.105,
      0.9475,
      0.21,
      1.0525,
      0.315,
      1.1575,
      0.42,
      1.2625,
      0.5275,
      1.37,
      0.6325,
      1.475,
      0.7375
    ],
    "SpacingBetweenSlices": 2.2,
    "TotalReadoutTime": 0.0243749,
    "TxRefAmp": 245.513,
    "WipMemBlock": "3e1af737-2aa7-4baa-9ef3-9263602cffd1||Sequence: R017 nxva30a/master r/d34922cc2+; Jun 27 2022 13:20:16 by eja",
    "dataset": "<unset>",
    "modality": "bold",
    "session_id": "pilot019",
    "subject_id": "001",
    "task_id": "rest"
  },
  "dummy_trs": 0,
  "dvars_nstd": 34.86740437224297,
  "dvars_std": 1.0330775686915898,
  "dvars_vstd": 1.0062285575166896,
  "efc": 0.6521,
  "fber": 122.4669,
  "fd_mean": 0.14639200572427413,
  "fd_num": 152,
  "fd_perc": 20.266666666666666,
  "fwhm_avg": 4.014483844534571,
  "fwhm_x": 3.8524143555154056,
  "fwhm_y": 3.9800690875404015,
  "fwhm_z": 4.210968090547906,
  "gcor": [
    0.0155519,
    0.0195902,
    0.0179408,
    0.0149425
  ],
  "gsr_x": 0.14804957807064056,
  "gsr_y": 0.012774890288710594,
  "provenance": {
    "md5sum": "aa627794f765cfd21c4cc48da556319f",
    "settings": {
      "fd_thres": 0.2,
      "testing": false
    },
    "software": "mriqc",
    "version": "24.1.0.dev0+g3fe90466.d20240417"
  },
  "size_t": 750,
  "size_x": 76,
  "size_y": 102,
  "size_z": 60,
  "snr": 2.466198780444622,
  "spacing_tr": 1.600000023841858,
  "spacing_x": 2.196079969406128,
  "spacing_y": 2.196079969406128,
  "spacing_z": 2.200000047683716,
  "summary_bg_k": 5.9188,
  "summary_bg_mad": 73.2821,
  "summary_bg_mean": 183.5437,
  "summary_bg_median": 77.0,
  "summary_bg_n": 331545.0,
  "summary_bg_p05": 0.0,
  "summary_bg_p95": 760.0,
  "summary_bg_stdv": 254.5426,
  "summary_fg_k": 1.0963,
  "summary_fg_mad": 332.8462,
  "summary_fg_mean": 886.7189,
  "summary_fg_median": 849.0,
  "summary_fg_n": 133575.0,
  "summary_fg_p05": 407.0,
  "summary_fg_p95": 1489.0,
  "summary_fg_stdv": 344.2532,
  "tsnr": 36.71289202081971
}