{
  "aor": [
    0.0010126530612244897,
    0.0009856122448979592,
    0.0010675510204081631,
    0.001210408163265306
  ],
  "aqi": [
    0.004052359489795918,
    0.005709584081632652,
    0.00928379806122449,
    0.015546652040816325
  ],
  "bids_meta": {
    "AcquisitionDuration": 188.475,
    "AcquisitionMatrixPE": 76,
    "AcquisitionTime": "19:25:36.225000",
    "B0FieldSource": [
      "pilot019pepolarbold",
      "pilot019phasediff"
    ],
    "BandwidthPerPixelPhaseEncode": 40.486,
    "BaseResolution": 102,
    "DerivedVendorReportedEchoSpacing": 0.000649997,
    "DwellTime": 2.5e-06,
    "EchoNumber": 1,
    "EchoTime": 0.0126,
    "EchoTrainLength": 28,
    "EffectiveEchoSpacing": 0.000324999,
    "FlipAngle": 64,
    "ImageOrientationPatientDICOM": [
      0.998355,
      0.0470003,
      0.0328234,
      -0.0320723,
      0.932498,
      -0.359747
    ],
    "ImageType": [
      "ORIGINAL",
      "PRIMARY",
      "FMRI",
      "NONE"
    ],
    "ImageTypeText": [
      "ORIGINAL",
      "PRIMARY",
      "M",
      "MB",
      "TE1",
      "DIS2D"
    ],
    "InPlanePhaseEncodingDirectionDICOM": "ROW",
    "PercentPhaseFOV": 74.5098,
    "PhaseEchoTime1": 0.0126,
    "PhaseEchoTime2": 0.0322,
    "PhaseEncodingDirection": "i",
    "PixelBandwidth": 1961,
    "ProtocolName": "func-bold_task-qct_dir-RL__cmrr_me4_sms4",
    "PulseSequenceName": "epfid2d4_76",
    "ReceiveCoilActiveElements": "HC1-7",
    "ReconMatrixPE": 76,
    "RefLinesPE": 18,
    "RepetitionTime": 1.6,
    "SequenceVariant": "SK\\SS\\OSP",
    "SeriesDescription": "func-bold_task-qct_dir-RL__cmrr_me4_sms4",
    "SeriesNumber": 19,
    "ShimSetting": [
      8225,
      -5613,
      -5993,
      688,
      -109,
      -204,
      37,
      36
    ],
    "SliceThickness": 2.2,
    "SliceTiming": [
      0,
      0.845,
      0.1075,
      0.95,
      0.2125,
      1.055,
      0.3175,
      1.16,
      0.4225,
      1.265,
      0.5275,
      1.37,
      0.6325,
      1.475,
      0.7375,
      0,
      0.845,
      0.1075,
      0.95,
      0.2125,
      1.055,
      0.3175,
      1.16,
      0.4225,
      1.265,
      0.5275,
      1.37,
      0.6325,
      1.475,
      0.7375,
      0,
      0.845,
      0.1075,
      0.95,
      0.2125,
      1.055,
      0.3175,
      1.16,
      0.4225,
      1.265,
      0.5275,
      1.37,
      0.6325,
      1.475,
      0.7375,
      0,
      0.845,
      0.1075,
      0.95,
      0.2125,
      1.055,
      0.3175,
      1.16,
      0.4225,
      1.265,
      0.5275,
      1.37,
      0.6325,
      1.475,
      0.7375
    ],
    "SpacingBetweenSlices": 2.2,
    "TotalReadoutTime": 0.0243749,
    "TxRefAmp": 245.513,
    "WipMemBlock": "2e9762be-a321-40bd-8c3d-4046e8a60cdc||Sequence: R017 nxva30a/master r/d34922cc2+; Jun 27 2022 13:20:16 by eja",
    "dataset": "<unset>",
    "modality": "bold",
    "session_id": "pilot019",
    "subject_id": "001",
    "task_id": "qct"
  },
  "dummy_trs": 1,
  "dvars_nstd": 36.383040359484546,
  "dvars_std": 1.0442550218556705,
  "dvars_vstd": 1.0312613660824743,
  "efc": 0.6497,
  "fber": 132.809,
  "fd_mean": 0.10365551661641279,
  "fd_num": 9,
  "fd_perc": 9.183673469387756,
  "fwhm_avg": 3.932107833208321,
  "fwhm_x": 3.7828221721117528,
  "fwhm_y": 3.911478689149429,
  "fwhm_z": 4.102022638363781,
  "gcor": [
    0.0058994,
    0.00960313,
    0.00869326,
    0.00723928
  ],
  "gsr_x": 0.14704112708568573,
  "gsr_y": 0.012944568879902363,
  "provenance": {
    "md5sum": "402426d040d3bd309cc49f25f5990220",
    "settings": {
      "fd_thres": 0.2,
      "testing": false
    },
    "software": "mriqc",
    "version": "24.1.0.dev0+g3fe90466.d20240417"
  },
  "size_t": 98,
  "size_x": 76,
  "size_y": 102,
  "size_z": 60,
  "snr": 2.4723984968282426,
  "spacing_tr": 1.600000023841858,
  "spacing_x": 2.196079969406128,
  "spacing_y": 2.196079969406128,
  "spacing_z": 2.200000047683716,
  "summary_bg_k": 6.0653,
  "summary_bg_mad": 69.6369,
  "summary_bg_mean": 180.6332,
  "summary_bg_median": 74.0,
  "summary_bg_n": 331170.0,
  "summary_bg_p05": 0.0,
  "summary_bg_p95": 759.0,
  "summary_bg_stdv": 254.038,
  "summary_fg_k": 1.1792,
  "summary_fg_mad": 329.9244,
  "summary_fg_mean": 885.6814,
  "summary_fg_median": 848.0,
  "summary_fg_n": 133950.0,
  "summary_fg_p05": 409.0,
  "summary_fg_p95": 1484.0,
  "summary_fg_stdv": 342.9855,
  "tsnr": 39.18636330310255
}