{
  "aor": [
    0.0003774133333333333,
    0.0005188266666666667,
    0.0006288933333333334,
    0.00068976
  ],
  "aqi": [
    0.005768170840000001,
    0.007895883173333333,
    0.013415592399999999,
    0.022620859599999998
  ],
  "bids_meta": {
    "AcquisitionDuration": 1230.47,
    "AcquisitionMatrixPE": 76,
    "AcquisitionTime": "19:32:27.440000",
    "B0FieldSource": [
      "pilot019pepolarbold",
      "pilot019phasediff"
    ],
    "BandwidthPerPixelPhaseEncode": 40.486,
    "BaseResolution": 102,
    "DerivedVendorReportedEchoSpacing": 0.000649997,
    "DwellTime": 2.5e-06,
    "EchoNumber": 4,
    "EchoTime": 0.0714,
    "EchoTrainLength": 28,
    "EffectiveEchoSpacing": 0.000324999,
    "FlipAngle": 64,
    "ImageOrientationPatientDICOM": [
      0.998355,
      0.0470003,
      0.0328234,
      -0.0320723,
      0.932498,
      -0.359747
    ],
    "ImageType": [
      "ORIGINAL",
      "PRIMARY",
      "FMRI",
      "NONE"
    ],
    "ImageTypeText": [
      "ORIGINAL",
      "PRIMARY",
      "M",
      "MB",
      "TE4",
      "DIS2D"
    ],
    "InPlanePhaseEncodingDirectionDICOM": "ROW",
    "PercentPhaseFOV": 74.5098,
    "PhaseEchoTime1": 0.0126,
    "PhaseEchoTime2": 0.0322,
    "PhaseEncodingDirection": "i",
    "PixelBandwidth": 1961,
    "ProtocolName": "func-bold_task-rest_dir-RL__cmrr_me4_sms4",
    "PulseSequenceName": "epfid2d4_76",
    "ReceiveCoilActiveElements": "HC1-7",
    "ReconMatrixPE": 76,
    "RefLinesPE": 18,
    "RepetitionTime": 1.6,
    "SequenceVariant": "SK\\SS\\OSP",
    "SeriesDescription": "func-bold_task-rest_dir-RL__cmrr_me4_sms4",
    "SeriesNumber": 29,
    "ShimSetting": [
      8225,
      -5613,
      -5993,
      688,
      -109,
      -204,
      37,
      36
    ],
    "SliceThickness": 2.2,
    "SliceTiming": [
      0,
      0.8425,
      0.105,
      0.9475,
      0.21,
      1.0525,
      0.315,
      1.1575,
      0.42,
      1.2625,
      0.5275,
      1.37,
      0.6325,
      1.475,
      0.7375,
      0,
      0.8425,
      0.105,
      0.9475,
      0.21,
      1.0525,
      0.315,
      1.1575,
      0.42,
      1.2625,
      0.5275,
      1.37,
      0.6325,
      1.475,
      0.7375,
      0,
      0.8425,
      0.105,
      0.9475,
      0.21,
      1.0525,
      0.315,
      1.1575,
      0.42,
      1.2625,
      0.5275,
      1.37,
      0.6325,
      1.475,
      0.7375,
      0,
      0.8425,
      0.105,
      0.9475,
      0.21,
      1.0525,
      0.315,
      1.1575,
      0.42,
      1.2625,
      0.5275,
      1.37,
      0.6325,
      1.475,
      0.7375
    ],
    "SpacingBetweenSlices": 2.2,
    "TotalReadoutTime": 0.0243749,
    "TxRefAmp": 245.513,
    "WipMemBlock": "3e1af737-2aa7-4baa-9ef3-9263602cffd1||Sequence: R017 nxva30a/master r/d34922cc2+; Jun 27 2022 13:20:16 by eja",
    "dataset": "<unset>",
    "modality": "bold",
    "session_id": "pilot019",
    "subject_id": "001",
    "task_id": "rest"
  },
  "dummy_trs": 0,
  "dvars_nstd": 87.51343577126833,
  "dvars_std": 1.0324968632309743,
  "dvars_vstd": 1.0024220837116167,
  "efc": 0.5641,
  "fber": 71.1092,
  "fd_mean": 0.14639200572427413,
  "fd_num": 152,
  "fd_perc": 20.266666666666666,
  "fwhm_avg": 2.827651370830111,
  "fwhm_x": 2.924993665753015,
  "fwhm_y": 2.8119968698908386,
  "fwhm_z": 2.7459635768464787,
  "gcor": [
    0.0155519,
    0.0195902,
    0.0179408,
    0.0149425
  ],
  "gsr_x": 0.04500226303935051,
  "gsr_y": -0.004781350493431091,
  "provenance": {
    "md5sum": "641beda6a3cf348914cb7f22789e4db5",
    "settings": {
      "fd_thres": 0.2,
      "testing": false
    },
    "software": "mriqc",
    "version": "24.1.0.dev0+g3fe90466.d20240417"
  },
  "size_t": 750,
  "size_x": 76,
  "size_y": 102,
  "size_z": 60,
  "snr": 1.4635361784052157,
  "spacing_tr": 1.600000023841858,
  "spacing_x": 2.196079969406128,
  "spacing_y": 2.196079969406128,
  "spacing_z": 2.200000047683716,
  "summary_bg_k": 90.5291,
  "summary_bg_mad": 5.713,
  "summary_bg_mean": 29.9933,
  "summary_bg_median": 27.0,
  "summary_bg_n": 331545.0,
  "summary_bg_p05": 0.0,
  "summary_bg_p95": 55.0,
  "summary_bg_stdv": 21.0427,
  "summary_fg_k": 4.8823,
  "summary_fg_mad": 138.8249,
  "summary_fg_mean": 244.8309,
  "summary_fg_median": 231.0,
  "summary_fg_n": 133575.0,
  "summary_fg_p05": 38.0,
  "summary_fg_p95": 521.0,
  "summary_fg_stdv": 157.8363,
  "tsnr": 12.480951439356431
}