{
  "aor": [
    0.00039058252427184463,
    0.0003795145631067962,
    0.0004357281553398059,
    0.0005446116504854369
  ],
  "aqi": [
    0.005919044660194174,
    0.007822322669902914,
    0.013591953834951456,
    0.023304494660194172
  ],
  "bids_meta": {
    "AcquisitionDuration": 361.475,
    "AcquisitionMatrixPE": 76,
    "AcquisitionTime": "19:53:55.292500",
    "B0FieldSource": [
      "pilot019pepolarbold",
      "pilot019phasediff"
    ],
    "BandwidthPerPixelPhaseEncode": 40.486,
    "BaseResolution": 102,
    "DerivedVendorReportedEchoSpacing": 0.000649997,
    "DwellTime": 2.5e-06,
    "EchoNumber": 3,
    "EchoTime": 0.0518,
    "EchoTrainLength": 28,
    "EffectiveEchoSpacing": 0.000324999,
    "ImageOrientationPatientDICOM": [
      0.998355,
      0.0470003,
      0.0328234,
      -0.0320723,
      0.932498,
      -0.359747
    ],
    "ImageType": [
      "ORIGINAL",
      "PRIMARY",
      "FMRI",
      "NONE"
    ],
    "ImageTypeText": [
      "ORIGINAL",
      "PRIMARY",
      "M",
      "MB",
      "TE3",
      "DIS2D"
    ],
    "InPlanePhaseEncodingDirectionDICOM": "ROW",
    "PercentPhaseFOV": 74.5098,
    "PercentSampling": 100,
    "PhaseEchoTime1": 0.0126,
    "PhaseEchoTime2": 0.0322,
    "PhaseEncodingDirection": "i",
    "PhaseResolution": 1,
    "PixelBandwidth": 1961,
    "ProtocolName": "func-bold_task-bht_dir-RL__cmrr_me4_sms4",
    "PulseSequenceName": "epfid2d4_76",
    "ReceiveCoilActiveElements": "HC1-7",
    "ReconMatrixPE": 76,
    "RefLinesPE": 18,
    "RepetitionTime": 1.6,
    "SequenceVariant": "SK\\SS\\OSP",
    "SeriesDescription": "func-bold_task-bht_dir-RL__cmrr_me4_sms4",
    "SeriesNumber": 31,
    "ShimSetting": [
      8227,
      -5614,
      -5993,
      700,
      -106,
      -218,
      27,
      36
    ],
    "SliceThickness": 2.2,
    "SliceTiming": [
      0,
      0.8425,
      0.105,
      0.9475,
      0.21,
      1.055,
      0.3175,
      1.16,
      0.4225,
      1.265,
      0.5275,
      1.37,
      0.6325,
      1.475,
      0.7375,
      0,
      0.8425,
      0.105,
      0.9475,
      0.21,
      1.055,
      0.3175,
      1.16,
      0.4225,
      1.265,
      0.5275,
      1.37,
      0.6325,
      1.475,
      0.7375,
      0,
      0.8425,
      0.105,
      0.9475,
      0.21,
      1.055,
      0.3175,
      1.16,
      0.4225,
      1.265,
      0.5275,
      1.37,
      0.6325,
      1.475,
      0.7375,
      0,
      0.8425,
      0.105,
      0.9475,
      0.21,
      1.055,
      0.3175,
      1.16,
      0.4225,
      1.265,
      0.5275,
      1.37,
      0.6325,
      1.475,
      0.7375
    ],
    "SpacingBetweenSlices": 2.2,
    "TotalReadoutTime": 0.0243749,
    "TxRefAmp": 245.513,
    "WipMemBlock": "d9459438-26e5-43dd-945b-fc43f459eb3e||Sequence: R017 nxva30a/master r/d34922cc2+; Jun 27 2022 13:20:16 by eja",
    "dataset": "<unset>",
    "modality": "bold",
    "session_id": "pilot019",
    "subject_id": "001",
    "task_id": "bht"
  },
  "dummy_trs": 1,
  "dvars_nstd": 65.18897639951219,
  "dvars_std": 1.0085991458536583,
  "dvars_vstd": 0.9864746657560971,
  "efc": 0.5604,
  "fber": 149.3702,
  "fd_mean": 0.16582569022096544,
  "fd_num": 64,
  "fd_perc": 31.067961165048544,
  "fwhm_avg": 3.1125619193512875,
  "fwhm_x": 3.2184802459226316,
  "fwhm_y": 3.0923919413720102,
  "fwhm_z": 3.026813570759219,
  "gcor": [
    0.0349707,
    0.032581,
    0.0274336,
    0.0215387
  ],
  "gsr_x": 0.0637897476553917,
  "gsr_y": -0.00939264614135027,
  "provenance": {
    "md5sum": "f3693f8e8fcd119702fe15ec723a1914",
    "settings": {
      "fd_thres": 0.2,
      "testing": false
    },
    "software": "mriqc",
    "version": "24.1.0.dev0+g3fe90466.d20240417"
  },
  "size_t": 206,
  "size_x": 76,
  "size_y": 102,
  "size_z": 60,
  "snr": 1.740667926814307,
  "spacing_tr": 1.600000023841858,
  "spacing_x": 2.196079969406128,
  "spacing_y": 2.196079969406128,
  "spacing_z": 2.200000047683716,
  "summary_bg_k": 52.0456,
  "summary_bg_mad": 8.5574,
  "summary_bg_mean": 38.3293,
  "summary_bg_median": 29.0,
  "summary_bg_n": 331115.0,
  "summary_bg_p05": 0.0,
  "summary_bg_p95": 96.0,
  "summary_bg_stdv": 37.4914,
  "summary_fg_k": 2.325,
  "summary_fg_mad": 182.54,
  "summary_fg_mean": 371.4675,
  "summary_fg_median": 359.0,
  "summary_fg_n": 134005.0,
  "summary_fg_p05": 55.0,
  "summary_fg_p95": 724.0,
  "summary_fg_stdv": 206.2419,
  "tsnr": 17.89401852339506
}