{
  "aor": [
    0.00039058252427184463,
    0.0003795145631067962,
    0.0004357281553398059,
    0.0005446116504854369
  ],
  "aqi": [
    0.005919044660194174,
    0.007822322669902914,
    0.013591953834951456,
    0.023304494660194172
  ],
  "bids_meta": {
    "AcquisitionDuration": 361.475,
    "AcquisitionMatrixPE": 76,
    "AcquisitionTime": "19:53:55.272500",
    "B0FieldSource": [
      "pilot019pepolarbold",
      "pilot019phasediff"
    ],
    "BandwidthPerPixelPhaseEncode": 40.486,
    "BaseResolution": 102,
    "DerivedVendorReportedEchoSpacing": 0.000649997,
    "DwellTime": 2.5e-06,
    "EchoNumber": 2,
    "EchoTime": 0.0322,
    "EchoTrainLength": 28,
    "EffectiveEchoSpacing": 0.000324999,
    "ImageOrientationPatientDICOM": [
      0.998355,
      0.0470003,
      0.0328234,
      -0.0320723,
      0.932498,
      -0.359747
    ],
    "ImageType": [
      "ORIGINAL",
      "PRIMARY",
      "FMRI",
      "NONE"
    ],
    "ImageTypeText": [
      "ORIGINAL",
      "PRIMARY",
      "M",
      "MB",
      "TE2",
      "DIS2D"
    ],
    "InPlanePhaseEncodingDirectionDICOM": "ROW",
    "PercentPhaseFOV": 74.5098,
    "PercentSampling": 100,
    "PhaseEchoTime1": 0.0126,
    "PhaseEchoTime2": 0.0322,
    "PhaseEncodingDirection": "i",
    "PhaseResolution": 1,
    "PixelBandwidth": 1961,
    "ProtocolName": "func-bold_task-bht_dir-RL__cmrr_me4_sms4",
    "PulseSequenceName": "epfid2d4_76",
    "ReceiveCoilActiveElements": "HC1-7",
    "ReconMatrixPE": 76,
    "RefLinesPE": 18,
    "RepetitionTime": 1.6,
    "SequenceVariant": "SK\\SS\\OSP",
    "SeriesDescription": "func-bold_task-bht_dir-RL__cmrr_me4_sms4",
    "SeriesNumber": 31,
    "ShimSetting": [
      8227,
      -5614,
      -5993,
      700,
      -106,
      -218,
      27,
      36
    ],
    "SliceThickness": 2.2,
    "SliceTiming": [
      0,
      0.8425,
      0.1075,
      0.95,
      0.2125,
      1.055,
      0.3175,
      1.16,
      0.4225,
      1.265,
      0.5275,
      1.37,
      0.6325,
      1.475,
      0.7375,
      0,
      0.8425,
      0.1075,
      0.95,
      0.2125,
      1.055,
      0.3175,
      1.16,
      0.4225,
      1.265,
      0.5275,
      1.37,
      0.6325,
      1.475,
      0.7375,
      0,
      0.8425,
      0.1075,
      0.95,
      0.2125,
      1.055,
      0.3175,
      1.16,
      0.4225,
      1.265,
      0.5275,
      1.37,
      0.6325,
      1.475,
      0.7375,
      0,
      0.8425,
      0.1075,
      0.95,
      0.2125,
      1.055,
      0.3175,
      1.16,
      0.4225,
      1.265,
      0.5275,
      1.37,
      0.6325,
      1.475,
      0.7375
    ],
    "SpacingBetweenSlices": 2.2,
    "TotalReadoutTime": 0.0243749,
    "TxRefAmp": 245.513,
    "WipMemBlock": "d9459438-26e5-43dd-945b-fc43f459eb3e||Sequence: R017 nxva30a/master r/d34922cc2+; Jun 27 2022 13:20:16 by eja",
    "dataset": "<unset>",
    "modality": "bold",
    "session_id": "pilot019",
    "subject_id": "001",
    "task_id": "bht"
  },
  "dummy_trs": 1,
  "dvars_nstd": 47.681497806682906,
  "dvars_std": 1.0107343811707308,
  "dvars_vstd": 0.9884833232682924,
  "efc": 0.5787,
  "fber": 233.8537,
  "fd_mean": 0.16582569022096544,
  "fd_num": 64,
  "fd_perc": 31.067961165048544,
  "fwhm_avg": 3.461542192919486,
  "fwhm_x": 3.5176269114138954,
  "fwhm_y": 3.4641133774637725,
  "fwhm_z": 3.4028862898807897,
  "gcor": [
    0.0349707,
    0.032581,
    0.0274336,
    0.0215387
  ],
  "gsr_x": 0.09819284081459045,
  "gsr_y": -0.012722144834697247,
  "provenance": {
    "md5sum": "2527bcd9c259bb1f5f6a50dd0cfbf81d",
    "settings": {
      "fd_thres": 0.2,
      "testing": false
    },
    "software": "mriqc",
    "version": "24.1.0.dev0+g3fe90466.d20240417"
  },
  "size_t": 206,
  "size_x": 76,
  "size_y": 102,
  "size_z": 60,
  "snr": 2.056925864991905,
  "spacing_tr": 1.600000023841858,
  "spacing_x": 2.196079969406128,
  "spacing_y": 2.196079969406128,
  "spacing_z": 2.200000047683716,
  "summary_bg_k": 25.8538,
  "summary_bg_mad": 18.6765,
  "summary_bg_mean": 63.6381,
  "summary_bg_median": 36.0,
  "summary_bg_n": 331115.0,
  "summary_bg_p05": 0.0,
  "summary_bg_p95": 224.0,
  "summary_bg_stdv": 85.1272,
  "summary_fg_k": 1.259,
  "summary_fg_mad": 242.7149,
  "summary_fg_mean": 571.9096,
  "summary_fg_median": 553.0,
  "summary_fg_n": 134005.0,
  "summary_fg_p05": 127.0,
  "summary_fg_p95": 1038.0,
  "summary_fg_stdv": 268.8468,
  "tsnr": 25.656909661600366
}