{
  "aor": [
    0.0010126530612244897,
    0.0009856122448979592,
    0.0010675510204081631,
    0.001210408163265306
  ],
  "aqi": [
    0.004052359489795918,
    0.005709584081632652,
    0.00928379806122449,
    0.015546652040816325
  ],
  "bids_meta": {
    "AcquisitionDuration": 188.475,
    "AcquisitionMatrixPE": 76,
    "AcquisitionTime": "19:25:36.262500",
    "B0FieldSource": [
      "pilot019pepolarbold",
      "pilot019phasediff"
    ],
    "BandwidthPerPixelPhaseEncode": 40.486,
    "BaseResolution": 102,
    "DerivedVendorReportedEchoSpacing": 0.000649997,
    "DwellTime": 2.5e-06,
    "EchoNumber": 3,
    "EchoTime": 0.0518,
    "EchoTrainLength": 28,
    "EffectiveEchoSpacing": 0.000324999,
    "FlipAngle": 64,
    "ImageOrientationPatientDICOM": [
      0.998355,
      0.0470003,
      0.0328234,
      -0.0320723,
      0.932498,
      -0.359747
    ],
    "ImageType": [
      "ORIGINAL",
      "PRIMARY",
      "FMRI",
      "NONE"
    ],
    "ImageTypeText": [
      "ORIGINAL",
      "PRIMARY",
      "M",
      "MB",
      "TE3",
      "DIS2D"
    ],
    "InPlanePhaseEncodingDirectionDICOM": "ROW",
    "PercentPhaseFOV": 74.5098,
    "PhaseEchoTime1": 0.0126,
    "PhaseEchoTime2": 0.0322,
    "PhaseEncodingDirection": "i",
    "PixelBandwidth": 1961,
    "ProtocolName": "func-bold_task-qct_dir-RL__cmrr_me4_sms4",
    "PulseSequenceName": "epfid2d4_76",
    "ReceiveCoilActiveElements": "HC1-7",
    "ReconMatrixPE": 76,
    "RefLinesPE": 18,
    "RepetitionTime": 1.6,
    "SequenceVariant": "SK\\SS\\OSP",
    "SeriesDescription": "func-bold_task-qct_dir-RL__cmrr_me4_sms4",
    "SeriesNumber": 19,
    "ShimSetting": [
      8225,
      -5613,
      -5993,
      688,
      -109,
      -204,
      37,
      36
    ],
    "SliceThickness": 2.2,
    "SliceTiming": [
      0,
      0.8425,
      0.105,
      0.9475,
      0.21,
      1.0525,
      0.315,
      1.1575,
      0.42,
      1.2625,
      0.525,
      1.3675,
      0.63,
      1.475,
      0.7375,
      0,
      0.8425,
      0.105,
      0.9475,
      0.21,
      1.0525,
      0.315,
      1.1575,
      0.42,
      1.2625,
      0.525,
      1.3675,
      0.63,
      1.475,
      0.7375,
      0,
      0.8425,
      0.105,
      0.9475,
      0.21,
      1.0525,
      0.315,
      1.1575,
      0.42,
      1.2625,
      0.525,
      1.3675,
      0.63,
      1.475,
      0.7375,
      0,
      0.8425,
      0.105,
      0.9475,
      0.21,
      1.0525,
      0.315,
      1.1575,
      0.42,
      1.2625,
      0.525,
      1.3675,
      0.63,
      1.475,
      0.7375
    ],
    "SpacingBetweenSlices": 2.2,
    "TotalReadoutTime": 0.0243749,
    "TxRefAmp": 245.513,
    "WipMemBlock": "2e9762be-a321-40bd-8c3d-4046e8a60cdc||Sequence: R017 nxva30a/master r/d34922cc2+; Jun 27 2022 13:20:16 by eja",
    "dataset": "<unset>",
    "modality": "bold",
    "session_id": "pilot019",
    "subject_id": "001",
    "task_id": "qct"
  },
  "dummy_trs": 1,
  "dvars_nstd": 63.39500694649485,
  "dvars_std": 1.0326815338144328,
  "dvars_vstd": 1.0254642705154646,
  "efc": 0.5581,
  "fber": 155.1224,
  "fd_mean": 0.10365551661641279,
  "fd_num": 9,
  "fd_perc": 9.183673469387756,
  "fwhm_avg": 2.9897550222173486,
  "fwhm_x": 3.137882088084206,
  "fwhm_y": 2.995560312759913,
  "fwhm_z": 2.8358226658079264,
  "gcor": [
    0.0058994,
    0.00960313,
    0.00869326,
    0.00723928
  ],
  "gsr_x": 0.0649300143122673,
  "gsr_y": -0.008645270951092243,
  "provenance": {
    "md5sum": "d079cba0aae7572a7cc542a6127f80ce",
    "settings": {
      "fd_thres": 0.2,
      "testing": false
    },
    "software": "mriqc",
    "version": "24.1.0.dev0+g3fe90466.d20240417"
  },
  "size_t": 98,
  "size_x": 76,
  "size_y": 102,
  "size_z": 60,
  "snr": 1.7395802263936144,
  "spacing_tr": 1.600000023841858,
  "spacing_x": 2.196079969406128,
  "spacing_y": 2.196079969406128,
  "spacing_z": 2.200000047683716,
  "summary_bg_k": 49.0961,
  "summary_bg_mad": 8.7746,
  "summary_bg_mean": 38.3464,
  "summary_bg_median": 29.0,
  "summary_bg_n": 331170.0,
  "summary_bg_p05": 0.0,
  "summary_bg_p95": 97.0,
  "summary_bg_stdv": 37.7995,
  "summary_fg_k": 2.3602,
  "summary_fg_mad": 185.5371,
  "summary_fg_mean": 378.2811,
  "summary_fg_median": 366.0,
  "summary_fg_n": 133950.0,
  "summary_fg_p05": 55.0,
  "summary_fg_p95": 738.0,
  "summary_fg_stdv": 210.3948,
  "tsnr": 20.613756988896057
}