{
  "aor": [
    0.0010126530612244897,
    0.0009856122448979592,
    0.0010675510204081631,
    0.001210408163265306
  ],
  "aqi": [
    0.004052359489795918,
    0.005709584081632652,
    0.00928379806122449,
    0.015546652040816325
  ],
  "bids_meta": {
    "AcquisitionDuration": 188.475,
    "AcquisitionMatrixPE": 76,
    "AcquisitionTime": "19:25:36.242500",
    "B0FieldSource": [
      "pilot019pepolarbold",
      "pilot019phasediff"
    ],
    "BandwidthPerPixelPhaseEncode": 40.486,
    "BaseResolution": 102,
    "DerivedVendorReportedEchoSpacing": 0.000649997,
    "DwellTime": 2.5e-06,
    "EchoNumber": 2,
    "EchoTime": 0.0322,
    "EchoTrainLength": 28,
    "EffectiveEchoSpacing": 0.000324999,
    "FlipAngle": 64,
    "ImageOrientationPatientDICOM": [
      0.998355,
      0.0470003,
      0.0328234,
      -0.0320723,
      0.932498,
      -0.359747
    ],
    "ImageType": [
      "ORIGINAL",
      "PRIMARY",
      "FMRI",
      "NONE"
    ],
    "ImageTypeText": [
      "ORIGINAL",
      "PRIMARY",
      "M",
      "MB",
      "TE2",
      "DIS2D"
    ],
    "InPlanePhaseEncodingDirectionDICOM": "ROW",
    "PercentPhaseFOV": 74.5098,
    "PhaseEchoTime1": 0.0126,
    "PhaseEchoTime2": 0.0322,
    "PhaseEncodingDirection": "i",
    "PixelBandwidth": 1961,
    "ProtocolName": "func-bold_task-qct_dir-RL__cmrr_me4_sms4",
    "PulseSequenceName": "epfid2d4_76",
    "ReceiveCoilActiveElements": "HC1-7",
    "ReconMatrixPE": 76,
    "RefLinesPE": 18,
    "RepetitionTime": 1.6,
    "SequenceVariant": "SK\\SS\\OSP",
    "SeriesDescription": "func-bold_task-qct_dir-RL__cmrr_me4_sms4",
    "SeriesNumber": 19,
    "ShimSetting": [
      8225,
      -5613,
      -5993,
      688,
      -109,
      -204,
      37,
      36
    ],
    "SliceThickness": 2.2,
    "SliceTiming": [
      0,
      0.8425,
      0.105,
      0.9475,
      0.21,
      1.0525,
      0.315,
      1.1575,
      0.42,
      1.2625,
      0.525,
      1.37,
      0.6325,
      1.475,
      0.7375,
      0,
      0.8425,
      0.105,
      0.9475,
      0.21,
      1.0525,
      0.315,
      1.1575,
      0.42,
      1.2625,
      0.525,
      1.37,
      0.6325,
      1.475,
      0.7375,
      0,
      0.8425,
      0.105,
      0.9475,
      0.21,
      1.0525,
      0.315,
      1.1575,
      0.42,
      1.2625,
      0.525,
      1.37,
      0.6325,
      1.475,
      0.7375,
      0,
      0.8425,
      0.105,
      0.9475,
      0.21,
      1.0525,
      0.315,
      1.1575,
      0.42,
      1.2625,
      0.525,
      1.37,
      0.6325,
      1.475,
      0.7375
    ],
    "SpacingBetweenSlices": 2.2,
    "TotalReadoutTime": 0.0243749,
    "TxRefAmp": 245.513,
    "WipMemBlock": "2e9762be-a321-40bd-8c3d-4046e8a60cdc||Sequence: R017 nxva30a/master r/d34922cc2+; Jun 27 2022 13:20:16 by eja",
    "dataset": "<unset>",
    "modality": "bold",
    "session_id": "pilot019",
    "subject_id": "001",
    "task_id": "qct"
  },
  "dummy_trs": 1,
  "dvars_nstd": 46.92534409350516,
  "dvars_std": 1.034320231443299,
  "dvars_vstd": 1.0268747894845363,
  "efc": 0.5773,
  "fber": 243.3209,
  "fd_mean": 0.10365551661641279,
  "fd_num": 9,
  "fd_perc": 9.183673469387756,
  "fwhm_avg": 3.359822969758208,
  "fwhm_x": 3.4516047255099784,
  "fwhm_y": 3.3829733450048516,
  "fwhm_z": 3.2448908387597943,
  "gcor": [
    0.0058994,
    0.00960313,
    0.00869326,
    0.00723928
  ],
  "gsr_x": 0.0989522635936737,
  "gsr_y": -0.012046052142977715,
  "provenance": {
    "md5sum": "6bac387bed9cd2d5e1139a3266977bef",
    "settings": {
      "fd_thres": 0.2,
      "testing": false
    },
    "software": "mriqc",
    "version": "24.1.0.dev0+g3fe90466.d20240417"
  },
  "size_t": 98,
  "size_x": 76,
  "size_y": 102,
  "size_z": 60,
  "snr": 2.0597192337838997,
  "spacing_tr": 1.600000023841858,
  "spacing_x": 2.196079969406128,
  "spacing_y": 2.196079969406128,
  "spacing_z": 2.200000047683716,
  "summary_bg_k": 24.8463,
  "summary_bg_mad": 18.8805,
  "summary_bg_mean": 63.5262,
  "summary_bg_median": 36.0,
  "summary_bg_n": 331170.0,
  "summary_bg_p05": 0.0,
  "summary_bg_p95": 226.0,
  "summary_bg_stdv": 85.4354,
  "summary_fg_k": 1.2876,
  "summary_fg_mad": 244.0015,
  "summary_fg_mean": 579.3931,
  "summary_fg_median": 559.0,
  "summary_fg_n": 133950.0,
  "summary_fg_p05": 128.0,
  "summary_fg_p95": 1048.0,
  "summary_fg_stdv": 271.3952,
  "tsnr": 28.88138203904964
}