{
  "aor": [
    0.0004112950600801068,
    0.00047232309746328443,
    0.0005328037383177571,
    0.0005964485981308412
  ],
  "aqi": [
    0.005215290387182911,
    0.006006184966622163,
    0.01028219308411215,
    0.017980748865153537
  ],
  "bids_meta": {
    "AcquisitionDuration": 1230.47,
    "AcquisitionMatrixPE": 96,
    "AcquisitionTime": "18:18:40.282500",
    "B0FieldSource": [
      "017pepolarbold",
      "017phasediff"
    ],
    "BandwidthPerPixelPhaseEncode": 37.879,
    "BaseResolution": 96,
    "DerivedVendorReportedEchoSpacing": 0.000549997,
    "DwellTime": 2.3e-06,
    "EchoNumber": 4,
    "EchoTime": 0.07392,
    "EchoTrainLength": 35,
    "EffectiveEchoSpacing": 0.000274998,
    "FlipAngle": 64,
    "ImageOrientationPatientDICOM": [
      0.99944,
      -0.0275911,
      0.0189186,
      0.0322817,
      0.943794,
      -0.328955
    ],
    "ImageType": [
      "ORIGINAL",
      "PRIMARY",
      "FMRI",
      "NONE"
    ],
    "ImageTypeText": [
      "ORIGINAL",
      "PRIMARY",
      "M",
      "MB",
      "TE4",
      "DIS2D"
    ],
    "InPlanePhaseEncodingDirectionDICOM": "COL",
    "PercentPhaseFOV": 100,
    "PhaseEchoTime1": 0.0126,
    "PhaseEchoTime2": 0.03304,
    "PhaseEncodingDirection": "j",
    "PixelBandwidth": 2264,
    "ProtocolName": "func-bold_task-rest_dir-PA__cmrr_me4_sms4",
    "PulseSequenceName": "epfid2d4_96",
    "ReceiveCoilActiveElements": "HC1-7",
    "ReconMatrixPE": 96,
    "RefLinesPE": 22,
    "RepetitionTime": 1.6,
    "SequenceVariant": "SK\\SS",
    "SeriesDescription": "func-bold_task-rest_dir-PA__cmrr_me4_sms4",
    "SeriesNumber": 23,
    "ShimSetting": [
      8231,
      -5633,
      -6016,
      627,
      -25,
      -229,
      21,
      24
    ],
    "SliceThickness": 2.2,
    "SliceTiming": [
      0,
      0.8425,
      0.105,
      0.9475,
      0.21,
      1.0525,
      0.315,
      1.1575,
      0.4225,
      1.265,
      0.5275,
      1.37,
      0.6325,
      1.475,
      0.7375,
      0,
      0.8425,
      0.105,
      0.9475,
      0.21,
      1.0525,
      0.315,
      1.1575,
      0.4225,
      1.265,
      0.5275,
      1.37,
      0.6325,
      1.475,
      0.7375,
      0,
      0.8425,
      0.105,
      0.9475,
      0.21,
      1.0525,
      0.315,
      1.1575,
      0.4225,
      1.265,
      0.5275,
      1.37,
      0.6325,
      1.475,
      0.7375,
      0,
      0.8425,
      0.105,
      0.9475,
      0.21,
      1.0525,
      0.315,
      1.1575,
      0.4225,
      1.265,
      0.5275,
      1.37,
      0.6325,
      1.475,
      0.7375
    ],
    "SpacingBetweenSlices": 2.2,
    "TotalReadoutTime": 0.0261249,
    "TxRefAmp": 244.756,
    "WipMemBlock": "ef759c74-7b66-41aa-b603-2aaca7a08068||Sequence: R017 nxva30a/master r/d34922cc2+; Jun 27 2022 13:20:16 by eja",
    "dataset": "<unset>",
    "modality": "bold",
    "session_id": "017",
    "subject_id": "001",
    "task_id": "rest"
  },
  "dummy_trs": 1,
  "dvars_nstd": 83.73809185125663,
  "dvars_std": 1.0351973447326193,
  "dvars_vstd": 0.995509301002675,
  "efc": 0.511,
  "fber": 132.5949,
  "fd_mean": 0.14177627504983234,
  "fd_num": 129,
  "fd_perc": 17.222963951935913,
  "fwhm_avg": 2.582092421469588,
  "fwhm_x": 2.439060473138155,
  "fwhm_y": 2.816007754357019,
  "fwhm_z": 2.4912090369135895,
  "gcor": [
    0.0148967,
    0.0211343,
    0.0200905,
    0.0151583
  ],
  "gsr_x": 0.0033635313156992197,
  "gsr_y": 0.028151141479611397,
  "provenance": {
    "md5sum": "f897373ddf2b5a12a2034cfe145d85e5",
    "settings": {
      "fd_thres": 0.2,
      "testing": false
    },
    "software": "mriqc",
    "version": "24.1.0.dev0+g3fe90466.d20240417"
  },
  "size_t": 749,
  "size_x": 96,
  "size_y": 96,
  "size_z": 60,
  "snr": 1.4764849837755567,
  "spacing_tr": 1.600000023841858,
  "spacing_x": 2.197920083999634,
  "spacing_y": 2.197920083999634,
  "spacing_z": 2.200000047683716,
  "summary_bg_k": 323.1747,
  "summary_bg_mad": 2.1358,
  "summary_bg_mean": 20.0541,
  "summary_bg_median": 18.0,
  "summary_bg_n": 417632.0,
  "summary_bg_p05": 1.0,
  "summary_bg_p95": 36.0,
  "summary_bg_stdv": 15.1918,
  "summary_fg_k": 4.5604,
  "summary_fg_mad": 122.4434,
  "summary_fg_mean": 217.8689,
  "summary_fg_median": 208.0,
  "summary_fg_n": 135328.0,
  "summary_fg_p05": 27.0,
  "summary_fg_p95": 461.0,
  "summary_fg_stdv": 140.8746,
  "tsnr": 14.841108907014132
}