{
  "aor": [
    0.0015242424242424243,
    0.00132010101010101,
    0.00131,
    0.001527878787878788
  ],
  "aqi": [
    0.004241530202020202,
    0.004527763838383839,
    0.007370691818181818,
    0.013055912121212121
  ],
  "bids_meta": {
    "AcquisitionDuration": 188.472,
    "AcquisitionMatrixPE": 96,
    "AcquisitionTime": "18:11:56.720000",
    "B0FieldSource": [
      "017pepolarbold",
      "017phasediff"
    ],
    "BandwidthPerPixelPhaseEncode": 37.879,
    "BaseResolution": 96,
    "DerivedVendorReportedEchoSpacing": 0.000549997,
    "DwellTime": 2.3e-06,
    "EchoNumber": 4,
    "EchoTime": 0.07392,
    "EchoTrainLength": 35,
    "EffectiveEchoSpacing": 0.000274998,
    "FlipAngle": 64,
    "ImageOrientationPatientDICOM": [
      0.99944,
      -0.0275911,
      0.0189186,
      0.0322817,
      0.943794,
      -0.328955
    ],
    "ImageType": [
      "ORIGINAL",
      "PRIMARY",
      "FMRI",
      "NONE"
    ],
    "ImageTypeText": [
      "ORIGINAL",
      "PRIMARY",
      "M",
      "MB",
      "TE4",
      "DIS2D"
    ],
    "InPlanePhaseEncodingDirectionDICOM": "COL",
    "PercentPhaseFOV": 100,
    "PhaseEchoTime1": 0.0126,
    "PhaseEchoTime2": 0.03304,
    "PhaseEncodingDirection": "j",
    "PixelBandwidth": 2264,
    "ProtocolName": "func-bold_task-qct_dir-PA__cmrr_me4_sms4",
    "PulseSequenceName": "epfid2d4_96",
    "ReceiveCoilActiveElements": "HC1-7",
    "ReconMatrixPE": 96,
    "RefLinesPE": 22,
    "RepetitionTime": 1.6,
    "SequenceVariant": "SK\\SS",
    "SeriesDescription": "func-bold_task-qct_dir-PA__cmrr_me4_sms4",
    "SeriesNumber": 13,
    "ShimSetting": [
      8231,
      -5632,
      -6014,
      626,
      -22,
      -216,
      25,
      28
    ],
    "SliceThickness": 2.2,
    "SliceTiming": [
      0,
      0.8425,
      0.105,
      0.9475,
      0.21,
      1.0525,
      0.315,
      1.1575,
      0.42,
      1.265,
      0.5275,
      1.37,
      0.6325,
      1.475,
      0.7375,
      0,
      0.8425,
      0.105,
      0.9475,
      0.21,
      1.0525,
      0.315,
      1.1575,
      0.42,
      1.265,
      0.5275,
      1.37,
      0.6325,
      1.475,
      0.7375,
      0,
      0.8425,
      0.105,
      0.9475,
      0.21,
      1.0525,
      0.315,
      1.1575,
      0.42,
      1.265,
      0.5275,
      1.37,
      0.6325,
      1.475,
      0.7375,
      0,
      0.8425,
      0.105,
      0.9475,
      0.21,
      1.0525,
      0.315,
      1.1575,
      0.42,
      1.265,
      0.5275,
      1.37,
      0.6325,
      1.475,
      0.7375
    ],
    "SpacingBetweenSlices": 2.2,
    "TotalReadoutTime": 0.0261249,
    "TxRefAmp": 244.756,
    "WipMemBlock": "36608ddd-aa9f-41df-a8b3-ecce07c1ecc2||Sequence: R017 nxva30a/master r/d34922cc2+; Jun 27 2022 13:20:16 by eja",
    "dataset": "<unset>",
    "modality": "bold",
    "session_id": "017",
    "subject_id": "001",
    "task_id": "qct"
  },
  "dummy_trs": 0,
  "dvars_nstd": 84.72077178938778,
  "dvars_std": 1.0548659421428568,
  "dvars_vstd": 1.021289102857143,
  "efc": 0.509,
  "fber": 137.692,
  "fd_mean": 0.15800801728416874,
  "fd_num": 32,
  "fd_perc": 32.323232323232325,
  "fwhm_avg": 2.5462967011610416,
  "fwhm_x": 2.4283639968781,
  "fwhm_y": 2.7777807047879075,
  "fwhm_z": 2.432745401817118,
  "gcor": [
    0.0134254,
    0.0190559,
    0.0178503,
    0.0146094
  ],
  "gsr_x": 0.0027937775012105703,
  "gsr_y": 0.0297846756875515,
  "provenance": {
    "md5sum": "d487121c4f95da25d399c3bbd8803b68",
    "settings": {
      "fd_thres": 0.2,
      "testing": false
    },
    "software": "mriqc",
    "version": "24.1.0.dev0+g3fe90466.d20240417"
  },
  "size_t": 99,
  "size_x": 96,
  "size_y": 96,
  "size_z": 60,
  "snr": 1.471288032785306,
  "spacing_tr": 1.600000023841858,
  "spacing_x": 2.197920083999634,
  "spacing_y": 2.197920083999634,
  "spacing_z": 2.200000047683716,
  "summary_bg_k": 321.4497,
  "summary_bg_mad": 2.1266,
  "summary_bg_mean": 20.1893,
  "summary_bg_median": 18.0,
  "summary_bg_n": 417617.0,
  "summary_bg_p05": 0.0,
  "summary_bg_p95": 36.0,
  "summary_bg_stdv": 15.3661,
  "summary_fg_k": 4.5195,
  "summary_fg_mad": 125.2724,
  "summary_fg_mean": 222.0456,
  "summary_fg_median": 212.0,
  "summary_fg_n": 135343.0,
  "summary_fg_p05": 27.0,
  "summary_fg_p95": 469.0,
  "summary_fg_stdv": 144.0909,
  "tsnr": 16.553495525498874
}