{
  "aor": [
    0.0004112950600801068,
    0.00047232309746328443,
    0.0005328037383177571,
    0.0005964485981308412
  ],
  "aqi": [
    0.005215290387182911,
    0.006006184966622163,
    0.01028219308411215,
    0.017980748865153537
  ],
  "bids_meta": {
    "AcquisitionDuration": 1230.47,
    "AcquisitionMatrixPE": 96,
    "AcquisitionTime": "18:18:40.220000",
    "B0FieldSource": [
      "017pepolarbold",
      "017phasediff"
    ],
    "BandwidthPerPixelPhaseEncode": 37.879,
    "BaseResolution": 96,
    "DerivedVendorReportedEchoSpacing": 0.000549997,
    "DwellTime": 2.3e-06,
    "EchoNumber": 1,
    "EchoTime": 0.0126,
    "EchoTrainLength": 35,
    "EffectiveEchoSpacing": 0.000274998,
    "FlipAngle": 64,
    "ImageOrientationPatientDICOM": [
      0.99944,
      -0.0275911,
      0.0189186,
      0.0322817,
      0.943794,
      -0.328955
    ],
    "ImageType": [
      "ORIGINAL",
      "PRIMARY",
      "FMRI",
      "NONE"
    ],
    "ImageTypeText": [
      "ORIGINAL",
      "PRIMARY",
      "M",
      "MB",
      "TE1",
      "DIS2D"
    ],
    "InPlanePhaseEncodingDirectionDICOM": "COL",
    "PercentPhaseFOV": 100,
    "PhaseEchoTime1": 0.0126,
    "PhaseEchoTime2": 0.03304,
    "PhaseEncodingDirection": "j",
    "PixelBandwidth": 2264,
    "ProtocolName": "func-bold_task-rest_dir-PA__cmrr_me4_sms4",
    "PulseSequenceName": "epfid2d4_96",
    "ReceiveCoilActiveElements": "HC1-7",
    "ReconMatrixPE": 96,
    "RefLinesPE": 22,
    "RepetitionTime": 1.6,
    "SequenceVariant": "SK\\SS",
    "SeriesDescription": "func-bold_task-rest_dir-PA__cmrr_me4_sms4",
    "SeriesNumber": 23,
    "ShimSetting": [
      8231,
      -5633,
      -6016,
      627,
      -25,
      -229,
      21,
      24
    ],
    "SliceThickness": 2.2,
    "SliceTiming": [
      0,
      0.8425,
      0.105,
      0.9475,
      0.21,
      1.0525,
      0.315,
      1.1575,
      0.42,
      1.2625,
      0.525,
      1.3675,
      0.6325,
      1.475,
      0.7375,
      0,
      0.8425,
      0.105,
      0.9475,
      0.21,
      1.0525,
      0.315,
      1.1575,
      0.42,
      1.2625,
      0.525,
      1.3675,
      0.6325,
      1.475,
      0.7375,
      0,
      0.8425,
      0.105,
      0.9475,
      0.21,
      1.0525,
      0.315,
      1.1575,
      0.42,
      1.2625,
      0.525,
      1.3675,
      0.6325,
      1.475,
      0.7375,
      0,
      0.8425,
      0.105,
      0.9475,
      0.21,
      1.0525,
      0.315,
      1.1575,
      0.42,
      1.2625,
      0.525,
      1.3675,
      0.6325,
      1.475,
      0.7375
    ],
    "SpacingBetweenSlices": 2.2,
    "TotalReadoutTime": 0.0261249,
    "TxRefAmp": 244.756,
    "WipMemBlock": "ef759c74-7b66-41aa-b603-2aaca7a08068||Sequence: R017 nxva30a/master r/d34922cc2+; Jun 27 2022 13:20:16 by eja",
    "dataset": "<unset>",
    "modality": "bold",
    "session_id": "017",
    "subject_id": "001",
    "task_id": "rest"
  },
  "dummy_trs": 1,
  "dvars_nstd": 28.561835291376983,
  "dvars_std": 1.0438325414973262,
  "dvars_vstd": 0.9972518286631007,
  "efc": 0.581,
  "fber": 654.8965,
  "fd_mean": 0.14177627504983234,
  "fd_num": 129,
  "fd_perc": 17.222963951935913,
  "fwhm_avg": 3.5631641445618776,
  "fwhm_x": 3.244608414980564,
  "fwhm_y": 3.6612159188956848,
  "fwhm_z": 3.783668099809385,
  "gcor": [
    0.0148967,
    0.0211343,
    0.0200905,
    0.0151583
  ],
  "gsr_x": -0.0010393350385129452,
  "gsr_y": 0.10902531445026398,
  "provenance": {
    "md5sum": "68bc507c831d132510b70aee6fdbb331",
    "settings": {
      "fd_thres": 0.2,
      "testing": false
    },
    "software": "mriqc",
    "version": "24.1.0.dev0+g3fe90466.d20240417"
  },
  "size_t": 749,
  "size_x": 96,
  "size_y": 96,
  "size_z": 60,
  "snr": 2.5389947816692775,
  "spacing_tr": 1.600000023841858,
  "spacing_x": 2.197920083999634,
  "spacing_y": 2.197920083999634,
  "spacing_z": 2.200000047683716,
  "summary_bg_k": 10.9033,
  "summary_bg_mad": 20.9603,
  "summary_bg_mean": 125.5,
  "summary_bg_median": 31.0,
  "summary_bg_n": 417632.0,
  "summary_bg_p05": 1.0,
  "summary_bg_p95": 620.0,
  "summary_bg_stdv": 223.6514,
  "summary_fg_k": 0.7645,
  "summary_fg_mad": 305.4814,
  "summary_fg_mean": 813.7791,
  "summary_fg_median": 788.0,
  "summary_fg_n": 135328.0,
  "summary_fg_p05": 371.0,
  "summary_fg_p95": 1342.0,
  "summary_fg_stdv": 310.3579,
  "tsnr": 49.197450815699995
}