{
  "aor": [
    0.0007828640776699029,
    0.0006720388349514563,
    0.0007,
    0.0008536893203883493
  ],
  "aqi": [
    0.005513220582524272,
    0.006308290145631067,
    0.010343786262135923,
    0.01804100873786408
  ],
  "bids_meta": {
    "AcquisitionDuration": 361.475,
    "AcquisitionMatrixPE": 96,
    "AcquisitionTime": "18:40:20.357500",
    "B0FieldSource": [
      "017pepolarbold",
      "017phasediff"
    ],
    "BandwidthPerPixelPhaseEncode": 37.879,
    "BaseResolution": 96,
    "DerivedVendorReportedEchoSpacing": 0.000549997,
    "DwellTime": 2.3e-06,
    "EchoNumber": 3,
    "EchoTime": 0.05348,
    "EchoTrainLength": 35,
    "EffectiveEchoSpacing": 0.000274998,
    "ImageOrientationPatientDICOM": [
      0.99944,
      -0.0275911,
      0.0189186,
      0.0322817,
      0.943794,
      -0.328955
    ],
    "ImageType": [
      "ORIGINAL",
      "PRIMARY",
      "FMRI",
      "NONE"
    ],
    "ImageTypeText": [
      "ORIGINAL",
      "PRIMARY",
      "M",
      "MB",
      "TE3",
      "DIS2D"
    ],
    "InPlanePhaseEncodingDirectionDICOM": "COL",
    "PercentPhaseFOV": 100,
    "PercentSampling": 100,
    "PhaseEchoTime1": 0.0126,
    "PhaseEchoTime2": 0.03304,
    "PhaseEncodingDirection": "j",
    "PhaseResolution": 1,
    "PixelBandwidth": 2264,
    "ProtocolName": "func-bold_task-bht_dir-PA__cmrr_me4_sms4",
    "PulseSequenceName": "epfid2d4_96",
    "ReceiveCoilActiveElements": "HC1-7",
    "ReconMatrixPE": 96,
    "RefLinesPE": 22,
    "RepetitionTime": 1.6,
    "SequenceVariant": "SK\\SS",
    "SeriesDescription": "func-bold_task-bht_dir-PA__cmrr_me4_sms4",
    "SeriesNumber": 25,
    "ShimSetting": [
      8231,
      -5633,
      -6016,
      628,
      -23,
      -230,
      20,
      23
    ],
    "SliceThickness": 2.2,
    "SliceTiming": [
      0,
      0.8425,
      0.105,
      0.9475,
      0.21,
      1.0525,
      0.315,
      1.1575,
      0.42,
      1.2625,
      0.525,
      1.3675,
      0.6325,
      1.475,
      0.7375,
      0,
      0.8425,
      0.105,
      0.9475,
      0.21,
      1.0525,
      0.315,
      1.1575,
      0.42,
      1.2625,
      0.525,
      1.3675,
      0.6325,
      1.475,
      0.7375,
      0,
      0.8425,
      0.105,
      0.9475,
      0.21,
      1.0525,
      0.315,
      1.1575,
      0.42,
      1.2625,
      0.525,
      1.3675,
      0.6325,
      1.475,
      0.7375,
      0,
      0.8425,
      0.105,
      0.9475,
      0.21,
      1.0525,
      0.315,
      1.1575,
      0.42,
      1.2625,
      0.525,
      1.3675,
      0.6325,
      1.475,
      0.7375
    ],
    "SpacingBetweenSlices": 2.2,
    "TotalReadoutTime": 0.0261249,
    "TxRefAmp": 244.756,
    "WipMemBlock": "841027bf-106b-45df-a22f-aab986ef2737||Sequence: R017 nxva30a/master r/d34922cc2+; Jun 27 2022 13:20:16 by eja",
    "dataset": "<unset>",
    "modality": "bold",
    "session_id": "017",
    "subject_id": "001",
    "task_id": "bht"
  },
  "dummy_trs": 1,
  "dvars_nstd": 64.13965249414633,
  "dvars_std": 1.0642762765853655,
  "dvars_vstd": 1.0044801684878046,
  "efc": 0.5048,
  "fber": 301.3849,
  "fd_mean": 0.20787947899285053,
  "fd_num": 102,
  "fd_perc": 49.51456310679612,
  "fwhm_avg": 2.8452001244122958,
  "fwhm_x": 2.7113497180277792,
  "fwhm_y": 3.08741889634652,
  "fwhm_z": 2.736831758862587,
  "gcor": [
    0.0205162,
    0.0237871,
    0.0230085,
    0.018927
  ],
  "gsr_x": 0.006946903187781572,
  "gsr_y": 0.027048500254750252,
  "provenance": {
    "md5sum": "10f243783a3d9d2dad82d924423cbcb5",
    "settings": {
      "fd_thres": 0.2,
      "testing": false
    },
    "software": "mriqc",
    "version": "24.1.0.dev0+g3fe90466.d20240417"
  },
  "size_t": 206,
  "size_x": 96,
  "size_y": 96,
  "size_z": 60,
  "snr": 1.7715344475937096,
  "spacing_tr": 1.600000023841858,
  "spacing_x": 2.197920083999634,
  "spacing_y": 2.197920083999634,
  "spacing_z": 2.200000047683716,
  "summary_bg_k": 93.2146,
  "summary_bg_mad": 3.3395,
  "summary_bg_mean": 24.9374,
  "summary_bg_median": 19.0,
  "summary_bg_n": 417456.0,
  "summary_bg_p05": 0.0,
  "summary_bg_p95": 61.0,
  "summary_bg_stdv": 28.1184,
  "summary_fg_k": 1.947,
  "summary_fg_mad": 159.6388,
  "summary_fg_mean": 332.9807,
  "summary_fg_median": 325.0,
  "summary_fg_n": 135504.0,
  "summary_fg_p05": 39.0,
  "summary_fg_p95": 643.0,
  "summary_fg_stdv": 183.4561,
  "tsnr": 22.21665335074067
}