{
  "NumberOfShells": 4,
  "bValues": [
    0.0,
    700.0,
    1000.0,
    1950.0,
    2000.0,
    2950.0,
    3000.0
  ],
  "bValuesEstimation": [
    700.0,
    1000.0,
    2000.0,
    3000.0
  ],
  "bdiffs_max": 0.3037,
  "bdiffs_mean": 0.1122,
  "bdiffs_median": 0.1195,
  "bdiffs_min": 0.0014,
  "bids_meta": {
    "AcquisitionMatrixPE": 146,
    "AcquisitionNumber": 1,
    "AcquisitionTime": "18:37:56.320000",
    "B0FieldSource": [
      "pilot002pepolarb0",
      "pilot002phasediff"
    ],
    "BandwidthPerPixelPhaseEncode": 29.354,
    "BaseResolution": 146,
    "BodyPartExamined": "BRAIN",
    "CoilCombinationMethod": "Adaptive Combine",
    "CoilString": "HeadNeck_64",
    "ConversionSoftware": "dcm2niix",
    "ConversionSoftwareVersion": "v1.0.20220720",
    "DerivedVendorReportedEchoSpacing": 0.000700005,
    "DeviceSerialNumber": "67014",
    "DiffusionScheme": "Bipolar",
    "DwellTime": 2.1e-06,
    "EchoTime": 0.091,
    "EchoTrainLength": 43,
    "EffectiveEchoSpacing": 0.000233335,
    "FlipAngle": 90,
    "HeudiconvVersion": "1.0.0",
    "ImageOrientationPatientDICOM": [
      0.995271,
      -0.00329635,
      0.0970821,
      0.00955421,
      0.9979,
      -0.0640654
    ],
    "ImageType": [
      "ORIGINAL",
      "PRIMARY",
      "DIFFUSION",
      "NONE",
      "ND",
      "NORM",
      "MFSPLIT"
    ],
    "ImageTypeText": [
      "ORIGINAL",
      "PRIMARY",
      "DIFFUSION",
      "NONE"
    ],
    "ImagingFrequency": 123.248,
    "InPlanePhaseEncodingDirectionDICOM": "COL",
    "InstitutionAddress": "Rue du Bugnon 21,Lausanne,District,CH,1011",
    "InstitutionName": "CHUV",
    "MRAcquisitionType": "2D",
    "MagneticFieldStrength": 3,
    "Manufacturer": "Siemens",
    "ManufacturersModelName": "MAGNETOM Prisma Fit",
    "Modality": "MR",
    "MultibandAccelerationFactor": 2,
    "NonlinearGradientCorrection": false,
    "ParallelReductionFactorInPlane": 3,
    "PartialFourier": 0.875,
    "PatientPosition": "HFS",
    "PercentPhaseFOV": 100,
    "PercentSampling": 100,
    "PhaseEncodingDirection": "j-",
    "PhaseEncodingSteps": 146,
    "PhaseResolution": 1,
    "PixelBandwidth": 1631,
    "ProcedureStepDescription": "RESEARCH Oscar",
    "ProtocolName": "micro_struct_137dir_BIPOLAR_b3000_1.6mm-iso",
    "PulseSequenceDetails": "%SiemensSeq%\\ep2d_diff",
    "ReceiveCoilActiveElements": "HC1-6",
    "ReceiveCoilName": "HeadNeck_64",
    "ReconMatrixPE": 146,
    "RefLinesPE": 108,
    "RepetitionTime": 7.8,
    "SAR": 0.283763,
    "ScanOptions": "PFP\\FS\\PER",
    "ScanningSequence": "GR\\EP",
    "SequenceName": "*ep_b0",
    "SequenceVariant": "SK",
    "SeriesDescription": "micro_struct_137dir_BIPOLAR_b3000_1.6mm-iso",
    "SeriesNumber": 10,
    "ShimSetting": [
      8242,
      -5641,
      -6030,
      618,
      -27,
      -275,
      -23,
      30
    ],
    "SliceThickness": 1.6,
    "SliceTiming": [
      7.7825,
      0,
      7.965,
      0.1825,
      8.145,
      0.3625,
      8.3275,
      0.5425,
      8.5075,
      0.725,
      8.6875,
      0.905,
      8.87,
      1.0875,
      9.05,
      1.2675,
      9.2325,
      1.4475,
      9.4125,
      1.63,
      9.5925,
      1.81,
      9.775,
      1.9925,
      9.955,
      2.1725,
      10.1375,
      2.3525,
      10.3175,
      2.535,
      10.4975,
      2.715,
      10.68,
      2.8975,
      10.86,
      3.0775,
      11.0425,
      3.2575,
      11.2225,
      3.44,
      11.4025,
      3.62,
      11.585,
      3.8025,
      11.765,
      3.9825,
      11.9475,
      4.1625,
      12.1275,
      4.345,
      12.3075,
      4.525,
      12.49,
      4.7075,
      12.67,
      4.8875,
      12.8525,
      5.0675,
      13.0325,
      5.25,
      13.2125,
      5.43,
      13.395,
      5.6125,
      13.575,
      5.7925,
      13.7575,
      5.9725,
      13.9375,
      6.155,
      14.1175,
      6.335,
      14.3,
      6.5175,
      14.48,
      6.6975,
      14.6625,
      6.8775,
      14.8425,
      7.06,
      15.0225,
      7.24,
      15.205,
      7.4225,
      15.385,
      7.6025
    ],
    "SoftwareVersions": "syngo MR XA30",
    "SpacingBetweenSlices": 1.6,
    "StationName": "LRG10884",
    "TotalReadoutTime": 0.0338336,
    "TxRefAmp": 249.346,
    "VendorReportedEchoSpacing": 0.0007,
    "acq_id": "highres",
    "dataset": "hcph",
    "modality": "dwi",
    "session_id": "pilot002",
    "subject_id": "001"
  },
  "efc_shell01": 3.8577,
  "efc_shell02": 0.5659,
  "efc_shell03": 0.4847,
  "efc_shell04": 0.471,
  "efc_shell05": 0.4825,
  "fa_degenerate": 0.0,
  "fa_nans": 0.0,
  "fber_shell01": -759.0,
  "fber_shell02": 3540.25,
  "fber_shell03": 10404.0,
  "fber_shell04": 3249.0,
  "fber_shell05": 1600.0,
  "fd_mean": 12.9325,
  "fd_num": 138,
  "fd_perc": 93.87755102040816,
  "ndc": 0.9011,
  "provenance": {
    "md5sum": "6e9ebd366675ccd5eb32d61911da2d49",
    "settings": {
      "testing": false
    },
    "software": "mriqc",
    "version": "24.0.0"
  },
  "sigma_cc": 35.5825,
  "sigma_pca": 16.0462,
  "sigma_piesno": 1.6508,
  "snr_cc_shell0": 6.75,
  "snr_cc_shell1_best": 6.69,
  "snr_cc_shell1_worst": 6.69,
  "snr_cc_shell2_best": 4.36,
  "snr_cc_shell2_worst": 2.88,
  "snr_cc_shell3_best": 3.02,
  "snr_cc_shell3_worst": 2.4,
  "snr_cc_shell4_best": 1.85,
  "snr_cc_shell4_worst": 1.83,
  "spikes_global": 57.5,
  "spikes_slice_i": 309.36,
  "spikes_slice_j": 274.69,
  "spikes_slice_k": 367.01,
  "summary_bg_k": 135.4447,
  "summary_bg_mad": 2.9652,
  "summary_bg_mean": 12.9207,
  "summary_bg_median": 2.0,
  "summary_bg_n": 1494678.0,
  "summary_bg_p05": 0.0,
  "summary_bg_p95": 61.0,
  "summary_bg_stdv": 39.2939,
  "summary_fg_k": 7.2734,
  "summary_fg_mad": 85.9909,
  "summary_fg_mean": 304.4931,
  "summary_fg_median": 251.0,
  "summary_fg_n": 338498.0,
  "summary_fg_p05": 132.0,
  "summary_fg_p95": 682.0,
  "summary_fg_stdv": 181.4635,
  "summary_wm_k": 27.0316,
  "summary_wm_mad": 45.9607,
  "summary_wm_mean": 228.7182,
  "summary_wm_median": 219.0,
  "summary_wm_n": 135545.0,
  "summary_wm_p05": 128.0,
  "summary_wm_p95": 350.0,
  "summary_wm_stdv": 88.0914
}