{
  "NumberOfShells": 4,
  "bValues": [
    0.0,
    700.0,
    1000.0,
    1950.0,
    2000.0,
    2950.0,
    3000.0
  ],
  "bValuesEstimation": [
    700.0,
    1000.0,
    2000.0,
    3000.0
  ],
  "bdiffs_max": 0.3231,
  "bdiffs_mean": 0.1514,
  "bdiffs_median": 0.1528,
  "bdiffs_min": 0.0023,
  "bids_meta": {
    "AcquisitionMatrixPE": 120,
    "AcquisitionNumber": 1,
    "AcquisitionTime": "18:58:27.115000",
    "B0FieldSource": [
      "pilot002pepolarb0",
      "pilot002phasediff"
    ],
    "BandwidthPerPixelPhaseEncode": 35.714,
    "BaseResolution": 120,
    "BodyPartExamined": "BRAIN",
    "CoilCombinationMethod": "Adaptive Combine",
    "CoilString": "HeadNeck_64",
    "ConversionSoftware": "dcm2niix",
    "ConversionSoftwareVersion": "v1.0.20220720",
    "DerivedVendorReportedEchoSpacing": 0.000700006,
    "DeviceSerialNumber": "67014",
    "DiffusionScheme": "Bipolar",
    "DwellTime": 2.4e-06,
    "EchoTime": 0.087,
    "EchoTrainLength": 35,
    "EffectiveEchoSpacing": 0.000233335,
    "FlipAngle": 90,
    "HeudiconvVersion": "1.0.0",
    "ImageOrientationPatientDICOM": [
      0.995271,
      -0.00329635,
      0.0970821,
      0.00955421,
      0.9979,
      -0.0640654
    ],
    "ImageType": [
      "ORIGINAL",
      "PRIMARY",
      "DIFFUSION",
      "NONE",
      "ND",
      "NORM",
      "MFSPLIT"
    ],
    "ImageTypeText": [
      "ORIGINAL",
      "PRIMARY",
      "DIFFUSION",
      "NONE"
    ],
    "ImagingFrequency": 123.248,
    "InPlanePhaseEncodingDirectionDICOM": "COL",
    "InstitutionAddress": "Rue du Bugnon 21,Lausanne,District,CH,1011",
    "InstitutionName": "CHUV",
    "MRAcquisitionType": "2D",
    "MagneticFieldStrength": 3,
    "Manufacturer": "Siemens",
    "ManufacturersModelName": "MAGNETOM Prisma Fit",
    "Modality": "MR",
    "MultibandAccelerationFactor": 2,
    "NonlinearGradientCorrection": false,
    "ParallelReductionFactorInPlane": 3,
    "PartialFourier": 0.875,
    "PatientPosition": "HFS",
    "PercentPhaseFOV": 100,
    "PercentSampling": 100,
    "PhaseEncodingDirection": "j-",
    "PhaseEncodingSteps": 120,
    "PhaseResolution": 1,
    "PixelBandwidth": 1736,
    "ProcedureStepDescription": "RESEARCH Oscar",
    "ProtocolName": "micro_struct_137dir_BIPOLAR_b3000_2mm-iso",
    "PulseSequenceDetails": "%SiemensSeq%\\ep2d_diff",
    "ReceiveCoilActiveElements": "HC1-7",
    "ReceiveCoilName": "HeadNeck_64",
    "ReconMatrixPE": 120,
    "RefLinesPE": 90,
    "RepetitionTime": 7.8,
    "SAR": 0.229501,
    "ScanOptions": "PFP\\FS\\PER",
    "ScanningSequence": "GR\\EP",
    "SequenceName": "*ep_b0",
    "SequenceVariant": "SK",
    "SeriesDescription": "micro_struct_137dir_BIPOLAR_b3000_2mm-iso",
    "SeriesNumber": 17,
    "ShimSetting": [
      8238,
      -5648,
      -6050,
      559,
      -55,
      -333,
      -12,
      19
    ],
    "SliceThickness": 2,
    "SliceTiming": [
      5.8825,
      0,
      6.05,
      0.1675,
      6.2175,
      0.335,
      6.3875,
      0.5025,
      6.555,
      0.6725,
      6.7225,
      0.84,
      6.89,
      1.0075,
      7.06,
      1.175,
      7.2275,
      1.345,
      7.395,
      1.5125,
      7.5625,
      1.68,
      7.7325,
      1.8475,
      7.9,
      2.0175,
      8.0675,
      2.185,
      8.235,
      2.3525,
      8.405,
      2.52,
      8.5725,
      2.69,
      8.74,
      2.8575,
      8.9075,
      3.025,
      9.075,
      3.1925,
      9.245,
      3.36,
      9.4125,
      3.53,
      9.58,
      3.6975,
      9.7475,
      3.865,
      9.9175,
      4.0325,
      10.085,
      4.2025,
      10.2525,
      4.37,
      10.42,
      4.5375,
      10.59,
      4.705,
      10.7575,
      4.875,
      10.925,
      5.0425,
      11.0925,
      5.21,
      11.2625,
      5.3775,
      11.43,
      5.5475,
      11.5975,
      5.715
    ],
    "SoftwareVersions": "syngo MR XA30",
    "SpacingBetweenSlices": 2,
    "StationName": "LRG10884",
    "TotalReadoutTime": 0.0277669,
    "TxRefAmp": 249.346,
    "VendorReportedEchoSpacing": 0.0007,
    "acq_id": "lowres",
    "dataset": "hcph",
    "modality": "dwi",
    "session_id": "pilot002",
    "subject_id": "001"
  },
  "efc_shell01": 2.5438,
  "efc_shell02": 0.6234,
  "efc_shell03": 0.4679,
  "efc_shell04": 0.4358,
  "efc_shell05": 0.4459,
  "fa_degenerate": 0.0,
  "fa_nans": 0.0,
  "fber_shell01": -1527.0,
  "fber_shell02": 15129.0,
  "fber_shell03": 12769.0,
  "fber_shell04": 3969.0,
  "fber_shell05": 1521.0,
  "fd_mean": 12.8073,
  "fd_num": 138,
  "fd_perc": 93.87755102040816,
  "ndc": 0.9419,
  "provenance": {
    "md5sum": "d18cce09afbfa8a98cee0356e85d098d",
    "settings": {
      "testing": false
    },
    "software": "mriqc",
    "version": "24.0.0"
  },
  "sigma_cc": 31.8759,
  "sigma_pca": 9.5779,
  "sigma_piesno": 0.9905,
  "snr_cc_shell0": 7.37,
  "snr_cc_shell1_best": 7.39,
  "snr_cc_shell1_worst": 7.39,
  "snr_cc_shell2_best": 5.45,
  "snr_cc_shell2_worst": 2.82,
  "snr_cc_shell3_best": 4.01,
  "snr_cc_shell3_worst": 2.25,
  "snr_cc_shell4_best": 2.83,
  "snr_cc_shell4_worst": 1.33,
  "spikes_global": 49.71,
  "spikes_slice_i": 243.76,
  "spikes_slice_j": 242.95,
  "spikes_slice_k": 342.03,
  "summary_bg_k": 94.0256,
  "summary_bg_mad": 1.4826,
  "summary_bg_mean": 14.2716,
  "summary_bg_median": 1.0,
  "summary_bg_n": 824395.0,
  "summary_bg_p05": 0.0,
  "summary_bg_p95": 77.0,
  "summary_bg_stdv": 42.7202,
  "summary_fg_k": 6.7571,
  "summary_fg_mad": 94.8865,
  "summary_fg_mean": 329.2542,
  "summary_fg_median": 279.0,
  "summary_fg_n": 183605.0,
  "summary_fg_p05": 138.0,
  "summary_fg_p95": 697.0,
  "summary_fg_stdv": 183.4708,
  "summary_wm_k": 30.9199,
  "summary_wm_mad": 45.9607,
  "summary_wm_mean": 251.3873,
  "summary_wm_median": 244.0,
  "summary_wm_n": 57468.0,
  "summary_wm_p05": 153.0,
  "summary_wm_p95": 366.0,
  "summary_wm_stdv": 91.8218
}