{
  "aor": [
    0.0005076699029126213,
    0.0005903398058252427,
    0.0006941262135922331,
    0.0007720873786407768
  ],
  "aqi": [
    0.006089214951456311,
    0.008241189174757283,
    0.013908286553398057,
    0.023539347572815533
  ],
  "bids_meta": {
    "AcquisitionDuration": 361.475,
    "AcquisitionMatrixPE": 76,
    "AcquisitionTime": "22:37:53.245000",
    "B0FieldSource": [
      "008pepolarbold",
      "008phasediff"
    ],
    "BandwidthPerPixelPhaseEncode": 40.486,
    "BaseResolution": 102,
    "DerivedVendorReportedEchoSpacing": 0.000649997,
    "DwellTime": 2.5e-06,
    "EchoNumber": 3,
    "EchoTime": 0.0518,
    "EchoTrainLength": 28,
    "EffectiveEchoSpacing": 0.000324999,
    "ImageOrientationPatientDICOM": [
      0.998061,
      -0.000822929,
      0.0622358,
      0.0223006,
      0.938256,
      -0.345223
    ],
    "ImageType": [
      "ORIGINAL",
      "PRIMARY",
      "FMRI",
      "NONE"
    ],
    "ImageTypeText": [
      "ORIGINAL",
      "PRIMARY",
      "M",
      "MB",
      "TE3",
      "DIS2D"
    ],
    "InPlanePhaseEncodingDirectionDICOM": "ROW",
    "PercentPhaseFOV": 74.5098,
    "PercentSampling": 100,
    "PhaseEchoTime1": 0.0126,
    "PhaseEchoTime2": 0.0322,
    "PhaseEncodingDirection": "i",
    "PhaseResolution": 1,
    "PixelBandwidth": 1961,
    "ProtocolName": "func-bold_task-bht_dir-RL__cmrr_me4_sms4",
    "PulseSequenceName": "epfid2d4_76",
    "ReceiveCoilActiveElements": "HC1-7",
    "ReconMatrixPE": 76,
    "RefLinesPE": 18,
    "RepetitionTime": 1.6,
    "SequenceVariant": "SK\\SS\\OSP",
    "SeriesDescription": "func-bold_task-bht_dir-RL__cmrr_me4_sms4",
    "SeriesNumber": 25,
    "ShimSetting": [
      8243,
      -5630,
      -6013,
      650,
      -48,
      -274,
      31,
      43
    ],
    "SliceThickness": 2.2,
    "SliceTiming": [
      0,
      0.8425,
      0.105,
      0.9475,
      0.21,
      1.0525,
      0.315,
      1.1575,
      0.42,
      1.2625,
      0.525,
      1.3675,
      0.63,
      1.4725,
      0.735,
      0,
      0.8425,
      0.105,
      0.9475,
      0.21,
      1.0525,
      0.315,
      1.1575,
      0.42,
      1.2625,
      0.525,
      1.3675,
      0.63,
      1.4725,
      0.735,
      0,
      0.8425,
      0.105,
      0.9475,
      0.21,
      1.0525,
      0.315,
      1.1575,
      0.42,
      1.2625,
      0.525,
      1.3675,
      0.63,
      1.4725,
      0.735,
      0,
      0.8425,
      0.105,
      0.9475,
      0.21,
      1.0525,
      0.315,
      1.1575,
      0.42,
      1.2625,
      0.525,
      1.3675,
      0.63,
      1.4725,
      0.735
    ],
    "SpacingBetweenSlices": 2.2,
    "TotalReadoutTime": 0.0243749,
    "TxRefAmp": 249.596,
    "WipMemBlock": "1ea6e576-9633-4ba0-af15-853be61e9a92||Sequence: R017 nxva30a/master r/d34922cc2+; Jun 27 2022 13:20:16 by eja",
    "dataset": "<unset>",
    "modality": "bold",
    "session_id": "008",
    "subject_id": "001",
    "task_id": "bht"
  },
  "dummy_trs": 1,
  "dvars_nstd": 67.76775598263413,
  "dvars_std": 1.0283039213658531,
  "dvars_vstd": 0.9973716099512199,
  "efc": 0.5617,
  "fber": 143.8444,
  "fd_mean": 0.20041675851991875,
  "fd_num": 100,
  "fd_perc": 48.54368932038835,
  "fwhm_avg": 3.1363547762482167,
  "fwhm_x": 3.241179783596335,
  "fwhm_y": 3.116339156743325,
  "fwhm_z": 3.0515453884049895,
  "gcor": [
    0.0255925,
    0.0269077,
    0.0253925,
    0.0204058
  ],
  "gsr_x": 0.0711856409907341,
  "gsr_y": -0.008014393970370293,
  "provenance": {
    "md5sum": "79e5f3012f0adfeff57687b65021c59e",
    "settings": {
      "fd_thres": 0.2,
      "testing": false
    },
    "software": "mriqc",
    "version": "24.1.0.dev0+g3fe90466.d20240417"
  },
  "size_t": 206,
  "size_x": 76,
  "size_y": 102,
  "size_z": 60,
  "snr": 1.7291792879228085,
  "spacing_tr": 1.600000023841858,
  "spacing_x": 2.196079969406128,
  "spacing_y": 2.196079969406128,
  "spacing_z": 2.200000047683716,
  "summary_bg_k": 63.1117,
  "summary_bg_mad": 8.946,
  "summary_bg_mean": 38.9379,
  "summary_bg_median": 29.0,
  "summary_bg_n": 332161.0,
  "summary_bg_p05": 0.0,
  "summary_bg_p95": 100.0,
  "summary_bg_stdv": 41.5098,
  "summary_fg_k": 2.4961,
  "summary_fg_mad": 179.6108,
  "summary_fg_mean": 362.7563,
  "summary_fg_median": 350.0,
  "summary_fg_n": 132959.0,
  "summary_fg_p05": 54.0,
  "summary_fg_p95": 708.0,
  "summary_fg_stdv": 202.4074,
  "tsnr": 17.63502913247794
}