{
  "aor": [
    0.0011738584779706275,
    0.00170283044058745,
    0.002062096128170894,
    0.0021467823765020026
  ],
  "aqi": [
    0.006123644005340455,
    0.0073330532710280385,
    0.011840820186915887,
    0.0195380782376502
  ],
  "bids_meta": {
    "AcquisitionDuration": 1230.47,
    "AcquisitionMatrixPE": 76,
    "AcquisitionTime": "22:16:9.257500",
    "B0FieldSource": [
      "008pepolarbold",
      "008phasediff"
    ],
    "BandwidthPerPixelPhaseEncode": 40.486,
    "BaseResolution": 102,
    "DerivedVendorReportedEchoSpacing": 0.000649997,
    "DwellTime": 2.5e-06,
    "EchoNumber": 3,
    "EchoTime": 0.0518,
    "EchoTrainLength": 28,
    "EffectiveEchoSpacing": 0.000324999,
    "FlipAngle": 64,
    "ImageOrientationPatientDICOM": [
      0.998061,
      -0.000822929,
      0.0622358,
      0.0223006,
      0.938256,
      -0.345223
    ],
    "ImageType": [
      "ORIGINAL",
      "PRIMARY",
      "FMRI",
      "NONE"
    ],
    "ImageTypeText": [
      "ORIGINAL",
      "PRIMARY",
      "M",
      "MB",
      "TE3",
      "DIS2D"
    ],
    "InPlanePhaseEncodingDirectionDICOM": "ROW",
    "PercentPhaseFOV": 74.5098,
    "PhaseEchoTime1": 0.0126,
    "PhaseEchoTime2": 0.0322,
    "PhaseEncodingDirection": "i",
    "PixelBandwidth": 1961,
    "ProtocolName": "func-bold_task-rest_dir-RL__cmrr_me4_sms4",
    "PulseSequenceName": "epfid2d4_76",
    "ReceiveCoilActiveElements": "HC1-7",
    "ReconMatrixPE": 76,
    "RefLinesPE": 18,
    "RepetitionTime": 1.6,
    "SequenceVariant": "SK\\SS\\OSP",
    "SeriesDescription": "func-bold_task-rest_dir-RL__cmrr_me4_sms4",
    "SeriesNumber": 23,
    "ShimSetting": [
      8244,
      -5627,
      -6012,
      643,
      -47,
      -259,
      38,
      40
    ],
    "SliceThickness": 2.2,
    "SliceTiming": [
      0,
      0.845,
      0.1075,
      0.95,
      0.2125,
      1.055,
      0.3175,
      1.16,
      0.4225,
      1.265,
      0.5275,
      1.37,
      0.6325,
      1.475,
      0.7375,
      0,
      0.845,
      0.1075,
      0.95,
      0.2125,
      1.055,
      0.3175,
      1.16,
      0.4225,
      1.265,
      0.5275,
      1.37,
      0.6325,
      1.475,
      0.7375,
      0,
      0.845,
      0.1075,
      0.95,
      0.2125,
      1.055,
      0.3175,
      1.16,
      0.4225,
      1.265,
      0.5275,
      1.37,
      0.6325,
      1.475,
      0.7375,
      0,
      0.845,
      0.1075,
      0.95,
      0.2125,
      1.055,
      0.3175,
      1.16,
      0.4225,
      1.265,
      0.5275,
      1.37,
      0.6325,
      1.475,
      0.7375
    ],
    "SpacingBetweenSlices": 2.2,
    "TotalReadoutTime": 0.0243749,
    "TxRefAmp": 249.596,
    "WipMemBlock": "be46ad1d-04d1-404a-8e65-ffe384e21ebe||Sequence: R017 nxva30a/master r/d34922cc2+; Jun 27 2022 13:20:16 by eja",
    "dataset": "<unset>",
    "modality": "bold",
    "session_id": "008",
    "subject_id": "001",
    "task_id": "rest"
  },
  "dummy_trs": 1,
  "dvars_nstd": 57.8026273084759,
  "dvars_std": 1.0405435014572189,
  "dvars_vstd": 1.0302425731951868,
  "efc": 0.5614,
  "fber": 147.9713,
  "fd_mean": 0.1069714331022462,
  "fd_num": 54,
  "fd_perc": 7.209612817089453,
  "fwhm_avg": 3.291652075222667,
  "fwhm_x": 3.3506020283905364,
  "fwhm_y": 3.3544088114387245,
  "fwhm_z": 3.169945385838739,
  "gcor": [
    0.00446798,
    0.00782037,
    0.00723248,
    0.00593805
  ],
  "gsr_x": 0.07056654244661331,
  "gsr_y": -0.00759601267054677,
  "provenance": {
    "md5sum": "88d9758b4332105e91dfaa411aa0ae41",
    "settings": {
      "fd_thres": 0.2,
      "testing": false
    },
    "software": "mriqc",
    "version": "24.1.0.dev0+g3fe90466.d20240417"
  },
  "size_t": 749,
  "size_x": 76,
  "size_y": 102,
  "size_z": 60,
  "snr": 1.7549657795949674,
  "spacing_tr": 1.600000023841858,
  "spacing_x": 2.196079969406128,
  "spacing_y": 2.196079969406128,
  "spacing_z": 2.200000047683716,
  "summary_bg_k": 53.5732,
  "summary_bg_mad": 9.1628,
  "summary_bg_mean": 38.7602,
  "summary_bg_median": 29.0,
  "summary_bg_n": 332190.0,
  "summary_bg_p05": 1.0,
  "summary_bg_p95": 100.0,
  "summary_bg_stdv": 40.4274,
  "summary_fg_k": 2.3678,
  "summary_fg_mad": 179.9838,
  "summary_fg_mean": 369.2387,
  "summary_fg_median": 356.5,
  "summary_fg_n": 132930.0,
  "summary_fg_p05": 57.0,
  "summary_fg_p95": 716.0,
  "summary_fg_stdv": 203.1371,
  "tsnr": 19.311354277830105
}