{
  "aor": [
    0.001075959595959596,
    0.001005050505050505,
    0.001091010101010101,
    0.0012438383838383838
  ],
  "aqi": [
    0.004278053030303031,
    0.006278496363636363,
    0.010400430707070705,
    0.01757919797979798
  ],
  "bids_meta": {
    "AcquisitionDuration": 188.475,
    "AcquisitionMatrixPE": 76,
    "AcquisitionTime": "22:09:48.082500",
    "B0FieldSource": [
      "008pepolarbold",
      "008phasediff"
    ],
    "BandwidthPerPixelPhaseEncode": 40.486,
    "BaseResolution": 102,
    "DerivedVendorReportedEchoSpacing": 0.000649997,
    "DwellTime": 2.5e-06,
    "EchoNumber": 3,
    "EchoTime": 0.0518,
    "EchoTrainLength": 28,
    "EffectiveEchoSpacing": 0.000324999,
    "FlipAngle": 64,
    "ImageOrientationPatientDICOM": [
      0.998061,
      -0.000822986,
      0.0622358,
      0.0223006,
      0.938256,
      -0.345222
    ],
    "ImageType": [
      "ORIGINAL",
      "PRIMARY",
      "FMRI",
      "NONE"
    ],
    "ImageTypeText": [
      "ORIGINAL",
      "PRIMARY",
      "M",
      "MB",
      "TE3",
      "DIS2D"
    ],
    "InPlanePhaseEncodingDirectionDICOM": "ROW",
    "PercentPhaseFOV": 74.5098,
    "PhaseEchoTime1": 0.0126,
    "PhaseEchoTime2": 0.0322,
    "PhaseEncodingDirection": "i",
    "PixelBandwidth": 1961,
    "ProtocolName": "func-bold_task-qct_dir-RL__cmrr_me4_sms4",
    "PulseSequenceName": "epfid2d4_76",
    "ReceiveCoilActiveElements": "HC1-7",
    "ReconMatrixPE": 76,
    "RefLinesPE": 18,
    "RepetitionTime": 1.6,
    "SequenceVariant": "SK\\SS\\OSP",
    "SeriesDescription": "func-bold_task-qct_dir-RL__cmrr_me4_sms4",
    "SeriesNumber": 13,
    "ShimSetting": [
      8243,
      -5623,
      -6012,
      644,
      -49,
      -229,
      52,
      39
    ],
    "SliceThickness": 2.2,
    "SliceTiming": [
      0,
      0.8425,
      0.105,
      0.9475,
      0.21,
      1.0525,
      0.315,
      1.1575,
      0.42,
      1.2625,
      0.525,
      1.3675,
      0.6325,
      1.475,
      0.7375,
      0,
      0.8425,
      0.105,
      0.9475,
      0.21,
      1.0525,
      0.315,
      1.1575,
      0.42,
      1.2625,
      0.525,
      1.3675,
      0.6325,
      1.475,
      0.7375,
      0,
      0.8425,
      0.105,
      0.9475,
      0.21,
      1.0525,
      0.315,
      1.1575,
      0.42,
      1.2625,
      0.525,
      1.3675,
      0.6325,
      1.475,
      0.7375,
      0,
      0.8425,
      0.105,
      0.9475,
      0.21,
      1.0525,
      0.315,
      1.1575,
      0.42,
      1.2625,
      0.525,
      1.3675,
      0.6325,
      1.475,
      0.7375
    ],
    "SpacingBetweenSlices": 2.2,
    "TotalReadoutTime": 0.0243749,
    "TxRefAmp": 249.596,
    "WipMemBlock": "2487fce8-5b20-4049-ad8a-cc01b182220c||Sequence: R017 nxva30a/master r/d34922cc2+; Jun 27 2022 13:20:16 by eja",
    "dataset": "<unset>",
    "modality": "bold",
    "session_id": "008",
    "subject_id": "001",
    "task_id": "qct"
  },
  "dummy_trs": 0,
  "dvars_nstd": 62.24067423306123,
  "dvars_std": 1.0108155316326528,
  "dvars_vstd": 1.0061458554081633,
  "efc": 0.5565,
  "fber": 156.9991,
  "fd_mean": 0.08585651823801624,
  "fd_num": 4,
  "fd_perc": 4.040404040404041,
  "fwhm_avg": 3.1017140993122543,
  "fwhm_x": 3.218166049714109,
  "fwhm_y": 3.1091308582202615,
  "fwhm_z": 2.977845390002394,
  "gcor": [
    0.00675382,
    0.00790135,
    0.00685229,
    0.00540335
  ],
  "gsr_x": 0.0704740434885025,
  "gsr_y": -0.00598148861899972,
  "provenance": {
    "md5sum": "32e3cbfb46b86fcd5058ec66295d81f4",
    "settings": {
      "fd_thres": 0.2,
      "testing": false
    },
    "software": "mriqc",
    "version": "24.1.0.dev0+g3fe90466.d20240417"
  },
  "size_t": 99,
  "size_x": 76,
  "size_y": 102,
  "size_z": 60,
  "snr": 1.7260795123360342,
  "spacing_tr": 1.600000023841858,
  "spacing_x": 2.196079969406128,
  "spacing_y": 2.196079969406128,
  "spacing_z": 2.200000047683716,
  "summary_bg_k": 59.8644,
  "summary_bg_mad": 9.1053,
  "summary_bg_mean": 38.1979,
  "summary_bg_median": 29.0,
  "summary_bg_n": 332415.0,
  "summary_bg_p05": 0.0,
  "summary_bg_p95": 98.0,
  "summary_bg_stdv": 40.5967,
  "summary_fg_k": 2.5001,
  "summary_fg_mad": 183.1987,
  "summary_fg_mean": 373.0982,
  "summary_fg_median": 359.0,
  "summary_fg_n": 132705.0,
  "summary_fg_p05": 55.0,
  "summary_fg_p95": 730.0,
  "summary_fg_stdv": 207.985,
  "tsnr": 20.00063642114401
}