{
  "aor": [
    0.0011738584779706275,
    0.00170283044058745,
    0.002062096128170894,
    0.0021467823765020026
  ],
  "aqi": [
    0.006123644005340455,
    0.0073330532710280385,
    0.011840820186915887,
    0.0195380782376502
  ],
  "bids_meta": {
    "AcquisitionDuration": 1230.47,
    "AcquisitionMatrixPE": 76,
    "AcquisitionTime": "22:16:9.237500",
    "B0FieldSource": [
      "008pepolarbold",
      "008phasediff"
    ],
    "BandwidthPerPixelPhaseEncode": 40.486,
    "BaseResolution": 102,
    "DerivedVendorReportedEchoSpacing": 0.000649997,
    "DwellTime": 2.5e-06,
    "EchoNumber": 2,
    "EchoTime": 0.0322,
    "EchoTrainLength": 28,
    "EffectiveEchoSpacing": 0.000324999,
    "FlipAngle": 64,
    "ImageOrientationPatientDICOM": [
      0.998061,
      -0.000822929,
      0.0622358,
      0.0223006,
      0.938256,
      -0.345223
    ],
    "ImageType": [
      "ORIGINAL",
      "PRIMARY",
      "FMRI",
      "NONE"
    ],
    "ImageTypeText": [
      "ORIGINAL",
      "PRIMARY",
      "M",
      "MB",
      "TE2",
      "DIS2D"
    ],
    "InPlanePhaseEncodingDirectionDICOM": "ROW",
    "PercentPhaseFOV": 74.5098,
    "PhaseEchoTime1": 0.0126,
    "PhaseEchoTime2": 0.0322,
    "PhaseEncodingDirection": "i",
    "PixelBandwidth": 1961,
    "ProtocolName": "func-bold_task-rest_dir-RL__cmrr_me4_sms4",
    "PulseSequenceName": "epfid2d4_76",
    "ReceiveCoilActiveElements": "HC1-7",
    "ReconMatrixPE": 76,
    "RefLinesPE": 18,
    "RepetitionTime": 1.6,
    "SequenceVariant": "SK\\SS\\OSP",
    "SeriesDescription": "func-bold_task-rest_dir-RL__cmrr_me4_sms4",
    "SeriesNumber": 23,
    "ShimSetting": [
      8244,
      -5627,
      -6012,
      643,
      -47,
      -259,
      38,
      40
    ],
    "SliceThickness": 2.2,
    "SliceTiming": [
      0,
      0.8425,
      0.105,
      0.9475,
      0.21,
      1.0525,
      0.315,
      1.1575,
      0.42,
      1.2625,
      0.525,
      1.3675,
      0.63,
      1.4725,
      0.7375,
      0,
      0.8425,
      0.105,
      0.9475,
      0.21,
      1.0525,
      0.315,
      1.1575,
      0.42,
      1.2625,
      0.525,
      1.3675,
      0.63,
      1.4725,
      0.7375,
      0,
      0.8425,
      0.105,
      0.9475,
      0.21,
      1.0525,
      0.315,
      1.1575,
      0.42,
      1.2625,
      0.525,
      1.3675,
      0.63,
      1.4725,
      0.7375,
      0,
      0.8425,
      0.105,
      0.9475,
      0.21,
      1.0525,
      0.315,
      1.1575,
      0.42,
      1.2625,
      0.525,
      1.3675,
      0.63,
      1.4725,
      0.7375
    ],
    "SpacingBetweenSlices": 2.2,
    "TotalReadoutTime": 0.0243749,
    "TxRefAmp": 249.596,
    "WipMemBlock": "be46ad1d-04d1-404a-8e65-ffe384e21ebe||Sequence: R017 nxva30a/master r/d34922cc2+; Jun 27 2022 13:20:16 by eja",
    "dataset": "<unset>",
    "modality": "bold",
    "session_id": "008",
    "subject_id": "001",
    "task_id": "rest"
  },
  "dummy_trs": 1,
  "dvars_nstd": 42.97025337832886,
  "dvars_std": 1.0388869064304815,
  "dvars_vstd": 1.0268460957352938,
  "efc": 0.5806,
  "fber": 226.1598,
  "fd_mean": 0.1069714331022462,
  "fd_num": 54,
  "fd_perc": 7.209612817089453,
  "fwhm_avg": 3.6438148258515475,
  "fwhm_x": 3.662289220813271,
  "fwhm_y": 3.707046243038914,
  "fwhm_z": 3.5621090137024574,
  "gcor": [
    0.00446798,
    0.00782037,
    0.00723248,
    0.00593805
  ],
  "gsr_x": 0.10480517894029617,
  "gsr_y": -0.008471349254250526,
  "provenance": {
    "md5sum": "6e14907681f14c8d0e7b1f5b97c7d0ce",
    "settings": {
      "fd_thres": 0.2,
      "testing": false
    },
    "software": "mriqc",
    "version": "24.1.0.dev0+g3fe90466.d20240417"
  },
  "size_t": 749,
  "size_x": 76,
  "size_y": 102,
  "size_z": 60,
  "snr": 2.067811388698336,
  "spacing_tr": 1.600000023841858,
  "spacing_x": 2.196079969406128,
  "spacing_y": 2.196079969406128,
  "spacing_z": 2.200000047683716,
  "summary_bg_k": 24.3001,
  "summary_bg_mad": 19.6143,
  "summary_bg_mean": 65.0502,
  "summary_bg_median": 36.0,
  "summary_bg_n": 332190.0,
  "summary_bg_p05": 1.0,
  "summary_bg_p95": 235.0,
  "summary_bg_stdv": 89.4754,
  "summary_fg_k": 1.6148,
  "summary_fg_mad": 236.8868,
  "summary_fg_mean": 565.5708,
  "summary_fg_median": 546.0,
  "summary_fg_n": 132930.0,
  "summary_fg_p05": 131.0,
  "summary_fg_p95": 1017.0,
  "summary_fg_stdv": 264.0463,
  "tsnr": 27.357169850263745
}