{
  "aor": [
    0.0005823529411764707,
    0.0006218627450980392,
    0.0007325490196078431,
    0.0009075980392156862
  ],
  "aqi": [
    0.0032938253431372545,
    0.005128308480392157,
    0.009255635245098039,
    0.01648547450980392
  ],
  "bids_meta": {
    "AcquisitionDuration": 361.475,
    "AcquisitionMatrixPE": 96,
    "AcquisitionTime": "21:40:12.362500",
    "B0FieldSource": [
      "038pepolarbold",
      "038phasediff"
    ],
    "BandwidthPerPixelPhaseEncode": 37.879,
    "BaseResolution": 96,
    "DerivedVendorReportedEchoSpacing": 0.000549997,
    "DwellTime": 2.3e-06,
    "EchoNumber": 4,
    "EchoTime": 0.07392,
    "EchoTrainLength": 35,
    "EffectiveEchoSpacing": 0.000274998,
    "ImageOrientationPatientDICOM": [
      0.99885,
      0.0351661,
      0.0325943,
      -0.0244113,
      0.95805,
      -0.285559
    ],
    "ImageType": [
      "ORIGINAL",
      "PRIMARY",
      "FMRI",
      "NONE"
    ],
    "ImageTypeText": [
      "ORIGINAL",
      "PRIMARY",
      "M",
      "MB",
      "TE4",
      "DIS2D"
    ],
    "InPlanePhaseEncodingDirectionDICOM": "COL",
    "PercentPhaseFOV": 100,
    "PercentSampling": 100,
    "PhaseEchoTime1": 0.0126,
    "PhaseEchoTime2": 0.03304,
    "PhaseEncodingDirection": "j",
    "PhaseResolution": 1,
    "PixelBandwidth": 2264,
    "ProtocolName": "func-bold_task-bht_dir-PA__cmrr_me4_sms4",
    "PulseSequenceName": "epfid2d4_96",
    "ReceiveCoilActiveElements": "HC1-7",
    "ReconMatrixPE": 96,
    "RefLinesPE": 22,
    "RepetitionTime": 1.6,
    "SequenceVariant": "SK\\SS",
    "SeriesDescription": "func-bold_task-bht_dir-PA__cmrr_me4_sms4",
    "SeriesNumber": 25,
    "ShimSetting": [
      8236,
      -5616,
      -6014,
      673,
      -71,
      -110,
      51,
      61
    ],
    "SliceThickness": 2.2,
    "SliceTiming": [
      0,
      0.8425,
      0.105,
      0.9475,
      0.21,
      1.0525,
      0.315,
      1.1575,
      0.42,
      1.2625,
      0.525,
      1.3675,
      0.63,
      1.4725,
      0.7375,
      0,
      0.8425,
      0.105,
      0.9475,
      0.21,
      1.0525,
      0.315,
      1.1575,
      0.42,
      1.2625,
      0.525,
      1.3675,
      0.63,
      1.4725,
      0.7375,
      0,
      0.8425,
      0.105,
      0.9475,
      0.21,
      1.0525,
      0.315,
      1.1575,
      0.42,
      1.2625,
      0.525,
      1.3675,
      0.63,
      1.4725,
      0.7375,
      0,
      0.8425,
      0.105,
      0.9475,
      0.21,
      1.0525,
      0.315,
      1.1575,
      0.42,
      1.2625,
      0.525,
      1.3675,
      0.63,
      1.4725,
      0.7375
    ],
    "SpacingBetweenSlices": 2.2,
    "TotalReadoutTime": 0.0261249,
    "TxRefAmp": 248.062,
    "WipMemBlock": "aeff5c86-6b0a-443d-912a-53e9b3b0a525||Sequence: R017 nxva30a/master r/d34922cc2+; Jun 27 2022 13:20:16 by eja",
    "dataset": "<unset>",
    "modality": "bold",
    "session_id": "038",
    "subject_id": "001",
    "task_id": "bht"
  },
  "dummy_trs": 3,
  "dvars_nstd": 83.79064817399016,
  "dvars_std": 1.0453124619704437,
  "dvars_vstd": 0.9988475517241383,
  "efc": 0.5129,
  "fber": 135.6651,
  "fd_mean": 0.16808424389000765,
  "fd_num": 76,
  "fd_perc": 37.254901960784316,
  "fwhm_avg": 2.598475812061165,
  "fwhm_x": 2.4780928295120432,
  "fwhm_y": 2.8300437514911194,
  "fwhm_z": 2.4872908551803317,
  "gcor": [
    0.0253586,
    0.0325847,
    0.0304045,
    0.0242758
  ],
  "gsr_x": 0.002071957802399993,
  "gsr_y": 0.028996827080845833,
  "provenance": {
    "md5sum": "dbe70bad01318a2d442080a7743c2436",
    "settings": {
      "fd_thres": 0.2,
      "testing": false
    },
    "software": "mriqc",
    "version": "24.1.0.dev0+g3fe90466.d20240417"
  },
  "size_t": 204,
  "size_x": 96,
  "size_y": 96,
  "size_z": 60,
  "snr": 1.5182967487310064,
  "spacing_tr": 1.600000023841858,
  "spacing_x": 2.197920083999634,
  "spacing_y": 2.197920083999634,
  "spacing_z": 2.200000047683716,
  "summary_bg_k": 156.388,
  "summary_bg_mad": 2.1294,
  "summary_bg_mean": 20.1921,
  "summary_bg_median": 18.0,
  "summary_bg_n": 418141.0,
  "summary_bg_p05": 0.0,
  "summary_bg_p95": 37.0,
  "summary_bg_stdv": 15.4842,
  "summary_fg_k": 4.2418,
  "summary_fg_mad": 121.4934,
  "summary_fg_mean": 217.9728,
  "summary_fg_median": 211.0,
  "summary_fg_n": 134819.0,
  "summary_fg_p05": 26.0,
  "summary_fg_p95": 454.0,
  "summary_fg_stdv": 138.971,
  "tsnr": 15.471386186080053
}