{
  "aor": [
    0.0005492256341789051,
    0.0008830440587449935,
    0.0011091855807743658,
    0.0011891188251001335
  ],
  "aqi": [
    0.005592144432576769,
    0.006204207943925234,
    0.010656962563417891,
    0.019019753538050733
  ],
  "bids_meta": {
    "AcquisitionDuration": 1230.47,
    "AcquisitionMatrixPE": 96,
    "AcquisitionTime": "21:18:42.242500",
    "B0FieldSource": [
      "038pepolarbold",
      "038phasediff"
    ],
    "BandwidthPerPixelPhaseEncode": 37.879,
    "BaseResolution": 96,
    "DerivedVendorReportedEchoSpacing": 0.000549997,
    "DwellTime": 2.3e-06,
    "EchoNumber": 4,
    "EchoTime": 0.07392,
    "EchoTrainLength": 35,
    "EffectiveEchoSpacing": 0.000274998,
    "FlipAngle": 64,
    "ImageOrientationPatientDICOM": [
      0.99885,
      0.0351661,
      0.0325943,
      -0.0244113,
      0.95805,
      -0.285559
    ],
    "ImageType": [
      "ORIGINAL",
      "PRIMARY",
      "FMRI",
      "NONE"
    ],
    "ImageTypeText": [
      "ORIGINAL",
      "PRIMARY",
      "M",
      "MB",
      "TE4",
      "DIS2D"
    ],
    "InPlanePhaseEncodingDirectionDICOM": "COL",
    "PercentPhaseFOV": 100,
    "PhaseEchoTime1": 0.0126,
    "PhaseEchoTime2": 0.03304,
    "PhaseEncodingDirection": "j",
    "PixelBandwidth": 2264,
    "ProtocolName": "func-bold_task-rest_dir-PA__cmrr_me4_sms4",
    "PulseSequenceName": "epfid2d4_96",
    "ReceiveCoilActiveElements": "HC1-7",
    "ReconMatrixPE": 96,
    "RefLinesPE": 22,
    "RepetitionTime": 1.6,
    "SequenceVariant": "SK\\SS",
    "SeriesDescription": "func-bold_task-rest_dir-PA__cmrr_me4_sms4",
    "SeriesNumber": 23,
    "ShimSetting": [
      8235,
      -5615,
      -6012,
      678,
      -78,
      -102,
      58,
      60
    ],
    "SliceThickness": 2.2,
    "SliceTiming": [
      0,
      0.8425,
      0.105,
      0.9475,
      0.21,
      1.055,
      0.3175,
      1.16,
      0.4225,
      1.265,
      0.5275,
      1.37,
      0.6325,
      1.475,
      0.7375,
      0,
      0.8425,
      0.105,
      0.9475,
      0.21,
      1.055,
      0.3175,
      1.16,
      0.4225,
      1.265,
      0.5275,
      1.37,
      0.6325,
      1.475,
      0.7375,
      0,
      0.8425,
      0.105,
      0.9475,
      0.21,
      1.055,
      0.3175,
      1.16,
      0.4225,
      1.265,
      0.5275,
      1.37,
      0.6325,
      1.475,
      0.7375,
      0,
      0.8425,
      0.105,
      0.9475,
      0.21,
      1.055,
      0.3175,
      1.16,
      0.4225,
      1.265,
      0.5275,
      1.37,
      0.6325,
      1.475,
      0.7375
    ],
    "SpacingBetweenSlices": 2.2,
    "TotalReadoutTime": 0.0261249,
    "TxRefAmp": 248.062,
    "WipMemBlock": "b8f92c8b-033e-45d6-b417-d80ccc5639e6||Sequence: R017 nxva30a/master r/d34922cc2+; Jun 27 2022 13:20:16 by eja",
    "dataset": "<unset>",
    "modality": "bold",
    "session_id": "038",
    "subject_id": "001",
    "task_id": "rest"
  },
  "dummy_trs": 1,
  "dvars_nstd": 75.84369269787425,
  "dvars_std": 1.0254590383957218,
  "dvars_vstd": 1.0058292030213896,
  "efc": 0.5095,
  "fber": 140.887,
  "fd_mean": 0.10237526853077165,
  "fd_num": 43,
  "fd_perc": 5.740987983978638,
  "fwhm_avg": 2.6158130696566606,
  "fwhm_x": 2.482669884006988,
  "fwhm_y": 2.8571511974959716,
  "fwhm_z": 2.5076181274670226,
  "gcor": [
    0.00737515,
    0.0107103,
    0.0100283,
    0.00828592
  ],
  "gsr_x": 0.0014856979250907898,
  "gsr_y": 0.030330827459692955,
  "provenance": {
    "md5sum": "2227be33bc9509e1c012062fc6adfaa5",
    "settings": {
      "fd_thres": 0.2,
      "testing": false
    },
    "software": "mriqc",
    "version": "24.1.0.dev0+g3fe90466.d20240417"
  },
  "size_t": 749,
  "size_x": 96,
  "size_y": 96,
  "size_z": 60,
  "snr": 1.4968909985148435,
  "spacing_tr": 1.600000023841858,
  "spacing_x": 2.197920083999634,
  "spacing_y": 2.197920083999634,
  "spacing_z": 2.200000047683716,
  "summary_bg_k": 178.4562,
  "summary_bg_mad": 2.1259,
  "summary_bg_mean": 20.2329,
  "summary_bg_median": 18.0,
  "summary_bg_n": 418153.0,
  "summary_bg_p05": 1.0,
  "summary_bg_p95": 36.0,
  "summary_bg_stdv": 15.2378,
  "summary_fg_k": 4.4578,
  "summary_fg_mad": 124.7445,
  "summary_fg_mean": 223.6571,
  "summary_fg_median": 215.0,
  "summary_fg_n": 134807.0,
  "summary_fg_p05": 27.0,
  "summary_fg_p95": 470.0,
  "summary_fg_stdv": 143.6305,
  "tsnr": 15.048397801234387
}