{
  "NumberOfShells": 4,
  "bValues": [
    0.0,
    700.0,
    1000.0,
    2000.0,
    3000.0
  ],
  "bValuesEstimation": [
    700.0,
    1000.0,
    2000.0,
    3000.0
  ],
  "bdiffs_max": 0.3479,
  "bdiffs_mean": 0.1641,
  "bdiffs_median": 0.1516,
  "bdiffs_min": 0.0066,
  "bids_meta": {
    "AcquisitionMatrixPE": 104,
    "AcquisitionNumber": 1,
    "AcquisitionTime": "09:28:21.935000",
    "B0FieldSource": [
      "003pepolarb0",
      "003phasediff"
    ],
    "BandwidthPerPixelPhaseEncode": 24.42,
    "BaseResolution": 146,
    "BodyPartExamined": "BRAIN",
    "CoilCombinationMethod": "Adaptive Combine",
    "CoilString": "HeadNeck_64",
    "ConversionSoftware": "dcm2niix",
    "ConversionSoftwareVersion": "v1.0.20220720",
    "Deltas": [
      0.0272,
      0.0469
    ],
    "DerivedVendorReportedEchoSpacing": 0.000787501,
    "DeviceSerialNumber": "67014",
    "DiffusionScheme": "Monopolar",
    "DwellTime": 2.1e-06,
    "EchoTime": 0.098,
    "EchoTrainLength": 46,
    "EffectiveEchoSpacing": 0.00039375,
    "FlipAngle": 90,
    "HeudiconvVersion": "1.0.0",
    "ImageOrientationPatientDICOM": [
      0.998307,
      0.0136169,
      0.0565397,
      -0.00331053,
      0.983932,
      -0.178514
    ],
    "ImageType": [
      "ORIGINAL",
      "PRIMARY",
      "DIFFUSION",
      "NONE",
      "ND",
      "MFSPLIT"
    ],
    "ImageTypeText": [
      "ORIGINAL",
      "PRIMARY",
      "DIFFUSION",
      "NONE"
    ],
    "ImagingFrequency": 123.248,
    "InPlanePhaseEncodingDirectionDICOM": "ROW",
    "InstitutionAddress": "Rue du Bugnon 21,Lausanne,District,CH,1011",
    "InstitutionName": "CHUV",
    "MRAcquisitionType": "2D",
    "MagneticFieldStrength": 3,
    "Manufacturer": "Siemens",
    "ManufacturersModelName": "MAGNETOM Prisma Fit",
    "Modality": "MR",
    "MultibandAccelerationFactor": 3,
    "NonlinearGradientCorrection": false,
    "ParallelReductionFactorInPlane": 2,
    "PartialFourier": 0.875,
    "PatientPosition": "HFS",
    "PercentPhaseFOV": 71.2329,
    "PercentSampling": 100,
    "PhaseEncodingDirection": "i-",
    "PhaseEncodingSteps": 104,
    "PhaseResolution": 1,
    "PixelBandwidth": 1631,
    "ProcedureStepDescription": "RESEARCH Oscar",
    "ProtocolName": "dwi-dwi_acq-highres_dir-LR__trigger_monopolar_71fovphase",
    "PulseSequenceDetails": "%CustomerSeq%\\ep2d_diff_trigg",
    "ReceiveCoilActiveElements": "HC1-7",
    "ReceiveCoilName": "HeadNeck_64",
    "ReconMatrixPE": 104,
    "RefLinesPE": 38,
    "RepetitionTime": 7,
    "SAR": 0.170934,
    "ScanOptions": "PFP\\FS\\PER",
    "ScanningSequence": "GR\\EP",
    "SequenceName": "ep_b0",
    "SequenceVariant": "SK",
    "SeriesDescription": "dwi-dwi_acq-highres_dir-LR__trigger_monopolar_71fovphase",
    "SeriesNumber": 8,
    "ShimSetting": [
      8239,
      -5626,
      -6051,
      601,
      -30,
      -356,
      12,
      9
    ],
    "SliceThickness": 1.6,
    "SliceTiming": [
      0,
      5.94,
      0.135,
      6.075,
      0.27,
      6.21,
      0.405,
      6.345,
      0.54,
      6.48,
      0.675,
      6.615,
      0.81,
      6.75,
      0.945,
      6.885,
      1.08,
      7.02,
      1.215,
      7.155,
      1.35,
      7.29,
      1.485,
      7.425,
      1.62,
      7.56,
      1.755,
      7.695,
      1.89,
      7.83,
      2.025,
      7.965,
      2.16,
      8.1,
      2.295,
      8.235,
      2.43,
      8.37,
      2.565,
      8.505,
      2.7,
      8.64,
      2.835,
      8.775,
      2.97,
      8.91,
      3.105,
      9.045,
      3.24,
      9.18,
      3.375,
      9.315,
      3.51,
      9.45,
      3.645,
      9.585,
      3.78,
      9.72,
      3.915,
      9.855,
      4.05,
      9.99,
      4.185,
      10.125,
      4.32,
      10.26,
      4.455,
      10.395,
      4.59,
      10.53,
      4.725,
      10.665,
      4.86,
      10.8,
      4.995,
      10.935,
      5.13,
      11.07,
      5.265,
      11.205,
      5.4,
      11.34,
      5.535,
      11.475,
      5.67,
      11.61,
      5.805
    ],
    "SoftwareVersions": "syngo MR XA30",
    "SpacingBetweenSlices": 1.6,
    "StationName": "LRG10884",
    "TotalReadoutTime": 0.0405563,
    "TxRefAmp": 250.232,
    "acq_id": "highres",
    "dataset": "hcph",
    "modality": "dwi",
    "session_id": "003",
    "subject_id": "001"
  },
  "efc_shell01": 2.6052,
  "efc_shell02": 1.2354,
  "efc_shell03": 0.9768,
  "efc_shell04": 0.6822,
  "efc_shell05": 0.6815,
  "fa_degenerate": 0.0,
  "fa_nans": 0.0,
  "fber_shell01": 7.1419,
  "fber_shell02": 34.3061,
  "fber_shell03": 36.8622,
  "fber_shell04": 28.4444,
  "fber_shell05": 16.0,
  "fd_mean": 19.0561,
  "fd_num": 279,
  "fd_perc": 99.64285714285714,
  "ndc": 0.8163,
  "provenance": {
    "md5sum": "8d678eeb145c95142cf747c91ba07239",
    "settings": {
      "testing": false
    },
    "software": "mriqc",
    "version": "24.0.0"
  },
  "sigma_cc": 40.0303,
  "sigma_pca": 19.3218,
  "sigma_piesno": 7.2633,
  "snr_cc_shell0": 4.42,
  "snr_cc_shell1_best": 4.28,
  "snr_cc_shell1_worst": 4.28,
  "snr_cc_shell2_best": 2.88,
  "snr_cc_shell2_worst": 2.02,
  "snr_cc_shell3_best": 2.48,
  "snr_cc_shell3_worst": 1.51,
  "snr_cc_shell4_best": 1.86,
  "snr_cc_shell4_worst": 1.1,
  "spikes_global": 50.72,
  "spikes_slice_i": 328.69,
  "spikes_slice_j": 305.51,
  "spikes_slice_k": 290.25,
  "summary_bg_k": 213.4707,
  "summary_bg_mad": 20.7564,
  "summary_bg_mean": 46.7145,
  "summary_bg_median": 20.0,
  "summary_bg_n": 962788.0,
  "summary_bg_p05": 3.0,
  "summary_bg_p95": 156.0,
  "summary_bg_stdv": 111.2166,
  "summary_fg_k": 8.3725,
  "summary_fg_mad": 177.9123,
  "summary_fg_mean": 406.6639,
  "summary_fg_median": 315.0,
  "summary_fg_n": 358220.0,
  "summary_fg_p05": 111.0,
  "summary_fg_p95": 1051.0,
  "summary_fg_stdv": 318.0573,
  "summary_wm_k": 6.6877,
  "summary_wm_mad": 83.0257,
  "summary_wm_mean": 222.7102,
  "summary_wm_median": 218.0,
  "summary_wm_n": 97222.0,
  "summary_wm_p05": 99.0,
  "summary_wm_p95": 364.0,
  "summary_wm_stdv": 85.2263
}