{
  "NumberOfShells": 4,
  "bValues": [
    0.0,
    700.0,
    1000.0,
    2000.0,
    3000.0
  ],
  "bValuesEstimation": [
    700.0,
    1000.0,
    2000.0,
    3000.0
  ],
  "bdiffs_max": 0.1467,
  "bdiffs_mean": 0.0742,
  "bdiffs_median": 0.0476,
  "bdiffs_min": 0.003,
  "bids_meta": {
    "AcquisitionMatrixPE": 146,
    "AcquisitionNumber": 1,
    "AcquisitionTime": "19:45:0.355000",
    "B0FieldSource": [
      "pilot013pepolarb0",
      "pilot013phasediff"
    ],
    "BandwidthPerPixelPhaseEncode": 19.569,
    "BaseResolution": 146,
    "BodyPartExamined": "BRAIN",
    "CoilCombinationMethod": "Adaptive Combine",
    "CoilString": "HeadNeck_64",
    "ConversionSoftware": "dcm2niix",
    "ConversionSoftwareVersion": "v1.0.20220720",
    "Deltas": [
      0.0233,
      0.0475
    ],
    "DerivedVendorReportedEchoSpacing": 0.000700017,
    "DeviceSerialNumber": "67014",
    "DiffusionScheme": "Monopolar",
    "DwellTime": 2.1e-06,
    "EchoTime": 0.098,
    "EchoTrainLength": 64,
    "EffectiveEchoSpacing": 0.000350008,
    "FlipAngle": 90,
    "HeudiconvVersion": "1.0.0",
    "ImageOrientationPatientDICOM": [
      0.999619,
      0.0221961,
      0.0164095,
      -0.0139583,
      0.919334,
      -0.39323
    ],
    "ImageType": [
      "ORIGINAL",
      "PRIMARY",
      "DIFFUSION",
      "NONE",
      "ND",
      "MFSPLIT"
    ],
    "ImageTypeText": [
      "ORIGINAL",
      "PRIMARY",
      "DIFFUSION",
      "NONE"
    ],
    "ImagingFrequency": 123.248,
    "InPlanePhaseEncodingDirectionDICOM": "COL",
    "InstitutionAddress": "Rue du Bugnon 21,Lausanne,District,CH,1011",
    "InstitutionName": "CHUV",
    "MRAcquisitionType": "2D",
    "MagneticFieldStrength": 3,
    "Manufacturer": "Siemens",
    "ManufacturersModelName": "MAGNETOM Prisma Fit",
    "Modality": "MR",
    "MultibandAccelerationFactor": 3,
    "NonlinearGradientCorrection": false,
    "ParallelReductionFactorInPlane": 2,
    "PartialFourier": 0.875,
    "PatientPosition": "HFS",
    "PercentPhaseFOV": 100,
    "PercentSampling": 100,
    "PhaseEncodingDirection": "j",
    "PhaseEncodingSteps": 146,
    "PhaseResolution": 1,
    "PixelBandwidth": 1631,
    "ProcedureStepDescription": "RESEARCH Oscar",
    "ProtocolName": "dwi-dwi_acq-highres_dir-PA__140dir_monopolar",
    "PulseSequenceDetails": "%SiemensSeq%\\ep2d_diff",
    "ReceiveCoilActiveElements": "HC1-7;NC1",
    "ReceiveCoilName": "HeadNeck_64",
    "ReconMatrixPE": 146,
    "RefLinesPE": 54,
    "RepetitionTime": 7.8,
    "SAR": 0.161423,
    "ScanOptions": "PFP\\FS\\PER",
    "ScanningSequence": "GR\\EP",
    "SequenceName": "*ep_b0",
    "SequenceVariant": "SK",
    "SeriesDescription": "dwi-dwi_acq-highres_dir-PA__140dir_monopolar",
    "SeriesNumber": 7,
    "ShimSetting": [
      8233,
      -5626,
      -6039,
      615,
      -2,
      -315,
      -62,
      26
    ],
    "SliceThickness": 1.6,
    "SliceTiming": [
      0,
      6.1425,
      0.1375,
      6.2825,
      0.2775,
      6.4225,
      0.4175,
      6.5625,
      0.5575,
      6.7025,
      0.6975,
      6.8425,
      0.8375,
      6.98,
      0.9775,
      7.12,
      1.115,
      7.26,
      1.255,
      7.4,
      1.395,
      7.54,
      1.535,
      7.68,
      1.675,
      7.8175,
      1.815,
      7.9575,
      1.955,
      8.0975,
      2.0925,
      8.2375,
      2.2325,
      8.3775,
      2.3725,
      8.5175,
      2.5125,
      8.6575,
      2.6525,
      8.795,
      2.7925,
      8.935,
      2.9325,
      9.075,
      3.07,
      9.215,
      3.21,
      9.355,
      3.35,
      9.495,
      3.49,
      9.635,
      3.63,
      9.7725,
      3.77,
      9.9125,
      3.91,
      10.0525,
      4.0475,
      10.1925,
      4.1875,
      10.3325,
      4.3275,
      10.4725,
      4.4675,
      10.6125,
      4.6075,
      10.75,
      4.7475,
      10.89,
      4.8875,
      11.03,
      5.025,
      11.17,
      5.165,
      11.31,
      5.305,
      11.45,
      5.445,
      11.59,
      5.585,
      11.7275,
      5.725,
      11.8675,
      5.865,
      12.0075,
      6.0025
    ],
    "SoftwareVersions": "syngo MR XA30",
    "SpacingBetweenSlices": 1.6,
    "StationName": "LRG10884",
    "TotalReadoutTime": 0.0507512,
    "TxRefAmp": 249.087,
    "VendorReportedEchoSpacing": 0.0007,
    "acq_id": "highres",
    "dataset": "hcph",
    "modality": "dwi",
    "session_id": "pilot013",
    "subject_id": "001"
  },
  "efc_shell01": 2.0978,
  "efc_shell02": 0.9826,
  "efc_shell03": 0.7652,
  "efc_shell04": 0.581,
  "efc_shell05": 0.609,
  "fa_degenerate": 0.0,
  "fa_nans": 0.0,
  "fber_shell01": 36.0,
  "fber_shell02": 147.449,
  "fber_shell03": 205.4444,
  "fber_shell04": 110.25,
  "fber_shell05": 49.0,
  "fd_mean": 9.7185,
  "fd_num": 140,
  "fd_perc": 99.29078014184397,
  "ndc": 0.7285,
  "provenance": {
    "md5sum": "235ae27e475a9fb6d40c8dfa31bf3e21",
    "settings": {
      "testing": false
    },
    "software": "mriqc",
    "version": "24.0.0"
  },
  "sigma_cc": 28.9107,
  "sigma_pca": 15.2719,
  "sigma_piesno": 1.3206,
  "snr_cc_shell0": 5.24,
  "snr_cc_shell1_best": 5.06,
  "snr_cc_shell1_worst": 5.06,
  "snr_cc_shell2_best": 3.25,
  "snr_cc_shell2_worst": 2.92,
  "snr_cc_shell3_best": 2.77,
  "snr_cc_shell3_worst": 1.61,
  "snr_cc_shell4_best": 1.75,
  "snr_cc_shell4_worst": 1.01,
  "spikes_global": 68.0,
  "spikes_slice_i": 343.39,
  "spikes_slice_j": 345.62,
  "spikes_slice_k": 406.58,
  "summary_bg_k": 716.2622,
  "summary_bg_mad": 7.413,
  "summary_bg_mean": 26.5889,
  "summary_bg_median": 8.0,
  "summary_bg_n": 1513517.0,
  "summary_bg_p05": 2.0,
  "summary_bg_p95": 102.0,
  "summary_bg_stdv": 108.2253,
  "summary_fg_k": 8.0995,
  "summary_fg_mad": 169.0167,
  "summary_fg_mean": 394.1146,
  "summary_fg_median": 300.0,
  "summary_fg_n": 340975.0,
  "summary_fg_p05": 110.0,
  "summary_fg_p95": 1037.0,
  "summary_fg_stdv": 310.7059,
  "summary_wm_k": 25.3405,
  "summary_wm_mad": 74.1301,
  "summary_wm_mean": 211.1505,
  "summary_wm_median": 205.0,
  "summary_wm_n": 113059.0,
  "summary_wm_p05": 84.0,
  "summary_wm_p95": 353.0,
  "summary_wm_stdv": 94.0783
}