{
  "aor": [
    0.00063992,
    0.00073532,
    0.0007576533333333333,
    0.0008126933333333334
  ],
  "aqi": [
    0.0045386537600000006,
    0.00501305524,
    0.008373034733333333,
    0.01525062888
  ],
  "bids_meta": {
    "AcquisitionDuration": 1230.47,
    "AcquisitionMatrixPE": 96,
    "AcquisitionTime": "20:25:28.210000",
    "B0FieldSource": [
      "009pepolarbold",
      "009phasediff"
    ],
    "BandwidthPerPixelPhaseEncode": 37.879,
    "BaseResolution": 96,
    "DerivedVendorReportedEchoSpacing": 0.000549997,
    "DwellTime": 2.3e-06,
    "EchoNumber": 1,
    "EchoTime": 0.0126,
    "EchoTrainLength": 35,
    "EffectiveEchoSpacing": 0.000274998,
    "FlipAngle": 64,
    "ImageOrientationPatientDICOM": [
      0.997499,
      0.0305743,
      0.0637244,
      -0.0076604,
      0.943053,
      -0.332556
    ],
    "ImageType": [
      "ORIGINAL",
      "PRIMARY",
      "FMRI",
      "NONE"
    ],
    "ImageTypeText": [
      "ORIGINAL",
      "PRIMARY",
      "M",
      "MB",
      "TE1",
      "DIS2D"
    ],
    "InPlanePhaseEncodingDirectionDICOM": "COL",
    "PercentPhaseFOV": 100,
    "PhaseEchoTime1": 0.0126,
    "PhaseEchoTime2": 0.03304,
    "PhaseEncodingDirection": "j-",
    "PixelBandwidth": 2264,
    "ProtocolName": "func-bold_task-rest_dir-AP__cmrr_me4_sms4",
    "PulseSequenceName": "epfid2d4_96",
    "ReceiveCoilActiveElements": "HC1-7",
    "ReconMatrixPE": 96,
    "RefLinesPE": 22,
    "RepetitionTime": 1.6,
    "SequenceVariant": "SK\\SS",
    "SeriesDescription": "func-bold_task-rest_dir-AP__cmrr_me4_sms4",
    "SeriesNumber": 23,
    "ShimSetting": [
      8253,
      -5624,
      -5989,
      704,
      -32,
      -231,
      27,
      55
    ],
    "SliceThickness": 2.2,
    "SliceTiming": [
      0,
      0.8425,
      0.105,
      0.9475,
      0.21,
      1.0525,
      0.315,
      1.1575,
      0.42,
      1.265,
      0.5275,
      1.37,
      0.6325,
      1.475,
      0.7375,
      0,
      0.8425,
      0.105,
      0.9475,
      0.21,
      1.0525,
      0.315,
      1.1575,
      0.42,
      1.265,
      0.5275,
      1.37,
      0.6325,
      1.475,
      0.7375,
      0,
      0.8425,
      0.105,
      0.9475,
      0.21,
      1.0525,
      0.315,
      1.1575,
      0.42,
      1.265,
      0.5275,
      1.37,
      0.6325,
      1.475,
      0.7375,
      0,
      0.8425,
      0.105,
      0.9475,
      0.21,
      1.0525,
      0.315,
      1.1575,
      0.42,
      1.265,
      0.5275,
      1.37,
      0.6325,
      1.475,
      0.7375
    ],
    "SpacingBetweenSlices": 2.2,
    "TotalReadoutTime": 0.0261249,
    "TxRefAmp": 249.094,
    "WipMemBlock": "f2699602-41f3-4494-a2cc-6b6b46bd6476||Sequence: R017 nxva30a/master r/d34922cc2+; Jun 27 2022 13:20:16 by eja",
    "dataset": "<unset>",
    "modality": "bold",
    "session_id": "009",
    "subject_id": "001",
    "task_id": "rest"
  },
  "dummy_trs": 0,
  "dvars_nstd": 26.135621135834448,
  "dvars_std": 1.0409350826568757,
  "dvars_vstd": 1.0055888982777044,
  "efc": 0.573,
  "fber": 676.3903,
  "fd_mean": 0.13526386982196018,
  "fd_num": 97,
  "fd_perc": 12.933333333333334,
  "fwhm_avg": 3.7447699786624953,
  "fwhm_x": 3.4231772368668403,
  "fwhm_y": 3.7607918778185097,
  "fwhm_z": 4.050340821302136,
  "gcor": [
    0.0173623,
    0.0152782,
    0.0128675,
    0.009796
  ],
  "gsr_x": 0.0022291867062449455,
  "gsr_y": 0.11653098464012146,
  "provenance": {
    "md5sum": "d632c557b0f49f5cb6e0a3e330669363",
    "settings": {
      "fd_thres": 0.2,
      "testing": false
    },
    "software": "mriqc",
    "version": "24.1.0.dev0+g3fe90466.d20240417"
  },
  "size_t": 750,
  "size_x": 96,
  "size_y": 96,
  "size_z": 60,
  "snr": 2.3897820814744026,
  "spacing_tr": 1.600000023841858,
  "spacing_x": 2.197920083999634,
  "spacing_y": 2.197920083999634,
  "spacing_z": 2.200000047683716,
  "summary_bg_k": 11.534,
  "summary_bg_mad": 22.0433,
  "summary_bg_mean": 129.4834,
  "summary_bg_median": 32.0,
  "summary_bg_n": 418931.0,
  "summary_bg_p05": 1.0,
  "summary_bg_p95": 651.0,
  "summary_bg_stdv": 233.3935,
  "summary_fg_k": 1.4595,
  "summary_fg_mad": 313.264,
  "summary_fg_mean": 878.4372,
  "summary_fg_median": 832.0,
  "summary_fg_n": 134029.0,
  "summary_fg_p05": 394.0,
  "summary_fg_p95": 1495.0,
  "summary_fg_stdv": 348.1476,
  "tsnr": 51.21367077645846
}