{
  "aor": [
    0.0013887755102040815,
    0.0012726530612244898,
    0.001288265306122449,
    0.0014981632653061226
  ],
  "aqi": [
    0.003731935408163265,
    0.003975764897959183,
    0.006695011530612245,
    0.01200550163265306
  ],
  "bids_meta": {
    "AcquisitionDuration": 188.472,
    "AcquisitionMatrixPE": 96,
    "AcquisitionTime": "20:19:17.310000",
    "B0FieldSource": [
      "009pepolarbold",
      "009phasediff"
    ],
    "BandwidthPerPixelPhaseEncode": 37.879,
    "BaseResolution": 96,
    "DerivedVendorReportedEchoSpacing": 0.000549997,
    "DwellTime": 2.3e-06,
    "EchoNumber": 3,
    "EchoTime": 0.05348,
    "EchoTrainLength": 35,
    "EffectiveEchoSpacing": 0.000274998,
    "FlipAngle": 64,
    "ImageOrientationPatientDICOM": [
      0.997499,
      0.0305743,
      0.0637244,
      -0.0076604,
      0.943053,
      -0.332556
    ],
    "ImageType": [
      "ORIGINAL",
      "PRIMARY",
      "FMRI",
      "NONE"
    ],
    "ImageTypeText": [
      "ORIGINAL",
      "PRIMARY",
      "M",
      "MB",
      "TE3",
      "DIS2D"
    ],
    "InPlanePhaseEncodingDirectionDICOM": "COL",
    "PercentPhaseFOV": 100,
    "PhaseEchoTime1": 0.0126,
    "PhaseEchoTime2": 0.03304,
    "PhaseEncodingDirection": "j-",
    "PixelBandwidth": 2264,
    "ProtocolName": "func-bold_task-qct_dir-AP__cmrr_me4_sms4",
    "PulseSequenceName": "epfid2d4_96",
    "ReceiveCoilActiveElements": "HC1-7",
    "ReconMatrixPE": 96,
    "RefLinesPE": 22,
    "RepetitionTime": 1.6,
    "SequenceVariant": "SK\\SS",
    "SeriesDescription": "func-bold_task-qct_dir-AP__cmrr_me4_sms4",
    "SeriesNumber": 13,
    "ShimSetting": [
      8253,
      -5625,
      -5992,
      699,
      -41,
      -242,
      19,
      50
    ],
    "SliceThickness": 2.2,
    "SliceTiming": [
      0,
      0.8425,
      0.105,
      0.9475,
      0.21,
      1.0525,
      0.315,
      1.16,
      0.4225,
      1.265,
      0.5275,
      1.37,
      0.6325,
      1.475,
      0.7375,
      0,
      0.8425,
      0.105,
      0.9475,
      0.21,
      1.0525,
      0.315,
      1.16,
      0.4225,
      1.265,
      0.5275,
      1.37,
      0.6325,
      1.475,
      0.7375,
      0,
      0.8425,
      0.105,
      0.9475,
      0.21,
      1.0525,
      0.315,
      1.16,
      0.4225,
      1.265,
      0.5275,
      1.37,
      0.6325,
      1.475,
      0.7375,
      0,
      0.8425,
      0.105,
      0.9475,
      0.21,
      1.0525,
      0.315,
      1.16,
      0.4225,
      1.265,
      0.5275,
      1.37,
      0.6325,
      1.475,
      0.7375
    ],
    "SpacingBetweenSlices": 2.2,
    "TotalReadoutTime": 0.0261249,
    "TxRefAmp": 249.094,
    "WipMemBlock": "5453a020-bcc6-4783-a9f5-ed287280b8fa||Sequence: R017 nxva30a/master r/d34922cc2+; Jun 27 2022 13:20:16 by eja",
    "dataset": "<unset>",
    "modality": "bold",
    "session_id": "009",
    "subject_id": "001",
    "task_id": "qct"
  },
  "dummy_trs": 1,
  "dvars_nstd": 54.26290775536084,
  "dvars_std": 1.0739013738144334,
  "dvars_vstd": 1.034349093298969,
  "efc": 0.4913,
  "fber": 326.9909,
  "fd_mean": 0.11400402304052314,
  "fd_num": 9,
  "fd_perc": 9.183673469387756,
  "fwhm_avg": 2.927029619422884,
  "fwhm_x": 2.8127228305544847,
  "fwhm_y": 3.1613751794631484,
  "fwhm_z": 2.806990848251021,
  "gcor": [
    0.00560254,
    0.0087361,
    0.00856637,
    0.00684629
  ],
  "gsr_x": 0.005496014375239611,
  "gsr_y": 0.02628677524626255,
  "provenance": {
    "md5sum": "ac9377a1d3c535af86ac99b1fddd940a",
    "settings": {
      "fd_thres": 0.2,
      "testing": false
    },
    "software": "mriqc",
    "version": "24.1.0.dev0+g3fe90466.d20240417"
  },
  "size_t": 98,
  "size_x": 96,
  "size_y": 96,
  "size_z": 60,
  "snr": 1.651028798102314,
  "spacing_tr": 1.600000023841858,
  "spacing_x": 2.197920083999634,
  "spacing_y": 2.197920083999634,
  "spacing_z": 2.200000047683716,
  "summary_bg_k": 73.4476,
  "summary_bg_mad": 3.3585,
  "summary_bg_mean": 25.4205,
  "summary_bg_median": 19.0,
  "summary_bg_n": 419114.0,
  "summary_bg_p05": 0.0,
  "summary_bg_p95": 63.0,
  "summary_bg_stdv": 28.0015,
  "summary_fg_k": 2.2224,
  "summary_fg_mad": 178.23,
  "summary_fg_mean": 361.9894,
  "summary_fg_median": 347.0,
  "summary_fg_n": 133846.0,
  "summary_fg_p05": 41.0,
  "summary_fg_p95": 731.0,
  "summary_fg_stdv": 210.1712,
  "tsnr": 25.972057918901555
}