{
  "aor": [
    0.0013887755102040815,
    0.0012726530612244898,
    0.001288265306122449,
    0.0014981632653061226
  ],
  "aqi": [
    0.003731935408163265,
    0.003975764897959183,
    0.006695011530612245,
    0.01200550163265306
  ],
  "bids_meta": {
    "AcquisitionDuration": 188.475,
    "AcquisitionMatrixPE": 96,
    "AcquisitionTime": "20:19:17.267500",
    "B0FieldSource": [
      "009pepolarbold",
      "009phasediff"
    ],
    "BandwidthPerPixelPhaseEncode": 37.879,
    "BaseResolution": 96,
    "DerivedVendorReportedEchoSpacing": 0.000549997,
    "DwellTime": 2.3e-06,
    "EchoNumber": 1,
    "EchoTime": 0.0126,
    "EchoTrainLength": 35,
    "EffectiveEchoSpacing": 0.000274998,
    "FlipAngle": 64,
    "ImageOrientationPatientDICOM": [
      0.997499,
      0.0305743,
      0.0637244,
      -0.0076604,
      0.943053,
      -0.332556
    ],
    "ImageType": [
      "ORIGINAL",
      "PRIMARY",
      "FMRI",
      "NONE"
    ],
    "ImageTypeText": [
      "ORIGINAL",
      "PRIMARY",
      "M",
      "MB",
      "TE1",
      "DIS2D"
    ],
    "InPlanePhaseEncodingDirectionDICOM": "COL",
    "PercentPhaseFOV": 100,
    "PhaseEchoTime1": 0.0126,
    "PhaseEchoTime2": 0.03304,
    "PhaseEncodingDirection": "j-",
    "PixelBandwidth": 2264,
    "ProtocolName": "func-bold_task-qct_dir-AP__cmrr_me4_sms4",
    "PulseSequenceName": "epfid2d4_96",
    "ReceiveCoilActiveElements": "HC1-7",
    "ReconMatrixPE": 96,
    "RefLinesPE": 22,
    "RepetitionTime": 1.6,
    "SequenceVariant": "SK\\SS",
    "SeriesDescription": "func-bold_task-qct_dir-AP__cmrr_me4_sms4",
    "SeriesNumber": 13,
    "ShimSetting": [
      8253,
      -5625,
      -5992,
      699,
      -41,
      -242,
      19,
      50
    ],
    "SliceThickness": 2.2,
    "SliceTiming": [
      0,
      0.8425,
      0.105,
      0.9475,
      0.21,
      1.0525,
      0.315,
      1.1575,
      0.4225,
      1.265,
      0.5275,
      1.37,
      0.6325,
      1.475,
      0.7375,
      0,
      0.8425,
      0.105,
      0.9475,
      0.21,
      1.0525,
      0.315,
      1.1575,
      0.4225,
      1.265,
      0.5275,
      1.37,
      0.6325,
      1.475,
      0.7375,
      0,
      0.8425,
      0.105,
      0.9475,
      0.21,
      1.0525,
      0.315,
      1.1575,
      0.4225,
      1.265,
      0.5275,
      1.37,
      0.6325,
      1.475,
      0.7375,
      0,
      0.8425,
      0.105,
      0.9475,
      0.21,
      1.0525,
      0.315,
      1.1575,
      0.4225,
      1.265,
      0.5275,
      1.37,
      0.6325,
      1.475,
      0.7375
    ],
    "SpacingBetweenSlices": 2.2,
    "TotalReadoutTime": 0.0261249,
    "TxRefAmp": 249.094,
    "WipMemBlock": "5453a020-bcc6-4783-a9f5-ed287280b8fa||Sequence: R017 nxva30a/master r/d34922cc2+; Jun 27 2022 13:20:16 by eja",
    "dataset": "<unset>",
    "modality": "bold",
    "session_id": "009",
    "subject_id": "001",
    "task_id": "qct"
  },
  "dummy_trs": 1,
  "dvars_nstd": 27.72966135185567,
  "dvars_std": 1.0924625391752576,
  "dvars_vstd": 1.0366291488659793,
  "efc": 0.5732,
  "fber": 663.6827,
  "fd_mean": 0.11400402304052314,
  "fd_num": 9,
  "fd_perc": 9.183673469387756,
  "fwhm_avg": 3.7200291985136915,
  "fwhm_x": 3.4433736035696834,
  "fwhm_y": 3.7169640786636355,
  "fwhm_z": 3.9997499133077556,
  "gcor": [
    0.00560254,
    0.0087361,
    0.00856637,
    0.00684629
  ],
  "gsr_x": -0.0002962001599371433,
  "gsr_y": 0.11684178560972214,
  "provenance": {
    "md5sum": "0b19480b1ad35cd51ebb95c66c35e4e4",
    "settings": {
      "fd_thres": 0.2,
      "testing": false
    },
    "software": "mriqc",
    "version": "24.1.0.dev0+g3fe90466.d20240417"
  },
  "size_t": 98,
  "size_x": 96,
  "size_y": 96,
  "size_z": 60,
  "snr": 2.3913126601081878,
  "spacing_tr": 1.600000023841858,
  "spacing_x": 2.197920083999634,
  "spacing_y": 2.197920083999634,
  "spacing_z": 2.200000047683716,
  "summary_bg_k": 11.5554,
  "summary_bg_mad": 22.0575,
  "summary_bg_mean": 128.9973,
  "summary_bg_median": 32.0,
  "summary_bg_n": 419114.0,
  "summary_bg_p05": 0.0,
  "summary_bg_p95": 643.0,
  "summary_bg_stdv": 230.6329,
  "summary_fg_k": 1.5421,
  "summary_fg_mad": 312.6249,
  "summary_fg_mean": 882.4001,
  "summary_fg_median": 835.0,
  "summary_fg_n": 133846.0,
  "summary_fg_p05": 398.0,
  "summary_fg_p95": 1503.0,
  "summary_fg_stdv": 349.1793,
  "tsnr": 53.99539079191163
}