{
  "aor": [
    0.0011342233009708736,
    0.001077718446601942,
    0.0010673300970873787,
    0.0011030582524271845
  ],
  "aqi": [
    0.0037028101941747574,
    0.005308759174757281,
    0.009164180679611651,
    0.01633106116504854
  ],
  "bids_meta": {
    "AcquisitionDuration": 361.475,
    "AcquisitionMatrixPE": 96,
    "AcquisitionTime": "20:47:3.320000",
    "B0FieldSource": [
      "009pepolarbold",
      "009phasediff"
    ],
    "BandwidthPerPixelPhaseEncode": 37.879,
    "BaseResolution": 96,
    "DerivedVendorReportedEchoSpacing": 0.000549997,
    "DwellTime": 2.3e-06,
    "EchoNumber": 1,
    "EchoTime": 0.0126,
    "EchoTrainLength": 35,
    "EffectiveEchoSpacing": 0.000274998,
    "ImageOrientationPatientDICOM": [
      0.9975,
      0.0304095,
      0.0637823,
      -0.00748625,
      0.943058,
      -0.332544
    ],
    "ImageType": [
      "ORIGINAL",
      "PRIMARY",
      "FMRI",
      "NONE"
    ],
    "ImageTypeText": [
      "ORIGINAL",
      "PRIMARY",
      "M",
      "MB",
      "TE1",
      "DIS2D"
    ],
    "InPlanePhaseEncodingDirectionDICOM": "COL",
    "PercentPhaseFOV": 100,
    "PercentSampling": 100,
    "PhaseEchoTime1": 0.0126,
    "PhaseEchoTime2": 0.03304,
    "PhaseEncodingDirection": "j-",
    "PhaseResolution": 1,
    "PixelBandwidth": 2264,
    "ProtocolName": "func-bold_task-bht_dir-AP__cmrr_me4_sms4",
    "PulseSequenceName": "epfid2d4_96",
    "ReceiveCoilActiveElements": "HC1-7",
    "ReconMatrixPE": 96,
    "RefLinesPE": 22,
    "RepetitionTime": 1.6,
    "SequenceVariant": "SK\\SS",
    "SeriesDescription": "func-bold_task-bht_dir-AP__cmrr_me4_sms4",
    "SeriesNumber": 25,
    "ShimSetting": [
      8253,
      -5624,
      -5988,
      703,
      -34,
      -220,
      29,
      60
    ],
    "SliceThickness": 2.2,
    "SliceTiming": [
      0,
      0.8425,
      0.105,
      0.9475,
      0.21,
      1.0525,
      0.315,
      1.1575,
      0.42,
      1.2625,
      0.525,
      1.37,
      0.6325,
      1.475,
      0.7375,
      0,
      0.8425,
      0.105,
      0.9475,
      0.21,
      1.0525,
      0.315,
      1.1575,
      0.42,
      1.2625,
      0.525,
      1.37,
      0.6325,
      1.475,
      0.7375,
      0,
      0.8425,
      0.105,
      0.9475,
      0.21,
      1.0525,
      0.315,
      1.1575,
      0.42,
      1.2625,
      0.525,
      1.37,
      0.6325,
      1.475,
      0.7375,
      0,
      0.8425,
      0.105,
      0.9475,
      0.21,
      1.0525,
      0.315,
      1.1575,
      0.42,
      1.2625,
      0.525,
      1.37,
      0.6325,
      1.475,
      0.7375
    ],
    "SpacingBetweenSlices": 2.2,
    "TotalReadoutTime": 0.0261249,
    "TxRefAmp": 249.094,
    "WipMemBlock": "9e5216cd-e4af-4c08-af2b-8a7adb2b93ac||Sequence: R017 nxva30a/master r/d34922cc2+; Jun 27 2022 13:20:16 by eja",
    "dataset": "<unset>",
    "modality": "bold",
    "session_id": "009",
    "subject_id": "001",
    "task_id": "bht"
  },
  "dummy_trs": 1,
  "dvars_nstd": 30.1356022437561,
  "dvars_std": 1.1051877021951215,
  "dvars_vstd": 1.016158582390243,
  "efc": 0.5726,
  "fber": 691.4061,
  "fd_mean": 0.1921760919835006,
  "fd_num": 96,
  "fd_perc": 46.601941747572816,
  "fwhm_avg": 3.662201007585137,
  "fwhm_x": 3.3356490317239493,
  "fwhm_y": 3.66792225917953,
  "fwhm_z": 3.98303173185193,
  "gcor": [
    0.0263756,
    0.028766,
    0.027433,
    0.0213538
  ],
  "gsr_x": 0.004223484545946121,
  "gsr_y": 0.11724910140037537,
  "provenance": {
    "md5sum": "bab8776fe8d15d7d3828f4dfd92fb429",
    "settings": {
      "fd_thres": 0.2,
      "testing": false
    },
    "software": "mriqc",
    "version": "24.1.0.dev0+g3fe90466.d20240417"
  },
  "size_t": 206,
  "size_x": 96,
  "size_y": 96,
  "size_z": 60,
  "snr": 2.3855926694901295,
  "spacing_tr": 1.600000023841858,
  "spacing_x": 2.197920083999634,
  "spacing_y": 2.197920083999634,
  "spacing_z": 2.200000047683716,
  "summary_bg_k": 11.6034,
  "summary_bg_mad": 20.5045,
  "summary_bg_mean": 127.6102,
  "summary_bg_median": 31.0,
  "summary_bg_n": 418545.0,
  "summary_bg_p05": 0.0,
  "summary_bg_p95": 646.0,
  "summary_bg_stdv": 231.3296,
  "summary_fg_k": 1.439,
  "summary_fg_mad": 309.0362,
  "summary_fg_mean": 865.6052,
  "summary_fg_median": 821.0,
  "summary_fg_n": 134415.0,
  "summary_fg_p05": 383.0,
  "summary_fg_p95": 1476.0,
  "summary_fg_stdv": 344.148,
  "tsnr": 50.34547497006133
}