{
  "aor": [
    0.0011342233009708736,
    0.001077718446601942,
    0.0010673300970873787,
    0.0011030582524271845
  ],
  "aqi": [
    0.0037028101941747574,
    0.005308759174757281,
    0.009164180679611651,
    0.01633106116504854
  ],
  "bids_meta": {
    "AcquisitionDuration": 361.475,
    "AcquisitionMatrixPE": 96,
    "AcquisitionTime": "20:47:3.340000",
    "B0FieldSource": [
      "009pepolarbold",
      "009phasediff"
    ],
    "BandwidthPerPixelPhaseEncode": 37.879,
    "BaseResolution": 96,
    "DerivedVendorReportedEchoSpacing": 0.000549997,
    "DwellTime": 2.3e-06,
    "EchoNumber": 2,
    "EchoTime": 0.03304,
    "EchoTrainLength": 35,
    "EffectiveEchoSpacing": 0.000274998,
    "ImageOrientationPatientDICOM": [
      0.9975,
      0.0304095,
      0.0637823,
      -0.00748625,
      0.943058,
      -0.332544
    ],
    "ImageType": [
      "ORIGINAL",
      "PRIMARY",
      "FMRI",
      "NONE"
    ],
    "ImageTypeText": [
      "ORIGINAL",
      "PRIMARY",
      "M",
      "MB",
      "TE2",
      "DIS2D"
    ],
    "InPlanePhaseEncodingDirectionDICOM": "COL",
    "PercentPhaseFOV": 100,
    "PercentSampling": 100,
    "PhaseEchoTime1": 0.0126,
    "PhaseEchoTime2": 0.03304,
    "PhaseEncodingDirection": "j-",
    "PhaseResolution": 1,
    "PixelBandwidth": 2264,
    "ProtocolName": "func-bold_task-bht_dir-AP__cmrr_me4_sms4",
    "PulseSequenceName": "epfid2d4_96",
    "ReceiveCoilActiveElements": "HC1-7",
    "ReconMatrixPE": 96,
    "RefLinesPE": 22,
    "RepetitionTime": 1.6,
    "SequenceVariant": "SK\\SS",
    "SeriesDescription": "func-bold_task-bht_dir-AP__cmrr_me4_sms4",
    "SeriesNumber": 25,
    "ShimSetting": [
      8253,
      -5624,
      -5988,
      703,
      -34,
      -220,
      29,
      60
    ],
    "SliceThickness": 2.2,
    "SliceTiming": [
      0,
      0.8425,
      0.105,
      0.9475,
      0.21,
      1.0525,
      0.315,
      1.1575,
      0.42,
      1.2625,
      0.525,
      1.3675,
      0.63,
      1.475,
      0.7375,
      0,
      0.8425,
      0.105,
      0.9475,
      0.21,
      1.0525,
      0.315,
      1.1575,
      0.42,
      1.2625,
      0.525,
      1.3675,
      0.63,
      1.475,
      0.7375,
      0,
      0.8425,
      0.105,
      0.9475,
      0.21,
      1.0525,
      0.315,
      1.1575,
      0.42,
      1.2625,
      0.525,
      1.3675,
      0.63,
      1.475,
      0.7375,
      0,
      0.8425,
      0.105,
      0.9475,
      0.21,
      1.0525,
      0.315,
      1.1575,
      0.42,
      1.2625,
      0.525,
      1.3675,
      0.63,
      1.475,
      0.7375
    ],
    "SpacingBetweenSlices": 2.2,
    "TotalReadoutTime": 0.0261249,
    "TxRefAmp": 249.094,
    "WipMemBlock": "9e5216cd-e4af-4c08-af2b-8a7adb2b93ac||Sequence: R017 nxva30a/master r/d34922cc2+; Jun 27 2022 13:20:16 by eja",
    "dataset": "<unset>",
    "modality": "bold",
    "session_id": "009",
    "subject_id": "001",
    "task_id": "bht"
  },
  "dummy_trs": 1,
  "dvars_nstd": 42.81597252819512,
  "dvars_std": 1.1071508917560977,
  "dvars_vstd": 1.0101762912682934,
  "efc": 0.5091,
  "fber": 624.9542,
  "fd_mean": 0.1921760919835006,
  "fd_num": 96,
  "fd_perc": 46.601941747572816,
  "fwhm_avg": 3.32260214382007,
  "fwhm_x": 3.1277524829247367,
  "fwhm_y": 3.5188176568849663,
  "fwhm_z": 3.321236291650506,
  "gcor": [
    0.0263756,
    0.028766,
    0.027433,
    0.0213538
  ],
  "gsr_x": 0.01443219743669033,
  "gsr_y": 0.035123612731695175,
  "provenance": {
    "md5sum": "157e8e3885ebdc16ad599fb4c3dc092a",
    "settings": {
      "fd_thres": 0.2,
      "testing": false
    },
    "software": "mriqc",
    "version": "24.1.0.dev0+g3fe90466.d20240417"
  },
  "size_t": 206,
  "size_x": 96,
  "size_y": 96,
  "size_z": 60,
  "snr": 1.9717031019704279,
  "spacing_tr": 1.600000023841858,
  "spacing_x": 2.197920083999634,
  "spacing_y": 2.197920083999634,
  "spacing_z": 2.200000047683716,
  "summary_bg_k": 34.304,
  "summary_bg_mad": 6.1103,
  "summary_bg_mean": 42.0591,
  "summary_bg_median": 21.0,
  "summary_bg_n": 418545.0,
  "summary_bg_p05": 0.0,
  "summary_bg_p95": 153.0,
  "summary_bg_stdv": 70.7592,
  "summary_fg_k": 1.2286,
  "summary_fg_mad": 230.2208,
  "summary_fg_mean": 548.5994,
  "summary_fg_median": 528.0,
  "summary_fg_n": 134415.0,
  "summary_fg_p05": 99.0,
  "summary_fg_p95": 1016.0,
  "summary_fg_stdv": 267.7878,
  "tsnr": 34.58159009506926
}