{
  "aor": [
    0.0007283333333333333,
    0.0006420000000000001,
    0.0007303333333333333,
    0.0009492000000000001
  ],
  "aqi": [
    0.003849737866666666,
    0.0058963998666666665,
    0.011088570866666668,
    0.021232705333333334
  ],
  "bids_meta": {
    "AcquisitionDuration": 265.44,
    "AcquisitionMatrixPE": 108,
    "AcquisitionTime": "17:36:32.707500",
    "B0FieldSource": [
      "pilot012pepolarbold",
      "pilot012phasediff"
    ],
    "BandwidthPerPixelPhaseEncode": 34.294,
    "BaseResolution": 108,
    "DerivedVendorReportedEchoSpacing": 0.000539993,
    "DwellTime": 2e-06,
    "EchoNumber": 1,
    "EchoTime": 0.0126,
    "EchoTrainLength": 40,
    "EffectiveEchoSpacing": 0.000269996,
    "FlipAngle": 64,
    "ImageOrientationPatientDICOM": [
      0.999446,
      0.0197988,
      0.0267607,
      -0.00401204,
      0.869685,
      -0.493591
    ],
    "ImageType": [
      "ORIGINAL",
      "PRIMARY",
      "FMRI",
      "NONE"
    ],
    "ImageTypeText": [
      "ORIGINAL",
      "PRIMARY",
      "M",
      "MB",
      "TE1",
      "DIS2D"
    ],
    "InPlanePhaseEncodingDirectionDICOM": "COL",
    "PercentPhaseFOV": 100,
    "PhaseEncodingDirection": "j-",
    "PixelBandwidth": 2315,
    "ProtocolName": "func-bold_task-qc_dir-AP__cmrr_me4_sms4",
    "PulseSequenceName": "epfid2d4_108",
    "ReceiveCoilActiveElements": "HC1-7",
    "ReconMatrixPE": 108,
    "RefLinesPE": 26,
    "RepetitionTime": 1.573,
    "SequenceVariant": "SK\\SS",
    "SeriesDescription": "func-bold_task-qc_dir-AP__cmrr_me4_sms4",
    "SeriesNumber": 18,
    "ShimSetting": [
      8245,
      -5627,
      -5956,
      791,
      -43,
      -145,
      106,
      40
    ],
    "SliceThickness": 2,
    "SliceTiming": [
      0,
      0.3325,
      0.665,
      0.9975,
      1.33,
      0.11,
      0.4425,
      0.775,
      1.11,
      1.4425,
      0.2225,
      0.555,
      0.8875,
      1.22,
      0,
      0.3325,
      0.665,
      0.9975,
      1.33,
      0.11,
      0.4425,
      0.775,
      1.11,
      1.4425,
      0.2225,
      0.555,
      0.8875,
      1.22,
      0,
      0.3325,
      0.665,
      0.9975,
      1.33,
      0.11,
      0.4425,
      0.775,
      1.11,
      1.4425,
      0.2225,
      0.555,
      0.8875,
      1.22,
      0,
      0.3325,
      0.665,
      0.9975,
      1.33,
      0.11,
      0.4425,
      0.775,
      1.11,
      1.4425,
      0.2225,
      0.555,
      0.8875,
      1.22
    ],
    "SpacingBetweenSlices": 2,
    "TotalReadoutTime": 0.0288896,
    "TxRefAmp": 247.841,
    "WipMemBlock": "47011f7d-a724-40be-ae63-a6aa86088d8d||Sequence: R017 nxva30a/master r/d34922cc2+; Jun 27 2022 13:20:16 by eja",
    "dataset": "<unset>",
    "modality": "bold",
    "session_id": "pilot012",
    "subject_id": "001",
    "task_id": "qct"
  },
  "dummy_trs": 0,
  "dvars_nstd": 31.447426943154365,
  "dvars_std": 1.0415150753020135,
  "dvars_vstd": 1.0136342981208053,
  "efc": 0.5853,
  "fber": 662.1971,
  "fd_mean": 0.09658648465814786,
  "fd_num": 5,
  "fd_perc": 3.3333333333333335,
  "fwhm_avg": 3.671958333333334,
  "fwhm_x": 3.281625,
  "fwhm_y": 3.78401,
  "fwhm_z": 3.95024,
  "gcor": [
    0.0107609,
    0.00978356,
    0.0080241,
    0.00598899
  ],
  "gsr_x": -0.019613021984696388,
  "gsr_y": 0.11826224625110626,
  "provenance": {
    "md5sum": "5d484a158721de500f97897c5bd31a17",
    "settings": {
      "fd_thres": 0.2,
      "testing": false
    },
    "software": "mriqc",
    "version": "24.1.0.dev0+g3fe90466.d20240417"
  },
  "size_t": 150,
  "size_x": 108,
  "size_y": 108,
  "size_z": 56,
  "snr": 2.4913177441443746,
  "spacing_tr": 1.5729999542236328,
  "spacing_x": 2.0,
  "spacing_y": 2.0,
  "spacing_z": 2.0,
  "summary_bg_k": 11.2085,
  "summary_bg_mad": 19.2046,
  "summary_bg_mean": 141.3603,
  "summary_bg_median": 34.0,
  "summary_bg_n": 480357.0,
  "summary_bg_p05": 1.0,
  "summary_bg_p95": 756.0,
  "summary_bg_stdv": 266.5737,
  "summary_fg_k": 0.564,
  "summary_fg_mad": 332.4093,
  "summary_fg_mean": 931.3523,
  "summary_fg_median": 880.0,
  "summary_fg_n": 172827.0,
  "summary_fg_p05": 448.0,
  "summary_fg_p95": 1588.0,
  "summary_fg_stdv": 353.2257,
  "tsnr": 44.468035941012204
}