{
  "aor": [
    0.000987857142857143,
    0.0010303061224489797,
    0.0011202040816326532,
    0.0012911224489795918
  ],
  "aqi": [
    0.005429566836734694,
    0.0067304552040816324,
    0.010603611122448979,
    0.017550991836734697
  ],
  "bids_meta": {
    "AcquisitionDuration": 188.475,
    "AcquisitionMatrixPE": 76,
    "AcquisitionTime": "20:09:15.057500",
    "B0FieldSource": [
      "018pepolarbold",
      "018phasediff"
    ],
    "BandwidthPerPixelPhaseEncode": 40.486,
    "BaseResolution": 102,
    "DerivedVendorReportedEchoSpacing": 0.000649997,
    "DwellTime": 2.5e-06,
    "EchoNumber": 2,
    "EchoTime": 0.0322,
    "EchoTrainLength": 28,
    "EffectiveEchoSpacing": 0.000324999,
    "FlipAngle": 64,
    "ImageOrientationPatientDICOM": [
      0.998701,
      -0.0169258,
      0.0480671,
      0.0331303,
      0.932345,
      -0.360049
    ],
    "ImageType": [
      "ORIGINAL",
      "PRIMARY",
      "FMRI",
      "NONE"
    ],
    "ImageTypeText": [
      "ORIGINAL",
      "PRIMARY",
      "M",
      "MB",
      "TE2",
      "DIS2D"
    ],
    "InPlanePhaseEncodingDirectionDICOM": "ROW",
    "PercentPhaseFOV": 74.5098,
    "PhaseEchoTime1": 0.0126,
    "PhaseEchoTime2": 0.0322,
    "PhaseEncodingDirection": "i-",
    "PixelBandwidth": 1961,
    "ProtocolName": "func-bold_task-qct_dir-LR__cmrr_me4_sms4",
    "PulseSequenceName": "epfid2d4_76",
    "ReceiveCoilActiveElements": "HC1-7",
    "ReconMatrixPE": 76,
    "RefLinesPE": 18,
    "RepetitionTime": 1.6,
    "SequenceVariant": "SK\\SS\\OSP",
    "SeriesDescription": "func-bold_task-qct_dir-LR__cmrr_me4_sms4",
    "SeriesNumber": 13,
    "ShimSetting": [
      8241,
      -5616,
      -6019,
      670,
      2,
      -168,
      45,
      47
    ],
    "SliceThickness": 2.2,
    "SliceTiming": [
      0,
      0.8425,
      0.105,
      0.9475,
      0.21,
      1.0525,
      0.315,
      1.1575,
      0.42,
      1.2625,
      0.525,
      1.3675,
      0.63,
      1.4725,
      0.7375,
      0,
      0.8425,
      0.105,
      0.9475,
      0.21,
      1.0525,
      0.315,
      1.1575,
      0.42,
      1.2625,
      0.525,
      1.3675,
      0.63,
      1.4725,
      0.7375,
      0,
      0.8425,
      0.105,
      0.9475,
      0.21,
      1.0525,
      0.315,
      1.1575,
      0.42,
      1.2625,
      0.525,
      1.3675,
      0.63,
      1.4725,
      0.7375,
      0,
      0.8425,
      0.105,
      0.9475,
      0.21,
      1.0525,
      0.315,
      1.1575,
      0.42,
      1.2625,
      0.525,
      1.3675,
      0.63,
      1.4725,
      0.7375
    ],
    "SpacingBetweenSlices": 2.2,
    "TotalReadoutTime": 0.0243749,
    "TxRefAmp": 244.35,
    "WipMemBlock": "5df8c2e8-e6fd-4d92-b364-efd1052ccd93||Sequence: R017 nxva30a/master r/d34922cc2+; Jun 27 2022 13:20:16 by eja",
    "dataset": "<unset>",
    "modality": "bold",
    "session_id": "018",
    "subject_id": "001",
    "task_id": "qct"
  },
  "dummy_trs": 1,
  "dvars_nstd": 53.57590213268039,
  "dvars_std": 1.0618095259793807,
  "dvars_vstd": 1.031658628041237,
  "efc": 0.5798,
  "fber": 238.7429,
  "fd_mean": 0.17496220044651423,
  "fd_num": 33,
  "fd_perc": 33.673469387755105,
  "fwhm_avg": 3.1581966780674047,
  "fwhm_x": 3.2373229112975133,
  "fwhm_y": 3.1550308260740088,
  "fwhm_z": 3.082236296830691,
  "gcor": [
    0.0102566,
    0.0133669,
    0.0134471,
    0.0112302
  ],
  "gsr_x": 0.0926518514752388,
  "gsr_y": -0.008076764643192291,
  "provenance": {
    "md5sum": "6364ad7e617012e94308e1fe39508cb3",
    "settings": {
      "fd_thres": 0.2,
      "testing": false
    },
    "software": "mriqc",
    "version": "24.1.0.dev0+g3fe90466.d20240417"
  },
  "size_t": 98,
  "size_x": 76,
  "size_y": 102,
  "size_z": 60,
  "snr": 2.1243498406882098,
  "spacing_tr": 1.600000023841858,
  "spacing_x": 2.196079969406128,
  "spacing_y": 2.196079969406128,
  "spacing_z": 2.200000047683716,
  "summary_bg_k": 30.6109,
  "summary_bg_mad": 17.8517,
  "summary_bg_mean": 59.3124,
  "summary_bg_median": 34.0,
  "summary_bg_n": 331187.0,
  "summary_bg_p05": 0.0,
  "summary_bg_p95": 210.0,
  "summary_bg_stdv": 82.5024,
  "summary_fg_k": 0.8026,
  "summary_fg_mad": 221.649,
  "summary_fg_mean": 532.5891,
  "summary_fg_median": 518.0,
  "summary_fg_n": 133933.0,
  "summary_fg_p05": 114.0,
  "summary_fg_p95": 954.0,
  "summary_fg_stdv": 243.8384,
  "tsnr": 27.27246058243327
}