{
  "aor": [
    0.00022949265687583444,
    0.00020381842456608813,
    0.00023987983978638187,
    0.000328931909212283
  ],
  "aqi": [
    0.006850982256341789,
    0.007860848611481976,
    0.012407594859813085,
    0.020633358077436582
  ],
  "bids_meta": {
    "AcquisitionDuration": 1230.47,
    "AcquisitionMatrixPE": 76,
    "AcquisitionTime": "20:16:19.382500",
    "B0FieldSource": [
      "018pepolarbold",
      "018phasediff"
    ],
    "BandwidthPerPixelPhaseEncode": 40.486,
    "BaseResolution": 102,
    "DerivedVendorReportedEchoSpacing": 0.000649997,
    "DwellTime": 2.5e-06,
    "EchoNumber": 1,
    "EchoTime": 0.0126,
    "EchoTrainLength": 28,
    "EffectiveEchoSpacing": 0.000324999,
    "FlipAngle": 64,
    "ImageOrientationPatientDICOM": [
      0.998701,
      -0.0169258,
      0.0480671,
      0.0331303,
      0.932345,
      -0.360049
    ],
    "ImageType": [
      "ORIGINAL",
      "PRIMARY",
      "FMRI",
      "NONE"
    ],
    "ImageTypeText": [
      "ORIGINAL",
      "PRIMARY",
      "M",
      "MB",
      "TE1",
      "DIS2D"
    ],
    "InPlanePhaseEncodingDirectionDICOM": "ROW",
    "PercentPhaseFOV": 74.5098,
    "PhaseEchoTime1": 0.0126,
    "PhaseEchoTime2": 0.0322,
    "PhaseEncodingDirection": "i-",
    "PixelBandwidth": 1961,
    "ProtocolName": "func-bold_task-rest_dir-LR__cmrr_me4_sms4",
    "PulseSequenceName": "epfid2d4_76",
    "ReceiveCoilActiveElements": "HC1-7",
    "ReconMatrixPE": 76,
    "RefLinesPE": 18,
    "RepetitionTime": 1.6,
    "SequenceVariant": "SK\\SS\\OSP",
    "SeriesDescription": "func-bold_task-rest_dir-LR__cmrr_me4_sms4",
    "SeriesNumber": 23,
    "ShimSetting": [
      8241,
      -5616,
      -6019,
      670,
      2,
      -168,
      45,
      47
    ],
    "SliceThickness": 2.2,
    "SliceTiming": [
      0,
      0.8425,
      0.105,
      0.9475,
      0.21,
      1.0525,
      0.315,
      1.1575,
      0.42,
      1.2625,
      0.525,
      1.3675,
      0.63,
      1.4725,
      0.735,
      0,
      0.8425,
      0.105,
      0.9475,
      0.21,
      1.0525,
      0.315,
      1.1575,
      0.42,
      1.2625,
      0.525,
      1.3675,
      0.63,
      1.4725,
      0.735,
      0,
      0.8425,
      0.105,
      0.9475,
      0.21,
      1.0525,
      0.315,
      1.1575,
      0.42,
      1.2625,
      0.525,
      1.3675,
      0.63,
      1.4725,
      0.735,
      0,
      0.8425,
      0.105,
      0.9475,
      0.21,
      1.0525,
      0.315,
      1.1575,
      0.42,
      1.2625,
      0.525,
      1.3675,
      0.63,
      1.4725,
      0.735
    ],
    "SpacingBetweenSlices": 2.2,
    "TotalReadoutTime": 0.0243749,
    "TxRefAmp": 244.35,
    "WipMemBlock": "1f8adc75-cb16-4839-9dbd-eb5375e4bdd3||Sequence: R017 nxva30a/master r/d34922cc2+; Jun 27 2022 13:20:16 by eja",
    "dataset": "<unset>",
    "modality": "bold",
    "session_id": "018",
    "subject_id": "001",
    "task_id": "rest"
  },
  "dummy_trs": 1,
  "dvars_nstd": 39.31447672720587,
  "dvars_std": 1.0279771893582885,
  "dvars_vstd": 0.9994656560561495,
  "efc": 0.6512,
  "fber": 137.2008,
  "fd_mean": 0.1355634571566181,
  "fd_num": 98,
  "fd_perc": 13.08411214953271,
  "fwhm_avg": 3.6573819894277837,
  "fwhm_x": 3.4873456826214926,
  "fwhm_y": 3.6455867325109352,
  "fwhm_z": 3.8392135531509237,
  "gcor": [
    0.00870887,
    0.0104635,
    0.0102345,
    0.00806256
  ],
  "gsr_x": 0.14227798581123352,
  "gsr_y": 0.01774921827018261,
  "provenance": {
    "md5sum": "6ce2d923f4efd649d1c6ee1ef81fca13",
    "settings": {
      "fd_thres": 0.2,
      "testing": false
    },
    "software": "mriqc",
    "version": "24.1.0.dev0+g3fe90466.d20240417"
  },
  "size_t": 749,
  "size_x": 76,
  "size_y": 102,
  "size_z": 60,
  "snr": 2.5655117672330907,
  "spacing_tr": 1.600000023841858,
  "spacing_x": 2.196079969406128,
  "spacing_y": 2.196079969406128,
  "spacing_z": 2.200000047683716,
  "summary_bg_k": 5.959,
  "summary_bg_mad": 64.0825,
  "summary_bg_mean": 169.1275,
  "summary_bg_median": 68.0,
  "summary_bg_n": 331108.0,
  "summary_bg_p05": 0.0,
  "summary_bg_p95": 721.0,
  "summary_bg_stdv": 240.6659,
  "summary_fg_k": 0.8292,
  "summary_fg_mad": 297.7854,
  "summary_fg_mean": 820.8206,
  "summary_fg_median": 791.0,
  "summary_fg_n": 134012.0,
  "summary_fg_p05": 381.0,
  "summary_fg_p95": 1358.0,
  "summary_fg_stdv": 308.3194,
  "tsnr": 35.66072009422351
}