{
  "aor": [
    0.0016242233009708738,
    0.002169368932038835,
    0.0024395145631067963,
    0.0025131067961165045
  ],
  "aqi": [
    0.006548916067961165,
    0.008176941601941748,
    0.013592343106796115,
    0.022295675728155336
  ],
  "bids_meta": {
    "AcquisitionDuration": 361.475,
    "AcquisitionMatrixPE": 76,
    "AcquisitionTime": "19:02:23.235000",
    "B0FieldSource": [
      "pilot020pepolarbold",
      "pilot020phasediff"
    ],
    "BandwidthPerPixelPhaseEncode": 40.486,
    "BaseResolution": 102,
    "DerivedVendorReportedEchoSpacing": 0.000649997,
    "DwellTime": 2.5e-06,
    "EchoNumber": 2,
    "EchoTime": 0.0322,
    "EchoTrainLength": 28,
    "EffectiveEchoSpacing": 0.000324999,
    "ImageOrientationPatientDICOM": [
      0.998991,
      0.032011,
      0.0315146,
      -0.0183095,
      0.930802,
      -0.365066
    ],
    "ImageType": [
      "ORIGINAL",
      "PRIMARY",
      "FMRI",
      "NONE"
    ],
    "ImageTypeText": [
      "ORIGINAL",
      "PRIMARY",
      "M",
      "MB",
      "TE2",
      "DIS2D"
    ],
    "InPlanePhaseEncodingDirectionDICOM": "ROW",
    "PercentPhaseFOV": 74.5098,
    "PercentSampling": 100,
    "PhaseEchoTime1": 0.0126,
    "PhaseEchoTime2": 0.0322,
    "PhaseEncodingDirection": "i",
    "PhaseResolution": 1,
    "PixelBandwidth": 1961,
    "ProtocolName": "func-bold_task-bht_dir-RL__cmrr_me4_sms4",
    "PulseSequenceName": "epfid2d4_76",
    "ReceiveCoilActiveElements": "HC1-7",
    "ReconMatrixPE": 76,
    "RefLinesPE": 18,
    "RepetitionTime": 1.6,
    "SequenceVariant": "SK\\SS\\OSP",
    "SeriesDescription": "func-bold_task-bht_dir-RL__cmrr_me4_sms4",
    "SeriesNumber": 32,
    "ShimSetting": [
      8231,
      -5613,
      -6009,
      690,
      -61,
      -250,
      0,
      5
    ],
    "SliceThickness": 2.2,
    "SliceTiming": [
      0,
      0.8425,
      0.1075,
      0.95,
      0.2125,
      1.055,
      0.3175,
      1.16,
      0.4225,
      1.265,
      0.5275,
      1.37,
      0.6325,
      1.475,
      0.7375,
      0,
      0.8425,
      0.1075,
      0.95,
      0.2125,
      1.055,
      0.3175,
      1.16,
      0.4225,
      1.265,
      0.5275,
      1.37,
      0.6325,
      1.475,
      0.7375,
      0,
      0.8425,
      0.1075,
      0.95,
      0.2125,
      1.055,
      0.3175,
      1.16,
      0.4225,
      1.265,
      0.5275,
      1.37,
      0.6325,
      1.475,
      0.7375,
      0,
      0.8425,
      0.1075,
      0.95,
      0.2125,
      1.055,
      0.3175,
      1.16,
      0.4225,
      1.265,
      0.5275,
      1.37,
      0.6325,
      1.475,
      0.7375
    ],
    "SpacingBetweenSlices": 2.2,
    "TotalReadoutTime": 0.0243749,
    "TxRefAmp": 247.631,
    "WipMemBlock": "dc2e6b86-e48b-4318-a167-85856d1e7899||Sequence: R017 nxva30a/master r/d34922cc2+; Jun 27 2022 13:20:16 by eja",
    "dataset": "<unset>",
    "modality": "bold",
    "session_id": "pilot020",
    "subject_id": "001",
    "task_id": "bht"
  },
  "dummy_trs": 1,
  "dvars_nstd": 46.19929461585365,
  "dvars_std": 1.0400922021463412,
  "dvars_vstd": 1.0266307665853658,
  "efc": 0.5856,
  "fber": 219.6654,
  "fd_mean": 0.1804483623317571,
  "fd_num": 77,
  "fd_perc": 37.37864077669903,
  "fwhm_avg": 3.505673779212742,
  "fwhm_x": 3.5783168689094063,
  "fwhm_y": 3.5152772702023345,
  "fwhm_z": 3.4234271985264866,
  "gcor": [
    0.0299161,
    0.0313445,
    0.0272081,
    0.0219706
  ],
  "gsr_x": 0.10198728740215302,
  "gsr_y": -0.011294818483293056,
  "provenance": {
    "md5sum": "dc1b553429f647f0cb67731a27cb944d",
    "settings": {
      "fd_thres": 0.2,
      "testing": false
    },
    "software": "mriqc",
    "version": "24.1.0.dev0+g3fe90466.d20240417"
  },
  "size_t": 206,
  "size_x": 76,
  "size_y": 102,
  "size_z": 60,
  "snr": 2.1083854640083954,
  "spacing_tr": 1.600000023841858,
  "spacing_x": 2.196079969406128,
  "spacing_y": 2.196079969406128,
  "spacing_z": 2.200000047683716,
  "summary_bg_k": 23.6323,
  "summary_bg_mad": 19.6769,
  "summary_bg_mean": 65.7652,
  "summary_bg_median": 36.0,
  "summary_bg_n": 331695.0,
  "summary_bg_p05": 2.0,
  "summary_bg_p95": 237.0,
  "summary_bg_stdv": 90.2368,
  "summary_fg_k": 1.0013,
  "summary_fg_mad": 228.6375,
  "summary_fg_mean": 556.5961,
  "summary_fg_median": 538.0,
  "summary_fg_n": 133425.0,
  "summary_fg_p05": 126.0,
  "summary_fg_p95": 1000.0,
  "summary_fg_stdv": 255.1706,
  "tsnr": 25.492660477524623
}