{
  "aor": [
    0.001222857142857143,
    0.0012261224489795916,
    0.0012566326530612246,
    0.0014325510204081634
  ],
  "aqi": [
    0.004953191632653061,
    0.006169856326530612,
    0.009723497551020407,
    0.015767492857142854
  ],
  "bids_meta": {
    "AcquisitionDuration": 188.475,
    "AcquisitionMatrixPE": 76,
    "AcquisitionTime": "18:55:33.372500",
    "B0FieldSource": [
      "pilot020pepolarbold",
      "pilot020phasediff"
    ],
    "BandwidthPerPixelPhaseEncode": 40.486,
    "BaseResolution": 102,
    "DerivedVendorReportedEchoSpacing": 0.000649997,
    "DwellTime": 2.5e-06,
    "EchoNumber": 2,
    "EchoTime": 0.0322,
    "EchoTrainLength": 28,
    "EffectiveEchoSpacing": 0.000324999,
    "FlipAngle": 64,
    "ImageOrientationPatientDICOM": [
      0.998991,
      0.032011,
      0.0315146,
      -0.0183095,
      0.930802,
      -0.365066
    ],
    "ImageType": [
      "ORIGINAL",
      "PRIMARY",
      "FMRI",
      "NONE"
    ],
    "ImageTypeText": [
      "ORIGINAL",
      "PRIMARY",
      "M",
      "MB",
      "TE2",
      "DIS2D"
    ],
    "InPlanePhaseEncodingDirectionDICOM": "ROW",
    "PercentPhaseFOV": 74.5098,
    "PhaseEchoTime1": 0.0126,
    "PhaseEchoTime2": 0.0322,
    "PhaseEncodingDirection": "i",
    "PixelBandwidth": 1961,
    "ProtocolName": "func-bold_task-qct_dir-RL__cmrr_me4_sms4",
    "PulseSequenceName": "epfid2d4_76",
    "ReceiveCoilActiveElements": "HC1-7",
    "ReconMatrixPE": 76,
    "RefLinesPE": 18,
    "RepetitionTime": 1.6,
    "SequenceVariant": "SK\\SS\\OSP",
    "SeriesDescription": "func-bold_task-qct_dir-RL__cmrr_me4_sms4",
    "SeriesNumber": 22,
    "ShimSetting": [
      8230,
      -5612,
      -6007,
      689,
      -58,
      -229,
      8,
      8
    ],
    "SliceThickness": 2.2,
    "SliceTiming": [
      0,
      0.8425,
      0.105,
      0.9475,
      0.21,
      1.0525,
      0.315,
      1.1575,
      0.42,
      1.2625,
      0.525,
      1.3675,
      0.63,
      1.4725,
      0.735,
      0,
      0.8425,
      0.105,
      0.9475,
      0.21,
      1.0525,
      0.315,
      1.1575,
      0.42,
      1.2625,
      0.525,
      1.3675,
      0.63,
      1.4725,
      0.735,
      0,
      0.8425,
      0.105,
      0.9475,
      0.21,
      1.0525,
      0.315,
      1.1575,
      0.42,
      1.2625,
      0.525,
      1.3675,
      0.63,
      1.4725,
      0.735,
      0,
      0.8425,
      0.105,
      0.9475,
      0.21,
      1.0525,
      0.315,
      1.1575,
      0.42,
      1.2625,
      0.525,
      1.3675,
      0.63,
      1.4725,
      0.735
    ],
    "SpacingBetweenSlices": 2.2,
    "TotalReadoutTime": 0.0243749,
    "TxRefAmp": 247.631,
    "WipMemBlock": "448fba87-96ac-4825-94de-9efd4c2b288f||Sequence: R017 nxva30a/master r/d34922cc2+; Jun 27 2022 13:20:16 by eja",
    "dataset": "<unset>",
    "modality": "bold",
    "session_id": "pilot020",
    "subject_id": "001",
    "task_id": "qct"
  },
  "dummy_trs": 1,
  "dvars_nstd": 47.69269487030928,
  "dvars_std": 1.0436491127835055,
  "dvars_vstd": 1.0351072031958763,
  "efc": 0.5815,
  "fber": 232.6956,
  "fd_mean": 0.07983622697035836,
  "fd_num": 4,
  "fd_perc": 4.081632653061225,
  "fwhm_avg": 3.3140965828897966,
  "fwhm_x": 3.424592958713507,
  "fwhm_y": 3.301783223295296,
  "fwhm_z": 3.215913566660587,
  "gcor": [
    0.00493669,
    0.00657315,
    0.0057946,
    0.00484142
  ],
  "gsr_x": 0.09862947463989258,
  "gsr_y": -0.010568243451416492,
  "provenance": {
    "md5sum": "7b3b667da8a4f1ae0874675975be63d0",
    "settings": {
      "fd_thres": 0.2,
      "testing": false
    },
    "software": "mriqc",
    "version": "24.1.0.dev0+g3fe90466.d20240417"
  },
  "size_t": 98,
  "size_x": 76,
  "size_y": 102,
  "size_z": 60,
  "snr": 2.088312776053135,
  "spacing_tr": 1.600000023841858,
  "spacing_x": 2.196079969406128,
  "spacing_y": 2.196079969406128,
  "spacing_z": 2.200000047683716,
  "summary_bg_k": 26.9505,
  "summary_bg_mad": 19.4856,
  "summary_bg_mean": 64.5549,
  "summary_bg_median": 36.0,
  "summary_bg_n": 331771.0,
  "summary_bg_p05": 0.0,
  "summary_bg_p95": 229.0,
  "summary_bg_stdv": 88.9742,
  "summary_fg_k": 1.0387,
  "summary_fg_mad": 234.0696,
  "summary_fg_mean": 564.7297,
  "summary_fg_median": 544.0,
  "summary_fg_n": 133349.0,
  "summary_fg_p05": 128.0,
  "summary_fg_p95": 1019.0,
  "summary_fg_stdv": 260.4964,
  "tsnr": 28.45169162133243
}