{
  "aor": [
    0.0010996794871794872,
    0.0009733974358974359,
    0.0009549358974358974,
    0.001078525641025641
  ],
  "aqi": [
    0.004879920833333333,
    0.0061827702564102565,
    0.010593196346153846,
    0.02035098269230769
  ],
  "bids_meta": {
    "AcquisitionDuration": 275.44,
    "AcquisitionMatrixPE": 108,
    "AcquisitionTime": "15:37:17.912500",
    "B0FieldSource": [
      "pilot009pepolarbold",
      "pilot009phasediff"
    ],
    "BandwidthPerPixelPhaseEncode": 34.294,
    "BaseResolution": 108,
    "DerivedVendorReportedEchoSpacing": 0.000539993,
    "DwellTime": 2e-06,
    "EchoNumber": 4,
    "EchoTime": 0.08088,
    "EchoTrainLength": 40,
    "EffectiveEchoSpacing": 0.000269996,
    "ImageOrientationPatientDICOM": [
      0.996273,
      0.0612017,
      0.0607745,
      -0.059015,
      0.997566,
      -0.037147
    ],
    "ImageType": [
      "ORIGINAL",
      "PRIMARY",
      "FMRI",
      "NONE"
    ],
    "ImageTypeText": [
      "ORIGINAL",
      "PRIMARY",
      "M",
      "MB",
      "TE4",
      "DIS2D"
    ],
    "InPlanePhaseEncodingDirectionDICOM": "COL",
    "PercentPhaseFOV": 100,
    "PercentSampling": 100,
    "PhaseEncodingDirection": "j-",
    "PhaseResolution": 1,
    "PixelBandwidth": 2315,
    "ProtocolName": "func-bold_task-bht_dir-AP__cmrr_me4_sms4",
    "PulseSequenceName": "epfid2d4_108",
    "ReceiveCoilActiveElements": "HC1-6",
    "ReconMatrixPE": 108,
    "RefLinesPE": 26,
    "RepetitionTime": 1.573,
    "SequenceVariant": "SK\\SS",
    "SeriesDescription": "func-bold_task-bht_dir-AP__cmrr_me4_sms4",
    "SeriesNumber": 14,
    "ShimSetting": [
      8231,
      -5626,
      -6013,
      614,
      -64,
      -163,
      40,
      47
    ],
    "SliceThickness": 2,
    "SliceTiming": [
      0,
      0.3325,
      0.665,
      0.9975,
      1.33,
      0.11,
      0.4425,
      0.775,
      1.1075,
      1.44,
      0.22,
      0.5525,
      0.885,
      1.22,
      0,
      0.3325,
      0.665,
      0.9975,
      1.33,
      0.11,
      0.4425,
      0.775,
      1.1075,
      1.44,
      0.22,
      0.5525,
      0.885,
      1.22,
      0,
      0.3325,
      0.665,
      0.9975,
      1.33,
      0.11,
      0.4425,
      0.775,
      1.1075,
      1.44,
      0.22,
      0.5525,
      0.885,
      1.22,
      0,
      0.3325,
      0.665,
      0.9975,
      1.33,
      0.11,
      0.4425,
      0.775,
      1.1075,
      1.44,
      0.22,
      0.5525,
      0.885,
      1.22
    ],
    "SpacingBetweenSlices": 2,
    "TotalReadoutTime": 0.0288896,
    "TxRefAmp": 252.895,
    "WipMemBlock": "ba9d198f-a4e8-4dd8-a09a-f223d01b88bc||Sequence: R017 nxva30a/master r/d34922cc2+; Jun 27 2022 13:20:16 by eja",
    "dataset": "<unset>",
    "modality": "bold",
    "session_id": "pilot009",
    "subject_id": "001",
    "task_id": "bht"
  },
  "dummy_trs": 0,
  "dvars_nstd": 103.15238992006446,
  "dvars_std": 1.0219483574193544,
  "dvars_vstd": 0.9940666989032265,
  "efc": 0.5082,
  "fber": 98.3721,
  "fd_mean": 0.08652081375647527,
  "fd_num": 1,
  "fd_perc": 0.6410256410256411,
  "fwhm_avg": 2.582565,
  "fwhm_x": 2.433995,
  "fwhm_y": 2.895075,
  "fwhm_z": 2.418625,
  "gcor": [
    0.0126601,
    0.0202264,
    0.0210957,
    0.0168174
  ],
  "gsr_x": -0.004683521576225758,
  "gsr_y": 0.02589399740099907,
  "provenance": {
    "md5sum": "d3cb9337abcf9281790afc75ee04b0ca",
    "settings": {
      "fd_thres": 0.2,
      "testing": false
    },
    "software": "mriqc",
    "version": "24.1.0.dev0+g3fe90466.d20240417"
  },
  "size_t": 156,
  "size_x": 108,
  "size_y": 108,
  "size_z": 56,
  "snr": 1.2578122228495385,
  "spacing_tr": 1.5729999542236328,
  "spacing_x": 2.0,
  "spacing_y": 2.0,
  "spacing_z": 2.0,
  "summary_bg_k": 458.6048,
  "summary_bg_mad": 2.3475,
  "summary_bg_mean": 22.0877,
  "summary_bg_median": 20.0,
  "summary_bg_n": 490481.0,
  "summary_bg_p05": 1.0,
  "summary_bg_p95": 37.0,
  "summary_bg_stdv": 17.481,
  "summary_fg_k": 7.8316,
  "summary_fg_mad": 122.7804,
  "summary_fg_mean": 220.4073,
  "summary_fg_median": 198.0,
  "summary_fg_n": 162703.0,
  "summary_fg_p05": 29.0,
  "summary_fg_p95": 502.0,
  "summary_fg_stdv": 157.4157,
  "tsnr": 12.209886287804693
}