{
  "aor": [
    0.00028469959946595465,
    0.0002985981308411215,
    0.0003737383177570094,
    0.0004660881174899866
  ],
  "aqi": [
    0.004939998851802403,
    0.006625926275033378,
    0.010934175246995994,
    0.019274562082777037
  ],
  "bids_meta": {
    "AcquisitionDuration": 1230.47,
    "AcquisitionMatrixPE": 96,
    "AcquisitionTime": "18:13:14.252500",
    "B0FieldSource": [
      "019pepolarbold",
      "019phasediff"
    ],
    "BandwidthPerPixelPhaseEncode": 37.879,
    "BaseResolution": 96,
    "DerivedVendorReportedEchoSpacing": 0.000549997,
    "DwellTime": 2.3e-06,
    "EchoNumber": 4,
    "EchoTime": 0.07392,
    "EchoTrainLength": 35,
    "EffectiveEchoSpacing": 0.000274998,
    "FlipAngle": 64,
    "ImageOrientationPatientDICOM": [
      0.997853,
      -0.0120281,
      0.0643822,
      0.0301385,
      0.957062,
      -0.288313
    ],
    "ImageType": [
      "ORIGINAL",
      "PRIMARY",
      "FMRI",
      "NONE"
    ],
    "ImageTypeText": [
      "ORIGINAL",
      "PRIMARY",
      "M",
      "MB",
      "TE4",
      "DIS2D"
    ],
    "InPlanePhaseEncodingDirectionDICOM": "COL",
    "PercentPhaseFOV": 100,
    "PhaseEchoTime1": 0.0126,
    "PhaseEchoTime2": 0.03304,
    "PhaseEncodingDirection": "j",
    "PixelBandwidth": 2264,
    "ProtocolName": "func-bold_task-rest_dir-PA__cmrr_me4_sms4",
    "PulseSequenceName": "epfid2d4_96",
    "ReceiveCoilActiveElements": "HC1-7;NC1",
    "ReconMatrixPE": 96,
    "RefLinesPE": 22,
    "RepetitionTime": 1.6,
    "SequenceVariant": "SK\\SS",
    "SeriesDescription": "func-bold_task-rest_dir-PA__cmrr_me4_sms4",
    "SeriesNumber": 23,
    "ShimSetting": [
      8243,
      -5620,
      -6038,
      735,
      -54,
      -152,
      -10,
      21
    ],
    "SliceThickness": 2.2,
    "SliceTiming": [
      0,
      0.8425,
      0.105,
      0.9475,
      0.21,
      1.0525,
      0.3175,
      1.16,
      0.4225,
      1.265,
      0.5275,
      1.37,
      0.6325,
      1.475,
      0.7375,
      0,
      0.8425,
      0.105,
      0.9475,
      0.21,
      1.0525,
      0.3175,
      1.16,
      0.4225,
      1.265,
      0.5275,
      1.37,
      0.6325,
      1.475,
      0.7375,
      0,
      0.8425,
      0.105,
      0.9475,
      0.21,
      1.0525,
      0.3175,
      1.16,
      0.4225,
      1.265,
      0.5275,
      1.37,
      0.6325,
      1.475,
      0.7375,
      0,
      0.8425,
      0.105,
      0.9475,
      0.21,
      1.0525,
      0.3175,
      1.16,
      0.4225,
      1.265,
      0.5275,
      1.37,
      0.6325,
      1.475,
      0.7375
    ],
    "SpacingBetweenSlices": 2.2,
    "TotalReadoutTime": 0.0261249,
    "TxRefAmp": 246.931,
    "WipMemBlock": "a85c43ab-4cab-4779-bd36-6832eedf566f||Sequence: R017 nxva30a/master r/d34922cc2+; Jun 27 2022 13:20:16 by eja",
    "dataset": "<unset>",
    "modality": "bold",
    "session_id": "019",
    "subject_id": "001",
    "task_id": "rest"
  },
  "dummy_trs": 1,
  "dvars_nstd": 80.90084581843584,
  "dvars_std": 1.0267418555347578,
  "dvars_vstd": 0.9997736204010704,
  "efc": 0.5371,
  "fber": 102.6789,
  "fd_mean": 0.12425227570699195,
  "fd_num": 82,
  "fd_perc": 10.947930574098798,
  "fwhm_avg": 2.6076887454199276,
  "fwhm_x": 2.4620685890237772,
  "fwhm_y": 2.8246067931198877,
  "fwhm_z": 2.5363908541161178,
  "gcor": [
    0.0117558,
    0.0169296,
    0.0135368,
    0.0103685
  ],
  "gsr_x": 0.001595148234628141,
  "gsr_y": 0.02957289293408394,
  "provenance": {
    "md5sum": "279ad726a02031d38c6abfb0157a602a",
    "settings": {
      "fd_thres": 0.2,
      "testing": false
    },
    "software": "mriqc",
    "version": "24.1.0.dev0+g3fe90466.d20240417"
  },
  "size_t": 749,
  "size_x": 96,
  "size_y": 96,
  "size_z": 60,
  "snr": 1.6218391541211359,
  "spacing_tr": 1.600000023841858,
  "spacing_x": 2.197920083999634,
  "spacing_y": 2.197920083999634,
  "spacing_z": 2.200000047683716,
  "summary_bg_k": 157.8256,
  "summary_bg_mad": 2.3001,
  "summary_bg_mean": 21.5477,
  "summary_bg_median": 20.0,
  "summary_bg_n": 417257.0,
  "summary_bg_p05": 0.0,
  "summary_bg_p95": 36.0,
  "summary_bg_stdv": 14.4597,
  "summary_fg_k": 2.8236,
  "summary_fg_mad": 110.922,
  "summary_fg_mean": 206.6672,
  "summary_fg_median": 202.0,
  "summary_fg_n": 135703.0,
  "summary_fg_p05": 28.0,
  "summary_fg_p95": 419.0,
  "summary_fg_stdv": 124.5495,
  "tsnr": 15.172617525211535
}