{
  "aor": [
    0.0005909708737864077,
    0.0006197572815533981,
    0.0007244660194174757,
    0.0008952427184466021
  ],
  "aqi": [
    0.004811057912621358,
    0.006874633786407769,
    0.012131674708737864,
    0.021422188349514565
  ],
  "bids_meta": {
    "AcquisitionDuration": 361.475,
    "AcquisitionMatrixPE": 96,
    "AcquisitionTime": "18:34:55.300000",
    "B0FieldSource": [
      "019pepolarbold",
      "019phasediff"
    ],
    "BandwidthPerPixelPhaseEncode": 37.879,
    "BaseResolution": 96,
    "DerivedVendorReportedEchoSpacing": 0.000549997,
    "DwellTime": 2.3e-06,
    "EchoNumber": 4,
    "EchoTime": 0.07392,
    "EchoTrainLength": 35,
    "EffectiveEchoSpacing": 0.000274998,
    "ImageOrientationPatientDICOM": [
      0.997853,
      -0.0120281,
      0.0643822,
      0.0301385,
      0.957062,
      -0.288313
    ],
    "ImageType": [
      "ORIGINAL",
      "PRIMARY",
      "FMRI",
      "NONE"
    ],
    "ImageTypeText": [
      "ORIGINAL",
      "PRIMARY",
      "M",
      "MB",
      "TE4",
      "DIS2D"
    ],
    "InPlanePhaseEncodingDirectionDICOM": "COL",
    "PercentPhaseFOV": 100,
    "PercentSampling": 100,
    "PhaseEchoTime1": 0.0126,
    "PhaseEchoTime2": 0.03304,
    "PhaseEncodingDirection": "j",
    "PhaseResolution": 1,
    "PixelBandwidth": 2264,
    "ProtocolName": "func-bold_task-bht_dir-PA__cmrr_me4_sms4",
    "PulseSequenceName": "epfid2d4_96",
    "ReceiveCoilActiveElements": "HC1-7;NC1",
    "ReconMatrixPE": 96,
    "RefLinesPE": 22,
    "RepetitionTime": 1.6,
    "SequenceVariant": "SK\\SS",
    "SeriesDescription": "func-bold_task-bht_dir-PA__cmrr_me4_sms4",
    "SeriesNumber": 25,
    "ShimSetting": [
      8244,
      -5618,
      -6035,
      730,
      -57,
      -132,
      -4,
      23
    ],
    "SliceThickness": 2.2,
    "SliceTiming": [
      0,
      0.8425,
      0.105,
      0.9475,
      0.21,
      1.0525,
      0.315,
      1.1575,
      0.42,
      1.2625,
      0.525,
      1.3675,
      0.6325,
      1.475,
      0.7375,
      0,
      0.8425,
      0.105,
      0.9475,
      0.21,
      1.0525,
      0.315,
      1.1575,
      0.42,
      1.2625,
      0.525,
      1.3675,
      0.6325,
      1.475,
      0.7375,
      0,
      0.8425,
      0.105,
      0.9475,
      0.21,
      1.0525,
      0.315,
      1.1575,
      0.42,
      1.2625,
      0.525,
      1.3675,
      0.6325,
      1.475,
      0.7375,
      0,
      0.8425,
      0.105,
      0.9475,
      0.21,
      1.0525,
      0.315,
      1.1575,
      0.42,
      1.2625,
      0.525,
      1.3675,
      0.6325,
      1.475,
      0.7375
    ],
    "SpacingBetweenSlices": 2.2,
    "TotalReadoutTime": 0.0261249,
    "TxRefAmp": 246.931,
    "WipMemBlock": "d0922483-cbb4-47cf-b99a-aa0dfa58cdfe||Sequence: R017 nxva30a/master r/d34922cc2+; Jun 27 2022 13:20:16 by eja",
    "dataset": "<unset>",
    "modality": "bold",
    "session_id": "019",
    "subject_id": "001",
    "task_id": "bht"
  },
  "dummy_trs": 1,
  "dvars_nstd": 91.87308278907312,
  "dvars_std": 1.0559204943414637,
  "dvars_vstd": 1.0076401187317074,
  "efc": 0.5384,
  "fber": 101.552,
  "fd_mean": 0.2332837431868804,
  "fd_num": 110,
  "fd_perc": 53.398058252427184,
  "fwhm_avg": 2.578278626861994,
  "fwhm_x": 2.4328864543015345,
  "fwhm_y": 2.8312949343798963,
  "fwhm_z": 2.4706544919045514,
  "gcor": [
    0.0233135,
    0.0255138,
    0.0244574,
    0.0198516
  ],
  "gsr_x": 0.0022260823752731085,
  "gsr_y": 0.02889910712838173,
  "provenance": {
    "md5sum": "65d4813457e9f59115828c1de97d73ac",
    "settings": {
      "fd_thres": 0.2,
      "testing": false
    },
    "software": "mriqc",
    "version": "24.1.0.dev0+g3fe90466.d20240417"
  },
  "size_t": 206,
  "size_x": 96,
  "size_y": 96,
  "size_z": 60,
  "snr": 1.620269531252878,
  "spacing_tr": 1.600000023841858,
  "spacing_x": 2.197920083999634,
  "spacing_y": 2.197920083999634,
  "spacing_z": 2.200000047683716,
  "summary_bg_k": 157.6425,
  "summary_bg_mad": 2.2887,
  "summary_bg_mean": 21.4711,
  "summary_bg_median": 20.0,
  "summary_bg_n": 416756.0,
  "summary_bg_p05": 0.0,
  "summary_bg_p95": 36.0,
  "summary_bg_stdv": 14.1217,
  "summary_fg_k": 2.868,
  "summary_fg_mad": 110.5222,
  "summary_fg_mean": 203.9594,
  "summary_fg_median": 200.0,
  "summary_fg_n": 136204.0,
  "summary_fg_p05": 28.0,
  "summary_fg_p95": 415.0,
  "summary_fg_stdv": 123.4358,
  "tsnr": 14.436064667883329
}