{
  "aor": [
    0.0005909708737864077,
    0.0006197572815533981,
    0.0007244660194174757,
    0.0008952427184466021
  ],
  "aqi": [
    0.004811057912621358,
    0.006874633786407769,
    0.012131674708737864,
    0.021422188349514565
  ],
  "bids_meta": {
    "AcquisitionDuration": 361.475,
    "AcquisitionMatrixPE": 96,
    "AcquisitionTime": "18:34:55.280000",
    "B0FieldSource": [
      "019pepolarbold",
      "019phasediff"
    ],
    "BandwidthPerPixelPhaseEncode": 37.879,
    "BaseResolution": 96,
    "DerivedVendorReportedEchoSpacing": 0.000549997,
    "DwellTime": 2.3e-06,
    "EchoNumber": 3,
    "EchoTime": 0.05348,
    "EchoTrainLength": 35,
    "EffectiveEchoSpacing": 0.000274998,
    "ImageOrientationPatientDICOM": [
      0.997853,
      -0.0120281,
      0.0643822,
      0.0301385,
      0.957062,
      -0.288313
    ],
    "ImageType": [
      "ORIGINAL",
      "PRIMARY",
      "FMRI",
      "NONE"
    ],
    "ImageTypeText": [
      "ORIGINAL",
      "PRIMARY",
      "M",
      "MB",
      "TE3",
      "DIS2D"
    ],
    "InPlanePhaseEncodingDirectionDICOM": "COL",
    "PercentPhaseFOV": 100,
    "PercentSampling": 100,
    "PhaseEchoTime1": 0.0126,
    "PhaseEchoTime2": 0.03304,
    "PhaseEncodingDirection": "j",
    "PhaseResolution": 1,
    "PixelBandwidth": 2264,
    "ProtocolName": "func-bold_task-bht_dir-PA__cmrr_me4_sms4",
    "PulseSequenceName": "epfid2d4_96",
    "ReceiveCoilActiveElements": "HC1-7;NC1",
    "ReconMatrixPE": 96,
    "RefLinesPE": 22,
    "RepetitionTime": 1.6,
    "SequenceVariant": "SK\\SS",
    "SeriesDescription": "func-bold_task-bht_dir-PA__cmrr_me4_sms4",
    "SeriesNumber": 25,
    "ShimSetting": [
      8244,
      -5618,
      -6035,
      730,
      -57,
      -132,
      -4,
      23
    ],
    "SliceThickness": 2.2,
    "SliceTiming": [
      0,
      0.8425,
      0.105,
      0.9475,
      0.21,
      1.0525,
      0.315,
      1.1575,
      0.42,
      1.2625,
      0.525,
      1.3675,
      0.63,
      1.4725,
      0.735,
      0,
      0.8425,
      0.105,
      0.9475,
      0.21,
      1.0525,
      0.315,
      1.1575,
      0.42,
      1.2625,
      0.525,
      1.3675,
      0.63,
      1.4725,
      0.735,
      0,
      0.8425,
      0.105,
      0.9475,
      0.21,
      1.0525,
      0.315,
      1.1575,
      0.42,
      1.2625,
      0.525,
      1.3675,
      0.63,
      1.4725,
      0.735,
      0,
      0.8425,
      0.105,
      0.9475,
      0.21,
      1.0525,
      0.315,
      1.1575,
      0.42,
      1.2625,
      0.525,
      1.3675,
      0.63,
      1.4725,
      0.735
    ],
    "SpacingBetweenSlices": 2.2,
    "TotalReadoutTime": 0.0261249,
    "TxRefAmp": 246.931,
    "WipMemBlock": "d0922483-cbb4-47cf-b99a-aa0dfa58cdfe||Sequence: R017 nxva30a/master r/d34922cc2+; Jun 27 2022 13:20:16 by eja",
    "dataset": "<unset>",
    "modality": "bold",
    "session_id": "019",
    "subject_id": "001",
    "task_id": "bht"
  },
  "dummy_trs": 1,
  "dvars_nstd": 63.52440233921951,
  "dvars_std": 1.0493665790731703,
  "dvars_vstd": 1.0053883991219512,
  "efc": 0.5244,
  "fber": 234.5799,
  "fd_mean": 0.2332837431868804,
  "fd_num": 110,
  "fd_perc": 53.398058252427184,
  "fwhm_avg": 2.8540092999517004,
  "fwhm_x": 2.7086153146963063,
  "fwhm_y": 3.1096535537190797,
  "fwhm_z": 2.7437590314397156,
  "gcor": [
    0.0233135,
    0.0255138,
    0.0244574,
    0.0198516
  ],
  "gsr_x": 0.005489625036716461,
  "gsr_y": 0.029214750975370407,
  "provenance": {
    "md5sum": "1bc7a1979b3411b65b8b14eb4ba944ac",
    "settings": {
      "fd_thres": 0.2,
      "testing": false
    },
    "software": "mriqc",
    "version": "24.1.0.dev0+g3fe90466.d20240417"
  },
  "size_t": 206,
  "size_x": 96,
  "size_y": 96,
  "size_z": 60,
  "snr": 1.9257339129966902,
  "spacing_tr": 1.600000023841858,
  "spacing_x": 2.197920083999634,
  "spacing_y": 2.197920083999634,
  "spacing_z": 2.200000047683716,
  "summary_bg_k": 94.1833,
  "summary_bg_mad": 3.6057,
  "summary_bg_mean": 26.508,
  "summary_bg_median": 21.0,
  "summary_bg_n": 416756.0,
  "summary_bg_p05": 0.0,
  "summary_bg_p95": 62.0,
  "summary_bg_stdv": 28.4602,
  "summary_fg_k": 0.8691,
  "summary_fg_mad": 145.1871,
  "summary_fg_mean": 316.8152,
  "summary_fg_median": 315.0,
  "summary_fg_n": 136204.0,
  "summary_fg_p05": 40.0,
  "summary_fg_p95": 589.0,
  "summary_fg_stdv": 163.5734,
  "tsnr": 21.62782878789585
}