{
  "aor": [
    0.0004746116504854369,
    0.00045907766990291256,
    0.0005284466019417477,
    0.0007154368932038835
  ],
  "aqi": [
    0.0035539524271844657,
    0.005092886650485436,
    0.008875006019417476,
    0.016072991262135922
  ],
  "bids_meta": {
    "AcquisitionDuration": 361.475,
    "AcquisitionMatrixPE": 96,
    "AcquisitionTime": "09:42:32.410000",
    "B0FieldSource": [
      "041pepolarbold",
      "041phasediff"
    ],
    "BandwidthPerPixelPhaseEncode": 37.879,
    "BaseResolution": 96,
    "DerivedVendorReportedEchoSpacing": 0.000549997,
    "DwellTime": 2.3e-06,
    "EchoNumber": 1,
    "EchoTime": 0.0126,
    "EchoTrainLength": 35,
    "EffectiveEchoSpacing": 0.000274998,
    "ImageOrientationPatientDICOM": [
      0.99933,
      0.0313952,
      0.0187988,
      -0.0252957,
      0.963897,
      -0.26507
    ],
    "ImageType": [
      "ORIGINAL",
      "PRIMARY",
      "FMRI",
      "NONE"
    ],
    "ImageTypeText": [
      "ORIGINAL",
      "PRIMARY",
      "M",
      "MB",
      "TE1",
      "DIS2D"
    ],
    "InPlanePhaseEncodingDirectionDICOM": "COL",
    "PercentPhaseFOV": 100,
    "PercentSampling": 100,
    "PhaseEchoTime1": 0.0126,
    "PhaseEchoTime2": 0.03304,
    "PhaseEncodingDirection": "j-",
    "PhaseResolution": 1,
    "PixelBandwidth": 2264,
    "ProtocolName": "func-bold_task-bht_dir-AP__cmrr_me4_sms4",
    "PulseSequenceName": "epfid2d4_96",
    "ReceiveCoilActiveElements": "HC1-7",
    "ReconMatrixPE": 96,
    "RefLinesPE": 22,
    "RepetitionTime": 1.6,
    "SequenceVariant": "SK\\SS",
    "SeriesDescription": "func-bold_task-bht_dir-AP__cmrr_me4_sms4",
    "SeriesNumber": 35,
    "ShimSetting": [
      8230,
      -5638,
      -6024,
      695,
      -47,
      -216,
      39,
      33
    ],
    "SliceThickness": 2.2,
    "SliceTiming": [
      0,
      0.8425,
      0.105,
      0.9475,
      0.21,
      1.0525,
      0.315,
      1.1575,
      0.4225,
      1.265,
      0.5275,
      1.37,
      0.6325,
      1.475,
      0.7375,
      0,
      0.8425,
      0.105,
      0.9475,
      0.21,
      1.0525,
      0.315,
      1.1575,
      0.4225,
      1.265,
      0.5275,
      1.37,
      0.6325,
      1.475,
      0.7375,
      0,
      0.8425,
      0.105,
      0.9475,
      0.21,
      1.0525,
      0.315,
      1.1575,
      0.4225,
      1.265,
      0.5275,
      1.37,
      0.6325,
      1.475,
      0.7375,
      0,
      0.8425,
      0.105,
      0.9475,
      0.21,
      1.0525,
      0.315,
      1.1575,
      0.4225,
      1.265,
      0.5275,
      1.37,
      0.6325,
      1.475,
      0.7375
    ],
    "SpacingBetweenSlices": 2.2,
    "TotalReadoutTime": 0.0261249,
    "TxRefAmp": 248.429,
    "WipMemBlock": "22b1e94b-2817-4b3e-986a-c1f5f24663d3||Sequence: R017 nxva30a/master r/d34922cc2+; Jun 27 2022 13:20:16 by eja",
    "dataset": "<unset>",
    "modality": "bold",
    "session_id": "041",
    "subject_id": "001",
    "task_id": "bht"
  },
  "dummy_trs": 1,
  "dvars_nstd": 28.65351125219511,
  "dvars_std": 1.0555528962439034,
  "dvars_vstd": 1.0096903689756098,
  "efc": 0.5862,
  "fber": 667.3597,
  "fd_mean": 0.1257708151066248,
  "fd_num": 37,
  "fd_perc": 17.961165048543688,
  "fwhm_avg": 3.357526220835677,
  "fwhm_x": 2.98933070762235,
  "fwhm_y": 3.4932525781502797,
  "fwhm_z": 3.5899953767344,
  "gcor": [
    0.0235559,
    0.026125,
    0.0244639,
    0.0189871
  ],
  "gsr_x": 0.0026357003953307867,
  "gsr_y": 0.1073232889175415,
  "provenance": {
    "md5sum": "d1329511c1c5cdc3990832970073dcd8",
    "settings": {
      "fd_thres": 0.2,
      "testing": false
    },
    "software": "mriqc",
    "version": "24.1.0.dev0+g3fe90466.d20240417"
  },
  "size_t": 206,
  "size_x": 96,
  "size_y": 96,
  "size_z": 60,
  "snr": 2.734094944250666,
  "spacing_tr": 1.600000023841858,
  "spacing_x": 2.197920083999634,
  "spacing_y": 2.197920083999634,
  "spacing_z": 2.200000047683716,
  "summary_bg_k": 8.9526,
  "summary_bg_mad": 19.6913,
  "summary_bg_mean": 126.282,
  "summary_bg_median": 30.0,
  "summary_bg_n": 418349.0,
  "summary_bg_p05": 0.0,
  "summary_bg_p95": 644.0,
  "summary_bg_stdv": 223.9144,
  "summary_fg_k": 0.3238,
  "summary_fg_mad": 268.6893,
  "summary_fg_mean": 800.8754,
  "summary_fg_median": 774.0,
  "summary_fg_n": 134611.0,
  "summary_fg_p05": 385.0,
  "summary_fg_p95": 1305.0,
  "summary_fg_stdv": 283.0908,
  "tsnr": 50.00967029109597
}