{
  "aor": [
    0.00034523364485981314,
    0.00036192256341789056,
    0.00041539385847797064,
    0.0005257810413885181
  ],
  "aqi": [
    0.003253411228304406,
    0.004935089425901202,
    0.008052515967957277,
    0.014463022830440589
  ],
  "bids_meta": {
    "AcquisitionDuration": 1230.47,
    "AcquisitionMatrixPE": 96,
    "AcquisitionTime": "09:21:6.452500",
    "B0FieldSource": [
      "041pepolarbold",
      "041phasediff"
    ],
    "BandwidthPerPixelPhaseEncode": 37.879,
    "BaseResolution": 96,
    "DerivedVendorReportedEchoSpacing": 0.000549997,
    "DwellTime": 2.3e-06,
    "EchoNumber": 4,
    "EchoTime": 0.07392,
    "EchoTrainLength": 35,
    "EffectiveEchoSpacing": 0.000274998,
    "FlipAngle": 64,
    "ImageOrientationPatientDICOM": [
      0.99933,
      0.0313953,
      0.0187988,
      -0.0252957,
      0.963897,
      -0.265071
    ],
    "ImageType": [
      "ORIGINAL",
      "PRIMARY",
      "FMRI",
      "NONE"
    ],
    "ImageTypeText": [
      "ORIGINAL",
      "PRIMARY",
      "M",
      "MB",
      "TE4",
      "DIS2D"
    ],
    "InPlanePhaseEncodingDirectionDICOM": "COL",
    "PercentPhaseFOV": 100,
    "PhaseEchoTime1": 0.0126,
    "PhaseEchoTime2": 0.03304,
    "PhaseEncodingDirection": "j-",
    "PixelBandwidth": 2264,
    "ProtocolName": "func-bold_task-rest_dir-AP__cmrr_me4_sms4",
    "PulseSequenceName": "epfid2d4_96",
    "ReceiveCoilActiveElements": "HC1-7",
    "ReconMatrixPE": 96,
    "RefLinesPE": 22,
    "RepetitionTime": 1.6,
    "SequenceVariant": "SK\\SS",
    "SeriesDescription": "func-bold_task-rest_dir-AP__cmrr_me4_sms4",
    "SeriesNumber": 31,
    "ShimSetting": [
      8230,
      -5638,
      -6024,
      695,
      -47,
      -216,
      39,
      33
    ],
    "SliceThickness": 2.2,
    "SliceTiming": [
      0,
      0.8425,
      0.105,
      0.9475,
      0.21,
      1.0525,
      0.315,
      1.1575,
      0.42,
      1.2625,
      0.525,
      1.3675,
      0.6325,
      1.475,
      0.7375,
      0,
      0.8425,
      0.105,
      0.9475,
      0.21,
      1.0525,
      0.315,
      1.1575,
      0.42,
      1.2625,
      0.525,
      1.3675,
      0.6325,
      1.475,
      0.7375,
      0,
      0.8425,
      0.105,
      0.9475,
      0.21,
      1.0525,
      0.315,
      1.1575,
      0.42,
      1.2625,
      0.525,
      1.3675,
      0.6325,
      1.475,
      0.7375,
      0,
      0.8425,
      0.105,
      0.9475,
      0.21,
      1.0525,
      0.315,
      1.1575,
      0.42,
      1.2625,
      0.525,
      1.3675,
      0.6325,
      1.475,
      0.7375
    ],
    "SpacingBetweenSlices": 2.2,
    "TotalReadoutTime": 0.0261249,
    "TxRefAmp": 248.429,
    "WipMemBlock": "75634ba0-96da-470d-a4e1-48c967f06ab4||Sequence: R017 nxva30a/master r/d34922cc2+; Jun 27 2022 13:20:16 by eja",
    "dataset": "<unset>",
    "modality": "bold",
    "session_id": "041",
    "subject_id": "001",
    "task_id": "rest"
  },
  "dummy_trs": 1,
  "dvars_nstd": 76.89053804743315,
  "dvars_std": 1.0263776984491968,
  "dvars_vstd": 1.0026931172326192,
  "efc": 0.5122,
  "fber": 128.6596,
  "fd_mean": 0.10230946522326347,
  "fd_num": 34,
  "fd_perc": 4.539385847797063,
  "fwhm_avg": 2.5817044945091356,
  "fwhm_x": 2.4092095242899116,
  "fwhm_y": 2.8024358323307568,
  "fwhm_z": 2.533468126906739,
  "gcor": [
    0.00952866,
    0.0109758,
    0.0100326,
    0.0076646
  ],
  "gsr_x": 0.001698630745522678,
  "gsr_y": 0.026123426854610443,
  "provenance": {
    "md5sum": "4776b9363924b379a0c8581f258ad191",
    "settings": {
      "fd_thres": 0.2,
      "testing": false
    },
    "software": "mriqc",
    "version": "24.1.0.dev0+g3fe90466.d20240417"
  },
  "size_t": 749,
  "size_x": 96,
  "size_y": 96,
  "size_z": 60,
  "snr": 1.4803793886196899,
  "spacing_tr": 1.600000023841858,
  "spacing_x": 2.197920083999634,
  "spacing_y": 2.197920083999634,
  "spacing_z": 2.200000047683716,
  "summary_bg_k": 109.0177,
  "summary_bg_mad": 2.0388,
  "summary_bg_mean": 19.7923,
  "summary_bg_median": 18.0,
  "summary_bg_n": 418659.0,
  "summary_bg_p05": 0.0,
  "summary_bg_p95": 36.0,
  "summary_bg_stdv": 13.737,
  "summary_fg_k": 3.3603,
  "summary_fg_mad": 121.3082,
  "summary_fg_mean": 212.7186,
  "summary_fg_median": 203.0,
  "summary_fg_n": 134301.0,
  "summary_fg_p05": 26.0,
  "summary_fg_p95": 453.0,
  "summary_fg_stdv": 137.1265,
  "tsnr": 16.125045574153773
}