{
  "NumberOfShells": 4,
  "bValues": [
    0.0,
    700.0,
    1000.0,
    2000.0,
    3000.0
  ],
  "bValuesEstimation": [
    700.0,
    1000.0,
    2000.0,
    3000.0
  ],
  "bdiffs_max": 0.329,
  "bdiffs_mean": 0.2428,
  "bdiffs_median": 0.273,
  "bdiffs_min": 0.0081,
  "bids_meta": {
    "AcquisitionMatrixPE": 146,
    "AcquisitionNumber": 1,
    "AcquisitionTime": "10:38:52.760000",
    "B0FieldSource": [
      "042pepolarb0",
      "042phasediff"
    ],
    "BandwidthPerPixelPhaseEncode": 19.569,
    "BaseResolution": 146,
    "BodyPartExamined": "BRAIN",
    "CoilCombinationMethod": "Adaptive Combine",
    "CoilString": "HeadNeck_64",
    "ConversionSoftware": "dcm2niix",
    "ConversionSoftwareVersion": "v1.0.20220720",
    "Deltas": [
      0.0233,
      0.0475
    ],
    "DerivedVendorReportedEchoSpacing": 0.000700017,
    "DeviceSerialNumber": "67014",
    "DiffusionScheme": "Monopolar",
    "DwellTime": 2.1e-06,
    "EchoTime": 0.098,
    "EchoTrainLength": 64,
    "EffectiveEchoSpacing": 0.000350008,
    "FlipAngle": 90,
    "HeudiconvVersion": "1.0.0",
    "ImageOrientationPatientDICOM": [
      0.999263,
      0.0308752,
      0.022827,
      -0.0315776,
      0.999018,
      0.0310801
    ],
    "ImageType": [
      "ORIGINAL",
      "PRIMARY",
      "DIFFUSION",
      "NONE",
      "ND",
      "MFSPLIT"
    ],
    "ImageTypeText": [
      "ORIGINAL",
      "PRIMARY",
      "DIFFUSION",
      "NONE"
    ],
    "ImagingFrequency": 123.248,
    "InPlanePhaseEncodingDirectionDICOM": "COL",
    "InstitutionAddress": "Rue du Bugnon 21,Lausanne,District,CH,1011",
    "InstitutionName": "CHUV",
    "MRAcquisitionType": "2D",
    "MagneticFieldStrength": 3,
    "Manufacturer": "Siemens",
    "ManufacturersModelName": "MAGNETOM Prisma Fit",
    "Modality": "MR",
    "MultibandAccelerationFactor": 3,
    "NonlinearGradientCorrection": false,
    "ParallelReductionFactorInPlane": 2,
    "PartialFourier": 0.875,
    "PatientPosition": "HFS",
    "PercentPhaseFOV": 100,
    "PercentSampling": 100,
    "PhaseEncodingDirection": "j",
    "PhaseEncodingSteps": 146,
    "PhaseResolution": 1,
    "PixelBandwidth": 1631,
    "ProcedureStepDescription": "RESEARCH Oscar",
    "ProtocolName": "dwi-dwi_acq-highres_dir-PA__trigger_monopolar",
    "PulseSequenceDetails": "%CustomerSeq%\\ep2d_diff_trigg",
    "ReceiveCoilActiveElements": "HC1-7",
    "ReceiveCoilName": "HeadNeck_64",
    "ReconMatrixPE": 146,
    "RefLinesPE": 54,
    "RepetitionTime": 7,
    "SAR": 0.164363,
    "ScanOptions": "PFP\\FS\\PER",
    "ScanningSequence": "GR\\EP",
    "SequenceName": "ep_b0",
    "SequenceVariant": "SK",
    "SeriesDescription": "dwi-dwi_acq-highres_dir-PA__trigger_monopolar",
    "SeriesNumber": 10,
    "ShimSetting": [
      8230,
      -5635,
      -6051,
      587,
      -10,
      -251,
      18,
      38
    ],
    "SliceThickness": 1.6,
    "SliceTiming": [
      0,
      6.145,
      0.14,
      6.2825,
      0.28,
      6.4225,
      0.4175,
      6.5625,
      0.5575,
      6.7025,
      0.6975,
      6.8425,
      0.8375,
      6.9825,
      0.9775,
      7.1225,
      1.1175,
      7.26,
      1.2575,
      7.4,
      1.395,
      7.54,
      1.535,
      7.68,
      1.675,
      7.82,
      1.815,
      7.96,
      1.955,
      8.1,
      2.095,
      8.2375,
      2.235,
      8.3775,
      2.3725,
      8.5175,
      2.5125,
      8.6575,
      2.6525,
      8.7975,
      2.7925,
      8.9375,
      2.9325,
      9.0775,
      3.0725,
      9.215,
      3.2125,
      9.355,
      3.35,
      9.495,
      3.49,
      9.635,
      3.63,
      9.775,
      3.77,
      9.915,
      3.91,
      10.055,
      4.05,
      10.1925,
      4.19,
      10.3325,
      4.3275,
      10.4725,
      4.4675,
      10.6125,
      4.6075,
      10.7525,
      4.7475,
      10.8925,
      4.8875,
      11.0325,
      5.0275,
      11.17,
      5.1675,
      11.31,
      5.305,
      11.45,
      5.445,
      11.59,
      5.585,
      11.73,
      5.725,
      11.87,
      5.865,
      12.01,
      6.005
    ],
    "SoftwareVersions": "syngo MR XA30",
    "SpacingBetweenSlices": 1.6,
    "StationName": "LRG10884",
    "TotalReadoutTime": 0.0507512,
    "TxRefAmp": 247.545,
    "acq_id": "highres",
    "dataset": "hcph",
    "modality": "dwi",
    "session_id": "042",
    "subject_id": "001"
  },
  "efc_shell01": 2.2059,
  "efc_shell02": 1.04,
  "efc_shell03": 0.7901,
  "efc_shell04": 0.5822,
  "efc_shell05": 0.6134,
  "fa_degenerate": 0.0,
  "fa_nans": 0.0,
  "fber_shell01": 24.1406,
  "fber_shell02": 100.0,
  "fber_shell03": 137.2245,
  "fber_shell04": 78.449,
  "fber_shell05": 36.0,
  "fd_mean": 4.0415,
  "fd_num": 279,
  "fd_perc": 99.64285714285714,
  "ndc": 0.7505,
  "provenance": {
    "md5sum": "3603b03f5e56c4dfafdbe0fb4336d584",
    "settings": {
      "testing": false
    },
    "software": "mriqc",
    "version": "24.0.0"
  },
  "sigma_cc": 34.0999,
  "sigma_pca": 15.7934,
  "sigma_piesno": 1.6508,
  "snr_cc_shell0": 4.6,
  "snr_cc_shell1_best": 4.61,
  "snr_cc_shell1_worst": 4.61,
  "snr_cc_shell2_best": 2.92,
  "snr_cc_shell2_worst": 1.95,
  "snr_cc_shell3_best": 2.64,
  "snr_cc_shell3_worst": 1.86,
  "snr_cc_shell4_best": 1.86,
  "snr_cc_shell4_worst": 1.26,
  "spikes_global": 34.87,
  "spikes_slice_i": 182.48,
  "spikes_slice_j": 183.6,
  "spikes_slice_k": 192.51,
  "summary_bg_k": 745.9137,
  "summary_bg_mad": 8.8956,
  "summary_bg_mean": 28.5295,
  "summary_bg_median": 9.0,
  "summary_bg_n": 1495785.0,
  "summary_bg_p05": 2.0,
  "summary_bg_p95": 111.0,
  "summary_bg_stdv": 105.0665,
  "summary_fg_k": 8.0962,
  "summary_fg_mad": 167.5341,
  "summary_fg_mean": 398.3967,
  "summary_fg_median": 304.0,
  "summary_fg_n": 358707.0,
  "summary_fg_p05": 105.0,
  "summary_fg_p95": 1068.0,
  "summary_fg_stdv": 319.5929,
  "summary_wm_k": 13.5207,
  "summary_wm_mad": 74.1301,
  "summary_wm_mean": 217.9776,
  "summary_wm_median": 213.0,
  "summary_wm_n": 106287.0,
  "summary_wm_p05": 92.0,
  "summary_wm_p95": 358.0,
  "summary_wm_stdv": 88.7608
}