{
  "aor": [
    0.0034701020408163265,
    0.0033510204081632655,
    0.0032961224489795916,
    0.003277142857142857
  ],
  "aqi": [
    0.006925814489795919,
    0.008827427448979592,
    0.013703917551020408,
    0.022552336734693874
  ],
  "bids_meta": {
    "AcquisitionDuration": 188.475,
    "AcquisitionMatrixPE": 76,
    "AcquisitionTime": "17:34:6.397500",
    "B0FieldSource": [
      "pilot015pepolarbold",
      "pilot015phasediff"
    ],
    "BandwidthPerPixelPhaseEncode": 40.486,
    "BaseResolution": 102,
    "DerivedVendorReportedEchoSpacing": 0.000649997,
    "DwellTime": 2.5e-06,
    "EchoNumber": 2,
    "EchoTime": 0.0322,
    "EchoTrainLength": 28,
    "EffectiveEchoSpacing": 0.000324999,
    "FlipAngle": 64,
    "ImageOrientationPatientDICOM": [
      0.998418,
      0.0539953,
      0.0157086,
      -0.0469095,
      0.953764,
      -0.296872
    ],
    "ImageType": [
      "ORIGINAL",
      "PRIMARY",
      "FMRI",
      "NONE"
    ],
    "ImageTypeText": [
      "ORIGINAL",
      "PRIMARY",
      "M",
      "MB",
      "TE2",
      "DIS2D"
    ],
    "InPlanePhaseEncodingDirectionDICOM": "ROW",
    "PercentPhaseFOV": 74.5098,
    "PhaseEchoTime1": 0.0126,
    "PhaseEchoTime2": 0.0322,
    "PhaseEncodingDirection": "i-",
    "PixelBandwidth": 1961,
    "ProtocolName": "func-bold_task-qct_dir-LR__cmrr_me4_sms4",
    "PulseSequenceName": "epfid2d4_76",
    "ReceiveCoilActiveElements": "HC1-7",
    "ReconMatrixPE": 76,
    "RefLinesPE": 18,
    "RepetitionTime": 1.6,
    "SequenceVariant": "SK\\SS\\OSP",
    "SeriesDescription": "func-bold_task-qct_dir-LR__cmrr_me4_sms4",
    "SeriesNumber": 13,
    "ShimSetting": [
      8224,
      -5627,
      -6023,
      688,
      -75,
      -214,
      13,
      56
    ],
    "SliceThickness": 2.2,
    "SliceTiming": [
      0,
      0.8425,
      0.105,
      0.9475,
      0.21,
      1.0525,
      0.3175,
      1.16,
      0.4225,
      1.265,
      0.5275,
      1.37,
      0.6325,
      1.475,
      0.7375,
      0,
      0.8425,
      0.105,
      0.9475,
      0.21,
      1.0525,
      0.3175,
      1.16,
      0.4225,
      1.265,
      0.5275,
      1.37,
      0.6325,
      1.475,
      0.7375,
      0,
      0.8425,
      0.105,
      0.9475,
      0.21,
      1.0525,
      0.3175,
      1.16,
      0.4225,
      1.265,
      0.5275,
      1.37,
      0.6325,
      1.475,
      0.7375,
      0,
      0.8425,
      0.105,
      0.9475,
      0.21,
      1.0525,
      0.3175,
      1.16,
      0.4225,
      1.265,
      0.5275,
      1.37,
      0.6325,
      1.475,
      0.7375
    ],
    "SpacingBetweenSlices": 2.2,
    "TotalReadoutTime": 0.0243749,
    "TxRefAmp": 254.186,
    "WipMemBlock": "b1be1d78-fed5-46ed-9cbc-29b76b843c56||Sequence: R017 nxva30a/master r/d34922cc2+; Jun 27 2022 13:20:16 by eja",
    "dataset": "<unset>",
    "modality": "bold",
    "session_id": "pilot015",
    "subject_id": "001",
    "task_id": "qct"
  },
  "dummy_trs": 1,
  "dvars_nstd": 54.24041020474226,
  "dvars_std": 1.0667539095876288,
  "dvars_vstd": 1.0472176495876289,
  "efc": 0.5829,
  "fber": 237.0792,
  "fd_mean": 0.15511114245436958,
  "fd_num": 23,
  "fd_perc": 23.46938775510204,
  "fwhm_avg": 3.262282579636407,
  "fwhm_x": 3.2605370021822755,
  "fwhm_y": 3.2866517160355735,
  "fwhm_z": 3.2396590206913727,
  "gcor": [
    0.0118945,
    0.00926639,
    0.00639932,
    0.00433907
  ],
  "gsr_x": 0.08538664132356644,
  "gsr_y": -0.0027495939284563065,
  "provenance": {
    "md5sum": "d1ae1702d461d8f2e7f065dd3dc6effd",
    "settings": {
      "fd_thres": 0.2,
      "testing": false
    },
    "software": "mriqc",
    "version": "24.1.0.dev0+g3fe90466.d20240417"
  },
  "size_t": 98,
  "size_x": 76,
  "size_y": 102,
  "size_z": 60,
  "snr": 2.1757923940568853,
  "spacing_tr": 1.600000023841858,
  "spacing_x": 2.196079969406128,
  "spacing_y": 2.196079969406128,
  "spacing_z": 2.200000047683716,
  "summary_bg_k": 29.7304,
  "summary_bg_mad": 17.5492,
  "summary_bg_mean": 58.5471,
  "summary_bg_median": 33.0,
  "summary_bg_n": 330104.0,
  "summary_bg_p05": 0.0,
  "summary_bg_p95": 211.0,
  "summary_bg_stdv": 80.3669,
  "summary_fg_k": 0.6387,
  "summary_fg_mad": 217.1105,
  "summary_fg_mean": 528.1277,
  "summary_fg_median": 515.0,
  "summary_fg_n": 135016.0,
  "summary_fg_p05": 113.0,
  "summary_fg_p95": 932.0,
  "summary_fg_stdv": 236.6945,
  "tsnr": 25.748426722362638
}