{
  "aor": [
    0.0007704368932038836,
    0.0006371844660194174,
    0.0006421359223300971,
    0.0007006796116504853
  ],
  "aqi": [
    0.008183002621359223,
    0.00987570567961165,
    0.015612638834951457,
    0.02599414805825243
  ],
  "bids_meta": {
    "AcquisitionDuration": 361.475,
    "AcquisitionMatrixPE": 76,
    "AcquisitionTime": "18:05:26.502500",
    "B0FieldSource": [
      "pilot015pepolarbold",
      "pilot015phasediff"
    ],
    "BandwidthPerPixelPhaseEncode": 40.486,
    "BaseResolution": 102,
    "DerivedVendorReportedEchoSpacing": 0.000649997,
    "DwellTime": 2.5e-06,
    "EchoNumber": 2,
    "EchoTime": 0.0322,
    "EchoTrainLength": 28,
    "EffectiveEchoSpacing": 0.000324999,
    "ImageOrientationPatientDICOM": [
      0.998418,
      0.0539953,
      0.0157086,
      -0.0469095,
      0.953764,
      -0.296872
    ],
    "ImageType": [
      "ORIGINAL",
      "PRIMARY",
      "FMRI",
      "NONE"
    ],
    "ImageTypeText": [
      "ORIGINAL",
      "PRIMARY",
      "M",
      "MB",
      "TE2",
      "DIS2D"
    ],
    "InPlanePhaseEncodingDirectionDICOM": "ROW",
    "PercentPhaseFOV": 74.5098,
    "PercentSampling": 100,
    "PhaseEchoTime1": 0.0126,
    "PhaseEchoTime2": 0.0322,
    "PhaseEncodingDirection": "i-",
    "PhaseResolution": 1,
    "PixelBandwidth": 1961,
    "ProtocolName": "func-bold_task-bht_dir-LR__cmrr_me4_sms4",
    "PulseSequenceName": "epfid2d4_76",
    "ReceiveCoilActiveElements": "HC1-7",
    "ReconMatrixPE": 76,
    "RefLinesPE": 18,
    "RepetitionTime": 1.6,
    "SequenceVariant": "SK\\SS\\OSP",
    "SeriesDescription": "func-bold_task-bht_dir-LR__cmrr_me4_sms4",
    "SeriesNumber": 19,
    "ShimSetting": [
      8224,
      -5627,
      -6023,
      688,
      -75,
      -214,
      13,
      56
    ],
    "SliceThickness": 2.2,
    "SliceTiming": [
      0,
      0.8425,
      0.105,
      0.9475,
      0.21,
      1.0525,
      0.315,
      1.1575,
      0.42,
      1.2625,
      0.525,
      1.3675,
      0.63,
      1.4725,
      0.7375,
      0,
      0.8425,
      0.105,
      0.9475,
      0.21,
      1.0525,
      0.315,
      1.1575,
      0.42,
      1.2625,
      0.525,
      1.3675,
      0.63,
      1.4725,
      0.7375,
      0,
      0.8425,
      0.105,
      0.9475,
      0.21,
      1.0525,
      0.315,
      1.1575,
      0.42,
      1.2625,
      0.525,
      1.3675,
      0.63,
      1.4725,
      0.7375,
      0,
      0.8425,
      0.105,
      0.9475,
      0.21,
      1.0525,
      0.315,
      1.1575,
      0.42,
      1.2625,
      0.525,
      1.3675,
      0.63,
      1.4725,
      0.7375
    ],
    "SpacingBetweenSlices": 2.2,
    "TotalReadoutTime": 0.0243749,
    "TxRefAmp": 254.186,
    "WipMemBlock": "2b0415bb-5195-4e17-8580-78b56d6a5a93||Sequence: R017 nxva30a/master r/d34922cc2+; Jun 27 2022 13:20:16 by eja",
    "dataset": "<unset>",
    "modality": "bold",
    "session_id": "pilot015",
    "subject_id": "001",
    "task_id": "bht"
  },
  "dummy_trs": 1,
  "dvars_nstd": 54.671769379170755,
  "dvars_std": 1.0563541126829272,
  "dvars_vstd": 0.9965844780975609,
  "efc": 0.5856,
  "fber": 225.393,
  "fd_mean": 0.17022528597269948,
  "fd_num": 77,
  "fd_perc": 37.37864077669903,
  "fwhm_avg": 3.2469954420223064,
  "fwhm_x": 3.253201203748507,
  "fwhm_y": 3.2722761011036012,
  "fwhm_z": 3.21550902121481,
  "gcor": [
    0.0198248,
    0.0212153,
    0.0195397,
    0.0161004
  ],
  "gsr_x": 0.09011618047952652,
  "gsr_y": -0.005366897210478783,
  "provenance": {
    "md5sum": "6c6deb224f88497adc4fbad6f5905148",
    "settings": {
      "fd_thres": 0.2,
      "testing": false
    },
    "software": "mriqc",
    "version": "24.1.0.dev0+g3fe90466.d20240417"
  },
  "size_t": 206,
  "size_x": 76,
  "size_y": 102,
  "size_z": 60,
  "snr": 2.180925026041597,
  "spacing_tr": 1.600000023841858,
  "spacing_x": 2.196079969406128,
  "spacing_y": 2.196079969406128,
  "spacing_z": 2.200000047683716,
  "summary_bg_k": 29.3815,
  "summary_bg_mad": 18.7197,
  "summary_bg_mean": 60.0372,
  "summary_bg_median": 34.0,
  "summary_bg_n": 330179.0,
  "summary_bg_p05": 0.0,
  "summary_bg_p95": 216.0,
  "summary_bg_stdv": 83.4772,
  "summary_fg_k": 0.5442,
  "summary_fg_mad": 215.6755,
  "summary_fg_mean": 522.9262,
  "summary_fg_median": 512.0,
  "summary_fg_n": 134941.0,
  "summary_fg_p05": 109.0,
  "summary_fg_p95": 923.0,
  "summary_fg_stdv": 234.7619,
  "tsnr": 24.81004332867451
}