{
  "aor": [
    0.0004006372549019608,
    0.0004188235294117648,
    0.0004910294117647058,
    0.0006420588235294118
  ],
  "aqi": [
    0.006425129068627451,
    0.008602184607843138,
    0.014655826127450982,
    0.02472158676470588
  ],
  "bids_meta": {
    "AcquisitionDuration": 361.475,
    "AcquisitionMatrixPE": 76,
    "AcquisitionTime": "19:49:39.465000",
    "B0FieldSource": [
      "045pepolarbold",
      "045phasediff"
    ],
    "BandwidthPerPixelPhaseEncode": 40.486,
    "BaseResolution": 102,
    "DerivedVendorReportedEchoSpacing": 0.000649997,
    "DwellTime": 2.5e-06,
    "EchoNumber": 2,
    "EchoTime": 0.0322,
    "EchoTrainLength": 28,
    "EffectiveEchoSpacing": 0.000324999,
    "ImageOrientationPatientDICOM": [
      0.999432,
      -0.00158001,
      0.0336498,
      0.00994306,
      0.968232,
      -0.249856
    ],
    "ImageType": [
      "ORIGINAL",
      "PRIMARY",
      "FMRI",
      "NONE"
    ],
    "ImageTypeText": [
      "ORIGINAL",
      "PRIMARY",
      "M",
      "MB",
      "TE2",
      "DIS2D"
    ],
    "InPlanePhaseEncodingDirectionDICOM": "ROW",
    "PercentPhaseFOV": 74.5098,
    "PercentSampling": 100,
    "PhaseEchoTime1": 0.0126,
    "PhaseEchoTime2": 0.0322,
    "PhaseEncodingDirection": "i-",
    "PhaseResolution": 1,
    "PixelBandwidth": 1961,
    "ProtocolName": "func-bold_task-bht_dir-LR__cmrr_me4_sms4",
    "PulseSequenceName": "epfid2d4_76",
    "ReceiveCoilActiveElements": "HC1-7",
    "ReconMatrixPE": 76,
    "RefLinesPE": 18,
    "RepetitionTime": 1.6,
    "SequenceVariant": "SK\\SS\\OSP",
    "SeriesDescription": "func-bold_task-bht_dir-LR__cmrr_me4_sms4",
    "SeriesNumber": 25,
    "ShimSetting": [
      8235,
      -5631,
      -6032,
      694,
      16,
      -188,
      74,
      42
    ],
    "SliceThickness": 2.2,
    "SliceTiming": [
      0,
      0.8425,
      0.105,
      0.9475,
      0.21,
      1.0525,
      0.315,
      1.1575,
      0.42,
      1.2625,
      0.525,
      1.3675,
      0.63,
      1.475,
      0.7375,
      0,
      0.8425,
      0.105,
      0.9475,
      0.21,
      1.0525,
      0.315,
      1.1575,
      0.42,
      1.2625,
      0.525,
      1.3675,
      0.63,
      1.475,
      0.7375,
      0,
      0.8425,
      0.105,
      0.9475,
      0.21,
      1.0525,
      0.315,
      1.1575,
      0.42,
      1.2625,
      0.525,
      1.3675,
      0.63,
      1.475,
      0.7375,
      0,
      0.8425,
      0.105,
      0.9475,
      0.21,
      1.0525,
      0.315,
      1.1575,
      0.42,
      1.2625,
      0.525,
      1.3675,
      0.63,
      1.475,
      0.7375
    ],
    "SpacingBetweenSlices": 2.2,
    "TotalReadoutTime": 0.0243749,
    "TxRefAmp": 243.334,
    "WipMemBlock": "206ecd97-aae1-4f74-b202-252923e8abe7||Sequence: R017 nxva30a/master r/d34922cc2+; Jun 27 2022 13:20:16 by eja",
    "dataset": "<unset>",
    "modality": "bold",
    "session_id": "045",
    "subject_id": "001",
    "task_id": "bht"
  },
  "dummy_trs": 3,
  "dvars_nstd": 49.54239943975371,
  "dvars_std": 1.0053214989162564,
  "dvars_vstd": 0.9841087173399019,
  "efc": 0.579,
  "fber": 252.0753,
  "fd_mean": 0.15314969655878222,
  "fd_num": 61,
  "fd_perc": 29.901960784313726,
  "fwhm_avg": 3.2660096954912468,
  "fwhm_x": 3.27885145364138,
  "fwhm_y": 3.3395004290227353,
  "fwhm_z": 3.1796772038096255,
  "gcor": [
    0.00834363,
    0.0124718,
    0.0132432,
    0.0112756
  ],
  "gsr_x": 0.09173253923654556,
  "gsr_y": -0.005472481716424227,
  "provenance": {
    "md5sum": "d99a848110ccf1f00cc6f3e2fd637e88",
    "settings": {
      "fd_thres": 0.2,
      "testing": false
    },
    "software": "mriqc",
    "version": "24.1.0.dev0+g3fe90466.d20240417"
  },
  "size_t": 204,
  "size_x": 76,
  "size_y": 102,
  "size_z": 60,
  "snr": 2.1584340139447846,
  "spacing_tr": 1.600000023841858,
  "spacing_x": 2.196079969406128,
  "spacing_y": 2.196079969406128,
  "spacing_z": 2.200000047683716,
  "summary_bg_k": 25.9464,
  "summary_bg_mad": 17.2898,
  "summary_bg_mean": 58.1649,
  "summary_bg_median": 33.0,
  "summary_bg_n": 330417.0,
  "summary_bg_p05": 0.0,
  "summary_bg_p95": 215.0,
  "summary_bg_stdv": 81.2846,
  "summary_fg_k": 0.7699,
  "summary_fg_mad": 220.6388,
  "summary_fg_mean": 534.1662,
  "summary_fg_median": 523.0,
  "summary_fg_n": 134703.0,
  "summary_fg_p05": 109.0,
  "summary_fg_p95": 944.0,
  "summary_fg_stdv": 242.3044,
  "tsnr": 25.861587904044427
}