{
  "aor": [
    0.00036264,
    0.0004483600000000001,
    0.0005199466666666668,
    0.0005812666666666666
  ],
  "aqi": [
    0.005615584733333333,
    0.008055930626666668,
    0.01324827357333333,
    0.02229985453333333
  ],
  "bids_meta": {
    "AcquisitionDuration": 1230.47,
    "AcquisitionMatrixPE": 76,
    "AcquisitionTime": "19:27:59.387500",
    "B0FieldSource": [
      "045pepolarbold",
      "045phasediff"
    ],
    "BandwidthPerPixelPhaseEncode": 40.486,
    "BaseResolution": 102,
    "DerivedVendorReportedEchoSpacing": 0.000649997,
    "DwellTime": 2.5e-06,
    "EchoNumber": 2,
    "EchoTime": 0.0322,
    "EchoTrainLength": 28,
    "EffectiveEchoSpacing": 0.000324999,
    "FlipAngle": 64,
    "ImageOrientationPatientDICOM": [
      0.999432,
      -0.00158001,
      0.0336498,
      0.00994306,
      0.968232,
      -0.249856
    ],
    "ImageType": [
      "ORIGINAL",
      "PRIMARY",
      "FMRI",
      "NONE"
    ],
    "ImageTypeText": [
      "ORIGINAL",
      "PRIMARY",
      "M",
      "MB",
      "TE2",
      "DIS2D"
    ],
    "InPlanePhaseEncodingDirectionDICOM": "ROW",
    "PercentPhaseFOV": 74.5098,
    "PhaseEchoTime1": 0.0126,
    "PhaseEchoTime2": 0.0322,
    "PhaseEncodingDirection": "i-",
    "PixelBandwidth": 1961,
    "ProtocolName": "func-bold_task-rest_dir-LR__cmrr_me4_sms4",
    "PulseSequenceName": "epfid2d4_76",
    "ReceiveCoilActiveElements": "HC1-7",
    "ReconMatrixPE": 76,
    "RefLinesPE": 18,
    "RepetitionTime": 1.6,
    "SequenceVariant": "SK\\SS\\OSP",
    "SeriesDescription": "func-bold_task-rest_dir-LR__cmrr_me4_sms4",
    "SeriesNumber": 23,
    "ShimSetting": [
      8235,
      -5631,
      -6032,
      694,
      16,
      -188,
      74,
      42
    ],
    "SliceThickness": 2.2,
    "SliceTiming": [
      0,
      0.8425,
      0.105,
      0.9475,
      0.21,
      1.0525,
      0.315,
      1.1575,
      0.42,
      1.2625,
      0.525,
      1.3675,
      0.6325,
      1.475,
      0.7375,
      0,
      0.8425,
      0.105,
      0.9475,
      0.21,
      1.0525,
      0.315,
      1.1575,
      0.42,
      1.2625,
      0.525,
      1.3675,
      0.6325,
      1.475,
      0.7375,
      0,
      0.8425,
      0.105,
      0.9475,
      0.21,
      1.0525,
      0.315,
      1.1575,
      0.42,
      1.2625,
      0.525,
      1.3675,
      0.6325,
      1.475,
      0.7375,
      0,
      0.8425,
      0.105,
      0.9475,
      0.21,
      1.0525,
      0.315,
      1.1575,
      0.42,
      1.2625,
      0.525,
      1.3675,
      0.6325,
      1.475,
      0.7375
    ],
    "SpacingBetweenSlices": 2.2,
    "TotalReadoutTime": 0.0243749,
    "TxRefAmp": 243.334,
    "WipMemBlock": "c7aff7d1-6609-404b-9ee6-e298fe17b2ad||Sequence: R017 nxva30a/master r/d34922cc2+; Jun 27 2022 13:20:16 by eja",
    "dataset": "<unset>",
    "modality": "bold",
    "session_id": "045",
    "subject_id": "001",
    "task_id": "rest"
  },
  "dummy_trs": 0,
  "dvars_nstd": 47.59290329524698,
  "dvars_std": 1.0232123587182909,
  "dvars_vstd": 1.0015681583578115,
  "efc": 0.577,
  "fber": 267.9586,
  "fd_mean": 0.1294169991936195,
  "fd_num": 63,
  "fd_perc": 8.4,
  "fwhm_avg": 3.242501033137273,
  "fwhm_x": 3.27043645953486,
  "fwhm_y": 3.297616708356191,
  "fwhm_z": 3.1594499315207667,
  "gcor": [
    0.0123046,
    0.0123622,
    0.0115989,
    0.0087969
  ],
  "gsr_x": 0.0886656790971756,
  "gsr_y": -0.004605444148182869,
  "provenance": {
    "md5sum": "70ee484c3583236a304fce719a089c13",
    "settings": {
      "fd_thres": 0.2,
      "testing": false
    },
    "software": "mriqc",
    "version": "24.1.0.dev0+g3fe90466.d20240417"
  },
  "size_t": 750,
  "size_x": 76,
  "size_y": 102,
  "size_z": 60,
  "snr": 2.1699958923373384,
  "spacing_tr": 1.600000023841858,
  "spacing_x": 2.196079969406128,
  "spacing_y": 2.196079969406128,
  "spacing_z": 2.200000047683716,
  "summary_bg_k": 26.1605,
  "summary_bg_mad": 16.4687,
  "summary_bg_mean": 56.6749,
  "summary_bg_median": 32.0,
  "summary_bg_n": 330497.0,
  "summary_bg_p05": 1.0,
  "summary_bg_p95": 210.0,
  "summary_bg_stdv": 80.0127,
  "summary_fg_k": 0.7808,
  "summary_fg_mad": 217.6974,
  "summary_fg_mean": 530.3473,
  "summary_fg_median": 520.0,
  "summary_fg_n": 134623.0,
  "summary_fg_p05": 109.0,
  "summary_fg_p95": 934.0,
  "summary_fg_stdv": 239.6309,
  "tsnr": 26.7409036308527
}