{
  "aor": [
    0.00036264,
    0.0004483600000000001,
    0.0005199466666666668,
    0.0005812666666666666
  ],
  "aqi": [
    0.005615584733333333,
    0.008055930626666668,
    0.01324827357333333,
    0.02229985453333333
  ],
  "bids_meta": {
    "AcquisitionDuration": 1230.47,
    "AcquisitionMatrixPE": 76,
    "AcquisitionTime": "19:27:59.370000",
    "B0FieldSource": [
      "045pepolarbold",
      "045phasediff"
    ],
    "BandwidthPerPixelPhaseEncode": 40.486,
    "BaseResolution": 102,
    "DerivedVendorReportedEchoSpacing": 0.000649997,
    "DwellTime": 2.5e-06,
    "EchoNumber": 1,
    "EchoTime": 0.0126,
    "EchoTrainLength": 28,
    "EffectiveEchoSpacing": 0.000324999,
    "FlipAngle": 64,
    "ImageOrientationPatientDICOM": [
      0.999432,
      -0.00158001,
      0.0336498,
      0.00994306,
      0.968232,
      -0.249856
    ],
    "ImageType": [
      "ORIGINAL",
      "PRIMARY",
      "FMRI",
      "NONE"
    ],
    "ImageTypeText": [
      "ORIGINAL",
      "PRIMARY",
      "M",
      "MB",
      "TE1",
      "DIS2D"
    ],
    "InPlanePhaseEncodingDirectionDICOM": "ROW",
    "PercentPhaseFOV": 74.5098,
    "PhaseEchoTime1": 0.0126,
    "PhaseEchoTime2": 0.0322,
    "PhaseEncodingDirection": "i-",
    "PixelBandwidth": 1961,
    "ProtocolName": "func-bold_task-rest_dir-LR__cmrr_me4_sms4",
    "PulseSequenceName": "epfid2d4_76",
    "ReceiveCoilActiveElements": "HC1-7",
    "ReconMatrixPE": 76,
    "RefLinesPE": 18,
    "RepetitionTime": 1.6,
    "SequenceVariant": "SK\\SS\\OSP",
    "SeriesDescription": "func-bold_task-rest_dir-LR__cmrr_me4_sms4",
    "SeriesNumber": 23,
    "ShimSetting": [
      8235,
      -5631,
      -6032,
      694,
      16,
      -188,
      74,
      42
    ],
    "SliceThickness": 2.2,
    "SliceTiming": [
      0,
      0.8425,
      0.1075,
      0.95,
      0.2125,
      1.055,
      0.3175,
      1.16,
      0.4225,
      1.265,
      0.5275,
      1.37,
      0.6325,
      1.475,
      0.7375,
      0,
      0.8425,
      0.1075,
      0.95,
      0.2125,
      1.055,
      0.3175,
      1.16,
      0.4225,
      1.265,
      0.5275,
      1.37,
      0.6325,
      1.475,
      0.7375,
      0,
      0.8425,
      0.1075,
      0.95,
      0.2125,
      1.055,
      0.3175,
      1.16,
      0.4225,
      1.265,
      0.5275,
      1.37,
      0.6325,
      1.475,
      0.7375,
      0,
      0.8425,
      0.1075,
      0.95,
      0.2125,
      1.055,
      0.3175,
      1.16,
      0.4225,
      1.265,
      0.5275,
      1.37,
      0.6325,
      1.475,
      0.7375
    ],
    "SpacingBetweenSlices": 2.2,
    "TotalReadoutTime": 0.0243749,
    "TxRefAmp": 243.334,
    "WipMemBlock": "c7aff7d1-6609-404b-9ee6-e298fe17b2ad||Sequence: R017 nxva30a/master r/d34922cc2+; Jun 27 2022 13:20:16 by eja",
    "dataset": "<unset>",
    "modality": "bold",
    "session_id": "045",
    "subject_id": "001",
    "task_id": "rest"
  },
  "dummy_trs": 0,
  "dvars_nstd": 36.71561551598131,
  "dvars_std": 1.031703596461949,
  "dvars_vstd": 1.006021647703605,
  "efc": 0.647,
  "fber": 178.5827,
  "fd_mean": 0.1294169991936195,
  "fd_num": 63,
  "fd_perc": 8.4,
  "fwhm_avg": 3.621413847369807,
  "fwhm_x": 3.4269380463568284,
  "fwhm_y": 3.6652444866006797,
  "fwhm_z": 3.7720590091519135,
  "gcor": [
    0.0123046,
    0.0123622,
    0.0115989,
    0.0087969
  ],
  "gsr_x": 0.1366489827632904,
  "gsr_y": 0.025852661579847336,
  "provenance": {
    "md5sum": "a0c137c1412f9b5d67361d8c81cda235",
    "settings": {
      "fd_thres": 0.2,
      "testing": false
    },
    "software": "mriqc",
    "version": "24.1.0.dev0+g3fe90466.d20240417"
  },
  "size_t": 750,
  "size_x": 76,
  "size_y": 102,
  "size_z": 60,
  "snr": 2.660249826592258,
  "spacing_tr": 1.600000023841858,
  "spacing_x": 2.196079969406128,
  "spacing_y": 2.196079969406128,
  "spacing_z": 2.200000047683716,
  "summary_bg_k": 5.7011,
  "summary_bg_mad": 54.1585,
  "summary_bg_mean": 162.3033,
  "summary_bg_median": 59.0,
  "summary_bg_n": 330497.0,
  "summary_bg_p05": 1.0,
  "summary_bg_p95": 711.0,
  "summary_bg_stdv": 237.0188,
  "summary_fg_k": 0.7544,
  "summary_fg_mad": 290.333,
  "summary_fg_mean": 818.3374,
  "summary_fg_median": 794.0,
  "summary_fg_n": 134623.0,
  "summary_fg_p05": 387.0,
  "summary_fg_p95": 1330.0,
  "summary_fg_stdv": 298.4671,
  "tsnr": 36.91686083632521
}