{
  "NumberOfShells": 4,
  "bValues": [
    0.0,
    700.0,
    1000.0,
    2000.0,
    3000.0
  ],
  "bValuesEstimation": [
    700.0,
    1000.0,
    2000.0,
    3000.0
  ],
  "bdiffs_max": 0.3454,
  "bdiffs_mean": 0.2326,
  "bdiffs_median": 0.2613,
  "bdiffs_min": 0.0038,
  "bids_meta": {
    "AcquisitionMatrixPE": 104,
    "AcquisitionNumber": 1,
    "AcquisitionTime": "18:44:23.227500",
    "B0FieldSource": [
      "045pepolarb0",
      "045phasediff"
    ],
    "BandwidthPerPixelPhaseEncode": 24.42,
    "BaseResolution": 146,
    "BodyPartExamined": "BRAIN",
    "CoilCombinationMethod": "Adaptive Combine",
    "CoilString": "HeadNeck_64",
    "ConversionSoftware": "dcm2niix",
    "ConversionSoftwareVersion": "v1.0.20220720",
    "Deltas": [
      0.0272,
      0.0469
    ],
    "DerivedVendorReportedEchoSpacing": 0.000787501,
    "DeviceSerialNumber": "67014",
    "DiffusionScheme": "Monopolar",
    "DwellTime": 2.1e-06,
    "EchoTime": 0.098,
    "EchoTrainLength": 46,
    "EffectiveEchoSpacing": 0.00039375,
    "FlipAngle": 90,
    "HeudiconvVersion": "1.0.0",
    "ImageOrientationPatientDICOM": [
      0.999393,
      -0.0023857,
      0.0347589,
      0.00104656,
      0.999258,
      0.0384937
    ],
    "ImageType": [
      "ORIGINAL",
      "PRIMARY",
      "DIFFUSION",
      "NONE",
      "ND",
      "MFSPLIT"
    ],
    "ImageTypeText": [
      "ORIGINAL",
      "PRIMARY",
      "DIFFUSION",
      "NONE"
    ],
    "ImagingFrequency": 123.248,
    "InPlanePhaseEncodingDirectionDICOM": "ROW",
    "InstitutionAddress": "Rue du Bugnon 21,Lausanne,District,CH,1011",
    "InstitutionName": "CHUV",
    "MRAcquisitionType": "2D",
    "MagneticFieldStrength": 3,
    "Manufacturer": "Siemens",
    "ManufacturersModelName": "MAGNETOM Prisma Fit",
    "Modality": "MR",
    "MultibandAccelerationFactor": 3,
    "NonlinearGradientCorrection": false,
    "ParallelReductionFactorInPlane": 2,
    "PartialFourier": 0.875,
    "PatientPosition": "HFS",
    "PercentPhaseFOV": 71.2329,
    "PercentSampling": 100,
    "PhaseEncodingDirection": "i-",
    "PhaseEncodingSteps": 104,
    "PhaseResolution": 1,
    "PixelBandwidth": 1631,
    "ProcedureStepDescription": "RESEARCH Oscar",
    "ProtocolName": "dwi-dwi_acq-highres_dir-LR__trigger_monopolar_71fovphase",
    "PulseSequenceDetails": "%CustomerSeq%\\ep2d_diff_trigg",
    "ReceiveCoilActiveElements": "HC1-7",
    "ReceiveCoilName": "HeadNeck_64",
    "ReconMatrixPE": 104,
    "RefLinesPE": 38,
    "RepetitionTime": 7,
    "SAR": 0.152201,
    "ScanOptions": "PFP\\FS\\PER",
    "ScanningSequence": "GR\\EP",
    "SequenceName": "ep_b0",
    "SequenceVariant": "SK",
    "SeriesDescription": "dwi-dwi_acq-highres_dir-LR__trigger_monopolar_71fovphase",
    "SeriesNumber": 10,
    "ShimSetting": [
      8234,
      -5641,
      -6060,
      602,
      7,
      -334,
      59,
      13
    ],
    "SliceThickness": 1.6,
    "SliceTiming": [
      0,
      5.94,
      0.135,
      6.075,
      0.27,
      6.21,
      0.405,
      6.345,
      0.54,
      6.48,
      0.675,
      6.615,
      0.81,
      6.75,
      0.945,
      6.885,
      1.08,
      7.02,
      1.215,
      7.155,
      1.35,
      7.29,
      1.485,
      7.425,
      1.62,
      7.56,
      1.755,
      7.695,
      1.89,
      7.83,
      2.025,
      7.965,
      2.16,
      8.1,
      2.295,
      8.235,
      2.43,
      8.37,
      2.565,
      8.505,
      2.7,
      8.64,
      2.835,
      8.775,
      2.97,
      8.91,
      3.105,
      9.045,
      3.24,
      9.18,
      3.375,
      9.315,
      3.51,
      9.45,
      3.645,
      9.585,
      3.78,
      9.72,
      3.915,
      9.855,
      4.05,
      9.99,
      4.185,
      10.125,
      4.32,
      10.26,
      4.455,
      10.395,
      4.59,
      10.53,
      4.725,
      10.665,
      4.86,
      10.8,
      4.995,
      10.935,
      5.13,
      11.07,
      5.265,
      11.205,
      5.4,
      11.34,
      5.535,
      11.475,
      5.67,
      11.61,
      5.805
    ],
    "SoftwareVersions": "syngo MR XA30",
    "SpacingBetweenSlices": 1.6,
    "StationName": "LRG10884",
    "TotalReadoutTime": 0.0405563,
    "TxRefAmp": 243.334,
    "acq_id": "highres",
    "dataset": "hcph",
    "modality": "dwi",
    "session_id": "045",
    "subject_id": "001"
  },
  "efc_shell01": 2.6218,
  "efc_shell02": 1.1764,
  "efc_shell03": 0.8914,
  "efc_shell04": 0.6512,
  "efc_shell05": 0.6647,
  "fa_degenerate": 0.0,
  "fa_nans": 0.0,
  "fber_shell01": 6.8667,
  "fber_shell02": 47.8403,
  "fber_shell03": 58.314,
  "fber_shell04": 38.44,
  "fber_shell05": 22.8272,
  "fd_mean": 16.3752,
  "fd_num": 279,
  "fd_perc": 99.64285714285714,
  "ndc": 0.8516,
  "provenance": {
    "md5sum": "de20a2c3f623babc22edb0578724cef8",
    "settings": {
      "testing": false
    },
    "software": "mriqc",
    "version": "24.0.0"
  },
  "sigma_cc": 41.5129,
  "sigma_pca": 19.0479,
  "sigma_piesno": 7.5935,
  "snr_cc_shell0": 4.08,
  "snr_cc_shell1_best": 4.11,
  "snr_cc_shell1_worst": 4.11,
  "snr_cc_shell2_best": 2.66,
  "snr_cc_shell2_worst": 1.8,
  "snr_cc_shell3_best": 2.28,
  "snr_cc_shell3_worst": 1.48,
  "snr_cc_shell4_best": 1.82,
  "snr_cc_shell4_worst": 0.99,
  "spikes_global": 50.6,
  "spikes_slice_i": 327.28,
  "spikes_slice_j": 315.78,
  "spikes_slice_k": 284.37,
  "summary_bg_k": 253.3028,
  "summary_bg_mad": 17.7912,
  "summary_bg_mean": 38.3558,
  "summary_bg_median": 17.0,
  "summary_bg_n": 956854.0,
  "summary_bg_p05": 3.0,
  "summary_bg_p95": 127.0,
  "summary_bg_stdv": 96.7112,
  "summary_fg_k": 7.8333,
  "summary_fg_mad": 166.0514,
  "summary_fg_mean": 392.3935,
  "summary_fg_median": 300.0,
  "summary_fg_n": 364154.0,
  "summary_fg_p05": 99.0,
  "summary_fg_p95": 1047.0,
  "summary_fg_stdv": 313.7212,
  "summary_wm_k": 8.7246,
  "summary_wm_mad": 77.0953,
  "summary_wm_mean": 216.2442,
  "summary_wm_median": 213.0,
  "summary_wm_n": 108040.0,
  "summary_wm_p05": 81.0,
  "summary_wm_p95": 354.0,
  "summary_wm_stdv": 87.7487
}