{
  "aor": [
    0.0005484541062801932,
    0.0005583091787439614,
    0.0006194202898550724,
    0.0007582125603864733
  ],
  "aqi": [
    0.007696045265700484,
    0.00825735541062802,
    0.01328532570048309,
    0.022352659903381644
  ],
  "bids_meta": {
    "AcquisitionDuration": 361.472,
    "AcquisitionMatrixPE": 76,
    "AcquisitionTime": "20:12:20.325000",
    "B0FieldSource": [
      "001pepolarbold",
      "001phasediff"
    ],
    "BandwidthPerPixelPhaseEncode": 40.486,
    "BaseResolution": 102,
    "DerivedVendorReportedEchoSpacing": 0.000649997,
    "DwellTime": 2.5e-06,
    "EchoNumber": 4,
    "EchoTime": 0.0714,
    "EchoTrainLength": 28,
    "EffectiveEchoSpacing": 0.000324999,
    "ImageOrientationPatientDICOM": [
      0.996853,
      -0.0157379,
      0.0776887,
      0.0372498,
      0.958139,
      -0.28387
    ],
    "ImageType": [
      "ORIGINAL",
      "PRIMARY",
      "FMRI",
      "NONE"
    ],
    "ImageTypeText": [
      "ORIGINAL",
      "PRIMARY",
      "M",
      "MB",
      "TE4",
      "DIS2D"
    ],
    "InPlanePhaseEncodingDirectionDICOM": "ROW",
    "PercentPhaseFOV": 74.5098,
    "PercentSampling": 100,
    "PhaseEchoTime1": 0.0126,
    "PhaseEchoTime2": 0.0322,
    "PhaseEncodingDirection": "i-",
    "PhaseResolution": 1,
    "PixelBandwidth": 1961,
    "ProtocolName": "func-bold_task-bht_dir-LR__cmrr_me4_sms4",
    "PulseSequenceName": "epfid2d4_76",
    "ReceiveCoilActiveElements": "HC1-7",
    "ReconMatrixPE": 76,
    "RefLinesPE": 18,
    "RepetitionTime": 1.6,
    "SequenceVariant": "SK\\SS\\OSP",
    "SeriesDescription": "func-bold_task-bht_dir-LR__cmrr_me4_sms4",
    "SeriesNumber": 24,
    "ShimSetting": [
      8234,
      -5630,
      -6014,
      741,
      -99,
      -182,
      9,
      9
    ],
    "SliceThickness": 2.2,
    "SliceTiming": [
      0,
      0.8425,
      0.105,
      0.9475,
      0.21,
      1.0525,
      0.315,
      1.1575,
      0.42,
      1.2625,
      0.5275,
      1.37,
      0.6325,
      1.475,
      0.7375,
      0,
      0.8425,
      0.105,
      0.9475,
      0.21,
      1.0525,
      0.315,
      1.1575,
      0.42,
      1.2625,
      0.5275,
      1.37,
      0.6325,
      1.475,
      0.7375,
      0,
      0.8425,
      0.105,
      0.9475,
      0.21,
      1.0525,
      0.315,
      1.1575,
      0.42,
      1.2625,
      0.5275,
      1.37,
      0.6325,
      1.475,
      0.7375,
      0,
      0.8425,
      0.105,
      0.9475,
      0.21,
      1.0525,
      0.315,
      1.1575,
      0.42,
      1.2625,
      0.5275,
      1.37,
      0.6325,
      1.475,
      0.7375
    ],
    "SpacingBetweenSlices": 2.2,
    "TotalReadoutTime": 0.0243749,
    "TxRefAmp": 243.222,
    "WipMemBlock": "fbc46fbc-dd9a-4d99-806c-782ca98f7976||Sequence: R017 nxva30a/master r/d34922cc2+; Jun 27 2022 13:20:16 by eja",
    "dataset": "<unset>",
    "modality": "bold",
    "session_id": "001",
    "subject_id": "001",
    "task_id": "bht"
  },
  "dummy_trs": 0,
  "dvars_nstd": 101.06385880941744,
  "dvars_std": 1.0413563434466024,
  "dvars_vstd": 1.000531217864078,
  "efc": 0.5632,
  "fber": 70.8892,
  "fd_mean": 0.17733035969905483,
  "fd_num": 74,
  "fd_perc": 35.7487922705314,
  "fwhm_avg": 2.596380401635677,
  "fwhm_x": 2.7323822827921362,
  "fwhm_y": 2.55093624915441,
  "fwhm_z": 2.5058226729604836,
  "gcor": [
    0.0188718,
    0.0215183,
    0.0210046,
    0.0176571
  ],
  "gsr_x": 0.03599867969751358,
  "gsr_y": -0.0014951425837352872,
  "provenance": {
    "md5sum": "073c2aaf673f90a77343787a82be9e9c",
    "settings": {
      "fd_thres": 0.2,
      "testing": false
    },
    "software": "mriqc",
    "version": "24.1.0.dev0+g3fe90466.d20240417"
  },
  "size_t": 207,
  "size_x": 76,
  "size_y": 102,
  "size_z": 60,
  "snr": 1.4644743788608847,
  "spacing_tr": 1.600000023841858,
  "spacing_x": 2.196079969406128,
  "spacing_y": 2.196079969406128,
  "spacing_z": 2.200000047683716,
  "summary_bg_k": 84.0833,
  "summary_bg_mad": 5.3932,
  "summary_bg_mean": 27.0653,
  "summary_bg_median": 25.0,
  "summary_bg_n": 330105.0,
  "summary_bg_p05": 1.0,
  "summary_bg_p95": 50.0,
  "summary_bg_stdv": 18.3711,
  "summary_fg_k": 3.7323,
  "summary_fg_mad": 130.0751,
  "summary_fg_mean": 223.8454,
  "summary_fg_median": 212.0,
  "summary_fg_n": 135015.0,
  "summary_fg_p05": 34.0,
  "summary_fg_p95": 477.0,
  "summary_fg_stdv": 144.7613,
  "tsnr": 12.533628131262958
}