{
  "aor": [
    0.0010634343434343435,
    0.0010126262626262627,
    0.001086060606060606,
    0.001261010101010101
  ],
  "aqi": [
    0.005329768383838384,
    0.00685387595959596,
    0.010928638989898988,
    0.018687446464646467
  ],
  "bids_meta": {
    "AcquisitionDuration": 188.475,
    "AcquisitionMatrixPE": 76,
    "AcquisitionTime": "19:42:39.327500",
    "B0FieldSource": [
      "001pepolarbold",
      "001phasediff"
    ],
    "BandwidthPerPixelPhaseEncode": 40.486,
    "BaseResolution": 102,
    "DerivedVendorReportedEchoSpacing": 0.000649997,
    "DwellTime": 2.5e-06,
    "EchoNumber": 2,
    "EchoTime": 0.0322,
    "EchoTrainLength": 28,
    "EffectiveEchoSpacing": 0.000324999,
    "FlipAngle": 64,
    "ImageOrientationPatientDICOM": [
      0.996853,
      -0.0157379,
      0.0776887,
      0.0372498,
      0.958139,
      -0.28387
    ],
    "ImageType": [
      "ORIGINAL",
      "PRIMARY",
      "FMRI",
      "NONE"
    ],
    "ImageTypeText": [
      "ORIGINAL",
      "PRIMARY",
      "M",
      "MB",
      "TE2",
      "DIS2D"
    ],
    "InPlanePhaseEncodingDirectionDICOM": "ROW",
    "PercentPhaseFOV": 74.5098,
    "PhaseEchoTime1": 0.0126,
    "PhaseEchoTime2": 0.0322,
    "PhaseEncodingDirection": "i-",
    "PixelBandwidth": 1961,
    "ProtocolName": "func-bold_task-qct_dir-LR__cmrr_me4_sms4",
    "PulseSequenceName": "epfid2d4_76",
    "ReceiveCoilActiveElements": "HC1-7",
    "ReconMatrixPE": 76,
    "RefLinesPE": 18,
    "RepetitionTime": 1.6,
    "SequenceVariant": "SK\\SS\\OSP",
    "SeriesDescription": "func-bold_task-qct_dir-LR__cmrr_me4_sms4",
    "SeriesNumber": 12,
    "ShimSetting": [
      8232,
      -5627,
      -6010,
      735,
      -103,
      -139,
      37,
      12
    ],
    "SliceThickness": 2.2,
    "SliceTiming": [
      0,
      0.8425,
      0.105,
      0.9475,
      0.21,
      1.0525,
      0.315,
      1.1575,
      0.42,
      1.2625,
      0.525,
      1.3675,
      0.63,
      1.4725,
      0.7375,
      0,
      0.8425,
      0.105,
      0.9475,
      0.21,
      1.0525,
      0.315,
      1.1575,
      0.42,
      1.2625,
      0.525,
      1.3675,
      0.63,
      1.4725,
      0.7375,
      0,
      0.8425,
      0.105,
      0.9475,
      0.21,
      1.0525,
      0.315,
      1.1575,
      0.42,
      1.2625,
      0.525,
      1.3675,
      0.63,
      1.4725,
      0.7375,
      0,
      0.8425,
      0.105,
      0.9475,
      0.21,
      1.0525,
      0.315,
      1.1575,
      0.42,
      1.2625,
      0.525,
      1.3675,
      0.63,
      1.4725,
      0.7375
    ],
    "SpacingBetweenSlices": 2.2,
    "TotalReadoutTime": 0.0243749,
    "TxRefAmp": 243.222,
    "WipMemBlock": "545301fd-9f70-4e90-818e-2ce9c07a8fc3||Sequence: R017 nxva30a/master r/d34922cc2+; Jun 27 2022 13:20:16 by eja",
    "dataset": "<unset>",
    "modality": "bold",
    "session_id": "001",
    "subject_id": "001",
    "task_id": "qct"
  },
  "dummy_trs": 0,
  "dvars_nstd": 47.77166273173469,
  "dvars_std": 1.010047419387755,
  "dvars_vstd": 1.0069432879591842,
  "efc": 0.5759,
  "fber": 264.5548,
  "fd_mean": 0.08489961961577518,
  "fd_num": 4,
  "fd_perc": 4.040404040404041,
  "fwhm_avg": 3.255554017576315,
  "fwhm_x": 3.2683873538271033,
  "fwhm_y": 3.3097929498285046,
  "fwhm_z": 3.1884817490733375,
  "gcor": [
    0.010184,
    0.0113395,
    0.00936657,
    0.00717866
  ],
  "gsr_x": 0.09166371077299118,
  "gsr_y": -0.0029407069087028503,
  "provenance": {
    "md5sum": "dce3bb08afccf88942c51b9925e846aa",
    "settings": {
      "fd_thres": 0.2,
      "testing": false
    },
    "software": "mriqc",
    "version": "24.1.0.dev0+g3fe90466.d20240417"
  },
  "size_t": 99,
  "size_x": 76,
  "size_y": 102,
  "size_z": 60,
  "snr": 2.112821254744095,
  "spacing_tr": 1.600000023841858,
  "spacing_x": 2.196079969406128,
  "spacing_y": 2.196079969406128,
  "spacing_z": 2.200000047683716,
  "summary_bg_k": 27.5483,
  "summary_bg_mad": 16.2787,
  "summary_bg_mean": 57.7101,
  "summary_bg_median": 32.0,
  "summary_bg_n": 330573.0,
  "summary_bg_p05": 0.0,
  "summary_bg_p95": 210.0,
  "summary_bg_stdv": 80.7003,
  "summary_fg_k": 0.8829,
  "summary_fg_mad": 223.7681,
  "summary_fg_mean": 539.4756,
  "summary_fg_median": 524.0,
  "summary_fg_n": 134547.0,
  "summary_fg_p05": 116.0,
  "summary_fg_p95": 970.0,
  "summary_fg_stdv": 248.0087,
  "tsnr": 27.56745684775524
}