{
  "aor": [
    0.0010634343434343435,
    0.0010126262626262627,
    0.001086060606060606,
    0.001261010101010101
  ],
  "aqi": [
    0.005329768383838384,
    0.00685387595959596,
    0.010928638989898988,
    0.018687446464646467
  ],
  "bids_meta": {
    "AcquisitionDuration": 188.475,
    "AcquisitionMatrixPE": 76,
    "AcquisitionTime": "19:42:39.367500",
    "B0FieldSource": [
      "001pepolarbold",
      "001phasediff"
    ],
    "BandwidthPerPixelPhaseEncode": 40.486,
    "BaseResolution": 102,
    "DerivedVendorReportedEchoSpacing": 0.000649997,
    "DwellTime": 2.5e-06,
    "EchoNumber": 4,
    "EchoTime": 0.0714,
    "EchoTrainLength": 28,
    "EffectiveEchoSpacing": 0.000324999,
    "FlipAngle": 64,
    "ImageOrientationPatientDICOM": [
      0.996853,
      -0.0157379,
      0.0776887,
      0.0372498,
      0.958139,
      -0.28387
    ],
    "ImageType": [
      "ORIGINAL",
      "PRIMARY",
      "FMRI",
      "NONE"
    ],
    "ImageTypeText": [
      "ORIGINAL",
      "PRIMARY",
      "M",
      "MB",
      "TE4",
      "DIS2D"
    ],
    "InPlanePhaseEncodingDirectionDICOM": "ROW",
    "PercentPhaseFOV": 74.5098,
    "PhaseEchoTime1": 0.0126,
    "PhaseEchoTime2": 0.0322,
    "PhaseEncodingDirection": "i-",
    "PixelBandwidth": 1961,
    "ProtocolName": "func-bold_task-qct_dir-LR__cmrr_me4_sms4",
    "PulseSequenceName": "epfid2d4_76",
    "ReceiveCoilActiveElements": "HC1-7",
    "ReconMatrixPE": 76,
    "RefLinesPE": 18,
    "RepetitionTime": 1.6,
    "SequenceVariant": "SK\\SS\\OSP",
    "SeriesDescription": "func-bold_task-qct_dir-LR__cmrr_me4_sms4",
    "SeriesNumber": 12,
    "ShimSetting": [
      8232,
      -5627,
      -6010,
      735,
      -103,
      -139,
      37,
      12
    ],
    "SliceThickness": 2.2,
    "SliceTiming": [
      0,
      0.8425,
      0.105,
      0.9475,
      0.2125,
      1.055,
      0.3175,
      1.16,
      0.4225,
      1.265,
      0.5275,
      1.37,
      0.6325,
      1.475,
      0.7375,
      0,
      0.8425,
      0.105,
      0.9475,
      0.2125,
      1.055,
      0.3175,
      1.16,
      0.4225,
      1.265,
      0.5275,
      1.37,
      0.6325,
      1.475,
      0.7375,
      0,
      0.8425,
      0.105,
      0.9475,
      0.2125,
      1.055,
      0.3175,
      1.16,
      0.4225,
      1.265,
      0.5275,
      1.37,
      0.6325,
      1.475,
      0.7375,
      0,
      0.8425,
      0.105,
      0.9475,
      0.2125,
      1.055,
      0.3175,
      1.16,
      0.4225,
      1.265,
      0.5275,
      1.37,
      0.6325,
      1.475,
      0.7375
    ],
    "SpacingBetweenSlices": 2.2,
    "TotalReadoutTime": 0.0243749,
    "TxRefAmp": 243.222,
    "WipMemBlock": "545301fd-9f70-4e90-818e-2ce9c07a8fc3||Sequence: R017 nxva30a/master r/d34922cc2+; Jun 27 2022 13:20:16 by eja",
    "dataset": "<unset>",
    "modality": "bold",
    "session_id": "001",
    "subject_id": "001",
    "task_id": "qct"
  },
  "dummy_trs": 0,
  "dvars_nstd": 88.84715255408163,
  "dvars_std": 1.0105030757142854,
  "dvars_vstd": 1.0044740324489794,
  "efc": 0.559,
  "fber": 77.0502,
  "fd_mean": 0.08489961961577518,
  "fd_num": 4,
  "fd_perc": 4.040404040404041,
  "fwhm_avg": 2.6299770633293087,
  "fwhm_x": 2.747304325912843,
  "fwhm_y": 2.61457691886909,
  "fwhm_z": 2.528049945205993,
  "gcor": [
    0.010184,
    0.0113395,
    0.00936657,
    0.00717866
  ],
  "gsr_x": 0.036730192601680756,
  "gsr_y": 0.0010119661455973983,
  "provenance": {
    "md5sum": "b6de8f892aaefe97ac9d2785ac50f27b",
    "settings": {
      "fd_thres": 0.2,
      "testing": false
    },
    "software": "mriqc",
    "version": "24.1.0.dev0+g3fe90466.d20240417"
  },
  "size_t": 99,
  "size_x": 76,
  "size_y": 102,
  "size_z": 60,
  "snr": 1.4784858022964367,
  "spacing_tr": 1.600000023841858,
  "spacing_x": 2.196079969406128,
  "spacing_y": 2.196079969406128,
  "spacing_z": 2.200000047683716,
  "summary_bg_k": 76.0363,
  "summary_bg_mad": 5.3613,
  "summary_bg_mean": 27.1114,
  "summary_bg_median": 25.0,
  "summary_bg_n": 330573.0,
  "summary_bg_p05": 0.0,
  "summary_bg_p95": 50.0,
  "summary_bg_stdv": 18.5027,
  "summary_fg_k": 3.5689,
  "summary_fg_mad": 133.7337,
  "summary_fg_mean": 232.4234,
  "summary_fg_median": 221.0,
  "summary_fg_n": 134547.0,
  "summary_fg_p05": 34.0,
  "summary_fg_p95": 495.0,
  "summary_fg_stdv": 149.4767,
  "tsnr": 13.763961235410534
}