{
  "aor": [
    0.0005643658210947931,
    0.001027837116154873,
    0.0013350734312416557,
    0.0014787983978638182
  ],
  "aqi": [
    0.005619612843791722,
    0.007569729706275035,
    0.01257188201602136,
    0.021234671028037385
  ],
  "bids_meta": {
    "AcquisitionDuration": 1230.47,
    "AcquisitionMatrixPE": 76,
    "AcquisitionTime": "19:50:1.207500",
    "B0FieldSource": [
      "001pepolarbold",
      "001phasediff"
    ],
    "BandwidthPerPixelPhaseEncode": 40.486,
    "BaseResolution": 102,
    "DerivedVendorReportedEchoSpacing": 0.000649997,
    "DwellTime": 2.5e-06,
    "EchoNumber": 2,
    "EchoTime": 0.0322,
    "EchoTrainLength": 28,
    "EffectiveEchoSpacing": 0.000324999,
    "FlipAngle": 64,
    "ImageOrientationPatientDICOM": [
      0.996853,
      -0.0157379,
      0.0776887,
      0.0372498,
      0.958139,
      -0.28387
    ],
    "ImageType": [
      "ORIGINAL",
      "PRIMARY",
      "FMRI",
      "NONE"
    ],
    "ImageTypeText": [
      "ORIGINAL",
      "PRIMARY",
      "M",
      "MB",
      "TE2",
      "DIS2D"
    ],
    "InPlanePhaseEncodingDirectionDICOM": "ROW",
    "PercentPhaseFOV": 74.5098,
    "PhaseEchoTime1": 0.0126,
    "PhaseEchoTime2": 0.0322,
    "PhaseEncodingDirection": "i-",
    "PixelBandwidth": 1961,
    "ProtocolName": "func-bold_task-rest_dir-LR__cmrr_me4_sms4",
    "PulseSequenceName": "epfid2d4_76",
    "ReceiveCoilActiveElements": "HC1-7",
    "ReconMatrixPE": 76,
    "RefLinesPE": 18,
    "RepetitionTime": 1.6,
    "SequenceVariant": "SK\\SS\\OSP",
    "SeriesDescription": "func-bold_task-rest_dir-LR__cmrr_me4_sms4",
    "SeriesNumber": 22,
    "ShimSetting": [
      8234,
      -5629,
      -6012,
      742,
      -93,
      -164,
      19,
      15
    ],
    "SliceThickness": 2.2,
    "SliceTiming": [
      0,
      0.8425,
      0.105,
      0.9475,
      0.21,
      1.0525,
      0.315,
      1.1575,
      0.42,
      1.2625,
      0.5275,
      1.37,
      0.6325,
      1.475,
      0.7375,
      0,
      0.8425,
      0.105,
      0.9475,
      0.21,
      1.0525,
      0.315,
      1.1575,
      0.42,
      1.2625,
      0.5275,
      1.37,
      0.6325,
      1.475,
      0.7375,
      0,
      0.8425,
      0.105,
      0.9475,
      0.21,
      1.0525,
      0.315,
      1.1575,
      0.42,
      1.2625,
      0.5275,
      1.37,
      0.6325,
      1.475,
      0.7375,
      0,
      0.8425,
      0.105,
      0.9475,
      0.21,
      1.0525,
      0.315,
      1.1575,
      0.42,
      1.2625,
      0.5275,
      1.37,
      0.6325,
      1.475,
      0.7375
    ],
    "SpacingBetweenSlices": 2.2,
    "TotalReadoutTime": 0.0243749,
    "TxRefAmp": 243.222,
    "WipMemBlock": "f07abd79-a60a-4eda-bfd4-5d996282169c||Sequence: R017 nxva30a/master r/d34922cc2+; Jun 27 2022 13:20:16 by eja",
    "dataset": "<unset>",
    "modality": "bold",
    "session_id": "001",
    "subject_id": "001",
    "task_id": "rest"
  },
  "dummy_trs": 1,
  "dvars_nstd": 47.07237511919789,
  "dvars_std": 1.035668335294117,
  "dvars_vstd": 1.0130903932754014,
  "efc": 0.5787,
  "fber": 241.0547,
  "fd_mean": 0.11924457000073233,
  "fd_num": 72,
  "fd_perc": 9.612817089452603,
  "fwhm_avg": 3.3525456051198375,
  "fwhm_x": 3.3166733914383273,
  "fwhm_y": 3.4106089506501283,
  "fwhm_z": 3.3303544732710564,
  "gcor": [
    0.0093481,
    0.0140851,
    0.0138781,
    0.0115699
  ],
  "gsr_x": 0.08943376690149307,
  "gsr_y": -0.0056316060945391655,
  "provenance": {
    "md5sum": "0996edf217b9f5b823656f6c2ccdf5d5",
    "settings": {
      "fd_thres": 0.2,
      "testing": false
    },
    "software": "mriqc",
    "version": "24.1.0.dev0+g3fe90466.d20240417"
  },
  "size_t": 749,
  "size_x": 76,
  "size_y": 102,
  "size_z": 60,
  "snr": 2.1042177154243404,
  "spacing_tr": 1.600000023841858,
  "spacing_x": 2.196079969406128,
  "spacing_y": 2.196079969406128,
  "spacing_z": 2.200000047683716,
  "summary_bg_k": 26.852,
  "summary_bg_mad": 17.2489,
  "summary_bg_mean": 58.5652,
  "summary_bg_median": 33.0,
  "summary_bg_n": 330046.0,
  "summary_bg_p05": 0.0,
  "summary_bg_p95": 215.0,
  "summary_bg_stdv": 81.698,
  "summary_fg_k": 0.9062,
  "summary_fg_mad": 221.7253,
  "summary_fg_mean": 532.0205,
  "summary_fg_median": 517.0,
  "summary_fg_n": 135074.0,
  "summary_fg_p05": 111.0,
  "summary_fg_p95": 956.0,
  "summary_fg_stdv": 245.6961,
  "tsnr": 26.79773789225146
}