{
  "aor": [
    0.0005643658210947931,
    0.001027837116154873,
    0.0013350734312416557,
    0.0014787983978638182
  ],
  "aqi": [
    0.005619612843791722,
    0.007569729706275035,
    0.01257188201602136,
    0.021234671028037385
  ],
  "bids_meta": {
    "AcquisitionDuration": 1230.47,
    "AcquisitionMatrixPE": 76,
    "AcquisitionTime": "19:50:1.187500",
    "B0FieldSource": [
      "001pepolarbold",
      "001phasediff"
    ],
    "BandwidthPerPixelPhaseEncode": 40.486,
    "BaseResolution": 102,
    "DerivedVendorReportedEchoSpacing": 0.000649997,
    "DwellTime": 2.5e-06,
    "EchoNumber": 1,
    "EchoTime": 0.0126,
    "EchoTrainLength": 28,
    "EffectiveEchoSpacing": 0.000324999,
    "FlipAngle": 64,
    "ImageOrientationPatientDICOM": [
      0.996853,
      -0.0157379,
      0.0776887,
      0.0372498,
      0.958139,
      -0.28387
    ],
    "ImageType": [
      "ORIGINAL",
      "PRIMARY",
      "FMRI",
      "NONE"
    ],
    "ImageTypeText": [
      "ORIGINAL",
      "PRIMARY",
      "M",
      "MB",
      "TE1",
      "DIS2D"
    ],
    "InPlanePhaseEncodingDirectionDICOM": "ROW",
    "PercentPhaseFOV": 74.5098,
    "PhaseEchoTime1": 0.0126,
    "PhaseEchoTime2": 0.0322,
    "PhaseEncodingDirection": "i-",
    "PixelBandwidth": 1961,
    "ProtocolName": "func-bold_task-rest_dir-LR__cmrr_me4_sms4",
    "PulseSequenceName": "epfid2d4_76",
    "ReceiveCoilActiveElements": "HC1-7",
    "ReconMatrixPE": 76,
    "RefLinesPE": 18,
    "RepetitionTime": 1.6,
    "SequenceVariant": "SK\\SS\\OSP",
    "SeriesDescription": "func-bold_task-rest_dir-LR__cmrr_me4_sms4",
    "SeriesNumber": 22,
    "ShimSetting": [
      8234,
      -5629,
      -6012,
      742,
      -93,
      -164,
      19,
      15
    ],
    "SliceThickness": 2.2,
    "SliceTiming": [
      0,
      0.845,
      0.1075,
      0.95,
      0.2125,
      1.055,
      0.3175,
      1.16,
      0.4225,
      1.265,
      0.5275,
      1.37,
      0.6325,
      1.475,
      0.7375,
      0,
      0.845,
      0.1075,
      0.95,
      0.2125,
      1.055,
      0.3175,
      1.16,
      0.4225,
      1.265,
      0.5275,
      1.37,
      0.6325,
      1.475,
      0.7375,
      0,
      0.845,
      0.1075,
      0.95,
      0.2125,
      1.055,
      0.3175,
      1.16,
      0.4225,
      1.265,
      0.5275,
      1.37,
      0.6325,
      1.475,
      0.7375,
      0,
      0.845,
      0.1075,
      0.95,
      0.2125,
      1.055,
      0.3175,
      1.16,
      0.4225,
      1.265,
      0.5275,
      1.37,
      0.6325,
      1.475,
      0.7375
    ],
    "SpacingBetweenSlices": 2.2,
    "TotalReadoutTime": 0.0243749,
    "TxRefAmp": 243.222,
    "WipMemBlock": "f07abd79-a60a-4eda-bfd4-5d996282169c||Sequence: R017 nxva30a/master r/d34922cc2+; Jun 27 2022 13:20:16 by eja",
    "dataset": "<unset>",
    "modality": "bold",
    "session_id": "001",
    "subject_id": "001",
    "task_id": "rest"
  },
  "dummy_trs": 1,
  "dvars_nstd": 36.4075984444519,
  "dvars_std": 1.038763177339571,
  "dvars_vstd": 1.0107535066711237,
  "efc": 0.6494,
  "fber": 154.3897,
  "fd_mean": 0.11924457000073233,
  "fd_num": 72,
  "fd_perc": 9.612817089452603,
  "fwhm_avg": 3.718013248069609,
  "fwhm_x": 3.478721224375957,
  "fwhm_y": 3.7298004235314908,
  "fwhm_z": 3.94551809630138,
  "gcor": [
    0.0093481,
    0.0140851,
    0.0138781,
    0.0115699
  ],
  "gsr_x": 0.1407700628042221,
  "gsr_y": 0.022045549005270004,
  "provenance": {
    "md5sum": "7ab2e46beeef1d8e415f0949e10b8d8a",
    "settings": {
      "fd_thres": 0.2,
      "testing": false
    },
    "software": "mriqc",
    "version": "24.1.0.dev0+g3fe90466.d20240417"
  },
  "size_t": 749,
  "size_x": 76,
  "size_y": 102,
  "size_z": 60,
  "snr": 2.5275039480522277,
  "spacing_tr": 1.600000023841858,
  "spacing_x": 2.196079969406128,
  "spacing_y": 2.196079969406128,
  "spacing_z": 2.200000047683716,
  "summary_bg_k": 5.8288,
  "summary_bg_mad": 59.0171,
  "summary_bg_mean": 167.836,
  "summary_bg_median": 63.0,
  "summary_bg_n": 330046.0,
  "summary_bg_p05": 0.0,
  "summary_bg_p95": 721.0,
  "summary_bg_stdv": 241.8597,
  "summary_fg_k": 0.9949,
  "summary_fg_mad": 294.8241,
  "summary_fg_mean": 816.6798,
  "summary_fg_median": 784.0,
  "summary_fg_n": 135074.0,
  "summary_fg_p05": 378.0,
  "summary_fg_p95": 1362.0,
  "summary_fg_stdv": 310.1863,
  "tsnr": 37.07113721850328
}