{
  "aor": [
    0.0005484541062801932,
    0.0005583091787439614,
    0.0006194202898550724,
    0.0007582125603864733
  ],
  "aqi": [
    0.007696045265700484,
    0.00825735541062802,
    0.01328532570048309,
    0.022352659903381644
  ],
  "bids_meta": {
    "AcquisitionDuration": 361.475,
    "AcquisitionMatrixPE": 76,
    "AcquisitionTime": "20:12:20.265000",
    "B0FieldSource": [
      "001pepolarbold",
      "001phasediff"
    ],
    "BandwidthPerPixelPhaseEncode": 40.486,
    "BaseResolution": 102,
    "DerivedVendorReportedEchoSpacing": 0.000649997,
    "DwellTime": 2.5e-06,
    "EchoNumber": 1,
    "EchoTime": 0.0126,
    "EchoTrainLength": 28,
    "EffectiveEchoSpacing": 0.000324999,
    "ImageOrientationPatientDICOM": [
      0.996853,
      -0.0157379,
      0.0776887,
      0.0372498,
      0.958139,
      -0.28387
    ],
    "ImageType": [
      "ORIGINAL",
      "PRIMARY",
      "FMRI",
      "NONE"
    ],
    "ImageTypeText": [
      "ORIGINAL",
      "PRIMARY",
      "M",
      "MB",
      "TE1",
      "DIS2D"
    ],
    "InPlanePhaseEncodingDirectionDICOM": "ROW",
    "PercentPhaseFOV": 74.5098,
    "PercentSampling": 100,
    "PhaseEchoTime1": 0.0126,
    "PhaseEchoTime2": 0.0322,
    "PhaseEncodingDirection": "i-",
    "PhaseResolution": 1,
    "PixelBandwidth": 1961,
    "ProtocolName": "func-bold_task-bht_dir-LR__cmrr_me4_sms4",
    "PulseSequenceName": "epfid2d4_76",
    "ReceiveCoilActiveElements": "HC1-7",
    "ReconMatrixPE": 76,
    "RefLinesPE": 18,
    "RepetitionTime": 1.6,
    "SequenceVariant": "SK\\SS\\OSP",
    "SeriesDescription": "func-bold_task-bht_dir-LR__cmrr_me4_sms4",
    "SeriesNumber": 24,
    "ShimSetting": [
      8234,
      -5630,
      -6014,
      741,
      -99,
      -182,
      9,
      9
    ],
    "SliceThickness": 2.2,
    "SliceTiming": [
      0,
      0.8425,
      0.105,
      0.9475,
      0.21,
      1.0525,
      0.315,
      1.1575,
      0.42,
      1.2625,
      0.525,
      1.37,
      0.6325,
      1.475,
      0.7375,
      0,
      0.8425,
      0.105,
      0.9475,
      0.21,
      1.0525,
      0.315,
      1.1575,
      0.42,
      1.2625,
      0.525,
      1.37,
      0.6325,
      1.475,
      0.7375,
      0,
      0.8425,
      0.105,
      0.9475,
      0.21,
      1.0525,
      0.315,
      1.1575,
      0.42,
      1.2625,
      0.525,
      1.37,
      0.6325,
      1.475,
      0.7375,
      0,
      0.8425,
      0.105,
      0.9475,
      0.21,
      1.0525,
      0.315,
      1.1575,
      0.42,
      1.2625,
      0.525,
      1.37,
      0.6325,
      1.475,
      0.7375
    ],
    "SpacingBetweenSlices": 2.2,
    "TotalReadoutTime": 0.0243749,
    "TxRefAmp": 243.222,
    "WipMemBlock": "fbc46fbc-dd9a-4d99-806c-782ca98f7976||Sequence: R017 nxva30a/master r/d34922cc2+; Jun 27 2022 13:20:16 by eja",
    "dataset": "<unset>",
    "modality": "bold",
    "session_id": "001",
    "subject_id": "001",
    "task_id": "bht"
  },
  "dummy_trs": 0,
  "dvars_nstd": 40.95373988849518,
  "dvars_std": 1.0416544490291264,
  "dvars_vstd": 1.0027940630582521,
  "efc": 0.6502,
  "fber": 148.4499,
  "fd_mean": 0.17733035969905483,
  "fd_num": 74,
  "fd_perc": 35.7487922705314,
  "fwhm_avg": 3.647357712817712,
  "fwhm_x": 3.46245132505637,
  "fwhm_y": 3.655117350836123,
  "fwhm_z": 3.8245044625606432,
  "gcor": [
    0.0188718,
    0.0215183,
    0.0210046,
    0.0176571
  ],
  "gsr_x": 0.14238333702087402,
  "gsr_y": 0.022495172917842865,
  "provenance": {
    "md5sum": "764470ef4af59a5267fc5b878834f1fb",
    "settings": {
      "fd_thres": 0.2,
      "testing": false
    },
    "software": "mriqc",
    "version": "24.1.0.dev0+g3fe90466.d20240417"
  },
  "size_t": 207,
  "size_x": 76,
  "size_y": 102,
  "size_z": 60,
  "snr": 2.5089782949384594,
  "spacing_tr": 1.600000023841858,
  "spacing_x": 2.196079969406128,
  "spacing_y": 2.196079969406128,
  "spacing_z": 2.200000047683716,
  "summary_bg_k": 5.9786,
  "summary_bg_mad": 59.741,
  "summary_bg_mean": 168.558,
  "summary_bg_median": 64.0,
  "summary_bg_n": 330105.0,
  "summary_bg_p05": 1.0,
  "summary_bg_p95": 725.0,
  "summary_bg_stdv": 242.5474,
  "summary_fg_k": 0.957,
  "summary_fg_mad": 294.2929,
  "summary_fg_mean": 811.6175,
  "summary_fg_median": 779.0,
  "summary_fg_n": 135015.0,
  "summary_fg_p05": 369.0,
  "summary_fg_p95": 1356.0,
  "summary_fg_stdv": 310.4838,
  "tsnr": 35.13503125542775
}