{
  "aor": [
    0.0007828640776699029,
    0.0006720388349514563,
    0.0007,
    0.0008536893203883493
  ],
  "aqi": [
    0.005513220582524272,
    0.006308290145631067,
    0.010343786262135923,
    0.01804100873786408
  ],
  "bids_meta": {
    "AcquisitionDuration": 361.472,
    "AcquisitionMatrixPE": 96,
    "AcquisitionTime": "18:40:20.380000",
    "B0FieldSource": [
      "017pepolarbold",
      "017phasediff"
    ],
    "BandwidthPerPixelPhaseEncode": 37.879,
    "BaseResolution": 96,
    "DerivedVendorReportedEchoSpacing": 0.000549997,
    "DwellTime": 2.3e-06,
    "EchoNumber": 4,
    "EchoTime": 0.07392,
    "EchoTrainLength": 35,
    "EffectiveEchoSpacing": 0.000274998,
    "ImageOrientationPatientDICOM": [
      0.99944,
      -0.0275911,
      0.0189186,
      0.0322817,
      0.943794,
      -0.328955
    ],
    "ImageType": [
      "ORIGINAL",
      "PRIMARY",
      "FMRI",
      "NONE"
    ],
    "ImageTypeText": [
      "ORIGINAL",
      "PRIMARY",
      "M",
      "MB",
      "TE4",
      "DIS2D"
    ],
    "InPlanePhaseEncodingDirectionDICOM": "COL",
    "PercentPhaseFOV": 100,
    "PercentSampling": 100,
    "PhaseEchoTime1": 0.0126,
    "PhaseEchoTime2": 0.03304,
    "PhaseEncodingDirection": "j",
    "PhaseResolution": 1,
    "PixelBandwidth": 2264,
    "ProtocolName": "func-bold_task-bht_dir-PA__cmrr_me4_sms4",
    "PulseSequenceName": "epfid2d4_96",
    "ReceiveCoilActiveElements": "HC1-7",
    "ReconMatrixPE": 96,
    "RefLinesPE": 22,
    "RepetitionTime": 1.6,
    "SequenceVariant": "SK\\SS",
    "SeriesDescription": "func-bold_task-bht_dir-PA__cmrr_me4_sms4",
    "SeriesNumber": 25,
    "ShimSetting": [
      8231,
      -5633,
      -6016,
      628,
      -23,
      -230,
      20,
      23
    ],
    "SliceThickness": 2.2,
    "SliceTiming": [
      0,
      0.8425,
      0.105,
      0.9475,
      0.21,
      1.0525,
      0.315,
      1.1575,
      0.42,
      1.265,
      0.5275,
      1.37,
      0.6325,
      1.475,
      0.7375,
      0,
      0.8425,
      0.105,
      0.9475,
      0.21,
      1.0525,
      0.315,
      1.1575,
      0.42,
      1.265,
      0.5275,
      1.37,
      0.6325,
      1.475,
      0.7375,
      0,
      0.8425,
      0.105,
      0.9475,
      0.21,
      1.0525,
      0.315,
      1.1575,
      0.42,
      1.265,
      0.5275,
      1.37,
      0.6325,
      1.475,
      0.7375,
      0,
      0.8425,
      0.105,
      0.9475,
      0.21,
      1.0525,
      0.315,
      1.1575,
      0.42,
      1.265,
      0.5275,
      1.37,
      0.6325,
      1.475,
      0.7375
    ],
    "SpacingBetweenSlices": 2.2,
    "TotalReadoutTime": 0.0261249,
    "TxRefAmp": 244.756,
    "WipMemBlock": "841027bf-106b-45df-a22f-aab986ef2737||Sequence: R017 nxva30a/master r/d34922cc2+; Jun 27 2022 13:20:16 by eja",
    "dataset": "<unset>",
    "modality": "bold",
    "session_id": "017",
    "subject_id": "001",
    "task_id": "bht"
  },
  "dummy_trs": 1,
  "dvars_nstd": 93.17282889775608,
  "dvars_std": 1.0674892335609747,
  "dvars_vstd": 1.0074145464390236,
  "efc": 0.512,
  "fber": 129.4319,
  "fd_mean": 0.20787947899285053,
  "fd_num": 102,
  "fd_perc": 49.51456310679612,
  "fwhm_avg": 2.5483222007919877,
  "fwhm_x": 2.4083996677291757,
  "fwhm_y": 2.7825033514735464,
  "fwhm_z": 2.4540635831732405,
  "gcor": [
    0.0205162,
    0.0237871,
    0.0230085,
    0.018927
  ],
  "gsr_x": 0.0032129876781255007,
  "gsr_y": 0.027467329055070877,
  "provenance": {
    "md5sum": "aac3c4b39cc6ddf377e1ec5424b72574",
    "settings": {
      "fd_thres": 0.2,
      "testing": false
    },
    "software": "mriqc",
    "version": "24.1.0.dev0+g3fe90466.d20240417"
  },
  "size_t": 206,
  "size_x": 96,
  "size_y": 96,
  "size_z": 60,
  "snr": 1.4716987239490058,
  "spacing_tr": 1.600000023841858,
  "spacing_x": 2.197920083999634,
  "spacing_y": 2.197920083999634,
  "spacing_z": 2.200000047683716,
  "summary_bg_k": 249.3865,
  "summary_bg_mad": 2.0872,
  "summary_bg_mean": 19.9467,
  "summary_bg_median": 18.0,
  "summary_bg_n": 417456.0,
  "summary_bg_p05": 0.0,
  "summary_bg_p95": 35.0,
  "summary_bg_stdv": 14.5192,
  "summary_fg_k": 4.672,
  "summary_fg_mad": 120.7421,
  "summary_fg_mean": 214.6257,
  "summary_fg_median": 205.0,
  "summary_fg_n": 135504.0,
  "summary_fg_p05": 26.0,
  "summary_fg_p95": 455.0,
  "summary_fg_stdv": 139.2943,
  "tsnr": 14.696541921934113
}