{
  "NumberOfShells": 4,
  "bValues": [
    0.0,
    700.0,
    1000.0,
    2000.0,
    3000.0
  ],
  "bValuesEstimation": [
    700.0,
    1000.0,
    2000.0,
    3000.0
  ],
  "bdiffs_max": 0.4141,
  "bdiffs_mean": 0.2569,
  "bdiffs_median": 0.2821,
  "bdiffs_min": 0.0065,
  "bids_meta": {
    "AcquisitionMatrixPE": 146,
    "AcquisitionNumber": 1,
    "AcquisitionTime": "19:24:20.570000",
    "B0FieldSource": [
      "excl029pepolarb0",
      "excl029phasediff"
    ],
    "BandwidthPerPixelPhaseEncode": 19.569,
    "BaseResolution": 146,
    "BodyPartExamined": "BRAIN",
    "CoilCombinationMethod": "Adaptive Combine",
    "CoilString": "HeadNeck_64",
    "ConversionSoftware": "dcm2niix",
    "ConversionSoftwareVersion": "v1.0.20220720",
    "Deltas": [
      0.0233,
      0.0475
    ],
    "DerivedVendorReportedEchoSpacing": 0.000700017,
    "DeviceSerialNumber": "67014",
    "DiffusionScheme": "Monopolar",
    "DwellTime": 2.1e-06,
    "EchoTime": 0.098,
    "EchoTrainLength": 64,
    "EffectiveEchoSpacing": 0.000350008,
    "FlipAngle": 90,
    "HeudiconvVersion": "1.0.0",
    "ImageOrientationPatientDICOM": [
      0.99978,
      0.020623,
      -0.00389146,
      -0.0207678,
      0.99891,
      -0.0418084
    ],
    "ImageType": [
      "ORIGINAL",
      "PRIMARY",
      "DIFFUSION",
      "NONE",
      "ND",
      "MFSPLIT"
    ],
    "ImageTypeText": [
      "ORIGINAL",
      "PRIMARY",
      "DIFFUSION",
      "NONE"
    ],
    "ImagingFrequency": 123.248,
    "InPlanePhaseEncodingDirectionDICOM": "COL",
    "InstitutionAddress": "Rue du Bugnon 21,Lausanne,District,CH,1011",
    "InstitutionName": "CHUV",
    "MRAcquisitionType": "2D",
    "MagneticFieldStrength": 3,
    "Manufacturer": "Siemens",
    "ManufacturersModelName": "MAGNETOM Prisma Fit",
    "Modality": "MR",
    "MultibandAccelerationFactor": 3,
    "NonlinearGradientCorrection": false,
    "ParallelReductionFactorInPlane": 2,
    "PartialFourier": 0.875,
    "PatientPosition": "HFS",
    "PercentPhaseFOV": 100,
    "PercentSampling": 100,
    "PhaseEncodingDirection": "j",
    "PhaseEncodingSteps": 146,
    "PhaseResolution": 1,
    "PixelBandwidth": 1631,
    "ProcedureStepDescription": "RESEARCH Oscar",
    "ProtocolName": "dwi-dwi_acq-highres_dir-PA__trigger_monopolar",
    "PulseSequenceDetails": "%CustomerSeq%\\ep2d_diff_trigg",
    "ReceiveCoilActiveElements": "HC1-6",
    "ReceiveCoilName": "HeadNeck_64",
    "ReconMatrixPE": 146,
    "RefLinesPE": 54,
    "RepetitionTime": 7,
    "SAR": 0.133463,
    "ScanOptions": "PFP\\FS\\PER",
    "ScanningSequence": "GR\\EP",
    "SequenceName": "ep_b0",
    "SequenceVariant": "SK",
    "SeriesDescription": "dwi-dwi_acq-highres_dir-PA__trigger_monopolar",
    "SeriesNumber": 10,
    "ShimSetting": [
      8221,
      -5635,
      -6052,
      596,
      -42,
      -318,
      37,
      9
    ],
    "SliceThickness": 1.6,
    "SliceTiming": [
      0,
      6.1425,
      0.14,
      6.2825,
      0.2775,
      6.4225,
      0.4175,
      6.5625,
      0.5575,
      6.7025,
      0.6975,
      6.8425,
      0.8375,
      6.9825,
      0.9775,
      7.12,
      1.1175,
      7.26,
      1.255,
      7.4,
      1.395,
      7.54,
      1.535,
      7.68,
      1.675,
      7.82,
      1.815,
      7.96,
      1.955,
      8.0975,
      2.095,
      8.2375,
      2.2325,
      8.3775,
      2.3725,
      8.5175,
      2.5125,
      8.6575,
      2.6525,
      8.7975,
      2.7925,
      8.9375,
      2.9325,
      9.075,
      3.0725,
      9.215,
      3.21,
      9.355,
      3.35,
      9.495,
      3.49,
      9.635,
      3.63,
      9.775,
      3.77,
      9.915,
      3.91,
      10.0525,
      4.05,
      10.1925,
      4.1875,
      10.3325,
      4.3275,
      10.4725,
      4.4675,
      10.6125,
      4.6075,
      10.7525,
      4.7475,
      10.8925,
      4.8875,
      11.03,
      5.0275,
      11.17,
      5.165,
      11.31,
      5.305,
      11.45,
      5.445,
      11.59,
      5.585,
      11.73,
      5.725,
      11.87,
      5.865,
      12.0075,
      6.005
    ],
    "SoftwareVersions": "syngo MR XA30",
    "SpacingBetweenSlices": 1.6,
    "StationName": "LRG10884",
    "TotalReadoutTime": 0.0507512,
    "TxRefAmp": 243.011,
    "acq_id": "highres",
    "dataset": "hcph",
    "modality": "dwi",
    "session_id": "excl029",
    "subject_id": "001"
  },
  "efc_shell01": 2.1661,
  "efc_shell02": 1.0556,
  "efc_shell03": 0.7977,
  "efc_shell04": 0.5717,
  "efc_shell05": 0.6014,
  "fa_degenerate": 0.0,
  "fa_nans": 0.0,
  "fber_shell01": 32.0625,
  "fber_shell02": 127.3673,
  "fber_shell03": 177.7778,
  "fber_shell04": 103.3611,
  "fber_shell05": 49.0,
  "fd_mean": 10.0868,
  "fd_num": 277,
  "fd_perc": 98.92857142857143,
  "ndc": 0.6676,
  "provenance": {
    "md5sum": "4f5403688fa23c01fb9773b124c49732",
    "settings": {
      "testing": false
    },
    "software": "mriqc",
    "version": "24.0.0"
  },
  "sigma_cc": 32.6172,
  "sigma_pca": 15.7118,
  "sigma_piesno": 1.6508,
  "snr_cc_shell0": 5.01,
  "snr_cc_shell1_best": 5.03,
  "snr_cc_shell1_worst": 5.03,
  "snr_cc_shell2_best": 3.16,
  "snr_cc_shell2_worst": 3.06,
  "snr_cc_shell3_best": 2.72,
  "snr_cc_shell3_worst": 2.55,
  "snr_cc_shell4_best": 2.0,
  "snr_cc_shell4_worst": 1.63,
  "spikes_global": 34.31,
  "spikes_slice_i": 182.2,
  "spikes_slice_j": 181.92,
  "spikes_slice_k": 183.97,
  "summary_bg_k": 738.447,
  "summary_bg_mad": 8.8956,
  "summary_bg_mean": 27.2443,
  "summary_bg_median": 9.0,
  "summary_bg_n": 1497938.0,
  "summary_bg_p05": 2.0,
  "summary_bg_p95": 101.0,
  "summary_bg_stdv": 104.6818,
  "summary_fg_k": 9.1159,
  "summary_fg_mad": 169.0167,
  "summary_fg_mean": 395.5197,
  "summary_fg_median": 306.0,
  "summary_fg_n": 356554.0,
  "summary_fg_p05": 106.0,
  "summary_fg_p95": 1040.0,
  "summary_fg_stdv": 314.2314,
  "summary_wm_k": 9.9163,
  "summary_wm_mad": 80.0605,
  "summary_wm_mean": 219.1642,
  "summary_wm_median": 216.0,
  "summary_wm_n": 102852.0,
  "summary_wm_p05": 97.0,
  "summary_wm_p95": 354.0,
  "summary_wm_stdv": 85.2283
}