{
  "NumberOfShells": 4,
  "bValues": [
    0.0,
    700.0,
    1000.0,
    2000.0,
    3000.0
  ],
  "bValuesEstimation": [
    700.0,
    1000.0,
    2000.0,
    3000.0
  ],
  "bdiffs_max": 0.2514,
  "bdiffs_mean": 0.1175,
  "bdiffs_median": 0.1079,
  "bdiffs_min": 0.0105,
  "bids_meta": {
    "AcquisitionMatrixPE": 108,
    "AcquisitionNumber": 1,
    "AcquisitionTime": "16:57:15.795000",
    "B0FieldSource": [
      "pilot015pepolarb0",
      "pilot015phasediff"
    ],
    "BandwidthPerPixelPhaseEncode": 19.73,
    "BaseResolution": 146,
    "BodyPartExamined": "BRAIN",
    "CoilCombinationMethod": "Adaptive Combine",
    "CoilString": "HeadNeck_64",
    "ConversionSoftware": "dcm2niix",
    "ConversionSoftwareVersion": "v1.0.20220720",
    "Deltas": [
      0.0272,
      0.0469
    ],
    "DerivedVendorReportedEchoSpacing": 0.000938597,
    "DeviceSerialNumber": "67014",
    "DiffusionScheme": "Monopolar",
    "DwellTime": 2.1e-06,
    "EchoTime": 0.09,
    "EchoTrainLength": 48,
    "EffectiveEchoSpacing": 0.000469298,
    "FlipAngle": 90,
    "HeudiconvVersion": "1.0.0",
    "ImageOrientationPatientDICOM": [
      0.998648,
      0.0477365,
      -0.0205989,
      -0.0514631,
      0.963939,
      -0.261101
    ],
    "ImageType": [
      "ORIGINAL",
      "PRIMARY",
      "DIFFUSION",
      "NONE",
      "ND",
      "MFSPLIT"
    ],
    "ImageTypeText": [
      "ORIGINAL",
      "PRIMARY",
      "DIFFUSION",
      "NONE"
    ],
    "ImagingFrequency": 123.248,
    "InPlanePhaseEncodingDirectionDICOM": "ROW",
    "InstitutionAddress": "Rue du Bugnon 21,Lausanne,District,CH,1011",
    "InstitutionName": "CHUV",
    "MRAcquisitionType": "2D",
    "MagneticFieldStrength": 3,
    "Manufacturer": "Siemens",
    "ManufacturersModelName": "MAGNETOM Prisma Fit",
    "Modality": "MR",
    "MultibandAccelerationFactor": 3,
    "NonlinearGradientCorrection": false,
    "ParallelReductionFactorInPlane": 2,
    "PartialFourier": 0.875,
    "PatientPosition": "HFS",
    "PercentPhaseFOV": 73.9726,
    "PercentSampling": 100,
    "PhaseEncodingDirection": "i-",
    "PhaseEncodingSteps": 108,
    "PhaseResolution": 1,
    "PixelBandwidth": 1631,
    "ProcedureStepDescription": "RESEARCH Oscar",
    "ProtocolName": "dwi-dwi_acq-highres_dir-LR__279dir_monopolar",
    "PulseSequenceDetails": "%SiemensSeq%\\ep2d_diff",
    "ReceiveCoilActiveElements": "HC1-7",
    "ReceiveCoilName": "HeadNeck_64",
    "ReconMatrixPE": 108,
    "RefLinesPE": 40,
    "RepetitionTime": 3.9,
    "SAR": 0.324841,
    "ScanOptions": "PFP\\FS\\PER",
    "ScanningSequence": "GR\\EP",
    "SequenceName": "*ep_b0",
    "SequenceVariant": "SK",
    "SeriesDescription": "dwi-dwi_acq-highres_dir-LR__279dir_monopolar",
    "SeriesNumber": 7,
    "ShimSetting": [
      8223,
      -5628,
      -6024,
      696,
      -92,
      -231,
      9,
      45
    ],
    "SliceThickness": 1.6,
    "SliceTiming": [
      0,
      5.885,
      0.135,
      6.02,
      0.2675,
      6.1525,
      0.4025,
      6.2875,
      0.535,
      6.42,
      0.67,
      6.555,
      0.8025,
      6.6875,
      0.9375,
      6.8225,
      1.07,
      6.955,
      1.205,
      7.09,
      1.3375,
      7.2225,
      1.4725,
      7.3575,
      1.605,
      7.49,
      1.74,
      7.625,
      1.8725,
      7.7575,
      2.0075,
      7.8925,
      2.14,
      8.025,
      2.275,
      8.16,
      2.4075,
      8.2925,
      2.5425,
      8.4275,
      2.675,
      8.56,
      2.81,
      8.695,
      2.9425,
      8.8275,
      3.0775,
      8.9625,
      3.21,
      9.095,
      3.345,
      9.23,
      3.4775,
      9.3625,
      3.6125,
      9.4975,
      3.745,
      9.63,
      3.88,
      9.765,
      4.0125,
      9.8975,
      4.1475,
      10.0325,
      4.28,
      10.165,
      4.415,
      10.3,
      4.5475,
      10.4325,
      4.6825,
      10.5675,
      4.815,
      10.7,
      4.95,
      10.835,
      5.0825,
      10.9675,
      5.2175,
      11.1025,
      5.35,
      11.235,
      5.485,
      11.37,
      5.6175,
      11.5025,
      5.7525
    ],
    "SoftwareVersions": "syngo MR XA30",
    "SpacingBetweenSlices": 1.6,
    "StationName": "LRG10884",
    "TotalReadoutTime": 0.0502149,
    "TxRefAmp": 254.186,
    "VendorReportedEchoSpacing": 0.00093,
    "acq_id": "highres",
    "dataset": "hcph",
    "modality": "dwi",
    "session_id": "pilot015",
    "subject_id": "001"
  },
  "efc_shell01": 2.2696,
  "efc_shell02": 1.0824,
  "efc_shell03": 0.8707,
  "efc_shell04": 0.6902,
  "efc_shell05": 0.6949,
  "fa_degenerate": 0.0,
  "fa_nans": 0.0,
  "fber_shell01": 12.0178,
  "fber_shell02": 36.8622,
  "fber_shell03": 42.7515,
  "fber_shell04": 25.0,
  "fber_shell05": 14.5785,
  "fd_mean": 17.025,
  "fd_num": 279,
  "fd_perc": 99.64285714285714,
  "ndc": 0.6835,
  "provenance": {
    "md5sum": "d16ca0548a5cd98e6d8434dfaacf57bd",
    "settings": {
      "testing": false
    },
    "software": "mriqc",
    "version": "24.0.0"
  },
  "sigma_cc": 41.5129,
  "sigma_pca": 19.4686,
  "sigma_piesno": 7.9236,
  "snr_cc_shell0": 3.62,
  "snr_cc_shell1_best": 3.51,
  "snr_cc_shell1_worst": 3.51,
  "snr_cc_shell2_best": 2.38,
  "snr_cc_shell2_worst": 1.65,
  "snr_cc_shell3_best": 2.09,
  "snr_cc_shell3_worst": 1.27,
  "snr_cc_shell4_best": 1.52,
  "snr_cc_shell4_worst": 1.02,
  "spikes_global": 45.72,
  "spikes_slice_i": 272.74,
  "spikes_slice_j": 229.2,
  "spikes_slice_k": 250.96,
  "summary_bg_k": 225.7309,
  "summary_bg_mad": 17.7912,
  "summary_bg_mean": 37.7515,
  "summary_bg_median": 18.0,
  "summary_bg_n": 990631.0,
  "summary_bg_p05": 3.0,
  "summary_bg_p95": 127.0,
  "summary_bg_stdv": 81.1422,
  "summary_fg_k": 7.0224,
  "summary_fg_mad": 148.2602,
  "summary_fg_mean": 328.1364,
  "summary_fg_median": 276.0,
  "summary_fg_n": 381185.0,
  "summary_fg_p05": 92.0,
  "summary_fg_p95": 762.0,
  "summary_fg_stdv": 218.6947,
  "summary_wm_k": 2.9678,
  "summary_wm_mad": 74.1301,
  "summary_wm_mean": 198.4176,
  "summary_wm_median": 195.0,
  "summary_wm_n": 101853.0,
  "summary_wm_p05": 85.0,
  "summary_wm_p95": 324.0,
  "summary_wm_stdv": 75.7501
}