{
  "aor": [
    0.0024814666666666666,
    0.0021896,
    0.0019328000000000001,
    0.0015955333333333335
  ],
  "aqi": [
    0.007397814133333333,
    0.007642447333333333,
    0.011515984933333332,
    0.021499726666666667
  ],
  "bids_meta": {
    "AcquisitionDuration": 265.442,
    "AcquisitionMatrixPE": 108,
    "AcquisitionNumber": 1,
    "AcquisitionTime": "16:50:4.332500",
    "B0FieldSource": [
      "pilot005pepolarbold",
      "pilot005phasediff"
    ],
    "BandwidthPerPixelPhaseEncode": 34.294,
    "BaseResolution": 108,
    "BodyPartExamined": "BRAIN",
    "CoilCombinationMethod": "Sum of Squares",
    "CoilString": "HeadNeck_64",
    "ConversionSoftware": "dcm2niix",
    "ConversionSoftwareVersion": "v1.0.20220720",
    "DerivedVendorReportedEchoSpacing": 0.000539993,
    "DeviceSerialNumber": "67014",
    "DwellTime": 2e-06,
    "EchoNumber": 3,
    "EchoTime": 0.05812,
    "EchoTrainLength": 40,
    "EffectiveEchoSpacing": 0.000269996,
    "FlipAngle": 80,
    "HeudiconvVersion": "1.0.0",
    "ImageComments": "Unaliased MB4/PE4/LB",
    "ImageOrientationPatientDICOM": [
      0.998233,
      0.0495591,
      0.0327836,
      -0.0484724,
      0.998274,
      -0.0331517
    ],
    "ImageType": [
      "ORIGINAL",
      "PRIMARY",
      "FMRI",
      "NONE"
    ],
    "ImageTypeText": [
      "ORIGINAL",
      "PRIMARY",
      "M",
      "MB",
      "TE3",
      "DIS2D"
    ],
    "ImagingFrequency": 123.248,
    "InPlanePhaseEncodingDirectionDICOM": "COL",
    "InstitutionAddress": "Rue du Bugnon 21,Lausanne,District,CH,1011",
    "InstitutionName": "CHUV",
    "MRAcquisitionType": "2D",
    "MTState": false,
    "MagneticFieldStrength": 3,
    "Manufacturer": "Siemens",
    "ManufacturersModelName": "MAGNETOM Prisma Fit",
    "MatrixCoilMode": "GRAPPA",
    "Modality": "MR",
    "MultibandAccelerationFactor": 4,
    "NonlinearGradientCorrection": true,
    "ParallelAcquisitionTechnique": "GRAPPA",
    "ParallelReductionFactorInPlane": 2,
    "PartialFourier": 0.75,
    "PartialFourierDirection": "PHASE",
    "PatientPosition": "HFS",
    "PercentPhaseFOV": 100,
    "PercentSampling": 100,
    "PhaseEncodingDirection": "j-",
    "PhaseResolution": 1,
    "PixelBandwidth": 2315,
    "ProcedureStepDescription": "RESEARCH Oscar",
    "ProtocolName": "cmrr_mbep2d_bold_me4_sms4_fa80",
    "PulseSequenceDetails": "%CustomerSeq%\\cmrr_mbep2d_bold",
    "PulseSequenceName": "epfid2d4_108",
    "ReceiveCoilActiveElements": "HC1-6",
    "ReceiveCoilName": "HeadNeck_64",
    "ReconMatrixPE": 108,
    "RefLinesPE": 26,
    "RepetitionTime": 1.573,
    "ScanOptions": "PFP\\FS",
    "ScanningSequence": "EP",
    "SequenceVariant": "SK\\SS",
    "SeriesDescription": "cmrr_mbep2d_bold_me4_sms4_fa80",
    "SeriesNumber": 5,
    "ShimSetting": [
      8230,
      -5624,
      -6018,
      699,
      -79,
      -124,
      41,
      44
    ],
    "SliceThickness": 2,
    "SliceTiming": [
      0,
      0.3325,
      0.665,
      0.9975,
      1.33,
      0.11,
      0.4425,
      0.775,
      1.1075,
      1.44,
      0.22,
      0.5525,
      0.885,
      1.22,
      0,
      0.3325,
      0.665,
      0.9975,
      1.33,
      0.11,
      0.4425,
      0.775,
      1.1075,
      1.44,
      0.22,
      0.5525,
      0.885,
      1.22,
      0,
      0.3325,
      0.665,
      0.9975,
      1.33,
      0.11,
      0.4425,
      0.775,
      1.1075,
      1.44,
      0.22,
      0.5525,
      0.885,
      1.22,
      0,
      0.3325,
      0.665,
      0.9975,
      1.33,
      0.11,
      0.4425,
      0.775,
      1.1075,
      1.44,
      0.22,
      0.5525,
      0.885,
      1.22
    ],
    "SoftwareVersions": "syngo MR XA30",
    "SpacingBetweenSlices": 2,
    "StationName": "LRG10884",
    "TaskName": "rest",
    "TotalReadoutTime": 0.0288896,
    "TxRefAmp": 243.446,
    "WipMemBlock": "f139d944-8f4a-4b5a-8ade-e062df939652||Sequence: R017 nxva30a/master r/d34922cc2+; Jun 27 2022 13:20:16 by eja",
    "acq_id": "fa80",
    "dataset": "<unset>",
    "modality": "bold",
    "session_id": "pilot005",
    "subject_id": "001",
    "task_id": "rest"
  },
  "dummy_trs": 0,
  "dvars_nstd": 67.67073102597315,
  "dvars_std": 1.0280759998657718,
  "dvars_vstd": 1.0202710541610733,
  "efc": 0.5075,
  "fber": 265.8015,
  "fd_mean": 0.0730070143279597,
  "fd_num": 0,
  "fd_perc": 0.0,
  "fwhm_avg": 2.8621033333333337,
  "fwhm_x": 2.68702,
  "fwhm_y": 3.250265,
  "fwhm_z": 2.649025,
  "gcor": [
    0.0055447,
    0.00823127,
    0.00743967,
    0.00560684
  ],
  "gsr_x": 0.005247981287539005,
  "gsr_y": 0.019811494275927544,
  "provenance": {
    "md5sum": "45192565369da5ca31b378a31afdebe7",
    "settings": {
      "fd_thres": 0.2,
      "testing": false
    },
    "software": "mriqc",
    "version": "24.1.0.dev0+g3fe90466.d20240417"
  },
  "size_t": 150,
  "size_x": 108,
  "size_y": 108,
  "size_z": 56,
  "snr": 1.7285636901067376,
  "spacing_tr": 1.5729999542236328,
  "spacing_x": 2.0,
  "spacing_y": 2.0,
  "spacing_z": 2.0,
  "summary_bg_k": 84.3271,
  "summary_bg_mad": 3.5088,
  "summary_bg_mean": 24.6373,
  "summary_bg_median": 20.0,
  "summary_bg_n": 490592.0,
  "summary_bg_p05": 3.0,
  "summary_bg_p95": 55.0,
  "summary_bg_stdv": 24.7124,
  "summary_fg_k": 2.3976,
  "summary_fg_mad": 155.9994,
  "summary_fg_mean": 331.3322,
  "summary_fg_median": 318.0,
  "summary_fg_n": 162592.0,
  "summary_fg_p05": 44.0,
  "summary_fg_p95": 650.0,
  "summary_fg_stdv": 183.9672,
  "tsnr": 19.568150262348354
}