{
  "aor": [
    0.00026645333333333337,
    0.00030497333333333337,
    0.00035470666666666663,
    0.00048155999999999996
  ],
  "aqi": [
    0.004954220386666667,
    0.00518272572,
    0.008994669226666667,
    0.015951769600000002
  ],
  "bids_meta": {
    "AcquisitionDuration": 1230.47,
    "AcquisitionMatrixPE": 96,
    "AcquisitionTime": "21:24:52.242500",
    "B0FieldSource": [
      "011pepolarbold",
      "011phasediff"
    ],
    "BandwidthPerPixelPhaseEncode": 37.879,
    "BaseResolution": 96,
    "DerivedVendorReportedEchoSpacing": 0.000549997,
    "DwellTime": 2.3e-06,
    "EchoNumber": 1,
    "EchoTime": 0.0126,
    "EchoTrainLength": 35,
    "EffectiveEchoSpacing": 0.000274998,
    "FlipAngle": 64,
    "ImageOrientationPatientDICOM": [
      0.998428,
      0.0269782,
      0.0491372,
      -0.00697046,
      0.929519,
      -0.368708
    ],
    "ImageType": [
      "ORIGINAL",
      "PRIMARY",
      "FMRI",
      "NONE"
    ],
    "ImageTypeText": [
      "ORIGINAL",
      "PRIMARY",
      "M",
      "MB",
      "TE1",
      "DIS2D"
    ],
    "InPlanePhaseEncodingDirectionDICOM": "COL",
    "PercentPhaseFOV": 100,
    "PhaseEchoTime1": 0.0126,
    "PhaseEchoTime2": 0.03304,
    "PhaseEncodingDirection": "j-",
    "PixelBandwidth": 2264,
    "ProtocolName": "func-bold_task-rest_dir-AP__cmrr_me4_sms4",
    "PulseSequenceName": "epfid2d4_96",
    "ReceiveCoilActiveElements": "HC1-7",
    "ReconMatrixPE": 96,
    "RefLinesPE": 22,
    "RepetitionTime": 1.6,
    "SequenceVariant": "SK\\SS",
    "SeriesDescription": "func-bold_task-rest_dir-AP__cmrr_me4_sms4",
    "SeriesNumber": 30,
    "ShimSetting": [
      8244,
      -5608,
      -6011,
      700,
      -68,
      -145,
      16,
      46
    ],
    "SliceThickness": 2.2,
    "SliceTiming": [
      0,
      0.8425,
      0.105,
      0.9475,
      0.21,
      1.0525,
      0.315,
      1.1575,
      0.42,
      1.265,
      0.5275,
      1.37,
      0.6325,
      1.475,
      0.7375,
      0,
      0.8425,
      0.105,
      0.9475,
      0.21,
      1.0525,
      0.315,
      1.1575,
      0.42,
      1.265,
      0.5275,
      1.37,
      0.6325,
      1.475,
      0.7375,
      0,
      0.8425,
      0.105,
      0.9475,
      0.21,
      1.0525,
      0.315,
      1.1575,
      0.42,
      1.265,
      0.5275,
      1.37,
      0.6325,
      1.475,
      0.7375,
      0,
      0.8425,
      0.105,
      0.9475,
      0.21,
      1.0525,
      0.315,
      1.1575,
      0.42,
      1.265,
      0.5275,
      1.37,
      0.6325,
      1.475,
      0.7375
    ],
    "SpacingBetweenSlices": 2.2,
    "TotalReadoutTime": 0.0261249,
    "TxRefAmp": 242.543,
    "WipMemBlock": "6c254e19-4ca9-4d5b-93d8-e948b9f3db6b||Sequence: R017 nxva30a/master r/d34922cc2+; Jun 27 2022 13:20:16 by eja",
    "dataset": "<unset>",
    "modality": "bold",
    "session_id": "011",
    "subject_id": "001",
    "task_id": "rest"
  },
  "dummy_trs": 0,
  "dvars_nstd": 26.61196846455274,
  "dvars_std": 1.0467649855006684,
  "dvars_vstd": 1.0024292815086782,
  "efc": 0.5794,
  "fber": 657.6373,
  "fd_mean": 0.09892544763504706,
  "fd_num": 13,
  "fd_perc": 1.7333333333333334,
  "fwhm_avg": 3.5851984747289873,
  "fwhm_x": 3.2595498135505427,
  "fwhm_y": 3.625400239984944,
  "fwhm_z": 3.870645370651476,
  "gcor": [
    0.0267599,
    0.0277024,
    0.0236533,
    0.0175805
  ],
  "gsr_x": -0.004464053548872471,
  "gsr_y": 0.10974795371294022,
  "provenance": {
    "md5sum": "4404766b29ed8a30df53277d33b94785",
    "settings": {
      "fd_thres": 0.2,
      "testing": false
    },
    "software": "mriqc",
    "version": "24.1.0.dev0+g3fe90466.d20240417"
  },
  "size_t": 750,
  "size_x": 96,
  "size_y": 96,
  "size_z": 60,
  "snr": 2.5573423850734893,
  "spacing_tr": 1.600000023841858,
  "spacing_x": 2.197920083999634,
  "spacing_y": 2.197920083999634,
  "spacing_z": 2.200000047683716,
  "summary_bg_k": 10.4027,
  "summary_bg_mad": 22.1659,
  "summary_bg_mean": 126.7707,
  "summary_bg_median": 32.0,
  "summary_bg_n": 418792.0,
  "summary_bg_p05": 1.0,
  "summary_bg_p95": 632.0,
  "summary_bg_stdv": 224.0141,
  "summary_fg_k": 0.7468,
  "summary_fg_mad": 294.4863,
  "summary_fg_mean": 851.9349,
  "summary_fg_median": 814.0,
  "summary_fg_n": 134168.0,
  "summary_fg_p05": 394.0,
  "summary_fg_p95": 1418.0,
  "summary_fg_stdv": 318.298,
  "tsnr": 51.101812430657446
}