{
  "aor": [
    0.00026645333333333337,
    0.00030497333333333337,
    0.00035470666666666663,
    0.00048155999999999996
  ],
  "aqi": [
    0.004954220386666667,
    0.00518272572,
    0.008994669226666667,
    0.015951769600000002
  ],
  "bids_meta": {
    "AcquisitionDuration": 1230.47,
    "AcquisitionMatrixPE": 96,
    "AcquisitionTime": "21:24:52.305000",
    "B0FieldSource": [
      "011pepolarbold",
      "011phasediff"
    ],
    "BandwidthPerPixelPhaseEncode": 37.879,
    "BaseResolution": 96,
    "DerivedVendorReportedEchoSpacing": 0.000549997,
    "DwellTime": 2.3e-06,
    "EchoNumber": 4,
    "EchoTime": 0.07392,
    "EchoTrainLength": 35,
    "EffectiveEchoSpacing": 0.000274998,
    "FlipAngle": 64,
    "ImageOrientationPatientDICOM": [
      0.998428,
      0.0269782,
      0.0491372,
      -0.00697046,
      0.929519,
      -0.368708
    ],
    "ImageType": [
      "ORIGINAL",
      "PRIMARY",
      "FMRI",
      "NONE"
    ],
    "ImageTypeText": [
      "ORIGINAL",
      "PRIMARY",
      "M",
      "MB",
      "TE4",
      "DIS2D"
    ],
    "InPlanePhaseEncodingDirectionDICOM": "COL",
    "PercentPhaseFOV": 100,
    "PhaseEchoTime1": 0.0126,
    "PhaseEchoTime2": 0.03304,
    "PhaseEncodingDirection": "j-",
    "PixelBandwidth": 2264,
    "ProtocolName": "func-bold_task-rest_dir-AP__cmrr_me4_sms4",
    "PulseSequenceName": "epfid2d4_96",
    "ReceiveCoilActiveElements": "HC1-7",
    "ReconMatrixPE": 96,
    "RefLinesPE": 22,
    "RepetitionTime": 1.6,
    "SequenceVariant": "SK\\SS",
    "SeriesDescription": "func-bold_task-rest_dir-AP__cmrr_me4_sms4",
    "SeriesNumber": 30,
    "ShimSetting": [
      8244,
      -5608,
      -6011,
      700,
      -68,
      -145,
      16,
      46
    ],
    "SliceThickness": 2.2,
    "SliceTiming": [
      0,
      0.8425,
      0.105,
      0.9475,
      0.21,
      1.0525,
      0.3175,
      1.16,
      0.4225,
      1.265,
      0.5275,
      1.37,
      0.6325,
      1.475,
      0.7375,
      0,
      0.8425,
      0.105,
      0.9475,
      0.21,
      1.0525,
      0.3175,
      1.16,
      0.4225,
      1.265,
      0.5275,
      1.37,
      0.6325,
      1.475,
      0.7375,
      0,
      0.8425,
      0.105,
      0.9475,
      0.21,
      1.0525,
      0.3175,
      1.16,
      0.4225,
      1.265,
      0.5275,
      1.37,
      0.6325,
      1.475,
      0.7375,
      0,
      0.8425,
      0.105,
      0.9475,
      0.21,
      1.0525,
      0.3175,
      1.16,
      0.4225,
      1.265,
      0.5275,
      1.37,
      0.6325,
      1.475,
      0.7375
    ],
    "SpacingBetweenSlices": 2.2,
    "TotalReadoutTime": 0.0261249,
    "TxRefAmp": 242.543,
    "WipMemBlock": "6c254e19-4ca9-4d5b-93d8-e948b9f3db6b||Sequence: R017 nxva30a/master r/d34922cc2+; Jun 27 2022 13:20:16 by eja",
    "dataset": "<unset>",
    "modality": "bold",
    "session_id": "011",
    "subject_id": "001",
    "task_id": "rest"
  },
  "dummy_trs": 0,
  "dvars_nstd": 77.78230497508677,
  "dvars_std": 1.036793756648866,
  "dvars_vstd": 1.002907266074766,
  "efc": 0.5043,
  "fber": 136.5117,
  "fd_mean": 0.09892544763504706,
  "fd_num": 13,
  "fd_perc": 1.7333333333333334,
  "fwhm_avg": 2.590614807943792,
  "fwhm_x": 2.445703116838572,
  "fwhm_y": 2.8323231792266736,
  "fwhm_z": 2.4938181277661293,
  "gcor": [
    0.0267599,
    0.0277024,
    0.0236533,
    0.0175805
  ],
  "gsr_x": 0.002239890629425645,
  "gsr_y": 0.024307003244757652,
  "provenance": {
    "md5sum": "0d6570e19b283056e0299909dcf62164",
    "settings": {
      "fd_thres": 0.2,
      "testing": false
    },
    "software": "mriqc",
    "version": "24.1.0.dev0+g3fe90466.d20240417"
  },
  "size_t": 750,
  "size_x": 96,
  "size_y": 96,
  "size_z": 60,
  "snr": 1.4392616237201306,
  "spacing_tr": 1.600000023841858,
  "spacing_x": 2.197920083999634,
  "spacing_y": 2.197920083999634,
  "spacing_z": 2.200000047683716,
  "summary_bg_k": 109.5092,
  "summary_bg_mad": 2.218,
  "summary_bg_mean": 20.036,
  "summary_bg_median": 18.0,
  "summary_bg_n": 418792.0,
  "summary_bg_p05": 1.0,
  "summary_bg_p95": 35.0,
  "summary_bg_stdv": 13.5436,
  "summary_fg_k": 4.0813,
  "summary_fg_mad": 130.5263,
  "summary_fg_mean": 224.4857,
  "summary_fg_median": 213.0,
  "summary_fg_n": 134168.0,
  "summary_fg_p05": 27.0,
  "summary_fg_p95": 483.0,
  "summary_fg_stdv": 147.992,
  "tsnr": 15.645100704743527
}