{
  "aor": [
    0.00026645333333333337,
    0.00030497333333333337,
    0.00035470666666666663,
    0.00048155999999999996
  ],
  "aqi": [
    0.004954220386666667,
    0.00518272572,
    0.008994669226666667,
    0.015951769600000002
  ],
  "bids_meta": {
    "AcquisitionDuration": 1230.47,
    "AcquisitionMatrixPE": 96,
    "AcquisitionTime": "21:24:52.262500",
    "B0FieldSource": [
      "011pepolarbold",
      "011phasediff"
    ],
    "BandwidthPerPixelPhaseEncode": 37.879,
    "BaseResolution": 96,
    "DerivedVendorReportedEchoSpacing": 0.000549997,
    "DwellTime": 2.3e-06,
    "EchoNumber": 2,
    "EchoTime": 0.03304,
    "EchoTrainLength": 35,
    "EffectiveEchoSpacing": 0.000274998,
    "FlipAngle": 64,
    "ImageOrientationPatientDICOM": [
      0.998428,
      0.0269782,
      0.0491372,
      -0.00697046,
      0.929519,
      -0.368708
    ],
    "ImageType": [
      "ORIGINAL",
      "PRIMARY",
      "FMRI",
      "NONE"
    ],
    "ImageTypeText": [
      "ORIGINAL",
      "PRIMARY",
      "M",
      "MB",
      "TE2",
      "DIS2D"
    ],
    "InPlanePhaseEncodingDirectionDICOM": "COL",
    "PercentPhaseFOV": 100,
    "PhaseEchoTime1": 0.0126,
    "PhaseEchoTime2": 0.03304,
    "PhaseEncodingDirection": "j-",
    "PixelBandwidth": 2264,
    "ProtocolName": "func-bold_task-rest_dir-AP__cmrr_me4_sms4",
    "PulseSequenceName": "epfid2d4_96",
    "ReceiveCoilActiveElements": "HC1-7",
    "ReconMatrixPE": 96,
    "RefLinesPE": 22,
    "RepetitionTime": 1.6,
    "SequenceVariant": "SK\\SS",
    "SeriesDescription": "func-bold_task-rest_dir-AP__cmrr_me4_sms4",
    "SeriesNumber": 30,
    "ShimSetting": [
      8244,
      -5608,
      -6011,
      700,
      -68,
      -145,
      16,
      46
    ],
    "SliceThickness": 2.2,
    "SliceTiming": [
      0,
      0.8425,
      0.105,
      0.9475,
      0.21,
      1.0525,
      0.315,
      1.1575,
      0.42,
      1.2625,
      0.525,
      1.37,
      0.6325,
      1.475,
      0.7375,
      0,
      0.8425,
      0.105,
      0.9475,
      0.21,
      1.0525,
      0.315,
      1.1575,
      0.42,
      1.2625,
      0.525,
      1.37,
      0.6325,
      1.475,
      0.7375,
      0,
      0.8425,
      0.105,
      0.9475,
      0.21,
      1.0525,
      0.315,
      1.1575,
      0.42,
      1.2625,
      0.525,
      1.37,
      0.6325,
      1.475,
      0.7375,
      0,
      0.8425,
      0.105,
      0.9475,
      0.21,
      1.0525,
      0.315,
      1.1575,
      0.42,
      1.2625,
      0.525,
      1.37,
      0.6325,
      1.475,
      0.7375
    ],
    "SpacingBetweenSlices": 2.2,
    "TotalReadoutTime": 0.0261249,
    "TxRefAmp": 242.543,
    "WipMemBlock": "6c254e19-4ca9-4d5b-93d8-e948b9f3db6b||Sequence: R017 nxva30a/master r/d34922cc2+; Jun 27 2022 13:20:16 by eja",
    "dataset": "<unset>",
    "modality": "bold",
    "session_id": "011",
    "subject_id": "001",
    "task_id": "rest"
  },
  "dummy_trs": 0,
  "dvars_nstd": 36.89961203975966,
  "dvars_std": 1.0358586651268342,
  "dvars_vstd": 1.0015962414018698,
  "efc": 0.5136,
  "fber": 622.9207,
  "fd_mean": 0.09892544763504706,
  "fd_num": 13,
  "fd_perc": 1.7333333333333334,
  "fwhm_avg": 3.188172654820559,
  "fwhm_x": 3.0159194814478543,
  "fwhm_y": 3.412066732814499,
  "fwhm_z": 3.1365317501993233,
  "gcor": [
    0.0267599,
    0.0277024,
    0.0236533,
    0.0175805
  ],
  "gsr_x": 0.01089557632803917,
  "gsr_y": 0.03139739856123924,
  "provenance": {
    "md5sum": "86ddf979e5b82c39349d54406ba8da99",
    "settings": {
      "fd_thres": 0.2,
      "testing": false
    },
    "software": "mriqc",
    "version": "24.1.0.dev0+g3fe90466.d20240417"
  },
  "size_t": 750,
  "size_x": 96,
  "size_y": 96,
  "size_z": 60,
  "snr": 2.086063693264134,
  "spacing_tr": 1.600000023841858,
  "spacing_x": 2.197920083999634,
  "spacing_y": 2.197920083999634,
  "spacing_z": 2.200000047683716,
  "summary_bg_k": 30.0444,
  "summary_bg_mad": 6.4009,
  "summary_bg_mean": 41.3337,
  "summary_bg_median": 21.0,
  "summary_bg_n": 418792.0,
  "summary_bg_p05": 1.0,
  "summary_bg_p95": 151.0,
  "summary_bg_stdv": 67.0695,
  "summary_fg_k": 0.7034,
  "summary_fg_mad": 223.5062,
  "summary_fg_mean": 541.7365,
  "summary_fg_median": 526.0,
  "summary_fg_n": 134168.0,
  "summary_fg_p05": 103.0,
  "summary_fg_p95": 978.0,
  "summary_fg_stdv": 252.1486,
  "tsnr": 35.152373963501304
}