{
  "NumberOfShells": 4,
  "bValues": [
    0.0,
    700.0,
    1000.0,
    2000.0,
    3000.0
  ],
  "bValuesEstimation": [
    700.0,
    1000.0,
    2000.0,
    3000.0
  ],
  "bdiffs_max": 0.1644,
  "bdiffs_mean": 0.0817,
  "bdiffs_median": 0.0941,
  "bdiffs_min": 0.0081,
  "bids_meta": {
    "AcquisitionMatrixPE": 146,
    "AcquisitionNumber": 1,
    "AcquisitionTime": "20:17:47.775000",
    "B0FieldSource": [
      "040pepolarb0",
      "040phasediff"
    ],
    "BandwidthPerPixelPhaseEncode": 19.569,
    "BaseResolution": 146,
    "BodyPartExamined": "BRAIN",
    "CoilCombinationMethod": "Adaptive Combine",
    "CoilString": "HeadNeck_64",
    "ConversionSoftware": "dcm2niix",
    "ConversionSoftwareVersion": "v1.0.20220720",
    "Deltas": [
      0.0233,
      0.0475
    ],
    "DerivedVendorReportedEchoSpacing": 0.000700017,
    "DeviceSerialNumber": "67014",
    "DiffusionScheme": "Monopolar",
    "DwellTime": 2.1e-06,
    "EchoTime": 0.098,
    "EchoTrainLength": 64,
    "EffectiveEchoSpacing": 0.000350008,
    "FlipAngle": 90,
    "HeudiconvVersion": "1.0.0",
    "ImageOrientationPatientDICOM": [
      0.998928,
      0.00568031,
      0.0459395,
      -0.00209219,
      0.996968,
      -0.0777795
    ],
    "ImageType": [
      "ORIGINAL",
      "PRIMARY",
      "DIFFUSION",
      "NONE",
      "ND",
      "MFSPLIT"
    ],
    "ImageTypeText": [
      "ORIGINAL",
      "PRIMARY",
      "DIFFUSION",
      "NONE"
    ],
    "ImagingFrequency": 123.248,
    "InPlanePhaseEncodingDirectionDICOM": "COL",
    "InstitutionAddress": "Rue du Bugnon 21,Lausanne,District,CH,1011",
    "InstitutionName": "CHUV",
    "MRAcquisitionType": "2D",
    "MagneticFieldStrength": 3,
    "Manufacturer": "Siemens",
    "ManufacturersModelName": "MAGNETOM Prisma Fit",
    "Modality": "MR",
    "MultibandAccelerationFactor": 3,
    "NonlinearGradientCorrection": false,
    "ParallelReductionFactorInPlane": 2,
    "PartialFourier": 0.875,
    "PatientPosition": "HFS",
    "PercentPhaseFOV": 100,
    "PercentSampling": 100,
    "PhaseEncodingDirection": "j-",
    "PhaseEncodingSteps": 146,
    "PhaseResolution": 1,
    "PixelBandwidth": 1631,
    "ProcedureStepDescription": "RESEARCH Oscar",
    "ProtocolName": "dwi-dwi_acq-highres_dir-AP__trigger_monopolar",
    "PulseSequenceDetails": "%CustomerSeq%\\ep2d_diff_trigg",
    "ReceiveCoilActiveElements": "HC1-7",
    "ReceiveCoilName": "HeadNeck_64",
    "ReconMatrixPE": 146,
    "RefLinesPE": 54,
    "RepetitionTime": 7,
    "SAR": 0.152393,
    "ScanOptions": "PFP\\FS\\PER",
    "ScanningSequence": "GR\\EP",
    "SequenceName": "ep_b0",
    "SequenceVariant": "SK",
    "SeriesDescription": "dwi-dwi_acq-highres_dir-AP__trigger_monopolar",
    "SeriesNumber": 10,
    "ShimSetting": [
      8234,
      -5636,
      -6047,
      563,
      -52,
      -330,
      43,
      6
    ],
    "SliceThickness": 1.6,
    "SliceTiming": [
      0,
      6.1425,
      0.14,
      6.2825,
      0.28,
      6.4225,
      0.4175,
      6.5625,
      0.5575,
      6.7025,
      0.6975,
      6.8425,
      0.8375,
      6.9825,
      0.9775,
      7.12,
      1.1175,
      7.26,
      1.2575,
      7.4,
      1.395,
      7.54,
      1.535,
      7.68,
      1.675,
      7.82,
      1.815,
      7.96,
      1.955,
      8.0975,
      2.095,
      8.2375,
      2.2325,
      8.3775,
      2.3725,
      8.5175,
      2.5125,
      8.6575,
      2.6525,
      8.7975,
      2.7925,
      8.9375,
      2.9325,
      9.075,
      3.0725,
      9.215,
      3.21,
      9.355,
      3.35,
      9.495,
      3.49,
      9.635,
      3.63,
      9.775,
      3.77,
      9.915,
      3.91,
      10.0525,
      4.05,
      10.1925,
      4.1875,
      10.3325,
      4.3275,
      10.4725,
      4.4675,
      10.6125,
      4.6075,
      10.7525,
      4.7475,
      10.8925,
      4.8875,
      11.03,
      5.0275,
      11.17,
      5.165,
      11.31,
      5.305,
      11.45,
      5.445,
      11.59,
      5.585,
      11.73,
      5.725,
      11.87,
      5.865,
      12.0075,
      6.005
    ],
    "SoftwareVersions": "syngo MR XA30",
    "SpacingBetweenSlices": 1.6,
    "StationName": "LRG10884",
    "TotalReadoutTime": 0.0507512,
    "TxRefAmp": 240.69,
    "acq_id": "highres",
    "dataset": "hcph",
    "modality": "dwi",
    "session_id": "040",
    "subject_id": "001"
  },
  "efc_shell01": 2.2533,
  "efc_shell02": 1.0071,
  "efc_shell03": 0.7845,
  "efc_shell04": 0.5837,
  "efc_shell05": 0.6044,
  "fa_degenerate": 0.0,
  "fa_nans": 0.0,
  "fber_shell01": 24.1406,
  "fber_shell02": 147.449,
  "fber_shell03": 158.0408,
  "fber_shell04": 106.7778,
  "fber_shell05": 42.25,
  "fd_mean": 9.6976,
  "fd_num": 278,
  "fd_perc": 99.28571428571429,
  "ndc": 0.6298,
  "provenance": {
    "md5sum": "55ed88a02e805a3030aa93205f688478",
    "settings": {
      "testing": false
    },
    "software": "mriqc",
    "version": "24.0.0"
  },
  "sigma_cc": 41.5129,
  "sigma_pca": 15.5869,
  "sigma_piesno": 1.6508,
  "snr_cc_shell0": 4.03,
  "snr_cc_shell1_best": 4.05,
  "snr_cc_shell1_worst": 4.05,
  "snr_cc_shell2_best": 2.57,
  "snr_cc_shell2_worst": 1.62,
  "snr_cc_shell3_best": 2.03,
  "snr_cc_shell3_worst": 1.19,
  "snr_cc_shell4_best": 1.17,
  "snr_cc_shell4_worst": 0.89,
  "spikes_global": 33.16,
  "spikes_slice_i": 196.82,
  "spikes_slice_j": 205.54,
  "spikes_slice_k": 180.28,
  "summary_bg_k": 190.3543,
  "summary_bg_mad": 8.8956,
  "summary_bg_mean": 27.1045,
  "summary_bg_median": 8.0,
  "summary_bg_n": 1497141.0,
  "summary_bg_p05": 2.0,
  "summary_bg_p95": 107.0,
  "summary_bg_stdv": 74.9971,
  "summary_fg_k": 9.4898,
  "summary_fg_mad": 166.0514,
  "summary_fg_mean": 398.7917,
  "summary_fg_median": 303.0,
  "summary_fg_n": 357351.0,
  "summary_fg_p05": 103.0,
  "summary_fg_p95": 1066.0,
  "summary_fg_stdv": 324.3348,
  "summary_wm_k": 15.7739,
  "summary_wm_mad": 78.5779,
  "summary_wm_mean": 223.342,
  "summary_wm_median": 220.0,
  "summary_wm_n": 106679.0,
  "summary_wm_p05": 96.0,
  "summary_wm_p95": 360.0,
  "summary_wm_stdv": 89.7483
}