{
  "aor": [
    0.00026375166889185575,
    0.0003180106809078772,
    0.00038078771695594123,
    0.000491909212283044
  ],
  "aqi": [
    0.006776860614152202,
    0.006219394646194926,
    0.010386483644859813,
    0.018426538451268355
  ],
  "bids_meta": {
    "AcquisitionDuration": 1230.47,
    "AcquisitionMatrixPE": 96,
    "AcquisitionTime": "22:37:40.337500",
    "B0FieldSource": [
      "024pepolarbold",
      "024phasediff"
    ],
    "BandwidthPerPixelPhaseEncode": 37.879,
    "BaseResolution": 96,
    "DerivedVendorReportedEchoSpacing": 0.000549997,
    "DwellTime": 2.3e-06,
    "EchoNumber": 3,
    "EchoTime": 0.05348,
    "EchoTrainLength": 35,
    "EffectiveEchoSpacing": 0.000274998,
    "FlipAngle": 64,
    "ImageOrientationPatientDICOM": [
      0.999753,
      -0.00937819,
      0.020149,
      0.0165781,
      0.918505,
      -0.395063
    ],
    "ImageType": [
      "ORIGINAL",
      "PRIMARY",
      "FMRI",
      "NONE"
    ],
    "ImageTypeText": [
      "ORIGINAL",
      "PRIMARY",
      "M",
      "MB",
      "TE3",
      "DIS2D"
    ],
    "InPlanePhaseEncodingDirectionDICOM": "COL",
    "PercentPhaseFOV": 100,
    "PhaseEchoTime1": 0.0126,
    "PhaseEchoTime2": 0.03304,
    "PhaseEncodingDirection": "j-",
    "PixelBandwidth": 2264,
    "ProtocolName": "func-bold_task-rest_dir-AP__cmrr_me4_sms4",
    "PulseSequenceName": "epfid2d4_96",
    "ReceiveCoilActiveElements": "HC1-7",
    "ReconMatrixPE": 96,
    "RefLinesPE": 22,
    "RepetitionTime": 1.6,
    "SequenceVariant": "SK\\SS",
    "SeriesDescription": "func-bold_task-rest_dir-AP__cmrr_me4_sms4",
    "SeriesNumber": 23,
    "ShimSetting": [
      8243,
      -5624,
      -6003,
      672,
      -16,
      -275,
      6,
      36
    ],
    "SliceThickness": 2.2,
    "SliceTiming": [
      0,
      0.8425,
      0.105,
      0.9475,
      0.2125,
      1.055,
      0.3175,
      1.16,
      0.4225,
      1.265,
      0.5275,
      1.37,
      0.6325,
      1.475,
      0.7375,
      0,
      0.8425,
      0.105,
      0.9475,
      0.2125,
      1.055,
      0.3175,
      1.16,
      0.4225,
      1.265,
      0.5275,
      1.37,
      0.6325,
      1.475,
      0.7375,
      0,
      0.8425,
      0.105,
      0.9475,
      0.2125,
      1.055,
      0.3175,
      1.16,
      0.4225,
      1.265,
      0.5275,
      1.37,
      0.6325,
      1.475,
      0.7375,
      0,
      0.8425,
      0.105,
      0.9475,
      0.2125,
      1.055,
      0.3175,
      1.16,
      0.4225,
      1.265,
      0.5275,
      1.37,
      0.6325,
      1.475,
      0.7375
    ],
    "SpacingBetweenSlices": 2.2,
    "TotalReadoutTime": 0.0261249,
    "TxRefAmp": 245.933,
    "WipMemBlock": "e0a02894-1161-4f96-b627-a0610236ac0e||Sequence: R017 nxva30a/master r/d34922cc2+; Jun 27 2022 13:20:16 by eja",
    "dataset": "<unset>",
    "modality": "bold",
    "session_id": "024",
    "subject_id": "001",
    "task_id": "rest"
  },
  "dummy_trs": 1,
  "dvars_nstd": 50.7370039946524,
  "dvars_std": 1.012014854318182,
  "dvars_vstd": 0.9893655463235277,
  "efc": 0.4978,
  "fber": 319.868,
  "fd_mean": 0.10083255940809453,
  "fd_num": 35,
  "fd_perc": 4.672897196261682,
  "fwhm_avg": 3.048817787074963,
  "fwhm_x": 2.879126518778858,
  "fwhm_y": 3.317054179118741,
  "fwhm_z": 2.950272663327289,
  "gcor": [
    0.0347385,
    0.0243473,
    0.0185611,
    0.0136047
  ],
  "gsr_x": 0.009194768965244293,
  "gsr_y": 0.023301294073462486,
  "provenance": {
    "md5sum": "0fc3871ec26395a2a8b8eb8af45a2f16",
    "settings": {
      "fd_thres": 0.2,
      "testing": false
    },
    "software": "mriqc",
    "version": "24.1.0.dev0+g3fe90466.d20240417"
  },
  "size_t": 749,
  "size_x": 96,
  "size_y": 96,
  "size_z": 60,
  "snr": 1.7189612632364122,
  "spacing_tr": 1.600000023841858,
  "spacing_x": 2.197920083999634,
  "spacing_y": 2.197920083999634,
  "spacing_z": 2.200000047683716,
  "summary_bg_k": 58.0721,
  "summary_bg_mad": 3.4818,
  "summary_bg_mean": 25.0555,
  "summary_bg_median": 19.0,
  "summary_bg_n": 418607.0,
  "summary_bg_p05": 3.0,
  "summary_bg_p95": 62.0,
  "summary_bg_stdv": 27.4571,
  "summary_fg_k": 1.8809,
  "summary_fg_mad": 169.757,
  "summary_fg_mean": 348.1889,
  "summary_fg_median": 337.0,
  "summary_fg_n": 134353.0,
  "summary_fg_p05": 42.0,
  "summary_fg_p95": 684.0,
  "summary_fg_stdv": 196.0479,
  "tsnr": 22.27917110628914
}