{
  "aor": [
    0.00026375166889185575,
    0.0003180106809078772,
    0.00038078771695594123,
    0.000491909212283044
  ],
  "aqi": [
    0.006776860614152202,
    0.006219394646194926,
    0.010386483644859813,
    0.018426538451268355
  ],
  "bids_meta": {
    "AcquisitionDuration": 1230.47,
    "AcquisitionMatrixPE": 96,
    "AcquisitionTime": "22:37:40.357500",
    "B0FieldSource": [
      "024pepolarbold",
      "024phasediff"
    ],
    "BandwidthPerPixelPhaseEncode": 37.879,
    "BaseResolution": 96,
    "DerivedVendorReportedEchoSpacing": 0.000549997,
    "DwellTime": 2.3e-06,
    "EchoNumber": 4,
    "EchoTime": 0.07392,
    "EchoTrainLength": 35,
    "EffectiveEchoSpacing": 0.000274998,
    "FlipAngle": 64,
    "ImageOrientationPatientDICOM": [
      0.999753,
      -0.00937819,
      0.020149,
      0.0165781,
      0.918505,
      -0.395063
    ],
    "ImageType": [
      "ORIGINAL",
      "PRIMARY",
      "FMRI",
      "NONE"
    ],
    "ImageTypeText": [
      "ORIGINAL",
      "PRIMARY",
      "M",
      "MB",
      "TE4",
      "DIS2D"
    ],
    "InPlanePhaseEncodingDirectionDICOM": "COL",
    "PercentPhaseFOV": 100,
    "PhaseEchoTime1": 0.0126,
    "PhaseEchoTime2": 0.03304,
    "PhaseEncodingDirection": "j-",
    "PixelBandwidth": 2264,
    "ProtocolName": "func-bold_task-rest_dir-AP__cmrr_me4_sms4",
    "PulseSequenceName": "epfid2d4_96",
    "ReceiveCoilActiveElements": "HC1-7",
    "ReconMatrixPE": 96,
    "RefLinesPE": 22,
    "RepetitionTime": 1.6,
    "SequenceVariant": "SK\\SS",
    "SeriesDescription": "func-bold_task-rest_dir-AP__cmrr_me4_sms4",
    "SeriesNumber": 23,
    "ShimSetting": [
      8243,
      -5624,
      -6003,
      672,
      -16,
      -275,
      6,
      36
    ],
    "SliceThickness": 2.2,
    "SliceTiming": [
      0,
      0.845,
      0.1075,
      0.95,
      0.2125,
      1.055,
      0.3175,
      1.16,
      0.4225,
      1.265,
      0.5275,
      1.37,
      0.6325,
      1.475,
      0.7375,
      0,
      0.845,
      0.1075,
      0.95,
      0.2125,
      1.055,
      0.3175,
      1.16,
      0.4225,
      1.265,
      0.5275,
      1.37,
      0.6325,
      1.475,
      0.7375,
      0,
      0.845,
      0.1075,
      0.95,
      0.2125,
      1.055,
      0.3175,
      1.16,
      0.4225,
      1.265,
      0.5275,
      1.37,
      0.6325,
      1.475,
      0.7375,
      0,
      0.845,
      0.1075,
      0.95,
      0.2125,
      1.055,
      0.3175,
      1.16,
      0.4225,
      1.265,
      0.5275,
      1.37,
      0.6325,
      1.475,
      0.7375
    ],
    "SpacingBetweenSlices": 2.2,
    "TotalReadoutTime": 0.0261249,
    "TxRefAmp": 245.933,
    "WipMemBlock": "e0a02894-1161-4f96-b627-a0610236ac0e||Sequence: R017 nxva30a/master r/d34922cc2+; Jun 27 2022 13:20:16 by eja",
    "dataset": "<unset>",
    "modality": "bold",
    "session_id": "024",
    "subject_id": "001",
    "task_id": "rest"
  },
  "dummy_trs": 1,
  "dvars_nstd": 74.62053853799469,
  "dvars_std": 1.0182401752272732,
  "dvars_vstd": 0.9916645375401066,
  "efc": 0.5034,
  "fber": 136.6748,
  "fd_mean": 0.10083255940809453,
  "fd_num": 35,
  "fd_perc": 4.672897196261682,
  "fwhm_avg": 2.7383574664867276,
  "fwhm_x": 2.5577044592859437,
  "fwhm_y": 3.014349815641934,
  "fwhm_z": 2.643018124532307,
  "gcor": [
    0.0347385,
    0.0243473,
    0.0185611,
    0.0136047
  ],
  "gsr_x": 0.004034164361655712,
  "gsr_y": 0.02540009468793869,
  "provenance": {
    "md5sum": "c0135c3b53d061f5aa3b107d2578f6cc",
    "settings": {
      "fd_thres": 0.2,
      "testing": false
    },
    "software": "mriqc",
    "version": "24.1.0.dev0+g3fe90466.d20240417"
  },
  "size_t": 749,
  "size_x": 96,
  "size_y": 96,
  "size_z": 60,
  "snr": 1.4230114997835803,
  "spacing_tr": 1.600000023841858,
  "spacing_x": 2.197920083999634,
  "spacing_y": 2.197920083999634,
  "spacing_z": 2.200000047683716,
  "summary_bg_k": 117.896,
  "summary_bg_mad": 2.312,
  "summary_bg_mean": 20.1359,
  "summary_bg_median": 18.0,
  "summary_bg_n": 418607.0,
  "summary_bg_p05": 3.0,
  "summary_bg_p95": 36.0,
  "summary_bg_stdv": 14.1053,
  "summary_fg_k": 4.2597,
  "summary_fg_mad": 129.9642,
  "summary_fg_mean": 225.1981,
  "summary_fg_median": 213.0,
  "summary_fg_n": 134353.0,
  "summary_fg_p05": 27.0,
  "summary_fg_p95": 489.0,
  "summary_fg_stdv": 149.682,
  "tsnr": 14.768689020071179
}