{
  "aor": [
    0.0003878640776699029,
    0.0004100485436893205,
    0.0004899029126213593,
    0.0006036893203883496
  ],
  "aqi": [
    0.006931142427184466,
    0.00936334441747573,
    0.015561334466019419,
    0.026069519902912622
  ],
  "bids_meta": {
    "AcquisitionDuration": 361.475,
    "AcquisitionMatrixPE": 76,
    "AcquisitionTime": "10:34:21.297500",
    "B0FieldSource": [
      "003pepolarbold",
      "003phasediff"
    ],
    "BandwidthPerPixelPhaseEncode": 40.486,
    "BaseResolution": 102,
    "DerivedVendorReportedEchoSpacing": 0.000649997,
    "DwellTime": 2.5e-06,
    "EchoNumber": 3,
    "EchoTime": 0.0518,
    "EchoTrainLength": 28,
    "EffectiveEchoSpacing": 0.000324999,
    "ImageOrientationPatientDICOM": [
      0.998371,
      0.0143984,
      0.0552065,
      0.012198,
      0.891389,
      -0.453076
    ],
    "ImageType": [
      "ORIGINAL",
      "PRIMARY",
      "FMRI",
      "NONE"
    ],
    "ImageTypeText": [
      "ORIGINAL",
      "PRIMARY",
      "M",
      "MB",
      "TE3",
      "DIS2D"
    ],
    "InPlanePhaseEncodingDirectionDICOM": "ROW",
    "PercentPhaseFOV": 74.5098,
    "PercentSampling": 100,
    "PhaseEchoTime1": 0.0126,
    "PhaseEchoTime2": 0.0322,
    "PhaseEncodingDirection": "i-",
    "PhaseResolution": 1,
    "PixelBandwidth": 1961,
    "ProtocolName": "func-bold_task-bht_dir-LR__cmrr_me4_sms4",
    "PulseSequenceName": "epfid2d4_76",
    "ReceiveCoilActiveElements": "HC1-7;NC1",
    "ReconMatrixPE": 76,
    "RefLinesPE": 18,
    "RepetitionTime": 1.6,
    "SequenceVariant": "SK\\SS\\OSP",
    "SeriesDescription": "func-bold_task-bht_dir-LR__cmrr_me4_sms4",
    "SeriesNumber": 23,
    "ShimSetting": [
      8238,
      -5615,
      -6020,
      683,
      -52,
      -293,
      -35,
      9
    ],
    "SliceThickness": 2.2,
    "SliceTiming": [
      0,
      0.8425,
      0.105,
      0.9475,
      0.2125,
      1.055,
      0.3175,
      1.16,
      0.4225,
      1.265,
      0.5275,
      1.37,
      0.6325,
      1.475,
      0.7375,
      0,
      0.8425,
      0.105,
      0.9475,
      0.2125,
      1.055,
      0.3175,
      1.16,
      0.4225,
      1.265,
      0.5275,
      1.37,
      0.6325,
      1.475,
      0.7375,
      0,
      0.8425,
      0.105,
      0.9475,
      0.2125,
      1.055,
      0.3175,
      1.16,
      0.4225,
      1.265,
      0.5275,
      1.37,
      0.6325,
      1.475,
      0.7375,
      0,
      0.8425,
      0.105,
      0.9475,
      0.2125,
      1.055,
      0.3175,
      1.16,
      0.4225,
      1.265,
      0.5275,
      1.37,
      0.6325,
      1.475,
      0.7375
    ],
    "SpacingBetweenSlices": 2.2,
    "TotalReadoutTime": 0.0243749,
    "TxRefAmp": 250.232,
    "WipMemBlock": "389917b8-1cb0-4b2a-b55d-4f47c3f46d00||Sequence: R017 nxva30a/master r/d34922cc2+; Jun 27 2022 13:20:16 by eja",
    "dataset": "<unset>",
    "modality": "bold",
    "session_id": "003",
    "subject_id": "001",
    "task_id": "bht"
  },
  "dummy_trs": 1,
  "dvars_nstd": 71.57524265209754,
  "dvars_std": 1.0184780793658537,
  "dvars_vstd": 0.9896276658048783,
  "efc": 0.5702,
  "fber": 121.8986,
  "fd_mean": 0.19292748291867615,
  "fd_num": 89,
  "fd_perc": 43.20388349514563,
  "fwhm_avg": 3.0522184793005636,
  "fwhm_x": 3.1443845835301536,
  "fwhm_y": 2.986207283596064,
  "fwhm_z": 3.0260635707754746,
  "gcor": [
    0.0210638,
    0.0204051,
    0.0193479,
    0.0159748
  ],
  "gsr_x": 0.06456218659877777,
  "gsr_y": -0.008701097220182419,
  "provenance": {
    "md5sum": "c5f410dd210956a9fb800641ee9f40b7",
    "settings": {
      "fd_thres": 0.2,
      "testing": false
    },
    "software": "mriqc",
    "version": "24.1.0.dev0+g3fe90466.d20240417"
  },
  "size_t": 206,
  "size_x": 76,
  "size_y": 102,
  "size_z": 60,
  "snr": 1.8060108788350708,
  "spacing_tr": 1.600000023841858,
  "spacing_x": 2.196079969406128,
  "spacing_y": 2.196079969406128,
  "spacing_z": 2.200000047683716,
  "summary_bg_k": 104.6293,
  "summary_bg_mad": 9.4642,
  "summary_bg_mean": 39.6488,
  "summary_bg_median": 31.0,
  "summary_bg_n": 333026.0,
  "summary_bg_p05": 0.0,
  "summary_bg_p95": 97.0,
  "summary_bg_stdv": 45.3027,
  "summary_fg_k": 1.4403,
  "summary_fg_mad": 168.1278,
  "summary_fg_mean": 349.9641,
  "summary_fg_median": 339.0,
  "summary_fg_n": 132094.0,
  "summary_fg_p05": 56.0,
  "summary_fg_p95": 673.0,
  "summary_fg_stdv": 187.7058,
  "tsnr": 17.000816420535557
}