{
  "aor": [
    0.0003878640776699029,
    0.0004100485436893205,
    0.0004899029126213593,
    0.0006036893203883496
  ],
  "aqi": [
    0.006931142427184466,
    0.00936334441747573,
    0.015561334466019419,
    0.026069519902912622
  ],
  "bids_meta": {
    "AcquisitionDuration": 361.475,
    "AcquisitionMatrixPE": 76,
    "AcquisitionTime": "10:34:21.277500",
    "B0FieldSource": [
      "003pepolarbold",
      "003phasediff"
    ],
    "BandwidthPerPixelPhaseEncode": 40.486,
    "BaseResolution": 102,
    "DerivedVendorReportedEchoSpacing": 0.000649997,
    "DwellTime": 2.5e-06,
    "EchoNumber": 2,
    "EchoTime": 0.0322,
    "EchoTrainLength": 28,
    "EffectiveEchoSpacing": 0.000324999,
    "ImageOrientationPatientDICOM": [
      0.998371,
      0.0143984,
      0.0552065,
      0.012198,
      0.891389,
      -0.453076
    ],
    "ImageType": [
      "ORIGINAL",
      "PRIMARY",
      "FMRI",
      "NONE"
    ],
    "ImageTypeText": [
      "ORIGINAL",
      "PRIMARY",
      "M",
      "MB",
      "TE2",
      "DIS2D"
    ],
    "InPlanePhaseEncodingDirectionDICOM": "ROW",
    "PercentPhaseFOV": 74.5098,
    "PercentSampling": 100,
    "PhaseEchoTime1": 0.0126,
    "PhaseEchoTime2": 0.0322,
    "PhaseEncodingDirection": "i-",
    "PhaseResolution": 1,
    "PixelBandwidth": 1961,
    "ProtocolName": "func-bold_task-bht_dir-LR__cmrr_me4_sms4",
    "PulseSequenceName": "epfid2d4_76",
    "ReceiveCoilActiveElements": "HC1-7;NC1",
    "ReconMatrixPE": 76,
    "RefLinesPE": 18,
    "RepetitionTime": 1.6,
    "SequenceVariant": "SK\\SS\\OSP",
    "SeriesDescription": "func-bold_task-bht_dir-LR__cmrr_me4_sms4",
    "SeriesNumber": 23,
    "ShimSetting": [
      8238,
      -5615,
      -6020,
      683,
      -52,
      -293,
      -35,
      9
    ],
    "SliceThickness": 2.2,
    "SliceTiming": [
      0,
      0.8425,
      0.1075,
      0.95,
      0.2125,
      1.055,
      0.3175,
      1.16,
      0.4225,
      1.265,
      0.5275,
      1.37,
      0.6325,
      1.475,
      0.7375,
      0,
      0.8425,
      0.1075,
      0.95,
      0.2125,
      1.055,
      0.3175,
      1.16,
      0.4225,
      1.265,
      0.5275,
      1.37,
      0.6325,
      1.475,
      0.7375,
      0,
      0.8425,
      0.1075,
      0.95,
      0.2125,
      1.055,
      0.3175,
      1.16,
      0.4225,
      1.265,
      0.5275,
      1.37,
      0.6325,
      1.475,
      0.7375,
      0,
      0.8425,
      0.1075,
      0.95,
      0.2125,
      1.055,
      0.3175,
      1.16,
      0.4225,
      1.265,
      0.5275,
      1.37,
      0.6325,
      1.475,
      0.7375
    ],
    "SpacingBetweenSlices": 2.2,
    "TotalReadoutTime": 0.0243749,
    "TxRefAmp": 250.232,
    "WipMemBlock": "389917b8-1cb0-4b2a-b55d-4f47c3f46d00||Sequence: R017 nxva30a/master r/d34922cc2+; Jun 27 2022 13:20:16 by eja",
    "dataset": "<unset>",
    "modality": "bold",
    "session_id": "003",
    "subject_id": "001",
    "task_id": "bht"
  },
  "dummy_trs": 1,
  "dvars_nstd": 53.098665284000006,
  "dvars_std": 1.0179714702439029,
  "dvars_vstd": 0.9913626225853652,
  "efc": 0.5876,
  "fber": 191.5682,
  "fd_mean": 0.19292748291867615,
  "fd_num": 89,
  "fd_perc": 43.20388349514563,
  "fwhm_avg": 3.4093196045256065,
  "fwhm_x": 3.4452342835429755,
  "fwhm_y": 3.3581700588045176,
  "fwhm_z": 3.4245544712293263,
  "gcor": [
    0.0210638,
    0.0204051,
    0.0193479,
    0.0159748
  ],
  "gsr_x": 0.10167663544416428,
  "gsr_y": -0.009842073544859886,
  "provenance": {
    "md5sum": "b2a44ecfb7169a1532fbd4c7c3210fe2",
    "settings": {
      "fd_thres": 0.2,
      "testing": false
    },
    "software": "mriqc",
    "version": "24.1.0.dev0+g3fe90466.d20240417"
  },
  "size_t": 206,
  "size_x": 76,
  "size_y": 102,
  "size_z": 60,
  "snr": 2.1151954471321672,
  "spacing_tr": 1.600000023841858,
  "spacing_x": 2.196079969406128,
  "spacing_y": 2.196079969406128,
  "spacing_z": 2.200000047683716,
  "summary_bg_k": 32.6086,
  "summary_bg_mad": 19.7848,
  "summary_bg_mean": 65.8927,
  "summary_bg_median": 37.0,
  "summary_bg_n": 333026.0,
  "summary_bg_p05": 0.0,
  "summary_bg_p95": 234.0,
  "summary_bg_stdv": 92.5646,
  "summary_fg_k": 0.9442,
  "summary_fg_mad": 221.2604,
  "summary_fg_mean": 536.4425,
  "summary_fg_median": 518.0,
  "summary_fg_n": 132094.0,
  "summary_fg_p05": 126.0,
  "summary_fg_p95": 964.0,
  "summary_fg_stdv": 244.8937,
  "tsnr": 23.995276092085987
}