{
  "aor": [
    0.00033472,
    0.0003708933333333333,
    0.00040916,
    0.0004772933333333334
  ],
  "aqi": [
    0.005899816733333334,
    0.0079496312,
    0.012346190746666668,
    0.0200767196
  ],
  "bids_meta": {
    "AcquisitionDuration": 1230.47,
    "AcquisitionMatrixPE": 76,
    "AcquisitionTime": "10:12:32.247500",
    "B0FieldSource": [
      "003pepolarbold",
      "003phasediff"
    ],
    "BandwidthPerPixelPhaseEncode": 40.486,
    "BaseResolution": 102,
    "DerivedVendorReportedEchoSpacing": 0.000649997,
    "DwellTime": 2.5e-06,
    "EchoNumber": 3,
    "EchoTime": 0.0518,
    "EchoTrainLength": 28,
    "EffectiveEchoSpacing": 0.000324999,
    "FlipAngle": 64,
    "ImageOrientationPatientDICOM": [
      0.998371,
      0.0143984,
      0.0552065,
      0.012198,
      0.891389,
      -0.453076
    ],
    "ImageType": [
      "ORIGINAL",
      "PRIMARY",
      "FMRI",
      "NONE"
    ],
    "ImageTypeText": [
      "ORIGINAL",
      "PRIMARY",
      "M",
      "MB",
      "TE3",
      "DIS2D"
    ],
    "InPlanePhaseEncodingDirectionDICOM": "ROW",
    "PercentPhaseFOV": 74.5098,
    "PhaseEchoTime1": 0.0126,
    "PhaseEchoTime2": 0.0322,
    "PhaseEncodingDirection": "i-",
    "PixelBandwidth": 1961,
    "ProtocolName": "func-bold_task-rest_dir-LR__cmrr_me4_sms4",
    "PulseSequenceName": "epfid2d4_76",
    "ReceiveCoilActiveElements": "HC1-7;NC1",
    "ReconMatrixPE": 76,
    "RefLinesPE": 18,
    "RepetitionTime": 1.6,
    "SequenceVariant": "SK\\SS\\OSP",
    "SeriesDescription": "func-bold_task-rest_dir-LR__cmrr_me4_sms4",
    "SeriesNumber": 21,
    "ShimSetting": [
      8238,
      -5609,
      -6017,
      683,
      -42,
      -245,
      -31,
      6
    ],
    "SliceThickness": 2.2,
    "SliceTiming": [
      0,
      0.8425,
      0.105,
      0.9475,
      0.21,
      1.0525,
      0.3175,
      1.16,
      0.4225,
      1.265,
      0.5275,
      1.37,
      0.6325,
      1.475,
      0.7375,
      0,
      0.8425,
      0.105,
      0.9475,
      0.21,
      1.0525,
      0.3175,
      1.16,
      0.4225,
      1.265,
      0.5275,
      1.37,
      0.6325,
      1.475,
      0.7375,
      0,
      0.8425,
      0.105,
      0.9475,
      0.21,
      1.0525,
      0.3175,
      1.16,
      0.4225,
      1.265,
      0.5275,
      1.37,
      0.6325,
      1.475,
      0.7375,
      0,
      0.8425,
      0.105,
      0.9475,
      0.21,
      1.0525,
      0.3175,
      1.16,
      0.4225,
      1.265,
      0.5275,
      1.37,
      0.6325,
      1.475,
      0.7375
    ],
    "SpacingBetweenSlices": 2.2,
    "TotalReadoutTime": 0.0243749,
    "TxRefAmp": 250.232,
    "WipMemBlock": "721ca4ab-b2c2-4b98-8a2e-382916ef14e2||Sequence: R017 nxva30a/master r/d34922cc2+; Jun 27 2022 13:20:16 by eja",
    "dataset": "<unset>",
    "modality": "bold",
    "session_id": "003",
    "subject_id": "001",
    "task_id": "rest"
  },
  "dummy_trs": 0,
  "dvars_nstd": 66.97047512923895,
  "dvars_std": 1.0239885100400532,
  "dvars_vstd": 1.0046174238985315,
  "efc": 0.5685,
  "fber": 126.8539,
  "fd_mean": 0.09603517668104457,
  "fd_num": 23,
  "fd_perc": 3.066666666666667,
  "fwhm_avg": 2.994241575759958,
  "fwhm_x": 3.0921278344141214,
  "fwhm_y": 2.9549015019497826,
  "fwhm_z": 2.93569539091597,
  "gcor": [
    0.00889237,
    0.0125658,
    0.0115268,
    0.00954981
  ],
  "gsr_x": 0.06337635964155197,
  "gsr_y": -0.008489410392940044,
  "provenance": {
    "md5sum": "e3a72cfd6171abcee075ac4edc3d4e39",
    "settings": {
      "fd_thres": 0.2,
      "testing": false
    },
    "software": "mriqc",
    "version": "24.1.0.dev0+g3fe90466.d20240417"
  },
  "size_t": 750,
  "size_x": 76,
  "size_y": 102,
  "size_z": 60,
  "snr": 1.8031854142039239,
  "spacing_tr": 1.600000023841858,
  "spacing_x": 2.196079969406128,
  "spacing_y": 2.196079969406128,
  "spacing_z": 2.200000047683716,
  "summary_bg_k": 94.0936,
  "summary_bg_mad": 9.4709,
  "summary_bg_mean": 39.5407,
  "summary_bg_median": 31.0,
  "summary_bg_n": 332681.0,
  "summary_bg_p05": 0.0,
  "summary_bg_p95": 97.0,
  "summary_bg_stdv": 43.2361,
  "summary_fg_k": 1.4296,
  "summary_fg_mad": 172.0293,
  "summary_fg_mean": 359.3229,
  "summary_fg_median": 347.0,
  "summary_fg_n": 132439.0,
  "summary_fg_p05": 58.0,
  "summary_fg_p95": 692.0,
  "summary_fg_stdv": 192.4365,
  "tsnr": 18.716063354513608
}