{
  "aor": [
    0.0002403070761014686,
    0.0002900934579439252,
    0.000340173564753004,
    0.00041515353805073437
  ],
  "aqi": [
    0.006061967209612817,
    0.00869252228304406,
    0.014402707570093458,
    0.024290741388518028
  ],
  "bids_meta": {
    "AcquisitionDuration": 1230.47,
    "AcquisitionMatrixPE": 76,
    "AcquisitionTime": "12:07:39.377500",
    "B0FieldSource": [
      "044pepolarbold",
      "044phasediff"
    ],
    "BandwidthPerPixelPhaseEncode": 40.486,
    "BaseResolution": 102,
    "DerivedVendorReportedEchoSpacing": 0.000649997,
    "DwellTime": 2.5e-06,
    "EchoNumber": 1,
    "EchoTime": 0.0126,
    "EchoTrainLength": 28,
    "EffectiveEchoSpacing": 0.000324999,
    "FlipAngle": 64,
    "ImageOrientationPatientDICOM": [
      0.99968,
      -0.00917212,
      0.0235891,
      0.0155297,
      0.958241,
      -0.28554
    ],
    "ImageType": [
      "ORIGINAL",
      "PRIMARY",
      "FMRI",
      "NONE"
    ],
    "ImageTypeText": [
      "ORIGINAL",
      "PRIMARY",
      "M",
      "MB",
      "TE1",
      "DIS2D"
    ],
    "InPlanePhaseEncodingDirectionDICOM": "ROW",
    "PercentPhaseFOV": 74.5098,
    "PhaseEchoTime1": 0.0126,
    "PhaseEchoTime2": 0.0322,
    "PhaseEncodingDirection": "i-",
    "PixelBandwidth": 1961,
    "ProtocolName": "func-bold_task-rest_dir-LR__cmrr_me4_sms4",
    "PulseSequenceName": "epfid2d4_76",
    "ReceiveCoilActiveElements": "HC1-7",
    "ReconMatrixPE": 76,
    "RefLinesPE": 18,
    "RepetitionTime": 1.6,
    "SequenceVariant": "SK\\SS\\OSP",
    "SeriesDescription": "func-bold_task-rest_dir-LR__cmrr_me4_sms4",
    "SeriesNumber": 23,
    "ShimSetting": [
      8227,
      -5626,
      -6023,
      682,
      -44,
      -124,
      82,
      32
    ],
    "SliceThickness": 2.2,
    "SliceTiming": [
      0,
      0.8425,
      0.105,
      0.9475,
      0.2125,
      1.055,
      0.3175,
      1.16,
      0.4225,
      1.265,
      0.5275,
      1.37,
      0.6325,
      1.475,
      0.7375,
      0,
      0.8425,
      0.105,
      0.9475,
      0.2125,
      1.055,
      0.3175,
      1.16,
      0.4225,
      1.265,
      0.5275,
      1.37,
      0.6325,
      1.475,
      0.7375,
      0,
      0.8425,
      0.105,
      0.9475,
      0.2125,
      1.055,
      0.3175,
      1.16,
      0.4225,
      1.265,
      0.5275,
      1.37,
      0.6325,
      1.475,
      0.7375,
      0,
      0.8425,
      0.105,
      0.9475,
      0.2125,
      1.055,
      0.3175,
      1.16,
      0.4225,
      1.265,
      0.5275,
      1.37,
      0.6325,
      1.475,
      0.7375
    ],
    "SpacingBetweenSlices": 2.2,
    "TotalReadoutTime": 0.0243749,
    "TxRefAmp": 244.324,
    "WipMemBlock": "3b48103d-025b-4a9b-b4ba-0cd7796bbff6||Sequence: R017 nxva30a/master r/d34922cc2+; Jun 27 2022 13:20:16 by eja",
    "dataset": "<unset>",
    "modality": "bold",
    "session_id": "044",
    "subject_id": "001",
    "task_id": "rest"
  },
  "dummy_trs": 1,
  "dvars_nstd": 36.47022302390377,
  "dvars_std": 1.0191318228342243,
  "dvars_vstd": 0.9985177041978601,
  "efc": 0.6512,
  "fber": 170.8333,
  "fd_mean": 0.12519453029343952,
  "fd_num": 56,
  "fd_perc": 7.4766355140186915,
  "fwhm_avg": 3.555717507926723,
  "fwhm_x": 3.3362765027091985,
  "fwhm_y": 3.5834988295659107,
  "fwhm_z": 3.7473771915050595,
  "gcor": [
    0.0181829,
    0.0173813,
    0.0150034,
    0.0114034
  ],
  "gsr_x": 0.14913688600063324,
  "gsr_y": 0.018447082489728928,
  "provenance": {
    "md5sum": "61a875a1a249c109029b0dbba3d36499",
    "settings": {
      "fd_thres": 0.2,
      "testing": false
    },
    "software": "mriqc",
    "version": "24.1.0.dev0+g3fe90466.d20240417"
  },
  "size_t": 749,
  "size_x": 76,
  "size_y": 102,
  "size_z": 60,
  "snr": 2.7047298603998993,
  "spacing_tr": 1.600000023841858,
  "spacing_x": 2.196079969406128,
  "spacing_y": 2.196079969406128,
  "spacing_z": 2.200000047683716,
  "summary_bg_k": 5.4301,
  "summary_bg_mad": 55.7154,
  "summary_bg_mean": 166.9955,
  "summary_bg_median": 60.0,
  "summary_bg_n": 330215.0,
  "summary_bg_p05": 0.0,
  "summary_bg_p95": 734.0,
  "summary_bg_stdv": 243.534,
  "summary_fg_k": 0.5576,
  "summary_fg_mad": 280.576,
  "summary_fg_mean": 812.6312,
  "summary_fg_median": 788.0,
  "summary_fg_n": 134905.0,
  "summary_fg_p05": 389.0,
  "summary_fg_p95": 1320.0,
  "summary_fg_stdv": 291.3404,
  "tsnr": 35.99059575411957
}