{
  "aor": [
    0.0004854854368932038,
    0.0006623300970873786,
    0.0008116504854368932,
    0.00097373786407767
  ],
  "aqi": [
    0.005529115679611651,
    0.008388399174757283,
    0.013905077669902913,
    0.023562443689320388
  ],
  "bids_meta": {
    "AcquisitionDuration": 361.472,
    "AcquisitionMatrixPE": 76,
    "AcquisitionTime": "12:29:16.300000",
    "B0FieldSource": [
      "044pepolarbold",
      "044phasediff"
    ],
    "BandwidthPerPixelPhaseEncode": 40.486,
    "BaseResolution": 102,
    "DerivedVendorReportedEchoSpacing": 0.000649997,
    "DwellTime": 2.5e-06,
    "EchoNumber": 4,
    "EchoTime": 0.0714,
    "EchoTrainLength": 28,
    "EffectiveEchoSpacing": 0.000324999,
    "ImageOrientationPatientDICOM": [
      0.99968,
      -0.00917212,
      0.0235891,
      0.0155297,
      0.958241,
      -0.28554
    ],
    "ImageType": [
      "ORIGINAL",
      "PRIMARY",
      "FMRI",
      "NONE"
    ],
    "ImageTypeText": [
      "ORIGINAL",
      "PRIMARY",
      "M",
      "MB",
      "TE4",
      "DIS2D"
    ],
    "InPlanePhaseEncodingDirectionDICOM": "ROW",
    "PercentPhaseFOV": 74.5098,
    "PercentSampling": 100,
    "PhaseEchoTime1": 0.0126,
    "PhaseEchoTime2": 0.0322,
    "PhaseEncodingDirection": "i-",
    "PhaseResolution": 1,
    "PixelBandwidth": 1961,
    "ProtocolName": "func-bold_task-bht_dir-LR__cmrr_me4_sms4",
    "PulseSequenceName": "epfid2d4_76",
    "ReceiveCoilActiveElements": "HC1-7",
    "ReconMatrixPE": 76,
    "RefLinesPE": 18,
    "RepetitionTime": 1.6,
    "SequenceVariant": "SK\\SS\\OSP",
    "SeriesDescription": "func-bold_task-bht_dir-LR__cmrr_me4_sms4",
    "SeriesNumber": 25,
    "ShimSetting": [
      8226,
      -5628,
      -6024,
      679,
      -40,
      -139,
      75,
      28
    ],
    "SliceThickness": 2.2,
    "SliceTiming": [
      0,
      0.8425,
      0.105,
      0.9475,
      0.21,
      1.0525,
      0.315,
      1.1575,
      0.42,
      1.2625,
      0.5275,
      1.37,
      0.6325,
      1.475,
      0.7375,
      0,
      0.8425,
      0.105,
      0.9475,
      0.21,
      1.0525,
      0.315,
      1.1575,
      0.42,
      1.2625,
      0.5275,
      1.37,
      0.6325,
      1.475,
      0.7375,
      0,
      0.8425,
      0.105,
      0.9475,
      0.21,
      1.0525,
      0.315,
      1.1575,
      0.42,
      1.2625,
      0.5275,
      1.37,
      0.6325,
      1.475,
      0.7375,
      0,
      0.8425,
      0.105,
      0.9475,
      0.21,
      1.0525,
      0.315,
      1.1575,
      0.42,
      1.2625,
      0.5275,
      1.37,
      0.6325,
      1.475,
      0.7375
    ],
    "SpacingBetweenSlices": 2.2,
    "TotalReadoutTime": 0.0243749,
    "TxRefAmp": 244.324,
    "WipMemBlock": "4f08889a-ee7c-4505-ac76-582cc447040e||Sequence: R017 nxva30a/master r/d34922cc2+; Jun 27 2022 13:20:16 by eja",
    "dataset": "<unset>",
    "modality": "bold",
    "session_id": "044",
    "subject_id": "001",
    "task_id": "bht"
  },
  "dummy_trs": 1,
  "dvars_nstd": 95.92474495482926,
  "dvars_std": 1.0378706286829262,
  "dvars_vstd": 1.011379615024391,
  "efc": 0.5693,
  "fber": 72.7651,
  "fd_mean": 0.1532468180046455,
  "fd_num": 60,
  "fd_perc": 29.12621359223301,
  "fwhm_avg": 2.579474521592609,
  "fwhm_x": 2.6946878449058937,
  "fwhm_y": 2.545567592200088,
  "fwhm_z": 2.4981681276718457,
  "gcor": [
    0.00939971,
    0.0136981,
    0.0146789,
    0.0128357
  ],
  "gsr_x": 0.034110523760318756,
  "gsr_y": 0.0006663969834335148,
  "provenance": {
    "md5sum": "15af02bc8c6f794e4420501e32c3c37f",
    "settings": {
      "fd_thres": 0.2,
      "testing": false
    },
    "software": "mriqc",
    "version": "24.1.0.dev0+g3fe90466.d20240417"
  },
  "size_t": 206,
  "size_x": 76,
  "size_y": 102,
  "size_z": 60,
  "snr": 1.5719550797110133,
  "spacing_tr": 1.600000023841858,
  "spacing_x": 2.196079969406128,
  "spacing_y": 2.196079969406128,
  "spacing_z": 2.200000047683716,
  "summary_bg_k": 80.5906,
  "summary_bg_mad": 5.4194,
  "summary_bg_mean": 26.5529,
  "summary_bg_median": 25.0,
  "summary_bg_n": 330504.0,
  "summary_bg_p05": 0.0,
  "summary_bg_p95": 48.0,
  "summary_bg_stdv": 17.805,
  "summary_fg_k": 3.0788,
  "summary_fg_mad": 124.1823,
  "summary_fg_mean": 220.4608,
  "summary_fg_median": 214.0,
  "summary_fg_n": 134616.0,
  "summary_fg_p05": 35.0,
  "summary_fg_p95": 454.0,
  "summary_fg_stdv": 136.1357,
  "tsnr": 12.761831835727207
}