{
  "aor": [
    0.0009708163265306121,
    0.0009605102040816326,
    0.001068877551020408,
    0.0012647959183673468
  ],
  "aqi": [
    0.005043285510204082,
    0.006914848673469388,
    0.010749670000000001,
    0.017752865306122446
  ],
  "bids_meta": {
    "AcquisitionDuration": 188.475,
    "AcquisitionMatrixPE": 76,
    "AcquisitionTime": "21:05:49.085000",
    "B0FieldSource": [
      "046pepolarbold",
      "046phasediff"
    ],
    "BandwidthPerPixelPhaseEncode": 40.486,
    "BaseResolution": 102,
    "DerivedVendorReportedEchoSpacing": 0.000649997,
    "DwellTime": 2.5e-06,
    "EchoNumber": 3,
    "EchoTime": 0.0518,
    "EchoTrainLength": 28,
    "EffectiveEchoSpacing": 0.000324999,
    "FlipAngle": 64,
    "ImageOrientationPatientDICOM": [
      0.998916,
      0.0102628,
      0.0454101,
      0.00418427,
      0.951661,
      -0.307121
    ],
    "ImageType": [
      "ORIGINAL",
      "PRIMARY",
      "FMRI",
      "NONE"
    ],
    "ImageTypeText": [
      "ORIGINAL",
      "PRIMARY",
      "M",
      "MB",
      "TE3",
      "DIS2D"
    ],
    "InPlanePhaseEncodingDirectionDICOM": "ROW",
    "PercentPhaseFOV": 74.5098,
    "PhaseEchoTime1": 0.0126,
    "PhaseEchoTime2": 0.0322,
    "PhaseEncodingDirection": "i-",
    "PixelBandwidth": 1961,
    "ProtocolName": "func-bold_task-qct_dir-LR__cmrr_me4_sms4",
    "PulseSequenceName": "epfid2d4_76",
    "ReceiveCoilActiveElements": "HC1-7",
    "ReconMatrixPE": 76,
    "RefLinesPE": 18,
    "RepetitionTime": 1.6,
    "SequenceVariant": "SK\\SS\\OSP",
    "SeriesDescription": "func-bold_task-qct_dir-LR__cmrr_me4_sms4",
    "SeriesNumber": 13,
    "ShimSetting": [
      8235,
      -5632,
      -6038,
      627,
      -35,
      -194,
      47,
      44
    ],
    "SliceThickness": 2.2,
    "SliceTiming": [
      0,
      0.8425,
      0.105,
      0.9475,
      0.21,
      1.0525,
      0.315,
      1.16,
      0.4225,
      1.265,
      0.5275,
      1.37,
      0.6325,
      1.475,
      0.7375,
      0,
      0.8425,
      0.105,
      0.9475,
      0.21,
      1.0525,
      0.315,
      1.16,
      0.4225,
      1.265,
      0.5275,
      1.37,
      0.6325,
      1.475,
      0.7375,
      0,
      0.8425,
      0.105,
      0.9475,
      0.21,
      1.0525,
      0.315,
      1.16,
      0.4225,
      1.265,
      0.5275,
      1.37,
      0.6325,
      1.475,
      0.7375,
      0,
      0.8425,
      0.105,
      0.9475,
      0.21,
      1.0525,
      0.315,
      1.16,
      0.4225,
      1.265,
      0.5275,
      1.37,
      0.6325,
      1.475,
      0.7375
    ],
    "SpacingBetweenSlices": 2.2,
    "TotalReadoutTime": 0.0243749,
    "TxRefAmp": 245.785,
    "WipMemBlock": "43dff107-9e39-40f3-bac6-a4d68bde96bf||Sequence: R017 nxva30a/master r/d34922cc2+; Jun 27 2022 13:20:16 by eja",
    "dataset": "<unset>",
    "modality": "bold",
    "session_id": "046",
    "subject_id": "001",
    "task_id": "qct"
  },
  "dummy_trs": 1,
  "dvars_nstd": 69.82180432185565,
  "dvars_std": 1.0436410979381443,
  "dvars_vstd": 1.0307569640206182,
  "efc": 0.5621,
  "fber": 154.2355,
  "fd_mean": 0.13150178876980395,
  "fd_num": 14,
  "fd_perc": 14.285714285714286,
  "fwhm_avg": 2.7941229731025765,
  "fwhm_x": 2.902603770719595,
  "fwhm_y": 2.7993288430486634,
  "fwhm_z": 2.6804363055394713,
  "gcor": [
    0.00524481,
    0.00792132,
    0.00840192,
    0.00718159
  ],
  "gsr_x": 0.05538753420114517,
  "gsr_y": -0.004290986806154251,
  "provenance": {
    "md5sum": "f5684d515ef0fbe5e954ce1415be4806",
    "settings": {
      "fd_thres": 0.2,
      "testing": false
    },
    "software": "mriqc",
    "version": "24.1.0.dev0+g3fe90466.d20240417"
  },
  "size_t": 98,
  "size_x": 76,
  "size_y": 102,
  "size_z": 60,
  "snr": 1.83826116960568,
  "spacing_tr": 1.600000023841858,
  "spacing_x": 2.196079969406128,
  "spacing_y": 2.196079969406128,
  "spacing_z": 2.200000047683716,
  "summary_bg_k": 55.3815,
  "summary_bg_mad": 8.5023,
  "summary_bg_mean": 33.4411,
  "summary_bg_median": 27.0,
  "summary_bg_n": 329818.0,
  "summary_bg_p05": 0.0,
  "summary_bg_p95": 84.0,
  "summary_bg_stdv": 32.2561,
  "summary_fg_k": 1.0654,
  "summary_fg_mad": 164.3722,
  "summary_fg_mean": 336.6604,
  "summary_fg_median": 331.0,
  "summary_fg_n": 135302.0,
  "summary_fg_p05": 49.0,
  "summary_fg_p95": 640.0,
  "summary_fg_stdv": 180.0608,
  "tsnr": 19.824622159358114
}