{
  "aor": [
    0.00041053658536585374,
    0.00045253658536585374,
    0.000515609756097561,
    0.0006665853658536585
  ],
  "aqi": [
    0.004933982390243902,
    0.007422554487804878,
    0.011687959853658537,
    0.019712642926829265
  ],
  "bids_meta": {
    "AcquisitionDuration": 361.475,
    "AcquisitionMatrixPE": 76,
    "AcquisitionTime": "21:33:28.477500",
    "B0FieldSource": [
      "046pepolarbold",
      "046phasediff"
    ],
    "BandwidthPerPixelPhaseEncode": 40.486,
    "BaseResolution": 102,
    "DerivedVendorReportedEchoSpacing": 0.000649997,
    "DwellTime": 2.5e-06,
    "EchoNumber": 3,
    "EchoTime": 0.0518,
    "EchoTrainLength": 28,
    "EffectiveEchoSpacing": 0.000324999,
    "ImageOrientationPatientDICOM": [
      0.998916,
      0.0102628,
      0.0454101,
      0.00418427,
      0.951661,
      -0.307121
    ],
    "ImageType": [
      "ORIGINAL",
      "PRIMARY",
      "FMRI",
      "NONE"
    ],
    "ImageTypeText": [
      "ORIGINAL",
      "PRIMARY",
      "M",
      "MB",
      "TE3",
      "DIS2D"
    ],
    "InPlanePhaseEncodingDirectionDICOM": "ROW",
    "PercentPhaseFOV": 74.5098,
    "PercentSampling": 100,
    "PhaseEchoTime1": 0.0126,
    "PhaseEchoTime2": 0.0322,
    "PhaseEncodingDirection": "i-",
    "PhaseResolution": 1,
    "PixelBandwidth": 1961,
    "ProtocolName": "func-bold_task-bht_dir-LR__cmrr_me4_sms4",
    "PulseSequenceName": "epfid2d4_76",
    "ReceiveCoilActiveElements": "HC1-7",
    "ReconMatrixPE": 76,
    "RefLinesPE": 18,
    "RepetitionTime": 1.6,
    "SequenceVariant": "SK\\SS\\OSP",
    "SeriesDescription": "func-bold_task-bht_dir-LR__cmrr_me4_sms4",
    "SeriesNumber": 25,
    "ShimSetting": [
      8235,
      -5632,
      -6038,
      627,
      -35,
      -194,
      47,
      44
    ],
    "SliceThickness": 2.2,
    "SliceTiming": [
      0,
      0.8425,
      0.105,
      0.9475,
      0.21,
      1.0525,
      0.315,
      1.1575,
      0.42,
      1.2625,
      0.525,
      1.3675,
      0.63,
      1.4725,
      0.7375,
      0,
      0.8425,
      0.105,
      0.9475,
      0.21,
      1.0525,
      0.315,
      1.1575,
      0.42,
      1.2625,
      0.525,
      1.3675,
      0.63,
      1.4725,
      0.7375,
      0,
      0.8425,
      0.105,
      0.9475,
      0.21,
      1.0525,
      0.315,
      1.1575,
      0.42,
      1.2625,
      0.525,
      1.3675,
      0.63,
      1.4725,
      0.7375,
      0,
      0.8425,
      0.105,
      0.9475,
      0.21,
      1.0525,
      0.315,
      1.1575,
      0.42,
      1.2625,
      0.525,
      1.3675,
      0.63,
      1.4725,
      0.7375
    ],
    "SpacingBetweenSlices": 2.2,
    "TotalReadoutTime": 0.0243749,
    "TxRefAmp": 245.785,
    "WipMemBlock": "ed119d43-05a9-44cf-802f-bafa6e39379e||Sequence: R017 nxva30a/master r/d34922cc2+; Jun 27 2022 13:20:16 by eja",
    "dataset": "<unset>",
    "modality": "bold",
    "session_id": "046",
    "subject_id": "001",
    "task_id": "bht"
  },
  "dummy_trs": 2,
  "dvars_nstd": 70.51851773784317,
  "dvars_std": 1.0270149550000003,
  "dvars_vstd": 1.004176714558823,
  "efc": 0.5635,
  "fber": 151.622,
  "fd_mean": 0.1381499144567214,
  "fd_num": 45,
  "fd_perc": 21.951219512195124,
  "fwhm_avg": 2.813873977091651,
  "fwhm_x": 2.931619107541428,
  "fwhm_y": 2.815371063956278,
  "fwhm_z": 2.6946317597772476,
  "gcor": [
    0.00805146,
    0.0129216,
    0.0140351,
    0.0122001
  ],
  "gsr_x": 0.058539215475320816,
  "gsr_y": -0.005387747660279274,
  "provenance": {
    "md5sum": "e5c81e80a9da87d7709237e834871962",
    "settings": {
      "fd_thres": 0.2,
      "testing": false
    },
    "software": "mriqc",
    "version": "24.1.0.dev0+g3fe90466.d20240417"
  },
  "size_t": 205,
  "size_x": 76,
  "size_y": 102,
  "size_z": 60,
  "snr": 1.849397806004589,
  "spacing_tr": 1.600000023841858,
  "spacing_x": 2.196079969406128,
  "spacing_y": 2.196079969406128,
  "spacing_z": 2.200000047683716,
  "summary_bg_k": 47.8812,
  "summary_bg_mad": 8.5702,
  "summary_bg_mean": 33.8571,
  "summary_bg_median": 27.0,
  "summary_bg_n": 330202.0,
  "summary_bg_p05": 0.0,
  "summary_bg_p95": 86.0,
  "summary_bg_stdv": 33.4786,
  "summary_fg_k": 0.9849,
  "summary_fg_mad": 163.795,
  "summary_fg_mean": 335.5767,
  "summary_fg_median": 330.0,
  "summary_fg_n": 134918.0,
  "summary_fg_p05": 49.0,
  "summary_fg_p95": 636.0,
  "summary_fg_stdv": 178.4358,
  "tsnr": 19.056733236880973
}