{
  "aor": [
    0.0006773333333333334,
    0.0009598933333333333,
    0.00117376,
    0.0012820933333333334
  ],
  "aqi": [
    0.005754302893333333,
    0.007811823666666666,
    0.01305243376,
    0.02172408786666667
  ],
  "bids_meta": {
    "AcquisitionDuration": 1230.47,
    "AcquisitionMatrixPE": 76,
    "AcquisitionTime": "18:17:50.195000",
    "B0FieldSource": [
      "pilot021pepolarbold",
      "pilot021phasediff"
    ],
    "BandwidthPerPixelPhaseEncode": 40.486,
    "BaseResolution": 102,
    "DerivedVendorReportedEchoSpacing": 0.000649997,
    "DwellTime": 2.5e-06,
    "EchoNumber": 1,
    "EchoTime": 0.0126,
    "EchoTrainLength": 28,
    "EffectiveEchoSpacing": 0.000324999,
    "FlipAngle": 64,
    "ImageOrientationPatientDICOM": [
      0.99804,
      0.0105178,
      0.0616968,
      0.0116713,
      0.937209,
      -0.348573
    ],
    "ImageType": [
      "ORIGINAL",
      "PRIMARY",
      "FMRI",
      "NONE"
    ],
    "ImageTypeText": [
      "ORIGINAL",
      "PRIMARY",
      "M",
      "MB",
      "TE1",
      "DIS2D"
    ],
    "InPlanePhaseEncodingDirectionDICOM": "ROW",
    "PercentPhaseFOV": 74.5098,
    "PhaseEchoTime1": 0.0126,
    "PhaseEchoTime2": 0.0322,
    "PhaseEncodingDirection": "i",
    "PixelBandwidth": 1961,
    "ProtocolName": "func-bold_task-rest_dir-RL__cmrr_me4_sms4",
    "PulseSequenceName": "epfid2d4_76",
    "ReceiveCoilActiveElements": "HC1-7",
    "ReconMatrixPE": 76,
    "RefLinesPE": 18,
    "RepetitionTime": 1.6,
    "SequenceVariant": "SK\\SS\\OSP",
    "SeriesDescription": "func-bold_task-rest_dir-RL__cmrr_me4_sms4",
    "SeriesNumber": 33,
    "ShimSetting": [
      8235,
      -5622,
      -6000,
      664,
      -53,
      -179,
      20,
      -1
    ],
    "SliceThickness": 2.2,
    "SliceTiming": [
      0,
      0.8425,
      0.105,
      0.9475,
      0.2125,
      1.055,
      0.3175,
      1.16,
      0.4225,
      1.265,
      0.5275,
      1.37,
      0.6325,
      1.475,
      0.7375,
      0,
      0.8425,
      0.105,
      0.9475,
      0.2125,
      1.055,
      0.3175,
      1.16,
      0.4225,
      1.265,
      0.5275,
      1.37,
      0.6325,
      1.475,
      0.7375,
      0,
      0.8425,
      0.105,
      0.9475,
      0.2125,
      1.055,
      0.3175,
      1.16,
      0.4225,
      1.265,
      0.5275,
      1.37,
      0.6325,
      1.475,
      0.7375,
      0,
      0.8425,
      0.105,
      0.9475,
      0.2125,
      1.055,
      0.3175,
      1.16,
      0.4225,
      1.265,
      0.5275,
      1.37,
      0.6325,
      1.475,
      0.7375
    ],
    "SpacingBetweenSlices": 2.2,
    "TotalReadoutTime": 0.0243749,
    "TxRefAmp": 247.681,
    "WipMemBlock": "c199a37e-4b9a-44d0-8c7d-8f927fa9265d||Sequence: R017 nxva30a/master r/d34922cc2+; Jun 27 2022 13:20:16 by eja",
    "dataset": "<unset>",
    "modality": "bold",
    "session_id": "pilot021",
    "subject_id": "001",
    "task_id": "rest"
  },
  "dummy_trs": 0,
  "dvars_nstd": 34.117165620266995,
  "dvars_std": 1.0328868517623497,
  "dvars_vstd": 1.0074789951001337,
  "efc": 0.6522,
  "fber": 118.9246,
  "fd_mean": 0.1262400325992252,
  "fd_num": 97,
  "fd_perc": 12.933333333333334,
  "fwhm_avg": 4.1766567106024555,
  "fwhm_x": 3.945084022756637,
  "fwhm_y": 4.1912043860993995,
  "fwhm_z": 4.393681722951332,
  "gcor": [
    0.0148707,
    0.0197591,
    0.018775,
    0.0155843
  ],
  "gsr_x": 0.1562158614397049,
  "gsr_y": 0.011764271184802055,
  "provenance": {
    "md5sum": "1533d20c9e942986b4bd2b3a1ba23032",
    "settings": {
      "fd_thres": 0.2,
      "testing": false
    },
    "software": "mriqc",
    "version": "24.1.0.dev0+g3fe90466.d20240417"
  },
  "size_t": 750,
  "size_x": 76,
  "size_y": 102,
  "size_z": 60,
  "snr": 2.4158841052595474,
  "spacing_tr": 1.600000023841858,
  "spacing_x": 2.196079969406128,
  "spacing_y": 2.196079969406128,
  "spacing_z": 2.200000047683716,
  "summary_bg_k": 6.1584,
  "summary_bg_mad": 74.2309,
  "summary_bg_mean": 190.8706,
  "summary_bg_median": 78.0,
  "summary_bg_n": 331927.0,
  "summary_bg_p05": 0.0,
  "summary_bg_p95": 797.0,
  "summary_bg_stdv": 267.378,
  "summary_fg_k": 1.0341,
  "summary_fg_mad": 338.9959,
  "summary_fg_mean": 894.602,
  "summary_fg_median": 852.0,
  "summary_fg_n": 133193.0,
  "summary_fg_p05": 408.0,
  "summary_fg_p95": 1518.0,
  "summary_fg_stdv": 352.6646,
  "tsnr": 36.85718526295386
}