{
  "aor": [
    0.0006773333333333334,
    0.0009598933333333333,
    0.00117376,
    0.0012820933333333334
  ],
  "aqi": [
    0.005754302893333333,
    0.007811823666666666,
    0.01305243376,
    0.02172408786666667
  ],
  "bids_meta": {
    "AcquisitionDuration": 1230.47,
    "AcquisitionMatrixPE": 76,
    "AcquisitionTime": "18:17:50.215000",
    "B0FieldSource": [
      "pilot021pepolarbold",
      "pilot021phasediff"
    ],
    "BandwidthPerPixelPhaseEncode": 40.486,
    "BaseResolution": 102,
    "DerivedVendorReportedEchoSpacing": 0.000649997,
    "DwellTime": 2.5e-06,
    "EchoNumber": 2,
    "EchoTime": 0.0322,
    "EchoTrainLength": 28,
    "EffectiveEchoSpacing": 0.000324999,
    "FlipAngle": 64,
    "ImageOrientationPatientDICOM": [
      0.99804,
      0.0105178,
      0.0616968,
      0.0116713,
      0.937209,
      -0.348573
    ],
    "ImageType": [
      "ORIGINAL",
      "PRIMARY",
      "FMRI",
      "NONE"
    ],
    "ImageTypeText": [
      "ORIGINAL",
      "PRIMARY",
      "M",
      "MB",
      "TE2",
      "DIS2D"
    ],
    "InPlanePhaseEncodingDirectionDICOM": "ROW",
    "PercentPhaseFOV": 74.5098,
    "PhaseEchoTime1": 0.0126,
    "PhaseEchoTime2": 0.0322,
    "PhaseEncodingDirection": "i",
    "PixelBandwidth": 1961,
    "ProtocolName": "func-bold_task-rest_dir-RL__cmrr_me4_sms4",
    "PulseSequenceName": "epfid2d4_76",
    "ReceiveCoilActiveElements": "HC1-7",
    "ReconMatrixPE": 76,
    "RefLinesPE": 18,
    "RepetitionTime": 1.6,
    "SequenceVariant": "SK\\SS\\OSP",
    "SeriesDescription": "func-bold_task-rest_dir-RL__cmrr_me4_sms4",
    "SeriesNumber": 33,
    "ShimSetting": [
      8235,
      -5622,
      -6000,
      664,
      -53,
      -179,
      20,
      -1
    ],
    "SliceThickness": 2.2,
    "SliceTiming": [
      0,
      0.8425,
      0.105,
      0.9475,
      0.21,
      1.0525,
      0.315,
      1.1575,
      0.42,
      1.2625,
      0.525,
      1.3675,
      0.63,
      1.4725,
      0.7375,
      0,
      0.8425,
      0.105,
      0.9475,
      0.21,
      1.0525,
      0.315,
      1.1575,
      0.42,
      1.2625,
      0.525,
      1.3675,
      0.63,
      1.4725,
      0.7375,
      0,
      0.8425,
      0.105,
      0.9475,
      0.21,
      1.0525,
      0.315,
      1.1575,
      0.42,
      1.2625,
      0.525,
      1.3675,
      0.63,
      1.4725,
      0.7375,
      0,
      0.8425,
      0.105,
      0.9475,
      0.21,
      1.0525,
      0.315,
      1.1575,
      0.42,
      1.2625,
      0.525,
      1.3675,
      0.63,
      1.4725,
      0.7375
    ],
    "SpacingBetweenSlices": 2.2,
    "TotalReadoutTime": 0.0243749,
    "TxRefAmp": 247.681,
    "WipMemBlock": "c199a37e-4b9a-44d0-8c7d-8f927fa9265d||Sequence: R017 nxva30a/master r/d34922cc2+; Jun 27 2022 13:20:16 by eja",
    "dataset": "<unset>",
    "modality": "bold",
    "session_id": "pilot021",
    "subject_id": "001",
    "task_id": "rest"
  },
  "dummy_trs": 0,
  "dvars_nstd": 43.99250471074768,
  "dvars_std": 1.0229727846862482,
  "dvars_vstd": 1.0040649066622156,
  "efc": 0.5787,
  "fber": 224.1611,
  "fd_mean": 0.1262400325992252,
  "fd_num": 97,
  "fd_perc": 12.933333333333334,
  "fwhm_avg": 3.6043197368107016,
  "fwhm_x": 3.635154507674334,
  "fwhm_y": 3.653163870061395,
  "fwhm_z": 3.524640832696376,
  "gcor": [
    0.0148707,
    0.0197591,
    0.018775,
    0.0155843
  ],
  "gsr_x": 0.09876345098018646,
  "gsr_y": -0.010051553137600422,
  "provenance": {
    "md5sum": "de1001280c07394bc610373acb44419c",
    "settings": {
      "fd_thres": 0.2,
      "testing": false
    },
    "software": "mriqc",
    "version": "24.1.0.dev0+g3fe90466.d20240417"
  },
  "size_t": 750,
  "size_x": 76,
  "size_y": 102,
  "size_z": 60,
  "snr": 2.0193712569662,
  "spacing_tr": 1.600000023841858,
  "spacing_x": 2.196079969406128,
  "spacing_y": 2.196079969406128,
  "spacing_z": 2.200000047683716,
  "summary_bg_k": 26.4829,
  "summary_bg_mad": 20.371,
  "summary_bg_mean": 66.3925,
  "summary_bg_median": 37.0,
  "summary_bg_n": 331927.0,
  "summary_bg_p05": 0.0,
  "summary_bg_p95": 234.0,
  "summary_bg_stdv": 89.2237,
  "summary_fg_k": 1.1793,
  "summary_fg_mad": 251.6569,
  "summary_fg_mean": 584.3624,
  "summary_fg_median": 561.0,
  "summary_fg_n": 133193.0,
  "summary_fg_p05": 133.0,
  "summary_fg_p95": 1076.0,
  "summary_fg_stdv": 277.8082,
  "tsnr": 26.035359126981348
}