{
  "aor": [
    0.00039810679611650487,
    0.00041019417475728157,
    0.0004784951456310679,
    0.0005864077669902912
  ],
  "aqi": [
    0.006367892572815534,
    0.008565709999999999,
    0.014923455970873786,
    0.025088092233009705
  ],
  "bids_meta": {
    "AcquisitionDuration": 361.472,
    "AcquisitionMatrixPE": 76,
    "AcquisitionTime": "18:40:2.290000",
    "B0FieldSource": [
      "pilot021pepolarbold",
      "pilot021phasediff"
    ],
    "BandwidthPerPixelPhaseEncode": 40.486,
    "BaseResolution": 102,
    "DerivedVendorReportedEchoSpacing": 0.000649997,
    "DwellTime": 2.5e-06,
    "EchoNumber": 3,
    "EchoTime": 0.0518,
    "EchoTrainLength": 28,
    "EffectiveEchoSpacing": 0.000324999,
    "ImageOrientationPatientDICOM": [
      0.998037,
      0.0103543,
      0.0617576,
      0.0118455,
      0.937211,
      -0.348562
    ],
    "ImageType": [
      "ORIGINAL",
      "PRIMARY",
      "FMRI",
      "NONE"
    ],
    "ImageTypeText": [
      "ORIGINAL",
      "PRIMARY",
      "M",
      "MB",
      "TE3",
      "DIS2D"
    ],
    "InPlanePhaseEncodingDirectionDICOM": "ROW",
    "PercentPhaseFOV": 74.5098,
    "PercentSampling": 100,
    "PhaseEchoTime1": 0.0126,
    "PhaseEchoTime2": 0.0322,
    "PhaseEncodingDirection": "i",
    "PhaseResolution": 1,
    "PixelBandwidth": 1961,
    "ProtocolName": "func-bold_task-bht_dir-RL__cmrr_me4_sms4",
    "PulseSequenceName": "epfid2d4_76",
    "ReceiveCoilActiveElements": "HC1-7",
    "ReconMatrixPE": 76,
    "RefLinesPE": 18,
    "RepetitionTime": 1.6,
    "SequenceVariant": "SK\\SS\\OSP",
    "SeriesDescription": "func-bold_task-bht_dir-RL__cmrr_me4_sms4",
    "SeriesNumber": 37,
    "ShimSetting": [
      8234,
      -5625,
      -6000,
      657,
      -62,
      -207,
      16,
      -6
    ],
    "SliceThickness": 2.2,
    "SliceTiming": [
      0,
      0.8425,
      0.105,
      0.9475,
      0.21,
      1.0525,
      0.315,
      1.1575,
      0.42,
      1.2625,
      0.5275,
      1.37,
      0.6325,
      1.475,
      0.7375,
      0,
      0.8425,
      0.105,
      0.9475,
      0.21,
      1.0525,
      0.315,
      1.1575,
      0.42,
      1.2625,
      0.5275,
      1.37,
      0.6325,
      1.475,
      0.7375,
      0,
      0.8425,
      0.105,
      0.9475,
      0.21,
      1.0525,
      0.315,
      1.1575,
      0.42,
      1.2625,
      0.5275,
      1.37,
      0.6325,
      1.475,
      0.7375,
      0,
      0.8425,
      0.105,
      0.9475,
      0.21,
      1.0525,
      0.315,
      1.1575,
      0.42,
      1.2625,
      0.5275,
      1.37,
      0.6325,
      1.475,
      0.7375
    ],
    "SpacingBetweenSlices": 2.2,
    "TotalReadoutTime": 0.0243749,
    "TxRefAmp": 247.681,
    "WipMemBlock": "0f5af975-1902-475b-ae93-5847667df085||Sequence: R017 nxva30a/master r/d34922cc2+; Jun 27 2022 13:20:16 by eja",
    "dataset": "<unset>",
    "modality": "bold",
    "session_id": "pilot021",
    "subject_id": "001",
    "task_id": "bht"
  },
  "dummy_trs": 1,
  "dvars_nstd": 68.18889757463417,
  "dvars_std": 1.0167286813658534,
  "dvars_vstd": 0.9804149404878045,
  "efc": 0.5577,
  "fber": 146.3592,
  "fd_mean": 0.21332868000408994,
  "fd_num": 96,
  "fd_perc": 46.601941747572816,
  "fwhm_avg": 3.178080862955498,
  "fwhm_x": 3.256698344156412,
  "fwhm_y": 3.172803402912618,
  "fwhm_z": 3.1047408417974633,
  "gcor": [
    0.0374636,
    0.0351389,
    0.03021,
    0.0241275
  ],
  "gsr_x": 0.06394588947296143,
  "gsr_y": -0.005238027311861515,
  "provenance": {
    "md5sum": "18c1af6bb90018f4ea8494929650ae83",
    "settings": {
      "fd_thres": 0.2,
      "testing": false
    },
    "software": "mriqc",
    "version": "24.1.0.dev0+g3fe90466.d20240417"
  },
  "size_t": 206,
  "size_x": 76,
  "size_y": 102,
  "size_z": 60,
  "snr": 1.6932314545772285,
  "spacing_tr": 1.600000023841858,
  "spacing_x": 2.196079969406128,
  "spacing_y": 2.196079969406128,
  "spacing_z": 2.200000047683716,
  "summary_bg_k": 59.4585,
  "summary_bg_mad": 8.8092,
  "summary_bg_mean": 38.3069,
  "summary_bg_median": 29.0,
  "summary_bg_n": 331290.0,
  "summary_bg_p05": 0.0,
  "summary_bg_p95": 95.0,
  "summary_bg_stdv": 38.2646,
  "summary_fg_k": 2.18,
  "summary_fg_mad": 185.516,
  "summary_fg_mean": 370.0871,
  "summary_fg_median": 355.0,
  "summary_fg_n": 133830.0,
  "summary_fg_p05": 53.0,
  "summary_fg_p95": 734.0,
  "summary_fg_stdv": 209.6575,
  "tsnr": 17.150031749508344
}