{
  "NumberOfShells": 4,
  "bValues": [
    0.0,
    700.0,
    1000.0,
    2000.0,
    3000.0
  ],
  "bValuesEstimation": [
    700.0,
    1000.0,
    2000.0,
    3000.0
  ],
  "bdiffs_max": 0.1286,
  "bdiffs_mean": 0.0433,
  "bdiffs_median": 0.0309,
  "bdiffs_min": 0.0009,
  "bids_meta": {
    "AcquisitionMatrixPE": 120,
    "AcquisitionNumber": 1,
    "AcquisitionTime": "18:07:40.677500",
    "B0FieldSource": [
      "pilot012pepolarb0",
      "pilot012phasediff"
    ],
    "BandwidthPerPixelPhaseEncode": 23.81,
    "BaseResolution": 120,
    "BodyPartExamined": "BRAIN",
    "CoilCombinationMethod": "Adaptive Combine",
    "CoilString": "HeadNeck_64",
    "ConversionSoftware": "dcm2niix",
    "ConversionSoftwareVersion": "v1.0.20220720",
    "Deltas": [
      0.0233,
      0.0475
    ],
    "DerivedVendorReportedEchoSpacing": 0.000699986,
    "DeviceSerialNumber": "67014",
    "DiffusionScheme": "Monopolar",
    "DwellTime": 2.4e-06,
    "EchoTime": 0.092,
    "EchoTrainLength": 51,
    "EffectiveEchoSpacing": 0.000349993,
    "FlipAngle": 90,
    "HeudiconvVersion": "1.0.0",
    "ImageOrientationPatientDICOM": [
      0.99994,
      0.0105628,
      0.00297635,
      -0.00785363,
      0.878218,
      -0.478196
    ],
    "ImageType": [
      "ORIGINAL",
      "PRIMARY",
      "DIFFUSION",
      "NONE",
      "ND",
      "MFSPLIT"
    ],
    "ImageTypeText": [
      "ORIGINAL",
      "PRIMARY",
      "DIFFUSION",
      "NONE"
    ],
    "ImagingFrequency": 123.248,
    "InPlanePhaseEncodingDirectionDICOM": "COL",
    "InstitutionAddress": "Rue du Bugnon 21,Lausanne,District,CH,1011",
    "InstitutionName": "CHUV",
    "MRAcquisitionType": "2D",
    "MagneticFieldStrength": 3,
    "Manufacturer": "Siemens",
    "ManufacturersModelName": "MAGNETOM Prisma Fit",
    "Modality": "MR",
    "MultibandAccelerationFactor": 3,
    "NonlinearGradientCorrection": false,
    "ParallelReductionFactorInPlane": 2,
    "PartialFourier": 0.875,
    "PatientPosition": "HFS",
    "PercentPhaseFOV": 100,
    "PercentSampling": 100,
    "PhaseEncodingDirection": "j",
    "PhaseEncodingSteps": 120,
    "PhaseResolution": 1,
    "PixelBandwidth": 1736,
    "ProcedureStepDescription": "RESEARCH Oscar",
    "ProtocolName": "dwi-dwi_acq-lowres_dir-PA__140dir_monopolar",
    "PulseSequenceDetails": "%SiemensSeq%\\ep2d_diff",
    "ReceiveCoilActiveElements": "HC1-7;NC1",
    "ReceiveCoilName": "HeadNeck_64",
    "ReconMatrixPE": 120,
    "RefLinesPE": 42,
    "RepetitionTime": 7.8,
    "SAR": 0.131624,
    "ScanOptions": "PFP\\FS\\PER",
    "ScanningSequence": "GR\\EP",
    "SequenceName": "*ep_b0",
    "SequenceVariant": "SK",
    "SeriesDescription": "dwi-dwi_acq-lowres_dir-PA__140dir_monopolar",
    "SeriesNumber": 22,
    "ShimSetting": [
      8248,
      -5622,
      -5977,
      716,
      -25,
      -223,
      16,
      32
    ],
    "SliceThickness": 2,
    "SliceTiming": [
      4.6325,
      0,
      4.7625,
      0.1275,
      4.89,
      0.2575,
      5.02,
      0.385,
      5.1475,
      0.515,
      5.2775,
      0.6425,
      5.405,
      0.7725,
      5.535,
      0.9,
      5.6625,
      1.03,
      5.7925,
      1.1575,
      5.92,
      1.2875,
      6.05,
      1.415,
      6.1775,
      1.545,
      6.3075,
      1.6725,
      6.435,
      1.8025,
      6.565,
      1.93,
      6.6925,
      2.06,
      6.8225,
      2.1875,
      6.95,
      2.3175,
      7.0775,
      2.445,
      7.2075,
      2.575,
      7.335,
      2.7025,
      7.465,
      2.83,
      7.5925,
      2.96,
      7.7225,
      3.0875,
      7.85,
      3.2175,
      7.98,
      3.345,
      8.1075,
      3.475,
      8.2375,
      3.6025,
      8.365,
      3.7325,
      8.495,
      3.86,
      8.6225,
      3.99,
      8.7525,
      4.1175,
      8.88,
      4.2475,
      9.01,
      4.375,
      9.1375,
      4.505
    ],
    "SoftwareVersions": "syngo MR XA30",
    "SpacingBetweenSlices": 2,
    "StationName": "LRG10884",
    "TotalReadoutTime": 0.0416492,
    "TxRefAmp": 247.841,
    "VendorReportedEchoSpacing": 0.0007,
    "acq_id": "lowres",
    "dataset": "hcph",
    "modality": "dwi",
    "session_id": "pilot012",
    "subject_id": "001"
  },
  "efc_shell01": 2.3683,
  "efc_shell02": 1.1562,
  "efc_shell03": 0.936,
  "efc_shell04": 0.5587,
  "efc_shell05": 0.5498,
  "fa_degenerate": 0.0,
  "fa_nans": 0.0,
  "fber_shell01": 41.12,
  "fber_shell02": 219.04,
  "fber_shell03": 243.36,
  "fber_shell04": 225.0,
  "fber_shell05": 100.0,
  "fd_mean": 6.5396,
  "fd_num": 140,
  "fd_perc": 99.29078014184397,
  "ndc": 0.8136,
  "provenance": {
    "md5sum": "e794ab03cda555a1a9a0d0b2b88aa2b3",
    "settings": {
      "testing": false
    },
    "software": "mriqc",
    "version": "24.0.0"
  },
  "sigma_cc": 28.9107,
  "sigma_pca": 9.9045,
  "sigma_piesno": 0.9905,
  "snr_cc_shell0": 6.52,
  "snr_cc_shell1_best": 6.51,
  "snr_cc_shell1_worst": 6.51,
  "snr_cc_shell2_best": 4.63,
  "snr_cc_shell2_worst": 4.06,
  "snr_cc_shell3_best": 3.81,
  "snr_cc_shell3_worst": 1.95,
  "snr_cc_shell4_best": 2.4,
  "snr_cc_shell4_worst": 0.98,
  "spikes_global": 59.11,
  "spikes_slice_i": 330.81,
  "spikes_slice_j": 301.25,
  "spikes_slice_k": 387.12,
  "summary_bg_k": 547.4753,
  "summary_bg_mad": 5.9304,
  "summary_bg_mean": 31.6946,
  "summary_bg_median": 6.0,
  "summary_bg_n": 851945.0,
  "summary_bg_p05": 1.0,
  "summary_bg_p95": 149.0,
  "summary_bg_stdv": 107.2734,
  "summary_fg_k": 7.1194,
  "summary_fg_mad": 213.4947,
  "summary_fg_mean": 477.6092,
  "summary_fg_median": 375.0,
  "summary_fg_n": 184855.0,
  "summary_fg_p05": 124.0,
  "summary_fg_p95": 1214.0,
  "summary_fg_stdv": 362.6899,
  "summary_wm_k": 12.7848,
  "summary_wm_mad": 100.817,
  "summary_wm_mean": 270.9774,
  "summary_wm_median": 263.0,
  "summary_wm_n": 53788.0,
  "summary_wm_p05": 99.0,
  "summary_wm_p95": 468.0,
  "summary_wm_stdv": 124.236
}