{
  "NumberOfShells": 4,
  "bValues": [
    0.0,
    700.0,
    1000.0,
    2000.0,
    3000.0
  ],
  "bValuesEstimation": [
    700.0,
    1000.0,
    2000.0,
    3000.0
  ],
  "bdiffs_max": 0.1484,
  "bdiffs_mean": 0.0907,
  "bdiffs_median": 0.1061,
  "bdiffs_min": 0.0045,
  "bids_meta": {
    "AcquisitionMatrixPE": 146,
    "AcquisitionNumber": 1,
    "AcquisitionTime": "21:51:14.815000",
    "B0FieldSource": [
      "024pepolarb0",
      "024phasediff"
    ],
    "BandwidthPerPixelPhaseEncode": 19.569,
    "BaseResolution": 146,
    "BodyPartExamined": "BRAIN",
    "CoilCombinationMethod": "Adaptive Combine",
    "CoilString": "HeadNeck_64",
    "ConversionSoftware": "dcm2niix",
    "ConversionSoftwareVersion": "v1.0.20220720",
    "Deltas": [
      0.0233,
      0.0475
    ],
    "DerivedVendorReportedEchoSpacing": 0.000700017,
    "DeviceSerialNumber": "67014",
    "DiffusionScheme": "Monopolar",
    "DwellTime": 2.1e-06,
    "EchoTime": 0.098,
    "EchoTrainLength": 64,
    "EffectiveEchoSpacing": 0.000350008,
    "FlipAngle": 90,
    "HeudiconvVersion": "1.0.0",
    "ImageOrientationPatientDICOM": [
      0.999719,
      -0.0101699,
      0.0214212,
      0.0125635,
      0.993315,
      -0.114749
    ],
    "ImageType": [
      "ORIGINAL",
      "PRIMARY",
      "DIFFUSION",
      "NONE",
      "ND",
      "MFSPLIT"
    ],
    "ImageTypeText": [
      "ORIGINAL",
      "PRIMARY",
      "DIFFUSION",
      "NONE"
    ],
    "ImagingFrequency": 123.248,
    "InPlanePhaseEncodingDirectionDICOM": "COL",
    "InstitutionAddress": "Rue du Bugnon 21,Lausanne,District,CH,1011",
    "InstitutionName": "CHUV",
    "MRAcquisitionType": "2D",
    "MagneticFieldStrength": 3,
    "Manufacturer": "Siemens",
    "ManufacturersModelName": "MAGNETOM Prisma Fit",
    "Modality": "MR",
    "MultibandAccelerationFactor": 3,
    "NonlinearGradientCorrection": false,
    "ParallelReductionFactorInPlane": 2,
    "PartialFourier": 0.875,
    "PatientPosition": "HFS",
    "PercentPhaseFOV": 100,
    "PercentSampling": 100,
    "PhaseEncodingDirection": "j-",
    "PhaseEncodingSteps": 146,
    "PhaseResolution": 1,
    "PixelBandwidth": 1631,
    "ProcedureStepDescription": "RESEARCH Oscar",
    "ProtocolName": "dwi-dwi_acq-highres_dir-AP__trigger_monopolar",
    "PulseSequenceDetails": "%CustomerSeq%\\ep2d_diff_trigg",
    "ReceiveCoilActiveElements": "HC1-7",
    "ReceiveCoilName": "HeadNeck_64",
    "ReconMatrixPE": 146,
    "RefLinesPE": 54,
    "RepetitionTime": 7,
    "SAR": 0.169765,
    "ScanOptions": "PFP\\FS\\PER",
    "ScanningSequence": "GR\\EP",
    "SequenceName": "ep_b0",
    "SequenceVariant": "SK",
    "SeriesDescription": "dwi-dwi_acq-highres_dir-AP__trigger_monopolar",
    "SeriesNumber": 10,
    "ShimSetting": [
      8244,
      -5635,
      -6036,
      580,
      -6,
      -343,
      15,
      10
    ],
    "SliceThickness": 1.6,
    "SliceTiming": [
      0,
      6.145,
      0.14,
      6.285,
      0.28,
      6.425,
      0.42,
      6.565,
      0.56,
      6.705,
      0.7,
      6.8425,
      0.84,
      6.9825,
      0.9775,
      7.1225,
      1.1175,
      7.2625,
      1.2575,
      7.4025,
      1.3975,
      7.5425,
      1.5375,
      7.6825,
      1.6775,
      7.82,
      1.8175,
      7.96,
      1.955,
      8.1,
      2.095,
      8.24,
      2.235,
      8.38,
      2.375,
      8.52,
      2.515,
      8.66,
      2.655,
      8.7975,
      2.795,
      8.9375,
      2.9325,
      9.0775,
      3.0725,
      9.2175,
      3.2125,
      9.3575,
      3.3525,
      9.4975,
      3.4925,
      9.6375,
      3.6325,
      9.775,
      3.7725,
      9.915,
      3.91,
      10.055,
      4.05,
      10.195,
      4.19,
      10.335,
      4.33,
      10.475,
      4.47,
      10.615,
      4.61,
      10.7525,
      4.75,
      10.8925,
      4.8875,
      11.0325,
      5.0275,
      11.1725,
      5.1675,
      11.3125,
      5.3075,
      11.4525,
      5.4475,
      11.5925,
      5.5875,
      11.73,
      5.7275,
      11.87,
      5.865,
      12.01,
      6.005
    ],
    "SoftwareVersions": "syngo MR XA30",
    "SpacingBetweenSlices": 1.6,
    "StationName": "LRG10884",
    "TotalReadoutTime": 0.0507512,
    "TxRefAmp": 245.933,
    "acq_id": "highres",
    "dataset": "hcph",
    "modality": "dwi",
    "session_id": "024",
    "subject_id": "001"
  },
  "efc_shell01": 2.2336,
  "efc_shell02": 1.012,
  "efc_shell03": 0.7936,
  "efc_shell04": 0.5855,
  "efc_shell05": 0.6064,
  "fa_degenerate": 0.0,
  "fa_nans": 0.0,
  "fber_shell01": 27.5625,
  "fber_shell02": 147.449,
  "fber_shell03": 154.4694,
  "fber_shell04": 96.6944,
  "fber_shell05": 42.25,
  "fd_mean": 7.9322,
  "fd_num": 279,
  "fd_perc": 99.64285714285714,
  "ndc": 0.665,
  "provenance": {
    "md5sum": "3d28ab38bea5405dfae79b5d9438d2b4",
    "settings": {
      "testing": false
    },
    "software": "mriqc",
    "version": "24.0.0"
  },
  "sigma_cc": 41.5129,
  "sigma_pca": 15.464,
  "sigma_piesno": 1.6508,
  "snr_cc_shell0": 4.25,
  "snr_cc_shell1_best": 4.25,
  "snr_cc_shell1_worst": 4.25,
  "snr_cc_shell2_best": 2.73,
  "snr_cc_shell2_worst": 1.73,
  "snr_cc_shell3_best": 2.08,
  "snr_cc_shell3_worst": 1.29,
  "snr_cc_shell4_best": 0.98,
  "snr_cc_shell4_worst": 0.86,
  "spikes_global": 33.86,
  "spikes_slice_i": 200.47,
  "spikes_slice_j": 207.79,
  "spikes_slice_k": 183.13,
  "summary_bg_k": 181.953,
  "summary_bg_mad": 8.8956,
  "summary_bg_mean": 28.5761,
  "summary_bg_median": 9.0,
  "summary_bg_n": 1496894.0,
  "summary_bg_p05": 2.0,
  "summary_bg_p95": 114.0,
  "summary_bg_stdv": 80.4233,
  "summary_fg_k": 10.9716,
  "summary_fg_mad": 167.5341,
  "summary_fg_mean": 400.1219,
  "summary_fg_median": 302.0,
  "summary_fg_n": 357598.0,
  "summary_fg_p05": 102.0,
  "summary_fg_p95": 1072.0,
  "summary_fg_stdv": 332.5207,
  "summary_wm_k": 6.6889,
  "summary_wm_mad": 81.5431,
  "summary_wm_mean": 220.6144,
  "summary_wm_median": 219.0,
  "summary_wm_n": 105841.0,
  "summary_wm_p05": 86.0,
  "summary_wm_p95": 360.0,
  "summary_wm_stdv": 89.4447
}