{
  "aor": [
    0.00039810679611650487,
    0.00041019417475728157,
    0.0004784951456310679,
    0.0005864077669902912
  ],
  "aqi": [
    0.006367892572815534,
    0.008565709999999999,
    0.014923455970873786,
    0.025088092233009705
  ],
  "bids_meta": {
    "AcquisitionDuration": 361.475,
    "AcquisitionMatrixPE": 76,
    "AcquisitionTime": "18:40:2.250000",
    "B0FieldSource": [
      "pilot021pepolarbold",
      "pilot021phasediff"
    ],
    "BandwidthPerPixelPhaseEncode": 40.486,
    "BaseResolution": 102,
    "DerivedVendorReportedEchoSpacing": 0.000649997,
    "DwellTime": 2.5e-06,
    "EchoNumber": 1,
    "EchoTime": 0.0126,
    "EchoTrainLength": 28,
    "EffectiveEchoSpacing": 0.000324999,
    "ImageOrientationPatientDICOM": [
      0.998037,
      0.0103543,
      0.0617576,
      0.0118455,
      0.937211,
      -0.348562
    ],
    "ImageType": [
      "ORIGINAL",
      "PRIMARY",
      "FMRI",
      "NONE"
    ],
    "ImageTypeText": [
      "ORIGINAL",
      "PRIMARY",
      "M",
      "MB",
      "TE1",
      "DIS2D"
    ],
    "InPlanePhaseEncodingDirectionDICOM": "ROW",
    "PercentPhaseFOV": 74.5098,
    "PercentSampling": 100,
    "PhaseEchoTime1": 0.0126,
    "PhaseEchoTime2": 0.0322,
    "PhaseEncodingDirection": "i",
    "PhaseResolution": 1,
    "PixelBandwidth": 1961,
    "ProtocolName": "func-bold_task-bht_dir-RL__cmrr_me4_sms4",
    "PulseSequenceName": "epfid2d4_76",
    "ReceiveCoilActiveElements": "HC1-7",
    "ReconMatrixPE": 76,
    "RefLinesPE": 18,
    "RepetitionTime": 1.6,
    "SequenceVariant": "SK\\SS\\OSP",
    "SeriesDescription": "func-bold_task-bht_dir-RL__cmrr_me4_sms4",
    "SeriesNumber": 37,
    "ShimSetting": [
      8234,
      -5625,
      -6000,
      657,
      -62,
      -207,
      16,
      -6
    ],
    "SliceThickness": 2.2,
    "SliceTiming": [
      0,
      0.8425,
      0.105,
      0.9475,
      0.21,
      1.0525,
      0.315,
      1.1575,
      0.42,
      1.2625,
      0.525,
      1.3675,
      0.63,
      1.475,
      0.7375,
      0,
      0.8425,
      0.105,
      0.9475,
      0.21,
      1.0525,
      0.315,
      1.1575,
      0.42,
      1.2625,
      0.525,
      1.3675,
      0.63,
      1.475,
      0.7375,
      0,
      0.8425,
      0.105,
      0.9475,
      0.21,
      1.0525,
      0.315,
      1.1575,
      0.42,
      1.2625,
      0.525,
      1.3675,
      0.63,
      1.475,
      0.7375,
      0,
      0.8425,
      0.105,
      0.9475,
      0.21,
      1.0525,
      0.315,
      1.1575,
      0.42,
      1.2625,
      0.525,
      1.3675,
      0.63,
      1.475,
      0.7375
    ],
    "SpacingBetweenSlices": 2.2,
    "TotalReadoutTime": 0.0243749,
    "TxRefAmp": 247.681,
    "WipMemBlock": "0f5af975-1902-475b-ae93-5847667df085||Sequence: R017 nxva30a/master r/d34922cc2+; Jun 27 2022 13:20:16 by eja",
    "dataset": "<unset>",
    "modality": "bold",
    "session_id": "pilot021",
    "subject_id": "001",
    "task_id": "bht"
  },
  "dummy_trs": 1,
  "dvars_nstd": 37.2551465850244,
  "dvars_std": 1.0187594483902438,
  "dvars_vstd": 0.9903446379999998,
  "efc": 0.65,
  "fber": 130.7152,
  "fd_mean": 0.21332868000408994,
  "fd_num": 96,
  "fd_perc": 46.601941747572816,
  "fwhm_avg": 4.05248596437019,
  "fwhm_x": 3.8032859077798817,
  "fwhm_y": 4.091440259541091,
  "fwhm_z": 4.262731725789596,
  "gcor": [
    0.0374636,
    0.0351389,
    0.03021,
    0.0241275
  ],
  "gsr_x": 0.15947459638118744,
  "gsr_y": 0.015874763950705528,
  "provenance": {
    "md5sum": "7b242e951bcdbada6fed3a322e00c489",
    "settings": {
      "fd_thres": 0.2,
      "testing": false
    },
    "software": "mriqc",
    "version": "24.1.0.dev0+g3fe90466.d20240417"
  },
  "size_t": 206,
  "size_x": 76,
  "size_y": 102,
  "size_z": 60,
  "snr": 2.4206382990853514,
  "spacing_tr": 1.600000023841858,
  "spacing_x": 2.196079969406128,
  "spacing_y": 2.196079969406128,
  "spacing_z": 2.200000047683716,
  "summary_bg_k": 6.232,
  "summary_bg_mad": 68.3149,
  "summary_bg_mean": 187.3686,
  "summary_bg_median": 73.0,
  "summary_bg_n": 331290.0,
  "summary_bg_p05": 1.0,
  "summary_bg_p95": 803.0,
  "summary_bg_stdv": 268.5065,
  "summary_fg_k": 1.0514,
  "summary_fg_mad": 331.6962,
  "summary_fg_mean": 877.3883,
  "summary_fg_median": 839.0,
  "summary_fg_n": 133830.0,
  "summary_fg_p05": 394.0,
  "summary_fg_p95": 1486.0,
  "summary_fg_stdv": 346.6015,
  "tsnr": 34.7571996152401
}