{
  "aor": [
    0.001386666666666667,
    0.0012243434343434344,
    0.001242020202020202,
    0.001425858585858586
  ],
  "aqi": [
    0.004250081111111111,
    0.0033945686868686866,
    0.005663643030303031,
    0.01050322767676768
  ],
  "bids_meta": {
    "AcquisitionDuration": 188.475,
    "AcquisitionMatrixPE": 96,
    "AcquisitionTime": "18:08:24.322500",
    "B0FieldSource": [
      "pilot021pepolarbold",
      "pilot021phasediff"
    ],
    "BandwidthPerPixelPhaseEncode": 37.879,
    "BaseResolution": 96,
    "DerivedVendorReportedEchoSpacing": 0.000549997,
    "DwellTime": 2.3e-06,
    "EchoNumber": 2,
    "EchoTime": 0.03304,
    "EchoTrainLength": 35,
    "EffectiveEchoSpacing": 0.000274998,
    "FlipAngle": 64,
    "ImageOrientationPatientDICOM": [
      0.99804,
      0.0105179,
      0.0616968,
      0.0116713,
      0.937209,
      -0.348574
    ],
    "ImageType": [
      "ORIGINAL",
      "PRIMARY",
      "FMRI",
      "NONE"
    ],
    "ImageTypeText": [
      "ORIGINAL",
      "PRIMARY",
      "M",
      "MB",
      "TE2",
      "DIS2D"
    ],
    "InPlanePhaseEncodingDirectionDICOM": "COL",
    "PercentPhaseFOV": 100,
    "PhaseEncodingDirection": "j-",
    "PixelBandwidth": 2264,
    "ProtocolName": "func-bold_task-qc_dir-AP__cmrr_me4_sms4",
    "PulseSequenceName": "epfid2d4_96",
    "ReceiveCoilActiveElements": "HC1-7",
    "ReconMatrixPE": 96,
    "RefLinesPE": 22,
    "RepetitionTime": 1.6,
    "SequenceVariant": "SK\\SS",
    "SeriesDescription": "func-bold_task-qc_dir-AP__cmrr_me4_sms4",
    "SeriesNumber": 15,
    "ShimSetting": [
      8234,
      -5617,
      -6001,
      665,
      -52,
      -147,
      14,
      3
    ],
    "SliceThickness": 2.2,
    "SliceTiming": [
      0,
      0.8425,
      0.105,
      0.9475,
      0.21,
      1.0525,
      0.315,
      1.1575,
      0.42,
      1.2625,
      0.5275,
      1.37,
      0.6325,
      1.475,
      0.7375,
      0,
      0.8425,
      0.105,
      0.9475,
      0.21,
      1.0525,
      0.315,
      1.1575,
      0.42,
      1.2625,
      0.5275,
      1.37,
      0.6325,
      1.475,
      0.7375,
      0,
      0.8425,
      0.105,
      0.9475,
      0.21,
      1.0525,
      0.315,
      1.1575,
      0.42,
      1.2625,
      0.5275,
      1.37,
      0.6325,
      1.475,
      0.7375,
      0,
      0.8425,
      0.105,
      0.9475,
      0.21,
      1.0525,
      0.315,
      1.1575,
      0.42,
      1.2625,
      0.5275,
      1.37,
      0.6325,
      1.475,
      0.7375
    ],
    "SpacingBetweenSlices": 2.2,
    "TotalReadoutTime": 0.0261249,
    "TxRefAmp": 247.681,
    "WipMemBlock": "e0d9ef17-400f-43f8-a2d7-3895a741b4d5||Sequence: R017 nxva30a/master r/d34922cc2+; Jun 27 2022 13:20:16 by eja",
    "dataset": "<unset>",
    "modality": "bold",
    "session_id": "pilot021",
    "subject_id": "001",
    "task_id": "qct"
  },
  "dummy_trs": 0,
  "dvars_nstd": 36.46751181959183,
  "dvars_std": 1.0430155780612242,
  "dvars_vstd": 1.0152036081632652,
  "efc": 0.5086,
  "fber": 640.9226,
  "fd_mean": 0.08778881750976188,
  "fd_num": 3,
  "fd_perc": 3.0303030303030303,
  "fwhm_avg": 3.2933624862736686,
  "fwhm_x": 3.107528817686138,
  "fwhm_y": 3.53339507497821,
  "fwhm_z": 3.2391635661566567,
  "gcor": [
    0.0107982,
    0.0118563,
    0.0104294,
    0.00833716
  ],
  "gsr_x": 0.01187118235975504,
  "gsr_y": 0.03443938121199608,
  "provenance": {
    "md5sum": "ad6954f094ec84ee84a88ae86d42e3b8",
    "settings": {
      "fd_thres": 0.2,
      "testing": false
    },
    "software": "mriqc",
    "version": "24.1.0.dev0+g3fe90466.d20240417"
  },
  "size_t": 99,
  "size_x": 96,
  "size_y": 96,
  "size_z": 60,
  "snr": 1.9518104946807266,
  "spacing_tr": 1.600000023841858,
  "spacing_x": 2.197920083999634,
  "spacing_y": 2.197920083999634,
  "spacing_z": 2.200000047683716,
  "summary_bg_k": 40.6395,
  "summary_bg_mad": 7.1434,
  "summary_bg_mean": 44.2457,
  "summary_bg_median": 22.0,
  "summary_bg_n": 419025.0,
  "summary_bg_p05": 0.0,
  "summary_bg_p95": 165.0,
  "summary_bg_stdv": 74.3698,
  "summary_fg_k": 0.9778,
  "summary_fg_mad": 247.6095,
  "summary_fg_mean": 576.3802,
  "summary_fg_median": 550.0,
  "summary_fg_n": 133935.0,
  "summary_fg_p05": 110.0,
  "summary_fg_p95": 1076.0,
  "summary_fg_stdv": 281.7886,
  "tsnr": 38.87070017307997
}