{
  "aor": [
    0.00039810679611650487,
    0.00041019417475728157,
    0.0004784951456310679,
    0.0005864077669902912
  ],
  "aqi": [
    0.006367892572815534,
    0.008565709999999999,
    0.014923455970873786,
    0.025088092233009705
  ],
  "bids_meta": {
    "AcquisitionDuration": 361.475,
    "AcquisitionMatrixPE": 76,
    "AcquisitionTime": "18:40:2.270000",
    "B0FieldSource": [
      "pilot021pepolarbold",
      "pilot021phasediff"
    ],
    "BandwidthPerPixelPhaseEncode": 40.486,
    "BaseResolution": 102,
    "DerivedVendorReportedEchoSpacing": 0.000649997,
    "DwellTime": 2.5e-06,
    "EchoNumber": 2,
    "EchoTime": 0.0322,
    "EchoTrainLength": 28,
    "EffectiveEchoSpacing": 0.000324999,
    "ImageOrientationPatientDICOM": [
      0.998037,
      0.0103543,
      0.0617576,
      0.0118455,
      0.937211,
      -0.348562
    ],
    "ImageType": [
      "ORIGINAL",
      "PRIMARY",
      "FMRI",
      "NONE"
    ],
    "ImageTypeText": [
      "ORIGINAL",
      "PRIMARY",
      "M",
      "MB",
      "TE2",
      "DIS2D"
    ],
    "InPlanePhaseEncodingDirectionDICOM": "ROW",
    "PercentPhaseFOV": 74.5098,
    "PercentSampling": 100,
    "PhaseEchoTime1": 0.0126,
    "PhaseEchoTime2": 0.0322,
    "PhaseEncodingDirection": "i",
    "PhaseResolution": 1,
    "PixelBandwidth": 1961,
    "ProtocolName": "func-bold_task-bht_dir-RL__cmrr_me4_sms4",
    "PulseSequenceName": "epfid2d4_76",
    "ReceiveCoilActiveElements": "HC1-7",
    "ReconMatrixPE": 76,
    "RefLinesPE": 18,
    "RepetitionTime": 1.6,
    "SequenceVariant": "SK\\SS\\OSP",
    "SeriesDescription": "func-bold_task-bht_dir-RL__cmrr_me4_sms4",
    "SeriesNumber": 37,
    "ShimSetting": [
      8234,
      -5625,
      -6000,
      657,
      -62,
      -207,
      16,
      -6
    ],
    "SliceThickness": 2.2,
    "SliceTiming": [
      0,
      0.8425,
      0.105,
      0.9475,
      0.21,
      1.0525,
      0.315,
      1.16,
      0.4225,
      1.265,
      0.5275,
      1.37,
      0.6325,
      1.475,
      0.7375,
      0,
      0.8425,
      0.105,
      0.9475,
      0.21,
      1.0525,
      0.315,
      1.16,
      0.4225,
      1.265,
      0.5275,
      1.37,
      0.6325,
      1.475,
      0.7375,
      0,
      0.8425,
      0.105,
      0.9475,
      0.21,
      1.0525,
      0.315,
      1.16,
      0.4225,
      1.265,
      0.5275,
      1.37,
      0.6325,
      1.475,
      0.7375,
      0,
      0.8425,
      0.105,
      0.9475,
      0.21,
      1.0525,
      0.315,
      1.16,
      0.4225,
      1.265,
      0.5275,
      1.37,
      0.6325,
      1.475,
      0.7375
    ],
    "SpacingBetweenSlices": 2.2,
    "TotalReadoutTime": 0.0243749,
    "TxRefAmp": 247.681,
    "WipMemBlock": "0f5af975-1902-475b-ae93-5847667df085||Sequence: R017 nxva30a/master r/d34922cc2+; Jun 27 2022 13:20:16 by eja",
    "dataset": "<unset>",
    "modality": "bold",
    "session_id": "pilot021",
    "subject_id": "001",
    "task_id": "bht"
  },
  "dummy_trs": 1,
  "dvars_nstd": 49.555967023853654,
  "dvars_std": 1.0171110298048789,
  "dvars_vstd": 0.982220734341463,
  "efc": 0.5784,
  "fber": 232.8528,
  "fd_mean": 0.21332868000408994,
  "fd_num": 96,
  "fd_perc": 46.601941747572816,
  "fwhm_avg": 3.53760963333299,
  "fwhm_x": 3.5492514428369386,
  "fwhm_y": 3.568995714723233,
  "fwhm_z": 3.494581742438799,
  "gcor": [
    0.0374636,
    0.0351389,
    0.03021,
    0.0241275
  ],
  "gsr_x": 0.10119345039129257,
  "gsr_y": -0.007434279657900333,
  "provenance": {
    "md5sum": "60e7dc35a4fb8bbe850a50a7516a8d18",
    "settings": {
      "fd_thres": 0.2,
      "testing": false
    },
    "software": "mriqc",
    "version": "24.1.0.dev0+g3fe90466.d20240417"
  },
  "size_t": 206,
  "size_x": 76,
  "size_y": 102,
  "size_z": 60,
  "snr": 2.0134965245473344,
  "spacing_tr": 1.600000023841858,
  "spacing_x": 2.196079969406128,
  "spacing_y": 2.196079969406128,
  "spacing_z": 2.200000047683716,
  "summary_bg_k": 27.6759,
  "summary_bg_mad": 19.0723,
  "summary_bg_mean": 64.677,
  "summary_bg_median": 36.0,
  "summary_bg_n": 331290.0,
  "summary_bg_p05": 0.0,
  "summary_bg_p95": 228.0,
  "summary_bg_stdv": 87.2099,
  "summary_fg_k": 1.1769,
  "summary_fg_mad": 245.5002,
  "summary_fg_mean": 569.7224,
  "summary_fg_median": 549.0,
  "summary_fg_n": 133830.0,
  "summary_fg_p05": 120.0,
  "summary_fg_p95": 1045.0,
  "summary_fg_stdv": 272.659,
  "tsnr": 24.622993609693367
}