{
  "aor": [
    0.0005048543689320389,
    0.0005257766990291262,
    0.000564368932038835,
    0.0007051941747572816
  ],
  "aqi": [
    0.007178065873786408,
    0.009196001941747573,
    0.01524962718446602,
    0.025646964563106795
  ],
  "bids_meta": {
    "AcquisitionDuration": 361.475,
    "AcquisitionMatrixPE": 76,
    "AcquisitionTime": "20:38:10.265000",
    "B0FieldSource": [
      "018pepolarbold",
      "018phasediff"
    ],
    "BandwidthPerPixelPhaseEncode": 40.486,
    "BaseResolution": 102,
    "DerivedVendorReportedEchoSpacing": 0.000649997,
    "DwellTime": 2.5e-06,
    "EchoNumber": 2,
    "EchoTime": 0.0322,
    "EchoTrainLength": 28,
    "EffectiveEchoSpacing": 0.000324999,
    "ImageOrientationPatientDICOM": [
      0.998701,
      -0.0169258,
      0.0480671,
      0.0331303,
      0.932345,
      -0.360049
    ],
    "ImageType": [
      "ORIGINAL",
      "PRIMARY",
      "FMRI",
      "NONE"
    ],
    "ImageTypeText": [
      "ORIGINAL",
      "PRIMARY",
      "M",
      "MB",
      "TE2",
      "DIS2D"
    ],
    "InPlanePhaseEncodingDirectionDICOM": "ROW",
    "PercentPhaseFOV": 74.5098,
    "PercentSampling": 100,
    "PhaseEchoTime1": 0.0126,
    "PhaseEchoTime2": 0.0322,
    "PhaseEncodingDirection": "i-",
    "PhaseResolution": 1,
    "PixelBandwidth": 1961,
    "ProtocolName": "func-bold_task-bht_dir-LR__cmrr_me4_sms4",
    "PulseSequenceName": "epfid2d4_76",
    "ReceiveCoilActiveElements": "HC1-7",
    "ReconMatrixPE": 76,
    "RefLinesPE": 18,
    "RepetitionTime": 1.6,
    "SequenceVariant": "SK\\SS\\OSP",
    "SeriesDescription": "func-bold_task-bht_dir-LR__cmrr_me4_sms4",
    "SeriesNumber": 25,
    "ShimSetting": [
      8241,
      -5618,
      -6019,
      677,
      4,
      -190,
      36,
      44
    ],
    "SliceThickness": 2.2,
    "SliceTiming": [
      0,
      0.8425,
      0.105,
      0.9475,
      0.21,
      1.0525,
      0.3175,
      1.16,
      0.4225,
      1.265,
      0.5275,
      1.37,
      0.6325,
      1.475,
      0.7375,
      0,
      0.8425,
      0.105,
      0.9475,
      0.21,
      1.0525,
      0.3175,
      1.16,
      0.4225,
      1.265,
      0.5275,
      1.37,
      0.6325,
      1.475,
      0.7375,
      0,
      0.8425,
      0.105,
      0.9475,
      0.21,
      1.0525,
      0.3175,
      1.16,
      0.4225,
      1.265,
      0.5275,
      1.37,
      0.6325,
      1.475,
      0.7375,
      0,
      0.8425,
      0.105,
      0.9475,
      0.21,
      1.0525,
      0.3175,
      1.16,
      0.4225,
      1.265,
      0.5275,
      1.37,
      0.6325,
      1.475,
      0.7375
    ],
    "SpacingBetweenSlices": 2.2,
    "TotalReadoutTime": 0.0243749,
    "TxRefAmp": 244.35,
    "WipMemBlock": "501d77c4-dd6b-488a-9725-1893f5da0df0||Sequence: R017 nxva30a/master r/d34922cc2+; Jun 27 2022 13:20:16 by eja",
    "dataset": "<unset>",
    "modality": "bold",
    "session_id": "018",
    "subject_id": "001",
    "task_id": "bht"
  },
  "dummy_trs": 1,
  "dvars_nstd": 55.294089880292645,
  "dvars_std": 1.0391902238536583,
  "dvars_vstd": 1.0008367527317075,
  "efc": 0.5814,
  "fber": 230.6785,
  "fd_mean": 0.2133675497233208,
  "fd_num": 97,
  "fd_perc": 47.0873786407767,
  "fwhm_avg": 3.2079739229621134,
  "fwhm_x": 3.280258506227373,
  "fwhm_y": 3.2064360579292623,
  "fwhm_z": 3.1372272047297045,
  "gcor": [
    0.014495,
    0.0178967,
    0.0176782,
    0.0147417
  ],
  "gsr_x": 0.09375296533107758,
  "gsr_y": -0.00794503279030323,
  "provenance": {
    "md5sum": "410ec1487d3ff0009e162468956edee0",
    "settings": {
      "fd_thres": 0.2,
      "testing": false
    },
    "software": "mriqc",
    "version": "24.1.0.dev0+g3fe90466.d20240417"
  },
  "size_t": 206,
  "size_x": 76,
  "size_y": 102,
  "size_z": 60,
  "snr": 2.1247537685242315,
  "spacing_tr": 1.600000023841858,
  "spacing_x": 2.196079969406128,
  "spacing_y": 2.196079969406128,
  "spacing_z": 2.200000047683716,
  "summary_bg_k": 30.1298,
  "summary_bg_mad": 18.1367,
  "summary_bg_mean": 59.2294,
  "summary_bg_median": 34.0,
  "summary_bg_n": 331015.0,
  "summary_bg_p05": 0.0,
  "summary_bg_p95": 210.0,
  "summary_bg_stdv": 81.5826,
  "summary_fg_k": 0.7793,
  "summary_fg_mad": 219.6339,
  "summary_fg_mean": 525.3569,
  "summary_fg_median": 512.0,
  "summary_fg_n": 134105.0,
  "summary_fg_p05": 109.0,
  "summary_fg_p95": 940.0,
  "summary_fg_stdv": 240.9682,
  "tsnr": 24.39971757645253
}