{
  "aor": [
    0.000987857142857143,
    0.0010303061224489797,
    0.0011202040816326532,
    0.0012911224489795918
  ],
  "aqi": [
    0.005429566836734694,
    0.0067304552040816324,
    0.010603611122448979,
    0.017550991836734697
  ],
  "bids_meta": {
    "AcquisitionDuration": 188.475,
    "AcquisitionMatrixPE": 76,
    "AcquisitionTime": "20:09:15.037500",
    "B0FieldSource": [
      "018pepolarbold",
      "018phasediff"
    ],
    "BandwidthPerPixelPhaseEncode": 40.486,
    "BaseResolution": 102,
    "DerivedVendorReportedEchoSpacing": 0.000649997,
    "DwellTime": 2.5e-06,
    "EchoNumber": 1,
    "EchoTime": 0.0126,
    "EchoTrainLength": 28,
    "EffectiveEchoSpacing": 0.000324999,
    "FlipAngle": 64,
    "ImageOrientationPatientDICOM": [
      0.998701,
      -0.0169258,
      0.0480671,
      0.0331303,
      0.932345,
      -0.360049
    ],
    "ImageType": [
      "ORIGINAL",
      "PRIMARY",
      "FMRI",
      "NONE"
    ],
    "ImageTypeText": [
      "ORIGINAL",
      "PRIMARY",
      "M",
      "MB",
      "TE1",
      "DIS2D"
    ],
    "InPlanePhaseEncodingDirectionDICOM": "ROW",
    "PercentPhaseFOV": 74.5098,
    "PhaseEchoTime1": 0.0126,
    "PhaseEchoTime2": 0.0322,
    "PhaseEncodingDirection": "i-",
    "PixelBandwidth": 1961,
    "ProtocolName": "func-bold_task-qct_dir-LR__cmrr_me4_sms4",
    "PulseSequenceName": "epfid2d4_76",
    "ReceiveCoilActiveElements": "HC1-7",
    "ReconMatrixPE": 76,
    "RefLinesPE": 18,
    "RepetitionTime": 1.6,
    "SequenceVariant": "SK\\SS\\OSP",
    "SeriesDescription": "func-bold_task-qct_dir-LR__cmrr_me4_sms4",
    "SeriesNumber": 13,
    "ShimSetting": [
      8241,
      -5616,
      -6019,
      670,
      2,
      -168,
      45,
      47
    ],
    "SliceThickness": 2.2,
    "SliceTiming": [
      0,
      0.8425,
      0.105,
      0.9475,
      0.21,
      1.055,
      0.3175,
      1.16,
      0.4225,
      1.265,
      0.5275,
      1.37,
      0.6325,
      1.475,
      0.7375,
      0,
      0.8425,
      0.105,
      0.9475,
      0.21,
      1.055,
      0.3175,
      1.16,
      0.4225,
      1.265,
      0.5275,
      1.37,
      0.6325,
      1.475,
      0.7375,
      0,
      0.8425,
      0.105,
      0.9475,
      0.21,
      1.055,
      0.3175,
      1.16,
      0.4225,
      1.265,
      0.5275,
      1.37,
      0.6325,
      1.475,
      0.7375,
      0,
      0.8425,
      0.105,
      0.9475,
      0.21,
      1.055,
      0.3175,
      1.16,
      0.4225,
      1.265,
      0.5275,
      1.37,
      0.6325,
      1.475,
      0.7375
    ],
    "SpacingBetweenSlices": 2.2,
    "TotalReadoutTime": 0.0243749,
    "TxRefAmp": 244.35,
    "WipMemBlock": "5df8c2e8-e6fd-4d92-b364-efd1052ccd93||Sequence: R017 nxva30a/master r/d34922cc2+; Jun 27 2022 13:20:16 by eja",
    "dataset": "<unset>",
    "modality": "bold",
    "session_id": "018",
    "subject_id": "001",
    "task_id": "qct"
  },
  "dummy_trs": 1,
  "dvars_nstd": 40.848363385154634,
  "dvars_std": 1.0618639303092785,
  "dvars_vstd": 1.0324055826804122,
  "efc": 0.6499,
  "fber": 143.8034,
  "fd_mean": 0.17496220044651423,
  "fd_num": 33,
  "fd_perc": 33.673469387755105,
  "fwhm_avg": 3.603724814027158,
  "fwhm_x": 3.4516457076241336,
  "fwhm_y": 3.5671651802909707,
  "fwhm_z": 3.7923635541663696,
  "gcor": [
    0.0102566,
    0.0133669,
    0.0134471,
    0.0112302
  ],
  "gsr_x": 0.13983014225959778,
  "gsr_y": 0.01719907484948635,
  "provenance": {
    "md5sum": "a4877398a2483ed79912bdb09d206fac",
    "settings": {
      "fd_thres": 0.2,
      "testing": false
    },
    "software": "mriqc",
    "version": "24.1.0.dev0+g3fe90466.d20240417"
  },
  "size_t": 98,
  "size_x": 76,
  "size_y": 102,
  "size_z": 60,
  "snr": 2.579527175226096,
  "spacing_tr": 1.600000023841858,
  "spacing_x": 2.196079969406128,
  "spacing_y": 2.196079969406128,
  "spacing_z": 2.200000047683716,
  "summary_bg_k": 6.0694,
  "summary_bg_mad": 61.6036,
  "summary_bg_mean": 167.2491,
  "summary_bg_median": 66.0,
  "summary_bg_n": 331187.0,
  "summary_bg_p05": 0.0,
  "summary_bg_p95": 716.0,
  "summary_bg_stdv": 239.2297,
  "summary_fg_k": 0.8621,
  "summary_fg_mad": 295.7186,
  "summary_fg_mean": 821.5236,
  "summary_fg_median": 791.0,
  "summary_fg_n": 133933.0,
  "summary_fg_p05": 386.0,
  "summary_fg_p95": 1355.0,
  "summary_fg_stdv": 306.6442,
  "tsnr": 36.9053937306162
}