{
  "aor": [
    0.0005871219512195122,
    0.0005993658536585366,
    0.0006850243902439024,
    0.0008780487804878049
  ],
  "aqi": [
    0.005068292,
    0.005485952780487805,
    0.009383165853658537,
    0.016600384878048782
  ],
  "bids_meta": {
    "AcquisitionDuration": 361.475,
    "AcquisitionMatrixPE": 96,
    "AcquisitionTime": "22:14:14.410000",
    "B0FieldSource": [
      "022pepolarbold",
      "022phasediff"
    ],
    "BandwidthPerPixelPhaseEncode": 37.879,
    "BaseResolution": 96,
    "DerivedVendorReportedEchoSpacing": 0.000549997,
    "DwellTime": 2.3e-06,
    "EchoNumber": 3,
    "EchoTime": 0.05348,
    "EchoTrainLength": 35,
    "EffectiveEchoSpacing": 0.000274998,
    "ImageOrientationPatientDICOM": [
      0.999002,
      0.0331436,
      0.0299534,
      -0.0216239,
      0.945475,
      -0.324976
    ],
    "ImageType": [
      "ORIGINAL",
      "PRIMARY",
      "FMRI",
      "NONE"
    ],
    "ImageTypeText": [
      "ORIGINAL",
      "PRIMARY",
      "M",
      "MB",
      "TE3",
      "DIS2D"
    ],
    "InPlanePhaseEncodingDirectionDICOM": "COL",
    "PercentPhaseFOV": 100,
    "PercentSampling": 100,
    "PhaseEchoTime1": 0.0126,
    "PhaseEchoTime2": 0.03304,
    "PhaseEncodingDirection": "j-",
    "PhaseResolution": 1,
    "PixelBandwidth": 2264,
    "ProtocolName": "func-bold_task-bht_dir-AP__cmrr_me4_sms4",
    "PulseSequenceName": "epfid2d4_96",
    "ReceiveCoilActiveElements": "HC1-7",
    "ReconMatrixPE": 96,
    "RefLinesPE": 22,
    "RepetitionTime": 1.6,
    "SequenceVariant": "SK\\SS",
    "SeriesDescription": "func-bold_task-bht_dir-AP__cmrr_me4_sms4",
    "SeriesNumber": 25,
    "ShimSetting": [
      8241,
      -5625,
      -6004,
      655,
      -36,
      -215,
      46,
      35
    ],
    "SliceThickness": 2.2,
    "SliceTiming": [
      0,
      0.8425,
      0.105,
      0.9475,
      0.21,
      1.0525,
      0.315,
      1.1575,
      0.42,
      1.2625,
      0.525,
      1.3675,
      0.6325,
      1.475,
      0.7375,
      0,
      0.8425,
      0.105,
      0.9475,
      0.21,
      1.0525,
      0.315,
      1.1575,
      0.42,
      1.2625,
      0.525,
      1.3675,
      0.6325,
      1.475,
      0.7375,
      0,
      0.8425,
      0.105,
      0.9475,
      0.21,
      1.0525,
      0.315,
      1.1575,
      0.42,
      1.2625,
      0.525,
      1.3675,
      0.6325,
      1.475,
      0.7375,
      0,
      0.8425,
      0.105,
      0.9475,
      0.21,
      1.0525,
      0.315,
      1.1575,
      0.42,
      1.2625,
      0.525,
      1.3675,
      0.6325,
      1.475,
      0.7375
    ],
    "SpacingBetweenSlices": 2.2,
    "TotalReadoutTime": 0.0261249,
    "TxRefAmp": 247.75,
    "WipMemBlock": "e1190006-d859-4eaf-b561-f8a5490efcf5||Sequence: R017 nxva30a/master r/d34922cc2+; Jun 27 2022 13:20:16 by eja",
    "dataset": "<unset>",
    "modality": "bold",
    "session_id": "022",
    "subject_id": "001",
    "task_id": "bht"
  },
  "dummy_trs": 2,
  "dvars_nstd": 62.64986702039218,
  "dvars_std": 1.0873023522549012,
  "dvars_vstd": 1.0026358963725486,
  "efc": 0.497,
  "fber": 309.8642,
  "fd_mean": 0.187970949251579,
  "fd_num": 101,
  "fd_perc": 49.26829268292683,
  "fwhm_avg": 2.942813256007995,
  "fwhm_x": 2.8365180542210466,
  "fwhm_y": 3.167389956841197,
  "fwhm_z": 2.824531756961741,
  "gcor": [
    0.0228643,
    0.0298618,
    0.029097,
    0.0229766
  ],
  "gsr_x": 0.009910229593515396,
  "gsr_y": 0.022403614595532417,
  "provenance": {
    "md5sum": "988a11ebc998b721aa0cd1c1c8f267b4",
    "settings": {
      "fd_thres": 0.2,
      "testing": false
    },
    "software": "mriqc",
    "version": "24.1.0.dev0+g3fe90466.d20240417"
  },
  "size_t": 205,
  "size_x": 96,
  "size_y": 96,
  "size_z": 60,
  "snr": 1.6782575320826219,
  "spacing_tr": 1.600000023841858,
  "spacing_x": 2.197920083999634,
  "spacing_y": 2.197920083999634,
  "spacing_z": 2.200000047683716,
  "summary_bg_k": 59.9397,
  "summary_bg_mad": 3.2617,
  "summary_bg_mean": 25.5898,
  "summary_bg_median": 19.0,
  "summary_bg_n": 418456.0,
  "summary_bg_p05": 0.0,
  "summary_bg_p95": 65.0,
  "summary_bg_stdv": 29.8364,
  "summary_fg_k": 2.2343,
  "summary_fg_mad": 171.1972,
  "summary_fg_mean": 344.5403,
  "summary_fg_median": 334.0,
  "summary_fg_n": 134504.0,
  "summary_fg_p05": 40.0,
  "summary_fg_p95": 688.0,
  "summary_fg_stdv": 199.0152,
  "tsnr": 22.916171688586473
}