{
  "aor": [
    0.001282448979591837,
    0.0014260204081632654,
    0.0015834693877551022,
    0.0017909183673469385
  ],
  "aqi": [
    0.0030494272448979595,
    0.0036594669387755106,
    0.006317086326530612,
    0.011625488775510204
  ],
  "bids_meta": {
    "AcquisitionDuration": 188.475,
    "AcquisitionMatrixPE": 96,
    "AcquisitionTime": "21:45:59.247500",
    "B0FieldSource": [
      "022pepolarbold",
      "022phasediff"
    ],
    "BandwidthPerPixelPhaseEncode": 37.879,
    "BaseResolution": 96,
    "DerivedVendorReportedEchoSpacing": 0.000549997,
    "DwellTime": 2.3e-06,
    "EchoNumber": 2,
    "EchoTime": 0.03304,
    "EchoTrainLength": 35,
    "EffectiveEchoSpacing": 0.000274998,
    "FlipAngle": 64,
    "ImageOrientationPatientDICOM": [
      0.999002,
      0.0331436,
      0.0299534,
      -0.0216239,
      0.945475,
      -0.324976
    ],
    "ImageType": [
      "ORIGINAL",
      "PRIMARY",
      "FMRI",
      "NONE"
    ],
    "ImageTypeText": [
      "ORIGINAL",
      "PRIMARY",
      "M",
      "MB",
      "TE2",
      "DIS2D"
    ],
    "InPlanePhaseEncodingDirectionDICOM": "COL",
    "PercentPhaseFOV": 100,
    "PhaseEchoTime1": 0.0126,
    "PhaseEchoTime2": 0.03304,
    "PhaseEncodingDirection": "j-",
    "PixelBandwidth": 2264,
    "ProtocolName": "func-bold_task-qct_dir-AP__cmrr_me4_sms4",
    "PulseSequenceName": "epfid2d4_96",
    "ReceiveCoilActiveElements": "HC1-7",
    "ReconMatrixPE": 96,
    "RefLinesPE": 22,
    "RepetitionTime": 1.6,
    "SequenceVariant": "SK\\SS",
    "SeriesDescription": "func-bold_task-qct_dir-AP__cmrr_me4_sms4",
    "SeriesNumber": 13,
    "ShimSetting": [
      8240,
      -5627,
      -6005,
      652,
      -41,
      -221,
      39,
      35
    ],
    "SliceThickness": 2.2,
    "SliceTiming": [
      0,
      0.8425,
      0.105,
      0.9475,
      0.21,
      1.0525,
      0.315,
      1.1575,
      0.42,
      1.2625,
      0.525,
      1.37,
      0.6325,
      1.475,
      0.7375,
      0,
      0.8425,
      0.105,
      0.9475,
      0.21,
      1.0525,
      0.315,
      1.1575,
      0.42,
      1.2625,
      0.525,
      1.37,
      0.6325,
      1.475,
      0.7375,
      0,
      0.8425,
      0.105,
      0.9475,
      0.21,
      1.0525,
      0.315,
      1.1575,
      0.42,
      1.2625,
      0.525,
      1.37,
      0.6325,
      1.475,
      0.7375,
      0,
      0.8425,
      0.105,
      0.9475,
      0.21,
      1.0525,
      0.315,
      1.1575,
      0.42,
      1.2625,
      0.525,
      1.37,
      0.6325,
      1.475,
      0.7375
    ],
    "SpacingBetweenSlices": 2.2,
    "TotalReadoutTime": 0.0261249,
    "TxRefAmp": 247.75,
    "WipMemBlock": "b1ce2891-540a-4825-b58c-df4efa10a294||Sequence: R017 nxva30a/master r/d34922cc2+; Jun 27 2022 13:20:16 by eja",
    "dataset": "<unset>",
    "modality": "bold",
    "session_id": "022",
    "subject_id": "001",
    "task_id": "qct"
  },
  "dummy_trs": 1,
  "dvars_nstd": 38.4259232198969,
  "dvars_std": 1.0685253481443302,
  "dvars_vstd": 1.035066400618557,
  "efc": 0.5118,
  "fber": 608.9226,
  "fd_mean": 0.128928717389598,
  "fd_num": 10,
  "fd_perc": 10.204081632653061,
  "fwhm_avg": 3.293688843980737,
  "fwhm_x": 3.1256186473798766,
  "fwhm_y": 3.493170682543014,
  "fwhm_z": 3.2622772020193187,
  "gcor": [
    0.0144062,
    0.0159308,
    0.0144624,
    0.0112415
  ],
  "gsr_x": 0.015821464359760284,
  "gsr_y": 0.03339339792728424,
  "provenance": {
    "md5sum": "e20a955a46e0216004d1eea5c0d81392",
    "settings": {
      "fd_thres": 0.2,
      "testing": false
    },
    "software": "mriqc",
    "version": "24.1.0.dev0+g3fe90466.d20240417"
  },
  "size_t": 98,
  "size_x": 96,
  "size_y": 96,
  "size_z": 60,
  "snr": 1.9796885456156494,
  "spacing_tr": 1.600000023841858,
  "spacing_x": 2.197920083999634,
  "spacing_y": 2.197920083999634,
  "spacing_z": 2.200000047683716,
  "summary_bg_k": 30.9105,
  "summary_bg_mad": 6.1725,
  "summary_bg_mean": 43.0049,
  "summary_bg_median": 21.0,
  "summary_bg_n": 418985.0,
  "summary_bg_p05": 0.0,
  "summary_bg_p95": 161.0,
  "summary_bg_stdv": 73.2277,
  "summary_fg_k": 1.5504,
  "summary_fg_mad": 224.6142,
  "summary_fg_mean": 541.9852,
  "summary_fg_median": 520.0,
  "summary_fg_n": 133975.0,
  "summary_fg_p05": 102.0,
  "summary_fg_p95": 998.0,
  "summary_fg_stdv": 262.6666,
  "tsnr": 38.0598180568777
}