{
  "aor": [
    0.0004184913217623498,
    0.0004700400534045394,
    0.0005095460614152203,
    0.0005885714285714285
  ],
  "aqi": [
    0.004555969012016022,
    0.0050541059279038715,
    0.008750902363150868,
    0.015602297289719623
  ],
  "bids_meta": {
    "AcquisitionDuration": 1230.47,
    "AcquisitionMatrixPE": 96,
    "AcquisitionTime": "21:52:18.310000",
    "B0FieldSource": [
      "022pepolarbold",
      "022phasediff"
    ],
    "BandwidthPerPixelPhaseEncode": 37.879,
    "BaseResolution": 96,
    "DerivedVendorReportedEchoSpacing": 0.000549997,
    "DwellTime": 2.3e-06,
    "EchoNumber": 2,
    "EchoTime": 0.03304,
    "EchoTrainLength": 35,
    "EffectiveEchoSpacing": 0.000274998,
    "FlipAngle": 64,
    "ImageOrientationPatientDICOM": [
      0.999002,
      0.0331436,
      0.0299534,
      -0.0216239,
      0.945475,
      -0.324976
    ],
    "ImageType": [
      "ORIGINAL",
      "PRIMARY",
      "FMRI",
      "NONE"
    ],
    "ImageTypeText": [
      "ORIGINAL",
      "PRIMARY",
      "M",
      "MB",
      "TE2",
      "DIS2D"
    ],
    "InPlanePhaseEncodingDirectionDICOM": "COL",
    "PercentPhaseFOV": 100,
    "PhaseEchoTime1": 0.0126,
    "PhaseEchoTime2": 0.03304,
    "PhaseEncodingDirection": "j-",
    "PixelBandwidth": 2264,
    "ProtocolName": "func-bold_task-rest_dir-AP__cmrr_me4_sms4",
    "PulseSequenceName": "epfid2d4_96",
    "ReceiveCoilActiveElements": "HC1-7",
    "ReconMatrixPE": 96,
    "RefLinesPE": 22,
    "RepetitionTime": 1.6,
    "SequenceVariant": "SK\\SS",
    "SeriesDescription": "func-bold_task-rest_dir-AP__cmrr_me4_sms4",
    "SeriesNumber": 23,
    "ShimSetting": [
      8241,
      -5625,
      -6004,
      658,
      -40,
      -213,
      43,
      32
    ],
    "SliceThickness": 2.2,
    "SliceTiming": [
      0,
      0.8425,
      0.105,
      0.9475,
      0.21,
      1.0525,
      0.3175,
      1.16,
      0.4225,
      1.265,
      0.5275,
      1.37,
      0.6325,
      1.475,
      0.7375,
      0,
      0.8425,
      0.105,
      0.9475,
      0.21,
      1.0525,
      0.3175,
      1.16,
      0.4225,
      1.265,
      0.5275,
      1.37,
      0.6325,
      1.475,
      0.7375,
      0,
      0.8425,
      0.105,
      0.9475,
      0.21,
      1.0525,
      0.3175,
      1.16,
      0.4225,
      1.265,
      0.5275,
      1.37,
      0.6325,
      1.475,
      0.7375,
      0,
      0.8425,
      0.105,
      0.9475,
      0.21,
      1.0525,
      0.3175,
      1.16,
      0.4225,
      1.265,
      0.5275,
      1.37,
      0.6325,
      1.475,
      0.7375
    ],
    "SpacingBetweenSlices": 2.2,
    "TotalReadoutTime": 0.0261249,
    "TxRefAmp": 247.75,
    "WipMemBlock": "d19c44ab-b621-459f-b8c9-f84f2af3006a||Sequence: R017 nxva30a/master r/d34922cc2+; Jun 27 2022 13:20:16 by eja",
    "dataset": "<unset>",
    "modality": "bold",
    "session_id": "022",
    "subject_id": "001",
    "task_id": "rest"
  },
  "dummy_trs": 1,
  "dvars_nstd": 34.838453282406455,
  "dvars_std": 1.0238491570721926,
  "dvars_vstd": 0.9918860418983967,
  "efc": 0.5129,
  "fber": 613.7724,
  "fd_mean": 0.09982703550078784,
  "fd_num": 10,
  "fd_perc": 1.335113484646195,
  "fwhm_avg": 3.4297597311989882,
  "fwhm_x": 3.2147210680846467,
  "fwhm_y": 3.6434354726071714,
  "fwhm_z": 3.4311226529051466,
  "gcor": [
    0.00980424,
    0.0112715,
    0.00995686,
    0.00763368
  ],
  "gsr_x": 0.014999622479081154,
  "gsr_y": 0.03405772149562836,
  "provenance": {
    "md5sum": "656387d611f10c94a18d8e9c215058fc",
    "settings": {
      "fd_thres": 0.2,
      "testing": false
    },
    "software": "mriqc",
    "version": "24.1.0.dev0+g3fe90466.d20240417"
  },
  "size_t": 749,
  "size_x": 96,
  "size_y": 96,
  "size_z": 60,
  "snr": 1.9936008047605382,
  "spacing_tr": 1.600000023841858,
  "spacing_x": 2.197920083999634,
  "spacing_y": 2.197920083999634,
  "spacing_z": 2.200000047683716,
  "summary_bg_k": 29.9594,
  "summary_bg_mad": 6.2867,
  "summary_bg_mean": 43.2444,
  "summary_bg_median": 21.0,
  "summary_bg_n": 418756.0,
  "summary_bg_p05": 0.0,
  "summary_bg_p95": 164.0,
  "summary_bg_stdv": 73.0741,
  "summary_fg_k": 1.3948,
  "summary_fg_mad": 225.989,
  "summary_fg_mean": 543.8323,
  "summary_fg_median": 522.0,
  "summary_fg_n": 134204.0,
  "summary_fg_p05": 105.0,
  "summary_fg_p95": 996.0,
  "summary_fg_stdv": 261.8368,
  "tsnr": 36.18622693861835
}