{
  "aor": [
    0.0004184913217623498,
    0.0004700400534045394,
    0.0005095460614152203,
    0.0005885714285714285
  ],
  "aqi": [
    0.004555969012016022,
    0.0050541059279038715,
    0.008750902363150868,
    0.015602297289719623
  ],
  "bids_meta": {
    "AcquisitionDuration": 1230.47,
    "AcquisitionMatrixPE": 96,
    "AcquisitionTime": "21:52:18.290000",
    "B0FieldSource": [
      "022pepolarbold",
      "022phasediff"
    ],
    "BandwidthPerPixelPhaseEncode": 37.879,
    "BaseResolution": 96,
    "DerivedVendorReportedEchoSpacing": 0.000549997,
    "DwellTime": 2.3e-06,
    "EchoNumber": 1,
    "EchoTime": 0.0126,
    "EchoTrainLength": 35,
    "EffectiveEchoSpacing": 0.000274998,
    "FlipAngle": 64,
    "ImageOrientationPatientDICOM": [
      0.999002,
      0.0331436,
      0.0299534,
      -0.0216239,
      0.945475,
      -0.324976
    ],
    "ImageType": [
      "ORIGINAL",
      "PRIMARY",
      "FMRI",
      "NONE"
    ],
    "ImageTypeText": [
      "ORIGINAL",
      "PRIMARY",
      "M",
      "MB",
      "TE1",
      "DIS2D"
    ],
    "InPlanePhaseEncodingDirectionDICOM": "COL",
    "PercentPhaseFOV": 100,
    "PhaseEchoTime1": 0.0126,
    "PhaseEchoTime2": 0.03304,
    "PhaseEncodingDirection": "j-",
    "PixelBandwidth": 2264,
    "ProtocolName": "func-bold_task-rest_dir-AP__cmrr_me4_sms4",
    "PulseSequenceName": "epfid2d4_96",
    "ReceiveCoilActiveElements": "HC1-7",
    "ReconMatrixPE": 96,
    "RefLinesPE": 22,
    "RepetitionTime": 1.6,
    "SequenceVariant": "SK\\SS",
    "SeriesDescription": "func-bold_task-rest_dir-AP__cmrr_me4_sms4",
    "SeriesNumber": 23,
    "ShimSetting": [
      8241,
      -5625,
      -6004,
      658,
      -40,
      -213,
      43,
      32
    ],
    "SliceThickness": 2.2,
    "SliceTiming": [
      0,
      0.8425,
      0.105,
      0.9475,
      0.2125,
      1.055,
      0.3175,
      1.16,
      0.4225,
      1.265,
      0.5275,
      1.37,
      0.6325,
      1.475,
      0.7375,
      0,
      0.8425,
      0.105,
      0.9475,
      0.2125,
      1.055,
      0.3175,
      1.16,
      0.4225,
      1.265,
      0.5275,
      1.37,
      0.6325,
      1.475,
      0.7375,
      0,
      0.8425,
      0.105,
      0.9475,
      0.2125,
      1.055,
      0.3175,
      1.16,
      0.4225,
      1.265,
      0.5275,
      1.37,
      0.6325,
      1.475,
      0.7375,
      0,
      0.8425,
      0.105,
      0.9475,
      0.2125,
      1.055,
      0.3175,
      1.16,
      0.4225,
      1.265,
      0.5275,
      1.37,
      0.6325,
      1.475,
      0.7375
    ],
    "SpacingBetweenSlices": 2.2,
    "TotalReadoutTime": 0.0261249,
    "TxRefAmp": 247.75,
    "WipMemBlock": "d19c44ab-b621-459f-b8c9-f84f2af3006a||Sequence: R017 nxva30a/master r/d34922cc2+; Jun 27 2022 13:20:16 by eja",
    "dataset": "<unset>",
    "modality": "bold",
    "session_id": "022",
    "subject_id": "001",
    "task_id": "rest"
  },
  "dummy_trs": 1,
  "dvars_nstd": 25.118846146149657,
  "dvars_std": 1.0395690004278073,
  "dvars_vstd": 0.9970642428074884,
  "efc": 0.5793,
  "fber": 644.2988,
  "fd_mean": 0.09982703550078784,
  "fd_num": 10,
  "fd_perc": 1.335113484646195,
  "fwhm_avg": 3.7817635797333278,
  "fwhm_x": 3.464762006333834,
  "fwhm_y": 3.7614060948730006,
  "fwhm_z": 4.119122637993149,
  "gcor": [
    0.00980424,
    0.0112715,
    0.00995686,
    0.00763368
  ],
  "gsr_x": 0.004764981102198362,
  "gsr_y": 0.12016334384679794,
  "provenance": {
    "md5sum": "e20ba7cdd0fc56c6664a5c76df45dae2",
    "settings": {
      "fd_thres": 0.2,
      "testing": false
    },
    "software": "mriqc",
    "version": "24.1.0.dev0+g3fe90466.d20240417"
  },
  "size_t": 749,
  "size_x": 96,
  "size_y": 96,
  "size_z": 60,
  "snr": 2.4205110077598766,
  "spacing_tr": 1.600000023841858,
  "spacing_x": 2.197920083999634,
  "spacing_y": 2.197920083999634,
  "spacing_z": 2.200000047683716,
  "summary_bg_k": 9.9279,
  "summary_bg_mad": 22.2212,
  "summary_bg_mean": 133.5503,
  "summary_bg_median": 32.0,
  "summary_bg_n": 418756.0,
  "summary_bg_p05": 0.0,
  "summary_bg_p95": 667.0,
  "summary_bg_stdv": 237.8416,
  "summary_fg_k": 1.7089,
  "summary_fg_mad": 300.0498,
  "summary_fg_mean": 852.3904,
  "summary_fg_median": 809.0,
  "summary_fg_n": 134204.0,
  "summary_fg_p05": 385.0,
  "summary_fg_p95": 1436.0,
  "summary_fg_stdv": 334.2257,
  "tsnr": 52.921937578357756
}