{
  "aor": [
    0.0004184913217623498,
    0.0004700400534045394,
    0.0005095460614152203,
    0.0005885714285714285
  ],
  "aqi": [
    0.004555969012016022,
    0.0050541059279038715,
    0.008750902363150868,
    0.015602297289719623
  ],
  "bids_meta": {
    "AcquisitionDuration": 1230.47,
    "AcquisitionMatrixPE": 96,
    "AcquisitionTime": "21:52:18.350000",
    "B0FieldSource": [
      "022pepolarbold",
      "022phasediff"
    ],
    "BandwidthPerPixelPhaseEncode": 37.879,
    "BaseResolution": 96,
    "DerivedVendorReportedEchoSpacing": 0.000549997,
    "DwellTime": 2.3e-06,
    "EchoNumber": 4,
    "EchoTime": 0.07392,
    "EchoTrainLength": 35,
    "EffectiveEchoSpacing": 0.000274998,
    "FlipAngle": 64,
    "ImageOrientationPatientDICOM": [
      0.999002,
      0.0331436,
      0.0299534,
      -0.0216239,
      0.945475,
      -0.324976
    ],
    "ImageType": [
      "ORIGINAL",
      "PRIMARY",
      "FMRI",
      "NONE"
    ],
    "ImageTypeText": [
      "ORIGINAL",
      "PRIMARY",
      "M",
      "MB",
      "TE4",
      "DIS2D"
    ],
    "InPlanePhaseEncodingDirectionDICOM": "COL",
    "PercentPhaseFOV": 100,
    "PhaseEchoTime1": 0.0126,
    "PhaseEchoTime2": 0.03304,
    "PhaseEncodingDirection": "j-",
    "PixelBandwidth": 2264,
    "ProtocolName": "func-bold_task-rest_dir-AP__cmrr_me4_sms4",
    "PulseSequenceName": "epfid2d4_96",
    "ReceiveCoilActiveElements": "HC1-7",
    "ReconMatrixPE": 96,
    "RefLinesPE": 22,
    "RepetitionTime": 1.6,
    "SequenceVariant": "SK\\SS",
    "SeriesDescription": "func-bold_task-rest_dir-AP__cmrr_me4_sms4",
    "SeriesNumber": 23,
    "ShimSetting": [
      8241,
      -5625,
      -6004,
      658,
      -40,
      -213,
      43,
      32
    ],
    "SliceThickness": 2.2,
    "SliceTiming": [
      0,
      0.8425,
      0.105,
      0.9475,
      0.21,
      1.0525,
      0.315,
      1.1575,
      0.42,
      1.2625,
      0.525,
      1.3675,
      0.63,
      1.4725,
      0.735,
      0,
      0.8425,
      0.105,
      0.9475,
      0.21,
      1.0525,
      0.315,
      1.1575,
      0.42,
      1.2625,
      0.525,
      1.3675,
      0.63,
      1.4725,
      0.735,
      0,
      0.8425,
      0.105,
      0.9475,
      0.21,
      1.0525,
      0.315,
      1.1575,
      0.42,
      1.2625,
      0.525,
      1.3675,
      0.63,
      1.4725,
      0.735,
      0,
      0.8425,
      0.105,
      0.9475,
      0.21,
      1.0525,
      0.315,
      1.1575,
      0.42,
      1.2625,
      0.525,
      1.3675,
      0.63,
      1.4725,
      0.735
    ],
    "SpacingBetweenSlices": 2.2,
    "TotalReadoutTime": 0.0261249,
    "TxRefAmp": 247.75,
    "WipMemBlock": "d19c44ab-b621-459f-b8c9-f84f2af3006a||Sequence: R017 nxva30a/master r/d34922cc2+; Jun 27 2022 13:20:16 by eja",
    "dataset": "<unset>",
    "modality": "bold",
    "session_id": "022",
    "subject_id": "001",
    "task_id": "rest"
  },
  "dummy_trs": 1,
  "dvars_nstd": 73.54737881524065,
  "dvars_std": 1.0285196543582882,
  "dvars_vstd": 0.9935345542647059,
  "efc": 0.5014,
  "fber": 136.7759,
  "fd_mean": 0.09982703550078784,
  "fd_num": 10,
  "fd_perc": 1.335113484646195,
  "fwhm_avg": 2.768925620019791,
  "fwhm_x": 2.561808339161133,
  "fwhm_y": 3.039004943184783,
  "fwhm_z": 2.7059635777134554,
  "gcor": [
    0.00980424,
    0.0112715,
    0.00995686,
    0.00763368
  ],
  "gsr_x": 0.003243669169023633,
  "gsr_y": 0.02515602856874466,
  "provenance": {
    "md5sum": "1c2e3b11cf539835d18d9e251099d1e3",
    "settings": {
      "fd_thres": 0.2,
      "testing": false
    },
    "software": "mriqc",
    "version": "24.1.0.dev0+g3fe90466.d20240417"
  },
  "size_t": 749,
  "size_x": 96,
  "size_y": 96,
  "size_z": 60,
  "snr": 1.4029719828120195,
  "spacing_tr": 1.600000023841858,
  "spacing_x": 2.197920083999634,
  "spacing_y": 2.197920083999634,
  "spacing_z": 2.200000047683716,
  "summary_bg_k": 158.0389,
  "summary_bg_mad": 2.1279,
  "summary_bg_mean": 20.2296,
  "summary_bg_median": 18.0,
  "summary_bg_n": 418756.0,
  "summary_bg_p05": 0.0,
  "summary_bg_p95": 36.0,
  "summary_bg_stdv": 15.0329,
  "summary_fg_k": 4.5987,
  "summary_fg_mad": 129.2764,
  "summary_fg_mean": 226.5722,
  "summary_fg_median": 213.0,
  "summary_fg_n": 134204.0,
  "summary_fg_p05": 27.0,
  "summary_fg_p95": 496.0,
  "summary_fg_stdv": 151.82,
  "tsnr": 16.049042803235352
}