{
  "NumberOfShells": 4,
  "bValues": [
    0.0,
    700.0,
    1000.0,
    2000.0,
    3000.0
  ],
  "bValuesEstimation": [
    700.0,
    1000.0,
    2000.0,
    3000.0
  ],
  "bdiffs_max": 0.3787,
  "bdiffs_mean": 0.2525,
  "bdiffs_median": 0.281,
  "bdiffs_min": 0.0095,
  "bids_meta": {
    "AcquisitionMatrixPE": 146,
    "AcquisitionNumber": 1,
    "AcquisitionTime": "17:30:10.565000",
    "B0FieldSource": [
      "019pepolarb0",
      "019phasediff"
    ],
    "BandwidthPerPixelPhaseEncode": 19.569,
    "BaseResolution": 146,
    "BodyPartExamined": "BRAIN",
    "CoilCombinationMethod": "Adaptive Combine",
    "CoilString": "HeadNeck_64",
    "ConversionSoftware": "dcm2niix",
    "ConversionSoftwareVersion": "v1.0.20220720",
    "Deltas": [
      0.0233,
      0.0475
    ],
    "DerivedVendorReportedEchoSpacing": 0.000700017,
    "DeviceSerialNumber": "67014",
    "DiffusionScheme": "Monopolar",
    "DwellTime": 2.1e-06,
    "EchoTime": 0.098,
    "EchoTrainLength": 64,
    "EffectiveEchoSpacing": 0.000350008,
    "FlipAngle": 90,
    "HeudiconvVersion": "1.0.0",
    "ImageOrientationPatientDICOM": [
      0.997768,
      -0.0129123,
      0.0655196,
      0.0130615,
      0.999913,
      -0.00184934
    ],
    "ImageType": [
      "ORIGINAL",
      "PRIMARY",
      "DIFFUSION",
      "NONE",
      "ND",
      "MFSPLIT"
    ],
    "ImageTypeText": [
      "ORIGINAL",
      "PRIMARY",
      "DIFFUSION",
      "NONE"
    ],
    "ImagingFrequency": 123.248,
    "InPlanePhaseEncodingDirectionDICOM": "COL",
    "InstitutionAddress": "Rue du Bugnon 21,Lausanne,District,CH,1011",
    "InstitutionName": "CHUV",
    "MRAcquisitionType": "2D",
    "MagneticFieldStrength": 3,
    "Manufacturer": "Siemens",
    "ManufacturersModelName": "MAGNETOM Prisma Fit",
    "Modality": "MR",
    "MultibandAccelerationFactor": 3,
    "NonlinearGradientCorrection": false,
    "ParallelReductionFactorInPlane": 2,
    "PartialFourier": 0.875,
    "PatientPosition": "HFS",
    "PercentPhaseFOV": 100,
    "PercentSampling": 100,
    "PhaseEncodingDirection": "j",
    "PhaseEncodingSteps": 146,
    "PhaseResolution": 1,
    "PixelBandwidth": 1631,
    "ProcedureStepDescription": "RESEARCH Oscar",
    "ProtocolName": "dwi-dwi_acq-highres_dir-PA__trigger_monopolar",
    "PulseSequenceDetails": "%CustomerSeq%\\ep2d_diff_trigg",
    "ReceiveCoilActiveElements": "HC1-7",
    "ReceiveCoilName": "HeadNeck_64",
    "ReconMatrixPE": 146,
    "RefLinesPE": 54,
    "RepetitionTime": 7,
    "SAR": 0.167971,
    "ScanOptions": "PFP\\FS\\PER",
    "ScanningSequence": "GR\\EP",
    "SequenceName": "ep_b0",
    "SequenceVariant": "SK",
    "SeriesDescription": "dwi-dwi_acq-highres_dir-PA__trigger_monopolar",
    "SeriesNumber": 10,
    "ShimSetting": [
      8241,
      -5624,
      -6061,
      618,
      -59,
      -251,
      -7,
      13
    ],
    "SliceThickness": 1.6,
    "SliceTiming": [
      0,
      6.1425,
      0.1375,
      6.2825,
      0.2775,
      6.4225,
      0.4175,
      6.5625,
      0.5575,
      6.7025,
      0.6975,
      6.8425,
      0.8375,
      6.98,
      0.9775,
      7.12,
      1.115,
      7.26,
      1.255,
      7.4,
      1.395,
      7.54,
      1.535,
      7.68,
      1.675,
      7.82,
      1.815,
      7.9575,
      1.955,
      8.0975,
      2.0925,
      8.2375,
      2.2325,
      8.3775,
      2.3725,
      8.5175,
      2.5125,
      8.6575,
      2.6525,
      8.7975,
      2.7925,
      8.935,
      2.9325,
      9.075,
      3.07,
      9.215,
      3.21,
      9.355,
      3.35,
      9.495,
      3.49,
      9.635,
      3.63,
      9.775,
      3.77,
      9.9125,
      3.91,
      10.0525,
      4.0475,
      10.1925,
      4.1875,
      10.3325,
      4.3275,
      10.4725,
      4.4675,
      10.6125,
      4.6075,
      10.7525,
      4.7475,
      10.89,
      4.8875,
      11.03,
      5.025,
      11.17,
      5.165,
      11.31,
      5.305,
      11.45,
      5.445,
      11.59,
      5.585,
      11.73,
      5.725,
      11.8675,
      5.865,
      12.0075,
      6.0025
    ],
    "SoftwareVersions": "syngo MR XA30",
    "SpacingBetweenSlices": 1.6,
    "StationName": "LRG10884",
    "TotalReadoutTime": 0.0507512,
    "TxRefAmp": 246.931,
    "acq_id": "highres",
    "dataset": "hcph",
    "modality": "dwi",
    "session_id": "019",
    "subject_id": "001"
  },
  "efc_shell01": 2.1371,
  "efc_shell02": 1.0007,
  "efc_shell03": 0.7595,
  "efc_shell04": 0.5777,
  "efc_shell05": 0.6102,
  "fa_degenerate": 0.0,
  "fa_nans": 0.0,
  "fber_shell01": 28.0625,
  "fber_shell02": 138.6327,
  "fber_shell03": 182.25,
  "fber_shell04": 96.6944,
  "fber_shell05": 46.6944,
  "fd_mean": 4.9086,
  "fd_num": 277,
  "fd_perc": 98.92857142857143,
  "ndc": 0.648,
  "provenance": {
    "md5sum": "0a29bf57aeda88d3d7a82bee321f7e73",
    "settings": {
      "testing": false
    },
    "software": "mriqc",
    "version": "24.0.0"
  },
  "sigma_cc": 32.6172,
  "sigma_pca": 16.0094,
  "sigma_piesno": 1.6508,
  "snr_cc_shell0": 4.56,
  "snr_cc_shell1_best": 4.37,
  "snr_cc_shell1_worst": 4.37,
  "snr_cc_shell2_best": 2.87,
  "snr_cc_shell2_worst": 1.76,
  "snr_cc_shell3_best": 2.39,
  "snr_cc_shell3_worst": 1.82,
  "snr_cc_shell4_best": 1.7,
  "snr_cc_shell4_worst": 1.16,
  "spikes_global": 35.96,
  "spikes_slice_i": 170.67,
  "spikes_slice_j": 188.95,
  "spikes_slice_k": 206.92,
  "summary_bg_k": 780.648,
  "summary_bg_mad": 8.8956,
  "summary_bg_mean": 27.2749,
  "summary_bg_median": 9.0,
  "summary_bg_n": 1492780.0,
  "summary_bg_p05": 2.0,
  "summary_bg_p95": 101.0,
  "summary_bg_stdv": 106.4428,
  "summary_fg_k": 6.8154,
  "summary_fg_mad": 164.5688,
  "summary_fg_mean": 378.9898,
  "summary_fg_median": 297.0,
  "summary_fg_n": 361712.0,
  "summary_fg_p05": 105.0,
  "summary_fg_p95": 967.0,
  "summary_fg_stdv": 282.4376,
  "summary_wm_k": 14.3222,
  "summary_wm_mad": 68.1997,
  "summary_wm_mean": 211.6608,
  "summary_wm_median": 208.0,
  "summary_wm_n": 98093.0,
  "summary_wm_p05": 97.0,
  "summary_wm_p95": 337.0,
  "summary_wm_stdv": 78.9302
}