{
  "aor": [
    0.0005986893203883495,
    0.0006833009708737865,
    0.0007492718446601941,
    0.0008982038834951456
  ],
  "aqi": [
    0.005240943834951456,
    0.0077020438349514565,
    0.012705052572815534,
    0.02135746359223301
  ],
  "bids_meta": {
    "AcquisitionDuration": 361.475,
    "AcquisitionMatrixPE": 76,
    "AcquisitionTime": "19:53:24.285000",
    "B0FieldSource": [
      "037pepolarbold",
      "037phasediff"
    ],
    "BandwidthPerPixelPhaseEncode": 40.486,
    "BaseResolution": 102,
    "DerivedVendorReportedEchoSpacing": 0.000649997,
    "DwellTime": 2.5e-06,
    "EchoNumber": 1,
    "EchoTime": 0.0126,
    "EchoTrainLength": 28,
    "EffectiveEchoSpacing": 0.000324999,
    "ImageOrientationPatientDICOM": [
      0.999886,
      0.0122095,
      0.00883945,
      -0.00785325,
      0.922512,
      -0.385888
    ],
    "ImageType": [
      "ORIGINAL",
      "PRIMARY",
      "FMRI",
      "NONE"
    ],
    "ImageTypeText": [
      "ORIGINAL",
      "PRIMARY",
      "M",
      "MB",
      "TE1",
      "DIS2D"
    ],
    "InPlanePhaseEncodingDirectionDICOM": "ROW",
    "PercentPhaseFOV": 74.5098,
    "PercentSampling": 100,
    "PhaseEchoTime1": 0.0126,
    "PhaseEchoTime2": 0.0322,
    "PhaseEncodingDirection": "i-",
    "PhaseResolution": 1,
    "PixelBandwidth": 1961,
    "ProtocolName": "func-bold_task-bht_dir-LR__cmrr_me4_sms4",
    "PulseSequenceName": "epfid2d4_76",
    "ReceiveCoilActiveElements": "HC1-7",
    "ReconMatrixPE": 76,
    "RefLinesPE": 18,
    "RepetitionTime": 1.6,
    "SequenceVariant": "SK\\SS\\OSP",
    "SeriesDescription": "func-bold_task-bht_dir-LR__cmrr_me4_sms4",
    "SeriesNumber": 25,
    "ShimSetting": [
      8226,
      -5614,
      -6025,
      673,
      -74,
      -187,
      16,
      48
    ],
    "SliceThickness": 2.2,
    "SliceTiming": [
      0,
      0.8425,
      0.105,
      0.9475,
      0.21,
      1.0525,
      0.315,
      1.1575,
      0.42,
      1.2625,
      0.525,
      1.3675,
      0.63,
      1.475,
      0.7375,
      0,
      0.8425,
      0.105,
      0.9475,
      0.21,
      1.0525,
      0.315,
      1.1575,
      0.42,
      1.2625,
      0.525,
      1.3675,
      0.63,
      1.475,
      0.7375,
      0,
      0.8425,
      0.105,
      0.9475,
      0.21,
      1.0525,
      0.315,
      1.1575,
      0.42,
      1.2625,
      0.525,
      1.3675,
      0.63,
      1.475,
      0.7375,
      0,
      0.8425,
      0.105,
      0.9475,
      0.21,
      1.0525,
      0.315,
      1.1575,
      0.42,
      1.2625,
      0.525,
      1.3675,
      0.63,
      1.475,
      0.7375
    ],
    "SpacingBetweenSlices": 2.2,
    "TotalReadoutTime": 0.0243749,
    "TxRefAmp": 247.006,
    "WipMemBlock": "a8772380-33c3-4531-8b8b-440095d35867||Sequence: R017 nxva30a/master r/d34922cc2+; Jun 27 2022 13:20:16 by eja",
    "dataset": "<unset>",
    "modality": "bold",
    "session_id": "037",
    "subject_id": "001",
    "task_id": "bht"
  },
  "dummy_trs": 1,
  "dvars_nstd": 40.128787343170735,
  "dvars_std": 1.0494611859024396,
  "dvars_vstd": 1.01725973697561,
  "efc": 0.6499,
  "fber": 141.1286,
  "fd_mean": 0.18288671121897385,
  "fd_num": 83,
  "fd_perc": 40.29126213592233,
  "fwhm_avg": 3.6459314813914148,
  "fwhm_x": 3.4842993454692945,
  "fwhm_y": 3.63502245419539,
  "fwhm_z": 3.818472644509561,
  "gcor": [
    0.0138897,
    0.0181284,
    0.0184089,
    0.0159244
  ],
  "gsr_x": 0.13768687844276428,
  "gsr_y": 0.021143324673175812,
  "provenance": {
    "md5sum": "f8ed00595e42adb5240174e8f8213783",
    "settings": {
      "fd_thres": 0.2,
      "testing": false
    },
    "software": "mriqc",
    "version": "24.1.0.dev0+g3fe90466.d20240417"
  },
  "size_t": 206,
  "size_x": 76,
  "size_y": 102,
  "size_z": 60,
  "snr": 2.581083224685716,
  "spacing_tr": 1.600000023841858,
  "spacing_x": 2.196079969406128,
  "spacing_y": 2.196079969406128,
  "spacing_z": 2.200000047683716,
  "summary_bg_k": 5.7722,
  "summary_bg_mad": 63.1617,
  "summary_bg_mean": 165.2148,
  "summary_bg_median": 67.0,
  "summary_bg_n": 330991.0,
  "summary_bg_p05": 0.0,
  "summary_bg_p95": 703.0,
  "summary_bg_stdv": 233.3074,
  "summary_fg_k": 0.7853,
  "summary_fg_mad": 297.5281,
  "summary_fg_mean": 824.8589,
  "summary_fg_median": 796.0,
  "summary_fg_n": 134129.0,
  "summary_fg_p05": 384.0,
  "summary_fg_p95": 1362.0,
  "summary_fg_stdv": 308.3965,
  "tsnr": 35.679697406012565
}