{
  "aor": [
    0.0005986893203883495,
    0.0006833009708737865,
    0.0007492718446601941,
    0.0008982038834951456
  ],
  "aqi": [
    0.005240943834951456,
    0.0077020438349514565,
    0.012705052572815534,
    0.02135746359223301
  ],
  "bids_meta": {
    "AcquisitionDuration": 361.472,
    "AcquisitionMatrixPE": 76,
    "AcquisitionTime": "19:53:24.325000",
    "B0FieldSource": [
      "037pepolarbold",
      "037phasediff"
    ],
    "BandwidthPerPixelPhaseEncode": 40.486,
    "BaseResolution": 102,
    "DerivedVendorReportedEchoSpacing": 0.000649997,
    "DwellTime": 2.5e-06,
    "EchoNumber": 3,
    "EchoTime": 0.0518,
    "EchoTrainLength": 28,
    "EffectiveEchoSpacing": 0.000324999,
    "ImageOrientationPatientDICOM": [
      0.999886,
      0.0122095,
      0.00883945,
      -0.00785325,
      0.922512,
      -0.385888
    ],
    "ImageType": [
      "ORIGINAL",
      "PRIMARY",
      "FMRI",
      "NONE"
    ],
    "ImageTypeText": [
      "ORIGINAL",
      "PRIMARY",
      "M",
      "MB",
      "TE3",
      "DIS2D"
    ],
    "InPlanePhaseEncodingDirectionDICOM": "ROW",
    "PercentPhaseFOV": 74.5098,
    "PercentSampling": 100,
    "PhaseEchoTime1": 0.0126,
    "PhaseEchoTime2": 0.0322,
    "PhaseEncodingDirection": "i-",
    "PhaseResolution": 1,
    "PixelBandwidth": 1961,
    "ProtocolName": "func-bold_task-bht_dir-LR__cmrr_me4_sms4",
    "PulseSequenceName": "epfid2d4_76",
    "ReceiveCoilActiveElements": "HC1-7",
    "ReconMatrixPE": 76,
    "RefLinesPE": 18,
    "RepetitionTime": 1.6,
    "SequenceVariant": "SK\\SS\\OSP",
    "SeriesDescription": "func-bold_task-bht_dir-LR__cmrr_me4_sms4",
    "SeriesNumber": 25,
    "ShimSetting": [
      8226,
      -5614,
      -6025,
      673,
      -74,
      -187,
      16,
      48
    ],
    "SliceThickness": 2.2,
    "SliceTiming": [
      0,
      0.8425,
      0.105,
      0.9475,
      0.21,
      1.0525,
      0.315,
      1.1575,
      0.42,
      1.2625,
      0.5275,
      1.37,
      0.6325,
      1.475,
      0.7375,
      0,
      0.8425,
      0.105,
      0.9475,
      0.21,
      1.0525,
      0.315,
      1.1575,
      0.42,
      1.2625,
      0.5275,
      1.37,
      0.6325,
      1.475,
      0.7375,
      0,
      0.8425,
      0.105,
      0.9475,
      0.21,
      1.0525,
      0.315,
      1.1575,
      0.42,
      1.2625,
      0.5275,
      1.37,
      0.6325,
      1.475,
      0.7375,
      0,
      0.8425,
      0.105,
      0.9475,
      0.21,
      1.0525,
      0.315,
      1.1575,
      0.42,
      1.2625,
      0.5275,
      1.37,
      0.6325,
      1.475,
      0.7375
    ],
    "SpacingBetweenSlices": 2.2,
    "TotalReadoutTime": 0.0243749,
    "TxRefAmp": 247.006,
    "WipMemBlock": "a8772380-33c3-4531-8b8b-440095d35867||Sequence: R017 nxva30a/master r/d34922cc2+; Jun 27 2022 13:20:16 by eja",
    "dataset": "<unset>",
    "modality": "bold",
    "session_id": "037",
    "subject_id": "001",
    "task_id": "bht"
  },
  "dummy_trs": 1,
  "dvars_nstd": 71.83628636804876,
  "dvars_std": 1.0528060608292684,
  "dvars_vstd": 1.0133518062926825,
  "efc": 0.5604,
  "fber": 144.7405,
  "fd_mean": 0.18288671121897385,
  "fd_num": 83,
  "fd_perc": 40.29126213592233,
  "fwhm_avg": 2.912238122462469,
  "fwhm_x": 3.035340284899827,
  "fwhm_y": 2.8681195984421715,
  "fwhm_z": 2.8332544840454084,
  "gcor": [
    0.0138897,
    0.0181284,
    0.0184089,
    0.0159244
  ],
  "gsr_x": 0.05369426682591438,
  "gsr_y": -0.004909975454211235,
  "provenance": {
    "md5sum": "5add735fc0020a0334d3ac657c522c16",
    "settings": {
      "fd_thres": 0.2,
      "testing": false
    },
    "software": "mriqc",
    "version": "24.1.0.dev0+g3fe90466.d20240417"
  },
  "size_t": 206,
  "size_x": 76,
  "size_y": 102,
  "size_z": 60,
  "snr": 1.7795976139484493,
  "spacing_tr": 1.600000023841858,
  "spacing_x": 2.196079969406128,
  "spacing_y": 2.196079969406128,
  "spacing_z": 2.200000047683716,
  "summary_bg_k": 74.1064,
  "summary_bg_mad": 8.7589,
  "summary_bg_mean": 34.7415,
  "summary_bg_median": 28.0,
  "summary_bg_n": 330991.0,
  "summary_bg_p05": 0.0,
  "summary_bg_p95": 82.0,
  "summary_bg_stdv": 32.9332,
  "summary_fg_k": 1.3543,
  "summary_fg_mad": 172.169,
  "summary_fg_mean": 344.0375,
  "summary_fg_median": 335.0,
  "summary_fg_n": 134129.0,
  "summary_fg_p05": 52.0,
  "summary_fg_p95": 664.0,
  "summary_fg_stdv": 188.2441,
  "tsnr": 18.144088614848442
}