{
  "aor": [
    0.0005986893203883495,
    0.0006833009708737865,
    0.0007492718446601941,
    0.0008982038834951456
  ],
  "aqi": [
    0.005240943834951456,
    0.0077020438349514565,
    0.012705052572815534,
    0.02135746359223301
  ],
  "bids_meta": {
    "AcquisitionDuration": 361.475,
    "AcquisitionMatrixPE": 76,
    "AcquisitionTime": "19:53:24.342500",
    "B0FieldSource": [
      "037pepolarbold",
      "037phasediff"
    ],
    "BandwidthPerPixelPhaseEncode": 40.486,
    "BaseResolution": 102,
    "DerivedVendorReportedEchoSpacing": 0.000649997,
    "DwellTime": 2.5e-06,
    "EchoNumber": 4,
    "EchoTime": 0.0714,
    "EchoTrainLength": 28,
    "EffectiveEchoSpacing": 0.000324999,
    "ImageOrientationPatientDICOM": [
      0.999886,
      0.0122095,
      0.00883945,
      -0.00785325,
      0.922512,
      -0.385888
    ],
    "ImageType": [
      "ORIGINAL",
      "PRIMARY",
      "FMRI",
      "NONE"
    ],
    "ImageTypeText": [
      "ORIGINAL",
      "PRIMARY",
      "M",
      "MB",
      "TE4",
      "DIS2D"
    ],
    "InPlanePhaseEncodingDirectionDICOM": "ROW",
    "PercentPhaseFOV": 74.5098,
    "PercentSampling": 100,
    "PhaseEchoTime1": 0.0126,
    "PhaseEchoTime2": 0.0322,
    "PhaseEncodingDirection": "i-",
    "PhaseResolution": 1,
    "PixelBandwidth": 1961,
    "ProtocolName": "func-bold_task-bht_dir-LR__cmrr_me4_sms4",
    "PulseSequenceName": "epfid2d4_76",
    "ReceiveCoilActiveElements": "HC1-7",
    "ReconMatrixPE": 76,
    "RefLinesPE": 18,
    "RepetitionTime": 1.6,
    "SequenceVariant": "SK\\SS\\OSP",
    "SeriesDescription": "func-bold_task-bht_dir-LR__cmrr_me4_sms4",
    "SeriesNumber": 25,
    "ShimSetting": [
      8226,
      -5614,
      -6025,
      673,
      -74,
      -187,
      16,
      48
    ],
    "SliceThickness": 2.2,
    "SliceTiming": [
      0,
      0.8425,
      0.105,
      0.9475,
      0.21,
      1.0525,
      0.315,
      1.1575,
      0.42,
      1.2625,
      0.525,
      1.3675,
      0.6325,
      1.475,
      0.7375,
      0,
      0.8425,
      0.105,
      0.9475,
      0.21,
      1.0525,
      0.315,
      1.1575,
      0.42,
      1.2625,
      0.525,
      1.3675,
      0.6325,
      1.475,
      0.7375,
      0,
      0.8425,
      0.105,
      0.9475,
      0.21,
      1.0525,
      0.315,
      1.1575,
      0.42,
      1.2625,
      0.525,
      1.3675,
      0.6325,
      1.475,
      0.7375,
      0,
      0.8425,
      0.105,
      0.9475,
      0.21,
      1.0525,
      0.315,
      1.1575,
      0.42,
      1.2625,
      0.525,
      1.3675,
      0.6325,
      1.475,
      0.7375
    ],
    "SpacingBetweenSlices": 2.2,
    "TotalReadoutTime": 0.0243749,
    "TxRefAmp": 247.006,
    "WipMemBlock": "a8772380-33c3-4531-8b8b-440095d35867||Sequence: R017 nxva30a/master r/d34922cc2+; Jun 27 2022 13:20:16 by eja",
    "dataset": "<unset>",
    "modality": "bold",
    "session_id": "037",
    "subject_id": "001",
    "task_id": "bht"
  },
  "dummy_trs": 1,
  "dvars_nstd": 101.78508669243905,
  "dvars_std": 1.0598032184390247,
  "dvars_vstd": 1.0140009636097564,
  "efc": 0.5661,
  "fber": 67.2173,
  "fd_mean": 0.18288671121897385,
  "fd_num": 83,
  "fd_perc": 40.29126213592233,
  "fwhm_avg": 2.5947775459749693,
  "fwhm_x": 2.724368002690688,
  "fwhm_y": 2.5286328719175395,
  "fwhm_z": 2.53133176331668,
  "gcor": [
    0.0138897,
    0.0181284,
    0.0184089,
    0.0159244
  ],
  "gsr_x": 0.03708488866686821,
  "gsr_y": -0.003672697115689516,
  "provenance": {
    "md5sum": "57da079521187f43586bfd837fa28353",
    "settings": {
      "fd_thres": 0.2,
      "testing": false
    },
    "software": "mriqc",
    "version": "24.1.0.dev0+g3fe90466.d20240417"
  },
  "size_t": 206,
  "size_x": 76,
  "size_y": 102,
  "size_z": 60,
  "snr": 1.4755551777183842,
  "spacing_tr": 1.600000023841858,
  "spacing_x": 2.196079969406128,
  "spacing_y": 2.196079969406128,
  "spacing_z": 2.200000047683716,
  "summary_bg_k": 130.342,
  "summary_bg_mad": 5.6857,
  "summary_bg_mean": 27.5632,
  "summary_bg_median": 26.0,
  "summary_bg_n": 330991.0,
  "summary_bg_p05": 0.0,
  "summary_bg_p95": 48.0,
  "summary_bg_stdv": 18.6766,
  "summary_fg_k": 3.6012,
  "summary_fg_mad": 130.6993,
  "summary_fg_mean": 224.0663,
  "summary_fg_median": 212.0,
  "summary_fg_n": 134129.0,
  "summary_fg_p05": 36.0,
  "summary_fg_p95": 474.0,
  "summary_fg_stdv": 143.6742,
  "tsnr": 12.544409528840333
}