{
  "aor": [
    0.0010491836734693879,
    0.0010641836734693877,
    0.0011398979591836734,
    0.001323673469387755
  ],
  "aqi": [
    0.004203566326530612,
    0.006071589489795919,
    0.009424869795918367,
    0.015324114285714287
  ],
  "bids_meta": {
    "AcquisitionDuration": 188.475,
    "AcquisitionMatrixPE": 76,
    "AcquisitionTime": "19:25:40.347500",
    "B0FieldSource": [
      "037pepolarbold",
      "037phasediff"
    ],
    "BandwidthPerPixelPhaseEncode": 40.486,
    "BaseResolution": 102,
    "DerivedVendorReportedEchoSpacing": 0.000649997,
    "DwellTime": 2.5e-06,
    "EchoNumber": 3,
    "EchoTime": 0.0518,
    "EchoTrainLength": 28,
    "EffectiveEchoSpacing": 0.000324999,
    "FlipAngle": 64,
    "ImageOrientationPatientDICOM": [
      0.999886,
      0.0122095,
      0.00883945,
      -0.00785325,
      0.922512,
      -0.385888
    ],
    "ImageType": [
      "ORIGINAL",
      "PRIMARY",
      "FMRI",
      "NONE"
    ],
    "ImageTypeText": [
      "ORIGINAL",
      "PRIMARY",
      "M",
      "MB",
      "TE3",
      "DIS2D"
    ],
    "InPlanePhaseEncodingDirectionDICOM": "ROW",
    "PercentPhaseFOV": 74.5098,
    "PhaseEchoTime1": 0.0126,
    "PhaseEchoTime2": 0.0322,
    "PhaseEncodingDirection": "i-",
    "PixelBandwidth": 1961,
    "ProtocolName": "func-bold_task-qct_dir-LR__cmrr_me4_sms4",
    "PulseSequenceName": "epfid2d4_76",
    "ReceiveCoilActiveElements": "HC1-7",
    "ReconMatrixPE": 76,
    "RefLinesPE": 18,
    "RepetitionTime": 1.6,
    "SequenceVariant": "SK\\SS\\OSP",
    "SeriesDescription": "func-bold_task-qct_dir-LR__cmrr_me4_sms4",
    "SeriesNumber": 13,
    "ShimSetting": [
      8226,
      -5615,
      -6023,
      672,
      -69,
      -169,
      28,
      53
    ],
    "SliceThickness": 2.2,
    "SliceTiming": [
      0,
      0.8425,
      0.1075,
      0.95,
      0.2125,
      1.055,
      0.3175,
      1.16,
      0.4225,
      1.265,
      0.5275,
      1.37,
      0.6325,
      1.475,
      0.7375,
      0,
      0.8425,
      0.1075,
      0.95,
      0.2125,
      1.055,
      0.3175,
      1.16,
      0.4225,
      1.265,
      0.5275,
      1.37,
      0.6325,
      1.475,
      0.7375,
      0,
      0.8425,
      0.1075,
      0.95,
      0.2125,
      1.055,
      0.3175,
      1.16,
      0.4225,
      1.265,
      0.5275,
      1.37,
      0.6325,
      1.475,
      0.7375,
      0,
      0.8425,
      0.1075,
      0.95,
      0.2125,
      1.055,
      0.3175,
      1.16,
      0.4225,
      1.265,
      0.5275,
      1.37,
      0.6325,
      1.475,
      0.7375
    ],
    "SpacingBetweenSlices": 2.2,
    "TotalReadoutTime": 0.0243749,
    "TxRefAmp": 247.006,
    "WipMemBlock": "95e4a5f6-ece4-408d-91aa-1f9c5685d84d||Sequence: R017 nxva30a/master r/d34922cc2+; Jun 27 2022 13:20:16 by eja",
    "dataset": "<unset>",
    "modality": "bold",
    "session_id": "037",
    "subject_id": "001",
    "task_id": "qct"
  },
  "dummy_trs": 1,
  "dvars_nstd": 66.61244885917526,
  "dvars_std": 1.0417946639175257,
  "dvars_vstd": 1.0329549420618562,
  "efc": 0.5571,
  "fber": 151.5477,
  "fd_mean": 0.09320896043166732,
  "fd_num": 3,
  "fd_perc": 3.061224489795918,
  "fwhm_avg": 2.8562656555721833,
  "fwhm_x": 2.981171037123222,
  "fwhm_y": 2.8410941709409823,
  "fwhm_z": 2.7465317586523454,
  "gcor": [
    0.00403871,
    0.00622447,
    0.00586328,
    0.00484723
  ],
  "gsr_x": 0.0534721314907074,
  "gsr_y": -0.0038891450967639685,
  "provenance": {
    "md5sum": "63d170fb8a8dbb0a51e9147b6694d5f0",
    "settings": {
      "fd_thres": 0.2,
      "testing": false
    },
    "software": "mriqc",
    "version": "24.1.0.dev0+g3fe90466.d20240417"
  },
  "size_t": 98,
  "size_x": 76,
  "size_y": 102,
  "size_z": 60,
  "snr": 1.7583304760210774,
  "spacing_tr": 1.600000023841858,
  "spacing_x": 2.196079969406128,
  "spacing_y": 2.196079969406128,
  "spacing_z": 2.200000047683716,
  "summary_bg_k": 77.3135,
  "summary_bg_mad": 8.82,
  "summary_bg_mean": 35.0966,
  "summary_bg_median": 28.0,
  "summary_bg_n": 330815.0,
  "summary_bg_p05": 0.0,
  "summary_bg_p95": 84.0,
  "summary_bg_stdv": 33.989,
  "summary_fg_k": 1.5357,
  "summary_fg_mad": 176.0515,
  "summary_fg_mean": 354.4644,
  "summary_fg_median": 344.0,
  "summary_fg_n": 134305.0,
  "summary_fg_p05": 52.0,
  "summary_fg_p95": 690.0,
  "summary_fg_stdv": 195.6394,
  "tsnr": 20.423493790556677
}