{
  "aor": [
    0.0004801456310679611,
    0.0004269417475728155,
    0.0005029126213592233,
    0.0006275242718446601
  ],
  "aqi": [
    0.008850266165048543,
    0.009409580291262137,
    0.015031862087378644,
    0.024827893203883494
  ],
  "bids_meta": {
    "AcquisitionDuration": 361.475,
    "AcquisitionMatrixPE": 76,
    "AcquisitionTime": "19:01:31.257500",
    "B0FieldSource": [
      "pilot016pepolarbold",
      "pilot016phasediff"
    ],
    "BandwidthPerPixelPhaseEncode": 40.486,
    "BaseResolution": 102,
    "DerivedVendorReportedEchoSpacing": 0.000649997,
    "DwellTime": 2.5e-06,
    "EchoNumber": 2,
    "EchoTime": 0.0322,
    "EchoTrainLength": 28,
    "EffectiveEchoSpacing": 0.000324999,
    "ImageOrientationPatientDICOM": [
      0.994786,
      0.0100614,
      0.101482,
      0.0194483,
      0.95814,
      -0.285637
    ],
    "ImageType": [
      "ORIGINAL",
      "PRIMARY",
      "FMRI",
      "NONE"
    ],
    "ImageTypeText": [
      "ORIGINAL",
      "PRIMARY",
      "M",
      "MB",
      "TE2",
      "DIS2D"
    ],
    "InPlanePhaseEncodingDirectionDICOM": "ROW",
    "PercentPhaseFOV": 74.5098,
    "PercentSampling": 100,
    "PhaseEchoTime1": 0.0126,
    "PhaseEchoTime2": 0.0322,
    "PhaseEncodingDirection": "i",
    "PhaseResolution": 1,
    "PixelBandwidth": 1961,
    "ProtocolName": "func-bold_task-bht_dir-RL__cmrr_me4_sms4",
    "PulseSequenceName": "epfid2d4_76",
    "ReceiveCoilActiveElements": "HC1-7",
    "ReconMatrixPE": 76,
    "RefLinesPE": 18,
    "RepetitionTime": 1.6,
    "SequenceVariant": "SK\\SS\\OSP",
    "SeriesDescription": "func-bold_task-bht_dir-RL__cmrr_me4_sms4",
    "SeriesNumber": 28,
    "ShimSetting": [
      8249,
      -5626,
      -6026,
      664,
      -13,
      -206,
      39,
      26
    ],
    "SliceThickness": 2.2,
    "SliceTiming": [
      0,
      0.8425,
      0.105,
      0.9475,
      0.21,
      1.0525,
      0.3175,
      1.16,
      0.4225,
      1.265,
      0.5275,
      1.37,
      0.6325,
      1.475,
      0.7375,
      0,
      0.8425,
      0.105,
      0.9475,
      0.21,
      1.0525,
      0.3175,
      1.16,
      0.4225,
      1.265,
      0.5275,
      1.37,
      0.6325,
      1.475,
      0.7375,
      0,
      0.8425,
      0.105,
      0.9475,
      0.21,
      1.0525,
      0.3175,
      1.16,
      0.4225,
      1.265,
      0.5275,
      1.37,
      0.6325,
      1.475,
      0.7375,
      0,
      0.8425,
      0.105,
      0.9475,
      0.21,
      1.0525,
      0.3175,
      1.16,
      0.4225,
      1.265,
      0.5275,
      1.37,
      0.6325,
      1.475,
      0.7375
    ],
    "SpacingBetweenSlices": 2.2,
    "TotalReadoutTime": 0.0243749,
    "TxRefAmp": 248.2,
    "WipMemBlock": "31ec874c-e927-4310-81a8-9e36e3d50e0c||Sequence: R017 nxva30a/master r/d34922cc2+; Jun 27 2022 13:20:16 by eja",
    "dataset": "<unset>",
    "modality": "bold",
    "session_id": "pilot016",
    "subject_id": "001",
    "task_id": "bht"
  },
  "dummy_trs": 1,
  "dvars_nstd": 53.060489226585375,
  "dvars_std": 1.0291780024390245,
  "dvars_vstd": 0.9931942419024393,
  "efc": 0.5816,
  "fber": 231.0136,
  "fd_mean": 0.2083081776275257,
  "fd_num": 94,
  "fd_perc": 45.63106796116505,
  "fwhm_avg": 3.404840813754723,
  "fwhm_x": 3.4529343674359003,
  "fwhm_y": 3.447401782024958,
  "fwhm_z": 3.3141862918033107,
  "gcor": [
    0.0269576,
    0.0311542,
    0.027194,
    0.021769
  ],
  "gsr_x": 0.10134470462799072,
  "gsr_y": -0.010145062580704689,
  "provenance": {
    "md5sum": "8349d578868c77a6d72140d2105730fd",
    "settings": {
      "fd_thres": 0.2,
      "testing": false
    },
    "software": "mriqc",
    "version": "24.1.0.dev0+g3fe90466.d20240417"
  },
  "size_t": 206,
  "size_x": 76,
  "size_y": 102,
  "size_z": 60,
  "snr": 2.08884468598396,
  "spacing_tr": 1.600000023841858,
  "spacing_x": 2.196079969406128,
  "spacing_y": 2.196079969406128,
  "spacing_z": 2.200000047683716,
  "summary_bg_k": 28.4114,
  "summary_bg_mad": 18.4246,
  "summary_bg_mean": 62.308,
  "summary_bg_median": 35.0,
  "summary_bg_n": 331071.0,
  "summary_bg_p05": 1.0,
  "summary_bg_p95": 222.0,
  "summary_bg_stdv": 87.3191,
  "summary_fg_k": 1.2993,
  "summary_fg_mad": 220.8214,
  "summary_fg_mean": 544.9525,
  "summary_fg_median": 526.0,
  "summary_fg_n": 134049.0,
  "summary_fg_p05": 118.0,
  "summary_fg_p95": 978.0,
  "summary_fg_stdv": 251.8129,
  "tsnr": 24.678301974665374
}