{
  "aor": [
    0.0004661165048543689,
    0.0005951456310679611,
    0.0006848058252427186,
    0.0008475242718446603
  ],
  "aqi": [
    0.005819205048543689,
    0.007508957621359223,
    0.012632621019417475,
    0.020932440291262133
  ],
  "bids_meta": {
    "AcquisitionDuration": 361.475,
    "AcquisitionMatrixPE": 76,
    "AcquisitionTime": "22:42:0.360000",
    "B0FieldSource": [
      "010pepolarbold",
      "010phasediff"
    ],
    "BandwidthPerPixelPhaseEncode": 40.486,
    "BaseResolution": 102,
    "DerivedVendorReportedEchoSpacing": 0.000649997,
    "DwellTime": 2.5e-06,
    "EchoNumber": 4,
    "EchoTime": 0.0714,
    "EchoTrainLength": 28,
    "EffectiveEchoSpacing": 0.000324999,
    "ImageOrientationPatientDICOM": [
      0.997842,
      -0.0242437,
      0.0610273,
      0.0442647,
      0.934802,
      -0.3524
    ],
    "ImageType": [
      "ORIGINAL",
      "PRIMARY",
      "FMRI",
      "NONE"
    ],
    "ImageTypeText": [
      "ORIGINAL",
      "PRIMARY",
      "M",
      "MB",
      "TE4",
      "DIS2D"
    ],
    "InPlanePhaseEncodingDirectionDICOM": "ROW",
    "PercentPhaseFOV": 74.5098,
    "PercentSampling": 100,
    "PhaseEchoTime1": 0.0126,
    "PhaseEchoTime2": 0.0322,
    "PhaseEncodingDirection": "i",
    "PhaseResolution": 1,
    "PixelBandwidth": 1961,
    "ProtocolName": "func-bold_task-bht_dir-RL__cmrr_me4_sms4",
    "PulseSequenceName": "epfid2d4_76",
    "ReceiveCoilActiveElements": "HC1-7",
    "ReconMatrixPE": 76,
    "RefLinesPE": 18,
    "RepetitionTime": 1.6,
    "SequenceVariant": "SK\\SS\\OSP",
    "SeriesDescription": "func-bold_task-bht_dir-RL__cmrr_me4_sms4",
    "SeriesNumber": 25,
    "ShimSetting": [
      8242,
      -5614,
      -6000,
      678,
      -60,
      -182,
      9,
      6
    ],
    "SliceThickness": 2.2,
    "SliceTiming": [
      0,
      0.8425,
      0.1075,
      0.95,
      0.2125,
      1.055,
      0.3175,
      1.16,
      0.4225,
      1.265,
      0.5275,
      1.37,
      0.6325,
      1.475,
      0.7375,
      0,
      0.8425,
      0.1075,
      0.95,
      0.2125,
      1.055,
      0.3175,
      1.16,
      0.4225,
      1.265,
      0.5275,
      1.37,
      0.6325,
      1.475,
      0.7375,
      0,
      0.8425,
      0.1075,
      0.95,
      0.2125,
      1.055,
      0.3175,
      1.16,
      0.4225,
      1.265,
      0.5275,
      1.37,
      0.6325,
      1.475,
      0.7375,
      0,
      0.8425,
      0.1075,
      0.95,
      0.2125,
      1.055,
      0.3175,
      1.16,
      0.4225,
      1.265,
      0.5275,
      1.37,
      0.6325,
      1.475,
      0.7375
    ],
    "SpacingBetweenSlices": 2.2,
    "TotalReadoutTime": 0.0243749,
    "TxRefAmp": 232.907,
    "WipMemBlock": "8a796acb-71fb-4e21-84b4-ad7f9c473244||Sequence: R017 nxva30a/master r/d34922cc2+; Jun 27 2022 13:20:16 by eja",
    "dataset": "<unset>",
    "modality": "bold",
    "session_id": "010",
    "subject_id": "001",
    "task_id": "bht"
  },
  "dummy_trs": 1,
  "dvars_nstd": 98.92494380282925,
  "dvars_std": 1.0466307910243902,
  "dvars_vstd": 1.0085856714146344,
  "efc": 0.5671,
  "fber": 69.7394,
  "fd_mean": 0.17206188747693493,
  "fd_num": 72,
  "fd_perc": 34.95145631067961,
  "fwhm_avg": 2.5898837783055106,
  "fwhm_x": 2.739891116819004,
  "fwhm_y": 2.5797239075642704,
  "fwhm_z": 2.4500363105332568,
  "gcor": [
    0.024384,
    0.0315233,
    0.0297095,
    0.0241905
  ],
  "gsr_x": 0.04500628262758255,
  "gsr_y": -0.0035771308466792107,
  "provenance": {
    "md5sum": "c51abcdebcc841ee9a81f87db4e1e08d",
    "settings": {
      "fd_thres": 0.2,
      "testing": false
    },
    "software": "mriqc",
    "version": "24.1.0.dev0+g3fe90466.d20240417"
  },
  "size_t": 206,
  "size_x": 76,
  "size_y": 102,
  "size_z": 60,
  "snr": 1.4723464044911416,
  "spacing_tr": 1.600000023841858,
  "spacing_x": 2.196079969406128,
  "spacing_y": 2.196079969406128,
  "spacing_z": 2.200000047683716,
  "summary_bg_k": 120.5643,
  "summary_bg_mad": 5.3259,
  "summary_bg_mean": 28.9541,
  "summary_bg_median": 26.0,
  "summary_bg_n": 331359.0,
  "summary_bg_p05": 0.0,
  "summary_bg_p95": 53.0,
  "summary_bg_stdv": 20.0544,
  "summary_fg_k": 4.9622,
  "summary_fg_mad": 131.6349,
  "summary_fg_mean": 232.4151,
  "summary_fg_median": 220.0,
  "summary_fg_n": 133761.0,
  "summary_fg_p05": 37.0,
  "summary_fg_p95": 489.0,
  "summary_fg_stdv": 149.4208,
  "tsnr": 12.51541814696975
}