{
  "aor": [
    0.0010263265306122448,
    0.0010131632653061226,
    0.0010744897959183673,
    0.001266938775510204
  ],
  "aqi": [
    0.0055274052040816335,
    0.0056640120408163255,
    0.009049156836734695,
    0.015054461224489796
  ],
  "bids_meta": {
    "AcquisitionDuration": 188.475,
    "AcquisitionMatrixPE": 76,
    "AcquisitionTime": "22:14:23.062500",
    "B0FieldSource": [
      "010pepolarbold",
      "010phasediff"
    ],
    "BandwidthPerPixelPhaseEncode": 40.486,
    "BaseResolution": 102,
    "DerivedVendorReportedEchoSpacing": 0.000649997,
    "DwellTime": 2.5e-06,
    "EchoNumber": 2,
    "EchoTime": 0.0322,
    "EchoTrainLength": 28,
    "EffectiveEchoSpacing": 0.000324999,
    "FlipAngle": 64,
    "ImageOrientationPatientDICOM": [
      0.997842,
      -0.0242438,
      0.0610273,
      0.0442647,
      0.934802,
      -0.352399
    ],
    "ImageType": [
      "ORIGINAL",
      "PRIMARY",
      "FMRI",
      "NONE"
    ],
    "ImageTypeText": [
      "ORIGINAL",
      "PRIMARY",
      "M",
      "MB",
      "TE2",
      "DIS2D"
    ],
    "InPlanePhaseEncodingDirectionDICOM": "ROW",
    "PercentPhaseFOV": 74.5098,
    "PhaseEchoTime1": 0.0126,
    "PhaseEchoTime2": 0.0322,
    "PhaseEncodingDirection": "i",
    "PixelBandwidth": 1961,
    "ProtocolName": "func-bold_task-qct_dir-RL__cmrr_me4_sms4",
    "PulseSequenceName": "epfid2d4_76",
    "ReceiveCoilActiveElements": "HC1-7",
    "ReconMatrixPE": 76,
    "RefLinesPE": 18,
    "RepetitionTime": 1.6,
    "SequenceVariant": "SK\\SS\\OSP",
    "SeriesDescription": "func-bold_task-qct_dir-RL__cmrr_me4_sms4",
    "SeriesNumber": 13,
    "ShimSetting": [
      8241,
      -5610,
      -5999,
      672,
      -57,
      -161,
      22,
      12
    ],
    "SliceThickness": 2.2,
    "SliceTiming": [
      0,
      0.8425,
      0.105,
      0.9475,
      0.21,
      1.0525,
      0.315,
      1.1575,
      0.42,
      1.2625,
      0.525,
      1.3675,
      0.63,
      1.4725,
      0.7375,
      0,
      0.8425,
      0.105,
      0.9475,
      0.21,
      1.0525,
      0.315,
      1.1575,
      0.42,
      1.2625,
      0.525,
      1.3675,
      0.63,
      1.4725,
      0.7375,
      0,
      0.8425,
      0.105,
      0.9475,
      0.21,
      1.0525,
      0.315,
      1.1575,
      0.42,
      1.2625,
      0.525,
      1.3675,
      0.63,
      1.4725,
      0.7375,
      0,
      0.8425,
      0.105,
      0.9475,
      0.21,
      1.0525,
      0.315,
      1.1575,
      0.42,
      1.2625,
      0.525,
      1.3675,
      0.63,
      1.4725,
      0.7375
    ],
    "SpacingBetweenSlices": 2.2,
    "TotalReadoutTime": 0.0243749,
    "TxRefAmp": 232.907,
    "WipMemBlock": "b65d4312-0a67-435c-a992-c959a295ca63||Sequence: R017 nxva30a/master r/d34922cc2+; Jun 27 2022 13:20:16 by eja",
    "dataset": "<unset>",
    "modality": "bold",
    "session_id": "010",
    "subject_id": "001",
    "task_id": "qct"
  },
  "dummy_trs": 1,
  "dvars_nstd": 47.08297572154639,
  "dvars_std": 1.0426403195876293,
  "dvars_vstd": 1.031757099896907,
  "efc": 0.5783,
  "fber": 250.2507,
  "fd_mean": 0.08375292271753179,
  "fd_num": 5,
  "fd_perc": 5.1020408163265305,
  "fwhm_avg": 3.2596840302262073,
  "fwhm_x": 3.3443864077436753,
  "fwhm_y": 3.2970793873039344,
  "fwhm_z": 3.137586295631012,
  "gcor": [
    0.00480001,
    0.00628889,
    0.0057106,
    0.00481288
  ],
  "gsr_x": 0.09984904527664185,
  "gsr_y": -0.009512950666248798,
  "provenance": {
    "md5sum": "d0677fc97408ba0c4e7d5875dbff0cc7",
    "settings": {
      "fd_thres": 0.2,
      "testing": false
    },
    "software": "mriqc",
    "version": "24.1.0.dev0+g3fe90466.d20240417"
  },
  "size_t": 98,
  "size_x": 76,
  "size_y": 102,
  "size_z": 60,
  "snr": 2.111354256527167,
  "spacing_tr": 1.600000023841858,
  "spacing_x": 2.196079969406128,
  "spacing_y": 2.196079969406128,
  "spacing_z": 2.200000047683716,
  "summary_bg_k": 30.8176,
  "summary_bg_mad": 17.5038,
  "summary_bg_mean": 61.3965,
  "summary_bg_median": 34.0,
  "summary_bg_n": 331381.0,
  "summary_bg_p05": 0.0,
  "summary_bg_p95": 212.0,
  "summary_bg_stdv": 83.8671,
  "summary_fg_k": 1.2212,
  "summary_fg_mad": 230.938,
  "summary_fg_mean": 562.2758,
  "summary_fg_median": 545.0,
  "summary_fg_n": 133739.0,
  "summary_fg_p05": 124.0,
  "summary_fg_p95": 1003.0,
  "summary_fg_stdv": 258.1272,
  "tsnr": 29.46103168744594
}