{
  "aor": [
    0.0005239805825242717,
    0.0005212135922330097,
    0.0006170873786407767,
    0.0007789320388349514
  ],
  "aqi": [
    0.0048589763592233005,
    0.0063664434466019415,
    0.011014373543689318,
    0.019835542718446602
  ],
  "bids_meta": {
    "AcquisitionDuration": 361.475,
    "AcquisitionMatrixPE": 96,
    "AcquisitionTime": "12:40:11.467500",
    "B0FieldSource": [
      "006pepolarbold",
      "006phasediff"
    ],
    "BandwidthPerPixelPhaseEncode": 37.879,
    "BaseResolution": 96,
    "DerivedVendorReportedEchoSpacing": 0.000549997,
    "DwellTime": 2.3e-06,
    "EchoNumber": 3,
    "EchoTime": 0.05348,
    "EchoTrainLength": 35,
    "EffectiveEchoSpacing": 0.000274998,
    "ImageOrientationPatientDICOM": [
      0.999278,
      -0.025317,
      0.02832,
      0.0333241,
      0.942113,
      -0.333634
    ],
    "ImageType": [
      "ORIGINAL",
      "PRIMARY",
      "FMRI",
      "NONE"
    ],
    "ImageTypeText": [
      "ORIGINAL",
      "PRIMARY",
      "M",
      "MB",
      "TE3",
      "DIS2D"
    ],
    "InPlanePhaseEncodingDirectionDICOM": "COL",
    "PercentPhaseFOV": 100,
    "PercentSampling": 100,
    "PhaseEchoTime1": 0.0126,
    "PhaseEchoTime2": 0.03304,
    "PhaseEncodingDirection": "j",
    "PhaseResolution": 1,
    "PixelBandwidth": 2264,
    "ProtocolName": "func-bold_task-bht_dir-PA__cmrr_me4_sms4",
    "PulseSequenceName": "epfid2d4_96",
    "ReceiveCoilActiveElements": "HC1-7",
    "ReconMatrixPE": 96,
    "RefLinesPE": 22,
    "RepetitionTime": 1.6,
    "SequenceVariant": "SK\\SS",
    "SeriesDescription": "func-bold_task-bht_dir-PA__cmrr_me4_sms4",
    "SeriesNumber": 23,
    "ShimSetting": [
      8247,
      -5623,
      -6088,
      518,
      -89,
      -211,
      25,
      15
    ],
    "SliceThickness": 2.2,
    "SliceTiming": [
      0,
      0.8425,
      0.105,
      0.9475,
      0.21,
      1.0525,
      0.315,
      1.1575,
      0.42,
      1.2625,
      0.525,
      1.3675,
      0.63,
      1.4725,
      0.7375,
      0,
      0.8425,
      0.105,
      0.9475,
      0.21,
      1.0525,
      0.315,
      1.1575,
      0.42,
      1.2625,
      0.525,
      1.3675,
      0.63,
      1.4725,
      0.7375,
      0,
      0.8425,
      0.105,
      0.9475,
      0.21,
      1.0525,
      0.315,
      1.1575,
      0.42,
      1.2625,
      0.525,
      1.3675,
      0.63,
      1.4725,
      0.7375,
      0,
      0.8425,
      0.105,
      0.9475,
      0.21,
      1.0525,
      0.315,
      1.1575,
      0.42,
      1.2625,
      0.525,
      1.3675,
      0.63,
      1.4725,
      0.7375
    ],
    "SpacingBetweenSlices": 2.2,
    "TotalReadoutTime": 0.0261249,
    "TxRefAmp": 250.135,
    "WipMemBlock": "6037ef58-33d7-4876-ba0b-79f346db3d99||Sequence: R017 nxva30a/master r/d34922cc2+; Jun 27 2022 13:20:16 by eja",
    "dataset": "<unset>",
    "modality": "bold",
    "session_id": "006",
    "subject_id": "001",
    "task_id": "bht"
  },
  "dummy_trs": 1,
  "dvars_nstd": 56.69688689082925,
  "dvars_std": 1.0326947743414634,
  "dvars_vstd": 0.9911335994146345,
  "efc": 0.507,
  "fber": 295.4939,
  "fd_mean": 0.1579759001328996,
  "fd_num": 63,
  "fd_perc": 30.58252427184466,
  "fwhm_avg": 3.0590613412191203,
  "fwhm_x": 2.9136591665091074,
  "fwhm_y": 3.338993102353954,
  "fwhm_z": 2.9245317547942995,
  "gcor": [
    0.0278563,
    0.036886,
    0.0330275,
    0.0256728
  ],
  "gsr_x": 0.004564658273011446,
  "gsr_y": 0.0341755747795105,
  "provenance": {
    "md5sum": "93c8ccbdfe862fd9928ac85a8e464bdd",
    "settings": {
      "fd_thres": 0.2,
      "testing": false
    },
    "software": "mriqc",
    "version": "24.1.0.dev0+g3fe90466.d20240417"
  },
  "size_t": 206,
  "size_x": 96,
  "size_y": 96,
  "size_z": 60,
  "snr": 1.7577106678644467,
  "spacing_tr": 1.600000023841858,
  "spacing_x": 2.197920083999634,
  "spacing_y": 2.197920083999634,
  "spacing_z": 2.200000047683716,
  "summary_bg_k": 162.3757,
  "summary_bg_mad": 3.3538,
  "summary_bg_mean": 26.5211,
  "summary_bg_median": 19.0,
  "summary_bg_n": 416640.0,
  "summary_bg_p05": 0.0,
  "summary_bg_p95": 67.0,
  "summary_bg_stdv": 32.0565,
  "summary_fg_k": 1.9779,
  "summary_fg_mad": 169.6572,
  "summary_fg_mean": 340.9242,
  "summary_fg_median": 334.0,
  "summary_fg_n": 136320.0,
  "summary_fg_p05": 40.0,
  "summary_fg_p95": 658.0,
  "summary_fg_stdv": 190.0192,
  "tsnr": 21.194900368340313
}