{
  "aor": [
    0.0003265420560747664,
    0.0002853137516688919,
    0.00032983978638184247,
    0.0004405340453938585
  ],
  "aqi": [
    0.003861045607476636,
    0.004585641748998665,
    0.007549525020026702,
    0.013771502937249665
  ],
  "bids_meta": {
    "AcquisitionDuration": 1230.47,
    "AcquisitionMatrixPE": 96,
    "AcquisitionTime": "12:18:6.200000",
    "B0FieldSource": [
      "006pepolarbold",
      "006phasediff"
    ],
    "BandwidthPerPixelPhaseEncode": 37.879,
    "BaseResolution": 96,
    "DerivedVendorReportedEchoSpacing": 0.000549997,
    "DwellTime": 2.3e-06,
    "EchoNumber": 1,
    "EchoTime": 0.0126,
    "EchoTrainLength": 35,
    "EffectiveEchoSpacing": 0.000274998,
    "FlipAngle": 64,
    "ImageOrientationPatientDICOM": [
      0.999278,
      -0.025317,
      0.02832,
      0.0333241,
      0.942113,
      -0.333634
    ],
    "ImageType": [
      "ORIGINAL",
      "PRIMARY",
      "FMRI",
      "NONE"
    ],
    "ImageTypeText": [
      "ORIGINAL",
      "PRIMARY",
      "M",
      "MB",
      "TE1",
      "DIS2D"
    ],
    "InPlanePhaseEncodingDirectionDICOM": "COL",
    "PercentPhaseFOV": 100,
    "PhaseEchoTime1": 0.0126,
    "PhaseEchoTime2": 0.03304,
    "PhaseEncodingDirection": "j",
    "PixelBandwidth": 2264,
    "ProtocolName": "func-bold_task-rest_dir-PA__cmrr_me4_sms4",
    "PulseSequenceName": "epfid2d4_96",
    "ReceiveCoilActiveElements": "HC1-7",
    "ReconMatrixPE": 96,
    "RefLinesPE": 22,
    "RepetitionTime": 1.6,
    "SequenceVariant": "SK\\SS",
    "SeriesDescription": "func-bold_task-rest_dir-PA__cmrr_me4_sms4",
    "SeriesNumber": 21,
    "ShimSetting": [
      8245,
      -5622,
      -6087,
      514,
      -95,
      -207,
      24,
      14
    ],
    "SliceThickness": 2.2,
    "SliceTiming": [
      0,
      0.8425,
      0.1075,
      0.95,
      0.2125,
      1.055,
      0.3175,
      1.16,
      0.4225,
      1.265,
      0.5275,
      1.37,
      0.6325,
      1.475,
      0.7375,
      0,
      0.8425,
      0.1075,
      0.95,
      0.2125,
      1.055,
      0.3175,
      1.16,
      0.4225,
      1.265,
      0.5275,
      1.37,
      0.6325,
      1.475,
      0.7375,
      0,
      0.8425,
      0.1075,
      0.95,
      0.2125,
      1.055,
      0.3175,
      1.16,
      0.4225,
      1.265,
      0.5275,
      1.37,
      0.6325,
      1.475,
      0.7375,
      0,
      0.8425,
      0.1075,
      0.95,
      0.2125,
      1.055,
      0.3175,
      1.16,
      0.4225,
      1.265,
      0.5275,
      1.37,
      0.6325,
      1.475,
      0.7375
    ],
    "SpacingBetweenSlices": 2.2,
    "TotalReadoutTime": 0.0261249,
    "TxRefAmp": 250.135,
    "WipMemBlock": "9a60d9f9-2c47-4090-9fca-ac071181bf1f||Sequence: R017 nxva30a/master r/d34922cc2+; Jun 27 2022 13:20:16 by eja",
    "dataset": "<unset>",
    "modality": "bold",
    "session_id": "006",
    "subject_id": "001",
    "task_id": "rest"
  },
  "dummy_trs": 1,
  "dvars_nstd": 27.1086313788369,
  "dvars_std": 1.043457964639037,
  "dvars_vstd": 1.0032871599732622,
  "efc": 0.5824,
  "fber": 624.2761,
  "fd_mean": 0.08870062574799437,
  "fd_num": 31,
  "fd_perc": 4.138851802403204,
  "fwhm_avg": 3.7196512462256752,
  "fwhm_x": 3.393035103637209,
  "fwhm_y": 3.8324550839317064,
  "fwhm_z": 3.93346355110811,
  "gcor": [
    0.0126064,
    0.0181438,
    0.0153667,
    0.0115293
  ],
  "gsr_x": -0.002917282748967409,
  "gsr_y": 0.11845582723617554,
  "provenance": {
    "md5sum": "33c7fec304a2880a1427d3b4309bdab2",
    "settings": {
      "fd_thres": 0.2,
      "testing": false
    },
    "software": "mriqc",
    "version": "24.1.0.dev0+g3fe90466.d20240417"
  },
  "size_t": 749,
  "size_x": 96,
  "size_y": 96,
  "size_z": 60,
  "snr": 2.500361421589835,
  "spacing_tr": 1.600000023841858,
  "spacing_x": 2.197920083999634,
  "spacing_y": 2.197920083999634,
  "spacing_z": 2.200000047683716,
  "summary_bg_k": 10.3825,
  "summary_bg_mad": 22.8962,
  "summary_bg_mean": 134.2135,
  "summary_bg_median": 33.0,
  "summary_bg_n": 416693.0,
  "summary_bg_p05": 0.0,
  "summary_bg_p95": 670.0,
  "summary_bg_stdv": 241.0217,
  "summary_fg_k": 0.5447,
  "summary_fg_mad": 324.7118,
  "summary_fg_mean": 844.4728,
  "summary_fg_median": 813.0,
  "summary_fg_n": 136267.0,
  "summary_fg_p05": 388.0,
  "summary_fg_p95": 1407.0,
  "summary_fg_stdv": 325.1518,
  "tsnr": 52.242116902954876
}