{
  "aor": [
    0.0005239805825242717,
    0.0005212135922330097,
    0.0006170873786407767,
    0.0007789320388349514
  ],
  "aqi": [
    0.0048589763592233005,
    0.0063664434466019415,
    0.011014373543689318,
    0.019835542718446602
  ],
  "bids_meta": {
    "AcquisitionDuration": 361.475,
    "AcquisitionMatrixPE": 96,
    "AcquisitionTime": "12:40:11.447500",
    "B0FieldSource": [
      "006pepolarbold",
      "006phasediff"
    ],
    "BandwidthPerPixelPhaseEncode": 37.879,
    "BaseResolution": 96,
    "DerivedVendorReportedEchoSpacing": 0.000549997,
    "DwellTime": 2.3e-06,
    "EchoNumber": 2,
    "EchoTime": 0.03304,
    "EchoTrainLength": 35,
    "EffectiveEchoSpacing": 0.000274998,
    "ImageOrientationPatientDICOM": [
      0.999278,
      -0.025317,
      0.02832,
      0.0333241,
      0.942113,
      -0.333634
    ],
    "ImageType": [
      "ORIGINAL",
      "PRIMARY",
      "FMRI",
      "NONE"
    ],
    "ImageTypeText": [
      "ORIGINAL",
      "PRIMARY",
      "M",
      "MB",
      "TE2",
      "DIS2D"
    ],
    "InPlanePhaseEncodingDirectionDICOM": "COL",
    "PercentPhaseFOV": 100,
    "PercentSampling": 100,
    "PhaseEchoTime1": 0.0126,
    "PhaseEchoTime2": 0.03304,
    "PhaseEncodingDirection": "j",
    "PhaseResolution": 1,
    "PixelBandwidth": 2264,
    "ProtocolName": "func-bold_task-bht_dir-PA__cmrr_me4_sms4",
    "PulseSequenceName": "epfid2d4_96",
    "ReceiveCoilActiveElements": "HC1-7",
    "ReconMatrixPE": 96,
    "RefLinesPE": 22,
    "RepetitionTime": 1.6,
    "SequenceVariant": "SK\\SS",
    "SeriesDescription": "func-bold_task-bht_dir-PA__cmrr_me4_sms4",
    "SeriesNumber": 23,
    "ShimSetting": [
      8247,
      -5623,
      -6088,
      518,
      -89,
      -211,
      25,
      15
    ],
    "SliceThickness": 2.2,
    "SliceTiming": [
      0,
      0.8425,
      0.1075,
      0.95,
      0.2125,
      1.055,
      0.3175,
      1.16,
      0.4225,
      1.265,
      0.5275,
      1.37,
      0.6325,
      1.475,
      0.7375,
      0,
      0.8425,
      0.1075,
      0.95,
      0.2125,
      1.055,
      0.3175,
      1.16,
      0.4225,
      1.265,
      0.5275,
      1.37,
      0.6325,
      1.475,
      0.7375,
      0,
      0.8425,
      0.1075,
      0.95,
      0.2125,
      1.055,
      0.3175,
      1.16,
      0.4225,
      1.265,
      0.5275,
      1.37,
      0.6325,
      1.475,
      0.7375,
      0,
      0.8425,
      0.1075,
      0.95,
      0.2125,
      1.055,
      0.3175,
      1.16,
      0.4225,
      1.265,
      0.5275,
      1.37,
      0.6325,
      1.475,
      0.7375
    ],
    "SpacingBetweenSlices": 2.2,
    "TotalReadoutTime": 0.0261249,
    "TxRefAmp": 250.135,
    "WipMemBlock": "6037ef58-33d7-4876-ba0b-79f346db3d99||Sequence: R017 nxva30a/master r/d34922cc2+; Jun 27 2022 13:20:16 by eja",
    "dataset": "<unset>",
    "modality": "bold",
    "session_id": "006",
    "subject_id": "001",
    "task_id": "bht"
  },
  "dummy_trs": 1,
  "dvars_nstd": 39.46834528878051,
  "dvars_std": 1.0306807661951216,
  "dvars_vstd": 0.9910898393170737,
  "efc": 0.5228,
  "fber": 579.292,
  "fd_mean": 0.1579759001328996,
  "fd_num": 63,
  "fd_perc": 30.58252427184466,
  "fwhm_avg": 3.3539909223277333,
  "fwhm_x": 3.1618893018865366,
  "fwhm_y": 3.6365789903766728,
  "fwhm_z": 3.263504474719991,
  "gcor": [
    0.0278563,
    0.036886,
    0.0330275,
    0.0256728
  ],
  "gsr_x": 0.010388098657131195,
  "gsr_y": 0.04661870747804642,
  "provenance": {
    "md5sum": "61b2405de45c29e5404c8d3665c65d16",
    "settings": {
      "fd_thres": 0.2,
      "testing": false
    },
    "software": "mriqc",
    "version": "24.1.0.dev0+g3fe90466.d20240417"
  },
  "size_t": 206,
  "size_x": 96,
  "size_y": 96,
  "size_z": 60,
  "snr": 2.0835319164086035,
  "spacing_tr": 1.600000023841858,
  "spacing_x": 2.197920083999634,
  "spacing_y": 2.197920083999634,
  "spacing_z": 2.200000047683716,
  "summary_bg_k": 43.1247,
  "summary_bg_mad": 7.2115,
  "summary_bg_mean": 45.7194,
  "summary_bg_median": 22.0,
  "summary_bg_n": 416640.0,
  "summary_bg_p05": 0.0,
  "summary_bg_p95": 172.0,
  "summary_bg_stdv": 79.5547,
  "summary_fg_k": 0.9537,
  "summary_fg_mad": 226.9533,
  "summary_fg_mean": 535.5708,
  "summary_fg_median": 522.0,
  "summary_fg_n": 136320.0,
  "summary_fg_p05": 104.0,
  "summary_fg_p95": 961.0,
  "summary_fg_stdv": 250.5352,
  "tsnr": 32.02518421097193
}