{
  "aor": [
    0.0009764285714285716,
    0.0009658163265306122,
    0.001081530612244898,
    0.0013262244897959184
  ],
  "aqi": [
    0.0029245710204081634,
    0.004415388877551021,
    0.007685288775510203,
    0.014227410204081633
  ],
  "bids_meta": {
    "AcquisitionDuration": 188.475,
    "AcquisitionMatrixPE": 96,
    "AcquisitionTime": "12:11:57.225000",
    "B0FieldSource": [
      "006pepolarbold",
      "006phasediff"
    ],
    "BandwidthPerPixelPhaseEncode": 37.879,
    "BaseResolution": 96,
    "DerivedVendorReportedEchoSpacing": 0.000549997,
    "DwellTime": 2.3e-06,
    "EchoNumber": 1,
    "EchoTime": 0.0126,
    "EchoTrainLength": 35,
    "EffectiveEchoSpacing": 0.000274998,
    "FlipAngle": 64,
    "ImageOrientationPatientDICOM": [
      0.999278,
      -0.025317,
      0.02832,
      0.0333241,
      0.942113,
      -0.333634
    ],
    "ImageType": [
      "ORIGINAL",
      "PRIMARY",
      "FMRI",
      "NONE"
    ],
    "ImageTypeText": [
      "ORIGINAL",
      "PRIMARY",
      "M",
      "MB",
      "TE1",
      "DIS2D"
    ],
    "InPlanePhaseEncodingDirectionDICOM": "COL",
    "PercentPhaseFOV": 100,
    "PhaseEchoTime1": 0.0126,
    "PhaseEchoTime2": 0.03304,
    "PhaseEncodingDirection": "j",
    "PixelBandwidth": 2264,
    "ProtocolName": "func-bold_task-qct_dir-PA__cmrr_me4_sms4",
    "PulseSequenceName": "epfid2d4_96",
    "ReceiveCoilActiveElements": "HC1-7",
    "ReconMatrixPE": 96,
    "RefLinesPE": 22,
    "RepetitionTime": 1.6,
    "SequenceVariant": "SK\\SS",
    "SeriesDescription": "func-bold_task-qct_dir-PA__cmrr_me4_sms4",
    "SeriesNumber": 11,
    "ShimSetting": [
      8247,
      -5623,
      -6088,
      518,
      -89,
      -211,
      25,
      15
    ],
    "SliceThickness": 2.2,
    "SliceTiming": [
      0,
      0.845,
      0.1075,
      0.95,
      0.2125,
      1.055,
      0.3175,
      1.16,
      0.4225,
      1.265,
      0.5275,
      1.37,
      0.6325,
      1.475,
      0.7375,
      0,
      0.845,
      0.1075,
      0.95,
      0.2125,
      1.055,
      0.3175,
      1.16,
      0.4225,
      1.265,
      0.5275,
      1.37,
      0.6325,
      1.475,
      0.7375,
      0,
      0.845,
      0.1075,
      0.95,
      0.2125,
      1.055,
      0.3175,
      1.16,
      0.4225,
      1.265,
      0.5275,
      1.37,
      0.6325,
      1.475,
      0.7375,
      0,
      0.845,
      0.1075,
      0.95,
      0.2125,
      1.055,
      0.3175,
      1.16,
      0.4225,
      1.265,
      0.5275,
      1.37,
      0.6325,
      1.475,
      0.7375
    ],
    "SpacingBetweenSlices": 2.2,
    "TotalReadoutTime": 0.0261249,
    "TxRefAmp": 250.135,
    "WipMemBlock": "f7016126-3778-4310-8706-c694092ba22c||Sequence: R017 nxva30a/master r/d34922cc2+; Jun 27 2022 13:20:16 by eja",
    "dataset": "<unset>",
    "modality": "bold",
    "session_id": "006",
    "subject_id": "001",
    "task_id": "qct"
  },
  "dummy_trs": 1,
  "dvars_nstd": 26.898592015257734,
  "dvars_std": 1.0580663714432985,
  "dvars_vstd": 1.0292897352577322,
  "efc": 0.5826,
  "fber": 617.4968,
  "fd_mean": 0.07410719790357109,
  "fd_num": 0,
  "fd_perc": 0.0,
  "fwhm_avg": 3.683358189773051,
  "fwhm_x": 3.362319701156719,
  "fwhm_y": 3.8034685887157087,
  "fwhm_z": 3.8842862794467257,
  "gcor": [
    0.00478143,
    0.00675228,
    0.00592021,
    0.00463327
  ],
  "gsr_x": -0.0030898095574229956,
  "gsr_y": 0.11812485009431839,
  "provenance": {
    "md5sum": "a71f53989a63d2a349d2d78377701421",
    "settings": {
      "fd_thres": 0.2,
      "testing": false
    },
    "software": "mriqc",
    "version": "24.1.0.dev0+g3fe90466.d20240417"
  },
  "size_t": 98,
  "size_x": 96,
  "size_y": 96,
  "size_z": 60,
  "snr": 2.5082402896160962,
  "spacing_tr": 1.600000023841858,
  "spacing_x": 2.197920083999634,
  "spacing_y": 2.197920083999634,
  "spacing_z": 2.200000047683716,
  "summary_bg_k": 10.5088,
  "summary_bg_mad": 22.7988,
  "summary_bg_mean": 132.5212,
  "summary_bg_median": 33.0,
  "summary_bg_n": 416416.0,
  "summary_bg_p05": 0.0,
  "summary_bg_p95": 659.0,
  "summary_bg_stdv": 237.5505,
  "summary_fg_k": 0.538,
  "summary_fg_mad": 321.2708,
  "summary_fg_mean": 839.1624,
  "summary_fg_median": 809.0,
  "summary_fg_n": 136544.0,
  "summary_fg_p05": 387.0,
  "summary_fg_p95": 1398.0,
  "summary_fg_stdv": 322.5357,
  "tsnr": 52.91951117897406
}