{
  "aor": [
    0.0009764285714285716,
    0.0009658163265306122,
    0.001081530612244898,
    0.0013262244897959184
  ],
  "aqi": [
    0.0029245710204081634,
    0.004415388877551021,
    0.007685288775510203,
    0.014227410204081633
  ],
  "bids_meta": {
    "AcquisitionDuration": 188.475,
    "AcquisitionMatrixPE": 96,
    "AcquisitionTime": "12:11:57.265000",
    "B0FieldSource": [
      "006pepolarbold",
      "006phasediff"
    ],
    "BandwidthPerPixelPhaseEncode": 37.879,
    "BaseResolution": 96,
    "DerivedVendorReportedEchoSpacing": 0.000549997,
    "DwellTime": 2.3e-06,
    "EchoNumber": 3,
    "EchoTime": 0.05348,
    "EchoTrainLength": 35,
    "EffectiveEchoSpacing": 0.000274998,
    "FlipAngle": 64,
    "ImageOrientationPatientDICOM": [
      0.999278,
      -0.025317,
      0.02832,
      0.0333241,
      0.942113,
      -0.333634
    ],
    "ImageType": [
      "ORIGINAL",
      "PRIMARY",
      "FMRI",
      "NONE"
    ],
    "ImageTypeText": [
      "ORIGINAL",
      "PRIMARY",
      "M",
      "MB",
      "TE3",
      "DIS2D"
    ],
    "InPlanePhaseEncodingDirectionDICOM": "COL",
    "PercentPhaseFOV": 100,
    "PhaseEchoTime1": 0.0126,
    "PhaseEchoTime2": 0.03304,
    "PhaseEncodingDirection": "j",
    "PixelBandwidth": 2264,
    "ProtocolName": "func-bold_task-qct_dir-PA__cmrr_me4_sms4",
    "PulseSequenceName": "epfid2d4_96",
    "ReceiveCoilActiveElements": "HC1-7",
    "ReconMatrixPE": 96,
    "RefLinesPE": 22,
    "RepetitionTime": 1.6,
    "SequenceVariant": "SK\\SS",
    "SeriesDescription": "func-bold_task-qct_dir-PA__cmrr_me4_sms4",
    "SeriesNumber": 11,
    "ShimSetting": [
      8247,
      -5623,
      -6088,
      518,
      -89,
      -211,
      25,
      15
    ],
    "SliceThickness": 2.2,
    "SliceTiming": [
      0,
      0.8425,
      0.105,
      0.9475,
      0.21,
      1.0525,
      0.315,
      1.1575,
      0.42,
      1.2625,
      0.525,
      1.3675,
      0.63,
      1.4725,
      0.735,
      0,
      0.8425,
      0.105,
      0.9475,
      0.21,
      1.0525,
      0.315,
      1.1575,
      0.42,
      1.2625,
      0.525,
      1.3675,
      0.63,
      1.4725,
      0.735,
      0,
      0.8425,
      0.105,
      0.9475,
      0.21,
      1.0525,
      0.315,
      1.1575,
      0.42,
      1.2625,
      0.525,
      1.3675,
      0.63,
      1.4725,
      0.735,
      0,
      0.8425,
      0.105,
      0.9475,
      0.21,
      1.0525,
      0.315,
      1.1575,
      0.42,
      1.2625,
      0.525,
      1.3675,
      0.63,
      1.4725,
      0.735
    ],
    "SpacingBetweenSlices": 2.2,
    "TotalReadoutTime": 0.0261249,
    "TxRefAmp": 250.135,
    "WipMemBlock": "f7016126-3778-4310-8706-c694092ba22c||Sequence: R017 nxva30a/master r/d34922cc2+; Jun 27 2022 13:20:16 by eja",
    "dataset": "<unset>",
    "modality": "bold",
    "session_id": "006",
    "subject_id": "001",
    "task_id": "qct"
  },
  "dummy_trs": 1,
  "dvars_nstd": 52.2389886210309,
  "dvars_std": 1.0238805662886596,
  "dvars_vstd": 1.018671748041237,
  "efc": 0.5035,
  "fber": 306.711,
  "fd_mean": 0.07410719790357109,
  "fd_num": 0,
  "fd_perc": 0.0,
  "fwhm_avg": 2.9677614679566418,
  "fwhm_x": 2.8385881931824777,
  "fwhm_y": 3.2317644539077715,
  "fwhm_z": 2.832931756779676,
  "gcor": [
    0.00478143,
    0.00675228,
    0.00592021,
    0.00463327
  ],
  "gsr_x": 0.0038933968171477318,
  "gsr_y": 0.03401310741901398,
  "provenance": {
    "md5sum": "34d4a2f8125d642d2764896390c7ac23",
    "settings": {
      "fd_thres": 0.2,
      "testing": false
    },
    "software": "mriqc",
    "version": "24.1.0.dev0+g3fe90466.d20240417"
  },
  "size_t": 98,
  "size_x": 96,
  "size_y": 96,
  "size_z": 60,
  "snr": 1.7407493909389822,
  "spacing_tr": 1.600000023841858,
  "spacing_x": 2.197920083999634,
  "spacing_y": 2.197920083999634,
  "spacing_z": 2.200000047683716,
  "summary_bg_k": 162.1035,
  "summary_bg_mad": 3.3132,
  "summary_bg_mean": 26.0331,
  "summary_bg_median": 19.0,
  "summary_bg_n": 416416.0,
  "summary_bg_p05": 0.0,
  "summary_bg_p95": 65.0,
  "summary_bg_stdv": 30.2038,
  "summary_fg_k": 2.0323,
  "summary_fg_mad": 173.5552,
  "summary_fg_mean": 347.9344,
  "summary_fg_median": 339.0,
  "summary_fg_n": 136544.0,
  "summary_fg_p05": 40.0,
  "summary_fg_p95": 674.0,
  "summary_fg_stdv": 194.743,
  "tsnr": 24.60651639837306
}