{
  "aor": [
    0.0002997196261682243,
    0.0003309612817089453,
    0.00037188251001335113,
    0.00046546061415220295
  ],
  "aqi": [
    0.003922382990654206,
    0.00498258873164219,
    0.007833572029372496,
    0.013973775433911883
  ],
  "bids_meta": {
    "AcquisitionDuration": 1230.47,
    "AcquisitionMatrixPE": 96,
    "AcquisitionTime": "10:16:21.252500",
    "B0FieldSource": [
      "043pepolarbold",
      "043phasediff"
    ],
    "BandwidthPerPixelPhaseEncode": 37.879,
    "BaseResolution": 96,
    "DerivedVendorReportedEchoSpacing": 0.000549997,
    "DwellTime": 2.3e-06,
    "EchoNumber": 4,
    "EchoTime": 0.07392,
    "EchoTrainLength": 35,
    "EffectiveEchoSpacing": 0.000274998,
    "FlipAngle": 64,
    "ImageOrientationPatientDICOM": [
      0.999316,
      0.0352555,
      -0.0112063,
      -0.0369926,
      0.950025,
      -0.309975
    ],
    "ImageType": [
      "ORIGINAL",
      "PRIMARY",
      "FMRI",
      "NONE"
    ],
    "ImageTypeText": [
      "ORIGINAL",
      "PRIMARY",
      "M",
      "MB",
      "TE4",
      "DIS2D"
    ],
    "InPlanePhaseEncodingDirectionDICOM": "COL",
    "PercentPhaseFOV": 100,
    "PhaseEchoTime1": 0.0126,
    "PhaseEchoTime2": 0.03304,
    "PhaseEncodingDirection": "j-",
    "PixelBandwidth": 2264,
    "ProtocolName": "func-bold_task-rest_dir-AP__cmrr_me4_sms4",
    "PulseSequenceName": "epfid2d4_96",
    "ReceiveCoilActiveElements": "HC1-7",
    "ReconMatrixPE": 96,
    "RefLinesPE": 22,
    "RepetitionTime": 1.6,
    "SequenceVariant": "SK\\SS",
    "SeriesDescription": "func-bold_task-rest_dir-AP__cmrr_me4_sms4",
    "SeriesNumber": 23,
    "ShimSetting": [
      8233,
      -5615,
      -6011,
      676,
      -44,
      -185,
      28,
      30
    ],
    "SliceThickness": 2.2,
    "SliceTiming": [
      0,
      0.8425,
      0.105,
      0.9475,
      0.21,
      1.0525,
      0.315,
      1.1575,
      0.42,
      1.2625,
      0.525,
      1.3675,
      0.63,
      1.4725,
      0.735,
      0,
      0.8425,
      0.105,
      0.9475,
      0.21,
      1.0525,
      0.315,
      1.1575,
      0.42,
      1.2625,
      0.525,
      1.3675,
      0.63,
      1.4725,
      0.735,
      0,
      0.8425,
      0.105,
      0.9475,
      0.21,
      1.0525,
      0.315,
      1.1575,
      0.42,
      1.2625,
      0.525,
      1.3675,
      0.63,
      1.4725,
      0.735,
      0,
      0.8425,
      0.105,
      0.9475,
      0.21,
      1.0525,
      0.315,
      1.1575,
      0.42,
      1.2625,
      0.525,
      1.3675,
      0.63,
      1.4725,
      0.735
    ],
    "SpacingBetweenSlices": 2.2,
    "TotalReadoutTime": 0.0261249,
    "TxRefAmp": 241.688,
    "WipMemBlock": "48060c57-b840-48d1-931b-ec07b38cafce||Sequence: R017 nxva30a/master r/d34922cc2+; Jun 27 2022 13:20:16 by eja",
    "dataset": "<unset>",
    "modality": "bold",
    "session_id": "043",
    "subject_id": "001",
    "task_id": "rest"
  },
  "dummy_trs": 1,
  "dvars_nstd": 75.74723408934497,
  "dvars_std": 1.0350313417513366,
  "dvars_vstd": 1.0017441992245992,
  "efc": 0.5062,
  "fber": 142.3089,
  "fd_mean": 0.10504926801318924,
  "fd_num": 39,
  "fd_perc": 5.2069425901201605,
  "fwhm_avg": 2.6315676030741977,
  "fwhm_x": 2.4624826168160636,
  "fwhm_y": 2.858070248199728,
  "fwhm_z": 2.5741499442068023,
  "gcor": [
    0.00961056,
    0.0137441,
    0.0122888,
    0.00964639
  ],
  "gsr_x": 0.0019521276699379086,
  "gsr_y": 0.026371760293841362,
  "provenance": {
    "md5sum": "5da3fbeeaf052a975e13a69be9a367b1",
    "settings": {
      "fd_thres": 0.2,
      "testing": false
    },
    "software": "mriqc",
    "version": "24.1.0.dev0+g3fe90466.d20240417"
  },
  "size_t": 749,
  "size_x": 96,
  "size_y": 96,
  "size_z": 60,
  "snr": 1.4804702428957728,
  "spacing_tr": 1.600000023841858,
  "spacing_x": 2.197920083999634,
  "spacing_y": 2.197920083999634,
  "spacing_z": 2.200000047683716,
  "summary_bg_k": 173.5625,
  "summary_bg_mad": 2.0547,
  "summary_bg_mean": 20.2859,
  "summary_bg_median": 18.0,
  "summary_bg_n": 419730.0,
  "summary_bg_p05": 0.0,
  "summary_bg_p95": 37.0,
  "summary_bg_stdv": 14.7476,
  "summary_fg_k": 4.0647,
  "summary_fg_mad": 125.3571,
  "summary_fg_mean": 227.4568,
  "summary_fg_median": 217.0,
  "summary_fg_n": 133230.0,
  "summary_fg_p05": 28.0,
  "summary_fg_p95": 486.0,
  "summary_fg_stdv": 146.5745,
  "tsnr": 16.773237873101607
}