{
  "aor": [
    0.0011487755102040816,
    0.0011293877551020407,
    0.0012074489795918368,
    0.0014341836734693876
  ],
  "aqi": [
    0.003075337142857143,
    0.004378992448979592,
    0.006672833061224489,
    0.011795565306122448
  ],
  "bids_meta": {
    "AcquisitionDuration": 188.475,
    "AcquisitionMatrixPE": 96,
    "AcquisitionTime": "10:09:51.407500",
    "B0FieldSource": [
      "043pepolarbold",
      "043phasediff"
    ],
    "BandwidthPerPixelPhaseEncode": 37.879,
    "BaseResolution": 96,
    "DerivedVendorReportedEchoSpacing": 0.000549997,
    "DwellTime": 2.3e-06,
    "EchoNumber": 4,
    "EchoTime": 0.07392,
    "EchoTrainLength": 35,
    "EffectiveEchoSpacing": 0.000274998,
    "FlipAngle": 64,
    "ImageOrientationPatientDICOM": [
      0.999316,
      0.0352555,
      -0.0112063,
      -0.0369926,
      0.950025,
      -0.309975
    ],
    "ImageType": [
      "ORIGINAL",
      "PRIMARY",
      "FMRI",
      "NONE"
    ],
    "ImageTypeText": [
      "ORIGINAL",
      "PRIMARY",
      "M",
      "MB",
      "TE4",
      "DIS2D"
    ],
    "InPlanePhaseEncodingDirectionDICOM": "COL",
    "PercentPhaseFOV": 100,
    "PhaseEchoTime1": 0.0126,
    "PhaseEchoTime2": 0.03304,
    "PhaseEncodingDirection": "j-",
    "PixelBandwidth": 2264,
    "ProtocolName": "func-bold_task-qct_dir-AP__cmrr_me4_sms4",
    "PulseSequenceName": "epfid2d4_96",
    "ReceiveCoilActiveElements": "HC1-7",
    "ReconMatrixPE": 96,
    "RefLinesPE": 22,
    "RepetitionTime": 1.6,
    "SequenceVariant": "SK\\SS",
    "SeriesDescription": "func-bold_task-qct_dir-AP__cmrr_me4_sms4",
    "SeriesNumber": 13,
    "ShimSetting": [
      8234,
      -5616,
      -6007,
      692,
      -47,
      -183,
      40,
      28
    ],
    "SliceThickness": 2.2,
    "SliceTiming": [
      0,
      0.8425,
      0.1075,
      0.95,
      0.2125,
      1.055,
      0.3175,
      1.16,
      0.4225,
      1.265,
      0.5275,
      1.37,
      0.6325,
      1.475,
      0.7375,
      0,
      0.8425,
      0.1075,
      0.95,
      0.2125,
      1.055,
      0.3175,
      1.16,
      0.4225,
      1.265,
      0.5275,
      1.37,
      0.6325,
      1.475,
      0.7375,
      0,
      0.8425,
      0.1075,
      0.95,
      0.2125,
      1.055,
      0.3175,
      1.16,
      0.4225,
      1.265,
      0.5275,
      1.37,
      0.6325,
      1.475,
      0.7375,
      0,
      0.8425,
      0.1075,
      0.95,
      0.2125,
      1.055,
      0.3175,
      1.16,
      0.4225,
      1.265,
      0.5275,
      1.37,
      0.6325,
      1.475,
      0.7375
    ],
    "SpacingBetweenSlices": 2.2,
    "TotalReadoutTime": 0.0261249,
    "TxRefAmp": 241.688,
    "WipMemBlock": "c82e38f9-47ae-4f19-b2db-543f524c03da||Sequence: R017 nxva30a/master r/d34922cc2+; Jun 27 2022 13:20:16 by eja",
    "dataset": "<unset>",
    "modality": "bold",
    "session_id": "043",
    "subject_id": "001",
    "task_id": "qct"
  },
  "dummy_trs": 1,
  "dvars_nstd": 77.76735404103096,
  "dvars_std": 1.0658295402061846,
  "dvars_vstd": 1.0347165628865984,
  "efc": 0.5049,
  "fber": 141.2036,
  "fd_mean": 0.0794277025509019,
  "fd_num": 0,
  "fd_perc": 0.0,
  "fwhm_avg": 2.5611251720651933,
  "fwhm_x": 2.4242055199314008,
  "fwhm_y": 2.8001655041071207,
  "fwhm_z": 2.4590044921570584,
  "gcor": [
    0.00600936,
    0.0107132,
    0.00997748,
    0.0079738
  ],
  "gsr_x": 0.001805232372134924,
  "gsr_y": 0.026245448738336563,
  "provenance": {
    "md5sum": "ec8d6e0a2f7d250fcd0e0add4594a9c2",
    "settings": {
      "fd_thres": 0.2,
      "testing": false
    },
    "software": "mriqc",
    "version": "24.1.0.dev0+g3fe90466.d20240417"
  },
  "size_t": 98,
  "size_x": 96,
  "size_y": 96,
  "size_z": 60,
  "snr": 1.460743998027423,
  "spacing_tr": 1.600000023841858,
  "spacing_x": 2.197920083999634,
  "spacing_y": 2.197920083999634,
  "spacing_z": 2.200000047683716,
  "summary_bg_k": 169.5643,
  "summary_bg_mad": 2.0726,
  "summary_bg_mean": 20.2183,
  "summary_bg_median": 18.0,
  "summary_bg_n": 419219.0,
  "summary_bg_p05": 0.0,
  "summary_bg_p95": 36.0,
  "summary_bg_stdv": 14.5302,
  "summary_fg_k": 4.0962,
  "summary_fg_mad": 127.0197,
  "summary_fg_mean": 226.8707,
  "summary_fg_median": 216.0,
  "summary_fg_n": 133741.0,
  "summary_fg_p05": 27.0,
  "summary_fg_p95": 486.0,
  "summary_fg_stdv": 147.8693,
  "tsnr": 17.690457712160423
}