{
  "aor": [
    0.0011487755102040816,
    0.0011293877551020407,
    0.0012074489795918368,
    0.0014341836734693876
  ],
  "aqi": [
    0.003075337142857143,
    0.004378992448979592,
    0.006672833061224489,
    0.011795565306122448
  ],
  "bids_meta": {
    "AcquisitionDuration": 188.475,
    "AcquisitionMatrixPE": 96,
    "AcquisitionTime": "10:09:51.387500",
    "B0FieldSource": [
      "043pepolarbold",
      "043phasediff"
    ],
    "BandwidthPerPixelPhaseEncode": 37.879,
    "BaseResolution": 96,
    "DerivedVendorReportedEchoSpacing": 0.000549997,
    "DwellTime": 2.3e-06,
    "EchoNumber": 3,
    "EchoTime": 0.05348,
    "EchoTrainLength": 35,
    "EffectiveEchoSpacing": 0.000274998,
    "FlipAngle": 64,
    "ImageOrientationPatientDICOM": [
      0.999316,
      0.0352555,
      -0.0112063,
      -0.0369926,
      0.950025,
      -0.309975
    ],
    "ImageType": [
      "ORIGINAL",
      "PRIMARY",
      "FMRI",
      "NONE"
    ],
    "ImageTypeText": [
      "ORIGINAL",
      "PRIMARY",
      "M",
      "MB",
      "TE3",
      "DIS2D"
    ],
    "InPlanePhaseEncodingDirectionDICOM": "COL",
    "PercentPhaseFOV": 100,
    "PhaseEchoTime1": 0.0126,
    "PhaseEchoTime2": 0.03304,
    "PhaseEncodingDirection": "j-",
    "PixelBandwidth": 2264,
    "ProtocolName": "func-bold_task-qct_dir-AP__cmrr_me4_sms4",
    "PulseSequenceName": "epfid2d4_96",
    "ReceiveCoilActiveElements": "HC1-7",
    "ReconMatrixPE": 96,
    "RefLinesPE": 22,
    "RepetitionTime": 1.6,
    "SequenceVariant": "SK\\SS",
    "SeriesDescription": "func-bold_task-qct_dir-AP__cmrr_me4_sms4",
    "SeriesNumber": 13,
    "ShimSetting": [
      8234,
      -5616,
      -6007,
      692,
      -47,
      -183,
      40,
      28
    ],
    "SliceThickness": 2.2,
    "SliceTiming": [
      0,
      0.8425,
      0.105,
      0.9475,
      0.2125,
      1.055,
      0.3175,
      1.16,
      0.4225,
      1.265,
      0.5275,
      1.37,
      0.6325,
      1.475,
      0.7375,
      0,
      0.8425,
      0.105,
      0.9475,
      0.2125,
      1.055,
      0.3175,
      1.16,
      0.4225,
      1.265,
      0.5275,
      1.37,
      0.6325,
      1.475,
      0.7375,
      0,
      0.8425,
      0.105,
      0.9475,
      0.2125,
      1.055,
      0.3175,
      1.16,
      0.4225,
      1.265,
      0.5275,
      1.37,
      0.6325,
      1.475,
      0.7375,
      0,
      0.8425,
      0.105,
      0.9475,
      0.2125,
      1.055,
      0.3175,
      1.16,
      0.4225,
      1.265,
      0.5275,
      1.37,
      0.6325,
      1.475,
      0.7375
    ],
    "SpacingBetweenSlices": 2.2,
    "TotalReadoutTime": 0.0261249,
    "TxRefAmp": 241.688,
    "WipMemBlock": "c82e38f9-47ae-4f19-b2db-543f524c03da||Sequence: R017 nxva30a/master r/d34922cc2+; Jun 27 2022 13:20:16 by eja",
    "dataset": "<unset>",
    "modality": "bold",
    "session_id": "043",
    "subject_id": "001",
    "task_id": "qct"
  },
  "dummy_trs": 1,
  "dvars_nstd": 53.061618372474236,
  "dvars_std": 1.0626185268041235,
  "dvars_vstd": 1.0340235301030924,
  "efc": 0.5009,
  "fber": 322.8565,
  "fd_mean": 0.0794277025509019,
  "fd_num": 0,
  "fd_perc": 0.0,
  "fwhm_avg": 2.854519713262526,
  "fwhm_x": 2.7258088424660842,
  "fwhm_y": 3.1014639929925387,
  "fwhm_z": 2.736286304328955,
  "gcor": [
    0.00600936,
    0.0107132,
    0.00997748,
    0.0079738
  ],
  "gsr_x": 0.006299000699073076,
  "gsr_y": 0.024626141414046288,
  "provenance": {
    "md5sum": "db8214e46cab1cc54d3ecc6a05ea4260",
    "settings": {
      "fd_thres": 0.2,
      "testing": false
    },
    "software": "mriqc",
    "version": "24.1.0.dev0+g3fe90466.d20240417"
  },
  "size_t": 98,
  "size_x": 96,
  "size_y": 96,
  "size_z": 60,
  "snr": 1.7765672458509352,
  "spacing_tr": 1.600000023841858,
  "spacing_x": 2.197920083999634,
  "spacing_y": 2.197920083999634,
  "spacing_z": 2.200000047683716,
  "summary_bg_k": 57.5814,
  "summary_bg_mad": 3.2526,
  "summary_bg_mean": 25.432,
  "summary_bg_median": 19.0,
  "summary_bg_n": 419219.0,
  "summary_bg_p05": 0.0,
  "summary_bg_p95": 66.0,
  "summary_bg_stdv": 28.3503,
  "summary_fg_k": 1.623,
  "summary_fg_mad": 165.4917,
  "summary_fg_mean": 349.0508,
  "summary_fg_median": 340.0,
  "summary_fg_n": 133741.0,
  "summary_fg_p05": 42.0,
  "summary_fg_p95": 675.0,
  "summary_fg_stdv": 191.3796,
  "tsnr": 26.73486914357636
}