{
  "aor": [
    0.00041592233009708735,
    0.00042398058252427184,
    0.00051,
    0.0006805339805825243
  ],
  "aqi": [
    0.003876880436893204,
    0.005333508932038836,
    0.009374403058252427,
    0.01697395436893204
  ],
  "bids_meta": {
    "AcquisitionDuration": 361.475,
    "AcquisitionMatrixPE": 96,
    "AcquisitionTime": "10:37:50.220000",
    "B0FieldSource": [
      "043pepolarbold",
      "043phasediff"
    ],
    "BandwidthPerPixelPhaseEncode": 37.879,
    "BaseResolution": 96,
    "DerivedVendorReportedEchoSpacing": 0.000549997,
    "DwellTime": 2.3e-06,
    "EchoNumber": 1,
    "EchoTime": 0.0126,
    "EchoTrainLength": 35,
    "EffectiveEchoSpacing": 0.000274998,
    "ImageOrientationPatientDICOM": [
      0.999316,
      0.0352555,
      -0.0112063,
      -0.0369926,
      0.950025,
      -0.309975
    ],
    "ImageType": [
      "ORIGINAL",
      "PRIMARY",
      "FMRI",
      "NONE"
    ],
    "ImageTypeText": [
      "ORIGINAL",
      "PRIMARY",
      "M",
      "MB",
      "TE1",
      "DIS2D"
    ],
    "InPlanePhaseEncodingDirectionDICOM": "COL",
    "PercentPhaseFOV": 100,
    "PercentSampling": 100,
    "PhaseEchoTime1": 0.0126,
    "PhaseEchoTime2": 0.03304,
    "PhaseEncodingDirection": "j-",
    "PhaseResolution": 1,
    "PixelBandwidth": 2264,
    "ProtocolName": "func-bold_task-bht_dir-AP__cmrr_me4_sms4",
    "PulseSequenceName": "epfid2d4_96",
    "ReceiveCoilActiveElements": "HC1-7",
    "ReconMatrixPE": 96,
    "RefLinesPE": 22,
    "RepetitionTime": 1.6,
    "SequenceVariant": "SK\\SS",
    "SeriesDescription": "func-bold_task-bht_dir-AP__cmrr_me4_sms4",
    "SeriesNumber": 25,
    "ShimSetting": [
      8233,
      -5616,
      -6008,
      687,
      -46,
      -183,
      31,
      30
    ],
    "SliceThickness": 2.2,
    "SliceTiming": [
      0,
      0.8425,
      0.105,
      0.9475,
      0.21,
      1.0525,
      0.315,
      1.1575,
      0.42,
      1.2625,
      0.525,
      1.3675,
      0.63,
      1.4725,
      0.735,
      0,
      0.8425,
      0.105,
      0.9475,
      0.21,
      1.0525,
      0.315,
      1.1575,
      0.42,
      1.2625,
      0.525,
      1.3675,
      0.63,
      1.4725,
      0.735,
      0,
      0.8425,
      0.105,
      0.9475,
      0.21,
      1.0525,
      0.315,
      1.1575,
      0.42,
      1.2625,
      0.525,
      1.3675,
      0.63,
      1.4725,
      0.735,
      0,
      0.8425,
      0.105,
      0.9475,
      0.21,
      1.0525,
      0.315,
      1.1575,
      0.42,
      1.2625,
      0.525,
      1.3675,
      0.63,
      1.4725,
      0.735
    ],
    "SpacingBetweenSlices": 2.2,
    "TotalReadoutTime": 0.0261249,
    "TxRefAmp": 241.688,
    "WipMemBlock": "3abbf140-4118-4940-af2d-233d40aafe0b||Sequence: R017 nxva30a/master r/d34922cc2+; Jun 27 2022 13:20:16 by eja",
    "dataset": "<unset>",
    "modality": "bold",
    "session_id": "043",
    "subject_id": "001",
    "task_id": "bht"
  },
  "dummy_trs": 1,
  "dvars_nstd": 27.48446276590243,
  "dvars_std": 1.0594557387317074,
  "dvars_vstd": 1.0049333288292683,
  "efc": 0.5836,
  "fber": 664.2415,
  "fd_mean": 0.09973821838811449,
  "fd_num": 6,
  "fd_perc": 2.912621359223301,
  "fwhm_avg": 3.526431566497838,
  "fwhm_x": 3.199456636841566,
  "fwhm_y": 3.5789517813975764,
  "fwhm_z": 3.8008862812543724,
  "gcor": [
    0.024649,
    0.0284359,
    0.0253462,
    0.0198502
  ],
  "gsr_x": 0.0024231027346104383,
  "gsr_y": 0.11309652030467987,
  "provenance": {
    "md5sum": "a6a8a54e6b4021eeb12033e0797eb008",
    "settings": {
      "fd_thres": 0.2,
      "testing": false
    },
    "software": "mriqc",
    "version": "24.1.0.dev0+g3fe90466.d20240417"
  },
  "size_t": 206,
  "size_x": 96,
  "size_y": 96,
  "size_z": 60,
  "snr": 2.6396089865542707,
  "spacing_tr": 1.600000023841858,
  "spacing_x": 2.197920083999634,
  "spacing_y": 2.197920083999634,
  "spacing_z": 2.200000047683716,
  "summary_bg_k": 9.2157,
  "summary_bg_mad": 20.7204,
  "summary_bg_mean": 131.3119,
  "summary_bg_median": 31.0,
  "summary_bg_n": 419378.0,
  "summary_bg_p05": 0.0,
  "summary_bg_p95": 663.0,
  "summary_bg_stdv": 232.7432,
  "summary_fg_k": 0.7899,
  "summary_fg_mad": 282.2558,
  "summary_fg_mean": 835.6131,
  "summary_fg_median": 801.0,
  "summary_fg_n": 133582.0,
  "summary_fg_p05": 402.0,
  "summary_fg_p95": 1376.0,
  "summary_fg_stdv": 303.4529,
  "tsnr": 51.32645548530854
}