{
  "aor": [
    0.00041592233009708735,
    0.00042398058252427184,
    0.00051,
    0.0006805339805825243
  ],
  "aqi": [
    0.003876880436893204,
    0.005333508932038836,
    0.009374403058252427,
    0.01697395436893204
  ],
  "bids_meta": {
    "AcquisitionDuration": 361.475,
    "AcquisitionMatrixPE": 96,
    "AcquisitionTime": "10:37:50.280000",
    "B0FieldSource": [
      "043pepolarbold",
      "043phasediff"
    ],
    "BandwidthPerPixelPhaseEncode": 37.879,
    "BaseResolution": 96,
    "DerivedVendorReportedEchoSpacing": 0.000549997,
    "DwellTime": 2.3e-06,
    "EchoNumber": 4,
    "EchoTime": 0.07392,
    "EchoTrainLength": 35,
    "EffectiveEchoSpacing": 0.000274998,
    "ImageOrientationPatientDICOM": [
      0.999316,
      0.0352555,
      -0.0112063,
      -0.0369926,
      0.950025,
      -0.309975
    ],
    "ImageType": [
      "ORIGINAL",
      "PRIMARY",
      "FMRI",
      "NONE"
    ],
    "ImageTypeText": [
      "ORIGINAL",
      "PRIMARY",
      "M",
      "MB",
      "TE4",
      "DIS2D"
    ],
    "InPlanePhaseEncodingDirectionDICOM": "COL",
    "PercentPhaseFOV": 100,
    "PercentSampling": 100,
    "PhaseEchoTime1": 0.0126,
    "PhaseEchoTime2": 0.03304,
    "PhaseEncodingDirection": "j-",
    "PhaseResolution": 1,
    "PixelBandwidth": 2264,
    "ProtocolName": "func-bold_task-bht_dir-AP__cmrr_me4_sms4",
    "PulseSequenceName": "epfid2d4_96",
    "ReceiveCoilActiveElements": "HC1-7",
    "ReconMatrixPE": 96,
    "RefLinesPE": 22,
    "RepetitionTime": 1.6,
    "SequenceVariant": "SK\\SS",
    "SeriesDescription": "func-bold_task-bht_dir-AP__cmrr_me4_sms4",
    "SeriesNumber": 25,
    "ShimSetting": [
      8233,
      -5616,
      -6008,
      687,
      -46,
      -183,
      31,
      30
    ],
    "SliceThickness": 2.2,
    "SliceTiming": [
      0,
      0.8425,
      0.105,
      0.9475,
      0.21,
      1.0525,
      0.315,
      1.1575,
      0.42,
      1.2625,
      0.525,
      1.3675,
      0.6325,
      1.475,
      0.7375,
      0,
      0.8425,
      0.105,
      0.9475,
      0.21,
      1.0525,
      0.315,
      1.1575,
      0.42,
      1.2625,
      0.525,
      1.3675,
      0.6325,
      1.475,
      0.7375,
      0,
      0.8425,
      0.105,
      0.9475,
      0.21,
      1.0525,
      0.315,
      1.1575,
      0.42,
      1.2625,
      0.525,
      1.3675,
      0.6325,
      1.475,
      0.7375,
      0,
      0.8425,
      0.105,
      0.9475,
      0.21,
      1.0525,
      0.315,
      1.1575,
      0.42,
      1.2625,
      0.525,
      1.3675,
      0.6325,
      1.475,
      0.7375
    ],
    "SpacingBetweenSlices": 2.2,
    "TotalReadoutTime": 0.0261249,
    "TxRefAmp": 241.688,
    "WipMemBlock": "3abbf140-4118-4940-af2d-233d40aafe0b||Sequence: R017 nxva30a/master r/d34922cc2+; Jun 27 2022 13:20:16 by eja",
    "dataset": "<unset>",
    "modality": "bold",
    "session_id": "043",
    "subject_id": "001",
    "task_id": "bht"
  },
  "dummy_trs": 1,
  "dvars_nstd": 78.13751425419507,
  "dvars_std": 1.02797751697561,
  "dvars_vstd": 0.9992180421463416,
  "efc": 0.5083,
  "fber": 137.3256,
  "fd_mean": 0.09973821838811449,
  "fd_num": 6,
  "fd_perc": 2.912621359223301,
  "fwhm_avg": 2.6145213309713577,
  "fwhm_x": 2.4582649930418943,
  "fwhm_y": 2.8356536005888002,
  "fwhm_z": 2.5496453992833787,
  "gcor": [
    0.024649,
    0.0284359,
    0.0253462,
    0.0198502
  ],
  "gsr_x": 0.002530164085328579,
  "gsr_y": 0.025323620066046715,
  "provenance": {
    "md5sum": "061965a7df4e62ddc7b55ed4ecc35f14",
    "settings": {
      "fd_thres": 0.2,
      "testing": false
    },
    "software": "mriqc",
    "version": "24.1.0.dev0+g3fe90466.d20240417"
  },
  "size_t": 206,
  "size_x": 96,
  "size_y": 96,
  "size_z": 60,
  "snr": 1.4821511642264682,
  "spacing_tr": 1.600000023841858,
  "spacing_x": 2.197920083999634,
  "spacing_y": 2.197920083999634,
  "spacing_z": 2.200000047683716,
  "summary_bg_k": 98.5249,
  "summary_bg_mad": 2.1016,
  "summary_bg_mean": 20.1878,
  "summary_bg_median": 18.0,
  "summary_bg_n": 419378.0,
  "summary_bg_p05": 0.0,
  "summary_bg_p95": 37.0,
  "summary_bg_stdv": 14.1745,
  "summary_fg_k": 4.1248,
  "summary_fg_mad": 124.0276,
  "summary_fg_mean": 222.0662,
  "summary_fg_median": 213.0,
  "summary_fg_n": 133582.0,
  "summary_fg_p05": 27.0,
  "summary_fg_p95": 472.0,
  "summary_fg_stdv": 143.7095,
  "tsnr": 15.659328967798501
}