{
  "NumberOfShells": 4,
  "bValues": [
    0.0,
    700.0,
    1000.0,
    2000.0,
    3000.0
  ],
  "bValuesEstimation": [
    700.0,
    1000.0,
    2000.0,
    3000.0
  ],
  "bdiffs_max": 0.3589,
  "bdiffs_mean": 0.2471,
  "bdiffs_median": 0.2785,
  "bdiffs_min": 0.0083,
  "bids_meta": {
    "AcquisitionMatrixPE": 104,
    "AcquisitionNumber": 1,
    "AcquisitionTime": "19:31:8.242500",
    "B0FieldSource": [
      "018pepolarb0",
      "018phasediff"
    ],
    "BandwidthPerPixelPhaseEncode": 24.42,
    "BaseResolution": 146,
    "BodyPartExamined": "BRAIN",
    "CoilCombinationMethod": "Adaptive Combine",
    "CoilString": "HeadNeck_64",
    "ConversionSoftware": "dcm2niix",
    "ConversionSoftwareVersion": "v1.0.20220720",
    "Deltas": [
      0.0272,
      0.0469
    ],
    "DerivedVendorReportedEchoSpacing": 0.000787501,
    "DeviceSerialNumber": "67014",
    "DiffusionScheme": "Monopolar",
    "DwellTime": 2.1e-06,
    "EchoTime": 0.098,
    "EchoTrainLength": 46,
    "EffectiveEchoSpacing": 0.00039375,
    "FlipAngle": 90,
    "HeudiconvVersion": "1.0.0",
    "ImageOrientationPatientDICOM": [
      0.998624,
      -0.0178281,
      0.0493118,
      0.0216157,
      0.996768,
      -0.0773735
    ],
    "ImageType": [
      "ORIGINAL",
      "PRIMARY",
      "DIFFUSION",
      "NONE",
      "ND",
      "MFSPLIT"
    ],
    "ImageTypeText": [
      "ORIGINAL",
      "PRIMARY",
      "DIFFUSION",
      "NONE"
    ],
    "ImagingFrequency": 123.248,
    "InPlanePhaseEncodingDirectionDICOM": "ROW",
    "InstitutionAddress": "Rue du Bugnon 21,Lausanne,District,CH,1011",
    "InstitutionName": "CHUV",
    "MRAcquisitionType": "2D",
    "MagneticFieldStrength": 3,
    "Manufacturer": "Siemens",
    "ManufacturersModelName": "MAGNETOM Prisma Fit",
    "Modality": "MR",
    "MultibandAccelerationFactor": 3,
    "NonlinearGradientCorrection": false,
    "ParallelReductionFactorInPlane": 2,
    "PartialFourier": 0.875,
    "PatientPosition": "HFS",
    "PercentPhaseFOV": 71.2329,
    "PercentSampling": 100,
    "PhaseEncodingDirection": "i-",
    "PhaseEncodingSteps": 104,
    "PhaseResolution": 1,
    "PixelBandwidth": 1631,
    "ProcedureStepDescription": "RESEARCH Oscar",
    "ProtocolName": "dwi-dwi_acq-highres_dir-LR__trigger_monopolar_71fovphase",
    "PulseSequenceDetails": "%CustomerSeq%\\ep2d_diff_trigg",
    "ReceiveCoilActiveElements": "HC1-7",
    "ReceiveCoilName": "HeadNeck_64",
    "ReconMatrixPE": 104,
    "RefLinesPE": 38,
    "RepetitionTime": 7,
    "SAR": 0.167582,
    "ScanOptions": "PFP\\FS\\PER",
    "ScanningSequence": "GR\\EP",
    "SequenceName": "ep_b0",
    "SequenceVariant": "SK",
    "SeriesDescription": "dwi-dwi_acq-highres_dir-LR__trigger_monopolar_71fovphase",
    "SeriesNumber": 10,
    "ShimSetting": [
      8239,
      -5628,
      -6051,
      585,
      0,
      -308,
      43,
      10
    ],
    "SliceThickness": 1.6,
    "SliceTiming": [
      0,
      5.94,
      0.135,
      6.075,
      0.27,
      6.21,
      0.405,
      6.345,
      0.54,
      6.48,
      0.675,
      6.615,
      0.81,
      6.75,
      0.945,
      6.885,
      1.08,
      7.02,
      1.215,
      7.155,
      1.35,
      7.29,
      1.485,
      7.425,
      1.62,
      7.56,
      1.755,
      7.695,
      1.89,
      7.83,
      2.025,
      7.965,
      2.16,
      8.1,
      2.295,
      8.235,
      2.43,
      8.37,
      2.565,
      8.505,
      2.7,
      8.64,
      2.835,
      8.775,
      2.97,
      8.91,
      3.105,
      9.045,
      3.24,
      9.18,
      3.375,
      9.315,
      3.51,
      9.45,
      3.645,
      9.585,
      3.78,
      9.72,
      3.915,
      9.855,
      4.05,
      9.99,
      4.185,
      10.125,
      4.32,
      10.26,
      4.455,
      10.395,
      4.59,
      10.53,
      4.725,
      10.665,
      4.86,
      10.8,
      4.995,
      10.935,
      5.13,
      11.07,
      5.265,
      11.205,
      5.4,
      11.34,
      5.535,
      11.475,
      5.67,
      11.61,
      5.805
    ],
    "SoftwareVersions": "syngo MR XA30",
    "SpacingBetweenSlices": 1.6,
    "StationName": "LRG10884",
    "TotalReadoutTime": 0.0405563,
    "TxRefAmp": 244.35,
    "acq_id": "highres",
    "dataset": "hcph",
    "modality": "dwi",
    "session_id": "018",
    "subject_id": "001"
  },
  "efc_shell01": 2.6104,
  "efc_shell02": 1.2067,
  "efc_shell03": 0.9303,
  "efc_shell04": 0.6622,
  "efc_shell05": 0.6736,
  "fa_degenerate": 0.0,
  "fa_nans": 0.0,
  "fber_shell01": 7.1419,
  "fber_shell02": 34.3061,
  "fber_shell03": 46.6944,
  "fber_shell04": 38.44,
  "fber_shell05": 19.36,
  "fd_mean": 17.5507,
  "fd_num": 279,
  "fd_perc": 99.64285714285714,
  "ndc": 0.8216,
  "provenance": {
    "md5sum": "8671fc7b14809402cc63fd4c57131242",
    "settings": {
      "testing": false
    },
    "software": "mriqc",
    "version": "24.0.0"
  },
  "sigma_cc": 38.5477,
  "sigma_pca": 19.1318,
  "sigma_piesno": 7.2633,
  "snr_cc_shell0": 4.36,
  "snr_cc_shell1_best": 4.31,
  "snr_cc_shell1_worst": 4.31,
  "snr_cc_shell2_best": 2.83,
  "snr_cc_shell2_worst": 2.0,
  "snr_cc_shell3_best": 2.43,
  "snr_cc_shell3_worst": 1.47,
  "snr_cc_shell4_best": 1.82,
  "snr_cc_shell4_worst": 1.07,
  "spikes_global": 51.48,
  "spikes_slice_i": 329.81,
  "spikes_slice_j": 313.8,
  "spikes_slice_k": 289.78,
  "summary_bg_k": 214.1437,
  "summary_bg_mad": 19.2738,
  "summary_bg_mean": 44.0856,
  "summary_bg_median": 19.0,
  "summary_bg_n": 959100.0,
  "summary_bg_p05": 3.0,
  "summary_bg_p95": 145.0,
  "summary_bg_stdv": 108.2638,
  "summary_fg_k": 8.3096,
  "summary_fg_mad": 173.4645,
  "summary_fg_mean": 400.9165,
  "summary_fg_median": 305.0,
  "summary_fg_n": 361908.0,
  "summary_fg_p05": 104.0,
  "summary_fg_p95": 1070.0,
  "summary_fg_stdv": 324.2675,
  "summary_wm_k": 8.3056,
  "summary_wm_mad": 80.0605,
  "summary_wm_mean": 216.262,
  "summary_wm_median": 212.0,
  "summary_wm_n": 103842.0,
  "summary_wm_p05": 90.0,
  "summary_wm_p95": 359.0,
  "summary_wm_stdv": 87.115
}