{
  "aor": [
    0.0005474757281553399,
    0.0006175728155339806,
    0.0007116990291262137,
    0.0008635436893203885
  ],
  "aqi": [
    0.0067268544174757285,
    0.006953534611650485,
    0.011224444368932038,
    0.019502331067961162
  ],
  "bids_meta": {
    "AcquisitionDuration": 361.475,
    "AcquisitionMatrixPE": 96,
    "AcquisitionTime": "20:45:56.465000",
    "B0FieldSource": [
      "023pepolarbold",
      "023phasediff"
    ],
    "BandwidthPerPixelPhaseEncode": 37.879,
    "BaseResolution": 96,
    "DerivedVendorReportedEchoSpacing": 0.000549997,
    "DwellTime": 2.3e-06,
    "EchoNumber": 2,
    "EchoTime": 0.03304,
    "EchoTrainLength": 35,
    "EffectiveEchoSpacing": 0.000274998,
    "ImageOrientationPatientDICOM": [
      0.998852,
      -0.00202939,
      0.0478582,
      0.0212718,
      0.913976,
      -0.405209
    ],
    "ImageType": [
      "ORIGINAL",
      "PRIMARY",
      "FMRI",
      "NONE"
    ],
    "ImageTypeText": [
      "ORIGINAL",
      "PRIMARY",
      "M",
      "MB",
      "TE2",
      "DIS2D"
    ],
    "InPlanePhaseEncodingDirectionDICOM": "COL",
    "PercentPhaseFOV": 100,
    "PercentSampling": 100,
    "PhaseEchoTime1": 0.0126,
    "PhaseEchoTime2": 0.03304,
    "PhaseEncodingDirection": "j-",
    "PhaseResolution": 1,
    "PixelBandwidth": 2264,
    "ProtocolName": "func-bold_task-bht_dir-AP__cmrr_me4_sms4",
    "PulseSequenceName": "epfid2d4_96",
    "ReceiveCoilActiveElements": "HC1-7;NC1",
    "ReconMatrixPE": 96,
    "RefLinesPE": 22,
    "RepetitionTime": 1.6,
    "SequenceVariant": "SK\\SS",
    "SeriesDescription": "func-bold_task-bht_dir-AP__cmrr_me4_sms4",
    "SeriesNumber": 25,
    "ShimSetting": [
      8239,
      -5621,
      -6013,
      709,
      -19,
      -249,
      -27,
      56
    ],
    "SliceThickness": 2.2,
    "SliceTiming": [
      0,
      0.845,
      0.1075,
      0.95,
      0.2125,
      1.055,
      0.3175,
      1.16,
      0.4225,
      1.265,
      0.5275,
      1.37,
      0.6325,
      1.475,
      0.7375,
      0,
      0.845,
      0.1075,
      0.95,
      0.2125,
      1.055,
      0.3175,
      1.16,
      0.4225,
      1.265,
      0.5275,
      1.37,
      0.6325,
      1.475,
      0.7375,
      0,
      0.845,
      0.1075,
      0.95,
      0.2125,
      1.055,
      0.3175,
      1.16,
      0.4225,
      1.265,
      0.5275,
      1.37,
      0.6325,
      1.475,
      0.7375,
      0,
      0.845,
      0.1075,
      0.95,
      0.2125,
      1.055,
      0.3175,
      1.16,
      0.4225,
      1.265,
      0.5275,
      1.37,
      0.6325,
      1.475,
      0.7375
    ],
    "SpacingBetweenSlices": 2.2,
    "TotalReadoutTime": 0.0261249,
    "TxRefAmp": 247.278,
    "WipMemBlock": "174b615f-d67a-40f9-a47b-9105d794d1de||Sequence: R017 nxva30a/master r/d34922cc2+; Jun 27 2022 13:20:16 by eja",
    "dataset": "<unset>",
    "modality": "bold",
    "session_id": "023",
    "subject_id": "001",
    "task_id": "bht"
  },
  "dummy_trs": 1,
  "dvars_nstd": 46.8497227923902,
  "dvars_std": 1.1106761519512194,
  "dvars_vstd": 1.0064391794634149,
  "efc": 0.5224,
  "fber": 492.7003,
  "fd_mean": 0.18809980368991058,
  "fd_num": 86,
  "fd_perc": 41.74757281553398,
  "fwhm_avg": 3.180467729910743,
  "fwhm_x": 3.004467745698574,
  "fwhm_y": 3.359812785623206,
  "fwhm_z": 3.177122658410448,
  "gcor": [
    0.0155726,
    0.0218081,
    0.021876,
    0.0177018
  ],
  "gsr_x": 0.012288005091249943,
  "gsr_y": 0.03027886152267456,
  "provenance": {
    "md5sum": "a7bd28714cd17ead77c13194e4f5f228",
    "settings": {
      "fd_thres": 0.2,
      "testing": false
    },
    "software": "mriqc",
    "version": "24.1.0.dev0+g3fe90466.d20240417"
  },
  "size_t": 206,
  "size_x": 96,
  "size_y": 96,
  "size_z": 60,
  "snr": 2.086959510574158,
  "spacing_tr": 1.600000023841858,
  "spacing_x": 2.197920083999634,
  "spacing_y": 2.197920083999634,
  "spacing_z": 2.200000047683716,
  "summary_bg_k": 29.656,
  "summary_bg_mad": 6.7941,
  "summary_bg_mean": 42.7273,
  "summary_bg_median": 23.0,
  "summary_bg_n": 418395.0,
  "summary_bg_p05": 1.0,
  "summary_bg_p95": 152.0,
  "summary_bg_stdv": 67.6943,
  "summary_fg_k": 0.8216,
  "summary_fg_mad": 208.5575,
  "summary_fg_mean": 514.8449,
  "summary_fg_median": 500.0,
  "summary_fg_n": 134565.0,
  "summary_fg_p05": 93.0,
  "summary_fg_p95": 925.0,
  "summary_fg_stdv": 239.5821,
  "tsnr": 32.9257641651202
}