{
  "aor": [
    0.0011241836734693876,
    0.0010155102040816327,
    0.001118061224489796,
    0.0013448979591836735
  ],
  "aqi": [
    0.006160179387755104,
    0.004054425204081633,
    0.006887603979591837,
    0.012584286734693875
  ],
  "bids_meta": {
    "AcquisitionDuration": 188.472,
    "AcquisitionMatrixPE": 96,
    "AcquisitionTime": "21:37:28.225000",
    "B0FieldSource": [
      "048pepolarbold",
      "048phasediff"
    ],
    "BandwidthPerPixelPhaseEncode": 37.879,
    "BaseResolution": 96,
    "DerivedVendorReportedEchoSpacing": 0.000549997,
    "DwellTime": 2.3e-06,
    "EchoNumber": 2,
    "EchoTime": 0.03304,
    "EchoTrainLength": 35,
    "EffectiveEchoSpacing": 0.000274998,
    "FlipAngle": 64,
    "ImageOrientationPatientDICOM": [
      0.999147,
      -0.0077052,
      0.0405757,
      0.0205802,
      0.944667,
      -0.327383
    ],
    "ImageType": [
      "ORIGINAL",
      "PRIMARY",
      "FMRI",
      "NONE"
    ],
    "ImageTypeText": [
      "ORIGINAL",
      "PRIMARY",
      "M",
      "MB",
      "TE2",
      "DIS2D"
    ],
    "InPlanePhaseEncodingDirectionDICOM": "COL",
    "PercentPhaseFOV": 100,
    "PhaseEchoTime1": 0.0126,
    "PhaseEchoTime2": 0.03304,
    "PhaseEncodingDirection": "j",
    "PixelBandwidth": 2264,
    "ProtocolName": "func-bold_task-qct_dir-PA__cmrr_me4_sms4",
    "PulseSequenceName": "epfid2d4_96",
    "ReceiveCoilActiveElements": "HC1-7",
    "ReconMatrixPE": 96,
    "RefLinesPE": 22,
    "RepetitionTime": 1.6,
    "SequenceVariant": "SK\\SS",
    "SeriesDescription": "func-bold_task-qct_dir-PA__cmrr_me4_sms4",
    "SeriesNumber": 13,
    "ShimSetting": [
      8240,
      -5623,
      -6019,
      635,
      -52,
      -228,
      70,
      40
    ],
    "SliceThickness": 2.2,
    "SliceTiming": [
      0,
      0.8425,
      0.105,
      0.9475,
      0.21,
      1.0525,
      0.315,
      1.1575,
      0.42,
      1.265,
      0.5275,
      1.37,
      0.6325,
      1.475,
      0.7375,
      0,
      0.8425,
      0.105,
      0.9475,
      0.21,
      1.0525,
      0.315,
      1.1575,
      0.42,
      1.265,
      0.5275,
      1.37,
      0.6325,
      1.475,
      0.7375,
      0,
      0.8425,
      0.105,
      0.9475,
      0.21,
      1.0525,
      0.315,
      1.1575,
      0.42,
      1.265,
      0.5275,
      1.37,
      0.6325,
      1.475,
      0.7375,
      0,
      0.8425,
      0.105,
      0.9475,
      0.21,
      1.0525,
      0.315,
      1.1575,
      0.42,
      1.265,
      0.5275,
      1.37,
      0.6325,
      1.475,
      0.7375
    ],
    "SpacingBetweenSlices": 2.2,
    "TotalReadoutTime": 0.0261249,
    "TxRefAmp": 248.399,
    "WipMemBlock": "ea6f5d98-41fe-4c43-9c91-efb54c896969||Sequence: R017 nxva30a/master r/d34922cc2+; Jun 27 2022 13:20:16 by eja",
    "dataset": "<unset>",
    "modality": "bold",
    "session_id": "048",
    "subject_id": "001",
    "task_id": "qct"
  },
  "dummy_trs": 1,
  "dvars_nstd": 40.14315422340206,
  "dvars_std": 1.0666883547422679,
  "dvars_vstd": 1.02941779814433,
  "efc": 0.5204,
  "fber": 597.3341,
  "fd_mean": 0.1461697602233029,
  "fd_num": 20,
  "fd_perc": 20.408163265306122,
  "fwhm_avg": 3.1631026810241036,
  "fwhm_x": 3.0028298335532657,
  "fwhm_y": 3.4002373673206057,
  "fwhm_z": 3.08624084219844,
  "gcor": [
    0.00963845,
    0.0129135,
    0.0117297,
    0.00917005
  ],
  "gsr_x": 0.010129916481673717,
  "gsr_y": 0.03691842406988144,
  "provenance": {
    "md5sum": "b321e9ed90759013d2a6573ee560e1ce",
    "settings": {
      "fd_thres": 0.2,
      "testing": false
    },
    "software": "mriqc",
    "version": "24.1.0.dev0+g3fe90466.d20240417"
  },
  "size_t": 98,
  "size_x": 96,
  "size_y": 96,
  "size_z": 60,
  "snr": 2.123239552686861,
  "spacing_tr": 1.600000023841858,
  "spacing_x": 2.197920083999634,
  "spacing_y": 2.197920083999634,
  "spacing_z": 2.200000047683716,
  "summary_bg_k": 36.2227,
  "summary_bg_mad": 6.3843,
  "summary_bg_mean": 43.7,
  "summary_bg_median": 21.0,
  "summary_bg_n": 417803.0,
  "summary_bg_p05": 0.0,
  "summary_bg_p95": 163.0,
  "summary_bg_stdv": 73.5265,
  "summary_fg_k": 0.7787,
  "summary_fg_mad": 223.9032,
  "summary_fg_mean": 535.9584,
  "summary_fg_median": 523.0,
  "summary_fg_n": 135157.0,
  "summary_fg_p05": 103.0,
  "summary_fg_p95": 952.0,
  "summary_fg_stdv": 246.3208,
  "tsnr": 37.56059639318846
}