{
  "aor": [
    0.0010273469387755102,
    0.0010093877551020408,
    0.0010810204081632654,
    0.001289387755102041
  ],
  "aqi": [
    0.004687366632653061,
    0.006386090204081632,
    0.0102158943877551,
    0.016871532653061225
  ],
  "bids_meta": {
    "AcquisitionDuration": 188.475,
    "AcquisitionMatrixPE": 76,
    "AcquisitionTime": "19:21:26.330000",
    "B0FieldSource": [
      "045pepolarbold",
      "045phasediff"
    ],
    "BandwidthPerPixelPhaseEncode": 40.486,
    "BaseResolution": 102,
    "DerivedVendorReportedEchoSpacing": 0.000649997,
    "DwellTime": 2.5e-06,
    "EchoNumber": 2,
    "EchoTime": 0.0322,
    "EchoTrainLength": 28,
    "EffectiveEchoSpacing": 0.000324999,
    "FlipAngle": 64,
    "ImageOrientationPatientDICOM": [
      0.999432,
      -0.00158001,
      0.0336498,
      0.00994306,
      0.968232,
      -0.249856
    ],
    "ImageType": [
      "ORIGINAL",
      "PRIMARY",
      "FMRI",
      "NONE"
    ],
    "ImageTypeText": [
      "ORIGINAL",
      "PRIMARY",
      "M",
      "MB",
      "TE2",
      "DIS2D"
    ],
    "InPlanePhaseEncodingDirectionDICOM": "ROW",
    "PercentPhaseFOV": 74.5098,
    "PhaseEchoTime1": 0.0126,
    "PhaseEchoTime2": 0.0322,
    "PhaseEncodingDirection": "i-",
    "PixelBandwidth": 1961,
    "ProtocolName": "func-bold_task-qct_dir-LR__cmrr_me4_sms4",
    "PulseSequenceName": "epfid2d4_76",
    "ReceiveCoilActiveElements": "HC1-7",
    "ReconMatrixPE": 76,
    "RefLinesPE": 18,
    "RepetitionTime": 1.6,
    "SequenceVariant": "SK\\SS\\OSP",
    "SeriesDescription": "func-bold_task-qct_dir-LR__cmrr_me4_sms4",
    "SeriesNumber": 13,
    "ShimSetting": [
      8235,
      -5631,
      -6032,
      694,
      16,
      -188,
      74,
      42
    ],
    "SliceThickness": 2.2,
    "SliceTiming": [
      0,
      0.8425,
      0.105,
      0.9475,
      0.21,
      1.0525,
      0.3175,
      1.16,
      0.4225,
      1.265,
      0.5275,
      1.37,
      0.6325,
      1.475,
      0.7375,
      0,
      0.8425,
      0.105,
      0.9475,
      0.21,
      1.0525,
      0.3175,
      1.16,
      0.4225,
      1.265,
      0.5275,
      1.37,
      0.6325,
      1.475,
      0.7375,
      0,
      0.8425,
      0.105,
      0.9475,
      0.21,
      1.0525,
      0.3175,
      1.16,
      0.4225,
      1.265,
      0.5275,
      1.37,
      0.6325,
      1.475,
      0.7375,
      0,
      0.8425,
      0.105,
      0.9475,
      0.21,
      1.0525,
      0.3175,
      1.16,
      0.4225,
      1.265,
      0.5275,
      1.37,
      0.6325,
      1.475,
      0.7375
    ],
    "SpacingBetweenSlices": 2.2,
    "TotalReadoutTime": 0.0243749,
    "TxRefAmp": 243.334,
    "WipMemBlock": "001140de-e2fa-4135-a55a-e3496f2cc110||Sequence: R017 nxva30a/master r/d34922cc2+; Jun 27 2022 13:20:16 by eja",
    "dataset": "<unset>",
    "modality": "bold",
    "session_id": "045",
    "subject_id": "001",
    "task_id": "qct"
  },
  "dummy_trs": 1,
  "dvars_nstd": 50.79440354835051,
  "dvars_std": 1.0470794141237114,
  "dvars_vstd": 1.0316880549484535,
  "efc": 0.5763,
  "fber": 266.6419,
  "fd_mean": 0.14039353905405855,
  "fd_num": 19,
  "fd_perc": 19.387755102040817,
  "fwhm_avg": 3.135094102817291,
  "fwhm_x": 3.1863275005838108,
  "fwhm_y": 3.1940366916132152,
  "fwhm_z": 3.0249181162548475,
  "gcor": [
    0.00702893,
    0.00893402,
    0.00884743,
    0.00722051
  ],
  "gsr_x": 0.08674831688404083,
  "gsr_y": -0.003677572589367628,
  "provenance": {
    "md5sum": "b671cb188f1107f27d7182ba485caeff",
    "settings": {
      "fd_thres": 0.2,
      "testing": false
    },
    "software": "mriqc",
    "version": "24.1.0.dev0+g3fe90466.d20240417"
  },
  "size_t": 98,
  "size_x": 76,
  "size_y": 102,
  "size_z": 60,
  "snr": 2.1573892224707896,
  "spacing_tr": 1.600000023841858,
  "spacing_x": 2.196079969406128,
  "spacing_y": 2.196079969406128,
  "spacing_z": 2.200000047683716,
  "summary_bg_k": 27.8729,
  "summary_bg_mad": 15.9455,
  "summary_bg_mean": 56.434,
  "summary_bg_median": 32.0,
  "summary_bg_n": 330629.0,
  "summary_bg_p05": 0.0,
  "summary_bg_p95": 207.0,
  "summary_bg_stdv": 78.9855,
  "summary_fg_k": 0.7937,
  "summary_fg_mad": 219.4857,
  "summary_fg_mean": 532.1459,
  "summary_fg_median": 521.0,
  "summary_fg_n": 134491.0,
  "summary_fg_p05": 109.0,
  "summary_fg_p95": 940.0,
  "summary_fg_stdv": 241.4947,
  "tsnr": 28.649337055860087
}