{
  "aor": [
    0.0010273469387755102,
    0.0010093877551020408,
    0.0010810204081632654,
    0.001289387755102041
  ],
  "aqi": [
    0.004687366632653061,
    0.006386090204081632,
    0.0102158943877551,
    0.016871532653061225
  ],
  "bids_meta": {
    "AcquisitionDuration": 188.475,
    "AcquisitionMatrixPE": 76,
    "AcquisitionTime": "19:21:26.310000",
    "B0FieldSource": [
      "045pepolarbold",
      "045phasediff"
    ],
    "BandwidthPerPixelPhaseEncode": 40.486,
    "BaseResolution": 102,
    "DerivedVendorReportedEchoSpacing": 0.000649997,
    "DwellTime": 2.5e-06,
    "EchoNumber": 1,
    "EchoTime": 0.0126,
    "EchoTrainLength": 28,
    "EffectiveEchoSpacing": 0.000324999,
    "FlipAngle": 64,
    "ImageOrientationPatientDICOM": [
      0.999432,
      -0.00158001,
      0.0336498,
      0.00994306,
      0.968232,
      -0.249856
    ],
    "ImageType": [
      "ORIGINAL",
      "PRIMARY",
      "FMRI",
      "NONE"
    ],
    "ImageTypeText": [
      "ORIGINAL",
      "PRIMARY",
      "M",
      "MB",
      "TE1",
      "DIS2D"
    ],
    "InPlanePhaseEncodingDirectionDICOM": "ROW",
    "PercentPhaseFOV": 74.5098,
    "PhaseEchoTime1": 0.0126,
    "PhaseEchoTime2": 0.0322,
    "PhaseEncodingDirection": "i-",
    "PixelBandwidth": 1961,
    "ProtocolName": "func-bold_task-qct_dir-LR__cmrr_me4_sms4",
    "PulseSequenceName": "epfid2d4_76",
    "ReceiveCoilActiveElements": "HC1-7",
    "ReconMatrixPE": 76,
    "RefLinesPE": 18,
    "RepetitionTime": 1.6,
    "SequenceVariant": "SK\\SS\\OSP",
    "SeriesDescription": "func-bold_task-qct_dir-LR__cmrr_me4_sms4",
    "SeriesNumber": 13,
    "ShimSetting": [
      8235,
      -5631,
      -6032,
      694,
      16,
      -188,
      74,
      42
    ],
    "SliceThickness": 2.2,
    "SliceTiming": [
      0,
      0.8425,
      0.105,
      0.9475,
      0.21,
      1.0525,
      0.315,
      1.1575,
      0.42,
      1.2625,
      0.525,
      1.3675,
      0.6325,
      1.475,
      0.7375,
      0,
      0.8425,
      0.105,
      0.9475,
      0.21,
      1.0525,
      0.315,
      1.1575,
      0.42,
      1.2625,
      0.525,
      1.3675,
      0.6325,
      1.475,
      0.7375,
      0,
      0.8425,
      0.105,
      0.9475,
      0.21,
      1.0525,
      0.315,
      1.1575,
      0.42,
      1.2625,
      0.525,
      1.3675,
      0.6325,
      1.475,
      0.7375,
      0,
      0.8425,
      0.105,
      0.9475,
      0.21,
      1.0525,
      0.315,
      1.1575,
      0.42,
      1.2625,
      0.525,
      1.3675,
      0.6325,
      1.475,
      0.7375
    ],
    "SpacingBetweenSlices": 2.2,
    "TotalReadoutTime": 0.0243749,
    "TxRefAmp": 243.334,
    "WipMemBlock": "001140de-e2fa-4135-a55a-e3496f2cc110||Sequence: R017 nxva30a/master r/d34922cc2+; Jun 27 2022 13:20:16 by eja",
    "dataset": "<unset>",
    "modality": "bold",
    "session_id": "045",
    "subject_id": "001",
    "task_id": "qct"
  },
  "dummy_trs": 1,
  "dvars_nstd": 39.2648032673196,
  "dvars_std": 1.0568830468041233,
  "dvars_vstd": 1.0346205646391753,
  "efc": 0.6463,
  "fber": 177.4273,
  "fd_mean": 0.14039353905405855,
  "fd_num": 19,
  "fd_perc": 19.387755102040817,
  "fwhm_avg": 3.5551751434520003,
  "fwhm_x": 3.372491030917616,
  "fwhm_y": 3.606057206624191,
  "fwhm_z": 3.686977192814194,
  "gcor": [
    0.00702893,
    0.00893402,
    0.00884743,
    0.00722051
  ],
  "gsr_x": 0.13521519303321838,
  "gsr_y": 0.025974692776799202,
  "provenance": {
    "md5sum": "fab0afed9c1bf338c0f91cf95dd75a7b",
    "settings": {
      "fd_thres": 0.2,
      "testing": false
    },
    "software": "mriqc",
    "version": "24.1.0.dev0+g3fe90466.d20240417"
  },
  "size_t": 98,
  "size_x": 76,
  "size_y": 102,
  "size_z": 60,
  "snr": 2.6551555262753697,
  "spacing_tr": 1.600000023841858,
  "spacing_x": 2.196079969406128,
  "spacing_y": 2.196079969406128,
  "spacing_z": 2.200000047683716,
  "summary_bg_k": 5.9956,
  "summary_bg_mad": 54.0696,
  "summary_bg_mean": 161.025,
  "summary_bg_median": 60.0,
  "summary_bg_n": 330629.0,
  "summary_bg_p05": 0.0,
  "summary_bg_p95": 706.0,
  "summary_bg_stdv": 235.058,
  "summary_fg_k": 0.7638,
  "summary_fg_mad": 291.2708,
  "summary_fg_mean": 821.4591,
  "summary_fg_median": 796.0,
  "summary_fg_n": 134491.0,
  "summary_fg_p05": 389.0,
  "summary_fg_p95": 1335.0,
  "summary_fg_stdv": 299.793,
  "tsnr": 38.089412689208984
}