{
  "aor": [
    0.0004006372549019608,
    0.0004188235294117648,
    0.0004910294117647058,
    0.0006420588235294118
  ],
  "aqi": [
    0.006425129068627451,
    0.008602184607843138,
    0.014655826127450982,
    0.02472158676470588
  ],
  "bids_meta": {
    "AcquisitionDuration": 361.475,
    "AcquisitionMatrixPE": 76,
    "AcquisitionTime": "19:49:39.485000",
    "B0FieldSource": [
      "045pepolarbold",
      "045phasediff"
    ],
    "BandwidthPerPixelPhaseEncode": 40.486,
    "BaseResolution": 102,
    "DerivedVendorReportedEchoSpacing": 0.000649997,
    "DwellTime": 2.5e-06,
    "EchoNumber": 3,
    "EchoTime": 0.0518,
    "EchoTrainLength": 28,
    "EffectiveEchoSpacing": 0.000324999,
    "ImageOrientationPatientDICOM": [
      0.999432,
      -0.00158001,
      0.0336498,
      0.00994306,
      0.968232,
      -0.249856
    ],
    "ImageType": [
      "ORIGINAL",
      "PRIMARY",
      "FMRI",
      "NONE"
    ],
    "ImageTypeText": [
      "ORIGINAL",
      "PRIMARY",
      "M",
      "MB",
      "TE3",
      "DIS2D"
    ],
    "InPlanePhaseEncodingDirectionDICOM": "ROW",
    "PercentPhaseFOV": 74.5098,
    "PercentSampling": 100,
    "PhaseEchoTime1": 0.0126,
    "PhaseEchoTime2": 0.0322,
    "PhaseEncodingDirection": "i-",
    "PhaseResolution": 1,
    "PixelBandwidth": 1961,
    "ProtocolName": "func-bold_task-bht_dir-LR__cmrr_me4_sms4",
    "PulseSequenceName": "epfid2d4_76",
    "ReceiveCoilActiveElements": "HC1-7",
    "ReconMatrixPE": 76,
    "RefLinesPE": 18,
    "RepetitionTime": 1.6,
    "SequenceVariant": "SK\\SS\\OSP",
    "SeriesDescription": "func-bold_task-bht_dir-LR__cmrr_me4_sms4",
    "SeriesNumber": 25,
    "ShimSetting": [
      8235,
      -5631,
      -6032,
      694,
      16,
      -188,
      74,
      42
    ],
    "SliceThickness": 2.2,
    "SliceTiming": [
      0,
      0.845,
      0.1075,
      0.95,
      0.2125,
      1.055,
      0.3175,
      1.16,
      0.4225,
      1.265,
      0.5275,
      1.37,
      0.6325,
      1.475,
      0.7375,
      0,
      0.845,
      0.1075,
      0.95,
      0.2125,
      1.055,
      0.3175,
      1.16,
      0.4225,
      1.265,
      0.5275,
      1.37,
      0.6325,
      1.475,
      0.7375,
      0,
      0.845,
      0.1075,
      0.95,
      0.2125,
      1.055,
      0.3175,
      1.16,
      0.4225,
      1.265,
      0.5275,
      1.37,
      0.6325,
      1.475,
      0.7375,
      0,
      0.845,
      0.1075,
      0.95,
      0.2125,
      1.055,
      0.3175,
      1.16,
      0.4225,
      1.265,
      0.5275,
      1.37,
      0.6325,
      1.475,
      0.7375
    ],
    "SpacingBetweenSlices": 2.2,
    "TotalReadoutTime": 0.0243749,
    "TxRefAmp": 243.334,
    "WipMemBlock": "206ecd97-aae1-4f74-b202-252923e8abe7||Sequence: R017 nxva30a/master r/d34922cc2+; Jun 27 2022 13:20:16 by eja",
    "dataset": "<unset>",
    "modality": "bold",
    "session_id": "045",
    "subject_id": "001",
    "task_id": "bht"
  },
  "dummy_trs": 3,
  "dvars_nstd": 67.15788071768472,
  "dvars_std": 1.0029348799507387,
  "dvars_vstd": 0.9802438591625617,
  "efc": 0.5601,
  "fber": 159.5802,
  "fd_mean": 0.15314969655878222,
  "fd_num": 61,
  "fd_perc": 29.901960784313726,
  "fwhm_avg": 2.9651396918630986,
  "fwhm_x": 3.0400031387770334,
  "fwhm_y": 3.0013023623098705,
  "fwhm_z": 2.8541135745023904,
  "gcor": [
    0.00834363,
    0.0124718,
    0.0132432,
    0.0112756
  ],
  "gsr_x": 0.05954868346452713,
  "gsr_y": -0.0048151458613574505,
  "provenance": {
    "md5sum": "05aa1a81fafa1659dc0b4ddfd6168285",
    "settings": {
      "fd_thres": 0.2,
      "testing": false
    },
    "software": "mriqc",
    "version": "24.1.0.dev0+g3fe90466.d20240417"
  },
  "size_t": 204,
  "size_x": 76,
  "size_y": 102,
  "size_z": 60,
  "snr": 1.809653247657927,
  "spacing_tr": 1.600000023841858,
  "spacing_x": 2.196079969406128,
  "spacing_y": 2.196079969406128,
  "spacing_z": 2.200000047683716,
  "summary_bg_k": 50.0775,
  "summary_bg_mad": 8.2706,
  "summary_bg_mean": 34.6526,
  "summary_bg_median": 27.0,
  "summary_bg_n": 330417.0,
  "summary_bg_p05": 0.0,
  "summary_bg_p95": 89.0,
  "summary_bg_stdv": 34.5786,
  "summary_fg_k": 1.4998,
  "summary_fg_mad": 168.7041,
  "summary_fg_mean": 347.0369,
  "summary_fg_median": 340.0,
  "summary_fg_n": 134703.0,
  "summary_fg_p05": 49.0,
  "summary_fg_p95": 663.0,
  "summary_fg_stdv": 187.8806,
  "tsnr": 18.112135429284535
}