{
  "aor": [
    0.00034523364485981314,
    0.00036192256341789056,
    0.00041539385847797064,
    0.0005257810413885181
  ],
  "aqi": [
    0.003253411228304406,
    0.004935089425901202,
    0.008052515967957277,
    0.014463022830440589
  ],
  "bids_meta": {
    "AcquisitionDuration": 1230.47,
    "AcquisitionMatrixPE": 96,
    "AcquisitionTime": "09:21:6.432500",
    "B0FieldSource": [
      "041pepolarbold",
      "041phasediff"
    ],
    "BandwidthPerPixelPhaseEncode": 37.879,
    "BaseResolution": 96,
    "DerivedVendorReportedEchoSpacing": 0.000549997,
    "DwellTime": 2.3e-06,
    "EchoNumber": 3,
    "EchoTime": 0.05348,
    "EchoTrainLength": 35,
    "EffectiveEchoSpacing": 0.000274998,
    "FlipAngle": 64,
    "ImageOrientationPatientDICOM": [
      0.99933,
      0.0313953,
      0.0187988,
      -0.0252957,
      0.963897,
      -0.265071
    ],
    "ImageType": [
      "ORIGINAL",
      "PRIMARY",
      "FMRI",
      "NONE"
    ],
    "ImageTypeText": [
      "ORIGINAL",
      "PRIMARY",
      "M",
      "MB",
      "TE3",
      "DIS2D"
    ],
    "InPlanePhaseEncodingDirectionDICOM": "COL",
    "PercentPhaseFOV": 100,
    "PhaseEchoTime1": 0.0126,
    "PhaseEchoTime2": 0.03304,
    "PhaseEncodingDirection": "j-",
    "PixelBandwidth": 2264,
    "ProtocolName": "func-bold_task-rest_dir-AP__cmrr_me4_sms4",
    "PulseSequenceName": "epfid2d4_96",
    "ReceiveCoilActiveElements": "HC1-7",
    "ReconMatrixPE": 96,
    "RefLinesPE": 22,
    "RepetitionTime": 1.6,
    "SequenceVariant": "SK\\SS",
    "SeriesDescription": "func-bold_task-rest_dir-AP__cmrr_me4_sms4",
    "SeriesNumber": 31,
    "ShimSetting": [
      8230,
      -5638,
      -6024,
      695,
      -47,
      -216,
      39,
      33
    ],
    "SliceThickness": 2.2,
    "SliceTiming": [
      0,
      0.8425,
      0.105,
      0.9475,
      0.21,
      1.0525,
      0.315,
      1.1575,
      0.42,
      1.2625,
      0.525,
      1.3675,
      0.63,
      1.4725,
      0.735,
      0,
      0.8425,
      0.105,
      0.9475,
      0.21,
      1.0525,
      0.315,
      1.1575,
      0.42,
      1.2625,
      0.525,
      1.3675,
      0.63,
      1.4725,
      0.735,
      0,
      0.8425,
      0.105,
      0.9475,
      0.21,
      1.0525,
      0.315,
      1.1575,
      0.42,
      1.2625,
      0.525,
      1.3675,
      0.63,
      1.4725,
      0.735,
      0,
      0.8425,
      0.105,
      0.9475,
      0.21,
      1.0525,
      0.315,
      1.1575,
      0.42,
      1.2625,
      0.525,
      1.3675,
      0.63,
      1.4725,
      0.735
    ],
    "SpacingBetweenSlices": 2.2,
    "TotalReadoutTime": 0.0261249,
    "TxRefAmp": 248.429,
    "WipMemBlock": "75634ba0-96da-470d-a4e1-48c967f06ab4||Sequence: R017 nxva30a/master r/d34922cc2+; Jun 27 2022 13:20:16 by eja",
    "dataset": "<unset>",
    "modality": "bold",
    "session_id": "041",
    "subject_id": "001",
    "task_id": "rest"
  },
  "dummy_trs": 1,
  "dvars_nstd": 51.81468825427805,
  "dvars_std": 1.0189946751470595,
  "dvars_vstd": 1.0018832784090916,
  "efc": 0.5068,
  "fber": 301.0845,
  "fd_mean": 0.10230946522326347,
  "fd_num": 34,
  "fd_perc": 4.539385847797063,
  "fwhm_avg": 2.859403963696287,
  "fwhm_x": 2.6893561977210565,
  "fwhm_y": 3.102364844672458,
  "fwhm_z": 2.7864908486953466,
  "gcor": [
    0.00952866,
    0.0109758,
    0.0100326,
    0.0076646
  ],
  "gsr_x": 0.005578651092946529,
  "gsr_y": 0.024146419018507004,
  "provenance": {
    "md5sum": "669bf6bf65a3b34cc30e34fd72f9e566",
    "settings": {
      "fd_thres": 0.2,
      "testing": false
    },
    "software": "mriqc",
    "version": "24.1.0.dev0+g3fe90466.d20240417"
  },
  "size_t": 749,
  "size_x": 96,
  "size_y": 96,
  "size_z": 60,
  "snr": 1.8227419076733766,
  "spacing_tr": 1.600000023841858,
  "spacing_x": 2.197920083999634,
  "spacing_y": 2.197920083999634,
  "spacing_z": 2.200000047683716,
  "summary_bg_k": 51.6673,
  "summary_bg_mad": 3.2997,
  "summary_bg_mean": 24.7748,
  "summary_bg_median": 19.0,
  "summary_bg_n": 418659.0,
  "summary_bg_p05": 0.0,
  "summary_bg_p95": 63.0,
  "summary_bg_stdv": 27.1343,
  "summary_fg_k": 1.0191,
  "summary_fg_mad": 157.1143,
  "summary_fg_mean": 329.4572,
  "summary_fg_median": 323.0,
  "summary_fg_n": 134301.0,
  "summary_fg_p05": 40.0,
  "summary_fg_p95": 631.0,
  "summary_fg_stdv": 177.2049,
  "tsnr": 24.500354775693268
}