{
  "aor": [
    0.00034523364485981314,
    0.00036192256341789056,
    0.00041539385847797064,
    0.0005257810413885181
  ],
  "aqi": [
    0.003253411228304406,
    0.004935089425901202,
    0.008052515967957277,
    0.014463022830440589
  ],
  "bids_meta": {
    "AcquisitionDuration": 1230.47,
    "AcquisitionMatrixPE": 96,
    "AcquisitionTime": "09:21:6.392500",
    "B0FieldSource": [
      "041pepolarbold",
      "041phasediff"
    ],
    "BandwidthPerPixelPhaseEncode": 37.879,
    "BaseResolution": 96,
    "DerivedVendorReportedEchoSpacing": 0.000549997,
    "DwellTime": 2.3e-06,
    "EchoNumber": 1,
    "EchoTime": 0.0126,
    "EchoTrainLength": 35,
    "EffectiveEchoSpacing": 0.000274998,
    "FlipAngle": 64,
    "ImageOrientationPatientDICOM": [
      0.99933,
      0.0313953,
      0.0187988,
      -0.0252957,
      0.963897,
      -0.265071
    ],
    "ImageType": [
      "ORIGINAL",
      "PRIMARY",
      "FMRI",
      "NONE"
    ],
    "ImageTypeText": [
      "ORIGINAL",
      "PRIMARY",
      "M",
      "MB",
      "TE1",
      "DIS2D"
    ],
    "InPlanePhaseEncodingDirectionDICOM": "COL",
    "PercentPhaseFOV": 100,
    "PhaseEchoTime1": 0.0126,
    "PhaseEchoTime2": 0.03304,
    "PhaseEncodingDirection": "j-",
    "PixelBandwidth": 2264,
    "ProtocolName": "func-bold_task-rest_dir-AP__cmrr_me4_sms4",
    "PulseSequenceName": "epfid2d4_96",
    "ReceiveCoilActiveElements": "HC1-7",
    "ReconMatrixPE": 96,
    "RefLinesPE": 22,
    "RepetitionTime": 1.6,
    "SequenceVariant": "SK\\SS",
    "SeriesDescription": "func-bold_task-rest_dir-AP__cmrr_me4_sms4",
    "SeriesNumber": 31,
    "ShimSetting": [
      8230,
      -5638,
      -6024,
      695,
      -47,
      -216,
      39,
      33
    ],
    "SliceThickness": 2.2,
    "SliceTiming": [
      0,
      0.8425,
      0.105,
      0.9475,
      0.21,
      1.0525,
      0.315,
      1.1575,
      0.42,
      1.2625,
      0.525,
      1.3675,
      0.63,
      1.4725,
      0.735,
      0,
      0.8425,
      0.105,
      0.9475,
      0.21,
      1.0525,
      0.315,
      1.1575,
      0.42,
      1.2625,
      0.525,
      1.3675,
      0.63,
      1.4725,
      0.735,
      0,
      0.8425,
      0.105,
      0.9475,
      0.21,
      1.0525,
      0.315,
      1.1575,
      0.42,
      1.2625,
      0.525,
      1.3675,
      0.63,
      1.4725,
      0.735,
      0,
      0.8425,
      0.105,
      0.9475,
      0.21,
      1.0525,
      0.315,
      1.1575,
      0.42,
      1.2625,
      0.525,
      1.3675,
      0.63,
      1.4725,
      0.735
    ],
    "SpacingBetweenSlices": 2.2,
    "TotalReadoutTime": 0.0261249,
    "TxRefAmp": 248.429,
    "WipMemBlock": "75634ba0-96da-470d-a4e1-48c967f06ab4||Sequence: R017 nxva30a/master r/d34922cc2+; Jun 27 2022 13:20:16 by eja",
    "dataset": "<unset>",
    "modality": "bold",
    "session_id": "041",
    "subject_id": "001",
    "task_id": "rest"
  },
  "dummy_trs": 1,
  "dvars_nstd": 26.192878401791447,
  "dvars_std": 1.0293911213636353,
  "dvars_vstd": 1.0048644728074867,
  "efc": 0.5855,
  "fber": 684.3335,
  "fd_mean": 0.10230946522326347,
  "fd_num": 34,
  "fd_perc": 4.539385847797063,
  "fwhm_avg": 3.4552867829564633,
  "fwhm_x": 3.0488096672768363,
  "fwhm_y": 3.5971053076747435,
  "fwhm_z": 3.71994537391781,
  "gcor": [
    0.00952866,
    0.0109758,
    0.0100326,
    0.0076646
  ],
  "gsr_x": 0.0018250934081152081,
  "gsr_y": 0.1076374277472496,
  "provenance": {
    "md5sum": "e3feb5bf1b8d9d44a4fe321700dc348f",
    "settings": {
      "fd_thres": 0.2,
      "testing": false
    },
    "software": "mriqc",
    "version": "24.1.0.dev0+g3fe90466.d20240417"
  },
  "size_t": 749,
  "size_x": 96,
  "size_y": 96,
  "size_z": 60,
  "snr": 2.75097087665475,
  "spacing_tr": 1.600000023841858,
  "spacing_x": 2.197920083999634,
  "spacing_y": 2.197920083999634,
  "spacing_z": 2.200000047683716,
  "summary_bg_k": 8.9051,
  "summary_bg_mad": 19.735,
  "summary_bg_mean": 125.7238,
  "summary_bg_median": 30.0,
  "summary_bg_n": 418659.0,
  "summary_bg_p05": 0.0,
  "summary_bg_p95": 640.0,
  "summary_bg_stdv": 222.6794,
  "summary_fg_k": 0.3182,
  "summary_fg_mad": 269.2872,
  "summary_fg_mean": 806.1833,
  "summary_fg_median": 779.0,
  "summary_fg_n": 134301.0,
  "summary_fg_p05": 393.0,
  "summary_fg_p95": 1312.0,
  "summary_fg_stdv": 283.1717,
  "tsnr": 51.96415132074617
}