{
  "aor": [
    0.00034523364485981314,
    0.00036192256341789056,
    0.00041539385847797064,
    0.0005257810413885181
  ],
  "aqi": [
    0.003253411228304406,
    0.004935089425901202,
    0.008052515967957277,
    0.014463022830440589
  ],
  "bids_meta": {
    "AcquisitionDuration": 1230.47,
    "AcquisitionMatrixPE": 96,
    "AcquisitionTime": "09:21:6.412500",
    "B0FieldSource": [
      "041pepolarbold",
      "041phasediff"
    ],
    "BandwidthPerPixelPhaseEncode": 37.879,
    "BaseResolution": 96,
    "DerivedVendorReportedEchoSpacing": 0.000549997,
    "DwellTime": 2.3e-06,
    "EchoNumber": 2,
    "EchoTime": 0.03304,
    "EchoTrainLength": 35,
    "EffectiveEchoSpacing": 0.000274998,
    "FlipAngle": 64,
    "ImageOrientationPatientDICOM": [
      0.99933,
      0.0313953,
      0.0187988,
      -0.0252957,
      0.963897,
      -0.265071
    ],
    "ImageType": [
      "ORIGINAL",
      "PRIMARY",
      "FMRI",
      "NONE"
    ],
    "ImageTypeText": [
      "ORIGINAL",
      "PRIMARY",
      "M",
      "MB",
      "TE2",
      "DIS2D"
    ],
    "InPlanePhaseEncodingDirectionDICOM": "COL",
    "PercentPhaseFOV": 100,
    "PhaseEchoTime1": 0.0126,
    "PhaseEchoTime2": 0.03304,
    "PhaseEncodingDirection": "j-",
    "PixelBandwidth": 2264,
    "ProtocolName": "func-bold_task-rest_dir-AP__cmrr_me4_sms4",
    "PulseSequenceName": "epfid2d4_96",
    "ReceiveCoilActiveElements": "HC1-7",
    "ReconMatrixPE": 96,
    "RefLinesPE": 22,
    "RepetitionTime": 1.6,
    "SequenceVariant": "SK\\SS",
    "SeriesDescription": "func-bold_task-rest_dir-AP__cmrr_me4_sms4",
    "SeriesNumber": 31,
    "ShimSetting": [
      8230,
      -5638,
      -6024,
      695,
      -47,
      -216,
      39,
      33
    ],
    "SliceThickness": 2.2,
    "SliceTiming": [
      0,
      0.8425,
      0.1075,
      0.95,
      0.2125,
      1.055,
      0.3175,
      1.16,
      0.4225,
      1.265,
      0.5275,
      1.37,
      0.6325,
      1.475,
      0.7375,
      0,
      0.8425,
      0.1075,
      0.95,
      0.2125,
      1.055,
      0.3175,
      1.16,
      0.4225,
      1.265,
      0.5275,
      1.37,
      0.6325,
      1.475,
      0.7375,
      0,
      0.8425,
      0.1075,
      0.95,
      0.2125,
      1.055,
      0.3175,
      1.16,
      0.4225,
      1.265,
      0.5275,
      1.37,
      0.6325,
      1.475,
      0.7375,
      0,
      0.8425,
      0.1075,
      0.95,
      0.2125,
      1.055,
      0.3175,
      1.16,
      0.4225,
      1.265,
      0.5275,
      1.37,
      0.6325,
      1.475,
      0.7375
    ],
    "SpacingBetweenSlices": 2.2,
    "TotalReadoutTime": 0.0261249,
    "TxRefAmp": 248.429,
    "WipMemBlock": "75634ba0-96da-470d-a4e1-48c967f06ab4||Sequence: R017 nxva30a/master r/d34922cc2+; Jun 27 2022 13:20:16 by eja",
    "dataset": "<unset>",
    "modality": "bold",
    "session_id": "041",
    "subject_id": "001",
    "task_id": "rest"
  },
  "dummy_trs": 1,
  "dvars_nstd": 36.15407557691173,
  "dvars_std": 1.0180175055614962,
  "dvars_vstd": 1.002363469545453,
  "efc": 0.5224,
  "fber": 593.9413,
  "fd_mean": 0.10230946522326347,
  "fd_num": 34,
  "fd_perc": 4.539385847797063,
  "fwhm_avg": 3.123117215506784,
  "fwhm_x": 2.8982991903908832,
  "fwhm_y": 3.387420704783569,
  "fwhm_z": 3.0836317513459,
  "gcor": [
    0.00952866,
    0.0109758,
    0.0100326,
    0.0076646
  ],
  "gsr_x": 0.01159855630248785,
  "gsr_y": 0.0322539247572422,
  "provenance": {
    "md5sum": "be24d3ddcee043ddb9cc902e4a60cfa0",
    "settings": {
      "fd_thres": 0.2,
      "testing": false
    },
    "software": "mriqc",
    "version": "24.1.0.dev0+g3fe90466.d20240417"
  },
  "size_t": 749,
  "size_x": 96,
  "size_y": 96,
  "size_z": 60,
  "snr": 2.206102273262053,
  "spacing_tr": 1.600000023841858,
  "spacing_x": 2.197920083999634,
  "spacing_y": 2.197920083999634,
  "spacing_z": 2.200000047683716,
  "summary_bg_k": 26.3935,
  "summary_bg_mad": 6.2966,
  "summary_bg_mean": 41.7648,
  "summary_bg_median": 21.0,
  "summary_bg_n": 418659.0,
  "summary_bg_p05": 0.0,
  "summary_bg_p95": 157.0,
  "summary_bg_stdv": 69.5073,
  "summary_fg_k": 0.3188,
  "summary_fg_mad": 202.9423,
  "summary_fg_mean": 513.114,
  "summary_fg_median": 502.0,
  "summary_fg_n": 134301.0,
  "summary_fg_p05": 105.0,
  "summary_fg_p95": 905.0,
  "summary_fg_stdv": 227.5498,
  "tsnr": 36.298483569175005
}