{
  "aor": [
    0.0004746116504854369,
    0.00045907766990291256,
    0.0005284466019417477,
    0.0007154368932038835
  ],
  "aqi": [
    0.0035539524271844657,
    0.005092886650485436,
    0.008875006019417476,
    0.016072991262135922
  ],
  "bids_meta": {
    "AcquisitionDuration": 361.475,
    "AcquisitionMatrixPE": 96,
    "AcquisitionTime": "09:42:32.430000",
    "B0FieldSource": [
      "041pepolarbold",
      "041phasediff"
    ],
    "BandwidthPerPixelPhaseEncode": 37.879,
    "BaseResolution": 96,
    "DerivedVendorReportedEchoSpacing": 0.000549997,
    "DwellTime": 2.3e-06,
    "EchoNumber": 2,
    "EchoTime": 0.03304,
    "EchoTrainLength": 35,
    "EffectiveEchoSpacing": 0.000274998,
    "ImageOrientationPatientDICOM": [
      0.99933,
      0.0313952,
      0.0187988,
      -0.0252957,
      0.963897,
      -0.26507
    ],
    "ImageType": [
      "ORIGINAL",
      "PRIMARY",
      "FMRI",
      "NONE"
    ],
    "ImageTypeText": [
      "ORIGINAL",
      "PRIMARY",
      "M",
      "MB",
      "TE2",
      "DIS2D"
    ],
    "InPlanePhaseEncodingDirectionDICOM": "COL",
    "PercentPhaseFOV": 100,
    "PercentSampling": 100,
    "PhaseEchoTime1": 0.0126,
    "PhaseEchoTime2": 0.03304,
    "PhaseEncodingDirection": "j-",
    "PhaseResolution": 1,
    "PixelBandwidth": 2264,
    "ProtocolName": "func-bold_task-bht_dir-AP__cmrr_me4_sms4",
    "PulseSequenceName": "epfid2d4_96",
    "ReceiveCoilActiveElements": "HC1-7",
    "ReconMatrixPE": 96,
    "RefLinesPE": 22,
    "RepetitionTime": 1.6,
    "SequenceVariant": "SK\\SS",
    "SeriesDescription": "func-bold_task-bht_dir-AP__cmrr_me4_sms4",
    "SeriesNumber": 35,
    "ShimSetting": [
      8230,
      -5638,
      -6024,
      695,
      -47,
      -216,
      39,
      33
    ],
    "SliceThickness": 2.2,
    "SliceTiming": [
      0,
      0.8425,
      0.105,
      0.9475,
      0.21,
      1.0525,
      0.315,
      1.1575,
      0.42,
      1.2625,
      0.5275,
      1.37,
      0.6325,
      1.475,
      0.7375,
      0,
      0.8425,
      0.105,
      0.9475,
      0.21,
      1.0525,
      0.315,
      1.1575,
      0.42,
      1.2625,
      0.5275,
      1.37,
      0.6325,
      1.475,
      0.7375,
      0,
      0.8425,
      0.105,
      0.9475,
      0.21,
      1.0525,
      0.315,
      1.1575,
      0.42,
      1.2625,
      0.5275,
      1.37,
      0.6325,
      1.475,
      0.7375,
      0,
      0.8425,
      0.105,
      0.9475,
      0.21,
      1.0525,
      0.315,
      1.1575,
      0.42,
      1.2625,
      0.5275,
      1.37,
      0.6325,
      1.475,
      0.7375
    ],
    "SpacingBetweenSlices": 2.2,
    "TotalReadoutTime": 0.0261249,
    "TxRefAmp": 248.429,
    "WipMemBlock": "22b1e94b-2817-4b3e-986a-c1f5f24663d3||Sequence: R017 nxva30a/master r/d34922cc2+; Jun 27 2022 13:20:16 by eja",
    "dataset": "<unset>",
    "modality": "bold",
    "session_id": "041",
    "subject_id": "001",
    "task_id": "bht"
  },
  "dummy_trs": 1,
  "dvars_nstd": 39.23290864926828,
  "dvars_std": 1.0299395627317074,
  "dvars_vstd": 1.0035512191707314,
  "efc": 0.5229,
  "fber": 583.7393,
  "fd_mean": 0.1257708151066248,
  "fd_num": 37,
  "fd_perc": 17.961165048543688,
  "fwhm_avg": 3.0558185533867532,
  "fwhm_x": 2.863375263648143,
  "fwhm_y": 3.311198643199264,
  "fwhm_z": 2.992881753312853,
  "gcor": [
    0.0235559,
    0.026125,
    0.0244639,
    0.0189871
  ],
  "gsr_x": 0.01283062994480133,
  "gsr_y": 0.031116124242544174,
  "provenance": {
    "md5sum": "26015dee9997aace45ac563430d45fb7",
    "settings": {
      "fd_thres": 0.2,
      "testing": false
    },
    "software": "mriqc",
    "version": "24.1.0.dev0+g3fe90466.d20240417"
  },
  "size_t": 206,
  "size_x": 96,
  "size_y": 96,
  "size_z": 60,
  "snr": 2.1960998806782577,
  "spacing_tr": 1.600000023841858,
  "spacing_x": 2.197920083999634,
  "spacing_y": 2.197920083999634,
  "spacing_z": 2.200000047683716,
  "summary_bg_k": 27.3422,
  "summary_bg_mad": 6.3694,
  "summary_bg_mean": 41.7299,
  "summary_bg_median": 21.0,
  "summary_bg_n": 418349.0,
  "summary_bg_p05": 0.0,
  "summary_bg_p95": 155.0,
  "summary_bg_stdv": 69.6482,
  "summary_fg_k": 0.2988,
  "summary_fg_mad": 201.821,
  "summary_fg_mean": 507.6884,
  "summary_fg_median": 498.0,
  "summary_fg_n": 134611.0,
  "summary_fg_p05": 100.0,
  "summary_fg_p95": 898.0,
  "summary_fg_stdv": 226.7648,
  "tsnr": 34.60751315113157
}