{
  "aor": [
    0.0011885714285714286,
    0.0011238775510204082,
    0.0012132653061224488,
    0.0014188775510204081
  ],
  "aqi": [
    0.0032034659183673465,
    0.004135615408163265,
    0.006826223163265306,
    0.012160662244897959
  ],
  "bids_meta": {
    "AcquisitionDuration": 188.475,
    "AcquisitionMatrixPE": 96,
    "AcquisitionTime": "09:14:33.317500",
    "B0FieldSource": [
      "041pepolarbold",
      "041phasediff"
    ],
    "BandwidthPerPixelPhaseEncode": 37.879,
    "BaseResolution": 96,
    "DerivedVendorReportedEchoSpacing": 0.000549997,
    "DwellTime": 2.3e-06,
    "EchoNumber": 2,
    "EchoTime": 0.03304,
    "EchoTrainLength": 35,
    "EffectiveEchoSpacing": 0.000274998,
    "FlipAngle": 64,
    "ImageOrientationPatientDICOM": [
      0.99933,
      0.0313953,
      0.0187988,
      -0.0252957,
      0.963897,
      -0.265071
    ],
    "ImageType": [
      "ORIGINAL",
      "PRIMARY",
      "FMRI",
      "NONE"
    ],
    "ImageTypeText": [
      "ORIGINAL",
      "PRIMARY",
      "M",
      "MB",
      "TE2",
      "DIS2D"
    ],
    "InPlanePhaseEncodingDirectionDICOM": "COL",
    "PercentPhaseFOV": 100,
    "PhaseEchoTime1": 0.0126,
    "PhaseEchoTime2": 0.03304,
    "PhaseEncodingDirection": "j-",
    "PixelBandwidth": 2264,
    "ProtocolName": "func-bold_task-qct_dir-AP__cmrr_me4_sms4",
    "PulseSequenceName": "epfid2d4_96",
    "ReceiveCoilActiveElements": "HC1-7",
    "ReconMatrixPE": 96,
    "RefLinesPE": 22,
    "RepetitionTime": 1.6,
    "SequenceVariant": "SK\\SS",
    "SeriesDescription": "func-bold_task-qct_dir-AP__cmrr_me4_sms4",
    "SeriesNumber": 17,
    "ShimSetting": [
      8230,
      -5638,
      -6024,
      695,
      -47,
      -216,
      39,
      33
    ],
    "SliceThickness": 2.2,
    "SliceTiming": [
      0,
      0.8425,
      0.105,
      0.9475,
      0.21,
      1.0525,
      0.315,
      1.1575,
      0.42,
      1.2625,
      0.525,
      1.3675,
      0.6325,
      1.475,
      0.7375,
      0,
      0.8425,
      0.105,
      0.9475,
      0.21,
      1.0525,
      0.315,
      1.1575,
      0.42,
      1.2625,
      0.525,
      1.3675,
      0.6325,
      1.475,
      0.7375,
      0,
      0.8425,
      0.105,
      0.9475,
      0.21,
      1.0525,
      0.315,
      1.1575,
      0.42,
      1.2625,
      0.525,
      1.3675,
      0.6325,
      1.475,
      0.7375,
      0,
      0.8425,
      0.105,
      0.9475,
      0.21,
      1.0525,
      0.315,
      1.1575,
      0.42,
      1.2625,
      0.525,
      1.3675,
      0.6325,
      1.475,
      0.7375
    ],
    "SpacingBetweenSlices": 2.2,
    "TotalReadoutTime": 0.0261249,
    "TxRefAmp": 248.429,
    "WipMemBlock": "7acf6220-5651-49f3-b26e-d3dee65b418a||Sequence: R017 nxva30a/master r/d34922cc2+; Jun 27 2022 13:20:16 by eja",
    "dataset": "<unset>",
    "modality": "bold",
    "session_id": "041",
    "subject_id": "001",
    "task_id": "qct"
  },
  "dummy_trs": 1,
  "dvars_nstd": 38.13248388546391,
  "dvars_std": 1.054106753917526,
  "dvars_vstd": 1.0331321964948457,
  "efc": 0.521,
  "fber": 600.1531,
  "fd_mean": 0.0827882463478,
  "fd_num": 1,
  "fd_perc": 1.0204081632653061,
  "fwhm_avg": 3.0546906694545046,
  "fwhm_x": 2.8573695857820125,
  "fwhm_y": 3.310457032977916,
  "fwhm_z": 2.9962453896035846,
  "gcor": [
    0.00648951,
    0.0092391,
    0.00844332,
    0.00635837
  ],
  "gsr_x": 0.01097039319574833,
  "gsr_y": 0.0311615988612175,
  "provenance": {
    "md5sum": "5a4e1ec6e7eab1b3d54f6b681689ddad",
    "settings": {
      "fd_thres": 0.2,
      "testing": false
    },
    "software": "mriqc",
    "version": "24.1.0.dev0+g3fe90466.d20240417"
  },
  "size_t": 98,
  "size_x": 96,
  "size_y": 96,
  "size_z": 60,
  "snr": 2.1996157107290766,
  "spacing_tr": 1.600000023841858,
  "spacing_x": 2.197920083999634,
  "spacing_y": 2.197920083999634,
  "spacing_z": 2.200000047683716,
  "summary_bg_k": 26.6048,
  "summary_bg_mad": 6.3086,
  "summary_bg_mean": 41.7475,
  "summary_bg_median": 21.0,
  "summary_bg_n": 419145.0,
  "summary_bg_p05": 0.0,
  "summary_bg_p95": 157.0,
  "summary_bg_stdv": 69.5503,
  "summary_fg_k": 0.3582,
  "summary_fg_mad": 205.0227,
  "summary_fg_mean": 517.2708,
  "summary_fg_median": 505.0,
  "summary_fg_n": 133815.0,
  "summary_fg_p05": 107.0,
  "summary_fg_p95": 913.0,
  "summary_fg_stdv": 229.5847,
  "tsnr": 37.5991636288818
}