{
  "aor": [
    0.0011885714285714286,
    0.0011238775510204082,
    0.0012132653061224488,
    0.0014188775510204081
  ],
  "aqi": [
    0.0032034659183673465,
    0.004135615408163265,
    0.006826223163265306,
    0.012160662244897959
  ],
  "bids_meta": {
    "AcquisitionDuration": 188.475,
    "AcquisitionMatrixPE": 96,
    "AcquisitionTime": "09:14:33.337500",
    "B0FieldSource": [
      "041pepolarbold",
      "041phasediff"
    ],
    "BandwidthPerPixelPhaseEncode": 37.879,
    "BaseResolution": 96,
    "DerivedVendorReportedEchoSpacing": 0.000549997,
    "DwellTime": 2.3e-06,
    "EchoNumber": 3,
    "EchoTime": 0.05348,
    "EchoTrainLength": 35,
    "EffectiveEchoSpacing": 0.000274998,
    "FlipAngle": 64,
    "ImageOrientationPatientDICOM": [
      0.99933,
      0.0313953,
      0.0187988,
      -0.0252957,
      0.963897,
      -0.265071
    ],
    "ImageType": [
      "ORIGINAL",
      "PRIMARY",
      "FMRI",
      "NONE"
    ],
    "ImageTypeText": [
      "ORIGINAL",
      "PRIMARY",
      "M",
      "MB",
      "TE3",
      "DIS2D"
    ],
    "InPlanePhaseEncodingDirectionDICOM": "COL",
    "PercentPhaseFOV": 100,
    "PhaseEchoTime1": 0.0126,
    "PhaseEchoTime2": 0.03304,
    "PhaseEncodingDirection": "j-",
    "PixelBandwidth": 2264,
    "ProtocolName": "func-bold_task-qct_dir-AP__cmrr_me4_sms4",
    "PulseSequenceName": "epfid2d4_96",
    "ReceiveCoilActiveElements": "HC1-7",
    "ReconMatrixPE": 96,
    "RefLinesPE": 22,
    "RepetitionTime": 1.6,
    "SequenceVariant": "SK\\SS",
    "SeriesDescription": "func-bold_task-qct_dir-AP__cmrr_me4_sms4",
    "SeriesNumber": 17,
    "ShimSetting": [
      8230,
      -5638,
      -6024,
      695,
      -47,
      -216,
      39,
      33
    ],
    "SliceThickness": 2.2,
    "SliceTiming": [
      0,
      0.8425,
      0.105,
      0.9475,
      0.21,
      1.0525,
      0.315,
      1.1575,
      0.42,
      1.265,
      0.5275,
      1.37,
      0.6325,
      1.475,
      0.7375,
      0,
      0.8425,
      0.105,
      0.9475,
      0.21,
      1.0525,
      0.315,
      1.1575,
      0.42,
      1.265,
      0.5275,
      1.37,
      0.6325,
      1.475,
      0.7375,
      0,
      0.8425,
      0.105,
      0.9475,
      0.21,
      1.0525,
      0.315,
      1.1575,
      0.42,
      1.265,
      0.5275,
      1.37,
      0.6325,
      1.475,
      0.7375,
      0,
      0.8425,
      0.105,
      0.9475,
      0.21,
      1.0525,
      0.315,
      1.1575,
      0.42,
      1.265,
      0.5275,
      1.37,
      0.6325,
      1.475,
      0.7375
    ],
    "SpacingBetweenSlices": 2.2,
    "TotalReadoutTime": 0.0261249,
    "TxRefAmp": 248.429,
    "WipMemBlock": "7acf6220-5651-49f3-b26e-d3dee65b418a||Sequence: R017 nxva30a/master r/d34922cc2+; Jun 27 2022 13:20:16 by eja",
    "dataset": "<unset>",
    "modality": "bold",
    "session_id": "041",
    "subject_id": "001",
    "task_id": "qct"
  },
  "dummy_trs": 1,
  "dvars_nstd": 54.58664329762887,
  "dvars_std": 1.0532016335051546,
  "dvars_vstd": 1.0336457374226804,
  "efc": 0.5049,
  "fber": 305.4236,
  "fd_mean": 0.0827882463478,
  "fd_num": 1,
  "fd_perc": 1.0204081632653061,
  "fwhm_avg": 2.773006716323424,
  "fwhm_x": 2.621969762209498,
  "fwhm_y": 3.019823172060839,
  "fwhm_z": 2.6772272146999354,
  "gcor": [
    0.00648951,
    0.0092391,
    0.00844332,
    0.00635837
  ],
  "gsr_x": 0.005340450443327427,
  "gsr_y": 0.02372482232749462,
  "provenance": {
    "md5sum": "bd87e184b60a73545f587645a148b4c5",
    "settings": {
      "fd_thres": 0.2,
      "testing": false
    },
    "software": "mriqc",
    "version": "24.1.0.dev0+g3fe90466.d20240417"
  },
  "size_t": 98,
  "size_x": 96,
  "size_y": 96,
  "size_z": 60,
  "snr": 1.8124775078208308,
  "spacing_tr": 1.600000023841858,
  "spacing_x": 2.197920083999634,
  "spacing_y": 2.197920083999634,
  "spacing_z": 2.200000047683716,
  "summary_bg_k": 56.8658,
  "summary_bg_mad": 3.3132,
  "summary_bg_mean": 24.7338,
  "summary_bg_median": 19.0,
  "summary_bg_n": 419145.0,
  "summary_bg_p05": 0.0,
  "summary_bg_p95": 63.0,
  "summary_bg_stdv": 27.2546,
  "summary_fg_k": 1.0942,
  "summary_fg_mad": 158.351,
  "summary_fg_mean": 332.2259,
  "summary_fg_median": 325.0,
  "summary_fg_n": 133815.0,
  "summary_fg_p05": 41.0,
  "summary_fg_p95": 638.0,
  "summary_fg_stdv": 179.3119,
  "tsnr": 25.530297016492113
}