{
  "NumberOfShells": 4,
  "bValues": [
    0.0,
    700.0,
    1000.0,
    2000.0,
    3000.0
  ],
  "bValuesEstimation": [
    700.0,
    1000.0,
    2000.0,
    3000.0
  ],
  "bdiffs_max": 0.247,
  "bdiffs_mean": 0.1502,
  "bdiffs_median": 0.1764,
  "bdiffs_min": 0.0115,
  "bids_meta": {
    "AcquisitionMatrixPE": 108,
    "AcquisitionNumber": 1,
    "AcquisitionTime": "17:49:15.320000",
    "B0FieldSource": [
      "pilot016pepolarb0",
      "pilot016phasediff"
    ],
    "BandwidthPerPixelPhaseEncode": 19.73,
    "BaseResolution": 146,
    "BodyPartExamined": "BRAIN",
    "CoilCombinationMethod": "Adaptive Combine",
    "CoilString": "HeadNeck_64",
    "ConversionSoftware": "dcm2niix",
    "ConversionSoftwareVersion": "v1.0.20220720",
    "Deltas": [
      0.0272,
      0.0469
    ],
    "DerivedVendorReportedEchoSpacing": 0.000938597,
    "DeviceSerialNumber": "67014",
    "DiffusionScheme": "Monopolar",
    "DwellTime": 2.1e-06,
    "EchoTime": 0.09,
    "EchoTrainLength": 48,
    "EffectiveEchoSpacing": 0.000469298,
    "FlipAngle": 90,
    "HeudiconvVersion": "1.0.0",
    "ImageOrientationPatientDICOM": [
      0.99786,
      0.00412124,
      0.065256,
      0.012366,
      0.968106,
      -0.250234
    ],
    "ImageType": [
      "ORIGINAL",
      "PRIMARY",
      "DIFFUSION",
      "NONE",
      "ND",
      "MFSPLIT"
    ],
    "ImageTypeText": [
      "ORIGINAL",
      "PRIMARY",
      "DIFFUSION",
      "NONE"
    ],
    "ImagingFrequency": 123.248,
    "InPlanePhaseEncodingDirectionDICOM": "ROW",
    "InstitutionAddress": "Rue du Bugnon 21,Lausanne,District,CH,1011",
    "InstitutionName": "CHUV",
    "MRAcquisitionType": "2D",
    "MagneticFieldStrength": 3,
    "Manufacturer": "Siemens",
    "ManufacturersModelName": "MAGNETOM Prisma Fit",
    "Modality": "MR",
    "MultibandAccelerationFactor": 3,
    "NonlinearGradientCorrection": false,
    "ParallelReductionFactorInPlane": 2,
    "PartialFourier": 0.875,
    "PatientPosition": "HFS",
    "PercentPhaseFOV": 73.9726,
    "PercentSampling": 100,
    "PhaseEncodingDirection": "i",
    "PhaseEncodingSteps": 108,
    "PhaseResolution": 1,
    "PixelBandwidth": 1631,
    "ProcedureStepDescription": "RESEARCH Oscar",
    "ProtocolName": "dwi-dwi_acq-highres_dir-RL__279dir_monopolar",
    "PulseSequenceDetails": "%SiemensSeq%\\ep2d_diff",
    "ReceiveCoilActiveElements": "HC1-7",
    "ReceiveCoilName": "HeadNeck_64",
    "ReconMatrixPE": 108,
    "RefLinesPE": 40,
    "RepetitionTime": 5.3,
    "SAR": 0.237434,
    "ScanOptions": "PFP\\FS\\PER",
    "ScanningSequence": "GR\\EP",
    "SequenceName": "*ep_b0",
    "SequenceVariant": "SK",
    "SeriesDescription": "dwi-dwi_acq-highres_dir-RL__279dir_monopolar",
    "SeriesNumber": 7,
    "ShimSetting": [
      8246,
      -5627,
      -6028,
      667,
      -22,
      -212,
      26,
      16
    ],
    "SliceThickness": 1.6,
    "SliceTiming": [
      0,
      5.9225,
      0.135,
      6.0575,
      0.27,
      6.19,
      0.4025,
      6.325,
      0.5375,
      6.46,
      0.6725,
      6.595,
      0.8075,
      6.73,
      0.9425,
      6.865,
      1.0775,
      6.9975,
      1.21,
      7.1325,
      1.345,
      7.2675,
      1.48,
      7.4025,
      1.615,
      7.5375,
      1.75,
      7.6725,
      1.885,
      7.805,
      2.0175,
      7.94,
      2.1525,
      8.075,
      2.2875,
      8.21,
      2.4225,
      8.345,
      2.5575,
      8.48,
      2.6925,
      8.6125,
      2.825,
      8.7475,
      2.96,
      8.8825,
      3.095,
      9.0175,
      3.23,
      9.1525,
      3.365,
      9.2875,
      3.5,
      9.42,
      3.635,
      9.555,
      3.7675,
      9.69,
      3.9025,
      9.825,
      4.0375,
      9.96,
      4.1725,
      10.095,
      4.3075,
      10.2275,
      4.4425,
      10.3625,
      4.575,
      10.4975,
      4.71,
      10.6325,
      4.845,
      10.7675,
      4.98,
      10.9025,
      5.115,
      11.035,
      5.25,
      11.17,
      5.3825,
      11.305,
      5.5175,
      11.44,
      5.6525,
      11.575,
      5.7875
    ],
    "SoftwareVersions": "syngo MR XA30",
    "SpacingBetweenSlices": 1.6,
    "StationName": "LRG10884",
    "TotalReadoutTime": 0.0502149,
    "TxRefAmp": 248.2,
    "VendorReportedEchoSpacing": 0.00093,
    "acq_id": "highres",
    "dataset": "hcph",
    "modality": "dwi",
    "session_id": "pilot016",
    "subject_id": "001"
  },
  "efc_shell01": 2.5661,
  "efc_shell02": 1.2175,
  "efc_shell03": 0.965,
  "efc_shell04": 0.6624,
  "efc_shell05": 0.6623,
  "fa_degenerate": 0.0,
  "fa_nans": 0.0,
  "fber_shell01": 9.8776,
  "fber_shell02": 43.6667,
  "fber_shell03": 46.6944,
  "fber_shell04": 37.21,
  "fber_shell05": 18.49,
  "fd_mean": 13.4894,
  "fd_num": 102,
  "fd_perc": 99.02912621359224,
  "ndc": 0.232,
  "provenance": {
    "md5sum": "65142534c41e4c6f808c22b87a336152",
    "settings": {
      "testing": false
    },
    "software": "mriqc",
    "version": "24.0.0"
  },
  "sigma_cc": 42.9955,
  "sigma_pca": 18.885,
  "sigma_piesno": 7.2633,
  "snr_cc_shell0": 4.15,
  "snr_cc_shell1_best": 4.12,
  "snr_cc_shell1_worst": 4.12,
  "snr_cc_shell2_best": 2.64,
  "snr_cc_shell2_worst": 2.44,
  "snr_cc_shell3_best": 2.13,
  "snr_cc_shell3_worst": 1.48,
  "snr_cc_shell4_best": 1.17,
  "snr_cc_shell4_worst": 1.03,
  "spikes_global": 118.46,
  "spikes_slice_i": 767.4,
  "spikes_slice_j": 678.87,
  "spikes_slice_k": 648.36,
  "summary_bg_k": 228.9085,
  "summary_bg_mad": 16.3086,
  "summary_bg_mean": 38.9865,
  "summary_bg_median": 16.0,
  "summary_bg_n": 1008956.0,
  "summary_bg_p05": 3.0,
  "summary_bg_p95": 139.0,
  "summary_bg_stdv": 96.1305,
  "summary_fg_k": 9.1538,
  "summary_fg_mad": 179.3949,
  "summary_fg_mean": 399.5311,
  "summary_fg_median": 315.0,
  "summary_fg_n": 362860.0,
  "summary_fg_p05": 103.0,
  "summary_fg_p95": 1020.0,
  "summary_fg_stdv": 306.5679,
  "summary_wm_k": 10.7706,
  "summary_wm_mad": 90.4387,
  "summary_wm_mean": 229.2733,
  "summary_wm_median": 221.0,
  "summary_wm_n": 133064.0,
  "summary_wm_p05": 83.0,
  "summary_wm_p95": 392.0,
  "summary_wm_stdv": 103.4084
}