{
  "NumberOfShells": 4,
  "bValues": [
    0.0,
    700.0,
    1000.0,
    2000.0,
    3000.0
  ],
  "bValuesEstimation": [
    700.0,
    1000.0,
    2000.0,
    3000.0
  ],
  "bdiffs_max": 0.3214,
  "bdiffs_mean": 0.2315,
  "bdiffs_median": 0.2647,
  "bdiffs_min": 0.006,
  "bids_meta": {
    "AcquisitionMatrixPE": 146,
    "AcquisitionNumber": 1,
    "AcquisitionTime": "21:21:53.775000",
    "B0FieldSource": [
      "026pepolarb0",
      "026phasediff"
    ],
    "BandwidthPerPixelPhaseEncode": 19.569,
    "BaseResolution": 146,
    "BodyPartExamined": "BRAIN",
    "CoilCombinationMethod": "Adaptive Combine",
    "CoilString": "HeadNeck_64",
    "ConversionSoftware": "dcm2niix",
    "ConversionSoftwareVersion": "v1.0.20220720",
    "Deltas": [
      0.0233,
      0.0475
    ],
    "DerivedVendorReportedEchoSpacing": 0.000700017,
    "DeviceSerialNumber": "67014",
    "DiffusionScheme": "Monopolar",
    "DwellTime": 2.1e-06,
    "EchoTime": 0.098,
    "EchoTrainLength": 64,
    "EffectiveEchoSpacing": 0.000350008,
    "FlipAngle": 90,
    "HeudiconvVersion": "1.0.0",
    "ImageOrientationPatientDICOM": [
      0.999659,
      -0.00559582,
      0.0255021,
      0.00575769,
      0.999964,
      -0.00627831
    ],
    "ImageType": [
      "ORIGINAL",
      "PRIMARY",
      "DIFFUSION",
      "NONE",
      "ND",
      "MFSPLIT"
    ],
    "ImageTypeText": [
      "ORIGINAL",
      "PRIMARY",
      "DIFFUSION",
      "NONE"
    ],
    "ImagingFrequency": 123.248,
    "InPlanePhaseEncodingDirectionDICOM": "COL",
    "InstitutionAddress": "Rue du Bugnon 21,Lausanne,District,CH,1011",
    "InstitutionName": "CHUV",
    "MRAcquisitionType": "2D",
    "MagneticFieldStrength": 3,
    "Manufacturer": "Siemens",
    "ManufacturersModelName": "MAGNETOM Prisma Fit",
    "Modality": "MR",
    "MultibandAccelerationFactor": 3,
    "NonlinearGradientCorrection": false,
    "ParallelReductionFactorInPlane": 2,
    "PartialFourier": 0.875,
    "PatientPosition": "HFS",
    "PercentPhaseFOV": 100,
    "PercentSampling": 100,
    "PhaseEncodingDirection": "j",
    "PhaseEncodingSteps": 146,
    "PhaseResolution": 1,
    "PixelBandwidth": 1631,
    "ProcedureStepDescription": "RESEARCH Oscar",
    "ProtocolName": "dwi-dwi_acq-highres_dir-PA__trigger_monopolar",
    "PulseSequenceDetails": "%CustomerSeq%\\ep2d_diff_trigg",
    "ReceiveCoilActiveElements": "HC1-6",
    "ReceiveCoilName": "HeadNeck_64",
    "ReconMatrixPE": 146,
    "RefLinesPE": 54,
    "RepetitionTime": 7,
    "SAR": 0.150751,
    "ScanOptions": "PFP\\FS\\PER",
    "ScanningSequence": "GR\\EP",
    "SequenceName": "ep_b0",
    "SequenceVariant": "SK",
    "SeriesDescription": "dwi-dwi_acq-highres_dir-PA__trigger_monopolar",
    "SeriesNumber": 10,
    "ShimSetting": [
      8219,
      -5636,
      -6054,
      608,
      -81,
      -266,
      67,
      59
    ],
    "SliceThickness": 1.6,
    "SliceTiming": [
      0,
      6.1425,
      0.1375,
      6.2825,
      0.2775,
      6.4225,
      0.4175,
      6.5625,
      0.5575,
      6.7025,
      0.6975,
      6.8425,
      0.8375,
      6.98,
      0.9775,
      7.12,
      1.115,
      7.26,
      1.255,
      7.4,
      1.395,
      7.54,
      1.535,
      7.68,
      1.675,
      7.82,
      1.815,
      7.9575,
      1.955,
      8.0975,
      2.0925,
      8.2375,
      2.2325,
      8.3775,
      2.3725,
      8.5175,
      2.5125,
      8.6575,
      2.6525,
      8.7975,
      2.7925,
      8.935,
      2.9325,
      9.075,
      3.07,
      9.215,
      3.21,
      9.355,
      3.35,
      9.495,
      3.49,
      9.635,
      3.63,
      9.775,
      3.77,
      9.9125,
      3.91,
      10.0525,
      4.0475,
      10.1925,
      4.1875,
      10.3325,
      4.3275,
      10.4725,
      4.4675,
      10.6125,
      4.6075,
      10.7525,
      4.7475,
      10.89,
      4.8875,
      11.03,
      5.025,
      11.17,
      5.165,
      11.31,
      5.305,
      11.45,
      5.445,
      11.59,
      5.585,
      11.73,
      5.725,
      11.8675,
      5.865,
      12.0075,
      6.0025
    ],
    "SoftwareVersions": "syngo MR XA30",
    "SpacingBetweenSlices": 1.6,
    "StationName": "LRG10884",
    "TotalReadoutTime": 0.0507512,
    "TxRefAmp": 238.965,
    "acq_id": "highres",
    "dataset": "hcph",
    "modality": "dwi",
    "session_id": "026",
    "subject_id": "001"
  },
  "efc_shell01": 2.2231,
  "efc_shell02": 1.0169,
  "efc_shell03": 0.7653,
  "efc_shell04": 0.5596,
  "efc_shell05": 0.5881,
  "fa_degenerate": 0.0,
  "fa_nans": 0.0,
  "fber_shell01": 32.7347,
  "fber_shell02": 186.7778,
  "fber_shell03": 196.0,
  "fber_shell04": 148.84,
  "fber_shell05": 67.24,
  "fd_mean": 6.0855,
  "fd_num": 279,
  "fd_perc": 99.64285714285714,
  "ndc": 0.6161,
  "provenance": {
    "md5sum": "139a4f941328605a8f29e9a485b49d87",
    "settings": {
      "testing": false
    },
    "software": "mriqc",
    "version": "24.0.0"
  },
  "sigma_cc": 32.6172,
  "sigma_pca": 15.5172,
  "sigma_piesno": 1.6508,
  "snr_cc_shell0": 4.75,
  "snr_cc_shell1_best": 4.82,
  "snr_cc_shell1_worst": 4.82,
  "snr_cc_shell2_best": 3.02,
  "snr_cc_shell2_worst": 1.82,
  "snr_cc_shell3_best": 2.46,
  "snr_cc_shell3_worst": 1.56,
  "snr_cc_shell4_best": 1.92,
  "snr_cc_shell4_worst": 1.03,
  "spikes_global": 34.49,
  "spikes_slice_i": 187.26,
  "spikes_slice_j": 189.51,
  "spikes_slice_k": 192.68,
  "summary_bg_k": 772.5443,
  "summary_bg_mad": 8.8956,
  "summary_bg_mean": 25.8238,
  "summary_bg_median": 8.0,
  "summary_bg_n": 1496147.0,
  "summary_bg_p05": 1.0,
  "summary_bg_p95": 99.0,
  "summary_bg_stdv": 97.4871,
  "summary_fg_k": 8.4097,
  "summary_fg_mad": 166.0514,
  "summary_fg_mean": 393.7846,
  "summary_fg_median": 301.0,
  "summary_fg_n": 358345.0,
  "summary_fg_p05": 103.0,
  "summary_fg_p95": 1054.0,
  "summary_fg_stdv": 317.3381,
  "summary_wm_k": 10.243,
  "summary_wm_mad": 75.6127,
  "summary_wm_mean": 214.6108,
  "summary_wm_median": 211.0,
  "summary_wm_n": 102088.0,
  "summary_wm_p05": 93.0,
  "summary_wm_p95": 346.0,
  "summary_wm_stdv": 83.2897
}