{
  "NumberOfShells": 4,
  "bValues": [
    0.0,
    700.0,
    1000.0,
    2000.0,
    3000.0
  ],
  "bValuesEstimation": [
    700.0,
    1000.0,
    2000.0,
    3000.0
  ],
  "bdiffs_max": 0.326,
  "bdiffs_mean": 0.2314,
  "bdiffs_median": 0.2662,
  "bdiffs_min": 0.0023,
  "bids_meta": {
    "AcquisitionMatrixPE": 146,
    "AcquisitionNumber": 1,
    "AcquisitionTime": "20:35:13.762500",
    "B0FieldSource": [
      "038pepolarb0",
      "038phasediff"
    ],
    "BandwidthPerPixelPhaseEncode": 19.569,
    "BaseResolution": 146,
    "BodyPartExamined": "BRAIN",
    "CoilCombinationMethod": "Adaptive Combine",
    "CoilString": "HeadNeck_64",
    "ConversionSoftware": "dcm2niix",
    "ConversionSoftwareVersion": "v1.0.20220720",
    "Deltas": [
      0.0233,
      0.0475
    ],
    "DerivedVendorReportedEchoSpacing": 0.000700017,
    "DeviceSerialNumber": "67014",
    "DiffusionScheme": "Monopolar",
    "DwellTime": 2.1e-06,
    "EchoTime": 0.098,
    "EchoTrainLength": 64,
    "EffectiveEchoSpacing": 0.000350008,
    "FlipAngle": 90,
    "HeudiconvVersion": "1.0.0",
    "ImageOrientationPatientDICOM": [
      0.998843,
      0.034288,
      0.033725,
      -0.0343567,
      0.999409,
      0.00145901
    ],
    "ImageType": [
      "ORIGINAL",
      "PRIMARY",
      "DIFFUSION",
      "NONE",
      "ND",
      "MFSPLIT"
    ],
    "ImageTypeText": [
      "ORIGINAL",
      "PRIMARY",
      "DIFFUSION",
      "NONE"
    ],
    "ImagingFrequency": 123.248,
    "InPlanePhaseEncodingDirectionDICOM": "COL",
    "InstitutionAddress": "Rue du Bugnon 21,Lausanne,District,CH,1011",
    "InstitutionName": "CHUV",
    "MRAcquisitionType": "2D",
    "MagneticFieldStrength": 3,
    "Manufacturer": "Siemens",
    "ManufacturersModelName": "MAGNETOM Prisma Fit",
    "Modality": "MR",
    "MultibandAccelerationFactor": 3,
    "NonlinearGradientCorrection": false,
    "ParallelReductionFactorInPlane": 2,
    "PartialFourier": 0.875,
    "PatientPosition": "HFS",
    "PercentPhaseFOV": 100,
    "PercentSampling": 100,
    "PhaseEncodingDirection": "j",
    "PhaseEncodingSteps": 146,
    "PhaseResolution": 1,
    "PixelBandwidth": 1631,
    "ProcedureStepDescription": "RESEARCH Oscar",
    "ProtocolName": "dwi-dwi_acq-highres_dir-PA__trigger_monopolar",
    "PulseSequenceDetails": "%CustomerSeq%\\ep2d_diff_trigg",
    "ReceiveCoilActiveElements": "HC1-6",
    "ReceiveCoilName": "HeadNeck_64",
    "ReconMatrixPE": 146,
    "RefLinesPE": 54,
    "RepetitionTime": 7,
    "SAR": 0.173622,
    "ScanOptions": "PFP\\FS\\PER",
    "ScanningSequence": "GR\\EP",
    "SequenceName": "ep_b0",
    "SequenceVariant": "SK",
    "SeriesDescription": "dwi-dwi_acq-highres_dir-PA__trigger_monopolar",
    "SeriesNumber": 10,
    "ShimSetting": [
      8230,
      -5632,
      -6045,
      599,
      -71,
      -235,
      32,
      65
    ],
    "SliceThickness": 1.6,
    "SliceTiming": [
      0,
      6.1425,
      0.14,
      6.2825,
      0.2775,
      6.4225,
      0.4175,
      6.5625,
      0.5575,
      6.7025,
      0.6975,
      6.8425,
      0.8375,
      6.9825,
      0.9775,
      7.12,
      1.1175,
      7.26,
      1.255,
      7.4,
      1.395,
      7.54,
      1.535,
      7.68,
      1.675,
      7.82,
      1.815,
      7.96,
      1.955,
      8.0975,
      2.095,
      8.2375,
      2.2325,
      8.3775,
      2.3725,
      8.5175,
      2.5125,
      8.6575,
      2.6525,
      8.7975,
      2.7925,
      8.9375,
      2.9325,
      9.075,
      3.0725,
      9.215,
      3.21,
      9.355,
      3.35,
      9.495,
      3.49,
      9.635,
      3.63,
      9.775,
      3.77,
      9.915,
      3.91,
      10.0525,
      4.05,
      10.1925,
      4.1875,
      10.3325,
      4.3275,
      10.4725,
      4.4675,
      10.6125,
      4.6075,
      10.7525,
      4.7475,
      10.8925,
      4.8875,
      11.03,
      5.0275,
      11.17,
      5.165,
      11.31,
      5.305,
      11.45,
      5.445,
      11.59,
      5.585,
      11.73,
      5.725,
      11.87,
      5.865,
      12.0075,
      6.005
    ],
    "SoftwareVersions": "syngo MR XA30",
    "SpacingBetweenSlices": 1.6,
    "StationName": "LRG10884",
    "TotalReadoutTime": 0.0507512,
    "TxRefAmp": 248.062,
    "acq_id": "highres",
    "dataset": "hcph",
    "modality": "dwi",
    "session_id": "038",
    "subject_id": "001"
  },
  "efc_shell01": 2.1749,
  "efc_shell02": 1.0189,
  "efc_shell03": 0.777,
  "efc_shell04": 0.5672,
  "efc_shell05": 0.5973,
  "fa_degenerate": 0.0,
  "fa_nans": 0.0,
  "fber_shell01": 33.6406,
  "fber_shell02": 133.898,
  "fber_shell03": 182.25,
  "fber_shell04": 96.6944,
  "fber_shell05": 46.6944,
  "fd_mean": 6.0686,
  "fd_num": 279,
  "fd_perc": 99.64285714285714,
  "ndc": 0.6295,
  "provenance": {
    "md5sum": "361550bdb4682b9f29b9be7a9161920b",
    "settings": {
      "testing": false
    },
    "software": "mriqc",
    "version": "24.0.0"
  },
  "sigma_cc": 38.5477,
  "sigma_pca": 15.4587,
  "sigma_piesno": 1.3206,
  "snr_cc_shell0": 4.04,
  "snr_cc_shell1_best": 4.09,
  "snr_cc_shell1_worst": 4.09,
  "snr_cc_shell2_best": 2.58,
  "snr_cc_shell2_worst": 1.73,
  "snr_cc_shell3_best": 2.18,
  "snr_cc_shell3_worst": 1.46,
  "snr_cc_shell4_best": 1.68,
  "snr_cc_shell4_worst": 1.05,
  "spikes_global": 34.96,
  "spikes_slice_i": 202.72,
  "spikes_slice_j": 198.79,
  "spikes_slice_k": 192.01,
  "summary_bg_k": 780.5716,
  "summary_bg_mad": 7.413,
  "summary_bg_mean": 26.8455,
  "summary_bg_median": 8.0,
  "summary_bg_n": 1497116.0,
  "summary_bg_p05": 2.0,
  "summary_bg_p95": 102.0,
  "summary_bg_stdv": 99.4894,
  "summary_fg_k": 8.7688,
  "summary_fg_mad": 173.4645,
  "summary_fg_mean": 398.4748,
  "summary_fg_median": 300.0,
  "summary_fg_n": 357376.0,
  "summary_fg_p05": 100.0,
  "summary_fg_p95": 1094.0,
  "summary_fg_stdv": 334.3249,
  "summary_wm_k": 10.4999,
  "summary_wm_mad": 77.0953,
  "summary_wm_mean": 209.9407,
  "summary_wm_median": 205.0,
  "summary_wm_n": 101788.0,
  "summary_wm_p05": 89.0,
  "summary_wm_p95": 345.0,
  "summary_wm_stdv": 84.0824
}