{
  "aor": [
    0.0010996794871794872,
    0.0009733974358974359,
    0.0009549358974358974,
    0.001078525641025641
  ],
  "aqi": [
    0.004879920833333333,
    0.0061827702564102565,
    0.010593196346153846,
    0.02035098269230769
  ],
  "bids_meta": {
    "AcquisitionDuration": 275.442,
    "AcquisitionMatrixPE": 108,
    "AcquisitionTime": "15:37:17.865000",
    "B0FieldSource": [
      "pilot009pepolarbold",
      "pilot009phasediff"
    ],
    "BandwidthPerPixelPhaseEncode": 34.294,
    "BaseResolution": 108,
    "DerivedVendorReportedEchoSpacing": 0.000539993,
    "DwellTime": 2e-06,
    "EchoNumber": 2,
    "EchoTime": 0.03536,
    "EchoTrainLength": 40,
    "EffectiveEchoSpacing": 0.000269996,
    "ImageOrientationPatientDICOM": [
      0.996273,
      0.0612017,
      0.0607745,
      -0.059015,
      0.997566,
      -0.037147
    ],
    "ImageType": [
      "ORIGINAL",
      "PRIMARY",
      "FMRI",
      "NONE"
    ],
    "ImageTypeText": [
      "ORIGINAL",
      "PRIMARY",
      "M",
      "MB",
      "TE2",
      "DIS2D"
    ],
    "InPlanePhaseEncodingDirectionDICOM": "COL",
    "PercentPhaseFOV": 100,
    "PercentSampling": 100,
    "PhaseEncodingDirection": "j-",
    "PhaseResolution": 1,
    "PixelBandwidth": 2315,
    "ProtocolName": "func-bold_task-bht_dir-AP__cmrr_me4_sms4",
    "PulseSequenceName": "epfid2d4_108",
    "ReceiveCoilActiveElements": "HC1-6",
    "ReconMatrixPE": 108,
    "RefLinesPE": 26,
    "RepetitionTime": 1.573,
    "SequenceVariant": "SK\\SS",
    "SeriesDescription": "func-bold_task-bht_dir-AP__cmrr_me4_sms4",
    "SeriesNumber": 14,
    "ShimSetting": [
      8231,
      -5626,
      -6013,
      614,
      -64,
      -163,
      40,
      47
    ],
    "SliceThickness": 2,
    "SliceTiming": [
      0,
      0.3325,
      0.6675,
      1,
      1.3325,
      0.1125,
      0.445,
      0.7775,
      1.11,
      1.4425,
      0.2225,
      0.555,
      0.8875,
      1.22,
      0,
      0.3325,
      0.6675,
      1,
      1.3325,
      0.1125,
      0.445,
      0.7775,
      1.11,
      1.4425,
      0.2225,
      0.555,
      0.8875,
      1.22,
      0,
      0.3325,
      0.6675,
      1,
      1.3325,
      0.1125,
      0.445,
      0.7775,
      1.11,
      1.4425,
      0.2225,
      0.555,
      0.8875,
      1.22,
      0,
      0.3325,
      0.6675,
      1,
      1.3325,
      0.1125,
      0.445,
      0.7775,
      1.11,
      1.4425,
      0.2225,
      0.555,
      0.8875,
      1.22
    ],
    "SpacingBetweenSlices": 2,
    "TotalReadoutTime": 0.0288896,
    "TxRefAmp": 252.895,
    "WipMemBlock": "ba9d198f-a4e8-4dd8-a09a-f223d01b88bc||Sequence: R017 nxva30a/master r/d34922cc2+; Jun 27 2022 13:20:16 by eja",
    "dataset": "<unset>",
    "modality": "bold",
    "session_id": "pilot009",
    "subject_id": "001",
    "task_id": "bht"
  },
  "dummy_trs": 0,
  "dvars_nstd": 45.44432072761291,
  "dvars_std": 1.0173383722580647,
  "dvars_vstd": 0.9916745887741938,
  "efc": 0.5157,
  "fber": 536.7726,
  "fd_mean": 0.08652081375647527,
  "fd_num": 1,
  "fd_perc": 0.6410256410256411,
  "fwhm_avg": 3.3853299999999997,
  "fwhm_x": 3.23175,
  "fwhm_y": 3.70471,
  "fwhm_z": 3.21953,
  "gcor": [
    0.0126601,
    0.0202264,
    0.0210957,
    0.0168174
  ],
  "gsr_x": 0.005814524833112955,
  "gsr_y": 0.029654935002326965,
  "provenance": {
    "md5sum": "9adff6d23a27177f54a925358b32e7e7",
    "settings": {
      "fd_thres": 0.2,
      "testing": false
    },
    "software": "mriqc",
    "version": "24.1.0.dev0+g3fe90466.d20240417"
  },
  "size_t": 156,
  "size_x": 108,
  "size_y": 108,
  "size_z": 56,
  "snr": 1.9263785225262007,
  "spacing_tr": 1.5729999542236328,
  "spacing_x": 2.0,
  "spacing_y": 2.0,
  "spacing_z": 2.0,
  "summary_bg_k": 44.2733,
  "summary_bg_mad": 6.8333,
  "summary_bg_mean": 45.309,
  "summary_bg_median": 23.0,
  "summary_bg_n": 490481.0,
  "summary_bg_p05": 1.0,
  "summary_bg_p95": 163.0,
  "summary_bg_stdv": 75.17,
  "summary_fg_k": 1.3544,
  "summary_fg_mad": 245.9409,
  "summary_fg_mean": 573.577,
  "summary_fg_median": 543.0,
  "summary_fg_n": 162703.0,
  "summary_fg_p05": 121.0,
  "summary_fg_p95": 1076.0,
  "summary_fg_stdv": 281.8752,
  "tsnr": 29.73399574798532
}