{
  "aor": [
    0.0010996794871794872,
    0.0009733974358974359,
    0.0009549358974358974,
    0.001078525641025641
  ],
  "aqi": [
    0.004879920833333333,
    0.0061827702564102565,
    0.010593196346153846,
    0.02035098269230769
  ],
  "bids_meta": {
    "AcquisitionDuration": 275.442,
    "AcquisitionMatrixPE": 108,
    "AcquisitionTime": "15:37:17.887500",
    "B0FieldSource": [
      "pilot009pepolarbold",
      "pilot009phasediff"
    ],
    "BandwidthPerPixelPhaseEncode": 34.294,
    "BaseResolution": 108,
    "DerivedVendorReportedEchoSpacing": 0.000539993,
    "DwellTime": 2e-06,
    "EchoNumber": 3,
    "EchoTime": 0.05812,
    "EchoTrainLength": 40,
    "EffectiveEchoSpacing": 0.000269996,
    "ImageOrientationPatientDICOM": [
      0.996273,
      0.0612017,
      0.0607745,
      -0.059015,
      0.997566,
      -0.037147
    ],
    "ImageType": [
      "ORIGINAL",
      "PRIMARY",
      "FMRI",
      "NONE"
    ],
    "ImageTypeText": [
      "ORIGINAL",
      "PRIMARY",
      "M",
      "MB",
      "TE3",
      "DIS2D"
    ],
    "InPlanePhaseEncodingDirectionDICOM": "COL",
    "PercentPhaseFOV": 100,
    "PercentSampling": 100,
    "PhaseEncodingDirection": "j-",
    "PhaseResolution": 1,
    "PixelBandwidth": 2315,
    "ProtocolName": "func-bold_task-bht_dir-AP__cmrr_me4_sms4",
    "PulseSequenceName": "epfid2d4_108",
    "ReceiveCoilActiveElements": "HC1-6",
    "ReconMatrixPE": 108,
    "RefLinesPE": 26,
    "RepetitionTime": 1.573,
    "SequenceVariant": "SK\\SS",
    "SeriesDescription": "func-bold_task-bht_dir-AP__cmrr_me4_sms4",
    "SeriesNumber": 14,
    "ShimSetting": [
      8231,
      -5626,
      -6013,
      614,
      -64,
      -163,
      40,
      47
    ],
    "SliceThickness": 2,
    "SliceTiming": [
      0,
      0.335,
      0.6675,
      1,
      1.3325,
      0.1125,
      0.445,
      0.7775,
      1.11,
      1.4425,
      0.2225,
      0.555,
      0.8875,
      1.22,
      0,
      0.335,
      0.6675,
      1,
      1.3325,
      0.1125,
      0.445,
      0.7775,
      1.11,
      1.4425,
      0.2225,
      0.555,
      0.8875,
      1.22,
      0,
      0.335,
      0.6675,
      1,
      1.3325,
      0.1125,
      0.445,
      0.7775,
      1.11,
      1.4425,
      0.2225,
      0.555,
      0.8875,
      1.22,
      0,
      0.335,
      0.6675,
      1,
      1.3325,
      0.1125,
      0.445,
      0.7775,
      1.11,
      1.4425,
      0.2225,
      0.555,
      0.8875,
      1.22
    ],
    "SpacingBetweenSlices": 2,
    "TotalReadoutTime": 0.0288896,
    "TxRefAmp": 252.895,
    "WipMemBlock": "ba9d198f-a4e8-4dd8-a09a-f223d01b88bc||Sequence: R017 nxva30a/master r/d34922cc2+; Jun 27 2022 13:20:16 by eja",
    "dataset": "<unset>",
    "modality": "bold",
    "session_id": "pilot009",
    "subject_id": "001",
    "task_id": "bht"
  },
  "dummy_trs": 0,
  "dvars_nstd": 66.7166099551613,
  "dvars_std": 1.0125461323225808,
  "dvars_vstd": 0.9911623799999997,
  "efc": 0.5011,
  "fber": 258.3403,
  "fd_mean": 0.08652081375647527,
  "fd_num": 1,
  "fd_perc": 0.6410256410256411,
  "fwhm_avg": 2.940031666666666,
  "fwhm_x": 2.807455,
  "fwhm_y": 3.26294,
  "fwhm_z": 2.7497,
  "gcor": [
    0.0126601,
    0.0202264,
    0.0210957,
    0.0168174
  ],
  "gsr_x": 4.510644794208929e-05,
  "gsr_y": 0.022910701110959053,
  "provenance": {
    "md5sum": "47d746c2a140d23fd7a013261653f939",
    "settings": {
      "fd_thres": 0.2,
      "testing": false
    },
    "software": "mriqc",
    "version": "24.1.0.dev0+g3fe90466.d20240417"
  },
  "size_t": 156,
  "size_x": 108,
  "size_y": 108,
  "size_z": 56,
  "snr": 1.5964000853731153,
  "spacing_tr": 1.5729999542236328,
  "spacing_x": 2.0,
  "spacing_y": 2.0,
  "spacing_z": 2.0,
  "summary_bg_k": 203.0064,
  "summary_bg_mad": 3.659,
  "summary_bg_mean": 26.9801,
  "summary_bg_median": 21.0,
  "summary_bg_n": 490481.0,
  "summary_bg_p05": 1.0,
  "summary_bg_p95": 62.0,
  "summary_bg_stdv": 30.415,
  "summary_fg_k": 3.2973,
  "summary_fg_mad": 174.0822,
  "summary_fg_mean": 355.1141,
  "summary_fg_median": 335.0,
  "summary_fg_n": 162703.0,
  "summary_fg_p05": 44.0,
  "summary_fg_p95": 724.0,
  "summary_fg_stdv": 209.8465,
  "tsnr": 19.30518568167463
}